{"AcquisitionMatrixPE": 100, "AcquisitionNumber": 1, "AcquisitionTime": "09:39:26.347500", "BaseResolution": 100, "BodyPartExamined": "BRAIN", "ConsistencyInfo": "N4_VE11C_LATEST_20160120", "ConversionSoftware": "dcm2niix", "ConversionSoftwareVersion": "v1.0.20180622 GCC4.9.2", "DeviceSerialNumber": "166078", "DwellTime": 8.8e-06, "EchoNumber": 2, "EchoTime": 0.00738, "EchoTime1": 0.00492, "EchoTime2": 0.00738, "FlipAngle": 60, "ImageOrientationPatientDICOM": [1, -6.78632e-05, -0.000324885, -2.9e-12, 0.978873, -0.204471], "ImageType": ["ORIGINAL", "PRIMARY", "P", "ND"], "InPlanePhaseEncodingDirectionDICOM": "ROW", "InstitutionAddress": "Street_StreetNo_Bei_Jing_District_CN_ZIP", "InstitutionName": "BeiJing_Normal_University", "InstitutionalDepartmentName": "Department", "MRAcquisitionType": "2D", "MagneticFieldStrength": 3, "Manufacturer": "Siemens", "ManufacturersModelName": "Prisma", "Modality": "MR", "PartialFourier": 1, "PatientPosition": "HFS", "PercentPhaseFOV": 100, "PhaseEncodingDirection": "i", "PhaseEncodingSteps": 100, "PhaseResolution": 1, "PixelBandwidth": 570, "ProcedureStepDescription": "BNU_P2018_64CH_Liu.Jia", "ProtocolName": "field_mapping_2x2x2", "PulseSequenceDetails": "%SiemensSeq%_gre_field_mapping", "ReceiveCoilActiveElements": "HC1-7;NC1", "ReceiveCoilName": "HeadNeck_64", "ReconMatrixPE": 100, "RepetitionTime": 0.72, "SAR": 0.107247, "ScanningSequence": "GR", "SequenceName": "_fm2d2r", "SequenceVariant": "SP", "SeriesDescription": "field_mapping_2x2x2", "SeriesNumber": 7, "ShimSetting": [-5477, -11497, -1259, 269, -61, -300, -175, 67], "SliceThickness": 2, "SoftwareVersions": "syngo_MR_E11", "SpacingBetweenSlices": 2, "StationName": "AWP166078", "TxRefAmp": 211.758, "dcmmeta_affine": [[-1.9999998807907104, -5.799999803351996e-12, -0.0006639957427978516, 102.15426635742188], [0.00013572639727499336, 1.9577453136444092, -0.40894126892089844, -90.1301040649414], [-0.000649769208393991, 0.40894168615341187, 1.9577407836914062, -82.04518127441406], [0.0, 0.0, 0.0, 1.0]], "dcmmeta_reorient_transform": [[0.0, -1.0, 0.0, 99.0], [1.0, 0.0, 0.0, 0.0], [0.0, 0.0, -1.0, 71.0], [0.0, 0.0, 0.0, 1.0]], "dcmmeta_shape": [100, 100, 72], "dcmmeta_slice_dim": 2, "dcmmeta_version": 0.6, "global": {"const": {"AcquisitionMatrix": [0, 100, 100, 0], "AcquisitionNumber": 1, "AngioFlag": "N", "BitsAllocated": 16, "BitsStored": 12, "BodyPartExamined": "BRAIN", "Columns": 100, "EchoNumbers": 2, "EchoTime": 7.38, "EchoTrainLength": 0, "FlipAngle": 60.0, "HighBit": 11, "ImageOrientationPatient": [0.99999994492229, -6.78631955e-05, -0.0003248846168, -2.9e-12, 0.97887265620962, -0.2044708363682], "ImageType": ["ORIGINAL", "PRIMARY", "P", "ND"], "ImagedNucleus": "1H", "ImagingFrequency": 123.257813, "InPlanePhaseEncodingDirection": "ROW", "MRAcquisitionType": "2D", "MagneticFieldStrength": 3.0, "Manufacturer": "SIEMENS", "ManufacturerModelName": "Prisma", "Modality": "MR", "NumberOfAverages": 1.0, "NumberOfPhaseEncodingSteps": 100, "PercentPhaseFieldOfView": 100.0, "PercentSampling": 100.0, "PerformedProcedureStepStartTime": "090627.219000", "PhotometricInterpretation": "MONOCHROME2", "PixelBandwidth": 570.0, "PixelRepresentation": 0, "PixelSpacing": [2.0, 2.0], "ProtocolName": "field_mapping_2x2x2", "RepetitionTime": 720.0, "RescaleIntercept": -4096.0, "RescaleSlope": 2.0, "RescaleType": "US", "Rows": 100, "SAR": 0.10724720921007, "SamplesPerPixel": 1, "ScanningSequence": "GR", "SequenceName": "*fm2d2r", "SequenceVariant": "SP", "SeriesDescription": "field_mapping_2x2x2", "SeriesNumber": 7, "SeriesTime": "094150.947000", "SliceThickness": 2.0, "SoftwareVersions": "syngo MR E11", "SpacingBetweenSlices": 2.0, "SpecificCharacterSet": "ISO_IR 100", "StudyID": "1", "StudyTime": "090627.049000", "TransmitCoilName": "Body", "VariableFlipAngleFlag": "N", "WindowCenterWidthExplanation": "Algo1", "dBdt": 0.0}, "slices": {"AcquisitionTime": ["093926.347500", "093925.987500", "093926.357500", "093925.997500", "093926.367500", "093926.007500", "093926.377500", "093926.017500", "093926.387500", "093926.027500", "093926.397500", "093926.037500", "093926.407500", "093926.047500", "093926.417500", "093926.057500", "093926.427500", "093926.067500", "093926.437500", "093926.077500", "093926.447500", "093926.087500", "093926.457500", "093926.097500", "093926.467500", "093926.107500", "093926.477500", "093926.117500", "093926.487500", "093926.127500", "093926.497500", "093926.137500", "093926.507500", "093926.147500", "093926.517500", "093926.157500", "093926.527500", "093926.167500", "093926.537500", "093926.177500", "093926.547500", "093926.187500", "093926.557500", "093926.197500", "093926.567500", "093926.207500", "093926.577500", "093926.217500", "093926.587500", "093926.227500", "093926.597500", "093926.237500", "093926.607500", "093926.247500", "093926.617500", "093926.257500", "093926.627500", "093926.267500", "093926.637500", "093926.277500", "093926.647500", "093926.287500", "093926.657500", "093926.297500", "093926.667500", "093926.307500", "093926.677500", "093926.317500", "093926.687500", "093926.327500", "093926.697500", "093926.337500"], "ContentTime": ["094151.022000", "094150.948000", "094151.024000", "094150.950000", "094151.026000", "094150.952000", "094151.029000", "094150.954000", "094151.031000", "094150.956000", "094151.034000", "094150.958000", "094151.037000", "094150.960000", "094151.040000", "094150.961000", "094151.044000", "094150.963000", "094151.046000", "094150.965000", "094151.048000", "094150.967000", "094151.050000", "094150.969000", "094151.052000", "094150.971000", "094151.054000", "094150.972000", "094151.056000", "094150.974000", "094151.058000", "094150.976000", "094151.060000", "094150.978000", "094151.062000", "094150.980000", "094151.064000", "094150.982000", "094151.066000", "094150.983000", "094151.068000", "094150.985000", "094151.070000", "094150.987000", "094151.072000", "094150.991000", "094151.074000", "094150.992000", "094151.075000", "094150.995000", "094151.077000", "094150.997000", "094151.079000", "094151.001000", "094151.081000", "094151.004000", "094151.083000", "094151.006000", "094151.085000", "094151.008000", "094151.086000", "094151.010000", "094151.088000", "094151.012000", "094151.090000", "094151.014000", "094151.092000", "094151.016000", "094151.094000", "094151.018000", "094151.095000", "094151.020000"], "CsaImage.GSWDDataType": ["measured", "predicted", "measured", "predicted", "measured", "predicted", "measured", "predicted", "measured", "predicted", "measured", "predicted", "measured", "predicted", "measured", "predicted", "measured", "predicted", "measured", "predicted", "measured", "predicted", "measured", "predicted", "measured", "predicted", "measured", "predicted", "measured", "predicted", "measured", "predicted", "measured", "predicted", "measured", "predicted", "measured", "predicted", "measured", "predicted", "measured", "predicted", "measured", "predicted", "measured", "predicted", "measured", "predicted", "measured", "predicted", "measured", "predicted", "measured", "predicted", "measured", "predicted", "measured", "predicted", "measured", "measured", "measured", "measured", "measured", "measured", "measured", "measured", "measured", "measured", "measured", "measured", "measured", "measured"], "CsaImage.ICE_Dims": ["X_2_1_1_1_1_1_37_1_1_1_1_26", "X_2_1_1_1_1_1_1_1_1_2_1_26", "X_2_1_1_1_1_1_38_1_1_3_1_26", "X_2_1_1_1_1_1_2_1_1_4_1_26", "X_2_1_1_1_1_1_39_1_1_5_1_26", "X_2_1_1_1_1_1_3_1_1_6_1_26", "X_2_1_1_1_1_1_40_1_1_7_1_26", "X_2_1_1_1_1_1_4_1_1_8_1_26", "X_2_1_1_1_1_1_41_1_1_9_1_26", "X_2_1_1_1_1_1_5_1_1_10_1_26", "X_2_1_1_1_1_1_42_1_1_11_1_26", "X_2_1_1_1_1_1_6_1_1_12_1_26", "X_2_1_1_1_1_1_43_1_1_13_1_26", "X_2_1_1_1_1_1_7_1_1_14_1_26", "X_2_1_1_1_1_1_44_1_1_15_1_26", "X_2_1_1_1_1_1_8_1_1_16_1_26", "X_2_1_1_1_1_1_45_1_1_17_1_26", "X_2_1_1_1_1_1_9_1_1_18_1_26", "X_2_1_1_1_1_1_46_1_1_19_1_26", "X_2_1_1_1_1_1_10_1_1_20_1_26", "X_2_1_1_1_1_1_47_1_1_21_1_26", "X_2_1_1_1_1_1_11_1_1_22_1_26", "X_2_1_1_1_1_1_48_1_1_23_1_26", "X_2_1_1_1_1_1_12_1_1_24_1_26", "X_2_1_1_1_1_1_49_1_1_25_1_26", "X_2_1_1_1_1_1_13_1_1_26_1_26", "X_2_1_1_1_1_1_50_1_1_27_1_26", "X_2_1_1_1_1_1_14_1_1_28_1_26", "X_2_1_1_1_1_1_51_1_1_29_1_26", "X_2_1_1_1_1_1_15_1_1_30_1_26", "X_2_1_1_1_1_1_52_1_1_31_1_26", "X_2_1_1_1_1_1_16_1_1_32_1_26", "X_2_1_1_1_1_1_53_1_1_33_1_26", "X_2_1_1_1_1_1_17_1_1_34_1_26", "X_2_1_1_1_1_1_54_1_1_35_1_26", "X_2_1_1_1_1_1_18_1_1_36_1_26", "X_2_1_1_1_1_1_55_1_1_37_1_26", "X_2_1_1_1_1_1_19_1_1_38_1_26", "X_2_1_1_1_1_1_56_1_1_39_1_26", "X_2_1_1_1_1_1_20_1_1_40_1_26", "X_2_1_1_1_1_1_57_1_1_41_1_26", "X_2_1_1_1_1_1_21_1_1_42_1_26", "X_2_1_1_1_1_1_58_1_1_43_1_26", "X_2_1_1_1_1_1_22_1_1_44_1_26", "X_2_1_1_1_1_1_59_1_1_45_1_26", "X_2_1_1_1_1_1_23_1_1_46_1_26", "X_2_1_1_1_1_1_60_1_1_47_1_26", "X_2_1_1_1_1_1_24_1_1_48_1_26", "X_2_1_1_1_1_1_61_1_1_49_1_26", "X_2_1_1_1_1_1_25_1_1_50_1_26", "X_2_1_1_1_1_1_62_1_1_51_1_26", "X_2_1_1_1_1_1_26_1_1_52_1_26", "X_2_1_1_1_1_1_63_1_1_53_1_26", "X_2_1_1_1_1_1_27_1_1_54_1_26", "X_2_1_1_1_1_1_64_1_1_55_1_26", "X_2_1_1_1_1_1_28_1_1_56_1_26", "X_2_1_1_1_1_1_65_1_1_57_1_26", "X_2_1_1_1_1_1_29_1_1_58_1_26", "X_2_1_1_1_1_1_66_1_1_59_1_26", "X_2_1_1_1_1_1_30_1_1_60_1_26", "X_2_1_1_1_1_1_67_1_1_61_1_26", "X_2_1_1_1_1_1_31_1_1_62_1_26", "X_2_1_1_1_1_1_68_1_1_63_1_26", "X_2_1_1_1_1_1_32_1_1_64_1_26", "X_2_1_1_1_1_1_69_1_1_65_1_26", "X_2_1_1_1_1_1_33_1_1_66_1_26", "X_2_1_1_1_1_1_70_1_1_67_1_26", "X_2_1_1_1_1_1_34_1_1_68_1_26", "X_2_1_1_1_1_1_71_1_1_69_1_26", "X_2_1_1_1_1_1_35_1_1_70_1_26", "X_2_1_1_1_1_1_72_1_1_71_1_26", "X_2_1_1_1_1_1_36_1_1_72_1_26"], "CsaImage.ProtocolSliceNumber": [0, 1, 2, 3, 4, 5, 6, 7, 8, 9, 10, 11, 12, 13, 14, 15, 16, 17, 18, 19, 20, 21, 22, 23, 24, 25, 26, 27, 28, 29, 30, 31, 32, 33, 34, 35, 36, 37, 38, 39, 40, 41, 42, 43, 44, 45, 46, 47, 48, 49, 50, 51, 52, 53, 54, 55, 56, 57, 58, 59, 60, 61, 62, 63, 64, 65, 66, 67, 68, 69, 70, 71], "CsaImage.RFSWDDataType": ["measured", "predicted", "measured", "predicted", "measured", "predicted", "measured", "predicted", "measured", "predicted", "measured", "predicted", "measured", "predicted", "measured", "predicted", "measured", "predicted", "measured", "predicted", "measured", "predicted", "measured", "predicted", "measured", "predicted", "measured", "predicted", "measured", "predicted", "measured", "predicted", "measured", "predicted", "measured", "predicted", "measured", "predicted", "measured", "predicted", "measured", "predicted", "measured", "predicted", "measured", "predicted", "measured", "predicted", "measured", "predicted", "measured", "predicted", "measured", "predicted", "measured", "predicted", "measured", "measured", "measured", "measured", "measured", "measured", "measured", "measured", "measured", "measured", "measured", "measured", "measured", "measured", "measured", "measured"], "CsaImage.SlicePosition_PCS": [[-102.15424964, -103.68671175, -41.5602686], [-102.15358589, -103.27777001, -39.602524], [-102.15292213, -102.86882826, -37.6447794], [-102.15225837, -102.45988652, -35.68703099], [-102.15159461, -102.05094477, -33.72928639], [-102.15093062, -101.64200326, -31.77154179], [-102.15026686, -101.23306176, -29.81379719], [-102.1496031, -100.82412001, -27.8560526], [-102.14893935, -100.4151785, -25.898308], [-102.14827559, -100.00623676, -23.9405634], [-102.14761183, -99.59729513, -21.98281499], [-102.14694807, -99.1883535, -20.02507039], [-102.14628408, -98.77941182, -18.06732579], [-102.14562032, -98.37047016, -16.10958119], [-102.14495656, -97.96152851, -14.15183659], [-102.14429281, -97.55258685, -12.19409199], [-102.14362905, -97.14364519, -10.23634549], [-102.14296529, -96.73470363, -8.27859898], [-102.1423013, -96.32576188, -6.32085438], [-102.14163754, -95.91682025, -4.36310979], [-102.14097378, -95.50787851, -2.40536519], [-102.14031002, -95.098937, -0.44761868], [-102.13964627, -94.68999525, 1.51012592], [-102.13898251, -94.28105375, 3.46787051], [-102.13831875, -93.87211224, 5.42561702], [-102.13765476, -93.46317049, 7.38336162], [-102.136991, -93.05422875, 9.34110717], [-102.13632724, -92.645287, 11.29885177], [-102.13566348, -92.23634526, 13.25659732], [-102.13499973, -91.82740399, 15.2143424], [-102.13433597, -91.41846224, 17.17208771], [-102.13367221, -91.0095205, 19.12983302], [-102.13300822, -90.60057875, 21.08757822], [-102.13234446, -90.191637, 23.04532341], [-102.1316807, -89.78269526, 25.00306873], [-102.13101695, -89.37375399, 26.9608138], [-102.13035319, -88.96481272, 28.91855888], [-102.12968943, -88.5558705, 30.87630443], [-102.12902543, -88.14692923, 32.83404903], [-102.12836168, -87.73798701, 34.79179458], [-102.12769792, -87.32904574, 36.74954013], [-102.12703416, -86.92010447, 38.70728473], [-102.12637041, -86.51116225, 40.66502933], [-102.12570665, -86.10222098, 42.62277583], [-102.12504289, -85.69327876, 44.58052043], [-102.1243789, -85.28433749, 46.53826503], [-102.12371514, -84.87539622, 48.49601154], [-102.12305138, -84.46645399, 50.45375613], [-102.12238762, -84.05751273, 52.41150073], [-102.12172387, -83.6485705, 54.36924724], [-102.12106011, -83.23962923, 56.32699184], [-102.12039635, -82.83068797, 58.28473644], [-102.11973236, -82.42174574, 60.24248103], [-102.1190686, -82.01280447, 62.20022563], [-102.11840484, -81.60386225, 64.15797405], [-102.11774108, -81.19492098, 66.11571864], [-102.11707733, -80.78597971, 68.07346324], [-102.11641357, -80.37703844, 70.03120784], [-102.11574957, -79.96809527, 71.98895244], [-102.11508582, -79.559154, 73.94669704], [-102.11442206, -79.15021273, 75.90444545], [-102.1137583, -78.74127146, 77.86219005], [-102.11309454, -78.33233019, 79.81993465], [-102.11243079, -77.92338702, 81.77767925], [-102.11176703, -77.51444575, 83.73542384], [-102.11110303, -77.10550448, 85.69317226], [-102.11043928, -76.69656321, 87.65091304], [-102.10977552, -76.28762194, 89.60866145], [-102.10911176, -75.87867876, 91.56640224], [-102.108448, -75.4697375, 93.52415065], [-102.10778425, -75.06079623, 95.48189906], [-102.10712025, -74.65185496, 97.43963985]], "CsaImage.TimeAfterStart": [1.0825, 0.7225, 1.0925, 0.7325, 1.1025, 0.7425, 1.1125, 0.7525, 1.1225, 0.7625, 1.1325, 0.7725, 1.1425, 0.7825, 1.1525, 0.7925, 1.1625, 0.8025, 1.1725, 0.8125, 1.1825, 0.8225, 1.1925, 0.8325, 1.2025, 0.8425, 1.2125, 0.8525, 1.2225, 0.8625, 1.2325, 0.8725, 1.2425, 0.8825, 1.2525, 0.8925, 1.2625, 0.9025, 1.2725, 0.9125, 1.2825, 0.9225, 1.2925, 0.9325, 1.3025, 0.9425, 1.3125, 0.9525, 1.3225, 0.9625, 1.3325, 0.9725, 1.3425, 0.9825, 1.3525, 0.9925, 1.3625, 1.0025, 1.3725, 1.0125, 1.3825, 1.0225, 1.3925, 1.0325, 1.4025, 1.0425, 1.4125, 1.0525, 1.4225, 1.0625, 1.4325, 1.0725], "ImagePositionPatient": [[-102.15424964369, -103.68671175381, -41.560268599734], [-102.15358588636, -103.27777000805, -39.602524001346], [-102.15292212904, -102.86882826229, -37.644779402957], [-102.15225837172, -102.45988651653, -35.687030989871], [-102.15159461439, -102.05094477077, -33.729286391483], [-102.15093061865, -101.64200326343, -31.771541793094], [-102.15026686132, -101.23306175609, -29.813797194705], [-102.149603104, -100.82412001034, -27.856052596317], [-102.14893934668, -100.415178503, -25.898307997928], [-102.14827558935, -100.00623675724, -23.940563399539], [-102.14761183203, -99.59729513069, -21.982814986453], [-102.1469480747, -99.188353504141, -20.025070388065], [-102.14628407896, -98.779411817988, -18.067325789676], [-102.14562032164, -98.370470161637, -16.109581191287], [-102.14495656431, -97.961528505285, -14.151836592899], [-102.14429280699, -97.552586848934, -12.19409199451], [-102.14362904966, -97.143645192583, -10.236345488773], [-102.14296529234, -96.734703625639, -8.2785989830353], [-102.1423012966, -96.325761879881, -6.3208543846466], [-102.14163753927, -95.916820253332, -4.3631097862579], [-102.14097378195, -95.507878507574, -2.4053651878693], [-102.14031002462, -95.098937000235, -0.4476186821319], [-102.1396462673, -94.689995254477, 1.5101259162567], [-102.13898250997, -94.281053747137, 3.4678705146454], [-102.13831875265, -93.872112239798, 5.4256170203827], [-102.13765475691, -93.46317049404, 7.3833616187714], [-102.13699099958, -93.054228748282, 9.3411071708344], [-102.13632724226, -92.645287002524, 11.298851769223], [-102.13566348494, -92.236345256766, 13.256597321286], [-102.13499972761, -91.827403987845, 15.214342396512], [-102.13433597029, -91.418462242087, 17.172087710156], [-102.13367221296, -91.009520496329, 19.129833023801], [-102.13300821722, -90.600578750571, 21.087578218236], [-102.1323444599, -90.191637004812, 23.045323412671], [-102.13168070257, -89.782695259054, 25.003068726315], [-102.13101694525, -89.373753990134, 26.960813801541], [-102.13035318792, -88.964812721213, 28.918558876767], [-102.1296894306, -88.555870498617, 30.87630442883], [-102.12902543486, -88.146929229696, 32.834049027219], [-102.12836167753, -87.737987007101, 34.791794579282], [-102.12769792021, -87.32904573818, 36.749540131345], [-102.12703416288, -86.920104469259, 38.707284729733], [-102.12637040556, -86.511162246664, 40.665029328122], [-102.12570664823, -86.102220977743, 42.622775833859], [-102.12504289091, -85.693278755148, 44.580520432248], [-102.12437889517, -85.284337486227, 46.538265030637], [-102.12371513784, -84.875396217306, 48.496011536374], [-102.12305138052, -84.466453994711, 50.453756134763], [-102.1223876232, -84.05751272579, 52.411500733151], [-102.12172386587, -83.648570503195, 54.369247238889], [-102.12106010855, -83.239629234274, 56.326991837277], [-102.12039635122, -82.830687965353, 58.284736435666], [-102.11973235548, -82.421745742758, 60.242481034055], [-102.11906859816, -82.012804473837, 62.200225632443], [-102.11840484083, -81.603862251242, 64.157974045529], [-102.11774108351, -81.194920982321, 66.115718643918], [-102.11707732618, -80.7859797134, 68.073463242307], [-102.11641356886, -80.377038444479, 70.031207840695], [-102.11574957312, -79.96809526821, 71.988952439084], [-102.11508581579, -79.559153999289, 73.946697037473], [-102.11442205847, -79.150212730368, 75.904445450558], [-102.11375830114, -78.741271461447, 77.862190048947], [-102.11309454382, -78.332330192526, 79.819934647336], [-102.11243078649, -77.923387016257, 81.777679245724], [-102.11176702917, -77.514445747336, 83.735423844113], [-102.11110303343, -77.105504478415, 85.693172257199], [-102.1104392761, -76.696563209494, 87.650913040891], [-102.10977551878, -76.287621940573, 89.608661453976], [-102.10911176146, -75.878678764303, 91.566402237668], [-102.10844800413, -75.469737495383, 93.524150650754], [-102.10778424681, -75.060796226462, 95.48189906384], [-102.10712025106, -74.651854957541, 97.439639847531]], "InstanceCreationTime": ["094151.022000", "094150.948000", "094151.024000", "094150.950000", "094151.026000", "094150.952000", "094151.029000", "094150.954000", "094151.031000", "094150.956000", "094151.034000", "094150.958000", "094151.037000", "094150.960000", "094151.040000", "094150.961000", "094151.044000", "094150.963000", "094151.046000", "094150.965000", "094151.048000", "094150.967000", "094151.050000", "094150.969000", "094151.052000", "094150.971000", "094151.054000", "094150.972000", "094151.056000", "094150.974000", "094151.058000", "094150.976000", "094151.060000", "094150.978000", "094151.062000", "094150.980000", "094151.064000", "094150.982000", "094151.066000", "094150.983000", "094151.068000", "094150.985000", "094151.070000", "094150.987000", "094151.072000", "094150.991000", "094151.074000", "094150.992000", "094151.075000", "094150.995000", "094151.077000", "094150.997000", "094151.079000", "094151.001000", "094151.081000", "094151.004000", "094151.083000", "094151.006000", "094151.085000", "094151.008000", "094151.086000", "094151.010000", "094151.088000", "094151.012000", "094151.090000", "094151.014000", "094151.092000", "094151.016000", "094151.094000", "094151.018000", "094151.095000", "094151.020000"], "InstanceNumber": [1, 2, 3, 4, 5, 6, 7, 8, 9, 10, 11, 12, 13, 14, 15, 16, 17, 18, 19, 20, 21, 22, 23, 24, 25, 26, 27, 28, 29, 30, 31, 32, 33, 34, 35, 36, 37, 38, 39, 40, 41, 42, 43, 44, 45, 46, 47, 48, 49, 50, 51, 52, 53, 54, 55, 56, 57, 58, 59, 60, 61, 62, 63, 64, 65, 66, 67, 68, 69, 70, 71, 72], "LargestImagePixelValue": [4095, 4094, 4093, 4095, 4094, 4094, 4091, 4094, 4094, 4094, 4095, 4095, 4094, 4094, 4095, 4094, 4095, 4094, 4093, 4095, 4095, 4089, 4093, 4094, 4094, 4093, 4092, 4093, 4087, 4093, 4095, 4090, 4092, 4093, 4088, 4095, 4090, 4095, 4093, 4092, 4093, 4095, 4083, 4091, 4088, 4095, 4092, 4094, 4092, 4086, 4092, 4094, 4093, 4090, 4092, 4093, 4094, 4094, 4091, 4095, 4094, 4094, 4094, 4094, 4094, 4095, 4095, 4093, 4095, 4094, 4095, 4093], "SliceLocation": [-61.917020440792, -59.917021014663, -57.917021588534, -55.917018428302, -53.917019002173, -51.917019624714, -49.917020247334, -47.917020821205, -45.917021443825, -43.917022017696, -41.917018881839, -39.917019480085, -37.917020066064, -35.917020658215, -33.917021250367, -31.917021842519, -29.91702056762, -27.917019311001, -25.917019884793, -23.917020483038, -21.917021056909, -19.917019812478, -17.917020386349, -15.917021008969, -13.917019764538, -11.91702033833, -9.9170199786751, -7.9170205525458, -5.9170201928909, -3.9170203974981, -1.9170202712245, 0.08297985504898, 2.0829798647109, 4.0829798742937, 6.0829800005672, 8.08297979596, 10.082979591353, 12.082980048507, 14.082979377216, 16.08297983437, 18.082980096526, 20.082979425156, 22.082978948785, 24.082980144466, 26.082979668094, 28.082978996804, 30.082980192485, 32.082979716113, 34.082979044743, 36.082980435423, 38.082979764053, 40.082979092683, 42.082978616391, 44.082977945021, 46.082981202752, 48.082980531382, 50.082979860012, 52.082979188642, 54.082978907348, 56.082978235978, 58.082981298711, 60.082980627341, 62.082979955971, 64.082979674598, 66.082979003228, 68.08298206604, 70.082977660567, 72.0829807233, 74.082976707824, 76.082979770557, 78.082982833289, 80.082978427896], "SmallestImagePixelValue": [0, 0, 0, 0, 0, 1, 1, 1, 0, 0, 0, 0, 0, 0, 0, 0, 1, 0, 0, 0, 1, 0, 0, 1, 0, 0, 1, 1, 0, 3, 2, 3, 1, 4, 6, 1, 3, 0, 6, 1, 0, 0, 3, 5, 1, 1, 1, 2, 0, 5, 0, 0, 5, 4, 1, 0, 3, 0, 0, 0, 0, 0, 0, 0, 0, 0, 0, 0, 0, 0, 1, 1], "WindowCenter": [-132.0, -146.0, -194.0, -204.0, -212.0, -224.0, -280.0, -248.0, -224.0, -246.0, -212.0, -174.0, -182.0, -152.0, -158.0, -168.0, -218.0, -272.0, -304.0, -290.0, -262.0, -254.0, -224.0, -200.0, -176.0, -166.0, -160.0, -136.0, -150.0, -186.0, -188.0, -190.0, -226.0, -194.0, -314.0, -320.0, -200.0, -296.0, -298.0, -156.0, -142.0, -178.0, -124.0, -90.0, -48.0, -54.0, -64.0, -70.0, -76.0, -72.0, -74.0, -22.0, -74.0, -72.0, -58.0, -50.0, -40.0, -54.0, -76.0, -90.0, -124.0, -120.0, -112.0, -106.0, -100.0, -210.0, -196.0, -168.0, -212.0, -246.0, -250.0, -324.0], "WindowWidth": [6290.0, 6268.0, 6294.0, 6248.0, 6218.0, 6168.0, 6156.0, 6182.0, 6124.0, 6124.0, 6186.0, 6256.0, 6260.0, 6318.0, 6290.0, 6274.0, 6236.0, 6214.0, 6058.0, 6038.0, 5960.0, 5934.0, 5762.0, 5680.0, 5638.0, 5528.0, 5346.0, 5478.0, 5388.0, 5346.0, 5344.0, 5346.0, 4960.0, 5242.0, 4660.0, 4672.0, 5170.0, 4658.0, 4654.0, 5286.0, 5328.0, 5208.0, 5364.0, 5388.0, 5432.0, 5412.0, 5412.0, 5418.0, 5410.0, 5426.0, 5358.0, 5506.0, 5432.0, 5528.0, 5564.0, 5624.0, 5608.0, 5654.0, 5608.0, 5622.0, 5526.0, 5544.0, 5668.0, 5602.0, 5584.0, 5358.0, 5590.0, 5726.0, 5748.0, 5804.0, 6018.0, 6016.0]}}, "IntendedFor": ["ses-1/func/sub-20_ses-1_task-motor_run-05_bold.nii.gz", "ses-1/func/sub-20_ses-1_task-motor_run-01_bold.nii.gz", "ses-1/func/sub-20_ses-1_task-motor_run-03_bold.nii.gz", "ses-1/func/sub-20_ses-1_task-motor_run-02_bold.nii.gz", "ses-1/func/sub-20_ses-1_task-motor_run-06_bold.nii.gz", "ses-1/func/sub-20_ses-1_task-motor_run-04_bold.nii.gz"]}