{"AcquisitionMatrixPE": 100, "AcquisitionNumber": 1, "AcquisitionTime": "13:02:18.910000", "BaseResolution": 100, "BodyPartExamined": "BRAIN", "ConsistencyInfo": "N4_VE11C_LATEST_20160120", "ConversionSoftware": "dcm2niix", "ConversionSoftwareVersion": "v1.0.20180622 GCC4.9.2", "DeviceSerialNumber": "166078", "DwellTime": 8.8e-06, "EchoNumber": 2, "EchoTime": 0.00738, "EchoTime1": 0.00492, "EchoTime2": 0.00738, "FlipAngle": 60, "ImageOrientationPatientDICOM": [0.998888, 0.0128091, -0.0453663, -0.0209237, 0.982853, -0.183198], "ImageType": ["ORIGINAL", "PRIMARY", "P", "ND"], "InPlanePhaseEncodingDirectionDICOM": "ROW", "InstitutionAddress": "Street_StreetNo_Bei_Jing_District_CN_ZIP", "InstitutionName": "BeiJing_Normal_University", "InstitutionalDepartmentName": "Department", "MRAcquisitionType": "2D", "MagneticFieldStrength": 3, "Manufacturer": "Siemens", "ManufacturersModelName": "Prisma", "Modality": "MR", "PartialFourier": 1, "PatientPosition": "HFS", "PercentPhaseFOV": 100, "PhaseEncodingDirection": "i", "PhaseEncodingSteps": 100, "PhaseResolution": 1, "PixelBandwidth": 570, "ProcedureStepDescription": "BNU_P2018_64CH_Liu.Jia", "ProtocolName": "field_mapping_2x2x2", "PulseSequenceDetails": "%SiemensSeq%_gre_field_mapping", "ReceiveCoilActiveElements": "HC1-7;NC1", "ReceiveCoilName": "HeadNeck_64", "ReconMatrixPE": 100, "RepetitionTime": 0.72, "SAR": 0.133456, "ScanningSequence": "GR", "SequenceName": "_fm2d2r", "SequenceVariant": "SP", "SeriesDescription": "field_mapping_2x2x2", "SeriesNumber": 7, "ShimSetting": [-5487, -11493, -1261, 371, -57, -188, -114, 122], "SliceThickness": 2, "SoftwareVersions": "syngo_MR_E11", "SpacingBetweenSlices": 2, "StationName": "AWP166078", "TxRefAmp": 231.205, "dcmmeta_affine": [[-1.9977766275405884, -0.041847456246614456, -0.08448386192321777, 104.87812042236328], [-0.025618143379688263, 1.9657065868377686, -0.3678874969482422, -79.38215637207031], [-0.09073265641927719, 0.36639633774757385, 1.9640579223632812, -82.5208969116211], [0.0, 0.0, 0.0, 1.0]], "dcmmeta_reorient_transform": [[0.0, -1.0, 0.0, 99.0], [1.0, 0.0, 0.0, 0.0], [0.0, 0.0, -1.0, 71.0], [0.0, 0.0, 0.0, 1.0]], "dcmmeta_shape": [100, 100, 72], "dcmmeta_slice_dim": 2, "dcmmeta_version": 0.6, "global": {"const": {"AcquisitionMatrix": [0, 100, 100, 0], "AcquisitionNumber": 1, "AngioFlag": "N", "BitsAllocated": 16, "BitsStored": 12, "BodyPartExamined": "BRAIN", "Columns": 100, "EchoNumbers": 2, "EchoTime": 7.38, "EchoTrainLength": 0, "FlipAngle": 60.0, "HighBit": 11, "ImageOrientationPatient": [0.99888829403026, 0.012809071838, -0.0453663281295, -0.0209237276709, 0.98285331088443, -0.1831981629381], "ImageType": ["ORIGINAL", "PRIMARY", "P", "ND"], "ImagedNucleus": "1H", "ImagingFrequency": 123.257825, "InPlanePhaseEncodingDirection": "ROW", "MRAcquisitionType": "2D", "MagneticFieldStrength": 3.0, "Manufacturer": "SIEMENS", "ManufacturerModelName": "Prisma", "Modality": "MR", "NumberOfAverages": 1.0, "NumberOfPhaseEncodingSteps": 100, "PercentPhaseFieldOfView": 100.0, "PercentSampling": 100.0, "PerformedProcedureStepStartTime": "123106.889000", "PhotometricInterpretation": "MONOCHROME2", "PixelBandwidth": 570.0, "PixelRepresentation": 0, "PixelSpacing": [2.0, 2.0], "ProtocolName": "field_mapping_2x2x2", "RepetitionTime": 720.0, "RescaleIntercept": -4096.0, "RescaleSlope": 2.0, "RescaleType": "US", "Rows": 100, "SAR": 0.13345640152953, "SamplesPerPixel": 1, "ScanningSequence": "GR", "SequenceName": "*fm2d2r", "SequenceVariant": "SP", "SeriesDescription": "field_mapping_2x2x2", "SeriesNumber": 7, "SeriesTime": "130443.597000", "SliceThickness": 2.0, "SoftwareVersions": "syngo MR E11", "SpacingBetweenSlices": 2.0, "SpecificCharacterSet": "ISO_IR 100", "StudyID": "1", "StudyTime": "123106.794000", "TransmitCoilName": "Body", "VariableFlipAngleFlag": "N", "WindowCenterWidthExplanation": "Algo1", "dBdt": 0.0}, "slices": {"AcquisitionTime": ["130218.910000", "130218.550000", "130218.920000", "130218.560000", "130218.930000", "130218.570000", "130218.940000", "130218.580000", "130218.950000", "130218.590000", "130218.960000", "130218.600000", "130218.970000", "130218.610000", "130218.980000", "130218.620000", "130218.990000", "130218.630000", "130219.000000", "130218.640000", "130219.010000", "130218.650000", "130219.020000", "130218.660000", "130219.030000", "130218.670000", "130219.040000", "130218.680000", "130219.050000", "130218.690000", "130219.060000", "130218.700000", "130219.070000", "130218.710000", "130219.080000", "130218.720000", "130219.090000", "130218.730000", "130219.100000", "130218.740000", "130219.110000", "130218.750000", "130219.120000", "130218.760000", "130219.130000", "130218.770000", "130219.140000", "130218.780000", "130219.150000", "130218.790000", "130219.160000", "130218.800000", "130219.170000", "130218.810000", "130219.180000", "130218.820000", "130219.190000", "130218.830000", "130219.200000", "130218.840000", "130219.210000", "130218.850000", "130219.220000", "130218.860000", "130219.230000", "130218.870000", "130219.240000", "130218.880000", "130219.250000", "130218.890000", "130219.260000", "130218.900000"], "ContentTime": ["130443.675000", "130443.603000", "130443.677000", "130443.606000", "130443.679000", "130443.608000", "130443.681000", "130443.610000", "130443.683000", "130443.612000", "130443.685000", "130443.614000", "130443.687000", "130443.616000", "130443.689000", "130443.618000", "130443.691000", "130443.620000", "130443.693000", "130443.622000", "130443.695000", "130443.624000", "130443.696000", "130443.626000", "130443.698000", "130443.628000", "130443.700000", "130443.630000", "130443.702000", "130443.632000", "130443.704000", "130443.634000", "130443.705000", "130443.636000", "130443.707000", "130443.638000", "130443.709000", "130443.640000", "130443.711000", "130443.642000", "130443.713000", "130443.644000", "130443.714000", "130443.646000", "130443.716000", "130443.648000", "130443.718000", "130443.650000", "130443.720000", "130443.652000", "130443.722000", "130443.654000", "130443.724000", "130443.656000", "130443.725000", "130443.658000", "130443.727000", "130443.660000", "130443.729000", "130443.662000", "130443.731000", "130443.664000", "130443.733000", "130443.666000", "130443.734000", "130443.667000", "130443.736000", "130443.669000", "130443.738000", "130443.671000", "130443.744000", "130443.673000"], "CsaImage.GSWDDataType": ["measured", "predicted", "measured", "predicted", "measured", "predicted", "measured", "predicted", "measured", "predicted", "measured", "predicted", "measured", "predicted", "measured", "predicted", "measured", "predicted", "measured", "predicted", "measured", "predicted", "measured", "predicted", "measured", "predicted", "measured", "predicted", "measured", "predicted", "measured", "predicted", "measured", "predicted", "measured", "predicted", "measured", "predicted", "measured", "predicted", "measured", "predicted", "measured", "predicted", "measured", "predicted", "measured", "predicted", "measured", "predicted", "measured", "predicted", "measured", "predicted", "measured", "measured", "measured", "measured", "measured", "measured", "measured", "measured", "measured", "measured", "measured", "measured", "measured", "measured", "measured", "measured", "measured", "measured"], "CsaImage.ICE_Dims": ["X_2_1_1_1_1_1_37_1_1_1_1_111", "X_2_1_1_1_1_1_1_1_1_2_1_111", "X_2_1_1_1_1_1_38_1_1_3_1_111", "X_2_1_1_1_1_1_2_1_1_4_1_111", "X_2_1_1_1_1_1_39_1_1_5_1_111", "X_2_1_1_1_1_1_3_1_1_6_1_111", "X_2_1_1_1_1_1_40_1_1_7_1_111", "X_2_1_1_1_1_1_4_1_1_8_1_111", "X_2_1_1_1_1_1_41_1_1_9_1_111", "X_2_1_1_1_1_1_5_1_1_10_1_111", "X_2_1_1_1_1_1_42_1_1_11_1_111", "X_2_1_1_1_1_1_6_1_1_12_1_111", "X_2_1_1_1_1_1_43_1_1_13_1_111", "X_2_1_1_1_1_1_7_1_1_14_1_111", "X_2_1_1_1_1_1_44_1_1_15_1_111", "X_2_1_1_1_1_1_8_1_1_16_1_111", "X_2_1_1_1_1_1_45_1_1_17_1_111", "X_2_1_1_1_1_1_9_1_1_18_1_111", "X_2_1_1_1_1_1_46_1_1_19_1_111", "X_2_1_1_1_1_1_10_1_1_20_1_111", "X_2_1_1_1_1_1_47_1_1_21_1_111", "X_2_1_1_1_1_1_11_1_1_22_1_111", "X_2_1_1_1_1_1_48_1_1_23_1_111", "X_2_1_1_1_1_1_12_1_1_24_1_111", "X_2_1_1_1_1_1_49_1_1_25_1_111", "X_2_1_1_1_1_1_13_1_1_26_1_111", "X_2_1_1_1_1_1_50_1_1_27_1_111", "X_2_1_1_1_1_1_14_1_1_28_1_111", "X_2_1_1_1_1_1_51_1_1_29_1_111", "X_2_1_1_1_1_1_15_1_1_30_1_111", "X_2_1_1_1_1_1_52_1_1_31_1_111", "X_2_1_1_1_1_1_16_1_1_32_1_111", "X_2_1_1_1_1_1_53_1_1_33_1_111", "X_2_1_1_1_1_1_17_1_1_34_1_111", "X_2_1_1_1_1_1_54_1_1_35_1_111", "X_2_1_1_1_1_1_18_1_1_36_1_111", "X_2_1_1_1_1_1_55_1_1_37_1_111", "X_2_1_1_1_1_1_19_1_1_38_1_111", "X_2_1_1_1_1_1_56_1_1_39_1_111", "X_2_1_1_1_1_1_20_1_1_40_1_111", "X_2_1_1_1_1_1_57_1_1_41_1_111", "X_2_1_1_1_1_1_21_1_1_42_1_111", "X_2_1_1_1_1_1_58_1_1_43_1_111", "X_2_1_1_1_1_1_22_1_1_44_1_111", "X_2_1_1_1_1_1_59_1_1_45_1_111", "X_2_1_1_1_1_1_23_1_1_46_1_111", "X_2_1_1_1_1_1_60_1_1_47_1_111", "X_2_1_1_1_1_1_24_1_1_48_1_111", "X_2_1_1_1_1_1_61_1_1_49_1_111", "X_2_1_1_1_1_1_25_1_1_50_1_111", "X_2_1_1_1_1_1_62_1_1_51_1_111", "X_2_1_1_1_1_1_26_1_1_52_1_111", "X_2_1_1_1_1_1_63_1_1_53_1_111", "X_2_1_1_1_1_1_27_1_1_54_1_111", "X_2_1_1_1_1_1_64_1_1_55_1_111", "X_2_1_1_1_1_1_28_1_1_56_1_111", "X_2_1_1_1_1_1_65_1_1_57_1_111", "X_2_1_1_1_1_1_29_1_1_58_1_111", "X_2_1_1_1_1_1_66_1_1_59_1_111", "X_2_1_1_1_1_1_30_1_1_60_1_111", "X_2_1_1_1_1_1_67_1_1_61_1_111", "X_2_1_1_1_1_1_31_1_1_62_1_111", "X_2_1_1_1_1_1_68_1_1_63_1_111", "X_2_1_1_1_1_1_32_1_1_64_1_111", "X_2_1_1_1_1_1_69_1_1_65_1_111", "X_2_1_1_1_1_1_33_1_1_66_1_111", "X_2_1_1_1_1_1_70_1_1_67_1_111", "X_2_1_1_1_1_1_34_1_1_68_1_111", "X_2_1_1_1_1_1_71_1_1_69_1_111", "X_2_1_1_1_1_1_35_1_1_70_1_111", "X_2_1_1_1_1_1_72_1_1_71_1_111", "X_2_1_1_1_1_1_36_1_1_72_1_111"], "CsaImage.ProtocolSliceNumber": [0, 1, 2, 3, 4, 5, 6, 7, 8, 9, 10, 11, 12, 13, 14, 15, 16, 17, 18, 19, 20, 21, 22, 23, 24, 25, 26, 27, 28, 29, 30, 31, 32, 33, 34, 35, 36, 37, 38, 39, 40, 41, 42, 43, 44, 45, 46, 47, 48, 49, 50, 51, 52, 53, 54, 55, 56, 57, 58, 59, 60, 61, 62, 63, 64, 65, 66, 67, 68, 69, 70, 71], "CsaImage.RFSWDDataType": ["measured", "predicted", "measured", "predicted", "measured", "predicted", "measured", "predicted", "measured", "predicted", "measured", "predicted", "measured", "predicted", "measured", "predicted", "measured", "predicted", "measured", "predicted", "measured", "predicted", "measured", "predicted", "measured", "predicted", "measured", "predicted", "measured", "predicted", "measured", "predicted", "measured", "predicted", "measured", "predicted", "measured", "predicted", "measured", "predicted", "measured", "predicted", "measured", "predicted", "measured", "predicted", "measured", "predicted", "measured", "predicted", "measured", "measured", "measured", "measured", "measured", "measured", "measured", "measured", "measured", "measured", "measured", "measured", "measured", "measured", "measured", "measured", "measured", "measured", "measured", "measured", "measured", "measured"], "CsaImage.SlicePosition_PCS": [[-100.73521286, -115.22279631, -46.24762346], [-100.65072924, -114.85490881, -44.28356554], [-100.56624538, -114.48702132, -42.31950762], [-100.48176175, -114.11913477, -40.3554497], [-100.39727813, -113.75124727, -38.39139177], [-100.31279451, -113.38335978, -36.42733385], [-100.22831065, -113.01547228, -34.46327593], [-100.14382702, -112.64758478, -32.49922182], [-100.0593434, -112.27969729, -30.5351639], [-99.97485954, -111.91180979, -28.57110598], [-99.89037591, -111.54392229, -26.60704806], [-99.80589229, -111.1760348, -24.64299013], [-99.72140855, -110.8081473, -22.67893221], [-99.6369248, -110.4402598, -20.71487429], [-99.55244118, -110.07237231, -18.75082018], [-99.46795744, -109.70448481, -16.78676226], [-99.3834737, -109.33659731, -14.82270434], [-99.29899007, -108.96870981, -12.85864641], [-99.21450633, -108.60082232, -10.89458849], [-99.13002271, -108.23293482, -8.93053248], [-99.04553896, -107.86504732, -6.96647455], [-98.96105522, -107.4971603, -5.00241663], [-98.8765716, -107.12927281, -3.03836062], [-98.79208785, -106.76138531, -1.07430269], [-98.70760417, -106.39349781, 0.88975523], [-98.62312049, -106.02561032, 2.85381315], [-98.5386368, -105.65772282, 4.81786917], [-98.45415306, -105.28983532, 6.78192709], [-98.36966938, -104.92194783, 8.74598406], [-98.2851857, -104.55406033, 10.71004198], [-98.20070198, -104.18617331, 12.67409895], [-98.1162183, -103.81828581, 14.63815687], [-98.0317346, -103.45039808, 16.60221384], [-97.9472509, -103.08251082, 18.56627128], [-97.86276721, -102.71462332, 20.53032873], [-97.77828351, -102.34673582, 22.494386], [-97.69379981, -101.97884833, 24.45844338], [-97.60931611, -101.61096083, 26.42250083], [-97.52483243, -101.24307345, 28.38655804], [-97.44034872, -100.87518607, 30.35061548], [-97.35586503, -100.50729858, 32.31467245], [-97.27138132, -100.13941114, 34.27873037], [-97.18689764, -99.77152366, 36.24278734], [-97.10241395, -99.40363621, 38.20684526], [-97.01793027, -99.03574877, 40.17090223], [-96.93344653, -98.66786127, 42.13496015], [-96.84896284, -98.29997383, 44.09901617], [-96.7644791, -97.93208634, 46.06307409], [-96.67999548, -97.56419884, 48.02713201], [-96.59551174, -97.19631158, 49.99118994], [-96.51102811, -96.82842408, 51.95524595], [-96.42654437, -96.46053659, 53.91930387], [-96.34206063, -96.09264909, 55.8833618], [-96.257577, -95.72476159, 57.84741972], [-96.17309326, -95.35687433, 59.81147764], [-96.08860964, -94.98898684, 61.77553175], [-96.00412589, -94.62109934, 63.73958967], [-95.91964215, -94.25321184, 65.70364759], [-95.83515853, -93.88532435, 67.66770552], [-95.75067479, -93.51743685, 69.63176344], [-95.66619116, -93.14954935, 71.59582136], [-95.5817073, -92.78166186, 73.55987928], [-95.49722368, -92.41377436, 75.52393339], [-95.41274005, -92.04588734, 77.48799131], [-95.32825643, -91.67799984, 79.45204923], [-95.24377257, -91.31011187, 81.41610716], [-95.15928894, -90.94222437, 83.38016508], [-95.07480532, -90.57433687, 85.344223], [-94.99032146, -90.20645033, 87.30827711], [-94.90583783, -89.83856283, 89.27233503], [-94.82135421, -89.47067534, 91.23639295], [-94.73687035, -89.10278784, 93.20045088]], "CsaImage.TimeAfterStart": [1.0825, 0.7225, 1.0925, 0.7325, 1.1025, 0.7425, 1.1125, 0.7525, 1.1225, 0.7625, 1.1325, 0.7725, 1.1425, 0.7825, 1.1525, 0.7925, 1.1625, 0.8025, 1.1725, 0.8125, 1.1825, 0.8225, 1.1925, 0.8325, 1.2025, 0.8425, 1.2125, 0.8525, 1.2225, 0.8625, 1.2325, 0.8725, 1.2425, 0.8825, 1.2525, 0.8925, 1.2625, 0.9025, 1.2725, 0.9125, 1.2825, 0.9225, 1.2925, 0.9325, 1.3025, 0.9425, 1.3125, 0.9525, 1.3225, 0.9625, 1.3325, 0.9725, 1.3425, 0.9825, 1.3525, 0.9925, 1.3625, 1.0025, 1.3725, 1.0125, 1.3825, 1.0225, 1.3925, 1.0325, 1.4025, 1.0425, 1.4125, 1.0525, 1.4225, 1.0625, 1.4325, 1.0725], "ImagePositionPatient": [[-100.73521286343, -115.22279630905, -46.247623464042], [-100.65072923993, -114.8549088121, -44.283565541678], [-100.566245378, -114.48702131515, -42.319507619315], [-100.4817617545, -114.11913477188, -40.355449696952], [-100.39727813099, -113.75124727493, -38.391391774589], [-100.31279450749, -113.38335977798, -36.427333852225], [-100.22831064557, -113.01547228103, -34.463275929862], [-100.14382702206, -112.64758478408, -32.499221822196], [-100.05934339856, -112.27969728714, -30.535163899833], [-99.974859536635, -111.91180979019, -28.571105977469], [-99.89037591313, -111.54392229324, -26.607048055106], [-99.805892289625, -111.17603479629, -24.642990132743], [-99.721408546911, -110.80814729934, -22.67893221038], [-99.636924804197, -110.44025980239, -20.714874288016], [-99.552441180693, -110.07237230545, -18.75082018035], [-99.467957437979, -109.7044848085, -16.786762257987], [-99.383473695265, -109.33659731155, -14.822704335624], [-99.29899007176, -108.9687098146, -12.85864641326], [-99.214506329046, -108.60082231765, -10.894588490897], [-99.130022705542, -108.2329348207, -8.9305324758825], [-99.045538962828, -107.86504732376, -6.9664745535192], [-98.961055220114, -107.49716030365, -5.0024166311559], [-98.876571596609, -107.1292728067, -3.0383606161413], [-98.792087853895, -106.76138530975, -1.074302693778], [-98.707604170786, -106.3934978128, 0.88975522858527], [-98.623120487677, -106.02561031585, 2.8538131509486], [-98.538636804567, -105.6577228189, 4.8178691659632], [-98.454153061853, -105.28983532196, 6.7819270883265], [-98.369669378744, -104.92194782501, 8.7459840570154], [-98.285185695635, -104.55406032806, 10.710041979379], [-98.200701982723, -104.18617330795, 12.674098948068], [-98.116218299614, -103.818285811, 14.638156870431], [-98.031734601604, -103.45039807563, 16.60221383912], [-97.947250903593, -103.0825108171, 18.566271284646], [-97.862767205583, -102.71462332016, 20.530328730172], [-97.778283509435, -102.34673582321, 22.494385996884], [-97.693799809562, -101.97884832626, 24.458443382806], [-97.609316111551, -101.61096082931, 26.422500828332], [-97.524832428442, -101.24307345157, 28.38655803544], [-97.44034871553, -100.87518607383, 30.350615480966], [-97.355865032421, -100.50729857688, 32.314672449655], [-97.27138131951, -100.13941113954, 34.278730372018], [-97.1868976364, -99.771523657494, 36.242787340707], [-97.102413953291, -99.403636205249, 38.20684526307], [-97.017930270182, -99.035748767906, 40.170902231759], [-96.933446527468, -98.667861270957, 42.134960154122], [-96.848962844359, -98.299973833614, 44.099016169137], [-96.764479101645, -97.932086336666, 46.0630740915], [-96.67999547814, -97.564198839717, 48.027132013864], [-96.595511735426, -97.196311581188, 49.991189936227], [-96.511028111921, -96.828424084239, 51.955245951242], [-96.426544369207, -96.460536587291, 53.919303873605], [-96.342060626494, -96.092649090343, 55.883361795968], [-96.257577002989, -95.724761593395, 57.847419718331], [-96.173093260275, -95.356874334865, 59.811477640695], [-96.08860963677, -94.988986837917, 61.775531748361], [-96.004125894056, -94.621099340969, 63.739589670724], [-95.919642151342, -94.25321184402, 65.703647593087], [-95.835158527838, -93.885324347072, 67.667705515451], [-95.750674785124, -93.517436850124, 69.631763437814], [-95.666191161619, -93.149549353176, 71.595821360177], [-95.581707299696, -92.781661856227, 73.55987928254], [-95.497223676191, -92.413774359279, 75.523933390206], [-95.412740052687, -92.045887339168, 77.48799131257], [-95.328256429182, -91.67799984222, 79.452049234933], [-95.243772567259, -91.310111868434, 81.416107157296], [-95.159288943754, -90.942224371486, 83.380165079659], [-95.07480532025, -90.574336874538, 85.344223002023], [-94.990321458326, -90.206450331264, 87.308277109689], [-94.905837834822, -89.838562834316, 89.272335032052], [-94.821354211317, -89.470675337368, 91.236392954415], [-94.736870349394, -89.102787840419, 93.200450876779]], "InstanceCreationTime": ["130443.675000", "130443.603000", "130443.677000", "130443.606000", "130443.679000", "130443.608000", "130443.681000", "130443.610000", "130443.683000", "130443.612000", "130443.685000", "130443.614000", "130443.687000", "130443.616000", "130443.689000", "130443.618000", "130443.691000", "130443.620000", "130443.693000", "130443.622000", "130443.695000", "130443.624000", "130443.696000", "130443.626000", "130443.698000", "130443.628000", "130443.700000", "130443.630000", "130443.702000", "130443.632000", "130443.704000", "130443.634000", "130443.705000", "130443.636000", "130443.707000", "130443.638000", "130443.709000", "130443.640000", "130443.711000", "130443.642000", "130443.713000", "130443.644000", "130443.714000", "130443.646000", "130443.716000", "130443.648000", "130443.718000", "130443.650000", "130443.720000", "130443.652000", "130443.722000", "130443.654000", "130443.724000", "130443.656000", "130443.725000", "130443.658000", "130443.727000", "130443.660000", "130443.729000", "130443.662000", "130443.731000", "130443.664000", "130443.733000", "130443.666000", "130443.734000", "130443.667000", "130443.736000", "130443.669000", "130443.738000", "130443.671000", "130443.744000", "130443.673000"], "InstanceNumber": [1, 2, 3, 4, 5, 6, 7, 8, 9, 10, 11, 12, 13, 14, 15, 16, 17, 18, 19, 20, 21, 22, 23, 24, 25, 26, 27, 28, 29, 30, 31, 32, 33, 34, 35, 36, 37, 38, 39, 40, 41, 42, 43, 44, 45, 46, 47, 48, 49, 50, 51, 52, 53, 54, 55, 56, 57, 58, 59, 60, 61, 62, 63, 64, 65, 66, 67, 68, 69, 70, 71, 72], "LargestImagePixelValue": [4093, 4095, 4092, 4095, 4090, 4093, 4095, 4093, 4095, 4094, 4094, 4095, 4095, 4093, 4094, 4093, 4094, 4092, 4094, 4095, 4094, 4094, 4093, 4093, 4091, 4091, 4095, 4095, 4094, 4088, 4095, 4086, 4080, 4093, 4079, 4091, 4091, 4090, 4093, 4095, 4088, 4076, 4083, 4094, 4093, 4086, 4089, 4095, 4093, 4094, 4094, 4090, 4087, 4092, 4095, 4090, 4094, 4091, 4094, 4093, 4094, 4094, 4095, 4094, 4093, 4094, 4094, 4095, 4094, 4093, 4094, 4095], "SliceLocation": [-70.86624543089, -68.866244877028, -66.866244313095, -64.866243934655, -62.866243380793, -60.86624282693, -58.866242262997, -56.866245455277, -54.866244901414, -52.866244337481, -50.866243783619, -48.866243229756, -46.866242670859, -44.866242111961, -42.866245304241, -40.866244745343, -38.866244186445, -36.866243632583, -34.866243073685, -32.866244392894, -30.866243833996, -28.866243362809, -26.866244682018, -24.86624412312, -22.86624356674, -20.86624301036, -18.866244327051, -16.866243768153, -14.866244148309, -12.866243591929, -10.866244058536, -8.8662435021563, -6.8662438378267, -4.8662437929406, -2.8662437041988, -0.8662437911362, 1.1337562391508, 3.1337563278925, 5.1337561599431, 7.1337562273865, 9.133755847231, 11.133756393906, 13.13375601101, 15.133756559167, 17.133756168047, 19.133756726945, 21.13375539929, 23.133755958188, 25.13375651205, 27.133757027093, 29.133755707884, 31.133756266782, 33.13375682568, 35.133757379542, 37.133757894584, 39.133754702304, 41.133755261202, 43.1337558201, 45.133756373962, 47.13375693286, 49.133757486722, 51.133758050656, 53.133754858376, 55.133755324527, 57.133755878389, 59.133756530034, 61.133757083896, 63.133757637758, 65.133754280127, 67.13375483399, 69.133755387852, 71.133755951785], "SmallestImagePixelValue": [0, 0, 0, 1, 0, 0, 0, 0, 0, 5, 0, 1, 0, 0, 0, 0, 0, 0, 1, 2, 0, 1, 0, 0, 13, 2, 3, 7, 7, 2, 1, 0, 4, 1, 6, 1, 0, 1, 1, 0, 0, 2, 3, 2, 11, 0, 10, 1, 3, 0, 1, 1, 3, 2, 1, 3, 0, 4, 0, 0, 2, 0, 1, 0, 0, 0, 0, 0, 0, 0, 0, 0], "WindowCenter": [-208.0, -220.0, -220.0, -260.0, -292.0, -240.0, -236.0, -256.0, -230.0, -238.0, -234.0, -210.0, -226.0, -218.0, -228.0, -298.0, -270.0, -324.0, -294.0, -294.0, -254.0, -230.0, -234.0, -204.0, -178.0, -152.0, -152.0, -168.0, -144.0, -148.0, -134.0, -166.0, -172.0, -166.0, -282.0, -278.0, -174.0, -142.0, -266.0, -164.0, -130.0, -158.0, -140.0, -134.0, -146.0, -114.0, -114.0, -102.0, -94.0, -102.0, -80.0, -84.0, -64.0, -76.0, -76.0, -54.0, -36.0, -46.0, -28.0, -46.0, -22.0, -32.0, -42.0, -52.0, -62.0, -132.0, -152.0, -142.0, -200.0, -202.0, -240.0, -286.0], "WindowWidth": [6286.0, 6264.0, 6272.0, 6190.0, 6230.0, 6268.0, 6322.0, 6252.0, 6262.0, 6208.0, 6220.0, 6190.0, 6132.0, 6042.0, 5980.0, 5868.0, 5904.0, 5760.0, 5784.0, 5740.0, 5668.0, 5662.0, 5580.0, 5546.0, 5452.0, 5526.0, 5456.0, 5340.0, 5428.0, 5376.0, 5430.0, 5332.0, 5166.0, 5230.0, 4612.0, 4612.0, 4994.0, 5198.0, 4612.0, 5014.0, 5250.0, 5086.0, 5270.0, 5282.0, 5176.0, 5298.0, 5248.0, 5336.0, 5316.0, 5262.0, 5350.0, 5362.0, 5402.0, 5378.0, 5422.0, 5448.0, 5494.0, 5516.0, 5544.0, 5500.0, 5592.0, 5620.0, 5650.0, 5680.0, 5760.0, 5768.0, 5690.0, 5764.0, 5780.0, 5892.0, 5864.0, 5924.0]}}, "IntendedFor": ["ses-1/func/sub-13_ses-1_task-motor_run-04_bold.nii.gz", "ses-1/func/sub-13_ses-1_task-motor_run-05_bold.nii.gz", "ses-1/func/sub-13_ses-1_task-motor_run-06_bold.nii.gz", "ses-1/func/sub-13_ses-1_task-motor_run-02_bold.nii.gz", "ses-1/func/sub-13_ses-1_task-motor_run-03_bold.nii.gz", "ses-1/func/sub-13_ses-1_task-motor_run-01_bold.nii.gz"]}