{"AcquisitionMatrixPE": 100, "AcquisitionNumber": 1, "AcquisitionTime": "09:46:8.900000", "BaseResolution": 100, "BodyPartExamined": "BRAIN", "ConsistencyInfo": "N4_VE11C_LATEST_20160120", "ConversionSoftware": "dcm2niix", "ConversionSoftwareVersion": "v1.0.20180622 GCC4.9.2", "DeviceSerialNumber": "166078", "DwellTime": 8.8e-06, "EchoNumber": 2, "EchoTime": 0.00738, "EchoTime1": 0.00492, "EchoTime2": 0.00738, "FlipAngle": 60, "ImageOrientationPatientDICOM": [0.999042, -0.00349065, 0.0436191, 0.00348733, 0.999994, 0.00015226], "ImageType": ["ORIGINAL", "PRIMARY", "P", "ND"], "InPlanePhaseEncodingDirectionDICOM": "ROW", "InstitutionAddress": "Street_StreetNo_Bei_Jing_District_CN_ZIP", "InstitutionName": "BeiJing_Normal_University", "InstitutionalDepartmentName": "Department", "MRAcquisitionType": "2D", "MagneticFieldStrength": 3, "Manufacturer": "Siemens", "ManufacturersModelName": "Prisma", "Modality": "MR", "PartialFourier": 1, "PatientPosition": "HFS", "PercentPhaseFOV": 100, "PhaseEncodingDirection": "i", "PhaseEncodingSteps": 100, "PhaseResolution": 1, "PixelBandwidth": 570, "ProcedureStepDescription": "BNU_P2018_64CH_Liu.Jia", "ProtocolName": "field_mapping_2x2x2", "PulseSequenceDetails": "%SiemensSeq%_gre_field_mapping", "ReceiveCoilActiveElements": "HC1-7;NC1", "ReceiveCoilName": "HeadNeck_64", "ReconMatrixPE": 100, "RepetitionTime": 0.72, "SAR": 0.105282, "ScanningSequence": "GR", "SequenceName": "_fm2d2r", "SequenceVariant": "SP", "SeriesDescription": "field_mapping_2x2x2", "SeriesNumber": 7, "ShimSetting": [-5459, -11528, -1282, 370, -46, -220, -133, 20], "SliceThickness": 2, "SoftwareVersions": "syngo_MR_E11", "SpacingBetweenSlices": 2, "StationName": "AWP166078", "TxRefAmp": 208.882, "dcmmeta_affine": [[-1.998084306716919, 0.006974658463150263, 0.08723878860473633, 98.69625854492188], [0.006981302984058857, 1.9999878406524658, 0.0, -89.58220672607422], [0.08723823726177216, -0.0003045201301574707, 1.9980926513671875, -67.20492553710938], [0.0, 0.0, 0.0, 1.0]], "dcmmeta_reorient_transform": [[0.0, -1.0, 0.0, 99.0], [1.0, 0.0, 0.0, 0.0], [0.0, 0.0, -1.0, 71.0], [0.0, 0.0, 0.0, 1.0]], "dcmmeta_shape": [100, 100, 72], "dcmmeta_slice_dim": 2, "dcmmeta_version": 0.6, "global": {"const": {"AcquisitionMatrix": [0, 100, 100, 0], "AcquisitionNumber": 1, "AngioFlag": "N", "BitsAllocated": 16, "BitsStored": 12, "BodyPartExamined": "BRAIN", "Columns": 100, "EchoNumbers": 2, "EchoTime": 7.38, "EchoTrainLength": 0, "FlipAngle": 60.0, "HighBit": 11, "ImageOrientationPatient": [0.99904213510866, -0.003490651458, 0.04361912000397, 0.00348732913155, 0.99999390765764, 0.0001522600721], "ImageType": ["ORIGINAL", "PRIMARY", "P", "ND"], "ImagedNucleus": "1H", "ImagingFrequency": 123.25782, "InPlanePhaseEncodingDirection": "ROW", "MRAcquisitionType": "2D", "MagneticFieldStrength": 3.0, "Manufacturer": "SIEMENS", "ManufacturerModelName": "Prisma", "Modality": "MR", "NumberOfAverages": 1.0, "NumberOfPhaseEncodingSteps": 100, "PercentPhaseFieldOfView": 100.0, "PercentSampling": 100.0, "PerformedProcedureStepStartTime": "091723.716000", "PhotometricInterpretation": "MONOCHROME2", "PixelBandwidth": 570.0, "PixelRepresentation": 0, "PixelSpacing": [2.0, 2.0], "ProtocolName": "field_mapping_2x2x2", "RepetitionTime": 720.0, "RescaleIntercept": -4096.0, "RescaleSlope": 2.0, "RescaleType": "US", "Rows": 100, "SAR": 0.10528191756005, "SamplesPerPixel": 1, "ScanningSequence": "GR", "SequenceName": "*fm2d2r", "SequenceVariant": "SP", "SeriesDescription": "field_mapping_2x2x2", "SeriesNumber": 7, "SeriesTime": "094833.179000", "SliceThickness": 2.0, "SoftwareVersions": "syngo MR E11", "SpacingBetweenSlices": 2.0, "SpecificCharacterSet": "ISO_IR 100", "StudyID": "1", "StudyTime": "091723.573000", "TransmitCoilName": "Body", "VariableFlipAngleFlag": "N", "WindowCenterWidthExplanation": "Algo1", "dBdt": 0.0}, "slices": {"AcquisitionTime": ["094608.900000", "094608.540000", "094608.910000", "094608.550000", "094608.920000", "094608.560000", "094608.930000", "094608.570000", "094608.940000", "094608.580000", "094608.950000", "094608.590000", "094608.960000", "094608.600000", "094608.970000", "094608.610000", "094608.980000", "094608.620000", "094608.990000", "094608.630000", "094609.000000", "094608.640000", "094609.010000", "094608.650000", "094609.020000", "094608.660000", "094609.030000", "094608.670000", "094609.040000", "094608.680000", "094609.050000", "094608.690000", "094609.060000", "094608.700000", "094609.070000", "094608.710000", "094609.080000", "094608.720000", "094609.090000", "094608.730000", "094609.100000", "094608.740000", "094609.110000", "094608.750000", "094609.120000", "094608.760000", "094609.130000", "094608.770000", "094609.140000", "094608.780000", "094609.150000", "094608.790000", "094609.160000", "094608.800000", "094609.170000", "094608.810000", "094609.180000", "094608.820000", "094609.190000", "094608.830000", "094609.200000", "094608.840000", "094609.210000", "094608.850000", "094609.220000", "094608.860000", "094609.230000", "094608.870000", "094609.240000", "094608.880000", "094609.250000", "094608.890000"], "ContentTime": ["094833.340000", "094833.181000", "094833.342000", "094833.183000", "094833.344000", "094833.185000", "094833.346000", "094833.187000", "094833.348000", "094833.189000", "094833.349000", "094833.284000", "094833.351000", "094833.286000", "094833.353000", "094833.288000", "094833.355000", "094833.290000", "094833.357000", "094833.292000", "094833.358000", "094833.293000", "094833.360000", "094833.295000", "094833.362000", "094833.297000", "094833.364000", "094833.299000", "094833.365000", "094833.301000", "094833.367000", "094833.302000", "094833.369000", "094833.304000", "094833.371000", "094833.306000", "094833.373000", "094833.308000", "094833.374000", "094833.309000", "094833.376000", "094833.311000", "094833.378000", "094833.313000", "094833.380000", "094833.315000", "094833.381000", "094833.317000", "094833.383000", "094833.319000", "094833.385000", "094833.321000", "094833.387000", "094833.322000", "094833.389000", "094833.324000", "094833.390000", "094833.326000", "094833.392000", "094833.328000", "094833.395000", "094833.330000", "094833.396000", "094833.331000", "094833.398000", "094833.333000", "094833.400000", "094833.335000", "094833.402000", "094833.337000", "094833.404000", "094833.339000"], "CsaImage.GSWDDataType": ["measured", "predicted", "measured", "predicted", "measured", "predicted", "measured", "predicted", "measured", "predicted", "measured", "predicted", "measured", "predicted", "measured", "predicted", "measured", "predicted", "measured", "predicted", "measured", "predicted", "measured", "predicted", "measured", "predicted", "measured", "predicted", "measured", "predicted", "measured", "predicted", "measured", "predicted", "measured", "predicted", "measured", "predicted", "measured", "predicted", "measured", "predicted", "measured", "predicted", "measured", "predicted", "measured", "predicted", "measured", "predicted", "measured", "predicted", "measured", "predicted", "measured", "predicted", "measured", "predicted", "measured", "predicted", "measured", "predicted", "measured", "predicted", "measured", "predicted", "measured", "measured", "measured", "measured", "measured", "measured"], "CsaImage.ICE_Dims": ["X_2_1_1_1_1_1_37_1_1_1_1_26", "X_2_1_1_1_1_1_1_1_1_2_1_26", "X_2_1_1_1_1_1_38_1_1_3_1_26", "X_2_1_1_1_1_1_2_1_1_4_1_26", "X_2_1_1_1_1_1_39_1_1_5_1_26", "X_2_1_1_1_1_1_3_1_1_6_1_26", "X_2_1_1_1_1_1_40_1_1_7_1_26", "X_2_1_1_1_1_1_4_1_1_8_1_26", "X_2_1_1_1_1_1_41_1_1_9_1_26", "X_2_1_1_1_1_1_5_1_1_10_1_26", "X_2_1_1_1_1_1_42_1_1_11_1_26", "X_2_1_1_1_1_1_6_1_1_12_1_26", "X_2_1_1_1_1_1_43_1_1_13_1_26", "X_2_1_1_1_1_1_7_1_1_14_1_26", "X_2_1_1_1_1_1_44_1_1_15_1_26", "X_2_1_1_1_1_1_8_1_1_16_1_26", "X_2_1_1_1_1_1_45_1_1_17_1_26", "X_2_1_1_1_1_1_9_1_1_18_1_26", "X_2_1_1_1_1_1_46_1_1_19_1_26", "X_2_1_1_1_1_1_10_1_1_20_1_26", "X_2_1_1_1_1_1_47_1_1_21_1_26", "X_2_1_1_1_1_1_11_1_1_22_1_26", "X_2_1_1_1_1_1_48_1_1_23_1_26", "X_2_1_1_1_1_1_12_1_1_24_1_26", "X_2_1_1_1_1_1_49_1_1_25_1_26", "X_2_1_1_1_1_1_13_1_1_26_1_26", "X_2_1_1_1_1_1_50_1_1_27_1_26", "X_2_1_1_1_1_1_14_1_1_28_1_26", "X_2_1_1_1_1_1_51_1_1_29_1_26", "X_2_1_1_1_1_1_15_1_1_30_1_26", "X_2_1_1_1_1_1_52_1_1_31_1_26", "X_2_1_1_1_1_1_16_1_1_32_1_26", "X_2_1_1_1_1_1_53_1_1_33_1_26", "X_2_1_1_1_1_1_17_1_1_34_1_26", "X_2_1_1_1_1_1_54_1_1_35_1_26", "X_2_1_1_1_1_1_18_1_1_36_1_26", "X_2_1_1_1_1_1_55_1_1_37_1_26", "X_2_1_1_1_1_1_19_1_1_38_1_26", "X_2_1_1_1_1_1_56_1_1_39_1_26", "X_2_1_1_1_1_1_20_1_1_40_1_26", "X_2_1_1_1_1_1_57_1_1_41_1_26", "X_2_1_1_1_1_1_21_1_1_42_1_26", "X_2_1_1_1_1_1_58_1_1_43_1_26", "X_2_1_1_1_1_1_22_1_1_44_1_26", "X_2_1_1_1_1_1_59_1_1_45_1_26", "X_2_1_1_1_1_1_23_1_1_46_1_26", "X_2_1_1_1_1_1_60_1_1_47_1_26", "X_2_1_1_1_1_1_24_1_1_48_1_26", "X_2_1_1_1_1_1_61_1_1_49_1_26", "X_2_1_1_1_1_1_25_1_1_50_1_26", "X_2_1_1_1_1_1_62_1_1_51_1_26", "X_2_1_1_1_1_1_26_1_1_52_1_26", "X_2_1_1_1_1_1_63_1_1_53_1_26", "X_2_1_1_1_1_1_27_1_1_54_1_26", "X_2_1_1_1_1_1_64_1_1_55_1_26", "X_2_1_1_1_1_1_28_1_1_56_1_26", "X_2_1_1_1_1_1_65_1_1_57_1_26", "X_2_1_1_1_1_1_29_1_1_58_1_26", "X_2_1_1_1_1_1_66_1_1_59_1_26", "X_2_1_1_1_1_1_30_1_1_60_1_26", "X_2_1_1_1_1_1_67_1_1_61_1_26", "X_2_1_1_1_1_1_31_1_1_62_1_26", "X_2_1_1_1_1_1_68_1_1_63_1_26", "X_2_1_1_1_1_1_32_1_1_64_1_26", "X_2_1_1_1_1_1_69_1_1_65_1_26", "X_2_1_1_1_1_1_33_1_1_66_1_26", "X_2_1_1_1_1_1_70_1_1_67_1_26", "X_2_1_1_1_1_1_34_1_1_68_1_26", "X_2_1_1_1_1_1_71_1_1_69_1_26", "X_2_1_1_1_1_1_35_1_1_70_1_26", "X_2_1_1_1_1_1_72_1_1_71_1_26", "X_2_1_1_1_1_1_36_1_1_72_1_26"], "CsaImage.ProtocolSliceNumber": [0, 1, 2, 3, 4, 5, 6, 7, 8, 9, 10, 11, 12, 13, 14, 15, 16, 17, 18, 19, 20, 21, 22, 23, 24, 25, 26, 27, 28, 29, 30, 31, 32, 33, 34, 35, 36, 37, 38, 39, 40, 41, 42, 43, 44, 45, 46, 47, 48, 49, 50, 51, 52, 53, 54, 55, 56, 57, 58, 59, 60, 61, 62, 63, 64, 65, 66, 67, 68, 69, 70, 71], "CsaImage.RFSWDDataType": ["measured", "predicted", "measured", "predicted", "measured", "predicted", "measured", "predicted", "measured", "predicted", "measured", "predicted", "measured", "predicted", "measured", "predicted", "measured", "predicted", "measured", "predicted", "measured", "predicted", "measured", "predicted", "measured", "predicted", "measured", "predicted", "measured", "predicted", "measured", "predicted", "measured", "predicted", "measured", "predicted", "measured", "predicted", "measured", "predicted", "measured", "predicted", "measured", "predicted", "measured", "predicted", "measured", "predicted", "measured", "predicted", "measured", "predicted", "measured", "predicted", "measured", "predicted", "measured", "predicted", "measured", "predicted", "measured", "predicted", "measured", "predicted", "measured", "measured", "measured", "measured", "measured", "measured", "measured", "measured"], "CsaImage.SlicePosition_PCS": [[-99.38675414, -108.41659054, -67.23533808], [-99.47399293, -108.41659054, -65.23724161], [-99.56123166, -108.41659054, -63.23914515], [-99.64847045, -108.41659054, -61.24104868], [-99.73570924, -108.41659054, -59.24295222], [-99.822948, -108.41659054, -57.24485575], [-99.91018678, -108.41659054, -55.24675928], [-99.99742557, -108.41659054, -53.24866282], [-100.08466433, -108.41659054, -51.25056635], [-100.17190311, -108.41659054, -49.25246989], [-100.25914188, -108.41659054, -47.25437342], [-100.34638066, -108.41659054, -45.25627695], [-100.43361943, -108.41659054, -43.25818049], [-100.52085822, -108.41659054, -41.26008402], [-100.60809697, -108.41659054, -39.26198756], [-100.69533576, -108.41659054, -37.26389109], [-100.78257452, -108.41659054, -35.26579653], [-100.86981331, -108.41659054, -33.26770007], [-100.9570521, -108.41659054, -31.2696036], [-101.04429083, -108.41659054, -29.27150713], [-101.13152962, -108.41659054, -27.27341067], [-101.21876841, -108.41659054, -25.2753142], [-101.30600719, -108.41659054, -23.27721773], [-101.39324598, -108.41659054, -21.27912127], [-101.48048477, -108.41659054, -19.2810248], [-101.56772356, -108.41659054, -17.28292834], [-101.65496223, -108.41659054, -15.28483187], [-101.74220102, -108.41659054, -13.2867354], [-101.82943981, -108.41659054, -11.28863894], [-101.9166786, -108.41659054, -9.29054247], [-102.00391738, -108.41659054, -7.29244601], [-102.09115617, -108.41659054, -5.29434966], [-102.17839496, -108.41659054, -3.29625319], [-102.26563363, -108.41659054, -1.29815685], [-102.35287242, -108.41659054, 0.69993986], [-102.44011121, -108.41659054, 2.69803632], [-102.52735, -108.41659054, 4.69613279], [-102.61458878, -108.41659054, 6.69422926], [-102.70182757, -108.41659054, 8.69232572], [-102.78906636, -108.41659054, 10.69042219], [-102.87630515, -108.41659054, 12.68851865], [-102.96354394, -108.41659054, 14.68661512], [-103.05078273, -108.41659054, 16.68471159], [-103.13802152, -108.41659054, 18.68280805], [-103.2252603, -108.41659054, 20.68090452], [-103.31249909, -108.41659054, 22.67900098], [-103.39973788, -108.41659054, 24.67709745], [-103.48697643, -108.41659054, 26.67519392], [-103.57421522, -108.41659054, 28.67328848], [-103.66145401, -108.41659054, 30.67138494], [-103.7486928, -108.41659054, 32.66948141], [-103.83593159, -108.41659054, 34.66757787], [-103.92317038, -108.41659054, 36.66567434], [-104.01040916, -108.41659054, 38.66377081], [-104.09764795, -108.41659054, 40.66186727], [-104.18488674, -108.41659054, 42.65996374], [-104.27212529, -108.41659054, 44.6580602], [-104.35936408, -108.41659054, 46.65615667], [-104.44660287, -108.41659054, 48.65425314], [-104.53384166, -108.41659054, 50.6523496], [-104.62108045, -108.41659054, 52.65044607], [-104.70831923, -108.41659054, 54.64854253], [-104.79555802, -108.41659054, 56.646639], [-104.88279681, -108.41659054, 58.64473547], [-104.9700356, -108.41659054, 60.64283575], [-105.05727439, -108.41659054, 62.6409284], [-105.14451318, -108.41659054, 64.63902868], [-105.23175197, -108.41659054, 66.63712133], [-105.31899075, -108.41659054, 68.63522161], [-105.40622954, -108.41659054, 70.63331426], [-105.49346833, -108.41659054, 72.63141454], [-105.58070712, -108.41659054, 74.6295072]], "CsaImage.TimeAfterStart": [1.0825, 0.7225, 1.0925, 0.7325, 1.1025, 0.7425, 1.1125, 0.7525, 1.1225, 0.7625, 1.1325, 0.7725, 1.1425, 0.7825, 1.1525, 0.7925, 1.1625, 0.8025, 1.1725, 0.8125, 1.1825, 0.8225, 1.1925, 0.8325, 1.2025, 0.8425, 1.2125, 0.8525, 1.2225, 0.8625, 1.2325, 0.8725, 1.2425, 0.8825, 1.2525, 0.8925, 1.2625, 0.9025, 1.2725, 0.9125, 1.2825, 0.9225, 1.2925, 0.9325, 1.3025, 0.9425, 1.3125, 0.9525, 1.3225, 0.9625, 1.3325, 0.9725, 1.3425, 0.9825, 1.3525, 0.9925, 1.3625, 1.0025, 1.3725, 1.0125, 1.3825, 1.0225, 1.3925, 1.0325, 1.4025, 1.0425, 1.4125, 1.0525, 1.4225, 1.0625, 1.4325, 1.0725], "ImagePositionPatient": [[-99.386754142774, -108.41659053543, -67.235338080849], [-99.473992931379, -108.41659053543, -65.237241614784], [-99.561231660379, -108.41659053543, -63.23914514872], [-99.648470448984, -108.41659053543, -61.241048682655], [-99.735709237589, -108.41659053543, -59.242952216591], [-99.822947996391, -108.41659053543, -57.244855750526], [-99.910186784996, -108.41659053543, -55.246759284462], [-99.997425573601, -108.41659053543, -53.248662818398], [-100.0846643324, -108.41659053543, -51.250566352333], [-100.17190310611, -108.41659053543, -49.252469886269], [-100.259141884, -108.41659053543, -47.254373420204], [-100.34638066096, -108.41659053543, -45.25627695414], [-100.43361942722, -108.41659053543, -43.258180488075], [-100.52085821582, -108.41659053543, -41.260084022011], [-100.60809697462, -108.41659053543, -39.261987555946], [-100.69533576323, -108.41659053543, -37.263891089882], [-100.78257452203, -108.41659053543, -35.265796531166], [-100.86981331064, -108.41659053543, -33.267700065102], [-100.95705209924, -108.41659053543, -31.269603599037], [-101.04429082824, -108.41659053543, -29.271507132973], [-101.13152961685, -108.41659053543, -27.273410666908], [-101.21876840545, -108.41659053543, -25.275314200844], [-101.30600719406, -108.41659053543, -23.277217734779], [-101.39324598266, -108.41659053543, -21.279121268715], [-101.48048477126, -108.41659053543, -19.28102480265], [-101.56772355987, -108.41659053543, -17.282928336586], [-101.65496222926, -108.41659053543, -15.284831870522], [-101.74220101787, -108.41659053543, -13.286735404457], [-101.82943980647, -108.41659053543, -11.288638938393], [-101.91667859508, -108.41659053543, -9.2905424723282], [-102.00391738368, -108.41659053543, -7.2924460062637], [-102.09115617229, -108.41659053543, -5.2943496594086], [-102.17839496089, -108.41659053543, -3.2962531933441], [-102.26563363029, -108.41659053543, -1.2981568464889], [-102.35287241889, -108.41659053543, 0.69993985799409], [-102.4401112075, -108.41659053543, 2.6980363240585], [-102.5273499961, -108.41659053543, 4.696132790123], [-102.61458878471, -108.41659053543, 6.6942292561874], [-102.70182757331, -108.41659053543, 8.6923257222519], [-102.78906636192, -108.41659053543, 10.690422188316], [-102.87630515052, -108.41659053543, 12.688518654381], [-102.96354393913, -108.41659053543, 14.686615120445], [-103.05078272773, -108.41659053543, 16.68471158651], [-103.13802151634, -108.41659053543, 18.682808052574], [-103.22526030494, -108.41659053543, 20.680904518639], [-103.31249909355, -108.41659053543, 22.679000984703], [-103.39973788215, -108.41659053543, 24.677097450768], [-103.48697643234, -108.41659053543, 26.675193916832], [-103.57421522094, -108.41659053543, 28.673288475548], [-103.66145400955, -108.41659053543, 30.671384941612], [-103.74869279815, -108.41659053543, 32.669481407677], [-103.83593158676, -108.41659053543, 34.667577873741], [-103.92317037536, -108.41659053543, 36.665674339806], [-104.01040916396, -108.41659053543, 38.66377080587], [-104.09764795257, -108.41659053543, 40.661867271935], [-104.18488674117, -108.41659053543, 42.659963737999], [-104.27212529136, -108.41659053543, 44.658060204063], [-104.35936407997, -108.41659053543, 46.656156670128], [-104.44660286857, -108.41659053543, 48.654253136192], [-104.53384165717, -108.41659053543, 50.652349602257], [-104.62108044578, -108.41659053543, 52.650446068321], [-104.70831923438, -108.41659053543, 54.648542534386], [-104.79555802299, -108.41659053543, 56.64663900045], [-104.88279681159, -108.41659053543, 58.644735466515], [-104.9700356002, -108.41659053543, 60.642835747276], [-105.0572743888, -108.41659053543, 62.640928398644], [-105.14451317741, -108.41659053543, 64.639028679405], [-105.23175196601, -108.41659053543, 66.637121330772], [-105.31899075462, -108.41659053543, 68.635221611534], [-105.40622954322, -108.41659053543, 70.633314262901], [-105.49346833183, -108.41659053543, 72.631414543663], [-105.58070712043, -108.41659053543, 74.62950719503]], "InstanceCreationTime": ["094833.340000", "094833.181000", "094833.342000", "094833.183000", "094833.344000", "094833.185000", "094833.346000", "094833.187000", "094833.348000", "094833.189000", "094833.349000", "094833.284000", "094833.351000", "094833.286000", "094833.353000", "094833.288000", "094833.355000", "094833.290000", "094833.357000", "094833.292000", "094833.358000", "094833.293000", "094833.360000", "094833.295000", "094833.362000", "094833.297000", "094833.364000", "094833.299000", "094833.365000", "094833.301000", "094833.367000", "094833.302000", "094833.369000", "094833.304000", "094833.371000", "094833.306000", "094833.373000", "094833.308000", "094833.374000", "094833.309000", "094833.376000", "094833.311000", "094833.378000", "094833.313000", "094833.380000", "094833.315000", "094833.381000", "094833.317000", "094833.383000", "094833.319000", "094833.385000", "094833.321000", "094833.387000", "094833.322000", "094833.389000", "094833.324000", "094833.390000", "094833.326000", "094833.392000", "094833.328000", "094833.395000", "094833.330000", "094833.396000", "094833.331000", "094833.398000", "094833.333000", "094833.400000", "094833.335000", "094833.402000", "094833.337000", "094833.404000", "094833.339000"], "InstanceNumber": [1, 2, 3, 4, 5, 6, 7, 8, 9, 10, 11, 12, 13, 14, 15, 16, 17, 18, 19, 20, 21, 22, 23, 24, 25, 26, 27, 28, 29, 30, 31, 32, 33, 34, 35, 36, 37, 38, 39, 40, 41, 42, 43, 44, 45, 46, 47, 48, 49, 50, 51, 52, 53, 54, 55, 56, 57, 58, 59, 60, 61, 62, 63, 64, 65, 66, 67, 68, 69, 70, 71, 72], "LargestImagePixelValue": [4095, 4095, 4095, 4094, 4095, 4095, 4094, 4095, 4092, 4095, 4094, 4093, 4089, 4094, 4089, 4095, 4095, 4094, 4095, 4095, 4093, 4095, 4094, 4094, 4093, 4094, 4090, 4092, 4093, 4094, 4092, 4085, 4095, 4093, 4088, 4091, 4090, 4093, 4092, 4093, 4090, 4093, 4095, 4095, 4090, 4093, 4094, 4094, 4094, 4090, 4094, 4095, 4093, 4092, 4093, 4095, 4093, 4095, 4093, 4093, 4090, 4093, 4092, 4095, 4094, 4095, 4094, 4094, 4095, 4095, 4095, 4095], "SliceLocation": [-62.836155774698, -60.836155751214, -58.83615573033, -56.836155706846, -54.836155683362, -52.836155661178, -50.836155637693, -48.836155614209, -46.836155592025, -44.836155569191, -42.836155546174, -40.836155523198, -38.836155500689, -36.836155477205, -34.83615545502, -32.836155431536, -30.836157314885, -28.836157291401, -26.836157267917, -24.836157247033, -22.836157223549, -20.836157200065, -18.836157176581, -16.836157153096, -14.836157129612, -12.836157106128, -10.836157087844, -8.8361570643598, -6.8361570408757, -4.8361570173915, -2.8361569939074, -0.8361570895191, 1.163842933965, 3.1638428331534, 5.1638430948292, 7.1638431183133, 9.1638431417975, 11.163843165282, 13.163843188766, 15.16384321225, 17.163843235734, 19.163843259218, 21.163843282702, 23.163843306186, 25.16384332967, 27.163843353155, 29.163843376639, 31.163843389723, 33.163841507674, 35.163841531158, 37.163841554642, 39.163841578126, 41.16384160161, 43.163841625095, 45.163841648579, 47.163841672063, 49.163841685147, 51.163841708631, 53.163841732115, 55.1638417556, 57.163841779084, 59.163841802568, 61.163841826052, 63.163841849536, 65.163845684087, 67.163841896504, 69.163845731055, 71.163841943473, 73.163845778023, 75.163841990441, 77.163845824991, 79.163842037409], "SmallestImagePixelValue": [2, 0, 0, 0, 0, 1, 0, 0, 1, 2, 0, 0, 0, 0, 0, 1, 0, 0, 3, 0, 0, 1, 0, 1, 0, 5, 1, 3, 2, 1, 0, 0, 2, 0, 5, 1, 0, 0, 10, 10, 9, 3, 1, 0, 2, 8, 1, 0, 0, 5, 0, 3, 0, 2, 0, 3, 2, 0, 0, 0, 1, 0, 0, 0, 1, 0, 0, 0, 0, 0, 0, 0], "WindowCenter": [-328.0, -332.0, -322.0, -284.0, -262.0, -264.0, -248.0, -202.0, -228.0, -200.0, -218.0, -186.0, -188.0, -200.0, -162.0, -164.0, -188.0, -200.0, -166.0, -154.0, -200.0, -258.0, -276.0, -300.0, -262.0, -202.0, -180.0, -158.0, -160.0, -152.0, -186.0, -198.0, -152.0, -136.0, -138.0, -108.0, -96.0, -78.0, -142.0, -82.0, -212.0, -200.0, -66.0, -182.0, -174.0, -194.0, -186.0, -186.0, -194.0, -70.0, -200.0, -204.0, -210.0, -224.0, -104.0, -102.0, -82.0, -64.0, -30.0, -6.0, -8.0, -24.0, -52.0, -68.0, -80.0, -132.0, -122.0, -238.0, -248.0, -244.0, -296.0, -356.0], "WindowWidth": [6130.0, 6210.0, 6226.0, 6204.0, 6144.0, 6134.0, 6172.0, 6190.0, 6152.0, 6160.0, 6130.0, 6092.0, 6140.0, 6164.0, 6252.0, 6226.0, 6258.0, 6218.0, 6220.0, 6114.0, 6136.0, 6090.0, 6004.0, 5880.0, 5768.0, 5714.0, 5712.0, 5722.0, 5678.0, 5554.0, 5486.0, 5422.0, 5508.0, 5442.0, 5324.0, 5350.0, 5312.0, 5268.0, 4808.0, 5200.0, 4590.0, 4578.0, 5068.0, 4564.0, 4564.0, 4576.0, 4572.0, 4580.0, 4584.0, 5270.0, 4612.0, 4620.0, 4640.0, 4654.0, 5266.0, 5374.0, 5506.0, 5536.0, 5690.0, 5746.0, 5828.0, 5860.0, 5918.0, 5914.0, 5986.0, 6006.0, 6050.0, 6070.0, 6128.0, 6172.0, 6234.0, 6216.0]}}, "IntendedFor": ["ses-1/func/sub-30_ses-1_task-motor_run-04_bold.nii.gz", "ses-1/func/sub-30_ses-1_task-motor_run-01_bold.nii.gz", "ses-1/func/sub-30_ses-1_task-motor_run-03_bold.nii.gz", "ses-1/func/sub-30_ses-1_task-motor_run-02_bold.nii.gz", "ses-1/func/sub-30_ses-1_task-motor_run-05_bold.nii.gz", "ses-1/func/sub-30_ses-1_task-motor_run-06_bold.nii.gz"]}