{
  "AcquisitionMatrixPE": 100,
  "AcquisitionNumber": 1,
  "AcquisitionTime": "14:24:33.650000",
  "BandwidthPerPixelPhaseEncode": 18.519,
  "BaseResolution": 100,
  "BodyPartExamined": "BRAIN",
  "ConsistencyInfo": "N4_VE11C_LATEST_20160120",
  "ConversionSoftware": "dcm2niix",
  "ConversionSoftwareVersion": "v1.0.20180622 GCC4.9.2",
  "DerivedVendorReportedEchoSpacing": 0.000539986,
  "DeviceSerialNumber": "166078",
  "DwellTime": 2.1e-06,
  "EchoTime": 0.034,
  "EchoTrainLength": 100,
  "EffectiveEchoSpacing": 0.000539986,
  "FlipAngle": 90,
  "ImageOrientationPatientDICOM": [0.999468, 0.0322922, 0.0045389, -0.0314096, 0.990728, -0.132178],
  "ImageType": [
    "ORIGINAL",
    "PRIMARY",
    "M",
    "ND",
    "MOSAIC"
],
  "InPlanePhaseEncodingDirectionDICOM": "COL",
  "InstitutionAddress": "Street_StreetNo_Bei_Jing_District_CN_ZIP",
  "InstitutionName": "BeiJing_Normal_University",
  "InstitutionalDepartmentName": "Department",
  "MRAcquisitionType": "2D",
  "MagneticFieldStrength": 3,
  "Manufacturer": "Siemens",
  "ManufacturersModelName": "Prisma",
  "Modality": "MR",
  "MultibandAccelerationFactor": 3,
  "PartialFourier": 1,
  "PatientPosition": "HFS",
  "PercentPhaseFOV": 100,
  "PhaseEncodingDirection": "j-",
  "PhaseEncodingSteps": 100,
  "PhaseResolution": 1,
  "PixelBandwidth": 2380,
  "ProcedureStepDescription": "BNU_P2018_64CH_Liu.Jia",
  "ProtocolName": "bold_100x100_s3_2x2x2_232",
  "PulseSequenceDetails": "%SiemensSeq%_ep2d_bold",
  "ReceiveCoilActiveElements": "HC1-7;NC1",
  "ReceiveCoilName": "HeadNeck_64",
  "ReconMatrixPE": 100,
  "RepetitionTime": 2,
  "SAR": 0.0678593,
  "ScanOptions": "FS",
  "ScanningSequence": "EP",
  "SequenceName": "_epfid2d1_100",
  "SequenceVariant": "SK",
  "SeriesDescription": "bold_100x100_s3_2x2x2_232",
  "SeriesNumber": 8,
  "ShimSetting": [-5457, -11481, -1281, 285, -53, -359, -198, 55],
  "SliceThickness": 2,
  "SliceTiming": [1.485, 0, 0.99, 0.0825, 1.0725, 0.165, 1.155, 0.2475, 1.2375, 0.33, 1.32, 0.4125, 1.4025, 0.5775, 1.5675, 0.66, 1.65, 0.7425, 1.7325, 0.825, 1.815, 0.9075, 1.8975, 0.495, 1.485, 0, 0.99, 0.0825, 1.0725, 0.165, 1.155, 0.2475, 1.2375, 0.33, 1.32, 0.4125, 1.4025, 0.5775, 1.5675, 0.66, 1.65, 0.7425, 1.7325, 0.825, 1.815, 0.9075, 1.8975, 0.495, 1.485, 0, 0.99, 0.0825, 1.0725, 0.165, 1.155, 0.2475, 1.2375, 0.33, 1.32, 0.4125, 1.4025, 0.5775, 1.5675, 0.66, 1.65, 0.7425, 1.7325, 0.825, 1.815, 0.9075, 1.8975, 0.495],
  "SoftwareVersions": "syngo_MR_E11",
  "SpacingBetweenSlices": 2,
  "StationName": "AWP166078",
  "TaskName": "motor",
  "TotalReadoutTime": 0.0534586,
  "TxRefAmp": 213.694,
  "dcmmeta_affine": [
    [-1.9989362955093384, -0.06281910836696625, 0.01753029227256775, 102.72970581054688],
    [-0.0645844042301178, 1.9814562797546387, -0.2639312446117401, -79.41693115234375],
    [0.009077792055904865, 0.26435697078704834, 1.982431173324585, -83.16288757324219],
    [0.0, 0.0, 0.0, 1.0]
],
  "dcmmeta_reorient_transform": [
    [0.0, -1.0, 0.0, 99.0],
    [1.0, 0.0, 0.0, 0.0],
    [0.0, 0.0, 1.0, 0.0],
    [0.0, 0.0, 0.0, 1.0]
],
  "dcmmeta_shape": [100, 100, 72, 232],
  "dcmmeta_slice_dim": 2,
  "dcmmeta_version": 0.6,
  "global": {
    "const": {
      "AcquisitionMatrix": [100, 0, 0, 100],
      "AngioFlag": "N",
      "BitsAllocated": 16,
      "BitsStored": 12,
      "BodyPartExamined": "BRAIN",
      "Columns": 900,
      "EchoNumbers": 1,
      "EchoTime": 34.0,
      "EchoTrainLength": 100,
      "FlipAngle": 90.0,
      "HighBit": 11,
      "ImageOrientationPatient": [0.99946816466345, 0.03229220102566, 0.00453889603335, -0.0314095532137, 0.9907281602744, -0.1321784869267],
      "ImagePositionPatient": [-870.95749991881, -935.16353371955, 45.120123381127],
      "ImageType": [
        "ORIGINAL",
        "PRIMARY",
        "M",
        "ND",
        "MOSAIC"
],
      "ImagedNucleus": "1H",
      "ImagingFrequency": 123.25785,
      "InPlanePhaseEncodingDirection": "COL",
      "MRAcquisitionType": "2D",
      "MagneticFieldStrength": 3.0,
      "Manufacturer": "SIEMENS",
      "ManufacturerModelName": "Prisma",
      "Modality": "MR",
      "NumberOfAverages": 1.0,
      "NumberOfPhaseEncodingSteps": 100,
      "PercentPhaseFieldOfView": 100.0,
      "PercentSampling": 100.0,
      "PerformedProcedureStepStartTime": "135258.271000",
      "PhotometricInterpretation": "MONOCHROME2",
      "PixelBandwidth": 2380.0,
      "PixelRepresentation": 0,
      "PixelSpacing": [2.0, 2.0],
      "ProtocolName": "bold_100x100_s3_2x2x2_232",
      "RepetitionTime": 2000.0,
      "Rows": 900,
      "SAR": 0.06785933907303,
      "SamplesPerPixel": 1,
      "ScanOptions": "FS",
      "ScanningSequence": "EP",
      "SequenceName": "*epfid2d1_100",
      "SequenceVariant": "SK",
      "SeriesDescription": "bold_100x100_s3_2x2x2_232",
      "SeriesNumber": 8,
      "SeriesTime": "142435.909000",
      "SliceLocation": -71.051602811888,
      "SliceThickness": 2.0,
      "SmallestImagePixelValue": 0,
      "SoftwareVersions": "syngo MR E11",
      "SpacingBetweenSlices": 2.0000000354017,
      "SpecificCharacterSet": "ISO_IR 100",
      "StudyID": "1",
      "StudyTime": "135258.182000",
      "TransmitCoilName": "Body",
      "VariableFlipAngleFlag": "N",
      "WindowCenterWidthExplanation": "Algo1",
      "dBdt": 0.0},
