{"AcquisitionMatrixPE": 100, "AcquisitionNumber": 1, "AcquisitionTime": "14:30:45.890000", "BaseResolution": 100, "BodyPartExamined": "BRAIN", "ConsistencyInfo": "N4_VE11C_LATEST_20160120", "ConversionSoftware": "dcm2niix", "ConversionSoftwareVersion": "v1.0.20180622 GCC4.9.2", "DeviceSerialNumber": "166078", "DwellTime": 8.8e-06, "EchoNumber": 2, "EchoTime": 0.00738, "EchoTime1": 0.00492, "EchoTime2": 0.00738, "FlipAngle": 60, "ImageOrientationPatientDICOM": [0.998233, -0.0182341, -0.0565522, 0.00522678, 0.975008, -0.22211], "ImageType": ["ORIGINAL", "PRIMARY", "P", "ND"], "InPlanePhaseEncodingDirectionDICOM": "ROW", "InstitutionAddress": "Street_StreetNo_Bei_Jing_District_CN_ZIP", "InstitutionName": "BeiJing_Normal_University", "InstitutionalDepartmentName": "Department", "MRAcquisitionType": "2D", "MagneticFieldStrength": 3, "Manufacturer": "Siemens", "ManufacturersModelName": "Prisma", "Modality": "MR", "PartialFourier": 1, "PatientPosition": "HFS", "PercentPhaseFOV": 100, "PhaseEncodingDirection": "i", "PhaseEncodingSteps": 100, "PhaseResolution": 1, "PixelBandwidth": 570, "ProcedureStepDescription": "BNU_P2018_64CH_Liu.Jia", "ProtocolName": "field_mapping_2x2x2", "PulseSequenceDetails": "%SiemensSeq%_gre_field_mapping", "ReceiveCoilActiveElements": "HC1-7;NC1", "ReceiveCoilName": "HeadNeck_64", "ReconMatrixPE": 100, "RepetitionTime": 0.72, "SAR": 0.112331, "ScanningSequence": "GR", "SequenceName": "_fm2d2r", "SequenceVariant": "SP", "SeriesDescription": "field_mapping_2x2x2", "SeriesNumber": 7, "ShimSetting": [-5479, -11477, -1295, 352, -19, -261, -203, 64], "SliceThickness": 2, "SoftwareVersions": "syngo_MR_E11", "SpacingBetweenSlices": 2, "StationName": "AWP166078", "TxRefAmp": 218.487, "dcmmeta_affine": [[-1.9964662790298462, 0.010453568771481514, -0.1183774471282959, 103.6363525390625], [0.03646818920969963, 1.9500150680541992, -0.4428443908691406, -79.05585479736328], [-0.11310438811779022, 0.44422075152397156, 1.9467620849609375, -93.23356628417969], [0.0, 0.0, 0.0, 1.0]], "dcmmeta_reorient_transform": [[0.0, -1.0, 0.0, 99.0], [1.0, 0.0, 0.0, 0.0], [0.0, 0.0, -1.0, 71.0], [0.0, 0.0, 0.0, 1.0]], "dcmmeta_shape": [100, 100, 72], "dcmmeta_slice_dim": 2, "dcmmeta_version": 0.6, "global": {"const": {"AcquisitionMatrix": [0, 100, 100, 0], "AcquisitionNumber": 1, "AngioFlag": "N", "BitsAllocated": 16, "BitsStored": 12, "BodyPartExamined": "BRAIN", "Columns": 100, "EchoNumbers": 2, "EchoTime": 7.38, "EchoTrainLength": 0, "FlipAngle": 60.0, "HighBit": 11, "ImageOrientationPatient": [0.99823312257344, -0.0182340938349, -0.0565521955303, 0.00522678430788, 0.97500751891628, -0.2221103752248], "ImageType": ["ORIGINAL", "PRIMARY", "P", "ND"], "ImagedNucleus": "1H", "ImagingFrequency": 123.257865, "InPlanePhaseEncodingDirection": "ROW", "MRAcquisitionType": "2D", "MagneticFieldStrength": 3.0, "Manufacturer": "SIEMENS", "ManufacturerModelName": "Prisma", "Modality": "MR", "NumberOfAverages": 1.0, "NumberOfPhaseEncodingSteps": 100, "PercentPhaseFieldOfView": 100.0, "PercentSampling": 100.0, "PerformedProcedureStepStartTime": "140130.696000", "PhotometricInterpretation": "MONOCHROME2", "PixelBandwidth": 570.0, "PixelRepresentation": 0, "PixelSpacing": [2.0, 2.0], "ProtocolName": "field_mapping_2x2x2", "RepetitionTime": 720.0, "RescaleIntercept": -4096.0, "RescaleSlope": 2.0, "RescaleType": "US", "Rows": 100, "SAR": 0.11233147817389, "SamplesPerPixel": 1, "ScanningSequence": "GR", "SequenceName": "*fm2d2r", "SequenceVariant": "SP", "SeriesDescription": "field_mapping_2x2x2", "SeriesNumber": 7, "SeriesTime": "143310.731000", "SliceThickness": 2.0, "SoftwareVersions": "syngo MR E11", "SpacingBetweenSlices": 2.0, "SpecificCharacterSet": "ISO_IR 100", "StudyID": "1", "StudyTime": "140130.596000", "TransmitCoilName": "Body", "VariableFlipAngleFlag": "N", "WindowCenterWidthExplanation": "Algo1", "dBdt": 0.0}, "slices": {"AcquisitionTime": ["143045.890000", "143045.530000", "143045.900000", "143045.540000", "143045.910000", "143045.550000", "143045.920000", "143045.560000", "143045.930000", "143045.570000", "143045.940000", "143045.580000", "143045.950000", "143045.590000", "143045.960000", "143045.600000", "143045.970000", "143045.610000", "143045.980000", "143045.620000", "143045.990000", "143045.630000", "143046.000000", "143045.640000", "143046.010000", "143045.650000", "143046.020000", "143045.660000", "143046.030000", "143045.670000", "143046.040000", "143045.680000", "143046.050000", "143045.690000", "143046.060000", "143045.700000", "143046.070000", "143045.710000", "143046.080000", "143045.720000", "143046.090000", "143045.730000", "143046.100000", "143045.740000", "143046.110000", "143045.750000", "143046.120000", "143045.760000", "143046.130000", "143045.770000", "143046.140000", "143045.780000", "143046.150000", "143045.790000", "143046.160000", "143045.800000", "143046.170000", "143045.810000", "143046.180000", "143045.820000", "143046.190000", "143045.830000", "143046.200000", "143045.840000", "143046.210000", "143045.850000", "143046.220000", "143045.860000", "143046.230000", "143045.870000", "143046.240000", "143045.880000"], "ContentTime": ["143310.799000", "143310.733000", "143310.801000", "143310.735000", "143310.803000", "143310.737000", "143310.805000", "143310.738000", "143310.807000", "143310.740000", "143310.809000", "143310.742000", "143310.810000", "143310.744000", "143310.812000", "143310.746000", "143310.814000", "143310.748000", "143310.957000", "143310.750000", "143310.958000", "143310.752000", "143310.960000", "143310.754000", "143310.962000", "143310.755000", "143310.964000", "143310.757000", "143310.966000", "143310.759000", "143310.968000", "143310.761000", "143310.970000", "143310.763000", "143310.972000", "143310.764000", "143310.973000", "143310.766000", "143310.975000", "143310.768000", "143310.977000", "143310.770000", "143310.979000", "143310.772000", "143310.981000", "143310.774000", "143310.982000", "143310.775000", "143310.984000", "143310.777000", "143310.986000", "143310.779000", "143310.988000", "143310.781000", "143310.990000", "143310.783000", "143310.991000", "143310.785000", "143310.993000", "143310.786000", "143310.995000", "143310.788000", "143310.997000", "143310.790000", "143311.000000", "143310.792000", "143311.001000", "143310.794000", "143311.003000", "143310.796000", "143311.005000", "143310.798000"], "CsaImage.GSWDDataType": ["measured", "predicted", "measured", "predicted", "measured", "predicted", "measured", "predicted", "measured", "predicted", "measured", "predicted", "measured", "predicted", "measured", "predicted", "measured", "predicted", "measured", "predicted", "measured", "predicted", "measured", "predicted", "measured", "predicted", "measured", "predicted", "measured", "predicted", "measured", "predicted", "measured", "predicted", "measured", "predicted", "measured", "predicted", "measured", "predicted", "measured", "predicted", "measured", "predicted", "measured", "predicted", "measured", "predicted", "measured", "predicted", "measured", "predicted", "measured", "predicted", "measured", "predicted", "measured", "predicted", "measured", "predicted", "measured", "predicted", "measured", "measured", "measured", "measured", "measured", "measured", "measured", "measured", "measured", "measured"], "CsaImage.ICE_Dims": ["X_2_1_1_1_1_1_37_1_1_1_1_136", "X_2_1_1_1_1_1_1_1_1_2_1_136", "X_2_1_1_1_1_1_38_1_1_3_1_136", "X_2_1_1_1_1_1_2_1_1_4_1_136", "X_2_1_1_1_1_1_39_1_1_5_1_136", "X_2_1_1_1_1_1_3_1_1_6_1_136", "X_2_1_1_1_1_1_40_1_1_7_1_136", "X_2_1_1_1_1_1_4_1_1_8_1_136", "X_2_1_1_1_1_1_41_1_1_9_1_136", "X_2_1_1_1_1_1_5_1_1_10_1_136", "X_2_1_1_1_1_1_42_1_1_11_1_136", "X_2_1_1_1_1_1_6_1_1_12_1_136", "X_2_1_1_1_1_1_43_1_1_13_1_136", "X_2_1_1_1_1_1_7_1_1_14_1_136", "X_2_1_1_1_1_1_44_1_1_15_1_136", "X_2_1_1_1_1_1_8_1_1_16_1_136", "X_2_1_1_1_1_1_45_1_1_17_1_136", "X_2_1_1_1_1_1_9_1_1_18_1_136", "X_2_1_1_1_1_1_46_1_1_19_1_136", "X_2_1_1_1_1_1_10_1_1_20_1_136", "X_2_1_1_1_1_1_47_1_1_21_1_136", "X_2_1_1_1_1_1_11_1_1_22_1_136", "X_2_1_1_1_1_1_48_1_1_23_1_136", "X_2_1_1_1_1_1_12_1_1_24_1_136", "X_2_1_1_1_1_1_49_1_1_25_1_136", "X_2_1_1_1_1_1_13_1_1_26_1_136", "X_2_1_1_1_1_1_50_1_1_27_1_136", "X_2_1_1_1_1_1_14_1_1_28_1_136", "X_2_1_1_1_1_1_51_1_1_29_1_136", "X_2_1_1_1_1_1_15_1_1_30_1_136", "X_2_1_1_1_1_1_52_1_1_31_1_136", "X_2_1_1_1_1_1_16_1_1_32_1_136", "X_2_1_1_1_1_1_53_1_1_33_1_136", "X_2_1_1_1_1_1_17_1_1_34_1_136", "X_2_1_1_1_1_1_54_1_1_35_1_136", "X_2_1_1_1_1_1_18_1_1_36_1_136", "X_2_1_1_1_1_1_55_1_1_37_1_136", "X_2_1_1_1_1_1_19_1_1_38_1_136", "X_2_1_1_1_1_1_56_1_1_39_1_136", "X_2_1_1_1_1_1_20_1_1_40_1_136", "X_2_1_1_1_1_1_57_1_1_41_1_136", "X_2_1_1_1_1_1_21_1_1_42_1_136", "X_2_1_1_1_1_1_58_1_1_43_1_136", "X_2_1_1_1_1_1_22_1_1_44_1_136", "X_2_1_1_1_1_1_59_1_1_45_1_136", "X_2_1_1_1_1_1_23_1_1_46_1_136", "X_2_1_1_1_1_1_60_1_1_47_1_136", "X_2_1_1_1_1_1_24_1_1_48_1_136", "X_2_1_1_1_1_1_61_1_1_49_1_136", "X_2_1_1_1_1_1_25_1_1_50_1_136", "X_2_1_1_1_1_1_62_1_1_51_1_136", "X_2_1_1_1_1_1_26_1_1_52_1_136", "X_2_1_1_1_1_1_63_1_1_53_1_136", "X_2_1_1_1_1_1_27_1_1_54_1_136", "X_2_1_1_1_1_1_64_1_1_55_1_136", "X_2_1_1_1_1_1_28_1_1_56_1_136", "X_2_1_1_1_1_1_65_1_1_57_1_136", "X_2_1_1_1_1_1_29_1_1_58_1_136", "X_2_1_1_1_1_1_66_1_1_59_1_136", "X_2_1_1_1_1_1_30_1_1_60_1_136", "X_2_1_1_1_1_1_67_1_1_61_1_136", "X_2_1_1_1_1_1_31_1_1_62_1_136", "X_2_1_1_1_1_1_68_1_1_63_1_136", "X_2_1_1_1_1_1_32_1_1_64_1_136", "X_2_1_1_1_1_1_69_1_1_65_1_136", "X_2_1_1_1_1_1_33_1_1_66_1_136", "X_2_1_1_1_1_1_70_1_1_67_1_136", "X_2_1_1_1_1_1_34_1_1_68_1_136", "X_2_1_1_1_1_1_71_1_1_69_1_136", "X_2_1_1_1_1_1_35_1_1_70_1_136", "X_2_1_1_1_1_1_72_1_1_71_1_136", "X_2_1_1_1_1_1_36_1_1_72_1_136"], "CsaImage.ProtocolSliceNumber": [0, 1, 2, 3, 4, 5, 6, 7, 8, 9, 10, 11, 12, 13, 14, 15, 16, 17, 18, 19, 20, 21, 22, 23, 24, 25, 26, 27, 28, 29, 30, 31, 32, 33, 34, 35, 36, 37, 38, 39, 40, 41, 42, 43, 44, 45, 46, 47, 48, 49, 50, 51, 52, 53, 54, 55, 56, 57, 58, 59, 60, 61, 62, 63, 64, 65, 66, 67, 68, 69, 70, 71], "CsaImage.RFSWDDataType": ["measured", "predicted", "measured", "predicted", "measured", "predicted", "measured", "predicted", "measured", "predicted", "measured", "predicted", "measured", "predicted", "measured", "predicted", "measured", "predicted", "measured", "predicted", "measured", "predicted", "measured", "predicted", "measured", "predicted", "measured", "predicted", "measured", "predicted", "measured", "predicted", "measured", "predicted", "measured", "predicted", "measured", "predicted", "measured", "predicted", "measured", "predicted", "measured", "predicted", "measured", "predicted", "measured", "predicted", "measured", "predicted", "measured", "predicted", "measured", "predicted", "measured", "predicted", "measured", "predicted", "measured", "measured", "measured", "measured", "measured", "measured", "measured", "measured", "measured", "measured", "measured", "measured", "measured", "measured"], "CsaImage.SlicePosition_PCS": [[-104.67126611, -113.99565611, -49.25557673], [-104.55288842, -113.55280981, -47.30881464], [-104.43451074, -113.10996542, -45.36206019], [-104.31613329, -112.66712103, -43.4152981], [-104.19775561, -112.22427664, -41.46853602], [-104.07937816, -111.78143225, -39.52177393], [-103.96100047, -111.3385869, -37.57501947], [-103.84262279, -110.89574251, -35.62825739], [-103.72424534, -110.45289812, -33.6814953], [-103.60586765, -110.01005277, -31.73473703], [-103.48748997, -109.56720838, -29.78797495], [-103.36911252, -109.12436399, -27.84121668], [-103.25073484, -108.68151865, -25.89445459], [-103.13235715, -108.23867426, -23.94769632], [-103.0139797, -107.79582987, -22.00093424], [-102.89560202, -107.35298452, -20.05417597], [-102.77722433, -106.91014013, -18.10741388], [-102.65884689, -106.46729574, -16.16065561], [-102.5404692, -106.0244504, -14.21389353], [-102.42209175, -105.581606, -12.26713526], [-102.30371407, -105.13876161, -10.32037317], [-102.1853365, -104.69591627, -8.37361109], [-102.06695882, -104.25307188, -6.42685282], [-101.94858125, -103.81022749, -4.48009073], [-101.83020368, -103.36738214, -2.53333246], [-101.711826, -102.92453775, -0.58657229], [-101.59344843, -102.48169288, 1.36018789], [-101.47507086, -102.03884802, 3.30694807], [-101.3566933, -101.59600363, 5.25370825], [-101.23831561, -101.15315876, 7.20046842], [-101.11993805, -100.71031389, 9.1472286], [-101.00156042, -100.2674695, 11.09398878], [-100.88318285, -99.82462463, 13.04074896], [-100.76480523, -99.38178, 14.98750914], [-100.64642763, -98.93893537, 16.93426931], [-100.52805004, -98.49609051, 18.88102949], [-100.40967244, -98.05324588, 20.82779015], [-100.29129484, -97.61040113, 22.77455032], [-100.17291723, -97.1675565, 24.7213105], [-100.05453965, -96.72471175, 26.6680708], [-99.93616203, -96.281867, 28.61483097], [-99.81778446, -95.83902233, 30.56159127], [-99.69940683, -95.39617762, 32.50835121], [-99.58102921, -94.95333288, 34.45511139], [-99.46265164, -94.51048825, 36.40187204], [-99.34427407, -94.0676435, 38.34863222], [-99.22589639, -93.62479887, 40.2953924], [-99.10751882, -93.181954, 42.24215258], [-98.98914126, -92.73910937, 44.1889118], [-98.87076369, -92.29626474, 46.13567198], [-98.752386, -91.85341987, 48.08243215], [-98.63400844, -91.41057501, 50.02919233], [-98.51563087, -90.96773062, 51.97595442], [-98.39725319, -90.52488575, 53.9227146], [-98.27887562, -90.08204088, 55.86947477], [-98.16049793, -89.63919649, 57.81623495], [-98.04212049, -89.19635162, 59.76299513], [-97.9237428, -88.75350675, 61.70975531], [-97.80536512, -88.31066236, 63.65651358], [-97.68698767, -87.8678175, 65.60327566], [-97.56860998, -87.42497263, 67.55003393], [-97.45023254, -86.98212824, 69.49679602], [-97.33185485, -86.53928385, 71.44355429], [-97.21347717, -86.0964385, 73.39031637], [-97.09509972, -85.65359411, 75.33707464], [-96.97672203, -85.21074972, 77.28383673], [-96.85834435, -84.76790437, 79.230595], [-96.7399669, -84.32505998, 81.17735708], [-96.62158921, -83.88221559, 83.12411535], [-96.50321153, -83.43937025, 85.07087744], [-96.38483408, -82.99652586, 87.01763571], [-96.26645663, -82.55368147, 88.96439779]], "CsaImage.TimeAfterStart": [1.0825, 0.7225, 1.0925, 0.7325, 1.1025, 0.7425, 1.1125, 0.7525, 1.1225, 0.7625, 1.1325, 0.7725, 1.1425, 0.7825, 1.1525, 0.7925, 1.1625, 0.8025, 1.1725, 0.8125, 1.1825, 0.8225, 1.1925, 0.8325, 1.2025, 0.8425, 1.2125, 0.8525, 1.2225, 0.8625, 1.2325, 0.8725, 1.2425, 0.8825, 1.2525, 0.8925, 1.2625, 0.9025, 1.2725, 0.9125, 1.2825, 0.9225, 1.2925, 0.9325, 1.3025, 0.9425, 1.3125, 0.9525, 1.3225, 0.9625, 1.3325, 0.9725, 1.3425, 0.9825, 1.3525, 0.9925, 1.3625, 1.0025, 1.3725, 1.0125, 1.3825, 1.0225, 1.3925, 1.0325, 1.4025, 1.0425, 1.4125, 1.0525, 1.4225, 1.0625, 1.4325, 1.0725], "ImagePositionPatient": [[-104.67126610927, -113.99565610677, -49.255576725757], [-104.55288842373, -113.55280980855, -47.308814640796], [-104.43451073818, -113.10996541768, -45.36206018523], [-104.31613329105, -112.66712102681, -43.415298100269], [-104.19775560551, -112.22427663594, -41.468536015308], [-104.07937815838, -111.78143224507, -39.521773930347], [-103.96100047283, -111.33858690053, -37.57501947478], [-103.84262278728, -110.89574250966, -35.628257389819], [-103.72424534016, -110.45289811879, -33.681495304859], [-103.60586765461, -110.01005277425, -31.734737034595], [-103.48748996906, -109.56720838338, -29.787974949634], [-103.36911252193, -109.12436399251, -27.84121667937], [-103.25073483639, -108.68151864796, -25.894454594409], [-103.13235715084, -108.2386742571, -23.947696324146], [-103.01397970371, -107.79582986623, -22.000934239185], [-102.89560201816, -107.35298452168, -20.054175968921], [-102.77722433262, -106.91014013081, -18.10741388396], [-102.65884688549, -106.46729573994, -16.160655613696], [-102.54046919994, -106.0244503954, -14.213893528735], [-102.42209175281, -105.58160600453, -12.267135258472], [-102.30371406727, -105.13876161366, -10.320373173511], [-102.18533650093, -104.69591626912, -8.3736110885499], [-102.06695881538, -104.25307187825, -6.4268528182862], [-101.94858124905, -103.81022748738, -4.4800907333253], [-101.83020368271, -103.36738214284, -2.5333324630616], [-101.71182599716, -102.92453775197, -0.5865722854493], [-101.59344843082, -102.48169288426, 1.360187892163], [-101.47507086449, -102.03884801656, 3.3069480697753], [-101.35669329815, -101.59600362569, 5.2537082473876], [-101.2383156126, -101.15315875798, 7.2004684249999], [-101.11993804626, -100.71031389027, 9.1472286026122], [-101.00156042032, -100.26746949941, 11.093988780225], [-100.88318285398, -99.824624631699, 13.040748957837], [-100.76480522804, -99.381780002411, 14.987509135449], [-100.6464276319, -98.938935373124, 16.934269313061], [-100.52805003576, -98.496090505417, 18.881029490674], [-100.40967243962, -98.05324587613, 20.827790145123], [-100.29129483603, -97.610401127633, 22.774550322736], [-100.17291723244, -97.167556498345, 24.721310500348], [-100.0545396512, -96.724711749848, 26.668070797169], [-99.93616202526, -96.281867001351, 28.614830974782], [-99.817784458922, -95.83902232736, 30.561591271603], [-99.69940683298, -95.396177623566, 32.508351210797], [-99.581029207038, -94.953332875069, 34.455111388409], [-99.4626516407, -94.510488245781, 36.401872042859], [-99.344274074363, -94.067643497284, 38.348632220471], [-99.225896388816, -93.624798867997, 40.295392398083], [-99.107518822478, -93.18195400029, 42.242152575696], [-98.989141256141, -92.739109371003, 44.188911799634], [-98.870763689803, -92.296264741715, 46.135671977246], [-98.752386004256, -91.853419874009, 48.082432154858], [-98.634008437919, -91.410575006302, 50.029192332471], [-98.515630871581, -90.967730615433, 51.975954417432], [-98.397253186034, -90.524885747727, 53.922714595044], [-98.278875619697, -90.082040880021, 55.869474772656], [-98.16049793415, -89.639196489151, 57.816234950268], [-98.042120487021, -89.196351621445, 59.762995127881], [-97.923742801475, -88.753506753739, 61.709755305493], [-97.805365115928, -88.31066236287, 63.656513575757], [-97.686987668799, -87.867817495163, 65.603275660718], [-97.568609983253, -87.424972627457, 67.550033930981], [-97.450232536124, -86.982128236588, 69.496796015942], [-97.331854850577, -86.539283845719, 71.443554286206], [-97.21347716503, -86.096438501175, 73.390316371167], [-97.095099717902, -85.653594110306, 75.337074641431], [-96.976722032355, -85.210749719437, 77.283836726391], [-96.858344346808, -84.767904374894, 79.230594996655], [-96.73996689968, -84.325059984025, 81.177357081616], [-96.621589214133, -83.882215593155, 83.12411535188], [-96.503211528586, -83.439370248612, 85.070877436841], [-96.384834081458, -82.996525857743, 87.017635707104], [-96.26645663433, -82.553681466874, 88.964397792065]], "InstanceCreationTime": ["143310.799000", "143310.733000", "143310.801000", "143310.735000", "143310.803000", "143310.737000", "143310.805000", "143310.738000", "143310.807000", "143310.740000", "143310.809000", "143310.742000", "143310.810000", "143310.744000", "143310.812000", "143310.746000", "143310.814000", "143310.748000", "143310.957000", "143310.750000", "143310.958000", "143310.752000", "143310.960000", "143310.754000", "143310.962000", "143310.755000", "143310.964000", "143310.757000", "143310.966000", "143310.759000", "143310.968000", "143310.761000", "143310.970000", "143310.763000", "143310.972000", "143310.764000", "143310.973000", "143310.766000", "143310.975000", "143310.768000", "143310.977000", "143310.770000", "143310.979000", "143310.772000", "143310.981000", "143310.774000", "143310.982000", "143310.775000", "143310.984000", "143310.777000", "143310.986000", "143310.779000", "143310.988000", "143310.781000", "143310.990000", "143310.783000", "143310.991000", "143310.785000", "143310.993000", "143310.786000", "143310.995000", "143310.788000", "143310.997000", "143310.790000", "143311.000000", "143310.792000", "143311.001000", "143310.794000", "143311.003000", "143310.796000", "143311.005000", "143310.798000"], "InstanceNumber": [1, 2, 3, 4, 5, 6, 7, 8, 9, 10, 11, 12, 13, 14, 15, 16, 17, 18, 19, 20, 21, 22, 23, 24, 25, 26, 27, 28, 29, 30, 31, 32, 33, 34, 35, 36, 37, 38, 39, 40, 41, 42, 43, 44, 45, 46, 47, 48, 49, 50, 51, 52, 53, 54, 55, 56, 57, 58, 59, 60, 61, 62, 63, 64, 65, 66, 67, 68, 69, 70, 71, 72], "LargestImagePixelValue": [4094, 4094, 4093, 4093, 4094, 4094, 4094, 4094, 4094, 4093, 4095, 4094, 4095, 4095, 4094, 4094, 4093, 4092, 4095, 4094, 4091, 4091, 4094, 4095, 4089, 4095, 4093, 4088, 4095, 4094, 4094, 4090, 4095, 4093, 4095, 4093, 4088, 4094, 4094, 4095, 4094, 4093, 4093, 4089, 4095, 4094, 4090, 4092, 4094, 4093, 4095, 4094, 4095, 4094, 4092, 4093, 4095, 4095, 4094, 4094, 4094, 4094, 4095, 4095, 4094, 4095, 4094, 4094, 4091, 4094, 4095, 4093], "SliceLocation": [-79.380950591641, -77.380948407712, -75.380954072413, -73.380952324925, -71.380950563326, -69.380948815838, -67.380954269375, -65.380952507776, -63.380950760288, -61.380952500674, -59.380950739075, -57.380952704738, -55.380950731973, -53.380952683524, -51.380950936037, -49.380952676423, -47.380950914824, -45.380952880486, -43.380950907722, -41.380952873385, -39.380951111785, -37.380949146077, -35.380951097628, -33.380949343085, -31.380951090527, -29.380951185503, -27.380951181952, -25.380951178401, -23.380951280433, -21.380951269826, -19.380951266276, -17.380951364779, -15.380951361229, -13.380951406941, -11.380951454418, -9.3809514491029, -7.3809510324357, -5.3809510530756, -3.3809511001111, -1.3809510060381, 0.61904897464499, 2.6190490513388, 4.6190487900516, 6.6190487707346, 8.619049185638, 10.619049162793, 12.619049120608, 14.619049124159, 16.619048146631, 18.619048097391, 20.619048107997, 22.619048111548, 24.619049866091, 26.619049876698, 28.619049880249, 30.619049785273, 32.619049781768, 34.619049792374, 36.619047840823, 38.619049693893, 40.619047847925, 42.619049595412, 44.619047643861, 46.619049616626, 48.619047650963, 50.619049412562, 52.619047672176, 54.619049419664, 56.619047468113, 58.619049440877, 60.619047475214, 62.619049222702], "SmallestImagePixelValue": [1, 0, 0, 0, 0, 2, 1, 3, 0, 7, 1, 0, 2, 0, 0, 0, 0, 0, 1, 0, 0, 0, 3, 0, 0, 2, 0, 3, 1, 0, 3, 1, 1, 6, 2, 7, 2, 0, 0, 0, 1, 0, 0, 0, 1, 0, 0, 1, 1, 0, 1, 5, 0, 2, 3, 2, 3, 0, 1, 0, 0, 0, 0, 1, 0, 0, 0, 0, 0, 0, 0, 0], "WindowCenter": [-256.0, -272.0, -314.0, -304.0, -304.0, -304.0, -286.0, -256.0, -200.0, -204.0, -208.0, -178.0, -148.0, -146.0, -238.0, -210.0, -190.0, -190.0, -168.0, -168.0, -220.0, -258.0, -218.0, -190.0, -184.0, -142.0, -156.0, -136.0, -150.0, -182.0, -140.0, -80.0, -72.0, -94.0, -88.0, -80.0, -58.0, -82.0, -50.0, -50.0, -60.0, -42.0, -24.0, -34.0, -8.0, -10.0, -46.0, -58.0, -30.0, 0.0, -154.0, -18.0, -152.0, -72.0, 2.0, -4.0, -4.0, 10.0, -4.0, 36.0, 8.0, -10.0, -32.0, -46.0, -130.0, -126.0, -178.0, -180.0, -314.0, -286.0, -332.0, -330.0], "WindowWidth": [6154.0, 6156.0, 6086.0, 5910.0, 5930.0, 5892.0, 5914.0, 5870.0, 5874.0, 5952.0, 5936.0, 6004.0, 6010.0, 6042.0, 5922.0, 5982.0, 5982.0, 5908.0, 5868.0, 5870.0, 5806.0, 5570.0, 5432.0, 5458.0, 5454.0, 5502.0, 5402.0, 5288.0, 5282.0, 5226.0, 5408.0, 5500.0, 5528.0, 5400.0, 5448.0, 5460.0, 5504.0, 5324.0, 5474.0, 5422.0, 5322.0, 5402.0, 5432.0, 5332.0, 5302.0, 5294.0, 5000.0, 5000.0, 5220.0, 5276.0, 4608.0, 5218.0, 4626.0, 5012.0, 5400.0, 5486.0, 5434.0, 5580.0, 5542.0, 5698.0, 5712.0, 5786.0, 5848.0, 5952.0, 5990.0, 5956.0, 5930.0, 5886.0, 5902.0, 5982.0, 6018.0, 6070.0]}}, "IntendedFor": ["ses-1/func/sub-09_ses-1_task-motor_run-06_bold.nii.gz", "ses-1/func/sub-09_ses-1_task-motor_run-04_bold.nii.gz", "ses-1/func/sub-09_ses-1_task-motor_run-03_bold.nii.gz", "ses-1/func/sub-09_ses-1_task-motor_run-01_bold.nii.gz", "ses-1/func/sub-09_ses-1_task-motor_run-05_bold.nii.gz", "ses-1/func/sub-09_ses-1_task-motor_run-02_bold.nii.gz"]}