{"AcquisitionMatrixPE": 100, "AcquisitionNumber": 1, "AcquisitionTime": "12:12:16.562500", "BaseResolution": 100, "BodyPartExamined": "BRAIN", "ConsistencyInfo": "N4_VE11C_LATEST_20160120", "ConversionSoftware": "dcm2niix", "ConversionSoftwareVersion": "v1.0.20180622 GCC4.9.2", "DeviceSerialNumber": "166078", "DwellTime": 8.8e-06, "EchoNumber": 2, "EchoTime": 0.00738, "EchoTime1": 0.00492, "EchoTime2": 0.00738, "FlipAngle": 60, "ImageOrientationPatientDICOM": [0.996696, 0.0468746, -0.0663325, -0.0539791, 0.992496, -0.109719], "ImageType": ["ORIGINAL", "PRIMARY", "P", "ND"], "InPlanePhaseEncodingDirectionDICOM": "ROW", "InstitutionAddress": "Street_StreetNo_Bei_Jing_District_CN_ZIP", "InstitutionName": "BeiJing_Normal_University", "InstitutionalDepartmentName": "Department", "MRAcquisitionType": "2D", "MagneticFieldStrength": 3, "Manufacturer": "Siemens", "ManufacturersModelName": "Prisma", "Modality": "MR", "PartialFourier": 1, "PatientPosition": "HFS", "PercentPhaseFOV": 100, "PhaseEncodingDirection": "i", "PhaseEncodingSteps": 100, "PhaseResolution": 1, "PixelBandwidth": 570, "ProcedureStepDescription": "BNU_P2018_64CH_Liu.Jia", "ProtocolName": "field_mapping_2x2x2", "PulseSequenceDetails": "%SiemensSeq%_gre_field_mapping", "ReceiveCoilActiveElements": "HC1-7;NC1", "ReceiveCoilName": "HeadNeck_64", "ReconMatrixPE": 100, "RepetitionTime": 0.72, "SAR": 0.122159, "ScanningSequence": "GR", "SequenceName": "_fm2d2r", "SequenceVariant": "SP", "SeriesDescription": "field_mapping_2x2x2", "SeriesNumber": 7, "ShimSetting": [-5498, -11526, -1254, 473, -18, -151, -81, -28], "SliceThickness": 2, "SoftwareVersions": "syngo_MR_E11", "SpacingBetweenSlices": 2, "StationName": "AWP166078", "TxRefAmp": 219.324, "dcmmeta_affine": [[-1.9933918714523315, -0.10795824229717255, -0.1213831901550293, 108.14203643798828], [-0.09374914318323135, 1.9849916696548462, -0.2258744239807129, -81.34037780761719], [-0.13266509771347046, 0.21943841874599457, 1.983489990234375, -68.98385620117188], [0.0, 0.0, 0.0, 1.0]], "dcmmeta_reorient_transform": [[0.0, -1.0, 0.0, 99.0], [1.0, 0.0, 0.0, 0.0], [0.0, 0.0, -1.0, 71.0], [0.0, 0.0, 0.0, 1.0]], "dcmmeta_shape": [100, 100, 72], "dcmmeta_slice_dim": 2, "dcmmeta_version": 0.6, "global": {"const": {"AcquisitionMatrix": [0, 100, 100, 0], "AcquisitionNumber": 1, "AngioFlag": "N", "BitsAllocated": 16, "BitsStored": 12, "BodyPartExamined": "BRAIN", "Columns": 100, "EchoNumbers": 2, "EchoTime": 7.38, "EchoTrainLength": 0, "FlipAngle": 60.0, "HighBit": 11, "ImageOrientationPatient": [0.99669592536709, 0.0468745722043, -0.0663325473453, -0.0539791227077, 0.992495818136, -0.1097192111449], "ImageType": ["ORIGINAL", "PRIMARY", "P", "ND"], "ImagedNucleus": "1H", "ImagingFrequency": 123.257822, "InPlanePhaseEncodingDirection": "ROW", "MRAcquisitionType": "2D", "MagneticFieldStrength": 3.0, "Manufacturer": "SIEMENS", "ManufacturerModelName": "Prisma", "Modality": "MR", "NumberOfAverages": 1.0, "NumberOfPhaseEncodingSteps": 100, "PercentPhaseFieldOfView": 100.0, "PercentSampling": 100.0, "PerformedProcedureStepStartTime": "113657.749000", "PhotometricInterpretation": "MONOCHROME2", "PixelBandwidth": 570.0, "PixelRepresentation": 0, "PixelSpacing": [2.0, 2.0], "ProtocolName": "field_mapping_2x2x2", "RepetitionTime": 720.0, "RescaleIntercept": -4096.0, "RescaleSlope": 2.0, "RescaleType": "US", "Rows": 100, "SAR": 0.12215948848361, "SamplesPerPixel": 1, "ScanningSequence": "GR", "SequenceName": "*fm2d2r", "SequenceVariant": "SP", "SeriesDescription": "field_mapping_2x2x2", "SeriesNumber": 7, "SeriesTime": "121441.554000", "SliceThickness": 2.0, "SoftwareVersions": "syngo MR E11", "SpacingBetweenSlices": 2.0, "SpecificCharacterSet": "ISO_IR 100", "StudyID": "1", "StudyTime": "113657.661000", "TransmitCoilName": "Body", "VariableFlipAngleFlag": "N", "WindowCenterWidthExplanation": "Algo1", "dBdt": 0.0}, "slices": {"AcquisitionTime": ["121216.562500", "121216.202500", "121216.572500", "121216.212500", "121216.582500", "121216.222500", "121216.592500", "121216.232500", "121216.602500", "121216.242500", "121216.612500", "121216.252500", "121216.622500", "121216.262500", "121216.632500", "121216.272500", "121216.642500", "121216.282500", "121216.652500", "121216.292500", "121216.662500", "121216.302500", "121216.672500", "121216.312500", "121216.682500", "121216.322500", "121216.692500", "121216.332500", "121216.702500", "121216.342500", "121216.712500", "121216.352500", "121216.722500", "121216.362500", "121216.732500", "121216.372500", "121216.742500", "121216.382500", "121216.752500", "121216.392500", "121216.762500", "121216.402500", "121216.772500", "121216.412500", "121216.782500", "121216.422500", "121216.792500", "121216.432500", "121216.802500", "121216.442500", "121216.812500", "121216.452500", "121216.822500", "121216.462500", "121216.832500", "121216.472500", "121216.842500", "121216.482500", "121216.852500", "121216.492500", "121216.862500", "121216.502500", "121216.872500", "121216.512500", "121216.882500", "121216.522500", "121216.892500", "121216.532500", "121216.902500", "121216.542500", "121216.912500", "121216.552500"], "ContentTime": ["121441.622000", "121441.556000", "121441.624000", "121441.558000", "121441.626000", "121441.560000", "121441.628000", "121441.562000", "121441.629000", "121441.563000", "121441.631000", "121441.565000", "121441.633000", "121441.567000", "121441.635000", "121441.569000", "121441.637000", "121441.571000", "121441.638000", "121441.573000", "121441.640000", "121441.575000", "121441.642000", "121441.577000", "121441.644000", "121441.578000", "121441.646000", "121441.580000", "121441.648000", "121441.582000", "121441.650000", "121441.584000", "121441.651000", "121441.586000", "121441.653000", "121441.587000", "121441.655000", "121441.589000", "121441.657000", "121441.591000", "121441.659000", "121441.593000", "121441.661000", "121441.595000", "121441.663000", "121441.596000", "121441.665000", "121441.598000", "121441.667000", "121441.600000", "121441.669000", "121441.602000", "121441.671000", "121441.604000", "121441.673000", "121441.606000", "121441.675000", "121441.607000", "121441.676000", "121441.609000", "121441.678000", "121441.611000", "121441.680000", "121441.613000", "121441.682000", "121441.615000", "121441.684000", "121441.617000", "121441.686000", "121441.618000", "121441.688000", "121441.620000"], "CsaImage.GSWDDataType": ["measured", "predicted", "measured", "predicted", "measured", "predicted", "measured", "predicted", "measured", "predicted", "measured", "predicted", "measured", "predicted", "measured", "predicted", "measured", "predicted", "measured", "predicted", "measured", "predicted", "measured", "predicted", "measured", "predicted", "measured", "predicted", "measured", "predicted", "measured", "predicted", "measured", "predicted", "measured", "predicted", "measured", "predicted", "measured", "predicted", "measured", "predicted", "measured", "predicted", "measured", "predicted", "measured", "predicted", "measured", "predicted", "measured", "predicted", "measured", "predicted", "measured", "predicted", "measured", "predicted", "measured", "predicted", "measured", "predicted", "measured", "measured", "measured", "measured", "measured", "measured", "measured", "measured", "measured", "measured"], "CsaImage.ICE_Dims": ["X_2_1_1_1_1_1_37_1_1_1_1_82", "X_2_1_1_1_1_1_1_1_1_2_1_82", "X_2_1_1_1_1_1_38_1_1_3_1_82", "X_2_1_1_1_1_1_2_1_1_4_1_82", "X_2_1_1_1_1_1_39_1_1_5_1_82", "X_2_1_1_1_1_1_3_1_1_6_1_82", "X_2_1_1_1_1_1_40_1_1_7_1_82", "X_2_1_1_1_1_1_4_1_1_8_1_82", "X_2_1_1_1_1_1_41_1_1_9_1_82", "X_2_1_1_1_1_1_5_1_1_10_1_82", "X_2_1_1_1_1_1_42_1_1_11_1_82", "X_2_1_1_1_1_1_6_1_1_12_1_82", "X_2_1_1_1_1_1_43_1_1_13_1_82", "X_2_1_1_1_1_1_7_1_1_14_1_82", "X_2_1_1_1_1_1_44_1_1_15_1_82", "X_2_1_1_1_1_1_8_1_1_16_1_82", "X_2_1_1_1_1_1_45_1_1_17_1_82", "X_2_1_1_1_1_1_9_1_1_18_1_82", "X_2_1_1_1_1_1_46_1_1_19_1_82", "X_2_1_1_1_1_1_10_1_1_20_1_82", "X_2_1_1_1_1_1_47_1_1_21_1_82", "X_2_1_1_1_1_1_11_1_1_22_1_82", "X_2_1_1_1_1_1_48_1_1_23_1_82", "X_2_1_1_1_1_1_12_1_1_24_1_82", "X_2_1_1_1_1_1_49_1_1_25_1_82", "X_2_1_1_1_1_1_13_1_1_26_1_82", "X_2_1_1_1_1_1_50_1_1_27_1_82", "X_2_1_1_1_1_1_14_1_1_28_1_82", "X_2_1_1_1_1_1_51_1_1_29_1_82", "X_2_1_1_1_1_1_15_1_1_30_1_82", "X_2_1_1_1_1_1_52_1_1_31_1_82", "X_2_1_1_1_1_1_16_1_1_32_1_82", "X_2_1_1_1_1_1_53_1_1_33_1_82", "X_2_1_1_1_1_1_17_1_1_34_1_82", "X_2_1_1_1_1_1_54_1_1_35_1_82", "X_2_1_1_1_1_1_18_1_1_36_1_82", "X_2_1_1_1_1_1_55_1_1_37_1_82", "X_2_1_1_1_1_1_19_1_1_38_1_82", "X_2_1_1_1_1_1_56_1_1_39_1_82", "X_2_1_1_1_1_1_20_1_1_40_1_82", "X_2_1_1_1_1_1_57_1_1_41_1_82", "X_2_1_1_1_1_1_21_1_1_42_1_82", "X_2_1_1_1_1_1_58_1_1_43_1_82", "X_2_1_1_1_1_1_22_1_1_44_1_82", "X_2_1_1_1_1_1_59_1_1_45_1_82", "X_2_1_1_1_1_1_23_1_1_46_1_82", "X_2_1_1_1_1_1_60_1_1_47_1_82", "X_2_1_1_1_1_1_24_1_1_48_1_82", "X_2_1_1_1_1_1_61_1_1_49_1_82", "X_2_1_1_1_1_1_25_1_1_50_1_82", "X_2_1_1_1_1_1_62_1_1_51_1_82", "X_2_1_1_1_1_1_26_1_1_52_1_82", "X_2_1_1_1_1_1_63_1_1_53_1_82", "X_2_1_1_1_1_1_27_1_1_54_1_82", "X_2_1_1_1_1_1_64_1_1_55_1_82", "X_2_1_1_1_1_1_28_1_1_56_1_82", "X_2_1_1_1_1_1_65_1_1_57_1_82", "X_2_1_1_1_1_1_29_1_1_58_1_82", "X_2_1_1_1_1_1_66_1_1_59_1_82", "X_2_1_1_1_1_1_30_1_1_60_1_82", "X_2_1_1_1_1_1_67_1_1_61_1_82", "X_2_1_1_1_1_1_31_1_1_62_1_82", "X_2_1_1_1_1_1_68_1_1_63_1_82", "X_2_1_1_1_1_1_32_1_1_64_1_82", "X_2_1_1_1_1_1_69_1_1_65_1_82", "X_2_1_1_1_1_1_33_1_1_66_1_82", "X_2_1_1_1_1_1_70_1_1_67_1_82", "X_2_1_1_1_1_1_34_1_1_68_1_82", "X_2_1_1_1_1_1_71_1_1_69_1_82", "X_2_1_1_1_1_1_35_1_1_70_1_82", "X_2_1_1_1_1_1_72_1_1_71_1_82", "X_2_1_1_1_1_1_36_1_1_72_1_82"], "CsaImage.ProtocolSliceNumber": [0, 1, 2, 3, 4, 5, 6, 7, 8, 9, 10, 11, 12, 13, 14, 15, 16, 17, 18, 19, 20, 21, 22, 23, 24, 25, 26, 27, 28, 29, 30, 31, 32, 33, 34, 35, 36, 37, 38, 39, 40, 41, 42, 43, 44, 45, 46, 47, 48, 49, 50, 51, 52, 53, 54, 55, 56, 57, 58, 59, 60, 61, 62, 63, 64, 65, 66, 67, 68, 69, 70, 71], "CsaImage.RFSWDDataType": ["measured", "predicted", "measured", "predicted", "measured", "predicted", "measured", "predicted", "measured", "predicted", "measured", "predicted", "measured", "predicted", "measured", "predicted", "measured", "predicted", "measured", "predicted", "measured", "predicted", "measured", "predicted", "measured", "predicted", "measured", "predicted", "measured", "predicted", "measured", "predicted", "measured", "predicted", "measured", "predicted", "measured", "predicted", "measured", "predicted", "measured", "predicted", "measured", "predicted", "measured", "predicted", "measured", "predicted", "measured", "predicted", "measured", "predicted", "measured", "predicted", "measured", "predicted", "measured", "predicted", "measured", "measured", "measured", "measured", "measured", "measured", "measured", "measured", "measured", "measured", "measured", "measured", "measured", "measured"], "CsaImage.SlicePosition_PCS": [[-97.45418969, -115.17379822, -47.25970757], [-97.33280626, -114.94792427, -45.27621758], [-97.21142283, -114.72204937, -43.29272378], [-97.09003916, -114.49617447, -41.30922997], [-96.96865574, -114.27030052, -39.32573617], [-96.84727231, -114.04442562, -37.34224236], [-96.72588888, -113.81855168, -35.35874856], [-96.60450545, -113.59267678, -33.37525475], [-96.48312202, -113.36680187, -31.39176095], [-96.36173835, -113.14092793, -29.40826714], [-96.24035504, -112.91505303, -27.42477334], [-96.1189715, -112.68917908, -25.44127953], [-95.99758807, -112.46330418, -23.45778573], [-95.87620464, -112.23743023, -21.47429192], [-95.75482109, -112.01155533, -19.49079812], [-95.63343766, -111.78568091, -17.50730431], [-95.51205424, -111.55980601, -15.52381051], [-95.39067069, -111.33393158, -13.54031861], [-95.26928726, -111.10805716, -11.55682481], [-95.14790377, -110.88218273, -9.573331], [-95.02652034, -110.65630831, -7.5898372], [-94.90513685, -110.43043389, -5.6063453], [-94.78375337, -110.20455898, -3.62285149], [-94.66236994, -109.97868456, -1.63935769], [-94.54098645, -109.75281014, 0.34413612], [-94.41960299, -109.52693571, 2.32762992], [-94.29821952, -109.30106129, 4.31112372], [-94.17683606, -109.07518639, 6.29461658], [-94.05545259, -108.84931196, 8.27811038], [-93.93406913, -108.62343754, 10.26160419], [-93.81268567, -108.39756312, 12.24509751], [-93.69130221, -108.17168869, 14.22859132], [-93.56991872, -107.94581379, 16.21208489], [-93.44853523, -107.71993961, 18.19557845], [-93.32715181, -107.49406494, 20.17907202], [-93.20576838, -107.26819052, 22.16256559], [-93.08438483, -107.04231586, 24.14605939], [-92.9630014, -106.81644143, 26.12955272], [-92.84161797, -106.59056701, 28.11304652], [-92.72023442, -106.36469235, 30.09654033], [-92.598851, -106.13881792, 32.08003318], [-92.47746757, -105.91294338, 34.06352698], [-92.35608402, -105.68706884, 36.04702079], [-92.23470059, -105.46119441, 38.03051459], [-92.11331716, -105.23531987, 40.0140084], [-91.99193373, -105.00944533, 41.9975022], [-91.87055007, -104.78357084, 43.9809941], [-91.74916664, -104.5576963, 45.96448791], [-91.62778321, -104.33182179, 47.94798171], [-91.50639978, -104.10594727, 49.93147742], [-91.38501635, -103.88007277, 51.91496741], [-91.26363292, -103.65419825, 53.89846122], [-91.1422495, -103.42832376, 55.88195502], [-91.02086583, -103.20244922, 57.86544883], [-90.8994824, -102.97657474, 59.84894263], [-90.77809897, -102.75070025, 61.83243644], [-90.65671554, -102.52482571, 63.81593024], [-90.53533211, -102.29895117, 65.79942405], [-90.41394869, -102.07307662, 67.78291785], [-90.29256502, -101.8472022, 69.76641166], [-90.17118159, -101.62132754, 71.74990546], [-90.0497984, -101.39545311, 73.73339927], [-89.92841473, -101.16957869, 75.71689307], [-89.80703107, -100.94370403, 77.70038688], [-89.68564788, -100.7178296, 79.68388068], [-89.56426421, -100.49195518, 81.66737067], [-89.44288102, -100.26608052, 83.65086829], [-89.32149735, -100.04020609, 85.63435828], [-89.20011368, -99.81433167, 87.6178559], [-89.07873049, -99.58845724, 89.60134589], [-88.95734683, -99.36258234, 91.58484351], [-88.83596364, -99.13670792, 93.5683335]], "CsaImage.TimeAfterStart": [1.0825, 0.7225, 1.0925, 0.7325, 1.1025, 0.7425, 1.1125, 0.7525, 1.1225, 0.7625, 1.1325, 0.7725, 1.1425, 0.7825, 1.1525, 0.7925, 1.1625, 0.8025, 1.1725, 0.8125, 1.1825, 0.8225, 1.1925, 0.8325, 1.2025, 0.8425, 1.2125, 0.8525, 1.2225, 0.8625, 1.2325, 0.8725, 1.2425, 0.8825, 1.2525, 0.8925, 1.2625, 0.9025, 1.2725, 0.9125, 1.2825, 0.9225, 1.2925, 0.9325, 1.3025, 0.9425, 1.3125, 0.9525, 1.3225, 0.9625, 1.3325, 0.9725, 1.3425, 0.9825, 1.3525, 0.9925, 1.3625, 1.0025, 1.3725, 1.0125, 1.3825, 1.0225, 1.3925, 1.0325, 1.4025, 1.0425, 1.4125, 1.0525, 1.4225, 1.0625, 1.4325, 1.0725], "ImagePositionPatient": [[-97.454189688244, -115.17379821982, -47.259707573835], [-97.33280625967, -114.94792427268, -45.276217583601], [-97.211422831096, -114.72204937186, -43.292723778669], [-97.090039164104, -114.49617447104, -41.309229973738], [-96.968655735531, -114.2703005239, -39.325736168806], [-96.847272306957, -114.04442562308, -37.342242363874], [-96.725888878383, -113.81855167594, -35.358748558943], [-96.60450544981, -113.59267677512, -33.375254754011], [-96.483122021236, -113.3668018743, -31.391760949079], [-96.361738354244, -113.14092792716, -29.408267144148], [-96.24035504488, -112.91505302634, -27.424773339216], [-96.118971497097, -112.6891790792, -25.441279534284], [-95.997588068523, -112.46330417838, -23.457785729353], [-95.876204639949, -112.23743023123, -21.474291924421], [-95.754821092167, -112.01155533042, -19.49079811949], [-95.633437663593, -111.78568090644, -17.507304314558], [-95.512054235019, -111.55980600562, -15.523810509626], [-95.390670687236, -111.33393158164, -13.540318612043], [-95.269287258663, -111.10805715766, -11.556824807112], [-95.147903770485, -110.88218273368, -9.57333100218], [-95.026520341911, -110.65630830969, -7.5898371972483], [-94.905136853733, -110.43043388571, -5.6063452996653], [-94.783753365554, -110.2045589849, -3.6228514947337], [-94.662369936981, -109.97868456092, -1.6393576898021], [-94.540986448803, -109.75281013693, 0.34413611512958], [-94.419602990427, -109.52693571295, 2.3276299200612], [-94.2982195246, -109.30106128897, 4.3111237249929], [-94.176836058774, -109.07518638816, 6.2946165762502], [-94.055452585497, -108.84931196417, 8.2781103811818], [-93.934069127121, -108.62343754019, 10.261604186113], [-93.812685668745, -108.39756311621, 12.245097514208], [-93.691302210369, -108.17168869223, 14.22859131914], [-93.569918722191, -107.94581379141, 16.212084885653], [-93.448535234012, -107.71993960585, 18.195578452166], [-93.327151805439, -107.49406494345, 20.179072018679], [-93.205768376865, -107.26819051947, 22.162565585192], [-93.084384829082, -107.04231585707, 24.146059390123], [-92.963001400509, -106.81644143309, 26.129552718218], [-92.841617971935, -106.59056700911, 28.11304652315], [-92.720234424152, -106.36469234671, 30.096540328081], [-92.598850995578, -106.13881792273, 32.080033179339], [-92.477467567005, -105.91294337954, 34.06352698427], [-92.356084019222, -105.68706883635, 36.047020789202], [-92.234700590648, -105.46119441237, 38.030514594133], [-92.113317162075, -105.23531986918, 40.014008399065], [-91.991933733501, -105.00944532599, 41.997502203997], [-91.870550066509, -104.78357084241, 43.98099410158], [-91.749166637935, -104.55769629922, 45.964487906511], [-91.627783209362, -104.33182178583, 47.947981711443], [-91.506399780788, -104.10594727244, 49.931477423723], [-91.385016352214, -103.8800727665, 51.914967413958], [-91.263632923641, -103.65419824567, 53.898461218889], [-91.142249495067, -103.42832376208, 55.881955023821], [-91.020865828075, -103.20244921889, 57.865448828753], [-90.899482399501, -102.9765747353, 59.848942633684], [-90.778098970928, -102.75070025172, 61.832436438616], [-90.656715542354, -102.52482570853, 63.815930243548], [-90.535332113781, -102.29895116534, 65.799424048479], [-90.413948685207, -102.07307662215, 67.782917853411], [-90.292565018215, -101.84720219817, 69.766411658342], [-90.171181589641, -101.62132753577, 71.749905463274], [-90.049798399486, -101.39545311179, 73.733399268206], [-89.928414732494, -101.16957868781, 75.716893073137], [-89.807031065502, -100.94370402541, 77.700386878069], [-89.685647875347, -100.71782960143, 79.683880683001], [-89.564264208355, -100.49195517745, 81.667370673235], [-89.4428810182, -100.26608051505, 83.650868292864], [-89.321497351207, -100.04020609107, 85.634358283098], [-89.200113684215, -99.814331667086, 87.617855902727], [-89.07873049406, -99.588457243106, 89.601345892962], [-88.957346827068, -99.362582342288, 91.584843512591], [-88.835963636913, -99.136707918307, 93.568333502825]], "InstanceCreationTime": ["121441.622000", "121441.556000", "121441.624000", "121441.558000", "121441.626000", "121441.560000", "121441.628000", "121441.562000", "121441.629000", "121441.563000", "121441.631000", "121441.565000", "121441.633000", "121441.567000", "121441.635000", "121441.569000", "121441.637000", "121441.571000", "121441.638000", "121441.573000", "121441.640000", "121441.575000", "121441.642000", "121441.577000", "121441.644000", "121441.578000", "121441.646000", "121441.580000", "121441.648000", "121441.582000", "121441.650000", "121441.584000", "121441.651000", "121441.586000", "121441.653000", "121441.587000", "121441.655000", "121441.589000", "121441.657000", "121441.591000", "121441.659000", "121441.593000", "121441.661000", "121441.595000", "121441.663000", "121441.596000", "121441.665000", "121441.598000", "121441.667000", "121441.600000", "121441.669000", "121441.602000", "121441.671000", "121441.604000", "121441.673000", "121441.606000", "121441.675000", "121441.607000", "121441.676000", "121441.609000", "121441.678000", "121441.611000", "121441.680000", "121441.613000", "121441.682000", "121441.615000", "121441.684000", "121441.617000", "121441.686000", "121441.618000", "121441.688000", "121441.620000"], "InstanceNumber": [1, 2, 3, 4, 5, 6, 7, 8, 9, 10, 11, 12, 13, 14, 15, 16, 17, 18, 19, 20, 21, 22, 23, 24, 25, 26, 27, 28, 29, 30, 31, 32, 33, 34, 35, 36, 37, 38, 39, 40, 41, 42, 43, 44, 45, 46, 47, 48, 49, 50, 51, 52, 53, 54, 55, 56, 57, 58, 59, 60, 61, 62, 63, 64, 65, 66, 67, 68, 69, 70, 71, 72], "LargestImagePixelValue": [4095, 4094, 4095, 4091, 4095, 4095, 4095, 4090, 4093, 4095, 4094, 4093, 4095, 4093, 4095, 4095, 4095, 4095, 4095, 4093, 4094, 4089, 4094, 4094, 4095, 4093, 4094, 4094, 4089, 4094, 4094, 4090, 4095, 4087, 4094, 4091, 4091, 4094, 4091, 4095, 4086, 4094, 4093, 4094, 4095, 4094, 4095, 4092, 4093, 4094, 4094, 4094, 4093, 4095, 4094, 4094, 4094, 4095, 4095, 4095, 4094, 4093, 4094, 4095, 4094, 4095, 4095, 4095, 4094, 4095, 4094, 4095], "SliceLocation": [-65.791740519184, -63.791744139665, -61.791743869226, -59.791743584318, -57.791743421585, -55.791743151146, -53.791742988413, -51.791742717975, -49.791742447536, -47.791742270333, -45.79174200713, -43.791741837162, -41.791741566723, -39.79174140399, -37.791741126317, -35.791740909731, -33.791740639292, -31.791742307078, -29.791742090493, -27.791741870289, -25.791741653704, -23.791743325107, -21.791743051051, -19.791742834466, -17.791742614262, -15.791742395868, -13.791742177021, -11.791742850125, -9.7917426308262, -7.7917424124317, -5.7917426669389, -3.7917424485444, -1.7917424109393, 0.20825754588676, 2.208257552948, 4.2082575330829, 6.20825778383, 8.2082575275141, 10.2082577441, 12.208257994847, 14.208257265629, 16.208257495678, 18.208257732962, 20.208257949548, 22.208258179597, 24.208258409646, 26.208256755826, 28.208256985875, 30.208257212558, 32.208259330848, 34.208255773476, 36.208256001001, 38.208256224318, 40.208256468837, 42.208256692155, 44.208256915472, 46.208257145521, 48.20825737557, 50.208257605619, 52.208257836674, 54.208258080187, 56.208258282302, 58.208258513358, 60.20825877134, 62.208258973456, 64.208255421298, 66.208259433554, 68.208255881396, 70.208259895665, 72.208256314567, 74.20826038269, 76.208256801592], "SmallestImagePixelValue": [0, 1, 0, 0, 0, 1, 0, 0, 0, 0, 0, 0, 0, 0, 0, 0, 0, 0, 0, 0, 0, 2, 1, 0, 0, 2, 1, 0, 0, 5, 1, 7, 2, 6, 0, 7, 0, 0, 4, 7, 2, 0, 1, 0, 0, 0, 0, 1, 0, 0, 6, 2, 0, 2, 1, 0, 0, 3, 0, 0, 1, 2, 0, 0, 1, 0, 0, 3, 0, 0, 0, 0], "WindowCenter": [-288.0, -292.0, -264.0, -270.0, -280.0, -222.0, -214.0, -186.0, -184.0, -88.0, -72.0, -50.0, -156.0, -100.0, -2.0, -28.0, -134.0, -200.0, -196.0, -250.0, -246.0, -238.0, -284.0, -322.0, -338.0, -352.0, -342.0, -248.0, -282.0, -208.0, -226.0, -256.0, -258.0, -246.0, -226.0, -208.0, -202.0, -184.0, -196.0, -144.0, -150.0, -252.0, -98.0, -106.0, -106.0, -12.0, -28.0, -134.0, -10.0, -98.0, -188.0, -34.0, -38.0, -70.0, -70.0, -76.0, -66.0, -74.0, -82.0, -96.0, -94.0, -132.0, -90.0, -154.0, -162.0, -208.0, -240.0, -302.0, -290.0, -328.0, -334.0, -338.0], "WindowWidth": [6034.0, 6110.0, 6154.0, 6172.0, 6248.0, 6306.0, 6406.0, 6372.0, 6444.0, 6472.0, 6622.0, 6568.0, 6718.0, 6704.0, 6718.0, 6510.0, 6484.0, 6378.0, 6370.0, 6274.0, 6288.0, 6238.0, 6160.0, 5920.0, 5826.0, 5606.0, 5498.0, 5524.0, 5624.0, 5606.0, 5586.0, 5520.0, 5580.0, 5520.0, 5540.0, 5468.0, 5530.0, 5434.0, 5396.0, 5400.0, 5292.0, 4644.0, 5318.0, 5130.0, 4972.0, 5262.0, 5196.0, 4600.0, 5286.0, 4888.0, 4640.0, 5430.0, 5442.0, 5376.0, 5456.0, 5522.0, 5516.0, 5620.0, 5696.0, 5838.0, 5868.0, 5958.0, 5992.0, 6134.0, 6150.0, 6218.0, 6208.0, 6314.0, 6214.0, 6328.0, 6304.0, 6350.0]}}, "IntendedFor": ["ses-1/func/sub-07_ses-1_task-motor_run-05_bold.nii.gz", "ses-1/func/sub-07_ses-1_task-motor_run-02_bold.nii.gz", "ses-1/func/sub-07_ses-1_task-motor_run-03_bold.nii.gz", "ses-1/func/sub-07_ses-1_task-motor_run-04_bold.nii.gz", "ses-1/func/sub-07_ses-1_task-motor_run-01_bold.nii.gz", "ses-1/func/sub-07_ses-1_task-motor_run-06_bold.nii.gz"]}