{"AcquisitionMatrixPE": 100, "AcquisitionNumber": 1, "AcquisitionTime": "14:28:0.405000", "BaseResolution": 100, "BodyPartExamined": "BRAIN", "ConsistencyInfo": "N4_VE11C_LATEST_20160120", "ConversionSoftware": "dcm2niix", "ConversionSoftwareVersion": "v1.0.20180622 GCC4.9.2", "DeviceSerialNumber": "166078", "DwellTime": 8.8e-06, "EchoNumber": 2, "EchoTime": 0.00738, "EchoTime1": 0.00492, "EchoTime2": 0.00738, "FlipAngle": 60, "ImageOrientationPatientDICOM": [1, -7.50999e-07, -1.43307e-05, -3e-15, 0.99863, -0.0523331], "ImageType": ["ORIGINAL", "PRIMARY", "P", "ND"], "InPlanePhaseEncodingDirectionDICOM": "ROW", "InstitutionAddress": "Street_StreetNo_Bei_Jing_District_CN_ZIP", "InstitutionName": "BeiJing_Normal_University", "InstitutionalDepartmentName": "Department", "MRAcquisitionType": "2D", "MagneticFieldStrength": 3, "Manufacturer": "Siemens", "ManufacturersModelName": "Prisma", "Modality": "MR", "PartialFourier": 1, "PatientPosition": "HFS", "PercentPhaseFOV": 100, "PhaseEncodingDirection": "i", "PhaseEncodingSteps": 100, "PhaseResolution": 1, "PixelBandwidth": 570, "ProcedureStepDescription": "BNU_P2018_64CH_Liu.Jia", "ProtocolName": "field_mapping_2x2x2", "PulseSequenceDetails": "%SiemensSeq%_gre_field_mapping", "ReceiveCoilActiveElements": "HC1-7;NC1", "ReceiveCoilName": "HeadNeck_64", "ReconMatrixPE": 100, "RepetitionTime": 0.72, "SAR": 0.124699, "ScanningSequence": "GR", "SequenceName": "_fm2d2r", "SequenceVariant": "SP", "SeriesDescription": "field_mapping_2x2x2", "SeriesNumber": 7, "ShimSetting": [-5449, -11520, -1259, 393, 25, -150, -71, 41], "SliceThickness": 2, "SoftwareVersions": "syngo_MR_E11", "SpacingBetweenSlices": 2, "StationName": "AWP166078", "TxRefAmp": 208.836, "dcmmeta_affine": [[-2.0, -5.9999998100067255e-15, -2.870103344321251e-05, 99.99456024169922], [1.5019978718555649e-06, 1.9972593784332275, -0.10466623306274414, -94.92517852783203], [-2.8661401302088052e-05, 0.10466617345809937, 1.9972610473632812, -65.17694091796875], [0.0, 0.0, 0.0, 1.0]], "dcmmeta_reorient_transform": [[0.0, -1.0, 0.0, 99.0], [1.0, 0.0, 0.0, 0.0], [0.0, 0.0, -1.0, 71.0], [0.0, 0.0, 0.0, 1.0]], "dcmmeta_shape": [100, 100, 72], "dcmmeta_slice_dim": 2, "dcmmeta_version": 0.6, "global": {"const": {"AcquisitionMatrix": [0, 100, 100, 0], "AcquisitionNumber": 1, "AngioFlag": "N", "BitsAllocated": 16, "BitsStored": 12, "BodyPartExamined": "BRAIN", "Columns": 100, "EchoNumbers": 2, "EchoTime": 7.38, "EchoTrainLength": 0, "FlipAngle": 60.0, "HighBit": 11, "ImageOrientationPatient": [0.99999999989703, -7.5099894e-07, -1.4330701e-05, -3e-15, 0.99862968506164, -0.0523330881344], "ImageType": ["ORIGINAL", "PRIMARY", "P", "ND"], "ImagedNucleus": "1H", "ImagingFrequency": 123.257843, "InPlanePhaseEncodingDirection": "ROW", "MRAcquisitionType": "2D", "MagneticFieldStrength": 3.0, "Manufacturer": "SIEMENS", "ManufacturerModelName": "Prisma", "Modality": "MR", "NumberOfAverages": 1.0, "NumberOfPhaseEncodingSteps": 100, "PercentPhaseFieldOfView": 100.0, "PercentSampling": 100.0, "PerformedProcedureStepStartTime": "135916.185000", "PhotometricInterpretation": "MONOCHROME2", "PixelBandwidth": 570.0, "PixelRepresentation": 0, "PixelSpacing": [2.0, 2.0], "ProtocolName": "field_mapping_2x2x2", "RepetitionTime": 720.0, "RescaleIntercept": -4096.0, "RescaleSlope": 2.0, "RescaleType": "US", "Rows": 100, "SAR": 0.12469887959951, "SamplesPerPixel": 1, "ScanningSequence": "GR", "SequenceName": "*fm2d2r", "SequenceVariant": "SP", "SeriesDescription": "field_mapping_2x2x2", "SeriesNumber": 7, "SeriesTime": "143024.507000", "SliceThickness": 2.0, "SoftwareVersions": "syngo MR E11", "SpacingBetweenSlices": 2.0, "SpecificCharacterSet": "ISO_IR 100", "StudyID": "1", "StudyTime": "135916.103000", "TransmitCoilName": "Body", "VariableFlipAngleFlag": "N", "WindowCenterWidthExplanation": "Algo1", "dBdt": 0.0}, "slices": {"AcquisitionTime": ["142800.405000", "142800.045000", "142800.415000", "142800.055000", "142800.425000", "142800.065000", "142800.435000", "142800.075000", "142800.445000", "142800.085000", "142800.455000", "142800.095000", "142800.465000", "142800.105000", "142800.475000", "142800.115000", "142800.485000", "142800.125000", "142800.495000", "142800.135000", "142800.505000", "142800.145000", "142800.515000", "142800.155000", "142800.525000", "142800.165000", "142800.535000", "142800.175000", "142800.545000", "142800.185000", "142800.555000", "142800.195000", "142800.565000", "142800.205000", "142800.575000", "142800.215000", "142800.585000", "142800.225000", "142800.595000", "142800.235000", "142800.605000", "142800.245000", "142800.615000", "142800.255000", "142800.625000", "142800.265000", "142800.635000", "142800.275000", "142800.645000", "142800.285000", "142800.655000", "142800.295000", "142800.665000", "142800.305000", "142800.675000", "142800.315000", "142800.685000", "142800.325000", "142800.695000", "142800.335000", "142800.705000", "142800.345000", "142800.715000", "142800.355000", "142800.725000", "142800.365000", "142800.735000", "142800.375000", "142800.745000", "142800.385000", "142800.755000", "142800.395000"], "ContentTime": ["143024.580000", "143024.509000", "143024.582000", "143024.511000", "143024.584000", "143024.513000", "143024.585000", "143024.515000", "143024.587000", "143024.517000", "143024.589000", "143024.518000", "143024.591000", "143024.520000", "143024.592000", "143024.522000", "143024.594000", "143024.524000", "143024.596000", "143024.526000", "143024.598000", "143024.529000", "143024.600000", "143024.531000", "143024.601000", "143024.534000", "143024.603000", "143024.537000", "143024.605000", "143024.539000", "143024.607000", "143024.541000", "143024.609000", "143024.543000", "143024.611000", "143024.545000", "143024.613000", "143024.547000", "143024.614000", "143024.549000", "143024.616000", "143024.550000", "143024.618000", "143024.552000", "143024.620000", "143024.554000", "143024.622000", "143024.556000", "143024.624000", "143024.558000", "143024.626000", "143024.560000", "143024.627000", "143024.562000", "143024.629000", "143024.563000", "143024.631000", "143024.565000", "143024.633000", "143024.567000", "143024.635000", "143024.569000", "143024.637000", "143024.571000", "143024.638000", "143024.573000", "143024.640000", "143024.574000", "143024.643000", "143024.576000", "143024.644000", "143024.578000"], "CsaImage.GSWDDataType": ["measured", "predicted", "measured", "predicted", "measured", "predicted", "measured", "predicted", "measured", "predicted", "measured", "predicted", "measured", "predicted", "measured", "predicted", "measured", "predicted", "measured", "predicted", "measured", "predicted", "measured", "predicted", "measured", "predicted", "measured", "predicted", "measured", "predicted", "measured", "predicted", "measured", "predicted", "measured", "predicted", "measured", "predicted", "measured", "predicted", "measured", "predicted", "measured", "predicted", "measured", "predicted", "measured", "predicted", "measured", "predicted", "measured", "predicted", "measured", "predicted", "measured", "predicted", "measured", "predicted", "measured", "predicted", "measured", "predicted", "measured", "predicted", "measured", "measured", "measured", "measured", "measured", "measured", "measured", "measured"], "CsaImage.ICE_Dims": ["X_2_1_1_1_1_1_37_1_1_1_1_138", "X_2_1_1_1_1_1_1_1_1_2_1_138", "X_2_1_1_1_1_1_38_1_1_3_1_138", "X_2_1_1_1_1_1_2_1_1_4_1_138", "X_2_1_1_1_1_1_39_1_1_5_1_138", "X_2_1_1_1_1_1_3_1_1_6_1_138", "X_2_1_1_1_1_1_40_1_1_7_1_138", "X_2_1_1_1_1_1_4_1_1_8_1_138", "X_2_1_1_1_1_1_41_1_1_9_1_138", "X_2_1_1_1_1_1_5_1_1_10_1_138", "X_2_1_1_1_1_1_42_1_1_11_1_138", "X_2_1_1_1_1_1_6_1_1_12_1_138", "X_2_1_1_1_1_1_43_1_1_13_1_138", "X_2_1_1_1_1_1_7_1_1_14_1_138", "X_2_1_1_1_1_1_44_1_1_15_1_138", "X_2_1_1_1_1_1_8_1_1_16_1_138", "X_2_1_1_1_1_1_45_1_1_17_1_138", "X_2_1_1_1_1_1_9_1_1_18_1_138", "X_2_1_1_1_1_1_46_1_1_19_1_138", "X_2_1_1_1_1_1_10_1_1_20_1_138", "X_2_1_1_1_1_1_47_1_1_21_1_138", "X_2_1_1_1_1_1_11_1_1_22_1_138", "X_2_1_1_1_1_1_48_1_1_23_1_138", "X_2_1_1_1_1_1_12_1_1_24_1_138", "X_2_1_1_1_1_1_49_1_1_25_1_138", "X_2_1_1_1_1_1_13_1_1_26_1_138", "X_2_1_1_1_1_1_50_1_1_27_1_138", "X_2_1_1_1_1_1_14_1_1_28_1_138", "X_2_1_1_1_1_1_51_1_1_29_1_138", "X_2_1_1_1_1_1_15_1_1_30_1_138", "X_2_1_1_1_1_1_52_1_1_31_1_138", "X_2_1_1_1_1_1_16_1_1_32_1_138", "X_2_1_1_1_1_1_53_1_1_33_1_138", "X_2_1_1_1_1_1_17_1_1_34_1_138", "X_2_1_1_1_1_1_54_1_1_35_1_138", "X_2_1_1_1_1_1_18_1_1_36_1_138", "X_2_1_1_1_1_1_55_1_1_37_1_138", "X_2_1_1_1_1_1_19_1_1_38_1_138", "X_2_1_1_1_1_1_56_1_1_39_1_138", "X_2_1_1_1_1_1_20_1_1_40_1_138", "X_2_1_1_1_1_1_57_1_1_41_1_138", "X_2_1_1_1_1_1_21_1_1_42_1_138", "X_2_1_1_1_1_1_58_1_1_43_1_138", "X_2_1_1_1_1_1_22_1_1_44_1_138", "X_2_1_1_1_1_1_59_1_1_45_1_138", "X_2_1_1_1_1_1_23_1_1_46_1_138", "X_2_1_1_1_1_1_60_1_1_47_1_138", "X_2_1_1_1_1_1_24_1_1_48_1_138", "X_2_1_1_1_1_1_61_1_1_49_1_138", "X_2_1_1_1_1_1_25_1_1_50_1_138", "X_2_1_1_1_1_1_62_1_1_51_1_138", "X_2_1_1_1_1_1_26_1_1_52_1_138", "X_2_1_1_1_1_1_63_1_1_53_1_138", "X_2_1_1_1_1_1_27_1_1_54_1_138", "X_2_1_1_1_1_1_64_1_1_55_1_138", "X_2_1_1_1_1_1_28_1_1_56_1_138", "X_2_1_1_1_1_1_65_1_1_57_1_138", "X_2_1_1_1_1_1_29_1_1_58_1_138", "X_2_1_1_1_1_1_66_1_1_59_1_138", "X_2_1_1_1_1_1_30_1_1_60_1_138", "X_2_1_1_1_1_1_67_1_1_61_1_138", "X_2_1_1_1_1_1_31_1_1_62_1_138", "X_2_1_1_1_1_1_68_1_1_63_1_138", "X_2_1_1_1_1_1_32_1_1_64_1_138", "X_2_1_1_1_1_1_69_1_1_65_1_138", "X_2_1_1_1_1_1_33_1_1_66_1_138", "X_2_1_1_1_1_1_70_1_1_67_1_138", "X_2_1_1_1_1_1_34_1_1_68_1_138", "X_2_1_1_1_1_1_71_1_1_69_1_138", "X_2_1_1_1_1_1_35_1_1_70_1_138", "X_2_1_1_1_1_1_72_1_1_71_1_138", "X_2_1_1_1_1_1_36_1_1_72_1_138"], "CsaImage.ProtocolSliceNumber": [0, 1, 2, 3, 4, 5, 6, 7, 8, 9, 10, 11, 12, 13, 14, 15, 16, 17, 18, 19, 20, 21, 22, 23, 24, 25, 26, 27, 28, 29, 30, 31, 32, 33, 34, 35, 36, 37, 38, 39, 40, 41, 42, 43, 44, 45, 46, 47, 48, 49, 50, 51, 52, 53, 54, 55, 56, 57, 58, 59, 60, 61, 62, 63, 64, 65, 66, 67, 68, 69, 70, 71], "CsaImage.RFSWDDataType": ["measured", "predicted", "measured", "predicted", "measured", "predicted", "measured", "predicted", "measured", "predicted", "measured", "predicted", "measured", "predicted", "measured", "predicted", "measured", "predicted", "measured", "predicted", "measured", "predicted", "measured", "predicted", "measured", "predicted", "measured", "predicted", "measured", "predicted", "measured", "predicted", "measured", "predicted", "measured", "predicted", "measured", "predicted", "measured", "predicted", "measured", "predicted", "measured", "predicted", "measured", "predicted", "measured", "predicted", "measured", "predicted", "measured", "predicted", "measured", "predicted", "measured", "predicted", "measured", "predicted", "measured", "predicted", "measured", "measured", "measured", "measured", "measured", "measured", "measured", "measured", "measured", "measured", "measured", "measured"], "CsaImage.SlicePosition_PCS": [[-99.99455972, -102.80349285, -54.81486825], [-99.99453102, -102.69882661, -52.81761102], [-99.99450232, -102.59416062, -50.82034997], [-99.99447361, -102.48949439, -48.82309274], [-99.99444491, -102.38482815, -46.82583169], [-99.99441621, -102.28016192, -44.82857446], [-99.99438751, -102.17549593, -42.83131341], [-99.99435881, -102.07082969, -40.83405237], [-99.99433011, -101.96616346, -38.83679513], [-99.99430141, -101.86149735, -36.83953409], [-99.99427271, -101.75683111, -34.84227685], [-99.99424401, -101.652165, -32.84501581], [-99.99421531, -101.54749877, -30.84775857], [-99.99418661, -101.44283265, -28.85049753], [-99.99415791, -101.33816642, -26.85324029], [-99.99412921, -101.23350031, -24.85597925], [-99.99410051, -101.12883407, -22.85872011], [-99.9940718, -101.02416796, -20.86146097], [-99.9940431, -100.91950173, -18.86420183], [-99.9940144, -100.81483561, -16.86694078], [-99.9939857, -100.71016944, -14.86968164], [-99.993957, -100.60550326, -12.8724225], [-99.9939283, -100.50083709, -10.87516336], [-99.9938996, -100.39617092, -8.87790422], [-99.9938709, -100.29150471, -6.88064508], [-99.9938422, -100.18683854, -4.88338594], [-99.9938135, -100.08217237, -2.88612585], [-99.9937848, -99.9775062, -0.88886671], [-99.9937561, -99.87284003, 1.10839243], [-99.9937274, -99.76817385, 3.10565205], [-99.9936987, -99.66350767, 5.10291138], [-99.99366999, -99.5588415, 7.10017081], [-99.99364129, -99.45417533, 9.09743019], [-99.99361259, -99.34950918, 11.09468956], [-99.99358389, -99.24484301, 13.0919487], [-99.99355519, -99.14017684, 15.08920832], [-99.99352649, -99.03551066, 17.08646746], [-99.99349779, -98.93084449, 19.0837266], [-99.99346909, -98.82617826, 21.0809867], [-99.99344039, -98.72151214, 23.07824584], [-99.99341169, -98.61684591, 25.07550498], [-99.99338299, -98.5121798, 27.07276412], [-99.99335429, -98.40751356, 29.07002326], [-99.99332559, -98.30284745, 31.0672824], [-99.99329688, -98.19818122, 33.06454344], [-99.99326818, -98.0935151, 35.06180258], [-99.99323948, -97.98884887, 37.05906172], [-99.99321078, -97.88418275, 39.05632086], [-99.99318208, -97.77951652, 41.05358191], [-99.99315338, -97.67485029, 43.05083914], [-99.99312468, -97.57018429, 45.04810019], [-99.99309598, -97.46551806, 47.04535742], [-99.99306728, -97.36085183, 49.04261847], [-99.99303858, -97.25618559, 51.0398757], [-99.99300988, -97.1515196, 53.03713675], [-99.99298118, -97.04685337, 55.03439398], [-99.99295248, -96.94218713, 57.03165503], [-99.99292378, -96.8375209, 59.02891608], [-99.99289507, -96.73285491, 61.02617331], [-99.99286637, -96.62818867, 63.02343436], [-99.99283767, -96.52352244, 65.02069159], [-99.99280897, -96.41885621, 67.01795264], [-99.99278027, -96.31419021, 69.01520987], [-99.99275157, -96.20952398, 71.0124671], [-99.99272287, -96.10485775, 73.00972815], [-99.99269417, -96.00019151, 75.0069892], [-99.99266547, -95.89552552, 77.00425025], [-99.99263677, -95.79085905, 79.00151129], [-99.99260807, -95.68619329, 80.99876471], [-99.99257937, -95.58152706, 82.99602576], [-99.99255067, -95.47686082, 84.99328681], [-99.99252196, -95.37219459, 86.99054785]], "CsaImage.TimeAfterStart": [1.0825, 0.7225, 1.0925, 0.7325, 1.1025, 0.7425, 1.1125, 0.7525, 1.1225, 0.7625, 1.1325, 0.7725, 1.1425, 0.7825, 1.1525, 0.7925, 1.1625, 0.8025, 1.1725, 0.8125, 1.1825, 0.8225, 1.1925, 0.8325, 1.2025, 0.8425, 1.2125, 0.8525, 1.2225, 0.8625, 1.2325, 0.8725, 1.2425, 0.8825, 1.2525, 0.8925, 1.2625, 0.9025, 1.2725, 0.9125, 1.2825, 0.9225, 1.2925, 0.9325, 1.3025, 0.9425, 1.3125, 0.9525, 1.3225, 0.9625, 1.3325, 0.9725, 1.3425, 0.9825, 1.3525, 0.9925, 1.3625, 1.0025, 1.3725, 1.0125, 1.3825, 1.0225, 1.3925, 1.0325, 1.4025, 1.0425, 1.4125, 1.0525, 1.4225, 1.0625, 1.4325, 1.0725], "ImagePositionPatient": [[-99.994559716846, -102.8034928478, -54.814868254399], [-99.994531016278, -102.69882661474, -52.817611021733], [-99.994502315245, -102.59416062009, -50.82034997437], [-99.994473614677, -102.48949438703, -48.823092741704], [-99.994444914109, -102.38482815397, -46.825831694341], [-99.994416213076, -102.2801619209, -44.828574461675], [-99.994387512508, -102.17549592626, -42.831313414312], [-99.99435881194, -102.0708296932, -40.834052366948], [-99.994330110907, -101.96616346013, -38.836795134282], [-99.994301410339, -101.86149734628, -36.839534086919], [-99.994272709771, -101.75683111322, -34.842276854253], [-99.994244008738, -101.65216499936, -32.84501580689], [-99.99421530817, -101.5474987663, -30.847758574224], [-99.994186607602, -101.44283265245, -28.85049752686], [-99.994157906569, -101.33816641938, -26.853240294194], [-99.994129206001, -101.23350030553, -24.855979246831], [-99.994100505433, -101.12883407247, -22.858720106816], [-99.9940718044, -101.02416795862, -20.861460966802], [-99.994043103832, -100.91950172555, -18.864201826787], [-99.994014402799, -100.8148356117, -16.866940779424], [-99.993985702231, -100.71016943824, -14.869681639409], [-99.993957001663, -100.60550326478, -12.872422499395], [-99.99392830063, -100.50083709132, -10.87516335938], [-99.993899600062, -100.39617091787, -8.8779042193653], [-99.993870899494, -100.29150471461, -6.8806450793506], [-99.993842198461, -100.18683854115, -4.883385939336], [-99.993813497893, -100.08217236769, -2.886125845647], [-99.993784797325, -99.977506201683, -0.8888667056324], [-99.993756096292, -99.87284002543, 1.1083924343823], [-99.993727395724, -99.768173854766, 3.1056520512341], [-99.993698695156, -99.663507673858, 5.1029113849638], [-99.993669994123, -99.5588415004, 7.1001708081005], [-99.993641293555, -99.454175326941, 9.0974301865338], [-99.993612592987, -99.349509183286, 11.094689564967], [-99.993583891954, -99.244843009828, 13.091948704982], [-99.993555191386, -99.140176836369, 15.089208321833], [-99.993526490818, -99.035510662911, 17.086467461848], [-99.993497789785, -98.930844489453, 19.083726601863], [-99.993469089217, -98.826178256391, 21.080986695552], [-99.993440388649, -98.721512142537, 23.078245835566], [-99.993411687616, -98.616845909474, 25.075504975581], [-99.993382987048, -98.512179795621, 27.072764115596], [-99.993354286014, -98.407513562558, 29.07002325561], [-99.993325585447, -98.302847448705, 31.067282395625], [-99.993296884879, -98.198181215642, 33.064543442988], [-99.993268183845, -98.093515101788, 35.061802583003], [-99.993239483278, -97.988848868726, 37.059061723018], [-99.99321078271, -97.884182754872, 39.056320863032], [-99.993182081676, -97.77951652181, 41.053581910395], [-99.993153381109, -97.674850288747, 43.050839143061], [-99.993124680541, -97.570184294103, 45.048100190425], [-99.993095979507, -97.46551806104, 47.045357423091], [-99.99306727894, -97.360851827977, 49.042618470454], [-99.993038578372, -97.256185594914, 51.03987570312], [-99.993009877338, -97.15151960027, 53.037136750483], [-99.992981176771, -97.046853367207, 55.034393983149], [-99.992952476203, -96.942187134145, 57.031655030513], [-99.992923775169, -96.837520901082, 59.028916077876], [-99.992895074602, -96.732854906438, 61.026173310542], [-99.992866374034, -96.628188673375, 63.023434357905], [-99.992837673, -96.523522440312, 65.020691590571], [-99.992808972433, -96.41885620725, 67.017952637935], [-99.992780271865, -96.314190212605, 69.015209870601], [-99.992751570831, -96.209523979543, 71.012467103267], [-99.992722870264, -96.10485774648, 73.00972815063], [-99.99269416923, -96.000191513417, 75.006989197993], [-99.992665468662, -95.895525518773, 77.004250245356], [-99.992636768095, -95.790859047292, 79.00151129272], [-99.992608067061, -95.686193291066, 80.998764710688], [-99.992579366493, -95.581527058003, 82.996025758052], [-99.992550665926, -95.476860824941, 84.993286805415], [-99.992521964892, -95.372194591878, 86.990547852778]], "InstanceCreationTime": ["143024.580000", "143024.509000", "143024.582000", "143024.511000", "143024.584000", "143024.513000", "143024.585000", "143024.515000", "143024.587000", "143024.517000", "143024.589000", "143024.518000", "143024.591000", "143024.520000", "143024.592000", "143024.522000", "143024.594000", "143024.524000", "143024.596000", "143024.526000", "143024.598000", "143024.529000", "143024.600000", "143024.531000", "143024.601000", "143024.534000", "143024.603000", "143024.537000", "143024.605000", "143024.539000", "143024.607000", "143024.541000", "143024.609000", "143024.543000", "143024.611000", "143024.545000", "143024.613000", "143024.547000", "143024.614000", "143024.549000", "143024.616000", "143024.550000", "143024.618000", "143024.552000", "143024.620000", "143024.554000", "143024.622000", "143024.556000", "143024.624000", "143024.558000", "143024.626000", "143024.560000", "143024.627000", "143024.562000", "143024.629000", "143024.563000", "143024.631000", "143024.565000", "143024.633000", "143024.567000", "143024.635000", "143024.569000", "143024.637000", "143024.571000", "143024.638000", "143024.573000", "143024.640000", "143024.574000", "143024.643000", "143024.576000", "143024.644000", "143024.578000"], "InstanceNumber": [1, 2, 3, 4, 5, 6, 7, 8, 9, 10, 11, 12, 13, 14, 15, 16, 17, 18, 19, 20, 21, 22, 23, 24, 25, 26, 27, 28, 29, 30, 31, 32, 33, 34, 35, 36, 37, 38, 39, 40, 41, 42, 43, 44, 45, 46, 47, 48, 49, 50, 51, 52, 53, 54, 55, 56, 57, 58, 59, 60, 61, 62, 63, 64, 65, 66, 67, 68, 69, 70, 71, 72], "LargestImagePixelValue": [4095, 4094, 4095, 4093, 4094, 4094, 4094, 4095, 4095, 4094, 4093, 4092, 4095, 4095, 4093, 4091, 4089, 4094, 4095, 4094, 4093, 4093, 4094, 4093, 4095, 4095, 4093, 4095, 4095, 4093, 4094, 4094, 4093, 4095, 4088, 4089, 4095, 4090, 4093, 4089, 4093, 4094, 4090, 4093, 4092, 4085, 4091, 4094, 4094, 4093, 4095, 4090, 4094, 4094, 4091, 4093, 4094, 4093, 4095, 4095, 4095, 4095, 4095, 4094, 4094, 4095, 4095, 4094, 4095, 4095, 4093, 4095], "SliceLocation": [-60.121213825606, -58.121215956956, -56.121214291314, -54.121216422664, -52.121214744544, -50.121216875894, -48.121215210251, -46.121213532132, -44.121215663482, -42.121213991601, -40.121216122951, -38.12121445107, -36.12121658242, -34.121214910539, -32.121217041889, -30.121215370008, -28.121215596623, -26.121215829476, -24.121216056092, -22.12121438421, -20.121214613945, -18.121214843679, -16.121215073414, -14.121215303148, -12.121215531323, -10.121215761058, -8.1212150384247, -6.1212152685491, -4.1212154981373, -2.1212152518343, -0.1212152877292, 1.8787847652704, 3.8787847736278, 5.8787847804256, 7.8787845506911, 9.8787847971404, 11.878784567406, 13.878784337671, 15.878785063424, 17.87878483057, 19.878784603955, 21.878784371101, 23.878784144486, 25.878783911632, 27.878785589752, 29.878785356898, 31.878785130283, 33.878784897429, 35.878786575549, 37.878784444199, 39.878786109841, 41.878783978491, 43.878785656611, 45.878783525261, 47.878785190903, 49.878783059553, 51.878784737673, 53.878786415793, 55.878784271966, 57.878785950085, 59.878783818735, 61.878785496855, 63.878783353028, 65.878781221677, 67.878782899797, 69.878784577917, 71.87878624356, 73.878787934157, 75.878781968382, 77.878783646502, 79.878785324622, 81.878787002742], "SmallestImagePixelValue": [0, 0, 0, 0, 0, 0, 2, 0, 0, 0, 1, 0, 1, 3, 1, 1, 0, 0, 0, 0, 0, 0, 1, 0, 4, 0, 1, 0, 5, 1, 2, 0, 5, 6, 0, 2, 0, 2, 1, 0, 1, 3, 5, 3, 0, 0, 2, 2, 8, 1, 0, 1, 0, 0, 0, 0, 0, 0, 0, 0, 0, 0, 0, 2, 0, 0, 0, 0, 0, 0, 0, 0], "WindowCenter": [-216.0, -182.0, -208.0, -200.0, -212.0, -256.0, -220.0, -166.0, -128.0, -164.0, -160.0, -166.0, -140.0, -108.0, -44.0, -74.0, -124.0, -192.0, -218.0, -222.0, -216.0, -210.0, -238.0, -276.0, -254.0, -244.0, -174.0, -164.0, -166.0, -194.0, -186.0, -204.0, -200.0, -164.0, -168.0, -164.0, -184.0, -266.0, -246.0, -220.0, -214.0, -46.0, -174.0, -176.0, -186.0, -188.0, -194.0, -186.0, -184.0, -190.0, -228.0, -208.0, -16.0, -44.0, -32.0, -42.0, -24.0, -36.0, -22.0, -56.0, -44.0, -76.0, -114.0, -140.0, -218.0, -210.0, -282.0, -252.0, -290.0, -346.0, -364.0, -372.0], "WindowWidth": [6230.0, 6322.0, 6320.0, 6328.0, 6314.0, 6312.0, 6340.0, 6334.0, 6396.0, 6338.0, 6354.0, 6372.0, 6342.0, 6378.0, 6396.0, 6368.0, 6268.0, 6198.0, 6162.0, 6110.0, 6072.0, 6036.0, 5960.0, 5922.0, 5856.0, 5830.0, 5768.0, 5706.0, 5640.0, 5542.0, 5510.0, 5448.0, 5338.0, 5506.0, 5394.0, 5240.0, 5072.0, 4624.0, 4606.0, 4594.0, 4576.0, 5202.0, 4564.0, 4574.0, 4582.0, 4580.0, 4578.0, 4580.0, 4582.0, 4598.0, 4640.0, 4638.0, 5418.0, 5482.0, 5504.0, 5504.0, 5612.0, 5618.0, 5682.0, 5762.0, 5850.0, 5896.0, 5952.0, 5880.0, 6046.0, 6024.0, 6114.0, 6130.0, 6132.0, 6148.0, 6120.0, 6172.0]}}, "IntendedFor": ["ses-1/func/sub-29_ses-1_task-motor_run-01_bold.nii.gz", "ses-1/func/sub-29_ses-1_task-motor_run-06_bold.nii.gz", "ses-1/func/sub-29_ses-1_task-motor_run-03_bold.nii.gz", "ses-1/func/sub-29_ses-1_task-motor_run-02_bold.nii.gz", "ses-1/func/sub-29_ses-1_task-motor_run-04_bold.nii.gz", "ses-1/func/sub-29_ses-1_task-motor_run-05_bold.nii.gz"]}