{"AcquisitionMatrixPE": 100, "AcquisitionNumber": 1, "AcquisitionTime": "14:21:43.145000", "BaseResolution": 100, "BodyPartExamined": "BRAIN", "ConsistencyInfo": "N4_VE11C_LATEST_20160120", "ConversionSoftware": "dcm2niix", "ConversionSoftwareVersion": "v1.0.20180622 GCC4.9.2", "DeviceSerialNumber": "166078", "DwellTime": 8.8e-06, "EchoNumber": 2, "EchoTime": 0.00738, "EchoTime1": 0.00492, "EchoTime2": 0.00738, "FlipAngle": 60, "ImageOrientationPatientDICOM": [0.999468, 0.0322922, 0.0045389, -0.0314096, 0.990728, -0.132178], "ImageType": ["ORIGINAL", "PRIMARY", "P", "ND"], "InPlanePhaseEncodingDirectionDICOM": "ROW", "InstitutionAddress": "Street_StreetNo_Bei_Jing_District_CN_ZIP", "InstitutionName": "BeiJing_Normal_University", "InstitutionalDepartmentName": "Department", "MRAcquisitionType": "2D", "MagneticFieldStrength": 3, "Manufacturer": "Siemens", "ManufacturersModelName": "Prisma", "Modality": "MR", "PartialFourier": 1, "PatientPosition": "HFS", "PercentPhaseFOV": 100, "PhaseEncodingDirection": "i", "PhaseEncodingSteps": 100, "PhaseResolution": 1, "PixelBandwidth": 570, "ProcedureStepDescription": "BNU_P2018_64CH_Liu.Jia", "ProtocolName": "field_mapping_2x2x2", "PulseSequenceDetails": "%SiemensSeq%_gre_field_mapping", "ReceiveCoilActiveElements": "HC1-7;NC1", "ReceiveCoilName": "HeadNeck_64", "ReconMatrixPE": 100, "RepetitionTime": 0.72, "SAR": 0.111866, "ScanningSequence": "GR", "SequenceName": "_fm2d2r", "SequenceVariant": "SP", "SeriesDescription": "field_mapping_2x2x2", "SeriesNumber": 7, "ShimSetting": [-5457, -11481, -1281, 285, -53, -359, -198, 55], "SliceThickness": 2, "SoftwareVersions": "syngo_MR_E11", "SpacingBetweenSlices": 2, "StationName": "AWP166078", "TxRefAmp": 213.694, "dcmmeta_affine": [[-1.9989362955093384, -0.06281910836696625, 0.01753026247024536, 102.72970581054688], [-0.0645844042301178, 1.9814562797546387, -0.2639312744140625, -79.41693115234375], [0.009077790193259716, 0.26435697078704834, 1.9824295043945312, -83.16277313232422], [0.0, 0.0, 0.0, 1.0]], "dcmmeta_reorient_transform": [[0.0, -1.0, 0.0, 99.0], [1.0, 0.0, 0.0, 0.0], [0.0, 0.0, -1.0, 71.0], [0.0, 0.0, 0.0, 1.0]], "dcmmeta_shape": [100, 100, 72], "dcmmeta_slice_dim": 2, "dcmmeta_version": 0.6, "global": {"const": {"AcquisitionMatrix": [0, 100, 100, 0], "AcquisitionNumber": 1, "AngioFlag": "N", "BitsAllocated": 16, "BitsStored": 12, "BodyPartExamined": "BRAIN", "Columns": 100, "EchoNumbers": 2, "EchoTime": 7.38, "EchoTrainLength": 0, "FlipAngle": 60.0, "HighBit": 11, "ImageOrientationPatient": [0.99946816465147, 0.03229220153651, 0.00453889503539, -0.0314095538859, 0.99072816076807, -0.1321784830667], "ImageType": ["ORIGINAL", "PRIMARY", "P", "ND"], "ImagedNucleus": "1H", "ImagingFrequency": 123.257854, "InPlanePhaseEncodingDirection": "ROW", "MRAcquisitionType": "2D", "MagneticFieldStrength": 3.0, "Manufacturer": "SIEMENS", "ManufacturerModelName": "Prisma", "Modality": "MR", "NumberOfAverages": 1.0, "NumberOfPhaseEncodingSteps": 100, "PercentPhaseFieldOfView": 100.0, "PercentSampling": 100.0, "PerformedProcedureStepStartTime": "135258.271000", "PhotometricInterpretation": "MONOCHROME2", "PixelBandwidth": 570.0, "PixelRepresentation": 0, "PixelSpacing": [2.0, 2.0], "ProtocolName": "field_mapping_2x2x2", "RepetitionTime": 720.0, "RescaleIntercept": -4096.0, "RescaleSlope": 2.0, "RescaleType": "US", "Rows": 100, "SAR": 0.111866070628, "SamplesPerPixel": 1, "ScanningSequence": "GR", "SequenceName": "*fm2d2r", "SequenceVariant": "SP", "SeriesDescription": "field_mapping_2x2x2", "SeriesNumber": 7, "SeriesTime": "142407.834000", "SliceThickness": 2.0, "SoftwareVersions": "syngo MR E11", "SpacingBetweenSlices": 2.0, "SpecificCharacterSet": "ISO_IR 100", "StudyID": "1", "StudyTime": "135258.182000", "TransmitCoilName": "Body", "VariableFlipAngleFlag": "N", "WindowCenterWidthExplanation": "Algo1", "dBdt": 0.0}, "slices": {"AcquisitionTime": ["142143.145000", "142142.785000", "142143.155000", "142142.795000", "142143.165000", "142142.805000", "142143.175000", "142142.815000", "142143.185000", "142142.825000", "142143.195000", "142142.835000", "142143.205000", "142142.845000", "142143.215000", "142142.855000", "142143.225000", "142142.865000", "142143.235000", "142142.875000", "142143.245000", "142142.885000", "142143.255000", "142142.895000", "142143.265000", "142142.905000", "142143.275000", "142142.915000", "142143.285000", "142142.925000", "142143.295000", "142142.935000", "142143.305000", "142142.945000", "142143.315000", "142142.955000", "142143.325000", "142142.965000", "142143.335000", "142142.975000", "142143.345000", "142142.985000", "142143.355000", "142142.995000", "142143.365000", "142143.005000", "142143.375000", "142143.015000", "142143.385000", "142143.025000", "142143.395000", "142143.035000", "142143.405000", "142143.045000", "142143.415000", "142143.055000", "142143.425000", "142143.065000", "142143.435000", "142143.075000", "142143.445000", "142143.085000", "142143.455000", "142143.095000", "142143.465000", "142143.105000", "142143.475000", "142143.115000", "142143.485000", "142143.125000", "142143.495000", "142143.135000"], "ContentTime": ["142407.903000", "142407.835000", "142407.907000", "142407.838000", "142407.909000", "142407.840000", "142407.911000", "142407.841000", "142407.913000", "142407.843000", "142407.915000", "142407.846000", "142407.916000", "142407.847000", "142407.918000", "142407.849000", "142407.920000", "142407.851000", "142407.922000", "142407.853000", "142407.924000", "142407.855000", "142407.925000", "142407.857000", "142407.927000", "142407.858000", "142407.929000", "142407.860000", "142407.931000", "142407.862000", "142407.933000", "142407.864000", "142407.934000", "142407.866000", "142407.936000", "142407.868000", "142407.938000", "142407.869000", "142407.940000", "142407.871000", "142407.942000", "142407.873000", "142407.944000", "142407.875000", "142407.946000", "142407.876000", "142407.948000", "142407.878000", "142407.949000", "142407.880000", "142407.951000", "142407.882000", "142407.953000", "142407.884000", "142407.955000", "142407.886000", "142407.957000", "142407.888000", "142407.958000", "142407.890000", "142407.960000", "142407.892000", "142407.962000", "142407.893000", "142407.964000", "142407.895000", "142407.966000", "142407.897000", "142407.967000", "142407.899000", "142407.969000", "142407.901000"], "CsaImage.GSWDDataType": ["measured", "predicted", "measured", "predicted", "measured", "predicted", "measured", "predicted", "measured", "predicted", "measured", "predicted", "measured", "predicted", "measured", "predicted", "measured", "predicted", "measured", "predicted", "measured", "predicted", "measured", "predicted", "measured", "predicted", "measured", "predicted", "measured", "predicted", "measured", "predicted", "measured", "predicted", "measured", "predicted", "measured", "predicted", "measured", "predicted", "measured", "predicted", "measured", "predicted", "measured", "predicted", "measured", "predicted", "measured", "predicted", "measured", "predicted", "measured", "predicted", "measured", "predicted", "measured", "predicted", "measured", "predicted", "measured", "measured", "measured", "measured", "measured", "measured", "measured", "measured", "measured", "measured", "measured", "measured"], "CsaImage.ICE_Dims": ["X_2_1_1_1_1_1_37_1_1_1_1_145", "X_2_1_1_1_1_1_1_1_1_2_1_145", "X_2_1_1_1_1_1_38_1_1_3_1_145", "X_2_1_1_1_1_1_2_1_1_4_1_145", "X_2_1_1_1_1_1_39_1_1_5_1_145", "X_2_1_1_1_1_1_3_1_1_6_1_145", "X_2_1_1_1_1_1_40_1_1_7_1_145", "X_2_1_1_1_1_1_4_1_1_8_1_145", "X_2_1_1_1_1_1_41_1_1_9_1_145", "X_2_1_1_1_1_1_5_1_1_10_1_145", "X_2_1_1_1_1_1_42_1_1_11_1_145", "X_2_1_1_1_1_1_6_1_1_12_1_145", "X_2_1_1_1_1_1_43_1_1_13_1_145", "X_2_1_1_1_1_1_7_1_1_14_1_145", "X_2_1_1_1_1_1_44_1_1_15_1_145", "X_2_1_1_1_1_1_8_1_1_16_1_145", "X_2_1_1_1_1_1_45_1_1_17_1_145", "X_2_1_1_1_1_1_9_1_1_18_1_145", "X_2_1_1_1_1_1_46_1_1_19_1_145", "X_2_1_1_1_1_1_10_1_1_20_1_145", "X_2_1_1_1_1_1_47_1_1_21_1_145", "X_2_1_1_1_1_1_11_1_1_22_1_145", "X_2_1_1_1_1_1_48_1_1_23_1_145", "X_2_1_1_1_1_1_12_1_1_24_1_145", "X_2_1_1_1_1_1_49_1_1_25_1_145", "X_2_1_1_1_1_1_13_1_1_26_1_145", "X_2_1_1_1_1_1_50_1_1_27_1_145", "X_2_1_1_1_1_1_14_1_1_28_1_145", "X_2_1_1_1_1_1_51_1_1_29_1_145", "X_2_1_1_1_1_1_15_1_1_30_1_145", "X_2_1_1_1_1_1_52_1_1_31_1_145", "X_2_1_1_1_1_1_16_1_1_32_1_145", "X_2_1_1_1_1_1_53_1_1_33_1_145", "X_2_1_1_1_1_1_17_1_1_34_1_145", "X_2_1_1_1_1_1_54_1_1_35_1_145", "X_2_1_1_1_1_1_18_1_1_36_1_145", "X_2_1_1_1_1_1_55_1_1_37_1_145", "X_2_1_1_1_1_1_19_1_1_38_1_145", "X_2_1_1_1_1_1_56_1_1_39_1_145", "X_2_1_1_1_1_1_20_1_1_40_1_145", "X_2_1_1_1_1_1_57_1_1_41_1_145", "X_2_1_1_1_1_1_21_1_1_42_1_145", "X_2_1_1_1_1_1_58_1_1_43_1_145", "X_2_1_1_1_1_1_22_1_1_44_1_145", "X_2_1_1_1_1_1_59_1_1_45_1_145", "X_2_1_1_1_1_1_23_1_1_46_1_145", "X_2_1_1_1_1_1_60_1_1_47_1_145", "X_2_1_1_1_1_1_24_1_1_48_1_145", "X_2_1_1_1_1_1_61_1_1_49_1_145", "X_2_1_1_1_1_1_25_1_1_50_1_145", "X_2_1_1_1_1_1_62_1_1_51_1_145", "X_2_1_1_1_1_1_26_1_1_52_1_145", "X_2_1_1_1_1_1_63_1_1_53_1_145", "X_2_1_1_1_1_1_27_1_1_54_1_145", "X_2_1_1_1_1_1_64_1_1_55_1_145", "X_2_1_1_1_1_1_28_1_1_56_1_145", "X_2_1_1_1_1_1_65_1_1_57_1_145", "X_2_1_1_1_1_1_29_1_1_58_1_145", "X_2_1_1_1_1_1_66_1_1_59_1_145", "X_2_1_1_1_1_1_30_1_1_60_1_145", "X_2_1_1_1_1_1_67_1_1_61_1_145", "X_2_1_1_1_1_1_31_1_1_62_1_145", "X_2_1_1_1_1_1_68_1_1_63_1_145", "X_2_1_1_1_1_1_32_1_1_64_1_145", "X_2_1_1_1_1_1_69_1_1_65_1_145", "X_2_1_1_1_1_1_33_1_1_66_1_145", "X_2_1_1_1_1_1_70_1_1_67_1_145", "X_2_1_1_1_1_1_34_1_1_68_1_145", "X_2_1_1_1_1_1_71_1_1_69_1_145", "X_2_1_1_1_1_1_35_1_1_70_1_145", "X_2_1_1_1_1_1_72_1_1_71_1_145", "X_2_1_1_1_1_1_36_1_1_72_1_145"], "CsaImage.ProtocolSliceNumber": [0, 1, 2, 3, 4, 5, 6, 7, 8, 9, 10, 11, 12, 13, 14, 15, 16, 17, 18, 19, 20, 21, 22, 23, 24, 25, 26, 27, 28, 29, 30, 31, 32, 33, 34, 35, 36, 37, 38, 39, 40, 41, 42, 43, 44, 45, 46, 47, 48, 49, 50, 51, 52, 53, 54, 55, 56, 57, 58, 59, 60, 61, 62, 63, 64, 65, 66, 67, 68, 69, 70, 71], "CsaImage.RFSWDDataType": ["measured", "predicted", "measured", "predicted", "measured", "predicted", "measured", "predicted", "measured", "predicted", "measured", "predicted", "measured", "predicted", "measured", "predicted", "measured", "predicted", "measured", "predicted", "measured", "predicted", "measured", "predicted", "measured", "predicted", "measured", "predicted", "measured", "predicted", "measured", "predicted", "measured", "predicted", "measured", "predicted", "measured", "predicted", "measured", "predicted", "measured", "predicted", "measured", "predicted", "measured", "predicted", "measured", "predicted", "measured", "predicted", "measured", "predicted", "measured", "predicted", "measured", "predicted", "measured", "predicted", "measured", "measured", "measured", "measured", "measured", "measured", "measured", "measured", "measured", "measured", "measured", "measured", "measured", "measured"], "CsaImage.SlicePosition_PCS": [[-96.51061069, -116.74724478, -56.99154962], [-96.52814098, -116.48331351, -55.00912012], [-96.54567128, -116.21938223, -53.02669061], [-96.56320157, -115.95545096, -51.04425729], [-96.58073186, -115.69151968, -49.06182397], [-96.59826215, -115.42758841, -47.07939447], [-96.61579244, -115.16365713, -45.09696115], [-96.63332274, -114.89972586, -43.11453164], [-96.65085303, -114.63579458, -41.13210214], [-96.66838332, -114.37186331, -39.14966882], [-96.68591361, -114.10793204, -37.16723932], [-96.7034439, -113.84400076, -35.184806], [-96.72097419, -113.58006949, -33.20237649], [-96.73850448, -113.31613917, -31.21994317], [-96.75603477, -113.05220789, -29.23751367], [-96.77356506, -112.78827662, -27.25508417], [-96.79109535, -112.52434534, -25.27265085], [-96.80862564, -112.26041407, -23.29022134], [-96.82615593, -111.99648279, -21.30778802], [-96.84368622, -111.73255152, -19.32535852], [-96.86121651, -111.46862025, -17.34292711], [-96.8787468, -111.20468897, -15.3604957], [-96.89627709, -110.9407577, -13.37806619], [-96.91380738, -110.67682642, -11.39563478], [-96.93133768, -110.41289515, -9.41320337], [-96.94886797, -110.14896387, -7.43077196], [-96.96639826, -109.8850326, -5.44834054], [-96.98392855, -109.62110132, -3.46590913], [-97.00145883, -109.35717005, -1.48347867], [-97.01898912, -109.09323878, 0.49895178], [-97.03651941, -108.8293075, 2.4813832], [-97.05404971, -108.56537623, 4.46381461], [-97.07157998, -108.30144495, 6.44624554], [-97.08911028, -108.03751368, 8.42867648], [-97.10664057, -107.7735824, 10.41110765], [-97.12417086, -107.50965161, 12.3935387], [-97.14170115, -107.24572033, 14.37596976], [-97.15923145, -106.98178906, 16.35840093], [-97.17676174, -106.71785778, 18.34083211], [-97.19429203, -106.45392651, 20.32326304], [-97.21182232, -106.18999523, 22.30569445], [-97.22935261, -105.92606396, 24.28812491], [-97.24688291, -105.66213269, 26.27055632], [-97.2644132, -105.39820141, 28.25298773], [-97.28194349, -105.13427014, 30.23541915], [-97.29947378, -104.87033886, 32.21784865], [-97.31700405, -104.60640783, 34.20028006], [-97.33453437, -104.34247655, 36.18271147], [-97.35206463, -104.07854528, 38.16514289], [-97.36959495, -103.814614, 40.1475743], [-97.38712521, -103.55068273, 42.13000571], [-97.40465554, -103.28675151, 44.11243521], [-97.4221858, -103.0228203, 46.09486853], [-97.43971612, -102.75888905, 48.07729804], [-97.45724638, -102.49495781, 50.05972754], [-97.47477671, -102.23102656, 52.04216086], [-97.49230697, -101.96709532, 54.02459036], [-97.50983723, -101.70316411, 56.00702368], [-97.52736755, -101.43923283, 57.98945319], [-97.54489782, -101.17530162, 59.97188651], [-97.56242814, -100.91137034, 61.95431601], [-97.5799584, -100.64743907, 63.93674552], [-97.59748872, -100.38350791, 65.91917883], [-97.61501898, -100.11957664, 67.90160834], [-97.63254931, -99.85564536, 69.88404166], [-97.65007957, -99.59171409, 71.86647116], [-97.66760989, -99.32778281, 73.84890067], [-97.68514015, -99.06385178, 75.83133399], [-97.70267048, -98.7999205, 77.81376349], [-97.72020074, -98.53598923, 79.796193], [-97.73773106, -98.27205796, 81.77863013], [-97.75526132, -98.00812668, 83.76105963]], "CsaImage.TimeAfterStart": [1.0825, 0.7225, 1.0925, 0.7325, 1.1025, 0.7425, 1.1125, 0.7525, 1.1225, 0.7625, 1.1325, 0.7725, 1.1425, 0.7825, 1.1525, 0.7925, 1.1625, 0.8025, 1.1725, 0.8125, 1.1825, 0.8225, 1.1925, 0.8325, 1.2025, 0.8425, 1.2125, 0.8525, 1.2225, 0.8625, 1.2325, 0.8725, 1.2425, 0.8825, 1.2525, 0.8925, 1.2625, 0.9025, 1.2725, 0.9125, 1.2825, 0.9225, 1.2925, 0.9325, 1.3025, 0.9425, 1.3125, 0.9525, 1.3225, 0.9625, 1.3325, 0.9725, 1.3425, 0.9825, 1.3525, 0.9925, 1.3625, 1.0025, 1.3725, 1.0125, 1.3825, 1.0225, 1.3925, 1.0325, 1.4025, 1.0425, 1.4125, 1.0525, 1.4225, 1.0625, 1.4325, 1.0725], "ImagePositionPatient": [[-96.510610690559, -116.74724477996, -56.991549619726], [-96.528140982832, -116.48331350554, -55.009120115331], [-96.545671275104, -116.21938223113, -53.026690610937], [-96.563201567377, -115.95545095672, -51.044257291845], [-96.58073185965, -115.6915196823, -49.061823972753], [-96.598262151922, -115.42758840789, -47.079394468359], [-96.615792444195, -115.16365713347, -45.096961149267], [-96.633322736467, -114.89972585906, -43.114531644872], [-96.65085302874, -114.63579458465, -41.132102140478], [-96.668383321012, -114.37186331023, -39.149668821386], [-96.685913605834, -114.10793203582, -37.167239316992], [-96.703443898107, -113.8440007614, -35.1848059979], [-96.720974190379, -113.58006948699, -33.202376493505], [-96.738504475201, -113.31613916625, -31.219943174413], [-96.756034767474, -113.05220789184, -29.237513670019], [-96.773565059747, -112.78827661742, -27.255084165624], [-96.791095349225, -112.52434534301, -25.272650846533], [-96.808625639868, -112.26041406859, -23.290221342138], [-96.826155930976, -111.99648279418, -21.307788023046], [-96.843686221386, -111.73255151976, -19.325358518652], [-96.861216509934, -111.46862024535, -17.342927106909], [-96.878746798481, -111.20468897094, -15.360495695165], [-96.896277090753, -110.94075769652, -13.378066190771], [-96.913807383026, -110.67682642211, -11.395634779028], [-96.931337675299, -110.41289514769, -9.4132033672846], [-96.948867967571, -110.14896387328, -7.4307719555414], [-96.966398259844, -109.88503259887, -5.4483405437982], [-96.983928552116, -109.62110132445, -3.4659091320551], [-97.001458829488, -109.35717005004, -1.4834786739862], [-97.01898912176, -109.09323877562, 0.49895178408263], [-97.036519414033, -108.82930750121, 2.4813831958258], [-97.054049706305, -108.5653762268, 4.463814607569], [-97.071579983677, -108.30144495238, 6.446245542475], [-97.089110275949, -108.03751367797, 8.428676477381], [-97.106640568222, -107.77358240355, 10.411107650706], [-97.124170860494, -107.50965160598, 12.393538704821], [-97.141701152767, -107.24572033156, 14.375969758936], [-97.15923144504, -106.98178905715, 16.358400932261], [-97.176761737312, -106.71785778273, 18.340832105585], [-97.194292029585, -106.45392650832, 20.323263040491], [-97.211822321857, -106.18999523391, 22.305694452234], [-97.22935261413, -105.92606395949, 24.288124910303], [-97.246882906402, -105.66213268508, 26.270556322046], [-97.264413198675, -105.39820141066, 28.25298773379], [-97.281943490948, -105.13427013625, 30.235419145533], [-97.29947378322, -104.87033886184, 32.217848649927], [-97.31700404569, -104.60640782584, 34.200280061671], [-97.334534367765, -104.34247655143, 36.182711473414], [-97.352064630236, -104.07854527701, 38.165142885157], [-97.36959495231, -103.8146140026, 40.1475742969], [-97.387125214781, -103.55068272818, 42.130005708643], [-97.404655536856, -103.28675151338, 44.112435213038], [-97.422185799326, -103.02282029857, 46.09486853213], [-97.439716121401, -102.75888905395, 48.077298036524], [-97.457246383871, -102.49495780934, 50.059727540919], [-97.474776705946, -102.23102656473, 52.04216086001], [-97.492306968416, -101.96709532012, 54.024590364405], [-97.509837230886, -101.70316410531, 56.007023683497], [-97.527367552961, -101.4392328309, 57.989453187891], [-97.544897815431, -101.17530161609, 59.971886506983], [-97.562428137506, -100.91137034167, 61.954316011378], [-97.579958399977, -100.64743906726, 63.936745515772], [-97.597488722051, -100.38350791205, 65.919178834864], [-97.615018984522, -100.11957663764, 67.901608339258], [-97.632549306597, -99.855645363225, 69.88404165835], [-97.650079569067, -99.591714088811, 71.866471162745], [-97.667609891142, -99.327782814397, 73.848900667139], [-97.685140153612, -99.063851778401, 75.831333986231], [-97.702670475687, -98.799920503987, 77.813763490626], [-97.720200738157, -98.535989229573, 79.79619299502], [-97.737731060232, -98.272057955159, 81.778630128809], [-97.755261322702, -98.008126680745, 83.761059633204]], "InstanceCreationTime": ["142407.903000", "142407.835000", "142407.907000", "142407.838000", "142407.909000", "142407.840000", "142407.911000", "142407.841000", "142407.913000", "142407.843000", "142407.915000", "142407.846000", "142407.916000", "142407.847000", "142407.918000", "142407.849000", "142407.920000", "142407.851000", "142407.922000", "142407.853000", "142407.924000", "142407.855000", "142407.925000", "142407.857000", "142407.927000", "142407.858000", "142407.929000", "142407.860000", "142407.931000", "142407.862000", "142407.933000", "142407.864000", "142407.934000", "142407.866000", "142407.936000", "142407.868000", "142407.938000", "142407.869000", "142407.940000", "142407.871000", "142407.942000", "142407.873000", "142407.944000", "142407.875000", "142407.946000", "142407.876000", "142407.948000", "142407.878000", "142407.949000", "142407.880000", "142407.951000", "142407.882000", "142407.953000", "142407.884000", "142407.955000", "142407.886000", "142407.957000", "142407.888000", "142407.958000", "142407.890000", "142407.960000", "142407.892000", "142407.962000", "142407.893000", "142407.964000", "142407.895000", "142407.966000", "142407.897000", "142407.967000", "142407.899000", "142407.969000", "142407.901000"], "InstanceNumber": [1, 2, 3, 4, 5, 6, 7, 8, 9, 10, 11, 12, 13, 14, 15, 16, 17, 18, 19, 20, 21, 22, 23, 24, 25, 26, 27, 28, 29, 30, 31, 32, 33, 34, 35, 36, 37, 38, 39, 40, 41, 42, 43, 44, 45, 46, 47, 48, 49, 50, 51, 52, 53, 54, 55, 56, 57, 58, 59, 60, 61, 62, 63, 64, 65, 66, 67, 68, 69, 70, 71, 72], "LargestImagePixelValue": [4094, 4094, 4094, 4095, 4095, 4095, 4095, 4094, 4095, 4095, 4095, 4094, 4095, 4093, 4095, 4095, 4094, 4095, 4093, 4094, 4095, 4094, 4093, 4094, 4090, 4095, 4093, 4093, 4094, 4090, 4093, 4085, 4093, 4092, 4094, 4094, 4090, 4094, 4094, 4093, 4092, 4094, 4088, 4093, 4093, 4093, 4089, 4093, 4091, 4094, 4093, 4092, 4090, 4093, 4095, 4095, 4094, 4091, 4092, 4094, 4092, 4094, 4095, 4094, 4095, 4095, 4095, 4092, 4093, 4095, 4094, 4094], "SliceLocation": [-71.051602792461, -69.051604350298, -67.051605908135, -65.051603684785, -63.051601461434, -61.051603019271, -59.051600795921, -57.051602353758, -55.051603911595, -53.051601688244, -51.051603246146, -49.051601022796, -47.051602580633, -45.0516004832, -43.051602041037, -41.051603598874, -39.051601375548, -37.051602933399, -35.051600710059, -33.051602267912, -31.051601935188, -29.051601602464, -27.051603160301, -25.051602827544, -23.051602494788, -21.051602162031, -19.051601829274, -17.051601496518, -15.051602109188, -13.051602721728, -11.051602388972, -9.0516020562149, -7.0516021962372, -5.0516023361288, -3.0516022396963, -1.051602324352, 0.9483976539184, 2.9483977503509, 4.9483978467834, 6.9483977068918, 8.9483980396485, 10.948397427108, 12.948397759865, 14.948398092622, 16.948398425379, 18.948396867542, 20.948397168574, 22.948397501592, 24.948397834088, 26.948398167105, 28.948398499601, 30.94839693416, 32.948399149383, 34.948397587874, 36.948396025843, 38.948398245522, 40.948396683491, 42.948398898714, 44.948397341139, 46.948399556362, 48.948397998786, 50.948396440688, 52.948398648568, 54.94839709047, 56.948399314082, 58.948397755984, 60.948396198408, 62.948398390034, 64.948396832458, 66.94839527436, 68.948401279159, 70.948399721061], "SmallestImagePixelValue": [0, 0, 0, 0, 0, 0, 0, 0, 0, 0, 2, 0, 4, 0, 0, 0, 0, 2, 0, 0, 0, 4, 0, 1, 0, 1, 0, 0, 2, 0, 2, 0, 1, 0, 0, 1, 7, 9, 0, 3, 0, 0, 3, 1, 0, 1, 8, 0, 1, 0, 0, 0, 8, 4, 0, 0, 0, 1, 1, 0, 1, 3, 0, 0, 2, 0, 0, 0, 1, 0, 0, 0], "WindowCenter": [-296.0, -208.0, -192.0, -142.0, -128.0, -144.0, -126.0, -166.0, -150.0, -216.0, -204.0, -220.0, -240.0, -194.0, -204.0, -188.0, -206.0, -232.0, -262.0, -260.0, -266.0, -274.0, -276.0, -240.0, -222.0, -214.0, -150.0, -124.0, -110.0, -110.0, -100.0, -126.0, -64.0, -64.0, -68.0, -52.0, -68.0, -56.0, -36.0, -34.0, -28.0, -28.0, -64.0, -64.0, -32.0, -38.0, -86.0, -40.0, -46.0, -98.0, -32.0, -40.0, -90.0, -72.0, -62.0, -32.0, -26.0, -30.0, -16.0, -52.0, -56.0, -80.0, -60.0, -122.0, -118.0, -176.0, -132.0, -214.0, -238.0, -262.0, -282.0, -276.0], "WindowWidth": [6160.0, 6212.0, 6260.0, 6284.0, 6276.0, 6258.0, 6260.0, 6286.0, 6270.0, 6182.0, 6122.0, 6122.0, 6044.0, 6124.0, 6228.0, 6284.0, 6206.0, 6184.0, 6200.0, 6194.0, 6120.0, 5968.0, 5810.0, 5710.0, 5484.0, 5428.0, 5520.0, 5524.0, 5370.0, 5472.0, 5384.0, 5212.0, 5434.0, 5392.0, 5336.0, 5486.0, 5438.0, 5450.0, 5494.0, 5432.0, 5484.0, 5458.0, 5314.0, 5306.0, 5396.0, 5310.0, 5016.0, 5344.0, 5336.0, 4974.0, 5444.0, 5306.0, 5158.0, 5288.0, 5374.0, 5438.0, 5518.0, 5478.0, 5638.0, 5586.0, 5650.0, 5654.0, 5736.0, 5816.0, 5856.0, 5938.0, 5988.0, 6042.0, 6054.0, 6208.0, 6252.0, 6278.0]}}, "IntendedFor": ["ses-1/func/sub-68_ses-1_task-motor_run-05_bold.nii.gz", "ses-1/func/sub-68_ses-1_task-motor_run-01_bold.nii.gz", "ses-1/func/sub-68_ses-1_task-motor_run-02_bold.nii.gz", "ses-1/func/sub-68_ses-1_task-motor_run-03_bold.nii.gz", "ses-1/func/sub-68_ses-1_task-motor_run-06_bold.nii.gz", "ses-1/func/sub-68_ses-1_task-motor_run-04_bold.nii.gz"]}