{"AcquisitionMatrixPE": 100, "AcquisitionNumber": 1, "AcquisitionTime": "14:23:27.405000", "BaseResolution": 100, "BodyPartExamined": "BRAIN", "ConsistencyInfo": "N4_VE11C_LATEST_20160120", "ConversionSoftware": "dcm2niix", "ConversionSoftwareVersion": "v1.0.20180622 GCC4.9.2", "DeviceSerialNumber": "166078", "DwellTime": 8.8e-06, "EchoNumber": 2, "EchoTime": 0.00738, "EchoTime1": 0.00492, "EchoTime2": 0.00738, "FlipAngle": 60, "ImageOrientationPatientDICOM": [1, -1.01742e-05, -8.53295e-05, -2.1e-14, 0.992967, -0.118395], "ImageType": ["ORIGINAL", "PRIMARY", "P", "ND"], "InPlanePhaseEncodingDirectionDICOM": "ROW", "InstitutionAddress": "Street_StreetNo_Bei_Jing_District_CN_ZIP", "InstitutionName": "BeiJing_Normal_University", "InstitutionalDepartmentName": "Department", "MRAcquisitionType": "2D", "MagneticFieldStrength": 3, "Manufacturer": "Siemens", "ManufacturersModelName": "Prisma", "Modality": "MR", "PartialFourier": 1, "PatientPosition": "HFS", "PercentPhaseFOV": 100, "PhaseEncodingDirection": "i", "PhaseEncodingSteps": 100, "PhaseResolution": 1, "PixelBandwidth": 570, "ProcedureStepDescription": "BNU_P2018_64CH_Liu.Jia", "ProtocolName": "field_mapping_2x2x2", "PulseSequenceDetails": "%SiemensSeq%_gre_field_mapping", "ReceiveCoilActiveElements": "HC1-7;NC1", "ReceiveCoilName": "HeadNeck_64", "ReconMatrixPE": 100, "RepetitionTime": 0.72, "SAR": 0.126352, "ScanningSequence": "GR", "SequenceName": "_fm2d2r", "SequenceVariant": "SP", "SeriesDescription": "field_mapping_2x2x2", "SeriesNumber": 7, "ShimSetting": [-5457, -11497, -1270, 268, -74, -269, -46, 64], "SliceThickness": 2, "SoftwareVersions": "syngo_MR_E11", "SpacingBetweenSlices": 2, "StationName": "AWP166078", "TxRefAmp": 240.306, "dcmmeta_affine": [[-2.0, -4.19999999405965e-14, -0.00017189979553222656, 99.35401153564453], [2.0348321413621306e-05, 1.9859330654144287, -0.2367902398109436, -81.42961120605469], [-0.00017065907013602555, 0.2367902547121048, 1.985931396484375, -83.61764526367188], [0.0, 0.0, 0.0, 1.0]], "dcmmeta_reorient_transform": [[0.0, -1.0, 0.0, 99.0], [1.0, 0.0, 0.0, 0.0], [0.0, 0.0, -1.0, 71.0], [0.0, 0.0, 0.0, 1.0]], "dcmmeta_shape": [100, 100, 72], "dcmmeta_slice_dim": 2, "dcmmeta_version": 0.6, "global": {"const": {"AcquisitionMatrix": [0, 100, 100, 0], "AcquisitionNumber": 1, "AngioFlag": "N", "BitsAllocated": 16, "BitsStored": 12, "BodyPartExamined": "BRAIN", "Columns": 100, "EchoNumbers": 2, "EchoTime": 7.38, "EchoTrainLength": 0, "FlipAngle": 60.0, "HighBit": 11, "ImageOrientationPatient": [0.99999999630768, -1.01741604e-05, -8.53295336e-05, -2.1e-14, 0.99296656216278, -0.1183951283906], "ImageType": ["ORIGINAL", "PRIMARY", "P", "ND"], "ImagedNucleus": "1H", "ImagingFrequency": 123.257834, "InPlanePhaseEncodingDirection": "ROW", "MRAcquisitionType": "2D", "MagneticFieldStrength": 3.0, "Manufacturer": "SIEMENS", "ManufacturerModelName": "Prisma", "Modality": "MR", "NumberOfAverages": 1.0, "NumberOfPhaseEncodingSteps": 100, "PercentPhaseFieldOfView": 100.0, "PercentSampling": 100.0, "PerformedProcedureStepStartTime": "135455.062000", "PhotometricInterpretation": "MONOCHROME2", "PixelBandwidth": 570.0, "PixelRepresentation": 0, "PixelSpacing": [2.0, 2.0], "ProtocolName": "field_mapping_2x2x2", "RepetitionTime": 720.0, "RescaleIntercept": -4096.0, "RescaleSlope": 2.0, "RescaleType": "US", "Rows": 100, "SAR": 0.12635175925082, "SamplesPerPixel": 1, "ScanningSequence": "GR", "SequenceName": "*fm2d2r", "SequenceVariant": "SP", "SeriesDescription": "field_mapping_2x2x2", "SeriesNumber": 7, "SeriesTime": "142551.970000", "SliceThickness": 2.0, "SoftwareVersions": "syngo MR E11", "SpacingBetweenSlices": 2.0, "SpecificCharacterSet": "ISO_IR 100", "StudyID": "1", "StudyTime": "135454.989000", "TransmitCoilName": "Body", "VariableFlipAngleFlag": "N", "WindowCenterWidthExplanation": "Algo1", "dBdt": 0.0}, "slices": {"AcquisitionTime": ["142327.405000", "142327.045000", "142327.415000", "142327.055000", "142327.425000", "142327.065000", "142327.435000", "142327.075000", "142327.445000", "142327.085000", "142327.455000", "142327.095000", "142327.465000", "142327.105000", "142327.475000", "142327.115000", "142327.485000", "142327.125000", "142327.495000", "142327.135000", "142327.505000", "142327.145000", "142327.515000", "142327.155000", "142327.525000", "142327.165000", "142327.535000", "142327.175000", "142327.545000", "142327.185000", "142327.555000", "142327.195000", "142327.565000", "142327.205000", "142327.575000", "142327.215000", "142327.585000", "142327.225000", "142327.595000", "142327.235000", "142327.605000", "142327.245000", "142327.615000", "142327.255000", "142327.625000", "142327.265000", "142327.635000", "142327.275000", "142327.645000", "142327.285000", "142327.655000", "142327.295000", "142327.665000", "142327.305000", "142327.675000", "142327.315000", "142327.685000", "142327.325000", "142327.695000", "142327.335000", "142327.705000", "142327.345000", "142327.715000", "142327.355000", "142327.725000", "142327.365000", "142327.735000", "142327.375000", "142327.745000", "142327.385000", "142327.755000", "142327.395000"], "ContentTime": ["142552.044000", "142551.977000", "142552.046000", "142551.979000", "142552.048000", "142551.981000", "142552.050000", "142551.983000", "142552.051000", "142551.985000", "142552.053000", "142551.987000", "142552.055000", "142551.988000", "142552.057000", "142551.990000", "142552.059000", "142551.992000", "142552.061000", "142551.994000", "142552.063000", "142551.996000", "142552.064000", "142551.998000", "142552.066000", "142552.000000", "142552.068000", "142552.002000", "142552.074000", "142552.004000", "142552.076000", "142552.006000", "142552.078000", "142552.008000", "142552.079000", "142552.009000", "142552.085000", "142552.011000", "142552.087000", "142552.013000", "142552.089000", "142552.015000", "142552.091000", "142552.017000", "142552.094000", "142552.019000", "142552.096000", "142552.020000", "142552.098000", "142552.022000", "142552.100000", "142552.024000", "142552.102000", "142552.026000", "142552.104000", "142552.028000", "142552.105000", "142552.030000", "142552.107000", "142552.031000", "142552.109000", "142552.033000", "142552.111000", "142552.035000", "142552.113000", "142552.037000", "142552.115000", "142552.039000", "142552.116000", "142552.041000", "142552.118000", "142552.042000"], "CsaImage.GSWDDataType": ["measured", "predicted", "measured", "predicted", "measured", "predicted", "measured", "predicted", "measured", "predicted", "measured", "predicted", "measured", "predicted", "measured", "predicted", "measured", "predicted", "measured", "predicted", "measured", "predicted", "measured", "predicted", "measured", "predicted", "measured", "predicted", "measured", "predicted", "measured", "predicted", "measured", "predicted", "measured", "predicted", "measured", "predicted", "measured", "predicted", "measured", "predicted", "measured", "predicted", "measured", "predicted", "measured", "predicted", "measured", "predicted", "measured", "predicted", "measured", "predicted", "measured", "predicted", "measured", "predicted", "measured", "predicted", "measured", "predicted", "measured", "predicted", "measured", "predicted", "measured", "predicted", "measured", "predicted", "measured", "measured"], "CsaImage.ICE_Dims": ["X_2_1_1_1_1_1_37_1_1_1_1_136", "X_2_1_1_1_1_1_1_1_1_2_1_136", "X_2_1_1_1_1_1_38_1_1_3_1_136", "X_2_1_1_1_1_1_2_1_1_4_1_136", "X_2_1_1_1_1_1_39_1_1_5_1_136", "X_2_1_1_1_1_1_3_1_1_6_1_136", "X_2_1_1_1_1_1_40_1_1_7_1_136", "X_2_1_1_1_1_1_4_1_1_8_1_136", "X_2_1_1_1_1_1_41_1_1_9_1_136", "X_2_1_1_1_1_1_5_1_1_10_1_136", "X_2_1_1_1_1_1_42_1_1_11_1_136", "X_2_1_1_1_1_1_6_1_1_12_1_136", "X_2_1_1_1_1_1_43_1_1_13_1_136", "X_2_1_1_1_1_1_7_1_1_14_1_136", "X_2_1_1_1_1_1_44_1_1_15_1_136", "X_2_1_1_1_1_1_8_1_1_16_1_136", "X_2_1_1_1_1_1_45_1_1_17_1_136", "X_2_1_1_1_1_1_9_1_1_18_1_136", "X_2_1_1_1_1_1_46_1_1_19_1_136", "X_2_1_1_1_1_1_10_1_1_20_1_136", "X_2_1_1_1_1_1_47_1_1_21_1_136", "X_2_1_1_1_1_1_11_1_1_22_1_136", "X_2_1_1_1_1_1_48_1_1_23_1_136", "X_2_1_1_1_1_1_12_1_1_24_1_136", "X_2_1_1_1_1_1_49_1_1_25_1_136", "X_2_1_1_1_1_1_13_1_1_26_1_136", "X_2_1_1_1_1_1_50_1_1_27_1_136", "X_2_1_1_1_1_1_14_1_1_28_1_136", "X_2_1_1_1_1_1_51_1_1_29_1_136", "X_2_1_1_1_1_1_15_1_1_30_1_136", "X_2_1_1_1_1_1_52_1_1_31_1_136", "X_2_1_1_1_1_1_16_1_1_32_1_136", "X_2_1_1_1_1_1_53_1_1_33_1_136", "X_2_1_1_1_1_1_17_1_1_34_1_136", "X_2_1_1_1_1_1_54_1_1_35_1_136", "X_2_1_1_1_1_1_18_1_1_36_1_136", "X_2_1_1_1_1_1_55_1_1_37_1_136", "X_2_1_1_1_1_1_19_1_1_38_1_136", "X_2_1_1_1_1_1_56_1_1_39_1_136", "X_2_1_1_1_1_1_20_1_1_40_1_136", "X_2_1_1_1_1_1_57_1_1_41_1_136", "X_2_1_1_1_1_1_21_1_1_42_1_136", "X_2_1_1_1_1_1_58_1_1_43_1_136", "X_2_1_1_1_1_1_22_1_1_44_1_136", "X_2_1_1_1_1_1_59_1_1_45_1_136", "X_2_1_1_1_1_1_23_1_1_46_1_136", "X_2_1_1_1_1_1_60_1_1_47_1_136", "X_2_1_1_1_1_1_24_1_1_48_1_136", "X_2_1_1_1_1_1_61_1_1_49_1_136", "X_2_1_1_1_1_1_25_1_1_50_1_136", "X_2_1_1_1_1_1_62_1_1_51_1_136", "X_2_1_1_1_1_1_26_1_1_52_1_136", "X_2_1_1_1_1_1_63_1_1_53_1_136", "X_2_1_1_1_1_1_27_1_1_54_1_136", "X_2_1_1_1_1_1_64_1_1_55_1_136", "X_2_1_1_1_1_1_28_1_1_56_1_136", "X_2_1_1_1_1_1_65_1_1_57_1_136", "X_2_1_1_1_1_1_29_1_1_58_1_136", "X_2_1_1_1_1_1_66_1_1_59_1_136", "X_2_1_1_1_1_1_30_1_1_60_1_136", "X_2_1_1_1_1_1_67_1_1_61_1_136", "X_2_1_1_1_1_1_31_1_1_62_1_136", "X_2_1_1_1_1_1_68_1_1_63_1_136", "X_2_1_1_1_1_1_32_1_1_64_1_136", "X_2_1_1_1_1_1_69_1_1_65_1_136", "X_2_1_1_1_1_1_33_1_1_66_1_136", "X_2_1_1_1_1_1_70_1_1_67_1_136", "X_2_1_1_1_1_1_34_1_1_68_1_136", "X_2_1_1_1_1_1_71_1_1_69_1_136", "X_2_1_1_1_1_1_35_1_1_70_1_136", "X_2_1_1_1_1_1_72_1_1_71_1_136", "X_2_1_1_1_1_1_36_1_1_72_1_136"], "CsaImage.ProtocolSliceNumber": [0, 1, 2, 3, 4, 5, 6, 7, 8, 9, 10, 11, 12, 13, 14, 15, 16, 17, 18, 19, 20, 21, 22, 23, 24, 25, 26, 27, 28, 29, 30, 31, 32, 33, 34, 35, 36, 37, 38, 39, 40, 41, 42, 43, 44, 45, 46, 47, 48, 49, 50, 51, 52, 53, 54, 55, 56, 57, 58, 59, 60, 61, 62, 63, 64, 65, 66, 67, 68, 69, 70, 71], "CsaImage.RFSWDDataType": ["measured", "predicted", "measured", "predicted", "measured", "predicted", "measured", "predicted", "measured", "predicted", "measured", "predicted", "measured", "predicted", "measured", "predicted", "measured", "predicted", "measured", "predicted", "measured", "predicted", "measured", "predicted", "measured", "predicted", "measured", "predicted", "measured", "predicted", "measured", "predicted", "measured", "predicted", "measured", "predicted", "measured", "predicted", "measured", "predicted", "measured", "predicted", "measured", "predicted", "measured", "predicted", "measured", "predicted", "measured", "predicted", "measured", "predicted", "measured", "predicted", "measured", "predicted", "measured", "predicted", "measured", "predicted", "measured", "predicted", "measured", "predicted", "measured", "predicted", "measured", "measured", "measured", "measured", "measured", "measured"], "CsaImage.SlicePosition_PCS": [[-99.35401194, -115.17777324, -60.17552904], [-99.3538401, -114.94098353, -58.18959764], [-99.3536682, -114.70419288, -56.20365861], [-99.35349636, -114.46740222, -54.21772722], [-99.35332446, -114.23061252, -52.23179582], [-99.35315262, -113.99382186, -50.24586061], [-99.35298072, -113.75703216, -48.25992921], [-99.35280888, -113.5202415, -46.273994], [-99.35263698, -113.28345084, -44.28806261], [-99.35246514, -113.04666114, -42.30213121], [-99.3522933, -112.80987048, -40.316196], [-99.3521214, -112.57308078, -38.3302646], [-99.35194956, -112.33629012, -36.34432939], [-99.35177766, -112.09949946, -34.35839799], [-99.35160582, -111.86270976, -32.37246278], [-99.35143392, -111.6259191, -30.38653139], [-99.35126208, -111.3891294, -28.40059618], [-99.35109018, -111.15233874, -26.41466478], [-99.35091834, -110.91554904, -24.42872957], [-99.35074644, -110.67875838, -22.44279817], [-99.3505746, -110.44196773, -20.45686677], [-99.3504027, -110.20517802, -18.47093156], [-99.35023086, -109.96838737, -16.48499826], [-99.35005896, -109.73159766, -14.49906496], [-99.34988712, -109.49480701, -12.51313356], [-99.34971528, -109.25801635, -10.52720026], [-99.34954338, -109.02122665, -8.54126695], [-99.34937154, -108.78443599, -6.55533365], [-99.34919964, -108.54764628, -4.56940034], [-99.3490278, -108.31085563, -2.58346704], [-99.3488559, -108.07406592, -0.59753374], [-99.34868406, -107.83727527, 1.38839957], [-99.34851216, -107.60048461, 3.37433192], [-99.34834032, -107.36369491, 5.36026522], [-99.34816842, -107.12690425, 7.34619853], [-99.34799658, -106.89011407, 9.33213159], [-99.34782468, -106.65332389, 11.31806472], [-99.34765284, -106.41653371, 13.30399784], [-99.34748094, -106.17974353, 15.28993103], [-99.3473091, -105.94295287, 17.27586409], [-99.34713726, -105.70616269, 19.26179739], [-99.34696536, -105.46937251, 21.2477307], [-99.34679352, -105.23258233, 23.23366305], [-99.34662162, -104.99579215, 25.21959635], [-99.34644978, -104.75900197, 27.20552966], [-99.34627788, -104.52221131, 29.19146201], [-99.34610604, -104.28542113, 31.17739531], [-99.34593414, -104.04863095, 33.16332861], [-99.3457623, -103.81184077, 35.14926192], [-99.3455904, -103.57505059, 37.13519522], [-99.34541856, -103.33826041, 39.12112853], [-99.34524666, -103.10146999, 41.10706183], [-99.34507482, -102.86467958, 43.09299513], [-99.34490298, -102.6278894, 45.07892653], [-99.34473108, -102.39109922, 47.06486174], [-99.34455924, -102.1543088, 49.05079314], [-99.34438734, -101.91751862, 51.03672835], [-99.3442155, -101.68072844, 53.02265975], [-99.3440436, -101.44393802, 55.00859496], [-99.34387176, -101.20714784, 56.99452635], [-99.34369986, -100.97035754, 58.98045775], [-99.34352802, -100.73356724, 60.96639296], [-99.34335612, -100.49677706, 62.95232436], [-99.34318428, -100.25998676, 64.93825957], [-99.34301238, -100.02319652, 66.92419096], [-99.34284054, -99.78640622, 68.91012618], [-99.34266864, -99.54961598, 70.89605757], [-99.3424968, -99.3128257, 72.88199278], [-99.34232496, -99.07603544, 74.86792418], [-99.34215306, -98.83924517, 76.85385939], [-99.34198122, -98.6024549, 78.83979079], [-99.34180932, -98.36566466, 80.82572218]], "CsaImage.TimeAfterStart": [1.0825, 0.7225, 1.0925, 0.7325, 1.1025, 0.7425, 1.1125, 0.7525, 1.1225, 0.7625, 1.1325, 0.7725, 1.1425, 0.7825, 1.1525, 0.7925, 1.1625, 0.8025, 1.1725, 0.8125, 1.1825, 0.8225, 1.1925, 0.8325, 1.2025, 0.8425, 1.2125, 0.8525, 1.2225, 0.8625, 1.2325, 0.8725, 1.2425, 0.8825, 1.2525, 0.8925, 1.2625, 0.9025, 1.2725, 0.9125, 1.2825, 0.9225, 1.2925, 0.9325, 1.3025, 0.9425, 1.3125, 0.9525, 1.3225, 0.9625, 1.3325, 0.9725, 1.3425, 0.9825, 1.3525, 0.9925, 1.3625, 1.0025, 1.3725, 1.0125, 1.3825, 1.0225, 1.3925, 1.0325, 1.4025, 1.0425, 1.4125, 1.0525, 1.4225, 1.0625, 1.4325, 1.0725], "ImagePositionPatient": [[-99.354011941271, -115.1777732378, -60.175529036683], [-99.35384010108, -114.94098353443, -58.189597640198], [-99.353668201284, -114.70419287739, -56.20365861432], [-99.353496361094, -114.46740222034, -54.217727217835], [-99.353324461298, -114.23061251697, -52.231795821351], [-99.353152621107, -113.99382185993, -50.245860610169], [-99.352980721312, -113.75703215656, -48.259929213685], [-99.352808881121, -113.52024149952, -46.273994002503], [-99.352636981325, -113.28345084248, -44.288062606019], [-99.352465141134, -113.04666113911, -42.302131209534], [-99.352293300943, -112.80987048206, -40.316195998353], [-99.352121401148, -112.57308077869, -38.330264601868], [-99.351949560957, -112.33629012165, -36.344329390687], [-99.351777661161, -112.09949946461, -34.358397994202], [-99.351605820971, -111.86270976124, -32.372462783021], [-99.351433921175, -111.62591910419, -30.386531386536], [-99.351262080984, -111.38912940082, -28.400596175355], [-99.351090181189, -111.15233874378, -26.41466477887], [-99.350918340998, -110.91554904041, -24.428729567689], [-99.350746441202, -110.67875838337, -22.442798171204], [-99.350574601011, -110.44196772633, -20.45686677472], [-99.350402701216, -110.20517802296, -18.470931563538], [-99.350230861025, -109.96838736591, -16.484998259705], [-99.350058961229, -109.73159766254, -14.499064955872], [-99.349887121038, -109.4948070055, -12.513133559388], [-99.349715280848, -109.25801634846, -10.527200255555], [-99.349543381052, -109.02122664509, -8.5412669517219], [-99.349371540861, -108.78443598804, -6.5553336478889], [-99.349199641066, -108.54764628467, -4.5694003440559], [-99.349027800875, -108.31085562763, -2.5834670402229], [-99.348855901079, -108.07406592426, -0.5975337363899], [-99.348684060888, -107.83727526722, 1.3883995674431], [-99.348512161093, -107.60048461018, 3.3743319176018], [-99.348340320902, -107.36369490681, 5.3602652214348], [-99.348168421106, -107.12690424976, 7.3461985252678], [-99.347996580915, -106.89011406956, 9.3321315906823], [-99.34782468112, -106.65332388935, 11.318064715701], [-99.347652840929, -106.41653370914, 13.30399784072], [-99.347480941133, -106.17974352894, 15.289931025344], [-99.347309100943, -105.94295287189, 17.275864090759], [-99.347137260752, -105.70616269169, 19.261797394592], [-99.346965360956, -105.46937251148, 21.247730698425], [-99.346793520765, -105.23258233128, 23.233663048583], [-99.34662162097, -104.99579215107, 25.219596352416], [-99.346449780779, -104.75900197086, 27.205529656249], [-99.346277880983, -104.52221131382, 29.191462006408], [-99.346106040792, -104.28542113361, 31.177395310241], [-99.345934140997, -104.04863095341, 33.163328614074], [-99.345762300806, -103.8118407732, 35.149261917907], [-99.34559040101, -103.57505059299, 37.13519522174], [-99.34541856082, -103.33826041279, 39.121128525573], [-99.345246661024, -103.10146999416, 41.107061829406], [-99.345074820833, -102.86467957554, 43.092995133239], [-99.344902980642, -102.62788939533, 45.078926529723], [-99.344731080847, -102.39109921513, 47.064861740905], [-99.344559240656, -102.1543087965, 49.050793137389], [-99.34438734086, -101.91751861629, 51.036728348571], [-99.344215500669, -101.68072843609, 53.022659745055], [-99.344043600874, -101.44393801746, 55.008594956237], [-99.343871760683, -101.20714783726, 56.994526352721], [-99.343699860888, -100.97035753784, 58.980457749206], [-99.343528020697, -100.73356723843, 60.966392960387], [-99.343356120901, -100.49677705822, 62.952324356872], [-99.34318428071, -100.2599867588, 64.938259568053], [-99.343012380915, -100.02319651899, 66.924190964538], [-99.342840540724, -99.786406219577, 68.910126175719], [-99.342668640928, -99.549615979766, 70.896057572204], [-99.342496800737, -99.312825702702, 72.881992783385], [-99.342324960546, -99.07603544054, 74.86792417987], [-99.342153060751, -98.839245170926, 76.853859391052], [-99.34198122056, -98.602454901313, 78.839790787536], [-99.341809320765, -98.365664661502, 80.82572218402]], "InstanceCreationTime": ["142552.044000", "142551.977000", "142552.046000", "142551.979000", "142552.048000", "142551.981000", "142552.050000", "142551.983000", "142552.051000", "142551.985000", "142552.053000", "142551.987000", "142552.055000", "142551.988000", "142552.057000", "142551.990000", "142552.059000", "142551.992000", "142552.061000", "142551.994000", "142552.063000", "142551.996000", "142552.064000", "142551.998000", "142552.066000", "142552.000000", "142552.068000", "142552.002000", "142552.074000", "142552.004000", "142552.076000", "142552.006000", "142552.078000", "142552.008000", "142552.079000", "142552.009000", "142552.085000", "142552.011000", "142552.087000", "142552.013000", "142552.089000", "142552.015000", "142552.091000", "142552.017000", "142552.094000", "142552.019000", "142552.096000", "142552.020000", "142552.098000", "142552.022000", "142552.100000", "142552.024000", "142552.102000", "142552.026000", "142552.104000", "142552.028000", "142552.105000", "142552.030000", "142552.107000", "142552.031000", "142552.109000", "142552.033000", "142552.111000", "142552.035000", "142552.113000", "142552.037000", "142552.115000", "142552.039000", "142552.116000", "142552.041000", "142552.118000", "142552.042000"], "InstanceNumber": [1, 2, 3, 4, 5, 6, 7, 8, 9, 10, 11, 12, 13, 14, 15, 16, 17, 18, 19, 20, 21, 22, 23, 24, 25, 26, 27, 28, 29, 30, 31, 32, 33, 34, 35, 36, 37, 38, 39, 40, 41, 42, 43, 44, 45, 46, 47, 48, 49, 50, 51, 52, 53, 54, 55, 56, 57, 58, 59, 60, 61, 62, 63, 64, 65, 66, 67, 68, 69, 70, 71, 72], "LargestImagePixelValue": [4095, 4093, 4094, 4095, 4091, 4094, 4093, 4094, 4094, 4094, 4095, 4095, 4094, 4093, 4095, 4091, 4093, 4094, 4095, 4094, 4094, 4095, 4094, 4093, 4093, 4094, 4095, 4095, 4095, 4092, 4090, 4093, 4092, 4085, 4076, 4085, 4094, 4083, 4095, 4095, 4092, 4086, 4095, 4088, 4095, 4095, 4094, 4093, 4094, 4089, 4094, 4091, 4095, 4093, 4095, 4093, 4095, 4093, 4095, 4094, 4095, 4091, 4094, 4094, 4095, 4095, 4095, 4094, 4095, 4094, 4094, 4093], "SliceLocation": [-73.397313055301, -71.397314829129, -69.397308914307, -67.397310575225, -65.397312349047, -63.397310222097, -61.39731199592, -59.39730986897, -57.397311529882, -55.39731330371, -53.39731117676, -51.397312950582, -49.397310823633, -47.397312484545, -45.397310470506, -43.397312131418, -41.397310117378, -39.39731177829, -37.397309764251, -35.397311425163, -33.39731308608, -31.397311072036, -29.39731083902, -27.397310718909, -25.397312379826, -23.39731214681, -21.397312026699, -19.397311793682, -17.397311673571, -15.397311440555, -13.397311320444, -11.397311087428, -9.3973118013731, -7.3973116812673, -5.3973114482459, -3.3973115084265, -1.3973115094166, 0.6026884895882, 2.6026885477835, 4.6026885440581, 6.6026887206192, 8.6026888971853, 10.60268812678, 12.602688303346, 14.602688479907, 16.602687765962, 18.602687942523, 20.602688119089, 22.60268829565, 24.602688472216, 26.602688648777, 28.602688853571, 30.60268905836, 32.602687340987, 34.602689411487, 36.602687722342, 38.602689792842, 40.602688075469, 42.602690174196, 44.602688456824, 46.602686753571, 48.602688838179, 50.602687120812, 52.60268920542, 54.60268749511, 56.602689579718, 58.602687869408, 60.60268995137, 62.6026882437, 64.602690324785, 66.602688617998, 68.602686907688], "SmallestImagePixelValue": [0, 0, 0, 1, 4, 0, 0, 0, 0, 0, 1, 1, 2, 0, 0, 0, 0, 1, 1, 0, 0, 0, 2, 1, 0, 0, 0, 0, 2, 0, 2, 0, 1, 2, 0, 4, 8, 5, 3, 4, 3, 0, 0, 0, 1, 1, 2, 6, 0, 0, 0, 0, 0, 0, 0, 0, 1, 0, 0, 0, 0, 0, 0, 0, 0, 0, 0, 2, 0, 1, 0, 0], "WindowCenter": [-304.0, -326.0, -314.0, -276.0, -274.0, -284.0, -282.0, -246.0, -224.0, -244.0, -262.0, -186.0, -202.0, -166.0, -222.0, -232.0, -224.0, -228.0, -204.0, -178.0, -206.0, -264.0, -192.0, -170.0, -146.0, -328.0, -302.0, -292.0, -198.0, -172.0, -184.0, -144.0, -134.0, -142.0, -138.0, -224.0, -228.0, -50.0, -64.0, -48.0, -24.0, -144.0, 32.0, 6.0, -10.0, -8.0, -14.0, -176.0, -26.0, -218.0, -52.0, -114.0, -230.0, -132.0, -94.0, -130.0, -104.0, -126.0, -132.0, -124.0, -172.0, -162.0, -152.0, -130.0, -148.0, -186.0, -194.0, -258.0, -310.0, -364.0, -372.0, -342.0], "WindowWidth": [5842.0, 5984.0, 5972.0, 6060.0, 6020.0, 6030.0, 6026.0, 6116.0, 6100.0, 6154.0, 6168.0, 6274.0, 6232.0, 6258.0, 6120.0, 6082.0, 5972.0, 5984.0, 5820.0, 5746.0, 5504.0, 5354.0, 5520.0, 5454.0, 5442.0, 4714.0, 4694.0, 4694.0, 4886.0, 5252.0, 5322.0, 5422.0, 5304.0, 5160.0, 5068.0, 4614.0, 4616.0, 5172.0, 4940.0, 5032.0, 5260.0, 4556.0, 5196.0, 5174.0, 5068.0, 5132.0, 5176.0, 4594.0, 5394.0, 4640.0, 5448.0, 5214.0, 4702.0, 5430.0, 5514.0, 5436.0, 5468.0, 5568.0, 5670.0, 5668.0, 5814.0, 5858.0, 5964.0, 5996.0, 6134.0, 6116.0, 6180.0, 6128.0, 6224.0, 6298.0, 6366.0, 6438.0]}}, "IntendedFor": ["ses-1/func/sub-63_ses-1_task-motor_run-05_bold.nii.gz", "ses-1/func/sub-63_ses-1_task-motor_run-06_bold.nii.gz", "ses-1/func/sub-63_ses-1_task-motor_run-04_bold.nii.gz", "ses-1/func/sub-63_ses-1_task-motor_run-02_bold.nii.gz", "ses-1/func/sub-63_ses-1_task-motor_run-01_bold.nii.gz", "ses-1/func/sub-63_ses-1_task-motor_run-03_bold.nii.gz"]}