{"AcquisitionMatrixPE": 100, "AcquisitionNumber": 1, "AcquisitionTime": "13:20:1.312500", "BaseResolution": 100, "BodyPartExamined": "BRAIN", "ConsistencyInfo": "N4_VE11C_LATEST_20160120", "ConversionSoftware": "dcm2niix", "ConversionSoftwareVersion": "v1.0.20180622 GCC4.9.2", "DeviceSerialNumber": "166078", "DwellTime": 8.8e-06, "EchoNumber": 2, "EchoTime": 0.00738, "EchoTime1": 0.00492, "EchoTime2": 0.00738, "FlipAngle": 60, "ImageOrientationPatientDICOM": [0.999067, 0.0165139, -0.0399142, -0.0296516, 0.934126, -0.35571], "ImageType": ["ORIGINAL", "PRIMARY", "P", "ND"], "InPlanePhaseEncodingDirectionDICOM": "ROW", "InstitutionAddress": "Street_StreetNo_Bei_Jing_District_CN_ZIP", "InstitutionName": "BeiJing_Normal_University", "InstitutionalDepartmentName": "Department", "MRAcquisitionType": "2D", "MagneticFieldStrength": 3, "Manufacturer": "Siemens", "ManufacturersModelName": "Prisma", "Modality": "MR", "PartialFourier": 1, "PatientPosition": "HFS", "PercentPhaseFOV": 100, "PhaseEncodingDirection": "i", "PhaseEncodingSteps": 100, "PhaseResolution": 1, "PixelBandwidth": 570, "ProcedureStepDescription": "BNU_P2018_64CH_Liu.Jia", "ProtocolName": "field_mapping_2x2x2", "PulseSequenceDetails": "%SiemensSeq%_gre_field_mapping", "ReceiveCoilActiveElements": "HC1-7;NC1", "ReceiveCoilName": "HeadNeck_64", "ReconMatrixPE": 100, "RepetitionTime": 0.72, "SAR": 0.110047, "ScanningSequence": "GR", "SequenceName": "_fm2d2r", "SequenceVariant": "SP", "SeriesDescription": "field_mapping_2x2x2", "SeriesNumber": 7, "ShimSetting": [-5471, -11475, -1297, 335, 14, -193, -207, 105], "SliceThickness": 2, "SoftwareVersions": "syngo_MR_E11", "SpacingBetweenSlices": 2, "StationName": "AWP166078", "TxRefAmp": 235.033, "dcmmeta_affine": [[-1.9981333017349243, -0.05930321291089058, -0.06282147765159607, 107.7414779663086], [-0.03302771598100662, 1.8682514429092407, -0.7131233215332031, -64.44696044921875], [-0.07982847094535828, 0.7114209532737732, 1.8674850463867188, -108.11325073242188], [0.0, 0.0, 0.0, 1.0]], "dcmmeta_reorient_transform": [[0.0, -1.0, 0.0, 99.0], [1.0, 0.0, 0.0, 0.0], [0.0, 0.0, -1.0, 71.0], [0.0, 0.0, 0.0, 1.0]], "dcmmeta_shape": [100, 100, 72], "dcmmeta_slice_dim": 2, "dcmmeta_version": 0.6, "global": {"const": {"AcquisitionMatrix": [0, 100, 100, 0], "AcquisitionNumber": 1, "AngioFlag": "N", "BitsAllocated": 16, "BitsStored": 12, "BodyPartExamined": "BRAIN", "Columns": 100, "EchoNumbers": 2, "EchoTime": 7.38, "EchoTrainLength": 0, "FlipAngle": 60.0, "HighBit": 11, "ImageOrientationPatient": [0.99906663760548, 0.01651385864398, -0.0399142342576, -0.0296516065051, 0.93412571273764, -0.3557104651737], "ImageType": ["ORIGINAL", "PRIMARY", "P", "ND"], "ImagedNucleus": "1H", "ImagingFrequency": 123.257857, "InPlanePhaseEncodingDirection": "ROW", "MRAcquisitionType": "2D", "MagneticFieldStrength": 3.0, "Manufacturer": "SIEMENS", "ManufacturerModelName": "Prisma", "Modality": "MR", "NumberOfAverages": 1.0, "NumberOfPhaseEncodingSteps": 100, "PercentPhaseFieldOfView": 100.0, "PercentSampling": 100.0, "PerformedProcedureStepStartTime": "124938.487000", "PhotometricInterpretation": "MONOCHROME2", "PixelBandwidth": 570.0, "PixelRepresentation": 0, "PixelSpacing": [2.0, 2.0], "ProtocolName": "field_mapping_2x2x2", "RepetitionTime": 720.0, "RescaleIntercept": -4096.0, "RescaleSlope": 2.0, "RescaleType": "US", "Rows": 100, "SAR": 0.11004718121658, "SamplesPerPixel": 1, "ScanningSequence": "GR", "SequenceName": "*fm2d2r", "SequenceVariant": "SP", "SeriesDescription": "field_mapping_2x2x2", "SeriesNumber": 7, "SeriesTime": "132226.084000", "SliceThickness": 2.0, "SoftwareVersions": "syngo MR E11", "SpacingBetweenSlices": 2.0, "SpecificCharacterSet": "ISO_IR 100", "StudyID": "1", "StudyTime": "124938.408000", "TransmitCoilName": "Body", "VariableFlipAngleFlag": "N", "WindowCenterWidthExplanation": "Algo1", "dBdt": 0.0}, "slices": {"AcquisitionTime": ["132001.312500", "132000.952500", "132001.322500", "132000.962500", "132001.332500", "132000.972500", "132001.342500", "132000.982500", "132001.352500", "132000.992500", "132001.362500", "132001.002500", "132001.372500", "132001.012500", "132001.382500", "132001.022500", "132001.392500", "132001.032500", "132001.402500", "132001.042500", "132001.412500", "132001.052500", "132001.422500", "132001.062500", "132001.432500", "132001.072500", "132001.442500", "132001.082500", "132001.452500", "132001.092500", "132001.462500", "132001.102500", "132001.472500", "132001.112500", "132001.482500", "132001.122500", "132001.492500", "132001.132500", "132001.502500", "132001.142500", "132001.512500", "132001.152500", "132001.522500", "132001.162500", "132001.532500", "132001.172500", "132001.542500", "132001.182500", "132001.552500", "132001.192500", "132001.562500", "132001.202500", "132001.572500", "132001.212500", "132001.582500", "132001.222500", "132001.592500", "132001.232500", "132001.602500", "132001.242500", "132001.612500", "132001.252500", "132001.622500", "132001.262500", "132001.632500", "132001.272500", "132001.642500", "132001.282500", "132001.652500", "132001.292500", "132001.662500", "132001.302500"], "ContentTime": ["132226.152000", "132226.085000", "132226.153000", "132226.088000", "132226.155000", "132226.089000", "132226.157000", "132226.091000", "132226.159000", "132226.093000", "132226.161000", "132226.095000", "132226.163000", "132226.097000", "132226.165000", "132226.099000", "132226.166000", "132226.101000", "132226.168000", "132226.102000", "132226.170000", "132226.104000", "132226.172000", "132226.106000", "132226.174000", "132226.108000", "132226.176000", "132226.110000", "132226.178000", "132226.111000", "132226.179000", "132226.113000", "132226.181000", "132226.115000", "132226.183000", "132226.117000", "132226.185000", "132226.119000", "132226.187000", "132226.120000", "132226.189000", "132226.122000", "132226.191000", "132226.124000", "132226.375000", "132226.126000", "132226.376000", "132226.128000", "132226.378000", "132226.130000", "132226.380000", "132226.131000", "132226.382000", "132226.133000", "132226.384000", "132226.135000", "132226.385000", "132226.137000", "132226.387000", "132226.139000", "132226.389000", "132226.140000", "132226.391000", "132226.142000", "132226.393000", "132226.144000", "132226.395000", "132226.146000", "132226.396000", "132226.148000", "132226.398000", "132226.150000"], "CsaImage.GSWDDataType": ["measured", "predicted", "measured", "predicted", "measured", "predicted", "measured", "predicted", "measured", "predicted", "measured", "predicted", "measured", "predicted", "measured", "predicted", "measured", "predicted", "measured", "predicted", "measured", "predicted", "measured", "predicted", "measured", "predicted", "measured", "predicted", "measured", "predicted", "measured", "predicted", "measured", "predicted", "measured", "predicted", "measured", "predicted", "measured", "predicted", "measured", "predicted", "measured", "predicted", "measured", "predicted", "measured", "predicted", "measured", "predicted", "measured", "predicted", "measured", "predicted", "measured", "predicted", "measured", "measured", "measured", "measured", "measured", "measured", "measured", "measured", "measured", "measured", "measured", "measured", "measured", "measured", "measured", "measured"], "CsaImage.ICE_Dims": ["X_2_1_1_1_1_1_37_1_1_1_1_107", "X_2_1_1_1_1_1_1_1_1_2_1_107", "X_2_1_1_1_1_1_38_1_1_3_1_107", "X_2_1_1_1_1_1_2_1_1_4_1_107", "X_2_1_1_1_1_1_39_1_1_5_1_107", "X_2_1_1_1_1_1_3_1_1_6_1_107", "X_2_1_1_1_1_1_40_1_1_7_1_107", "X_2_1_1_1_1_1_4_1_1_8_1_107", "X_2_1_1_1_1_1_41_1_1_9_1_107", "X_2_1_1_1_1_1_5_1_1_10_1_107", "X_2_1_1_1_1_1_42_1_1_11_1_107", "X_2_1_1_1_1_1_6_1_1_12_1_107", "X_2_1_1_1_1_1_43_1_1_13_1_107", "X_2_1_1_1_1_1_7_1_1_14_1_107", "X_2_1_1_1_1_1_44_1_1_15_1_107", "X_2_1_1_1_1_1_8_1_1_16_1_107", "X_2_1_1_1_1_1_45_1_1_17_1_107", "X_2_1_1_1_1_1_9_1_1_18_1_107", "X_2_1_1_1_1_1_46_1_1_19_1_107", "X_2_1_1_1_1_1_10_1_1_20_1_107", "X_2_1_1_1_1_1_47_1_1_21_1_107", "X_2_1_1_1_1_1_11_1_1_22_1_107", "X_2_1_1_1_1_1_48_1_1_23_1_107", "X_2_1_1_1_1_1_12_1_1_24_1_107", "X_2_1_1_1_1_1_49_1_1_25_1_107", "X_2_1_1_1_1_1_13_1_1_26_1_107", "X_2_1_1_1_1_1_50_1_1_27_1_107", "X_2_1_1_1_1_1_14_1_1_28_1_107", "X_2_1_1_1_1_1_51_1_1_29_1_107", "X_2_1_1_1_1_1_15_1_1_30_1_107", "X_2_1_1_1_1_1_52_1_1_31_1_107", "X_2_1_1_1_1_1_16_1_1_32_1_107", "X_2_1_1_1_1_1_53_1_1_33_1_107", "X_2_1_1_1_1_1_17_1_1_34_1_107", "X_2_1_1_1_1_1_54_1_1_35_1_107", "X_2_1_1_1_1_1_18_1_1_36_1_107", "X_2_1_1_1_1_1_55_1_1_37_1_107", "X_2_1_1_1_1_1_19_1_1_38_1_107", "X_2_1_1_1_1_1_56_1_1_39_1_107", "X_2_1_1_1_1_1_20_1_1_40_1_107", "X_2_1_1_1_1_1_57_1_1_41_1_107", "X_2_1_1_1_1_1_21_1_1_42_1_107", "X_2_1_1_1_1_1_58_1_1_43_1_107", "X_2_1_1_1_1_1_22_1_1_44_1_107", "X_2_1_1_1_1_1_59_1_1_45_1_107", "X_2_1_1_1_1_1_23_1_1_46_1_107", "X_2_1_1_1_1_1_60_1_1_47_1_107", "X_2_1_1_1_1_1_24_1_1_48_1_107", "X_2_1_1_1_1_1_61_1_1_49_1_107", "X_2_1_1_1_1_1_25_1_1_50_1_107", "X_2_1_1_1_1_1_62_1_1_51_1_107", "X_2_1_1_1_1_1_26_1_1_52_1_107", "X_2_1_1_1_1_1_63_1_1_53_1_107", "X_2_1_1_1_1_1_27_1_1_54_1_107", "X_2_1_1_1_1_1_64_1_1_55_1_107", "X_2_1_1_1_1_1_28_1_1_56_1_107", "X_2_1_1_1_1_1_65_1_1_57_1_107", "X_2_1_1_1_1_1_29_1_1_58_1_107", "X_2_1_1_1_1_1_66_1_1_59_1_107", "X_2_1_1_1_1_1_30_1_1_60_1_107", "X_2_1_1_1_1_1_67_1_1_61_1_107", "X_2_1_1_1_1_1_31_1_1_62_1_107", "X_2_1_1_1_1_1_68_1_1_63_1_107", "X_2_1_1_1_1_1_32_1_1_64_1_107", "X_2_1_1_1_1_1_69_1_1_65_1_107", "X_2_1_1_1_1_1_33_1_1_66_1_107", "X_2_1_1_1_1_1_70_1_1_67_1_107", "X_2_1_1_1_1_1_34_1_1_68_1_107", "X_2_1_1_1_1_1_71_1_1_69_1_107", "X_2_1_1_1_1_1_35_1_1_70_1_107", "X_2_1_1_1_1_1_72_1_1_71_1_107", "X_2_1_1_1_1_1_36_1_1_72_1_107"], "CsaImage.ProtocolSliceNumber": [0, 1, 2, 3, 4, 5, 6, 7, 8, 9, 10, 11, 12, 13, 14, 15, 16, 17, 18, 19, 20, 21, 22, 23, 24, 25, 26, 27, 28, 29, 30, 31, 32, 33, 34, 35, 36, 37, 38, 39, 40, 41, 42, 43, 44, 45, 46, 47, 48, 49, 50, 51, 52, 53, 54, 55, 56, 57, 58, 59, 60, 61, 62, 63, 64, 65, 66, 67, 68, 69, 70, 71], "CsaImage.RFSWDDataType": ["measured", "predicted", "measured", "predicted", "measured", "predicted", "measured", "predicted", "measured", "predicted", "measured", "predicted", "measured", "predicted", "measured", "predicted", "measured", "predicted", "measured", "predicted", "measured", "predicted", "measured", "predicted", "measured", "predicted", "measured", "predicted", "measured", "predicted", "measured", "predicted", "measured", "predicted", "measured", "predicted", "measured", "predicted", "measured", "predicted", "measured", "predicted", "measured", "predicted", "measured", "predicted", "measured", "predicted", "measured", "predicted", "measured", "predicted", "measured", "measured", "measured", "measured", "measured", "measured", "measured", "measured", "measured", "measured", "measured", "measured", "measured", "measured", "measured", "measured", "measured", "measured", "measured", "measured"], "CsaImage.SlicePosition_PCS": [[-101.870462, -120.50997726, -37.68271591], [-101.80764061, -119.79685394, -35.81523086], [-101.74481923, -119.08372871, -33.94774582], [-101.68199784, -118.37060539, -32.08025314], [-101.61917597, -117.65748207, -30.21276809], [-101.55635458, -116.94435875, -28.34528305], [-101.4935332, -116.23123352, -26.477798], [-101.43071133, -115.5181102, -24.61030533], [-101.36788994, -114.80498688, -22.74282028], [-101.30506855, -114.09186165, -20.87533142], [-101.24224717, -113.37873833, -19.00784637], [-101.1794253, -112.66561501, -17.14035751], [-101.11660391, -111.95248978, -15.27287246], [-101.05378253, -111.23936646, -13.4053836], [-100.99096114, -110.52624218, -11.53789856], [-100.92813951, -109.81311886, -9.6704097], [-100.86531788, -109.09999458, -7.80292465], [-100.8024965, -108.38687031, -5.93543579], [-100.73967487, -107.67374699, -4.06795074], [-100.67685324, -106.96062271, -2.20046188], [-100.61403185, -106.24749844, -0.33297683], [-100.55121023, -105.53437511, 1.53451203], [-100.48838884, -104.82125084, 3.40199707], [-100.42556721, -104.10812656, 5.26948593], [-100.36274582, -103.39500324, 7.13697098], [-100.2999242, -102.68187897, 9.00445793], [-100.23710281, -101.96875517, 10.87194489], [-100.17428118, -101.25563089, 12.73943375], [-100.11145979, -100.5425071, 14.6069207], [-100.04863817, -99.8293833, 16.47440766], [-99.98581654, -99.1162595, 18.34189461], [-99.92299515, -98.40313546, 20.20938156], [-99.86017353, -97.69001143, 22.07686852], [-99.79735214, -96.97688751, 23.94435452], [-99.73453051, -96.26376359, 25.81184147], [-99.67170912, -95.55063958, 27.67932843], [-99.6088875, -94.83751565, 29.54681538], [-99.54606611, -94.12439172, 31.41430329], [-99.48324448, -93.4112678, 33.28178976], [-99.42042309, -92.69814388, 35.14927672], [-99.35760147, -91.98501985, 37.01676391], [-99.29477984, -91.27189605, 38.88425086], [-99.23195845, -90.55877201, 40.75173782], [-99.16913682, -89.84564821, 42.61922477], [-99.10631544, -89.13252394, 44.48671196], [-99.04349381, -88.41940014, 46.35419892], [-98.98067242, -87.70627634, 48.22168587], [-98.91785079, -86.99315254, 50.08917282], [-98.85502929, -86.28002827, 51.95665978], [-98.79220778, -85.56690399, 53.82414673], [-98.72938627, -84.85378067, 55.69163369], [-98.66656477, -84.1406564, 57.55912064], [-98.60374326, -83.42753212, 59.42660759], [-98.54092175, -82.7144088, 61.29409455], [-98.47810024, -82.00128452, 63.1615815], [-98.41527874, -81.2881612, 65.02906845], [-98.35245723, -80.57503693, 66.89655541], [-98.2896356, -79.86191265, 68.76404236], [-98.22681409, -79.14878933, 70.63152932], [-98.16399259, -78.43566505, 72.49901627], [-98.10117108, -77.72254173, 74.36650513], [-98.03834957, -77.0094165, 76.23399018], [-97.97552806, -76.29629318, 78.10147904], [-97.91270656, -75.58316986, 79.96896408], [-97.84988505, -74.87004463, 81.83645294], [-97.78706348, -74.15692131, 83.70393799], [-97.72424197, -73.44379799, 85.57142685], [-97.66142047, -72.73067276, 87.4389119], [-97.59859896, -72.01754944, 89.30640076], [-97.53577745, -71.30442612, 91.17388581], [-97.47295589, -70.59130089, 93.04137467], [-97.41013441, -69.87817757, 94.90885971]], "CsaImage.TimeAfterStart": [1.0825, 0.7225, 1.0925, 0.7325, 1.1025, 0.7425, 1.1125, 0.7525, 1.1225, 0.7625, 1.1325, 0.7725, 1.1425, 0.7825, 1.1525, 0.7925, 1.1625, 0.8025, 1.1725, 0.8125, 1.1825, 0.8225, 1.1925, 0.8325, 1.2025, 0.8425, 1.2125, 0.8525, 1.2225, 0.8625, 1.2325, 0.8725, 1.2425, 0.8825, 1.2525, 0.8925, 1.2625, 0.9025, 1.2725, 0.9125, 1.2825, 0.9225, 1.2925, 0.9325, 1.3025, 0.9425, 1.3125, 0.9525, 1.3225, 0.9625, 1.3325, 0.9725, 1.3425, 0.9825, 1.3525, 0.9925, 1.3625, 1.0025, 1.3725, 1.0125, 1.3825, 1.0225, 1.3925, 1.0325, 1.4025, 1.0425, 1.4125, 1.0525, 1.4225, 1.0625, 1.4325, 1.0725], "ImagePositionPatient": [[-101.87046200286, -120.5099772645, -37.682715908926], [-101.80764061461, -119.79685394297, -35.815230862539], [-101.74481922637, -119.08372871409, -33.947745816153], [-101.68199783812, -118.37060539256, -32.080253140371], [-101.61917597304, -117.65748207102, -30.212768093985], [-101.5563545848, -116.94435874949, -28.345283047598], [-101.49353319655, -116.23123352061, -26.477798001211], [-101.43071133147, -115.51811019907, -24.61030532543], [-101.36788994323, -114.80498687754, -22.742820279043], [-101.30506855498, -114.09186164866, -20.875331417959], [-101.24224716674, -113.37873832713, -19.007846371573], [-101.17942530166, -112.66561500559, -17.140357510489], [-101.11660391341, -111.95248977671, -15.272872464102], [-101.05378252517, -111.23936645518, -13.405383603018], [-100.99096113692, -110.52624217997, -11.537898556631], [-100.92813951026, -109.81311885844, -9.6704096955473], [-100.8653178836, -109.09999458323, -7.8029246491606], [-100.80249649535, -108.38687030802, -5.9354357880766], [-100.73967486869, -107.67374698649, -4.0679507416899], [-100.67685324202, -106.96062271128, -2.2004618806059], [-100.61403185378, -106.24749843607, -0.3329768342192], [-100.55121022712, -105.53437511454, 1.5345120268648], [-100.48838883887, -104.82125083933, 3.4019970732516], [-100.42556721221, -104.10812656413, 5.2694859343355], [-100.36274582396, -103.39500324259, 7.1369709807223], [-100.2999241973, -102.68187896739, 9.0044579344576], [-100.23710280906, -101.96875516902, 10.871944888193], [-100.17428118239, -101.25563089381, 12.739433749277], [-100.11145979415, -100.54250709544, 14.606920703012], [-100.04863816749, -99.829383297067, 16.474407656748], [-99.985816540822, -99.116259498697, 18.341894610483], [-99.922995152577, -98.403135461908, 20.209381564218], [-99.860173525914, -97.690011425119, 22.076868517954], [-99.79735213767, -96.976887507539, 23.944354518015], [-99.734530511006, -96.263763589959, 25.81184147175], [-99.671709122762, -95.550639582973, 27.679328425485], [-99.608887496099, -94.837515650492, 29.546815379221], [-99.546066107854, -94.124391718011, 31.41430328663], [-99.483244481191, -93.411267800431, 33.281789763529], [-99.420423092946, -92.698143882852, 35.149276717264], [-99.357601466283, -91.985019846063, 37.016763909418], [-99.29477983962, -91.271896047693, 38.884250863153], [-99.231958451375, -90.558772010904, 40.751737816889], [-99.169136824712, -89.845648212533, 42.619224770624], [-99.106315436467, -89.132523937326, 44.486711962778], [-99.043493809804, -88.419400138955, 46.354198916513], [-98.980672421559, -87.706276340585, 48.221685870249], [-98.917850794896, -86.993152542215, 50.089172823984], [-98.855029287442, -86.280028267007, 51.956659777719], [-98.792207779988, -85.5669039918, 53.824146731455], [-98.729386272534, -84.853780670266, 55.69163368519], [-98.66656476508, -84.140656395059, 57.559120638925], [-98.603743257627, -83.427532119851, 59.426607592661], [-98.540921750173, -82.714408798318, 61.294094546396], [-98.478100242719, -82.001284523111, 63.161581500131], [-98.415278735265, -81.288161201577, 65.029068453867], [-98.352457227811, -80.57503692637, 66.896555407602], [-98.289635601148, -79.861912651162, 68.764042361337], [-98.226814093694, -79.148789329629, 70.631529315073], [-98.16399258624, -78.435665054422, 72.499016268808], [-98.101171078786, -77.722541732888, 74.366505129892], [-98.038349571332, -77.009416504007, 76.233990176279], [-97.975528063878, -76.296293182473, 78.101479037363], [-97.912706556424, -75.58316986094, 79.96896408375], [-97.84988504897, -74.870044632058, 81.836452944834], [-97.787063481912, -74.156921310525, 83.70393799122], [-97.724241974458, -73.443797988992, 85.571426852304], [-97.661420467004, -72.73067276011, 87.438911898691], [-97.59859895955, -72.017549438577, 89.306400759775], [-97.535777452096, -71.304426117044, 91.173885806162], [-97.472955885037, -70.591300888162, 93.041374667246], [-97.410134407386, -69.878177566629, 94.908859713632]], "InstanceCreationTime": ["132226.152000", "132226.085000", "132226.153000", "132226.088000", "132226.155000", "132226.089000", "132226.157000", "132226.091000", "132226.159000", "132226.093000", "132226.161000", "132226.095000", "132226.163000", "132226.097000", "132226.165000", "132226.099000", "132226.166000", "132226.101000", "132226.168000", "132226.102000", "132226.170000", "132226.104000", "132226.172000", "132226.106000", "132226.174000", "132226.108000", "132226.176000", "132226.110000", "132226.178000", "132226.111000", "132226.179000", "132226.113000", "132226.181000", "132226.115000", "132226.183000", "132226.117000", "132226.185000", "132226.119000", "132226.187000", "132226.120000", "132226.189000", "132226.122000", "132226.191000", "132226.124000", "132226.375000", "132226.126000", "132226.376000", "132226.128000", "132226.378000", "132226.130000", "132226.380000", "132226.131000", "132226.382000", "132226.133000", "132226.384000", "132226.135000", "132226.385000", "132226.137000", "132226.387000", "132226.139000", "132226.389000", "132226.140000", "132226.391000", "132226.142000", "132226.393000", "132226.144000", "132226.395000", "132226.146000", "132226.396000", "132226.148000", "132226.398000", "132226.150000"], "InstanceNumber": [1, 2, 3, 4, 5, 6, 7, 8, 9, 10, 11, 12, 13, 14, 15, 16, 17, 18, 19, 20, 21, 22, 23, 24, 25, 26, 27, 28, 29, 30, 31, 32, 33, 34, 35, 36, 37, 38, 39, 40, 41, 42, 43, 44, 45, 46, 47, 48, 49, 50, 51, 52, 53, 54, 55, 56, 57, 58, 59, 60, 61, 62, 63, 64, 65, 66, 67, 68, 69, 70, 71, 72], "LargestImagePixelValue": [4093, 4095, 4095, 4094, 4095, 4094, 4094, 4092, 4094, 4093, 4095, 4092, 4095, 4094, 4090, 4093, 4092, 4089, 4094, 4094, 4093, 4094, 4094, 4094, 4091, 4093, 4095, 4088, 4090, 4095, 4092, 4095, 4091, 4095, 4095, 4093, 4084, 4095, 4095, 4094, 4091, 4090, 4092, 4095, 4092, 4089, 4095, 4090, 4092, 4092, 4095, 4094, 4095, 4094, 4093, 4093, 4093, 4095, 4093, 4095, 4095, 4095, 4095, 4095, 4095, 4093, 4095, 4095, 4094, 4094, 4094, 4091], "SliceLocation": [-81.355095646201, -79.355097696949, -77.355099067608, -75.355093994458, -73.355096030228, -71.355098080976, -69.355099451636, -67.355094363508, -65.355096414256, -63.355094222967, -61.355096273714, -59.355094747535, -57.355096118195, -55.355094606994, -53.355096317698, -51.355094799008, -49.355096502222, -47.355094650977, -45.355096694236, -43.355094835502, -41.355096546206, -39.355095027516, -37.355096738219, -35.355094879485, -33.355096930233, -31.355096852473, -29.355096952225, -27.355095093491, -25.355095193242, -23.355095285504, -21.355095377767, -19.355095392507, -17.355095399758, -15.355096347491, -13.355096397248, -11.355096422615, -9.3550964670585, -7.3550956285039, -5.3550961235044, -3.3550961807502, -1.3550959653798, 0.64490394235784, 2.6449039276175, 4.6449038353552, 6.6449041282477, 8.6449040359853, 10.644903936234, 12.644903843972, 14.644903917987, 16.644903992002, 18.644903725973, 20.644903799988, 22.644903874003, 24.644903607975, 26.64490368199, 28.644903415961, 30.644903489976, 32.644903567736, 34.644903301707, 36.644903375722, 38.644904890668, 40.644903523752, 42.644905038698, 44.644902991695, 46.644905186728, 48.644903141597, 50.644904656543, 52.644903289628, 54.644904804573, 56.64490275757, 58.644904954476, 60.644902906536], "SmallestImagePixelValue": [0, 0, 4, 0, 0, 6, 0, 0, 2, 0, 1, 1, 0, 2, 1, 2, 0, 0, 2, 0, 0, 1, 0, 0, 0, 3, 2, 7, 2, 0, 6, 7, 1, 0, 0, 2, 0, 4, 8, 1, 5, 3, 9, 0, 0, 1, 0, 0, 6, 2, 2, 3, 2, 3, 0, 0, 0, 3, 0, 0, 0, 2, 0, 0, 0, 1, 0, 0, 0, 0, 2, 0], "WindowCenter": [-192.0, -180.0, -182.0, -200.0, -214.0, -202.0, -178.0, -178.0, -214.0, -228.0, -204.0, -228.0, -270.0, -292.0, -366.0, -312.0, -276.0, -306.0, -356.0, -500.0, -344.0, -484.0, -396.0, -186.0, -278.0, -246.0, -240.0, -220.0, -214.0, -104.0, -42.0, -50.0, -202.0, -208.0, -196.0, -46.0, -32.0, 0.0, -34.0, 32.0, -14.0, 30.0, -4.0, 16.0, -14.0, -8.0, -30.0, -20.0, -54.0, -56.0, -90.0, -74.0, -78.0, -80.0, -78.0, -78.0, -72.0, -102.0, -100.0, -112.0, -122.0, -120.0, -82.0, -142.0, -150.0, -194.0, -182.0, -232.0, -278.0, -290.0, -342.0, -358.0], "WindowWidth": [5824.0, 5820.0, 5870.0, 5912.0, 5974.0, 6078.0, 6016.0, 6050.0, 6046.0, 6078.0, 6100.0, 6116.0, 6036.0, 5970.0, 5850.0, 5730.0, 5658.0, 5482.0, 5484.0, 4694.0, 5278.0, 4598.0, 4568.0, 5148.0, 4540.0, 4526.0, 4518.0, 4524.0, 4534.0, 4940.0, 5318.0, 5222.0, 4580.0, 4584.0, 4570.0, 5156.0, 5218.0, 5246.0, 5010.0, 5262.0, 5064.0, 5282.0, 5248.0, 5328.0, 5254.0, 5330.0, 5364.0, 5396.0, 5408.0, 5440.0, 5358.0, 5530.0, 5532.0, 5562.0, 5576.0, 5568.0, 5656.0, 5666.0, 5674.0, 5746.0, 5766.0, 5792.0, 5864.0, 5886.0, 5990.0, 6014.0, 6048.0, 6086.0, 6066.0, 6166.0, 6058.0, 6018.0]}}, "IntendedFor": ["ses-1/func/sub-38_ses-1_task-motor_run-01_bold.nii.gz", "ses-1/func/sub-38_ses-1_task-motor_run-04_bold.nii.gz", "ses-1/func/sub-38_ses-1_task-motor_run-05_bold.nii.gz", "ses-1/func/sub-38_ses-1_task-motor_run-06_bold.nii.gz", "ses-1/func/sub-38_ses-1_task-motor_run-02_bold.nii.gz", "ses-1/func/sub-38_ses-1_task-motor_run-03_bold.nii.gz"]}