{"AcquisitionMatrixPE": 100, "AcquisitionNumber": 1, "AcquisitionTime": "14:36:27.362500", "BaseResolution": 100, "BodyPartExamined": "BRAIN", "ConsistencyInfo": "N4_VE11C_LATEST_20160120", "ConversionSoftware": "dcm2niix", "ConversionSoftwareVersion": "v1.0.20180622 GCC4.9.2", "DeviceSerialNumber": "166078", "DwellTime": 8.8e-06, "EchoNumber": 2, "EchoTime": 0.00738, "EchoTime1": 0.00492, "EchoTime2": 0.00738, "FlipAngle": 60, "ImageOrientationPatientDICOM": [0.997249, 0.0511658, 0.0536332, -0.0435408, 0.989918, -0.134784], "ImageType": ["ORIGINAL", "PRIMARY", "P", "ND"], "InPlanePhaseEncodingDirectionDICOM": "ROW", "InstitutionAddress": "Street_StreetNo_Bei_Jing_District_CN_ZIP", "InstitutionName": "BeiJing_Normal_University", "InstitutionalDepartmentName": "Department", "MRAcquisitionType": "2D", "MagneticFieldStrength": 3, "Manufacturer": "Siemens", "ManufacturersModelName": "Prisma", "Modality": "MR", "PartialFourier": 1, "PatientPosition": "HFS", "PercentPhaseFOV": 100, "PhaseEncodingDirection": "i", "PhaseEncodingSteps": 100, "PhaseResolution": 1, "PixelBandwidth": 570, "ProcedureStepDescription": "BNU_P2018_64CH_Liu.Jia", "ProtocolName": "field_mapping_2x2x2", "PulseSequenceDetails": "%SiemensSeq%_gre_field_mapping", "ReceiveCoilActiveElements": "HC1-7;NC1", "ReceiveCoilName": "HeadNeck_64", "ReconMatrixPE": 100, "RepetitionTime": 0.72, "SAR": 0.10712, "ScanningSequence": "GR", "SequenceName": "_fm2d2r", "SequenceVariant": "SP", "SeriesDescription": "field_mapping_2x2x2", "SeriesNumber": 8, "ShimSetting": [-5451, -11491, -1262, 415, -75, -298, -110, -20], "SliceThickness": 2, "SoftwareVersions": "syngo_MR_E11", "SpacingBetweenSlices": 2, "StationName": "AWP166078", "TxRefAmp": 208.954, "dcmmeta_affine": [[-1.9944980144500732, -0.0870816633105278, 0.11997795104980469, 102.22035217285156], [-0.10233157128095627, 1.979835867881775, -0.26415491104125977, -80.52093505859375], [0.10726647078990936, 0.26956722140312195, 1.9788436889648438, -87.70557403564453], [0.0, 0.0, 0.0, 1.0]], "dcmmeta_reorient_transform": [[0.0, -1.0, 0.0, 99.0], [1.0, 0.0, 0.0, 0.0], [0.0, 0.0, -1.0, 71.0], [0.0, 0.0, 0.0, 1.0]], "dcmmeta_shape": [100, 100, 72], "dcmmeta_slice_dim": 2, "dcmmeta_version": 0.6, "global": {"const": {"AcquisitionMatrix": [0, 100, 100, 0], "AcquisitionNumber": 1, "AngioFlag": "N", "BitsAllocated": 16, "BitsStored": 12, "BodyPartExamined": "BRAIN", "Columns": 100, "EchoNumbers": 2, "EchoTime": 7.38, "EchoTrainLength": 0, "FlipAngle": 60.0, "HighBit": 11, "ImageOrientationPatient": [0.99724898522402, 0.05116578587034, 0.05363323434154, -0.0435408306037, 0.98991796247386, -0.1347836178545], "ImageType": ["ORIGINAL", "PRIMARY", "P", "ND"], "ImagedNucleus": "1H", "ImagingFrequency": 123.25785, "InPlanePhaseEncodingDirection": "ROW", "MRAcquisitionType": "2D", "MagneticFieldStrength": 3.0, "Manufacturer": "SIEMENS", "ManufacturerModelName": "Prisma", "Modality": "MR", "NumberOfAverages": 1.0, "NumberOfPhaseEncodingSteps": 100, "PercentPhaseFieldOfView": 100.0, "PercentSampling": 100.0, "PerformedProcedureStepStartTime": "140459.700000", "PhotometricInterpretation": "MONOCHROME2", "PixelBandwidth": 570.0, "PixelRepresentation": 0, "PixelSpacing": [2.0, 2.0], "ProtocolName": "field_mapping_2x2x2", "RepetitionTime": 720.0, "RescaleIntercept": -4096.0, "RescaleSlope": 2.0, "RescaleType": "US", "Rows": 100, "SAR": 0.10712032218165, "SamplesPerPixel": 1, "ScanningSequence": "GR", "SequenceName": "*fm2d2r", "SequenceVariant": "SP", "SeriesDescription": "field_mapping_2x2x2", "SeriesNumber": 8, "SeriesTime": "143851.834000", "SliceThickness": 2.0, "SoftwareVersions": "syngo MR E11", "SpacingBetweenSlices": 2.0, "SpecificCharacterSet": "ISO_IR 100", "StudyID": "1", "StudyTime": "140459.643000", "TransmitCoilName": "Body", "VariableFlipAngleFlag": "N", "WindowCenterWidthExplanation": "Algo1", "dBdt": 0.0}, "slices": {"AcquisitionTime": ["143627.362500", "143627.002500", "143627.372500", "143627.012500", "143627.382500", "143627.022500", "143627.392500", "143627.032500", "143627.402500", "143627.042500", "143627.412500", "143627.052500", "143627.422500", "143627.062500", "143627.432500", "143627.072500", "143627.442500", "143627.082500", "143627.452500", "143627.092500", "143627.462500", "143627.102500", "143627.472500", "143627.112500", "143627.482500", "143627.122500", "143627.492500", "143627.132500", "143627.502500", "143627.142500", "143627.512500", "143627.152500", "143627.522500", "143627.162500", "143627.532500", "143627.172500", "143627.542500", "143627.182500", "143627.552500", "143627.192500", "143627.562500", "143627.202500", "143627.572500", "143627.212500", "143627.582500", "143627.222500", "143627.592500", "143627.232500", "143627.602500", "143627.242500", "143627.612500", "143627.252500", "143627.622500", "143627.262500", "143627.632500", "143627.272500", "143627.642500", "143627.282500", "143627.652500", "143627.292500", "143627.662500", "143627.302500", "143627.672500", "143627.312500", "143627.682500", "143627.322500", "143627.692500", "143627.332500", "143627.702500", "143627.342500", "143627.712500", "143627.352500"], "ContentTime": ["143851.903000", "143851.836000", "143851.904000", "143851.839000", "143851.906000", "143851.841000", "143851.908000", "143851.842000", "143851.910000", "143851.844000", "143851.912000", "143851.846000", "143851.914000", "143851.848000", "143851.915000", "143851.850000", "143851.917000", "143851.851000", "143851.919000", "143851.854000", "143851.921000", "143851.855000", "143851.923000", "143851.857000", "143851.925000", "143851.859000", "143851.927000", "143851.861000", "143851.928000", "143851.863000", "143851.930000", "143851.865000", "143851.932000", "143851.866000", "143851.939000", "143851.868000", "143851.944000", "143851.870000", "143851.946000", "143851.872000", "143851.948000", "143851.874000", "143851.950000", "143851.876000", "143851.952000", "143851.877000", "143851.953000", "143851.879000", "143851.955000", "143851.881000", "143851.957000", "143851.883000", "143851.959000", "143851.885000", "143851.961000", "143851.887000", "143851.963000", "143851.888000", "143851.964000", "143851.890000", "143851.966000", "143851.892000", "143851.968000", "143851.894000", "143851.970000", "143851.895000", "143851.972000", "143851.897000", "143851.973000", "143851.899000", "143851.975000", "143851.901000"], "CsaImage.GSWDDataType": ["measured", "predicted", "measured", "predicted", "measured", "predicted", "measured", "predicted", "measured", "predicted", "measured", "predicted", "measured", "predicted", "measured", "predicted", "measured", "predicted", "measured", "predicted", "measured", "predicted", "measured", "predicted", "measured", "predicted", "measured", "predicted", "measured", "predicted", "measured", "predicted", "measured", "predicted", "measured", "predicted", "measured", "predicted", "measured", "predicted", "measured", "predicted", "measured", "predicted", "measured", "predicted", "measured", "predicted", "measured", "predicted", "measured", "predicted", "measured", "predicted", "measured", "predicted", "measured", "predicted", "measured", "predicted", "measured", "predicted", "measured", "predicted", "measured", "predicted", "measured", "predicted", "measured", "measured", "measured", "measured"], "CsaImage.ICE_Dims": ["X_2_1_1_1_1_1_37_1_1_1_1_162", "X_2_1_1_1_1_1_1_1_1_2_1_162", "X_2_1_1_1_1_1_38_1_1_3_1_162", "X_2_1_1_1_1_1_2_1_1_4_1_162", "X_2_1_1_1_1_1_39_1_1_5_1_162", "X_2_1_1_1_1_1_3_1_1_6_1_162", "X_2_1_1_1_1_1_40_1_1_7_1_162", "X_2_1_1_1_1_1_4_1_1_8_1_162", "X_2_1_1_1_1_1_41_1_1_9_1_162", "X_2_1_1_1_1_1_5_1_1_10_1_162", "X_2_1_1_1_1_1_42_1_1_11_1_162", "X_2_1_1_1_1_1_6_1_1_12_1_162", "X_2_1_1_1_1_1_43_1_1_13_1_162", "X_2_1_1_1_1_1_7_1_1_14_1_162", "X_2_1_1_1_1_1_44_1_1_15_1_162", "X_2_1_1_1_1_1_8_1_1_16_1_162", "X_2_1_1_1_1_1_45_1_1_17_1_162", "X_2_1_1_1_1_1_9_1_1_18_1_162", "X_2_1_1_1_1_1_46_1_1_19_1_162", "X_2_1_1_1_1_1_10_1_1_20_1_162", "X_2_1_1_1_1_1_47_1_1_21_1_162", "X_2_1_1_1_1_1_11_1_1_22_1_162", "X_2_1_1_1_1_1_48_1_1_23_1_162", "X_2_1_1_1_1_1_12_1_1_24_1_162", "X_2_1_1_1_1_1_49_1_1_25_1_162", "X_2_1_1_1_1_1_13_1_1_26_1_162", "X_2_1_1_1_1_1_50_1_1_27_1_162", "X_2_1_1_1_1_1_14_1_1_28_1_162", "X_2_1_1_1_1_1_51_1_1_29_1_162", "X_2_1_1_1_1_1_15_1_1_30_1_162", "X_2_1_1_1_1_1_52_1_1_31_1_162", "X_2_1_1_1_1_1_16_1_1_32_1_162", "X_2_1_1_1_1_1_53_1_1_33_1_162", "X_2_1_1_1_1_1_17_1_1_34_1_162", "X_2_1_1_1_1_1_54_1_1_35_1_162", "X_2_1_1_1_1_1_18_1_1_36_1_162", "X_2_1_1_1_1_1_55_1_1_37_1_162", "X_2_1_1_1_1_1_19_1_1_38_1_162", "X_2_1_1_1_1_1_56_1_1_39_1_162", "X_2_1_1_1_1_1_20_1_1_40_1_162", "X_2_1_1_1_1_1_57_1_1_41_1_162", "X_2_1_1_1_1_1_21_1_1_42_1_162", "X_2_1_1_1_1_1_58_1_1_43_1_162", "X_2_1_1_1_1_1_22_1_1_44_1_162", "X_2_1_1_1_1_1_59_1_1_45_1_162", "X_2_1_1_1_1_1_23_1_1_46_1_162", "X_2_1_1_1_1_1_60_1_1_47_1_162", "X_2_1_1_1_1_1_24_1_1_48_1_162", "X_2_1_1_1_1_1_61_1_1_49_1_162", "X_2_1_1_1_1_1_25_1_1_50_1_162", "X_2_1_1_1_1_1_62_1_1_51_1_162", "X_2_1_1_1_1_1_26_1_1_52_1_162", "X_2_1_1_1_1_1_63_1_1_53_1_162", "X_2_1_1_1_1_1_27_1_1_54_1_162", "X_2_1_1_1_1_1_64_1_1_55_1_162", "X_2_1_1_1_1_1_28_1_1_56_1_162", "X_2_1_1_1_1_1_65_1_1_57_1_162", "X_2_1_1_1_1_1_29_1_1_58_1_162", "X_2_1_1_1_1_1_66_1_1_59_1_162", "X_2_1_1_1_1_1_30_1_1_60_1_162", "X_2_1_1_1_1_1_67_1_1_61_1_162", "X_2_1_1_1_1_1_31_1_1_62_1_162", "X_2_1_1_1_1_1_68_1_1_63_1_162", "X_2_1_1_1_1_1_32_1_1_64_1_162", "X_2_1_1_1_1_1_69_1_1_65_1_162", "X_2_1_1_1_1_1_33_1_1_66_1_162", "X_2_1_1_1_1_1_70_1_1_67_1_162", "X_2_1_1_1_1_1_34_1_1_68_1_162", "X_2_1_1_1_1_1_71_1_1_69_1_162", "X_2_1_1_1_1_1_35_1_1_70_1_162", "X_2_1_1_1_1_1_72_1_1_71_1_162", "X_2_1_1_1_1_1_36_1_1_72_1_162"], "CsaImage.ProtocolSliceNumber": [0, 1, 2, 3, 4, 5, 6, 7, 8, 9, 10, 11, 12, 13, 14, 15, 16, 17, 18, 19, 20, 21, 22, 23, 24, 25, 26, 27, 28, 29, 30, 31, 32, 33, 34, 35, 36, 37, 38, 39, 40, 41, 42, 43, 44, 45, 46, 47, 48, 49, 50, 51, 52, 53, 54, 55, 56, 57, 58, 59, 60, 61, 62, 63, 64, 65, 66, 67, 68, 69, 70, 71], "CsaImage.RFSWDDataType": ["measured", "predicted", "measured", "predicted", "measured", "predicted", "measured", "predicted", "measured", "predicted", "measured", "predicted", "measured", "predicted", "measured", "predicted", "measured", "predicted", "measured", "predicted", "measured", "predicted", "measured", "predicted", "measured", "predicted", "measured", "predicted", "measured", "predicted", "measured", "predicted", "measured", "predicted", "measured", "predicted", "measured", "predicted", "measured", "predicted", "measured", "predicted", "measured", "predicted", "measured", "predicted", "measured", "predicted", "measured", "predicted", "measured", "predicted", "measured", "predicted", "measured", "predicted", "measured", "predicted", "measured", "predicted", "measured", "predicted", "measured", "predicted", "measured", "predicted", "measured", "measured", "measured", "measured", "measured", "measured"], "CsaImage.SlicePosition_PCS": [[-93.59929079, -115.48283887, -61.01850657], [-93.71926839, -115.21868348, -59.03966288], [-93.83924598, -114.95452809, -57.06081919], [-93.95922357, -114.69037366, -55.08197169], [-94.07920117, -114.42621827, -53.103128], [-94.19917888, -114.16206288, -51.12428431], [-94.31915647, -113.8979075, -49.14543681], [-94.43913407, -113.63375211, -47.16659312], [-94.55911172, -113.36959767, -45.18774943], [-94.67908931, -113.10544229, -43.20890193], [-94.79906691, -112.8412869, -41.23005824], [-94.91904453, -112.57713151, -39.25121455], [-95.03902215, -112.31297708, -37.27236704], [-95.15899978, -112.04882169, -35.29352336], [-95.27897739, -111.7846663, -33.31467967], [-95.39895501, -111.52051091, -31.33583216], [-95.51893263, -111.256356, -29.35698847], [-95.63891024, -110.99220061, -27.37814478], [-95.75888786, -110.7280457, -25.39929728], [-95.87886549, -110.46389031, -23.42045359], [-95.99884308, -110.1997354, -21.441608], [-96.11882073, -109.93558002, -19.4627624], [-96.23879833, -109.6714251, -17.48391871], [-96.35877592, -109.40726972, -15.50507311], [-96.47875351, -109.14311481, -13.52622752], [-96.59873123, -108.87895942, -11.54738383], [-96.71870882, -108.61480403, -9.56853823], [-96.83868641, -108.35064912, -7.58969359], [-96.95866401, -108.08649397, -5.61084799], [-97.0786416, -107.82233882, -3.63200335], [-97.19861931, -107.55818367, -1.65315871], [-97.31859691, -107.29402828, 0.32568689], [-97.4385745, -107.02987313, 2.30453153], [-97.55855221, -106.76571798, 4.28337665], [-97.67852969, -106.50156283, 6.26222153], [-97.7985074, -106.23740768, 8.24106655], [-97.91848487, -105.97325254, 10.21991153], [-98.03846259, -105.70909739, 12.19875665], [-98.1584403, -105.44494224, 14.17760129], [-98.27841777, -105.18078709, 16.15644689], [-98.39839548, -104.91663188, 18.13529153], [-98.51837296, -104.65247667, 20.11413618], [-98.63835067, -104.38832152, 22.09298177], [-98.75832838, -104.12416635, 24.07182641], [-98.87830586, -103.86001118, 26.05067106], [-98.99828357, -103.59585601, 28.02951665], [-99.11826105, -103.33170086, 30.00836034], [-99.23823876, -103.06754565, 31.98720594], [-99.35821647, -102.8033905, 33.96605153], [-99.47819394, -102.53923535, 35.94489522], [-99.59817142, -102.2750802, 37.92374082], [-99.71814937, -102.01092505, 39.90258642], [-99.83812684, -101.74676991, 41.88143011], [-99.95810432, -101.48261452, 43.86027761], [-100.07808227, -101.21845937, 45.8391213], [-100.19805974, -100.95430422, 47.81796499], [-100.31803722, -100.69014907, 49.79681249], [-100.43801469, -100.42599392, 51.77565618], [-100.55799264, -100.16183877, 53.75449987], [-100.67797012, -99.89768338, 55.73334737], [-100.79794759, -99.63352847, 57.71219106], [-100.91792554, -99.36937308, 59.69103475], [-101.03790302, -99.10521817, 61.66988225], [-101.15788049, -98.84106278, 63.64872594], [-101.27785844, -98.57690787, 65.62756963], [-101.39783592, -98.31275249, 67.60641714], [-101.51781339, -98.04859757, 69.58526082], [-101.63779086, -97.78444219, 71.56410451], [-101.75776882, -97.52028728, 73.5429482], [-101.87774629, -97.25613189, 75.52179189], [-101.99772376, -96.9919765, 77.50064321], [-102.11770172, -96.72782159, 79.4794869]], "CsaImage.TimeAfterStart": [1.0825, 0.7225, 1.0925, 0.7325, 1.1025, 0.7425, 1.1125, 0.7525, 1.1225, 0.7625, 1.1325, 0.7725, 1.1425, 0.7825, 1.1525, 0.7925, 1.1625, 0.8025, 1.1725, 0.8125, 1.1825, 0.8225, 1.1925, 0.8325, 1.2025, 0.8425, 1.2125, 0.8525, 1.2225, 0.8625, 1.2325, 0.8725, 1.2425, 0.8825, 1.2525, 0.8925, 1.2625, 0.9025, 1.2725, 0.9125, 1.2825, 0.9225, 1.2925, 0.9325, 1.3025, 0.9425, 1.3125, 0.9525, 1.3225, 0.9625, 1.3325, 0.9725, 1.3425, 0.9825, 1.3525, 0.9925, 1.3625, 1.0025, 1.3725, 1.0125, 1.3825, 1.0225, 1.3925, 1.0325, 1.4025, 1.0425, 1.4125, 1.0525, 1.4225, 1.0625, 1.4325, 1.0725], "ImagePositionPatient": [[-93.599290794292, -115.48283886945, -61.018506570584], [-93.719268387714, -115.21868348158, -59.03966288162], [-93.839245981136, -114.9545280937, -57.060819192655], [-93.959223574558, -114.69037365949, -55.081971688993], [-94.079201167979, -114.42621827162, -53.103128000028], [-94.199178880611, -114.16206288374, -51.124284311063], [-94.319156474033, -113.89790749586, -49.145436807401], [-94.439134067455, -113.63375210798, -47.166593118436], [-94.559111720481, -113.36959767378, -45.187749429471], [-94.679089313903, -113.1054422859, -43.208901925809], [-94.799066907325, -112.84128689802, -41.230058236844], [-94.919044530549, -112.57713151014, -39.251214547879], [-95.039022153774, -112.31297707594, -37.272367044217], [-95.158999776998, -112.04882168806, -35.293523355252], [-95.278977392771, -111.78466630018, -33.314679666288], [-95.39895501227, -111.5205109123, -31.335832162625], [-95.518932631769, -111.25635600126, -29.356988473661], [-95.638910240093, -110.99220061338, -27.378144784696], [-95.758887863317, -110.72804570234, -25.399297281034], [-95.878865486541, -110.46389031446, -23.420453592069], [-95.998843079963, -110.19973540342, -21.441607995755], [-96.11882073299, -109.93558001554, -19.462762399442], [-96.238798326411, -109.6714251045, -17.483918710477], [-96.358775919833, -109.40726971662, -15.505073114164], [-96.478753513255, -109.14311480558, -13.52622751785], [-96.598731225887, -108.8789594177, -11.547383828885], [-96.718708819309, -108.61480402982, -9.5685382325717], [-96.83868641273, -108.35064911878, -7.5896935899325], [-96.958664006152, -108.08649396932, -5.6108479936191], [-97.078641599574, -107.82233881986, -3.6320033509799], [-97.198619312206, -107.5581836704, -1.6531587083407], [-97.318596905627, -107.29402828253, 0.32568688797273], [-97.438574499049, -107.02987313307, 2.3045315306119], [-97.558552211681, -106.76571798361, 4.2833766500882], [-97.678529685893, -106.50156283415, 6.2622215311459], [-97.798507398525, -106.23740768469, 8.2410665463141], [-97.918484872737, -105.97325253523, 10.21991153168], [-98.038462585368, -105.70909738577, 12.198756651156], [-98.158440298, -105.44494223631, 14.177601293795], [-98.278417772212, -105.18078708685, 16.156446890109], [-98.398395484843, -104.91663187778, 18.135291532748], [-98.518372959056, -104.65247666872, 20.114136175387], [-98.638350671687, -104.38832151926, 22.092981771701], [-98.758328384319, -104.12416634558, 24.07182641434], [-98.878305858531, -103.86001117563, 26.050671056979], [-98.998283571162, -103.59585601127, 28.029516653293], [-99.118261045375, -103.33170086181, 30.008360342257], [-99.238238758006, -103.06754565275, 31.987205938571], [-99.358216470638, -102.80339050329, 33.966051534884], [-99.47819394485, -102.53923535383, 35.944895223849], [-99.598171419063, -102.27508020437, 37.923740820163], [-99.718149370113, -102.01092505491, 39.902586416476], [-99.838126844325, -101.74676990545, 41.881430105441], [-99.958104318538, -101.48261451757, 43.860277609103], [-100.07808226959, -101.21845936811, 45.839121298068], [-100.1980597438, -100.95430421865, 47.817964987033], [-100.31803721801, -100.69014906919, 49.796812490695], [-100.43801469223, -100.42599391973, 51.77565617966], [-100.55799264328, -100.16183877027, 53.754499868625], [-100.67797011749, -99.897683382394, 55.733347372287], [-100.7979475917, -99.633528471353, 57.712191061252], [-100.91792554275, -99.369373083474, 59.691034750216], [-101.03790301696, -99.105218172433, 61.669882253878], [-101.15788049118, -98.841062784554, 63.648725942843], [-101.27785844223, -98.576907873513, 65.627569631808], [-101.39783591644, -98.312752485635, 67.60641713547], [-101.51781339065, -98.048597574594, 69.585260824435], [-101.63779086486, -97.784442186715, 71.5641045134], [-101.75776881591, -97.520287275674, 73.542948202365], [-101.87774629013, -97.256131887795, 75.52179189133], [-101.99772376434, -96.991976499917, 77.500643209689], [-102.11770171539, -96.727821588876, 79.479486898654]], "InstanceCreationTime": ["143851.903000", "143851.836000", "143851.904000", "143851.839000", "143851.906000", "143851.841000", "143851.908000", "143851.842000", "143851.910000", "143851.844000", "143851.912000", "143851.846000", "143851.914000", "143851.848000", "143851.915000", "143851.850000", "143851.917000", "143851.851000", "143851.919000", "143851.854000", "143851.921000", "143851.855000", "143851.923000", "143851.857000", "143851.925000", "143851.859000", "143851.927000", "143851.861000", "143851.928000", "143851.863000", "143851.930000", "143851.865000", "143851.932000", "143851.866000", "143851.939000", "143851.868000", "143851.944000", "143851.870000", "143851.946000", "143851.872000", "143851.948000", "143851.874000", "143851.950000", "143851.876000", "143851.952000", "143851.877000", "143851.953000", "143851.879000", "143851.955000", "143851.881000", "143851.957000", "143851.883000", "143851.959000", "143851.885000", "143851.961000", "143851.887000", "143851.963000", "143851.888000", "143851.964000", "143851.890000", "143851.966000", "143851.892000", "143851.968000", "143851.894000", "143851.970000", "143851.895000", "143851.972000", "143851.897000", "143851.973000", "143851.899000", "143851.975000", "143851.901000"], "InstanceNumber": [1, 2, 3, 4, 5, 6, 7, 8, 9, 10, 11, 12, 13, 14, 15, 16, 17, 18, 19, 20, 21, 22, 23, 24, 25, 26, 27, 28, 29, 30, 31, 32, 33, 34, 35, 36, 37, 38, 39, 40, 41, 42, 43, 44, 45, 46, 47, 48, 49, 50, 51, 52, 53, 54, 55, 56, 57, 58, 59, 60, 61, 62, 63, 64, 65, 66, 67, 68, 69, 70, 71, 72], "LargestImagePixelValue": [4095, 4095, 4094, 4095, 4095, 4095, 4092, 4095, 4095, 4095, 4092, 4095, 4095, 4094, 4094, 4095, 4093, 4094, 4093, 4093, 4095, 4094, 4094, 4093, 4095, 4095, 4093, 4094, 4095, 4093, 4092, 4092, 4089, 4092, 4093, 4089, 4092, 4094, 4092, 4093, 4094, 4091, 4090, 4092, 4090, 4090, 4092, 4094, 4092, 4088, 4094, 4095, 4086, 4093, 4093, 4091, 4094, 4092, 4093, 4091, 4095, 4094, 4095, 4095, 4094, 4095, 4095, 4095, 4093, 4094, 4095, 4094], "SliceLocation": [-70.010867231864, -68.010868472559, -66.010869713253, -64.010867305559, -62.010868546253, -60.010869779796, -58.010867246143, -56.010868486838, -54.010869849915, -52.010867316262, -50.010868556957, -48.010869795863, -46.010867386381, -44.010868625288, -42.010869864641, -40.010867329424, -38.010868631533, -36.010869871334, -34.010867398873, -32.010868637779, -30.010868054279, -28.010867404224, -26.010868707898, -24.010868061419, -22.010867477919, -20.010868711462, -18.010868064983, -16.01086842507, -14.01086781008, -12.010868138677, -10.010868460123, -8.010867813644, -6.0108681422413, -4.0108679918939, -2.0108680917456, -0.010868044603, 1.98913195875, 3.9891321090974, 5.9891317876514, 7.9891323954898, 9.9891320819162, 11.98913175404, 13.989132376181, 15.989132057933, 17.989131724891, 19.989132349, 21.989131069664, 23.989131699678, 25.989132321819, 27.989131042483, 29.989131650322, 31.989132286765, 33.98913100743, 35.989133533931, 37.989132283201, 39.989131003866, 41.989133498878, 43.989132219542, 45.989130968812, 47.989133495314, 49.989132184489, 51.989130965248, 53.98913342877, 55.989132180925, 57.989130898705, 59.989133425206, 61.989132114381, 63.989130866536, 65.989129584316, 67.98912833647, 69.989134637319, 71.989133355099], "SmallestImagePixelValue": [0, 0, 0, 0, 0, 1, 0, 5, 2, 0, 0, 1, 0, 0, 0, 0, 1, 0, 0, 0, 0, 2, 0, 0, 0, 0, 0, 1, 1, 1, 1, 1, 16, 0, 1, 2, 0, 1, 0, 0, 1, 0, 0, 4, 1, 7, 1, 0, 1, 1, 2, 1, 0, 0, 0, 1, 1, 3, 0, 1, 0, 0, 0, 0, 0, 2, 0, 0, 0, 0, 0, 0], "WindowCenter": [-310.0, -270.0, -280.0, -282.0, -286.0, -228.0, -272.0, -254.0, -216.0, -158.0, -174.0, -156.0, -134.0, -106.0, -82.0, -64.0, -104.0, -124.0, -210.0, -266.0, -272.0, -240.0, -272.0, -314.0, -342.0, -330.0, -318.0, -250.0, -224.0, -208.0, -200.0, -226.0, -186.0, -176.0, -184.0, -162.0, -172.0, -164.0, -162.0, -272.0, -130.0, -256.0, -104.0, -98.0, -96.0, -108.0, -236.0, -78.0, -230.0, -234.0, -106.0, -244.0, -88.0, -78.0, -120.0, -72.0, -56.0, -96.0, -6.0, -14.0, 18.0, -6.0, -4.0, -36.0, -14.0, -90.0, -128.0, -156.0, -200.0, -226.0, -342.0, -318.0], "WindowWidth": [6062.0, 6164.0, 6178.0, 6214.0, 6242.0, 6286.0, 6188.0, 6192.0, 6202.0, 6264.0, 6292.0, 6306.0, 6346.0, 6376.0, 6444.0, 6430.0, 6382.0, 6352.0, 6314.0, 6208.0, 6110.0, 6004.0, 5956.0, 5912.0, 5852.0, 5762.0, 5678.0, 5734.0, 5680.0, 5694.0, 5598.0, 5428.0, 5480.0, 5462.0, 5396.0, 5460.0, 5284.0, 5356.0, 5242.0, 4638.0, 5252.0, 4628.0, 5312.0, 5388.0, 5352.0, 5220.0, 4624.0, 5290.0, 4630.0, 4634.0, 5312.0, 4648.0, 5396.0, 5402.0, 5134.0, 5376.0, 5386.0, 5106.0, 5538.0, 5460.0, 5506.0, 5530.0, 5572.0, 5594.0, 5708.0, 5770.0, 5770.0, 5768.0, 5752.0, 5670.0, 5518.0, 5756.0]}}, "IntendedFor": ["ses-1/func/sub-49_ses-1_task-motor_run-05_bold.nii.gz", "ses-1/func/sub-49_ses-1_task-motor_run-02_bold.nii.gz", "ses-1/func/sub-49_ses-1_task-motor_run-06_bold.nii.gz", "ses-1/func/sub-49_ses-1_task-motor_run-04_bold.nii.gz", "ses-1/func/sub-49_ses-1_task-motor_run-01_bold.nii.gz", "ses-1/func/sub-49_ses-1_task-motor_run-03_bold.nii.gz"]}