{"AcquisitionMatrixPE": 100, "AcquisitionNumber": 1, "AcquisitionTime": "14:18:51.065000", "BaseResolution": 100, "BodyPartExamined": "BRAIN", "ConsistencyInfo": "N4_VE11C_LATEST_20160120", "ConversionSoftware": "dcm2niix", "ConversionSoftwareVersion": "v1.0.20180622 GCC4.9.2", "DeviceSerialNumber": "166078", "DwellTime": 8.8e-06, "EchoNumber": 2, "EchoTime": 0.00738, "EchoTime1": 0.00492, "EchoTime2": 0.00738, "FlipAngle": 60, "ImageOrientationPatientDICOM": [0.999778, 0.0023475, 0.0209296, 4.2077e-11, 0.993769, -0.111463], "ImageType": ["ORIGINAL", "PRIMARY", "P", "ND"], "InPlanePhaseEncodingDirectionDICOM": "ROW", "InstitutionAddress": "Street_StreetNo_Bei_Jing_District_CN_ZIP", "InstitutionName": "BeiJing_Normal_University", "InstitutionalDepartmentName": "Department", "MRAcquisitionType": "2D", "MagneticFieldStrength": 3, "Manufacturer": "Siemens", "ManufacturersModelName": "Prisma", "Modality": "MR", "PartialFourier": 1, "PatientPosition": "HFS", "PercentPhaseFOV": 100, "PhaseEncodingDirection": "i", "PhaseEncodingSteps": 100, "PhaseResolution": 1, "PixelBandwidth": 570, "ProcedureStepDescription": "BNU_P2018_64CH_Liu.Jia", "ProtocolName": "field_mapping_2x2x2", "PulseSequenceDetails": "%SiemensSeq%_gre_field_mapping", "ReceiveCoilActiveElements": "HC1-7;NC1", "ReceiveCoilName": "HeadNeck_64", "ReconMatrixPE": 100, "RepetitionTime": 0.72, "SAR": 0.108226, "ScanningSequence": "GR", "SequenceName": "_fm2d2r", "SequenceVariant": "SP", "SeriesDescription": "field_mapping_2x2x2", "SeriesNumber": 7, "ShimSetting": [-5461, -11505, -1294, 372, 30, -156, -195, -23], "SliceThickness": 2, "SoftwareVersions": "syngo_MR_E11", "SpacingBetweenSlices": 2, "StationName": "AWP166078", "TxRefAmp": 208.475, "dcmmeta_affine": [[-1.9995564222335815, 8.415400321037936e-11, 0.04212164878845215, 99.86634826660156], [-0.004694992210716009, 1.9875372648239136, -0.22287559509277344, -94.02371215820312], [0.04185920208692551, 0.22292523086071014, 1.987091064453125, -77.60150909423828], [0.0, 0.0, 0.0, 1.0]], "dcmmeta_reorient_transform": [[0.0, -1.0, 0.0, 99.0], [1.0, 0.0, 0.0, 0.0], [0.0, 0.0, -1.0, 71.0], [0.0, 0.0, 0.0, 1.0]], "dcmmeta_shape": [100, 100, 72], "dcmmeta_slice_dim": 2, "dcmmeta_version": 0.6, "global": {"const": {"AcquisitionMatrix": [0, 100, 100, 0], "AcquisitionNumber": 1, "AngioFlag": "N", "BitsAllocated": 16, "BitsStored": 12, "BodyPartExamined": "BRAIN", "Columns": 100, "EchoNumbers": 2, "EchoTime": 7.38, "EchoTrainLength": 0, "FlipAngle": 60.0, "HighBit": 11, "ImageOrientationPatient": [0.99977819594737, 0.00234749606538, 0.0209296003412, 4.2077e-11, 0.99376862772518, -0.1114626150295], "ImageType": ["ORIGINAL", "PRIMARY", "P", "ND"], "ImagedNucleus": "1H", "ImagingFrequency": 123.25785, "InPlanePhaseEncodingDirection": "ROW", "MRAcquisitionType": "2D", "MagneticFieldStrength": 3.0, "Manufacturer": "SIEMENS", "ManufacturerModelName": "Prisma", "Modality": "MR", "NumberOfAverages": 1.0, "NumberOfPhaseEncodingSteps": 100, "PercentPhaseFieldOfView": 100.0, "PercentSampling": 100.0, "PerformedProcedureStepStartTime": "135037.259000", "PhotometricInterpretation": "MONOCHROME2", "PixelBandwidth": 570.0, "PixelRepresentation": 0, "PixelSpacing": [2.0, 2.0], "ProtocolName": "field_mapping_2x2x2", "RepetitionTime": 720.0, "RescaleIntercept": -4096.0, "RescaleSlope": 2.0, "RescaleType": "US", "Rows": 100, "SAR": 0.10822639198334, "SamplesPerPixel": 1, "ScanningSequence": "GR", "SequenceName": "*fm2d2r", "SequenceVariant": "SP", "SeriesDescription": "field_mapping_2x2x2", "SeriesNumber": 7, "SeriesTime": "142115.859000", "SliceThickness": 2.0, "SoftwareVersions": "syngo MR E11", "SpacingBetweenSlices": 2.0, "SpecificCharacterSet": "ISO_IR 100", "StudyID": "1", "StudyTime": "135037.182000", "TransmitCoilName": "Body", "VariableFlipAngleFlag": "N", "WindowCenterWidthExplanation": "Algo1", "dBdt": 0.0}, "slices": {"AcquisitionTime": ["141851.065000", "141850.705000", "141851.075000", "141850.715000", "141851.085000", "141850.725000", "141851.095000", "141850.735000", "141851.105000", "141850.745000", "141851.115000", "141850.755000", "141851.125000", "141850.765000", "141851.135000", "141850.775000", "141851.145000", "141850.785000", "141851.155000", "141850.795000", "141851.165000", "141850.805000", "141851.175000", "141850.815000", "141851.185000", "141850.825000", "141851.195000", "141850.835000", "141851.205000", "141850.845000", "141851.215000", "141850.855000", "141851.225000", "141850.865000", "141851.235000", "141850.875000", "141851.245000", "141850.885000", "141851.255000", "141850.895000", "141851.265000", "141850.905000", "141851.275000", "141850.915000", "141851.285000", "141850.925000", "141851.295000", "141850.935000", "141851.305000", "141850.945000", "141851.315000", "141850.955000", "141851.325000", "141850.965000", "141851.335000", "141850.975000", "141851.345000", "141850.985000", "141851.355000", "141850.995000", "141851.365000", "141851.005000", "141851.375000", "141851.015000", "141851.385000", "141851.025000", "141851.395000", "141851.035000", "141851.405000", "141851.045000", "141851.415000", "141851.055000"], "ContentTime": ["142115.930000", "142115.861000", "142115.932000", "142115.863000", "142115.934000", "142115.865000", "142115.936000", "142115.867000", "142115.938000", "142115.869000", "142115.940000", "142115.870000", "142115.941000", "142115.873000", "142115.943000", "142115.875000", "142115.945000", "142115.876000", "142115.947000", "142115.878000", "142115.948000", "142115.880000", "142115.950000", "142115.882000", "142115.952000", "142115.884000", "142115.954000", "142115.886000", "142115.955000", "142115.889000", "142115.957000", "142115.891000", "142115.959000", "142115.894000", "142115.961000", "142115.896000", "142115.963000", "142115.897000", "142115.964000", "142115.899000", "142115.966000", "142115.901000", "142115.968000", "142115.903000", "142115.970000", "142115.905000", "142115.972000", "142115.907000", "142115.974000", "142115.908000", "142115.975000", "142115.910000", "142115.977000", "142115.912000", "142115.979000", "142115.914000", "142115.981000", "142115.916000", "142115.982000", "142115.918000", "142115.984000", "142115.919000", "142115.986000", "142115.921000", "142115.988000", "142115.923000", "142115.990000", "142115.925000", "142115.991000", "142115.927000", "142115.993000", "142115.929000"], "CsaImage.GSWDDataType": ["measured", "predicted", "measured", "predicted", "measured", "predicted", "measured", "predicted", "measured", "predicted", "measured", "predicted", "measured", "predicted", "measured", "predicted", "measured", "predicted", "measured", "predicted", "measured", "predicted", "measured", "predicted", "measured", "predicted", "measured", "predicted", "measured", "predicted", "measured", "predicted", "measured", "predicted", "measured", "predicted", "measured", "predicted", "measured", "predicted", "measured", "predicted", "measured", "predicted", "measured", "predicted", "measured", "predicted", "measured", "predicted", "measured", "predicted", "measured", "predicted", "measured", "predicted", "measured", "predicted", "measured", "predicted", "measured", "predicted", "measured", "predicted", "measured", "predicted", "measured", "predicted", "measured", "measured", "measured", "measured"], "CsaImage.ICE_Dims": ["X_2_1_1_1_1_1_37_1_1_1_1_134", "X_2_1_1_1_1_1_1_1_1_2_1_134", "X_2_1_1_1_1_1_38_1_1_3_1_134", "X_2_1_1_1_1_1_2_1_1_4_1_134", "X_2_1_1_1_1_1_39_1_1_5_1_134", "X_2_1_1_1_1_1_3_1_1_6_1_134", "X_2_1_1_1_1_1_40_1_1_7_1_134", "X_2_1_1_1_1_1_4_1_1_8_1_134", "X_2_1_1_1_1_1_41_1_1_9_1_134", "X_2_1_1_1_1_1_5_1_1_10_1_134", "X_2_1_1_1_1_1_42_1_1_11_1_134", "X_2_1_1_1_1_1_6_1_1_12_1_134", "X_2_1_1_1_1_1_43_1_1_13_1_134", "X_2_1_1_1_1_1_7_1_1_14_1_134", "X_2_1_1_1_1_1_44_1_1_15_1_134", "X_2_1_1_1_1_1_8_1_1_16_1_134", "X_2_1_1_1_1_1_45_1_1_17_1_134", "X_2_1_1_1_1_1_9_1_1_18_1_134", "X_2_1_1_1_1_1_46_1_1_19_1_134", "X_2_1_1_1_1_1_10_1_1_20_1_134", "X_2_1_1_1_1_1_47_1_1_21_1_134", "X_2_1_1_1_1_1_11_1_1_22_1_134", "X_2_1_1_1_1_1_48_1_1_23_1_134", "X_2_1_1_1_1_1_12_1_1_24_1_134", "X_2_1_1_1_1_1_49_1_1_25_1_134", "X_2_1_1_1_1_1_13_1_1_26_1_134", "X_2_1_1_1_1_1_50_1_1_27_1_134", "X_2_1_1_1_1_1_14_1_1_28_1_134", "X_2_1_1_1_1_1_51_1_1_29_1_134", "X_2_1_1_1_1_1_15_1_1_30_1_134", "X_2_1_1_1_1_1_52_1_1_31_1_134", "X_2_1_1_1_1_1_16_1_1_32_1_134", "X_2_1_1_1_1_1_53_1_1_33_1_134", "X_2_1_1_1_1_1_17_1_1_34_1_134", "X_2_1_1_1_1_1_54_1_1_35_1_134", "X_2_1_1_1_1_1_18_1_1_36_1_134", "X_2_1_1_1_1_1_55_1_1_37_1_134", "X_2_1_1_1_1_1_19_1_1_38_1_134", "X_2_1_1_1_1_1_56_1_1_39_1_134", "X_2_1_1_1_1_1_20_1_1_40_1_134", "X_2_1_1_1_1_1_57_1_1_41_1_134", "X_2_1_1_1_1_1_21_1_1_42_1_134", "X_2_1_1_1_1_1_58_1_1_43_1_134", "X_2_1_1_1_1_1_22_1_1_44_1_134", "X_2_1_1_1_1_1_59_1_1_45_1_134", "X_2_1_1_1_1_1_23_1_1_46_1_134", "X_2_1_1_1_1_1_60_1_1_47_1_134", "X_2_1_1_1_1_1_24_1_1_48_1_134", "X_2_1_1_1_1_1_61_1_1_49_1_134", "X_2_1_1_1_1_1_25_1_1_50_1_134", "X_2_1_1_1_1_1_62_1_1_51_1_134", "X_2_1_1_1_1_1_26_1_1_52_1_134", "X_2_1_1_1_1_1_63_1_1_53_1_134", "X_2_1_1_1_1_1_27_1_1_54_1_134", "X_2_1_1_1_1_1_64_1_1_55_1_134", "X_2_1_1_1_1_1_28_1_1_56_1_134", "X_2_1_1_1_1_1_65_1_1_57_1_134", "X_2_1_1_1_1_1_29_1_1_58_1_134", "X_2_1_1_1_1_1_66_1_1_59_1_134", "X_2_1_1_1_1_1_30_1_1_60_1_134", "X_2_1_1_1_1_1_67_1_1_61_1_134", "X_2_1_1_1_1_1_31_1_1_62_1_134", "X_2_1_1_1_1_1_68_1_1_63_1_134", "X_2_1_1_1_1_1_32_1_1_64_1_134", "X_2_1_1_1_1_1_69_1_1_65_1_134", "X_2_1_1_1_1_1_33_1_1_66_1_134", "X_2_1_1_1_1_1_70_1_1_67_1_134", "X_2_1_1_1_1_1_34_1_1_68_1_134", "X_2_1_1_1_1_1_71_1_1_69_1_134", "X_2_1_1_1_1_1_35_1_1_70_1_134", "X_2_1_1_1_1_1_72_1_1_71_1_134", "X_2_1_1_1_1_1_36_1_1_72_1_134"], "CsaImage.ProtocolSliceNumber": [0, 1, 2, 3, 4, 5, 6, 7, 8, 9, 10, 11, 12, 13, 14, 15, 16, 17, 18, 19, 20, 21, 22, 23, 24, 25, 26, 27, 28, 29, 30, 31, 32, 33, 34, 35, 36, 37, 38, 39, 40, 41, 42, 43, 44, 45, 46, 47, 48, 49, 50, 51, 52, 53, 54, 55, 56, 57, 58, 59, 60, 61, 62, 63, 64, 65, 66, 67, 68, 69, 70, 71], "CsaImage.RFSWDDataType": ["measured", "predicted", "measured", "predicted", "measured", "predicted", "measured", "predicted", "measured", "predicted", "measured", "predicted", "measured", "predicted", "measured", "predicted", "measured", "predicted", "measured", "predicted", "measured", "predicted", "measured", "predicted", "measured", "predicted", "measured", "predicted", "measured", "predicted", "measured", "predicted", "measured", "predicted", "measured", "predicted", "measured", "predicted", "measured", "predicted", "measured", "predicted", "measured", "predicted", "measured", "predicted", "measured", "predicted", "measured", "predicted", "measured", "predicted", "measured", "predicted", "measured", "predicted", "measured", "predicted", "measured", "predicted", "measured", "predicted", "measured", "predicted", "measured", "measured", "measured", "measured", "measured", "measured", "measured", "measured"], "CsaImage.SlicePosition_PCS": [[-99.8663426, -102.74248892, -55.53228508], [-99.90846427, -102.51961309, -53.54519401], [-99.95058595, -102.29673725, -51.55809532], [-99.99270762, -102.07386142, -49.57100044], [-100.0348293, -101.85098582, -47.58390175], [-100.07695097, -101.62810999, -45.59680687], [-100.11907265, -101.40523416, -43.60971199], [-100.16119433, -101.18235844, -41.6226133], [-100.20331601, -100.95948261, -39.63551842], [-100.24543769, -100.7366069, -37.64841972], [-100.28755937, -100.51373112, -35.66132484], [-100.32968105, -100.29085535, -33.67422996], [-100.37180272, -100.06797954, -31.68713127], [-100.4139244, -99.84510378, -29.70003639], [-100.45604605, -99.62222801, -27.7129377], [-100.49816773, -99.39935224, -25.72584282], [-100.54028944, -99.17647645, -23.73874794], [-100.58241109, -98.9536007, -21.75164925], [-100.6245328, -98.73072493, -19.76455246], [-100.66665444, -98.50784916, -17.77745758], [-100.70877615, -98.28497332, -15.79036079], [-100.7508978, -98.06209761, -13.80326401], [-100.79301945, -97.83922178, -11.81616722], [-100.83514116, -97.61634606, -9.82907043], [-100.87726281, -97.39347035, -7.84197555], [-100.91938452, -97.17059451, -5.85487877], [-100.96150617, -96.94771868, -3.86778198], [-101.00362781, -96.72484285, -1.88068519], [-101.04574958, -96.50196725, 0.10641064], [-101.08787123, -96.27909142, 2.09350742], [-101.12999288, -96.05621558, 4.08060373], [-101.17211453, -95.83333975, 6.06770004], [-101.2142363, -95.61046416, 8.05479647], [-101.25635795, -95.38758856, 10.0418929], [-101.29847959, -95.16471249, 12.02898921], [-101.34060124, -94.94183689, 14.01608576], [-101.38272301, -94.71896082, 16.00318207], [-101.42484466, -94.49608523, 17.99027886], [-101.46696631, -94.27320963, 19.97737469], [-101.50908796, -94.05033356, 21.96447147], [-101.55120961, -93.82745796, 23.95156731], [-101.59333137, -93.60458237, 25.93866409], [-101.63545302, -93.3817063, 27.92576088], [-101.67757467, -93.1588307, 29.91285767], [-101.71969632, -92.93595463, 31.89995255], [-101.76181809, -92.71307903, 33.88704933], [-101.80393974, -92.49020344, 35.87414612], [-101.84606139, -92.26732737, 37.86124291], [-101.88818303, -92.04445177, 39.84833969], [-101.9303048, -91.82157618, 41.83543648], [-101.97242645, -91.59870058, 43.82253136], [-102.01454822, -91.37582403, 45.80963005], [-102.05666987, -91.15294844, 47.79672493], [-102.09879152, -90.93007284, 49.78381981], [-102.14091317, -90.70719725, 51.7709185], [-102.18303481, -90.48432165, 53.75801338], [-102.22515646, -90.2614451, 55.74511208], [-102.26727811, -90.03856951, 57.73220696], [-102.30939976, -89.81569391, 59.71930184], [-102.35152141, -89.59281832, 61.70640053], [-102.3936433, -89.36994272, 63.69349541], [-102.43576495, -89.14706713, 65.6805941], [-102.47788659, -88.92419058, 67.66768898], [-102.52000824, -88.70131499, 69.65478386], [-102.56212989, -88.47843939, 71.64188255], [-102.60425154, -88.2555638, 73.62897743], [-102.64637319, -88.0326882, 75.61607613], [-102.68849484, -87.80981165, 77.60316719], [-102.73061649, -87.58693606, 79.59026589], [-102.77273837, -87.36406046, 81.57736458], [-102.81486002, -87.14118487, 83.56446327], [-102.85698167, -86.91830927, 85.55155434]], "CsaImage.TimeAfterStart": [1.0825, 0.7225, 1.0925, 0.7325, 1.1025, 0.7425, 1.1125, 0.7525, 1.1225, 0.7625, 1.1325, 0.7725, 1.1425, 0.7825, 1.1525, 0.7925, 1.1625, 0.8025, 1.1725, 0.8125, 1.1825, 0.8225, 1.1925, 0.8325, 1.2025, 0.8425, 1.2125, 0.8525, 1.2225, 0.8625, 1.2325, 0.8725, 1.2425, 0.8825, 1.2525, 0.8925, 1.2625, 0.9025, 1.2725, 0.9125, 1.2825, 0.9225, 1.2925, 0.9325, 1.3025, 0.9425, 1.3125, 0.9525, 1.3225, 0.9625, 1.3325, 0.9725, 1.3425, 0.9825, 1.3525, 0.9925, 1.3625, 1.0025, 1.3725, 1.0125, 1.3825, 1.0225, 1.3925, 1.0325, 1.4025, 1.0425, 1.4125, 1.0525, 1.4225, 1.0625, 1.4325, 1.0725], "ImagePositionPatient": [[-99.866342596443, -102.74248892019, -55.532285079024], [-99.908464267583, -102.51961308668, -53.545194014571], [-99.950585946174, -102.29673725317, -51.558095320723], [-99.992707623834, -102.07386141966, -49.571000441573], [-100.03482929963, -101.85098582457, -47.583901747725], [-100.0769509745, -101.62810999106, -45.596806868575], [-100.11907265309, -101.40523415754, -43.609711989424], [-100.16119433168, -101.18235844324, -41.622613295577], [-100.20331601027, -100.95948260973, -39.635518416426], [-100.24543768886, -100.73660689543, -37.648419722579], [-100.28755936745, -100.51373112152, -35.661324843428], [-100.32968104604, -100.29085534762, -33.674229964278], [-100.37180272463, -100.06797954391, -31.68713127043], [-100.41392440322, -99.845103784901, -29.70003639128], [-100.45604605201, -99.622228006338, -27.712937697432], [-100.4981677306, -99.399352237087, -25.725842818282], [-100.54028943899, -99.17647644828, -23.738747939131], [-100.58241108778, -98.953600704175, -21.751649245284], [-100.62453279618, -98.730724930269, -19.764552458785], [-100.66665444496, -98.507849156362, -17.777457579634], [-100.70877615336, -98.28497332285, -15.790360793135], [-100.75089780215, -98.062097608548, -13.803264006636], [-100.79301945093, -97.839221775037, -11.816167220137], [-100.83514115933, -97.616346060735, -9.8290704336381], [-100.87726280812, -97.393470346433, -7.8419755544877], [-100.91938451651, -97.170594512922, -5.8548787679887], [-100.9615061653, -96.94771867941, -3.8677819814897], [-101.00362781409, -96.724842845899, -1.8806851949907], [-101.04574958208, -96.501967250806, 0.10641063783405], [-101.08787123087, -96.279091417295, 2.0935074243331], [-101.12999287966, -96.056215583783, 4.0806037339949], [-101.17211452845, -95.833339750272, 6.0677000436568], [-101.21423629645, -95.610464155179, 8.054796472528], [-101.25635794524, -95.387588560086, 10.041892901399], [-101.29847959402, -95.164712488157, 12.028989211061], [-101.34060124281, -94.941836893064, 14.016085759141], [-101.38272301081, -94.718960821134, 16.003182068803], [-101.4248446596, -94.496085226041, 17.990278855302], [-101.46696630839, -94.273209630948, 19.977374688127], [-101.50908795718, -94.050333559018, 21.964471474626], [-101.55120960596, -93.827457963926, 23.951567307451], [-101.59333137396, -93.604582368833, 25.93866409395], [-101.63545302275, -93.381706296903, 27.925760880449], [-101.67757467154, -93.15883070181, 29.912857666948], [-101.71969632033, -92.93595462988, 31.899952546098], [-101.76181808832, -92.713079034787, 33.887049332597], [-101.80393973711, -92.490203439695, 35.874146119096], [-101.8460613859, -92.267327367765, 37.861242905595], [-101.88818303469, -92.044451772672, 39.848339692094], [-101.93030480269, -91.821576177579, 41.835436478593], [-101.97242645148, -91.598700582486, 43.822531357744], [-102.01454821947, -91.375824033719, 45.809630051591], [-102.05666986826, -91.152948438627, 47.796724930742], [-102.09879151705, -90.930072843534, 49.783819809892], [-102.14091316584, -90.707197248441, 51.77091850374], [-102.18303481463, -90.484321653348, 53.75801338289], [-102.22515646342, -90.261445104581, 55.745112076738], [-102.2672781122, -90.038569509488, 57.732206955888], [-102.30939976099, -89.815693914396, 59.719301835039], [-102.35152140978, -89.592818319303, 61.706400528886], [-102.39364329699, -89.36994272421, 63.693495408037], [-102.43576494578, -89.147067129117, 65.680594101884], [-102.47788659457, -88.92419058035, 67.667688981035], [-102.52000824335, -88.701314985257, 69.654783860185], [-102.56212989214, -88.478439390165, 71.641882554033], [-102.60425154093, -88.255563795072, 73.628977433183], [-102.64637318972, -88.032688199979, 75.616076127031], [-102.68849483851, -87.809811651212, 77.603167191484], [-102.7306164873, -87.586936056119, 79.590265885332], [-102.7727383745, -87.364060461026, 81.577364579179], [-102.81486002329, -87.141184865934, 83.564463273027], [-102.85698167208, -86.918309270841, 85.55155433748]], "InstanceCreationTime": ["142115.930000", "142115.861000", "142115.932000", "142115.863000", "142115.934000", "142115.865000", "142115.936000", "142115.867000", "142115.938000", "142115.869000", "142115.940000", "142115.870000", "142115.941000", "142115.873000", "142115.943000", "142115.875000", "142115.945000", "142115.876000", "142115.947000", "142115.878000", "142115.948000", "142115.880000", "142115.950000", "142115.882000", "142115.952000", "142115.884000", "142115.954000", "142115.886000", "142115.955000", "142115.889000", "142115.957000", "142115.891000", "142115.959000", "142115.894000", "142115.961000", "142115.896000", "142115.963000", "142115.897000", "142115.964000", "142115.899000", "142115.966000", "142115.901000", "142115.968000", "142115.903000", "142115.970000", "142115.905000", "142115.972000", "142115.907000", "142115.974000", "142115.908000", "142115.975000", "142115.910000", "142115.977000", "142115.912000", "142115.979000", "142115.914000", "142115.981000", "142115.916000", "142115.982000", "142115.918000", "142115.984000", "142115.919000", "142115.986000", "142115.921000", "142115.988000", "142115.923000", "142115.990000", "142115.925000", "142115.991000", "142115.927000", "142115.993000", "142115.929000"], "InstanceNumber": [1, 2, 3, 4, 5, 6, 7, 8, 9, 10, 11, 12, 13, 14, 15, 16, 17, 18, 19, 20, 21, 22, 23, 24, 25, 26, 27, 28, 29, 30, 31, 32, 33, 34, 35, 36, 37, 38, 39, 40, 41, 42, 43, 44, 45, 46, 47, 48, 49, 50, 51, 52, 53, 54, 55, 56, 57, 58, 59, 60, 61, 62, 63, 64, 65, 66, 67, 68, 69, 70, 71, 72], "LargestImagePixelValue": [4095, 4094, 4093, 4094, 4093, 4095, 4093, 4094, 4095, 4095, 4095, 4095, 4094, 4095, 4095, 4094, 4092, 4094, 4092, 4094, 4092, 4094, 4094, 4090, 4093, 4092, 4091, 4092, 4092, 4094, 4094, 4094, 4090, 4095, 4094, 4092, 4093, 4095, 4091, 4091, 4094, 4095, 4095, 4095, 4094, 4092, 4093, 4091, 4092, 4095, 4094, 4095, 4095, 4095, 4095, 4093, 4093, 4094, 4094, 4094, 4095, 4093, 4094, 4094, 4095, 4094, 4094, 4095, 4095, 4094, 4094, 4095], "SliceLocation": [-64.520139717707, -62.520145025021, -60.520142752007, -58.520144269098, -56.520142022712, -54.520143539862, -52.520145056933, -50.520142797204, -48.520144314275, -46.520142054545, -44.520143578259, -42.520145101973, -40.52014283228, -38.520144357654, -36.520142091391, -34.520143615623, -32.520145137049, -30.520142874626, -28.520142502669, -26.52014402701, -24.520143648411, -22.520143284352, -20.520142907008, -18.520142541694, -16.520144072678, -14.520143694079, -12.520143316735, -10.520142939391, -8.5201435336272, -6.5201431562835, -4.5201432527006, -2.5201433491176, -0.5201433511527, 1.4798566443016, 3.4798565744534, 5.4798566883478, 7.4798566210103, 9.4798569717851, 11.479856375038, 13.479856778951, 15.479856182204, 17.47985653549, 19.479856939402, 21.479857290177, 23.479855799047, 25.479856152332, 27.479856503107, 29.47985690702, 31.479857257794, 33.47985761108, 35.479856066812, 37.479858421416, 39.479856877148, 41.47985533288, 43.479857578697, 45.479856034429, 47.479858386522, 49.479856842254, 51.479855297986, 53.479857543804, 55.479856004557, 57.479858250375, 59.479856812382, 61.479855268114, 63.479857513932, 65.479855969664, 67.479858215481, 69.479852987403, 71.479855233221, 73.47985748406, 75.479859729877, 77.479854395524], "SmallestImagePixelValue": [0, 0, 0, 0, 0, 0, 0, 0, 1, 0, 0, 1, 0, 0, 0, 2, 1, 0, 0, 0, 0, 0, 0, 0, 0, 0, 0, 3, 1, 0, 0, 0, 2, 1, 3, 3, 1, 9, 0, 0, 0, 0, 1, 1, 2, 2, 1, 0, 2, 1, 5, 1, 0, 1, 1, 0, 0, 0, 0, 1, 1, 0, 0, 0, 0, 0, 0, 0, 0, 1, 0, 0], "WindowCenter": [-224.0, -230.0, -244.0, -264.0, -274.0, -338.0, -326.0, -340.0, -308.0, -248.0, -204.0, -180.0, -156.0, -146.0, -112.0, -172.0, -166.0, -250.0, -230.0, -252.0, -286.0, -280.0, -292.0, -314.0, -318.0, -308.0, -296.0, -264.0, -244.0, -228.0, -200.0, -170.0, -158.0, -176.0, -138.0, -150.0, -166.0, -142.0, -158.0, -186.0, -116.0, -138.0, -82.0, -94.0, -90.0, -54.0, -48.0, -26.0, -14.0, -8.0, -20.0, -30.0, -84.0, -84.0, -86.0, -114.0, -78.0, -94.0, -48.0, -44.0, -44.0, -106.0, -110.0, -170.0, -186.0, -170.0, -258.0, -252.0, -290.0, -324.0, -332.0, -340.0], "WindowWidth": [6282.0, 6228.0, 6152.0, 6194.0, 6168.0, 6222.0, 6192.0, 6204.0, 6196.0, 6232.0, 6340.0, 6270.0, 6342.0, 6248.0, 6310.0, 6224.0, 6220.0, 6164.0, 6122.0, 6060.0, 6012.0, 5974.0, 5900.0, 5698.0, 5612.0, 5480.0, 5518.0, 5446.0, 5326.0, 5332.0, 5392.0, 5436.0, 5330.0, 5272.0, 5492.0, 5450.0, 5364.0, 5504.0, 5466.0, 5230.0, 5484.0, 5326.0, 5464.0, 5278.0, 5170.0, 5248.0, 5302.0, 5358.0, 5352.0, 5362.0, 5370.0, 5482.0, 5452.0, 5548.0, 5542.0, 5652.0, 5658.0, 5774.0, 5830.0, 5896.0, 5938.0, 5928.0, 5964.0, 5972.0, 6014.0, 5996.0, 6044.0, 6046.0, 6058.0, 5974.0, 6090.0, 6132.0]}}, "IntendedFor": ["ses-1/func/sub-58_ses-1_task-motor_run-06_bold.nii.gz", "ses-1/func/sub-58_ses-1_task-motor_run-05_bold.nii.gz", "ses-1/func/sub-58_ses-1_task-motor_run-02_bold.nii.gz", "ses-1/func/sub-58_ses-1_task-motor_run-03_bold.nii.gz", "ses-1/func/sub-58_ses-1_task-motor_run-01_bold.nii.gz", "ses-1/func/sub-58_ses-1_task-motor_run-04_bold.nii.gz"]}