{"AcquisitionMatrixPE": 100, "AcquisitionNumber": 1, "AcquisitionTime": "13:12:57.922500", "BaseResolution": 100, "BodyPartExamined": "BRAIN", "ConsistencyInfo": "N4_VE11C_LATEST_20160120", "ConversionSoftware": "dcm2niix", "ConversionSoftwareVersion": "v1.0.20180622 GCC4.9.2", "DeviceSerialNumber": "166078", "DwellTime": 8.8e-06, "EchoNumber": 2, "EchoTime": 0.00738, "EchoTime1": 0.00492, "EchoTime2": 0.00738, "FlipAngle": 60, "ImageOrientationPatientDICOM": [1, 0, 0, 0, 0.971134, -0.238533], "ImageType": ["ORIGINAL", "PRIMARY", "P", "ND"], "InPlanePhaseEncodingDirectionDICOM": "ROW", "InstitutionAddress": "Street_StreetNo_Bei_Jing_District_CN_ZIP", "InstitutionName": "BeiJing_Normal_University", "InstitutionalDepartmentName": "Department", "MRAcquisitionType": "2D", "MagneticFieldStrength": 3, "Manufacturer": "Siemens", "ManufacturersModelName": "Prisma", "Modality": "MR", "PartialFourier": 1, "PatientPosition": "HFS", "PercentPhaseFOV": 100, "PhaseEncodingDirection": "i", "PhaseEncodingSteps": 100, "PhaseResolution": 1, "PixelBandwidth": 570, "ProcedureStepDescription": "BNU_P2018_64CH_Liu.Jia", "ProtocolName": "field_mapping_2x2x2", "PulseSequenceDetails": "%SiemensSeq%_gre_field_mapping", "ReceiveCoilActiveElements": "HC1-7;NC1", "ReceiveCoilName": "HeadNeck_64", "ReconMatrixPE": 100, "RepetitionTime": 0.72, "SAR": 0.140932, "ScanningSequence": "GR", "SequenceName": "_fm2d2r", "SequenceVariant": "SP", "SeriesDescription": "field_mapping_2x2x2", "SeriesNumber": 7, "ShimSetting": [-5468, -11485, -1241, 381, -16, -306, -27, 43], "SliceThickness": 2, "SoftwareVersions": "syngo_MR_E11", "SpacingBetweenSlices": 2, "StationName": "AWP166078", "TxRefAmp": 244.423, "dcmmeta_affine": [[-2.0, 0.0, 0.0, 100.0], [0.0, 1.9422686100006104, -0.4770669937133789, -72.95816802978516], [0.0, 0.47706693410873413, 1.9422683715820312, -80.18222045898438], [0.0, 0.0, 0.0, 1.0]], "dcmmeta_reorient_transform": [[0.0, -1.0, 0.0, 99.0], [1.0, 0.0, 0.0, 0.0], [0.0, 0.0, -1.0, 71.0], [0.0, 0.0, 0.0, 1.0]], "dcmmeta_shape": [100, 100, 72], "dcmmeta_slice_dim": 2, "dcmmeta_version": 0.6, "global": {"const": {"AcquisitionMatrix": [0, 100, 100, 0], "AcquisitionNumber": 1, "AngioFlag": "N", "BitsAllocated": 16, "BitsStored": 12, "BodyPartExamined": "BRAIN", "Columns": 100, "EchoNumbers": 2, "EchoTime": 7.38, "EchoTrainLength": 0, "FlipAngle": 60.0, "HighBit": 11, "ImageOrientationPatient": [1.0, 0.0, 0.0, 0.0, 0.97113427711446, -0.2385334689585], "ImageType": ["ORIGINAL", "PRIMARY", "P", "ND"], "ImagedNucleus": "1H", "ImagingFrequency": 123.2578, "InPlanePhaseEncodingDirection": "ROW", "MRAcquisitionType": "2D", "MagneticFieldStrength": 3.0, "Manufacturer": "SIEMENS", "ManufacturerModelName": "Prisma", "Modality": "MR", "NumberOfAverages": 1.0, "NumberOfPhaseEncodingSteps": 100, "PercentPhaseFieldOfView": 100.0, "PercentSampling": 100.0, "PerformedProcedureStepStartTime": "124412.632000", "PhotometricInterpretation": "MONOCHROME2", "PixelBandwidth": 570.0, "PixelRepresentation": 0, "PixelSpacing": [2.0, 2.0], "ProtocolName": "field_mapping_2x2x2", "RepetitionTime": 720.0, "RescaleIntercept": -4096.0, "RescaleSlope": 2.0, "RescaleType": "US", "Rows": 100, "SAR": 0.14093244794215, "SamplesPerPixel": 1, "ScanningSequence": "GR", "SequenceName": "*fm2d2r", "SequenceVariant": "SP", "SeriesDescription": "field_mapping_2x2x2", "SeriesNumber": 7, "SeriesTime": "131522.692000", "SliceThickness": 2.0, "SoftwareVersions": "syngo MR E11", "SpacingBetweenSlices": 2.0, "SpecificCharacterSet": "ISO_IR 100", "StudyID": "1", "StudyTime": "124412.533000", "TransmitCoilName": "Body", "VariableFlipAngleFlag": "N", "WindowCenterWidthExplanation": "Algo1", "dBdt": 0.0}, "slices": {"AcquisitionTime": ["131257.922500", "131257.562500", "131257.932500", "131257.572500", "131257.942500", "131257.582500", "131257.952500", "131257.592500", "131257.962500", "131257.602500", "131257.972500", "131257.612500", "131257.982500", "131257.622500", "131257.992500", "131257.632500", "131258.002500", "131257.642500", "131258.012500", "131257.652500", "131258.022500", "131257.662500", "131258.032500", "131257.672500", "131258.042500", "131257.682500", "131258.052500", "131257.692500", "131258.062500", "131257.702500", "131258.072500", "131257.712500", "131258.082500", "131257.722500", "131258.092500", "131257.732500", "131258.102500", "131257.742500", "131258.112500", "131257.752500", "131258.122500", "131257.762500", "131258.132500", "131257.772500", "131258.142500", "131257.782500", "131258.152500", "131257.792500", "131258.162500", "131257.802500", "131258.172500", "131257.812500", "131258.182500", "131257.822500", "131258.192500", "131257.832500", "131258.202500", "131257.842500", "131258.212500", "131257.852500", "131258.222500", "131257.862500", "131258.232500", "131257.872500", "131258.242500", "131257.882500", "131258.252500", "131257.892500", "131258.262500", "131257.902500", "131258.272500", "131257.912500"], "ContentTime": ["131522.762000", "131522.694000", "131522.763000", "131522.696000", "131522.765000", "131522.698000", "131522.767000", "131522.699000", "131522.769000", "131522.701000", "131522.771000", "131522.703000", "131522.773000", "131522.705000", "131522.774000", "131522.707000", "131522.776000", "131522.711000", "131522.778000", "131522.713000", "131522.780000", "131522.714000", "131522.782000", "131522.716000", "131522.783000", "131522.718000", "131522.785000", "131522.720000", "131522.787000", "131522.722000", "131522.789000", "131522.723000", "131522.791000", "131522.725000", "131522.793000", "131522.727000", "131522.795000", "131522.729000", "131522.797000", "131522.731000", "131522.800000", "131522.733000", "131522.802000", "131522.734000", "131522.804000", "131522.736000", "131522.806000", "131522.738000", "131522.808000", "131522.740000", "131522.810000", "131522.742000", "131522.812000", "131522.744000", "131522.814000", "131522.745000", "131522.816000", "131522.747000", "131522.818000", "131522.749000", "131522.820000", "131522.751000", "131522.821000", "131522.752000", "131522.823000", "131522.754000", "131522.825000", "131522.756000", "131522.827000", "131522.758000", "131522.829000", "131522.760000"], "CsaImage.GSWDDataType": ["measured", "predicted", "measured", "predicted", "measured", "predicted", "measured", "predicted", "measured", "predicted", "measured", "predicted", "measured", "predicted", "measured", "predicted", "measured", "predicted", "measured", "predicted", "measured", "predicted", "measured", "predicted", "measured", "predicted", "measured", "predicted", "measured", "predicted", "measured", "predicted", "measured", "predicted", "measured", "predicted", "measured", "predicted", "measured", "predicted", "measured", "predicted", "measured", "predicted", "measured", "predicted", "measured", "predicted", "measured", "predicted", "measured", "predicted", "measured", "predicted", "measured", "predicted", "measured", "predicted", "measured", "predicted", "measured", "predicted", "measured", "predicted", "measured", "predicted", "measured", "predicted", "measured", "predicted", "measured", "measured"], "CsaImage.ICE_Dims": ["X_2_1_1_1_1_1_37_1_1_1_1_118", "X_2_1_1_1_1_1_1_1_1_2_1_118", "X_2_1_1_1_1_1_38_1_1_3_1_118", "X_2_1_1_1_1_1_2_1_1_4_1_118", "X_2_1_1_1_1_1_39_1_1_5_1_118", "X_2_1_1_1_1_1_3_1_1_6_1_118", "X_2_1_1_1_1_1_40_1_1_7_1_118", "X_2_1_1_1_1_1_4_1_1_8_1_118", "X_2_1_1_1_1_1_41_1_1_9_1_118", "X_2_1_1_1_1_1_5_1_1_10_1_118", "X_2_1_1_1_1_1_42_1_1_11_1_118", "X_2_1_1_1_1_1_6_1_1_12_1_118", "X_2_1_1_1_1_1_43_1_1_13_1_118", "X_2_1_1_1_1_1_7_1_1_14_1_118", "X_2_1_1_1_1_1_44_1_1_15_1_118", "X_2_1_1_1_1_1_8_1_1_16_1_118", "X_2_1_1_1_1_1_45_1_1_17_1_118", "X_2_1_1_1_1_1_9_1_1_18_1_118", "X_2_1_1_1_1_1_46_1_1_19_1_118", "X_2_1_1_1_1_1_10_1_1_20_1_118", "X_2_1_1_1_1_1_47_1_1_21_1_118", "X_2_1_1_1_1_1_11_1_1_22_1_118", "X_2_1_1_1_1_1_48_1_1_23_1_118", "X_2_1_1_1_1_1_12_1_1_24_1_118", "X_2_1_1_1_1_1_49_1_1_25_1_118", "X_2_1_1_1_1_1_13_1_1_26_1_118", "X_2_1_1_1_1_1_50_1_1_27_1_118", "X_2_1_1_1_1_1_14_1_1_28_1_118", "X_2_1_1_1_1_1_51_1_1_29_1_118", "X_2_1_1_1_1_1_15_1_1_30_1_118", "X_2_1_1_1_1_1_52_1_1_31_1_118", "X_2_1_1_1_1_1_16_1_1_32_1_118", "X_2_1_1_1_1_1_53_1_1_33_1_118", "X_2_1_1_1_1_1_17_1_1_34_1_118", "X_2_1_1_1_1_1_54_1_1_35_1_118", "X_2_1_1_1_1_1_18_1_1_36_1_118", "X_2_1_1_1_1_1_55_1_1_37_1_118", "X_2_1_1_1_1_1_19_1_1_38_1_118", "X_2_1_1_1_1_1_56_1_1_39_1_118", "X_2_1_1_1_1_1_20_1_1_40_1_118", "X_2_1_1_1_1_1_57_1_1_41_1_118", "X_2_1_1_1_1_1_21_1_1_42_1_118", "X_2_1_1_1_1_1_58_1_1_43_1_118", "X_2_1_1_1_1_1_22_1_1_44_1_118", "X_2_1_1_1_1_1_59_1_1_45_1_118", "X_2_1_1_1_1_1_23_1_1_46_1_118", "X_2_1_1_1_1_1_60_1_1_47_1_118", "X_2_1_1_1_1_1_24_1_1_48_1_118", "X_2_1_1_1_1_1_61_1_1_49_1_118", "X_2_1_1_1_1_1_25_1_1_50_1_118", "X_2_1_1_1_1_1_62_1_1_51_1_118", "X_2_1_1_1_1_1_26_1_1_52_1_118", "X_2_1_1_1_1_1_63_1_1_53_1_118", "X_2_1_1_1_1_1_27_1_1_54_1_118", "X_2_1_1_1_1_1_64_1_1_55_1_118", "X_2_1_1_1_1_1_28_1_1_56_1_118", "X_2_1_1_1_1_1_65_1_1_57_1_118", "X_2_1_1_1_1_1_29_1_1_58_1_118", "X_2_1_1_1_1_1_66_1_1_59_1_118", "X_2_1_1_1_1_1_30_1_1_60_1_118", "X_2_1_1_1_1_1_67_1_1_61_1_118", "X_2_1_1_1_1_1_31_1_1_62_1_118", "X_2_1_1_1_1_1_68_1_1_63_1_118", "X_2_1_1_1_1_1_32_1_1_64_1_118", "X_2_1_1_1_1_1_69_1_1_65_1_118", "X_2_1_1_1_1_1_33_1_1_66_1_118", "X_2_1_1_1_1_1_70_1_1_67_1_118", "X_2_1_1_1_1_1_34_1_1_68_1_118", "X_2_1_1_1_1_1_71_1_1_69_1_118", "X_2_1_1_1_1_1_35_1_1_70_1_118", "X_2_1_1_1_1_1_72_1_1_71_1_118", "X_2_1_1_1_1_1_36_1_1_72_1_118"], "CsaImage.ProtocolSliceNumber": [0, 1, 2, 3, 4, 5, 6, 7, 8, 9, 10, 11, 12, 13, 14, 15, 16, 17, 18, 19, 20, 21, 22, 23, 24, 25, 26, 27, 28, 29, 30, 31, 32, 33, 34, 35, 36, 37, 38, 39, 40, 41, 42, 43, 44, 45, 46, 47, 48, 49, 50, 51, 52, 53, 54, 55, 56, 57, 58, 59, 60, 61, 62, 63, 64, 65, 66, 67, 68, 69, 70, 71], "CsaImage.RFSWDDataType": ["measured", "predicted", "measured", "predicted", "measured", "predicted", "measured", "predicted", "measured", "predicted", "measured", "predicted", "measured", "predicted", "measured", "predicted", "measured", "predicted", "measured", "predicted", "measured", "predicted", "measured", "predicted", "measured", "predicted", "measured", "predicted", "measured", "predicted", "measured", "predicted", "measured", "predicted", "measured", "predicted", "measured", "predicted", "measured", "predicted", "measured", "predicted", "measured", "predicted", "measured", "predicted", "measured", "predicted", "measured", "predicted", "measured", "predicted", "measured", "predicted", "measured", "predicted", "measured", "predicted", "measured", "predicted", "measured", "predicted", "measured", "predicted", "measured", "predicted", "measured", "measured", "measured", "measured", "measured", "measured"], "CsaImage.SlicePosition_PCS": [[-100.0, -119.3264118, -32.95260708], [-100.0, -118.84934385, -31.01033871], [-100.0, -118.37227781, -29.06807034], [-100.0, -117.89521177, -27.12580197], [-100.0, -117.41814382, -25.1835336], [-100.0, -116.94107778, -23.24126523], [-100.0, -116.46400983, -21.29899685], [-100.0, -115.98694379, -19.35672848], [-100.0, -115.50987585, -17.41446011], [-100.0, -115.03280981, -15.47219174], [-100.0, -114.55574186, -13.52992337], [-100.0, -114.07867582, -11.587655], [-100.0, -113.60160787, -9.64538662], [-100.0, -113.12454183, -7.70311825], [-100.0, -112.64747484, -5.76084797], [-100.0, -112.17040784, -3.8185796], [-100.0, -111.69334085, -1.87631123], [-100.0, -111.21627386, 0.06595714], [-100.0, -110.73920686, 2.00822551], [-100.0, -110.26213987, 3.95049388], [-100.0, -109.78507288, 5.89276226], [-100.0, -109.30800684, 7.83503063], [-100.0, -108.83093984, 9.77729995], [-100.0, -108.35387285, 11.71956832], [-100.0, -107.87680585, 13.6618367], [-100.0, -107.39973886, 15.60410507], [-100.0, -106.92267187, 17.54637392], [-100.0, -106.44560487, 19.48864229], [-100.0, -105.96853788, 21.4309109], [-100.0, -105.49147089, 23.37317957], [-100.0, -105.01440437, 25.31544812], [-100.0, -104.53733738, 27.25771673], [-100.0, -104.06027038, 29.1999851], [-100.0, -103.58320339, 31.14225395], [-100.0, -103.10613639, 33.08452232], [-100.0, -102.6290694, 35.02679069], [-100.0, -102.15200288, 36.96905906], [-100.0, -101.67493589, 38.91132839], [-100.0, -101.1978689, 40.85359676], [-100.0, -100.7208019, 42.79586513], [-100.0, -100.24373491, 44.7381335], [-100.0, -99.76666815, 46.68040187], [-100.0, -99.28960116, 48.62267024], [-100.0, -98.81253429, 50.56493862], [-100.0, -98.33546741, 52.5072089], [-100.0, -97.85840048, 54.44947727], [-100.0, -97.38133354, 56.39174564], [-100.0, -96.90426662, 58.33401401], [-100.0, -96.42719973, 60.27628238], [-100.0, -95.9501328, 62.21855075], [-100.0, -95.47306593, 64.16081912], [-100.0, -94.99599893, 66.1030875], [-100.0, -94.51893194, 68.04535587], [-100.0, -94.04186518, 69.98762424], [-100.0, -93.56479819, 71.92989261], [-100.0, -93.08773143, 73.87216098], [-100.0, -92.61066444, 75.81442935], [-100.0, -92.13359745, 77.75669773], [-100.0, -91.65653045, 79.6989661], [-100.0, -91.17946346, 81.64123447], [-100.0, -90.70239694, 83.58350666], [-100.0, -90.22532995, 85.52577503], [-100.0, -89.74826295, 87.4680434], [-100.0, -89.27119596, 89.41030796], [-100.0, -88.79412897, 91.35257633], [-100.0, -88.31706197, 93.2948447], [-100.0, -87.83999498, 95.23711307], [-100.0, -87.36292799, 97.17938144], [-100.0, -86.88586099, 99.12164981], [-100.0, -86.40879495, 101.06391818], [-100.0, -85.93172796, 103.00619419], [-100.0, -85.45466096, 104.94846256]], "CsaImage.TimeAfterStart": [1.0825, 0.7225, 1.0925, 0.7325, 1.1025, 0.7425, 1.1125, 0.7525, 1.1225, 0.7625, 1.1325, 0.7725, 1.1425, 0.7825, 1.1525, 0.7925, 1.1625, 0.8025, 1.1725, 0.8125, 1.1825, 0.8225, 1.1925, 0.8325, 1.2025, 0.8425, 1.2125, 0.8525, 1.2225, 0.8625, 1.2325, 0.8725, 1.2425, 0.8825, 1.2525, 0.8925, 1.2625, 0.9025, 1.2725, 0.9125, 1.2825, 0.9225, 1.2925, 0.9325, 1.3025, 0.9425, 1.3125, 0.9525, 1.3225, 0.9625, 1.3325, 0.9725, 1.3425, 0.9825, 1.3525, 0.9925, 1.3625, 1.0025, 1.3725, 1.0125, 1.3825, 1.0225, 1.3925, 1.0325, 1.4025, 1.0425, 1.4125, 1.0525, 1.4225, 1.0625, 1.4325, 1.0725], "ImagePositionPatient": [[-100.0, -119.32641179653, -32.952607083643], [-100.0, -118.84934384914, -31.010338712061], [-100.0, -118.3722778091, -29.068070340479], [-100.0, -117.89521176906, -27.125801968897], [-100.0, -117.41814382168, -25.183533597315], [-100.0, -116.94107778164, -23.241265225733], [-100.0, -116.46400983425, -21.298996854151], [-100.0, -115.98694379421, -19.356728482569], [-100.0, -115.50987584682, -17.414460110987], [-100.0, -115.03280980678, -15.472191739405], [-100.0, -114.5557418594, -13.529923367823], [-100.0, -114.07867581936, -11.587654996241], [-100.0, -113.60160787197, -9.6453866246588], [-100.0, -113.12454183193, -7.7031182530768], [-100.0, -112.64747483822, -5.7608479741461], [-100.0, -112.1704078445, -3.8185796025641], [-100.0, -111.69334085079, -1.8763112309821], [-100.0, -111.21627385708, 0.06595714059998], [-100.0, -110.73920686336, 2.008225512182], [-100.0, -110.26213986965, 3.950493883764], [-100.0, -109.78507287594, 5.8927622553461], [-100.0, -109.3080068359, 7.8350306269281], [-100.0, -108.83093984218, 9.7772999521844], [-100.0, -108.35387284847, 11.719568323766], [-100.0, -107.87680585476, 13.661836695349], [-100.0, -107.39973886104, 15.604105066931], [-100.0, -106.92267186733, 17.54637391535], [-100.0, -106.44560487362, 19.488642286932], [-100.0, -105.9685378799, 21.430910896932], [-100.0, -105.49147088619, 23.373179566538], [-100.0, -105.01440436931, 25.315448116934], [-100.0, -104.5373373756, 27.257716726934], [-100.0, -104.06027038189, 29.199985098516], [-100.0, -103.58320338817, 31.142253946935], [-100.0, -103.10613639446, 33.084522318517], [-100.0, -102.62906940075, 35.026790690099], [-100.0, -102.15200288387, 36.969059061682], [-100.0, -101.67493589016, 38.911328386938], [-100.0, -101.19786889644, 40.85359675852], [-100.0, -100.72080190273, 42.795865130102], [-100.0, -100.24373490902, 44.738133501684], [-100.0, -99.766668153722, 46.680401873266], [-100.0, -99.289601160009, 48.622670244848], [-100.0, -98.812534285505, 50.56493861643], [-100.0, -98.335467411, 52.507208895361], [-100.0, -97.858400476892, 54.449477266943], [-100.0, -97.381333542783, 56.391745638525], [-100.0, -96.904266623575, 58.334014010107], [-100.0, -96.42719973417, 60.276282381689], [-100.0, -95.950132800061, 62.218550753271], [-100.0, -95.473065925557, 64.160819124853], [-100.0, -94.995998931844, 66.103087496435], [-100.0, -94.518931938131, 68.045355868017], [-100.0, -94.041865182836, 69.987624239599], [-100.0, -93.564798189122, 71.929892611181], [-100.0, -93.087731433828, 73.872160982763], [-100.0, -92.610664440114, 75.814429354345], [-100.0, -92.133597446401, 77.756697725927], [-100.0, -91.656530452687, 79.698966097509], [-100.0, -91.179463458974, 81.641234469091], [-100.0, -90.702396942098, 83.58350665537], [-100.0, -90.225329948384, 85.525775026953], [-100.0, -89.748262954671, 87.468043398535], [-100.0, -89.271195960958, 89.410307955419], [-100.0, -88.794128967244, 91.352576327001], [-100.0, -88.317061973531, 93.294844698583], [-100.0, -87.839994979818, 95.237113070165], [-100.0, -87.362927986104, 97.179381441747], [-100.0, -86.885860992391, 99.121649813329], [-100.0, -86.408794952352, 101.06391818491], [-100.0, -85.931727958638, 103.00619418589], [-100.0, -85.454660964925, 104.94846255747]], "InstanceCreationTime": ["131522.762000", "131522.694000", "131522.763000", "131522.696000", "131522.765000", "131522.698000", "131522.767000", "131522.699000", "131522.769000", "131522.701000", "131522.771000", "131522.703000", "131522.773000", "131522.705000", "131522.774000", "131522.707000", "131522.776000", "131522.711000", "131522.778000", "131522.713000", "131522.780000", "131522.714000", "131522.782000", "131522.716000", "131522.783000", "131522.718000", "131522.785000", "131522.720000", "131522.787000", "131522.722000", "131522.789000", "131522.723000", "131522.791000", "131522.725000", "131522.793000", "131522.727000", "131522.795000", "131522.729000", "131522.797000", "131522.731000", "131522.800000", "131522.733000", "131522.802000", "131522.734000", "131522.804000", "131522.736000", "131522.806000", "131522.738000", "131522.808000", "131522.740000", "131522.810000", "131522.742000", "131522.812000", "131522.744000", "131522.814000", "131522.745000", "131522.816000", "131522.747000", "131522.818000", "131522.749000", "131522.820000", "131522.751000", "131522.821000", "131522.752000", "131522.823000", "131522.754000", "131522.825000", "131522.756000", "131522.827000", "131522.758000", "131522.829000", "131522.760000"], "InstanceNumber": [1, 2, 3, 4, 5, 6, 7, 8, 9, 10, 11, 12, 13, 14, 15, 16, 17, 18, 19, 20, 21, 22, 23, 24, 25, 26, 27, 28, 29, 30, 31, 32, 33, 34, 35, 36, 37, 38, 39, 40, 41, 42, 43, 44, 45, 46, 47, 48, 49, 50, 51, 52, 53, 54, 55, 56, 57, 58, 59, 60, 61, 62, 63, 64, 65, 66, 67, 68, 69, 70, 71, 72], "LargestImagePixelValue": [4094, 4095, 4095, 4094, 4095, 4095, 4095, 4094, 4095, 4091, 4094, 4089, 4094, 4095, 4094, 4095, 4093, 4094, 4094, 4094, 4087, 4095, 4094, 4095, 4095, 4088, 4093, 4084, 4095, 4090, 4092, 4094, 4095, 4095, 4095, 4094, 4095, 4092, 4092, 4088, 4094, 4094, 4092, 4095, 4092, 4090, 4092, 4088, 4094, 4092, 4093, 4093, 4093, 4091, 4093, 4094, 4092, 4094, 4091, 4094, 4095, 4094, 4094, 4095, 4095, 4093, 4094, 4092, 4095, 4095, 4093, 4095], "SliceLocation": [-60.464749203406, -58.464749139988, -56.464749531537, -54.464749923085, -52.464749859668, -50.464750251216, -48.464750187798, -46.464750579347, -44.464750515929, -42.464750907478, -40.46475084406, -38.464751235608, -36.46475117219, -34.464751563739, -32.464749875513, -30.464750039578, -28.464750203643, -26.464750367709, -24.464750531774, -22.464750695839, -20.464750859905, -18.464751251453, -16.464750489373, -14.464750653438, -12.464750817504, -10.464750981569, -8.4647506825614, -6.4647508466267, -4.4647507791556, -2.4647506538004, -0.464750757955, 1.5352493095161, 3.5352491454507, 5.5352494444583, 7.5352492803929, 9.5352491163276, 11.535248838521, 13.535249600601, 15.535249436536, 17.53524927247, 19.535249108405, 21.535248887469, 23.535248723404, 25.535248530903, 27.535250190694, 29.535250012411, 31.535249834128, 33.53524965229, 35.535249463344, 37.535249285061, 39.53524909256, 41.535248928495, 43.535248764429, 45.535248543493, 47.535248379428, 49.535248158492, 51.535247994426, 53.535247830361, 55.535247666296, 57.53524750223, 59.535250929006, 61.535250764941, 63.535250600876, 65.535246732227, 67.535246568162, 69.535246404096, 71.535246240031, 73.535246075966, 75.5352459119, 77.535245520352, 79.535252765453, 81.535252601388], "SmallestImagePixelValue": [4, 1, 0, 2, 0, 0, 0, 0, 1, 0, 0, 0, 0, 0, 10, 1, 2, 0, 1, 0, 0, 0, 0, 0, 3, 0, 2, 1, 0, 0, 0, 2, 0, 0, 1, 0, 7, 0, 4, 3, 2, 0, 3, 0, 4, 1, 1, 4, 0, 1, 5, 4, 0, 0, 1, 0, 0, 0, 0, 0, 0, 0, 0, 2, 0, 0, 0, 0, 0, 0, 0, 0], "WindowCenter": [-164.0, -160.0, -146.0, -154.0, -204.0, -162.0, -158.0, -164.0, -228.0, -266.0, -272.0, -274.0, -252.0, -258.0, -248.0, -260.0, -274.0, -324.0, -304.0, -314.0, -342.0, -342.0, -374.0, -358.0, -348.0, -348.0, -298.0, -240.0, -206.0, -178.0, -110.0, -98.0, -92.0, -80.0, -102.0, -74.0, -108.0, -116.0, -126.0, -154.0, -142.0, -152.0, -150.0, -278.0, -150.0, -228.0, -210.0, -200.0, -42.0, -64.0, -176.0, -186.0, -202.0, -232.0, -250.0, -288.0, -310.0, -358.0, -362.0, -410.0, -384.0, -270.0, -434.0, -282.0, -334.0, -338.0, -336.0, -322.0, -312.0, -298.0, -326.0, -346.0], "WindowWidth": [5694.0, 5986.0, 6080.0, 6140.0, 6176.0, 6206.0, 6236.0, 6244.0, 6200.0, 6140.0, 6114.0, 6046.0, 6034.0, 5998.0, 6064.0, 6146.0, 6158.0, 6150.0, 6134.0, 6144.0, 6132.0, 6136.0, 6128.0, 6048.0, 5960.0, 5846.0, 5774.0, 5718.0, 5646.0, 5608.0, 5618.0, 5520.0, 5524.0, 5578.0, 5566.0, 5592.0, 5580.0, 5500.0, 5534.0, 5372.0, 5456.0, 5290.0, 5232.0, 4628.0, 5024.0, 4600.0, 4598.0, 4578.0, 5252.0, 5068.0, 4566.0, 4572.0, 4582.0, 4602.0, 4616.0, 4658.0, 4692.0, 4728.0, 4784.0, 4804.0, 4822.0, 5436.0, 4906.0, 5606.0, 5618.0, 5680.0, 5884.0, 5928.0, 6028.0, 5830.0, 5996.0, 6220.0]}}, "IntendedFor": ["ses-1/func/sub-67_ses-1_task-motor_run-02_bold.nii.gz", "ses-1/func/sub-67_ses-1_task-motor_run-03_bold.nii.gz", "ses-1/func/sub-67_ses-1_task-motor_run-01_bold.nii.gz", "ses-1/func/sub-67_ses-1_task-motor_run-04_bold.nii.gz", "ses-1/func/sub-67_ses-1_task-motor_run-06_bold.nii.gz", "ses-1/func/sub-67_ses-1_task-motor_run-05_bold.nii.gz"]}