{"AcquisitionMatrixPE": 100, "AcquisitionNumber": 1, "AcquisitionTime": "10:53:48.062500", "BaseResolution": 100, "BodyPartExamined": "BRAIN", "ConsistencyInfo": "N4_VE11C_LATEST_20160120", "ConversionSoftware": "dcm2niix", "ConversionSoftwareVersion": "v1.0.20180622 GCC4.9.2", "DeviceSerialNumber": "166078", "DwellTime": 8.8e-06, "EchoNumber": 2, "EchoTime": 0.00738, "EchoTime1": 0.00492, "EchoTime2": 0.00738, "FlipAngle": 60, "ImageOrientationPatientDICOM": [0.999979, -0.00107237, -0.00641372, 7.0467e-11, 0.986309, -0.164911], "ImageType": ["ORIGINAL", "PRIMARY", "P", "ND"], "InPlanePhaseEncodingDirectionDICOM": "ROW", "InstitutionAddress": "Street_StreetNo_Bei_Jing_District_CN_ZIP", "InstitutionName": "BeiJing_Normal_University", "InstitutionalDepartmentName": "Department", "MRAcquisitionType": "2D", "MagneticFieldStrength": 3, "Manufacturer": "Siemens", "ManufacturersModelName": "Prisma", "Modality": "MR", "PartialFourier": 1, "PatientPosition": "HFS", "PercentPhaseFOV": 100, "PhaseEncodingDirection": "i", "PhaseEncodingSteps": 100, "PhaseResolution": 1, "PixelBandwidth": 570, "ProcedureStepDescription": "BNU_P2018_64CH_Liu.Jia", "ProtocolName": "field_mapping_2x2x2", "PulseSequenceDetails": "%SiemensSeq%_gre_field_mapping", "ReceiveCoilActiveElements": "HC1-7;NC1", "ReceiveCoilName": "HeadNeck_64", "ReconMatrixPE": 100, "RepetitionTime": 0.72, "SAR": 0.107471, "ScanningSequence": "GR", "SequenceName": "_fm2d2r", "SequenceVariant": "SP", "SeriesDescription": "field_mapping_2x2x2", "SeriesNumber": 7, "ShimSetting": [-5469, -11488, -1267, 314, -46, -424, -214, 30], "SliceThickness": 2, "SoftwareVersions": "syngo_MR_E11", "SpacingBetweenSlices": 2, "StationName": "AWP166078", "TxRefAmp": 206.696, "dcmmeta_affine": [[-1.9999576807022095, 1.4093400058090566e-10, -0.013005554676055908, 100.3551025390625], [0.0021447455510497093, 1.9726170301437378, -0.32981395721435547, -83.07441711425781], [-0.012827432714402676, 0.32982137799263, 1.9725799560546875, -68.90186309814453], [0.0, 0.0, 0.0, 1.0]], "dcmmeta_reorient_transform": [[0.0, -1.0, 0.0, 99.0], [1.0, 0.0, 0.0, 0.0], [0.0, 0.0, -1.0, 71.0], [0.0, 0.0, 0.0, 1.0]], "dcmmeta_shape": [100, 100, 72], "dcmmeta_slice_dim": 2, "dcmmeta_version": 0.6, "global": {"const": {"AcquisitionMatrix": [0, 100, 100, 0], "AcquisitionNumber": 1, "AngioFlag": "N", "BitsAllocated": 16, "BitsStored": 12, "BodyPartExamined": "BRAIN", "Columns": 100, "EchoNumbers": 2, "EchoTime": 7.38, "EchoTrainLength": 0, "FlipAngle": 60.0, "HighBit": 11, "ImageOrientationPatient": [0.99997885690714, -0.0010723728183, -0.0064137161795, 7.0467e-11, 0.98630850365899, -0.1649106897989], "ImageType": ["ORIGINAL", "PRIMARY", "P", "ND"], "ImagedNucleus": "1H", "ImagingFrequency": 123.257824, "InPlanePhaseEncodingDirection": "ROW", "MRAcquisitionType": "2D", "MagneticFieldStrength": 3.0, "Manufacturer": "SIEMENS", "ManufacturerModelName": "Prisma", "Modality": "MR", "NumberOfAverages": 1.0, "NumberOfPhaseEncodingSteps": 100, "PercentPhaseFieldOfView": 100.0, "PercentSampling": 100.0, "PerformedProcedureStepStartTime": "101232.260000", "PhotometricInterpretation": "MONOCHROME2", "PixelBandwidth": 570.0, "PixelRepresentation": 0, "PixelSpacing": [2.0, 2.0], "ProtocolName": "field_mapping_2x2x2", "RepetitionTime": 720.0, "RescaleIntercept": -4096.0, "RescaleSlope": 2.0, "RescaleType": "US", "Rows": 100, "SAR": 0.10747092621764, "SamplesPerPixel": 1, "ScanningSequence": "GR", "SequenceName": "*fm2d2r", "SequenceVariant": "SP", "SeriesDescription": "field_mapping_2x2x2", "SeriesNumber": 7, "SeriesTime": "105612.493000", "SliceThickness": 2.0, "SoftwareVersions": "syngo MR E11", "SpacingBetweenSlices": 2.0, "SpecificCharacterSet": "ISO_IR 100", "StudyID": "1", "StudyTime": "101232.158000", "TransmitCoilName": "Body", "VariableFlipAngleFlag": "N", "WindowCenterWidthExplanation": "Algo1", "dBdt": 0.0}, "slices": {"AcquisitionTime": ["105348.062500", "105347.702500", "105348.072500", "105347.712500", "105348.082500", "105347.722500", "105348.092500", "105347.732500", "105348.102500", "105347.742500", "105348.112500", "105347.752500", "105348.122500", "105347.762500", "105348.132500", "105347.772500", "105348.142500", "105347.782500", "105348.152500", "105347.792500", "105348.162500", "105347.802500", "105348.172500", "105347.812500", "105348.182500", "105347.822500", "105348.192500", "105347.832500", "105348.202500", "105347.842500", "105348.212500", "105347.852500", "105348.222500", "105347.862500", "105348.232500", "105347.872500", "105348.242500", "105347.882500", "105348.252500", "105347.892500", "105348.262500", "105347.902500", "105348.272500", "105347.912500", "105348.282500", "105347.922500", "105348.292500", "105347.932500", "105348.302500", "105347.942500", "105348.312500", "105347.952500", "105348.322500", "105347.962500", "105348.332500", "105347.972500", "105348.342500", "105347.982500", "105348.352500", "105347.992500", "105348.362500", "105348.002500", "105348.372500", "105348.012500", "105348.382500", "105348.022500", "105348.392500", "105348.032500", "105348.402500", "105348.042500", "105348.412500", "105348.052500"], "ContentTime": ["105612.563000", "105612.495000", "105612.565000", "105612.497000", "105612.566000", "105612.499000", "105612.568000", "105612.500000", "105612.570000", "105612.502000", "105612.572000", "105612.504000", "105612.574000", "105612.506000", "105612.575000", "105612.508000", "105612.577000", "105612.510000", "105612.579000", "105612.512000", "105612.581000", "105612.513000", "105612.583000", "105612.515000", "105612.585000", "105612.517000", "105612.588000", "105612.519000", "105612.590000", "105612.521000", "105612.591000", "105612.522000", "105612.593000", "105612.524000", "105612.596000", "105612.526000", "105612.597000", "105612.528000", "105612.599000", "105612.530000", "105612.601000", "105612.532000", "105612.603000", "105612.533000", "105612.605000", "105612.535000", "105612.606000", "105612.537000", "105612.608000", "105612.539000", "105612.610000", "105612.541000", "105612.612000", "105612.543000", "105612.614000", "105612.545000", "105612.616000", "105612.546000", "105612.617000", "105612.548000", "105612.619000", "105612.550000", "105612.621000", "105612.552000", "105612.623000", "105612.554000", "105612.625000", "105612.556000", "105612.627000", "105612.559000", "105612.628000", "105612.561000"], "CsaImage.GSWDDataType": ["measured", "predicted", "measured", "predicted", "measured", "predicted", "measured", "predicted", "measured", "predicted", "measured", "predicted", "measured", "predicted", "measured", "predicted", "measured", "predicted", "measured", "predicted", "measured", "predicted", "measured", "predicted", "measured", "predicted", "measured", "predicted", "measured", "predicted", "measured", "predicted", "measured", "predicted", "measured", "predicted", "measured", "predicted", "measured", "predicted", "measured", "predicted", "measured", "predicted", "measured", "predicted", "measured", "predicted", "measured", "predicted", "measured", "predicted", "measured", "predicted", "measured", "predicted", "measured", "predicted", "measured", "predicted", "measured", "predicted", "measured", "predicted", "measured", "measured", "measured", "measured", "measured", "measured", "measured", "measured"], "CsaImage.ICE_Dims": ["X_2_1_1_1_1_1_37_1_1_1_1_57", "X_2_1_1_1_1_1_1_1_1_2_1_57", "X_2_1_1_1_1_1_38_1_1_3_1_57", "X_2_1_1_1_1_1_2_1_1_4_1_57", "X_2_1_1_1_1_1_39_1_1_5_1_57", "X_2_1_1_1_1_1_3_1_1_6_1_57", "X_2_1_1_1_1_1_40_1_1_7_1_57", "X_2_1_1_1_1_1_4_1_1_8_1_57", "X_2_1_1_1_1_1_41_1_1_9_1_57", "X_2_1_1_1_1_1_5_1_1_10_1_57", "X_2_1_1_1_1_1_42_1_1_11_1_57", "X_2_1_1_1_1_1_6_1_1_12_1_57", "X_2_1_1_1_1_1_43_1_1_13_1_57", "X_2_1_1_1_1_1_7_1_1_14_1_57", "X_2_1_1_1_1_1_44_1_1_15_1_57", "X_2_1_1_1_1_1_8_1_1_16_1_57", "X_2_1_1_1_1_1_45_1_1_17_1_57", "X_2_1_1_1_1_1_9_1_1_18_1_57", "X_2_1_1_1_1_1_46_1_1_19_1_57", "X_2_1_1_1_1_1_10_1_1_20_1_57", "X_2_1_1_1_1_1_47_1_1_21_1_57", "X_2_1_1_1_1_1_11_1_1_22_1_57", "X_2_1_1_1_1_1_48_1_1_23_1_57", "X_2_1_1_1_1_1_12_1_1_24_1_57", "X_2_1_1_1_1_1_49_1_1_25_1_57", "X_2_1_1_1_1_1_13_1_1_26_1_57", "X_2_1_1_1_1_1_50_1_1_27_1_57", "X_2_1_1_1_1_1_14_1_1_28_1_57", "X_2_1_1_1_1_1_51_1_1_29_1_57", "X_2_1_1_1_1_1_15_1_1_30_1_57", "X_2_1_1_1_1_1_52_1_1_31_1_57", "X_2_1_1_1_1_1_16_1_1_32_1_57", "X_2_1_1_1_1_1_53_1_1_33_1_57", "X_2_1_1_1_1_1_17_1_1_34_1_57", "X_2_1_1_1_1_1_54_1_1_35_1_57", "X_2_1_1_1_1_1_18_1_1_36_1_57", "X_2_1_1_1_1_1_55_1_1_37_1_57", "X_2_1_1_1_1_1_19_1_1_38_1_57", "X_2_1_1_1_1_1_56_1_1_39_1_57", "X_2_1_1_1_1_1_20_1_1_40_1_57", "X_2_1_1_1_1_1_57_1_1_41_1_57", "X_2_1_1_1_1_1_21_1_1_42_1_57", "X_2_1_1_1_1_1_58_1_1_43_1_57", "X_2_1_1_1_1_1_22_1_1_44_1_57", "X_2_1_1_1_1_1_59_1_1_45_1_57", "X_2_1_1_1_1_1_23_1_1_46_1_57", "X_2_1_1_1_1_1_60_1_1_47_1_57", "X_2_1_1_1_1_1_24_1_1_48_1_57", "X_2_1_1_1_1_1_61_1_1_49_1_57", "X_2_1_1_1_1_1_25_1_1_50_1_57", "X_2_1_1_1_1_1_62_1_1_51_1_57", "X_2_1_1_1_1_1_26_1_1_52_1_57", "X_2_1_1_1_1_1_63_1_1_53_1_57", "X_2_1_1_1_1_1_27_1_1_54_1_57", "X_2_1_1_1_1_1_64_1_1_55_1_57", "X_2_1_1_1_1_1_28_1_1_56_1_57", "X_2_1_1_1_1_1_65_1_1_57_1_57", "X_2_1_1_1_1_1_29_1_1_58_1_57", "X_2_1_1_1_1_1_66_1_1_59_1_57", "X_2_1_1_1_1_1_30_1_1_60_1_57", "X_2_1_1_1_1_1_67_1_1_61_1_57", "X_2_1_1_1_1_1_31_1_1_62_1_57", "X_2_1_1_1_1_1_68_1_1_63_1_57", "X_2_1_1_1_1_1_32_1_1_64_1_57", "X_2_1_1_1_1_1_69_1_1_65_1_57", "X_2_1_1_1_1_1_33_1_1_66_1_57", "X_2_1_1_1_1_1_70_1_1_67_1_57", "X_2_1_1_1_1_1_34_1_1_68_1_57", "X_2_1_1_1_1_1_71_1_1_69_1_57", "X_2_1_1_1_1_1_35_1_1_70_1_57", "X_2_1_1_1_1_1_72_1_1_71_1_57", "X_2_1_1_1_1_1_36_1_1_72_1_57"], "CsaImage.ProtocolSliceNumber": [0, 1, 2, 3, 4, 5, 6, 7, 8, 9, 10, 11, 12, 13, 14, 15, 16, 17, 18, 19, 20, 21, 22, 23, 24, 25, 26, 27, 28, 29, 30, 31, 32, 33, 34, 35, 36, 37, 38, 39, 40, 41, 42, 43, 44, 45, 46, 47, 48, 49, 50, 51, 52, 53, 54, 55, 56, 57, 58, 59, 60, 61, 62, 63, 64, 65, 66, 67, 68, 69, 70, 71], "CsaImage.RFSWDDataType": ["measured", "predicted", "measured", "predicted", "measured", "predicted", "measured", "predicted", "measured", "predicted", "measured", "predicted", "measured", "predicted", "measured", "predicted", "measured", "predicted", "measured", "predicted", "measured", "predicted", "measured", "predicted", "measured", "predicted", "measured", "predicted", "measured", "predicted", "measured", "predicted", "measured", "predicted", "measured", "predicted", "measured", "predicted", "measured", "predicted", "measured", "predicted", "measured", "predicted", "measured", "predicted", "measured", "predicted", "measured", "predicted", "measured", "predicted", "measured", "predicted", "measured", "predicted", "measured", "predicted", "measured", "predicted", "measured", "measured", "measured", "measured", "measured", "measured", "measured", "measured", "measured", "measured", "measured", "measured"], "CsaImage.SlicePosition_PCS": [[-100.35510101, -112.21469795, -36.24921986], [-100.34209552, -111.88488399, -34.27664372], [-100.32909002, -111.55506908, -32.3040714], [-100.31608453, -111.22525512, -30.33149525], [-100.30307903, -110.89544021, -28.35891911], [-100.29007354, -110.56562625, -26.38634297], [-100.27706804, -110.23581134, -24.41377064], [-100.26406255, -109.90599738, -22.4411945], [-100.25105705, -109.57618247, -20.46861836], [-100.23805154, -109.24636852, -18.49604222], [-100.22504605, -108.91655361, -16.52346608], [-100.21204055, -108.58673965, -14.55089185], [-100.19903504, -108.25692474, -12.57831761], [-100.18602955, -107.92711078, -10.60574147], [-100.17302405, -107.59729587, -8.63316724], [-100.16001856, -107.26748191, -6.66059109], [-100.14701306, -106.93766795, -4.68801686], [-100.13400757, -106.60785304, -2.71544072], [-100.12100206, -106.27803861, -0.74286649], [-100.10799656, -105.94822418, 1.22970966], [-100.09499107, -105.61840974, 3.20228484], [-100.08198557, -105.28859531, 5.17486003], [-100.06898007, -104.95878087, 7.14743522], [-100.05597457, -104.62896644, 9.12001136], [-100.04296908, -104.29915201, 11.09258607], [-100.02996358, -103.96933757, 13.06516174], [-100.01695808, -103.63952314, 15.03773692], [-100.00395258, -103.3097087, 17.01031212], [-99.99094709, -102.97989427, 18.98288742], [-99.97794159, -102.65007984, 20.95546272], [-99.96493609, -102.32026564, 22.92803815], [-99.95193059, -101.99045121, 24.90061334], [-99.93892509, -101.66063677, 26.873189], [-99.92591959, -101.33082234, 28.84576419], [-99.9129141, -101.0010079, 30.81833938], [-99.8999086, -100.67119347, 32.79091457], [-99.8869031, -100.34137904, 34.76349071], [-99.87389761, -100.0115646, 36.73606494], [-99.86089211, -99.68175017, 38.70864108], [-99.84788662, -99.35193573, 40.68121532], [-99.83488111, -99.0221213, 42.65379146], [-99.82187561, -98.69230686, 44.62636569], [-99.80887012, -98.36249243, 46.59894183], [-99.79586462, -98.032678, 48.57151607], [-99.78285913, -97.70286356, 50.54409221], [-99.76985363, -97.37304913, 52.51666835], [-99.75684812, -97.04323469, 54.48924449], [-99.74384263, -96.71342026, 56.46181682], [-99.73083713, -96.38360583, 58.43439296], [-99.71783164, -96.05379139, 60.4069691], [-99.70482614, -95.72397696, 62.37954524], [-99.69182065, -95.39416252, 64.35211757], [-99.67881515, -95.06434809, 66.32469371], [-99.66580965, -94.73453366, 68.29726985], [-99.65280413, -94.40471946, 70.26984599], [-99.63979863, -94.07490503, 72.24242213], [-99.62679314, -93.74509059, 74.21499446], [-99.61378764, -93.41527616, 76.1875706], [-99.60078215, -93.08546172, 78.16014674], [-99.58777665, -92.75564729, 80.13272289], [-99.57477116, -92.42583286, 82.10529521], [-99.56176566, -92.09601842, 84.07787517], [-99.54876017, -91.76620399, 86.05044749], [-99.53575467, -91.43638955, 88.02301982], [-99.52274918, -91.10657512, 89.99559978], [-99.50974365, -90.77676069, 91.9681721], [-99.49673819, -90.44694625, 93.94075206], [-99.48373269, -90.11713134, 95.91332439], [-99.4707272, -89.78731738, 97.88589671], [-99.4577217, -89.45750343, 99.85847667], [-99.44471621, -89.12768852, 101.831049], [-99.43171065, -88.79787456, 103.80362895]], "CsaImage.TimeAfterStart": [1.0825, 0.7225, 1.0925, 0.7325, 1.1025, 0.7425, 1.1125, 0.7525, 1.1225, 0.7625, 1.1325, 0.7725, 1.1425, 0.7825, 1.1525, 0.7925, 1.1625, 0.8025, 1.1725, 0.8125, 1.1825, 0.8225, 1.1925, 0.8325, 1.2025, 0.8425, 1.2125, 0.8525, 1.2225, 0.8625, 1.2325, 0.8725, 1.2425, 0.8825, 1.2525, 0.8925, 1.2625, 0.9025, 1.2725, 0.9125, 1.2825, 0.9225, 1.2925, 0.9325, 1.3025, 0.9425, 1.3125, 0.9525, 1.3225, 0.9625, 1.3325, 0.9725, 1.3425, 0.9825, 1.3525, 0.9925, 1.3625, 1.0025, 1.3725, 1.0125, 1.3825, 1.0225, 1.3925, 1.0325, 1.4025, 1.0425, 1.4125, 1.0525, 1.4225, 1.0625, 1.4325, 1.0725], "ImagePositionPatient": [[-100.35510101286, -112.21469794582, -36.249219863587], [-100.34209551779, -111.88488398861, -34.27664372223], [-100.32909002272, -111.55506907772, -32.30407139557], [-100.31608452765, -111.22525512051, -30.331495254212], [-100.30307903258, -110.89544020962, -28.358919112855], [-100.29007353751, -110.5656262524, -26.386342971497], [-100.27706804244, -110.23581134151, -24.413770644837], [-100.26406254736, -109.9059973843, -22.44119450348], [-100.25105705229, -109.57618247341, -20.468618362122], [-100.23805154232, -109.2463685162, -18.496042220765], [-100.22504604725, -108.91655360531, -16.523466079408], [-100.21204055218, -108.58673964809, -14.550891845399], [-100.1990350422, -108.2569247372, -12.57831761139], [-100.18602954713, -107.92711077999, -10.605741470033], [-100.17302405206, -107.5972958691, -8.6331672360238], [-100.16001855699, -107.26748191189, -6.6605910946664], [-100.14701306192, -106.93766795467, -4.6880168606576], [-100.13400756685, -106.60785304378, -2.7154407193002], [-100.12100206433, -106.27803860973, -0.7428664852914], [-100.1079965618, -105.94822417568, 1.229709656066], [-100.09499106673, -105.61840974163, 3.2022848437491], [-100.08198557166, -105.28859530758, 5.1748600314323], [-100.06898006914, -104.95878087353, 7.1474352191154], [-100.05597457407, -104.62896643948, 9.1200113604728], [-100.04296907527, -104.29915200542, 11.092586071319], [-100.02996357647, -103.96933757137, 13.065161735839], [-100.01695807954, -103.63952313732, 15.037736923522], [-100.00395258261, -103.30970870327, 17.010312118656], [-99.990947085206, -102.97989426922, 18.982887418098], [-99.977941586875, -102.65007983517, 20.95546272499], [-99.964936089941, -102.32026563953, 22.928038151092], [-99.951930591145, -101.99045120548, 24.900613338775], [-99.938925092348, -101.66063677143, 26.873189003295], [-99.925919593551, -101.33082233738, 28.845764190978], [-99.91291409848, -101.00100790333, 30.818339378661], [-99.899908603408, -100.67119346928, 32.790914566344], [-99.886903100886, -100.34137903522, 34.763490707702], [-99.873897605815, -100.01156460117, 36.736064941711], [-99.860892110744, -99.681750167121, 38.708641083068], [-99.847886615672, -99.35193573307, 40.681215317077], [-99.8348811057, -99.022121299018, 42.653791458434], [-99.821875610628, -98.692306864967, 44.626365692443], [-99.808870115557, -98.362492430915, 46.5989418338], [-99.795864620485, -98.032677996864, 48.571516067809], [-99.782859125414, -97.702863562812, 50.544092209167], [-99.769853630343, -97.373049128761, 52.516668350524], [-99.75684812037, -97.043234694709, 54.489244491881], [-99.743842625299, -96.713420260658, 56.461816818542], [-99.730837130227, -96.383605826606, 58.434392959899], [-99.717831635156, -96.053791392555, 60.406969101256], [-99.704826140084, -95.723976958503, 62.379545242614], [-99.691820645013, -95.394162524452, 64.352117569274], [-99.678815149942, -95.0643480904, 66.324693710631], [-99.66580965487, -94.734533656348, 68.297269851989], [-99.652804129996, -94.404719460716, 70.269845993346], [-99.639798634925, -94.074905026664, 72.242422134704], [-99.626793139854, -93.745090592613, 74.214994461364], [-99.613787644782, -93.415276158561, 76.187570602721], [-99.600782149711, -93.08546172451, 78.160146744079], [-99.587776654639, -92.755647290458, 80.132722885436], [-99.574771159568, -92.425832856406, 82.105295212096], [-99.561765664497, -92.096018422355, 84.077875168151], [-99.548760169425, -91.766203988303, 86.050447494811], [-99.535754674354, -91.436389554252, 88.023019821471], [-99.522749179282, -91.1065751202, 89.995599777526], [-99.509743654409, -90.776760686149, 91.968172104186], [-99.496738189139, -90.446946252097, 93.940752060241], [-99.483732694068, -90.117131341209, 95.913324386901], [-99.470727198997, -89.787317383994, 97.885896713561], [-99.457721703925, -89.45750342678, 99.858476669616], [-99.444716208854, -89.127688515891, 101.83104899628], [-99.431710654178, -88.797874558677, 103.80362895233]], "InstanceCreationTime": ["105612.563000", "105612.495000", "105612.565000", "105612.497000", "105612.566000", "105612.499000", "105612.568000", "105612.500000", "105612.570000", "105612.502000", "105612.572000", "105612.504000", "105612.574000", "105612.506000", "105612.575000", "105612.508000", "105612.577000", "105612.510000", "105612.579000", "105612.512000", "105612.581000", "105612.513000", "105612.583000", "105612.515000", "105612.585000", "105612.517000", "105612.588000", "105612.519000", "105612.590000", "105612.521000", "105612.591000", "105612.522000", "105612.593000", "105612.524000", "105612.596000", "105612.526000", "105612.597000", "105612.528000", "105612.599000", "105612.530000", "105612.601000", "105612.532000", "105612.603000", "105612.533000", "105612.605000", "105612.535000", "105612.606000", "105612.537000", "105612.608000", "105612.539000", "105612.610000", "105612.541000", "105612.612000", "105612.543000", "105612.614000", "105612.545000", "105612.616000", "105612.546000", "105612.617000", "105612.548000", "105612.619000", "105612.550000", "105612.621000", "105612.552000", "105612.623000", "105612.554000", "105612.625000", "105612.556000", "105612.627000", "105612.559000", "105612.628000", "105612.561000"], "InstanceNumber": [1, 2, 3, 4, 5, 6, 7, 8, 9, 10, 11, 12, 13, 14, 15, 16, 17, 18, 19, 20, 21, 22, 23, 24, 25, 26, 27, 28, 29, 30, 31, 32, 33, 34, 35, 36, 37, 38, 39, 40, 41, 42, 43, 44, 45, 46, 47, 48, 49, 50, 51, 52, 53, 54, 55, 56, 57, 58, 59, 60, 61, 62, 63, 64, 65, 66, 67, 68, 69, 70, 71, 72], "LargestImagePixelValue": [4095, 4095, 4095, 4095, 4092, 4091, 4094, 4094, 4092, 4095, 4095, 4094, 4094, 4095, 4091, 4095, 4093, 4095, 4093, 4092, 4094, 4090, 4095, 4095, 4095, 4095, 4091, 4095, 4094, 4094, 4095, 4094, 4085, 4086, 4095, 4095, 4093, 4093, 4087, 4091, 4086, 4094, 4095, 4091, 4092, 4093, 4093, 4093, 4090, 4093, 4093, 4094, 4092, 4095, 4093, 4093, 4092, 4095, 4094, 4094, 4094, 4094, 4093, 4095, 4093, 4095, 4095, 4094, 4092, 4095, 4094, 4094], "SliceLocation": [-54.909753845101, -52.90975308942, -50.909755938859, -48.909755183177, -46.909754270228, -44.909753514546, -42.909756363985, -40.909755608303, -38.909754695354, -36.909753939575, -34.909753026626, -32.909754152138, -30.909755120286, -28.909754364604, -26.909755332849, -24.909754577168, -22.90975570268, -20.909754789731, -18.909755836561, -16.909755002197, -14.909755108478, -12.90975521476, -10.909755320993, -8.9097544866774, -6.9097550632333, -4.909754699192, -2.9097548054615, -0.9097549043825, 1.0902450995773, 3.0902451108916, 5.0902452004545, 7.0902450941972, 9.0902454582385, 11.090245351981, 13.0902452457, 15.090245139418, 17.090245973782, 19.090244926903, 21.090245761219, 23.09024471434, 25.090245548753, 27.090244501874, 29.09024533619, 31.090244289311, 33.090245123627, 35.090245957942, 37.090246792355, 39.090243864282, 41.090244698597, 43.090245532913, 45.090246367229, 47.090243439156, 49.090244273471, 51.090245107787, 53.090245902979, 55.090246737295, 57.090243809222, 59.090244643537, 61.090245477853, 63.090246312169, 65.090243384096, 67.0902479808, 69.090245052727, 71.090242124654, 73.090246721358, 75.090243793479, 77.09024838999, 79.09024554055, 81.090242533843, 83.090247051914, 85.090244202475, 87.090248720933], "SmallestImagePixelValue": [1, 1, 0, 0, 1, 1, 1, 0, 0, 3, 1, 0, 0, 0, 0, 0, 1, 0, 0, 0, 1, 0, 0, 3, 0, 0, 2, 0, 0, 0, 2, 2, 0, 5, 5, 3, 7, 0, 0, 6, 4, 1, 0, 0, 5, 0, 3, 0, 0, 0, 0, 0, 0, 0, 0, 0, 1, 1, 0, 0, 0, 0, 0, 1, 0, 0, 1, 0, 0, 0, 0, 0], "WindowCenter": [-238.0, -218.0, -238.0, -238.0, -276.0, -292.0, -264.0, -226.0, -254.0, -258.0, -222.0, -180.0, -158.0, -156.0, -120.0, -124.0, -156.0, -162.0, -194.0, -140.0, -126.0, -114.0, -148.0, -176.0, -220.0, -244.0, -270.0, -312.0, -420.0, -276.0, -264.0, -382.0, -356.0, -324.0, -310.0, -302.0, -302.0, -298.0, -274.0, -270.0, -274.0, -260.0, -256.0, -264.0, -272.0, -260.0, -248.0, -246.0, -248.0, -252.0, -238.0, -226.0, -72.0, -110.0, -236.0, -48.0, -98.0, -74.0, -38.0, -46.0, -46.0, -48.0, -86.0, -148.0, -116.0, -124.0, -142.0, -190.0, -232.0, -288.0, -300.0, -296.0], "WindowWidth": [6244.0, 6288.0, 6294.0, 6194.0, 6180.0, 6202.0, 6164.0, 6238.0, 6222.0, 6248.0, 6256.0, 6298.0, 6220.0, 6190.0, 6184.0, 6150.0, 6038.0, 6006.0, 5934.0, 5948.0, 5920.0, 5818.0, 5734.0, 5698.0, 5700.0, 5630.0, 5522.0, 5220.0, 4728.0, 5388.0, 5184.0, 4676.0, 4660.0, 4636.0, 4644.0, 4644.0, 4632.0, 4638.0, 4622.0, 4620.0, 4614.0, 4616.0, 4618.0, 4624.0, 4634.0, 4634.0, 4626.0, 4640.0, 4642.0, 4650.0, 4664.0, 4660.0, 5338.0, 5132.0, 4694.0, 5406.0, 5234.0, 5352.0, 5516.0, 5550.0, 5484.0, 5482.0, 5572.0, 5638.0, 5780.0, 5894.0, 5956.0, 6048.0, 6112.0, 6118.0, 6138.0, 6038.0]}}, "IntendedFor": ["ses-1/func/sub-51_ses-1_task-motor_run-01_bold.nii.gz", "ses-1/func/sub-51_ses-1_task-motor_run-05_bold.nii.gz", "ses-1/func/sub-51_ses-1_task-motor_run-03_bold.nii.gz", "ses-1/func/sub-51_ses-1_task-motor_run-06_bold.nii.gz", "ses-1/func/sub-51_ses-1_task-motor_run-02_bold.nii.gz", "ses-1/func/sub-51_ses-1_task-motor_run-04_bold.nii.gz"]}