{"AcquisitionMatrixPE": 100, "AcquisitionNumber": 1, "AcquisitionTime": "13:25:13.167500", "BaseResolution": 100, "BodyPartExamined": "BRAIN", "ConsistencyInfo": "N4_VE11C_LATEST_20160120", "ConversionSoftware": "dcm2niix", "ConversionSoftwareVersion": "v1.0.20180622 GCC4.9.2", "DeviceSerialNumber": "166078", "DwellTime": 8.8e-06, "EchoNumber": 2, "EchoTime": 0.00738, "EchoTime1": 0.00492, "EchoTime2": 0.00738, "FlipAngle": 60, "ImageOrientationPatientDICOM": [0.996287, -0.0165984, 0.0844757, 0.0278288, 0.99065, -0.133557], "ImageType": ["ORIGINAL", "PRIMARY", "P", "ND"], "InPlanePhaseEncodingDirectionDICOM": "ROW", "InstitutionAddress": "Street_StreetNo_Bei_Jing_District_CN_ZIP", "InstitutionName": "BeiJing_Normal_University", "InstitutionalDepartmentName": "Department", "MRAcquisitionType": "2D", "MagneticFieldStrength": 3, "Manufacturer": "Siemens", "ManufacturersModelName": "Prisma", "Modality": "MR", "PartialFourier": 1, "PatientPosition": "HFS", "PercentPhaseFOV": 100, "PhaseEncodingDirection": "i", "PhaseEncodingSteps": 100, "PhaseResolution": 1, "PixelBandwidth": 570, "ProcedureStepDescription": "BNU_P2018_64CH_Liu.Jia", "ProtocolName": "field_mapping_2x2x2", "PulseSequenceDetails": "%SiemensSeq%_gre_field_mapping", "ReceiveCoilActiveElements": "HC1-7;NC1", "ReceiveCoilName": "HeadNeck_64", "ReconMatrixPE": 100, "RepetitionTime": 0.72, "SAR": 0.111939, "ScanningSequence": "GR", "SequenceName": "_fm2d2r", "SequenceVariant": "SP", "SeriesDescription": "field_mapping_2x2x2", "SeriesNumber": 7, "ShimSetting": [-5341, -11440, -1434, 351, 393, -436, -728, -81], "SliceThickness": 2, "SoftwareVersions": "syngo_MR_E11", "SpacingBetweenSlices": 2, "StationName": "AWP166078", "TxRefAmp": 206.451, "dcmmeta_affine": [[-1.9925745725631714, 0.05565764382481575, 0.16293811798095703, 91.73544311523438], [0.033196769654750824, 1.981300711631775, -0.27082347869873047, -84.0533218383789], [0.16895142197608948, 0.267113596200943, 1.9748687744140625, -91.02316284179688], [0.0, 0.0, 0.0, 1.0]], "dcmmeta_reorient_transform": [[0.0, -1.0, 0.0, 99.0], [1.0, 0.0, 0.0, 0.0], [0.0, 0.0, -1.0, 71.0], [0.0, 0.0, 0.0, 1.0]], "dcmmeta_shape": [100, 100, 72], "dcmmeta_slice_dim": 2, "dcmmeta_version": 0.6, "global": {"const": {"AcquisitionMatrix": [0, 100, 100, 0], "AcquisitionNumber": 1, "AngioFlag": "N", "BitsAllocated": 16, "BitsStored": 12, "BodyPartExamined": "BRAIN", "Columns": 100, "EchoNumbers": 2, "EchoTime": 7.38, "EchoTrainLength": 0, "FlipAngle": 60.0, "HighBit": 11, "ImageOrientationPatient": [0.9962872815227, -0.0165983850153, 0.08447571420823, 0.02782882218754, 0.99065036197525, -0.1335567930656], "ImageType": ["ORIGINAL", "PRIMARY", "P", "ND"], "ImagedNucleus": "1H", "ImagingFrequency": 123.25804, "InPlanePhaseEncodingDirection": "ROW", "MRAcquisitionType": "2D", "MagneticFieldStrength": 3.0, "Manufacturer": "SIEMENS", "ManufacturerModelName": "Prisma", "Modality": "MR", "NumberOfAverages": 1.0, "NumberOfPhaseEncodingSteps": 100, "PercentPhaseFieldOfView": 100.0, "PercentSampling": 100.0, "PerformedProcedureStepStartTime": "124841.844000", "PhotometricInterpretation": "MONOCHROME2", "PixelBandwidth": 570.0, "PixelRepresentation": 0, "PixelSpacing": [2.0, 2.0], "ProtocolName": "field_mapping_2x2x2", "RepetitionTime": 720.0, "RescaleIntercept": -4096.0, "RescaleSlope": 2.0, "RescaleType": "US", "Rows": 100, "SAR": 0.11193869455226, "SamplesPerPixel": 1, "ScanningSequence": "GR", "SequenceName": "*fm2d2r", "SequenceVariant": "SP", "SeriesDescription": "field_mapping_2x2x2", "SeriesNumber": 7, "SeriesTime": "132738.029000", "SliceThickness": 2.0, "SoftwareVersions": "syngo MR E11", "SpacingBetweenSlices": 2.0, "SpecificCharacterSet": "ISO_IR 100", "StudyID": "1", "StudyTime": "124841.752000", "TransmitCoilName": "Body", "VariableFlipAngleFlag": "N", "WindowCenterWidthExplanation": "Algo1", "dBdt": 0.0}, "slices": {"AcquisitionTime": ["132513.167500", "132512.807500", "132513.177500", "132512.817500", "132513.187500", "132512.827500", "132513.197500", "132512.837500", "132513.207500", "132512.847500", "132513.217500", "132512.857500", "132513.227500", "132512.867500", "132513.237500", "132512.877500", "132513.247500", "132512.887500", "132513.257500", "132512.897500", "132513.267500", "132512.907500", "132513.277500", "132512.917500", "132513.287500", "132512.927500", "132513.297500", "132512.937500", "132513.307500", "132512.947500", "132513.317500", "132512.957500", "132513.327500", "132512.967500", "132513.337500", "132512.977500", "132513.347500", "132512.987500", "132513.357500", "132512.997500", "132513.367500", "132513.007500", "132513.377500", "132513.017500", "132513.387500", "132513.027500", "132513.397500", "132513.037500", "132513.407500", "132513.047500", "132513.417500", "132513.057500", "132513.427500", "132513.067500", "132513.437500", "132513.077500", "132513.447500", "132513.087500", "132513.457500", "132513.097500", "132513.467500", "132513.107500", "132513.477500", "132513.117500", "132513.487500", "132513.127500", "132513.497500", "132513.137500", "132513.507500", "132513.147500", "132513.517500", "132513.157500"], "ContentTime": ["132738.101000", "132738.036000", "132738.103000", "132738.038000", "132738.105000", "132738.040000", "132738.106000", "132738.042000", "132738.108000", "132738.044000", "132738.110000", "132738.045000", "132738.112000", "132738.047000", "132738.114000", "132738.049000", "132738.115000", "132738.051000", "132738.117000", "132738.052000", "132738.119000", "132738.054000", "132738.121000", "132738.056000", "132738.122000", "132738.058000", "132738.124000", "132738.060000", "132738.126000", "132738.062000", "132738.128000", "132738.063000", "132738.130000", "132738.065000", "132738.131000", "132738.067000", "132738.133000", "132738.069000", "132738.135000", "132738.071000", "132738.137000", "132738.072000", "132738.139000", "132738.074000", "132738.140000", "132738.076000", "132738.142000", "132738.078000", "132738.144000", "132738.080000", "132738.146000", "132738.081000", "132738.147000", "132738.083000", "132738.149000", "132738.085000", "132738.151000", "132738.087000", "132738.153000", "132738.089000", "132738.154000", "132738.090000", "132738.156000", "132738.092000", "132738.158000", "132738.094000", "132738.166000", "132738.096000", "132738.169000", "132738.097000", "132738.170000", "132738.099000"], "CsaImage.GSWDDataType": ["measured", "predicted", "measured", "predicted", "measured", "predicted", "measured", "predicted", "measured", "predicted", "measured", "predicted", "measured", "predicted", "measured", "predicted", "measured", "predicted", "measured", "predicted", "measured", "predicted", "measured", "predicted", "measured", "predicted", "measured", "predicted", "measured", "predicted", "measured", "predicted", "measured", "predicted", "measured", "predicted", "measured", "predicted", "measured", "predicted", "measured", "predicted", "measured", "predicted", "measured", "predicted", "measured", "predicted", "measured", "predicted", "measured", "predicted", "measured", "predicted", "measured", "predicted", "measured", "predicted", "measured", "predicted", "measured", "measured", "measured", "measured", "measured", "measured", "measured", "measured", "measured", "measured", "measured", "measured"], "CsaImage.ICE_Dims": ["X_2_1_1_1_1_1_37_1_1_1_1_133", "X_2_1_1_1_1_1_1_1_1_2_1_133", "X_2_1_1_1_1_1_38_1_1_3_1_133", "X_2_1_1_1_1_1_2_1_1_4_1_133", "X_2_1_1_1_1_1_39_1_1_5_1_133", "X_2_1_1_1_1_1_3_1_1_6_1_133", "X_2_1_1_1_1_1_40_1_1_7_1_133", "X_2_1_1_1_1_1_4_1_1_8_1_133", "X_2_1_1_1_1_1_41_1_1_9_1_133", "X_2_1_1_1_1_1_5_1_1_10_1_133", "X_2_1_1_1_1_1_42_1_1_11_1_133", "X_2_1_1_1_1_1_6_1_1_12_1_133", "X_2_1_1_1_1_1_43_1_1_13_1_133", "X_2_1_1_1_1_1_7_1_1_14_1_133", "X_2_1_1_1_1_1_44_1_1_15_1_133", "X_2_1_1_1_1_1_8_1_1_16_1_133", "X_2_1_1_1_1_1_45_1_1_17_1_133", "X_2_1_1_1_1_1_9_1_1_18_1_133", "X_2_1_1_1_1_1_46_1_1_19_1_133", "X_2_1_1_1_1_1_10_1_1_20_1_133", "X_2_1_1_1_1_1_47_1_1_21_1_133", "X_2_1_1_1_1_1_11_1_1_22_1_133", "X_2_1_1_1_1_1_48_1_1_23_1_133", "X_2_1_1_1_1_1_12_1_1_24_1_133", "X_2_1_1_1_1_1_49_1_1_25_1_133", "X_2_1_1_1_1_1_13_1_1_26_1_133", "X_2_1_1_1_1_1_50_1_1_27_1_133", "X_2_1_1_1_1_1_14_1_1_28_1_133", "X_2_1_1_1_1_1_51_1_1_29_1_133", "X_2_1_1_1_1_1_15_1_1_30_1_133", "X_2_1_1_1_1_1_52_1_1_31_1_133", "X_2_1_1_1_1_1_16_1_1_32_1_133", "X_2_1_1_1_1_1_53_1_1_33_1_133", "X_2_1_1_1_1_1_17_1_1_34_1_133", "X_2_1_1_1_1_1_54_1_1_35_1_133", "X_2_1_1_1_1_1_18_1_1_36_1_133", "X_2_1_1_1_1_1_55_1_1_37_1_133", "X_2_1_1_1_1_1_19_1_1_38_1_133", "X_2_1_1_1_1_1_56_1_1_39_1_133", "X_2_1_1_1_1_1_20_1_1_40_1_133", "X_2_1_1_1_1_1_57_1_1_41_1_133", "X_2_1_1_1_1_1_21_1_1_42_1_133", "X_2_1_1_1_1_1_58_1_1_43_1_133", "X_2_1_1_1_1_1_22_1_1_44_1_133", "X_2_1_1_1_1_1_59_1_1_45_1_133", "X_2_1_1_1_1_1_23_1_1_46_1_133", "X_2_1_1_1_1_1_60_1_1_47_1_133", "X_2_1_1_1_1_1_24_1_1_48_1_133", "X_2_1_1_1_1_1_61_1_1_49_1_133", "X_2_1_1_1_1_1_25_1_1_50_1_133", "X_2_1_1_1_1_1_62_1_1_51_1_133", "X_2_1_1_1_1_1_26_1_1_52_1_133", "X_2_1_1_1_1_1_63_1_1_53_1_133", "X_2_1_1_1_1_1_27_1_1_54_1_133", "X_2_1_1_1_1_1_64_1_1_55_1_133", "X_2_1_1_1_1_1_28_1_1_56_1_133", "X_2_1_1_1_1_1_65_1_1_57_1_133", "X_2_1_1_1_1_1_29_1_1_58_1_133", "X_2_1_1_1_1_1_66_1_1_59_1_133", "X_2_1_1_1_1_1_30_1_1_60_1_133", "X_2_1_1_1_1_1_67_1_1_61_1_133", "X_2_1_1_1_1_1_31_1_1_62_1_133", "X_2_1_1_1_1_1_68_1_1_63_1_133", "X_2_1_1_1_1_1_32_1_1_64_1_133", "X_2_1_1_1_1_1_69_1_1_65_1_133", "X_2_1_1_1_1_1_33_1_1_66_1_133", "X_2_1_1_1_1_1_70_1_1_67_1_133", "X_2_1_1_1_1_1_34_1_1_68_1_133", "X_2_1_1_1_1_1_71_1_1_69_1_133", "X_2_1_1_1_1_1_35_1_1_70_1_133", "X_2_1_1_1_1_1_72_1_1_71_1_133", "X_2_1_1_1_1_1_36_1_1_72_1_133"], "CsaImage.ProtocolSliceNumber": [0, 1, 2, 3, 4, 5, 6, 7, 8, 9, 10, 11, 12, 13, 14, 15, 16, 17, 18, 19, 20, 21, 22, 23, 24, 25, 26, 27, 28, 29, 30, 31, 32, 33, 34, 35, 36, 37, 38, 39, 40, 41, 42, 43, 44, 45, 46, 47, 48, 49, 50, 51, 52, 53, 54, 55, 56, 57, 58, 59, 60, 61, 62, 63, 64, 65, 66, 67, 68, 69, 70, 71], "CsaImage.RFSWDDataType": ["measured", "predicted", "measured", "predicted", "measured", "predicted", "measured", "predicted", "measured", "predicted", "measured", "predicted", "measured", "predicted", "measured", "predicted", "measured", "predicted", "measured", "predicted", "measured", "predicted", "measured", "predicted", "measured", "predicted", "measured", "predicted", "measured", "predicted", "measured", "predicted", "measured", "predicted", "measured", "predicted", "measured", "predicted", "measured", "predicted", "measured", "predicted", "measured", "predicted", "measured", "predicted", "measured", "predicted", "measured", "predicted", "measured", "predicted", "measured", "predicted", "measured", "predicted", "measured", "measured", "measured", "measured", "measured", "measured", "measured", "measured", "measured", "measured", "measured", "measured", "measured", "measured", "measured", "measured"], "CsaImage.SlicePosition_PCS": [[-97.24554706, -112.09545858, -64.57889926], [-97.40848518, -111.8246351, -62.60403048], [-97.5714233, -111.55381163, -60.62916171], [-97.73436189, -111.28298719, -58.65429293], [-97.89730001, -111.01216371, -56.67942416], [-98.06023813, -110.74134024, -54.70455538], [-98.22317625, -110.47051676, -52.72968661], [-98.38611437, -110.19969328, -50.75481783], [-98.54905248, -109.9288698, -48.77995287], [-98.7119906, -109.65804632, -46.8050841], [-98.87492872, -109.38722284, -44.83021533], [-99.03786684, -109.11639841, -42.85534655], [-99.20080495, -108.84557493, -40.88047778], [-99.36374307, -108.57475145, -38.905609], [-99.52668119, -108.30392797, -36.93074023], [-99.68961931, -108.0331045, -34.95587145], [-99.85255767, -107.76228102, -32.98100268], [-100.01549578, -107.49145754, -31.00613391], [-100.1784339, -107.22063406, -29.03126513], [-100.34137202, -106.94980963, -27.05639636], [-100.50431014, -106.67898615, -25.08152949], [-100.66724826, -106.40816267, -23.10666071], [-100.83018637, -106.13733919, -21.13179194], [-100.99312461, -105.86651571, -19.15692317], [-101.15606273, -105.59569223, -17.18205439], [-101.31900085, -105.32486828, -15.20718562], [-101.48193902, -105.0540448, -13.23231684], [-101.64487714, -104.78322132, -11.25744807], [-101.80781526, -104.51239784, -9.28258025], [-101.97075344, -104.24157389, -7.30771147], [-102.13369159, -103.97075041, -5.33284365], [-102.29662973, -103.69992693, -3.35797488], [-102.45956787, -103.42910345, -1.3831061], [-102.62250601, -103.15827949, 0.59176219], [-102.78544415, -102.88745602, 2.56663073], [-102.94838232, -102.61663254, 4.54149936], [-103.11132044, -102.34580906, 6.51636792], [-103.27425862, -102.0749851, 8.49123634], [-103.43719674, -101.80416162, 10.46610511], [-103.60013486, -101.53333815, 12.44097341], [-103.76307297, -101.26251443, 14.41584218], [-103.92601121, -100.99169095, 16.39071096], [-104.08894933, -100.72086723, 18.36557878], [-104.25188745, -100.45004375, 20.34044755], [-104.41482568, -100.17922004, 22.31531537], [-104.5777638, -99.90839656, 24.29018415], [-104.74070192, -99.63757284, 26.26505292], [-104.90364004, -99.36674924, 28.2399217], [-105.06657816, -99.09592565, 30.21479047], [-105.22951627, -98.82510205, 32.18965925], [-105.39245439, -98.55427845, 34.16452802], [-105.55539251, -98.28345485, 36.1393968], [-105.71833087, -98.01263125, 38.11426557], [-105.88126898, -97.74180766, 40.08913434], [-106.0442071, -97.47098406, 42.06400312], [-106.20714522, -97.20016046, 44.03887189], [-106.37008334, -96.92933686, 46.01373685], [-106.53302169, -96.65851326, 47.98860563], [-106.69595981, -96.38768967, 49.9634744], [-106.85889793, -96.11686607, 51.93834318], [-107.02183605, -95.84604247, 53.91321195], [-107.18477417, -95.57521887, 55.88808073], [-107.34771228, -95.30439527, 57.8629495], [-107.5106504, -95.03357156, 59.83781827], [-107.67358852, -94.76274808, 61.81268705], [-107.83652664, -94.49192436, 63.78755582], [-107.99946476, -94.22110088, 65.7624246], [-108.16240287, -93.95027717, 67.73729337], [-108.32534099, -93.67945369, 69.71216215], [-108.48827911, -93.40862997, 71.68703092], [-108.65121723, -93.13780649, 73.66189969], [-108.81415535, -92.86698301, 75.63676847]], "CsaImage.TimeAfterStart": [1.0825, 0.7225, 1.0925, 0.7325, 1.1025, 0.7425, 1.1125, 0.7525, 1.1225, 0.7625, 1.1325, 0.7725, 1.1425, 0.7825, 1.1525, 0.7925, 1.1625, 0.8025, 1.1725, 0.8125, 1.1825, 0.8225, 1.1925, 0.8325, 1.2025, 0.8425, 1.2125, 0.8525, 1.2225, 0.8625, 1.2325, 0.8725, 1.2425, 0.8825, 1.2525, 0.8925, 1.2625, 0.9025, 1.2725, 0.9125, 1.2825, 0.9225, 1.2925, 0.9325, 1.3025, 0.9425, 1.3125, 0.9525, 1.3225, 0.9625, 1.3325, 0.9725, 1.3425, 0.9825, 1.3525, 0.9925, 1.3625, 1.0025, 1.3725, 1.0125, 1.3825, 1.0225, 1.3925, 1.0325, 1.4025, 1.0425, 1.4125, 1.0525, 1.4225, 1.0625, 1.4325, 1.0725], "ImagePositionPatient": [[-97.245547062308, -112.09545858314, -64.57889925538], [-97.408485180289, -111.82463510444, -62.604030480966], [-97.57142329827, -111.55381162574, -60.629161706552], [-97.734361893088, -111.28298719337, -58.654292932138], [-97.897300011069, -111.01216371467, -56.679424157724], [-98.06023812905, -110.74134023597, -54.70455538331], [-98.223176247031, -110.47051675727, -52.729686608896], [-98.386114365012, -110.19969327857, -50.754817834482], [-98.549052482993, -109.92886979988, -48.779952874765], [-98.711990600974, -109.65804632118, -46.805084100351], [-98.874928718955, -109.38722284248, -44.830215325937], [-99.037866836935, -109.1163984101, -42.855346551523], [-99.200804954916, -108.84557493141, -40.880477777108], [-99.363743072897, -108.57475145271, -38.905609002694], [-99.526681190878, -108.30392797401, -36.93074022828], [-99.689619308859, -108.03310449531, -34.955871453866], [-99.852557665259, -107.76228101661, -32.981002679452], [-100.01549578324, -107.49145753791, -31.006133905038], [-100.17843390122, -107.22063405921, -29.031265130624], [-100.3413720192, -106.94980962684, -27.05639635621], [-100.50431013718, -106.67898614814, -25.081529489145], [-100.66724825516, -106.40816266944, -23.106660714731], [-100.83018637314, -106.13733919074, -21.131791940317], [-100.99312461033, -105.86651571205, -19.156923165902], [-101.15606272832, -105.59569223335, -17.182054391488], [-101.3190008463, -105.32486827781, -15.207185617074], [-101.48193902388, -105.05404479911, -13.23231684266], [-101.64487714186, -104.78322132041, -11.257448068246], [-101.80781525984, -104.51239784172, -9.2825802475064], [-101.97075343743, -104.24157388618, -7.3077114730924], [-102.13369158521, -103.97075040748, -5.3328436523526], [-102.29662972555, -103.69992692878, -3.3579748779386], [-102.4595678696, -103.42910345008, -1.3831061035245], [-102.62250601366, -103.15827949455, 0.59176219405239], [-102.78544414654, -102.88745601585, 2.5666307300479], [-102.94838232413, -102.61663253715, 4.5414993554503], [-103.11132044211, -102.34580905845, 6.5163679212481], [-103.2742586197, -102.07498510291, 8.4912363380343], [-103.43719673768, -101.80416162422, 10.466105112448], [-103.60013485566, -101.53333814552, 12.440973410025], [-103.76307297364, -101.2625144284, 14.415842184439], [-103.92601121083, -100.9916909497, 16.390710958853], [-104.08894932881, -100.72086723258, 18.365578779593], [-104.25188744679, -100.45004375389, 20.340447554007], [-104.41482568398, -100.17922003677, 22.315315374747], [-104.57776380196, -99.908396558069, 24.290184149161], [-104.74070191994, -99.637572840952, 26.265052923575], [-104.90364003792, -99.366749243044, 28.239921697989], [-105.06657815591, -99.095925645136, 30.214790472403], [-105.22951627389, -98.825102047228, 32.189659246817], [-105.39245439187, -98.55427844932, 34.164528021231], [-105.55539250985, -98.283454851412, 36.139396795645], [-105.71833086625, -98.012631253504, 38.114265570059], [-105.88126898423, -97.741807655596, 40.089134344474], [-106.04420710221, -97.470984057688, 42.064003118888], [-106.20714522019, -97.20016045978, 44.038871893302], [-106.37008333817, -96.929336861872, 46.013736853018], [-106.53302169457, -96.658513263964, 47.988605627433], [-106.69595981255, -96.387689666056, 49.963474401847], [-106.85889793053, -96.116866068148, 51.938343176261], [-107.02183604851, -95.84604247024, 53.913211950675], [-107.18477416649, -95.575218872332, 55.888080725089], [-107.34771228448, -95.304395274424, 57.862949499503], [-107.51065040246, -95.033571557306, 59.837818273917], [-107.67358852044, -94.762748078608, 61.812687048331], [-107.83652663842, -94.49192436149, 63.787555822745], [-107.9994647564, -94.221100882792, 65.762424597159], [-108.16240287438, -93.950277165674, 67.737293371573], [-108.32534099236, -93.679453686976, 69.712162145987], [-108.48827911034, -93.408629969858, 71.687030920401], [-108.65121722832, -93.13780649116, 73.661899694815], [-108.8141553463, -92.866983012461, 75.636768469229]], "InstanceCreationTime": ["132738.101000", "132738.036000", "132738.103000", "132738.038000", "132738.105000", "132738.040000", "132738.106000", "132738.042000", "132738.108000", "132738.044000", "132738.110000", "132738.045000", "132738.112000", "132738.047000", "132738.114000", "132738.049000", "132738.115000", "132738.051000", "132738.117000", "132738.052000", "132738.119000", "132738.054000", "132738.121000", "132738.056000", "132738.122000", "132738.058000", "132738.124000", "132738.060000", "132738.126000", "132738.062000", "132738.128000", "132738.063000", "132738.130000", "132738.065000", "132738.131000", "132738.067000", "132738.133000", "132738.069000", "132738.135000", "132738.071000", "132738.137000", "132738.072000", "132738.139000", "132738.074000", "132738.140000", "132738.076000", "132738.142000", "132738.078000", "132738.144000", "132738.080000", "132738.146000", "132738.081000", "132738.147000", "132738.083000", "132738.149000", "132738.085000", "132738.151000", "132738.087000", "132738.153000", "132738.089000", "132738.154000", "132738.090000", "132738.156000", "132738.092000", "132738.158000", "132738.094000", "132738.166000", "132738.096000", "132738.169000", "132738.097000", "132738.170000", "132738.099000"], "InstanceNumber": [1, 2, 3, 4, 5, 6, 7, 8, 9, 10, 11, 12, 13, 14, 15, 16, 17, 18, 19, 20, 21, 22, 23, 24, 25, 26, 27, 28, 29, 30, 31, 32, 33, 34, 35, 36, 37, 38, 39, 40, 41, 42, 43, 44, 45, 46, 47, 48, 49, 50, 51, 52, 53, 54, 55, 56, 57, 58, 59, 60, 61, 62, 63, 64, 65, 66, 67, 68, 69, 70, 71, 72], "LargestImagePixelValue": [4094, 4093, 4092, 4094, 4094, 4093, 4094, 4094, 4095, 4094, 4095, 4094, 4095, 4095, 4095, 4094, 4095, 4094, 4095, 4093, 4094, 4094, 4094, 4092, 4095, 4093, 4094, 4094, 4089, 4093, 4093, 4095, 4095, 4095, 4092, 4094, 4094, 4094, 4094, 4093, 4092, 4091, 4094, 4095, 4094, 4090, 4094, 4093, 4093, 4094, 4092, 4095, 4091, 4095, 4094, 4094, 4093, 4095, 4092, 4093, 4095, 4094, 4094, 4095, 4095, 4095, 4095, 4094, 4094, 4094, 4095, 4095], "SliceLocation": [-71.023961093603, -69.023960877838, -67.023960662073, -65.023960278321, -63.023960062556, -61.023959846791, -59.023959631025, -57.02395941526, -55.023962966257, -53.023962750492, -51.023962534727, -49.023962189823, -47.023961974057, -45.023961758292, -43.023961542527, -41.023961326761, -39.023961091572, -37.023960875807, -35.023960660042, -33.023960315138, -31.023961982754, -29.023961766988, -27.023961551223, -25.023961325746, -23.023961109981, -21.023960829646, -19.023960609025, -17.023960393259, -15.023961119185, -13.023960833994, -11.023961557491, -9.0239613399051, -7.0239611220153, -5.0239613104015, -3.0239613288449, -1.0239612553628, 0.97603875440769, 2.9760386864643, 4.9760389022296, 6.9760386471496, 8.9760388951996, 10.976039120677, 12.976038427036, 14.976038642801, 16.976037958873, 18.976038174638, 20.976038422688, 22.976038654596, 24.976038886503, 26.976039118411, 28.976039350319, 30.976039582226, 32.976039833558, 34.976040065465, 36.976040297373, 38.976040529281, 40.976036994426, 42.976037245757, 44.976037477665, 46.976037709572, 48.97603794148, 50.976038173388, 52.976038405295, 54.976038653345, 56.976038869111, 58.976039117161, 60.976039332926, 62.976039580976, 64.976039796741, 66.976040044791, 68.976040260557, 70.976040476322], "SmallestImagePixelValue": [0, 0, 0, 0, 1, 0, 1, 1, 0, 0, 0, 0, 4, 0, 0, 0, 0, 0, 0, 0, 0, 0, 3, 1, 0, 0, 1, 0, 0, 1, 1, 1, 1, 0, 1, 4, 0, 2, 0, 0, 1, 6, 3, 1, 5, 6, 4, 4, 0, 0, 0, 0, 0, 4, 2, 0, 1, 1, 4, 0, 1, 0, 0, 2, 0, 0, 1, 1, 0, 0, 0, 0], "WindowCenter": [-328.0, -340.0, -380.0, -334.0, -308.0, -286.0, -290.0, -266.0, -284.0, -272.0, -340.0, -348.0, -360.0, -346.0, -294.0, -266.0, -252.0, -238.0, -254.0, -300.0, -298.0, -244.0, -252.0, -286.0, -290.0, -246.0, -246.0, -144.0, -132.0, -102.0, -142.0, -138.0, -142.0, -144.0, -78.0, -70.0, -12.0, -24.0, -54.0, -98.0, -162.0, -172.0, -160.0, -128.0, -120.0, -144.0, -150.0, -138.0, -158.0, -158.0, -170.0, -156.0, -162.0, -142.0, -154.0, -126.0, -108.0, -86.0, -76.0, -46.0, -50.0, -12.0, -48.0, -42.0, -64.0, -68.0, -106.0, -122.0, -208.0, -232.0, -356.0, -302.0], "WindowWidth": [5802.0, 6060.0, 6094.0, 6098.0, 6090.0, 6080.0, 6076.0, 6044.0, 6054.0, 6066.0, 5958.0, 6018.0, 5920.0, 5946.0, 5910.0, 5940.0, 5936.0, 5912.0, 5980.0, 5886.0, 6002.0, 5928.0, 5908.0, 5846.0, 5770.0, 5746.0, 5622.0, 5712.0, 5616.0, 5596.0, 5458.0, 5464.0, 5498.0, 5572.0, 5606.0, 5584.0, 5664.0, 5542.0, 5600.0, 5514.0, 5372.0, 5346.0, 5282.0, 5460.0, 5416.0, 5356.0, 5292.0, 5378.0, 5350.0, 5472.0, 5398.0, 5512.0, 5430.0, 5438.0, 5462.0, 5468.0, 5526.0, 5544.0, 5622.0, 5678.0, 5694.0, 5730.0, 5742.0, 5740.0, 5840.0, 5842.0, 5986.0, 5980.0, 5916.0, 5912.0, 5744.0, 6114.0]}}, "IntendedFor": ["ses-1/func/sub-48_ses-1_task-motor_run-04_bold.nii.gz", "ses-1/func/sub-48_ses-1_task-motor_run-01_bold.nii.gz", "ses-1/func/sub-48_ses-1_task-motor_run-03_bold.nii.gz", "ses-1/func/sub-48_ses-1_task-motor_run-05_bold.nii.gz", "ses-1/func/sub-48_ses-1_task-motor_run-06_bold.nii.gz", "ses-1/func/sub-48_ses-1_task-motor_run-02_bold.nii.gz"]}