{"AcquisitionMatrixPE": 100, "AcquisitionNumber": 1, "AcquisitionTime": "09:32:39.185000", "BaseResolution": 100, "BodyPartExamined": "BRAIN", "ConsistencyInfo": "N4_VE11C_LATEST_20160120", "ConversionSoftware": "dcm2niix", "ConversionSoftwareVersion": "v1.0.20180622 GCC4.9.2", "DeviceSerialNumber": "166078", "DwellTime": 8.8e-06, "EchoNumber": 2, "EchoTime": 0.00738, "EchoTime1": 0.00492, "EchoTime2": 0.00738, "FlipAngle": 60, "ImageOrientationPatientDICOM": [0.999781, 0.0205844, -0.00387165, -0.0209424, 0.985497, -0.168395], "ImageType": ["ORIGINAL", "PRIMARY", "P", "ND"], "InPlanePhaseEncodingDirectionDICOM": "ROW", "InstitutionAddress": "Street_StreetNo_Bei_Jing_District_CN_ZIP", "InstitutionName": "BeiJing_Normal_University", "InstitutionalDepartmentName": "Department", "MRAcquisitionType": "2D", "MagneticFieldStrength": 3, "Manufacturer": "Siemens", "ManufacturersModelName": "Prisma", "Modality": "MR", "PartialFourier": 1, "PatientPosition": "HFS", "PercentPhaseFOV": 100, "PhaseEncodingDirection": "i", "PhaseEncodingSteps": 100, "PhaseResolution": 1, "PixelBandwidth": 570, "ProcedureStepDescription": "BNU_P2018_64CH_Liu.Jia", "ProtocolName": "field_mapping_2x2x2", "PulseSequenceDetails": "%SiemensSeq%_gre_field_mapping", "ReceiveCoilActiveElements": "HC1-7;NC1", "ReceiveCoilName": "HeadNeck_64", "ReconMatrixPE": 100, "RepetitionTime": 0.72, "SAR": 0.129865, "ScanningSequence": "GR", "SequenceName": "_fm2d2r", "SequenceVariant": "SP", "SeriesDescription": "field_mapping_2x2x2", "SeriesNumber": 9, "ShimSetting": [-5460, -11469, -1291, 255, 16, -162, -168, 24], "SliceThickness": 2, "SoftwareVersions": "syngo_MR_E11", "SpacingBetweenSlices": 2, "StationName": "AWP166078", "TxRefAmp": 218.708, "dcmmeta_affine": [[-1.9995611906051636, -0.04188483953475952, -0.0006983280181884766, 103.91352844238281], [-0.04116878658533096, 1.970994234085083, -0.33687829971313477, -76.87960052490234], [-0.007743298541754484, 0.33678990602493286, 1.9714241027832031, -94.23368835449219], [0.0, 0.0, 0.0, 1.0]], "dcmmeta_reorient_transform": [[0.0, -1.0, 0.0, 99.0], [1.0, 0.0, 0.0, 0.0], [0.0, 0.0, -1.0, 71.0], [0.0, 0.0, 0.0, 1.0]], "dcmmeta_shape": [100, 100, 72], "dcmmeta_slice_dim": 2, "dcmmeta_version": 0.6, "global": {"const": {"AcquisitionMatrix": [0, 100, 100, 0], "AcquisitionNumber": 1, "AngioFlag": "N", "BitsAllocated": 16, "BitsStored": 12, "BodyPartExamined": "BRAIN", "Columns": 100, "EchoNumbers": 2, "EchoTime": 7.38, "EchoTrainLength": 0, "FlipAngle": 60.0, "HighBit": 11, "ImageOrientationPatient": [0.99978062249293, 0.02058439263986, -0.0038716491698, -0.0209424199424, 0.98549711148058, -0.1683949474016], "ImageType": ["ORIGINAL", "PRIMARY", "P", "ND"], "ImagedNucleus": "1H", "ImagingFrequency": 123.257836, "InPlanePhaseEncodingDirection": "ROW", "MRAcquisitionType": "2D", "MagneticFieldStrength": 3.0, "Manufacturer": "SIEMENS", "ManufacturerModelName": "Prisma", "Modality": "MR", "NumberOfAverages": 1.0, "NumberOfPhaseEncodingSteps": 100, "PercentPhaseFieldOfView": 100.0, "PercentSampling": 100.0, "PerformedProcedureStepStartTime": "085317.575000", "PhotometricInterpretation": "MONOCHROME2", "PixelBandwidth": 570.0, "PixelRepresentation": 0, "PixelSpacing": [2.0, 2.0], "ProtocolName": "field_mapping_2x2x2", "RepetitionTime": 720.0, "RescaleIntercept": -4096.0, "RescaleSlope": 2.0, "RescaleType": "US", "Rows": 100, "SAR": 0.12986512687364, "SamplesPerPixel": 1, "ScanningSequence": "GR", "SequenceName": "*fm2d2r", "SequenceVariant": "SP", "SeriesDescription": "field_mapping_2x2x2", "SeriesNumber": 9, "SeriesTime": "093503.202000", "SliceThickness": 2.0, "SoftwareVersions": "syngo MR E11", "SpacingBetweenSlices": 2.0, "SpecificCharacterSet": "ISO_IR 100", "StudyID": "1", "StudyTime": "085317.426000", "TransmitCoilName": "Body", "VariableFlipAngleFlag": "N", "WindowCenterWidthExplanation": "Algo1", "dBdt": 0.0}, "slices": {"AcquisitionTime": ["093239.185000", "093238.825000", "093239.195000", "093238.835000", "093239.205000", "093238.845000", "093239.215000", "093238.855000", "093239.225000", "093238.865000", "093239.235000", "093238.875000", "093239.245000", "093238.885000", "093239.255000", "093238.895000", "093239.265000", "093238.905000", "093239.275000", "093238.915000", "093239.285000", "093238.925000", "093239.295000", "093238.935000", "093239.305000", "093238.945000", "093239.315000", "093238.955000", "093239.325000", "093238.965000", "093239.335000", "093238.975000", "093239.345000", "093238.985000", "093239.355000", "093238.995000", "093239.365000", "093239.005000", "093239.375000", "093239.015000", "093239.385000", "093239.025000", "093239.395000", "093239.035000", "093239.405000", "093239.045000", "093239.415000", "093239.055000", "093239.425000", "093239.065000", "093239.435000", "093239.075000", "093239.445000", "093239.085000", "093239.455000", "093239.095000", "093239.465000", "093239.105000", "093239.475000", "093239.115000", "093239.485000", "093239.125000", "093239.495000", "093239.135000", "093239.505000", "093239.145000", "093239.515000", "093239.155000", "093239.525000", "093239.165000", "093239.535000", "093239.175000"], "ContentTime": ["093503.359000", "093503.204000", "093503.361000", "093503.295000", "093503.363000", "093503.297000", "093503.365000", "093503.299000", "093503.367000", "093503.301000", "093503.369000", "093503.302000", "093503.370000", "093503.304000", "093503.372000", "093503.306000", "093503.374000", "093503.308000", "093503.376000", "093503.310000", "093503.378000", "093503.311000", "093503.380000", "093503.313000", "093503.382000", "093503.315000", "093503.384000", "093503.317000", "093503.386000", "093503.318000", "093503.387000", "093503.320000", "093503.389000", "093503.322000", "093503.391000", "093503.324000", "093503.393000", "093503.326000", "093503.395000", "093503.327000", "093503.397000", "093503.329000", "093503.399000", "093503.331000", "093503.401000", "093503.333000", "093503.403000", "093503.335000", "093503.405000", "093503.336000", "093503.407000", "093503.338000", "093503.409000", "093503.340000", "093503.411000", "093503.342000", "093503.413000", "093503.344000", "093503.414000", "093503.346000", "093503.416000", "093503.348000", "093503.418000", "093503.349000", "093503.420000", "093503.352000", "093503.422000", "093503.354000", "093503.424000", "093503.355000", "093503.425000", "093503.357000"], "CsaImage.GSWDDataType": ["measured", "predicted", "measured", "predicted", "measured", "predicted", "measured", "predicted", "measured", "predicted", "measured", "predicted", "measured", "predicted", "measured", "predicted", "measured", "predicted", "measured", "predicted", "measured", "predicted", "measured", "predicted", "measured", "predicted", "measured", "predicted", "measured", "predicted", "measured", "predicted", "measured", "predicted", "measured", "predicted", "measured", "predicted", "measured", "predicted", "measured", "predicted", "measured", "predicted", "measured", "predicted", "measured", "predicted", "measured", "predicted", "measured", "predicted", "measured", "predicted", "measured", "predicted", "measured", "predicted", "measured", "predicted", "measured", "predicted", "measured", "predicted", "measured", "predicted", "measured", "predicted", "measured", "predicted", "measured", "predicted"], "CsaImage.ICE_Dims": ["X_2_1_1_1_1_1_37_1_1_1_1_30", "X_2_1_1_1_1_1_1_1_1_2_1_30", "X_2_1_1_1_1_1_38_1_1_3_1_30", "X_2_1_1_1_1_1_2_1_1_4_1_30", "X_2_1_1_1_1_1_39_1_1_5_1_30", "X_2_1_1_1_1_1_3_1_1_6_1_30", "X_2_1_1_1_1_1_40_1_1_7_1_30", "X_2_1_1_1_1_1_4_1_1_8_1_30", "X_2_1_1_1_1_1_41_1_1_9_1_30", "X_2_1_1_1_1_1_5_1_1_10_1_30", "X_2_1_1_1_1_1_42_1_1_11_1_30", "X_2_1_1_1_1_1_6_1_1_12_1_30", "X_2_1_1_1_1_1_43_1_1_13_1_30", "X_2_1_1_1_1_1_7_1_1_14_1_30", "X_2_1_1_1_1_1_44_1_1_15_1_30", "X_2_1_1_1_1_1_8_1_1_16_1_30", "X_2_1_1_1_1_1_45_1_1_17_1_30", "X_2_1_1_1_1_1_9_1_1_18_1_30", "X_2_1_1_1_1_1_46_1_1_19_1_30", "X_2_1_1_1_1_1_10_1_1_20_1_30", "X_2_1_1_1_1_1_47_1_1_21_1_30", "X_2_1_1_1_1_1_11_1_1_22_1_30", "X_2_1_1_1_1_1_48_1_1_23_1_30", "X_2_1_1_1_1_1_12_1_1_24_1_30", "X_2_1_1_1_1_1_49_1_1_25_1_30", "X_2_1_1_1_1_1_13_1_1_26_1_30", "X_2_1_1_1_1_1_50_1_1_27_1_30", "X_2_1_1_1_1_1_14_1_1_28_1_30", "X_2_1_1_1_1_1_51_1_1_29_1_30", "X_2_1_1_1_1_1_15_1_1_30_1_30", "X_2_1_1_1_1_1_52_1_1_31_1_30", "X_2_1_1_1_1_1_16_1_1_32_1_30", "X_2_1_1_1_1_1_53_1_1_33_1_30", "X_2_1_1_1_1_1_17_1_1_34_1_30", "X_2_1_1_1_1_1_54_1_1_35_1_30", "X_2_1_1_1_1_1_18_1_1_36_1_30", "X_2_1_1_1_1_1_55_1_1_37_1_30", "X_2_1_1_1_1_1_19_1_1_38_1_30", "X_2_1_1_1_1_1_56_1_1_39_1_30", "X_2_1_1_1_1_1_20_1_1_40_1_30", "X_2_1_1_1_1_1_57_1_1_41_1_30", "X_2_1_1_1_1_1_21_1_1_42_1_30", "X_2_1_1_1_1_1_58_1_1_43_1_30", "X_2_1_1_1_1_1_22_1_1_44_1_30", "X_2_1_1_1_1_1_59_1_1_45_1_30", "X_2_1_1_1_1_1_23_1_1_46_1_30", "X_2_1_1_1_1_1_60_1_1_47_1_30", "X_2_1_1_1_1_1_24_1_1_48_1_30", "X_2_1_1_1_1_1_61_1_1_49_1_30", "X_2_1_1_1_1_1_25_1_1_50_1_30", "X_2_1_1_1_1_1_62_1_1_51_1_30", "X_2_1_1_1_1_1_26_1_1_52_1_30", "X_2_1_1_1_1_1_63_1_1_53_1_30", "X_2_1_1_1_1_1_27_1_1_54_1_30", "X_2_1_1_1_1_1_64_1_1_55_1_30", "X_2_1_1_1_1_1_28_1_1_56_1_30", "X_2_1_1_1_1_1_65_1_1_57_1_30", "X_2_1_1_1_1_1_29_1_1_58_1_30", "X_2_1_1_1_1_1_66_1_1_59_1_30", "X_2_1_1_1_1_1_30_1_1_60_1_30", "X_2_1_1_1_1_1_67_1_1_61_1_30", "X_2_1_1_1_1_1_31_1_1_62_1_30", "X_2_1_1_1_1_1_68_1_1_63_1_30", "X_2_1_1_1_1_1_32_1_1_64_1_30", "X_2_1_1_1_1_1_69_1_1_65_1_30", "X_2_1_1_1_1_1_33_1_1_66_1_30", "X_2_1_1_1_1_1_70_1_1_67_1_30", "X_2_1_1_1_1_1_34_1_1_68_1_30", "X_2_1_1_1_1_1_71_1_1_69_1_30", "X_2_1_1_1_1_1_35_1_1_70_1_30", "X_2_1_1_1_1_1_72_1_1_71_1_30", "X_2_1_1_1_1_1_36_1_1_72_1_30"], "CsaImage.ProtocolSliceNumber": [0, 1, 2, 3, 4, 5, 6, 7, 8, 9, 10, 11, 12, 13, 14, 15, 16, 17, 18, 19, 20, 21, 22, 23, 24, 25, 26, 27, 28, 29, 30, 31, 32, 33, 34, 35, 36, 37, 38, 39, 40, 41, 42, 43, 44, 45, 46, 47, 48, 49, 50, 51, 52, 53, 54, 55, 56, 57, 58, 59, 60, 61, 62, 63, 64, 65, 66, 67, 68, 69, 70, 71], "CsaImage.RFSWDDataType": ["measured", "predicted", "measured", "predicted", "measured", "predicted", "measured", "predicted", "measured", "predicted", "measured", "predicted", "measured", "predicted", "measured", "predicted", "measured", "predicted", "measured", "predicted", "measured", "predicted", "measured", "predicted", "measured", "predicted", "measured", "predicted", "measured", "predicted", "measured", "predicted", "measured", "predicted", "measured", "predicted", "measured", "predicted", "measured", "predicted", "measured", "predicted", "measured", "predicted", "measured", "predicted", "measured", "predicted", "measured", "predicted", "measured", "predicted", "measured", "predicted", "measured", "predicted", "measured", "predicted", "measured", "predicted", "measured", "predicted", "measured", "predicted", "measured", "predicted", "measured", "predicted", "measured", "measured", "measured", "measured"], "CsaImage.SlicePosition_PCS": [[-99.76693149, -118.24881928, -60.89148152], [-99.76623305, -117.91194146, -58.9200536], [-99.76553472, -117.57506364, -56.94863331], [-99.76483627, -117.23818581, -54.97720539], [-99.76413794, -116.90130799, -53.00578511], [-99.7634395, -116.56442921, -51.03435719], [-99.76274117, -116.22755139, -49.0629369], [-99.76204272, -115.89067261, -47.09151661], [-99.76134439, -115.55379479, -45.12008869], [-99.76064595, -115.21691601, -43.14866459], [-99.75994762, -114.88003819, -41.17724049], [-99.75924917, -114.54316037, -39.20581639], [-99.75855084, -114.20628159, -37.23439228], [-99.75785251, -113.86940377, -35.26296818], [-99.75715407, -113.53252595, -33.29154408], [-99.75645574, -113.19564717, -31.32011998], [-99.75575729, -112.85876935, -29.34869587], [-99.75505896, -112.52189152, -27.37727177], [-99.75436052, -112.18501275, -25.40584767], [-99.75366219, -111.84813492, -23.43442356], [-99.75296374, -111.5112571, -21.46299946], [-99.75226541, -111.17437832, -19.49157536], [-99.75156697, -110.8375005, -17.52015126], [-99.75086864, -110.50062173, -15.54872715], [-99.75017019, -110.1637439, -13.57730496], [-99.74947186, -109.82686608, -11.60588085], [-99.74877353, -109.4899873, -9.63445675], [-99.74807509, -109.15310948, -7.66303265], [-99.74737676, -108.81623166, -5.69160855], [-99.74667831, -108.47935336, -3.72018444], [-99.74597998, -108.14247506, -1.74876034], [-99.74528154, -107.80559676, 0.22266376], [-99.74458321, -107.46871846, 2.19408691], [-99.74388476, -107.13184064, 4.16551101], [-99.74318643, -106.79496234, 6.13693512], [-99.74248799, -106.45808404, 8.10835922], [-99.74178966, -106.12120621, 10.07978332], [-99.74109121, -105.78432791, 12.05120742], [-99.74039288, -105.44744961, 14.02263129], [-99.73969456, -105.11057131, 15.99405527], [-99.73899611, -104.77369349, 17.96547926], [-99.73829778, -104.43681519, 19.93690336], [-99.73759933, -104.09993689, 21.90832746], [-99.736901, -103.76305883, 23.87975109], [-99.73620256, -103.42618053, 25.85117519], [-99.73550423, -103.08930247, 27.82259929], [-99.73480578, -102.75242441, 29.7940234], [-99.73410745, -102.41554611, 31.7654475], [-99.73340901, -102.07866793, 33.7368716], [-99.73271068, -101.74178975, 35.7082957], [-99.73201223, -101.40491163, 37.67971981], [-99.7313139, -101.06803348, 39.65114391], [-99.73061558, -100.7311553, 41.62256801], [-99.72991713, -100.39427713, 43.59399212], [-99.7292188, -100.05739896, 45.56541622], [-99.72852035, -99.72052078, 47.53683841], [-99.72782203, -99.3836426, 49.50826442], [-99.72712358, -99.04676442, 51.47968853], [-99.72642525, -98.70988624, 53.45111263], [-99.7257268, -98.37300818, 55.42253673], [-99.72502847, -98.03612988, 57.39396084], [-99.72433003, -97.69925182, 59.36538494], [-99.7236317, -97.36237352, 61.33680904], [-99.72293325, -97.02549546, 63.30823314], [-99.72223492, -96.6886174, 65.27965725], [-99.7215366, -96.35173934, 67.25107753], [-99.72083815, -96.01486104, 69.22250164], [-99.72013982, -95.67798274, 71.19392574], [-99.71944137, -95.34110444, 73.16534984], [-99.71874305, -95.00422661, 75.13677395], [-99.7180446, -94.66734831, 77.10819805], [-99.71734627, -94.33047002, 79.07962215]], "CsaImage.TimeAfterStart": [1.0825, 0.7225, 1.0925, 0.7325, 1.1025, 0.7425, 1.1125, 0.7525, 1.1225, 0.7625, 1.1325, 0.7725, 1.1425, 0.7825, 1.1525, 0.7925, 1.1625, 0.8025, 1.1725, 0.8125, 1.1825, 0.8225, 1.1925, 0.8325, 1.2025, 0.8425, 1.2125, 0.8525, 1.2225, 0.8625, 1.2325, 0.8725, 1.2425, 0.8825, 1.2525, 0.8925, 1.2625, 0.9025, 1.2725, 0.9125, 1.2825, 0.9225, 1.2925, 0.9325, 1.3025, 0.9425, 1.3125, 0.9525, 1.3225, 0.9625, 1.3325, 0.9725, 1.3425, 0.9825, 1.3525, 0.9925, 1.3625, 1.0025, 1.3725, 1.0125, 1.3825, 1.0225, 1.3925, 1.0325, 1.4025, 1.0425, 1.4125, 1.0525, 1.4225, 1.0625, 1.4325, 1.0725], "ImagePositionPatient": [[-99.766931493538, -118.24881928106, -60.891481517176], [-99.76623304631, -117.91194145819, -58.920053599696], [-99.765534718292, -117.57506363531, -56.94863331161], [-99.764836271064, -117.23818581243, -54.97720539413], [-99.764137943046, -116.90130798956, -53.005785106044], [-99.763439495819, -116.56442921301, -51.034357188563], [-99.762741167801, -116.22755139013, -49.062936900477], [-99.762042720573, -115.89067261358, -47.091516612391], [-99.761344392555, -115.55379479071, -45.120088694911], [-99.760645945327, -115.21691601416, -43.148664592128], [-99.759947617309, -114.88003819128, -41.177240489344], [-99.759249170082, -114.5431603684, -39.205816386561], [-99.758550842064, -114.20628159185, -37.234392283778], [-99.757852514045, -113.86940376898, -35.262968180995], [-99.757154066818, -113.5325259461, -33.291544078212], [-99.7564557388, -113.19564716955, -31.320119975428], [-99.755757291572, -112.85876934668, -29.348695872645], [-99.755058963554, -112.5218915238, -27.377271769862], [-99.754360516327, -112.18501274725, -25.405847667079], [-99.753662188308, -111.84813492437, -23.434423564296], [-99.752963741081, -111.5112571015, -21.462999461512], [-99.752265413063, -111.17437832495, -19.491575358729], [-99.751566965835, -110.83750050207, -17.520151255946], [-99.750868637817, -110.50062172552, -15.548727153163], [-99.75017019059, -110.16374390264, -13.577304957728], [-99.749471862571, -109.82686607977, -11.605880854945], [-99.748773534553, -109.48998730322, -9.6344567521618], [-99.748075087326, -109.15310948034, -7.6630326493786], [-99.747376759308, -108.81623165747, -5.6916085465954], [-99.74667831208, -108.47935335775, -3.7201844438121], [-99.745979984062, -108.14247505804, -1.7487603410289], [-99.745281536834, -107.80559675833, 0.22266376175426], [-99.744583208816, -107.46871845861, 2.1940869108631], [-99.743884761589, -107.13184063574, 4.1655110136463], [-99.743186433571, -106.79496233602, 6.1369351164295], [-99.742487986343, -106.45808403631, 8.1083592192128], [-99.741789658325, -106.12120621344, 10.079783321996], [-99.741091211097, -105.78432791372, 12.051207424779], [-99.740392883079, -105.44744961401, 14.022631289144], [-99.739694555061, -105.1105713143, 15.994055272718], [-99.738996107834, -104.77369349142, 17.965479256292], [-99.738297779815, -104.43681519171, 19.936903359075], [-99.737599332588, -104.09993689199, 21.908327461858], [-99.73690100457, -103.7630588307, 23.879751087804], [-99.736202557342, -103.42618053099, 25.851175190587], [-99.735504229324, -103.08930246969, 27.82259929337], [-99.734805782097, -102.7524244084, 29.794023396154], [-99.734107454078, -102.41554610868, 31.765447498937], [-99.733409006851, -102.07866792818, 33.73687160172], [-99.732710678833, -101.74178974768, 35.708295704503], [-99.732012231605, -101.40491162678, 37.679719807286], [-99.731313903587, -101.06803347608, 39.65114391007], [-99.730615575569, -100.73115530302, 41.622568012853], [-99.729917128341, -100.39427712997, 43.593992115636], [-99.729218800323, -100.05739896437, 45.565416218419], [-99.728520353096, -99.720520783863, 47.536838413854], [-99.727822025078, -99.383642603359, 49.508264423986], [-99.72712357785, -99.046764422855, 51.479688526769], [-99.726425249832, -98.709886242351, 53.451112629552], [-99.725726802604, -98.373008181057, 55.422536732335], [-99.725028474586, -98.036129881343, 57.393960835119], [-99.724330027359, -97.699251820049, 59.365384937902], [-99.723631699341, -97.362373520336, 61.336809040685], [-99.722933252113, -97.025495459041, 63.308233143468], [-99.722234924095, -96.688617397747, 65.279657246251], [-99.721536596077, -96.351739336452, 67.251077534337], [-99.720838148849, -96.014861036739, 69.22250163712], [-99.720139820831, -95.677982737026, 71.193925739904], [-99.719441373604, -95.341104437313, 73.165349842687], [-99.718743045585, -95.004226614437, 75.13677394547], [-99.718044598358, -94.667348314724, 77.108198048253], [-99.71734627034, -94.33047001501, 79.079622151036]], "InstanceCreationTime": ["093503.359000", "093503.204000", "093503.361000", "093503.295000", "093503.363000", "093503.297000", "093503.365000", "093503.299000", "093503.367000", "093503.301000", "093503.369000", "093503.302000", "093503.370000", "093503.304000", "093503.372000", "093503.306000", "093503.374000", "093503.308000", "093503.376000", "093503.310000", "093503.378000", "093503.311000", "093503.380000", "093503.313000", "093503.382000", "093503.315000", "093503.384000", "093503.317000", "093503.386000", "093503.318000", "093503.387000", "093503.320000", "093503.389000", "093503.322000", "093503.391000", "093503.324000", "093503.393000", "093503.326000", "093503.395000", "093503.327000", "093503.397000", "093503.329000", "093503.399000", "093503.331000", "093503.401000", "093503.333000", "093503.403000", "093503.335000", "093503.405000", "093503.336000", "093503.407000", "093503.338000", "093503.409000", "093503.340000", "093503.411000", "093503.342000", "093503.413000", "093503.344000", "093503.414000", "093503.346000", "093503.416000", "093503.348000", "093503.418000", "093503.349000", "093503.420000", "093503.352000", "093503.422000", "093503.354000", "093503.424000", "093503.355000", "093503.425000", "093503.357000"], "InstanceNumber": [1, 2, 3, 4, 5, 6, 7, 8, 9, 10, 11, 12, 13, 14, 15, 16, 17, 18, 19, 20, 21, 22, 23, 24, 25, 26, 27, 28, 29, 30, 31, 32, 33, 34, 35, 36, 37, 38, 39, 40, 41, 42, 43, 44, 45, 46, 47, 48, 49, 50, 51, 52, 53, 54, 55, 56, 57, 58, 59, 60, 61, 62, 63, 64, 65, 66, 67, 68, 69, 70, 71, 72], "LargestImagePixelValue": [4094, 4093, 4094, 4095, 4095, 4093, 4094, 4095, 4094, 4094, 4095, 4095, 4094, 4094, 4095, 4093, 4093, 4094, 4095, 4094, 4095, 4093, 4093, 4095, 4092, 4094, 4094, 4090, 4095, 4094, 4095, 4094, 4093, 4094, 4094, 4087, 4092, 4092, 4089, 4093, 4094, 4074, 4093, 4091, 4094, 4091, 4093, 4092, 4094, 4092, 4093, 4095, 4090, 4094, 4094, 4094, 4094, 4093, 4095, 4094, 4094, 4095, 4095, 4095, 4095, 4095, 4093, 4095, 4093, 4094, 4093, 4095], "SliceLocation": [-79.974025099701, -77.974021302406, -75.974025025538, -73.974021228243, -71.974024951375, -69.974020993444, -67.974024716577, -65.974028279031, -63.974024481778, -61.97402428404, -59.974024246979, -57.974024209877, -55.97402401218, -53.97402397512, -51.974023938018, -49.974023740321, -47.974023703219, -45.974023666159, -43.97402346842, -41.97402343136, -39.974023394258, -37.974023196561, -35.974023159459, -33.974022961762, -31.974024804757, -29.974024767696, -27.97402457, -25.974024532897, -23.974024495837, -21.974024378417, -19.974024261038, -17.974024143618, -15.974024966288, -13.974024929186, -11.974024811807, -9.9740246943869, -7.9740246573263, -5.9740245399062, -3.9740246575397, -1.9740246576672, 0.02597526192897, 2.0259753793075, 4.0259754967277, 6.0259751039231, 8.0259752213433, 10.025975298563, 12.025975375824, 14.025975493203, 16.025975590543, 18.025975687842, 20.025975775143, 22.025975867422, 24.025975963466, 26.025976059552, 28.025976154341, 30.025974371585, 32.025976348981, 34.025976446322, 36.025976543621, 38.025976620882, 40.02597673826, 42.025976815521, 44.0259769329, 46.025977010161, 48.025977087381, 50.025973404407, 52.025973521827, 54.025973639206, 56.025973756626, 58.025973793687, 60.025973911107, 62.025974028485], "SmallestImagePixelValue": [0, 1, 0, 0, 1, 0, 1, 0, 0, 2, 0, 2, 0, 0, 0, 0, 0, 0, 3, 3, 2, 3, 2, 0, 1, 2, 1, 0, 2, 6, 2, 0, 10, 2, 11, 2, 1, 2, 3, 0, 0, 0, 4, 0, 0, 2, 0, 0, 0, 0, 3, 1, 0, 0, 0, 0, 0, 0, 0, 0, 0, 2, 0, 0, 0, 0, 0, 0, 0, 0, 0, 0], "WindowCenter": [-224.0, -296.0, -338.0, -352.0, -332.0, -312.0, -306.0, -290.0, -268.0, -250.0, -268.0, -214.0, -176.0, -176.0, -204.0, -226.0, -210.0, -184.0, -146.0, -198.0, -186.0, -184.0, -178.0, -226.0, -270.0, -224.0, -264.0, -218.0, -194.0, -194.0, -204.0, -170.0, -154.0, -142.0, -136.0, -128.0, -130.0, -244.0, -248.0, -70.0, -56.0, -198.0, -184.0, -162.0, -134.0, -146.0, -118.0, -112.0, -6.0, 46.0, -118.0, -122.0, -104.0, -138.0, -116.0, -124.0, -114.0, -138.0, -152.0, -174.0, -174.0, -66.0, -62.0, -78.0, -142.0, -74.0, -202.0, -180.0, -222.0, -278.0, -306.0, -386.0], "WindowWidth": [6120.0, 6138.0, 6108.0, 6126.0, 6128.0, 6052.0, 6028.0, 5994.0, 5974.0, 5946.0, 5804.0, 5874.0, 5904.0, 5858.0, 5814.0, 5568.0, 5594.0, 5668.0, 5724.0, 5632.0, 5574.0, 5478.0, 5346.0, 5268.0, 5382.0, 5434.0, 5424.0, 5488.0, 5344.0, 5238.0, 5122.0, 5350.0, 5422.0, 5384.0, 5298.0, 5286.0, 5156.0, 4610.0, 4616.0, 5278.0, 5244.0, 4592.0, 4580.0, 4570.0, 4560.0, 4564.0, 4556.0, 4554.0, 4928.0, 5286.0, 4592.0, 4592.0, 4588.0, 4604.0, 4602.0, 4612.0, 4628.0, 4650.0, 4674.0, 4696.0, 4734.0, 5420.0, 5678.0, 5770.0, 5868.0, 5938.0, 5960.0, 6046.0, 6100.0, 6104.0, 6200.0, 6148.0]}}, "IntendedFor": ["ses-1/func/sub-10_ses-1_task-motor_run-06_bold.nii.gz", "ses-1/func/sub-10_ses-1_task-motor_run-02_bold.nii.gz", "ses-1/func/sub-10_ses-1_task-motor_run-04_bold.nii.gz", "ses-1/func/sub-10_ses-1_task-motor_run-05_bold.nii.gz", "ses-1/func/sub-10_ses-1_task-motor_run-01_bold.nii.gz", "ses-1/func/sub-10_ses-1_task-motor_run-03_bold.nii.gz"]}