{"AcquisitionMatrixPE": 100, "AcquisitionNumber": 1, "AcquisitionTime": "17:34:19.722500", "BaseResolution": 100, "BodyPartExamined": "BRAIN", "ConsistencyInfo": "N4_VE11C_LATEST_20160120", "ConversionSoftware": "dcm2niix", "ConversionSoftwareVersion": "v1.0.20180622 GCC4.9.2", "DeviceSerialNumber": "166078", "DwellTime": 8.8e-06, "EchoNumber": 2, "EchoTime": 0.00738, "EchoTime1": 0.00492, "EchoTime2": 0.00738, "FlipAngle": 60, "ImageOrientationPatientDICOM": [1, 0, 0, 0, 1, 0], "ImageType": ["ORIGINAL", "PRIMARY", "P", "ND"], "InPlanePhaseEncodingDirectionDICOM": "ROW", "InstitutionAddress": "Street_StreetNo_Bei_Jing_District_CN_ZIP", "InstitutionName": "BeiJing_Normal_University", "InstitutionalDepartmentName": "Department", "MRAcquisitionType": "2D", "MagneticFieldStrength": 3, "Manufacturer": "Siemens", "ManufacturersModelName": "Prisma", "Modality": "MR", "PartialFourier": 1, "PatientPosition": "HFS", "PercentPhaseFOV": 100, "PhaseEncodingDirection": "i", "PhaseEncodingSteps": 100, "PhaseResolution": 1, "PixelBandwidth": 570, "ProcedureStepDescription": "BNU_P2018_64CH_Liu.Jia", "ProtocolName": "field_mapping_2x2x2", "PulseSequenceDetails": "%SiemensSeq%_gre_field_mapping", "ReceiveCoilActiveElements": "HC1-7;NC1", "ReceiveCoilName": "HeadNeck_64", "ReconMatrixPE": 100, "RepetitionTime": 0.72, "SAR": 0.128437, "ScanningSequence": "GR", "SequenceName": "_fm2d2r", "SequenceVariant": "SP", "SeriesDescription": "field_mapping_2x2x2", "SeriesNumber": 7, "ShimSetting": [-5463, -11467, -1235, 372, 30, -143, -256, 40], "SliceThickness": 2, "SoftwareVersions": "syngo_MR_E11", "SpacingBetweenSlices": 2, "StationName": "AWP166078", "TxRefAmp": 231.814, "dcmmeta_affine": [[-2.0, 0.0, 0.0, 99.32530212402344], [0.0, 2.0, 0.0, -98.48674774169922], [0.0, 0.0, 2.0, -68.59036254882812], [0.0, 0.0, 0.0, 1.0]], "dcmmeta_reorient_transform": [[0.0, -1.0, 0.0, 99.0], [1.0, 0.0, 0.0, 0.0], [0.0, 0.0, -1.0, 71.0], [0.0, 0.0, 0.0, 1.0]], "dcmmeta_shape": [100, 100, 72], "dcmmeta_slice_dim": 2, "dcmmeta_version": 0.6, "global": {"const": {"AcquisitionMatrix": [0, 100, 100, 0], "AcquisitionNumber": 1, "AngioFlag": "N", "BitsAllocated": 16, "BitsStored": 12, "BodyPartExamined": "BRAIN", "Columns": 100, "EchoNumbers": 2, "EchoTime": 7.38, "EchoTrainLength": 0, "FlipAngle": 60.0, "HighBit": 11, "ImageOrientationPatient": [1.0, 0.0, 0.0, 0.0, 1.0, 0.0], "ImageType": ["ORIGINAL", "PRIMARY", "P", "ND"], "ImagedNucleus": "1H", "ImagingFrequency": 123.257817, "InPlanePhaseEncodingDirection": "ROW", "MRAcquisitionType": "2D", "MagneticFieldStrength": 3.0, "Manufacturer": "SIEMENS", "ManufacturerModelName": "Prisma", "Modality": "MR", "NumberOfAverages": 1.0, "NumberOfPhaseEncodingSteps": 100, "PercentPhaseFieldOfView": 100.0, "PercentSampling": 100.0, "PerformedProcedureStepStartTime": "164957.957000", "PhotometricInterpretation": "MONOCHROME2", "PixelBandwidth": 570.0, "PixelRepresentation": 0, "PixelSpacing": [2.0, 2.0], "ProtocolName": "field_mapping_2x2x2", "RepetitionTime": 720.0, "RescaleIntercept": -4096.0, "RescaleSlope": 2.0, "RescaleType": "US", "Rows": 100, "SAR": 0.12843651187569, "SamplesPerPixel": 1, "ScanningSequence": "GR", "SequenceName": "*fm2d2r", "SequenceVariant": "SP", "SeriesDescription": "field_mapping_2x2x2", "SeriesNumber": 7, "SeriesTime": "173644.477000", "SliceThickness": 2.0, "SoftwareVersions": "syngo MR E11", "SpacingBetweenSlices": 2.0, "SpecificCharacterSet": "ISO_IR 100", "StudyID": "1", "StudyTime": "164957.828000", "TransmitCoilName": "Body", "VariableFlipAngleFlag": "N", "WindowCenterWidthExplanation": "Algo1", "dBdt": 0.0}, "slices": {"AcquisitionTime": ["173419.722500", "173419.362500", "173419.732500", "173419.372500", "173419.742500", "173419.382500", "173419.752500", "173419.392500", "173419.762500", "173419.402500", "173419.772500", "173419.412500", "173419.782500", "173419.422500", "173419.792500", "173419.432500", "173419.802500", "173419.442500", "173419.812500", "173419.452500", "173419.822500", "173419.462500", "173419.832500", "173419.472500", "173419.842500", "173419.482500", "173419.852500", "173419.492500", "173419.862500", "173419.502500", "173419.872500", "173419.512500", "173419.882500", "173419.522500", "173419.892500", "173419.532500", "173419.902500", "173419.542500", "173419.912500", "173419.552500", "173419.922500", "173419.562500", "173419.932500", "173419.572500", "173419.942500", "173419.582500", "173419.952500", "173419.592500", "173419.962500", "173419.602500", "173419.972500", "173419.612500", "173419.982500", "173419.622500", "173419.992500", "173419.632500", "173420.002500", "173419.642500", "173420.012500", "173419.652500", "173420.022500", "173419.662500", "173420.032500", "173419.672500", "173420.042500", "173419.682500", "173420.052500", "173419.692500", "173420.062500", "173419.702500", "173420.072500", "173419.712500"], "ContentTime": ["173644.552000", "173644.478000", "173644.553000", "173644.480000", "173644.555000", "173644.482000", "173644.557000", "173644.484000", "173644.559000", "173644.486000", "173644.561000", "173644.488000", "173644.562000", "173644.489000", "173644.564000", "173644.491000", "173644.566000", "173644.493000", "173644.568000", "173644.495000", "173644.570000", "173644.497000", "173644.571000", "173644.499000", "173644.573000", "173644.500000", "173644.575000", "173644.502000", "173644.577000", "173644.504000", "173644.578000", "173644.506000", "173644.580000", "173644.508000", "173644.582000", "173644.509000", "173644.584000", "173644.511000", "173644.586000", "173644.513000", "173644.587000", "173644.515000", "173644.589000", "173644.517000", "173644.591000", "173644.519000", "173644.593000", "173644.521000", "173644.595000", "173644.523000", "173644.596000", "173644.526000", "173644.598000", "173644.533000", "173644.600000", "173644.535000", "173644.602000", "173644.537000", "173644.603000", "173644.539000", "173644.605000", "173644.541000", "173644.607000", "173644.543000", "173644.609000", "173644.544000", "173644.611000", "173644.546000", "173644.612000", "173644.548000", "173644.614000", "173644.550000"], "CsaImage.GSWDDataType": ["measured", "predicted", "measured", "predicted", "measured", "predicted", "measured", "predicted", "measured", "predicted", "measured", "predicted", "measured", "predicted", "measured", "predicted", "measured", "predicted", "measured", "predicted", "measured", "predicted", "measured", "predicted", "measured", "predicted", "measured", "predicted", "measured", "predicted", "measured", "predicted", "measured", "predicted", "measured", "predicted", "measured", "predicted", "measured", "predicted", "measured", "predicted", "measured", "predicted", "measured", "predicted", "measured", "predicted", "measured", "predicted", "measured", "predicted", "measured", "predicted", "measured", "predicted", "measured", "predicted", "measured", "predicted", "measured", "predicted", "measured", "measured", "measured", "measured", "measured", "measured", "measured", "measured", "measured", "measured"], "CsaImage.ICE_Dims": ["X_2_1_1_1_1_1_37_1_1_1_1_26", "X_2_1_1_1_1_1_1_1_1_2_1_26", "X_2_1_1_1_1_1_38_1_1_3_1_26", "X_2_1_1_1_1_1_2_1_1_4_1_26", "X_2_1_1_1_1_1_39_1_1_5_1_26", "X_2_1_1_1_1_1_3_1_1_6_1_26", "X_2_1_1_1_1_1_40_1_1_7_1_26", "X_2_1_1_1_1_1_4_1_1_8_1_26", "X_2_1_1_1_1_1_41_1_1_9_1_26", "X_2_1_1_1_1_1_5_1_1_10_1_26", "X_2_1_1_1_1_1_42_1_1_11_1_26", "X_2_1_1_1_1_1_6_1_1_12_1_26", "X_2_1_1_1_1_1_43_1_1_13_1_26", "X_2_1_1_1_1_1_7_1_1_14_1_26", "X_2_1_1_1_1_1_44_1_1_15_1_26", "X_2_1_1_1_1_1_8_1_1_16_1_26", "X_2_1_1_1_1_1_45_1_1_17_1_26", "X_2_1_1_1_1_1_9_1_1_18_1_26", "X_2_1_1_1_1_1_46_1_1_19_1_26", "X_2_1_1_1_1_1_10_1_1_20_1_26", "X_2_1_1_1_1_1_47_1_1_21_1_26", "X_2_1_1_1_1_1_11_1_1_22_1_26", "X_2_1_1_1_1_1_48_1_1_23_1_26", "X_2_1_1_1_1_1_12_1_1_24_1_26", "X_2_1_1_1_1_1_49_1_1_25_1_26", "X_2_1_1_1_1_1_13_1_1_26_1_26", "X_2_1_1_1_1_1_50_1_1_27_1_26", "X_2_1_1_1_1_1_14_1_1_28_1_26", "X_2_1_1_1_1_1_51_1_1_29_1_26", "X_2_1_1_1_1_1_15_1_1_30_1_26", "X_2_1_1_1_1_1_52_1_1_31_1_26", "X_2_1_1_1_1_1_16_1_1_32_1_26", "X_2_1_1_1_1_1_53_1_1_33_1_26", "X_2_1_1_1_1_1_17_1_1_34_1_26", "X_2_1_1_1_1_1_54_1_1_35_1_26", "X_2_1_1_1_1_1_18_1_1_36_1_26", "X_2_1_1_1_1_1_55_1_1_37_1_26", "X_2_1_1_1_1_1_19_1_1_38_1_26", "X_2_1_1_1_1_1_56_1_1_39_1_26", "X_2_1_1_1_1_1_20_1_1_40_1_26", "X_2_1_1_1_1_1_57_1_1_41_1_26", "X_2_1_1_1_1_1_21_1_1_42_1_26", "X_2_1_1_1_1_1_58_1_1_43_1_26", "X_2_1_1_1_1_1_22_1_1_44_1_26", "X_2_1_1_1_1_1_59_1_1_45_1_26", "X_2_1_1_1_1_1_23_1_1_46_1_26", "X_2_1_1_1_1_1_60_1_1_47_1_26", "X_2_1_1_1_1_1_24_1_1_48_1_26", "X_2_1_1_1_1_1_61_1_1_49_1_26", "X_2_1_1_1_1_1_25_1_1_50_1_26", "X_2_1_1_1_1_1_62_1_1_51_1_26", "X_2_1_1_1_1_1_26_1_1_52_1_26", "X_2_1_1_1_1_1_63_1_1_53_1_26", "X_2_1_1_1_1_1_27_1_1_54_1_26", "X_2_1_1_1_1_1_64_1_1_55_1_26", "X_2_1_1_1_1_1_28_1_1_56_1_26", "X_2_1_1_1_1_1_65_1_1_57_1_26", "X_2_1_1_1_1_1_29_1_1_58_1_26", "X_2_1_1_1_1_1_66_1_1_59_1_26", "X_2_1_1_1_1_1_30_1_1_60_1_26", "X_2_1_1_1_1_1_67_1_1_61_1_26", "X_2_1_1_1_1_1_31_1_1_62_1_26", "X_2_1_1_1_1_1_68_1_1_63_1_26", "X_2_1_1_1_1_1_32_1_1_64_1_26", "X_2_1_1_1_1_1_69_1_1_65_1_26", "X_2_1_1_1_1_1_33_1_1_66_1_26", "X_2_1_1_1_1_1_70_1_1_67_1_26", "X_2_1_1_1_1_1_34_1_1_68_1_26", "X_2_1_1_1_1_1_71_1_1_69_1_26", "X_2_1_1_1_1_1_35_1_1_70_1_26", "X_2_1_1_1_1_1_72_1_1_71_1_26", "X_2_1_1_1_1_1_36_1_1_72_1_26"], "CsaImage.ProtocolSliceNumber": [0, 1, 2, 3, 4, 5, 6, 7, 8, 9, 10, 11, 12, 13, 14, 15, 16, 17, 18, 19, 20, 21, 22, 23, 24, 25, 26, 27, 28, 29, 30, 31, 32, 33, 34, 35, 36, 37, 38, 39, 40, 41, 42, 43, 44, 45, 46, 47, 48, 49, 50, 51, 52, 53, 54, 55, 56, 57, 58, 59, 60, 61, 62, 63, 64, 65, 66, 67, 68, 69, 70, 71], "CsaImage.RFSWDDataType": ["measured", "predicted", "measured", "predicted", "measured", "predicted", "measured", "predicted", "measured", "predicted", "measured", "predicted", "measured", "predicted", "measured", "predicted", "measured", "predicted", "measured", "predicted", "measured", "predicted", "measured", "predicted", "measured", "predicted", "measured", "predicted", "measured", "predicted", "measured", "predicted", "measured", "predicted", "measured", "predicted", "measured", "predicted", "measured", "predicted", "measured", "predicted", "measured", "predicted", "measured", "predicted", "measured", "predicted", "measured", "predicted", "measured", "predicted", "measured", "predicted", "measured", "predicted", "measured", "predicted", "measured", "measured", "measured", "measured", "measured", "measured", "measured", "measured", "measured", "measured", "measured", "measured", "measured", "measured"], "CsaImage.SlicePosition_PCS": [[-99.32530123, -99.513253, -68.59036255], [-99.32530123, -99.513253, -66.59036255], [-99.32530123, -99.513253, -64.59036255], [-99.32530123, -99.513253, -62.59036255], [-99.32530123, -99.513253, -60.59036255], [-99.32530123, -99.513253, -58.59036255], [-99.32530123, -99.513253, -56.59036255], [-99.32530123, -99.513253, -54.59036255], [-99.32530123, -99.513253, -52.59036255], [-99.32530123, -99.513253, -50.59036255], [-99.32530123, -99.513253, -48.59036255], [-99.32530123, -99.513253, -46.59036255], [-99.32530123, -99.513253, -44.59036255], [-99.32530123, -99.513253, -42.59036255], [-99.32530123, -99.513253, -40.59036255], [-99.32530123, -99.513253, -38.59036255], [-99.32530123, -99.513253, -36.59036255], [-99.32530123, -99.513253, -34.59036255], [-99.32530123, -99.513253, -32.59036255], [-99.32530123, -99.513253, -30.59036064], [-99.32530123, -99.513253, -28.59036064], [-99.32530123, -99.513253, -26.59036064], [-99.32530123, -99.513253, -24.59036064], [-99.32530123, -99.513253, -22.59036064], [-99.32530123, -99.513253, -20.59036064], [-99.32530123, -99.513253, -18.59036064], [-99.32530123, -99.513253, -16.59036064], [-99.32530123, -99.513253, -14.5903616], [-99.32530123, -99.513253, -12.5903616], [-99.32530123, -99.513253, -10.5903616], [-99.32530123, -99.513253, -8.5903616], [-99.32530123, -99.513253, -6.5903616], [-99.32530123, -99.513253, -4.5903616], [-99.32530123, -99.513253, -2.59036136], [-99.32530123, -99.513253, -0.59036142], [-99.32530123, -99.513253, 1.40963852], [-99.32530123, -99.513253, 3.40963864], [-99.32530123, -99.513253, 5.4096384], [-99.32530123, -99.513253, 7.4096384], [-99.32530123, -99.513253, 9.4096384], [-99.32530123, -99.513253, 11.4096384], [-99.32530123, -99.513253, 13.4096384], [-99.32530123, -99.513253, 15.4096384], [-99.32530123, -99.513253, 17.40963936], [-99.32530123, -99.513253, 19.40963936], [-99.32530123, -99.513253, 21.40963936], [-99.32530123, -99.513253, 23.40963936], [-99.32530123, -99.513253, 25.40963936], [-99.32530123, -99.513253, 27.40963936], [-99.32530123, -99.513253, 29.40963936], [-99.32530123, -99.513253, 31.40963936], [-99.32530123, -99.513253, 33.40963745], [-99.32530123, -99.513253, 35.40963745], [-99.32530123, -99.513253, 37.40963745], [-99.32530123, -99.513253, 39.40963745], [-99.32530123, -99.513253, 41.40963745], [-99.32530123, -99.513253, 43.40963745], [-99.32530123, -99.513253, 45.40963745], [-99.32530123, -99.513253, 47.40963745], [-99.32530123, -99.513253, 49.40963745], [-99.32530123, -99.513253, 51.40963745], [-99.32530123, -99.513253, 53.40963745], [-99.32530123, -99.513253, 55.40963745], [-99.32530123, -99.513253, 57.40963745], [-99.32530123, -99.513253, 59.40963745], [-99.32530123, -99.513253, 61.40963745], [-99.32530123, -99.513253, 63.40963745], [-99.32530123, -99.513253, 65.40963745], [-99.32530123, -99.513253, 67.40963745], [-99.32530123, -99.513253, 69.40963745], [-99.32530123, -99.513253, 71.40963745], [-99.32530123, -99.513253, 73.40963745]], "CsaImage.TimeAfterStart": [1.0825, 0.7225, 1.0925, 0.7325, 1.1025, 0.7425, 1.1125, 0.7525, 1.1225, 0.7625, 1.1325, 0.7725, 1.1425, 0.7825, 1.1525, 0.7925, 1.1625, 0.8025, 1.1725, 0.8125, 1.1825, 0.8225, 1.1925, 0.8325, 1.2025, 0.8425, 1.2125, 0.8525, 1.2225, 0.8625, 1.2325, 0.8725, 1.2425, 0.8825, 1.2525, 0.8925, 1.2625, 0.9025, 1.2725, 0.9125, 1.2825, 0.9225, 1.2925, 0.9325, 1.3025, 0.9425, 1.3125, 0.9525, 1.3225, 0.9625, 1.3325, 0.9725, 1.3425, 0.9825, 1.3525, 0.9925, 1.3625, 1.0025, 1.3725, 1.0125, 1.3825, 1.0225, 1.3925, 1.0325, 1.4025, 1.0425, 1.4125, 1.0525, 1.4225, 1.0625, 1.4325, 1.0725], "ImagePositionPatient": [[-99.325301229954, -99.513253003359, -68.590362548828], [-99.325301229954, -99.513253003359, -66.590362548828], [-99.325301229954, -99.513253003359, -64.590362548828], [-99.325301229954, -99.513253003359, -62.590362548828], [-99.325301229954, -99.513253003359, -60.590362548828], [-99.325301229954, -99.513253003359, -58.590362548828], [-99.325301229954, -99.513253003359, -56.590362548828], [-99.325301229954, -99.513253003359, -54.590362548828], [-99.325301229954, -99.513253003359, -52.590362548828], [-99.325301229954, -99.513253003359, -50.590362548828], [-99.325301229954, -99.513253003359, -48.590362548828], [-99.325301229954, -99.513253003359, -46.590362548828], [-99.325301229954, -99.513253003359, -44.590362548828], [-99.325301229954, -99.513253003359, -42.590362548828], [-99.325301229954, -99.513253003359, -40.590362548828], [-99.325301229954, -99.513253003359, -38.590362548828], [-99.325301229954, -99.513253003359, -36.590362548828], [-99.325301229954, -99.513253003359, -34.590362548828], [-99.325301229954, -99.513253003359, -32.590362548828], [-99.325301229954, -99.513253003359, -30.590360641479], [-99.325301229954, -99.513253003359, -28.590360641479], [-99.325301229954, -99.513253003359, -26.590360641479], [-99.325301229954, -99.513253003359, -24.590360641479], [-99.325301229954, -99.513253003359, -22.590360641479], [-99.325301229954, -99.513253003359, -20.590360641479], [-99.325301229954, -99.513253003359, -18.590360641479], [-99.325301229954, -99.513253003359, -16.590360641479], [-99.325301229954, -99.513253003359, -14.590361595154], [-99.325301229954, -99.513253003359, -12.590361595154], [-99.325301229954, -99.513253003359, -10.590361595154], [-99.325301229954, -99.513253003359, -8.5903615951538], [-99.325301229954, -99.513253003359, -6.5903615951538], [-99.325301229954, -99.513253003359, -4.5903615951538], [-99.325301229954, -99.513253003359, -2.5903613567352], [-99.325301229954, -99.513253003359, -0.5903614163399], [-99.325301229954, -99.513253003359, 1.4096385240555], [-99.325301229954, -99.513253003359, 3.4096386432648], [-99.325301229954, -99.513253003359, 5.4096384048462], [-99.325301229954, -99.513253003359, 7.4096384048462], [-99.325301229954, -99.513253003359, 9.4096384048462], [-99.325301229954, -99.513253003359, 11.409638404846], [-99.325301229954, -99.513253003359, 13.409638404846], [-99.325301229954, -99.513253003359, 15.409638404846], [-99.325301229954, -99.513253003359, 17.409639358521], [-99.325301229954, -99.513253003359, 19.409639358521], [-99.325301229954, -99.513253003359, 21.409639358521], [-99.325301229954, -99.513253003359, 23.409639358521], [-99.325301229954, -99.513253003359, 25.409639358521], [-99.325301229954, -99.513253003359, 27.409639358521], [-99.325301229954, -99.513253003359, 29.409639358521], [-99.325301229954, -99.513253003359, 31.409639358521], [-99.325301229954, -99.513253003359, 33.409637451172], [-99.325301229954, -99.513253003359, 35.409637451172], [-99.325301229954, -99.513253003359, 37.409637451172], [-99.325301229954, -99.513253003359, 39.409637451172], [-99.325301229954, -99.513253003359, 41.409637451172], [-99.325301229954, -99.513253003359, 43.409637451172], [-99.325301229954, -99.513253003359, 45.409637451172], [-99.325301229954, -99.513253003359, 47.409637451172], [-99.325301229954, -99.513253003359, 49.409637451172], [-99.325301229954, -99.513253003359, 51.409637451172], [-99.325301229954, -99.513253003359, 53.409637451172], [-99.325301229954, -99.513253003359, 55.409637451172], [-99.325301229954, -99.513253003359, 57.409637451172], [-99.325301229954, -99.513253003359, 59.409637451172], [-99.325301229954, -99.513253003359, 61.409637451172], [-99.325301229954, -99.513253003359, 63.409637451172], [-99.325301229954, -99.513253003359, 65.409637451172], [-99.325301229954, -99.513253003359, 67.409637451172], [-99.325301229954, -99.513253003359, 69.409637451172], [-99.325301229954, -99.513253003359, 71.409637451172], [-99.325301229954, -99.513253003359, 73.409637451172]], "InstanceCreationTime": ["173644.552000", "173644.478000", "173644.553000", "173644.480000", "173644.555000", "173644.482000", "173644.557000", "173644.484000", "173644.559000", "173644.486000", "173644.561000", "173644.488000", "173644.562000", "173644.489000", "173644.564000", "173644.491000", "173644.566000", "173644.493000", "173644.568000", "173644.495000", "173644.570000", "173644.497000", "173644.571000", "173644.499000", "173644.573000", "173644.500000", "173644.575000", "173644.502000", "173644.577000", "173644.504000", "173644.578000", "173644.506000", "173644.580000", "173644.508000", "173644.582000", "173644.509000", "173644.584000", "173644.511000", "173644.586000", "173644.513000", "173644.587000", "173644.515000", "173644.589000", "173644.517000", "173644.591000", "173644.519000", "173644.593000", "173644.521000", "173644.595000", "173644.523000", "173644.596000", "173644.526000", "173644.598000", "173644.533000", "173644.600000", "173644.535000", "173644.602000", "173644.537000", "173644.603000", "173644.539000", "173644.605000", "173644.541000", "173644.607000", "173644.543000", "173644.609000", "173644.544000", "173644.611000", "173644.546000", "173644.612000", "173644.548000", "173644.614000", "173644.550000"], "InstanceNumber": [1, 2, 3, 4, 5, 6, 7, 8, 9, 10, 11, 12, 13, 14, 15, 16, 17, 18, 19, 20, 21, 22, 23, 24, 25, 26, 27, 28, 29, 30, 31, 32, 33, 34, 35, 36, 37, 38, 39, 40, 41, 42, 43, 44, 45, 46, 47, 48, 49, 50, 51, 52, 53, 54, 55, 56, 57, 58, 59, 60, 61, 62, 63, 64, 65, 66, 67, 68, 69, 70, 71, 72], "LargestImagePixelValue": [4095, 4094, 4094, 4095, 4092, 4094, 4093, 4095, 4093, 4094, 4093, 4093, 4095, 4091, 4094, 4091, 4094, 4095, 4095, 4091, 4095, 4094, 4094, 4095, 4094, 4094, 4095, 4094, 4094, 4092, 4089, 4089, 4091, 4095, 4095, 4094, 4095, 4094, 4093, 4093, 4093, 4091, 4094, 4093, 4095, 4093, 4093, 4094, 4095, 4094, 4094, 4095, 4095, 4094, 4093, 4095, 4092, 4082, 4093, 4094, 4095, 4095, 4094, 4094, 4094, 4094, 4094, 4095, 4095, 4095, 4095, 4094], "SliceLocation": [-68.590362548828, -66.590362548828, -64.590362548828, -62.590362548828, -60.590362548828, -58.590362548828, -56.590362548828, -54.590362548828, -52.590362548828, -50.590362548828, -48.590362548828, -46.590362548828, -44.590362548828, -42.590362548828, -40.590362548828, -38.590362548828, -36.590362548828, -34.590362548828, -32.590362548828, -30.590360641479, -28.590360641479, -26.590360641479, -24.590360641479, -22.590360641479, -20.590360641479, -18.590360641479, -16.590360641479, -14.590361595154, -12.590361595154, -10.590361595154, -8.5903615951538, -6.5903615951538, -4.5903615951538, -2.5903613567352, -0.5903614163399, 1.4096385240555, 3.4096386432648, 5.4096384048462, 7.4096384048462, 9.4096384048462, 11.409638404846, 13.409638404846, 15.409638404846, 17.409639358521, 19.409639358521, 21.409639358521, 23.409639358521, 25.409639358521, 27.409639358521, 29.409639358521, 31.409639358521, 33.409637451172, 35.409637451172, 37.409637451172, 39.409637451172, 41.409637451172, 43.409637451172, 45.409637451172, 47.409637451172, 49.409637451172, 51.409637451172, 53.409637451172, 55.409637451172, 57.409637451172, 59.409637451172, 61.409637451172, 63.409637451172, 65.409637451172, 67.409637451172, 69.409637451172, 71.409637451172, 73.409637451172], "SmallestImagePixelValue": [0, 0, 1, 0, 0, 0, 0, 1, 0, 0, 0, 0, 0, 0, 1, 0, 0, 0, 0, 0, 0, 0, 0, 1, 0, 1, 1, 0, 0, 0, 0, 0, 2, 3, 0, 1, 2, 0, 2, 0, 0, 4, 0, 8, 1, 1, 4, 0, 0, 0, 0, 0, 0, 2, 1, 1, 4, 0, 0, 1, 1, 0, 3, 0, 0, 0, 0, 0, 0, 0, 1, 0], "WindowCenter": [-710.0, -698.0, -650.0, -568.0, -362.0, -306.0, -258.0, -256.0, -238.0, -250.0, -196.0, -160.0, -202.0, -176.0, -190.0, -232.0, -246.0, -220.0, -208.0, -216.0, -178.0, -174.0, -208.0, -204.0, -202.0, -184.0, -146.0, -120.0, -54.0, -64.0, -46.0, -60.0, -74.0, -64.0, -58.0, -50.0, -90.0, -76.0, -238.0, -98.0, -268.0, -252.0, -122.0, -122.0, -112.0, -76.0, -52.0, -30.0, -200.0, -204.0, -226.0, -228.0, -242.0, -262.0, -252.0, -284.0, -292.0, -270.0, -306.0, -304.0, -320.0, -158.0, -192.0, -214.0, -164.0, -248.0, -276.0, -272.0, -404.0, -352.0, -370.0, -366.0], "WindowWidth": [5002.0, 4998.0, 4934.0, 4956.0, 5748.0, 5968.0, 6106.0, 6190.0, 6190.0, 6244.0, 6252.0, 6254.0, 6242.0, 6234.0, 6160.0, 6124.0, 6038.0, 6034.0, 6068.0, 6086.0, 6096.0, 6072.0, 5954.0, 5896.0, 5802.0, 5750.0, 5688.0, 5614.0, 5650.0, 5596.0, 5476.0, 5426.0, 5282.0, 5408.0, 5442.0, 5402.0, 5280.0, 5320.0, 4628.0, 5290.0, 4642.0, 4632.0, 5304.0, 5294.0, 5240.0, 5294.0, 5304.0, 5298.0, 4606.0, 4618.0, 4626.0, 4636.0, 4654.0, 4670.0, 4664.0, 4696.0, 4706.0, 4710.0, 4762.0, 4796.0, 4824.0, 5460.0, 5612.0, 5632.0, 5868.0, 5960.0, 6016.0, 6126.0, 6168.0, 6192.0, 6242.0, 6402.0]}}, "IntendedFor": ["ses-1/func/sub-04_ses-1_task-motor_run-05_bold.nii.gz", "ses-1/func/sub-04_ses-1_task-motor_run-02_bold.nii.gz", "ses-1/func/sub-04_ses-1_task-motor_run-04_bold.nii.gz", "ses-1/func/sub-04_ses-1_task-motor_run-01_bold.nii.gz", "ses-1/func/sub-04_ses-1_task-motor_run-03_bold.nii.gz", "ses-1/func/sub-04_ses-1_task-motor_run-06_bold.nii.gz"]}