{"AcquisitionMatrixPE": 100, "AcquisitionNumber": 1, "AcquisitionTime": "10:59:59.557500", "BaseResolution": 100, "BodyPartExamined": "BRAIN", "ConsistencyInfo": "N4_VE11C_LATEST_20160120", "ConversionSoftware": "dcm2niix", "ConversionSoftwareVersion": "v1.0.20180622 GCC4.9.2", "DeviceSerialNumber": "166078", "DwellTime": 8.8e-06, "EchoNumber": 2, "EchoTime": 0.00738, "EchoTime1": 0.00492, "EchoTime2": 0.00738, "FlipAngle": 60, "ImageOrientationPatientDICOM": [1, 0, 0, 0, 0.998342, -0.057564], "ImageType": ["ORIGINAL", "PRIMARY", "P", "ND"], "InPlanePhaseEncodingDirectionDICOM": "ROW", "InstitutionAddress": "Street_StreetNo_Bei_Jing_District_CN_ZIP", "InstitutionName": "BeiJing_Normal_University", "InstitutionalDepartmentName": "Department", "MRAcquisitionType": "2D", "MagneticFieldStrength": 3, "Manufacturer": "Siemens", "ManufacturersModelName": "Prisma", "Modality": "MR", "PartialFourier": 1, "PatientPosition": "HFS", "PercentPhaseFOV": 100, "PhaseEncodingDirection": "i", "PhaseEncodingSteps": 100, "PhaseResolution": 1, "PixelBandwidth": 570, "ProcedureStepDescription": "BNU_P2018_64CH_Liu.Jia", "ProtocolName": "field_mapping_2x2x2", "PulseSequenceDetails": "%SiemensSeq%_gre_field_mapping", "ReceiveCoilActiveElements": "HC1-7;NC1", "ReceiveCoilName": "HeadNeck_64", "ReconMatrixPE": 100, "RepetitionTime": 0.72, "SAR": 0.0971584, "ScanningSequence": "GR", "SequenceName": "_fm2d2r", "SequenceVariant": "SP", "SeriesDescription": "field_mapping_2x2x2", "SeriesNumber": 7, "ShimSetting": [-5461, -11492, -1350, 335, -54, -131, -130, 50], "SliceThickness": 2, "SoftwareVersions": "syngo_MR_E11", "SpacingBetweenSlices": 2, "StationName": "AWP166078", "TxRefAmp": 210.908, "dcmmeta_affine": [[-2.0, 0.0, 0.0, 101.34939575195312], [0.0, 1.9966835975646973, -0.1151280403137207, -82.51671600341797], [0.0, 0.1151280477643013, 1.9966812133789062, -74.05590057373047], [0.0, 0.0, 0.0, 1.0]], "dcmmeta_reorient_transform": [[0.0, -1.0, 0.0, 99.0], [1.0, 0.0, 0.0, 0.0], [0.0, 0.0, -1.0, 71.0], [0.0, 0.0, 0.0, 1.0]], "dcmmeta_shape": [100, 100, 72], "dcmmeta_slice_dim": 2, "dcmmeta_version": 0.6, "global": {"const": {"AcquisitionMatrix": [0, 100, 100, 0], "AcquisitionNumber": 1, "AngioFlag": "N", "BitsAllocated": 16, "BitsStored": 12, "BodyPartExamined": "BRAIN", "Columns": 100, "EchoNumbers": 2, "EchoTime": 7.38, "EchoTrainLength": 0, "FlipAngle": 60.0, "HighBit": 11, "ImageOrientationPatient": [1.0, 0.0, 0.0, 0.0, 0.99834181678694, -0.0575640239607], "ImageType": ["ORIGINAL", "PRIMARY", "P", "ND"], "ImagedNucleus": "1H", "ImagingFrequency": 123.257879, "InPlanePhaseEncodingDirection": "ROW", "MRAcquisitionType": "2D", "MagneticFieldStrength": 3.0, "Manufacturer": "SIEMENS", "ManufacturerModelName": "Prisma", "Modality": "MR", "NumberOfAverages": 1.0, "NumberOfPhaseEncodingSteps": 100, "PercentPhaseFieldOfView": 100.0, "PercentSampling": 100.0, "PerformedProcedureStepStartTime": "103115.060000", "PhotometricInterpretation": "MONOCHROME2", "PixelBandwidth": 570.0, "PixelRepresentation": 0, "PixelSpacing": [2.0, 2.0], "ProtocolName": "field_mapping_2x2x2", "RepetitionTime": 720.0, "RescaleIntercept": -4096.0, "RescaleSlope": 2.0, "RescaleType": "US", "Rows": 100, "SAR": 0.09715841529591, "SamplesPerPixel": 1, "ScanningSequence": "GR", "SequenceName": "*fm2d2r", "SequenceVariant": "SP", "SeriesDescription": "field_mapping_2x2x2", "SeriesNumber": 7, "SeriesTime": "110224.095000", "SliceThickness": 2.0, "SoftwareVersions": "syngo MR E11", "SpacingBetweenSlices": 2.0, "SpecificCharacterSet": "ISO_IR 100", "StudyID": "1", "StudyTime": "103115.001000", "TransmitCoilName": "Body", "VariableFlipAngleFlag": "N", "WindowCenterWidthExplanation": "Algo1", "dBdt": 0.0}, "slices": {"AcquisitionTime": ["105959.557500", "105959.197500", "105959.567500", "105959.207500", "105959.577500", "105959.217500", "105959.587500", "105959.227500", "105959.597500", "105959.237500", "105959.607500", "105959.247500", "105959.617500", "105959.257500", "105959.627500", "105959.267500", "105959.637500", "105959.277500", "105959.647500", "105959.287500", "105959.657500", "105959.297500", "105959.667500", "105959.307500", "105959.677500", "105959.317500", "105959.687500", "105959.327500", "105959.697500", "105959.337500", "105959.707500", "105959.347500", "105959.717500", "105959.357500", "105959.727500", "105959.367500", "105959.737500", "105959.377500", "105959.747500", "105959.387500", "105959.757500", "105959.397500", "105959.767500", "105959.407500", "105959.777500", "105959.417500", "105959.787500", "105959.427500", "105959.797500", "105959.437500", "105959.807500", "105959.447500", "105959.817500", "105959.457500", "105959.827500", "105959.467500", "105959.837500", "105959.477500", "105959.847500", "105959.487500", "105959.857500", "105959.497500", "105959.867500", "105959.507500", "105959.877500", "105959.517500", "105959.887500", "105959.527500", "105959.897500", "105959.537500", "105959.907500", "105959.547500"], "ContentTime": ["110224.162000", "110224.097000", "110224.163000", "110224.099000", "110224.165000", "110224.101000", "110224.167000", "110224.103000", "110224.169000", "110224.105000", "110224.170000", "110224.106000", "110224.172000", "110224.108000", "110224.174000", "110224.110000", "110224.176000", "110224.112000", "110224.178000", "110224.113000", "110224.179000", "110224.115000", "110224.181000", "110224.117000", "110224.183000", "110224.119000", "110224.185000", "110224.120000", "110224.187000", "110224.122000", "110224.188000", "110224.124000", "110224.327000", "110224.126000", "110224.329000", "110224.128000", "110224.331000", "110224.129000", "110224.332000", "110224.131000", "110224.334000", "110224.133000", "110224.336000", "110224.135000", "110224.338000", "110224.136000", "110224.339000", "110224.138000", "110224.341000", "110224.140000", "110224.343000", "110224.142000", "110224.345000", "110224.144000", "110224.347000", "110224.145000", "110224.348000", "110224.147000", "110224.350000", "110224.149000", "110224.352000", "110224.151000", "110224.354000", "110224.153000", "110224.355000", "110224.154000", "110224.357000", "110224.156000", "110224.359000", "110224.158000", "110224.361000", "110224.160000"], "CsaImage.GSWDDataType": ["measured", "predicted", "measured", "predicted", "measured", "predicted", "measured", "predicted", "measured", "predicted", "measured", "predicted", "measured", "predicted", "measured", "predicted", "measured", "predicted", "measured", "predicted", "measured", "predicted", "measured", "predicted", "measured", "predicted", "measured", "predicted", "measured", "predicted", "measured", "predicted", "measured", "predicted", "measured", "predicted", "measured", "predicted", "measured", "predicted", "measured", "predicted", "measured", "predicted", "measured", "predicted", "measured", "predicted", "measured", "measured", "measured", "measured", "measured", "measured", "measured", "measured", "measured", "measured", "measured", "measured", "measured", "measured", "measured", "measured", "measured", "measured", "measured", "measured", "measured", "measured", "measured", "measured"], "CsaImage.ICE_Dims": ["X_2_1_1_1_1_1_37_1_1_1_1_53", "X_2_1_1_1_1_1_1_1_1_2_1_53", "X_2_1_1_1_1_1_38_1_1_3_1_53", "X_2_1_1_1_1_1_2_1_1_4_1_53", "X_2_1_1_1_1_1_39_1_1_5_1_53", "X_2_1_1_1_1_1_3_1_1_6_1_53", "X_2_1_1_1_1_1_40_1_1_7_1_53", "X_2_1_1_1_1_1_4_1_1_8_1_53", "X_2_1_1_1_1_1_41_1_1_9_1_53", "X_2_1_1_1_1_1_5_1_1_10_1_53", "X_2_1_1_1_1_1_42_1_1_11_1_53", "X_2_1_1_1_1_1_6_1_1_12_1_53", "X_2_1_1_1_1_1_43_1_1_13_1_53", "X_2_1_1_1_1_1_7_1_1_14_1_53", "X_2_1_1_1_1_1_44_1_1_15_1_53", "X_2_1_1_1_1_1_8_1_1_16_1_53", "X_2_1_1_1_1_1_45_1_1_17_1_53", "X_2_1_1_1_1_1_9_1_1_18_1_53", "X_2_1_1_1_1_1_46_1_1_19_1_53", "X_2_1_1_1_1_1_10_1_1_20_1_53", "X_2_1_1_1_1_1_47_1_1_21_1_53", "X_2_1_1_1_1_1_11_1_1_22_1_53", "X_2_1_1_1_1_1_48_1_1_23_1_53", "X_2_1_1_1_1_1_12_1_1_24_1_53", "X_2_1_1_1_1_1_49_1_1_25_1_53", "X_2_1_1_1_1_1_13_1_1_26_1_53", "X_2_1_1_1_1_1_50_1_1_27_1_53", "X_2_1_1_1_1_1_14_1_1_28_1_53", "X_2_1_1_1_1_1_51_1_1_29_1_53", "X_2_1_1_1_1_1_15_1_1_30_1_53", "X_2_1_1_1_1_1_52_1_1_31_1_53", "X_2_1_1_1_1_1_16_1_1_32_1_53", "X_2_1_1_1_1_1_53_1_1_33_1_53", "X_2_1_1_1_1_1_17_1_1_34_1_53", "X_2_1_1_1_1_1_54_1_1_35_1_53", "X_2_1_1_1_1_1_18_1_1_36_1_53", "X_2_1_1_1_1_1_55_1_1_37_1_53", "X_2_1_1_1_1_1_19_1_1_38_1_53", "X_2_1_1_1_1_1_56_1_1_39_1_53", "X_2_1_1_1_1_1_20_1_1_40_1_53", "X_2_1_1_1_1_1_57_1_1_41_1_53", "X_2_1_1_1_1_1_21_1_1_42_1_53", "X_2_1_1_1_1_1_58_1_1_43_1_53", "X_2_1_1_1_1_1_22_1_1_44_1_53", "X_2_1_1_1_1_1_59_1_1_45_1_53", "X_2_1_1_1_1_1_23_1_1_46_1_53", "X_2_1_1_1_1_1_60_1_1_47_1_53", "X_2_1_1_1_1_1_24_1_1_48_1_53", "X_2_1_1_1_1_1_61_1_1_49_1_53", "X_2_1_1_1_1_1_25_1_1_50_1_53", "X_2_1_1_1_1_1_62_1_1_51_1_53", "X_2_1_1_1_1_1_26_1_1_52_1_53", "X_2_1_1_1_1_1_63_1_1_53_1_53", "X_2_1_1_1_1_1_27_1_1_54_1_53", "X_2_1_1_1_1_1_64_1_1_55_1_53", "X_2_1_1_1_1_1_28_1_1_56_1_53", "X_2_1_1_1_1_1_65_1_1_57_1_53", "X_2_1_1_1_1_1_29_1_1_58_1_53", "X_2_1_1_1_1_1_66_1_1_59_1_53", "X_2_1_1_1_1_1_30_1_1_60_1_53", "X_2_1_1_1_1_1_67_1_1_61_1_53", "X_2_1_1_1_1_1_31_1_1_62_1_53", "X_2_1_1_1_1_1_68_1_1_63_1_53", "X_2_1_1_1_1_1_32_1_1_64_1_53", "X_2_1_1_1_1_1_69_1_1_65_1_53", "X_2_1_1_1_1_1_33_1_1_66_1_53", "X_2_1_1_1_1_1_70_1_1_67_1_53", "X_2_1_1_1_1_1_34_1_1_68_1_53", "X_2_1_1_1_1_1_71_1_1_69_1_53", "X_2_1_1_1_1_1_35_1_1_70_1_53", "X_2_1_1_1_1_1_72_1_1_71_1_53", "X_2_1_1_1_1_1_36_1_1_72_1_53"], "CsaImage.ProtocolSliceNumber": [0, 1, 2, 3, 4, 5, 6, 7, 8, 9, 10, 11, 12, 13, 14, 15, 16, 17, 18, 19, 20, 21, 22, 23, 24, 25, 26, 27, 28, 29, 30, 31, 32, 33, 34, 35, 36, 37, 38, 39, 40, 41, 42, 43, 44, 45, 46, 47, 48, 49, 50, 51, 52, 53, 54, 55, 56, 57, 58, 59, 60, 61, 62, 63, 64, 65, 66, 67, 68, 69, 70, 71], "CsaImage.RFSWDDataType": ["measured", "predicted", "measured", "predicted", "measured", "predicted", "measured", "predicted", "measured", "predicted", "measured", "predicted", "measured", "predicted", "measured", "predicted", "measured", "predicted", "measured", "predicted", "measured", "predicted", "measured", "predicted", "measured", "predicted", "measured", "predicted", "measured", "predicted", "measured", "predicted", "measured", "predicted", "measured", "predicted", "measured", "predicted", "measured", "predicted", "measured", "predicted", "measured", "predicted", "measured", "measured", "measured", "measured", "measured", "measured", "measured", "measured", "measured", "measured", "measured", "measured", "measured", "measured", "measured", "measured", "measured", "measured", "measured", "measured", "measured", "measured", "measured", "measured", "measured", "measured", "measured", "measured"], "CsaImage.SlicePosition_PCS": [[-101.34939754, -115.15496243, -62.65840016], [-101.34939754, -115.03983487, -60.66171131], [-101.34939754, -114.92470635, -58.6650301], [-101.34939754, -114.80957879, -56.66834507], [-101.34939754, -114.69445027, -54.67166386], [-101.34939754, -114.57932271, -52.67497883], [-101.34939754, -114.46419419, -50.6782938], [-101.34939754, -114.34906663, -48.68161259], [-101.34939754, -114.23393811, -46.68492756], [-101.34939754, -114.11880959, -44.68824253], [-101.34939754, -114.00368203, -42.69156132], [-101.34939754, -113.88855351, -40.69487629], [-101.34939754, -113.77342595, -38.69819126], [-101.34939754, -113.65829743, -36.70151005], [-101.34939754, -113.54316987, -34.70482502], [-101.34939754, -113.42804135, -32.70814381], [-101.34939754, -113.31291379, -30.71145878], [-101.34939754, -113.19778527, -28.71477375], [-101.34939754, -113.08265771, -26.71809254], [-101.34939754, -112.96752919, -24.72140751], [-101.34939754, -112.85240163, -22.72472439], [-101.34939754, -112.73727311, -20.72804127], [-101.34939754, -112.62214555, -18.73135624], [-101.34939754, -112.50701703, -16.73467312], [-101.34939754, -112.39188947, -14.73799], [-101.34939754, -112.27676095, -12.74130497], [-101.34939754, -112.16163338, -10.74462185], [-101.34939754, -112.04650487, -8.74793873], [-101.34939754, -111.9313773, -6.75125466], [-101.34939754, -111.81624879, -4.75457153], [-101.34939754, -111.70112122, -2.75788746], [-101.34939754, -111.58599271, -0.76120386], [-101.34939754, -111.47086514, 1.23547974], [-101.34939754, -111.35573663, 3.23216309], [-101.34939754, -111.24060906, 5.22884681], [-101.34939754, -111.12548054, 7.22553041], [-101.34939754, -111.01035298, 9.22221413], [-101.34939754, -110.89522446, 11.21889772], [-101.34939754, -110.7800969, 13.21558132], [-101.34939754, -110.66496838, 15.2122654], [-101.34939754, -110.54984082, 17.20894852], [-101.34939754, -110.4347123, 19.20563259], [-101.34939754, -110.31958474, 21.20231571], [-101.34939754, -110.20445622, 23.19899883], [-101.34939754, -110.08932771, 25.19568386], [-101.34939754, -109.97420014, 27.19236698], [-101.34939754, -109.85907162, 29.1890501], [-101.34939754, -109.74394406, 31.18573322], [-101.34939754, -109.62881554, 33.18241825], [-101.34939754, -109.51368798, 35.17910137], [-101.34939754, -109.39855946, 37.17578449], [-101.34939754, -109.2834319, 39.17246761], [-101.34939754, -109.16830338, 41.16915264], [-101.34939754, -109.05317582, 43.16583767], [-101.34939754, -108.9380473, 45.16251888], [-101.34939754, -108.82291974, 47.15920391], [-101.34939754, -108.70779122, 49.15588512], [-101.34939754, -108.59266366, 51.15257015], [-101.34939754, -108.47753514, 53.14925518], [-101.34939754, -108.36240758, 55.14593639], [-101.34939754, -108.24727906, 57.14262142], [-101.34939754, -108.1321515, 59.13930645], [-101.34939754, -108.01702298, 61.13598766], [-101.34939754, -107.90189542, 63.13267269], [-101.34939754, -107.7867669, 65.12935772], [-101.34939754, -107.67163886, 67.12603893], [-101.34939754, -107.55651082, 69.12272396], [-101.34939754, -107.44138278, 71.11940899], [-101.34939754, -107.32625474, 73.1160902], [-101.34939754, -107.2111267, 75.11277141], [-101.34939754, -107.09599866, 77.10946026], [-101.34939754, -106.98087062, 79.10614147]], "CsaImage.TimeAfterStart": [1.0825, 0.7225, 1.0925, 0.7325, 1.1025, 0.7425, 1.1125, 0.7525, 1.1225, 0.7625, 1.1325, 0.7725, 1.1425, 0.7825, 1.1525, 0.7925, 1.1625, 0.8025, 1.1725, 0.8125, 1.1825, 0.8225, 1.1925, 0.8325, 1.2025, 0.8425, 1.2125, 0.8525, 1.2225, 0.8625, 1.2325, 0.8725, 1.2425, 0.8825, 1.2525, 0.8925, 1.2625, 0.9025, 1.2725, 0.9125, 1.2825, 0.9225, 1.2925, 0.9325, 1.3025, 0.9425, 1.3125, 0.9525, 1.3225, 0.9625, 1.3325, 0.9725, 1.3425, 0.9825, 1.3525, 0.9925, 1.3625, 1.0025, 1.3725, 1.0125, 1.3825, 1.0225, 1.3925, 1.0325, 1.4025, 1.0425, 1.4125, 1.0525, 1.4225, 1.0625, 1.4325, 1.0725], "ImagePositionPatient": [[-101.34939754009, -115.15496243278, -62.6584001552], [-101.34939754009, -115.03983486931, -60.661711312427], [-101.34939754009, -114.92470635216, -58.665030099048], [-101.34939754009, -114.80957878868, -56.668345070972], [-101.34939754009, -114.69445027153, -54.671663857593], [-101.34939754009, -114.57932270805, -52.674978829517], [-101.34939754009, -114.4641941909, -50.67829380144], [-101.34939754009, -114.34906662742, -48.681612588061], [-101.34939754009, -114.23393811027, -46.684927559985], [-101.34939754009, -114.11880959312, -44.688242531909], [-101.34939754009, -114.00368202965, -42.69156131853], [-101.34939754009, -113.8885535125, -40.694876290454], [-101.34939754009, -113.77342594902, -38.698191262378], [-101.34939754009, -113.65829743187, -36.701510048999], [-101.34939754009, -113.54316986839, -34.704825020923], [-101.34939754009, -113.42804135124, -32.708143807544], [-101.34939754009, -113.31291378776, -30.711458779468], [-101.34939754009, -113.19778527061, -28.714773751392], [-101.34939754009, -113.08265770714, -26.718092538013], [-101.34939754009, -112.96752918999, -24.721407509936], [-101.34939754009, -112.85240162651, -22.724724389209], [-101.34939754009, -112.73727310936, -20.728041268481], [-101.34939754009, -112.62214554588, -18.731356240405], [-101.34939754009, -112.50701702873, -16.734673119678], [-101.34939754009, -112.39188946525, -14.73798999895], [-101.34939754009, -112.2767609481, -12.741304970874], [-101.34939754009, -112.16163338463, -10.744621850146], [-101.34939754009, -112.04650486748, -8.7479387294189], [-101.34939754009, -111.931377304, -6.751254655017], [-101.34939754009, -111.81624878685, -4.7545715342895], [-101.34939754009, -111.70112122337, -2.7578874598876], [-101.34939754009, -111.58599270622, -0.7612038623229], [-101.34939754009, -111.47086514274, 1.2354797352418], [-101.34939754009, -111.35573662559, 3.2321630943879], [-101.34939754009, -111.24060906212, 5.2288468111619], [-101.34939754009, -111.12548054497, 7.2255304087266], [-101.34939754009, -111.01035298149, 9.2222141255006], [-101.34939754009, -110.89522446434, 11.218897723065], [-101.34939754009, -110.78009690086, 13.21558132063], [-101.34939754009, -110.66496838371, 15.212265395032], [-101.34939754009, -110.54984082023, 17.208948515759], [-101.34939754009, -110.43471230308, 19.205632590161], [-101.34939754009, -110.31958473961, 21.202315710889], [-101.34939754009, -110.20445622246, 23.198998831616], [-101.34939754009, -110.08932770531, 25.195683859692], [-101.34939754009, -109.97420014183, 27.19236698042], [-101.34939754009, -109.85907162468, 29.189050101148], [-101.34939754009, -109.7439440612, 31.185733221875], [-101.34939754009, -109.62881554405, 33.182418249951], [-101.34939754009, -109.51368798057, 35.179101370679], [-101.34939754009, -109.39855946342, 37.175784491406], [-101.34939754009, -109.28343189995, 39.172467612134], [-101.34939754009, -109.1683033828, 41.16915264021], [-101.34939754009, -109.05317581932, 43.165837668286], [-101.34939754009, -108.93804730217, 45.162518881665], [-101.34939754009, -108.82291973869, 47.159203909741], [-101.34939754009, -108.70779122154, 49.15588512312], [-101.34939754009, -108.59266365806, 51.152570151196], [-101.34939754009, -108.47753514091, 53.149255179273], [-101.34939754009, -108.36240757744, 55.145936392651], [-101.34939754009, -108.24727906029, 57.142621420728], [-101.34939754009, -108.13215149681, 59.139306448804], [-101.34939754009, -108.01702297966, 61.135987662183], [-101.34939754009, -107.90189541618, 63.132672690259], [-101.34939754009, -107.78676689903, 65.129357718335], [-101.34939754009, -107.67163885872, 67.126038931714], [-101.34939754009, -107.5565108184, 69.12272395979], [-101.34939754009, -107.44138277809, 71.119408987866], [-101.34939754009, -107.32625473778, 73.116090201245], [-101.34939754009, -107.21112669746, 75.112771414624], [-101.34939754009, -107.09599865715, 77.109460257398], [-101.34939754009, -106.98087061683, 79.106141470776]], "InstanceCreationTime": ["110224.162000", "110224.097000", "110224.163000", "110224.099000", "110224.165000", "110224.101000", "110224.167000", "110224.103000", "110224.169000", "110224.105000", "110224.170000", "110224.106000", "110224.172000", "110224.108000", "110224.174000", "110224.110000", "110224.176000", "110224.112000", "110224.178000", "110224.113000", "110224.179000", "110224.115000", "110224.181000", "110224.117000", "110224.183000", "110224.119000", "110224.185000", "110224.120000", "110224.187000", "110224.122000", "110224.188000", "110224.124000", "110224.327000", "110224.126000", "110224.329000", "110224.128000", "110224.331000", "110224.129000", "110224.332000", "110224.131000", "110224.334000", "110224.133000", "110224.336000", "110224.135000", "110224.338000", "110224.136000", "110224.339000", "110224.138000", "110224.341000", "110224.140000", "110224.343000", "110224.142000", "110224.345000", "110224.144000", "110224.347000", "110224.145000", "110224.348000", "110224.147000", "110224.350000", "110224.149000", "110224.352000", "110224.151000", "110224.354000", "110224.153000", "110224.355000", "110224.154000", "110224.357000", "110224.156000", "110224.359000", "110224.158000", "110224.361000", "110224.160000"], "InstanceNumber": [1, 2, 3, 4, 5, 6, 7, 8, 9, 10, 11, 12, 13, 14, 15, 16, 17, 18, 19, 20, 21, 22, 23, 24, 25, 26, 27, 28, 29, 30, 31, 32, 33, 34, 35, 36, 37, 38, 39, 40, 41, 42, 43, 44, 45, 46, 47, 48, 49, 50, 51, 52, 53, 54, 55, 56, 57, 58, 59, 60, 61, 62, 63, 64, 65, 66, 67, 68, 69, 70, 71, 72], "LargestImagePixelValue": [4093, 4090, 4095, 4094, 4094, 4094, 4095, 4095, 4094, 4095, 4095, 4094, 4095, 4095, 4095, 4092, 4094, 4093, 4095, 4095, 4095, 4095, 4088, 4094, 4095, 4090, 4095, 4088, 4095, 4089, 4087, 4095, 4094, 4094, 4093, 4087, 4091, 4091, 4095, 4086, 4095, 4095, 4093, 4091, 4092, 4095, 4090, 4090, 4094, 4091, 4094, 4093, 4094, 4090, 4094, 4095, 4094, 4094, 4092, 4094, 4094, 4095, 4095, 4091, 4093, 4094, 4095, 4095, 4094, 4095, 4094, 4095], "SliceLocation": [-69.183284064579, -67.183278891904, -65.183281281075, -63.183279916772, -61.183282305943, -59.18328094164, -57.183279522439, -55.183281966507, -53.183280547307, -51.183279128106, -49.183281572175, -47.183280152974, -45.18327878867, -43.183281177842, -41.183279813538, -39.183282202709, -37.183280838406, -35.183279419205, -33.183281863274, -31.183280444073, -29.183280983956, -27.183281468941, -25.183280104637, -23.183280589623, -21.183281129505, -19.183279710305, -17.183280250187, -15.183280735172, -13.183280322962, -11.183280807947, -9.1832803957367, -7.1832804046755, -5.1832804685115, -3.1832807154735, -1.183280660298, 0.81671933076331, 2.8167193859389, 4.8167193770001, 6.816719313164, 8.8167197802718, 10.816719240389, 12.816719707497, 14.816719167614, 16.816718682629, 18.81672010183, 20.816719561947, 22.816719076962, 24.81671853708, 26.81671995628, 28.816719416398, 30.816718931413, 32.81671839153, 34.816719810731, 36.816721175034, 38.816718785863, 40.816720150166, 42.816717760995, 44.816719125298, 46.816720544499, 48.816718100431, 50.816719519631, 52.816720883935, 54.816718494764, 56.816719859067, 58.816721278268, 60.816718861648, 62.8167202534, 64.816721645152, 66.816719228532, 68.816716811912, 70.816722012036, 72.816719595416], "SmallestImagePixelValue": [1, 0, 0, 0, 0, 0, 0, 0, 0, 0, 0, 0, 0, 0, 0, 0, 0, 0, 0, 2, 0, 0, 2, 0, 0, 1, 1, 1, 0, 0, 0, 2, 5, 4, 1, 3, 0, 2, 0, 4, 0, 4, 0, 0, 3, 6, 0, 1, 2, 2, 0, 0, 0, 0, 1, 0, 0, 1, 1, 0, 0, 2, 2, 0, 0, 0, 0, 0, 0, 0, 0, 1], "WindowCenter": [-162.0, -214.0, -198.0, -152.0, -76.0, -78.0, -72.0, -12.0, -14.0, -128.0, -54.0, -56.0, 30.0, -82.0, -132.0, -228.0, -268.0, -222.0, -220.0, -216.0, -238.0, -232.0, -282.0, -286.0, -294.0, -268.0, -256.0, -248.0, -264.0, -266.0, -250.0, -256.0, -264.0, -222.0, -220.0, -192.0, -232.0, -190.0, -194.0, -162.0, -152.0, -160.0, -140.0, -262.0, -96.0, -94.0, -58.0, -62.0, -56.0, -36.0, -36.0, -10.0, -8.0, 8.0, 28.0, 24.0, 20.0, 34.0, 34.0, 8.0, 14.0, -18.0, -8.0, -60.0, -102.0, -160.0, -148.0, -214.0, -204.0, -290.0, -300.0, -288.0], "WindowWidth": [6406.0, 6426.0, 6510.0, 6484.0, 6546.0, 6590.0, 6542.0, 6628.0, 6602.0, 6508.0, 6542.0, 6650.0, 6650.0, 6570.0, 6448.0, 6370.0, 6290.0, 6268.0, 6202.0, 6184.0, 6136.0, 6058.0, 6020.0, 5908.0, 5776.0, 5692.0, 5608.0, 5594.0, 5510.0, 5532.0, 5494.0, 5390.0, 5198.0, 5268.0, 5318.0, 5366.0, 5138.0, 5316.0, 5172.0, 5374.0, 5416.0, 5340.0, 5288.0, 4646.0, 5340.0, 5412.0, 5488.0, 5468.0, 5434.0, 5500.0, 5462.0, 5520.0, 5536.0, 5554.0, 5650.0, 5682.0, 5702.0, 5734.0, 5784.0, 5794.0, 5870.0, 5882.0, 5960.0, 5952.0, 6062.0, 6106.0, 6136.0, 6164.0, 6216.0, 6270.0, 6260.0, 6260.0]}}, "IntendedFor": ["ses-1/func/sub-36_ses-1_task-motor_run-06_bold.nii.gz", "ses-1/func/sub-36_ses-1_task-motor_run-02_bold.nii.gz", "ses-1/func/sub-36_ses-1_task-motor_run-04_bold.nii.gz", "ses-1/func/sub-36_ses-1_task-motor_run-01_bold.nii.gz", "ses-1/func/sub-36_ses-1_task-motor_run-05_bold.nii.gz", "ses-1/func/sub-36_ses-1_task-motor_run-03_bold.nii.gz"]}