{"AcquisitionMatrixPE": 100, "AcquisitionNumber": 1, "AcquisitionTime": "10:41:7.640000", "BaseResolution": 100, "BodyPartExamined": "BRAIN", "ConsistencyInfo": "N4_VE11C_LATEST_20160120", "ConversionSoftware": "dcm2niix", "ConversionSoftwareVersion": "v1.0.20180622 GCC4.9.2", "DeviceSerialNumber": "166078", "DwellTime": 8.8e-06, "EchoNumber": 2, "EchoTime": 0.00738, "EchoTime1": 0.00492, "EchoTime2": 0.00738, "FlipAngle": 60, "ImageOrientationPatientDICOM": [0.999784, 0.00310585, 0.0205322, 1.35225e-10, 0.988752, -0.149566], "ImageType": ["ORIGINAL", "PRIMARY", "P", "ND"], "InPlanePhaseEncodingDirectionDICOM": "ROW", "InstitutionAddress": "Street_StreetNo_Bei_Jing_District_CN_ZIP", "InstitutionName": "BeiJing_Normal_University", "InstitutionalDepartmentName": "Department", "MRAcquisitionType": "2D", "MagneticFieldStrength": 3, "Manufacturer": "Siemens", "ManufacturersModelName": "Prisma", "Modality": "MR", "PartialFourier": 1, "PatientPosition": "HFS", "PercentPhaseFOV": 100, "PhaseEncodingDirection": "i", "PhaseEncodingSteps": 100, "PhaseResolution": 1, "PixelBandwidth": 570, "ProcedureStepDescription": "BNU_P2018_64CH_Liu.Jia", "ProtocolName": "field_mapping_2x2x2", "PulseSequenceDetails": "%SiemensSeq%_gre_field_mapping", "ReceiveCoilActiveElements": "HC1-7;NC1", "ReceiveCoilName": "HeadNeck_64", "ReconMatrixPE": 100, "RepetitionTime": 0.72, "SAR": 0.125679, "ScanningSequence": "GR", "SequenceName": "_fm2d2r", "SequenceVariant": "SP", "SeriesDescription": "field_mapping_2x2x2", "SeriesNumber": 7, "ShimSetting": [-5455, -11487, -1246, 352, -15, -113, -193, 87], "SliceThickness": 2, "SoftwareVersions": "syngo_MR_E11", "SpacingBetweenSlices": 2, "StationName": "AWP166078", "TxRefAmp": 209.348, "dcmmeta_affine": [[-1.9995687007904053, 2.7044999573178075e-10, 0.04153156280517578, 99.93098449707031], [-0.006211700849235058, 1.9775036573410034, -0.29906654357910156, -86.86141204833984], [0.04106447473168373, 0.2991310954093933, 1.9770736694335938, -73.86585235595703], [0.0, 0.0, 0.0, 1.0]], "dcmmeta_reorient_transform": [[0.0, -1.0, 0.0, 99.0], [1.0, 0.0, 0.0, 0.0], [0.0, 0.0, -1.0, 71.0], [0.0, 0.0, 0.0, 1.0]], "dcmmeta_shape": [100, 100, 72], "dcmmeta_slice_dim": 2, "dcmmeta_version": 0.6, "global": {"const": {"AcquisitionMatrix": [0, 100, 100, 0], "AcquisitionNumber": 1, "AngioFlag": "N", "BitsAllocated": 16, "BitsStored": 12, "BodyPartExamined": "BRAIN", "Columns": 100, "EchoNumbers": 2, "EchoTime": 7.38, "EchoTrainLength": 0, "FlipAngle": 60.0, "HighBit": 11, "ImageOrientationPatient": [0.9997843672051, 0.00310585048079, 0.02053223770294, 1.35225e-10, 0.98875181224904, -0.1495655500917], "ImageType": ["ORIGINAL", "PRIMARY", "P", "ND"], "ImagedNucleus": "1H", "ImagingFrequency": 123.257842, "InPlanePhaseEncodingDirection": "ROW", "MRAcquisitionType": "2D", "MagneticFieldStrength": 3.0, "Manufacturer": "SIEMENS", "ManufacturerModelName": "Prisma", "Modality": "MR", "NumberOfAverages": 1.0, "NumberOfPhaseEncodingSteps": 100, "PercentPhaseFieldOfView": 100.0, "PercentSampling": 100.0, "PerformedProcedureStepStartTime": "101229.817000", "PhotometricInterpretation": "MONOCHROME2", "PixelBandwidth": 570.0, "PixelRepresentation": 0, "PixelSpacing": [2.0, 2.0], "ProtocolName": "field_mapping_2x2x2", "RepetitionTime": 720.0, "RescaleIntercept": -4096.0, "RescaleSlope": 2.0, "RescaleType": "US", "Rows": 100, "SAR": 0.12567891809691, "SamplesPerPixel": 1, "ScanningSequence": "GR", "SequenceName": "*fm2d2r", "SequenceVariant": "SP", "SeriesDescription": "field_mapping_2x2x2", "SeriesNumber": 7, "SeriesTime": "104332.448000", "SliceThickness": 2.0, "SoftwareVersions": "syngo MR E11", "SpacingBetweenSlices": 2.0, "SpecificCharacterSet": "ISO_IR 100", "StudyID": "1", "StudyTime": "101229.741000", "TransmitCoilName": "Body", "VariableFlipAngleFlag": "N", "WindowCenterWidthExplanation": "Algo1", "dBdt": 0.0}, "slices": {"AcquisitionTime": ["104107.640000", "104107.280000", "104107.650000", "104107.290000", "104107.660000", "104107.300000", "104107.670000", "104107.310000", "104107.680000", "104107.320000", "104107.690000", "104107.330000", "104107.700000", "104107.340000", "104107.710000", "104107.350000", "104107.720000", "104107.360000", "104107.730000", "104107.370000", "104107.740000", "104107.380000", "104107.750000", "104107.390000", "104107.760000", "104107.400000", "104107.770000", "104107.410000", "104107.780000", "104107.420000", "104107.790000", "104107.430000", "104107.800000", "104107.440000", "104107.810000", "104107.450000", "104107.820000", "104107.460000", "104107.830000", "104107.470000", "104107.840000", "104107.480000", "104107.850000", "104107.490000", "104107.860000", "104107.500000", "104107.870000", "104107.510000", "104107.880000", "104107.520000", "104107.890000", "104107.530000", "104107.900000", "104107.540000", "104107.910000", "104107.550000", "104107.920000", "104107.560000", "104107.930000", "104107.570000", "104107.940000", "104107.580000", "104107.950000", "104107.590000", "104107.960000", "104107.600000", "104107.970000", "104107.610000", "104107.980000", "104107.620000", "104107.990000", "104107.630000"], "ContentTime": ["104332.524000", "104332.450000", "104332.527000", "104332.453000", "104332.530000", "104332.455000", "104332.532000", "104332.457000", "104332.534000", "104332.459000", "104332.536000", "104332.461000", "104332.538000", "104332.462000", "104332.540000", "104332.464000", "104332.542000", "104332.466000", "104332.544000", "104332.468000", "104332.546000", "104332.470000", "104332.547000", "104332.472000", "104332.549000", "104332.473000", "104332.551000", "104332.476000", "104332.553000", "104332.478000", "104332.555000", "104332.481000", "104332.556000", "104332.483000", "104332.558000", "104332.485000", "104332.561000", "104332.487000", "104332.563000", "104332.489000", "104332.565000", "104332.491000", "104332.567000", "104332.493000", "104332.571000", "104332.495000", "104332.574000", "104332.498000", "104332.578000", "104332.500000", "104332.580000", "104332.502000", "104332.582000", "104332.505000", "104332.584000", "104332.507000", "104332.586000", "104332.509000", "104332.588000", "104332.511000", "104332.590000", "104332.513000", "104332.592000", "104332.515000", "104332.594000", "104332.517000", "104332.595000", "104332.519000", "104332.597000", "104332.520000", "104332.599000", "104332.522000"], "CsaImage.GSWDDataType": ["measured", "predicted", "measured", "predicted", "measured", "predicted", "measured", "predicted", "measured", "predicted", "measured", "predicted", "measured", "predicted", "measured", "predicted", "measured", "predicted", "measured", "predicted", "measured", "predicted", "measured", "predicted", "measured", "predicted", "measured", "predicted", "measured", "predicted", "measured", "predicted", "measured", "predicted", "measured", "predicted", "measured", "predicted", "measured", "predicted", "measured", "predicted", "measured", "predicted", "measured", "predicted", "measured", "predicted", "measured", "predicted", "measured", "predicted", "measured", "predicted", "measured", "predicted", "measured", "predicted", "measured", "measured", "measured", "measured", "measured", "measured", "measured", "measured", "measured", "measured", "measured", "measured", "measured", "measured"], "CsaImage.ICE_Dims": ["X_2_1_1_1_1_1_37_1_1_1_1_53", "X_2_1_1_1_1_1_1_1_1_2_1_53", "X_2_1_1_1_1_1_38_1_1_3_1_53", "X_2_1_1_1_1_1_2_1_1_4_1_53", "X_2_1_1_1_1_1_39_1_1_5_1_53", "X_2_1_1_1_1_1_3_1_1_6_1_53", "X_2_1_1_1_1_1_40_1_1_7_1_53", "X_2_1_1_1_1_1_4_1_1_8_1_53", "X_2_1_1_1_1_1_41_1_1_9_1_53", "X_2_1_1_1_1_1_5_1_1_10_1_53", "X_2_1_1_1_1_1_42_1_1_11_1_53", "X_2_1_1_1_1_1_6_1_1_12_1_53", "X_2_1_1_1_1_1_43_1_1_13_1_53", "X_2_1_1_1_1_1_7_1_1_14_1_53", "X_2_1_1_1_1_1_44_1_1_15_1_53", "X_2_1_1_1_1_1_8_1_1_16_1_53", "X_2_1_1_1_1_1_45_1_1_17_1_53", "X_2_1_1_1_1_1_9_1_1_18_1_53", "X_2_1_1_1_1_1_46_1_1_19_1_53", "X_2_1_1_1_1_1_10_1_1_20_1_53", "X_2_1_1_1_1_1_47_1_1_21_1_53", "X_2_1_1_1_1_1_11_1_1_22_1_53", "X_2_1_1_1_1_1_48_1_1_23_1_53", "X_2_1_1_1_1_1_12_1_1_24_1_53", "X_2_1_1_1_1_1_49_1_1_25_1_53", "X_2_1_1_1_1_1_13_1_1_26_1_53", "X_2_1_1_1_1_1_50_1_1_27_1_53", "X_2_1_1_1_1_1_14_1_1_28_1_53", "X_2_1_1_1_1_1_51_1_1_29_1_53", "X_2_1_1_1_1_1_15_1_1_30_1_53", "X_2_1_1_1_1_1_52_1_1_31_1_53", "X_2_1_1_1_1_1_16_1_1_32_1_53", "X_2_1_1_1_1_1_53_1_1_33_1_53", "X_2_1_1_1_1_1_17_1_1_34_1_53", "X_2_1_1_1_1_1_54_1_1_35_1_53", "X_2_1_1_1_1_1_18_1_1_36_1_53", "X_2_1_1_1_1_1_55_1_1_37_1_53", "X_2_1_1_1_1_1_19_1_1_38_1_53", "X_2_1_1_1_1_1_56_1_1_39_1_53", "X_2_1_1_1_1_1_20_1_1_40_1_53", "X_2_1_1_1_1_1_57_1_1_41_1_53", "X_2_1_1_1_1_1_21_1_1_42_1_53", "X_2_1_1_1_1_1_58_1_1_43_1_53", "X_2_1_1_1_1_1_22_1_1_44_1_53", "X_2_1_1_1_1_1_59_1_1_45_1_53", "X_2_1_1_1_1_1_23_1_1_46_1_53", "X_2_1_1_1_1_1_60_1_1_47_1_53", "X_2_1_1_1_1_1_24_1_1_48_1_53", "X_2_1_1_1_1_1_61_1_1_49_1_53", "X_2_1_1_1_1_1_25_1_1_50_1_53", "X_2_1_1_1_1_1_62_1_1_51_1_53", "X_2_1_1_1_1_1_26_1_1_52_1_53", "X_2_1_1_1_1_1_63_1_1_53_1_53", "X_2_1_1_1_1_1_27_1_1_54_1_53", "X_2_1_1_1_1_1_64_1_1_55_1_53", "X_2_1_1_1_1_1_28_1_1_56_1_53", "X_2_1_1_1_1_1_65_1_1_57_1_53", "X_2_1_1_1_1_1_29_1_1_58_1_53", "X_2_1_1_1_1_1_66_1_1_59_1_53", "X_2_1_1_1_1_1_30_1_1_60_1_53", "X_2_1_1_1_1_1_67_1_1_61_1_53", "X_2_1_1_1_1_1_31_1_1_62_1_53", "X_2_1_1_1_1_1_68_1_1_63_1_53", "X_2_1_1_1_1_1_32_1_1_64_1_53", "X_2_1_1_1_1_1_69_1_1_65_1_53", "X_2_1_1_1_1_1_33_1_1_66_1_53", "X_2_1_1_1_1_1_70_1_1_67_1_53", "X_2_1_1_1_1_1_34_1_1_68_1_53", "X_2_1_1_1_1_1_71_1_1_69_1_53", "X_2_1_1_1_1_1_35_1_1_70_1_53", "X_2_1_1_1_1_1_72_1_1_71_1_53", "X_2_1_1_1_1_1_36_1_1_72_1_53"], "CsaImage.ProtocolSliceNumber": [0, 1, 2, 3, 4, 5, 6, 7, 8, 9, 10, 11, 12, 13, 14, 15, 16, 17, 18, 19, 20, 21, 22, 23, 24, 25, 26, 27, 28, 29, 30, 31, 32, 33, 34, 35, 36, 37, 38, 39, 40, 41, 42, 43, 44, 45, 46, 47, 48, 49, 50, 51, 52, 53, 54, 55, 56, 57, 58, 59, 60, 61, 62, 63, 64, 65, 66, 67, 68, 69, 70, 71], "CsaImage.RFSWDDataType": ["measured", "predicted", "measured", "predicted", "measured", "predicted", "measured", "predicted", "measured", "predicted", "measured", "predicted", "measured", "predicted", "measured", "predicted", "measured", "predicted", "measured", "predicted", "measured", "predicted", "measured", "predicted", "measured", "predicted", "measured", "predicted", "measured", "predicted", "measured", "predicted", "measured", "predicted", "measured", "predicted", "measured", "predicted", "measured", "predicted", "measured", "predicted", "measured", "predicted", "measured", "predicted", "measured", "predicted", "measured", "predicted", "measured", "predicted", "measured", "predicted", "measured", "predicted", "measured", "measured", "measured", "measured", "measured", "measured", "measured", "measured", "measured", "measured", "measured", "measured", "measured", "measured", "measured", "measured"], "CsaImage.SlicePosition_PCS": [[-99.93097749, -108.91144662, -44.25212149], [-99.97250912, -108.61238008, -42.27504401], [-100.01404075, -108.31331354, -40.29797034], [-100.05557238, -108.01424699, -38.32089285], [-100.09710401, -107.71518045, -36.34381537], [-100.13863563, -107.41611391, -34.36673788], [-100.18016727, -107.11704736, -32.3896604], [-100.22169889, -106.81798082, -30.41258292], [-100.26323053, -106.5189138, -28.43550543], [-100.30476215, -106.21984726, -26.45842795], [-100.34629377, -105.92078071, -24.48135046], [-100.38782543, -105.62171417, -22.50427298], [-100.42935705, -105.32264762, -20.52719549], [-100.47088867, -105.02358108, -18.55011992], [-100.51242032, -104.72451454, -16.57304243], [-100.55395194, -104.42544799, -14.59596495], [-100.59548357, -104.12638145, -12.61888747], [-100.63701519, -103.82731491, -10.64180998], [-100.67854681, -103.52824836, -8.6647325], [-100.72007843, -103.22918134, -6.68765692], [-100.76161006, -102.93011504, -4.71057944], [-100.80314168, -102.63104849, -2.73350195], [-100.84467336, -102.33198171, -0.75642447], [-100.88620498, -102.03291517, 1.22065302], [-100.92773661, -101.73384862, 3.19772955], [-100.96926823, -101.43478208, 5.17480703], [-101.01079991, -101.13571542, 7.15188451], [-101.05233147, -100.83664887, 9.12896176], [-101.09386316, -100.53758221, 11.10603889], [-101.13539472, -100.23851567, 13.08311607], [-101.1769264, -99.93944907, 15.06019326], [-101.21845796, -99.64038249, 17.03727051], [-101.25998964, -99.34131592, 19.01434751], [-101.30152121, -99.04224933, 20.991425], [-101.34305289, -98.74318274, 22.96850248], [-101.38458457, -98.44411617, 24.94557901], [-101.42611613, -98.14504962, 26.9226565], [-101.46764782, -97.84598296, 28.89973398], [-101.50917938, -97.54691642, 30.87681146], [-101.55071106, -97.24784976, 32.85388895], [-101.59224262, -96.94878321, 34.83096452], [-101.63377431, -96.64971667, 36.80804201], [-101.67530587, -96.35065012, 38.78511949], [-101.71683755, -96.05158334, 40.76219698], [-101.75836923, -95.7525168, 42.73927446], [-101.7999008, -95.45345026, 44.71635195], [-101.84143248, -95.15438371, 46.69342752], [-101.88296404, -94.85531717, 48.67050501], [-101.92449572, -94.55625063, 50.64758249], [-101.96602729, -94.25718408, 52.62465997], [-102.00755885, -93.95811754, 54.60173746], [-102.04909065, -93.65905099, 56.57881494], [-102.09062221, -93.35998397, 58.55589243], [-102.13215378, -93.06091743, 60.53296991], [-102.17368558, -92.76185089, 62.51004739], [-102.21521714, -92.46278434, 64.48712488], [-102.2567487, -92.1637178, 66.46420236], [-102.29828026, -91.86465126, 68.44127985], [-102.33981207, -91.56558471, 70.41835352], [-102.38134363, -91.26651817, 72.395431], [-102.42287519, -90.96745115, 74.37250848], [-102.46440699, -90.6683846, 76.34958597], [-102.50593856, -90.36931806, 78.32666345], [-102.54747012, -90.07025152, 80.30374475], [-102.58900168, -89.77118497, 82.28081842], [-102.63053348, -89.47211843, 84.25789209], [-102.67206505, -89.17305189, 86.23497339], [-102.71359661, -88.87398534, 88.21204706], [-102.75512817, -88.5749188, 90.18912836], [-102.79665997, -88.27585226, 92.16620203], [-102.83819153, -87.97678571, 94.14328333], [-102.8797231, -87.67771917, 96.120357]], "CsaImage.TimeAfterStart": [1.0825, 0.7225, 1.0925, 0.7325, 1.1025, 0.7425, 1.1125, 0.7525, 1.1225, 0.7625, 1.1325, 0.7725, 1.1425, 0.7825, 1.1525, 0.7925, 1.1625, 0.8025, 1.1725, 0.8125, 1.1825, 0.8225, 1.1925, 0.8325, 1.2025, 0.8425, 1.2125, 0.8525, 1.2225, 0.8625, 1.2325, 0.8725, 1.2425, 0.8825, 1.2525, 0.8925, 1.2625, 0.9025, 1.2725, 0.9125, 1.2825, 0.9225, 1.2925, 0.9325, 1.3025, 0.9425, 1.3125, 0.9525, 1.3225, 0.9625, 1.3325, 0.9725, 1.3425, 0.9825, 1.3525, 0.9925, 1.3625, 1.0025, 1.3725, 1.0125, 1.3825, 1.0225, 1.3925, 1.0325, 1.4025, 1.0425, 1.4125, 1.0525, 1.4225, 1.0625, 1.4325, 1.0725], "ImagePositionPatient": [[-99.930977489304, -108.91144662424, -44.252121489396], [-99.972509118699, -108.61238008066, -42.275044005265], [-100.01404074903, -108.31331353708, -40.297970335832], [-100.05557237889, -108.0142469935, -38.320892851701], [-100.09710400875, -107.71518044992, -36.34381536757], [-100.13863563116, -107.41611390635, -34.366737883439], [-100.18016726847, -107.11704736277, -32.389660399308], [-100.22169889088, -106.81798081919, -30.412582915178], [-100.26323052819, -106.51891379877, -28.435505431047], [-100.3047621506, -106.21984725519, -26.458427946916], [-100.34629377301, -105.92078071161, -24.481350462785], [-100.38782542522, -105.62171416803, -22.504272978654], [-100.42935704763, -105.32264762445, -20.527195494523], [-100.47088867004, -105.02358108088, -18.550119917741], [-100.51242032225, -104.7245145373, -16.57304243361], [-100.55395194466, -104.42544799372, -14.595964949479], [-100.59548356707, -104.12638145014, -12.618887465348], [-100.63701518948, -103.82731490656, -10.641809981218], [-100.67854681189, -103.52824836298, -8.6647324970867], [-100.7200784343, -103.22918134256, -6.6876569203045], [-100.76161005671, -102.9301150374, -4.7105794361736], [-100.80314167912, -102.63104849382, -2.7335019520428], [-100.84467336113, -102.33198171183, -0.7564244679119], [-100.88620498354, -102.03291516825, 1.220653016219], [-100.92773660595, -101.73384862467, 3.1977295466755], [-100.96926822836, -101.43478208109, 5.1748070308064], [-101.01079991038, -101.1357154183, 7.1518845149372], [-101.05233147318, -100.83664887472, 9.1289617606495], [-101.0938631552, -100.53758221193, 11.106038887152], [-101.135394718, -100.23851566835, 13.08311607326], [-101.17692640002, -99.93944906517, 15.060193259368], [-101.21845796282, -99.640382491789, 17.03727050508], [-101.25998964484, -99.341315918407, 19.014347512374], [-101.30152120764, -99.042249330124, 20.991424996505], [-101.34305288966, -98.743182741842, 22.968502480635], [-101.38458457167, -98.44411616846, 24.945579011092], [-101.42611613448, -98.145049624881, 26.922656495223], [-101.46764781649, -97.845982962093, 28.899733979354], [-101.5091793793, -97.546916418514, 30.876811463485], [-101.55071106131, -97.247849755726, 32.853888947615], [-101.59224262412, -96.948783212146, 34.830964524398], [-101.63377430613, -96.649716668567, 36.808042008529], [-101.67530586894, -96.350650124988, 38.785119492659], [-101.71683755095, -96.051583342991, 40.76219697679], [-101.75836923296, -95.752516799411, 42.739274460921], [-101.79990079577, -95.453450255832, 44.716351945052], [-101.84143247778, -95.154383712253, 46.693427521834], [-101.88296404059, -94.855317168674, 48.670505005965], [-101.9244957226, -94.556250625095, 50.647582490096], [-101.96602728541, -94.257184081516, 52.624659974227], [-102.00755884821, -93.958117537937, 54.601737458358], [-102.04909064944, -93.659050994358, 56.578814942488], [-102.09062221224, -93.359983973941, 58.555892426619], [-102.13215377505, -93.060917430362, 60.53296991075], [-102.17368557627, -92.761850886783, 62.510047394881], [-102.21521713908, -92.462784343204, 64.487124879012], [-102.25674870188, -92.163717799625, 66.464202363143], [-102.29828026469, -91.864651256046, 68.441279847274], [-102.33981206591, -91.565584712467, 70.418353516707], [-102.38134362872, -91.266518168888, 72.395431000838], [-102.42287519152, -90.967451148471, 74.372508484969], [-102.46440699275, -90.668384604892, 76.3495859691], [-102.50593855555, -90.369318061313, 78.326663453231], [-102.54747011836, -90.070251517734, 80.303744752059], [-102.58900168116, -89.771184974155, 82.280818421492], [-102.63053348238, -89.472118430576, 84.257892090926], [-102.67206504519, -89.173051886997, 86.234973389754], [-102.71359660799, -88.873985343418, 88.212047059188], [-102.7551281708, -88.574918799839, 90.189128358016], [-102.79665997202, -88.27585225626, 92.166202027449], [-102.83819153483, -87.97678571268, 94.143283326278], [-102.87972309763, -87.677719169101, 96.120356995711]], "InstanceCreationTime": ["104332.524000", "104332.450000", "104332.527000", "104332.453000", "104332.530000", "104332.455000", "104332.532000", "104332.457000", "104332.534000", "104332.459000", "104332.536000", "104332.461000", "104332.538000", "104332.462000", "104332.540000", "104332.464000", "104332.542000", "104332.466000", "104332.544000", "104332.468000", "104332.546000", "104332.470000", "104332.547000", "104332.472000", "104332.549000", "104332.473000", "104332.551000", "104332.476000", "104332.553000", "104332.478000", "104332.555000", "104332.481000", "104332.556000", "104332.483000", "104332.558000", "104332.485000", "104332.561000", "104332.487000", "104332.563000", "104332.489000", "104332.565000", "104332.491000", "104332.567000", "104332.493000", "104332.571000", "104332.495000", "104332.574000", "104332.498000", "104332.578000", "104332.500000", "104332.580000", "104332.502000", "104332.582000", "104332.505000", "104332.584000", "104332.507000", "104332.586000", "104332.509000", "104332.588000", "104332.511000", "104332.590000", "104332.513000", "104332.592000", "104332.515000", "104332.594000", "104332.517000", "104332.595000", "104332.519000", "104332.597000", "104332.520000", "104332.599000", "104332.522000"], "InstanceNumber": [1, 2, 3, 4, 5, 6, 7, 8, 9, 10, 11, 12, 13, 14, 15, 16, 17, 18, 19, 20, 21, 22, 23, 24, 25, 26, 27, 28, 29, 30, 31, 32, 33, 34, 35, 36, 37, 38, 39, 40, 41, 42, 43, 44, 45, 46, 47, 48, 49, 50, 51, 52, 53, 54, 55, 56, 57, 58, 59, 60, 61, 62, 63, 64, 65, 66, 67, 68, 69, 70, 71, 72], "LargestImagePixelValue": [4095, 4095, 4095, 4095, 4095, 4094, 4094, 4094, 4093, 4090, 4095, 4094, 4094, 4095, 4095, 4093, 4094, 4093, 4092, 4095, 4093, 4092, 4093, 4095, 4094, 4094, 4094, 4095, 4095, 4092, 4094, 4085, 4090, 4095, 4087, 4095, 4084, 4091, 4094, 4092, 4089, 4094, 4094, 4093, 4091, 4094, 4094, 4091, 4093, 4088, 4094, 4095, 4094, 4095, 4095, 4095, 4094, 4093, 4094, 4093, 4094, 4093, 4095, 4094, 4095, 4095, 4093, 4093, 4094, 4095, 4095, 4095], "SliceLocation": [-57.955670100725, -55.955669837729, -53.955673345689, -51.955673082683, -49.955672819677, -47.955672556825, -45.955672293664, -43.955672030813, -41.955671696349, -39.955671433498, -37.955671170647, -35.955670907176, -33.955670644325, -31.955672266961, -29.955672003491, -27.95567174064, -25.955671477788, -23.955671214937, -21.955670952086, -19.955672503419, -17.955672276219, -15.955672013368, -13.955671713627, -11.955671450776, -9.9556721306683, -7.9556718678169, -5.955671585902, -3.9556715599744, -1.9556716315885, 0.04432833541771, 2.0443283138122, 4.0443283441963, 6.0443281413699, 8.0443284096682, 10.044328680442, 12.044328006244, 14.044328267857, 16.044328549772, 18.044328811386, 20.044329093301, 22.044327469427, 24.044327733516, 26.044327995129, 28.04432829487, 30.044328558959, 32.044328820573, 34.044327199174, 36.044327460788, 38.044327724877, 40.04432798649, 42.044328248104, 44.044328514669, 46.044328847585, 48.044329109199, 50.044329375763, 52.044329637377, 54.044329898991, 56.044330160604, 58.044326656193, 60.044326917807, 62.044327250724, 64.044327517288, 66.044327778902, 68.044331811491, 70.044328302129, 72.044324797718, 74.044328830307, 76.044325320945, 78.044329353535, 80.044325849124, 82.044329881713, 84.044326372351], "SmallestImagePixelValue": [0, 0, 0, 0, 0, 0, 0, 1, 0, 0, 0, 0, 3, 0, 1, 0, 0, 0, 5, 6, 0, 0, 0, 0, 3, 1, 3, 3, 3, 0, 4, 0, 0, 4, 1, 7, 5, 0, 0, 0, 0, 2, 0, 0, 1, 0, 2, 0, 2, 0, 0, 0, 1, 2, 0, 0, 0, 0, 0, 2, 0, 0, 0, 0, 0, 0, 0, 0, 0, 0, 0, 0], "WindowCenter": [-226.0, -232.0, -230.0, -224.0, -194.0, -194.0, -198.0, -190.0, -128.0, -138.0, -134.0, -82.0, -76.0, -182.0, -240.0, -296.0, -302.0, -252.0, -264.0, -236.0, -240.0, -278.0, -302.0, -256.0, -214.0, -178.0, -124.0, -238.0, -138.0, -138.0, -138.0, -250.0, -124.0, -108.0, -144.0, -122.0, -236.0, -108.0, -240.0, -250.0, -98.0, -62.0, -200.0, -50.0, -130.0, -206.0, -106.0, -64.0, -200.0, -218.0, -238.0, -100.0, -112.0, -82.0, -90.0, -46.0, -88.0, -76.0, -86.0, -108.0, -150.0, -106.0, -110.0, -140.0, -172.0, -232.0, -234.0, -286.0, -290.0, -366.0, -354.0, -370.0], "WindowWidth": [6318.0, 6276.0, 6292.0, 6226.0, 6256.0, 6254.0, 6286.0, 6326.0, 6300.0, 6284.0, 6330.0, 6378.0, 6432.0, 6364.0, 6254.0, 6148.0, 6108.0, 5992.0, 5860.0, 5750.0, 5516.0, 5364.0, 5460.0, 5470.0, 5496.0, 5506.0, 5366.0, 4620.0, 5012.0, 5046.0, 5052.0, 4634.0, 5300.0, 5310.0, 5064.0, 5164.0, 4610.0, 5146.0, 4608.0, 4622.0, 5226.0, 5212.0, 4594.0, 5226.0, 4848.0, 4612.0, 4950.0, 5184.0, 4616.0, 4634.0, 4646.0, 5342.0, 5256.0, 5456.0, 5356.0, 5566.0, 5434.0, 5544.0, 5644.0, 5706.0, 5724.0, 5898.0, 5958.0, 6024.0, 6050.0, 6130.0, 6078.0, 6190.0, 6270.0, 6252.0, 6364.0, 6368.0]}}, "IntendedFor": ["ses-1/func/sub-55_ses-1_task-motor_run-02_bold.nii.gz", "ses-1/func/sub-55_ses-1_task-motor_run-04_bold.nii.gz", "ses-1/func/sub-55_ses-1_task-motor_run-03_bold.nii.gz", "ses-1/func/sub-55_ses-1_task-motor_run-06_bold.nii.gz", "ses-1/func/sub-55_ses-1_task-motor_run-05_bold.nii.gz", "ses-1/func/sub-55_ses-1_task-motor_run-01_bold.nii.gz"]}