{"AcquisitionMatrixPE": 100, "AcquisitionNumber": 1, "AcquisitionTime": "09:32:32.015000", "BaseResolution": 100, "BodyPartExamined": "BRAIN", "ConsistencyInfo": "N4_VE11C_LATEST_20160120", "ConversionSoftware": "dcm2niix", "ConversionSoftwareVersion": "v1.0.20180622 GCC4.9.2", "DeviceSerialNumber": "166078", "DwellTime": 8.8e-06, "EchoNumber": 2, "EchoTime": 0.00738, "EchoTime1": 0.00492, "EchoTime2": 0.00738, "FlipAngle": 60, "ImageOrientationPatientDICOM": [1, 0, 0, 0, 0.999976, -0.00698126], "ImageType": ["ORIGINAL", "PRIMARY", "P", "ND"], "InPlanePhaseEncodingDirectionDICOM": "ROW", "InstitutionAddress": "Street_StreetNo_Bei_Jing_District_CN_ZIP", "InstitutionName": "BeiJing_Normal_University", "InstitutionalDepartmentName": "Department", "MRAcquisitionType": "2D", "MagneticFieldStrength": 3, "Manufacturer": "Siemens", "ManufacturersModelName": "Prisma", "Modality": "MR", "PartialFourier": 1, "PatientPosition": "HFS", "PercentPhaseFOV": 100, "PhaseEncodingDirection": "i", "PhaseEncodingSteps": 100, "PhaseResolution": 1, "PixelBandwidth": 570, "ProcedureStepDescription": "BNU_P2018_64CH_Liu.Jia", "ProtocolName": "field_mapping_2x2x2", "PulseSequenceDetails": "%SiemensSeq%_gre_field_mapping", "ReceiveCoilActiveElements": "HC1-7;NC1", "ReceiveCoilName": "HeadNeck_64", "ReconMatrixPE": 100, "RepetitionTime": 0.72, "SAR": 0.106131, "ScanningSequence": "GR", "SequenceName": "_fm2d2r", "SequenceVariant": "SP", "SeriesDescription": "field_mapping_2x2x2", "SeriesNumber": 8, "ShimSetting": [-5460, -11512, -1260, 286, 24, -282, -117, 75], "SliceThickness": 2, "SoftwareVersions": "syngo_MR_E11", "SpacingBetweenSlices": 2, "StationName": "AWP166078", "TxRefAmp": 209.591, "dcmmeta_affine": [[-2.0, 0.0, 0.0, 99.32530212402344], [0.0, 1.9999512434005737, -0.013962507247924805, -98.95254516601562], [0.0, 0.01396252028644085, 1.9999542236328125, -50.092281341552734], [0.0, 0.0, 0.0, 1.0]], "dcmmeta_reorient_transform": [[0.0, -1.0, 0.0, 99.0], [1.0, 0.0, 0.0, 0.0], [0.0, 0.0, -1.0, 71.0], [0.0, 0.0, 0.0, 1.0]], "dcmmeta_shape": [100, 100, 72], "dcmmeta_slice_dim": 2, "dcmmeta_version": 0.6, "global": {"const": {"AcquisitionMatrix": [0, 100, 100, 0], "AcquisitionNumber": 1, "AngioFlag": "N", "BitsAllocated": 16, "BitsStored": 12, "BodyPartExamined": "BRAIN", "Columns": 100, "EchoNumbers": 2, "EchoTime": 7.38, "EchoTrainLength": 0, "FlipAngle": 60.0, "HighBit": 11, "ImageOrientationPatient": [1.0, 0.0, 0.0, 0.0, 0.99997563070494, -0.0069812603631], "ImageType": ["ORIGINAL", "PRIMARY", "P", "ND"], "ImagedNucleus": "1H", "ImagingFrequency": 123.257796, "InPlanePhaseEncodingDirection": "ROW", "MRAcquisitionType": "2D", "MagneticFieldStrength": 3.0, "Manufacturer": "SIEMENS", "ManufacturerModelName": "Prisma", "Modality": "MR", "NumberOfAverages": 1.0, "NumberOfPhaseEncodingSteps": 100, "PercentPhaseFieldOfView": 100.0, "PercentSampling": 100.0, "PerformedProcedureStepStartTime": "090107.724000", "PhotometricInterpretation": "MONOCHROME2", "PixelBandwidth": 570.0, "PixelRepresentation": 0, "PixelSpacing": [2.0, 2.0], "ProtocolName": "field_mapping_2x2x2", "RepetitionTime": 720.0, "RescaleIntercept": -4096.0, "RescaleSlope": 2.0, "RescaleType": "US", "Rows": 100, "SAR": 0.10613118916495, "SamplesPerPixel": 1, "ScanningSequence": "GR", "SequenceName": "*fm2d2r", "SequenceVariant": "SP", "SeriesDescription": "field_mapping_2x2x2", "SeriesNumber": 8, "SeriesTime": "093456.976000", "SliceThickness": 2.0, "SoftwareVersions": "syngo MR E11", "SpacingBetweenSlices": 2.0, "SpecificCharacterSet": "ISO_IR 100", "StudyID": "1", "StudyTime": "090107.544000", "TransmitCoilName": "Body", "VariableFlipAngleFlag": "N", "WindowCenterWidthExplanation": "Algo1", "dBdt": 0.0}, "slices": {"AcquisitionTime": ["093232.015000", "093231.655000", "093232.025000", "093231.665000", "093232.035000", "093231.675000", "093232.045000", "093231.685000", "093232.055000", "093231.695000", "093232.065000", "093231.705000", "093232.075000", "093231.715000", "093232.085000", "093231.725000", "093232.095000", "093231.735000", "093232.105000", "093231.745000", "093232.115000", "093231.755000", "093232.125000", "093231.765000", "093232.135000", "093231.775000", "093232.145000", "093231.785000", "093232.155000", "093231.795000", "093232.165000", "093231.805000", "093232.175000", "093231.815000", "093232.185000", "093231.825000", "093232.195000", "093231.835000", "093232.205000", "093231.845000", "093232.215000", "093231.855000", "093232.225000", "093231.865000", "093232.235000", "093231.875000", "093232.245000", "093231.885000", "093232.255000", "093231.895000", "093232.265000", "093231.905000", "093232.275000", "093231.915000", "093232.285000", "093231.925000", "093232.295000", "093231.935000", "093232.305000", "093231.945000", "093232.315000", "093231.955000", "093232.325000", "093231.965000", "093232.335000", "093231.975000", "093232.345000", "093231.985000", "093232.355000", "093231.995000", "093232.365000", "093232.005000"], "ContentTime": ["093457.052000", "093456.978000", "093457.054000", "093456.980000", "093457.056000", "093456.982000", "093457.058000", "093456.984000", "093457.060000", "093456.986000", "093457.062000", "093456.988000", "093457.064000", "093456.989000", "093457.067000", "093456.991000", "093457.069000", "093456.993000", "093457.071000", "093456.995000", "093457.073000", "093456.997000", "093457.074000", "093457.000000", "093457.076000", "093457.002000", "093457.079000", "093457.003000", "093457.081000", "093457.005000", "093457.086000", "093457.014000", "093457.088000", "093457.016000", "093457.090000", "093457.018000", "093457.092000", "093457.020000", "093457.094000", "093457.021000", "093457.096000", "093457.023000", "093457.098000", "093457.025000", "093457.100000", "093457.027000", "093457.102000", "093457.029000", "093457.104000", "093457.031000", "093457.106000", "093457.032000", "093457.108000", "093457.034000", "093457.110000", "093457.036000", "093457.112000", "093457.038000", "093457.114000", "093457.040000", "093457.115000", "093457.041000", "093457.117000", "093457.043000", "093457.119000", "093457.045000", "093457.121000", "093457.047000", "093457.123000", "093457.049000", "093457.125000", "093457.051000"], "CsaImage.GSWDDataType": ["measured", "predicted", "measured", "predicted", "measured", "predicted", "measured", "predicted", "measured", "predicted", "measured", "predicted", "measured", "predicted", "measured", "predicted", "measured", "predicted", "measured", "predicted", "measured", "predicted", "measured", "predicted", "measured", "predicted", "measured", "predicted", "measured", "predicted", "measured", "predicted", "measured", "predicted", "measured", "predicted", "measured", "predicted", "measured", "predicted", "measured", "predicted", "measured", "predicted", "measured", "predicted", "measured", "predicted", "measured", "predicted", "measured", "predicted", "measured", "predicted", "measured", "predicted", "measured", "predicted", "measured", "predicted", "measured", "predicted", "measured", "predicted", "measured", "predicted", "measured", "predicted", "measured", "predicted", "measured", "measured"], "CsaImage.ICE_Dims": ["X_2_1_1_1_1_1_37_1_1_1_1_28", "X_2_1_1_1_1_1_1_1_1_2_1_28", "X_2_1_1_1_1_1_38_1_1_3_1_28", "X_2_1_1_1_1_1_2_1_1_4_1_28", "X_2_1_1_1_1_1_39_1_1_5_1_28", "X_2_1_1_1_1_1_3_1_1_6_1_28", "X_2_1_1_1_1_1_40_1_1_7_1_28", "X_2_1_1_1_1_1_4_1_1_8_1_28", "X_2_1_1_1_1_1_41_1_1_9_1_28", "X_2_1_1_1_1_1_5_1_1_10_1_28", "X_2_1_1_1_1_1_42_1_1_11_1_28", "X_2_1_1_1_1_1_6_1_1_12_1_28", "X_2_1_1_1_1_1_43_1_1_13_1_28", "X_2_1_1_1_1_1_7_1_1_14_1_28", "X_2_1_1_1_1_1_44_1_1_15_1_28", "X_2_1_1_1_1_1_8_1_1_16_1_28", "X_2_1_1_1_1_1_45_1_1_17_1_28", "X_2_1_1_1_1_1_9_1_1_18_1_28", "X_2_1_1_1_1_1_46_1_1_19_1_28", "X_2_1_1_1_1_1_10_1_1_20_1_28", "X_2_1_1_1_1_1_47_1_1_21_1_28", "X_2_1_1_1_1_1_11_1_1_22_1_28", "X_2_1_1_1_1_1_48_1_1_23_1_28", "X_2_1_1_1_1_1_12_1_1_24_1_28", "X_2_1_1_1_1_1_49_1_1_25_1_28", "X_2_1_1_1_1_1_13_1_1_26_1_28", "X_2_1_1_1_1_1_50_1_1_27_1_28", "X_2_1_1_1_1_1_14_1_1_28_1_28", "X_2_1_1_1_1_1_51_1_1_29_1_28", "X_2_1_1_1_1_1_15_1_1_30_1_28", "X_2_1_1_1_1_1_52_1_1_31_1_28", "X_2_1_1_1_1_1_16_1_1_32_1_28", "X_2_1_1_1_1_1_53_1_1_33_1_28", "X_2_1_1_1_1_1_17_1_1_34_1_28", "X_2_1_1_1_1_1_54_1_1_35_1_28", "X_2_1_1_1_1_1_18_1_1_36_1_28", "X_2_1_1_1_1_1_55_1_1_37_1_28", "X_2_1_1_1_1_1_19_1_1_38_1_28", "X_2_1_1_1_1_1_56_1_1_39_1_28", "X_2_1_1_1_1_1_20_1_1_40_1_28", "X_2_1_1_1_1_1_57_1_1_41_1_28", "X_2_1_1_1_1_1_21_1_1_42_1_28", "X_2_1_1_1_1_1_58_1_1_43_1_28", "X_2_1_1_1_1_1_22_1_1_44_1_28", "X_2_1_1_1_1_1_59_1_1_45_1_28", "X_2_1_1_1_1_1_23_1_1_46_1_28", "X_2_1_1_1_1_1_60_1_1_47_1_28", "X_2_1_1_1_1_1_24_1_1_48_1_28", "X_2_1_1_1_1_1_61_1_1_49_1_28", "X_2_1_1_1_1_1_25_1_1_50_1_28", "X_2_1_1_1_1_1_62_1_1_51_1_28", "X_2_1_1_1_1_1_26_1_1_52_1_28", "X_2_1_1_1_1_1_63_1_1_53_1_28", "X_2_1_1_1_1_1_27_1_1_54_1_28", "X_2_1_1_1_1_1_64_1_1_55_1_28", "X_2_1_1_1_1_1_28_1_1_56_1_28", "X_2_1_1_1_1_1_65_1_1_57_1_28", "X_2_1_1_1_1_1_29_1_1_58_1_28", "X_2_1_1_1_1_1_66_1_1_59_1_28", "X_2_1_1_1_1_1_30_1_1_60_1_28", "X_2_1_1_1_1_1_67_1_1_61_1_28", "X_2_1_1_1_1_1_31_1_1_62_1_28", "X_2_1_1_1_1_1_68_1_1_63_1_28", "X_2_1_1_1_1_1_32_1_1_64_1_28", "X_2_1_1_1_1_1_69_1_1_65_1_28", "X_2_1_1_1_1_1_33_1_1_66_1_28", "X_2_1_1_1_1_1_70_1_1_67_1_28", "X_2_1_1_1_1_1_34_1_1_68_1_28", "X_2_1_1_1_1_1_71_1_1_69_1_28", "X_2_1_1_1_1_1_35_1_1_70_1_28", "X_2_1_1_1_1_1_72_1_1_71_1_28", "X_2_1_1_1_1_1_36_1_1_72_1_28"], "CsaImage.ProtocolSliceNumber": [0, 1, 2, 3, 4, 5, 6, 7, 8, 9, 10, 11, 12, 13, 14, 15, 16, 17, 18, 19, 20, 21, 22, 23, 24, 25, 26, 27, 28, 29, 30, 31, 32, 33, 34, 35, 36, 37, 38, 39, 40, 41, 42, 43, 44, 45, 46, 47, 48, 49, 50, 51, 52, 53, 54, 55, 56, 57, 58, 59, 60, 61, 62, 63, 64, 65, 66, 67, 68, 69, 70, 71], "CsaImage.RFSWDDataType": ["measured", "predicted", "measured", "predicted", "measured", "predicted", "measured", "predicted", "measured", "predicted", "measured", "predicted", "measured", "predicted", "measured", "predicted", "measured", "predicted", "measured", "predicted", "measured", "predicted", "measured", "predicted", "measured", "predicted", "measured", "predicted", "measured", "predicted", "measured", "predicted", "measured", "predicted", "measured", "predicted", "measured", "predicted", "measured", "predicted", "measured", "predicted", "measured", "predicted", "measured", "predicted", "measured", "predicted", "measured", "predicted", "measured", "predicted", "measured", "predicted", "measured", "predicted", "measured", "predicted", "measured", "predicted", "measured", "predicted", "measured", "predicted", "measured", "predicted", "measured", "measured", "measured", "measured", "measured", "measured"], "CsaImage.SlicePosition_PCS": [[-99.32530123, -99.04263014, -48.70978336], [-99.32530123, -99.02866764, -46.70982913], [-99.32530123, -99.01470513, -44.70987872], [-99.32530123, -99.00074256, -42.70992832], [-99.32530123, -98.98678011, -40.70997791], [-99.32530123, -98.97281749, -38.7100275], [-99.32530123, -98.95885498, -36.71007327], [-99.32530123, -98.94489247, -34.71012287], [-99.32530123, -98.93092997, -32.71017246], [-99.32530123, -98.91696746, -30.71022014], [-99.32530123, -98.90300495, -28.71026973], [-99.32530123, -98.88904244, -26.71031932], [-99.32530123, -98.87507994, -24.71036701], [-99.32530123, -98.86111743, -22.7104166], [-99.32530123, -98.8471548, -20.71046428], [-99.32530123, -98.8331923, -18.71051387], [-99.32530123, -98.81922979, -16.71056156], [-99.32530123, -98.80526728, -14.71061115], [-99.32530123, -98.79130477, -12.71065978], [-99.32530123, -98.77734227, -10.71070842], [-99.32530123, -98.76337976, -8.71075706], [-99.32530123, -98.74941725, -6.7108057], [-99.32530123, -98.73545474, -4.71085433], [-99.32530123, -98.72149212, -2.71090321], [-99.32530123, -98.70752961, -0.71095197], [-99.32530123, -98.6935671, 1.28899922], [-99.32530123, -98.6796046, 3.2889504], [-99.32530123, -98.66564209, 5.28890153], [-99.32530123, -98.65167958, 7.28885289], [-99.32530123, -98.63771707, 9.28880425], [-99.32530123, -98.62375457, 11.28875561], [-99.32530123, -98.60979206, 13.28870698], [-99.32530123, -98.59582943, 15.28865834], [-99.32530123, -98.58186693, 17.28860875], [-99.32530123, -98.56790442, 19.28856106], [-99.32530123, -98.55394191, 21.28851147], [-99.32530123, -98.5399794, 23.28846379], [-99.32530123, -98.5260169, 25.2884142], [-99.32530123, -98.51205439, 27.28836651], [-99.32530123, -98.49809188, 29.28831692], [-99.32530123, -98.48412938, 31.28826733], [-99.32530123, -98.47016675, 33.28821774], [-99.32530123, -98.45620424, 35.28817197], [-99.32530123, -98.44224173, 37.28812237], [-99.32530123, -98.42827923, 39.28807278], [-99.32530123, -98.41431672, 41.28802319], [-99.32530123, -98.40035421, 43.28797742], [-99.32530123, -98.38639171, 45.28792782], [-99.32530123, -98.3724292, 47.28787823], [-99.32530123, -98.35846669, 49.28782864], [-99.32530123, -98.34450406, 51.28777905], [-99.32530123, -98.33054156, 53.28773328], [-99.32530123, -98.31657905, 55.28768368], [-99.32530123, -98.30261654, 57.28763409], [-99.32530123, -98.28865404, 59.2875845], [-99.32530123, -98.27469153, 61.28753873], [-99.32530123, -98.26072902, 63.28748913], [-99.32530123, -98.24676651, 65.28744336], [-99.32530123, -98.23280401, 67.28738995], [-99.32530123, -98.21884138, 69.28734418], [-99.32530123, -98.20487887, 71.28729077], [-99.32530123, -98.19091637, 73.28724499], [-99.32530123, -98.17695386, 75.28719922], [-99.32530123, -98.16299135, 77.28714581], [-99.32530123, -98.14902884, 79.28710004], [-99.32530123, -98.13506634, 81.28704663], [-99.32530123, -98.12110383, 83.28700085], [-99.32530123, -98.1071412, 85.28695508], [-99.32530123, -98.0931787, 87.28690167], [-99.32530123, -98.07921619, 89.28685589], [-99.32530123, -98.06525368, 91.28680249], [-99.32530123, -98.05129117, 93.28675671]], "CsaImage.TimeAfterStart": [1.0825, 0.7225, 1.0925, 0.7325, 1.1025, 0.7425, 1.1125, 0.7525, 1.1225, 0.7625, 1.1325, 0.7725, 1.1425, 0.7825, 1.1525, 0.7925, 1.1625, 0.8025, 1.1725, 0.8125, 1.1825, 0.8225, 1.1925, 0.8325, 1.2025, 0.8425, 1.2125, 0.8525, 1.2225, 0.8625, 1.2325, 0.8725, 1.2425, 0.8825, 1.2525, 0.8925, 1.2625, 0.9025, 1.2725, 0.9125, 1.2825, 0.9225, 1.2925, 0.9325, 1.3025, 0.9425, 1.3125, 0.9525, 1.3225, 0.9625, 1.3325, 0.9725, 1.3425, 0.9825, 1.3525, 0.9925, 1.3625, 1.0025, 1.3725, 1.0125, 1.3825, 1.0225, 1.3925, 1.0325, 1.4025, 1.0425, 1.4125, 1.0525, 1.4225, 1.0625, 1.4325, 1.0725], "ImagePositionPatient": [[-99.325301229954, -99.042630142409, -48.709783356998], [-99.325301229954, -99.028667635161, -46.709829133365], [-99.325301229954, -99.014705127913, -44.709878724429], [-99.325301229954, -99.00074256106, -42.709928315494], [-99.325301229954, -98.986780113417, -40.709977906558], [-99.325301229954, -98.97281748696, -38.710027497623], [-99.325301229954, -98.958854979712, -36.71007327399], [-99.325301229954, -98.944892472464, -34.710122865054], [-99.325301229954, -98.930929965216, -32.710172456119], [-99.325301229954, -98.916967457968, -30.710220139835], [-99.325301229954, -98.90300495072, -28.710269730899], [-99.325301229954, -98.889042443472, -26.710319321964], [-99.325301229954, -98.875079936224, -24.710367005679], [-99.325301229954, -98.861117428976, -22.710416596744], [-99.325301229954, -98.847154802519, -20.71046428046], [-99.325301229954, -98.833192295271, -18.710513871524], [-99.325301229954, -98.819229788023, -16.71056155524], [-99.325301229954, -98.805267280775, -14.710611146304], [-99.325301229954, -98.791304773527, -12.710659783695], [-99.325301229954, -98.77734226628, -10.710708421085], [-99.325301229954, -98.763379759032, -8.7107570584748], [-99.325301229954, -98.749417251784, -6.7108056958649], [-99.325301229954, -98.735454744536, -4.7108543332551], [-99.325301229954, -98.721492118079, -2.7109032090638], [-99.325301229954, -98.707529610831, -0.7109519656632], [-99.325301229954, -98.693567103583, 1.2889992181327], [-99.325301229954, -98.679604596335, 3.2889504019286], [-99.325301229954, -98.665642089087, 5.2889015261199], [-99.325301229954, -98.651679581839, 7.2888528887298], [-99.325301229954, -98.637717074591, 9.2888042513397], [-99.325301229954, -98.623754567343, 11.28875561395], [-99.325301229954, -98.609792060095, 13.288706976559], [-99.325301229954, -98.595829433638, 15.288658339169], [-99.325301229954, -98.58186692639, 17.288608748105], [-99.325301229954, -98.567904419142, 19.288561064389], [-99.325301229954, -98.553941911894, 21.288511473325], [-99.325301229954, -98.539979404646, 23.288463789609], [-99.325301229954, -98.526016897398, 25.288414198544], [-99.325301229954, -98.51205439015, 27.288366514828], [-99.325301229954, -98.498091882902, 29.288316923764], [-99.325301229954, -98.484129375655, 31.2882673327], [-99.325301229954, -98.470166749197, 33.288217741635], [-99.325301229954, -98.456204241949, 35.288171965268], [-99.325301229954, -98.442241734701, 37.288122374203], [-99.325301229954, -98.428279227454, 39.288072783139], [-99.325301229954, -98.414316720206, 41.288023192075], [-99.325301229954, -98.400354212958, 43.287977415707], [-99.325301229954, -98.38639170571, 45.287927824643], [-99.325301229954, -98.372429198462, 47.287878233578], [-99.325301229954, -98.358466691214, 49.287828642514], [-99.325301229954, -98.344504064757, 51.28777905145], [-99.325301229954, -98.330541557509, 53.287733275082], [-99.325301229954, -98.316579050261, 55.287683684018], [-99.325301229954, -98.302616543013, 57.287634092953], [-99.325301229954, -98.288654035765, 59.287584501889], [-99.325301229954, -98.274691528517, 61.287538725522], [-99.325301229954, -98.260729021269, 63.287489134457], [-99.325301229954, -98.246766514021, 65.28744335809], [-99.325301229954, -98.232804006773, 67.287389952328], [-99.325301229954, -98.218841380316, 69.287344175961], [-99.325301229954, -98.204878873068, 71.2872907702], [-99.325301229954, -98.19091636582, 73.287244993832], [-99.325301229954, -98.176953858572, 75.287199217465], [-99.325301229954, -98.162991351324, 77.287145811703], [-99.325301229954, -98.149028844076, 79.287100035336], [-99.325301229954, -98.135066336829, 81.287046629575], [-99.325301229954, -98.121103829581, 83.287000853207], [-99.325301229954, -98.107141203123, 85.28695507684], [-99.325301229954, -98.093178695875, 87.286901671078], [-99.325301229954, -98.079216188628, 89.286855894711], [-99.325301229954, -98.06525368138, 91.28680248895], [-99.325301229954, -98.051291174132, 93.286756712582]], "InstanceCreationTime": ["093457.052000", "093456.978000", "093457.054000", "093456.980000", "093457.056000", "093456.982000", "093457.058000", "093456.984000", "093457.060000", "093456.986000", "093457.062000", "093456.988000", "093457.064000", "093456.989000", "093457.067000", "093456.991000", "093457.069000", "093456.993000", "093457.071000", "093456.995000", "093457.073000", "093456.997000", "093457.074000", "093457.000000", "093457.076000", "093457.002000", "093457.079000", "093457.003000", "093457.081000", "093457.005000", "093457.086000", "093457.014000", "093457.088000", "093457.016000", "093457.090000", "093457.018000", "093457.092000", "093457.020000", "093457.094000", "093457.021000", "093457.096000", "093457.023000", "093457.098000", "093457.025000", "093457.100000", "093457.027000", "093457.102000", "093457.029000", "093457.104000", "093457.031000", "093457.106000", "093457.032000", "093457.108000", "093457.034000", "093457.110000", "093457.036000", "093457.112000", "093457.038000", "093457.114000", "093457.040000", "093457.115000", "093457.041000", "093457.117000", "093457.043000", "093457.119000", "093457.045000", "093457.121000", "093457.047000", "093457.123000", "093457.049000", "093457.125000", "093457.051000"], "InstanceNumber": [1, 2, 3, 4, 5, 6, 7, 8, 9, 10, 11, 12, 13, 14, 15, 16, 17, 18, 19, 20, 21, 22, 23, 24, 25, 26, 27, 28, 29, 30, 31, 32, 33, 34, 35, 36, 37, 38, 39, 40, 41, 42, 43, 44, 45, 46, 47, 48, 49, 50, 51, 52, 53, 54, 55, 56, 57, 58, 59, 60, 61, 62, 63, 64, 65, 66, 67, 68, 69, 70, 71, 72], "LargestImagePixelValue": [4095, 4095, 4093, 4092, 4095, 4094, 4095, 4095, 4095, 4094, 4095, 4095, 4094, 4095, 4095, 4094, 4094, 4091, 4094, 4093, 4094, 4093, 4090, 4088, 4094, 4094, 4095, 4091, 4095, 4095, 4093, 4093, 4095, 4095, 4094, 4090, 4094, 4095, 4094, 4094, 4095, 4092, 4095, 4092, 4093, 4091, 4092, 4089, 4094, 4095, 4094, 4094, 4093, 4095, 4094, 4094, 4086, 4093, 4095, 4094, 4094, 4093, 4094, 4095, 4095, 4095, 4095, 4094, 4093, 4095, 4094, 4095], "SliceLocation": [-49.400038721988, -47.400035759931, -45.400036612479, -43.40003746461, -41.400038317574, -39.40003916929, -37.400036207233, -35.400037059781, -33.400037912328, -31.400036857574, -29.400037710122, -27.400038562669, -25.400037507915, -23.400038360462, -21.400037304876, -19.400038157423, -17.400037102669, -15.400037955216, -13.400037854113, -11.40003775301, -9.4000376519061, -7.4000375508027, -5.4000374496993, -3.4000375861764, -1.4000376042794, 0.59996231801448, 2.5999622403083, 4.599962102999, 6.5999622041024, 8.5999623052058, 10.599962406309, 12.599962507413, 14.599962609348, 16.599961756801, 18.599962811555, 20.599961959008, 22.599963013762, 24.599962161214, 26.599963215969, 28.599962363421, 30.599961510874, 32.599960659158, 34.599963621215, 36.599962768667, 38.599961916119, 40.599961063572, 42.599964025628, 44.599963173081, 46.599962320533, 48.599961467985, 50.59996061627, 52.599963578327, 54.599962725779, 56.599961873231, 58.599961020684, 60.59996398274, 62.599963130193, 64.599966092249, 66.599961425097, 68.599964387986, 70.599959720834, 72.599962682891, 74.599965644948, 76.599960977796, 78.599963939852, 80.5999592727, 82.599962234757, 84.599965197646, 86.599960530494, 88.599963492551, 90.599958825399, 92.599961787455], "SmallestImagePixelValue": [1, 0, 1, 0, 0, 2, 2, 0, 0, 0, 0, 0, 0, 0, 0, 0, 0, 1, 0, 1, 4, 0, 1, 0, 0, 1, 4, 0, 0, 0, 1, 3, 5, 1, 6, 1, 6, 0, 0, 0, 4, 0, 0, 5, 0, 0, 12, 0, 1, 0, 2, 1, 0, 1, 0, 3, 0, 1, 0, 0, 0, 0, 0, 0, 0, 0, 0, 1, 0, 1, 0, 0], "WindowCenter": [-198.0, -152.0, -192.0, -172.0, -154.0, -190.0, -212.0, -180.0, -168.0, -134.0, -90.0, -78.0, -126.0, -114.0, -184.0, -110.0, -144.0, -228.0, -226.0, -246.0, -206.0, -222.0, -226.0, -216.0, -260.0, -292.0, -232.0, -240.0, -248.0, -268.0, -228.0, -214.0, -212.0, -190.0, -162.0, -152.0, -136.0, -134.0, -98.0, -90.0, -62.0, -64.0, -82.0, -74.0, -58.0, -60.0, -52.0, -196.0, -30.0, -186.0, -66.0, -82.0, -64.0, -74.0, -204.0, -216.0, -200.0, -200.0, -232.0, -224.0, -256.0, -150.0, -272.0, -160.0, -228.0, -238.0, -206.0, -242.0, -270.0, -324.0, -288.0, -314.0], "WindowWidth": [6138.0, 6158.0, 6170.0, 6196.0, 6302.0, 6372.0, 6404.0, 6376.0, 6314.0, 6358.0, 6422.0, 6486.0, 6380.0, 6324.0, 6266.0, 6284.0, 6256.0, 6230.0, 6168.0, 6058.0, 5968.0, 5818.0, 5696.0, 5630.0, 5542.0, 5320.0, 5598.0, 5658.0, 5732.0, 5644.0, 5558.0, 5584.0, 5580.0, 5606.0, 5516.0, 5488.0, 5446.0, 5354.0, 5456.0, 5496.0, 5494.0, 5450.0, 5314.0, 5236.0, 5320.0, 5248.0, 5256.0, 4604.0, 5292.0, 4612.0, 5158.0, 5086.0, 5196.0, 5132.0, 4658.0, 4658.0, 4674.0, 4684.0, 4710.0, 4722.0, 4764.0, 5332.0, 4836.0, 5494.0, 5546.0, 5736.0, 5888.0, 5972.0, 6048.0, 6152.0, 6186.0, 6212.0]}}, "IntendedFor": ["ses-1/func/sub-25_ses-1_task-motor_run-03_bold.nii.gz", "ses-1/func/sub-25_ses-1_task-motor_run-05_bold.nii.gz", "ses-1/func/sub-25_ses-1_task-motor_run-04_bold.nii.gz", "ses-1/func/sub-25_ses-1_task-motor_run-01_bold.nii.gz", "ses-1/func/sub-25_ses-1_task-motor_run-02_bold.nii.gz", "ses-1/func/sub-25_ses-1_task-motor_run-06_bold.nii.gz"]}