{"AcquisitionMatrixPE": 100, "AcquisitionNumber": 1, "AcquisitionTime": "12:02:49.750000", "BaseResolution": 100, "BodyPartExamined": "BRAIN", "ConsistencyInfo": "N4_VE11C_LATEST_20160120", "ConversionSoftware": "dcm2niix", "ConversionSoftwareVersion": "v1.0.20180622 GCC4.9.2", "DeviceSerialNumber": "166078", "DwellTime": 8.8e-06, "EchoNumber": 2, "EchoTime": 0.00738, "EchoTime1": 0.00492, "EchoTime2": 0.00738, "FlipAngle": 60, "ImageOrientationPatientDICOM": [0.999847, 0.0130156, -0.0116449, -0.0139614, 0.996265, -0.0852133], "ImageType": ["ORIGINAL", "PRIMARY", "P", "ND"], "InPlanePhaseEncodingDirectionDICOM": "ROW", "InstitutionAddress": "Street_StreetNo_Bei_Jing_District_CN_ZIP", "InstitutionName": "BeiJing_Normal_University", "InstitutionalDepartmentName": "Department", "MRAcquisitionType": "2D", "MagneticFieldStrength": 3, "Manufacturer": "Siemens", "ManufacturersModelName": "Prisma", "Modality": "MR", "PartialFourier": 1, "PatientPosition": "HFS", "PercentPhaseFOV": 100, "PhaseEncodingDirection": "i", "PhaseEncodingSteps": 100, "PhaseResolution": 1, "PixelBandwidth": 570, "ProcedureStepDescription": "BNU_P2018_64CH_Liu.Jia", "ProtocolName": "field_mapping_2x2x2", "PulseSequenceDetails": "%SiemensSeq%_gre_field_mapping", "ReceiveCoilActiveElements": "HC1-7;NC1", "ReceiveCoilName": "HeadNeck_64", "ReconMatrixPE": 100, "RepetitionTime": 0.72, "SAR": 0.0995607, "ScanningSequence": "GR", "SequenceName": "_fm2d2r", "SequenceVariant": "SP", "SeriesDescription": "field_mapping_2x2x2", "SeriesNumber": 7, "ShimSetting": [-5449, -11512, -1286, 377, 0, -256, -193, 20], "SliceThickness": 2, "SoftwareVersions": "syngo_MR_E11", "SpacingBetweenSlices": 2, "StationName": "AWP166078", "TxRefAmp": 216.402, "dcmmeta_affine": [[-1.9996949434280396, -0.027922824025154114, -0.02098459005355835, 102.4595947265625], [-0.026031196117401123, 1.9925298690795898, -0.17072582244873047, -86.26017761230469], [-0.023289773613214493, 0.17042656242847443, 1.992584228515625, -76.26661682128906], [0.0, 0.0, 0.0, 1.0]], "dcmmeta_reorient_transform": [[0.0, -1.0, 0.0, 99.0], [1.0, 0.0, 0.0, 0.0], [0.0, 0.0, -1.0, 71.0], [0.0, 0.0, 0.0, 1.0]], "dcmmeta_shape": [100, 100, 72], "dcmmeta_slice_dim": 2, "dcmmeta_version": 0.6, "global": {"const": {"AcquisitionMatrix": [0, 100, 100, 0], "AcquisitionNumber": 1, "AngioFlag": "N", "BitsAllocated": 16, "BitsStored": 12, "BodyPartExamined": "BRAIN", "Columns": 100, "EchoNumbers": 2, "EchoTime": 7.38, "EchoTrainLength": 0, "FlipAngle": 60.0, "HighBit": 11, "ImageOrientationPatient": [0.99984748377346, 0.0130155981486, -0.0116448871492, -0.0139614121697, 0.99626491211275, -0.0852132845465], "ImageType": ["ORIGINAL", "PRIMARY", "P", "ND"], "ImagedNucleus": "1H", "ImagingFrequency": 123.257847, "InPlanePhaseEncodingDirection": "ROW", "MRAcquisitionType": "2D", "MagneticFieldStrength": 3.0, "Manufacturer": "SIEMENS", "ManufacturerModelName": "Prisma", "Modality": "MR", "NumberOfAverages": 1.0, "NumberOfPhaseEncodingSteps": 100, "PercentPhaseFieldOfView": 100.0, "PercentSampling": 100.0, "PerformedProcedureStepStartTime": "113148.864000", "PhotometricInterpretation": "MONOCHROME2", "PixelBandwidth": 570.0, "PixelRepresentation": 0, "PixelSpacing": [2.0, 2.0], "ProtocolName": "field_mapping_2x2x2", "RepetitionTime": 720.0, "RescaleIntercept": -4096.0, "RescaleSlope": 2.0, "RescaleType": "US", "Rows": 100, "SAR": 0.09956073969863, "SamplesPerPixel": 1, "ScanningSequence": "GR", "SequenceName": "*fm2d2r", "SequenceVariant": "SP", "SeriesDescription": "field_mapping_2x2x2", "SeriesNumber": 7, "SeriesTime": "120514.186000", "SliceThickness": 2.0, "SoftwareVersions": "syngo MR E11", "SpacingBetweenSlices": 2.0, "SpecificCharacterSet": "ISO_IR 100", "StudyID": "1", "StudyTime": "113148.776000", "TransmitCoilName": "Body", "VariableFlipAngleFlag": "N", "WindowCenterWidthExplanation": "Algo1", "dBdt": 0.0}, "slices": {"AcquisitionTime": ["120249.750000", "120249.390000", "120249.760000", "120249.400000", "120249.770000", "120249.410000", "120249.780000", "120249.420000", "120249.790000", "120249.430000", "120249.800000", "120249.440000", "120249.810000", "120249.450000", "120249.820000", "120249.460000", "120249.830000", "120249.470000", "120249.840000", "120249.480000", "120249.850000", "120249.490000", "120249.860000", "120249.500000", "120249.870000", "120249.510000", "120249.880000", "120249.520000", "120249.890000", "120249.530000", "120249.900000", "120249.540000", "120249.910000", "120249.550000", "120249.920000", "120249.560000", "120249.930000", "120249.570000", "120249.940000", "120249.580000", "120249.950000", "120249.590000", "120249.960000", "120249.600000", "120249.970000", "120249.610000", "120249.980000", "120249.620000", "120249.990000", "120249.630000", "120250.000000", "120249.640000", "120250.010000", "120249.650000", "120250.020000", "120249.660000", "120250.030000", "120249.670000", "120250.040000", "120249.680000", "120250.050000", "120249.690000", "120250.060000", "120249.700000", "120250.070000", "120249.710000", "120250.080000", "120249.720000", "120250.090000", "120249.730000", "120250.100000", "120249.740000"], "ContentTime": ["120514.256000", "120514.187000", "120514.258000", "120514.190000", "120514.260000", "120514.192000", "120514.262000", "120514.194000", "120514.264000", "120514.196000", "120514.266000", "120514.198000", "120514.268000", "120514.200000", "120514.269000", "120514.201000", "120514.271000", "120514.203000", "120514.273000", "120514.205000", "120514.275000", "120514.207000", "120514.277000", "120514.209000", "120514.279000", "120514.211000", "120514.280000", "120514.213000", "120514.282000", "120514.214000", "120514.284000", "120514.216000", "120514.286000", "120514.218000", "120514.288000", "120514.220000", "120514.290000", "120514.222000", "120514.291000", "120514.224000", "120514.293000", "120514.226000", "120514.295000", "120514.228000", "120514.297000", "120514.230000", "120514.299000", "120514.231000", "120514.300000", "120514.234000", "120514.302000", "120514.236000", "120514.304000", "120514.237000", "120514.306000", "120514.239000", "120514.308000", "120514.241000", "120514.310000", "120514.243000", "120514.312000", "120514.245000", "120514.313000", "120514.247000", "120514.315000", "120514.249000", "120514.317000", "120514.251000", "120514.319000", "120514.252000", "120514.321000", "120514.254000"], "CsaImage.GSWDDataType": ["measured", "predicted", "measured", "predicted", "measured", "predicted", "measured", "predicted", "measured", "predicted", "measured", "predicted", "measured", "predicted", "measured", "predicted", "measured", "predicted", "measured", "predicted", "measured", "predicted", "measured", "predicted", "measured", "predicted", "measured", "predicted", "measured", "predicted", "measured", "predicted", "measured", "predicted", "measured", "predicted", "measured", "predicted", "measured", "predicted", "measured", "predicted", "measured", "predicted", "measured", "predicted", "measured", "predicted", "measured", "predicted", "measured", "predicted", "measured", "predicted", "measured", "predicted", "measured", "predicted", "measured", "predicted", "measured", "predicted", "measured", "predicted", "measured", "predicted", "measured", "measured", "measured", "measured", "measured", "measured"], "CsaImage.ICE_Dims": ["X_2_1_1_1_1_1_37_1_1_1_1_80", "X_2_1_1_1_1_1_1_1_1_2_1_80", "X_2_1_1_1_1_1_38_1_1_3_1_80", "X_2_1_1_1_1_1_2_1_1_4_1_80", "X_2_1_1_1_1_1_39_1_1_5_1_80", "X_2_1_1_1_1_1_3_1_1_6_1_80", "X_2_1_1_1_1_1_40_1_1_7_1_80", "X_2_1_1_1_1_1_4_1_1_8_1_80", "X_2_1_1_1_1_1_41_1_1_9_1_80", "X_2_1_1_1_1_1_5_1_1_10_1_80", "X_2_1_1_1_1_1_42_1_1_11_1_80", "X_2_1_1_1_1_1_6_1_1_12_1_80", "X_2_1_1_1_1_1_43_1_1_13_1_80", "X_2_1_1_1_1_1_7_1_1_14_1_80", "X_2_1_1_1_1_1_44_1_1_15_1_80", "X_2_1_1_1_1_1_8_1_1_16_1_80", "X_2_1_1_1_1_1_45_1_1_17_1_80", "X_2_1_1_1_1_1_9_1_1_18_1_80", "X_2_1_1_1_1_1_46_1_1_19_1_80", "X_2_1_1_1_1_1_10_1_1_20_1_80", "X_2_1_1_1_1_1_47_1_1_21_1_80", "X_2_1_1_1_1_1_11_1_1_22_1_80", "X_2_1_1_1_1_1_48_1_1_23_1_80", "X_2_1_1_1_1_1_12_1_1_24_1_80", "X_2_1_1_1_1_1_49_1_1_25_1_80", "X_2_1_1_1_1_1_13_1_1_26_1_80", "X_2_1_1_1_1_1_50_1_1_27_1_80", "X_2_1_1_1_1_1_14_1_1_28_1_80", "X_2_1_1_1_1_1_51_1_1_29_1_80", "X_2_1_1_1_1_1_15_1_1_30_1_80", "X_2_1_1_1_1_1_52_1_1_31_1_80", "X_2_1_1_1_1_1_16_1_1_32_1_80", "X_2_1_1_1_1_1_53_1_1_33_1_80", "X_2_1_1_1_1_1_17_1_1_34_1_80", "X_2_1_1_1_1_1_54_1_1_35_1_80", "X_2_1_1_1_1_1_18_1_1_36_1_80", "X_2_1_1_1_1_1_55_1_1_37_1_80", "X_2_1_1_1_1_1_19_1_1_38_1_80", "X_2_1_1_1_1_1_56_1_1_39_1_80", "X_2_1_1_1_1_1_20_1_1_40_1_80", "X_2_1_1_1_1_1_57_1_1_41_1_80", "X_2_1_1_1_1_1_21_1_1_42_1_80", "X_2_1_1_1_1_1_58_1_1_43_1_80", "X_2_1_1_1_1_1_22_1_1_44_1_80", "X_2_1_1_1_1_1_59_1_1_45_1_80", "X_2_1_1_1_1_1_23_1_1_46_1_80", "X_2_1_1_1_1_1_60_1_1_47_1_80", "X_2_1_1_1_1_1_24_1_1_48_1_80", "X_2_1_1_1_1_1_61_1_1_49_1_80", "X_2_1_1_1_1_1_25_1_1_50_1_80", "X_2_1_1_1_1_1_62_1_1_51_1_80", "X_2_1_1_1_1_1_26_1_1_52_1_80", "X_2_1_1_1_1_1_63_1_1_53_1_80", "X_2_1_1_1_1_1_27_1_1_54_1_80", "X_2_1_1_1_1_1_64_1_1_55_1_80", "X_2_1_1_1_1_1_28_1_1_56_1_80", "X_2_1_1_1_1_1_65_1_1_57_1_80", "X_2_1_1_1_1_1_29_1_1_58_1_80", "X_2_1_1_1_1_1_66_1_1_59_1_80", "X_2_1_1_1_1_1_30_1_1_60_1_80", "X_2_1_1_1_1_1_67_1_1_61_1_80", "X_2_1_1_1_1_1_31_1_1_62_1_80", "X_2_1_1_1_1_1_68_1_1_63_1_80", "X_2_1_1_1_1_1_32_1_1_64_1_80", "X_2_1_1_1_1_1_69_1_1_65_1_80", "X_2_1_1_1_1_1_33_1_1_66_1_80", "X_2_1_1_1_1_1_70_1_1_67_1_80", "X_2_1_1_1_1_1_34_1_1_68_1_80", "X_2_1_1_1_1_1_71_1_1_69_1_80", "X_2_1_1_1_1_1_35_1_1_70_1_80", "X_2_1_1_1_1_1_72_1_1_71_1_80", "X_2_1_1_1_1_1_36_1_1_72_1_80"], "CsaImage.ProtocolSliceNumber": [0, 1, 2, 3, 4, 5, 6, 7, 8, 9, 10, 11, 12, 13, 14, 15, 16, 17, 18, 19, 20, 21, 22, 23, 24, 25, 26, 27, 28, 29, 30, 31, 32, 33, 34, 35, 36, 37, 38, 39, 40, 41, 42, 43, 44, 45, 46, 47, 48, 49, 50, 51, 52, 53, 54, 55, 56, 57, 58, 59, 60, 61, 62, 63, 64, 65, 66, 67, 68, 69, 70, 71], "CsaImage.RFSWDDataType": ["measured", "predicted", "measured", "predicted", "measured", "predicted", "measured", "predicted", "measured", "predicted", "measured", "predicted", "measured", "predicted", "measured", "predicted", "measured", "predicted", "measured", "predicted", "measured", "predicted", "measured", "predicted", "measured", "predicted", "measured", "predicted", "measured", "predicted", "measured", "predicted", "measured", "predicted", "measured", "predicted", "measured", "predicted", "measured", "predicted", "measured", "predicted", "measured", "predicted", "measured", "predicted", "measured", "predicted", "measured", "predicted", "measured", "predicted", "measured", "predicted", "measured", "predicted", "measured", "predicted", "measured", "predicted", "measured", "predicted", "measured", "measured", "measured", "measured", "measured", "measured", "measured", "measured", "measured", "measured"], "CsaImage.SlicePosition_PCS": [[-99.69523176, -111.00026706, -59.39474161], [-99.67424711, -110.82954124, -57.40215738], [-99.65326258, -110.65881542, -55.40956552], [-99.63227793, -110.48808959, -53.41697748], [-99.6112934, -110.31736377, -51.42438943], [-99.59030875, -110.14663795, -49.43179758], [-99.56932422, -109.97591308, -47.43920953], [-99.54833963, -109.80518726, -45.44662149], [-99.52735504, -109.63446143, -43.45402963], [-99.50637045, -109.46373561, -41.46144159], [-99.48538586, -109.29300979, -39.46885355], [-99.46440133, -109.12228397, -37.47626169], [-99.44341674, -108.95155814, -35.48367364], [-99.42243215, -108.78083232, -33.49108179], [-99.40144756, -108.61010698, -31.49849374], [-99.38046297, -108.43938115, -29.5059057], [-99.35947838, -108.26865533, -27.51331384], [-99.33849379, -108.09792951, -25.5207258], [-99.31750926, -107.92720369, -23.52813776], [-99.29652467, -107.75647786, -21.53554781], [-99.27554008, -107.58575252, -19.54295785], [-99.25455549, -107.4150267, -17.5503679], [-99.2335709, -107.24430087, -15.55777986], [-99.21258631, -107.07357505, -13.56518991], [-99.19160172, -106.90284923, -11.57259996], [-99.17061719, -106.73212388, -9.58001192], [-99.1496326, -106.56139806, -7.58742197], [-99.12864801, -106.39067224, -5.59483297], [-99.10766342, -106.21994642, -3.60224302], [-99.08667883, -106.04922059, -1.60965402], [-99.06569427, -105.87849477, 0.38293593], [-99.04470968, -105.70776943, 2.37552493], [-99.02372509, -105.5370436, 4.3681144], [-99.00274053, -105.36631778, 6.36070363], [-98.98175594, -105.19559196, 8.35329299], [-98.96077135, -105.02486614, 10.34588234], [-98.93978676, -104.85414055, 12.33847182], [-98.9188022, -104.68341473, 14.33106129], [-98.89781761, -104.51268914, 16.32365029], [-98.87683302, -104.34196332, 18.31623976], [-98.85584846, -104.1712375, 20.30882876], [-98.83486387, -104.00051192, 22.30141871], [-98.81387928, -103.82978609, 24.29400771], [-98.7928947, -103.65906027, 26.28659766], [-98.77191011, -103.48833469, 28.2791857], [-98.75092554, -103.31760886, 30.27177565], [-98.72994095, -103.14688328, 32.2643656], [-98.70895637, -102.97615746, 34.25695555], [-98.68797179, -102.80543164, 36.24954359], [-98.66698721, -102.63470593, 38.24213355], [-98.64600263, -102.46398023, 40.2347235], [-98.62501805, -102.29325453, 42.22731345], [-98.60403347, -102.1225287, 44.21990149], [-98.58304888, -101.951803, 46.21248953], [-98.5620643, -101.7810773, 48.20508139], [-98.54107972, -101.61035153, 50.19766943], [-98.52009514, -101.43962577, 52.19025748], [-98.49911056, -101.26890007, 54.18284934], [-98.47812597, -101.09817432, 56.17543738], [-98.4571414, -100.92744858, 58.16802542], [-98.43615681, -100.75672284, 60.16061728], [-98.41517223, -100.58599711, 62.15320532], [-98.39418764, -100.41527137, 64.14579337], [-98.37320307, -100.24454561, 66.13838522], [-98.35221849, -100.07381991, 68.13097327], [-98.33123392, -99.9030942, 70.12356512], [-98.31024933, -99.73236838, 72.11615317], [-98.28926474, -99.56164268, 74.10874503], [-98.26828015, -99.39091697, 76.10132925], [-98.24729559, -99.22019115, 78.09392111], [-98.226311, -99.04946545, 80.08651297], [-98.20532641, -98.87873963, 82.0790972]], "CsaImage.TimeAfterStart": [1.0825, 0.7225, 1.0925, 0.7325, 1.1025, 0.7425, 1.1125, 0.7525, 1.1225, 0.7625, 1.1325, 0.7725, 1.1425, 0.7825, 1.1525, 0.7925, 1.1625, 0.8025, 1.1725, 0.8125, 1.1825, 0.8225, 1.1925, 0.8325, 1.2025, 0.8425, 1.2125, 0.8525, 1.2225, 0.8625, 1.2325, 0.8725, 1.2425, 0.8825, 1.2525, 0.8925, 1.2625, 0.9025, 1.2725, 0.9125, 1.2825, 0.9225, 1.2925, 0.9325, 1.3025, 0.9425, 1.3125, 0.9525, 1.3225, 0.9625, 1.3325, 0.9725, 1.3425, 0.9825, 1.3525, 0.9925, 1.3625, 1.0025, 1.3725, 1.0125, 1.3825, 1.0225, 1.3925, 1.0325, 1.4025, 1.0425, 1.4125, 1.0525, 1.4225, 1.0625, 1.4325, 1.0725], "ImagePositionPatient": [[-99.695231763651, -111.00026706007, -59.394741607289], [-99.674247113993, -110.82954123762, -57.402157378774], [-99.653262583544, -110.65881541517, -55.409565520863], [-99.632277933886, -110.48808959272, -53.41697747765], [-99.611293403437, -110.31736377028, -51.424389434438], [-99.590308753779, -110.14663794783, -49.431797576527], [-99.56932422333, -109.97591307905, -47.439209533315], [-99.548339633276, -109.8051872566, -45.446621490102], [-99.527355043223, -109.63446143415, -43.454029632192], [-99.506370453169, -109.46373561171, -41.461441588979], [-99.485385863116, -109.29300978926, -39.468853545766], [-99.464401332667, -109.12228396681, -37.476261687856], [-99.443416742613, -108.95155814436, -35.483673644643], [-99.42243215256, -108.78083232191, -33.491081786733], [-99.401447562506, -108.6101069763, -31.49849374352], [-99.380462972453, -108.43938115385, -29.505905700307], [-99.359478382399, -108.2686553314, -27.513313842397], [-99.338493792345, -108.09792950895, -25.520725799184], [-99.317509261897, -107.9272036865, -23.528137755971], [-99.296524671843, -107.75647786406, -21.535547805409], [-99.275540081789, -107.58575251844, -19.542957854848], [-99.254555491736, -107.415026696, -17.550367904286], [-99.233570901682, -107.24430087355, -15.557779861073], [-99.212586311629, -107.0735750511, -13.565189910512], [-99.191601721575, -106.90284922865, -11.57259995995], [-99.170617191126, -106.73212388304, -9.5800119167374], [-99.149632601073, -106.56139806059, -7.5874219661759], [-99.128648011019, -106.39067223814, -5.5948329692887], [-99.107663420966, -106.21994641569, -3.6022430187272], [-99.086678830912, -106.04922059324, -1.6096540218399], [-99.065694270661, -105.87849477079, 0.38293592872157], [-99.044709680607, -105.70776942518, 2.3755249256088], [-99.023725090554, -105.53704360273, 4.3681143993331], [-99.002740530302, -105.36631778029, 6.3607036346389], [-98.981755940249, -105.19559195784, 8.353292989154], [-98.960771350195, -105.02486613539, 10.345882343669], [-98.939786760142, -104.85414055136, 12.338471817393], [-98.918802199891, -104.68341472891, 14.331061291118], [-98.897817609837, -104.51268914488, 16.323650288005], [-98.876833019783, -104.34196332243, 18.316239761729], [-98.855848459532, -104.17123749998, 20.308828758617], [-98.834863869479, -104.00051191595, 22.301418709178], [-98.813879279425, -103.8297860935, 24.294007706065], [-98.792894704273, -103.65906027105, 26.286597656627], [-98.771910114219, -103.48833468702, 28.27918569984], [-98.750925539067, -103.31760886457, 30.271775650401], [-98.729940949013, -103.14688328054, 32.264365600963], [-98.708956373861, -102.9761574581, 34.256955551524], [-98.687971791258, -102.80543163565, 36.249543594737], [-98.666987208655, -102.63470593241, 38.242133545299], [-98.646002629777, -102.46398022917, 40.23472349586], [-98.625018047174, -102.29325452593, 42.227313446422], [-98.604033465502, -102.12252870348, 44.219901489635], [-98.583048883831, -101.95180300024, 46.212489532848], [-98.56206430309, -101.781077297, 48.205081390758], [-98.541079720488, -101.61035153416, 50.197669433971], [-98.520095137885, -101.43962577131, 52.190257477183], [-98.499110555282, -101.26890006807, 54.182849335094], [-98.478125972679, -101.09817432013, 56.175437378307], [-98.457141397526, -100.9274485797, 58.168025421519], [-98.436156807473, -100.75672283915, 60.16061727943], [-98.41517223232, -100.5859971061, 62.153205322642], [-98.394187642267, -100.41527137306, 64.145793365855], [-98.373203067114, -100.24454561022, 66.138385223766], [-98.352218491962, -100.07381990698, 68.130973266978], [-98.331233916809, -99.903094203739, 70.123565124889], [-98.310249326756, -99.732368381291, 72.116153168101], [-98.289264736702, -99.561642678051, 74.108745026012], [-98.268280146649, -99.390916974812, 76.101329254527], [-98.247295586398, -99.220191152363, 78.093921112437], [-98.226310996344, -99.049465449124, 80.086512970348], [-98.20532640629, -98.878739626675, 82.079097198863]], "InstanceCreationTime": ["120514.256000", "120514.187000", "120514.258000", "120514.190000", "120514.260000", "120514.192000", "120514.262000", "120514.194000", "120514.264000", "120514.196000", "120514.266000", "120514.198000", "120514.268000", "120514.200000", "120514.269000", "120514.201000", "120514.271000", "120514.203000", "120514.273000", "120514.205000", "120514.275000", "120514.207000", "120514.277000", "120514.209000", "120514.279000", "120514.211000", "120514.280000", "120514.213000", "120514.282000", "120514.214000", "120514.284000", "120514.216000", "120514.286000", "120514.218000", "120514.288000", "120514.220000", "120514.290000", "120514.222000", "120514.291000", "120514.224000", "120514.293000", "120514.226000", "120514.295000", "120514.228000", "120514.297000", "120514.230000", "120514.299000", "120514.231000", "120514.300000", "120514.234000", "120514.302000", "120514.236000", "120514.304000", "120514.237000", "120514.306000", "120514.239000", "120514.308000", "120514.241000", "120514.310000", "120514.243000", "120514.312000", "120514.245000", "120514.313000", "120514.247000", "120514.315000", "120514.249000", "120514.317000", "120514.251000", "120514.319000", "120514.252000", "120514.321000", "120514.254000"], "InstanceNumber": [1, 2, 3, 4, 5, 6, 7, 8, 9, 10, 11, 12, 13, 14, 15, 16, 17, 18, 19, 20, 21, 22, 23, 24, 25, 26, 27, 28, 29, 30, 31, 32, 33, 34, 35, 36, 37, 38, 39, 40, 41, 42, 43, 44, 45, 46, 47, 48, 49, 50, 51, 52, 53, 54, 55, 56, 57, 58, 59, 60, 61, 62, 63, 64, 65, 66, 67, 68, 69, 70, 71, 72], "LargestImagePixelValue": [4095, 4095, 4095, 4094, 4094, 4094, 4095, 4095, 4094, 4095, 4093, 4094, 4095, 4094, 4091, 4095, 4095, 4094, 4094, 4094, 4094, 4094, 4095, 4093, 4093, 4094, 4093, 4092, 4095, 4091, 4091, 4095, 4093, 4094, 4091, 4095, 4093, 4087, 4091, 4094, 4089, 4089, 4094, 4095, 4094, 4095, 4093, 4095, 4094, 4092, 4094, 4095, 4094, 4091, 4095, 4093, 4095, 4094, 4094, 4094, 4094, 4094, 4094, 4094, 4095, 4095, 4093, 4094, 4094, 4094, 4093, 4095], "SliceLocation": [-69.695997583445, -67.696002691026, -65.696000198733, -63.696001505752, -61.696002814021, -59.696000320477, -57.696001710155, -55.696003017799, -53.696000524881, -51.696001832525, -49.696003140169, -47.696000647876, -45.69600195552, -43.695999462601, -41.69600081095, -39.696002118594, -37.695999625675, -35.696000933319, -33.696002241589, -31.696001648951, -29.696001097018, -27.696000504381, -25.696001812025, -23.696001219388, -21.696000626751, -19.696001975724, -17.696001383087, -15.696001740591, -13.696001147953, -11.696001505457, -9.6960009131322, -7.6960013113398, -5.6960011937729, -3.6960013140538, -1.6960013152545, 0.30399868354482, 2.3039987807596, 4.3039988980138, 6.3039985201583, 8.3039986377252, 10.303998279909, 12.303998852194, 14.303998494691, 16.303999087172, 18.303997759176, 20.303998351656, 22.303998923942, 24.303999516422, 26.3039982087, 28.303998791083, 30.303999373427, 32.30399995581, 34.303998648078, 36.30399733017, 38.303999812815, 40.303998500005, 42.303997187194, 44.303999669859, 46.303998355776, 48.303997040975, 50.303999526902, 52.30399821147, 54.303996896194, 56.303999383868, 58.303998065892, 60.304000548478, 62.303999240834, 64.304001723576, 66.303996605193, 68.303999097799, 70.304001580542, 72.303996472335], "SmallestImagePixelValue": [1, 0, 1, 2, 0, 1, 4, 0, 0, 1, 1, 0, 0, 1, 0, 0, 0, 0, 0, 0, 0, 3, 0, 0, 0, 0, 0, 0, 0, 0, 2, 4, 1, 0, 1, 0, 0, 0, 5, 0, 4, 0, 2, 0, 0, 0, 2, 0, 2, 1, 2, 0, 1, 4, 1, 1, 1, 0, 1, 0, 2, 0, 0, 0, 3, 0, 0, 0, 0, 0, 0, 0], "WindowCenter": [-204.0, -206.0, -216.0, -196.0, -198.0, -184.0, -214.0, -194.0, -204.0, -202.0, -194.0, -186.0, -206.0, -172.0, -166.0, -204.0, -224.0, -208.0, -234.0, -274.0, -294.0, -266.0, -218.0, -138.0, -134.0, -150.0, -166.0, -242.0, -270.0, -230.0, -212.0, -302.0, -212.0, -204.0, -230.0, -208.0, -186.0, -130.0, -124.0, -106.0, -128.0, -100.0, -104.0, -218.0, -208.0, -52.0, -24.0, -164.0, -34.0, -144.0, -186.0, -192.0, -220.0, -226.0, -234.0, -144.0, -244.0, -148.0, -110.0, -136.0, -134.0, -118.0, -150.0, -230.0, -254.0, -216.0, -308.0, -292.0, -398.0, -314.0, -376.0, -352.0], "WindowWidth": [6122.0, 6156.0, 6138.0, 6164.0, 6182.0, 6220.0, 6230.0, 6244.0, 6184.0, 6138.0, 6094.0, 6106.0, 6180.0, 6222.0, 6200.0, 6190.0, 6160.0, 6146.0, 6064.0, 5928.0, 5804.0, 5784.0, 5692.0, 5762.0, 5704.0, 5658.0, 5644.0, 5504.0, 5458.0, 5460.0, 5366.0, 4758.0, 5140.0, 5442.0, 5316.0, 5304.0, 5302.0, 5490.0, 5386.0, 5398.0, 5252.0, 5328.0, 5246.0, 4618.0, 4618.0, 5268.0, 5238.0, 4602.0, 5038.0, 4618.0, 4656.0, 4654.0, 4676.0, 4704.0, 4730.0, 5096.0, 4782.0, 5654.0, 5784.0, 5838.0, 5942.0, 6052.0, 6114.0, 6158.0, 6244.0, 6230.0, 6198.0, 6282.0, 6350.0, 6416.0, 6424.0, 6424.0]}}, "IntendedFor": ["ses-1/func/sub-61_ses-1_task-motor_run-05_bold.nii.gz", "ses-1/func/sub-61_ses-1_task-motor_run-03_bold.nii.gz", "ses-1/func/sub-61_ses-1_task-motor_run-04_bold.nii.gz", "ses-1/func/sub-61_ses-1_task-motor_run-06_bold.nii.gz", "ses-1/func/sub-61_ses-1_task-motor_run-02_bold.nii.gz", "ses-1/func/sub-61_ses-1_task-motor_run-01_bold.nii.gz"]}