{"AcquisitionMatrixPE": 100, "AcquisitionNumber": 1, "AcquisitionTime": "10:56:23.835000", "BaseResolution": 100, "BodyPartExamined": "BRAIN", "ConsistencyInfo": "N4_VE11C_LATEST_20160120", "ConversionSoftware": "dcm2niix", "ConversionSoftwareVersion": "v1.0.20180622 GCC4.9.2", "DeviceSerialNumber": "166078", "DwellTime": 8.8e-06, "EchoNumber": 2, "EchoTime": 0.00738, "EchoTime1": 0.00492, "EchoTime2": 0.00738, "FlipAngle": 60, "ImageOrientationPatientDICOM": [1, -1.64033e-05, -0.000447375, -5.52e-13, 0.999328, -0.036641], "ImageType": ["ORIGINAL", "PRIMARY", "P", "ND"], "InPlanePhaseEncodingDirectionDICOM": "ROW", "InstitutionAddress": "Street_StreetNo_Bei_Jing_District_CN_ZIP", "InstitutionName": "BeiJing_Normal_University", "InstitutionalDepartmentName": "Department", "MRAcquisitionType": "2D", "MagneticFieldStrength": 3, "Manufacturer": "Siemens", "ManufacturersModelName": "Prisma", "Modality": "MR", "PartialFourier": 1, "PatientPosition": "HFS", "PercentPhaseFOV": 100, "PhaseEncodingDirection": "i", "PhaseEncodingSteps": 100, "PhaseResolution": 1, "PixelBandwidth": 570, "ProcedureStepDescription": "BNU_P2018_64CH_Liu.Jia", "ProtocolName": "field_mapping_2x2x2", "PulseSequenceDetails": "%SiemensSeq%_gre_field_mapping", "ReceiveCoilActiveElements": "HC1-7;NC1", "ReceiveCoilName": "HeadNeck_64", "ReconMatrixPE": 100, "RepetitionTime": 0.72, "SAR": 0.103185, "ScanningSequence": "GR", "SequenceName": "_fm2d2r", "SequenceVariant": "SP", "SeriesDescription": "field_mapping_2x2x2", "SeriesNumber": 7, "ShimSetting": [-5475, -11526, -1249, 500, 11, -218, -140, 38], "SliceThickness": 2, "SoftwareVersions": "syngo_MR_E11", "SpacingBetweenSlices": 2, "StationName": "AWP166078", "TxRefAmp": 208.322, "dcmmeta_affine": [[-1.999999761581421, -1.1040000294157415e-12, -0.0008955001831054688, 102.65522003173828], [3.280657620052807e-05, 1.998656988143921, -0.07328200340270996, -91.50253295898438], [-0.0008947508758865297, 0.07328195869922638, 1.9986572265625, -62.161067962646484], [0.0, 0.0, 0.0, 1.0]], "dcmmeta_reorient_transform": [[0.0, -1.0, 0.0, 99.0], [1.0, 0.0, 0.0, 0.0], [0.0, 0.0, -1.0, 71.0], [0.0, 0.0, 0.0, 1.0]], "dcmmeta_shape": [100, 100, 72], "dcmmeta_slice_dim": 2, "dcmmeta_version": 0.6, "global": {"const": {"AcquisitionMatrix": [0, 100, 100, 0], "AcquisitionNumber": 1, "AngioFlag": "N", "BitsAllocated": 16, "BitsStored": 12, "BodyPartExamined": "BRAIN", "Columns": 100, "EchoNumbers": 2, "EchoTime": 7.38, "EchoTrainLength": 0, "FlipAngle": 60.0, "HighBit": 11, "ImageOrientationPatient": [0.99999989979307, -1.64032876e-05, -0.0004473754333, -5.52e-13, 0.99932849391752, -0.036640977669], "ImageType": ["ORIGINAL", "PRIMARY", "P", "ND"], "ImagedNucleus": "1H", "ImagingFrequency": 123.257835, "InPlanePhaseEncodingDirection": "ROW", "MRAcquisitionType": "2D", "MagneticFieldStrength": 3.0, "Manufacturer": "SIEMENS", "ManufacturerModelName": "Prisma", "Modality": "MR", "NumberOfAverages": 1.0, "NumberOfPhaseEncodingSteps": 100, "PercentPhaseFieldOfView": 100.0, "PercentSampling": 100.0, "PerformedProcedureStepStartTime": "102710.486000", "PhotometricInterpretation": "MONOCHROME2", "PixelBandwidth": 570.0, "PixelRepresentation": 0, "PixelSpacing": [2.0, 2.0], "ProtocolName": "field_mapping_2x2x2", "RepetitionTime": 720.0, "RescaleIntercept": -4096.0, "RescaleSlope": 2.0, "RescaleType": "US", "Rows": 100, "SAR": 0.1031854805813, "SamplesPerPixel": 1, "ScanningSequence": "GR", "SequenceName": "*fm2d2r", "SequenceVariant": "SP", "SeriesDescription": "field_mapping_2x2x2", "SeriesNumber": 7, "SeriesTime": "105848.864000", "SliceThickness": 2.0, "SoftwareVersions": "syngo MR E11", "SpacingBetweenSlices": 2.0, "SpecificCharacterSet": "ISO_IR 100", "StudyID": "1", "StudyTime": "102710.424000", "TransmitCoilName": "Body", "VariableFlipAngleFlag": "N", "WindowCenterWidthExplanation": "Algo1", "dBdt": 0.0}, "slices": {"AcquisitionTime": ["105623.835000", "105623.475000", "105623.845000", "105623.485000", "105623.855000", "105623.495000", "105623.865000", "105623.505000", "105623.875000", "105623.515000", "105623.885000", "105623.525000", "105623.895000", "105623.535000", "105623.905000", "105623.545000", "105623.915000", "105623.555000", "105623.925000", "105623.565000", "105623.935000", "105623.575000", "105623.945000", "105623.585000", "105623.955000", "105623.595000", "105623.965000", "105623.605000", "105623.975000", "105623.615000", "105623.985000", "105623.625000", "105623.995000", "105623.635000", "105624.005000", "105623.645000", "105624.015000", "105623.655000", "105624.025000", "105623.665000", "105624.035000", "105623.675000", "105624.045000", "105623.685000", "105624.055000", "105623.695000", "105624.065000", "105623.705000", "105624.075000", "105623.715000", "105624.085000", "105623.725000", "105624.095000", "105623.735000", "105624.105000", "105623.745000", "105624.115000", "105623.755000", "105624.125000", "105623.765000", "105624.135000", "105623.775000", "105624.145000", "105623.785000", "105624.155000", "105623.795000", "105624.165000", "105623.805000", "105624.175000", "105623.815000", "105624.185000", "105623.825000"], "ContentTime": ["105848.943000", "105848.866000", "105848.945000", "105848.869000", "105848.947000", "105848.870000", "105848.949000", "105848.872000", "105848.950000", "105848.874000", "105848.952000", "105848.876000", "105848.954000", "105848.878000", "105848.956000", "105848.879000", "105848.958000", "105848.881000", "105848.959000", "105848.883000", "105848.961000", "105848.885000", "105848.963000", "105848.887000", "105848.965000", "105848.889000", "105848.967000", "105848.891000", "105848.968000", "105848.893000", "105848.970000", "105848.894000", "105848.972000", "105848.896000", "105848.974000", "105848.898000", "105848.976000", "105848.900000", "105848.977000", "105848.903000", "105848.979000", "105848.905000", "105848.981000", "105848.906000", "105848.983000", "105848.912000", "105848.985000", "105848.914000", "105848.987000", "105848.916000", "105848.988000", "105848.920000", "105848.990000", "105848.922000", "105848.995000", "105848.924000", "105848.998000", "105848.926000", "105849.001000", "105848.928000", "105849.005000", "105848.930000", "105849.007000", "105848.932000", "105849.013000", "105848.934000", "105849.015000", "105848.937000", "105849.017000", "105848.939000", "105849.019000", "105848.941000"], "CsaImage.GSWDDataType": ["measured", "predicted", "measured", "predicted", "measured", "predicted", "measured", "predicted", "measured", "predicted", "measured", "predicted", "measured", "predicted", "measured", "predicted", "measured", "predicted", "measured", "predicted", "measured", "predicted", "measured", "predicted", "measured", "predicted", "measured", "predicted", "measured", "predicted", "measured", "predicted", "measured", "predicted", "measured", "predicted", "measured", "predicted", "measured", "predicted", "measured", "predicted", "measured", "predicted", "measured", "predicted", "measured", "predicted", "measured", "predicted", "measured", "predicted", "measured", "predicted", "measured", "predicted", "measured", "predicted", "measured", "predicted", "measured", "predicted", "measured", "predicted", "measured", "predicted", "measured", "measured", "measured", "measured", "measured", "measured"], "CsaImage.ICE_Dims": ["X_2_1_1_1_1_1_37_1_1_1_1_55", "X_2_1_1_1_1_1_1_1_1_2_1_55", "X_2_1_1_1_1_1_38_1_1_3_1_55", "X_2_1_1_1_1_1_2_1_1_4_1_55", "X_2_1_1_1_1_1_39_1_1_5_1_55", "X_2_1_1_1_1_1_3_1_1_6_1_55", "X_2_1_1_1_1_1_40_1_1_7_1_55", "X_2_1_1_1_1_1_4_1_1_8_1_55", "X_2_1_1_1_1_1_41_1_1_9_1_55", "X_2_1_1_1_1_1_5_1_1_10_1_55", "X_2_1_1_1_1_1_42_1_1_11_1_55", "X_2_1_1_1_1_1_6_1_1_12_1_55", "X_2_1_1_1_1_1_43_1_1_13_1_55", "X_2_1_1_1_1_1_7_1_1_14_1_55", "X_2_1_1_1_1_1_44_1_1_15_1_55", "X_2_1_1_1_1_1_8_1_1_16_1_55", "X_2_1_1_1_1_1_45_1_1_17_1_55", "X_2_1_1_1_1_1_9_1_1_18_1_55", "X_2_1_1_1_1_1_46_1_1_19_1_55", "X_2_1_1_1_1_1_10_1_1_20_1_55", "X_2_1_1_1_1_1_47_1_1_21_1_55", "X_2_1_1_1_1_1_11_1_1_22_1_55", "X_2_1_1_1_1_1_48_1_1_23_1_55", "X_2_1_1_1_1_1_12_1_1_24_1_55", "X_2_1_1_1_1_1_49_1_1_25_1_55", "X_2_1_1_1_1_1_13_1_1_26_1_55", "X_2_1_1_1_1_1_50_1_1_27_1_55", "X_2_1_1_1_1_1_14_1_1_28_1_55", "X_2_1_1_1_1_1_51_1_1_29_1_55", "X_2_1_1_1_1_1_15_1_1_30_1_55", "X_2_1_1_1_1_1_52_1_1_31_1_55", "X_2_1_1_1_1_1_16_1_1_32_1_55", "X_2_1_1_1_1_1_53_1_1_33_1_55", "X_2_1_1_1_1_1_17_1_1_34_1_55", "X_2_1_1_1_1_1_54_1_1_35_1_55", "X_2_1_1_1_1_1_18_1_1_36_1_55", "X_2_1_1_1_1_1_55_1_1_37_1_55", "X_2_1_1_1_1_1_19_1_1_38_1_55", "X_2_1_1_1_1_1_56_1_1_39_1_55", "X_2_1_1_1_1_1_20_1_1_40_1_55", "X_2_1_1_1_1_1_57_1_1_41_1_55", "X_2_1_1_1_1_1_21_1_1_42_1_55", "X_2_1_1_1_1_1_58_1_1_43_1_55", "X_2_1_1_1_1_1_22_1_1_44_1_55", "X_2_1_1_1_1_1_59_1_1_45_1_55", "X_2_1_1_1_1_1_23_1_1_46_1_55", "X_2_1_1_1_1_1_60_1_1_47_1_55", "X_2_1_1_1_1_1_24_1_1_48_1_55", "X_2_1_1_1_1_1_61_1_1_49_1_55", "X_2_1_1_1_1_1_25_1_1_50_1_55", "X_2_1_1_1_1_1_62_1_1_51_1_55", "X_2_1_1_1_1_1_26_1_1_52_1_55", "X_2_1_1_1_1_1_63_1_1_53_1_55", "X_2_1_1_1_1_1_27_1_1_54_1_55", "X_2_1_1_1_1_1_64_1_1_55_1_55", "X_2_1_1_1_1_1_28_1_1_56_1_55", "X_2_1_1_1_1_1_65_1_1_57_1_55", "X_2_1_1_1_1_1_29_1_1_58_1_55", "X_2_1_1_1_1_1_66_1_1_59_1_55", "X_2_1_1_1_1_1_30_1_1_60_1_55", "X_2_1_1_1_1_1_67_1_1_61_1_55", "X_2_1_1_1_1_1_31_1_1_62_1_55", "X_2_1_1_1_1_1_68_1_1_63_1_55", "X_2_1_1_1_1_1_32_1_1_64_1_55", "X_2_1_1_1_1_1_69_1_1_65_1_55", "X_2_1_1_1_1_1_33_1_1_66_1_55", "X_2_1_1_1_1_1_70_1_1_67_1_55", "X_2_1_1_1_1_1_34_1_1_68_1_55", "X_2_1_1_1_1_1_71_1_1_69_1_55", "X_2_1_1_1_1_1_35_1_1_70_1_55", "X_2_1_1_1_1_1_72_1_1_71_1_55", "X_2_1_1_1_1_1_36_1_1_72_1_55"], "CsaImage.ProtocolSliceNumber": [0, 1, 2, 3, 4, 5, 6, 7, 8, 9, 10, 11, 12, 13, 14, 15, 16, 17, 18, 19, 20, 21, 22, 23, 24, 25, 26, 27, 28, 29, 30, 31, 32, 33, 34, 35, 36, 37, 38, 39, 40, 41, 42, 43, 44, 45, 46, 47, 48, 49, 50, 51, 52, 53, 54, 55, 56, 57, 58, 59, 60, 61, 62, 63, 64, 65, 66, 67, 68, 69, 70, 71], "CsaImage.RFSWDDataType": ["measured", "predicted", "measured", "predicted", "measured", "predicted", "measured", "predicted", "measured", "predicted", "measured", "predicted", "measured", "predicted", "measured", "predicted", "measured", "predicted", "measured", "predicted", "measured", "predicted", "measured", "predicted", "measured", "predicted", "measured", "predicted", "measured", "predicted", "measured", "predicted", "measured", "predicted", "measured", "predicted", "measured", "predicted", "measured", "predicted", "measured", "predicted", "measured", "predicted", "measured", "predicted", "measured", "predicted", "measured", "predicted", "measured", "predicted", "measured", "predicted", "measured", "predicted", "measured", "predicted", "measured", "predicted", "measured", "predicted", "measured", "predicted", "measured", "measured", "measured", "measured", "measured", "measured", "measured", "measured"], "CsaImage.SlicePosition_PCS": [[-102.65520739, -106.36450384, -54.90612441], [-102.65431213, -106.29122159, -52.90746718], [-102.65341686, -106.21793983, -50.90880995], [-102.65252136, -106.14465806, -48.91015273], [-102.6516261, -106.07137582, -46.9114955], [-102.65073084, -105.99809406, -44.91283827], [-102.64983534, -105.92481229, -42.91418486], [-102.64894008, -105.85153005, -40.91552764], [-102.64804458, -105.77824829, -38.91687041], [-102.64714932, -105.70496604, -36.91821318], [-102.64625406, -105.63168428, -34.91955596], [-102.64535856, -105.55840251, -32.92089873], [-102.64446329, -105.48512027, -30.9222415], [-102.64356779, -105.41183851, -28.92358428], [-102.64267253, -105.33855627, -26.92492896], [-102.64177727, -105.2652745, -24.92627173], [-102.64088177, -105.19199274, -22.9276145], [-102.63998651, -105.11871049, -20.92895918], [-102.63909125, -105.04542873, -18.93030196], [-102.63819575, -104.97214696, -16.93164473], [-102.63730048, -104.89886472, -14.9329875], [-102.63640498, -104.82558296, -12.93433219], [-102.63550972, -104.75230071, -10.93567496], [-102.63461446, -104.67901895, -8.93701773], [-102.63371896, -104.60573718, -6.93836051], [-102.6328237, -104.53245494, -4.93970423], [-102.63192844, -104.45917318, -2.94104748], [-102.63103294, -104.38589094, -0.94239073], [-102.63013767, -104.31260917, 1.05626625], [-102.62924217, -104.23932741, 3.054923], [-102.62834691, -104.16604516, 5.05357975], [-102.62745165, -104.0927634, 7.0522365], [-102.62655615, -104.01948163, 9.05089349], [-102.62566089, -103.94619939, 11.04955024], [-102.62476563, -103.87291763, 13.04820699], [-102.62387013, -103.79963562, 15.04686326], [-102.62297487, -103.72635362, 17.04552049], [-102.62207937, -103.65307162, 19.04417772], [-102.6211841, -103.57978961, 21.04283494], [-102.62028884, -103.50650785, 23.04149026], [-102.61939334, -103.43322585, 25.04014749], [-102.61849808, -103.35994384, 27.03880472], [-102.61760258, -103.28666184, 29.03746194], [-102.61670732, -103.21338007, 31.03611726], [-102.61581206, -103.14009807, 33.03477449], [-102.61491656, -103.06681607, 35.03343172], [-102.61402129, -102.99353406, 37.03208894], [-102.61312603, -102.9202523, 39.03074617], [-102.61223053, -102.8469703, 41.02940339], [-102.61133527, -102.77368829, 43.02806062], [-102.61043977, -102.70040629, 45.02671403], [-102.60954451, -102.62712452, 47.02537126], [-102.60864925, -102.55384252, 49.02402849], [-102.60775375, -102.48056052, 51.02268571], [-102.60685848, -102.40727851, 53.02134294], [-102.60596322, -102.33399651, 55.02000017], [-102.60506772, -102.26071474, 57.01865739], [-102.60417246, -102.18743274, 59.01731462], [-102.60327696, -102.11415074, 61.01596803], [-102.6023817, -102.04086873, 63.01462526], [-102.60148644, -101.96758697, 65.01328248], [-102.60059094, -101.89430497, 67.01193971], [-102.59969568, -101.82102296, 69.01060075], [-102.59880041, -101.74774108, 71.00925035], [-102.59790491, -101.67445908, 73.00790758], [-102.59700965, -101.60117719, 75.0065648], [-102.59611415, -101.52789519, 77.00522203], [-102.59521889, -101.45461318, 79.00387926], [-102.59432363, -101.3813313, 81.00253648], [-102.59342813, -101.3080493, 83.00119371], [-102.59253287, -101.23476741, 84.99985094], [-102.59163737, -101.16148541, 86.99850816]], "CsaImage.TimeAfterStart": [1.0825, 0.7225, 1.0925, 0.7325, 1.1025, 0.7425, 1.1125, 0.7525, 1.1225, 0.7625, 1.1325, 0.7725, 1.1425, 0.7825, 1.1525, 0.7925, 1.1625, 0.8025, 1.1725, 0.8125, 1.1825, 0.8225, 1.1925, 0.8325, 1.2025, 0.8425, 1.2125, 0.8525, 1.2225, 0.8625, 1.2325, 0.8725, 1.2425, 0.8825, 1.2525, 0.8925, 1.2625, 0.9025, 1.2725, 0.9125, 1.2825, 0.9225, 1.2925, 0.9325, 1.3025, 0.9425, 1.3125, 0.9525, 1.3225, 0.9625, 1.3325, 0.9725, 1.3425, 0.9825, 1.3525, 0.9925, 1.3625, 1.0025, 1.3725, 1.0125, 1.3825, 1.0225, 1.3925, 1.0325, 1.4025, 1.0425, 1.4125, 1.0525, 1.4225, 1.0625, 1.4325, 1.0725], "ImagePositionPatient": [[-102.65520738839, -106.36450383609, -54.906124406561], [-102.65431212662, -106.29122159427, -52.907467179998], [-102.65341686486, -106.21793982929, -50.908809953436], [-102.65252136467, -106.1446580643, -48.910152726873], [-102.65162610291, -106.07137582248, -46.911495500311], [-102.65073084114, -105.9980940575, -44.912838273748], [-102.64983534096, -105.92481229251, -42.914184861883], [-102.6489400792, -105.85153005069, -40.915527635321], [-102.64804457901, -105.77824828571, -38.916870408758], [-102.64714931725, -105.70496604389, -36.918213182196], [-102.64625405548, -105.6316842789, -34.919555955633], [-102.6453585553, -105.55840251392, -32.920898729071], [-102.64446329354, -105.4851202721, -30.922241502508], [-102.64356779335, -105.41183850711, -28.923584275946], [-102.64267253159, -105.33855626529, -26.924928956732], [-102.64177726982, -105.26527450031, -24.926271730169], [-102.64088176964, -105.19199273532, -22.927614503607], [-102.63998650788, -105.1187104935, -20.928959184393], [-102.63909124611, -105.04542872852, -18.930301957831], [-102.63819574593, -104.97214696353, -16.931644731268], [-102.63730048417, -104.89886472171, -14.932987504706], [-102.63640498398, -104.82558295673, -12.934332185492], [-102.63550972222, -104.75230071491, -10.935674958929], [-102.63461446045, -104.67901894992, -8.9370177323666], [-102.63371896027, -104.60573718494, -6.9383605058041], [-102.63282369851, -104.53245494312, -4.939704232916], [-102.63192843674, -104.45917317813, -2.9410474831906], [-102.63103293656, -104.38589093631, -0.9423907334653], [-102.63013767479, -104.31260917133, 1.0562662546786], [-102.62924217461, -104.23932740634, 3.054923004404], [-102.62834691285, -104.16604516452, 5.0535797541293], [-102.62745165108, -104.09276339954, 7.0522365038547], [-102.6265561509, -104.01948163455, 9.0508934919986], [-102.62566088913, -103.94619939273, 11.049550241724], [-102.62476562737, -103.87291762775, 13.048206991449], [-102.62387012719, -103.79963562435, 15.046863264337], [-102.62297486542, -103.72635362094, 17.0455204909], [-102.62207936524, -103.65307161754, 19.044177717462], [-102.62118410347, -103.57978961414, 21.042834944025], [-102.62028884171, -103.50650784915, 23.041490263239], [-102.61939334153, -103.43322584575, 25.040147489801], [-102.61849807976, -103.35994384235, 27.038804716364], [-102.61760257958, -103.28666183895, 29.037461942926], [-102.61670731781, -103.21338007396, 31.03611726214], [-102.61581205605, -103.14009807056, 33.034774488703], [-102.61491655587, -103.06681606716, 35.033431715265], [-102.6140212941, -102.99353406375, 37.032088941828], [-102.61312603234, -102.92025229877, 39.03074616839], [-102.61223053215, -102.84697029537, 41.029403394953], [-102.61133527039, -102.77368829196, 43.028060621515], [-102.61043977021, -102.70040628856, 45.02671403338], [-102.60954450844, -102.62712452358, 47.025371259943], [-102.60864924668, -102.55384252017, 49.024028486505], [-102.60775374649, -102.48056051677, 51.022685713068], [-102.60685848473, -102.40727851337, 53.02134293963], [-102.60596322297, -102.33399650997, 55.020000166193], [-102.60506772278, -102.26071474498, 57.018657392755], [-102.60417246102, -102.18743274158, 59.017314619318], [-102.60327696083, -102.11415073818, 61.015968031183], [-102.60238169907, -102.04086873477, 63.014625257746], [-102.60148643731, -101.96758696979, 65.013282484308], [-102.60059093712, -101.89430496639, 67.011939710871], [-102.59969567536, -101.82102296298, 69.01060075213], [-102.59880041359, -101.74774107879, 71.009250349298], [-102.59790491341, -101.67445907539, 73.007907575861], [-102.59700965165, -101.60117719119, 75.006564802423], [-102.59611415146, -101.52789518779, 77.005222028986], [-102.5952188897, -101.45461318439, 79.003879255548], [-102.59432362793, -101.3813313002, 81.002536482111], [-102.59342812775, -101.30804929679, 83.001193708673], [-102.59253286599, -101.2347674126, 84.999850935236], [-102.5916373658, -101.1614854092, 86.998508161798]], "InstanceCreationTime": ["105848.943000", "105848.866000", "105848.945000", "105848.869000", "105848.947000", "105848.870000", "105848.949000", "105848.872000", "105848.950000", "105848.874000", "105848.952000", "105848.876000", "105848.954000", "105848.878000", "105848.956000", "105848.879000", "105848.958000", "105848.881000", "105848.959000", "105848.883000", "105848.961000", "105848.885000", "105848.963000", "105848.887000", "105848.965000", "105848.889000", "105848.967000", "105848.891000", "105848.968000", "105848.893000", "105848.970000", "105848.894000", "105848.972000", "105848.896000", "105848.974000", "105848.898000", "105848.976000", "105848.900000", "105848.977000", "105848.903000", "105848.979000", "105848.905000", "105848.981000", "105848.906000", "105848.983000", "105848.912000", "105848.985000", "105848.914000", "105848.987000", "105848.916000", "105848.988000", "105848.920000", "105848.990000", "105848.922000", "105848.995000", "105848.924000", "105848.998000", "105848.926000", "105849.001000", "105848.928000", "105849.005000", "105848.930000", "105849.007000", "105848.932000", "105849.013000", "105848.934000", "105849.015000", "105848.937000", "105849.017000", "105848.939000", "105849.019000", "105848.941000"], "InstanceNumber": [1, 2, 3, 4, 5, 6, 7, 8, 9, 10, 11, 12, 13, 14, 15, 16, 17, 18, 19, 20, 21, 22, 23, 24, 25, 26, 27, 28, 29, 30, 31, 32, 33, 34, 35, 36, 37, 38, 39, 40, 41, 42, 43, 44, 45, 46, 47, 48, 49, 50, 51, 52, 53, 54, 55, 56, 57, 58, 59, 60, 61, 62, 63, 64, 65, 66, 67, 68, 69, 70, 71, 72], "LargestImagePixelValue": [4093, 4095, 4095, 4095, 4094, 4092, 4095, 4094, 4094, 4093, 4094, 4091, 4095, 4095, 4095, 4095, 4094, 4091, 4095, 4093, 4093, 4091, 4094, 4093, 4091, 4095, 4095, 4094, 4093, 4094, 4091, 4092, 4092, 4093, 4095, 4091, 4094, 4094, 4095, 4084, 4090, 4092, 4090, 4093, 4093, 4092, 4093, 4094, 4092, 4095, 4094, 4094, 4094, 4095, 4093, 4094, 4095, 4094, 4094, 4091, 4094, 4094, 4094, 4093, 4094, 4095, 4095, 4092, 4095, 4094, 4095, 4094], "SliceLocation": [-58.812504408883, -56.812503959446, -54.81250352748, -52.812503095407, -50.81250264597, -48.812502214004, -46.812505594067, -44.812505144629, -42.812504712557, -40.812504263119, -38.812503831154, -36.812503399081, -34.812502949643, -32.812502517571, -30.812503974201, -28.812503542235, -26.812503110163, -24.812504566793, -22.812504134827, -20.812503702755, -18.812503253317, -16.812504727312, -14.812504277875, -12.812503845909, -10.812503413836, -8.8125039174326, -6.8125039619838, -4.8125039889564, -2.8125037952491, -0.8125038396935, 1.1874961332272, 3.187496088676, 5.1874962824901, 7.1874962554107, 9.1874962108596, 11.187495698634, 13.187496139336, 15.187496580144, 17.187497020846, 19.187495546744, 21.187495987552, 23.187496428254, 25.187496869062, 27.187495394961, 29.187495835662, 31.187496276471, 33.187496717172, 35.187497149138, 37.187497589946, 39.187498030648, 41.187494659321, 43.187495091287, 45.187495531989, 47.187495972797, 49.187496413499, 51.1874968542, 53.187497286273, 55.187497726975, 57.187494355648, 59.187494796349, 61.187495228315, 63.187495669123, 65.18749992196, 67.187492734024, 69.187493174832, 71.187493611166, 73.187494051974, 75.187494492676, 77.187494929009, 79.187495369818, 81.187495806152, 83.18749624696], "SmallestImagePixelValue": [0, 2, 0, 0, 3, 0, 3, 3, 0, 0, 2, 1, 0, 0, 0, 0, 0, 0, 0, 0, 1, 0, 0, 0, 1, 0, 0, 0, 3, 7, 0, 4, 0, 0, 0, 3, 1, 2, 1, 9, 2, 3, 2, 0, 5, 1, 5, 7, 0, 0, 0, 0, 2, 0, 1, 0, 0, 0, 0, 0, 0, 0, 1, 0, 0, 0, 0, 0, 0, 0, 0, 0], "WindowCenter": [-314.0, -268.0, -284.0, -260.0, -242.0, -236.0, -226.0, -238.0, -220.0, -204.0, -206.0, -190.0, -146.0, -134.0, -86.0, -62.0, -68.0, -148.0, -198.0, -202.0, -210.0, -248.0, -256.0, -310.0, -304.0, -304.0, -270.0, -258.0, -216.0, -194.0, -186.0, -174.0, -192.0, -170.0, -152.0, -140.0, -122.0, -136.0, -148.0, -104.0, -116.0, -104.0, -88.0, -92.0, -54.0, -20.0, -14.0, 32.0, -30.0, -40.0, -44.0, -66.0, -44.0, -94.0, -106.0, -44.0, -84.0, -70.0, -106.0, -104.0, -126.0, -140.0, -190.0, -178.0, -218.0, -192.0, -234.0, -332.0, -318.0, -334.0, -360.0, -358.0], "WindowWidth": [6202.0, 6242.0, 6320.0, 6348.0, 6298.0, 6270.0, 6270.0, 6292.0, 6296.0, 6310.0, 6284.0, 6236.0, 6248.0, 6264.0, 6286.0, 6314.0, 6290.0, 6232.0, 6186.0, 6114.0, 6072.0, 6016.0, 5974.0, 5818.0, 5728.0, 5628.0, 5644.0, 5644.0, 5660.0, 5590.0, 5622.0, 5516.0, 5300.0, 5454.0, 5552.0, 5522.0, 5552.0, 5494.0, 5348.0, 5462.0, 5426.0, 5432.0, 5416.0, 5242.0, 5316.0, 5358.0, 5284.0, 5394.0, 5172.0, 5296.0, 5358.0, 5238.0, 5288.0, 5136.0, 5162.0, 5492.0, 5398.0, 5536.0, 5484.0, 5566.0, 5616.0, 5784.0, 5782.0, 5916.0, 6064.0, 6110.0, 6184.0, 6258.0, 6392.0, 6388.0, 6354.0, 6422.0]}}, "IntendedFor": ["ses-1/func/sub-31_ses-1_task-motor_run-01_bold.nii.gz", "ses-1/func/sub-31_ses-1_task-motor_run-02_bold.nii.gz", "ses-1/func/sub-31_ses-1_task-motor_run-03_bold.nii.gz", "ses-1/func/sub-31_ses-1_task-motor_run-04_bold.nii.gz", "ses-1/func/sub-31_ses-1_task-motor_run-06_bold.nii.gz", "ses-1/func/sub-31_ses-1_task-motor_run-05_bold.nii.gz"]}