{"AcquisitionMatrixPE": 100, "AcquisitionNumber": 1, "AcquisitionTime": "12:06:29.585000", "BaseResolution": 100, "BodyPartExamined": "BRAIN", "ConsistencyInfo": "N4_VE11C_LATEST_20160120", "ConversionSoftware": "dcm2niix", "ConversionSoftwareVersion": "v1.0.20180622 GCC4.9.2", "DeviceSerialNumber": "166078", "DwellTime": 8.8e-06, "EchoNumber": 2, "EchoTime": 0.00738, "EchoTime1": 0.00492, "EchoTime2": 0.00738, "FlipAngle": 60, "ImageOrientationPatientDICOM": [0.999451, 0.00300311, 0.0329964, -6.4958e-11, 0.995884, -0.0906388], "ImageType": ["ORIGINAL", "PRIMARY", "P", "ND"], "InPlanePhaseEncodingDirectionDICOM": "ROW", "InstitutionAddress": "Street_StreetNo_Bei_Jing_District_CN_ZIP", "InstitutionName": "BeiJing_Normal_University", "InstitutionalDepartmentName": "Department", "MRAcquisitionType": "2D", "MagneticFieldStrength": 3, "Manufacturer": "Siemens", "ManufacturersModelName": "Prisma", "Modality": "MR", "PartialFourier": 1, "PatientPosition": "HFS", "PercentPhaseFOV": 100, "PhaseEncodingDirection": "i", "PhaseEncodingSteps": 100, "PhaseResolution": 1, "PixelBandwidth": 570, "ProcedureStepDescription": "BNU_P2018_64CH_Liu.Jia", "ProtocolName": "field_mapping_2x2x2", "PulseSequenceDetails": "%SiemensSeq%_gre_field_mapping", "ReceiveCoilActiveElements": "HC1-7;NC1", "ReceiveCoilName": "HeadNeck_64", "ReconMatrixPE": 100, "RepetitionTime": 0.72, "SAR": 0.107785, "ScanningSequence": "GR", "SequenceName": "_fm2d2r", "SequenceVariant": "SP", "SeriesDescription": "field_mapping_2x2x2", "SeriesNumber": 8, "ShimSetting": [-5454, -11515, -1258, 340, 1, -267, -74, 37], "SliceThickness": 2, "SoftwareVersions": "syngo_MR_E11", "SpacingBetweenSlices": 2, "StationName": "AWP166078", "TxRefAmp": 222.689, "dcmmeta_affine": [[-1.9989019632339478, -1.2991599462885972e-10, 0.06626558303833008, 99.3802261352539], [-0.006006229668855667, 1.9917676448822021, -0.18117809295654297, -82.82723236083984], [0.06599275767803192, 0.18127767741680145, 1.9906692504882812, -79.59706115722656], [0.0, 0.0, 0.0, 1.0]], "dcmmeta_reorient_transform": [[0.0, -1.0, 0.0, 99.0], [1.0, 0.0, 0.0, 0.0], [0.0, 0.0, -1.0, 71.0], [0.0, 0.0, 0.0, 1.0]], "dcmmeta_shape": [100, 100, 72], "dcmmeta_slice_dim": 2, "dcmmeta_version": 0.6, "global": {"const": {"AcquisitionMatrix": [0, 100, 100, 0], "AcquisitionNumber": 1, "AngioFlag": "N", "BitsAllocated": 16, "BitsStored": 12, "BodyPartExamined": "BRAIN", "Columns": 100, "EchoNumbers": 2, "EchoTime": 7.38, "EchoTrainLength": 0, "FlipAngle": 60.0, "HighBit": 11, "ImageOrientationPatient": [0.99945095942101, 0.00300311476765, 0.03299637880303, -6.4958e-11, 0.99588382926614, -0.0906388360815], "ImageType": ["ORIGINAL", "PRIMARY", "P", "ND"], "ImagedNucleus": "1H", "ImagingFrequency": 123.257814, "InPlanePhaseEncodingDirection": "ROW", "MRAcquisitionType": "2D", "MagneticFieldStrength": 3.0, "Manufacturer": "SIEMENS", "ManufacturerModelName": "Prisma", "Modality": "MR", "NumberOfAverages": 1.0, "NumberOfPhaseEncodingSteps": 100, "PercentPhaseFieldOfView": 100.0, "PercentSampling": 100.0, "PerformedProcedureStepStartTime": "113713.140000", "PhotometricInterpretation": "MONOCHROME2", "PixelBandwidth": 570.0, "PixelRepresentation": 0, "PixelSpacing": [2.0, 2.0], "ProtocolName": "field_mapping_2x2x2", "RepetitionTime": 720.0, "RescaleIntercept": -4096.0, "RescaleSlope": 2.0, "RescaleType": "US", "Rows": 100, "SAR": 0.1077849045773, "SamplesPerPixel": 1, "ScanningSequence": "GR", "SequenceName": "*fm2d2r", "SequenceVariant": "SP", "SeriesDescription": "field_mapping_2x2x2", "SeriesNumber": 8, "SeriesTime": "120853.968000", "SliceThickness": 2.0, "SoftwareVersions": "syngo MR E11", "SpacingBetweenSlices": 2.0, "SpecificCharacterSet": "ISO_IR 100", "StudyID": "1", "StudyTime": "113713.050000", "TransmitCoilName": "Body", "VariableFlipAngleFlag": "N", "WindowCenterWidthExplanation": "Algo1", "dBdt": 0.0}, "slices": {"AcquisitionTime": ["120629.585000", "120629.225000", "120629.595000", "120629.235000", "120629.605000", "120629.245000", "120629.615000", "120629.255000", "120629.625000", "120629.265000", "120629.635000", "120629.275000", "120629.645000", "120629.285000", "120629.655000", "120629.295000", "120629.665000", "120629.305000", "120629.675000", "120629.315000", "120629.685000", "120629.325000", "120629.695000", "120629.335000", "120629.705000", "120629.345000", "120629.715000", "120629.355000", "120629.725000", "120629.365000", "120629.735000", "120629.375000", "120629.745000", "120629.385000", "120629.755000", "120629.395000", "120629.765000", "120629.405000", "120629.775000", "120629.415000", "120629.785000", "120629.425000", "120629.795000", "120629.435000", "120629.805000", "120629.445000", "120629.815000", "120629.455000", "120629.825000", "120629.465000", "120629.835000", "120629.475000", "120629.845000", "120629.485000", "120629.855000", "120629.495000", "120629.865000", "120629.505000", "120629.875000", "120629.515000", "120629.885000", "120629.525000", "120629.895000", "120629.535000", "120629.905000", "120629.545000", "120629.915000", "120629.555000", "120629.925000", "120629.565000", "120629.935000", "120629.575000"], "ContentTime": ["120854.053000", "120853.970000", "120854.054000", "120853.972000", "120854.056000", "120853.974000", "120854.058000", "120853.975000", "120854.060000", "120853.977000", "120854.061000", "120853.979000", "120854.063000", "120853.981000", "120854.065000", "120853.983000", "120854.067000", "120853.984000", "120854.069000", "120853.986000", "120854.070000", "120853.988000", "120854.072000", "120853.990000", "120854.074000", "120853.992000", "120854.076000", "120853.993000", "120854.077000", "120853.995000", "120854.079000", "120853.997000", "120854.081000", "120854.000000", "120854.083000", "120854.002000", "120854.085000", "120854.003000", "120854.086000", "120854.005000", "120854.088000", "120854.007000", "120854.090000", "120854.009000", "120854.092000", "120854.011000", "120854.093000", "120854.012000", "120854.095000", "120854.031000", "120854.097000", "120854.033000", "120854.099000", "120854.035000", "120854.101000", "120854.037000", "120854.102000", "120854.039000", "120854.104000", "120854.040000", "120854.106000", "120854.042000", "120854.108000", "120854.044000", "120854.110000", "120854.046000", "120854.111000", "120854.047000", "120854.113000", "120854.049000", "120854.115000", "120854.051000"], "CsaImage.GSWDDataType": ["measured", "predicted", "measured", "predicted", "measured", "predicted", "measured", "predicted", "measured", "predicted", "measured", "predicted", "measured", "predicted", "measured", "predicted", "measured", "predicted", "measured", "predicted", "measured", "predicted", "measured", "predicted", "measured", "predicted", "measured", "predicted", "measured", "predicted", "measured", "predicted", "measured", "predicted", "measured", "predicted", "measured", "predicted", "measured", "predicted", "measured", "predicted", "measured", "predicted", "measured", "predicted", "measured", "predicted", "measured", "predicted", "measured", "predicted", "measured", "predicted", "measured", "predicted", "measured", "predicted", "measured", "predicted", "measured", "predicted", "measured", "predicted", "measured", "measured", "measured", "measured", "measured", "measured", "measured", "measured"], "CsaImage.ICE_Dims": ["X_2_1_1_1_1_1_37_1_1_1_1_88", "X_2_1_1_1_1_1_1_1_1_2_1_88", "X_2_1_1_1_1_1_38_1_1_3_1_88", "X_2_1_1_1_1_1_2_1_1_4_1_88", "X_2_1_1_1_1_1_39_1_1_5_1_88", "X_2_1_1_1_1_1_3_1_1_6_1_88", "X_2_1_1_1_1_1_40_1_1_7_1_88", "X_2_1_1_1_1_1_4_1_1_8_1_88", "X_2_1_1_1_1_1_41_1_1_9_1_88", "X_2_1_1_1_1_1_5_1_1_10_1_88", "X_2_1_1_1_1_1_42_1_1_11_1_88", "X_2_1_1_1_1_1_6_1_1_12_1_88", "X_2_1_1_1_1_1_43_1_1_13_1_88", "X_2_1_1_1_1_1_7_1_1_14_1_88", "X_2_1_1_1_1_1_44_1_1_15_1_88", "X_2_1_1_1_1_1_8_1_1_16_1_88", "X_2_1_1_1_1_1_45_1_1_17_1_88", "X_2_1_1_1_1_1_9_1_1_18_1_88", "X_2_1_1_1_1_1_46_1_1_19_1_88", "X_2_1_1_1_1_1_10_1_1_20_1_88", "X_2_1_1_1_1_1_47_1_1_21_1_88", "X_2_1_1_1_1_1_11_1_1_22_1_88", "X_2_1_1_1_1_1_48_1_1_23_1_88", "X_2_1_1_1_1_1_12_1_1_24_1_88", "X_2_1_1_1_1_1_49_1_1_25_1_88", "X_2_1_1_1_1_1_13_1_1_26_1_88", "X_2_1_1_1_1_1_50_1_1_27_1_88", "X_2_1_1_1_1_1_14_1_1_28_1_88", "X_2_1_1_1_1_1_51_1_1_29_1_88", "X_2_1_1_1_1_1_15_1_1_30_1_88", "X_2_1_1_1_1_1_52_1_1_31_1_88", "X_2_1_1_1_1_1_16_1_1_32_1_88", "X_2_1_1_1_1_1_53_1_1_33_1_88", "X_2_1_1_1_1_1_17_1_1_34_1_88", "X_2_1_1_1_1_1_54_1_1_35_1_88", "X_2_1_1_1_1_1_18_1_1_36_1_88", "X_2_1_1_1_1_1_55_1_1_37_1_88", "X_2_1_1_1_1_1_19_1_1_38_1_88", "X_2_1_1_1_1_1_56_1_1_39_1_88", "X_2_1_1_1_1_1_20_1_1_40_1_88", "X_2_1_1_1_1_1_57_1_1_41_1_88", "X_2_1_1_1_1_1_21_1_1_42_1_88", "X_2_1_1_1_1_1_58_1_1_43_1_88", "X_2_1_1_1_1_1_22_1_1_44_1_88", "X_2_1_1_1_1_1_59_1_1_45_1_88", "X_2_1_1_1_1_1_23_1_1_46_1_88", "X_2_1_1_1_1_1_60_1_1_47_1_88", "X_2_1_1_1_1_1_24_1_1_48_1_88", "X_2_1_1_1_1_1_61_1_1_49_1_88", "X_2_1_1_1_1_1_25_1_1_50_1_88", "X_2_1_1_1_1_1_62_1_1_51_1_88", "X_2_1_1_1_1_1_26_1_1_52_1_88", "X_2_1_1_1_1_1_63_1_1_53_1_88", "X_2_1_1_1_1_1_27_1_1_54_1_88", "X_2_1_1_1_1_1_64_1_1_55_1_88", "X_2_1_1_1_1_1_28_1_1_56_1_88", "X_2_1_1_1_1_1_65_1_1_57_1_88", "X_2_1_1_1_1_1_29_1_1_58_1_88", "X_2_1_1_1_1_1_66_1_1_59_1_88", "X_2_1_1_1_1_1_30_1_1_60_1_88", "X_2_1_1_1_1_1_67_1_1_61_1_88", "X_2_1_1_1_1_1_31_1_1_62_1_88", "X_2_1_1_1_1_1_68_1_1_63_1_88", "X_2_1_1_1_1_1_32_1_1_64_1_88", "X_2_1_1_1_1_1_69_1_1_65_1_88", "X_2_1_1_1_1_1_33_1_1_66_1_88", "X_2_1_1_1_1_1_70_1_1_67_1_88", "X_2_1_1_1_1_1_34_1_1_68_1_88", "X_2_1_1_1_1_1_71_1_1_69_1_88", "X_2_1_1_1_1_1_35_1_1_70_1_88", "X_2_1_1_1_1_1_72_1_1_71_1_88", "X_2_1_1_1_1_1_36_1_1_72_1_88"], "CsaImage.ProtocolSliceNumber": [0, 1, 2, 3, 4, 5, 6, 7, 8, 9, 10, 11, 12, 13, 14, 15, 16, 17, 18, 19, 20, 21, 22, 23, 24, 25, 26, 27, 28, 29, 30, 31, 32, 33, 34, 35, 36, 37, 38, 39, 40, 41, 42, 43, 44, 45, 46, 47, 48, 49, 50, 51, 52, 53, 54, 55, 56, 57, 58, 59, 60, 61, 62, 63, 64, 65, 66, 67, 68, 69, 70, 71], "CsaImage.RFSWDDataType": ["measured", "predicted", "measured", "predicted", "measured", "predicted", "measured", "predicted", "measured", "predicted", "measured", "predicted", "measured", "predicted", "measured", "predicted", "measured", "predicted", "measured", "predicted", "measured", "predicted", "measured", "predicted", "measured", "predicted", "measured", "predicted", "measured", "predicted", "measured", "predicted", "measured", "predicted", "measured", "predicted", "measured", "predicted", "measured", "predicted", "measured", "predicted", "measured", "predicted", "measured", "predicted", "measured", "predicted", "measured", "predicted", "measured", "predicted", "measured", "predicted", "measured", "predicted", "measured", "predicted", "measured", "measured", "measured", "measured", "measured", "measured", "measured", "measured", "measured", "measured", "measured", "measured", "measured", "measured"], "CsaImage.SlicePosition_PCS": [[-99.38023142, -114.35777151, -61.6509154], [-99.44649697, -114.17659342, -59.66023853], [-99.5127625, -113.99541533, -57.66956546], [-99.57902802, -113.81423628, -55.67888858], [-99.64529351, -113.63305819, -53.68821551], [-99.71155905, -113.4518801, -51.69754245], [-99.77782457, -113.270702, -49.70686938], [-99.84409009, -113.08952391, -47.7161925], [-99.91035561, -112.90834582, -45.72551944], [-99.97662113, -112.72716772, -43.73484637], [-100.04288665, -112.54598963, -41.74417331], [-100.10915218, -112.36481154, -39.75349643], [-100.1754177, -112.18363344, -37.76282336], [-100.24168322, -112.00245535, -35.7721503], [-100.30794875, -111.82127726, -33.78147723], [-100.37421427, -111.64009917, -31.79080035], [-100.44047976, -111.45892107, -29.80012729], [-100.50674532, -111.27774298, -27.80945422], [-100.57301084, -111.09656489, -25.81877925], [-100.63927636, -110.91538679, -23.82810428], [-100.70554189, -110.73420775, -21.83743121], [-100.77180741, -110.55302965, -19.84675624], [-100.83807293, -110.37185156, -17.85608318], [-100.9043384, -110.19067347, -15.8654082], [-100.97060398, -110.00949538, -13.87473514], [-101.03686945, -109.82831728, -11.88406017], [-101.10313503, -109.64713919, -9.89338615], [-101.16940049, -109.4659611, -7.90271213], [-101.23566608, -109.284783, -5.91203811], [-101.30193154, -109.10360491, -3.92136409], [-101.36819712, -108.92242682, -1.93069007], [-101.43446259, -108.74124872, 0.05998442], [-101.50072817, -108.56007063, 2.05065844], [-101.56699363, -108.37889254, 4.04133246], [-101.63325922, -108.19771445, 6.03200654], [-101.69952468, -108.01653635, 8.02268074], [-101.76579014, -107.83535778, 10.01335452], [-101.83205573, -107.65417969, 12.00402901], [-101.89832119, -107.4730016, 13.99470303], [-101.96458665, -107.2918235, 15.98537705], [-102.03085224, -107.11064541, 17.97605107], [-102.09711782, -106.92946684, 19.96672509], [-102.1633834, -106.74828875, 21.95739911], [-102.22964875, -106.56711066, 23.94807408], [-102.29591433, -106.38593256, 25.93874715], [-102.36217991, -106.20475447, 27.92942212], [-102.4284455, -106.02357638, 29.92009518], [-102.49471084, -105.84239828, 31.91077016], [-102.56097642, -105.66122019, 33.90144322], [-102.62724201, -105.48004162, 35.89211819], [-102.69350759, -105.29886353, 37.88279126], [-102.75977294, -105.11768544, 39.87346433], [-102.82603852, -104.93650734, 41.86414121], [-102.8923041, -104.75532925, 43.85481427], [-102.95856968, -104.57415116, 45.84548734], [-103.02483503, -104.39297306, 47.83616422], [-103.09110061, -104.21179497, 49.82683728], [-103.1573662, -104.03061688, 51.81751035], [-103.22363178, -103.84943855, 53.80818341], [-103.28989712, -103.66826045, 55.79886029], [-103.35616271, -103.48708212, 57.78953336], [-103.42242829, -103.30590403, 59.78020642], [-103.48869363, -103.12472594, 61.77087949], [-103.55495922, -102.94354784, 63.76155637], [-103.6212248, -102.76236951, 65.75222943], [-103.68749038, -102.58119142, 67.7429025], [-103.75375573, -102.40001333, 69.73357938], [-103.82002131, -102.21883523, 71.72425244], [-103.88628689, -102.0376569, 73.71492932], [-103.95255224, -101.85647881, 75.70559857], [-104.01881782, -101.67530072, 77.69627545], [-104.0850834, -101.49412262, 79.6869447]], "CsaImage.TimeAfterStart": [1.0825, 0.7225, 1.0925, 0.7325, 1.1025, 0.7425, 1.1125, 0.7525, 1.1225, 0.7625, 1.1325, 0.7725, 1.1425, 0.7825, 1.1525, 0.7925, 1.1625, 0.8025, 1.1725, 0.8125, 1.1825, 0.8225, 1.1925, 0.8325, 1.2025, 0.8425, 1.2125, 0.8525, 1.2225, 0.8625, 1.2325, 0.8725, 1.2425, 0.8825, 1.2525, 0.8925, 1.2625, 0.9025, 1.2725, 0.9125, 1.2825, 0.9225, 1.2925, 0.9325, 1.3025, 0.9425, 1.3125, 0.9525, 1.3225, 0.9625, 1.3325, 0.9725, 1.3425, 0.9825, 1.3525, 0.9925, 1.3625, 1.0025, 1.3725, 1.0125, 1.3825, 1.0225, 1.3925, 1.0325, 1.4025, 1.0425, 1.4125, 1.0525, 1.4225, 1.0625, 1.4325, 1.0725], "ImagePositionPatient": [[-99.380231419347, -114.35777151367, -61.650915404962], [-99.446496972583, -114.17659342071, -59.660238525079], [-99.512762496017, -113.99541532776, -57.669565459893], [-99.57902801945, -113.81423628113, -55.678888580011], [-99.645293513082, -113.63305818817, -53.688215514825], [-99.711559051417, -113.45188009521, -51.697542449639], [-99.77782457485, -113.27070200226, -49.706869384454], [-99.844090090833, -113.0895239093, -47.716192504571], [-99.910355610542, -112.90834581634, -45.725519439386], [-99.976621133975, -112.72716772339, -43.7348463742], [-100.04288665368, -112.54598963043, -41.744173309014], [-100.10915217712, -112.36481153747, -39.753496429132], [-100.17541770055, -112.18363344452, -37.762823363946], [-100.24168322398, -112.00245535156, -35.772150298761], [-100.30794874742, -111.8212772586, -33.781477233575], [-100.37421427085, -111.64009916565, -31.790800353692], [-100.44047976448, -111.45892107269, -29.800127288507], [-100.50674531772, -111.27774297973, -27.809454223321], [-100.57301084115, -111.09656488678, -25.818779250787], [-100.63927636459, -110.91538679382, -23.828104278253], [-100.70554188802, -110.73420774719, -21.837431213067], [-100.77180741145, -110.55302965423, -19.846756240533], [-100.83807293489, -110.37185156128, -17.856083175347], [-100.90433839872, -110.19067346832, -15.865408202813], [-100.97060398176, -110.00949537536, -13.874735137628], [-101.03686944558, -109.82831728241, -11.884060165094], [-101.10313502862, -109.64713918945, -9.8933861462337], [-101.16940049245, -109.46596109649, -7.9027121273738], [-101.23566607549, -109.28478300354, -5.9120381085139], [-101.30193153932, -109.10360491058, -3.9213640896541], [-101.36819712236, -108.92242681762, -1.9306900707942], [-101.43446258619, -108.74124872467, 0.0599844249028], [-101.50072816922, -108.56007063171, 2.0506584437627], [-101.56699363305, -108.37889253876, 4.0413324626225], [-101.63325921609, -108.1977144458, 6.032006541087], [-101.69952467992, -108.01653635284, 8.0226807387608], [-101.76579014375, -107.83535778305, 10.013354519202], [-101.83205572679, -107.65417969009, 12.004029014899], [-101.89832119062, -107.47300159714, 13.994703033759], [-101.96458665445, -107.29182350418, 15.985377052619], [-102.03085223749, -107.11064541122, 17.976051071479], [-102.09711782052, -106.92946684143, 19.966725090339], [-102.16338340356, -106.74828874847, 21.957399109198], [-102.22964874818, -106.56711065552, 23.948074081733], [-102.29591433122, -106.38593256256, 25.938747146918], [-102.36217991426, -106.2047544696, 27.929422119452], [-102.4284454973, -106.02357637665, 29.920095184638], [-102.49471084192, -105.84239828369, 31.910770157172], [-102.56097642495, -105.66122019073, 33.901443222358], [-102.62724200799, -105.48004162094, 35.892118194892], [-102.69350759103, -105.29886352798, 37.882791260077], [-102.75977293565, -105.11768543503, 39.873464325263], [-102.82603851869, -104.93650734207, 41.864141205146], [-102.89230410173, -104.75532924911, 43.854814270331], [-102.95856968477, -104.57415115616, 45.845487335517], [-103.02483502939, -104.3929730632, 47.8361642154], [-103.09110061242, -104.21179497024, 49.826837280585], [-103.15736619546, -104.03061687729, 51.817510345771], [-103.2236317785, -103.84943854591, 53.808183410956], [-103.28989712312, -103.66826045296, 55.798860290839], [-103.35616270616, -103.48708212158, 57.789533356025], [-103.4224282892, -103.30590402862, 59.78020642121], [-103.48869363382, -103.12472593567, 61.770879486396], [-103.55495921686, -102.94354784271, 63.761556366279], [-103.62122479989, -102.76236951134, 65.752229431464], [-103.68749038293, -102.58119141838, 67.74290249665], [-103.75375572755, -102.40001332542, 69.733579376532], [-103.82002131059, -102.21883523247, 71.724252441718], [-103.88628689363, -102.03765690109, 73.714929321601], [-103.95255223825, -101.85647880813, 75.705598572089], [-104.01881782129, -101.67530071518, 77.696275451972], [-104.08508340432, -101.49412262222, 79.68694470246]], "InstanceCreationTime": ["120854.053000", "120853.970000", "120854.054000", "120853.972000", "120854.056000", "120853.974000", "120854.058000", "120853.975000", "120854.060000", "120853.977000", "120854.061000", "120853.979000", "120854.063000", "120853.981000", "120854.065000", "120853.983000", "120854.067000", "120853.984000", "120854.069000", "120853.986000", "120854.070000", "120853.988000", "120854.072000", "120853.990000", "120854.074000", "120853.992000", "120854.076000", "120853.993000", "120854.077000", "120853.995000", "120854.079000", "120853.997000", "120854.081000", "120854.000000", "120854.083000", "120854.002000", "120854.085000", "120854.003000", "120854.086000", "120854.005000", "120854.088000", "120854.007000", "120854.090000", "120854.009000", "120854.092000", "120854.011000", "120854.093000", "120854.012000", "120854.095000", "120854.031000", "120854.097000", "120854.033000", "120854.099000", "120854.035000", "120854.101000", "120854.037000", "120854.102000", "120854.039000", "120854.104000", "120854.040000", "120854.106000", "120854.042000", "120854.108000", "120854.044000", "120854.110000", "120854.046000", "120854.111000", "120854.047000", "120854.113000", "120854.049000", "120854.115000", "120854.051000"], "InstanceNumber": [1, 2, 3, 4, 5, 6, 7, 8, 9, 10, 11, 12, 13, 14, 15, 16, 17, 18, 19, 20, 21, 22, 23, 24, 25, 26, 27, 28, 29, 30, 31, 32, 33, 34, 35, 36, 37, 38, 39, 40, 41, 42, 43, 44, 45, 46, 47, 48, 49, 50, 51, 52, 53, 54, 55, 56, 57, 58, 59, 60, 61, 62, 63, 64, 65, 66, 67, 68, 69, 70, 71, 72], "LargestImagePixelValue": [4095, 4094, 4094, 4094, 4095, 4093, 4094, 4094, 4091, 4095, 4094, 4092, 4093, 4094, 4095, 4093, 4094, 4094, 4087, 4095, 4094, 4093, 4095, 4095, 4092, 4094, 4092, 4095, 4095, 4095, 4091, 4092, 4088, 4095, 4092, 4093, 4091, 4088, 4090, 4089, 4093, 4090, 4095, 4093, 4094, 4094, 4091, 4088, 4094, 4095, 4094, 4091, 4095, 4094, 4093, 4094, 4094, 4094, 4095, 4094, 4092, 4094, 4091, 4095, 4095, 4094, 4095, 4095, 4094, 4095, 4094, 4095], "SliceLocation": [-68.430263298313, -66.430260532062, -64.430261563708, -62.430258712051, -60.430259744684, -58.430260775836, -56.430261807482, -54.430259042465, -52.430260074234, -50.43026110588, -48.430262137649, -46.430259372385, -44.43026040403, -42.430261435676, -40.430262467322, -38.430259702058, -36.430260734691, -34.430261765349, -32.43026089854, -30.430260031731, -28.430260976984, -26.430260110175, -24.43026114182, -22.430260276986, -20.430261306657, -18.430260441823, -16.430260522266, -14.430260606659, -12.430260687103, -10.430260771496, -8.4302608519391, -6.4302604617185, -4.4302605421619, -2.430260626555, -0.4302606476717, 1.5697394459153, 3.5697391674116, 5.5697395615819, 7.5697394771887, 9.5697393927956, 11.569739312352, 13.569739275105, 15.569739194662, 17.569740055546, 19.569739025875, 21.569739894659, 23.569738864989, 25.569739725873, 27.569738696202, 29.569739608183, 31.569738578512, 33.569737540942, 35.56974030818, 37.56973927851, 39.569738248839, 41.569741008178, 43.569739978507, 45.569738948837, 47.569737940764, 49.569740700103, 51.569739692031, 53.56973866236, 55.56973762479, 57.569740392028, 59.569739383956, 61.569738354285, 63.569741113624, 65.569740083953, 67.56974287279, 69.569738038311, 71.569740805549, 73.569735978969], "SmallestImagePixelValue": [2, 1, 0, 0, 0, 0, 0, 3, 0, 0, 0, 0, 0, 0, 0, 0, 0, 0, 2, 0, 0, 4, 0, 0, 1, 4, 0, 0, 0, 3, 0, 0, 4, 1, 0, 1, 0, 4, 5, 2, 0, 0, 0, 2, 0, 0, 0, 3, 2, 0, 1, 0, 3, 7, 1, 0, 0, 3, 0, 2, 0, 0, 0, 0, 0, 0, 1, 0, 0, 0, 0, 1], "WindowCenter": [-210.0, -170.0, -180.0, -188.0, -198.0, -154.0, -124.0, -156.0, -136.0, -112.0, -146.0, -136.0, -66.0, -74.0, -124.0, -160.0, -200.0, -164.0, -228.0, -256.0, -252.0, -256.0, -240.0, -180.0, -118.0, -100.0, -114.0, -182.0, -208.0, -208.0, -240.0, -216.0, -232.0, -264.0, -224.0, -220.0, -172.0, -172.0, -160.0, -112.0, -226.0, -60.0, -50.0, -174.0, -168.0, -146.0, -114.0, -116.0, -134.0, -164.0, -180.0, -206.0, -210.0, -232.0, -244.0, -266.0, -286.0, -276.0, -300.0, -132.0, -134.0, -144.0, -136.0, -162.0, -188.0, -176.0, -164.0, -216.0, -304.0, -310.0, -312.0, -380.0], "WindowWidth": [6176.0, 6152.0, 6186.0, 6158.0, 6218.0, 6234.0, 6204.0, 6192.0, 6162.0, 6206.0, 6118.0, 6166.0, 6252.0, 6262.0, 6254.0, 6218.0, 6190.0, 6192.0, 6082.0, 6024.0, 5900.0, 5788.0, 5758.0, 5782.0, 5784.0, 5802.0, 5890.0, 5886.0, 5862.0, 5862.0, 5786.0, 5714.0, 5636.0, 5328.0, 5436.0, 5268.0, 5454.0, 5270.0, 5024.0, 5258.0, 4622.0, 5272.0, 5238.0, 4582.0, 4584.0, 4570.0, 4542.0, 4538.0, 4538.0, 4564.0, 4574.0, 4590.0, 4596.0, 4638.0, 4660.0, 4668.0, 4706.0, 4726.0, 4746.0, 5448.0, 5590.0, 5672.0, 5742.0, 5850.0, 5896.0, 5906.0, 5968.0, 5980.0, 5970.0, 6074.0, 6008.0, 6010.0]}}, "IntendedFor": ["ses-1/func/sub-03_ses-1_task-motor_run-02_bold.nii.gz", "ses-1/func/sub-03_ses-1_task-motor_run-05_bold.nii.gz", "ses-1/func/sub-03_ses-1_task-motor_run-06_bold.nii.gz", "ses-1/func/sub-03_ses-1_task-motor_run-03_bold.nii.gz", "ses-1/func/sub-03_ses-1_task-motor_run-01_bold.nii.gz", "ses-1/func/sub-03_ses-1_task-motor_run-04_bold.nii.gz"]}