{"AcquisitionMatrixPE": 100, "AcquisitionNumber": 1, "AcquisitionTime": "10:51:20.765000", "BaseResolution": 100, "BodyPartExamined": "BRAIN", "ConsistencyInfo": "N4_VE11C_LATEST_20160120", "ConversionSoftware": "dcm2niix", "ConversionSoftwareVersion": "v1.0.20180622 GCC4.9.2", "DeviceSerialNumber": "166078", "DwellTime": 8.8e-06, "EchoNumber": 2, "EchoTime": 0.00738, "EchoTime1": 0.00492, "EchoTime2": 0.00738, "FlipAngle": 60, "ImageOrientationPatientDICOM": [0.999781, -0.000438342, 0.0209279, -1.1758e-11, 0.999781, 0.0209408], "ImageType": ["ORIGINAL", "PRIMARY", "P", "ND"], "InPlanePhaseEncodingDirectionDICOM": "ROW", "InstitutionAddress": "Street_StreetNo_Bei_Jing_District_CN_ZIP", "InstitutionName": "BeiJing_Normal_University", "InstitutionalDepartmentName": "Department", "MRAcquisitionType": "2D", "MagneticFieldStrength": 3, "Manufacturer": "Siemens", "ManufacturersModelName": "Prisma", "Modality": "MR", "PartialFourier": 1, "PatientPosition": "HFS", "PercentPhaseFOV": 100, "PhaseEncodingDirection": "i", "PhaseEncodingSteps": 100, "PhaseResolution": 1, "PixelBandwidth": 570, "ProcedureStepDescription": "BNU_P2018_64CH_Liu.Jia", "ProtocolName": "field_mapping_2x2x2", "PulseSequenceDetails": "%SiemensSeq%_gre_field_mapping", "ReceiveCoilActiveElements": "HC1-7;NC1", "ReceiveCoilName": "HeadNeck_64", "ReconMatrixPE": 100, "RepetitionTime": 0.72, "SAR": 0.104566, "ScanningSequence": "GR", "SequenceName": "_fm2d2r", "SequenceVariant": "SP", "SeriesDescription": "field_mapping_2x2x2", "SeriesNumber": 7, "ShimSetting": [-5457, -11493, -1277, 388, -21, -264, -66, -22], "SliceThickness": 2, "SoftwareVersions": "syngo_MR_E11", "SpacingBetweenSlices": 2, "StationName": "AWP166078", "TxRefAmp": 208.693, "dcmmeta_affine": [[-1.9995617866516113, -2.3515999911238872e-11, 0.041864871978759766, 100.4040756225586], [0.0008766837418079376, 1.9995614290237427, 0.04187202453613281, -96.31404113769531], [0.041855767369270325, -0.04188151657581329, 1.9991226196289062, -78.87142181396484], [0.0, 0.0, 0.0, 1.0]], "dcmmeta_reorient_transform": [[0.0, -1.0, 0.0, 99.0], [1.0, 0.0, 0.0, 0.0], [0.0, 0.0, -1.0, 71.0], [0.0, 0.0, 0.0, 1.0]], "dcmmeta_shape": [100, 100, 72], "dcmmeta_slice_dim": 2, "dcmmeta_version": 0.6, "global": {"const": {"AcquisitionMatrix": [0, 100, 100, 0], "AcquisitionNumber": 1, "AngioFlag": "N", "BitsAllocated": 16, "BitsStored": 12, "BodyPartExamined": "BRAIN", "Columns": 100, "EchoNumbers": 2, "EchoTime": 7.38, "EchoTrainLength": 0, "FlipAngle": 60.0, "HighBit": 11, "ImageOrientationPatient": [0.999780891752, -0.0004383418643, 0.02092788436497, -1.1758e-11, 0.99978071829117, 0.02094075770321], "ImageType": ["ORIGINAL", "PRIMARY", "P", "ND"], "ImagedNucleus": "1H", "ImagingFrequency": 123.25783, "InPlanePhaseEncodingDirection": "ROW", "MRAcquisitionType": "2D", "MagneticFieldStrength": 3.0, "Manufacturer": "SIEMENS", "ManufacturerModelName": "Prisma", "Modality": "MR", "NumberOfAverages": 1.0, "NumberOfPhaseEncodingSteps": 100, "PercentPhaseFieldOfView": 100.0, "PercentSampling": 100.0, "PerformedProcedureStepStartTime": "102248.997000", "PhotometricInterpretation": "MONOCHROME2", "PixelBandwidth": 570.0, "PixelRepresentation": 0, "PixelSpacing": [2.0, 2.0], "ProtocolName": "field_mapping_2x2x2", "RepetitionTime": 720.0, "RescaleIntercept": -4096.0, "RescaleSlope": 2.0, "RescaleType": "US", "Rows": 100, "SAR": 0.10456623792149, "SamplesPerPixel": 1, "ScanningSequence": "GR", "SequenceName": "*fm2d2r", "SequenceVariant": "SP", "SeriesDescription": "field_mapping_2x2x2", "SeriesNumber": 7, "SeriesTime": "105344.857000", "SliceThickness": 2.0, "SoftwareVersions": "syngo MR E11", "SpacingBetweenSlices": 2.0, "SpecificCharacterSet": "ISO_IR 100", "StudyID": "1", "StudyTime": "102248.938000", "TransmitCoilName": "Body", "VariableFlipAngleFlag": "N", "WindowCenterWidthExplanation": "Algo1", "dBdt": 0.0}, "slices": {"AcquisitionTime": ["105120.765000", "105120.405000", "105120.775000", "105120.415000", "105120.785000", "105120.425000", "105120.795000", "105120.435000", "105120.805000", "105120.445000", "105120.815000", "105120.455000", "105120.825000", "105120.465000", "105120.835000", "105120.475000", "105120.845000", "105120.485000", "105120.855000", "105120.495000", "105120.865000", "105120.505000", "105120.875000", "105120.515000", "105120.885000", "105120.525000", "105120.895000", "105120.535000", "105120.905000", "105120.545000", "105120.915000", "105120.555000", "105120.925000", "105120.565000", "105120.935000", "105120.575000", "105120.945000", "105120.585000", "105120.955000", "105120.595000", "105120.965000", "105120.605000", "105120.975000", "105120.615000", "105120.985000", "105120.625000", "105120.995000", "105120.635000", "105121.005000", "105120.645000", "105121.015000", "105120.655000", "105121.025000", "105120.665000", "105121.035000", "105120.675000", "105121.045000", "105120.685000", "105121.055000", "105120.695000", "105121.065000", "105120.705000", "105121.075000", "105120.715000", "105121.085000", "105120.725000", "105121.095000", "105120.735000", "105121.105000", "105120.745000", "105121.115000", "105120.755000"], "ContentTime": ["105344.924000", "105344.859000", "105344.926000", "105344.861000", "105344.928000", "105344.863000", "105344.929000", "105344.865000", "105344.931000", "105344.866000", "105344.933000", "105344.868000", "105344.935000", "105344.870000", "105344.937000", "105344.872000", "105344.938000", "105344.874000", "105344.940000", "105344.875000", "105344.942000", "105344.877000", "105344.944000", "105344.879000", "105344.946000", "105344.881000", "105344.948000", "105344.883000", "105344.949000", "105344.885000", "105344.951000", "105344.887000", "105344.953000", "105344.888000", "105344.955000", "105344.890000", "105344.957000", "105344.892000", "105344.959000", "105344.894000", "105344.960000", "105344.895000", "105344.962000", "105344.897000", "105344.964000", "105344.899000", "105344.966000", "105344.901000", "105344.968000", "105344.903000", "105344.970000", "105344.904000", "105344.972000", "105344.906000", "105344.974000", "105344.908000", "105344.976000", "105344.910000", "105344.978000", "105344.912000", "105344.980000", "105344.913000", "105344.982000", "105344.915000", "105344.984000", "105344.917000", "105344.986000", "105344.919000", "105344.988000", "105344.920000", "105344.991000", "105344.922000"], "CsaImage.GSWDDataType": ["measured", "predicted", "measured", "predicted", "measured", "predicted", "measured", "predicted", "measured", "predicted", "measured", "predicted", "measured", "predicted", "measured", "predicted", "measured", "predicted", "measured", "predicted", "measured", "predicted", "measured", "predicted", "measured", "predicted", "measured", "predicted", "measured", "predicted", "measured", "predicted", "measured", "predicted", "measured", "predicted", "measured", "predicted", "measured", "predicted", "measured", "predicted", "measured", "predicted", "measured", "predicted", "measured", "predicted", "measured", "predicted", "measured", "predicted", "measured", "predicted", "measured", "predicted", "measured", "predicted", "measured", "predicted", "measured", "predicted", "measured", "predicted", "measured", "predicted", "measured", "predicted", "measured", "predicted", "measured", "predicted"], "CsaImage.ICE_Dims": ["X_2_1_1_1_1_1_37_1_1_1_1_64", "X_2_1_1_1_1_1_1_1_1_2_1_64", "X_2_1_1_1_1_1_38_1_1_3_1_64", "X_2_1_1_1_1_1_2_1_1_4_1_64", "X_2_1_1_1_1_1_39_1_1_5_1_64", "X_2_1_1_1_1_1_3_1_1_6_1_64", "X_2_1_1_1_1_1_40_1_1_7_1_64", "X_2_1_1_1_1_1_4_1_1_8_1_64", "X_2_1_1_1_1_1_41_1_1_9_1_64", "X_2_1_1_1_1_1_5_1_1_10_1_64", "X_2_1_1_1_1_1_42_1_1_11_1_64", "X_2_1_1_1_1_1_6_1_1_12_1_64", "X_2_1_1_1_1_1_43_1_1_13_1_64", "X_2_1_1_1_1_1_7_1_1_14_1_64", "X_2_1_1_1_1_1_44_1_1_15_1_64", "X_2_1_1_1_1_1_8_1_1_16_1_64", "X_2_1_1_1_1_1_45_1_1_17_1_64", "X_2_1_1_1_1_1_9_1_1_18_1_64", "X_2_1_1_1_1_1_46_1_1_19_1_64", "X_2_1_1_1_1_1_10_1_1_20_1_64", "X_2_1_1_1_1_1_47_1_1_21_1_64", "X_2_1_1_1_1_1_11_1_1_22_1_64", "X_2_1_1_1_1_1_48_1_1_23_1_64", "X_2_1_1_1_1_1_12_1_1_24_1_64", "X_2_1_1_1_1_1_49_1_1_25_1_64", "X_2_1_1_1_1_1_13_1_1_26_1_64", "X_2_1_1_1_1_1_50_1_1_27_1_64", "X_2_1_1_1_1_1_14_1_1_28_1_64", "X_2_1_1_1_1_1_51_1_1_29_1_64", "X_2_1_1_1_1_1_15_1_1_30_1_64", "X_2_1_1_1_1_1_52_1_1_31_1_64", "X_2_1_1_1_1_1_16_1_1_32_1_64", "X_2_1_1_1_1_1_53_1_1_33_1_64", "X_2_1_1_1_1_1_17_1_1_34_1_64", "X_2_1_1_1_1_1_54_1_1_35_1_64", "X_2_1_1_1_1_1_18_1_1_36_1_64", "X_2_1_1_1_1_1_55_1_1_37_1_64", "X_2_1_1_1_1_1_19_1_1_38_1_64", "X_2_1_1_1_1_1_56_1_1_39_1_64", "X_2_1_1_1_1_1_20_1_1_40_1_64", "X_2_1_1_1_1_1_57_1_1_41_1_64", "X_2_1_1_1_1_1_21_1_1_42_1_64", "X_2_1_1_1_1_1_58_1_1_43_1_64", "X_2_1_1_1_1_1_22_1_1_44_1_64", "X_2_1_1_1_1_1_59_1_1_45_1_64", "X_2_1_1_1_1_1_23_1_1_46_1_64", "X_2_1_1_1_1_1_60_1_1_47_1_64", "X_2_1_1_1_1_1_24_1_1_48_1_64", "X_2_1_1_1_1_1_61_1_1_49_1_64", "X_2_1_1_1_1_1_25_1_1_50_1_64", "X_2_1_1_1_1_1_62_1_1_51_1_64", "X_2_1_1_1_1_1_26_1_1_52_1_64", "X_2_1_1_1_1_1_63_1_1_53_1_64", "X_2_1_1_1_1_1_27_1_1_54_1_64", "X_2_1_1_1_1_1_64_1_1_55_1_64", "X_2_1_1_1_1_1_28_1_1_56_1_64", "X_2_1_1_1_1_1_65_1_1_57_1_64", "X_2_1_1_1_1_1_29_1_1_58_1_64", "X_2_1_1_1_1_1_66_1_1_59_1_64", "X_2_1_1_1_1_1_30_1_1_60_1_64", "X_2_1_1_1_1_1_67_1_1_61_1_64", "X_2_1_1_1_1_1_31_1_1_62_1_64", "X_2_1_1_1_1_1_68_1_1_63_1_64", "X_2_1_1_1_1_1_32_1_1_64_1_64", "X_2_1_1_1_1_1_69_1_1_65_1_64", "X_2_1_1_1_1_1_33_1_1_66_1_64", "X_2_1_1_1_1_1_70_1_1_67_1_64", "X_2_1_1_1_1_1_34_1_1_68_1_64", "X_2_1_1_1_1_1_71_1_1_69_1_64", "X_2_1_1_1_1_1_35_1_1_70_1_64", "X_2_1_1_1_1_1_72_1_1_71_1_64", "X_2_1_1_1_1_1_36_1_1_72_1_64"], "CsaImage.ProtocolSliceNumber": [0, 1, 2, 3, 4, 5, 6, 7, 8, 9, 10, 11, 12, 13, 14, 15, 16, 17, 18, 19, 20, 21, 22, 23, 24, 25, 26, 27, 28, 29, 30, 31, 32, 33, 34, 35, 36, 37, 38, 39, 40, 41, 42, 43, 44, 45, 46, 47, 48, 49, 50, 51, 52, 53, 54, 55, 56, 57, 58, 59, 60, 61, 62, 63, 64, 65, 66, 67, 68, 69, 70, 71], "CsaImage.RFSWDDataType": ["measured", "predicted", "measured", "predicted", "measured", "predicted", "measured", "predicted", "measured", "predicted", "measured", "predicted", "measured", "predicted", "measured", "predicted", "measured", "predicted", "measured", "predicted", "measured", "predicted", "measured", "predicted", "measured", "predicted", "measured", "predicted", "measured", "predicted", "measured", "predicted", "measured", "predicted", "measured", "predicted", "measured", "predicted", "measured", "predicted", "measured", "predicted", "measured", "predicted", "measured", "predicted", "measured", "predicted", "measured", "predicted", "measured", "predicted", "measured", "predicted", "measured", "predicted", "measured", "predicted", "measured", "predicted", "measured", "predicted", "measured", "predicted", "measured", "measured", "measured", "measured", "measured", "measured", "measured", "measured"], "CsaImage.SlicePosition_PCS": [[-100.40407174, -101.64252011, -83.01774342], [-100.44593667, -101.68439238, -81.0186208], [-100.48780163, -101.72626476, -79.01949055], [-100.52966656, -101.76813702, -77.02036793], [-100.57153149, -101.8100094, -75.02124531], [-100.61339649, -101.85188179, -73.02212269], [-100.65526142, -101.89375405, -71.02300007], [-100.69712635, -101.93562643, -69.02387745], [-100.73899128, -101.97749869, -67.02475483], [-100.78085627, -102.0193712, -65.02563221], [-100.8227212, -102.06124346, -63.02650578], [-100.86458614, -102.10311572, -61.02738316], [-100.90645113, -102.14498798, -59.02826054], [-100.94831606, -102.18686049, -57.02913792], [-100.99018105, -102.22873275, -55.0300153], [-101.03204592, -102.27060501, -53.03088887], [-101.07391091, -102.31247751, -51.03176625], [-101.11577578, -102.35434978, -49.03264363], [-101.15764078, -102.39622204, -47.03352101], [-101.19950577, -102.43809454, -45.03439839], [-101.24137064, -102.4799668, -43.03527577], [-101.28323563, -102.52183907, -41.03614933], [-101.32510062, -102.56371157, -39.03702671], [-101.36696549, -102.60558383, -37.03790409], [-101.40883048, -102.64745609, -35.03878147], [-101.45069548, -102.68932836, -33.03965695], [-101.49256035, -102.73120086, -31.04053433], [-101.53442534, -102.77307312, -29.04141171], [-101.57629021, -102.81494538, -27.04228718], [-101.6181552, -102.85681788, -25.04316456], [-101.66002019, -102.89869015, -23.04404003], [-101.70188506, -102.94056241, -21.04491741], [-101.74375006, -102.98243491, -19.04579479], [-101.78561505, -103.02430718, -17.04667122], [-101.82747992, -103.06617944, -15.04754765], [-101.86934491, -103.10805194, -13.04842407], [-101.9112099, -103.1499242, -11.04930098], [-101.95307477, -103.19179647, -9.05017788], [-101.99493965, -103.23366897, -7.05105431], [-102.03680476, -103.27554123, -5.05193109], [-102.07866963, -103.31741349, -3.05280776], [-102.1205345, -103.35928576, -1.05368454], [-102.16239961, -103.40115826, 0.94543903], [-102.20426448, -103.44303052, 2.94456213], [-102.24612935, -103.48490278, 4.94368522], [-102.28799446, -103.52677528, 6.9428088], [-102.32985934, -103.56864755, 8.94193237], [-102.37172421, -103.61051981, 10.94105499], [-102.41358932, -103.65239231, 12.94017856], [-102.45545419, -103.69426457, 14.93930118], [-102.49731906, -103.73613684, 16.93842571], [-102.53918417, -103.77800934, 18.93754833], [-102.58104905, -103.8198816, 20.93667286], [-102.62291392, -103.86175386, 22.93579548], [-102.66477903, -103.90362613, 24.9349181], [-102.7066439, -103.94549863, 26.93404262], [-102.74850877, -103.98737113, 28.93316524], [-102.79037364, -104.02924315, 30.93228786], [-102.83223875, -104.07111566, 32.93141048], [-102.87410363, -104.11298816, 34.93053692], [-102.9159685, -104.15486018, 36.92965954], [-102.95783361, -104.19673268, 38.92878216], [-102.99969848, -104.23860471, 40.92790478], [-103.04156335, -104.28047721, 42.92702739], [-103.08342846, -104.32234971, 44.92615001], [-103.12529333, -104.36422174, 46.92527645], [-103.16715821, -104.40609424, 48.92439907], [-103.20902332, -104.44796674, 50.92352169], [-103.25088819, -104.48983876, 52.92264431], [-103.29275306, -104.53171126, 54.92176693], [-103.33461817, -104.57358377, 56.92089336], [-103.37648304, -104.61545579, 58.92001598]], "CsaImage.TimeAfterStart": [1.0825, 0.7225, 1.0925, 0.7325, 1.1025, 0.7425, 1.1125, 0.7525, 1.1225, 0.7625, 1.1325, 0.7725, 1.1425, 0.7825, 1.1525, 0.7925, 1.1625, 0.8025, 1.1725, 0.8125, 1.1825, 0.8225, 1.1925, 0.8325, 1.2025, 0.8425, 1.2125, 0.8525, 1.2225, 0.8625, 1.2325, 0.8725, 1.2425, 0.8825, 1.2525, 0.8925, 1.2625, 0.9025, 1.2725, 0.9125, 1.2825, 0.9225, 1.2925, 0.9325, 1.3025, 0.9425, 1.3125, 0.9525, 1.3225, 0.9625, 1.3325, 0.9725, 1.3425, 0.9825, 1.3525, 0.9925, 1.3625, 1.0025, 1.3725, 1.0125, 1.3825, 1.0225, 1.3925, 1.0325, 1.4025, 1.0425, 1.4125, 1.0525, 1.4225, 1.0625, 1.4325, 1.0725], "ImagePositionPatient": [[-100.40407173871, -101.64252011339, -83.017743418243], [-100.4459366703, -101.68439237634, -81.018620798614], [-100.48780163168, -101.72626475851, -79.019490549591], [-100.52966656326, -101.76813702146, -77.020367929962], [-100.57153149485, -101.81000940363, -75.021245310333], [-100.61339648604, -101.85188178579, -73.022122690704], [-100.65526141762, -101.89375404874, -71.023000071075], [-100.6971263492, -101.93562643091, -69.023877451447], [-100.73899128079, -101.97749869386, -67.024754831818], [-100.78085627197, -102.01937119524, -65.025632212189], [-100.82272120356, -102.06124345819, -63.026505777863], [-100.86458613514, -102.10311572115, -61.027383158234], [-100.90645112633, -102.1449879841, -59.028260538605], [-100.94831605791, -102.18686048547, -57.029137918976], [-100.9901810491, -102.22873274843, -55.030015299347], [-101.03204592108, -102.27060501138, -53.030888865021], [-101.07391091227, -102.31247751276, -51.031766245392], [-101.11577578425, -102.35434977571, -49.032643625763], [-101.15764077543, -102.39622203867, -47.033521006134], [-101.19950576662, -102.43809454004, -45.034398386505], [-101.2413706386, -102.47996680299, -43.035275766876], [-101.28323562979, -102.52183906595, -41.03614933255], [-101.32510062098, -102.56371156732, -39.037026712921], [-101.36696549296, -102.60558383028, -37.037904093292], [-101.40883048414, -102.64745609323, -35.038781473663], [-101.45069547533, -102.68932835619, -33.039656946686], [-101.49256034731, -102.73120085756, -31.040534327057], [-101.5344253385, -102.77307312051, -29.041411707428], [-101.57629021048, -102.81494538347, -27.04228718045], [-101.61815520167, -102.85681788484, -25.043164560822], [-101.66002019285, -102.8986901478, -23.044040033844], [-101.70188506483, -102.94056241075, -21.044917414215], [-101.74375005602, -102.98243491212, -19.045794794586], [-101.78561504721, -103.02430717508, -17.046671221283], [-101.82747991919, -103.06617943803, -15.04754764798], [-101.86934491038, -103.10805193941, -13.048424074676], [-101.91120990156, -103.14992420236, -11.04930097821], [-101.95307477354, -103.19179646532, -9.0501778817444], [-101.99493964552, -103.23366896669, -7.0510543084411], [-102.03680475592, -103.27554122964, -5.0519310927658], [-102.0786696279, -103.3174134926, -3.0528077578811], [-102.12053449988, -103.35928575555, -1.0536845422058], [-102.16239961027, -103.40115825693, 0.94543903109744], [-102.20426448225, -103.44303051988, 2.9445621275635], [-102.24612935423, -103.48490278284, 4.9436852240296], [-102.28799446463, -103.52677528421, 6.9428087973328], [-102.32985933661, -103.56864754716, 8.941932370636], [-102.37172420859, -103.61051981012, 10.941054990265], [-102.41358931898, -103.65239231149, 12.940178563568], [-102.45545419096, -103.69426457445, 14.939301183197], [-102.49731906294, -103.7361368374, 16.938425710175], [-102.53918417334, -103.77800933878, 18.937548329803], [-102.58104904532, -103.81988160173, 20.936672856781], [-102.6229139173, -103.86175386468, 22.93579547641], [-102.66477902769, -103.90362612764, 24.934918096039], [-102.70664389967, -103.94549862901, 26.934042623016], [-102.74850877165, -103.98737113039, 28.933165242645], [-102.79037364363, -104.02924315492, 30.932287862274], [-102.83223875403, -104.0711156563, 32.931410481903], [-102.874103626, -104.11298815767, 34.930536916229], [-102.91596849798, -104.1548601822, 36.929659535858], [-102.95783360838, -104.19673268358, 38.928782155487], [-102.99969848036, -104.23860470811, 40.927904775116], [-103.04156335234, -104.28047720949, 42.927027394745], [-103.08342846274, -104.32234971086, 44.926150014374], [-103.12529333471, -104.3642217354, 46.9252764487], [-103.16715820669, -104.40609423677, 48.924399068329], [-103.20902331709, -104.44796673814, 50.923521687958], [-103.25088818907, -104.48983876268, 52.922644307587], [-103.29275306105, -104.53171126405, 54.921766927216], [-103.33461817145, -104.57358376543, 56.920893361542], [-103.37648304342, -104.61545578996, 58.920015981171]], "InstanceCreationTime": ["105344.924000", "105344.859000", "105344.926000", "105344.861000", "105344.928000", "105344.863000", "105344.929000", "105344.865000", "105344.931000", "105344.866000", "105344.933000", "105344.868000", "105344.935000", "105344.870000", "105344.937000", "105344.872000", "105344.938000", "105344.874000", "105344.940000", "105344.875000", "105344.942000", "105344.877000", "105344.944000", "105344.879000", "105344.946000", "105344.881000", "105344.948000", "105344.883000", "105344.949000", "105344.885000", "105344.951000", "105344.887000", "105344.953000", "105344.888000", "105344.955000", "105344.890000", "105344.957000", "105344.892000", "105344.959000", "105344.894000", "105344.960000", "105344.895000", "105344.962000", "105344.897000", "105344.964000", "105344.899000", "105344.966000", "105344.901000", "105344.968000", "105344.903000", "105344.970000", "105344.904000", "105344.972000", "105344.906000", "105344.974000", "105344.908000", "105344.976000", "105344.910000", "105344.978000", "105344.912000", "105344.980000", "105344.913000", "105344.982000", "105344.915000", "105344.984000", "105344.917000", "105344.986000", "105344.919000", "105344.988000", "105344.920000", "105344.991000", "105344.922000"], "InstanceNumber": [1, 2, 3, 4, 5, 6, 7, 8, 9, 10, 11, 12, 13, 14, 15, 16, 17, 18, 19, 20, 21, 22, 23, 24, 25, 26, 27, 28, 29, 30, 31, 32, 33, 34, 35, 36, 37, 38, 39, 40, 41, 42, 43, 44, 45, 46, 47, 48, 49, 50, 51, 52, 53, 54, 55, 56, 57, 58, 59, 60, 61, 62, 63, 64, 65, 66, 67, 68, 69, 70, 71, 72], "LargestImagePixelValue": [4095, 4094, 4095, 4094, 4094, 4093, 4094, 4095, 4094, 4095, 4094, 4094, 4093, 4092, 4094, 4091, 4092, 4094, 4094, 4093, 4092, 4094, 4093, 4095, 4095, 4092, 4093, 4095, 4095, 4095, 4091, 4094, 4094, 4093, 4093, 4094, 4093, 4095, 4092, 4093, 4093, 4094, 4083, 4090, 4089, 4095, 4092, 4093, 4092, 4093, 4095, 4094, 4094, 4094, 4090, 4092, 4095, 4094, 4095, 4093, 4093, 4095, 4094, 4094, 4093, 4094, 4094, 4094, 4095, 4094, 4095, 4094], "SliceLocation": [-78.751642572864, -76.751643271061, -74.751636340088, -72.751637038284, -70.751637733985, -68.751638428439, -66.751639126635, -64.751639822336, -62.751640520533, -60.751641212491, -58.751638097662, -56.751638795859, -54.751639492808, -52.751640186014, -50.751640882963, -48.751637769382, -46.75163846134, -44.751639160784, -42.751639857733, -40.751640549691, -38.751641249135, -36.751638133059, -34.751638825017, -32.751639524461, -30.75164022141, -28.751639011847, -26.7516397063, -24.751640403249, -22.751639196181, -20.751639888138, -18.751638678575, -16.751639378019, -14.751640069977, -12.751639813669, -10.751639559858, -8.7516392985589, -6.7516395188798, -4.7516397416962, -2.7516394828928, -0.7516395815613, 1.2483604339364, 3.2483603302771, 5.2483605940712, 7.2483603712549, 9.2483601484386, 11.248360412233, 13.248360666045, 15.2483599666, 17.248360230394, 19.24835953095, 21.248360738018, 23.248360048556, 25.248361255624, 27.248360556179, 29.248359861726, 31.248361073785, 33.248360379332, 35.248359674896, 37.248358985434, 39.248362104006, 41.24836139957, 43.248360710108, 45.248360005672, 47.248359311219, 49.248358621757, 51.248361730346, 53.248361035893, 55.248360346431, 57.248359641995, 59.248358947542, 61.248362071105, 63.248361366669], "SmallestImagePixelValue": [0, 0, 0, 0, 0, 1, 1, 0, 0, 0, 0, 1, 0, 0, 0, 0, 0, 1, 1, 0, 0, 1, 1, 0, 0, 0, 1, 0, 0, 2, 1, 0, 2, 6, 0, 9, 0, 2, 9, 3, 1, 0, 1, 0, 6, 0, 0, 0, 0, 2, 3, 1, 2, 1, 1, 2, 0, 0, 0, 3, 3, 0, 1, 0, 0, 0, 0, 0, 0, 0, 0, 1], "WindowCenter": [-404.0, -384.0, -320.0, -294.0, -246.0, -232.0, -240.0, -204.0, -136.0, -164.0, -120.0, -126.0, -90.0, -150.0, -194.0, -242.0, -152.0, -166.0, -164.0, -196.0, -190.0, -270.0, -242.0, -246.0, -216.0, -172.0, -220.0, -152.0, -176.0, -134.0, -156.0, -146.0, -182.0, -304.0, -160.0, -176.0, -170.0, -282.0, -150.0, -116.0, -110.0, -216.0, -212.0, -78.0, -210.0, -220.0, -236.0, -250.0, -286.0, -276.0, -298.0, -280.0, -282.0, -268.0, -276.0, -258.0, -264.0, -110.0, -240.0, -102.0, -124.0, -226.0, -92.0, -76.0, -146.0, -144.0, -206.0, -168.0, -250.0, -320.0, -292.0, -318.0], "WindowWidth": [5666.0, 5696.0, 5824.0, 5810.0, 5934.0, 6056.0, 6076.0, 6118.0, 6138.0, 6134.0, 6118.0, 6170.0, 6100.0, 6078.0, 6078.0, 6030.0, 6126.0, 6120.0, 6120.0, 6064.0, 6074.0, 5930.0, 5914.0, 5848.0, 5858.0, 5774.0, 5658.0, 5718.0, 5562.0, 5568.0, 5506.0, 5468.0, 5326.0, 4674.0, 5378.0, 5198.0, 5292.0, 4650.0, 5204.0, 5144.0, 5186.0, 4604.0, 4600.0, 5180.0, 4594.0, 4598.0, 4612.0, 4620.0, 4648.0, 4634.0, 4658.0, 4668.0, 4672.0, 4690.0, 4702.0, 4698.0, 4720.0, 5284.0, 4718.0, 5216.0, 5212.0, 4768.0, 5566.0, 5676.0, 5764.0, 5906.0, 5884.0, 5922.0, 5830.0, 5800.0, 6052.0, 6186.0]}}, "IntendedFor": ["ses-1/func/sub-65_ses-1_task-motor_run-03_bold.nii.gz", "ses-1/func/sub-65_ses-1_task-motor_run-06_bold.nii.gz", "ses-1/func/sub-65_ses-1_task-motor_run-04_bold.nii.gz", "ses-1/func/sub-65_ses-1_task-motor_run-02_bold.nii.gz", "ses-1/func/sub-65_ses-1_task-motor_run-01_bold.nii.gz", "ses-1/func/sub-65_ses-1_task-motor_run-05_bold.nii.gz"]}