{"AcquisitionMatrixPE": 100, "AcquisitionNumber": 1, "AcquisitionTime": "12:01:25.630000", "BaseResolution": 100, "BodyPartExamined": "BRAIN", "ConsistencyInfo": "N4_VE11C_LATEST_20160120", "ConversionSoftware": "dcm2niix", "ConversionSoftwareVersion": "v1.0.20180622 GCC4.9.2", "DeviceSerialNumber": "166078", "DwellTime": 8.8e-06, "EchoNumber": 2, "EchoTime": 0.00738, "EchoTime1": 0.00492, "EchoTime2": 0.00738, "FlipAngle": 60, "ImageOrientationPatientDICOM": [1, 0, 0, 0, 0.977416, -0.211325], "ImageType": ["ORIGINAL", "PRIMARY", "P", "ND"], "InPlanePhaseEncodingDirectionDICOM": "ROW", "InstitutionAddress": "Street_StreetNo_Bei_Jing_District_CN_ZIP", "InstitutionName": "BeiJing_Normal_University", "InstitutionalDepartmentName": "Department", "MRAcquisitionType": "2D", "MagneticFieldStrength": 3, "Manufacturer": "Siemens", "ManufacturersModelName": "Prisma", "Modality": "MR", "PartialFourier": 1, "PatientPosition": "HFS", "PercentPhaseFOV": 100, "PhaseEncodingDirection": "i", "PhaseEncodingSteps": 100, "PhaseResolution": 1, "PixelBandwidth": 570, "ProcedureStepDescription": "BNU_P2018_64CH_Liu.Jia", "ProtocolName": "field_mapping_2x2x2", "PulseSequenceDetails": "%SiemensSeq%_gre_field_mapping", "ReceiveCoilActiveElements": "HC1-7;NC1", "ReceiveCoilName": "HeadNeck_64", "ReconMatrixPE": 100, "RepetitionTime": 0.72, "SAR": 0.0910824, "ScanningSequence": "GR", "SequenceName": "_fm2d2r", "SequenceVariant": "SP", "SeriesDescription": "field_mapping_2x2x2", "SeriesNumber": 7, "ShimSetting": [-5451, -11525, -1283, 498, -3, -270, -35, -10], "SliceThickness": 2, "SoftwareVersions": "syngo_MR_E11", "SpacingBetweenSlices": 2, "StationName": "AWP166078", "TxRefAmp": 212.816, "dcmmeta_affine": [[-2.0, 0.0, 0.0, 101.34939575195312], [0.0, 1.954831838607788, -0.4226493835449219, -78.18511962890625], [0.0, 0.4226495921611786, 1.954833984375, -90.72338104248047], [0.0, 0.0, 0.0, 1.0]], "dcmmeta_reorient_transform": [[0.0, -1.0, 0.0, 99.0], [1.0, 0.0, 0.0, 0.0], [0.0, 0.0, -1.0, 71.0], [0.0, 0.0, 0.0, 1.0]], "dcmmeta_shape": [100, 100, 72], "dcmmeta_slice_dim": 2, "dcmmeta_version": 0.6, "global": {"const": {"AcquisitionMatrix": [0, 100, 100, 0], "AcquisitionNumber": 1, "AngioFlag": "N", "BitsAllocated": 16, "BitsStored": 12, "BodyPartExamined": "BRAIN", "Columns": 100, "EchoNumbers": 2, "EchoTime": 7.38, "EchoTrainLength": 0, "FlipAngle": 60.0, "HighBit": 11, "ImageOrientationPatient": [1.0, 0.0, 0.0, 0.0, 0.97741589373693, -0.2113247989954], "ImageType": ["ORIGINAL", "PRIMARY", "P", "ND"], "ImagedNucleus": "1H", "ImagingFrequency": 123.257814, "InPlanePhaseEncodingDirection": "ROW", "MRAcquisitionType": "2D", "MagneticFieldStrength": 3.0, "Manufacturer": "SIEMENS", "ManufacturerModelName": "Prisma", "Modality": "MR", "NumberOfAverages": 1.0, "NumberOfPhaseEncodingSteps": 100, "PercentPhaseFieldOfView": 100.0, "PercentSampling": 100.0, "PerformedProcedureStepStartTime": "113230.891000", "PhotometricInterpretation": "MONOCHROME2", "PixelBandwidth": 570.0, "PixelRepresentation": 0, "PixelSpacing": [2.0, 2.0], "ProtocolName": "field_mapping_2x2x2", "RepetitionTime": 720.0, "RescaleIntercept": -4096.0, "RescaleSlope": 2.0, "RescaleType": "US", "Rows": 100, "SAR": 0.09108235417315, "SamplesPerPixel": 1, "ScanningSequence": "GR", "SequenceName": "*fm2d2r", "SequenceVariant": "SP", "SeriesDescription": "field_mapping_2x2x2", "SeriesNumber": 7, "SeriesTime": "120350.277000", "SliceThickness": 2.0, "SoftwareVersions": "syngo MR E11", "SpacingBetweenSlices": 2.0, "SpecificCharacterSet": "ISO_IR 100", "StudyID": "1", "StudyTime": "113230.841000", "TransmitCoilName": "Body", "VariableFlipAngleFlag": "N", "WindowCenterWidthExplanation": "Algo1", "dBdt": 0.0}, "slices": {"AcquisitionTime": ["120125.630000", "120125.270000", "120125.640000", "120125.280000", "120125.650000", "120125.290000", "120125.660000", "120125.300000", "120125.670000", "120125.310000", "120125.680000", "120125.320000", "120125.690000", "120125.330000", "120125.700000", "120125.340000", "120125.710000", "120125.350000", "120125.720000", "120125.360000", "120125.730000", "120125.370000", "120125.740000", "120125.380000", "120125.750000", "120125.390000", "120125.760000", "120125.400000", "120125.770000", "120125.410000", "120125.780000", "120125.420000", "120125.790000", "120125.430000", "120125.800000", "120125.440000", "120125.810000", "120125.450000", "120125.820000", "120125.460000", "120125.830000", "120125.470000", "120125.840000", "120125.480000", "120125.850000", "120125.490000", "120125.860000", "120125.500000", "120125.870000", "120125.510000", "120125.880000", "120125.520000", "120125.890000", "120125.530000", "120125.900000", "120125.540000", "120125.910000", "120125.550000", "120125.920000", "120125.560000", "120125.930000", "120125.570000", "120125.940000", "120125.580000", "120125.950000", "120125.590000", "120125.960000", "120125.600000", "120125.970000", "120125.610000", "120125.980000", "120125.620000"], "ContentTime": ["120350.344000", "120350.278000", "120350.345000", "120350.280000", "120350.347000", "120350.282000", "120350.349000", "120350.284000", "120350.351000", "120350.286000", "120350.353000", "120350.288000", "120350.354000", "120350.290000", "120350.356000", "120350.291000", "120350.358000", "120350.293000", "120350.360000", "120350.295000", "120350.361000", "120350.297000", "120350.363000", "120350.299000", "120350.365000", "120350.300000", "120350.367000", "120350.302000", "120350.369000", "120350.304000", "120350.370000", "120350.306000", "120350.372000", "120350.308000", "120350.374000", "120350.310000", "120350.376000", "120350.312000", "120350.378000", "120350.313000", "120350.379000", "120350.315000", "120350.381000", "120350.317000", "120350.383000", "120350.319000", "120350.385000", "120350.320000", "120350.394000", "120350.322000", "120350.396000", "120350.324000", "120350.398000", "120350.326000", "120350.400000", "120350.328000", "120350.401000", "120350.329000", "120350.403000", "120350.331000", "120350.405000", "120350.333000", "120350.407000", "120350.335000", "120350.408000", "120350.336000", "120350.410000", "120350.338000", "120350.412000", "120350.340000", "120350.414000", "120350.342000"], "CsaImage.GSWDDataType": ["measured", "predicted", "measured", "predicted", "measured", "predicted", "measured", "predicted", "measured", "predicted", "measured", "predicted", "measured", "predicted", "measured", "predicted", "measured", "predicted", "measured", "predicted", "measured", "predicted", "measured", "predicted", "measured", "predicted", "measured", "predicted", "measured", "predicted", "measured", "predicted", "measured", "predicted", "measured", "predicted", "measured", "predicted", "measured", "predicted", "measured", "predicted", "measured", "predicted", "measured", "predicted", "measured", "predicted", "measured", "predicted", "measured", "predicted", "measured", "predicted", "measured", "predicted", "measured", "predicted", "measured", "predicted", "measured", "predicted", "measured", "predicted", "measured", "predicted", "measured", "predicted", "measured", "measured", "measured", "measured"], "CsaImage.ICE_Dims": ["X_2_1_1_1_1_1_37_1_1_1_1_81", "X_2_1_1_1_1_1_1_1_1_2_1_81", "X_2_1_1_1_1_1_38_1_1_3_1_81", "X_2_1_1_1_1_1_2_1_1_4_1_81", "X_2_1_1_1_1_1_39_1_1_5_1_81", "X_2_1_1_1_1_1_3_1_1_6_1_81", "X_2_1_1_1_1_1_40_1_1_7_1_81", "X_2_1_1_1_1_1_4_1_1_8_1_81", "X_2_1_1_1_1_1_41_1_1_9_1_81", "X_2_1_1_1_1_1_5_1_1_10_1_81", "X_2_1_1_1_1_1_42_1_1_11_1_81", "X_2_1_1_1_1_1_6_1_1_12_1_81", "X_2_1_1_1_1_1_43_1_1_13_1_81", "X_2_1_1_1_1_1_7_1_1_14_1_81", "X_2_1_1_1_1_1_44_1_1_15_1_81", "X_2_1_1_1_1_1_8_1_1_16_1_81", "X_2_1_1_1_1_1_45_1_1_17_1_81", "X_2_1_1_1_1_1_9_1_1_18_1_81", "X_2_1_1_1_1_1_46_1_1_19_1_81", "X_2_1_1_1_1_1_10_1_1_20_1_81", "X_2_1_1_1_1_1_47_1_1_21_1_81", "X_2_1_1_1_1_1_11_1_1_22_1_81", "X_2_1_1_1_1_1_48_1_1_23_1_81", "X_2_1_1_1_1_1_12_1_1_24_1_81", "X_2_1_1_1_1_1_49_1_1_25_1_81", "X_2_1_1_1_1_1_13_1_1_26_1_81", "X_2_1_1_1_1_1_50_1_1_27_1_81", "X_2_1_1_1_1_1_14_1_1_28_1_81", "X_2_1_1_1_1_1_51_1_1_29_1_81", "X_2_1_1_1_1_1_15_1_1_30_1_81", "X_2_1_1_1_1_1_52_1_1_31_1_81", "X_2_1_1_1_1_1_16_1_1_32_1_81", "X_2_1_1_1_1_1_53_1_1_33_1_81", "X_2_1_1_1_1_1_17_1_1_34_1_81", "X_2_1_1_1_1_1_54_1_1_35_1_81", "X_2_1_1_1_1_1_18_1_1_36_1_81", "X_2_1_1_1_1_1_55_1_1_37_1_81", "X_2_1_1_1_1_1_19_1_1_38_1_81", "X_2_1_1_1_1_1_56_1_1_39_1_81", "X_2_1_1_1_1_1_20_1_1_40_1_81", "X_2_1_1_1_1_1_57_1_1_41_1_81", "X_2_1_1_1_1_1_21_1_1_42_1_81", "X_2_1_1_1_1_1_58_1_1_43_1_81", "X_2_1_1_1_1_1_22_1_1_44_1_81", "X_2_1_1_1_1_1_59_1_1_45_1_81", "X_2_1_1_1_1_1_23_1_1_46_1_81", "X_2_1_1_1_1_1_60_1_1_47_1_81", "X_2_1_1_1_1_1_24_1_1_48_1_81", "X_2_1_1_1_1_1_61_1_1_49_1_81", "X_2_1_1_1_1_1_25_1_1_50_1_81", "X_2_1_1_1_1_1_62_1_1_51_1_81", "X_2_1_1_1_1_1_26_1_1_52_1_81", "X_2_1_1_1_1_1_63_1_1_53_1_81", "X_2_1_1_1_1_1_27_1_1_54_1_81", "X_2_1_1_1_1_1_64_1_1_55_1_81", "X_2_1_1_1_1_1_28_1_1_56_1_81", "X_2_1_1_1_1_1_65_1_1_57_1_81", "X_2_1_1_1_1_1_29_1_1_58_1_81", "X_2_1_1_1_1_1_66_1_1_59_1_81", "X_2_1_1_1_1_1_30_1_1_60_1_81", "X_2_1_1_1_1_1_67_1_1_61_1_81", "X_2_1_1_1_1_1_31_1_1_62_1_81", "X_2_1_1_1_1_1_68_1_1_63_1_81", "X_2_1_1_1_1_1_32_1_1_64_1_81", "X_2_1_1_1_1_1_69_1_1_65_1_81", "X_2_1_1_1_1_1_33_1_1_66_1_81", "X_2_1_1_1_1_1_70_1_1_67_1_81", "X_2_1_1_1_1_1_34_1_1_68_1_81", "X_2_1_1_1_1_1_71_1_1_69_1_81", "X_2_1_1_1_1_1_35_1_1_70_1_81", "X_2_1_1_1_1_1_72_1_1_71_1_81", "X_2_1_1_1_1_1_36_1_1_72_1_81"], "CsaImage.ProtocolSliceNumber": [0, 1, 2, 3, 4, 5, 6, 7, 8, 9, 10, 11, 12, 13, 14, 15, 16, 17, 18, 19, 20, 21, 22, 23, 24, 25, 26, 27, 28, 29, 30, 31, 32, 33, 34, 35, 36, 37, 38, 39, 40, 41, 42, 43, 44, 45, 46, 47, 48, 49, 50, 51, 52, 53, 54, 55, 56, 57, 58, 59, 60, 61, 62, 63, 64, 65, 66, 67, 68, 69, 70, 71], "CsaImage.RFSWDDataType": ["measured", "predicted", "measured", "predicted", "measured", "predicted", "measured", "predicted", "measured", "predicted", "measured", "predicted", "measured", "predicted", "measured", "predicted", "measured", "predicted", "measured", "predicted", "measured", "predicted", "measured", "predicted", "measured", "predicted", "measured", "predicted", "measured", "predicted", "measured", "predicted", "measured", "predicted", "measured", "predicted", "measured", "predicted", "measured", "predicted", "measured", "predicted", "measured", "predicted", "measured", "predicted", "measured", "predicted", "measured", "predicted", "measured", "predicted", "measured", "predicted", "measured", "predicted", "measured", "measured", "measured", "measured", "measured", "measured", "measured", "measured", "measured", "measured", "measured", "measured", "measured", "measured", "measured", "measured"], "CsaImage.SlicePosition_PCS": [[-101.34939754, -115.34323961, -48.88091732], [-101.34939754, -114.92059023, -46.92608333], [-101.34939754, -114.49794084, -44.97124935], [-101.34939754, -114.07529146, -43.01642299], [-101.34939754, -113.65264208, -41.06158901], [-101.34939754, -113.22999269, -39.10675884], [-101.34939754, -112.80734236, -37.15192486], [-101.34939754, -112.38469297, -35.19709469], [-101.34939754, -111.96204359, -33.2422607], [-101.34939754, -111.53939421, -31.28743053], [-101.34939754, -111.11674482, -29.33259655], [-101.34939754, -110.69409449, -27.37776638], [-101.34939754, -110.2714451, -25.42293621], [-101.34939754, -109.84879572, -23.46810222], [-101.34939754, -109.42614633, -21.51327205], [-101.34939754, -109.003496, -19.55843807], [-101.34939754, -108.58084661, -17.6036079], [-101.34939754, -108.15819723, -15.64877392], [-101.34939754, -107.73554785, -13.69394375], [-101.34939754, -107.31289846, -11.73911358], [-101.34939754, -106.89024813, -9.78427959], [-101.34939754, -106.46759874, -7.82944942], [-101.34939754, -106.04494936, -5.87461734], [-101.34939754, -105.6222995, -3.91978527], [-101.34939754, -105.19965012, -1.96495319], [-101.34939754, -104.77700025, -0.01012111], [-101.34939754, -104.35435087, 1.94471096], [-101.34939754, -103.93170149, 3.89954304], [-101.34939754, -103.50905163, 5.85437416], [-101.34939754, -103.08640224, 7.80920624], [-101.34939754, -102.66375238, 9.76403736], [-101.34939754, -102.241103, 11.71886944], [-101.34939754, -101.81845314, 13.67370104], [-101.34939754, -101.39580376, 15.62853312], [-101.34939754, -100.97315413, 17.58336472], [-101.34939754, -100.55050451, 19.53819656], [-101.34939754, -100.12785489, 21.49302834], [-101.34939754, -99.70520539, 23.44786], [-101.34939754, -99.28255577, 25.40269207], [-101.34939754, -98.85990614, 27.35752367], [-101.34939754, -98.43725658, 29.31235527], [-101.34939754, -98.01460696, 31.26718735], [-101.34939754, -97.59195738, 33.22201943], [-101.34939754, -97.16930777, 35.17685055], [-101.34939754, -96.74665821, 37.13168263], [-101.34939754, -96.32400865, 39.0865147], [-101.34939754, -95.90135903, 41.04134678], [-101.34939754, -95.47870953, 42.99617886], [-101.34939754, -95.0560599, 44.95100903], [-101.34939754, -94.63341028, 46.90584111], [-101.34939754, -94.21076066, 48.86067318], [-101.34939754, -93.78811104, 50.81550526], [-101.34939754, -93.36546165, 52.77033734], [-101.34939754, -92.94281179, 54.72516941], [-101.34939754, -92.52016241, 56.67999958], [-101.34939754, -92.09751255, 58.63483357], [-101.34939754, -91.67486317, 60.58966374], [-101.34939754, -91.25221331, 62.54449772], [-101.34939754, -90.82956392, 64.49932789], [-101.34939754, -90.40691406, 66.45415806], [-101.34939754, -89.98426468, 68.40899205], [-101.34939754, -89.56161482, 70.36382222], [-101.34939754, -89.13896543, 72.3186562], [-101.34939754, -88.71631605, 74.27348637], [-101.34939754, -88.29366667, 76.22831654], [-101.34939754, -87.87101633, 78.18315052], [-101.34939754, -87.44836695, 80.13798069], [-101.34939754, -87.02571756, 82.09281468], [-101.34939754, -86.60306818, 84.04764485], [-101.34939754, -86.1804188, 86.00247502], [-101.34939754, -85.75776846, 87.957309], [-101.34939754, -85.33511907, 89.91214299]], "CsaImage.TimeAfterStart": [1.0825, 0.7225, 1.0925, 0.7325, 1.1025, 0.7425, 1.1125, 0.7525, 1.1225, 0.7625, 1.1325, 0.7725, 1.1425, 0.7825, 1.1525, 0.7925, 1.1625, 0.8025, 1.1725, 0.8125, 1.1825, 0.8225, 1.1925, 0.8325, 1.2025, 0.8425, 1.2125, 0.8525, 1.2225, 0.8625, 1.2325, 0.8725, 1.2425, 0.8825, 1.2525, 0.8925, 1.2625, 0.9025, 1.2725, 0.9125, 1.2825, 0.9225, 1.2925, 0.9325, 1.3025, 0.9425, 1.3125, 0.9525, 1.3225, 0.9625, 1.3325, 0.9725, 1.3425, 0.9825, 1.3525, 0.9925, 1.3625, 1.0025, 1.3725, 1.0125, 1.3825, 1.0225, 1.3925, 1.0325, 1.4025, 1.0425, 1.4125, 1.0525, 1.4225, 1.0625, 1.4325, 1.0725], "ImagePositionPatient": [[-101.34939754009, -115.34323961173, -48.880917317257], [-101.34939754009, -114.92059022819, -46.926083332882], [-101.34939754009, -114.49794084464, -44.971249348507], [-101.34939754009, -114.0752914611, -43.016422993526], [-101.34939754009, -113.65264207755, -41.061589009151], [-101.34939754009, -113.22999269401, -39.106758839474], [-101.34939754009, -112.80734235679, -37.151924855099], [-101.34939754009, -112.38469297324, -35.197094685421], [-101.34939754009, -111.9620435897, -33.242260701046], [-101.34939754009, -111.53939420615, -31.287430531368], [-101.34939754009, -111.11674482261, -29.332596546993], [-101.34939754009, -110.69409448539, -27.377766377315], [-101.34939754009, -110.27144510184, -25.422936207638], [-101.34939754009, -109.8487957183, -23.468102223263], [-101.34939754009, -109.42614633475, -21.513272053585], [-101.34939754009, -109.00349599753, -19.55843806921], [-101.34939754009, -108.58084661399, -17.603607899532], [-101.34939754009, -108.15819723044, -15.648773915157], [-101.34939754009, -107.7355478469, -13.69394374548], [-101.34939754009, -107.31289846335, -11.739113575802], [-101.34939754009, -106.89024812613, -9.7842795914268], [-101.34939754009, -106.46759874259, -7.8294494217491], [-101.34939754009, -106.04494935904, -5.8746173447227], [-101.34939754009, -105.62229949866, -3.9197852676963], [-101.34939754009, -105.19965011512, -1.96495319067], [-101.34939754009, -104.77700025474, -0.0101211136436], [-101.34939754009, -104.35435087119, 1.9447109633828], [-101.34939754009, -103.93170148765, 3.8995430404091], [-101.34939754009, -103.50905162726, 5.8543741637612], [-101.34939754009, -103.08640224372, 7.8092062407876], [-101.34939754009, -102.66375238334, 9.7640373641396], [-101.34939754009, -102.24110299979, 11.718869441166], [-101.34939754009, -101.81845313941, 13.673701041355], [-101.34939754009, -101.39580375586, 15.628533118382], [-101.34939754009, -100.9731541339, 17.583364718571], [-101.34939754009, -100.55050451194, 19.538196557179], [-101.34939754009, -100.12785488997, 21.493028336182], [-101.34939754009, -99.70520538722, 23.447859995976], [-101.34939754009, -99.282555765256, 25.402692073002], [-101.34939754009, -98.859906143293, 27.357523673191], [-101.34939754009, -98.437256580934, 29.31235527338], [-101.34939754009, -98.014606958971, 31.267187350407], [-101.34939754009, -97.591957381711, 33.222019427433], [-101.34939754009, -97.169307774648, 35.176850550785], [-101.34939754009, -96.746658212289, 37.131682627811], [-101.34939754009, -96.32400864993, 39.086514704838], [-101.34939754009, -95.901359027967, 41.041346781864], [-101.34939754009, -95.478709525213, 42.996178858891], [-101.34939754009, -95.056059903249, 44.951009028568], [-101.34939754009, -94.633410281286, 46.905841105595], [-101.34939754009, -94.210760659322, 48.860673182621], [-101.34939754009, -93.788111037359, 50.815505259647], [-101.34939754009, -93.365461653814, 52.770337336674], [-101.34939754009, -92.942811793432, 54.7251694137], [-101.34939754009, -92.520162409887, 56.679999583378], [-101.34939754009, -92.097512549505, 58.634833567753], [-101.34939754009, -91.67486316596, 60.589663737431], [-101.34939754009, -91.252213305578, 62.544497721806], [-101.34939754009, -90.829563922033, 64.499327891483], [-101.34939754009, -90.406914061651, 66.454158061161], [-101.34939754009, -89.984264678106, 68.408992045536], [-101.34939754009, -89.561614817724, 70.363822215214], [-101.34939754009, -89.138965434179, 72.318656199589], [-101.34939754009, -88.716316050634, 74.273486369267], [-101.34939754009, -88.293666667089, 76.228316538944], [-101.34939754009, -87.87101632987, 78.183150523319], [-101.34939754009, -87.448366946325, 80.137980692997], [-101.34939754009, -87.02571756278, 82.092814677372], [-101.34939754009, -86.603068179235, 84.04764484705], [-101.34939754009, -86.18041879569, 86.002475016728], [-101.34939754009, -85.757768458471, 87.957309001103], [-101.34939754009, -85.335119074926, 89.912142985478]], "InstanceCreationTime": ["120350.344000", "120350.278000", "120350.345000", "120350.280000", "120350.347000", "120350.282000", "120350.349000", "120350.284000", "120350.351000", "120350.286000", "120350.353000", "120350.288000", "120350.354000", "120350.290000", "120350.356000", "120350.291000", "120350.358000", "120350.293000", "120350.360000", "120350.295000", "120350.361000", "120350.297000", "120350.363000", "120350.299000", "120350.365000", "120350.300000", "120350.367000", "120350.302000", "120350.369000", "120350.304000", "120350.370000", "120350.306000", "120350.372000", "120350.308000", "120350.374000", "120350.310000", "120350.376000", "120350.312000", "120350.378000", "120350.313000", "120350.379000", "120350.315000", "120350.381000", "120350.317000", "120350.383000", "120350.319000", "120350.385000", "120350.320000", "120350.394000", "120350.322000", "120350.396000", "120350.324000", "120350.398000", "120350.326000", "120350.400000", "120350.328000", "120350.401000", "120350.329000", "120350.403000", "120350.331000", "120350.405000", "120350.333000", "120350.407000", "120350.335000", "120350.408000", "120350.336000", "120350.410000", "120350.338000", "120350.412000", "120350.340000", "120350.414000", "120350.342000"], "InstanceNumber": [1, 2, 3, 4, 5, 6, 7, 8, 9, 10, 11, 12, 13, 14, 15, 16, 17, 18, 19, 20, 21, 22, 23, 24, 25, 26, 27, 28, 29, 30, 31, 32, 33, 34, 35, 36, 37, 38, 39, 40, 41, 42, 43, 44, 45, 46, 47, 48, 49, 50, 51, 52, 53, 54, 55, 56, 57, 58, 59, 60, 61, 62, 63, 64, 65, 66, 67, 68, 69, 70, 71, 72], "LargestImagePixelValue": [4092, 4094, 4094, 4094, 4094, 4094, 4093, 4095, 4095, 4095, 4095, 4095, 4093, 4094, 4094, 4093, 4094, 4095, 4094, 4094, 4094, 4095, 4094, 4093, 4091, 4095, 4095, 4090, 4094, 4090, 4093, 4093, 4092, 4092, 4094, 4095, 4095, 4094, 4087, 4093, 4086, 4093, 4092, 4088, 4092, 4095, 4095, 4094, 4094, 4095, 4092, 4091, 4094, 4094, 4095, 4092, 4088, 4095, 4094, 4093, 4095, 4094, 4094, 4094, 4093, 4095, 4095, 4095, 4095, 4095, 4095, 4093], "SliceLocation": [-72.151872412754, -70.151870310786, -68.151868208818, -66.151873563941, -64.151871461972, -62.15187308855, -60.151870785046, -58.151872411624, -56.151870309655, -54.151871936233, -52.151869834264, -50.151871259307, -48.151872885884, -46.151870783916, -44.151872410493, -42.15187010699, -40.151871733567, -38.151869631599, -36.151871258176, -34.151872884753, -32.15187058125, -30.151872207827, -28.151871970132, -26.151871631669, -24.151871393973, -22.15187105551, -20.151870817815, -18.151870580119, -16.151871173793, -14.151870936097, -12.151871529771, -10.151871292075, -8.1518714196805, -6.151871181985, -4.1518713599739, -2.1518713049288, -0.1518713081422, 1.8481285469355, 3.8481288350148, 5.8481286570258, 7.8481284664409, 9.8481287545202, 11.848129033152, 13.848128385946, 15.84812866143, 17.848128936913, 19.848129224992, 21.84812948788, 23.848127911686, 25.848128199765, 27.848128487844, 29.848128775924, 31.848129013619, 33.848129352082, 35.848127725505, 37.848129928241, 39.848128301663, 41.848130504399, 43.848128877822, 45.848127352012, 47.84812945398, 49.848127928171, 51.848130030139, 53.848128403562, 55.848126776984, 57.848129080488, 59.84812745391, 61.848129555879, 63.848127929301, 65.848126302724, 67.848128606227, 69.848130708196], "SmallestImagePixelValue": [0, 0, 0, 0, 0, 3, 0, 0, 0, 0, 0, 1, 0, 0, 0, 0, 1, 0, 4, 1, 0, 0, 0, 1, 1, 10, 0, 0, 0, 0, 4, 0, 3, 0, 5, 2, 0, 0, 2, 0, 3, 7, 0, 1, 0, 1, 0, 0, 2, 0, 0, 0, 6, 2, 0, 0, 0, 0, 0, 0, 0, 0, 0, 1, 0, 0, 0, 0, 0, 1, 2, 0], "WindowCenter": [-174.0, -138.0, -164.0, -164.0, -162.0, -208.0, -186.0, -184.0, -172.0, -140.0, -150.0, -164.0, -148.0, -66.0, -64.0, -150.0, -218.0, -302.0, -254.0, -256.0, -232.0, -228.0, -252.0, -240.0, -244.0, -240.0, -232.0, -204.0, -184.0, -168.0, -202.0, -204.0, -226.0, -224.0, -196.0, -154.0, -166.0, -170.0, -146.0, -122.0, -118.0, -94.0, -232.0, -72.0, -40.0, -164.0, -132.0, -138.0, -140.0, -174.0, -166.0, -168.0, -180.0, -188.0, -202.0, -206.0, -182.0, -196.0, -58.0, -62.0, -62.0, -64.0, -88.0, -96.0, -98.0, -120.0, -142.0, -162.0, -200.0, -220.0, -266.0, -298.0], "WindowWidth": [5796.0, 6066.0, 6164.0, 6180.0, 6232.0, 6164.0, 6182.0, 6172.0, 6200.0, 6272.0, 6286.0, 6252.0, 6266.0, 6348.0, 6366.0, 6368.0, 6272.0, 6214.0, 6200.0, 6142.0, 6130.0, 6134.0, 6054.0, 6012.0, 5934.0, 5830.0, 5718.0, 5680.0, 5642.0, 5600.0, 5518.0, 5528.0, 5458.0, 5454.0, 5428.0, 5566.0, 5458.0, 5388.0, 5394.0, 5348.0, 5266.0, 5330.0, 4620.0, 5250.0, 5388.0, 4586.0, 4562.0, 4564.0, 4566.0, 4574.0, 4574.0, 4582.0, 4602.0, 4610.0, 4630.0, 4650.0, 4660.0, 4668.0, 5368.0, 5472.0, 5500.0, 5654.0, 5730.0, 5804.0, 5920.0, 6006.0, 6092.0, 6106.0, 6162.0, 6180.0, 6180.0, 6102.0]}}, "IntendedFor": ["ses-1/func/sub-42_ses-1_task-motor_run-04_bold.nii.gz", "ses-1/func/sub-42_ses-1_task-motor_run-06_bold.nii.gz", "ses-1/func/sub-42_ses-1_task-motor_run-02_bold.nii.gz", "ses-1/func/sub-42_ses-1_task-motor_run-03_bold.nii.gz", "ses-1/func/sub-42_ses-1_task-motor_run-05_bold.nii.gz", "ses-1/func/sub-42_ses-1_task-motor_run-01_bold.nii.gz"]}