{"AcquisitionMatrixPE": 100, "AcquisitionNumber": 1, "AcquisitionTime": "13:11:11.385000", "BaseResolution": 100, "BodyPartExamined": "BRAIN", "ConsistencyInfo": "N4_VE11C_LATEST_20160120", "ConversionSoftware": "dcm2niix", "ConversionSoftwareVersion": "v1.0.20180622 GCC4.9.2", "DeviceSerialNumber": "166078", "DwellTime": 8.8e-06, "EchoNumber": 2, "EchoTime": 0.00738, "EchoTime1": 0.00492, "EchoTime2": 0.00738, "FlipAngle": 60, "ImageOrientationPatientDICOM": [0.99914, 0.0114361, 0.0398486, 8.663e-11, 0.9612, -0.275854], "ImageType": ["ORIGINAL", "PRIMARY", "P", "ND"], "InPlanePhaseEncodingDirectionDICOM": "ROW", "InstitutionAddress": "Street_StreetNo_Bei_Jing_District_CN_ZIP", "InstitutionName": "BeiJing_Normal_University", "InstitutionalDepartmentName": "Department", "MRAcquisitionType": "2D", "MagneticFieldStrength": 3, "Manufacturer": "Siemens", "ManufacturersModelName": "Prisma", "Modality": "MR", "PartialFourier": 1, "PatientPosition": "HFS", "PercentPhaseFOV": 100, "PhaseEncodingDirection": "i", "PhaseEncodingSteps": 100, "PhaseResolution": 1, "PixelBandwidth": 570, "ProcedureStepDescription": "BNU_P2018_64CH_Liu.Jia", "ProtocolName": "field_mapping_2x2x2", "PulseSequenceDetails": "%SiemensSeq%_gre_field_mapping", "ReceiveCoilActiveElements": "HC1-7;NC1", "ReceiveCoilName": "HeadNeck_64", "ReconMatrixPE": 100, "RepetitionTime": 0.72, "SAR": 0.106622, "ScanningSequence": "GR", "SequenceName": "_fm2d2r", "SequenceVariant": "SP", "SeriesDescription": "field_mapping_2x2x2", "SeriesNumber": 7, "ShimSetting": [-5438, -11472, -1304, 275, -113, -333, -118, -64], "SliceThickness": 2, "SoftwareVersions": "syngo_MR_E11", "SpacingBetweenSlices": 2, "StationName": "AWP166078", "TxRefAmp": 238.915, "dcmmeta_affine": [[-1.9982805252075195, 1.7326000356643334e-10, 0.08291411399841309, 96.36470794677734], [-0.02287221886217594, 1.9223991632461548, -0.5512332916259766, -66.62232971191406], [0.0796971321105957, 0.5517078638076782, 1.9207496643066406, -123.61280059814453], [0.0, 0.0, 0.0, 1.0]], "dcmmeta_reorient_transform": [[0.0, -1.0, 0.0, 99.0], [1.0, 0.0, 0.0, 0.0], [0.0, 0.0, -1.0, 71.0], [0.0, 0.0, 0.0, 1.0]], "dcmmeta_shape": [100, 100, 72], "dcmmeta_slice_dim": 2, "dcmmeta_version": 0.6, "global": {"const": {"AcquisitionMatrix": [0, 100, 100, 0], "AcquisitionNumber": 1, "AngioFlag": "N", "BitsAllocated": 16, "BitsStored": 12, "BodyPartExamined": "BRAIN", "Columns": 100, "EchoNumbers": 2, "EchoTime": 7.38, "EchoTrainLength": 0, "FlipAngle": 60.0, "HighBit": 11, "ImageOrientationPatient": [0.99914028408832, 0.01143610911749, 0.03984856484455, 8.663e-11, 0.96119956781012, -0.2758539302632], "ImageType": ["ORIGINAL", "PRIMARY", "P", "ND"], "ImagedNucleus": "1H", "ImagingFrequency": 123.257856, "InPlanePhaseEncodingDirection": "ROW", "MRAcquisitionType": "2D", "MagneticFieldStrength": 3.0, "Manufacturer": "SIEMENS", "ManufacturerModelName": "Prisma", "Modality": "MR", "NumberOfAverages": 1.0, "NumberOfPhaseEncodingSteps": 100, "PercentPhaseFieldOfView": 100.0, "PercentSampling": 100.0, "PerformedProcedureStepStartTime": "124231.491000", "PhotometricInterpretation": "MONOCHROME2", "PixelBandwidth": 570.0, "PixelRepresentation": 0, "PixelSpacing": [2.0, 2.0], "ProtocolName": "field_mapping_2x2x2", "RepetitionTime": 720.0, "RescaleIntercept": -4096.0, "RescaleSlope": 2.0, "RescaleType": "US", "Rows": 100, "SAR": 0.10662155178754, "SamplesPerPixel": 1, "ScanningSequence": "GR", "SequenceName": "*fm2d2r", "SequenceVariant": "SP", "SeriesDescription": "field_mapping_2x2x2", "SeriesNumber": 7, "SeriesTime": "131335.768000", "SliceThickness": 2.0, "SoftwareVersions": "syngo MR E11", "SpacingBetweenSlices": 2.0, "SpecificCharacterSet": "ISO_IR 100", "StudyID": "1", "StudyTime": "124231.384000", "TransmitCoilName": "Body", "VariableFlipAngleFlag": "N", "WindowCenterWidthExplanation": "Algo1", "dBdt": 0.0}, "slices": {"AcquisitionTime": ["131111.385000", "131111.025000", "131111.395000", "131111.035000", "131111.405000", "131111.045000", "131111.415000", "131111.055000", "131111.425000", "131111.065000", "131111.435000", "131111.075000", "131111.445000", "131111.085000", "131111.455000", "131111.095000", "131111.465000", "131111.105000", "131111.475000", "131111.115000", "131111.485000", "131111.125000", "131111.495000", "131111.135000", "131111.505000", "131111.145000", "131111.515000", "131111.155000", "131111.525000", "131111.165000", "131111.535000", "131111.175000", "131111.545000", "131111.185000", "131111.555000", "131111.195000", "131111.565000", "131111.205000", "131111.575000", "131111.215000", "131111.585000", "131111.225000", "131111.595000", "131111.235000", "131111.605000", "131111.245000", "131111.615000", "131111.255000", "131111.625000", "131111.265000", "131111.635000", "131111.275000", "131111.645000", "131111.285000", "131111.655000", "131111.295000", "131111.665000", "131111.305000", "131111.675000", "131111.315000", "131111.685000", "131111.325000", "131111.695000", "131111.335000", "131111.705000", "131111.345000", "131111.715000", "131111.355000", "131111.725000", "131111.365000", "131111.735000", "131111.375000"], "ContentTime": ["131335.839000", "131335.770000", "131335.841000", "131335.772000", "131335.843000", "131335.773000", "131335.845000", "131335.775000", "131335.847000", "131335.777000", "131335.849000", "131335.779000", "131335.851000", "131335.781000", "131335.853000", "131335.783000", "131335.855000", "131335.784000", "131335.857000", "131335.786000", "131335.859000", "131335.788000", "131335.861000", "131335.790000", "131335.863000", "131335.792000", "131335.865000", "131335.794000", "131335.867000", "131335.795000", "131335.869000", "131335.797000", "131335.871000", "131335.799000", "131335.873000", "131335.801000", "131335.875000", "131335.803000", "131335.877000", "131335.805000", "131335.879000", "131335.807000", "131335.881000", "131335.809000", "131335.883000", "131335.811000", "131335.885000", "131335.813000", "131335.887000", "131335.815000", "131335.889000", "131335.817000", "131335.890000", "131335.818000", "131335.892000", "131335.820000", "131335.894000", "131335.822000", "131335.896000", "131335.824000", "131335.898000", "131335.826000", "131335.900000", "131335.828000", "131335.909000", "131335.830000", "131335.910000", "131335.832000", "131335.912000", "131335.834000", "131335.914000", "131335.837000"], "CsaImage.GSWDDataType": ["measured", "predicted", "measured", "predicted", "measured", "predicted", "measured", "predicted", "measured", "predicted", "measured", "predicted", "measured", "predicted", "measured", "predicted", "measured", "predicted", "measured", "predicted", "measured", "predicted", "measured", "predicted", "measured", "predicted", "measured", "predicted", "measured", "predicted", "measured", "predicted", "measured", "predicted", "measured", "predicted", "measured", "predicted", "measured", "predicted", "measured", "predicted", "measured", "predicted", "measured", "predicted", "measured", "predicted", "measured", "predicted", "measured", "predicted", "measured", "predicted", "measured", "predicted", "measured", "predicted", "measured", "predicted", "measured", "predicted", "measured", "predicted", "measured", "predicted", "measured", "predicted", "measured", "measured", "measured", "measured"], "CsaImage.ICE_Dims": ["X_2_1_1_1_1_1_37_1_1_1_1_113", "X_2_1_1_1_1_1_1_1_1_2_1_113", "X_2_1_1_1_1_1_38_1_1_3_1_113", "X_2_1_1_1_1_1_2_1_1_4_1_113", "X_2_1_1_1_1_1_39_1_1_5_1_113", "X_2_1_1_1_1_1_3_1_1_6_1_113", "X_2_1_1_1_1_1_40_1_1_7_1_113", "X_2_1_1_1_1_1_4_1_1_8_1_113", "X_2_1_1_1_1_1_41_1_1_9_1_113", "X_2_1_1_1_1_1_5_1_1_10_1_113", "X_2_1_1_1_1_1_42_1_1_11_1_113", "X_2_1_1_1_1_1_6_1_1_12_1_113", "X_2_1_1_1_1_1_43_1_1_13_1_113", "X_2_1_1_1_1_1_7_1_1_14_1_113", "X_2_1_1_1_1_1_44_1_1_15_1_113", "X_2_1_1_1_1_1_8_1_1_16_1_113", "X_2_1_1_1_1_1_45_1_1_17_1_113", "X_2_1_1_1_1_1_9_1_1_18_1_113", "X_2_1_1_1_1_1_46_1_1_19_1_113", "X_2_1_1_1_1_1_10_1_1_20_1_113", "X_2_1_1_1_1_1_47_1_1_21_1_113", "X_2_1_1_1_1_1_11_1_1_22_1_113", "X_2_1_1_1_1_1_48_1_1_23_1_113", "X_2_1_1_1_1_1_12_1_1_24_1_113", "X_2_1_1_1_1_1_49_1_1_25_1_113", "X_2_1_1_1_1_1_13_1_1_26_1_113", "X_2_1_1_1_1_1_50_1_1_27_1_113", "X_2_1_1_1_1_1_14_1_1_28_1_113", "X_2_1_1_1_1_1_51_1_1_29_1_113", "X_2_1_1_1_1_1_15_1_1_30_1_113", "X_2_1_1_1_1_1_52_1_1_31_1_113", "X_2_1_1_1_1_1_16_1_1_32_1_113", "X_2_1_1_1_1_1_53_1_1_33_1_113", "X_2_1_1_1_1_1_17_1_1_34_1_113", "X_2_1_1_1_1_1_54_1_1_35_1_113", "X_2_1_1_1_1_1_18_1_1_36_1_113", "X_2_1_1_1_1_1_55_1_1_37_1_113", "X_2_1_1_1_1_1_19_1_1_38_1_113", "X_2_1_1_1_1_1_56_1_1_39_1_113", "X_2_1_1_1_1_1_20_1_1_40_1_113", "X_2_1_1_1_1_1_57_1_1_41_1_113", "X_2_1_1_1_1_1_21_1_1_42_1_113", "X_2_1_1_1_1_1_58_1_1_43_1_113", "X_2_1_1_1_1_1_22_1_1_44_1_113", "X_2_1_1_1_1_1_59_1_1_45_1_113", "X_2_1_1_1_1_1_23_1_1_46_1_113", "X_2_1_1_1_1_1_60_1_1_47_1_113", "X_2_1_1_1_1_1_24_1_1_48_1_113", "X_2_1_1_1_1_1_61_1_1_49_1_113", "X_2_1_1_1_1_1_25_1_1_50_1_113", "X_2_1_1_1_1_1_62_1_1_51_1_113", "X_2_1_1_1_1_1_26_1_1_52_1_113", "X_2_1_1_1_1_1_63_1_1_53_1_113", "X_2_1_1_1_1_1_27_1_1_54_1_113", "X_2_1_1_1_1_1_64_1_1_55_1_113", "X_2_1_1_1_1_1_28_1_1_56_1_113", "X_2_1_1_1_1_1_65_1_1_57_1_113", "X_2_1_1_1_1_1_29_1_1_58_1_113", "X_2_1_1_1_1_1_66_1_1_59_1_113", "X_2_1_1_1_1_1_30_1_1_60_1_113", "X_2_1_1_1_1_1_67_1_1_61_1_113", "X_2_1_1_1_1_1_31_1_1_62_1_113", "X_2_1_1_1_1_1_68_1_1_63_1_113", "X_2_1_1_1_1_1_32_1_1_64_1_113", "X_2_1_1_1_1_1_69_1_1_65_1_113", "X_2_1_1_1_1_1_33_1_1_66_1_113", "X_2_1_1_1_1_1_70_1_1_67_1_113", "X_2_1_1_1_1_1_34_1_1_68_1_113", "X_2_1_1_1_1_1_71_1_1_69_1_113", "X_2_1_1_1_1_1_35_1_1_70_1_113", "X_2_1_1_1_1_1_72_1_1_71_1_113", "X_2_1_1_1_1_1_36_1_1_72_1_113"], "CsaImage.ProtocolSliceNumber": [0, 1, 2, 3, 4, 5, 6, 7, 8, 9, 10, 11, 12, 13, 14, 15, 16, 17, 18, 19, 20, 21, 22, 23, 24, 25, 26, 27, 28, 29, 30, 31, 32, 33, 34, 35, 36, 37, 38, 39, 40, 41, 42, 43, 44, 45, 46, 47, 48, 49, 50, 51, 52, 53, 54, 55, 56, 57, 58, 59, 60, 61, 62, 63, 64, 65, 66, 67, 68, 69, 70, 71], "CsaImage.RFSWDDataType": ["measured", "predicted", "measured", "predicted", "measured", "predicted", "measured", "predicted", "measured", "predicted", "measured", "predicted", "measured", "predicted", "measured", "predicted", "measured", "predicted", "measured", "predicted", "measured", "predicted", "measured", "predicted", "measured", "predicted", "measured", "predicted", "measured", "predicted", "measured", "predicted", "measured", "predicted", "measured", "predicted", "measured", "predicted", "measured", "predicted", "measured", "predicted", "measured", "predicted", "measured", "predicted", "measured", "predicted", "measured", "predicted", "measured", "predicted", "measured", "predicted", "measured", "predicted", "measured", "predicted", "measured", "predicted", "measured", "predicted", "measured", "predicted", "measured", "measured", "measured", "measured", "measured", "measured", "measured", "measured"], "CsaImage.SlicePosition_PCS": [[-96.36469914, -123.6952045, -68.99348812], [-96.44761349, -123.14397121, -67.07274227], [-96.5305276, -122.59273792, -65.15199642], [-96.61344196, -122.04150463, -63.23125057], [-96.69635607, -121.49027134, -61.31050472], [-96.77927042, -120.93903804, -59.38975887], [-96.86218454, -120.38780285, -57.46901302], [-96.94509889, -119.83656955, -55.54826717], [-97.028013, -119.28533626, -53.62752132], [-97.11092735, -118.73410297, -51.70677547], [-97.19384147, -118.18286968, -49.78602962], [-97.27675582, -117.63163639, -47.86528377], [-97.35966994, -117.0804031, -45.94453792], [-97.44258429, -116.5291679, -44.02379207], [-97.5254984, -115.97793461, -42.10303859], [-97.60841275, -115.42670131, -40.18229656], [-97.69132687, -114.87546802, -38.26155071], [-97.77424122, -114.32423473, -36.34080104], [-97.85715533, -113.77300144, -34.42005519], [-97.94006969, -113.22176719, -32.49930934], [-98.02298392, -112.6705339, -30.57856349], [-98.10589815, -112.11930061, -28.65781765], [-98.18881239, -111.56806637, -26.7370718], [-98.27172662, -111.01683307, -24.81632595], [-98.35464085, -110.46559978, -22.89557628], [-98.43755509, -109.91436554, -20.97483043], [-98.52046932, -109.36313225, -19.05408458], [-98.60338355, -108.81189895, -17.13333873], [-98.68629779, -108.26066471, -15.21259288], [-98.76921202, -107.70943142, -13.29184703], [-98.85212625, -107.15819812, -11.37109737], [-98.93504049, -106.60696483, -9.45035152], [-99.01795472, -106.05573059, -7.52960567], [-99.10086895, -105.5044973, -5.60885982], [-99.18378318, -104.95326353, -3.68811397], [-99.26669742, -104.40203024, -1.76736812], [-99.34961165, -103.85079647, 0.15337964], [-99.43252591, -103.29956318, 2.07412549], [-99.51544015, -102.74832941, 3.99487133], [-99.59835438, -102.19709612, 5.91561909], [-99.68126861, -101.64586235, 7.83636494], [-99.76418285, -101.09462882, 9.75711174], [-99.84709708, -100.54339529, 11.67785759], [-99.93001132, -99.99216152, 13.5986044], [-100.01292555, -99.44092799, 15.51935025], [-100.09583979, -98.88969446, 17.44009705], [-100.17875401, -98.33846093, 19.36084338], [-100.26166825, -97.78722734, 21.2815897], [-100.34458248, -97.23599378, 23.20233618], [-100.42749674, -96.68476022, 25.12308259], [-100.51041098, -96.13352669, 27.04382892], [-100.59332521, -95.58229304, 28.96457549], [-100.67623944, -95.03105951, 30.88532181], [-100.75915368, -94.47982598, 32.80606862], [-100.84206791, -93.92859245, 34.72681447], [-100.92498208, -93.37735868, 36.64756127], [-101.00789643, -92.82612539, 38.56830712], [-101.09081067, -92.27489162, 40.48905392], [-101.1737249, -91.72365785, 42.40979977], [-101.25663913, -91.17242456, 44.33054753], [-101.33955337, -90.62119079, 46.25129338], [-101.4224676, -90.0699575, 48.17203923], [-101.50538183, -89.51872373, 50.09278508], [-101.58829607, -88.96748996, 52.01353283], [-101.6712103, -88.41625667, 53.93427868], [-101.75412453, -87.86502338, 55.85502644], [-101.83703877, -87.31378914, 57.77577229], [-101.91995288, -86.76255584, 59.69651814], [-102.00286723, -86.21132255, 61.61726399], [-102.08578135, -85.66008926, 63.53800984], [-102.1686957, -85.10885502, 65.45875569], [-102.25160981, -84.55762172, 67.37950535]], "CsaImage.TimeAfterStart": [1.0825, 0.7225, 1.0925, 0.7325, 1.1025, 0.7425, 1.1125, 0.7525, 1.1225, 0.7625, 1.1325, 0.7725, 1.1425, 0.7825, 1.1525, 0.7925, 1.1625, 0.8025, 1.1725, 0.8125, 1.1825, 0.8225, 1.1925, 0.8325, 1.2025, 0.8425, 1.2125, 0.8525, 1.2225, 0.8625, 1.2325, 0.8725, 1.2425, 0.8825, 1.2525, 0.8925, 1.2625, 0.9025, 1.2725, 0.9125, 1.2825, 0.9225, 1.2925, 0.9325, 1.3025, 0.9425, 1.3125, 0.9525, 1.3225, 0.9625, 1.3325, 0.9725, 1.3425, 0.9825, 1.3525, 0.9925, 1.3625, 1.0025, 1.3725, 1.0125, 1.3825, 1.0225, 1.3925, 1.0325, 1.4025, 1.0425, 1.4125, 1.0525, 1.4225, 1.0625, 1.4325, 1.0725], "ImagePositionPatient": [[-96.364699136642, -123.69520450306, -68.993488116339], [-96.447613489059, -123.14397121144, -67.07274226673], [-96.530527603057, -122.59273791981, -65.15199641712], [-96.613441955474, -122.04150462819, -63.231250567511], [-96.696356069473, -121.49027133656, -61.310504717902], [-96.77927042189, -120.93903804493, -59.389758868292], [-96.862184535888, -120.38780284596, -57.469013018683], [-96.945098888305, -119.83656955433, -55.548267169073], [-97.028013002303, -119.28533626271, -53.627521319464], [-97.11092735472, -118.73410297108, -51.706775469855], [-97.193841468719, -118.18286967946, -49.786029620245], [-97.276755821136, -117.63163638783, -47.865283770636], [-97.359669935134, -117.0804030962, -45.944537921027], [-97.442584287551, -116.52916789723, -44.023792071417], [-97.52549840155, -115.9779346056, -42.103038592413], [-97.608412753967, -115.42670131398, -40.182296557501], [-97.691326867965, -114.87546802235, -38.261550707892], [-97.774241220382, -114.32423473072, -36.340801043585], [-97.85715533438, -113.7730014391, -34.420055193976], [-97.940069686797, -113.2217671938, -32.499309344366], [-98.022983920005, -112.67053390217, -30.578563494757], [-98.105898153213, -112.11930061055, -28.657817645148], [-98.18881238642, -111.56806636525, -26.737071795538], [-98.271726619628, -111.01683307362, -24.816325945929], [-98.354640852836, -110.46559978199, -22.895576281622], [-98.437555086044, -109.91436553669, -20.974830432013], [-98.520469319251, -109.36313224507, -19.054084582404], [-98.603383552459, -108.81189895344, -17.133338732794], [-98.686297785667, -108.26066470814, -15.212592883185], [-98.769212018874, -107.70943141652, -13.291847033575], [-98.852126252082, -107.15819812489, -11.371097369269], [-98.93504048529, -106.60696483326, -9.4503515196594], [-99.017954718497, -106.05573058796, -7.5296056700501], [-99.100868951705, -105.50449729634, -5.6088598204407], [-99.183783184913, -104.95326352787, -3.6881139708313], [-99.266697418121, -104.40203023625, -1.7673681212219], [-99.349611651328, -103.85079646779, 0.15337963573607], [-99.432525914338, -103.29956317616, 2.0741254853454], [-99.515440147546, -102.7483294077, 3.9948713349548], [-99.598354380754, -102.19709611607, 5.9156190919128], [-99.681268613961, -101.64586234761, 7.8363649415222], [-99.764182847169, -101.09462881756, 9.7571117448059], [-99.847097080377, -100.54339528752, 11.677857594415], [-99.93001131731, -99.992161519055, 13.598604397699], [-100.01292555424, -99.44092798901, 15.519350247308], [-100.0958397949, -98.889694458966, 17.440097050592], [-100.17875401321, -98.338460928921, 19.360843377039], [-100.26166824642, -97.787227339272, 21.281589703485], [-100.34458247962, -97.235993777563, 23.202336178943], [-100.42749674263, -96.684760219578, 25.123082594797], [-100.51041097584, -96.133526689534, 27.043828921243], [-100.59332520905, -95.58229304028, 28.964575486108], [-100.67623944226, -95.031059510235, 30.885321812555], [-100.75915367546, -94.479825980191, 32.806068615839], [-100.84206790867, -93.928592450146, 34.726814465448], [-100.92498208227, -93.377358681683, 36.647561268732], [-101.00789643469, -92.826125390057, 38.568307118341], [-101.0908106679, -92.274891621594, 40.489053921625], [-101.17372490111, -91.723657853131, 42.409799771234], [-101.25663913431, -91.172424561505, 44.330547528192], [-101.33955336752, -90.621190793042, 46.251293377802], [-101.42246760073, -90.069957501416, 48.172039227411], [-101.50538183394, -89.518723732953, 50.09278507702], [-101.58829606715, -88.96748996449, 52.013532833978], [-101.67121030035, -88.416256672864, 53.934278683588], [-101.75412453356, -87.865023381238, 55.855026440546], [-101.83703876677, -87.313789135937, 57.775772290155], [-101.91995288077, -86.762555844311, 59.696518139764], [-102.00286723318, -86.211322552685, 61.617263989374], [-102.08578134718, -85.660089261059, 63.538009838983], [-102.1686956996, -85.108855015759, 65.458755688593], [-102.2516098136, -84.557621724133, 67.379505352899]], "InstanceCreationTime": ["131335.839000", "131335.770000", "131335.841000", "131335.772000", "131335.843000", "131335.773000", "131335.845000", "131335.775000", "131335.847000", "131335.777000", "131335.849000", "131335.779000", "131335.851000", "131335.781000", "131335.853000", "131335.783000", "131335.855000", "131335.784000", "131335.857000", "131335.786000", "131335.859000", "131335.788000", "131335.861000", "131335.790000", "131335.863000", "131335.792000", "131335.865000", "131335.794000", "131335.867000", "131335.795000", "131335.869000", "131335.797000", "131335.871000", "131335.799000", "131335.873000", "131335.801000", "131335.875000", "131335.803000", "131335.877000", "131335.805000", "131335.879000", "131335.807000", "131335.881000", "131335.809000", "131335.883000", "131335.811000", "131335.885000", "131335.813000", "131335.887000", "131335.815000", "131335.889000", "131335.817000", "131335.890000", "131335.818000", "131335.892000", "131335.820000", "131335.894000", "131335.822000", "131335.896000", "131335.824000", "131335.898000", "131335.826000", "131335.900000", "131335.828000", "131335.909000", "131335.830000", "131335.910000", "131335.832000", "131335.912000", "131335.834000", "131335.914000", "131335.837000"], "InstanceNumber": [1, 2, 3, 4, 5, 6, 7, 8, 9, 10, 11, 12, 13, 14, 15, 16, 17, 18, 19, 20, 21, 22, 23, 24, 25, 26, 27, 28, 29, 30, 31, 32, 33, 34, 35, 36, 37, 38, 39, 40, 41, 42, 43, 44, 45, 46, 47, 48, 49, 50, 51, 52, 53, 54, 55, 56, 57, 58, 59, 60, 61, 62, 63, 64, 65, 66, 67, 68, 69, 70, 71, 72], "LargestImagePixelValue": [4092, 4094, 4095, 4094, 4094, 4095, 4093, 4095, 4092, 4095, 4090, 4092, 4094, 4092, 4094, 4094, 4094, 4093, 4094, 4094, 4088, 4095, 4092, 4094, 4090, 4093, 4094, 4094, 4090, 4092, 4095, 4094, 4094, 4092, 4094, 4094, 4095, 4095, 4094, 4093, 4094, 4093, 4094, 4095, 4091, 4094, 4094, 4093, 4095, 4094, 4094, 4094, 4095, 4095, 4092, 4094, 4094, 4094, 4094, 4094, 4093, 4090, 4094, 4094, 4094, 4095, 4095, 4092, 4095, 4094, 4094, 4095], "SliceLocation": [-96.356968060133, -94.356968672527, -92.356969294805, -90.356969907199, -88.356970529477, -86.356971141871, -84.356971238451, -82.356971850845, -80.356972473123, -78.356973085517, -76.356973707795, -74.356974320189, -72.356974942466, -70.356975029163, -68.356968324375, -66.356972600302, -64.35697322258, -62.35697017144, -60.356970793718, -58.356971143264, -56.356971760599, -54.356972377935, -52.356972732423, -50.356973349758, -48.356970303561, -46.356970658048, -44.356971275384, -42.35697189272, -40.356972247207, -38.356972864543, -36.356969818346, -34.356970435682, -32.356970790169, -30.356971407505, -28.356971893417, -26.356972510753, -24.356971164898, -22.356971780998, -20.35697226691, -18.356971052479, -16.356971538391, -14.356971174131, -12.356971725755, -10.356971295629, -8.3569718470978, -6.3569714825294, -4.3569715768292, -2.3569716540833, -0.3569715959312, 1.6430284051869, 3.6430283115048, 5.6430284796496, 7.6430283859675, 9.6430287502271, 11.643028198603, 13.643028626104, 15.64302801371, 17.643028443682, 19.64302795777, 21.643029172201, 23.643028686289, 25.643028068954, 27.643027583042, 29.643028928897, 31.643028311561, 33.643029525992, 35.643029171504, 37.643028549227, 39.643027936833, 41.643027314555, 43.64302696501, 45.643030006265], "SmallestImagePixelValue": [1, 0, 0, 0, 0, 5, 1, 0, 0, 0, 0, 0, 0, 0, 1, 0, 0, 0, 0, 0, 1, 1, 0, 8, 1, 0, 5, 0, 0, 2, 3, 0, 1, 2, 0, 0, 0, 0, 0, 0, 3, 0, 5, 0, 1, 0, 1, 0, 1, 1, 1, 0, 0, 2, 2, 2, 0, 0, 0, 0, 1, 0, 1, 0, 0, 0, 0, 0, 1, 0, 0, 1], "WindowCenter": [-256.0, -264.0, -290.0, -312.0, -278.0, -286.0, -270.0, -272.0, -244.0, -244.0, -266.0, -242.0, -184.0, -182.0, -192.0, -160.0, -142.0, -230.0, -260.0, -274.0, -238.0, -232.0, -258.0, -274.0, -304.0, -322.0, -350.0, -306.0, -294.0, -214.0, -206.0, -146.0, -128.0, -92.0, -94.0, -100.0, -96.0, -104.0, -124.0, -110.0, -108.0, -82.0, -64.0, -46.0, -180.0, -8.0, -130.0, -136.0, -162.0, -162.0, -178.0, -156.0, -158.0, -214.0, -204.0, -236.0, -230.0, -252.0, -304.0, -166.0, -190.0, -188.0, -340.0, -194.0, -310.0, -248.0, -312.0, -226.0, -310.0, -302.0, -308.0, -344.0], "WindowWidth": [5942.0, 6048.0, 5996.0, 6002.0, 6022.0, 6006.0, 5974.0, 6032.0, 6106.0, 6156.0, 6096.0, 6074.0, 6168.0, 6156.0, 6180.0, 6254.0, 6242.0, 6126.0, 6068.0, 5930.0, 5958.0, 5848.0, 5780.0, 5634.0, 5628.0, 5554.0, 5424.0, 5560.0, 5562.0, 5590.0, 5582.0, 5598.0, 5582.0, 5602.0, 5640.0, 5654.0, 5656.0, 5566.0, 5446.0, 5438.0, 5314.0, 5364.0, 5312.0, 5282.0, 4598.0, 5278.0, 4578.0, 4584.0, 4588.0, 4598.0, 4624.0, 4648.0, 4662.0, 4694.0, 4700.0, 4700.0, 4722.0, 4742.0, 4768.0, 5370.0, 5416.0, 5270.0, 4850.0, 5488.0, 5548.0, 5628.0, 5722.0, 5894.0, 5990.0, 6134.0, 6188.0, 6248.0]}}, "IntendedFor": ["ses-1/func/sub-53_ses-1_task-motor_run-06_bold.nii.gz", "ses-1/func/sub-53_ses-1_task-motor_run-04_bold.nii.gz", "ses-1/func/sub-53_ses-1_task-motor_run-03_bold.nii.gz", "ses-1/func/sub-53_ses-1_task-motor_run-02_bold.nii.gz", "ses-1/func/sub-53_ses-1_task-motor_run-01_bold.nii.gz", "ses-1/func/sub-53_ses-1_task-motor_run-05_bold.nii.gz"]}