{"AcquisitionMatrixPE": 100, "AcquisitionNumber": 1, "AcquisitionTime": "10:50:28.335000", "BaseResolution": 100, "BodyPartExamined": "BRAIN", "ConsistencyInfo": "N4_VE11C_LATEST_20160120", "ConversionSoftware": "dcm2niix", "ConversionSoftwareVersion": "v1.0.20180622 GCC4.9.2", "DeviceSerialNumber": "166078", "DwellTime": 8.8e-06, "EchoNumber": 2, "EchoTime": 0.00738, "EchoTime1": 0.00492, "EchoTime2": 0.00738, "FlipAngle": 60, "ImageOrientationPatientDICOM": [1, 0, 0, 0, 0.999391, -0.0348995], "ImageType": ["ORIGINAL", "PRIMARY", "P", "ND"], "InPlanePhaseEncodingDirectionDICOM": "ROW", "InstitutionAddress": "Street_StreetNo_Bei_Jing_District_CN_ZIP", "InstitutionName": "BeiJing_Normal_University", "InstitutionalDepartmentName": "Department", "MRAcquisitionType": "2D", "MagneticFieldStrength": 3, "Manufacturer": "Siemens", "ManufacturersModelName": "Prisma", "Modality": "MR", "PartialFourier": 1, "PatientPosition": "HFS", "PercentPhaseFOV": 100, "PhaseEncodingDirection": "i", "PhaseEncodingSteps": 100, "PhaseResolution": 1, "PixelBandwidth": 570, "ProcedureStepDescription": "BNU_P2018_64CH_Liu.Jia", "ProtocolName": "field_mapping_2x2x2", "PulseSequenceDetails": "%SiemensSeq%_gre_field_mapping", "ReceiveCoilActiveElements": "HC1-7;NC1", "ReceiveCoilName": "HeadNeck_64", "ReconMatrixPE": 100, "RepetitionTime": 0.72, "SAR": 0.107912, "ScanningSequence": "GR", "SequenceName": "_fm2d2r", "SequenceVariant": "SP", "SeriesDescription": "field_mapping_2x2x2", "SeriesNumber": 7, "ShimSetting": [-5467, -11458, -1195, 322, -50, -94, -38, 102], "SliceThickness": 2, "SoftwareVersions": "syngo_MR_E11", "SpacingBetweenSlices": 2, "StationName": "AWP166078", "TxRefAmp": 218.639, "dcmmeta_affine": [[-2.0, 0.0, 0.0, 100.0], [0.0, 1.998781681060791, -0.06979900598526001, -93.30821990966797], [0.0, 0.06979899108409882, 1.998779296875, -54.92613220214844], [0.0, 0.0, 0.0, 1.0]], "dcmmeta_reorient_transform": [[0.0, -1.0, 0.0, 99.0], [1.0, 0.0, 0.0, 0.0], [0.0, 0.0, -1.0, 71.0], [0.0, 0.0, 0.0, 1.0]], "dcmmeta_shape": [100, 100, 72], "dcmmeta_slice_dim": 2, "dcmmeta_version": 0.6, "global": {"const": {"AcquisitionMatrix": [0, 100, 100, 0], "AcquisitionNumber": 1, "AngioFlag": "N", "BitsAllocated": 16, "BitsStored": 12, "BodyPartExamined": "BRAIN", "Columns": 100, "EchoNumbers": 2, "EchoTime": 7.38, "EchoTrainLength": 0, "FlipAngle": 60.0, "HighBit": 11, "ImageOrientationPatient": [1.0, 0.0, 0.0, 0.0, 0.99939082708421, -0.0348994948378], "ImageType": ["ORIGINAL", "PRIMARY", "P", "ND"], "ImagedNucleus": "1H", "ImagingFrequency": 123.257802, "InPlanePhaseEncodingDirection": "ROW", "MRAcquisitionType": "2D", "MagneticFieldStrength": 3.0, "Manufacturer": "SIEMENS", "ManufacturerModelName": "Prisma", "Modality": "MR", "NumberOfAverages": 1.0, "NumberOfPhaseEncodingSteps": 100, "PercentPhaseFieldOfView": 100.0, "PercentSampling": 100.0, "PerformedProcedureStepStartTime": "101911.583000", "PhotometricInterpretation": "MONOCHROME2", "PixelBandwidth": 570.0, "PixelRepresentation": 0, "PixelSpacing": [2.0, 2.0], "ProtocolName": "field_mapping_2x2x2", "RepetitionTime": 720.0, "RescaleIntercept": -4096.0, "RescaleSlope": 2.0, "RescaleType": "US", "Rows": 100, "SAR": 0.10791208394581, "SamplesPerPixel": 1, "ScanningSequence": "GR", "SequenceName": "*fm2d2r", "SequenceVariant": "SP", "SeriesDescription": "field_mapping_2x2x2", "SeriesNumber": 7, "SeriesTime": "105252.664000", "SliceThickness": 2.0, "SoftwareVersions": "syngo MR E11", "SpacingBetweenSlices": 2.0, "SpecificCharacterSet": "ISO_IR 100", "StudyID": "1", "StudyTime": "101911.500000", "TransmitCoilName": "Body", "VariableFlipAngleFlag": "N", "WindowCenterWidthExplanation": "Algo1", "dBdt": 0.0}, "slices": {"AcquisitionTime": ["105028.335000", "105027.975000", "105028.345000", "105027.985000", "105028.355000", "105027.995000", "105028.365000", "105028.005000", "105028.375000", "105028.015000", "105028.385000", "105028.025000", "105028.395000", "105028.035000", "105028.405000", "105028.045000", "105028.415000", "105028.055000", "105028.425000", "105028.065000", "105028.435000", "105028.075000", "105028.445000", "105028.085000", "105028.455000", "105028.095000", "105028.465000", "105028.105000", "105028.475000", "105028.115000", "105028.485000", "105028.125000", "105028.495000", "105028.135000", "105028.505000", "105028.145000", "105028.515000", "105028.155000", "105028.525000", "105028.165000", "105028.535000", "105028.175000", "105028.545000", "105028.185000", "105028.555000", "105028.195000", "105028.565000", "105028.205000", "105028.575000", "105028.215000", "105028.585000", "105028.225000", "105028.595000", "105028.235000", "105028.605000", "105028.245000", "105028.615000", "105028.255000", "105028.625000", "105028.265000", "105028.635000", "105028.275000", "105028.645000", "105028.285000", "105028.655000", "105028.295000", "105028.665000", "105028.305000", "105028.675000", "105028.315000", "105028.685000", "105028.325000"], "ContentTime": ["105252.732000", "105252.666000", "105252.734000", "105252.669000", "105252.736000", "105252.671000", "105252.738000", "105252.672000", "105252.740000", "105252.674000", "105252.741000", "105252.676000", "105252.743000", "105252.678000", "105252.745000", "105252.680000", "105252.747000", "105252.682000", "105252.749000", "105252.683000", "105252.750000", "105252.685000", "105252.752000", "105252.687000", "105252.754000", "105252.689000", "105252.756000", "105252.691000", "105252.758000", "105252.693000", "105252.760000", "105252.695000", "105252.761000", "105252.696000", "105252.763000", "105252.698000", "105252.765000", "105252.700000", "105252.767000", "105252.702000", "105252.769000", "105252.704000", "105252.770000", "105252.705000", "105252.772000", "105252.707000", "105252.774000", "105252.709000", "105252.776000", "105252.711000", "105252.778000", "105252.713000", "105252.780000", "105252.714000", "105252.781000", "105252.716000", "105252.783000", "105252.718000", "105252.785000", "105252.720000", "105252.787000", "105252.722000", "105252.789000", "105252.723000", "105252.791000", "105252.725000", "105252.792000", "105252.727000", "105252.794000", "105252.729000", "105252.796000", "105252.731000"], "CsaImage.GSWDDataType": ["measured", "predicted", "measured", "predicted", "measured", "predicted", "measured", "predicted", "measured", "predicted", "measured", "predicted", "measured", "predicted", "measured", "predicted", "measured", "predicted", "measured", "predicted", "measured", "predicted", "measured", "predicted", "measured", "predicted", "measured", "predicted", "measured", "predicted", "measured", "predicted", "measured", "predicted", "measured", "predicted", "measured", "predicted", "measured", "predicted", "measured", "predicted", "measured", "predicted", "measured", "predicted", "measured", "predicted", "measured", "predicted", "measured", "predicted", "measured", "predicted", "measured", "predicted", "measured", "predicted", "measured", "predicted", "measured", "predicted", "measured", "predicted", "measured", "predicted", "measured", "predicted", "measured", "predicted", "measured", "predicted"], "CsaImage.ICE_Dims": ["X_2_1_1_1_1_1_37_1_1_1_1_53", "X_2_1_1_1_1_1_1_1_1_2_1_53", "X_2_1_1_1_1_1_38_1_1_3_1_53", "X_2_1_1_1_1_1_2_1_1_4_1_53", "X_2_1_1_1_1_1_39_1_1_5_1_53", "X_2_1_1_1_1_1_3_1_1_6_1_53", "X_2_1_1_1_1_1_40_1_1_7_1_53", "X_2_1_1_1_1_1_4_1_1_8_1_53", "X_2_1_1_1_1_1_41_1_1_9_1_53", "X_2_1_1_1_1_1_5_1_1_10_1_53", "X_2_1_1_1_1_1_42_1_1_11_1_53", "X_2_1_1_1_1_1_6_1_1_12_1_53", "X_2_1_1_1_1_1_43_1_1_13_1_53", "X_2_1_1_1_1_1_7_1_1_14_1_53", "X_2_1_1_1_1_1_44_1_1_15_1_53", "X_2_1_1_1_1_1_8_1_1_16_1_53", "X_2_1_1_1_1_1_45_1_1_17_1_53", "X_2_1_1_1_1_1_9_1_1_18_1_53", "X_2_1_1_1_1_1_46_1_1_19_1_53", "X_2_1_1_1_1_1_10_1_1_20_1_53", "X_2_1_1_1_1_1_47_1_1_21_1_53", "X_2_1_1_1_1_1_11_1_1_22_1_53", "X_2_1_1_1_1_1_48_1_1_23_1_53", "X_2_1_1_1_1_1_12_1_1_24_1_53", "X_2_1_1_1_1_1_49_1_1_25_1_53", "X_2_1_1_1_1_1_13_1_1_26_1_53", "X_2_1_1_1_1_1_50_1_1_27_1_53", "X_2_1_1_1_1_1_14_1_1_28_1_53", "X_2_1_1_1_1_1_51_1_1_29_1_53", "X_2_1_1_1_1_1_15_1_1_30_1_53", "X_2_1_1_1_1_1_52_1_1_31_1_53", "X_2_1_1_1_1_1_16_1_1_32_1_53", "X_2_1_1_1_1_1_53_1_1_33_1_53", "X_2_1_1_1_1_1_17_1_1_34_1_53", "X_2_1_1_1_1_1_54_1_1_35_1_53", "X_2_1_1_1_1_1_18_1_1_36_1_53", "X_2_1_1_1_1_1_55_1_1_37_1_53", "X_2_1_1_1_1_1_19_1_1_38_1_53", "X_2_1_1_1_1_1_56_1_1_39_1_53", "X_2_1_1_1_1_1_20_1_1_40_1_53", "X_2_1_1_1_1_1_57_1_1_41_1_53", "X_2_1_1_1_1_1_21_1_1_42_1_53", "X_2_1_1_1_1_1_58_1_1_43_1_53", "X_2_1_1_1_1_1_22_1_1_44_1_53", "X_2_1_1_1_1_1_59_1_1_45_1_53", "X_2_1_1_1_1_1_23_1_1_46_1_53", "X_2_1_1_1_1_1_60_1_1_47_1_53", "X_2_1_1_1_1_1_24_1_1_48_1_53", "X_2_1_1_1_1_1_61_1_1_49_1_53", "X_2_1_1_1_1_1_25_1_1_50_1_53", "X_2_1_1_1_1_1_62_1_1_51_1_53", "X_2_1_1_1_1_1_26_1_1_52_1_53", "X_2_1_1_1_1_1_63_1_1_53_1_53", "X_2_1_1_1_1_1_27_1_1_54_1_53", "X_2_1_1_1_1_1_64_1_1_55_1_53", "X_2_1_1_1_1_1_28_1_1_56_1_53", "X_2_1_1_1_1_1_65_1_1_57_1_53", "X_2_1_1_1_1_1_29_1_1_58_1_53", "X_2_1_1_1_1_1_66_1_1_59_1_53", "X_2_1_1_1_1_1_30_1_1_60_1_53", "X_2_1_1_1_1_1_67_1_1_61_1_53", "X_2_1_1_1_1_1_31_1_1_62_1_53", "X_2_1_1_1_1_1_68_1_1_63_1_53", "X_2_1_1_1_1_1_32_1_1_64_1_53", "X_2_1_1_1_1_1_69_1_1_65_1_53", "X_2_1_1_1_1_1_33_1_1_66_1_53", "X_2_1_1_1_1_1_70_1_1_67_1_53", "X_2_1_1_1_1_1_34_1_1_68_1_53", "X_2_1_1_1_1_1_71_1_1_69_1_53", "X_2_1_1_1_1_1_35_1_1_70_1_53", "X_2_1_1_1_1_1_72_1_1_71_1_53", "X_2_1_1_1_1_1_36_1_1_72_1_53"], "CsaImage.ProtocolSliceNumber": [0, 1, 2, 3, 4, 5, 6, 7, 8, 9, 10, 11, 12, 13, 14, 15, 16, 17, 18, 19, 20, 21, 22, 23, 24, 25, 26, 27, 28, 29, 30, 31, 32, 33, 34, 35, 36, 37, 38, 39, 40, 41, 42, 43, 44, 45, 46, 47, 48, 49, 50, 51, 52, 53, 54, 55, 56, 57, 58, 59, 60, 61, 62, 63, 64, 65, 66, 67, 68, 69, 70, 71], "CsaImage.RFSWDDataType": ["measured", "predicted", "measured", "predicted", "measured", "predicted", "measured", "predicted", "measured", "predicted", "measured", "predicted", "measured", "predicted", "measured", "predicted", "measured", "predicted", "measured", "predicted", "measured", "predicted", "measured", "predicted", "measured", "predicted", "measured", "predicted", "measured", "predicted", "measured", "predicted", "measured", "predicted", "measured", "predicted", "measured", "predicted", "measured", "predicted", "measured", "predicted", "measured", "predicted", "measured", "predicted", "measured", "predicted", "measured", "predicted", "measured", "predicted", "measured", "predicted", "measured", "predicted", "measured", "predicted", "measured", "predicted", "measured", "predicted", "measured", "predicted", "measured", "predicted", "measured", "predicted", "measured", "measured", "measured", "measured"], "CsaImage.SlicePosition_PCS": [[-100.0, -104.57116374, -48.01619599], [-100.0, -104.50136479, -46.0174167], [-100.0, -104.43156585, -44.01863359], [-100.0, -104.3617669, -42.01985047], [-100.0, -104.29196795, -40.02107118], [-100.0, -104.22216901, -38.02228807], [-100.0, -104.15237006, -36.02350877], [-100.0, -104.08257112, -34.02472566], [-100.0, -104.01277169, -32.02594255], [-100.0, -103.94297275, -30.02716325], [-100.0, -103.8731738, -28.02838014], [-100.0, -103.80337485, -26.02959893], [-100.0, -103.73357591, -24.03081773], [-100.0, -103.66377696, -22.03203462], [-100.0, -103.59397801, -20.03325341], [-100.0, -103.52417883, -18.03447221], [-100.0, -103.45437988, -16.035691], [-100.0, -103.38458094, -14.03690789], [-100.0, -103.31478199, -12.03812669], [-100.0, -103.24498304, -10.03934548], [-100.0, -103.17518386, -8.04056333], [-100.0, -103.10538491, -6.04178212], [-100.0, -103.03558597, -4.04300044], [-100.0, -102.96578702, -2.04421876], [-100.0, -102.89598807, -0.04543708], [-100.0, -102.82618889, 1.95334448], [-100.0, -102.75638994, 3.95212619], [-100.0, -102.686591, 5.95090773], [-100.0, -102.61679205, 7.94968965], [-100.0, -102.5469931, 9.94847133], [-100.0, -102.47719416, 11.94725253], [-100.0, -102.40739497, 13.94603469], [-100.0, -102.33759603, 15.94481589], [-100.0, -102.26779708, 17.94359805], [-100.0, -102.19799813, 19.94238021], [-100.0, -102.12819919, 21.94116141], [-100.0, -102.0584, 23.93994262], [-100.0, -101.98860106, 25.93872382], [-100.0, -101.91880211, 27.93750693], [-100.0, -101.84900304, 29.93628814], [-100.0, -101.7792041, 31.93506934], [-100.0, -101.70940515, 33.93385055], [-100.0, -101.63960608, 35.93263366], [-100.0, -101.56980714, 37.93141295], [-100.0, -101.50000807, 39.93019607], [-100.0, -101.43020913, 41.92897918], [-100.0, -101.36041018, 43.92775847], [-100.0, -101.29061111, 45.92654159], [-100.0, -101.22081217, 47.92532088], [-100.0, -101.15101322, 49.92410399], [-100.0, -101.08121416, 51.92288711], [-100.0, -101.01141521, 53.9216664], [-100.0, -100.94161614, 55.92044951], [-100.0, -100.8718172, 57.91923263], [-100.0, -100.80201819, 59.91801192], [-100.0, -100.73221919, 61.91679503], [-100.0, -100.66242024, 63.91557433], [-100.0, -100.59262123, 65.91435744], [-100.0, -100.52282223, 67.91313674], [-100.0, -100.45302322, 69.91192367], [-100.0, -100.38322425, 71.91070296], [-100.0, -100.31342524, 73.90948226], [-100.0, -100.24362626, 75.90826919], [-100.0, -100.17382726, 77.90704848], [-100.0, -100.10402827, 79.90582778], [-100.0, -100.03422927, 81.90460708], [-100.0, -99.96443028, 83.903394], [-100.0, -99.89463129, 85.9021733], [-100.0, -99.82483229, 87.9009526], [-100.0, -99.7550333, 89.89973952], [-100.0, -99.6852343, 91.89851882], [-100.0, -99.6154353, 93.89729812]], "CsaImage.TimeAfterStart": [1.0825, 0.7225, 1.0925, 0.7325, 1.1025, 0.7425, 1.1125, 0.7525, 1.1225, 0.7625, 1.1325, 0.7725, 1.1425, 0.7825, 1.1525, 0.7925, 1.1625, 0.8025, 1.1725, 0.8125, 1.1825, 0.8225, 1.1925, 0.8325, 1.2025, 0.8425, 1.2125, 0.8525, 1.2225, 0.8625, 1.2325, 0.8725, 1.2425, 0.8825, 1.2525, 0.8925, 1.2625, 0.9025, 1.2725, 0.9125, 1.2825, 0.9225, 1.2925, 0.9325, 1.3025, 0.9425, 1.3125, 0.9525, 1.3225, 0.9625, 1.3325, 0.9725, 1.3425, 0.9825, 1.3525, 0.9925, 1.3625, 1.0025, 1.3725, 1.0125, 1.3825, 1.0225, 1.3925, 1.0325, 1.4025, 1.0425, 1.4125, 1.0525, 1.4225, 1.0625, 1.4325, 1.0725], "ImagePositionPatient": [[-100.0, -104.57116374022, -48.016195993511], [-100.0, -104.50136479384, -46.017416696636], [-100.0, -104.43156584746, -44.018633585064], [-100.0, -104.36176690108, -42.019850473491], [-100.0, -104.2919679547, -40.021071176616], [-100.0, -104.22216900832, -38.022288065044], [-100.0, -104.15237006194, -36.023508768169], [-100.0, -104.08257111556, -34.024725656597], [-100.0, -104.01277169234, -32.025942545025], [-100.0, -103.94297274596, -30.02716324815], [-100.0, -103.87317379958, -28.028380136577], [-100.0, -103.8033748532, -26.029598932354], [-100.0, -103.73357590682, -24.03081772813], [-100.0, -103.66377696044, -22.032034616558], [-100.0, -103.59397801405, -20.033253412334], [-100.0, -103.52417882926, -18.034472208111], [-100.0, -103.45437988287, -16.035691003887], [-100.0, -103.38458093649, -14.036907892315], [-100.0, -103.31478199011, -12.038126688091], [-100.0, -103.24498304373, -10.039345483867], [-100.0, -103.17518385893, -8.0405633259695], [-100.0, -103.10538491255, -6.0417821217459], [-100.0, -103.03558596617, -4.0430004406851], [-100.0, -102.96578701979, -2.0442187596243], [-100.0, -102.89598807341, -0.0454370785635], [-100.0, -102.82618888861, 1.953344483288], [-100.0, -102.75638994223, 3.9521261941511], [-100.0, -102.68659099585, 5.9509077262003], [-100.0, -102.61679204947, 7.9496896456797], [-100.0, -102.54699310309, 9.9484713267404], [-100.0, -102.47719415671, 11.947252530964], [-100.0, -102.40739497191, 13.946034688862], [-100.0, -102.33759602553, 15.944815893086], [-100.0, -102.26779707915, 17.943598050984], [-100.0, -102.19799813277, 19.942380208882], [-100.0, -102.12819918639, 21.941161413105], [-100.0, -102.05840000159, 23.939942617329], [-100.0, -101.98860105521, 25.938723821552], [-100.0, -101.91880210883, 27.937506933125], [-100.0, -101.84900304324, 29.936288137348], [-100.0, -101.77920409686, 31.935069341572], [-100.0, -101.70940515048, 33.933850545796], [-100.0, -101.63960608489, 35.932633657368], [-100.0, -101.56980713851, 37.931412954243], [-100.0, -101.50000807292, 39.930196065815], [-100.0, -101.43020912653, 41.928979177387], [-100.0, -101.36041018015, 43.927758474262], [-100.0, -101.29061111456, 45.926541585835], [-100.0, -101.22081216818, 47.92532088271], [-100.0, -101.1510132218, 49.924103994282], [-100.0, -101.08121415621, 51.922887105854], [-100.0, -101.01141520983, 53.921666402729], [-100.0, -100.94161614424, 55.920449514301], [-100.0, -100.87181719786, 57.919232625874], [-100.0, -100.80201819188, 59.918011922749], [-100.0, -100.73221918589, 61.916795034321], [-100.0, -100.66242023951, 63.915574331196], [-100.0, -100.59262123353, 65.914357442768], [-100.0, -100.52282222754, 67.913136739643], [-100.0, -100.45302322156, 69.911923665913], [-100.0, -100.38322424537, 71.910702962788], [-100.0, -100.31342523939, 73.909482259663], [-100.0, -100.2436262632, 75.908269185932], [-100.0, -100.17382725722, 77.907048482807], [-100.0, -100.10402826613, 79.905827779682], [-100.0, -100.0342292676, 81.904607076557], [-100.0, -99.964430276516, 83.903394002827], [-100.0, -99.894631285432, 85.902173299702], [-100.0, -99.824832286897, 87.900952596577], [-100.0, -99.755033295813, 89.899739522846], [-100.0, -99.685234304729, 91.898518819721], [-100.0, -99.615435298743, 93.897298116596]], "InstanceCreationTime": ["105252.732000", "105252.666000", "105252.734000", "105252.669000", "105252.736000", "105252.671000", "105252.738000", "105252.672000", "105252.740000", "105252.674000", "105252.741000", "105252.676000", "105252.743000", "105252.678000", "105252.745000", "105252.680000", "105252.747000", "105252.682000", "105252.749000", "105252.683000", "105252.750000", "105252.685000", "105252.752000", "105252.687000", "105252.754000", "105252.689000", "105252.756000", "105252.691000", "105252.758000", "105252.693000", "105252.760000", "105252.695000", "105252.761000", "105252.696000", "105252.763000", "105252.698000", "105252.765000", "105252.700000", "105252.767000", "105252.702000", "105252.769000", "105252.704000", "105252.770000", "105252.705000", "105252.772000", "105252.707000", "105252.774000", "105252.709000", "105252.776000", "105252.711000", "105252.778000", "105252.713000", "105252.780000", "105252.714000", "105252.781000", "105252.716000", "105252.783000", "105252.718000", "105252.785000", "105252.720000", "105252.787000", "105252.722000", "105252.789000", "105252.723000", "105252.791000", "105252.725000", "105252.792000", "105252.727000", "105252.794000", "105252.729000", "105252.796000", "105252.731000"], "InstanceNumber": [1, 2, 3, 4, 5, 6, 7, 8, 9, 10, 11, 12, 13, 14, 15, 16, 17, 18, 19, 20, 21, 22, 23, 24, 25, 26, 27, 28, 29, 30, 31, 32, 33, 34, 35, 36, 37, 38, 39, 40, 41, 42, 43, 44, 45, 46, 47, 48, 49, 50, 51, 52, 53, 54, 55, 56, 57, 58, 59, 60, 61, 62, 63, 64, 65, 66, 67, 68, 69, 70, 71, 72], "LargestImagePixelValue": [4095, 4095, 4093, 4093, 4092, 4094, 4093, 4092, 4093, 4094, 4094, 4095, 4093, 4095, 4095, 4094, 4094, 4094, 4094, 4088, 4095, 4092, 4090, 4093, 4095, 4087, 4095, 4090, 4094, 4085, 4094, 4094, 4094, 4095, 4094, 4094, 4090, 4091, 4094, 4093, 4092, 4094, 4090, 4094, 4090, 4092, 4083, 4093, 4090, 4095, 4092, 4094, 4089, 4094, 4090, 4094, 4094, 4094, 4095, 4092, 4094, 4095, 4091, 4095, 4094, 4094, 4094, 4095, 4094, 4093, 4094, 4095], "SliceLocation": [-51.636426616531, -49.6364289739, -47.636427518895, -45.636426063889, -43.636428421258, -41.636426966253, -39.636429323621, -37.636427868616, -35.63642639697, -33.636428754338, -31.636427299333, -29.636427750515, -27.636428201696, -25.636426746691, -23.636427197873, -21.636427640734, -19.636428091916, -17.636426636911, -15.636427088092, -13.636427539274, -11.636427029042, -9.6364274802233, -7.6364274548583, -5.6364274294933, -3.6364274041282, -1.6364274895792, 0.36357256556997, 2.3635724420141, 4.3635727056525, 6.3635727310175, 8.3635722798358, 10.363572790068, 12.363572338887, 14.363572840798, 16.36357334271, 18.363572891528, 20.363572448667, 22.363571997486, 24.363573452491, 26.363573005469, 28.363572554288, 30.363572103106, 32.363573562271, 34.363571204903, 36.363572664068, 38.363574119073, 40.363571761705, 42.36357322087, 44.363570863502, 46.363572318507, 48.363573777672, 50.363571420304, 52.36357287947, 54.363574334475, 56.363571979186, 58.363573436272, 60.363571078903, 62.363572535988, 64.3635701807, 66.363575450159, 68.363573093831, 70.363570738542, 72.363576006961, 74.363573651673, 76.363571295864, 78.363568940316, 80.363574209255, 82.363571853447, 84.363569497898, 86.363574766837, 88.363572411029, 90.36357005574], "SmallestImagePixelValue": [0, 4, 1, 0, 0, 1, 0, 0, 0, 0, 0, 0, 0, 0, 0, 1, 0, 0, 0, 0, 7, 0, 0, 2, 0, 1, 0, 6, 4, 0, 4, 0, 5, 10, 1, 1, 3, 12, 6, 0, 0, 2, 2, 0, 6, 2, 0, 1, 0, 2, 2, 1, 4, 5, 1, 2, 3, 0, 1, 1, 0, 0, 0, 1, 1, 0, 1, 0, 0, 1, 0, 0], "WindowCenter": [-194.0, -194.0, -202.0, -216.0, -220.0, -150.0, -138.0, -86.0, -86.0, -62.0, -80.0, -86.0, -156.0, -152.0, -200.0, -256.0, -266.0, -306.0, -354.0, -416.0, -358.0, -322.0, -264.0, -216.0, -154.0, -124.0, -136.0, -118.0, -136.0, -132.0, -142.0, -148.0, -128.0, -278.0, -184.0, -168.0, -150.0, -136.0, -224.0, -96.0, -82.0, -214.0, -206.0, -46.0, -78.0, -202.0, -50.0, -48.0, -54.0, -68.0, -84.0, -220.0, -74.0, -60.0, -72.0, -54.0, -64.0, -62.0, -46.0, -24.0, -58.0, -42.0, -76.0, -102.0, -106.0, -152.0, -234.0, -244.0, -274.0, -268.0, -268.0, -332.0], "WindowWidth": [6150.0, 6166.0, 6164.0, 6116.0, 6092.0, 6160.0, 6194.0, 6266.0, 6242.0, 6302.0, 6250.0, 6200.0, 6160.0, 6146.0, 6072.0, 6048.0, 6038.0, 5962.0, 5908.0, 5772.0, 5796.0, 5636.0, 5640.0, 5648.0, 5622.0, 5610.0, 5532.0, 5502.0, 5492.0, 5378.0, 5298.0, 5322.0, 5336.0, 4626.0, 4898.0, 4906.0, 4988.0, 4998.0, 4584.0, 5112.0, 5256.0, 4572.0, 4564.0, 5250.0, 5028.0, 4572.0, 5184.0, 5166.0, 5210.0, 5224.0, 5306.0, 4614.0, 5410.0, 5476.0, 5418.0, 5494.0, 5496.0, 5596.0, 5618.0, 5690.0, 5602.0, 5608.0, 5698.0, 5732.0, 5860.0, 5980.0, 6056.0, 6118.0, 6250.0, 6352.0, 6434.0, 6418.0]}}, "IntendedFor": ["ses-1/func/sub-21_ses-1_task-motor_run-06_bold.nii.gz", "ses-1/func/sub-21_ses-1_task-motor_run-05_bold.nii.gz", "ses-1/func/sub-21_ses-1_task-motor_run-03_bold.nii.gz", "ses-1/func/sub-21_ses-1_task-motor_run-01_bold.nii.gz", "ses-1/func/sub-21_ses-1_task-motor_run-02_bold.nii.gz", "ses-1/func/sub-21_ses-1_task-motor_run-04_bold.nii.gz"]}