{"AcquisitionMatrixPE": 100, "AcquisitionNumber": 1, "AcquisitionTime": "13:14:24.877500", "BaseResolution": 100, "BodyPartExamined": "BRAIN", "ConsistencyInfo": "N4_VE11C_LATEST_20160120", "ConversionSoftware": "dcm2niix", "ConversionSoftwareVersion": "v1.0.20180622 GCC4.9.2", "DeviceSerialNumber": "166078", "DwellTime": 8.8e-06, "EchoNumber": 2, "EchoTime": 0.00738, "EchoTime1": 0.00492, "EchoTime2": 0.00738, "FlipAngle": 60, "ImageOrientationPatientDICOM": [1, 2.57366e-05, 0.000819241, 4.5e-13, 0.999507, -0.0313996], "ImageType": ["ORIGINAL", "PRIMARY", "P", "ND"], "InPlanePhaseEncodingDirectionDICOM": "ROW", "InstitutionAddress": "Street_StreetNo_Bei_Jing_District_CN_ZIP", "InstitutionName": "BeiJing_Normal_University", "InstitutionalDepartmentName": "Department", "MRAcquisitionType": "2D", "MagneticFieldStrength": 3, "Manufacturer": "Siemens", "ManufacturersModelName": "Prisma", "Modality": "MR", "PartialFourier": 1, "PatientPosition": "HFS", "PercentPhaseFOV": 100, "PhaseEncodingDirection": "i", "PhaseEncodingSteps": 100, "PhaseResolution": 1, "PixelBandwidth": 570, "ProcedureStepDescription": "BNU_P2018_64CH_Liu.Jia", "ProtocolName": "field_mapping_2x2x2", "PulseSequenceDetails": "%SiemensSeq%_gre_field_mapping", "ReceiveCoilActiveElements": "HC1-7;NC1", "ReceiveCoilName": "HeadNeck_64", "ReconMatrixPE": 100, "RepetitionTime": 0.72, "SAR": 0.117142, "ScanningSequence": "GR", "SequenceName": "_fm2d2r", "SequenceVariant": "SP", "SeriesDescription": "field_mapping_2x2x2", "SeriesNumber": 7, "ShimSetting": [-5465, -11508, -1249, 363, -15, -220, -156, 33], "SliceThickness": 2, "SoftwareVersions": "syngo_MR_E11", "SpacingBetweenSlices": 2, "StationName": "AWP166078", "TxRefAmp": 208.073, "dcmmeta_affine": [[-1.9999992847442627, 9.000000180878209e-13, 0.0016392916440963745, 100.0612564086914], [-5.1473114581312984e-05, 1.9990137815475464, -0.06279945373535156, -88.80184936523438], [0.0016384815098717809, 0.06279928982257843, 1.9990158081054688, -66.72120666503906], [0.0, 0.0, 0.0, 1.0]], "dcmmeta_reorient_transform": [[0.0, -1.0, 0.0, 99.0], [1.0, 0.0, 0.0, 0.0], [0.0, 0.0, -1.0, 71.0], [0.0, 0.0, 0.0, 1.0]], "dcmmeta_shape": [100, 100, 72], "dcmmeta_slice_dim": 2, "dcmmeta_version": 0.6, "global": {"const": {"AcquisitionMatrix": [0, 100, 100, 0], "AcquisitionNumber": 1, "AngioFlag": "N", "BitsAllocated": 16, "BitsStored": 12, "BodyPartExamined": "BRAIN", "Columns": 100, "EchoNumbers": 2, "EchoTime": 7.38, "EchoTrainLength": 0, "FlipAngle": 60.0, "HighBit": 11, "ImageOrientationPatient": [0.99999966409107, 2.573655697e-05, 0.0008192407329, 4.5e-13, 0.99950690962446, -0.0313996435166], "ImageType": ["ORIGINAL", "PRIMARY", "P", "ND"], "ImagedNucleus": "1H", "ImagingFrequency": 123.257825, "InPlanePhaseEncodingDirection": "ROW", "MRAcquisitionType": "2D", "MagneticFieldStrength": 3.0, "Manufacturer": "SIEMENS", "ManufacturerModelName": "Prisma", "Modality": "MR", "NumberOfAverages": 1.0, "NumberOfPhaseEncodingSteps": 100, "PercentPhaseFieldOfView": 100.0, "PercentSampling": 100.0, "PerformedProcedureStepStartTime": "124605.020000", "PhotometricInterpretation": "MONOCHROME2", "PixelBandwidth": 570.0, "PixelRepresentation": 0, "PixelSpacing": [2.0, 2.0], "ProtocolName": "field_mapping_2x2x2", "RepetitionTime": 720.0, "RescaleIntercept": -4096.0, "RescaleSlope": 2.0, "RescaleType": "US", "Rows": 100, "SAR": 0.11714204902792, "SamplesPerPixel": 1, "ScanningSequence": "GR", "SequenceName": "*fm2d2r", "SequenceVariant": "SP", "SeriesDescription": "field_mapping_2x2x2", "SeriesNumber": 7, "SeriesTime": "131648.372000", "SliceThickness": 2.0, "SoftwareVersions": "syngo MR E11", "SpacingBetweenSlices": 2.0, "SpecificCharacterSet": "ISO_IR 100", "StudyID": "1", "StudyTime": "124604.944000", "TransmitCoilName": "Body", "VariableFlipAngleFlag": "N", "WindowCenterWidthExplanation": "Algo1", "dBdt": 0.0}, "slices": {"AcquisitionTime": ["131424.877500", "131424.517500", "131424.887500", "131424.527500", "131424.897500", "131424.537500", "131424.907500", "131424.547500", "131424.917500", "131424.557500", "131424.927500", "131424.567500", "131424.937500", "131424.577500", "131424.947500", "131424.587500", "131424.957500", "131424.597500", "131424.967500", "131424.607500", "131424.977500", "131424.617500", "131424.987500", "131424.627500", "131424.997500", "131424.637500", "131425.007500", "131424.647500", "131425.017500", "131424.657500", "131425.027500", "131424.667500", "131425.037500", "131424.677500", "131425.047500", "131424.687500", "131425.057500", "131424.697500", "131425.067500", "131424.707500", "131425.077500", "131424.717500", "131425.087500", "131424.727500", "131425.097500", "131424.737500", "131425.107500", "131424.747500", "131425.117500", "131424.757500", "131425.127500", "131424.767500", "131425.137500", "131424.777500", "131425.147500", "131424.787500", "131425.157500", "131424.797500", "131425.167500", "131424.807500", "131425.177500", "131424.817500", "131425.187500", "131424.827500", "131425.197500", "131424.837500", "131425.207500", "131424.847500", "131425.217500", "131424.857500", "131425.227500", "131424.867500"], "ContentTime": ["131649.097000", "131648.375000", "131649.099000", "131648.378000", "131649.101000", "131648.380000", "131649.102000", "131648.383000", "131649.104000", "131648.385000", "131649.106000", "131648.387000", "131649.108000", "131648.392000", "131649.110000", "131648.394000", "131649.112000", "131648.396000", "131649.114000", "131648.398000", "131649.115000", "131648.400000", "131649.117000", "131648.402000", "131649.119000", "131648.404000", "131649.121000", "131648.406000", "131649.123000", "131648.408000", "131649.125000", "131648.410000", "131649.127000", "131648.412000", "131649.128000", "131648.413000", "131649.130000", "131648.415000", "131649.132000", "131648.418000", "131649.134000", "131648.419000", "131649.136000", "131648.421000", "131649.138000", "131648.423000", "131649.140000", "131648.425000", "131649.147000", "131649.075000", "131649.149000", "131649.077000", "131649.151000", "131649.079000", "131649.153000", "131649.080000", "131649.155000", "131649.082000", "131649.156000", "131649.084000", "131649.158000", "131649.086000", "131649.160000", "131649.088000", "131649.162000", "131649.090000", "131649.164000", "131649.092000", "131649.165000", "131649.093000", "131649.167000", "131649.095000"], "CsaImage.GSWDDataType": ["measured", "predicted", "measured", "predicted", "measured", "predicted", "measured", "predicted", "measured", "predicted", "measured", "predicted", "measured", "predicted", "measured", "predicted", "measured", "predicted", "measured", "predicted", "measured", "predicted", "measured", "predicted", "measured", "predicted", "measured", "predicted", "measured", "predicted", "measured", "predicted", "measured", "predicted", "measured", "predicted", "measured", "predicted", "measured", "predicted", "measured", "predicted", "measured", "predicted", "measured", "predicted", "measured", "predicted", "measured", "predicted", "measured", "predicted", "measured", "predicted", "measured", "predicted", "measured", "predicted", "measured", "predicted", "measured", "predicted", "measured", "predicted", "measured", "predicted", "measured", "predicted", "measured", "predicted", "measured", "predicted"], "CsaImage.ICE_Dims": ["X_2_1_1_1_1_1_37_1_1_1_1_109", "X_2_1_1_1_1_1_1_1_1_2_1_109", "X_2_1_1_1_1_1_38_1_1_3_1_109", "X_2_1_1_1_1_1_2_1_1_4_1_109", "X_2_1_1_1_1_1_39_1_1_5_1_109", "X_2_1_1_1_1_1_3_1_1_6_1_109", "X_2_1_1_1_1_1_40_1_1_7_1_109", "X_2_1_1_1_1_1_4_1_1_8_1_109", "X_2_1_1_1_1_1_41_1_1_9_1_109", "X_2_1_1_1_1_1_5_1_1_10_1_109", "X_2_1_1_1_1_1_42_1_1_11_1_109", "X_2_1_1_1_1_1_6_1_1_12_1_109", "X_2_1_1_1_1_1_43_1_1_13_1_109", "X_2_1_1_1_1_1_7_1_1_14_1_109", "X_2_1_1_1_1_1_44_1_1_15_1_109", "X_2_1_1_1_1_1_8_1_1_16_1_109", "X_2_1_1_1_1_1_45_1_1_17_1_109", "X_2_1_1_1_1_1_9_1_1_18_1_109", "X_2_1_1_1_1_1_46_1_1_19_1_109", "X_2_1_1_1_1_1_10_1_1_20_1_109", "X_2_1_1_1_1_1_47_1_1_21_1_109", "X_2_1_1_1_1_1_11_1_1_22_1_109", "X_2_1_1_1_1_1_48_1_1_23_1_109", "X_2_1_1_1_1_1_12_1_1_24_1_109", "X_2_1_1_1_1_1_49_1_1_25_1_109", "X_2_1_1_1_1_1_13_1_1_26_1_109", "X_2_1_1_1_1_1_50_1_1_27_1_109", "X_2_1_1_1_1_1_14_1_1_28_1_109", "X_2_1_1_1_1_1_51_1_1_29_1_109", "X_2_1_1_1_1_1_15_1_1_30_1_109", "X_2_1_1_1_1_1_52_1_1_31_1_109", "X_2_1_1_1_1_1_16_1_1_32_1_109", "X_2_1_1_1_1_1_53_1_1_33_1_109", "X_2_1_1_1_1_1_17_1_1_34_1_109", "X_2_1_1_1_1_1_54_1_1_35_1_109", "X_2_1_1_1_1_1_18_1_1_36_1_109", "X_2_1_1_1_1_1_55_1_1_37_1_109", "X_2_1_1_1_1_1_19_1_1_38_1_109", "X_2_1_1_1_1_1_56_1_1_39_1_109", "X_2_1_1_1_1_1_20_1_1_40_1_109", "X_2_1_1_1_1_1_57_1_1_41_1_109", "X_2_1_1_1_1_1_21_1_1_42_1_109", "X_2_1_1_1_1_1_58_1_1_43_1_109", "X_2_1_1_1_1_1_22_1_1_44_1_109", "X_2_1_1_1_1_1_59_1_1_45_1_109", "X_2_1_1_1_1_1_23_1_1_46_1_109", "X_2_1_1_1_1_1_60_1_1_47_1_109", "X_2_1_1_1_1_1_24_1_1_48_1_109", "X_2_1_1_1_1_1_61_1_1_49_1_109", "X_2_1_1_1_1_1_25_1_1_50_1_109", "X_2_1_1_1_1_1_62_1_1_51_1_109", "X_2_1_1_1_1_1_26_1_1_52_1_109", "X_2_1_1_1_1_1_63_1_1_53_1_109", "X_2_1_1_1_1_1_27_1_1_54_1_109", "X_2_1_1_1_1_1_64_1_1_55_1_109", "X_2_1_1_1_1_1_28_1_1_56_1_109", "X_2_1_1_1_1_1_65_1_1_57_1_109", "X_2_1_1_1_1_1_29_1_1_58_1_109", "X_2_1_1_1_1_1_66_1_1_59_1_109", "X_2_1_1_1_1_1_30_1_1_60_1_109", "X_2_1_1_1_1_1_67_1_1_61_1_109", "X_2_1_1_1_1_1_31_1_1_62_1_109", "X_2_1_1_1_1_1_68_1_1_63_1_109", "X_2_1_1_1_1_1_32_1_1_64_1_109", "X_2_1_1_1_1_1_69_1_1_65_1_109", "X_2_1_1_1_1_1_33_1_1_66_1_109", "X_2_1_1_1_1_1_70_1_1_67_1_109", "X_2_1_1_1_1_1_34_1_1_68_1_109", "X_2_1_1_1_1_1_71_1_1_69_1_109", "X_2_1_1_1_1_1_35_1_1_70_1_109", "X_2_1_1_1_1_1_72_1_1_71_1_109", "X_2_1_1_1_1_1_36_1_1_72_1_109"], "CsaImage.ProtocolSliceNumber": [0, 1, 2, 3, 4, 5, 6, 7, 8, 9, 10, 11, 12, 13, 14, 15, 16, 17, 18, 19, 20, 21, 22, 23, 24, 25, 26, 27, 28, 29, 30, 31, 32, 33, 34, 35, 36, 37, 38, 39, 40, 41, 42, 43, 44, 45, 46, 47, 48, 49, 50, 51, 52, 53, 54, 55, 56, 57, 58, 59, 60, 61, 62, 63, 64, 65, 66, 67, 68, 69, 70, 71], "CsaImage.RFSWDDataType": ["measured", "predicted", "measured", "predicted", "measured", "predicted", "measured", "predicted", "measured", "predicted", "measured", "predicted", "measured", "predicted", "measured", "predicted", "measured", "predicted", "measured", "predicted", "measured", "predicted", "measured", "predicted", "measured", "predicted", "measured", "predicted", "measured", "predicted", "measured", "predicted", "measured", "predicted", "measured", "predicted", "measured", "predicted", "measured", "predicted", "measured", "predicted", "measured", "predicted", "measured", "predicted", "measured", "predicted", "measured", "predicted", "measured", "predicted", "measured", "predicted", "measured", "predicted", "measured", "predicted", "measured", "predicted", "measured", "predicted", "measured", "predicted", "measured", "predicted", "measured", "predicted", "measured", "measured", "measured", "measured"], "CsaImage.SlicePosition_PCS": [[-100.06125626, -109.10050335, -60.50389133], [-100.06289555, -109.0377039, -58.50487934], [-100.06453484, -108.97490444, -56.50586734], [-100.06617413, -108.91210594, -54.50685154], [-100.06781342, -108.84930649, -52.50783954], [-100.06945271, -108.78650703, -50.50882755], [-100.071092, -108.72370758, -48.50981174], [-100.07273129, -108.66090813, -46.51079975], [-100.07437057, -108.59810963, -44.51178776], [-100.07600987, -108.53531017, -42.51277576], [-100.07764916, -108.47251072, -40.51375995], [-100.07928845, -108.40971127, -38.51474796], [-100.08092773, -108.34691181, -36.51573597], [-100.08256703, -108.28411331, -34.51672016], [-100.08420632, -108.22131386, -32.51770817], [-100.08584561, -108.1585144, -30.51869617], [-100.08748489, -108.09571495, -28.51968227], [-100.08912418, -108.0329155, -26.52066837], [-100.09076348, -107.970117, -24.52165638], [-100.09240277, -107.90731707, -22.52264248], [-100.09404205, -107.84451809, -20.52362858], [-100.09568134, -107.78171864, -18.52461658], [-100.09732063, -107.71891966, -16.52560268], [-100.09895993, -107.65612021, -14.52659069], [-100.10059921, -107.59332075, -12.52757679], [-100.1022385, -107.53052177, -10.52856384], [-100.10387779, -107.46772232, -8.52954994], [-100.10551709, -107.40492334, -6.53053699], [-100.10715637, -107.34212389, -4.53152405], [-100.10879566, -107.27932444, -2.5325111], [-100.11043495, -107.21652546, -0.53349767], [-100.11207424, -107.15372601, 1.46551539], [-100.11371353, -107.09092703, 3.46452852], [-100.11535282, -107.02812758, 5.46354164], [-100.11699211, -106.96532812, 7.46255459], [-100.1186314, -106.90252914, 9.46156802], [-100.12027069, -106.83972969, 11.46058144], [-100.12190998, -106.77693071, 13.45959439], [-100.12354927, -106.71413126, 15.45860733], [-100.12518856, -106.65133181, 17.45762028], [-100.12682785, -106.58853283, 19.45663418], [-100.12846714, -106.52573338, 21.45564617], [-100.13010643, -106.4629344, 23.45466008], [-100.13174572, -106.40013495, 25.45367398], [-100.13338501, -106.33733549, 27.45268597], [-100.13502429, -106.27453651, 29.45169987], [-100.13666358, -106.21173706, 31.45071186], [-100.13830287, -106.14893808, 33.44972576], [-100.13994217, -106.08613863, 35.44873776], [-100.14158146, -106.02333918, 37.44775357], [-100.14322075, -105.9605402, 39.44676556], [-100.14486004, -105.89774075, 41.44577755], [-100.14649933, -105.83494177, 43.44479336], [-100.14813861, -105.77214232, 45.44380535], [-100.1497779, -105.70934286, 47.44281735], [-100.15141719, -105.64654388, 49.44182934], [-100.15305648, -105.58374443, 51.44084515], [-100.15469578, -105.52094545, 53.43985714], [-100.15633507, -105.458146, 55.43886914], [-100.15797436, -105.39534655, 57.43788494], [-100.15961364, -105.33254757, 59.43689694], [-100.16125293, -105.26974812, 61.43590893], [-100.16289222, -105.20694866, 63.43492474], [-100.16453151, -105.14414969, 65.43393673], [-100.1661708, -105.08135023, 67.43294873], [-100.16781009, -105.01855125, 69.43196453], [-100.16944939, -104.9557518, 71.43097271], [-100.17108868, -104.89295235, 73.42998852], [-100.17272795, -104.83015337, 75.42900433], [-100.17436725, -104.76735392, 77.42801251], [-100.17600654, -104.70455494, 79.42702832], [-100.17764583, -104.64175549, 81.42604412]], "CsaImage.TimeAfterStart": [1.0825, 0.7225, 1.0925, 0.7325, 1.1025, 0.7425, 1.1125, 0.7525, 1.1225, 0.7625, 1.1325, 0.7725, 1.1425, 0.7825, 1.1525, 0.7925, 1.1625, 0.8025, 1.1725, 0.8125, 1.1825, 0.8225, 1.1925, 0.8325, 1.2025, 0.8425, 1.2125, 0.8525, 1.2225, 0.8625, 1.2325, 0.8725, 1.2425, 0.8825, 1.2525, 0.8925, 1.2625, 0.9025, 1.2725, 0.9125, 1.2825, 0.9225, 1.2925, 0.9325, 1.3025, 0.9425, 1.3125, 0.9525, 1.3225, 0.9625, 1.3325, 0.9725, 1.3425, 0.9825, 1.3525, 0.9925, 1.3625, 1.0025, 1.3725, 1.0125, 1.3825, 1.0225, 1.3925, 1.0325, 1.4025, 1.0425, 1.4125, 1.0525, 1.4225, 1.0625, 1.4325, 1.0725], "ImagePositionPatient": [[-100.06125625977, -109.10050334953, -60.503891331734], [-100.06289554769, -109.03770389579, -58.504879338326], [-100.06453483934, -108.97490444206, -56.505867344918], [-100.06617413098, -108.912105942, -54.506851536812], [-100.06781341517, -108.84930648826, -52.507839543404], [-100.06945270682, -108.78650703452, -50.508827549996], [-100.07109199846, -108.72370758079, -48.50981174189], [-100.07273129011, -108.66090812705, -46.510799748482], [-100.0743705743, -108.59810962699, -44.511787755074], [-100.07600986594, -108.53531017326, -42.512775761666], [-100.07764915759, -108.47251071952, -40.51375995356], [-100.07928844923, -108.40971126579, -38.514747960152], [-100.08092773343, -108.34691181205, -36.515735966744], [-100.08256702507, -108.28411331199, -34.516720158638], [-100.08420631671, -108.22131385825, -32.51770816523], [-100.08584560836, -108.15851440452, -30.518696171822], [-100.08748489255, -108.09571495078, -28.519682271065], [-100.0891241842, -108.03291549705, -26.520668370308], [-100.09076347584, -107.97011699699, -24.5216563769], [-100.09240276748, -107.90731706642, -22.522642476143], [-100.09404205168, -107.84451808952, -20.523628575386], [-100.09568134332, -107.78171863578, -18.524616581978], [-100.09732063497, -107.71891965888, -16.525602681221], [-100.09895992661, -107.65612020515, -14.526590687813], [-100.1005992108, -107.59332075141, -12.527576787056], [-100.10223850245, -107.53052177451, -10.528563839974], [-100.10387779409, -107.46772232078, -8.5295499392169], [-100.10551708574, -107.40492334388, -6.5305369921344], [-100.10715636993, -107.34212389015, -4.5315240450519], [-100.10879566157, -107.27932443641, -2.5325110979694], [-100.11043495322, -107.21652545951, -0.5334976740497], [-100.11207423741, -107.15372600578, 1.4655153922421], [-100.11371352906, -107.09092702888, 3.4645285181386], [-100.1153528207, -107.02812757514, 5.463541644035], [-100.11699211234, -106.96532812141, 7.4625545911175], [-100.11863139654, -106.90252914451, 9.4615680150372], [-100.12027068818, -106.83972969077, 11.460581438957], [-100.12190997983, -106.77693071388, 13.459594386039], [-100.12354927147, -106.71413126014, 15.458607333122], [-100.12518855566, -106.65133180641, 17.457620280204], [-100.12682784731, -106.58853282951, 19.456634180961], [-100.12846713895, -106.52573337577, 21.455646174369], [-100.1301064306, -106.46293439887, 23.454660075126], [-100.13174572224, -106.40013494514, 25.453673975883], [-100.13338501388, -106.3373354914, 27.452685969291], [-100.13502429063, -106.2745365145, 29.451699870048], [-100.13666358227, -106.21173706077, 31.450711863456], [-100.13830287391, -106.14893808387, 33.449725764213], [-100.13994216556, -106.08613863014, 35.448737757621], [-100.1415814572, -106.0233391764, 37.447753565727], [-100.14322074885, -105.9605401995, 39.446765559135], [-100.14486004049, -105.89774074577, 41.445777552543], [-100.14649933214, -105.83494176887, 43.444793360649], [-100.14813860888, -105.77214231513, 45.443805354057], [-100.14977790052, -105.7093428614, 47.442817347465], [-100.15141719217, -105.6465438845, 49.441829340873], [-100.15305648381, -105.58374443076, 51.440845148979], [-100.15469577545, -105.52094545387, 53.439857142387], [-100.1563350671, -105.45814600013, 55.438869135795], [-100.15797435874, -105.3953465464, 57.437884943901], [-100.15961363549, -105.3325475695, 59.436896937309], [-100.16125292713, -105.26974811576, 61.435908930717], [-100.16289221877, -105.20694866203, 63.434924738823], [-100.16453151042, -105.14414968513, 65.433936732231], [-100.16617080206, -105.08135023139, 67.432948725639], [-100.16781009371, -105.0185512545, 69.431964533744], [-100.16944938535, -104.95575180076, 71.430972712455], [-100.17108867699, -104.89295234702, 73.429988520561], [-100.17272795374, -104.83015337013, 75.429004328666], [-100.17436724538, -104.76735391639, 77.428012507377], [-100.17600653703, -104.70455493949, 79.427028315483], [-100.17764582867, -104.64175548576, 81.426044123588]], "InstanceCreationTime": ["131649.097000", "131648.375000", "131649.099000", "131648.378000", "131649.101000", "131648.380000", "131649.102000", "131648.383000", "131649.104000", "131648.385000", "131649.106000", "131648.387000", "131649.108000", "131648.392000", "131649.110000", "131648.394000", "131649.112000", "131648.396000", "131649.114000", "131648.398000", "131649.115000", "131648.400000", "131649.117000", "131648.402000", "131649.119000", "131648.404000", "131649.121000", "131648.406000", "131649.123000", "131648.408000", "131649.125000", "131648.410000", "131649.127000", "131648.412000", "131649.128000", "131648.413000", "131649.130000", "131648.415000", "131649.132000", "131648.418000", "131649.134000", "131648.419000", "131649.136000", "131648.421000", "131649.138000", "131648.423000", "131649.140000", "131648.425000", "131649.147000", "131649.075000", "131649.149000", "131649.077000", "131649.151000", "131649.079000", "131649.153000", "131649.080000", "131649.155000", "131649.082000", "131649.156000", "131649.084000", "131649.158000", "131649.086000", "131649.160000", "131649.088000", "131649.162000", "131649.090000", "131649.164000", "131649.092000", "131649.165000", "131649.093000", "131649.167000", "131649.095000"], "InstanceNumber": [1, 2, 3, 4, 5, 6, 7, 8, 9, 10, 11, 12, 13, 14, 15, 16, 17, 18, 19, 20, 21, 22, 23, 24, 25, 26, 27, 28, 29, 30, 31, 32, 33, 34, 35, 36, 37, 38, 39, 40, 41, 42, 43, 44, 45, 46, 47, 48, 49, 50, 51, 52, 53, 54, 55, 56, 57, 58, 59, 60, 61, 62, 63, 64, 65, 66, 67, 68, 69, 70, 71, 72], "LargestImagePixelValue": [4093, 4094, 4094, 4092, 4092, 4095, 4095, 4092, 4094, 4095, 4094, 4095, 4093, 4093, 4094, 4094, 4094, 4093, 4095, 4095, 4094, 4093, 4094, 4094, 4093, 4094, 4089, 4093, 4091, 4089, 4094, 4092, 4095, 4093, 4093, 4092, 4090, 4090, 4086, 4094, 4089, 4090, 4094, 4095, 4094, 4093, 4086, 4088, 4094, 4095, 4093, 4094, 4093, 4094, 4095, 4087, 4092, 4093, 4095, 4093, 4092, 4094, 4094, 4093, 4095, 4095, 4093, 4095, 4095, 4094, 4095, 4095], "SliceLocation": [-63.817738195821, -61.81773934371, -59.817740491597, -57.817737856613, -55.817739004505, -53.817740152392, -51.817737487463, -49.817738635349, -47.817739813186, -45.817740961073, -43.817738296144, -41.81773944403, -39.817740591923, -37.817737956939, -35.817739104825, -33.817740252711, -31.817739494196, -29.817738735675, -27.817739913506, -25.817739140012, -23.81773839647, -21.817739544356, -19.817738800807, -17.817739948694, -15.817739190178, -13.817739399833, -11.817738641312, -9.8177388509671, -7.8177390456557, -5.8177392403382, -3.8177389733914, -1.8177390489295, 0.18226092014121, 2.1822609041844, 4.1822607095019, 6.1822609764427, 8.1822612583621, 10.182261048707, 12.182260854025, 14.182260659336, 16.182261402885, 18.182260254998, 20.182260998547, 22.182261757068, 24.182260609182, 26.182261352719, 28.182260204832, 30.182260948381, 32.182259800495, 34.182262465424, 36.182261302565, 38.182260154679, 40.182262804635, 42.182261656737, 44.18226050885, 46.182259345992, 48.18226201092, 50.182260848062, 52.182259700175, 54.182262365104, 56.182261202233, 58.182260054347, 60.182262719276, 62.182261556417, 64.182260408531, 66.182263058487, 68.182258097786, 70.182260762714, 72.182263412658, 74.182258451957, 76.182261101913, 78.182263766842], "SmallestImagePixelValue": [0, 0, 0, 0, 0, 0, 0, 0, 0, 0, 0, 0, 0, 0, 0, 0, 0, 0, 1, 0, 0, 0, 0, 0, 1, 0, 0, 0, 0, 0, 1, 1, 5, 2, 2, 1, 8, 2, 0, 1, 1, 2, 1, 1, 1, 3, 0, 3, 0, 0, 3, 1, 2, 3, 1, 1, 0, 0, 0, 3, 0, 0, 0, 1, 0, 0, 0, 0, 0, 0, 0, 0], "WindowCenter": [-188.0, -210.0, -178.0, -184.0, -178.0, -156.0, -196.0, -204.0, -156.0, -178.0, -186.0, -168.0, -156.0, -130.0, -112.0, -120.0, -130.0, -132.0, -172.0, -204.0, -200.0, -228.0, -282.0, -264.0, -288.0, -282.0, -278.0, -216.0, -186.0, -140.0, -116.0, -136.0, -138.0, -138.0, -178.0, -200.0, -194.0, -190.0, -168.0, -188.0, -172.0, -306.0, -206.0, -156.0, -110.0, -244.0, -232.0, -222.0, -216.0, -214.0, -192.0, -170.0, -204.0, -176.0, -190.0, -174.0, -160.0, -182.0, -186.0, -138.0, -56.0, -202.0, -206.0, -234.0, -182.0, -206.0, -212.0, -204.0, -284.0, -278.0, -362.0, -324.0], "WindowWidth": [6184.0, 6228.0, 6310.0, 6332.0, 6330.0, 6346.0, 6328.0, 6408.0, 6360.0, 6410.0, 6366.0, 6426.0, 6404.0, 6442.0, 6420.0, 6388.0, 6378.0, 6332.0, 6282.0, 6212.0, 6174.0, 6070.0, 5932.0, 5818.0, 5612.0, 5622.0, 5376.0, 5614.0, 5582.0, 5614.0, 5672.0, 5608.0, 5524.0, 5472.0, 5412.0, 5414.0, 5542.0, 5578.0, 5568.0, 5520.0, 5420.0, 4670.0, 5072.0, 5120.0, 5270.0, 4630.0, 4614.0, 4610.0, 4604.0, 4608.0, 4598.0, 4602.0, 4628.0, 4624.0, 4636.0, 4624.0, 4632.0, 4660.0, 4662.0, 4670.0, 5154.0, 4724.0, 4760.0, 4792.0, 5236.0, 5568.0, 5712.0, 5898.0, 6048.0, 6168.0, 6242.0, 6352.0]}}, "IntendedFor": ["ses-1/func/sub-62_ses-1_task-motor_run-03_bold.nii.gz", "ses-1/func/sub-62_ses-1_task-motor_run-05_bold.nii.gz", "ses-1/func/sub-62_ses-1_task-motor_run-02_bold.nii.gz", "ses-1/func/sub-62_ses-1_task-motor_run-04_bold.nii.gz", "ses-1/func/sub-62_ses-1_task-motor_run-06_bold.nii.gz", "ses-1/func/sub-62_ses-1_task-motor_run-01_bold.nii.gz"]}