{"AcquisitionMatrixPE": 100, "AcquisitionNumber": 1, "AcquisitionTime": "12:08:34.540000", "BaseResolution": 100, "BodyPartExamined": "BRAIN", "ConsistencyInfo": "N4_VE11C_LATEST_20160120", "ConversionSoftware": "dcm2niix", "ConversionSoftwareVersion": "v1.0.20180622 GCC4.9.2", "DeviceSerialNumber": "166078", "DwellTime": 8.8e-06, "EchoNumber": 2, "EchoTime": 0.00738, "EchoTime1": 0.00492, "EchoTime2": 0.00738, "FlipAngle": 60, "ImageOrientationPatientDICOM": [0.998729, 0.00448532, -0.0501926, -1.50876e-10, 0.996031, 0.0890074], "ImageType": ["ORIGINAL", "PRIMARY", "P", "ND"], "InPlanePhaseEncodingDirectionDICOM": "ROW", "InstitutionAddress": "Street_StreetNo_Bei_Jing_District_CN_ZIP", "InstitutionName": "BeiJing_Normal_University", "InstitutionalDepartmentName": "Department", "MRAcquisitionType": "2D", "MagneticFieldStrength": 3, "Manufacturer": "Siemens", "ManufacturersModelName": "Prisma", "Modality": "MR", "PartialFourier": 1, "PatientPosition": "HFS", "PercentPhaseFOV": 100, "PhaseEncodingDirection": "i", "PhaseEncodingSteps": 100, "PhaseResolution": 1, "PixelBandwidth": 570, "ProcedureStepDescription": "BNU_P2018_64CH_Liu.Jia", "ProtocolName": "field_mapping_2x2x2", "PulseSequenceDetails": "%SiemensSeq%_gre_field_mapping", "ReceiveCoilActiveElements": "HC1-7;NC1", "ReceiveCoilName": "HeadNeck_64", "ReconMatrixPE": 100, "RepetitionTime": 0.72, "SAR": 0.0985409, "ScanningSequence": "GR", "SequenceName": "_fm2d2r", "SequenceVariant": "SP", "SeriesDescription": "field_mapping_2x2x2", "SeriesNumber": 7, "ShimSetting": [-5484, -11507, -1278, 360, -70, -181, -148, 44], "SliceThickness": 2, "SoftwareVersions": "syngo_MR_E11", "SpacingBetweenSlices": 2, "StationName": "AWP166078", "TxRefAmp": 207.467, "dcmmeta_affine": [[-1.9974589347839355, -3.0175201226612103e-10, -0.1007852554321289, 103.44803619384766], [-0.008970635011792183, 1.992061972618103, 0.17778778076171875, -92.85707092285156], [-0.10038527101278305, -0.17801475524902344, 1.989532470703125, -46.3997917175293], [0.0, 0.0, 0.0, 1.0]], "dcmmeta_reorient_transform": [[0.0, -1.0, 0.0, 99.0], [1.0, 0.0, 0.0, 0.0], [0.0, 0.0, -1.0, 71.0], [0.0, 0.0, 0.0, 1.0]], "dcmmeta_shape": [100, 100, 72], "dcmmeta_slice_dim": 2, "dcmmeta_version": 0.6, "global": {"const": {"AcquisitionMatrix": [0, 100, 100, 0], "AcquisitionNumber": 1, "AngioFlag": "N", "BitsAllocated": 16, "BitsStored": 12, "BodyPartExamined": "BRAIN", "Columns": 100, "EchoNumbers": 2, "EchoTime": 7.38, "EchoTrainLength": 0, "FlipAngle": 60.0, "HighBit": 11, "ImageOrientationPatient": [0.99872948355841, 0.00448531743547, -0.0501926349045, -1.50876e-10, 0.99603096657186, 0.08900737963746], "ImageType": ["ORIGINAL", "PRIMARY", "P", "ND"], "ImagedNucleus": "1H", "ImagingFrequency": 123.257837, "InPlanePhaseEncodingDirection": "ROW", "MRAcquisitionType": "2D", "MagneticFieldStrength": 3.0, "Manufacturer": "SIEMENS", "ManufacturerModelName": "Prisma", "Modality": "MR", "NumberOfAverages": 1.0, "NumberOfPhaseEncodingSteps": 100, "PercentPhaseFieldOfView": 100.0, "PercentSampling": 100.0, "PerformedProcedureStepStartTime": "113946.027000", "PhotometricInterpretation": "MONOCHROME2", "PixelBandwidth": 570.0, "PixelRepresentation": 0, "PixelSpacing": [2.0, 2.0], "ProtocolName": "field_mapping_2x2x2", "RepetitionTime": 720.0, "RescaleIntercept": -4096.0, "RescaleSlope": 2.0, "RescaleType": "US", "Rows": 100, "SAR": 0.09854094787523, "SamplesPerPixel": 1, "ScanningSequence": "GR", "SequenceName": "*fm2d2r", "SequenceVariant": "SP", "SeriesDescription": "field_mapping_2x2x2", "SeriesNumber": 7, "SeriesTime": "121059.560000", "SliceThickness": 2.0, "SoftwareVersions": "syngo MR E11", "SpacingBetweenSlices": 2.0, "SpecificCharacterSet": "ISO_IR 100", "StudyID": "1", "StudyTime": "113945.965000", "TransmitCoilName": "Body", "VariableFlipAngleFlag": "N", "WindowCenterWidthExplanation": "Algo1", "dBdt": 0.0}, "slices": {"AcquisitionTime": ["120834.540000", "120834.180000", "120834.550000", "120834.190000", "120834.560000", "120834.200000", "120834.570000", "120834.210000", "120834.580000", "120834.220000", "120834.590000", "120834.230000", "120834.600000", "120834.240000", "120834.610000", "120834.250000", "120834.620000", "120834.260000", "120834.630000", "120834.270000", "120834.640000", "120834.280000", "120834.650000", "120834.290000", "120834.660000", "120834.300000", "120834.670000", "120834.310000", "120834.680000", "120834.320000", "120834.690000", "120834.330000", "120834.700000", "120834.340000", "120834.710000", "120834.350000", "120834.720000", "120834.360000", "120834.730000", "120834.370000", "120834.740000", "120834.380000", "120834.750000", "120834.390000", "120834.760000", "120834.400000", "120834.770000", "120834.410000", "120834.780000", "120834.420000", "120834.790000", "120834.430000", "120834.800000", "120834.440000", "120834.810000", "120834.450000", "120834.820000", "120834.460000", "120834.830000", "120834.470000", "120834.840000", "120834.480000", "120834.850000", "120834.490000", "120834.860000", "120834.500000", "120834.870000", "120834.510000", "120834.880000", "120834.520000", "120834.890000", "120834.530000"], "ContentTime": ["121059.629000", "121059.563000", "121059.630000", "121059.566000", "121059.632000", "121059.568000", "121059.634000", "121059.570000", "121059.636000", "121059.572000", "121059.638000", "121059.574000", "121059.639000", "121059.575000", "121059.641000", "121059.577000", "121059.643000", "121059.579000", "121059.645000", "121059.581000", "121059.646000", "121059.582000", "121059.648000", "121059.584000", "121059.650000", "121059.586000", "121059.652000", "121059.588000", "121059.653000", "121059.590000", "121059.655000", "121059.591000", "121059.657000", "121059.593000", "121059.659000", "121059.595000", "121059.660000", "121059.597000", "121059.662000", "121059.598000", "121059.664000", "121059.600000", "121059.666000", "121059.602000", "121059.667000", "121059.604000", "121059.669000", "121059.605000", "121059.671000", "121059.607000", "121059.673000", "121059.609000", "121059.674000", "121059.611000", "121059.676000", "121059.613000", "121059.678000", "121059.614000", "121059.680000", "121059.616000", "121059.681000", "121059.618000", "121059.683000", "121059.620000", "121059.685000", "121059.621000", "121059.687000", "121059.623000", "121059.688000", "121059.625000", "121059.690000", "121059.627000"], "CsaImage.GSWDDataType": ["measured", "predicted", "measured", "predicted", "measured", "predicted", "measured", "predicted", "measured", "predicted", "measured", "predicted", "measured", "predicted", "measured", "predicted", "measured", "predicted", "measured", "predicted", "measured", "predicted", "measured", "predicted", "measured", "predicted", "measured", "predicted", "measured", "predicted", "measured", "predicted", "measured", "predicted", "measured", "predicted", "measured", "predicted", "measured", "predicted", "measured", "predicted", "measured", "predicted", "measured", "predicted", "measured", "predicted", "measured", "predicted", "measured", "predicted", "measured", "predicted", "measured", "predicted", "measured", "predicted", "measured", "predicted", "measured", "predicted", "measured", "measured", "measured", "measured", "measured", "measured", "measured", "measured", "measured", "measured"], "CsaImage.ICE_Dims": ["X_2_1_1_1_1_1_37_1_1_1_1_80", "X_2_1_1_1_1_1_1_1_1_2_1_80", "X_2_1_1_1_1_1_38_1_1_3_1_80", "X_2_1_1_1_1_1_2_1_1_4_1_80", "X_2_1_1_1_1_1_39_1_1_5_1_80", "X_2_1_1_1_1_1_3_1_1_6_1_80", "X_2_1_1_1_1_1_40_1_1_7_1_80", "X_2_1_1_1_1_1_4_1_1_8_1_80", "X_2_1_1_1_1_1_41_1_1_9_1_80", "X_2_1_1_1_1_1_5_1_1_10_1_80", "X_2_1_1_1_1_1_42_1_1_11_1_80", "X_2_1_1_1_1_1_6_1_1_12_1_80", "X_2_1_1_1_1_1_43_1_1_13_1_80", "X_2_1_1_1_1_1_7_1_1_14_1_80", "X_2_1_1_1_1_1_44_1_1_15_1_80", "X_2_1_1_1_1_1_8_1_1_16_1_80", "X_2_1_1_1_1_1_45_1_1_17_1_80", "X_2_1_1_1_1_1_9_1_1_18_1_80", "X_2_1_1_1_1_1_46_1_1_19_1_80", "X_2_1_1_1_1_1_10_1_1_20_1_80", "X_2_1_1_1_1_1_47_1_1_21_1_80", "X_2_1_1_1_1_1_11_1_1_22_1_80", "X_2_1_1_1_1_1_48_1_1_23_1_80", "X_2_1_1_1_1_1_12_1_1_24_1_80", "X_2_1_1_1_1_1_49_1_1_25_1_80", "X_2_1_1_1_1_1_13_1_1_26_1_80", "X_2_1_1_1_1_1_50_1_1_27_1_80", "X_2_1_1_1_1_1_14_1_1_28_1_80", "X_2_1_1_1_1_1_51_1_1_29_1_80", "X_2_1_1_1_1_1_15_1_1_30_1_80", "X_2_1_1_1_1_1_52_1_1_31_1_80", "X_2_1_1_1_1_1_16_1_1_32_1_80", "X_2_1_1_1_1_1_53_1_1_33_1_80", "X_2_1_1_1_1_1_17_1_1_34_1_80", "X_2_1_1_1_1_1_54_1_1_35_1_80", "X_2_1_1_1_1_1_18_1_1_36_1_80", "X_2_1_1_1_1_1_55_1_1_37_1_80", "X_2_1_1_1_1_1_19_1_1_38_1_80", "X_2_1_1_1_1_1_56_1_1_39_1_80", "X_2_1_1_1_1_1_20_1_1_40_1_80", "X_2_1_1_1_1_1_57_1_1_41_1_80", "X_2_1_1_1_1_1_21_1_1_42_1_80", "X_2_1_1_1_1_1_58_1_1_43_1_80", "X_2_1_1_1_1_1_22_1_1_44_1_80", "X_2_1_1_1_1_1_59_1_1_45_1_80", "X_2_1_1_1_1_1_23_1_1_46_1_80", "X_2_1_1_1_1_1_60_1_1_47_1_80", "X_2_1_1_1_1_1_24_1_1_48_1_80", "X_2_1_1_1_1_1_61_1_1_49_1_80", "X_2_1_1_1_1_1_25_1_1_50_1_80", "X_2_1_1_1_1_1_62_1_1_51_1_80", "X_2_1_1_1_1_1_26_1_1_52_1_80", "X_2_1_1_1_1_1_63_1_1_53_1_80", "X_2_1_1_1_1_1_27_1_1_54_1_80", "X_2_1_1_1_1_1_64_1_1_55_1_80", "X_2_1_1_1_1_1_28_1_1_56_1_80", "X_2_1_1_1_1_1_65_1_1_57_1_80", "X_2_1_1_1_1_1_29_1_1_58_1_80", "X_2_1_1_1_1_1_66_1_1_59_1_80", "X_2_1_1_1_1_1_30_1_1_60_1_80", "X_2_1_1_1_1_1_67_1_1_61_1_80", "X_2_1_1_1_1_1_31_1_1_62_1_80", "X_2_1_1_1_1_1_68_1_1_63_1_80", "X_2_1_1_1_1_1_32_1_1_64_1_80", "X_2_1_1_1_1_1_69_1_1_65_1_80", "X_2_1_1_1_1_1_33_1_1_66_1_80", "X_2_1_1_1_1_1_70_1_1_67_1_80", "X_2_1_1_1_1_1_34_1_1_68_1_80", "X_2_1_1_1_1_1_71_1_1_69_1_80", "X_2_1_1_1_1_1_35_1_1_70_1_80", "X_2_1_1_1_1_1_72_1_1_71_1_80", "X_2_1_1_1_1_1_36_1_1_72_1_80"], "CsaImage.ProtocolSliceNumber": [0, 1, 2, 3, 4, 5, 6, 7, 8, 9, 10, 11, 12, 13, 14, 15, 16, 17, 18, 19, 20, 21, 22, 23, 24, 25, 26, 27, 28, 29, 30, 31, 32, 33, 34, 35, 36, 37, 38, 39, 40, 41, 42, 43, 44, 45, 46, 47, 48, 49, 50, 51, 52, 53, 54, 55, 56, 57, 58, 59, 60, 61, 62, 63, 64, 65, 66, 67, 68, 69, 70, 71], "CsaImage.RFSWDDataType": ["measured", "predicted", "measured", "predicted", "measured", "predicted", "measured", "predicted", "measured", "predicted", "measured", "predicted", "measured", "predicted", "measured", "predicted", "measured", "predicted", "measured", "predicted", "measured", "predicted", "measured", "predicted", "measured", "predicted", "measured", "predicted", "measured", "predicted", "measured", "predicted", "measured", "predicted", "measured", "predicted", "measured", "predicted", "measured", "predicted", "measured", "predicted", "measured", "predicted", "measured", "predicted", "measured", "predicted", "measured", "predicted", "measured", "predicted", "measured", "predicted", "measured", "predicted", "measured", "predicted", "measured", "measured", "measured", "measured", "measured", "measured", "measured", "measured", "measured", "measured", "measured", "measured", "measured", "measured"], "CsaImage.SlicePosition_PCS": [[-103.44804089, -104.35700064, -64.02314852], [-103.34725564, -104.53478937, -62.03361604], [-103.24647038, -104.71257811, -60.04408739], [-103.14568489, -104.89036637, -58.05455492], [-103.04489963, -105.0681551, -56.06502245], [-102.94411438, -105.24594383, -54.07549379], [-102.84332912, -105.42373257, -52.08596132], [-102.74254387, -105.60152083, -50.09643266], [-102.64175861, -105.77930956, -48.10690019], [-102.54097312, -105.9570983, -46.11736772], [-102.44018786, -106.13488655, -44.12783907], [-102.33940261, -106.31267529, -42.1383066], [-102.23861735, -106.49046402, -40.14877794], [-102.1378321, -106.66825228, -38.15924547], [-102.03704684, -106.84604101, -36.169713], [-101.93626159, -107.02382975, -34.18018244], [-101.83547621, -107.20161848, -32.19065187], [-101.73469096, -107.37940674, -30.20112131], [-101.63390558, -107.55719547, -28.21159075], [-101.53312033, -107.73498421, -26.22206018], [-101.43233507, -107.91277247, -24.23252771], [-101.3315497, -108.0905612, -22.24299715], [-101.23076444, -108.26834994, -20.25346658], [-101.12997919, -108.44613867, -18.26393507], [-101.02919381, -108.6239274, -16.2744045], [-100.92840856, -108.80171519, -14.28487299], [-100.8276233, -108.97950392, -12.29534242], [-100.72683798, -109.15729265, -10.30581138], [-100.62605267, -109.33508139, -8.31628034], [-100.52526741, -109.51287012, -6.3267493], [-100.4244821, -109.69065886, -4.33721841], [-100.32369681, -109.86844759, -2.34768746], [-100.22291153, -110.04623537, -0.35815642], [-100.12212623, -110.22402411, 1.63137438], [-100.02134094, -110.40181284, 3.62090542], [-99.92055564, -110.57960158, 5.61043646], [-99.81977035, -110.75739031, 7.59996798], [-99.71898506, -110.93517904, 9.58949854], [-99.61819976, -111.11296778, 11.5790291], [-99.51741447, -111.29075556, 13.56856062], [-99.41662919, -111.46854429, 15.55809119], [-99.31584387, -111.64633303, 17.54762175], [-99.21505862, -111.82412176, 19.53715422], [-99.1142733, -112.0019105, 21.52668478], [-99.01348805, -112.17969923, 23.51621535], [-98.91270273, -112.35748797, 25.50574591], [-98.81191748, -112.53527575, 27.49527647], [-98.7111321, -112.71306448, 29.48480894], [-98.61034685, -112.89085322, 31.4743376], [-98.50956159, -113.06864195, 33.46387007], [-98.40877622, -113.24643068, 35.45340254], [-98.30799096, -113.42421942, 37.4429312], [-98.20720571, -113.6020072, 39.43246367], [-98.10642045, -113.77979593, 41.42199614], [-98.00563507, -113.95758467, 43.41152479], [-97.90484982, -114.1353734, 45.40105726], [-97.80406444, -114.31316214, 47.39058592], [-97.70327919, -114.49095087, 49.38011839], [-97.60249393, -114.66873961, 51.36965086], [-97.50170868, -114.84652739, 53.35917952], [-97.40092342, -115.02431612, 55.34871199], [-97.30013817, -115.20210486, 57.33824065], [-97.19935267, -115.37989359, 59.32777312], [-97.09856742, -115.55768233, 61.31730177], [-96.99778216, -115.73547106, 63.30683424], [-96.89699691, -115.91325979, 65.29636671], [-96.79621165, -116.09104757, 67.28589918], [-96.6954264, -116.26883726, 69.27543165], [-96.5946409, -116.44662504, 71.2649565], [-96.49385565, -116.62441282, 73.25448897], [-96.39307039, -116.80220251, 75.24402144], [-96.29228514, -116.97999029, 77.23355391]], "CsaImage.TimeAfterStart": [1.0825, 0.7225, 1.0925, 0.7325, 1.1025, 0.7425, 1.1125, 0.7525, 1.1225, 0.7625, 1.1325, 0.7725, 1.1425, 0.7825, 1.1525, 0.7925, 1.1625, 0.8025, 1.1725, 0.8125, 1.1825, 0.8225, 1.1925, 0.8325, 1.2025, 0.8425, 1.2125, 0.8525, 1.2225, 0.8625, 1.2325, 0.8725, 1.2425, 0.8825, 1.2525, 0.8925, 1.2625, 0.9025, 1.2725, 0.9125, 1.2825, 0.9225, 1.2925, 0.9325, 1.3025, 0.9425, 1.3125, 0.9525, 1.3225, 0.9625, 1.3325, 0.9725, 1.3425, 0.9825, 1.3525, 0.9925, 1.3625, 1.0025, 1.3725, 1.0125, 1.3825, 1.0225, 1.3925, 1.0325, 1.4025, 1.0425, 1.4125, 1.0525, 1.4225, 1.0625, 1.4325, 1.0725], "ImagePositionPatient": [[-103.44804089485, -104.35700063889, -64.023148515046], [-103.34725563941, -104.53478937333, -62.033616044343], [-103.24647038398, -104.71257810776, -60.044087388337], [-103.14568489013, -104.89036636536, -58.054554917634], [-103.0448996347, -105.0681550998, -56.065022446931], [-102.94411437927, -105.24594383424, -54.075493790925], [-102.84332912383, -105.42373256867, -52.085961320222], [-102.7425438684, -105.60152082627, -50.096432664216], [-102.64175861297, -105.77930956071, -48.106900193513], [-102.54097311912, -105.95709829514, -46.11736772281], [-102.44018786369, -106.13488655274, -44.127839066804], [-102.33940260826, -106.31267528718, -42.138306596101], [-102.23861735282, -106.49046402161, -40.148777940095], [-102.13783209739, -106.66825227921, -38.159245469392], [-102.03704684196, -106.84604101365, -36.169712998689], [-101.93626158653, -107.02382974808, -34.180182435334], [-101.83547621189, -107.20161848252, -32.19065187198], [-101.73469095645, -107.37940674012, -30.201121308625], [-101.63390558181, -107.55719547456, -28.211590745271], [-101.53312032638, -107.73498420899, -26.222060181916], [-101.43233507095, -107.91277246659, -24.232527711213], [-101.33154969631, -108.09056120103, -22.242997147858], [-101.23076444087, -108.26834993546, -20.253466584504], [-101.12997918544, -108.4461386699, -18.263935067475], [-101.0291938108, -108.62392740433, -16.274404504121], [-100.92840855537, -108.8017151851, -14.284872987092], [-100.82762329994, -108.97950391953, -12.295342423737], [-100.7268379849, -109.15729265397, -10.305811383546], [-100.62605266986, -109.3350813884, -8.3162803433541], [-100.52526741443, -109.51287012284, -6.3267493031624], [-100.42448209939, -109.69065885728, -4.3372184119824], [-100.32369681416, -109.86844759171, -2.3476874611977], [-100.22291152892, -110.04623537247, -0.358156421006], [-100.12212622879, -110.22402410691, 1.631374380767], [-100.02134094355, -110.40181284135, 3.6209054209587], [-99.920555643419, -110.57960157578, 5.6104364611503], [-99.819770354459, -110.75739031022, 7.5999679781791], [-99.718985058049, -110.93517904465, 9.5894985415336], [-99.618199757913, -111.11296777909, 11.579029104888], [-99.517414472679, -111.29075555985, 13.568560621917], [-99.416629187445, -111.46854429429, 15.558091185271], [-99.315843872408, -111.64633302872, 17.547621748626], [-99.215058616976, -111.82412176316, 19.537154219329], [-99.114273301939, -112.0019104976, 21.526684782684], [-99.013488046507, -112.17969923203, 23.516215346038], [-98.91270273147, -112.35748796647, 25.505745909393], [-98.811917476038, -112.53527574723, 27.495276472747], [-98.711132101396, -112.71306448167, 29.48480894345], [-98.610346845964, -112.8908532161, 31.474337599456], [-98.509561590532, -113.06864195054, 33.463870070159], [-98.408776215891, -113.24643068497, 35.453402540862], [-98.307990960459, -113.42421941941, 37.442931196868], [-98.207205705026, -113.60200720017, 39.432463667571], [-98.106420449594, -113.77979593461, 41.421996138274], [-98.005635074953, -113.95758466904, 43.41152479428], [-97.904849819521, -114.13537340348, 45.401057264983], [-97.804064444879, -114.31316213792, 47.390585920989], [-97.703279189447, -114.49095087235, 49.380118391692], [-97.602493934015, -114.66873960679, 51.369650862395], [-97.501708678583, -114.84652738755, 53.359179518401], [-97.400923423151, -115.02431612199, 55.348711989104], [-97.300138167719, -115.20210485642, 57.33824064511], [-97.199352673868, -115.37989359086, 59.327773115813], [-97.098567418436, -115.55768232529, 61.317301771819], [-96.997782163004, -115.73547105973, 63.306834242522], [-96.896996907572, -115.91325979417, 65.296366713226], [-96.79621165214, -116.09104757493, 67.285899183929], [-96.695426396707, -116.26883726304, 69.275431654632], [-96.594640902857, -116.4466250438, 71.26495649594], [-96.493855647425, -116.62441282456, 73.254488966644], [-96.393070391992, -116.80220251267, 75.244021437347], [-96.29228513656, -116.97999029343, 77.23355390805]], "InstanceCreationTime": ["121059.629000", "121059.563000", "121059.630000", "121059.566000", "121059.632000", "121059.568000", "121059.634000", "121059.570000", "121059.636000", "121059.572000", "121059.638000", "121059.574000", "121059.639000", "121059.575000", "121059.641000", "121059.577000", "121059.643000", "121059.579000", "121059.645000", "121059.581000", "121059.646000", "121059.582000", "121059.648000", "121059.584000", "121059.650000", "121059.586000", "121059.652000", "121059.588000", "121059.653000", "121059.590000", "121059.655000", "121059.591000", "121059.657000", "121059.593000", "121059.659000", "121059.595000", "121059.660000", "121059.597000", "121059.662000", "121059.598000", "121059.664000", "121059.600000", "121059.666000", "121059.602000", "121059.667000", "121059.604000", "121059.669000", "121059.605000", "121059.671000", "121059.607000", "121059.673000", "121059.609000", "121059.674000", "121059.611000", "121059.676000", "121059.613000", "121059.678000", "121059.614000", "121059.680000", "121059.616000", "121059.681000", "121059.618000", "121059.683000", "121059.620000", "121059.685000", "121059.621000", "121059.687000", "121059.623000", "121059.688000", "121059.625000", "121059.690000", "121059.627000"], "InstanceNumber": [1, 2, 3, 4, 5, 6, 7, 8, 9, 10, 11, 12, 13, 14, 15, 16, 17, 18, 19, 20, 21, 22, 23, 24, 25, 26, 27, 28, 29, 30, 31, 32, 33, 34, 35, 36, 37, 38, 39, 40, 41, 42, 43, 44, 45, 46, 47, 48, 49, 50, 51, 52, 53, 54, 55, 56, 57, 58, 59, 60, 61, 62, 63, 64, 65, 66, 67, 68, 69, 70, 71, 72], "LargestImagePixelValue": [4092, 4092, 4094, 4095, 4095, 4093, 4093, 4095, 4094, 4092, 4095, 4094, 4092, 4094, 4095, 4091, 4094, 4093, 4093, 4093, 4095, 4093, 4092, 4093, 4091, 4094, 4092, 4095, 4090, 4093, 4091, 4088, 4092, 4084, 4081, 4094, 4091, 4092, 4093, 4091, 4094, 4089, 4093, 4092, 4090, 4091, 4093, 4094, 4095, 4094, 4092, 4089, 4092, 4094, 4089, 4093, 4090, 4093, 4095, 4094, 4095, 4095, 4095, 4095, 4093, 4093, 4095, 4093, 4093, 4092, 4095, 4094], "SliceLocation": [-59.624297362343, -57.624295873897, -55.62429818018, -53.624296722107, -51.624295233661, -49.624297539944, -47.624296051498, -45.624298400169, -43.624296911723, -41.624295411262, -39.624297759933, -37.624296271487, -35.62429857777, -33.624297131712, -31.624295643266, -29.624296052184, -27.624296455095, -25.624296906402, -23.624297309313, -21.624297718231, -19.624296272173, -17.624296675084, -15.624297084003, -13.624296544239, -11.62429694715, -9.6242964921622, -7.6242969010806, -5.6242968326543, -3.6242967642279, -1.6242966988052, 0.37570322138958, 2.3757031993752, 4.3757031815235, 6.3757030120284, 8.3757030789529, 10.375703146628, 12.375703688082, 14.375703281228, 16.375702874563, 18.375703331052, 20.375702923636, 22.375702517721, 24.375704006167, 26.375703600252, 28.375703191334, 30.375702785419, 32.375702291724, 34.375703786178, 36.375701479895, 38.375702968341, 40.375704462794, 42.375702156511, 44.375703560181, 46.375705048628, 48.375702748352, 50.375704236798, 52.375701936522, 54.375703424969, 56.375704913415, 58.375702522355, 60.375704010802, 62.375701704519, 64.375703204979, 66.375700898696, 68.375702387143, 70.375703875589, 72.375705279259, 74.375706852481, 76.375700678707, 78.375702082377, 80.3757036556, 82.37570505927], "SmallestImagePixelValue": [1, 0, 0, 2, 0, 0, 0, 1, 1, 0, 0, 0, 1, 0, 2, 0, 1, 0, 1, 1, 0, 2, 2, 1, 1, 0, 0, 0, 0, 2, 9, 9, 0, 7, 9, 3, 0, 0, 3, 7, 0, 5, 3, 0, 3, 0, 9, 4, 0, 0, 3, 0, 0, 0, 1, 1, 0, 2, 0, 2, 5, 3, 1, 3, 0, 0, 0, 0, 0, 2, 0, 0], "WindowCenter": [-274.0, -250.0, -240.0, -238.0, -258.0, -204.0, -216.0, -148.0, -154.0, -106.0, -152.0, -204.0, -284.0, -252.0, -286.0, -256.0, -256.0, -234.0, -238.0, -218.0, -216.0, -194.0, -186.0, -156.0, -142.0, -130.0, -76.0, -98.0, -124.0, -132.0, -160.0, -162.0, -176.0, -160.0, -188.0, -154.0, -158.0, -116.0, -168.0, -124.0, -138.0, -94.0, -84.0, -172.0, -80.0, -106.0, -80.0, -172.0, -12.0, -60.0, -18.0, -14.0, -60.0, -60.0, -32.0, -62.0, -36.0, -46.0, -88.0, -80.0, -98.0, -84.0, -110.0, -122.0, -94.0, -140.0, -196.0, -224.0, -242.0, -272.0, -288.0, -328.0], "WindowWidth": [6170.0, 6256.0, 6252.0, 6234.0, 6216.0, 6260.0, 6232.0, 6240.0, 6190.0, 6182.0, 6176.0, 6214.0, 6182.0, 6246.0, 6266.0, 6322.0, 6280.0, 6160.0, 6140.0, 6088.0, 6002.0, 5924.0, 5834.0, 5778.0, 5738.0, 5646.0, 5716.0, 5664.0, 5626.0, 5580.0, 5416.0, 5444.0, 5372.0, 5396.0, 5102.0, 5290.0, 5214.0, 5338.0, 5024.0, 5218.0, 5084.0, 5260.0, 5288.0, 4738.0, 5222.0, 4920.0, 4960.0, 4570.0, 5248.0, 4896.0, 5090.0, 5222.0, 5056.0, 5110.0, 5306.0, 5182.0, 5372.0, 5368.0, 5348.0, 5466.0, 5442.0, 5674.0, 5764.0, 5880.0, 5956.0, 6110.0, 6120.0, 6212.0, 6290.0, 6268.0, 6404.0, 6476.0]}}, "IntendedFor": ["ses-1/func/sub-37_ses-1_task-motor_run-03_bold.nii.gz", "ses-1/func/sub-37_ses-1_task-motor_run-01_bold.nii.gz", "ses-1/func/sub-37_ses-1_task-motor_run-04_bold.nii.gz", "ses-1/func/sub-37_ses-1_task-motor_run-02_bold.nii.gz", "ses-1/func/sub-37_ses-1_task-motor_run-05_bold.nii.gz", "ses-1/func/sub-37_ses-1_task-motor_run-06_bold.nii.gz"]}