{
	"Modality": "MR",
	"MagneticFieldStrength": 3,
	"Manufacturer": "Siemens",
	"ManufacturersModelName": "Prisma",
	"InstitutionName": "BeiJing_Normal_University",
	"InstitutionalDepartmentName": "Department",
	"InstitutionAddress": "Street_StreetNo_Bei_Jing_District_CN_ZIP",
	"DeviceSerialNumber": "166078",
	"StationName": "AWP166078",
	"BodyPartExamined": "BRAIN",
	"PatientPosition": "HFS",
	"ProcedureStepDescription": "BNU_P2018_64CH_Liu.Jia",
	"SoftwareVersions": "syngo_MR_E11",
	"MRAcquisitionType": "2D",
	"SeriesDescription": "field_mapping_2x2x2",
	"ProtocolName": "field_mapping_2x2x2",
	"ScanningSequence": "GR",
	"SequenceVariant": "SP",
	"SequenceName": "_fm2d2r",
	"ImageType": ["ORIGINAL", "PRIMARY", "M", "ND"],
	"SeriesNumber": 6,
	"AcquisitionTime": "13:09:6.712500",
	"AcquisitionNumber": 1,
	"SliceThickness": 2,
	"SpacingBetweenSlices": 2,
	"SAR": 0.120202,
	"EchoTime": 0.00492,
	"RepetitionTime": 0.72,
	"FlipAngle": 60,
	"PartialFourier": 1,
	"BaseResolution": 100,
	"ShimSetting": [
		-5471,
		-11492,
		-1226,
		384,
		-21,
		-20,
		-93,
		55	],
	"TxRefAmp": 219.507,
	"PhaseResolution": 1,
	"ReceiveCoilName": "HeadNeck_64",
	"ReceiveCoilActiveElements": "HC1-7;NC1",
	"PulseSequenceDetails": "%SiemensSeq%_gre_field_mapping",
	"ConsistencyInfo": "N4_VE11C_LATEST_20160120",
	"PercentPhaseFOV": 100,
	"PhaseEncodingSteps": 100,
	"AcquisitionMatrixPE": 100,
	"ReconMatrixPE": 100,
	"PixelBandwidth": 570,
	"DwellTime": 8.8e-06,
	"PhaseEncodingDirection": "i",
	"ImageOrientationPatientDICOM": [
		1,
		-2.18046e-05,
		-0.000337188,
		-3.03e-13,
		0.997916,
		-0.0645314	],
	"InPlanePhaseEncodingDirectionDICOM": "ROW",
	"ConversionSoftware": "dcm2niix",
	"ConversionSoftwareVersion": "v1.0.20180622 GCC4.9.2"
}
