{"AcquisitionMatrixPE": 100, "AcquisitionNumber": 1, "AcquisitionTime": "14:28:40.617500", "BaseResolution": 100, "BodyPartExamined": "BRAIN", "ConsistencyInfo": "N4_VE11C_LATEST_20160120", "ConversionSoftware": "dcm2niix", "ConversionSoftwareVersion": "v1.0.20180622 GCC4.9.2", "DeviceSerialNumber": "166078", "DwellTime": 8.8e-06, "EchoNumber": 2, "EchoTime": 0.00738, "EchoTime1": 0.00492, "EchoTime2": 0.00738, "FlipAngle": 60, "ImageOrientationPatientDICOM": [0.999976, 0.00151102, 0.00681578, 4.1035e-11, 0.976296, -0.21644], "ImageType": ["ORIGINAL", "PRIMARY", "P", "ND"], "InPlanePhaseEncodingDirectionDICOM": "ROW", "InstitutionAddress": "Street_StreetNo_Bei_Jing_District_CN_ZIP", "InstitutionName": "BeiJing_Normal_University", "InstitutionalDepartmentName": "Department", "MRAcquisitionType": "2D", "MagneticFieldStrength": 3, "Manufacturer": "Siemens", "ManufacturersModelName": "Prisma", "Modality": "MR", "PartialFourier": 1, "PatientPosition": "HFS", "PercentPhaseFOV": 100, "PhaseEncodingDirection": "i", "PhaseEncodingSteps": 100, "PhaseResolution": 1, "PixelBandwidth": 570, "ProcedureStepDescription": "BNU_P2018_64CH_Liu.Jia", "ProtocolName": "field_mapping_2x2x2", "PulseSequenceDetails": "%SiemensSeq%_gre_field_mapping", "ReceiveCoilActiveElements": "HC1-7;NC1", "ReceiveCoilName": "HeadNeck_64", "ReconMatrixPE": 100, "RepetitionTime": 0.72, "SAR": 0.098249, "ScanningSequence": "GR", "SequenceName": "_fm2d2r", "SequenceVariant": "SP", "SeriesDescription": "field_mapping_2x2x2", "SeriesNumber": 7, "ShimSetting": [-5459, -11464, -1313, 379, -105, -215, -202, 56], "SliceThickness": 2, "SoftwareVersions": "syngo_MR_E11", "SpacingBetweenSlices": 2, "StationName": "AWP166078", "TxRefAmp": 206.401, "dcmmeta_affine": [[-1.9999512434005737, 8.206999663196157e-11, 0.013962745666503906, 101.45707702636719], [-0.003022042801603675, 1.9525920152664185, -0.43286895751953125, -86.50297546386719], [0.013631553389132023, 0.432879239320755, 1.952545166015625, -94.34891510009766], [0.0, 0.0, 0.0, 1.0]], "dcmmeta_reorient_transform": [[0.0, -1.0, 0.0, 99.0], [1.0, 0.0, 0.0, 0.0], [0.0, 0.0, -1.0, 71.0], [0.0, 0.0, 0.0, 1.0]], "dcmmeta_shape": [100, 100, 72], "dcmmeta_slice_dim": 2, "dcmmeta_version": 0.6, "global": {"const": {"AcquisitionMatrix": [0, 100, 100, 0], "AcquisitionNumber": 1, "AngioFlag": "N", "BitsAllocated": 16, "BitsStored": 12, "BodyPartExamined": "BRAIN", "Columns": 100, "EchoNumbers": 2, "EchoTime": 7.38, "EchoTrainLength": 0, "FlipAngle": 60.0, "HighBit": 11, "ImageOrientationPatient": [0.99997563070424, 0.00151102134842, 0.00681577670828, 4.1035e-11, 0.97629600492689, -0.2164396238303], "ImageType": ["ORIGINAL", "PRIMARY", "P", "ND"], "ImagedNucleus": "1H", "ImagingFrequency": 123.257847, "InPlanePhaseEncodingDirection": "ROW", "MRAcquisitionType": "2D", "MagneticFieldStrength": 3.0, "Manufacturer": "SIEMENS", "ManufacturerModelName": "Prisma", "Modality": "MR", "NumberOfAverages": 1.0, "NumberOfPhaseEncodingSteps": 100, "PercentPhaseFieldOfView": 100.0, "PercentSampling": 100.0, "PerformedProcedureStepStartTime": "135837.620000", "PhotometricInterpretation": "MONOCHROME2", "PixelBandwidth": 570.0, "PixelRepresentation": 0, "PixelSpacing": [2.0, 2.0], "ProtocolName": "field_mapping_2x2x2", "RepetitionTime": 720.0, "RescaleIntercept": -4096.0, "RescaleSlope": 2.0, "RescaleType": "US", "Rows": 100, "SAR": 0.09824901890426, "SamplesPerPixel": 1, "ScanningSequence": "GR", "SequenceName": "*fm2d2r", "SequenceVariant": "SP", "SeriesDescription": "field_mapping_2x2x2", "SeriesNumber": 7, "SeriesTime": "143105.079000", "SliceThickness": 2.0, "SoftwareVersions": "syngo MR E11", "SpacingBetweenSlices": 2.0, "SpecificCharacterSet": "ISO_IR 100", "StudyID": "1", "StudyTime": "135837.530000", "TransmitCoilName": "Body", "VariableFlipAngleFlag": "N", "WindowCenterWidthExplanation": "Algo1", "dBdt": 0.0}, "slices": {"AcquisitionTime": ["142840.617500", "142840.257500", "142840.627500", "142840.267500", "142840.637500", "142840.277500", "142840.647500", "142840.287500", "142840.657500", "142840.297500", "142840.667500", "142840.307500", "142840.677500", "142840.317500", "142840.687500", "142840.327500", "142840.697500", "142840.337500", "142840.707500", "142840.347500", "142840.717500", "142840.357500", "142840.727500", "142840.367500", "142840.737500", "142840.377500", "142840.747500", "142840.387500", "142840.757500", "142840.397500", "142840.767500", "142840.407500", "142840.777500", "142840.417500", "142840.787500", "142840.427500", "142840.797500", "142840.437500", "142840.807500", "142840.447500", "142840.817500", "142840.457500", "142840.827500", "142840.467500", "142840.837500", "142840.477500", "142840.847500", "142840.487500", "142840.857500", "142840.497500", "142840.867500", "142840.507500", "142840.877500", "142840.517500", "142840.887500", "142840.527500", "142840.897500", "142840.537500", "142840.907500", "142840.547500", "142840.917500", "142840.557500", "142840.927500", "142840.567500", "142840.937500", "142840.577500", "142840.947500", "142840.587500", "142840.957500", "142840.597500", "142840.967500", "142840.607500"], "ContentTime": ["143105.150000", "143105.081000", "143105.152000", "143105.084000", "143105.154000", "143105.086000", "143105.156000", "143105.088000", "143105.157000", "143105.090000", "143105.159000", "143105.092000", "143105.161000", "143105.094000", "143105.163000", "143105.096000", "143105.165000", "143105.098000", "143105.167000", "143105.099000", "143105.168000", "143105.101000", "143105.170000", "143105.103000", "143105.172000", "143105.105000", "143105.174000", "143105.107000", "143105.176000", "143105.109000", "143105.177000", "143105.111000", "143105.179000", "143105.112000", "143105.181000", "143105.114000", "143105.183000", "143105.116000", "143105.185000", "143105.118000", "143105.186000", "143105.120000", "143105.188000", "143105.122000", "143105.293000", "143105.124000", "143105.295000", "143105.126000", "143105.297000", "143105.128000", "143105.299000", "143105.130000", "143105.300000", "143105.132000", "143105.302000", "143105.133000", "143105.304000", "143105.135000", "143105.306000", "143105.137000", "143105.308000", "143105.139000", "143105.310000", "143105.141000", "143105.311000", "143105.143000", "143105.313000", "143105.144000", "143105.315000", "143105.146000", "143105.317000", "143105.148000"], "CsaImage.GSWDDataType": ["measured", "predicted", "measured", "predicted", "measured", "predicted", "measured", "predicted", "measured", "predicted", "measured", "predicted", "measured", "predicted", "measured", "predicted", "measured", "predicted", "measured", "predicted", "measured", "predicted", "measured", "predicted", "measured", "predicted", "measured", "predicted", "measured", "predicted", "measured", "predicted", "measured", "predicted", "measured", "predicted", "measured", "predicted", "measured", "predicted", "measured", "predicted", "measured", "predicted", "measured", "predicted", "measured", "predicted", "measured", "predicted", "measured", "predicted", "measured", "predicted", "measured", "predicted", "measured", "predicted", "measured", "predicted", "measured", "predicted", "measured", "predicted", "measured", "predicted", "measured", "predicted", "measured", "predicted", "measured", "predicted"], "CsaImage.ICE_Dims": ["X_2_1_1_1_1_1_37_1_1_1_1_141", "X_2_1_1_1_1_1_1_1_1_2_1_141", "X_2_1_1_1_1_1_38_1_1_3_1_141", "X_2_1_1_1_1_1_2_1_1_4_1_141", "X_2_1_1_1_1_1_39_1_1_5_1_141", "X_2_1_1_1_1_1_3_1_1_6_1_141", "X_2_1_1_1_1_1_40_1_1_7_1_141", "X_2_1_1_1_1_1_4_1_1_8_1_141", "X_2_1_1_1_1_1_41_1_1_9_1_141", "X_2_1_1_1_1_1_5_1_1_10_1_141", "X_2_1_1_1_1_1_42_1_1_11_1_141", "X_2_1_1_1_1_1_6_1_1_12_1_141", "X_2_1_1_1_1_1_43_1_1_13_1_141", "X_2_1_1_1_1_1_7_1_1_14_1_141", "X_2_1_1_1_1_1_44_1_1_15_1_141", "X_2_1_1_1_1_1_8_1_1_16_1_141", "X_2_1_1_1_1_1_45_1_1_17_1_141", "X_2_1_1_1_1_1_9_1_1_18_1_141", "X_2_1_1_1_1_1_46_1_1_19_1_141", "X_2_1_1_1_1_1_10_1_1_20_1_141", "X_2_1_1_1_1_1_47_1_1_21_1_141", "X_2_1_1_1_1_1_11_1_1_22_1_141", "X_2_1_1_1_1_1_48_1_1_23_1_141", "X_2_1_1_1_1_1_12_1_1_24_1_141", "X_2_1_1_1_1_1_49_1_1_25_1_141", "X_2_1_1_1_1_1_13_1_1_26_1_141", "X_2_1_1_1_1_1_50_1_1_27_1_141", "X_2_1_1_1_1_1_14_1_1_28_1_141", "X_2_1_1_1_1_1_51_1_1_29_1_141", "X_2_1_1_1_1_1_15_1_1_30_1_141", "X_2_1_1_1_1_1_52_1_1_31_1_141", "X_2_1_1_1_1_1_16_1_1_32_1_141", "X_2_1_1_1_1_1_53_1_1_33_1_141", "X_2_1_1_1_1_1_17_1_1_34_1_141", "X_2_1_1_1_1_1_54_1_1_35_1_141", "X_2_1_1_1_1_1_18_1_1_36_1_141", "X_2_1_1_1_1_1_55_1_1_37_1_141", "X_2_1_1_1_1_1_19_1_1_38_1_141", "X_2_1_1_1_1_1_56_1_1_39_1_141", "X_2_1_1_1_1_1_20_1_1_40_1_141", "X_2_1_1_1_1_1_57_1_1_41_1_141", "X_2_1_1_1_1_1_21_1_1_42_1_141", "X_2_1_1_1_1_1_58_1_1_43_1_141", "X_2_1_1_1_1_1_22_1_1_44_1_141", "X_2_1_1_1_1_1_59_1_1_45_1_141", "X_2_1_1_1_1_1_23_1_1_46_1_141", "X_2_1_1_1_1_1_60_1_1_47_1_141", "X_2_1_1_1_1_1_24_1_1_48_1_141", "X_2_1_1_1_1_1_61_1_1_49_1_141", "X_2_1_1_1_1_1_25_1_1_50_1_141", "X_2_1_1_1_1_1_62_1_1_51_1_141", "X_2_1_1_1_1_1_26_1_1_52_1_141", "X_2_1_1_1_1_1_63_1_1_53_1_141", "X_2_1_1_1_1_1_27_1_1_54_1_141", "X_2_1_1_1_1_1_64_1_1_55_1_141", "X_2_1_1_1_1_1_28_1_1_56_1_141", "X_2_1_1_1_1_1_65_1_1_57_1_141", "X_2_1_1_1_1_1_29_1_1_58_1_141", "X_2_1_1_1_1_1_66_1_1_59_1_141", "X_2_1_1_1_1_1_30_1_1_60_1_141", "X_2_1_1_1_1_1_67_1_1_61_1_141", "X_2_1_1_1_1_1_31_1_1_62_1_141", "X_2_1_1_1_1_1_68_1_1_63_1_141", "X_2_1_1_1_1_1_32_1_1_64_1_141", "X_2_1_1_1_1_1_69_1_1_65_1_141", "X_2_1_1_1_1_1_33_1_1_66_1_141", "X_2_1_1_1_1_1_70_1_1_67_1_141", "X_2_1_1_1_1_1_34_1_1_68_1_141", "X_2_1_1_1_1_1_71_1_1_69_1_141", "X_2_1_1_1_1_1_35_1_1_70_1_141", "X_2_1_1_1_1_1_72_1_1_71_1_141", "X_2_1_1_1_1_1_36_1_1_72_1_141"], "CsaImage.ProtocolSliceNumber": [0, 1, 2, 3, 4, 5, 6, 7, 8, 9, 10, 11, 12, 13, 14, 15, 16, 17, 18, 19, 20, 21, 22, 23, 24, 25, 26, 27, 28, 29, 30, 31, 32, 33, 34, 35, 36, 37, 38, 39, 40, 41, 42, 43, 44, 45, 46, 47, 48, 49, 50, 51, 52, 53, 54, 55, 56, 57, 58, 59, 60, 61, 62, 63, 64, 65, 66, 67, 68, 69, 70, 71], "CsaImage.RFSWDDataType": ["measured", "predicted", "measured", "predicted", "measured", "predicted", "measured", "predicted", "measured", "predicted", "measured", "predicted", "measured", "predicted", "measured", "predicted", "measured", "predicted", "measured", "predicted", "measured", "predicted", "measured", "predicted", "measured", "predicted", "measured", "predicted", "measured", "predicted", "measured", "predicted", "measured", "predicted", "measured", "predicted", "measured", "predicted", "measured", "predicted", "measured", "predicted", "measured", "predicted", "measured", "predicted", "measured", "predicted", "measured", "predicted", "measured", "predicted", "measured", "predicted", "measured", "predicted", "measured", "predicted", "measured", "predicted", "measured", "predicted", "measured", "predicted", "measured", "predicted", "measured", "predicted", "measured", "measured", "measured", "measured"], "CsaImage.SlicePosition_PCS": [[-101.45709402, -106.80361084, -51.49381493], [-101.47105653, -106.37074283, -49.54126977], [-101.48501904, -105.93787388, -47.5887246], [-101.49898155, -105.5050054, -45.63617944], [-101.51294417, -105.07213644, -43.68363427], [-101.52690668, -104.63926796, -41.73109292], [-101.54086919, -104.206399, -39.77854775], [-101.55483169, -103.77353052, -37.82600259], [-101.5687942, -103.34066204, -35.87345742], [-101.58275671, -102.90779308, -33.92091607], [-101.59671922, -102.4749246, -31.9683709], [-101.61068172, -102.04205564, -30.01582574], [-101.62464423, -101.60918716, -28.06328057], [-101.63860686, -101.17631844, -26.1107354], [-101.65256936, -100.74344972, -24.15819405], [-101.66653187, -100.31058101, -22.20564889], [-101.68049438, -99.87771252, -20.25310372], [-101.69445689, -99.44484381, -18.30055856], [-101.70841939, -99.01197509, -16.34801339], [-101.7223819, -98.57910643, -14.39546822], [-101.73634441, -98.14623774, -12.44292687], [-101.75030691, -97.71336905, -10.49038171], [-101.76426954, -97.28050039, -8.53783654], [-101.77823205, -96.84763167, -6.58529328], [-101.79219456, -96.41476301, -4.63274812], [-101.80615706, -95.98189429, -2.68020295], [-101.82011957, -95.54902557, -0.72765969], [-101.83408208, -95.11615709, 1.22488548], [-101.84804458, -94.68328837, 3.17743064], [-101.86200709, -94.25041965, 5.1299739], [-101.8759696, -93.81755093, 7.08251907], [-101.88993223, -93.38468222, 9.03506328], [-101.90389473, -92.95181373, 10.98760749], [-101.91785724, -92.51894478, 12.9401517], [-101.93181975, -92.0860763, 14.89269639], [-101.94578225, -91.65320734, 16.8452406], [-101.95974476, -91.22033886, 18.79778529], [-101.97370727, -90.78747038, 20.75032968], [-101.98766978, -90.35460142, 22.70287408], [-102.0016324, -89.92173294, 24.65541865], [-102.01559491, -89.48886398, 26.6079631], [-102.02955742, -89.05599502, 28.56050731], [-102.04351992, -88.62312702, 30.51305152], [-102.05748243, -88.19025806, 32.46559669], [-102.07144494, -87.75738911, 34.4181409], [-102.08540745, -87.3245211, 36.37068511], [-102.09936995, -86.89165214, 38.32323028], [-102.11333246, -86.45878319, 40.27577354], [-102.12729497, -86.02591518, 42.2283187], [-102.14125748, -85.59304622, 44.18086196], [-102.15521998, -85.16017727, 46.13340713], [-102.16918249, -84.72730831, 48.08595229], [-102.183145, -84.29444031, 50.03849555], [-102.19710774, -83.86157135, 51.99104072], [-102.21107025, -83.42870239, 53.94358588], [-102.22503276, -82.99583439, 55.89613105], [-102.23899526, -82.56296543, 57.8486724], [-102.25295777, -82.13009647, 59.80121757], [-102.26692028, -81.69722751, 61.75376273], [-102.28088279, -81.26435856, 63.7063079], [-102.29484529, -80.83149151, 65.65885307], [-102.3088078, -80.39862255, 67.61139442], [-102.32277031, -79.96575359, 69.56393958], [-102.33673282, -79.53288463, 71.51648475], [-102.35069532, -79.10001568, 73.46902991], [-102.36465783, -78.66714672, 75.42157508], [-102.37862034, -78.23427776, 77.37411643], [-102.39258284, -77.80141071, 79.3266616], [-102.40654535, -77.36854175, 81.27920676], [-102.42050786, -76.9356728, 83.23175193], [-102.43447037, -76.50280384, 85.18429328], [-102.44843311, -76.06993488, 87.13683845]], "CsaImage.TimeAfterStart": [1.0825, 0.7225, 1.0925, 0.7325, 1.1025, 0.7425, 1.1125, 0.7525, 1.1225, 0.7625, 1.1325, 0.7725, 1.1425, 0.7825, 1.1525, 0.7925, 1.1625, 0.8025, 1.1725, 0.8125, 1.1825, 0.8225, 1.1925, 0.8325, 1.2025, 0.8425, 1.2125, 0.8525, 1.2225, 0.8625, 1.2325, 0.8725, 1.2425, 0.8825, 1.2525, 0.8925, 1.2625, 0.9025, 1.2725, 0.9125, 1.2825, 0.9225, 1.2925, 0.9325, 1.3025, 0.9425, 1.3125, 0.9525, 1.3225, 0.9625, 1.3325, 0.9725, 1.3425, 0.9825, 1.3525, 0.9925, 1.3625, 1.0025, 1.3725, 1.0125, 1.3825, 1.0225, 1.3925, 1.0325, 1.4025, 1.0425, 1.4125, 1.0525, 1.4225, 1.0625, 1.4325, 1.0725], "ImagePositionPatient": [[-101.45709402412, -106.80361083828, -51.493814933797], [-101.47105653137, -106.37074283444, -49.541269767782], [-101.48501903862, -105.93787387692, -47.588724601766], [-101.49898154586, -105.50500539624, -45.63617943575], [-101.51294417232, -105.07213643872, -43.683634269735], [-101.52690667957, -104.63926795804, -41.731092918416], [-101.54086918682, -104.20639900052, -39.778547752401], [-101.55483169406, -103.77353051983, -37.826002586385], [-101.56879420131, -103.34066203915, -35.873457420369], [-101.58275670856, -102.90779308163, -33.920916069051], [-101.59671921581, -102.47492460095, -31.968370903035], [-101.61068172306, -102.04205564343, -30.01582573702], [-101.6246442303, -101.60918716275, -28.063280571004], [-101.63860685676, -101.17631844365, -26.110735404989], [-101.65256936401, -100.74344972455, -24.15819405367], [-101.66653187126, -100.31058100544, -22.205648887655], [-101.68049437851, -99.877712524763, -20.253103721639], [-101.69445688575, -99.444843805662, -18.300558555623], [-101.708419393, -99.011975086561, -16.348013389608], [-101.72238190025, -98.579106427064, -14.395468223592], [-101.7363444075, -98.146237737766, -12.442926872274], [-101.75030691475, -97.713369048467, -10.490381706258], [-101.7642695412, -97.280500388971, -8.5378365402425], [-101.77823204845, -96.84763166987, -6.5852932815755], [-101.7921945557, -96.414763010374, -4.6327481155599], [-101.80615706295, -95.981894291273, -2.6802029495443], [-101.82011957019, -95.549025572172, -0.7276596908773], [-101.83408207744, -95.116157091489, 1.2248854751384], [-101.84804458469, -94.683288372388, 3.177430641154], [-101.86200709194, -94.250419653287, 5.129973899821], [-101.87596959919, -93.817550934186, 7.0825190658366], [-101.88993222564, -93.384682215085, 9.0350632781779], [-101.90389473289, -92.951813734403, 10.987607490519], [-101.91785724014, -92.518944776884, 12.940151702861], [-101.93181974739, -92.086076296201, 14.892696392039], [-101.94578225463, -91.653207338682, 16.84524060438], [-101.95974476188, -91.220338857999, 18.797785293559], [-101.97370726913, -90.787470377317, 20.750329684714], [-101.98766977638, -90.354601419797, 22.702874075869], [-102.00163240284, -89.921732939115, 24.655418645838], [-102.01559491008, -89.488863981595, 26.607963096598], [-102.02955741733, -89.055995024076, 28.56050730894], [-102.04351992458, -88.623127020231, 30.513051521281], [-102.05748243183, -88.190258062711, 32.465596687297], [-102.07144493908, -87.757389105192, 34.418140899638], [-102.08540744632, -87.324521101346, 36.370685111979], [-102.09936995357, -86.891652143827, 38.323230277995], [-102.11333246082, -86.458783186307, 40.275773536662], [-102.12729496807, -86.025915182462, 42.228318702677], [-102.14125747531, -85.593046224943, 44.180861961344], [-102.15521998256, -85.160177267423, 46.13340712736], [-102.16918248981, -84.727308309904, 48.085952293376], [-102.18314499706, -84.294440306058, 50.038495552043], [-102.19710774273, -83.861571348539, 51.991040718058], [-102.21107024997, -83.428702391019, 53.943585884074], [-102.22503275722, -82.995834387174, 55.89613105009], [-102.23899526447, -82.562965429655, 57.848672401408], [-102.25295777172, -82.130096472135, 59.801217567424], [-102.26692027896, -81.697227514615, 61.753762733439], [-102.28088278621, -81.264358557096, 63.706307899455], [-102.29484529346, -80.831491506925, 65.65885306547], [-102.30880780071, -80.398622549406, 67.611394416789], [-102.32277030796, -79.965753591886, 69.563939582804], [-102.3367328152, -79.532884634366, 71.51648474882], [-102.35069532245, -79.100015676847, 73.469029914836], [-102.3646578297, -78.667146719327, 75.421575080851], [-102.37862033695, -78.234277761808, 77.37411643217], [-102.3925828442, -77.801410711637, 79.326661598185], [-102.40654535144, -77.368541754117, 81.279206764201], [-102.42050785869, -76.935672796598, 83.231751930216], [-102.43447036594, -76.502803839078, 85.184293281535], [-102.44843311161, -76.069934881559, 87.13683844755]], "InstanceCreationTime": ["143105.150000", "143105.081000", "143105.152000", "143105.084000", "143105.154000", "143105.086000", "143105.156000", "143105.088000", "143105.157000", "143105.090000", "143105.159000", "143105.092000", "143105.161000", "143105.094000", "143105.163000", "143105.096000", "143105.165000", "143105.098000", "143105.167000", "143105.099000", "143105.168000", "143105.101000", "143105.170000", "143105.103000", "143105.172000", "143105.105000", "143105.174000", "143105.107000", "143105.176000", "143105.109000", "143105.177000", "143105.111000", "143105.179000", "143105.112000", "143105.181000", "143105.114000", "143105.183000", "143105.116000", "143105.185000", "143105.118000", "143105.186000", "143105.120000", "143105.188000", "143105.122000", "143105.293000", "143105.124000", "143105.295000", "143105.126000", "143105.297000", "143105.128000", "143105.299000", "143105.130000", "143105.300000", "143105.132000", "143105.302000", "143105.133000", "143105.304000", "143105.135000", "143105.306000", "143105.137000", "143105.308000", "143105.139000", "143105.310000", "143105.141000", "143105.311000", "143105.143000", "143105.313000", "143105.144000", "143105.315000", "143105.146000", "143105.317000", "143105.148000"], "InstanceNumber": [1, 2, 3, 4, 5, 6, 7, 8, 9, 10, 11, 12, 13, 14, 15, 16, 17, 18, 19, 20, 21, 22, 23, 24, 25, 26, 27, 28, 29, 30, 31, 32, 33, 34, 35, 36, 37, 38, 39, 40, 41, 42, 43, 44, 45, 46, 47, 48, 49, 50, 51, 52, 53, 54, 55, 56, 57, 58, 59, 60, 61, 62, 63, 64, 65, 66, 67, 68, 69, 70, 71, 72], "LargestImagePixelValue": [4095, 4094, 4095, 4094, 4094, 4094, 4094, 4093, 4094, 4095, 4095, 4095, 4094, 4094, 4094, 4095, 4095, 4095, 4094, 4091, 4094, 4092, 4091, 4094, 4095, 4094, 4094, 4092, 4091, 4095, 4095, 4092, 4091, 4093, 4093, 4092, 4094, 4093, 4094, 4094, 4094, 4086, 4093, 4091, 4094, 4093, 4095, 4095, 4095, 4094, 4095, 4095, 4093, 4095, 4094, 4093, 4093, 4093, 4095, 4092, 4094, 4095, 4093, 4095, 4093, 4094, 4093, 4094, 4094, 4093, 4095, 4094], "SliceLocation": [-72.679652296428, -70.679651725005, -68.679650947175, -66.679650272548, -64.679649493885, -62.679652543441, -60.67965176561, -58.679651090983, -56.679650416357, -54.679653362709, -52.679652688082, -50.679651910251, -48.679651235624, -46.679650508563, -44.679653506517, -42.679652780289, -40.679652105662, -38.679651379433, -36.679650653204, -34.679649939876, -32.67965294428, -30.679652224502, -28.679651510341, -26.679652646204, -24.679651932876, -22.679651206647, -20.679652342509, -18.679651667883, -16.679650941654, -14.679652077516, -12.679651351288, -10.679651555272, -8.6796518116913, -6.6796519649063, -4.6796517558023, -2.6796519090173, -0.6796516999133, 1.3203482182388, 3.320348239595, 5.3203483331504, 7.3203484126969, 9.3203482594819, 11.320347899859, 13.32034867769, 15.320348524475, 17.320348164852, 19.320348942683, 21.320347858422, 23.320348429845, 25.320347345584, 27.320348123415, 29.320348901246, 31.320347610577, 33.320348390072, 35.320349167903, 37.320349739326, 39.320346792974, 41.320347570805, 43.320348348635, 45.320349126466, 47.320349491481, 49.320346545129, 51.32034732296, 53.320348100791, 55.320348878621, 57.320349656452, 59.3203467101, 61.320347075115, 63.320347852946, 65.320348630776, 67.320345684424, 69.32034646392], "SmallestImagePixelValue": [2, 1, 0, 2, 0, 0, 0, 0, 0, 0, 0, 0, 0, 0, 3, 0, 0, 0, 2, 0, 0, 0, 0, 0, 0, 2, 0, 2, 0, 0, 0, 0, 0, 3, 0, 0, 0, 5, 0, 2, 4, 0, 4, 4, 0, 0, 0, 0, 2, 0, 0, 0, 0, 0, 1, 0, 0, 0, 0, 1, 0, 1, 0, 0, 0, 0, 0, 0, 0, 0, 0, 0], "WindowCenter": [-204.0, -174.0, -244.0, -172.0, -238.0, -258.0, -268.0, -228.0, -192.0, -238.0, -274.0, -252.0, -208.0, -220.0, -150.0, -172.0, -146.0, -172.0, -178.0, -216.0, -264.0, -268.0, -332.0, -310.0, -304.0, -294.0, -318.0, -274.0, -276.0, -322.0, -346.0, -354.0, -352.0, -328.0, -304.0, -266.0, -234.0, -182.0, -166.0, -196.0, -174.0, -270.0, -268.0, -246.0, -246.0, -256.0, -232.0, -204.0, -192.0, -38.0, -174.0, -170.0, -172.0, -42.0, -188.0, -198.0, -88.0, -84.0, -66.0, -78.0, -84.0, -122.0, -144.0, -180.0, -144.0, -184.0, -192.0, -238.0, -218.0, -272.0, -304.0, -302.0], "WindowWidth": [6330.0, 6410.0, 6502.0, 6484.0, 6424.0, 6372.0, 6394.0, 6406.0, 6432.0, 6500.0, 6592.0, 6574.0, 6562.0, 6568.0, 6566.0, 6492.0, 6486.0, 6458.0, 6460.0, 6432.0, 6282.0, 6202.0, 6114.0, 6040.0, 5902.0, 5820.0, 5712.0, 5660.0, 5604.0, 5682.0, 5616.0, 5540.0, 5400.0, 5388.0, 5448.0, 5290.0, 5316.0, 5456.0, 5394.0, 5092.0, 5106.0, 4644.0, 4646.0, 4628.0, 4624.0, 4638.0, 4614.0, 4610.0, 4610.0, 5226.0, 4598.0, 4620.0, 4612.0, 5174.0, 4648.0, 4690.0, 5444.0, 5356.0, 5498.0, 5686.0, 5722.0, 5756.0, 5808.0, 5866.0, 5870.0, 6022.0, 6106.0, 6110.0, 6154.0, 6220.0, 6208.0, 6220.0]}}, "IntendedFor": ["ses-1/func/sub-24_ses-1_task-motor_run-01_bold.nii.gz", "ses-1/func/sub-24_ses-1_task-motor_run-05_bold.nii.gz", "ses-1/func/sub-24_ses-1_task-motor_run-06_bold.nii.gz", "ses-1/func/sub-24_ses-1_task-motor_run-03_bold.nii.gz", "ses-1/func/sub-24_ses-1_task-motor_run-02_bold.nii.gz", "ses-1/func/sub-24_ses-1_task-motor_run-04_bold.nii.gz"]}