{"AcquisitionMatrixPE": 100, "AcquisitionNumber": 1, "AcquisitionTime": "13:21:17.635000", "BaseResolution": 100, "BodyPartExamined": "BRAIN", "ConsistencyInfo": "N4_VE11C_LATEST_20160120", "ConversionSoftware": "dcm2niix", "ConversionSoftwareVersion": "v1.0.20180622 GCC4.9.2", "DeviceSerialNumber": "166078", "DwellTime": 8.8e-06, "EchoNumber": 2, "EchoTime": 0.00738, "EchoTime1": 0.00492, "EchoTime2": 0.00738, "FlipAngle": 60, "ImageOrientationPatientDICOM": [0.999091, -0.000823585, -0.0426257, -0.0034875, 0.994884, -0.100965], "ImageType": ["ORIGINAL", "PRIMARY", "P", "ND"], "InPlanePhaseEncodingDirectionDICOM": "ROW", "InstitutionAddress": "Street_StreetNo_Bei_Jing_District_CN_ZIP", "InstitutionName": "BeiJing_Normal_University", "InstitutionalDepartmentName": "Department", "MRAcquisitionType": "2D", "MagneticFieldStrength": 3, "Manufacturer": "Siemens", "ManufacturersModelName": "Prisma", "Modality": "MR", "PartialFourier": 1, "PatientPosition": "HFS", "PercentPhaseFOV": 100, "PhaseEncodingDirection": "i", "PhaseEncodingSteps": 100, "PhaseResolution": 1, "PixelBandwidth": 570, "ProcedureStepDescription": "BNU_P2018_64CH_Liu.Jia", "ProtocolName": "field_mapping_2x2x2", "PulseSequenceDetails": "%SiemensSeq%_gre_field_mapping", "ReceiveCoilActiveElements": "HC1-7;NC1", "ReceiveCoilName": "HeadNeck_64", "ReconMatrixPE": 100, "RepetitionTime": 0.72, "SAR": 0.120926, "ScanningSequence": "GR", "SequenceName": "_fm2d2r", "SequenceVariant": "SP", "SeriesDescription": "field_mapping_2x2x2", "SeriesNumber": 7, "ShimSetting": [-5480, -11480, -1316, 310, 19, -257, -166, 55], "SliceThickness": 2, "SoftwareVersions": "syngo_MR_E11", "SpacingBetweenSlices": 2, "StationName": "AWP166078", "TxRefAmp": 218.155, "dcmmeta_affine": [[-1.9981815814971924, -0.006974997464567423, -0.08498144149780273, 102.73721313476562], [0.0016471692360937595, 1.9897677898406982, -0.2020435333251953, -81.63877868652344], [-0.08525140583515167, 0.2019297480583191, 1.987945556640625, -77.99479675292969], [0.0, 0.0, 0.0, 1.0]], "dcmmeta_reorient_transform": [[0.0, -1.0, 0.0, 99.0], [1.0, 0.0, 0.0, 0.0], [0.0, 0.0, -1.0, 71.0], [0.0, 0.0, 0.0, 1.0]], "dcmmeta_shape": [100, 100, 72], "dcmmeta_slice_dim": 2, "dcmmeta_version": 0.6, "global": {"const": {"AcquisitionMatrix": [0, 100, 100, 0], "AcquisitionNumber": 1, "AngioFlag": "N", "BitsAllocated": 16, "BitsStored": 12, "BodyPartExamined": "BRAIN", "Columns": 100, "EchoNumbers": 2, "EchoTime": 7.38, "EchoTrainLength": 0, "FlipAngle": 60.0, "HighBit": 11, "ImageOrientationPatient": [0.99909077223395, -0.0008235846392, -0.0426257028718, -0.0034874986485, 0.99488387824948, -0.1009648758353], "ImageType": ["ORIGINAL", "PRIMARY", "P", "ND"], "ImagedNucleus": "1H", "ImagingFrequency": 123.257852, "InPlanePhaseEncodingDirection": "ROW", "MRAcquisitionType": "2D", "MagneticFieldStrength": 3.0, "Manufacturer": "SIEMENS", "ManufacturerModelName": "Prisma", "Modality": "MR", "NumberOfAverages": 1.0, "NumberOfPhaseEncodingSteps": 100, "PercentPhaseFieldOfView": 100.0, "PercentSampling": 100.0, "PerformedProcedureStepStartTime": "125319.521000", "PhotometricInterpretation": "MONOCHROME2", "PixelBandwidth": 570.0, "PixelRepresentation": 0, "PixelSpacing": [2.0, 2.0], "ProtocolName": "field_mapping_2x2x2", "RepetitionTime": 720.0, "RescaleIntercept": -4096.0, "RescaleSlope": 2.0, "RescaleType": "US", "Rows": 100, "SAR": 0.12092563325008, "SamplesPerPixel": 1, "ScanningSequence": "GR", "SequenceName": "*fm2d2r", "SequenceVariant": "SP", "SeriesDescription": "field_mapping_2x2x2", "SeriesNumber": 7, "SeriesTime": "132341.811000", "SliceThickness": 2.0, "SoftwareVersions": "syngo MR E11", "SpacingBetweenSlices": 2.0, "SpecificCharacterSet": "ISO_IR 100", "StudyID": "1", "StudyTime": "125319.432000", "TransmitCoilName": "Body", "VariableFlipAngleFlag": "N", "WindowCenterWidthExplanation": "Algo1", "dBdt": 0.0}, "slices": {"AcquisitionTime": ["132117.635000", "132117.275000", "132117.645000", "132117.285000", "132117.655000", "132117.295000", "132117.665000", "132117.305000", "132117.675000", "132117.315000", "132117.685000", "132117.325000", "132117.695000", "132117.335000", "132117.705000", "132117.345000", "132117.715000", "132117.355000", "132117.725000", "132117.365000", "132117.735000", "132117.375000", "132117.745000", "132117.385000", "132117.755000", "132117.395000", "132117.765000", "132117.405000", "132117.775000", "132117.415000", "132117.785000", "132117.425000", "132117.795000", "132117.435000", "132117.805000", "132117.445000", "132117.815000", "132117.455000", "132117.825000", "132117.465000", "132117.835000", "132117.475000", "132117.845000", "132117.485000", "132117.855000", "132117.495000", "132117.865000", "132117.505000", "132117.875000", "132117.515000", "132117.885000", "132117.525000", "132117.895000", "132117.535000", "132117.905000", "132117.545000", "132117.915000", "132117.555000", "132117.925000", "132117.565000", "132117.935000", "132117.575000", "132117.945000", "132117.585000", "132117.955000", "132117.595000", "132117.965000", "132117.605000", "132117.975000", "132117.615000", "132117.985000", "132117.625000"], "ContentTime": ["132342.020000", "132341.814000", "132342.021000", "132341.956000", "132342.023000", "132341.958000", "132342.025000", "132341.959000", "132342.027000", "132341.961000", "132342.029000", "132341.963000", "132342.030000", "132341.965000", "132342.032000", "132341.967000", "132342.034000", "132341.968000", "132342.036000", "132341.970000", "132342.038000", "132341.972000", "132342.040000", "132341.974000", "132342.041000", "132341.976000", "132342.043000", "132341.977000", "132342.045000", "132341.979000", "132342.047000", "132341.981000", "132342.048000", "132341.983000", "132342.050000", "132341.985000", "132342.053000", "132341.986000", "132342.055000", "132341.988000", "132342.057000", "132341.990000", "132342.058000", "132341.992000", "132342.060000", "132341.994000", "132342.062000", "132341.995000", "132342.064000", "132341.997000", "132342.067000", "132342.000000", "132342.069000", "132342.002000", "132342.071000", "132342.004000", "132342.073000", "132342.005000", "132342.074000", "132342.007000", "132342.076000", "132342.009000", "132342.078000", "132342.011000", "132342.080000", "132342.013000", "132342.082000", "132342.014000", "132342.083000", "132342.016000", "132342.085000", "132342.018000"], "CsaImage.GSWDDataType": ["measured", "predicted", "measured", "predicted", "measured", "predicted", "measured", "predicted", "measured", "predicted", "measured", "predicted", "measured", "predicted", "measured", "predicted", "measured", "predicted", "measured", "predicted", "measured", "predicted", "measured", "predicted", "measured", "predicted", "measured", "predicted", "measured", "predicted", "measured", "predicted", "measured", "predicted", "measured", "predicted", "measured", "predicted", "measured", "predicted", "measured", "predicted", "measured", "predicted", "measured", "predicted", "measured", "predicted", "measured", "predicted", "measured", "predicted", "measured", "predicted", "measured", "predicted", "measured", "predicted", "measured", "measured", "measured", "measured", "measured", "measured", "measured", "measured", "measured", "measured", "measured", "measured", "measured", "measured"], "CsaImage.ICE_Dims": ["X_2_1_1_1_1_1_37_1_1_1_1_109", "X_2_1_1_1_1_1_1_1_1_2_1_109", "X_2_1_1_1_1_1_38_1_1_3_1_109", "X_2_1_1_1_1_1_2_1_1_4_1_109", "X_2_1_1_1_1_1_39_1_1_5_1_109", "X_2_1_1_1_1_1_3_1_1_6_1_109", "X_2_1_1_1_1_1_40_1_1_7_1_109", "X_2_1_1_1_1_1_4_1_1_8_1_109", "X_2_1_1_1_1_1_41_1_1_9_1_109", "X_2_1_1_1_1_1_5_1_1_10_1_109", "X_2_1_1_1_1_1_42_1_1_11_1_109", "X_2_1_1_1_1_1_6_1_1_12_1_109", "X_2_1_1_1_1_1_43_1_1_13_1_109", "X_2_1_1_1_1_1_7_1_1_14_1_109", "X_2_1_1_1_1_1_44_1_1_15_1_109", "X_2_1_1_1_1_1_8_1_1_16_1_109", "X_2_1_1_1_1_1_45_1_1_17_1_109", "X_2_1_1_1_1_1_9_1_1_18_1_109", "X_2_1_1_1_1_1_46_1_1_19_1_109", "X_2_1_1_1_1_1_10_1_1_20_1_109", "X_2_1_1_1_1_1_47_1_1_21_1_109", "X_2_1_1_1_1_1_11_1_1_22_1_109", "X_2_1_1_1_1_1_48_1_1_23_1_109", "X_2_1_1_1_1_1_12_1_1_24_1_109", "X_2_1_1_1_1_1_49_1_1_25_1_109", "X_2_1_1_1_1_1_13_1_1_26_1_109", "X_2_1_1_1_1_1_50_1_1_27_1_109", "X_2_1_1_1_1_1_14_1_1_28_1_109", "X_2_1_1_1_1_1_51_1_1_29_1_109", "X_2_1_1_1_1_1_15_1_1_30_1_109", "X_2_1_1_1_1_1_52_1_1_31_1_109", "X_2_1_1_1_1_1_16_1_1_32_1_109", "X_2_1_1_1_1_1_53_1_1_33_1_109", "X_2_1_1_1_1_1_17_1_1_34_1_109", "X_2_1_1_1_1_1_54_1_1_35_1_109", "X_2_1_1_1_1_1_18_1_1_36_1_109", "X_2_1_1_1_1_1_55_1_1_37_1_109", "X_2_1_1_1_1_1_19_1_1_38_1_109", "X_2_1_1_1_1_1_56_1_1_39_1_109", "X_2_1_1_1_1_1_20_1_1_40_1_109", "X_2_1_1_1_1_1_57_1_1_41_1_109", "X_2_1_1_1_1_1_21_1_1_42_1_109", "X_2_1_1_1_1_1_58_1_1_43_1_109", "X_2_1_1_1_1_1_22_1_1_44_1_109", "X_2_1_1_1_1_1_59_1_1_45_1_109", "X_2_1_1_1_1_1_23_1_1_46_1_109", "X_2_1_1_1_1_1_60_1_1_47_1_109", "X_2_1_1_1_1_1_24_1_1_48_1_109", "X_2_1_1_1_1_1_61_1_1_49_1_109", "X_2_1_1_1_1_1_25_1_1_50_1_109", "X_2_1_1_1_1_1_62_1_1_51_1_109", "X_2_1_1_1_1_1_26_1_1_52_1_109", "X_2_1_1_1_1_1_63_1_1_53_1_109", "X_2_1_1_1_1_1_27_1_1_54_1_109", "X_2_1_1_1_1_1_64_1_1_55_1_109", "X_2_1_1_1_1_1_28_1_1_56_1_109", "X_2_1_1_1_1_1_65_1_1_57_1_109", "X_2_1_1_1_1_1_29_1_1_58_1_109", "X_2_1_1_1_1_1_66_1_1_59_1_109", "X_2_1_1_1_1_1_30_1_1_60_1_109", "X_2_1_1_1_1_1_67_1_1_61_1_109", "X_2_1_1_1_1_1_31_1_1_62_1_109", "X_2_1_1_1_1_1_68_1_1_63_1_109", "X_2_1_1_1_1_1_32_1_1_64_1_109", "X_2_1_1_1_1_1_69_1_1_65_1_109", "X_2_1_1_1_1_1_33_1_1_66_1_109", "X_2_1_1_1_1_1_70_1_1_67_1_109", "X_2_1_1_1_1_1_34_1_1_68_1_109", "X_2_1_1_1_1_1_71_1_1_69_1_109", "X_2_1_1_1_1_1_35_1_1_70_1_109", "X_2_1_1_1_1_1_72_1_1_71_1_109", "X_2_1_1_1_1_1_36_1_1_72_1_109"], "CsaImage.ProtocolSliceNumber": [0, 1, 2, 3, 4, 5, 6, 7, 8, 9, 10, 11, 12, 13, 14, 15, 16, 17, 18, 19, 20, 21, 22, 23, 24, 25, 26, 27, 28, 29, 30, 31, 32, 33, 34, 35, 36, 37, 38, 39, 40, 41, 42, 43, 44, 45, 46, 47, 48, 49, 50, 51, 52, 53, 54, 55, 56, 57, 58, 59, 60, 61, 62, 63, 64, 65, 66, 67, 68, 69, 70, 71], "CsaImage.RFSWDDataType": ["measured", "predicted", "measured", "predicted", "measured", "predicted", "measured", "predicted", "measured", "predicted", "measured", "predicted", "measured", "predicted", "measured", "predicted", "measured", "predicted", "measured", "predicted", "measured", "predicted", "measured", "predicted", "measured", "predicted", "measured", "predicted", "measured", "predicted", "measured", "predicted", "measured", "predicted", "measured", "predicted", "measured", "predicted", "measured", "predicted", "measured", "predicted", "measured", "predicted", "measured", "predicted", "measured", "predicted", "measured", "predicted", "measured", "predicted", "measured", "predicted", "measured", "predicted", "measured", "measured", "measured", "measured", "measured", "measured", "measured", "measured", "measured", "measured", "measured", "measured", "measured", "measured", "measured", "measured"], "CsaImage.SlicePosition_PCS": [[-102.04669673, -115.34822621, -58.00426153], [-101.96171505, -115.14618363, -56.01631597], [-101.87673361, -114.94414009, -54.02836278], [-101.79175193, -114.74209656, -52.0404096], [-101.70677049, -114.54005303, -50.05245641], [-101.62178905, -114.33800949, -48.06449941], [-101.53680737, -114.13596596, -46.07654622], [-101.45182581, -113.93392243, -44.08859685], [-101.36684424, -113.73187889, -42.10064367], [-101.28186268, -113.52983536, -40.11269048], [-101.19688112, -113.32779183, -38.1247373], [-101.11189956, -113.12574829, -36.13678411], [-101.026918, -112.92370476, -34.14883092], [-100.94193644, -112.72166123, -32.16087774], [-100.85695488, -112.51961769, -30.17292455], [-100.77197332, -112.31757416, -28.18497137], [-100.68699176, -112.11553063, -26.19701818], [-100.6020102, -111.91348805, -24.20906499], [-100.51702864, -111.71144451, -22.22111562], [-100.43204708, -111.50940098, -20.23316244], [-100.34706552, -111.30735745, -18.24520925], [-100.26208396, -111.10531391, -16.25725606], [-100.17710239, -110.90327038, -14.26930288], [-100.09212083, -110.70122685, -12.28134969], [-100.0071393, -110.49918331, -10.29339651], [-99.92215774, -110.29713978, -8.30544332], [-99.83717618, -110.09509625, -6.31749013], [-99.75219462, -109.89305271, -4.32953885], [-99.66721306, -109.69100918, -2.34158567], [-99.5822315, -109.48896565, -0.35363248], [-99.49724994, -109.28692211, 1.6343207], [-99.41226838, -109.08487858, 3.62227294], [-99.32728682, -108.88283505, 5.61022612], [-99.24230526, -108.68079247, 7.59817931], [-99.1573237, -108.47874893, 9.58613202], [-99.07234214, -108.2767054, 11.57408496], [-98.9873606, -108.07466187, 13.56203773], [-98.90237904, -107.87261834, 15.54999062], [-98.81739748, -107.6705748, 17.53794333], [-98.73241592, -107.46853127, 19.52589652], [-98.64743436, -107.26648774, 21.51384923], [-98.5624528, -107.0644442, 23.50180194], [-98.47747118, -106.86240067, 25.48975512], [-98.39248962, -106.66035714, 27.47770735], [-98.30750806, -106.4583136, 29.46566054], [-98.2225265, -106.25627055, 31.45361277], [-98.13754494, -106.05422701, 33.44156596], [-98.05256338, -105.85218348, 35.42951914], [-97.96758182, -105.65013995, 37.41747233], [-97.88260026, -105.44809641, 39.40542552], [-97.79761869, -105.24605288, 41.39337679], [-97.71263713, -105.04400935, 43.38132998], [-97.62765557, -104.84196581, 45.36928317], [-97.54267413, -104.63992276, 47.35723445], [-97.45769245, -104.43787922, 49.34518763], [-97.37271101, -104.23583569, 51.33314082], [-97.28772933, -104.03379216, 53.321094], [-97.20274789, -103.83174862, 55.30904719], [-97.11776621, -103.62970509, 57.29700038], [-97.03278477, -103.42766156, 59.28495356], [-96.94780309, -103.22561826, 61.27290675], [-96.86282165, -103.02357473, 63.26085993], [-96.77783997, -102.82153119, 65.24881312], [-96.69285852, -102.6194879, 67.23676631], [-96.60787684, -102.41744437, 69.22471949], [-96.5228954, -102.21540083, 71.21266886], [-96.43791372, -102.0133573, 73.20062205], [-96.35293228, -101.811314, 75.18857524], [-96.2679506, -101.60927047, 77.17652842], [-96.18296916, -101.40722694, 79.16448542], [-96.09798748, -101.20518352, 81.15243861], [-96.01300604, -101.00313999, 83.14038416]], "CsaImage.TimeAfterStart": [1.0825, 0.7225, 1.0925, 0.7325, 1.1025, 0.7425, 1.1125, 0.7525, 1.1225, 0.7625, 1.1325, 0.7725, 1.1425, 0.7825, 1.1525, 0.7925, 1.1625, 0.8025, 1.1725, 0.8125, 1.1825, 0.8225, 1.1925, 0.8325, 1.2025, 0.8425, 1.2125, 0.8525, 1.2225, 0.8625, 1.2325, 0.8725, 1.2425, 0.8825, 1.2525, 0.8925, 1.2625, 0.9025, 1.2725, 0.9125, 1.2825, 0.9225, 1.2925, 0.9325, 1.3025, 0.9425, 1.3125, 0.9525, 1.3225, 0.9625, 1.3325, 0.9725, 1.3425, 0.9825, 1.3525, 0.9925, 1.3625, 1.0025, 1.3725, 1.0125, 1.3825, 1.0225, 1.3925, 1.0325, 1.4025, 1.0425, 1.4125, 1.0525, 1.4225, 1.0625, 1.4325, 1.0725], "ImagePositionPatient": [[-102.04669672996, -115.34822620703, -58.004261526257], [-101.96171505004, -115.14618362738, -56.016315969617], [-101.87673360854, -114.94414009406, -54.028362783581], [-101.79175192863, -114.74209656073, -52.040409597546], [-101.70677048713, -114.54005302741, -50.052456411511], [-101.62178904563, -114.33800949408, -48.064499410779], [-101.53680736572, -114.13596596076, -46.076546224743], [-101.45182580501, -113.93392242743, -44.088596853406], [-101.3668442443, -113.73187889411, -42.10064366737], [-101.2818626836, -113.52983536078, -40.112690481335], [-101.19688112289, -113.32779182746, -38.1247372953], [-101.11189956218, -113.12574829413, -36.136784109265], [-101.02691800147, -112.9237047608, -34.14883092323], [-100.94193644077, -112.72166122748, -32.160877737195], [-100.85695488006, -112.51961769415, -30.172924551159], [-100.77197331935, -112.31757416083, -28.184971365124], [-100.68699175865, -112.1155306275, -26.197018179089], [-100.60201019794, -111.91348804785, -24.209064993054], [-100.51702863723, -111.71144451453, -22.221115621716], [-100.43204707652, -111.5094009812, -20.233162435681], [-100.34706551582, -111.30735744788, -18.245209249646], [-100.26208395511, -111.10531391455, -16.257256063611], [-100.1771023944, -110.90327038123, -14.269302877576], [-100.0921208337, -110.7012268479, -12.28134969154], [-100.00713930279, -110.49918331458, -10.293396505505], [-99.922157742084, -110.29713978125, -8.30544331947], [-99.837176181377, -110.09509624793, -6.3174901334349], [-99.75219462067, -109.8930527146, -4.3295388547484], [-99.667213059963, -109.69100918128, -2.3415856687132], [-99.582231497393, -109.48896564795, -0.3536324826781], [-99.497249938548, -109.28692211463, 1.6343207033571], [-99.412268377841, -109.0848785813, 3.6222729357179], [-99.327286817134, -108.88283504798, 5.6102261217531], [-99.242305256427, -108.68079246832, 7.5981793077883], [-99.15732369572, -108.478748935, 9.5861320169863], [-99.072342135013, -108.27670540167, 11.574084964603], [-98.987360604108, -108.07466186835, 13.562037733405], [-98.902379043401, -107.87261833502, 15.549990621417], [-98.817397482694, -107.6705748017, 17.537943330615], [-98.732415921987, -107.46853126837, 19.525896516651], [-98.64743436128, -107.26648773505, 21.513849225849], [-98.562452800573, -107.06444420172, 23.501801935047], [-98.477471180261, -106.8624006684, 25.489755121082], [-98.392489619554, -106.66035713507, 27.477707353443], [-98.307508058847, -106.45831360175, 29.465660539478], [-98.22252649814, -106.25627054526, 31.453612771839], [-98.137544937433, -106.05422701193, 33.441565957874], [-98.052563376726, -105.85218347861, 35.429519143909], [-97.967581816018, -105.65013994528, 37.417472329944], [-97.882600255311, -105.44809641196, 39.405425515979], [-97.797618694604, -105.24605287863, 41.393376794666], [-97.712637133897, -105.04400934531, 43.381329980701], [-97.62765557319, -104.84196581198, 45.369283166736], [-97.542674131692, -104.63992275549, 47.357234445423], [-97.457692451776, -104.43787922217, 49.345187631458], [-97.372711010278, -104.23583568884, 51.333140817493], [-97.287729330362, -104.03379215552, 53.321094003528], [-97.202747888864, -103.83174862219, 55.309047189563], [-97.117766208948, -103.62970508887, 57.297000375598], [-97.03278476745, -103.42766155554, 59.284953561633], [-96.947803087533, -103.22561826064, 61.272906747669], [-96.862821646036, -103.02357472731, 63.260859933704], [-96.777839966119, -102.82153119399, 65.248813119739], [-96.692858524621, -102.61948789908, 67.236766305774], [-96.607876844705, -102.41744436575, 69.224719491809], [-96.522895403207, -102.21540083243, 71.212668863147], [-96.437913723291, -102.0133572991, 73.200622049182], [-96.352932281793, -101.8113140042, 75.188575235217], [-96.267950601877, -101.60927047087, 77.176528421253], [-96.182969160379, -101.40722693755, 79.164485421985], [-96.097987480462, -101.20518352343, 81.15243860802], [-96.013006038965, -101.00313999011, 83.140384164661]], "InstanceCreationTime": ["132342.020000", "132341.814000", "132342.021000", "132341.956000", "132342.023000", "132341.958000", "132342.025000", "132341.959000", "132342.027000", "132341.961000", "132342.029000", "132341.963000", "132342.030000", "132341.965000", "132342.032000", "132341.967000", "132342.034000", "132341.968000", "132342.036000", "132341.970000", "132342.038000", "132341.972000", "132342.040000", "132341.974000", "132342.041000", "132341.976000", "132342.043000", "132341.977000", "132342.045000", "132341.979000", "132342.047000", "132341.981000", "132342.048000", "132341.983000", "132342.050000", "132341.985000", "132342.053000", "132341.986000", "132342.055000", "132341.988000", "132342.057000", "132341.990000", "132342.058000", "132341.992000", "132342.060000", "132341.994000", "132342.062000", "132341.995000", "132342.064000", "132341.997000", "132342.067000", "132342.000000", "132342.069000", "132342.002000", "132342.071000", "132342.004000", "132342.073000", "132342.005000", "132342.074000", "132342.007000", "132342.076000", "132342.009000", "132342.078000", "132342.011000", "132342.080000", "132342.013000", "132342.082000", "132342.014000", "132342.083000", "132342.016000", "132342.085000", "132342.018000"], "InstanceNumber": [1, 2, 3, 4, 5, 6, 7, 8, 9, 10, 11, 12, 13, 14, 15, 16, 17, 18, 19, 20, 21, 22, 23, 24, 25, 26, 27, 28, 29, 30, 31, 32, 33, 34, 35, 36, 37, 38, 39, 40, 41, 42, 43, 44, 45, 46, 47, 48, 49, 50, 51, 52, 53, 54, 55, 56, 57, 58, 59, 60, 61, 62, 63, 64, 65, 66, 67, 68, 69, 70, 71, 72], "LargestImagePixelValue": [4095, 4095, 4095, 4094, 4094, 4094, 4091, 4094, 4095, 4095, 4095, 4094, 4094, 4094, 4094, 4094, 4092, 4092, 4094, 4094, 4089, 4089, 4092, 4092, 4094, 4092, 4090, 4090, 4095, 4094, 4093, 4093, 4093, 4094, 4095, 4093, 4095, 4094, 4090, 4090, 4093, 4094, 4090, 4085, 4094, 4090, 4095, 4094, 4089, 4094, 4093, 4092, 4091, 4093, 4093, 4090, 4094, 4093, 4091, 4094, 4094, 4095, 4095, 4095, 4094, 4095, 4093, 4095, 4095, 4094, 4095, 4095], "SliceLocation": [-73.643589992802, -71.643597336296, -69.643597010139, -67.643596673853, -65.643596347696, -63.643592229821, -61.643591893534, -59.643595354032, -57.64359502281, -55.643594691589, -53.643594360367, -51.643594029146, -49.643593697924, -47.643593366703, -45.643593035481, -43.64359270426, -41.643592373038, -39.643592138159, -37.643595598656, -35.643595267435, -33.643594936214, -31.643594604992, -29.643594273771, -27.643593942549, -25.643593612594, -23.643593281372, -21.643592950151, -19.643594514789, -17.643594183568, -15.643593852267, -13.643593521125, -11.643594137833, -9.6435938066113, -7.6435935717317, -5.6435937144751, -3.643593620236, -1.6435937050002, 0.35640632999327, 2.3564061872499, 4.3564065184714, 6.3564063757279, 8.3564062329845, 10.356406566739, 12.35640595003, 14.356406281252, 16.356405616373, 18.356405947594, 20.356406278816, 22.356406610037, 24.356406941259, 26.356405376621, 28.356405707842, 30.356406039063, 32.356404421189, 34.356404757476, 36.356405083632, 38.356405419919, 40.356405746075, 42.356406082362, 44.356406408518, 46.356406720719, 48.356407046876, 50.356407383162, 52.356407685233, 54.35640802152, 56.356404555957, 58.356404892244, 60.356405194315, 62.356405530601, 64.356409648477, 66.356409972721, 68.356402715439], "SmallestImagePixelValue": [0, 0, 0, 0, 4, 2, 0, 0, 3, 0, 1, 0, 0, 0, 0, 0, 0, 0, 0, 1, 1, 3, 0, 0, 6, 2, 2, 6, 1, 3, 6, 0, 2, 0, 0, 0, 3, 4, 3, 2, 10, 0, 1, 0, 6, 2, 1, 1, 2, 2, 0, 2, 0, 0, 0, 4, 1, 0, 0, 1, 0, 0, 0, 0, 0, 0, 0, 0, 0, 1, 0, 0], "WindowCenter": [-90.0, -56.0, -96.0, -64.0, -146.0, -214.0, -242.0, -240.0, -156.0, -166.0, -64.0, -58.0, -46.0, -70.0, 0.0, -78.0, -192.0, -222.0, -262.0, -244.0, -258.0, -250.0, -246.0, -272.0, -204.0, -198.0, -222.0, -226.0, -176.0, -190.0, -174.0, -174.0, -140.0, -160.0, -150.0, -122.0, -116.0, -130.0, -110.0, -126.0, -108.0, -126.0, -102.0, -110.0, -62.0, -46.0, -20.0, -54.0, -68.0, -24.0, -22.0, -26.0, -70.0, -84.0, -46.0, -74.0, -46.0, -68.0, -82.0, -60.0, -44.0, -70.0, -96.0, -136.0, -194.0, -224.0, -276.0, -274.0, -302.0, -272.0, -314.0, -314.0], "WindowWidth": [6366.0, 6314.0, 6426.0, 6374.0, 6376.0, 6326.0, 6340.0, 6388.0, 6374.0, 6358.0, 6432.0, 6432.0, 6518.0, 6498.0, 6524.0, 6402.0, 6274.0, 6236.0, 6138.0, 6084.0, 6006.0, 5906.0, 5834.0, 5732.0, 5712.0, 5772.0, 5750.0, 5628.0, 5618.0, 5578.0, 5596.0, 5480.0, 5534.0, 5500.0, 5436.0, 5514.0, 5470.0, 5354.0, 5444.0, 5394.0, 5444.0, 5366.0, 5412.0, 5274.0, 5350.0, 5384.0, 5402.0, 5300.0, 5118.0, 5290.0, 5236.0, 5332.0, 5042.0, 5024.0, 5344.0, 5386.0, 5542.0, 5594.0, 5654.0, 5682.0, 5804.0, 5832.0, 5868.0, 5926.0, 5994.0, 6018.0, 6054.0, 6060.0, 6074.0, 6044.0, 6092.0, 6134.0]}}, "IntendedFor": ["ses-1/func/sub-08_ses-1_task-motor_run-04_bold.nii.gz", "ses-1/func/sub-08_ses-1_task-motor_run-05_bold.nii.gz", "ses-1/func/sub-08_ses-1_task-motor_run-01_bold.nii.gz", "ses-1/func/sub-08_ses-1_task-motor_run-02_bold.nii.gz", "ses-1/func/sub-08_ses-1_task-motor_run-03_bold.nii.gz", "ses-1/func/sub-08_ses-1_task-motor_run-06_bold.nii.gz"]}