{"AcquisitionMatrixPE": 100, "AcquisitionNumber": 1, "AcquisitionTime": "13:16:33.897500", "BaseResolution": 100, "BodyPartExamined": "BRAIN", "ConsistencyInfo": "N4_VE11C_LATEST_20160120", "ConversionSoftware": "dcm2niix", "ConversionSoftwareVersion": "v1.0.20180622 GCC4.9.2", "DeviceSerialNumber": "166078", "DwellTime": 8.8e-06, "EchoNumber": 2, "EchoTime": 0.00738, "EchoTime1": 0.00492, "EchoTime2": 0.00738, "FlipAngle": 60, "ImageOrientationPatientDICOM": [1, 0, 0, 0, 0.996493, -0.0836778], "ImageType": ["ORIGINAL", "PRIMARY", "P", "ND"], "InPlanePhaseEncodingDirectionDICOM": "ROW", "InstitutionAddress": "Street_StreetNo_Bei_Jing_District_CN_ZIP", "InstitutionName": "BeiJing_Normal_University", "InstitutionalDepartmentName": "Department", "MRAcquisitionType": "2D", "MagneticFieldStrength": 3, "Manufacturer": "Siemens", "ManufacturersModelName": "Prisma", "Modality": "MR", "PartialFourier": 1, "PatientPosition": "HFS", "PercentPhaseFOV": 100, "PhaseEncodingDirection": "i", "PhaseEncodingSteps": 100, "PhaseResolution": 1, "PixelBandwidth": 570, "ProcedureStepDescription": "BNU_P2018_64CH_Liu.Jia", "ProtocolName": "field_mapping_2x2x2", "PulseSequenceDetails": "%SiemensSeq%_gre_field_mapping", "ReceiveCoilActiveElements": "HC1-7;NC1", "ReceiveCoilName": "HeadNeck_64", "ReconMatrixPE": 100, "RepetitionTime": 0.72, "SAR": 0.131438, "ScanningSequence": "GR", "SequenceName": "_fm2d2r", "SequenceVariant": "SP", "SeriesDescription": "field_mapping_2x2x2", "SeriesNumber": 7, "ShimSetting": [-5473, -11498, -1261, 356, -60, -204, -229, 76], "SliceThickness": 2, "SoftwareVersions": "syngo_MR_E11", "SpacingBetweenSlices": 2, "StationName": "AWP166078", "TxRefAmp": 229.91, "dcmmeta_affine": [[-2.0, 0.0, 0.0, 100.0], [0.0, 1.992985725402832, -0.16735577583312988, -88.44287872314453], [0.0, 0.16735567152500153, 1.9929885864257812, -79.41427612304688], [0.0, 0.0, 0.0, 1.0]], "dcmmeta_reorient_transform": [[0.0, -1.0, 0.0, 99.0], [1.0, 0.0, 0.0, 0.0], [0.0, 0.0, -1.0, 71.0], [0.0, 0.0, 0.0, 1.0]], "dcmmeta_shape": [100, 100, 72], "dcmmeta_slice_dim": 2, "dcmmeta_version": 0.6, "global": {"const": {"AcquisitionMatrix": [0, 100, 100, 0], "AcquisitionNumber": 1, "AngioFlag": "N", "BitsAllocated": 16, "BitsStored": 12, "BodyPartExamined": "BRAIN", "Columns": 100, "EchoNumbers": 2, "EchoTime": 7.38, "EchoTrainLength": 0, "FlipAngle": 60.0, "HighBit": 11, "ImageOrientationPatient": [1.0, 0.0, 0.0, 0.0, 0.9964928595725, -0.0836778394858], "ImageType": ["ORIGINAL", "PRIMARY", "P", "ND"], "ImagedNucleus": "1H", "ImagingFrequency": 123.257824, "InPlanePhaseEncodingDirection": "ROW", "MRAcquisitionType": "2D", "MagneticFieldStrength": 3.0, "Manufacturer": "SIEMENS", "ManufacturerModelName": "Prisma", "Modality": "MR", "NumberOfAverages": 1.0, "NumberOfPhaseEncodingSteps": 100, "PercentPhaseFieldOfView": 100.0, "PercentSampling": 100.0, "PerformedProcedureStepStartTime": "124751.412000", "PhotometricInterpretation": "MONOCHROME2", "PixelBandwidth": 570.0, "PixelRepresentation": 0, "PixelSpacing": [2.0, 2.0], "ProtocolName": "field_mapping_2x2x2", "RepetitionTime": 720.0, "RescaleIntercept": -4096.0, "RescaleSlope": 2.0, "RescaleType": "US", "Rows": 100, "SAR": 0.131437682562, "SamplesPerPixel": 1, "ScanningSequence": "GR", "SequenceName": "*fm2d2r", "SequenceVariant": "SP", "SeriesDescription": "field_mapping_2x2x2", "SeriesNumber": 7, "SeriesTime": "131858.618000", "SliceThickness": 2.0, "SoftwareVersions": "syngo MR E11", "SpacingBetweenSlices": 2.0, "SpecificCharacterSet": "ISO_IR 100", "StudyID": "1", "StudyTime": "124751.316000", "TransmitCoilName": "Body", "VariableFlipAngleFlag": "N", "WindowCenterWidthExplanation": "Algo1", "dBdt": 0.0}, "slices": {"AcquisitionTime": ["131633.897500", "131633.537500", "131633.907500", "131633.547500", "131633.917500", "131633.557500", "131633.927500", "131633.567500", "131633.937500", "131633.577500", "131633.947500", "131633.587500", "131633.957500", "131633.597500", "131633.967500", "131633.607500", "131633.977500", "131633.617500", "131633.987500", "131633.627500", "131633.997500", "131633.637500", "131634.007500", "131633.647500", "131634.017500", "131633.657500", "131634.027500", "131633.667500", "131634.037500", "131633.677500", "131634.047500", "131633.687500", "131634.057500", "131633.697500", "131634.067500", "131633.707500", "131634.077500", "131633.717500", "131634.087500", "131633.727500", "131634.097500", "131633.737500", "131634.107500", "131633.747500", "131634.117500", "131633.757500", "131634.127500", "131633.767500", "131634.137500", "131633.777500", "131634.147500", "131633.787500", "131634.157500", "131633.797500", "131634.167500", "131633.807500", "131634.177500", "131633.817500", "131634.187500", "131633.827500", "131634.197500", "131633.837500", "131634.207500", "131633.847500", "131634.217500", "131633.857500", "131634.227500", "131633.867500", "131634.237500", "131633.877500", "131634.247500", "131633.887500"], "ContentTime": ["131858.687000", "131858.622000", "131858.689000", "131858.625000", "131858.690000", "131858.626000", "131858.692000", "131858.628000", "131858.694000", "131858.630000", "131858.696000", "131858.632000", "131858.698000", "131858.633000", "131858.699000", "131858.635000", "131858.701000", "131858.637000", "131858.703000", "131858.639000", "131858.705000", "131858.641000", "131858.707000", "131858.642000", "131858.708000", "131858.644000", "131858.711000", "131858.646000", "131858.713000", "131858.648000", "131858.716000", "131858.649000", "131858.719000", "131858.651000", "131858.721000", "131858.653000", "131858.723000", "131858.655000", "131858.725000", "131858.656000", "131858.727000", "131858.658000", "131858.729000", "131858.660000", "131858.731000", "131858.662000", "131858.732000", "131858.664000", "131858.734000", "131858.666000", "131858.736000", "131858.667000", "131858.738000", "131858.669000", "131858.740000", "131858.671000", "131858.742000", "131858.673000", "131858.744000", "131858.674000", "131858.745000", "131858.676000", "131858.747000", "131858.678000", "131858.749000", "131858.680000", "131858.751000", "131858.682000", "131858.753000", "131858.683000", "131858.754000", "131858.685000"], "CsaImage.GSWDDataType": ["measured", "predicted", "measured", "predicted", "measured", "predicted", "measured", "predicted", "measured", "predicted", "measured", "predicted", "measured", "predicted", "measured", "predicted", "measured", "predicted", "measured", "predicted", "measured", "predicted", "measured", "predicted", "measured", "predicted", "measured", "predicted", "measured", "predicted", "measured", "predicted", "measured", "predicted", "measured", "predicted", "measured", "predicted", "measured", "predicted", "measured", "predicted", "measured", "predicted", "measured", "predicted", "measured", "predicted", "measured", "predicted", "measured", "predicted", "measured", "predicted", "measured", "predicted", "measured", "predicted", "measured", "predicted", "measured", "predicted", "measured", "predicted", "measured", "predicted", "measured", "predicted", "measured", "predicted", "measured", "measured"], "CsaImage.ICE_Dims": ["X_2_1_1_1_1_1_37_1_1_1_1_110", "X_2_1_1_1_1_1_1_1_1_2_1_110", "X_2_1_1_1_1_1_38_1_1_3_1_110", "X_2_1_1_1_1_1_2_1_1_4_1_110", "X_2_1_1_1_1_1_39_1_1_5_1_110", "X_2_1_1_1_1_1_3_1_1_6_1_110", "X_2_1_1_1_1_1_40_1_1_7_1_110", "X_2_1_1_1_1_1_4_1_1_8_1_110", "X_2_1_1_1_1_1_41_1_1_9_1_110", "X_2_1_1_1_1_1_5_1_1_10_1_110", "X_2_1_1_1_1_1_42_1_1_11_1_110", "X_2_1_1_1_1_1_6_1_1_12_1_110", "X_2_1_1_1_1_1_43_1_1_13_1_110", "X_2_1_1_1_1_1_7_1_1_14_1_110", "X_2_1_1_1_1_1_44_1_1_15_1_110", "X_2_1_1_1_1_1_8_1_1_16_1_110", "X_2_1_1_1_1_1_45_1_1_17_1_110", "X_2_1_1_1_1_1_9_1_1_18_1_110", "X_2_1_1_1_1_1_46_1_1_19_1_110", "X_2_1_1_1_1_1_10_1_1_20_1_110", "X_2_1_1_1_1_1_47_1_1_21_1_110", "X_2_1_1_1_1_1_11_1_1_22_1_110", "X_2_1_1_1_1_1_48_1_1_23_1_110", "X_2_1_1_1_1_1_12_1_1_24_1_110", "X_2_1_1_1_1_1_49_1_1_25_1_110", "X_2_1_1_1_1_1_13_1_1_26_1_110", "X_2_1_1_1_1_1_50_1_1_27_1_110", "X_2_1_1_1_1_1_14_1_1_28_1_110", "X_2_1_1_1_1_1_51_1_1_29_1_110", "X_2_1_1_1_1_1_15_1_1_30_1_110", "X_2_1_1_1_1_1_52_1_1_31_1_110", "X_2_1_1_1_1_1_16_1_1_32_1_110", "X_2_1_1_1_1_1_53_1_1_33_1_110", "X_2_1_1_1_1_1_17_1_1_34_1_110", "X_2_1_1_1_1_1_54_1_1_35_1_110", "X_2_1_1_1_1_1_18_1_1_36_1_110", "X_2_1_1_1_1_1_55_1_1_37_1_110", "X_2_1_1_1_1_1_19_1_1_38_1_110", "X_2_1_1_1_1_1_56_1_1_39_1_110", "X_2_1_1_1_1_1_20_1_1_40_1_110", "X_2_1_1_1_1_1_57_1_1_41_1_110", "X_2_1_1_1_1_1_21_1_1_42_1_110", "X_2_1_1_1_1_1_58_1_1_43_1_110", "X_2_1_1_1_1_1_22_1_1_44_1_110", "X_2_1_1_1_1_1_59_1_1_45_1_110", "X_2_1_1_1_1_1_23_1_1_46_1_110", "X_2_1_1_1_1_1_60_1_1_47_1_110", "X_2_1_1_1_1_1_24_1_1_48_1_110", "X_2_1_1_1_1_1_61_1_1_49_1_110", "X_2_1_1_1_1_1_25_1_1_50_1_110", "X_2_1_1_1_1_1_62_1_1_51_1_110", "X_2_1_1_1_1_1_26_1_1_52_1_110", "X_2_1_1_1_1_1_63_1_1_53_1_110", "X_2_1_1_1_1_1_27_1_1_54_1_110", "X_2_1_1_1_1_1_64_1_1_55_1_110", "X_2_1_1_1_1_1_28_1_1_56_1_110", "X_2_1_1_1_1_1_65_1_1_57_1_110", "X_2_1_1_1_1_1_29_1_1_58_1_110", "X_2_1_1_1_1_1_66_1_1_59_1_110", "X_2_1_1_1_1_1_30_1_1_60_1_110", "X_2_1_1_1_1_1_67_1_1_61_1_110", "X_2_1_1_1_1_1_31_1_1_62_1_110", "X_2_1_1_1_1_1_68_1_1_63_1_110", "X_2_1_1_1_1_1_32_1_1_64_1_110", "X_2_1_1_1_1_1_69_1_1_65_1_110", "X_2_1_1_1_1_1_33_1_1_66_1_110", "X_2_1_1_1_1_1_70_1_1_67_1_110", "X_2_1_1_1_1_1_34_1_1_68_1_110", "X_2_1_1_1_1_1_71_1_1_69_1_110", "X_2_1_1_1_1_1_35_1_1_70_1_110", "X_2_1_1_1_1_1_72_1_1_71_1_110", "X_2_1_1_1_1_1_36_1_1_72_1_110"], "CsaImage.ProtocolSliceNumber": [0, 1, 2, 3, 4, 5, 6, 7, 8, 9, 10, 11, 12, 13, 14, 15, 16, 17, 18, 19, 20, 21, 22, 23, 24, 25, 26, 27, 28, 29, 30, 31, 32, 33, 34, 35, 36, 37, 38, 39, 40, 41, 42, 43, 44, 45, 46, 47, 48, 49, 50, 51, 52, 53, 54, 55, 56, 57, 58, 59, 60, 61, 62, 63, 64, 65, 66, 67, 68, 69, 70, 71], "CsaImage.RFSWDDataType": ["measured", "predicted", "measured", "predicted", "measured", "predicted", "measured", "predicted", "measured", "predicted", "measured", "predicted", "measured", "predicted", "measured", "predicted", "measured", "predicted", "measured", "predicted", "measured", "predicted", "measured", "predicted", "measured", "predicted", "measured", "predicted", "measured", "predicted", "measured", "predicted", "measured", "predicted", "measured", "predicted", "measured", "predicted", "measured", "predicted", "measured", "predicted", "measured", "predicted", "measured", "predicted", "measured", "predicted", "measured", "predicted", "measured", "predicted", "measured", "predicted", "measured", "predicted", "measured", "predicted", "measured", "predicted", "measured", "predicted", "measured", "predicted", "measured", "predicted", "measured", "measured", "measured", "measured", "measured", "measured"], "CsaImage.SlicePosition_PCS": [[-100.0, -108.86270206, -62.84586199], [-100.0, -108.69534652, -60.8528734], [-100.0, -108.52799098, -58.85988481], [-100.0, -108.36063449, -56.86690386], [-100.0, -108.19327895, -54.87391527], [-100.0, -108.02592342, -52.8809305], [-100.0, -107.85856788, -50.88794573], [-100.0, -107.69121234, -48.89496095], [-100.0, -107.52385633, -46.90197237], [-100.0, -107.35650079, -44.9089876], [-100.0, -107.18914525, -42.91600283], [-100.0, -107.02178924, -40.92301805], [-100.0, -106.8544337, -38.93002947], [-100.0, -106.68707816, -36.9370447], [-100.0, -106.51972215, -34.94405992], [-100.0, -106.35236661, -32.95107515], [-100.0, -106.18501107, -30.95808657], [-100.0, -106.01765554, -28.96510179], [-100.0, -105.85029952, -26.97211702], [-100.0, -105.68294398, -24.97913225], [-100.0, -105.51558845, -22.98614557], [-100.0, -105.34823243, -20.99315889], [-100.0, -105.1808769, -19.00017412], [-100.0, -105.01352136, -17.00718744], [-100.0, -104.84616534, -15.01420267], [-100.0, -104.67880981, -13.02121599], [-100.0, -104.51145427, -11.02823122], [-100.0, -104.34409826, -9.03524454], [-100.0, -104.17674272, -7.04225977], [-100.0, -104.00938718, -5.04927404], [-100.0, -103.84203117, -3.05628832], [-100.0, -103.67467563, -1.06330259], [-100.0, -103.50732009, 0.92968313], [-100.0, -103.33996432, 2.92266886], [-100.0, -103.17260854, 4.91565482], [-100.0, -103.005253, 6.90864043], [-100.0, -102.83789723, 8.90162621], [-100.0, -102.67054169, 10.894612], [-100.0, -102.50318591, 12.88759749], [-100.0, -102.33583014, 14.88058321], [-100.0, -102.1684746, 16.87356894], [-100.0, -102.00111882, 18.86655466], [-100.0, -101.83376305, 20.85954039], [-100.0, -101.66640751, 22.85252611], [-100.0, -101.49905173, 24.84551184], [-100.0, -101.33169608, 26.83849852], [-100.0, -101.16434042, 28.83148329], [-100.0, -100.99698476, 30.82446997], [-100.0, -100.82962899, 32.81745474], [-100.0, -100.66227333, 34.81044142], [-100.0, -100.49491768, 36.80342619], [-100.0, -100.32756196, 38.79641287], [-100.0, -100.1602063, 40.78939955], [-100.0, -99.99285059, 42.78238432], [-100.0, -99.82549492, 44.77536909], [-100.0, -99.65813922, 46.76835386], [-100.0, -99.49078354, 48.76134245], [-100.0, -99.32342784, 50.75432722], [-100.0, -99.15607215, 52.74731199], [-100.0, -98.98871647, 54.74029677], [-100.0, -98.82136081, 56.73328535], [-100.0, -98.6540051, 58.72627012], [-100.0, -98.48664944, 60.7192549], [-100.0, -98.31929378, 62.71223967], [-100.0, -98.15193801, 64.70522444], [-100.0, -97.98458235, 66.69821303], [-100.0, -97.81722669, 68.6911978], [-100.0, -97.64987104, 70.68418257], [-100.0, -97.48251526, 72.67717116], [-100.0, -97.31515972, 74.67015211], [-100.0, -97.14780395, 76.6631407], [-100.0, -96.98044817, 78.65612929]], "CsaImage.TimeAfterStart": [1.0825, 0.7225, 1.0925, 0.7325, 1.1025, 0.7425, 1.1125, 0.7525, 1.1225, 0.7625, 1.1325, 0.7725, 1.1425, 0.7825, 1.1525, 0.7925, 1.1625, 0.8025, 1.1725, 0.8125, 1.1825, 0.8225, 1.1925, 0.8325, 1.2025, 0.8425, 1.2125, 0.8525, 1.2225, 0.8625, 1.2325, 0.8725, 1.2425, 0.8825, 1.2525, 0.8925, 1.2625, 0.9025, 1.2725, 0.9125, 1.2825, 0.9225, 1.2925, 0.9325, 1.3025, 0.9425, 1.3125, 0.9525, 1.3225, 0.9625, 1.3325, 0.9725, 1.3425, 0.9825, 1.3525, 0.9925, 1.3625, 1.0025, 1.3725, 1.0125, 1.3825, 1.0225, 1.3925, 1.0325, 1.4025, 1.0425, 1.4125, 1.0525, 1.4225, 1.0625, 1.4325, 1.0725], "ImagePositionPatient": [[-100.0, -108.8627020568, -62.845861986476], [-100.0, -108.69534651938, -60.852873400051], [-100.0, -108.52799098197, -58.859884813625], [-100.0, -108.36063449088, -56.866903856594], [-100.0, -108.19327895347, -54.873915270168], [-100.0, -108.02592341605, -52.880930498439], [-100.0, -107.85856787864, -50.887945726711], [-100.0, -107.69121234122, -48.894960954982], [-100.0, -107.52385632697, -46.901972368557], [-100.0, -107.35650078956, -44.908987596828], [-100.0, -107.18914525214, -42.9160028251], [-100.0, -107.02178923789, -40.923018053371], [-100.0, -106.85443370048, -38.930029466945], [-100.0, -106.68707816306, -36.937044695217], [-100.0, -106.51972214881, -34.944059923488], [-100.0, -106.35236661139, -32.95107515176], [-100.0, -106.18501107398, -30.958086565334], [-100.0, -106.01765553657, -28.965101793605], [-100.0, -105.85029952231, -26.972117021877], [-100.0, -105.6829439849, -24.979132250148], [-100.0, -105.51558844748, -22.986145571071], [-100.0, -105.34823243323, -20.993158891994], [-100.0, -105.18087689582, -19.000174120266], [-100.0, -105.0135213584, -17.007187441188], [-100.0, -104.84616534415, -15.01420266946], [-100.0, -104.67880980674, -13.021215990383], [-100.0, -104.51145426932, -11.028231218654], [-100.0, -104.34409825507, -9.0352445395771], [-100.0, -104.17674271766, -7.0422597678486], [-100.0, -104.00938718024, -5.0492740424457], [-100.0, -103.84203116599, -3.0562883170429], [-100.0, -103.67467562858, -1.0633025916401], [-100.0, -103.50732009116, 0.92968313376277], [-100.0, -103.33996431533, 2.9226688591656], [-100.0, -103.17260853949, 4.915654822987], [-100.0, -103.00525300208, 6.9086404291806], [-100.0, -102.83789722625, 8.901626214188], [-100.0, -102.67054168883, 10.894611999196], [-100.0, -102.503185913, 12.88759748618], [-100.0, -102.33583013717, 14.880583211583], [-100.0, -102.16847459975, 16.873568936985], [-100.0, -102.00111882392, 18.866554662388], [-100.0, -101.83376304809, 20.859540387791], [-100.0, -101.66640751067, 22.852526113194], [-100.0, -101.49905173484, 24.845511838597], [-100.0, -101.33169607821, 26.838498517674], [-100.0, -101.16434042159, 28.831483289402], [-100.0, -100.99698476497, 30.82446996848], [-100.0, -100.82962898913, 32.817454740208], [-100.0, -100.66227333251, 34.810441419285], [-100.0, -100.49491767589, 36.803426191014], [-100.0, -100.32756195966, 38.796412870091], [-100.0, -100.16020630303, 40.789399549168], [-100.0, -99.992850586805, 42.782384320897], [-100.0, -99.82549491528, 44.775369092625], [-100.0, -99.658139224197, 46.768353864354], [-100.0, -99.490783542427, 48.761342450779], [-100.0, -99.3234278411, 50.754327222508], [-100.0, -99.156072154674, 52.747311994236], [-100.0, -98.988716468248, 54.740296765965], [-100.0, -98.821360811624, 56.733285352391], [-100.0, -98.654005095395, 58.726270124119], [-100.0, -98.486649438772, 60.719254895848], [-100.0, -98.319293782148, 62.712239667576], [-100.0, -98.151938006315, 64.705224439305], [-100.0, -97.984582349691, 66.698213025731], [-100.0, -97.817226693067, 68.691197797459], [-100.0, -97.649871036443, 70.684182569188], [-100.0, -97.48251526061, 72.677171155613], [-100.0, -97.315159723195, 74.670152112645], [-100.0, -97.147803947362, 76.66314069907], [-100.0, -96.980448171529, 78.656129285496]], "InstanceCreationTime": ["131858.687000", "131858.622000", "131858.689000", "131858.625000", "131858.690000", "131858.626000", "131858.692000", "131858.628000", "131858.694000", "131858.630000", "131858.696000", "131858.632000", "131858.698000", "131858.633000", "131858.699000", "131858.635000", "131858.701000", "131858.637000", "131858.703000", "131858.639000", "131858.705000", "131858.641000", "131858.707000", "131858.642000", "131858.708000", "131858.644000", "131858.711000", "131858.646000", "131858.713000", "131858.648000", "131858.716000", "131858.649000", "131858.719000", "131858.651000", "131858.721000", "131858.653000", "131858.723000", "131858.655000", "131858.725000", "131858.656000", "131858.727000", "131858.658000", "131858.729000", "131858.660000", "131858.731000", "131858.662000", "131858.732000", "131858.664000", "131858.734000", "131858.666000", "131858.736000", "131858.667000", "131858.738000", "131858.669000", "131858.740000", "131858.671000", "131858.742000", "131858.673000", "131858.744000", "131858.674000", "131858.745000", "131858.676000", "131858.747000", "131858.678000", "131858.749000", "131858.680000", "131858.751000", "131858.682000", "131858.753000", "131858.683000", "131858.754000", "131858.685000"], "InstanceNumber": [1, 2, 3, 4, 5, 6, 7, 8, 9, 10, 11, 12, 13, 14, 15, 16, 17, 18, 19, 20, 21, 22, 23, 24, 25, 26, 27, 28, 29, 30, 31, 32, 33, 34, 35, 36, 37, 38, 39, 40, 41, 42, 43, 44, 45, 46, 47, 48, 49, 50, 51, 52, 53, 54, 55, 56, 57, 58, 59, 60, 61, 62, 63, 64, 65, 66, 67, 68, 69, 70, 71, 72], "LargestImagePixelValue": [4089, 4093, 4095, 4095, 4095, 4094, 4092, 4093, 4095, 4095, 4094, 4093, 4092, 4095, 4094, 4095, 4095, 4095, 4093, 4093, 4094, 4095, 4094, 4091, 4095, 4094, 4094, 4094, 4091, 4095, 4095, 4092, 4093, 4094, 4093, 4094, 4090, 4092, 4091, 4089, 4094, 4095, 4095, 4094, 4093, 4094, 4095, 4090, 4092, 4094, 4095, 4091, 4093, 4095, 4087, 4092, 4094, 4095, 4094, 4094, 4095, 4094, 4095, 4095, 4094, 4094, 4094, 4094, 4095, 4095, 4093, 4094], "SliceLocation": [-71.734848431904, -69.734845586525, -67.734842741145, -65.734847418601, -63.734844573222, -61.734845529161, -59.7348464851, -57.734847441039, -55.734844555758, -53.734845511697, -51.734846467636, -49.734847383674, -47.734844538295, -45.734845494234, -43.734846410272, -41.734847366211, -39.734844520831, -37.73484547677, -35.734846392809, -33.734847348748, -31.734846404027, -29.734845419406, -27.734846375345, -25.734845430625, -23.734846346663, -21.734845401943, -19.734846357882, -17.734845373261, -15.7348463292, -13.734846334809, -11.734846300517, -9.7348463061268, -7.7348463117361, -5.7348462973951, -3.7348460454716, -1.7348461698722, 0.26515390386449, 2.2651539576508, 4.2651537344094, 6.2651537487504, 8.2651537431411, 10.265153757482, 12.265153771823, 14.265153766214, 16.265153780555, 18.26515473525, 20.265153789287, 22.265154743982, 24.265153807994, 26.265154762689, 28.265153816725, 30.265154776408, 32.265155731104, 34.265154790128, 36.265153845411, 38.26515290233, 40.265155759789, 42.265154817566, 44.265153874096, 46.265152930626, 48.265155785981, 50.265154845005, 52.265153899041, 54.265152953077, 56.265152017089, 58.265154872444, 60.26515392648, 62.265152980516, 64.265155845846, 66.265151088588, 68.265153953918, 70.265156819248], "SmallestImagePixelValue": [0, 0, 0, 0, 0, 0, 0, 0, 0, 0, 0, 0, 0, 0, 0, 4, 0, 0, 0, 0, 0, 0, 1, 0, 0, 1, 0, 0, 0, 0, 1, 0, 0, 6, 0, 0, 6, 0, 1, 1, 3, 2, 0, 1, 0, 5, 4, 3, 0, 0, 1, 1, 0, 0, 0, 4, 0, 0, 1, 0, 0, 0, 1, 3, 3, 1, 0, 0, 0, 0, 2, 0], "WindowCenter": [-294.0, -292.0, -274.0, -246.0, -212.0, -182.0, -184.0, -186.0, -296.0, -294.0, -310.0, -232.0, -196.0, -130.0, -196.0, -180.0, -236.0, -226.0, -300.0, -268.0, -282.0, -224.0, -270.0, -292.0, -318.0, -340.0, -328.0, -358.0, -246.0, -256.0, -374.0, -264.0, -356.0, -208.0, -348.0, -320.0, -322.0, -298.0, -150.0, -130.0, -120.0, -120.0, -82.0, -82.0, -74.0, -66.0, -94.0, -180.0, -50.0, -34.0, -16.0, -40.0, -34.0, -30.0, -50.0, -62.0, -78.0, -74.0, -128.0, -90.0, -108.0, -108.0, -134.0, -192.0, -182.0, -172.0, -276.0, -228.0, -284.0, -236.0, -260.0, -282.0], "WindowWidth": [6220.0, 6294.0, 6340.0, 6374.0, 6350.0, 6392.0, 6362.0, 6410.0, 6374.0, 6388.0, 6374.0, 6428.0, 6348.0, 6364.0, 6336.0, 6394.0, 6348.0, 6338.0, 6216.0, 6212.0, 6140.0, 6130.0, 6084.0, 6002.0, 5874.0, 5792.0, 5666.0, 5504.0, 5640.0, 5254.0, 4678.0, 5082.0, 4668.0, 5276.0, 4680.0, 4676.0, 4680.0, 4666.0, 5362.0, 5444.0, 5410.0, 5264.0, 5444.0, 5334.0, 5362.0, 5322.0, 5072.0, 4596.0, 5202.0, 5270.0, 5370.0, 5316.0, 5390.0, 5436.0, 5374.0, 5446.0, 5394.0, 5514.0, 5344.0, 5560.0, 5514.0, 5582.0, 5606.0, 5450.0, 5764.0, 5800.0, 5858.0, 5978.0, 6104.0, 6294.0, 6354.0, 6420.0]}}, "IntendedFor": ["ses-1/func/sub-43_ses-1_task-motor_run-06_bold.nii.gz", "ses-1/func/sub-43_ses-1_task-motor_run-04_bold.nii.gz", "ses-1/func/sub-43_ses-1_task-motor_run-05_bold.nii.gz", "ses-1/func/sub-43_ses-1_task-motor_run-03_bold.nii.gz", "ses-1/func/sub-43_ses-1_task-motor_run-01_bold.nii.gz", "ses-1/func/sub-43_ses-1_task-motor_run-02_bold.nii.gz"]}