{"AcquisitionMatrixPE": 100, "AcquisitionNumber": 1, "AcquisitionTime": "12:00:5.950000", "BaseResolution": 100, "BodyPartExamined": "BRAIN", "ConsistencyInfo": "N4_VE11C_LATEST_20160120", "ConversionSoftware": "dcm2niix", "ConversionSoftwareVersion": "v1.0.20180622 GCC4.9.2", "DeviceSerialNumber": "166078", "DwellTime": 8.8e-06, "EchoNumber": 2, "EchoTime": 0.00738, "EchoTime1": 0.00492, "EchoTime2": 0.00738, "FlipAngle": 60, "ImageOrientationPatientDICOM": [1, 0, 0, 0, 0.98796, -0.15471], "ImageType": ["ORIGINAL", "PRIMARY", "P", "ND"], "InPlanePhaseEncodingDirectionDICOM": "ROW", "InstitutionAddress": "Street_StreetNo_Bei_Jing_District_CN_ZIP", "InstitutionName": "BeiJing_Normal_University", "InstitutionalDepartmentName": "Department", "MRAcquisitionType": "2D", "MagneticFieldStrength": 3, "Manufacturer": "Siemens", "ManufacturersModelName": "Prisma", "Modality": "MR", "PartialFourier": 1, "PatientPosition": "HFS", "PercentPhaseFOV": 100, "PhaseEncodingDirection": "i", "PhaseEncodingSteps": 100, "PhaseResolution": 1, "PixelBandwidth": 570, "ProcedureStepDescription": "BNU_P2018_64CH_Liu.Jia", "ProtocolName": "field_mapping_2x2x2", "PulseSequenceDetails": "%SiemensSeq%_gre_field_mapping", "ReceiveCoilActiveElements": "HC1-7;NC1", "ReceiveCoilName": "HeadNeck_64", "ReconMatrixPE": 100, "RepetitionTime": 0.72, "SAR": 0.104563, "ScanningSequence": "GR", "SequenceName": "_fm2d2r", "SequenceVariant": "SP", "SeriesDescription": "field_mapping_2x2x2", "SeriesNumber": 7, "ShimSetting": [-5468, -11476, -1235, 181, -76, -110, -121, 56], "SliceThickness": 2, "SoftwareVersions": "syngo_MR_E11", "SpacingBetweenSlices": 2, "StationName": "AWP166078", "TxRefAmp": 229.179, "dcmmeta_affine": [[-2.0, 0.0, 0.0, 101.34939575195312], [0.0, 1.9759197235107422, -0.3094205856323242, -82.67901611328125], [0.0, 0.30942079424858093, 1.975921630859375, -79.234619140625], [0.0, 0.0, 0.0, 1.0]], "dcmmeta_reorient_transform": [[0.0, -1.0, 0.0, 99.0], [1.0, 0.0, 0.0, 0.0], [0.0, 0.0, -1.0, 71.0], [0.0, 0.0, 0.0, 1.0]], "dcmmeta_shape": [100, 100, 72], "dcmmeta_slice_dim": 2, "dcmmeta_version": 0.6, "global": {"const": {"AcquisitionMatrix": [0, 100, 100, 0], "AcquisitionNumber": 1, "AngioFlag": "N", "BitsAllocated": 16, "BitsStored": 12, "BodyPartExamined": "BRAIN", "Columns": 100, "EchoNumbers": 2, "EchoTime": 7.38, "EchoTrainLength": 0, "FlipAngle": 60.0, "HighBit": 11, "ImageOrientationPatient": [1.0, 0.0, 0.0, 0.0, 0.98795986510144, -0.1547103905649], "ImageType": ["ORIGINAL", "PRIMARY", "P", "ND"], "ImagedNucleus": "1H", "ImagingFrequency": 123.257818, "InPlanePhaseEncodingDirection": "ROW", "MRAcquisitionType": "2D", "MagneticFieldStrength": 3.0, "Manufacturer": "SIEMENS", "ManufacturerModelName": "Prisma", "Modality": "MR", "NumberOfAverages": 1.0, "NumberOfPhaseEncodingSteps": 100, "PercentPhaseFieldOfView": 100.0, "PercentSampling": 100.0, "PerformedProcedureStepStartTime": "113037.217000", "PhotometricInterpretation": "MONOCHROME2", "PixelBandwidth": 570.0, "PixelRepresentation": 0, "PixelSpacing": [2.0, 2.0], "ProtocolName": "field_mapping_2x2x2", "RepetitionTime": 720.0, "RescaleIntercept": -4096.0, "RescaleSlope": 2.0, "RescaleType": "US", "Rows": 100, "SAR": 0.10456287418465, "SamplesPerPixel": 1, "ScanningSequence": "GR", "SequenceName": "*fm2d2r", "SequenceVariant": "SP", "SeriesDescription": "field_mapping_2x2x2", "SeriesNumber": 7, "SeriesTime": "120230.200000", "SliceThickness": 2.0, "SoftwareVersions": "syngo MR E11", "SpacingBetweenSlices": 2.0, "SpecificCharacterSet": "ISO_IR 100", "StudyID": "1", "StudyTime": "113037.140000", "TransmitCoilName": "Body", "VariableFlipAngleFlag": "N", "WindowCenterWidthExplanation": "Algo1", "dBdt": 0.0}, "slices": {"AcquisitionTime": ["120005.950000", "120005.590000", "120005.960000", "120005.600000", "120005.970000", "120005.610000", "120005.980000", "120005.620000", "120005.990000", "120005.630000", "120006.000000", "120005.640000", "120006.010000", "120005.650000", "120006.020000", "120005.660000", "120006.030000", "120005.670000", "120006.040000", "120005.680000", "120006.050000", "120005.690000", "120006.060000", "120005.700000", "120006.070000", "120005.710000", "120006.080000", "120005.720000", "120006.090000", "120005.730000", "120006.100000", "120005.740000", "120006.110000", "120005.750000", "120006.120000", "120005.760000", "120006.130000", "120005.770000", "120006.140000", "120005.780000", "120006.150000", "120005.790000", "120006.160000", "120005.800000", "120006.170000", "120005.810000", "120006.180000", "120005.820000", "120006.190000", "120005.830000", "120006.200000", "120005.840000", "120006.210000", "120005.850000", "120006.220000", "120005.860000", "120006.230000", "120005.870000", "120006.240000", "120005.880000", "120006.250000", "120005.890000", "120006.260000", "120005.900000", "120006.270000", "120005.910000", "120006.280000", "120005.920000", "120006.290000", "120005.930000", "120006.300000", "120005.940000"], "ContentTime": ["120230.269000", "120230.203000", "120230.271000", "120230.205000", "120230.272000", "120230.207000", "120230.274000", "120230.209000", "120230.276000", "120230.211000", "120230.278000", "120230.213000", "120230.279000", "120230.214000", "120230.281000", "120230.216000", "120230.283000", "120230.218000", "120230.285000", "120230.220000", "120230.287000", "120230.222000", "120230.289000", "120230.224000", "120230.290000", "120230.225000", "120230.292000", "120230.227000", "120230.294000", "120230.229000", "120230.296000", "120230.231000", "120230.298000", "120230.233000", "120230.299000", "120230.234000", "120230.301000", "120230.236000", "120230.303000", "120230.238000", "120230.305000", "120230.240000", "120230.307000", "120230.242000", "120230.308000", "120230.243000", "120230.310000", "120230.245000", "120230.312000", "120230.247000", "120230.314000", "120230.249000", "120230.316000", "120230.251000", "120230.318000", "120230.252000", "120230.319000", "120230.254000", "120230.321000", "120230.256000", "120230.323000", "120230.258000", "120230.325000", "120230.260000", "120230.327000", "120230.262000", "120230.328000", "120230.263000", "120230.330000", "120230.265000", "120230.332000", "120230.267000"], "CsaImage.GSWDDataType": ["predicted", "predicted", "predicted", "predicted", "predicted", "predicted", "measured", "predicted", "measured", "predicted", "measured", "predicted", "measured", "predicted", "measured", "predicted", "measured", "predicted", "measured", "predicted", "measured", "predicted", "measured", "predicted", "measured", "predicted", "measured", "predicted", "measured", "predicted", "measured", "predicted", "measured", "predicted", "measured", "predicted", "measured", "predicted", "measured", "predicted", "measured", "predicted", "measured", "predicted", "measured", "predicted", "measured", "predicted", "measured", "predicted", "measured", "predicted", "measured", "predicted", "measured", "predicted", "measured", "predicted", "measured", "predicted", "measured", "predicted", "measured", "predicted", "measured", "predicted", "measured", "predicted", "measured", "predicted", "measured", "predicted"], "CsaImage.ICE_Dims": ["X_2_1_1_1_1_1_37_1_1_1_1_80", "X_2_1_1_1_1_1_1_1_1_2_1_80", "X_2_1_1_1_1_1_38_1_1_3_1_80", "X_2_1_1_1_1_1_2_1_1_4_1_80", "X_2_1_1_1_1_1_39_1_1_5_1_80", "X_2_1_1_1_1_1_3_1_1_6_1_80", "X_2_1_1_1_1_1_40_1_1_7_1_80", "X_2_1_1_1_1_1_4_1_1_8_1_80", "X_2_1_1_1_1_1_41_1_1_9_1_80", "X_2_1_1_1_1_1_5_1_1_10_1_80", "X_2_1_1_1_1_1_42_1_1_11_1_80", "X_2_1_1_1_1_1_6_1_1_12_1_80", "X_2_1_1_1_1_1_43_1_1_13_1_80", "X_2_1_1_1_1_1_7_1_1_14_1_80", "X_2_1_1_1_1_1_44_1_1_15_1_80", "X_2_1_1_1_1_1_8_1_1_16_1_80", "X_2_1_1_1_1_1_45_1_1_17_1_80", "X_2_1_1_1_1_1_9_1_1_18_1_80", "X_2_1_1_1_1_1_46_1_1_19_1_80", "X_2_1_1_1_1_1_10_1_1_20_1_80", "X_2_1_1_1_1_1_47_1_1_21_1_80", "X_2_1_1_1_1_1_11_1_1_22_1_80", "X_2_1_1_1_1_1_48_1_1_23_1_80", "X_2_1_1_1_1_1_12_1_1_24_1_80", "X_2_1_1_1_1_1_49_1_1_25_1_80", "X_2_1_1_1_1_1_13_1_1_26_1_80", "X_2_1_1_1_1_1_50_1_1_27_1_80", "X_2_1_1_1_1_1_14_1_1_28_1_80", "X_2_1_1_1_1_1_51_1_1_29_1_80", "X_2_1_1_1_1_1_15_1_1_30_1_80", "X_2_1_1_1_1_1_52_1_1_31_1_80", "X_2_1_1_1_1_1_16_1_1_32_1_80", "X_2_1_1_1_1_1_53_1_1_33_1_80", "X_2_1_1_1_1_1_17_1_1_34_1_80", "X_2_1_1_1_1_1_54_1_1_35_1_80", "X_2_1_1_1_1_1_18_1_1_36_1_80", "X_2_1_1_1_1_1_55_1_1_37_1_80", "X_2_1_1_1_1_1_19_1_1_38_1_80", "X_2_1_1_1_1_1_56_1_1_39_1_80", "X_2_1_1_1_1_1_20_1_1_40_1_80", "X_2_1_1_1_1_1_57_1_1_41_1_80", "X_2_1_1_1_1_1_21_1_1_42_1_80", "X_2_1_1_1_1_1_58_1_1_43_1_80", "X_2_1_1_1_1_1_22_1_1_44_1_80", "X_2_1_1_1_1_1_59_1_1_45_1_80", "X_2_1_1_1_1_1_23_1_1_46_1_80", "X_2_1_1_1_1_1_60_1_1_47_1_80", "X_2_1_1_1_1_1_24_1_1_48_1_80", "X_2_1_1_1_1_1_61_1_1_49_1_80", "X_2_1_1_1_1_1_25_1_1_50_1_80", "X_2_1_1_1_1_1_62_1_1_51_1_80", "X_2_1_1_1_1_1_26_1_1_52_1_80", "X_2_1_1_1_1_1_63_1_1_53_1_80", "X_2_1_1_1_1_1_27_1_1_54_1_80", "X_2_1_1_1_1_1_64_1_1_55_1_80", "X_2_1_1_1_1_1_28_1_1_56_1_80", "X_2_1_1_1_1_1_65_1_1_57_1_80", "X_2_1_1_1_1_1_29_1_1_58_1_80", "X_2_1_1_1_1_1_66_1_1_59_1_80", "X_2_1_1_1_1_1_30_1_1_60_1_80", "X_2_1_1_1_1_1_67_1_1_61_1_80", "X_2_1_1_1_1_1_31_1_1_62_1_80", "X_2_1_1_1_1_1_68_1_1_63_1_80", "X_2_1_1_1_1_1_32_1_1_64_1_80", "X_2_1_1_1_1_1_69_1_1_65_1_80", "X_2_1_1_1_1_1_33_1_1_66_1_80", "X_2_1_1_1_1_1_70_1_1_67_1_80", "X_2_1_1_1_1_1_34_1_1_68_1_80", "X_2_1_1_1_1_1_71_1_1_69_1_80", "X_2_1_1_1_1_1_35_1_1_70_1_80", "X_2_1_1_1_1_1_72_1_1_71_1_80", "X_2_1_1_1_1_1_36_1_1_72_1_80"], "CsaImage.ProtocolSliceNumber": [0, 1, 2, 3, 4, 5, 6, 7, 8, 9, 10, 11, 12, 13, 14, 15, 16, 17, 18, 19, 20, 21, 22, 23, 24, 25, 26, 27, 28, 29, 30, 31, 32, 33, 34, 35, 36, 37, 38, 39, 40, 41, 42, 43, 44, 45, 46, 47, 48, 49, 50, 51, 52, 53, 54, 55, 56, 57, 58, 59, 60, 61, 62, 63, 64, 65, 66, 67, 68, 69, 70, 71], "CsaImage.RFSWDDataType": ["measured", "predicted", "measured", "predicted", "measured", "predicted", "measured", "predicted", "measured", "predicted", "measured", "predicted", "measured", "predicted", "measured", "predicted", "measured", "predicted", "measured", "predicted", "measured", "predicted", "measured", "predicted", "measured", "predicted", "measured", "predicted", "measured", "predicted", "measured", "predicted", "measured", "predicted", "measured", "predicted", "measured", "predicted", "measured", "predicted", "measured", "predicted", "measured", "predicted", "measured", "predicted", "measured", "predicted", "measured", "predicted", "measured", "predicted", "measured", "predicted", "measured", "predicted", "measured", "predicted", "measured", "measured", "measured", "measured", "measured", "measured", "measured", "measured", "measured", "measured", "measured", "measured", "measured", "measured"], "CsaImage.SlicePosition_PCS": [[-101.34939754, -112.9370502, -48.60182166], [-101.34939754, -112.62762961, -46.62590385], [-101.34939754, -112.31820903, -44.64998221], [-101.34939754, -112.00878844, -42.6740644], [-101.34939754, -111.6993669, -40.69814277], [-101.34939754, -111.38994632, -38.72222495], [-101.34939754, -111.08052573, -36.74630332], [-101.34939754, -110.77110515, -34.7703855], [-101.34939754, -110.46168456, -32.79446387], [-101.34939754, -110.15226302, -30.81854606], [-101.34939754, -109.84284244, -28.84262443], [-101.34939754, -109.53342185, -26.86670661], [-101.34939754, -109.22400127, -24.89078498], [-101.34939754, -108.91458068, -22.91486716], [-101.34939754, -108.60516009, -20.93894553], [-101.34939754, -108.29573855, -18.96302772], [-101.34939754, -107.98631797, -16.98710609], [-101.34939754, -107.67689738, -15.01118636], [-101.34939754, -107.3674768, -13.03526664], [-101.34939754, -107.05805621, -11.05934691], [-101.34939754, -106.74863515, -9.08342719], [-101.34939754, -106.43921409, -7.10750747], [-101.34939754, -106.1297935, -5.13158774], [-101.34939754, -105.82037244, -3.15566802], [-101.34939754, -105.51095185, -1.1797483], [-101.34939754, -105.20153127, 0.79617143], [-101.34939754, -104.89211021, 2.77209115], [-101.34939754, -104.58268962, 4.74801087], [-101.34939754, -104.27326903, 6.7239306], [-101.34939754, -103.96384797, 8.69984984], [-101.34939754, -103.65442739, 10.67576957], [-101.34939754, -103.34500632, 12.65168953], [-101.34939754, -103.03558574, 14.62760913], [-101.34939754, -102.72616491, 16.60352886], [-101.34939754, -102.41674409, 18.5794487], [-101.34939754, -102.1073235, 20.55536818], [-101.34939754, -101.79790268, 22.53128791], [-101.34939754, -101.48848186, 24.50720811], [-101.34939754, -101.17906103, 26.48312783], [-101.34939754, -100.86964021, 28.45904756], [-101.34939754, -100.5602195, 30.43496728], [-101.34939754, -100.2507988, 32.410887], [-101.34939754, -99.94137797, 34.38680673], [-101.34939754, -99.63195721, 36.36272645], [-101.34939754, -99.32253645, 38.33864617], [-101.34939754, -99.01311568, 40.3145659], [-101.34939754, -98.7036949, 42.29048562], [-101.34939754, -98.39427412, 44.26640534], [-101.34939754, -98.08485339, 46.24232507], [-101.34939754, -97.77543256, 48.21824288], [-101.34939754, -97.46601186, 50.19416451], [-101.34939754, -97.15659103, 52.17008233], [-101.34939754, -96.84717021, 54.14600396], [-101.34939754, -96.53774939, 56.12192178], [-101.34939754, -96.2283288, 58.09784341], [-101.34939754, -95.91890798, 60.07376122], [-101.34939754, -95.60948715, 62.04968286], [-101.34939754, -95.30006633, 64.02560067], [-101.34939754, -94.99064574, 66.0015223], [-101.34939754, -94.68122468, 67.97744012], [-101.34939754, -94.3718041, 69.95336175], [-101.34939754, -94.06238351, 71.92927957], [-101.34939754, -93.75296245, 73.9052012], [-101.34939754, -93.44354186, 75.88111901], [-101.34939754, -93.1341208, 77.85704064], [-101.34939754, -92.82470021, 79.83296227], [-101.34939754, -92.51527963, 81.80887628], [-101.34939754, -92.20585857, 83.78479791], [-101.34939754, -91.89643798, 85.76071954], [-101.34939754, -91.58701692, 87.73664117], [-101.34939754, -91.27759633, 89.71255517], [-101.34939754, -90.96817575, 91.6884768]], "CsaImage.TimeAfterStart": [1.0825, 0.7225, 1.0925, 0.7325, 1.1025, 0.7425, 1.1125, 0.7525, 1.1225, 0.7625, 1.1325, 0.7725, 1.1425, 0.7825, 1.1525, 0.7925, 1.1625, 0.8025, 1.1725, 0.8125, 1.1825, 0.8225, 1.1925, 0.8325, 1.2025, 0.8425, 1.2125, 0.8525, 1.2225, 0.8625, 1.2325, 0.8725, 1.2425, 0.8825, 1.2525, 0.8925, 1.2625, 0.9025, 1.2725, 0.9125, 1.2825, 0.9225, 1.2925, 0.9325, 1.3025, 0.9425, 1.3125, 0.9525, 1.3225, 0.9625, 1.3325, 0.9725, 1.3425, 0.9825, 1.3525, 0.9925, 1.3625, 1.0025, 1.3725, 1.0125, 1.3825, 1.0225, 1.3925, 1.0325, 1.4025, 1.0425, 1.4125, 1.0525, 1.4225, 1.0625, 1.4325, 1.0725], "ImagePositionPatient": [[-101.34939754009, -112.93705020033, -48.601821661282], [-101.34939754009, -112.6276296147, -46.62590384512], [-101.34939754009, -112.31820902906, -44.649982214261], [-101.34939754009, -112.00878844343, -42.674064398099], [-101.34939754009, -111.69936690413, -40.698142767239], [-101.34939754009, -111.38994631849, -38.722224951077], [-101.34939754009, -111.08052573286, -36.746303320218], [-101.34939754009, -110.77110514723, -34.770385504056], [-101.34939754009, -110.4616845616, -32.794463873196], [-101.34939754009, -110.15226302229, -30.818546057034], [-101.34939754009, -109.84284243666, -28.842624426175], [-101.34939754009, -109.53342185103, -26.866706610013], [-101.34939754009, -109.22400126539, -24.890784979154], [-101.34939754009, -108.91458067976, -22.914867162991], [-101.34939754009, -108.60516009413, -20.938945532132], [-101.34939754009, -108.29573855482, -18.96302771597], [-101.34939754009, -107.98631796919, -16.987106085111], [-101.34939754009, -107.67689738356, -15.0111863616], [-101.34939754009, -107.36747679792, -13.035266638089], [-101.34939754009, -107.05805621229, -11.059346914578], [-101.34939754009, -106.74863514982, -9.0834271910676], [-101.34939754009, -106.43921408735, -7.1075074675569], [-101.34939754009, -106.12979350172, -5.1315877440461], [-101.34939754009, -105.82037243925, -3.1556680205354], [-101.34939754009, -105.51095185362, -1.1797482970246], [-101.34939754009, -105.20153126799, 0.79617142648612], [-101.34939754009, -104.89211020552, 2.7720911499969], [-101.34939754009, -104.58268961989, 4.7480108735076], [-101.34939754009, -104.27326903425, 6.7239305970183], [-101.34939754009, -103.96384797178, 8.6998498436919], [-101.34939754009, -103.65442738615, 10.675769567203], [-101.34939754009, -103.34500632368, 12.651689529132], [-101.34939754009, -103.03558573805, 14.627609133433], [-101.34939754009, -102.726164914, 16.603528856944], [-101.34939754009, -102.41674408995, 18.579448699664], [-101.34939754009, -102.10732350432, 20.555368184756], [-101.34939754009, -101.79790268026, 22.531287908267], [-101.34939754009, -101.48848185621, 24.507208108615], [-101.34939754009, -101.17906103216, 26.483127832126], [-101.34939754009, -100.86964020811, 28.459047555637], [-101.34939754009, -100.56021950327, 30.434967279147], [-101.34939754009, -100.25079879843, 32.410887002658], [-101.34939754009, -99.941377974377, 34.386806726169], [-101.34939754009, -99.631957209931, 36.362726449679], [-101.34939754009, -99.322536445485, 38.33864617319], [-101.34939754009, -99.013115681039, 40.314565896701], [-101.34939754009, -98.703694901691, 42.290485620212], [-101.34939754009, -98.394274122344, 44.266405343722], [-101.34939754009, -98.0848533877, 46.242325067233], [-101.34939754009, -97.775432563649, 48.218242883395], [-101.34939754009, -97.466011858807, 50.194164514255], [-101.34939754009, -97.156591034756, 52.170082330417], [-101.34939754009, -96.847170210706, 54.146003961276], [-101.34939754009, -96.537749386655, 56.121921777438], [-101.34939754009, -96.228328801022, 58.097843408298], [-101.34939754009, -95.918907976971, 60.07376122446], [-101.34939754009, -95.60948715292, 62.049682855319], [-101.34939754009, -95.30006632887, 64.025600671481], [-101.34939754009, -94.990645743237, 66.001522302341], [-101.34939754009, -94.681224680768, 67.977440118503], [-101.34939754009, -94.371804095135, 69.953361749362], [-101.34939754009, -94.062383509503, 71.929279565524], [-101.34939754009, -93.752962447034, 73.905201196384], [-101.34939754009, -93.443541861401, 75.881119012546], [-101.34939754009, -93.134120798932, 77.857040643405], [-101.34939754009, -92.8247002133, 79.832962274264], [-101.34939754009, -92.515279627667, 81.808876275729], [-101.34939754009, -92.205858565198, 83.784797906589], [-101.34939754009, -91.896437979565, 85.760719537448], [-101.34939754009, -91.587016917096, 87.736641168307], [-101.34939754009, -91.277596331464, 89.712555169772], [-101.34939754009, -90.968175745831, 91.688476800632]], "InstanceCreationTime": ["120230.269000", "120230.203000", "120230.271000", "120230.205000", "120230.272000", "120230.207000", "120230.274000", "120230.209000", "120230.276000", "120230.211000", "120230.278000", "120230.213000", "120230.279000", "120230.214000", "120230.281000", "120230.216000", "120230.283000", "120230.218000", "120230.285000", "120230.220000", "120230.287000", "120230.222000", "120230.289000", "120230.224000", "120230.290000", "120230.225000", "120230.292000", "120230.227000", "120230.294000", "120230.229000", "120230.296000", "120230.231000", "120230.298000", "120230.233000", "120230.299000", "120230.234000", "120230.301000", "120230.236000", "120230.303000", "120230.238000", "120230.305000", "120230.240000", "120230.307000", "120230.242000", "120230.308000", "120230.243000", "120230.310000", "120230.245000", "120230.312000", "120230.247000", "120230.314000", "120230.249000", "120230.316000", "120230.251000", "120230.318000", "120230.252000", "120230.319000", "120230.254000", "120230.321000", "120230.256000", "120230.323000", "120230.258000", "120230.325000", "120230.260000", "120230.327000", "120230.262000", "120230.328000", "120230.263000", "120230.330000", "120230.265000", "120230.332000", "120230.267000"], "InstanceNumber": [1, 2, 3, 4, 5, 6, 7, 8, 9, 10, 11, 12, 13, 14, 15, 16, 17, 18, 19, 20, 21, 22, 23, 24, 25, 26, 27, 28, 29, 30, 31, 32, 33, 34, 35, 36, 37, 38, 39, 40, 41, 42, 43, 44, 45, 46, 47, 48, 49, 50, 51, 52, 53, 54, 55, 56, 57, 58, 59, 60, 61, 62, 63, 64, 65, 66, 67, 68, 69, 70, 71, 72], "LargestImagePixelValue": [4094, 4095, 4095, 4092, 4092, 4095, 4095, 4094, 4093, 4095, 4093, 4093, 4094, 4095, 4094, 4093, 4087, 4095, 4095, 4094, 4093, 4095, 4095, 4094, 4095, 4093, 4093, 4090, 4079, 4088, 4070, 4095, 4090, 4088, 4094, 4085, 4094, 4088, 4089, 4088, 4081, 4091, 4095, 4092, 4094, 4094, 4092, 4083, 4094, 4090, 4095, 4090, 4093, 4094, 4095, 4092, 4092, 4094, 4093, 4094, 4095, 4094, 4094, 4095, 4095, 4090, 4094, 4095, 4095, 4095, 4093, 4095], "SliceLocation": [-65.489184317907, -63.489186239148, -61.489184391621, -59.489186312862, -57.489184317791, -55.489186239032, -53.489184391506, -51.489186312747, -49.48918446522, -47.489186238917, -45.48918439139, -43.489186312631, -41.489184465105, -39.489186386346, -37.489184538819, -35.489186312516, -33.489184464989, -31.489184501847, -29.489184538704, -27.489184575561, -25.489184538646, -23.489184501731, -21.489184538588, -19.489184501674, -17.489184538531, -15.489184575388, -13.489184538473, -11.48918457533, -9.4891846121875, -7.4891850463689, -5.4891850832259, -3.4891848107633, -1.4891849653944, 0.5108150346344, 2.5108151524372, 4.5108148800321, 6.5108148800609, 8.5108153511857, 10.510815351214, 12.510815351243, 14.510815332829, 16.510815314415, 18.510815314444, 20.510815305251, 22.510815296058, 24.510815286866, 26.510815279978, 28.510815273091, 30.510815259288, 32.510813374933, 34.510815240902, 36.510813356547, 38.51081524096, 40.510813356605, 42.510815204132, 44.510813319776, 46.510815204189, 48.510813319834, 50.510815167361, 52.510813319892, 54.510815167418, 56.510813246177, 58.510815167476, 60.510813246235, 62.510815167533, 64.51081701506, 66.510811325052, 68.51081324635, 70.510815093877, 72.510817015175, 74.510811325167, 76.510813172694], "SmallestImagePixelValue": [0, 0, 4, 0, 0, 1, 0, 1, 0, 0, 0, 0, 0, 2, 0, 1, 4, 0, 2, 2, 1, 0, 1, 0, 0, 3, 0, 1, 0, 10, 0, 4, 4, 0, 4, 5, 11, 6, 1, 1, 18, 9, 11, 1, 0, 0, 3, 2, 4, 4, 3, 0, 1, 9, 1, 0, 1, 0, 0, 2, 2, 0, 0, 0, 0, 4, 0, 1, 0, 2, 0, 1], "WindowCenter": [-334.0, -312.0, -348.0, -334.0, -294.0, -268.0, -236.0, -242.0, -230.0, -194.0, -206.0, -164.0, -102.0, -68.0, -156.0, -208.0, -240.0, -366.0, -382.0, -490.0, -390.0, -344.0, -330.0, -302.0, -316.0, -280.0, -194.0, -150.0, -148.0, -142.0, -164.0, -174.0, -160.0, -138.0, -154.0, -156.0, -156.0, -162.0, -270.0, -112.0, -124.0, -70.0, -58.0, -174.0, -76.0, -46.0, -154.0, -160.0, -160.0, -70.0, -44.0, -68.0, -42.0, -20.0, -22.0, -28.0, -60.0, -42.0, -40.0, -64.0, -94.0, -74.0, -106.0, -120.0, -158.0, -194.0, -202.0, -290.0, -314.0, -316.0, -328.0, -320.0], "WindowWidth": [6306.0, 6226.0, 6168.0, 6132.0, 6206.0, 6212.0, 6238.0, 6240.0, 6284.0, 6340.0, 6324.0, 6306.0, 6308.0, 6256.0, 6192.0, 6148.0, 6138.0, 5984.0, 5898.0, 5756.0, 5742.0, 5702.0, 5690.0, 5664.0, 5476.0, 5468.0, 5618.0, 5670.0, 5488.0, 5444.0, 5322.0, 5274.0, 5310.0, 5418.0, 5296.0, 5240.0, 5220.0, 5106.0, 4618.0, 5260.0, 5028.0, 5328.0, 5248.0, 4554.0, 4902.0, 5118.0, 4556.0, 4554.0, 4562.0, 4972.0, 5182.0, 5110.0, 5250.0, 5436.0, 5488.0, 5538.0, 5556.0, 5704.0, 5730.0, 5718.0, 5760.0, 5836.0, 5860.0, 5918.0, 5970.0, 5972.0, 5976.0, 6036.0, 6044.0, 6032.0, 6168.0, 6236.0]}}, "IntendedFor": ["ses-1/func/sub-22_ses-1_task-motor_run-06_bold.nii.gz", "ses-1/func/sub-22_ses-1_task-motor_run-01_bold.nii.gz", "ses-1/func/sub-22_ses-1_task-motor_run-03_bold.nii.gz", "ses-1/func/sub-22_ses-1_task-motor_run-04_bold.nii.gz", "ses-1/func/sub-22_ses-1_task-motor_run-02_bold.nii.gz", "ses-1/func/sub-22_ses-1_task-motor_run-05_bold.nii.gz"]}