{"AcquisitionMatrixPE": 100, "AcquisitionNumber": 1, "AcquisitionTime": "13:17:26.025000", "BaseResolution": 100, "BodyPartExamined": "BRAIN", "ConsistencyInfo": "N4_VE11C_LATEST_20160120", "ConversionSoftware": "dcm2niix", "ConversionSoftwareVersion": "v1.0.20180622 GCC4.9.2", "DeviceSerialNumber": "166078", "DwellTime": 8.8e-06, "EchoNumber": 2, "EchoTime": 0.00738, "EchoTime1": 0.00492, "EchoTime2": 0.00738, "FlipAngle": 60, "ImageOrientationPatientDICOM": [0.999999, -0.000252615, -0.00131209, -8.08e-13, 0.981966, -0.189056], "ImageType": ["ORIGINAL", "PRIMARY", "P", "ND"], "InPlanePhaseEncodingDirectionDICOM": "ROW", "InstitutionAddress": "Street_StreetNo_Bei_Jing_District_CN_ZIP", "InstitutionName": "BeiJing_Normal_University", "InstitutionalDepartmentName": "Department", "MRAcquisitionType": "2D", "MagneticFieldStrength": 3, "Manufacturer": "Siemens", "ManufacturersModelName": "Prisma", "Modality": "MR", "PartialFourier": 1, "PatientPosition": "HFS", "PercentPhaseFOV": 100, "PhaseEncodingDirection": "i", "PhaseEncodingSteps": 100, "PhaseResolution": 1, "PixelBandwidth": 570, "ProcedureStepDescription": "BNU_P2018_64CH_Liu.Jia", "ProtocolName": "field_mapping_2x2x2", "PulseSequenceDetails": "%SiemensSeq%_gre_field_mapping", "ReceiveCoilActiveElements": "HC1-7;NC1", "ReceiveCoilName": "HeadNeck_64", "ReconMatrixPE": 100, "RepetitionTime": 0.72, "SAR": 0.116967, "ScanningSequence": "GR", "SequenceName": "_fm2d2r", "SequenceVariant": "SP", "SeriesDescription": "field_mapping_2x2x2", "SeriesNumber": 7, "ShimSetting": [-5467, -11509, -1286, 358, -43, -220, -174, 81], "SliceThickness": 2, "SoftwareVersions": "syngo_MR_E11", "SpacingBetweenSlices": 2, "StationName": "AWP166078", "TxRefAmp": 215.891, "dcmmeta_affine": [[-1.9999982118606567, -1.6159999770629097e-12, -0.0026721954345703125, 105.41483306884766], [0.0005052305641584098, 1.9639325141906738, -0.3781123161315918, -74.07463836669922], [-0.002624187618494034, 0.3781127333641052, 1.9639320373535156, -93.83942413330078], [0.0, 0.0, 0.0, 1.0]], "dcmmeta_reorient_transform": [[0.0, -1.0, 0.0, 99.0], [1.0, 0.0, 0.0, 0.0], [0.0, 0.0, -1.0, 71.0], [0.0, 0.0, 0.0, 1.0]], "dcmmeta_shape": [100, 100, 72], "dcmmeta_slice_dim": 2, "dcmmeta_version": 0.6, "global": {"const": {"AcquisitionMatrix": [0, 100, 100, 0], "AcquisitionNumber": 1, "AngioFlag": "N", "BitsAllocated": 16, "BitsStored": 12, "BodyPartExamined": "BRAIN", "Columns": 100, "EchoNumbers": 2, "EchoTime": 7.38, "EchoTrainLength": 0, "FlipAngle": 60.0, "HighBit": 11, "ImageOrientationPatient": [0.99999910729731, -0.0002526152836, -0.0013120937854, -8.08e-13, 0.98196623731746, -0.1890563639992], "ImageType": ["ORIGINAL", "PRIMARY", "P", "ND"], "ImagedNucleus": "1H", "ImagingFrequency": 123.257839, "InPlanePhaseEncodingDirection": "ROW", "MRAcquisitionType": "2D", "MagneticFieldStrength": 3.0, "Manufacturer": "SIEMENS", "ManufacturerModelName": "Prisma", "Modality": "MR", "NumberOfAverages": 1.0, "NumberOfPhaseEncodingSteps": 100, "PercentPhaseFieldOfView": 100.0, "PercentSampling": 100.0, "PerformedProcedureStepStartTime": "124837.542000", "PhotometricInterpretation": "MONOCHROME2", "PixelBandwidth": 570.0, "PixelRepresentation": 0, "PixelSpacing": [2.0, 2.0], "ProtocolName": "field_mapping_2x2x2", "RepetitionTime": 720.0, "RescaleIntercept": -4096.0, "RescaleSlope": 2.0, "RescaleType": "US", "Rows": 100, "SAR": 0.11696721460353, "SamplesPerPixel": 1, "ScanningSequence": "GR", "SequenceName": "*fm2d2r", "SequenceVariant": "SP", "SeriesDescription": "field_mapping_2x2x2", "SeriesNumber": 7, "SeriesTime": "131950.831000", "SliceThickness": 2.0, "SoftwareVersions": "syngo MR E11", "SpacingBetweenSlices": 2.0, "SpecificCharacterSet": "ISO_IR 100", "StudyID": "1", "StudyTime": "124837.470000", "TransmitCoilName": "Body", "VariableFlipAngleFlag": "N", "WindowCenterWidthExplanation": "Algo1", "dBdt": 0.0}, "slices": {"AcquisitionTime": ["131726.025000", "131725.665000", "131726.035000", "131725.675000", "131726.045000", "131725.685000", "131726.055000", "131725.695000", "131726.065000", "131725.705000", "131726.075000", "131725.715000", "131726.085000", "131725.725000", "131726.095000", "131725.735000", "131726.105000", "131725.745000", "131726.115000", "131725.755000", "131726.125000", "131725.765000", "131726.135000", "131725.775000", "131726.145000", "131725.785000", "131726.155000", "131725.795000", "131726.165000", "131725.805000", "131726.175000", "131725.815000", "131726.185000", "131725.825000", "131726.195000", "131725.835000", "131726.205000", "131725.845000", "131726.215000", "131725.855000", "131726.225000", "131725.865000", "131726.235000", "131725.875000", "131726.245000", "131725.885000", "131726.255000", "131725.895000", "131726.265000", "131725.905000", "131726.275000", "131725.915000", "131726.285000", "131725.925000", "131726.295000", "131725.935000", "131726.305000", "131725.945000", "131726.315000", "131725.955000", "131726.325000", "131725.965000", "131726.335000", "131725.975000", "131726.345000", "131725.985000", "131726.355000", "131725.995000", "131726.365000", "131726.005000", "131726.375000", "131726.015000"], "ContentTime": ["131950.901000", "131950.833000", "131950.903000", "131950.835000", "131950.905000", "131950.837000", "131950.906000", "131950.839000", "131950.908000", "131950.841000", "131950.910000", "131950.842000", "131950.912000", "131950.844000", "131950.914000", "131950.847000", "131950.916000", "131950.849000", "131950.917000", "131950.851000", "131950.919000", "131950.852000", "131950.921000", "131950.855000", "131950.923000", "131950.857000", "131950.925000", "131950.858000", "131950.926000", "131950.860000", "131950.928000", "131950.862000", "131950.930000", "131950.864000", "131950.932000", "131950.866000", "131950.934000", "131950.868000", "131950.936000", "131950.870000", "131950.938000", "131950.872000", "131950.939000", "131950.873000", "131950.941000", "131950.875000", "131950.943000", "131950.877000", "131950.945000", "131950.879000", "131950.947000", "131950.881000", "131950.949000", "131950.883000", "131950.951000", "131950.885000", "131950.953000", "131950.886000", "131950.955000", "131950.888000", "131950.957000", "131950.890000", "131950.959000", "131950.892000", "131950.961000", "131950.894000", "131950.963000", "131950.896000", "131950.965000", "131950.897000", "131950.968000", "131950.899000"], "CsaImage.GSWDDataType": ["measured", "predicted", "measured", "predicted", "measured", "predicted", "measured", "predicted", "measured", "predicted", "measured", "predicted", "measured", "predicted", "measured", "predicted", "measured", "predicted", "measured", "predicted", "measured", "predicted", "measured", "predicted", "measured", "predicted", "measured", "predicted", "measured", "predicted", "measured", "predicted", "measured", "predicted", "measured", "predicted", "measured", "predicted", "measured", "predicted", "measured", "predicted", "measured", "predicted", "measured", "predicted", "measured", "predicted", "measured", "predicted", "measured", "predicted", "measured", "predicted", "measured", "predicted", "measured", "predicted", "measured", "predicted", "measured", "predicted", "measured", "predicted", "measured", "predicted", "measured", "measured", "measured", "measured", "measured", "measured"], "CsaImage.ICE_Dims": ["X_2_1_1_1_1_1_37_1_1_1_1_111", "X_2_1_1_1_1_1_1_1_1_2_1_111", "X_2_1_1_1_1_1_38_1_1_3_1_111", "X_2_1_1_1_1_1_2_1_1_4_1_111", "X_2_1_1_1_1_1_39_1_1_5_1_111", "X_2_1_1_1_1_1_3_1_1_6_1_111", "X_2_1_1_1_1_1_40_1_1_7_1_111", "X_2_1_1_1_1_1_4_1_1_8_1_111", "X_2_1_1_1_1_1_41_1_1_9_1_111", "X_2_1_1_1_1_1_5_1_1_10_1_111", "X_2_1_1_1_1_1_42_1_1_11_1_111", "X_2_1_1_1_1_1_6_1_1_12_1_111", "X_2_1_1_1_1_1_43_1_1_13_1_111", "X_2_1_1_1_1_1_7_1_1_14_1_111", "X_2_1_1_1_1_1_44_1_1_15_1_111", "X_2_1_1_1_1_1_8_1_1_16_1_111", "X_2_1_1_1_1_1_45_1_1_17_1_111", "X_2_1_1_1_1_1_9_1_1_18_1_111", "X_2_1_1_1_1_1_46_1_1_19_1_111", "X_2_1_1_1_1_1_10_1_1_20_1_111", "X_2_1_1_1_1_1_47_1_1_21_1_111", "X_2_1_1_1_1_1_11_1_1_22_1_111", "X_2_1_1_1_1_1_48_1_1_23_1_111", "X_2_1_1_1_1_1_12_1_1_24_1_111", "X_2_1_1_1_1_1_49_1_1_25_1_111", "X_2_1_1_1_1_1_13_1_1_26_1_111", "X_2_1_1_1_1_1_50_1_1_27_1_111", "X_2_1_1_1_1_1_14_1_1_28_1_111", "X_2_1_1_1_1_1_51_1_1_29_1_111", "X_2_1_1_1_1_1_15_1_1_30_1_111", "X_2_1_1_1_1_1_52_1_1_31_1_111", "X_2_1_1_1_1_1_16_1_1_32_1_111", "X_2_1_1_1_1_1_53_1_1_33_1_111", "X_2_1_1_1_1_1_17_1_1_34_1_111", "X_2_1_1_1_1_1_54_1_1_35_1_111", "X_2_1_1_1_1_1_18_1_1_36_1_111", "X_2_1_1_1_1_1_55_1_1_37_1_111", "X_2_1_1_1_1_1_19_1_1_38_1_111", "X_2_1_1_1_1_1_56_1_1_39_1_111", "X_2_1_1_1_1_1_20_1_1_40_1_111", "X_2_1_1_1_1_1_57_1_1_41_1_111", "X_2_1_1_1_1_1_21_1_1_42_1_111", "X_2_1_1_1_1_1_58_1_1_43_1_111", "X_2_1_1_1_1_1_22_1_1_44_1_111", "X_2_1_1_1_1_1_59_1_1_45_1_111", "X_2_1_1_1_1_1_23_1_1_46_1_111", "X_2_1_1_1_1_1_60_1_1_47_1_111", "X_2_1_1_1_1_1_24_1_1_48_1_111", "X_2_1_1_1_1_1_61_1_1_49_1_111", "X_2_1_1_1_1_1_25_1_1_50_1_111", "X_2_1_1_1_1_1_62_1_1_51_1_111", "X_2_1_1_1_1_1_26_1_1_52_1_111", "X_2_1_1_1_1_1_63_1_1_53_1_111", "X_2_1_1_1_1_1_27_1_1_54_1_111", "X_2_1_1_1_1_1_64_1_1_55_1_111", "X_2_1_1_1_1_1_28_1_1_56_1_111", "X_2_1_1_1_1_1_65_1_1_57_1_111", "X_2_1_1_1_1_1_29_1_1_58_1_111", "X_2_1_1_1_1_1_66_1_1_59_1_111", "X_2_1_1_1_1_1_30_1_1_60_1_111", "X_2_1_1_1_1_1_67_1_1_61_1_111", "X_2_1_1_1_1_1_31_1_1_62_1_111", "X_2_1_1_1_1_1_68_1_1_63_1_111", "X_2_1_1_1_1_1_32_1_1_64_1_111", "X_2_1_1_1_1_1_69_1_1_65_1_111", "X_2_1_1_1_1_1_33_1_1_66_1_111", "X_2_1_1_1_1_1_70_1_1_67_1_111", "X_2_1_1_1_1_1_34_1_1_68_1_111", "X_2_1_1_1_1_1_71_1_1_69_1_111", "X_2_1_1_1_1_1_35_1_1_70_1_111", "X_2_1_1_1_1_1_72_1_1_71_1_111", "X_2_1_1_1_1_1_36_1_1_72_1_111"], "CsaImage.ProtocolSliceNumber": [0, 1, 2, 3, 4, 5, 6, 7, 8, 9, 10, 11, 12, 13, 14, 15, 16, 17, 18, 19, 20, 21, 22, 23, 24, 25, 26, 27, 28, 29, 30, 31, 32, 33, 34, 35, 36, 37, 38, 39, 40, 41, 42, 43, 44, 45, 46, 47, 48, 49, 50, 51, 52, 53, 54, 55, 56, 57, 58, 59, 60, 61, 62, 63, 64, 65, 66, 67, 68, 69, 70, 71], "CsaImage.RFSWDDataType": ["measured", "predicted", "measured", "predicted", "measured", "predicted", "measured", "predicted", "measured", "predicted", "measured", "predicted", "measured", "predicted", "measured", "predicted", "measured", "predicted", "measured", "predicted", "measured", "predicted", "measured", "predicted", "measured", "predicted", "measured", "predicted", "measured", "predicted", "measured", "predicted", "measured", "predicted", "measured", "predicted", "measured", "predicted", "measured", "predicted", "measured", "predicted", "measured", "predicted", "measured", "predicted", "measured", "predicted", "measured", "predicted", "measured", "predicted", "measured", "predicted", "measured", "predicted", "measured", "predicted", "measured", "predicted", "measured", "predicted", "measured", "measured", "measured", "measured", "measured", "measured", "measured", "measured", "measured", "measured"], "CsaImage.SlicePosition_PCS": [[-105.4148468, -120.3546813, -56.40617027], [-105.4121746, -119.9765685, -54.44224205], [-105.4095024, -119.59845571, -52.47831383], [-105.40682973, -119.22034482, -50.51437798], [-105.40415754, -118.84223203, -48.55044975], [-105.40148486, -118.46411924, -46.58652153], [-105.39881267, -118.08600644, -44.62258949], [-105.39614047, -117.70789556, -42.65865746], [-105.3934678, -117.32978277, -40.69472923], [-105.39079561, -116.95166997, -38.7307972], [-105.38812341, -116.57355718, -36.76686516], [-105.38545074, -116.19544439, -34.80293694], [-105.38277854, -115.8173335, -32.8390049], [-105.38010587, -115.43922071, -30.87507286], [-105.37743368, -115.06110792, -28.91114464], [-105.37476148, -114.68299512, -26.9472126], [-105.37208881, -114.30488424, -24.98328056], [-105.36941661, -113.92677049, -23.01935234], [-105.36674394, -113.54865865, -21.0554203], [-105.36407174, -113.17054586, -19.09148827], [-105.36139955, -112.79243402, -17.12756004], [-105.35872688, -112.41432123, -15.16362801], [-105.35605468, -112.03620939, -13.19969597], [-105.35338201, -111.65809659, -11.23576775], [-105.35070981, -111.2799838, -9.27183571], [-105.34803762, -110.90187196, -7.30790558], [-105.34536495, -110.52375917, -5.34397545], [-105.34269275, -110.14564733, -3.38004341], [-105.34002055, -109.76753454, -1.41611328], [-105.33734788, -109.3894227, 0.54781685], [-105.33467569, -109.0113099, 2.51174889], [-105.33200301, -108.63319711, 4.47567902], [-105.32933082, -108.25508527, 6.43960915], [-105.32665862, -107.87697248, 8.40354023], [-105.32398595, -107.49886064, 10.36747131], [-105.32131376, -107.12074785, 12.33140192], [-105.31864108, -106.74263601, 14.29533253], [-105.31596889, -106.36452321, 16.25926313], [-105.31329669, -105.9864109, 18.22319392], [-105.31062402, -105.60829858, 20.18712459], [-105.30795183, -105.23018627, 22.15105543], [-105.30527915, -104.85207395, 24.11498604], [-105.30260696, -104.47396116, 26.07891664], [-105.29993476, -104.09584884, 28.04284725], [-105.29726209, -103.71773652, 30.00677833], [-105.29458989, -103.33962421, 31.97070942], [-105.2919177, -102.96151189, 33.93463955], [-105.28924503, -102.58339958, 35.89857063], [-105.28657283, -102.20528726, 37.86250076], [-105.28390016, -101.82717471, 39.8264328], [-105.28122796, -101.44906239, 41.79036293], [-105.27855577, -101.07095007, 43.75429306], [-105.2758831, -100.69283752, 45.71822319], [-105.2732109, -100.3147252, 47.68215523], [-105.27053823, -99.93661277, 49.64608536], [-105.26786603, -99.55850045, 51.61001549], [-105.26519384, -99.18038802, 53.57394752], [-105.26252117, -98.8022757, 55.53787575], [-105.25984897, -98.42416329, 57.50180778], [-105.25717677, -98.04605092, 59.46573982], [-105.2545041, -97.66793851, 61.42966804], [-105.25183191, -97.28982614, 63.39360008], [-105.24915923, -96.91171376, 65.35753212], [-105.24648704, -96.53360144, 67.32146034], [-105.24381484, -96.15548901, 69.28539238], [-105.24114217, -95.77737669, 71.24932442], [-105.23846998, -95.39926414, 73.21325264], [-105.2357973, -95.02115182, 75.17718468], [-105.23312511, -94.64303951, 77.14111671], [-105.23045291, -94.26492719, 79.10504494], [-105.22778024, -93.88681487, 81.06897697], [-105.22510804, -93.50870256, 83.03290901]], "CsaImage.TimeAfterStart": [1.0825, 0.7225, 1.0925, 0.7325, 1.1025, 0.7425, 1.1125, 0.7525, 1.1225, 0.7625, 1.1325, 0.7725, 1.1425, 0.7825, 1.1525, 0.7925, 1.1625, 0.8025, 1.1725, 0.8125, 1.1825, 0.8225, 1.1925, 0.8325, 1.2025, 0.8425, 1.2125, 0.8525, 1.2225, 0.8625, 1.2325, 0.8725, 1.2425, 0.8825, 1.2525, 0.8925, 1.2625, 0.9025, 1.2725, 0.9125, 1.2825, 0.9225, 1.2925, 0.9325, 1.3025, 0.9425, 1.3125, 0.9525, 1.3225, 0.9625, 1.3325, 0.9725, 1.3425, 0.9825, 1.3525, 0.9925, 1.3625, 1.0025, 1.3725, 1.0125, 1.3825, 1.0225, 1.3925, 1.0325, 1.4025, 1.0425, 1.4125, 1.0525, 1.4225, 1.0625, 1.4325, 1.0725], "ImagePositionPatient": [[-105.41484679532, -120.35468129519, -56.406170273793], [-105.41217459989, -119.97656850222, -54.442242051137], [-105.40950240445, -119.59845570925, -52.478313828481], [-105.40682973218, -119.22034482363, -50.51437797643], [-105.40415753675, -118.84223203066, -48.550449753774], [-105.40148486448, -118.46411923769, -46.586521531117], [-105.39881266904, -118.08600644472, -44.622589493764], [-105.39614047361, -117.7078955591, -42.65865745641], [-105.39346780134, -117.32978276613, -40.694729233754], [-105.3907956059, -116.95166997317, -38.730797196401], [-105.38812341047, -116.5735571802, -36.766865159047], [-105.3854507382, -116.19544438723, -34.802936936391], [-105.38277854276, -115.81733350161, -32.839004899037], [-105.38010587049, -115.43922070864, -30.875072861684], [-105.37743367505, -115.06110791567, -28.911144639028], [-105.37476147962, -114.6829951227, -26.947212601674], [-105.37208880735, -114.30488423708, -24.983280564321], [-105.36941661191, -113.92677049044, -23.019352341664], [-105.36674393964, -113.54865865114, -21.055420304311], [-105.36407174421, -113.17054585818, -19.091488266957], [-105.36139954877, -112.79243401888, -17.127560044301], [-105.3587268765, -112.41432122591, -15.163628006947], [-105.35605468107, -112.03620938662, -13.199695969594], [-105.35338200879, -111.65809659365, -11.235767746938], [-105.35070981336, -111.27998380068, -9.2718357095842], [-105.34803761793, -110.90187196139, -7.3079055795793], [-105.34536494565, -110.52375916842, -5.3439754495744], [-105.34269275022, -110.14564732912, -3.3800434122209], [-105.34002055478, -109.76753453615, -1.416113282216], [-105.33734788251, -109.38942269686, 0.54781684778884], [-105.33467568708, -109.01130990389, 2.5117488851424], [-105.33200301481, -108.63319711092, 4.4756790151472], [-105.32933081937, -108.25508527163, 6.4396091451521], [-105.32665862394, -107.87697247866, 8.4035402288313], [-105.32398595167, -107.49886063936, 10.367471312511], [-105.32131375623, -107.1207478464, 12.331401919353], [-105.31864108396, -106.7426360071, 14.295332526195], [-105.31596888852, -106.36452321413, 16.259263133037], [-105.31329669309, -105.986410898, 18.223193918693], [-105.31062402082, -105.60829858187, 20.187124585139], [-105.30795182538, -105.23018626574, 22.1510554304], [-105.30527915311, -104.85207394961, 24.114986037242], [-105.30260695768, -104.47396115664, 26.078916644084], [-105.29993476224, -104.09584884051, 28.042847250926], [-105.29726208997, -103.71773652437, 30.006778334605], [-105.29458989454, -103.33962420824, 31.970709418284], [-105.2919176991, -102.96151189211, 33.934639548289], [-105.28924502683, -102.58339957598, 35.898570631969], [-105.2865728314, -102.20528725985, 37.862500761973], [-105.28390015912, -101.8271747053, 39.826432799327], [-105.28122796369, -101.44906238917, 41.790362929332], [-105.27855576825, -101.07095007303, 43.754293059337], [-105.27588309598, -100.69283751848, 45.718223189342], [-105.27321090055, -100.31472520235, 47.682155226695], [-105.27053822828, -99.936612767012, 49.6460853567], [-105.26786603284, -99.558500450881, 51.610015486705], [-105.26519383741, -99.18038801554, 53.573947524058], [-105.26252116514, -98.802275699408, 55.537875746715], [-105.2598489697, -98.42416329387, 57.501807784068], [-105.25717677427, -98.046050918133, 59.465739821422], [-105.254504102, -97.667938512595, 61.429668044078], [-105.25183190656, -97.289826136859, 63.393600081431], [-105.24915923429, -96.911713761122, 65.357532118785], [-105.24648703885, -96.533601444991, 67.321460341441], [-105.24381484342, -96.15548900965, 69.285392378795], [-105.24114217115, -95.777376693518, 71.249324416148], [-105.23846997571, -95.399264138968, 73.213252638804], [-105.23579730344, -95.021151822837, 75.177184676158], [-105.23312510801, -94.643039506705, 77.141116713511], [-105.23045291257, -94.264927190573, 79.105044936168], [-105.2277802403, -93.886814874442, 81.068976973521], [-105.22510804487, -93.50870255831, 83.032909010875]], "InstanceCreationTime": ["131950.901000", "131950.833000", "131950.903000", "131950.835000", "131950.905000", "131950.837000", "131950.906000", "131950.839000", "131950.908000", "131950.841000", "131950.910000", "131950.842000", "131950.912000", "131950.844000", "131950.914000", "131950.847000", "131950.916000", "131950.849000", "131950.917000", "131950.851000", "131950.919000", "131950.852000", "131950.921000", "131950.855000", "131950.923000", "131950.857000", "131950.925000", "131950.858000", "131950.926000", "131950.860000", "131950.928000", "131950.862000", "131950.930000", "131950.864000", "131950.932000", "131950.866000", "131950.934000", "131950.868000", "131950.936000", "131950.870000", "131950.938000", "131950.872000", "131950.939000", "131950.873000", "131950.941000", "131950.875000", "131950.943000", "131950.877000", "131950.945000", "131950.879000", "131950.947000", "131950.881000", "131950.949000", "131950.883000", "131950.951000", "131950.885000", "131950.953000", "131950.886000", "131950.955000", "131950.888000", "131950.957000", "131950.890000", "131950.959000", "131950.892000", "131950.961000", "131950.894000", "131950.963000", "131950.896000", "131950.965000", "131950.897000", "131950.968000", "131950.899000"], "InstanceNumber": [1, 2, 3, 4, 5, 6, 7, 8, 9, 10, 11, 12, 13, 14, 15, 16, 17, 18, 19, 20, 21, 22, 23, 24, 25, 26, 27, 28, 29, 30, 31, 32, 33, 34, 35, 36, 37, 38, 39, 40, 41, 42, 43, 44, 45, 46, 47, 48, 49, 50, 51, 52, 53, 54, 55, 56, 57, 58, 59, 60, 61, 62, 63, 64, 65, 66, 67, 68, 69, 70, 71, 72], "LargestImagePixelValue": [4094, 4095, 4092, 4093, 4095, 4093, 4094, 4095, 4095, 4093, 4094, 4095, 4089, 4095, 4094, 4094, 4095, 4094, 4095, 4093, 4095, 4094, 4095, 4091, 4093, 4094, 4094, 4092, 4093, 4095, 4095, 4094, 4090, 4086, 4088, 4095, 4095, 4094, 4091, 4090, 4093, 4081, 4091, 4090, 4093, 4095, 4084, 4094, 4095, 4087, 4094, 4095, 4095, 4092, 4094, 4095, 4094, 4095, 4093, 4095, 4091, 4094, 4094, 4094, 4094, 4094, 4095, 4091, 4094, 4094, 4094, 4095], "SliceLocation": [-78.283557761266, -76.283560139122, -74.283562516979, -72.283557762993, -70.283560140849, -68.283562518068, -66.283561150024, -64.283560142576, -62.283562519795, -60.283561151751, -58.283559783707, -56.283562160926, -54.283561153478, -52.283559784797, -50.283562162653, -48.283560794609, -46.283559786524, -44.283561984082, -42.283560795699, -40.283559427655, -38.283561985809, -36.283560617128, -34.283559429382, -32.283561806601, -30.283560438557, -28.283561123761, -26.28356162803, -24.283560440284, -22.28356094519, -20.283561629757, -18.283560261713, -16.283560765982, -14.283561451186, -12.283561019617, -10.283560767709, -8.2835608043775, -6.283561020707, -4.2835610573755, -2.283561008604, -0.2835610762547, 1.7164390310465, 3.7164389048661, 5.7164388681975, 7.71643874138, 9.7164390834371, 11.716439424857, 13.716438829802, 15.716439171859, 17.716438576804, 19.716439900411, 21.716439305356, 23.716438710301, 25.716438160957, 27.716439438852, 29.716438866971, 31.716438271916, 33.716439572349, 35.71643710498, 37.716438399779, 39.716439688942, 41.716437238477, 43.716438527641, 45.716439817442, 47.716437349436, 49.716438649869, 51.716439928401, 53.71643750547, 55.716438784002, 57.716440061897, 59.716437593892, 61.716438872424, 63.716440150319], "SmallestImagePixelValue": [0, 0, 0, 0, 0, 0, 2, 0, 1, 0, 0, 0, 0, 1, 1, 0, 0, 0, 0, 0, 0, 5, 0, 0, 0, 0, 1, 0, 3, 5, 0, 10, 0, 0, 2, 0, 0, 2, 0, 0, 0, 0, 1, 1, 1, 3, 4, 2, 3, 2, 9, 0, 0, 2, 0, 0, 0, 0, 1, 0, 0, 0, 2, 0, 1, 1, 0, 0, 0, 0, 0, 0], "WindowCenter": [-190.0, -182.0, -200.0, -198.0, -188.0, -242.0, -246.0, -232.0, -214.0, -140.0, -106.0, -64.0, -140.0, -114.0, -124.0, -152.0, -184.0, -232.0, -238.0, -246.0, -266.0, -238.0, -246.0, -226.0, -248.0, -250.0, -262.0, -258.0, -248.0, -218.0, -250.0, -236.0, -272.0, -216.0, -198.0, -154.0, -130.0, -116.0, -136.0, -98.0, -158.0, -254.0, -244.0, -88.0, -98.0, -200.0, -188.0, -188.0, -164.0, -158.0, -156.0, -148.0, -164.0, -190.0, -200.0, -228.0, -90.0, -92.0, -74.0, -88.0, -82.0, -86.0, -66.0, -62.0, -116.0, -98.0, -150.0, -166.0, -236.0, -252.0, -280.0, -274.0], "WindowWidth": [5942.0, 6062.0, 6112.0, 6156.0, 6252.0, 6232.0, 6220.0, 6282.0, 6276.0, 6344.0, 6338.0, 6440.0, 6356.0, 6368.0, 6428.0, 6468.0, 6396.0, 6334.0, 6276.0, 6228.0, 6156.0, 6112.0, 6060.0, 6038.0, 5934.0, 5878.0, 5850.0, 5722.0, 5658.0, 5602.0, 5490.0, 5426.0, 5346.0, 5570.0, 5522.0, 5506.0, 5466.0, 5416.0, 5318.0, 5422.0, 5060.0, 4620.0, 4610.0, 5252.0, 5064.0, 4576.0, 4574.0, 4584.0, 4570.0, 4566.0, 4580.0, 4582.0, 4612.0, 4634.0, 4650.0, 4666.0, 5220.0, 5270.0, 5586.0, 5606.0, 5702.0, 5844.0, 5932.0, 5952.0, 5976.0, 5996.0, 6036.0, 6070.0, 6086.0, 6100.0, 6138.0, 6118.0]}}, "IntendedFor": ["ses-1/func/sub-18_ses-1_task-motor_run-02_bold.nii.gz", "ses-1/func/sub-18_ses-1_task-motor_run-04_bold.nii.gz", "ses-1/func/sub-18_ses-1_task-motor_run-06_bold.nii.gz", "ses-1/func/sub-18_ses-1_task-motor_run-01_bold.nii.gz", "ses-1/func/sub-18_ses-1_task-motor_run-05_bold.nii.gz", "ses-1/func/sub-18_ses-1_task-motor_run-03_bold.nii.gz"]}