{"AcquisitionMatrixPE": 100, "AcquisitionNumber": 1, "AcquisitionTime": "10:59:17.297500", "BaseResolution": 100, "BodyPartExamined": "BRAIN", "ConsistencyInfo": "N4_VE11C_LATEST_20160120", "ConversionSoftware": "dcm2niix", "ConversionSoftwareVersion": "v1.0.20180622 GCC4.9.2", "DeviceSerialNumber": "166078", "DwellTime": 8.8e-06, "EchoNumber": 2, "EchoTime": 0.00738, "EchoTime1": 0.00492, "EchoTime2": 0.00738, "FlipAngle": 60, "ImageOrientationPatientDICOM": [0.999815, 0.0192095, 0.000247926, -0.0191974, 0.998535, 0.0505874], "ImageType": ["ORIGINAL", "PRIMARY", "P", "ND"], "InPlanePhaseEncodingDirectionDICOM": "ROW", "InstitutionAddress": "Street_StreetNo_Bei_Jing_District_CN_ZIP", "InstitutionName": "BeiJing_Normal_University", "InstitutionalDepartmentName": "Department", "MRAcquisitionType": "2D", "MagneticFieldStrength": 3, "Manufacturer": "Siemens", "ManufacturersModelName": "Prisma", "Modality": "MR", "PartialFourier": 1, "PatientPosition": "HFS", "PercentPhaseFOV": 100, "PhaseEncodingDirection": "i", "PhaseEncodingSteps": 100, "PhaseResolution": 1, "PixelBandwidth": 570, "ProcedureStepDescription": "BNU_P2018_64CH_Liu.Jia", "ProtocolName": "field_mapping_2x2x2", "PulseSequenceDetails": "%SiemensSeq%_gre_field_mapping", "ReceiveCoilActiveElements": "HC1-7;NC1", "ReceiveCoilName": "HeadNeck_64", "ReconMatrixPE": 100, "RepetitionTime": 0.72, "SAR": 0.126277, "ScanningSequence": "GR", "SequenceName": "_fm2d2r", "SequenceVariant": "SP", "SeriesDescription": "field_mapping_2x2x2", "SeriesNumber": 7, "ShimSetting": [-5468, -11514, -1290, 447, 1, -233, -134, 52], "SliceThickness": 2, "SoftwareVersions": "syngo_MR_E11", "SpacingBetweenSlices": 2, "StationName": "AWP166078", "TxRefAmp": 221.157, "dcmmeta_affine": [[-1.9996309280395508, -0.03839487209916115, -0.0014483928680419922, 103.22064971923828], [-0.038418982177972794, 1.9970701932907104, 0.101165771484375, -91.3785171508789], [0.0004958510398864746, -0.10117480158805847, 1.9974403381347656, -70.91107177734375], [0.0, 0.0, 0.0, 1.0]], "dcmmeta_reorient_transform": [[0.0, -1.0, 0.0, 99.0], [1.0, 0.0, 0.0, 0.0], [0.0, 0.0, -1.0, 71.0], [0.0, 0.0, 0.0, 1.0]], "dcmmeta_shape": [100, 100, 72], "dcmmeta_slice_dim": 2, "dcmmeta_version": 0.6, "global": {"const": {"AcquisitionMatrix": [0, 100, 100, 0], "AcquisitionNumber": 1, "AngioFlag": "N", "BitsAllocated": 16, "BitsStored": 12, "BodyPartExamined": "BRAIN", "Columns": 100, "EchoNumbers": 2, "EchoTime": 7.38, "EchoTrainLength": 0, "FlipAngle": 60.0, "HighBit": 11, "ImageOrientationPatient": [0.99981544996687, 0.01920949089577, 0.00024792552329, -0.0191974359709, 0.99853511368395, 0.0505874015178], "ImageType": ["ORIGINAL", "PRIMARY", "P", "ND"], "ImagedNucleus": "1H", "ImagingFrequency": 123.257846, "InPlanePhaseEncodingDirection": "ROW", "MRAcquisitionType": "2D", "MagneticFieldStrength": 3.0, "Manufacturer": "SIEMENS", "ManufacturerModelName": "Prisma", "Modality": "MR", "NumberOfAverages": 1.0, "NumberOfPhaseEncodingSteps": 100, "PercentPhaseFieldOfView": 100.0, "PercentSampling": 100.0, "PerformedProcedureStepStartTime": "103015.322000", "PhotometricInterpretation": "MONOCHROME2", "PixelBandwidth": 570.0, "PixelRepresentation": 0, "PixelSpacing": [2.0, 2.0], "ProtocolName": "field_mapping_2x2x2", "RepetitionTime": 720.0, "RescaleIntercept": -4096.0, "RescaleSlope": 2.0, "RescaleType": "US", "Rows": 100, "SAR": 0.12627746973338, "SamplesPerPixel": 1, "ScanningSequence": "GR", "SequenceName": "*fm2d2r", "SequenceVariant": "SP", "SeriesDescription": "field_mapping_2x2x2", "SeriesNumber": 7, "SeriesTime": "110142.257000", "SliceThickness": 2.0, "SoftwareVersions": "syngo MR E11", "SpacingBetweenSlices": 2.0, "SpecificCharacterSet": "ISO_IR 100", "StudyID": "1", "StudyTime": "103015.223000", "TransmitCoilName": "Body", "VariableFlipAngleFlag": "N", "WindowCenterWidthExplanation": "Algo1", "dBdt": 0.0}, "slices": {"AcquisitionTime": ["105917.297500", "105916.937500", "105917.307500", "105916.947500", "105917.317500", "105916.957500", "105917.327500", "105916.967500", "105917.337500", "105916.977500", "105917.347500", "105916.987500", "105917.357500", "105916.997500", "105917.367500", "105917.007500", "105917.377500", "105917.017500", "105917.387500", "105917.027500", "105917.397500", "105917.037500", "105917.407500", "105917.047500", "105917.417500", "105917.057500", "105917.427500", "105917.067500", "105917.437500", "105917.077500", "105917.447500", "105917.087500", "105917.457500", "105917.097500", "105917.467500", "105917.107500", "105917.477500", "105917.117500", "105917.487500", "105917.127500", "105917.497500", "105917.137500", "105917.507500", "105917.147500", "105917.517500", "105917.157500", "105917.527500", "105917.167500", "105917.537500", "105917.177500", "105917.547500", "105917.187500", "105917.557500", "105917.197500", "105917.567500", "105917.207500", "105917.577500", "105917.217500", "105917.587500", "105917.227500", "105917.597500", "105917.237500", "105917.607500", "105917.247500", "105917.617500", "105917.257500", "105917.627500", "105917.267500", "105917.637500", "105917.277500", "105917.647500", "105917.287500"], "ContentTime": ["110142.327000", "110142.259000", "110142.329000", "110142.261000", "110142.331000", "110142.262000", "110142.333000", "110142.264000", "110142.335000", "110142.266000", "110142.337000", "110142.268000", "110142.338000", "110142.270000", "110142.340000", "110142.272000", "110142.342000", "110142.273000", "110142.344000", "110142.275000", "110142.346000", "110142.277000", "110142.347000", "110142.279000", "110142.349000", "110142.281000", "110142.351000", "110142.283000", "110142.353000", "110142.285000", "110142.355000", "110142.287000", "110142.357000", "110142.288000", "110142.358000", "110142.290000", "110142.360000", "110142.292000", "110142.362000", "110142.294000", "110142.364000", "110142.296000", "110142.366000", "110142.298000", "110142.367000", "110142.299000", "110142.369000", "110142.301000", "110142.371000", "110142.303000", "110142.373000", "110142.305000", "110142.375000", "110142.307000", "110142.376000", "110142.311000", "110142.378000", "110142.313000", "110142.380000", "110142.315000", "110142.382000", "110142.317000", "110142.384000", "110142.318000", "110142.386000", "110142.320000", "110142.387000", "110142.322000", "110142.389000", "110142.324000", "110142.391000", "110142.326000"], "CsaImage.GSWDDataType": ["measured", "predicted", "measured", "predicted", "measured", "predicted", "measured", "predicted", "measured", "predicted", "measured", "predicted", "measured", "predicted", "measured", "predicted", "measured", "predicted", "measured", "predicted", "measured", "predicted", "measured", "predicted", "measured", "predicted", "measured", "predicted", "measured", "predicted", "measured", "predicted", "measured", "predicted", "measured", "predicted", "measured", "predicted", "measured", "predicted", "measured", "predicted", "measured", "predicted", "measured", "predicted", "measured", "predicted", "measured", "predicted", "measured", "predicted", "measured", "predicted", "measured", "predicted", "measured", "predicted", "measured", "measured", "measured", "measured", "measured", "measured", "measured", "measured", "measured", "measured", "measured", "measured", "measured", "measured"], "CsaImage.ICE_Dims": ["X_2_1_1_1_1_1_37_1_1_1_1_53", "X_2_1_1_1_1_1_1_1_1_2_1_53", "X_2_1_1_1_1_1_38_1_1_3_1_53", "X_2_1_1_1_1_1_2_1_1_4_1_53", "X_2_1_1_1_1_1_39_1_1_5_1_53", "X_2_1_1_1_1_1_3_1_1_6_1_53", "X_2_1_1_1_1_1_40_1_1_7_1_53", "X_2_1_1_1_1_1_4_1_1_8_1_53", "X_2_1_1_1_1_1_41_1_1_9_1_53", "X_2_1_1_1_1_1_5_1_1_10_1_53", "X_2_1_1_1_1_1_42_1_1_11_1_53", "X_2_1_1_1_1_1_6_1_1_12_1_53", "X_2_1_1_1_1_1_43_1_1_13_1_53", "X_2_1_1_1_1_1_7_1_1_14_1_53", "X_2_1_1_1_1_1_44_1_1_15_1_53", "X_2_1_1_1_1_1_8_1_1_16_1_53", "X_2_1_1_1_1_1_45_1_1_17_1_53", "X_2_1_1_1_1_1_9_1_1_18_1_53", "X_2_1_1_1_1_1_46_1_1_19_1_53", "X_2_1_1_1_1_1_10_1_1_20_1_53", "X_2_1_1_1_1_1_47_1_1_21_1_53", "X_2_1_1_1_1_1_11_1_1_22_1_53", "X_2_1_1_1_1_1_48_1_1_23_1_53", "X_2_1_1_1_1_1_12_1_1_24_1_53", "X_2_1_1_1_1_1_49_1_1_25_1_53", "X_2_1_1_1_1_1_13_1_1_26_1_53", "X_2_1_1_1_1_1_50_1_1_27_1_53", "X_2_1_1_1_1_1_14_1_1_28_1_53", "X_2_1_1_1_1_1_51_1_1_29_1_53", "X_2_1_1_1_1_1_15_1_1_30_1_53", "X_2_1_1_1_1_1_52_1_1_31_1_53", "X_2_1_1_1_1_1_16_1_1_32_1_53", "X_2_1_1_1_1_1_53_1_1_33_1_53", "X_2_1_1_1_1_1_17_1_1_34_1_53", "X_2_1_1_1_1_1_54_1_1_35_1_53", "X_2_1_1_1_1_1_18_1_1_36_1_53", "X_2_1_1_1_1_1_55_1_1_37_1_53", "X_2_1_1_1_1_1_19_1_1_38_1_53", "X_2_1_1_1_1_1_56_1_1_39_1_53", "X_2_1_1_1_1_1_20_1_1_40_1_53", "X_2_1_1_1_1_1_57_1_1_41_1_53", "X_2_1_1_1_1_1_21_1_1_42_1_53", "X_2_1_1_1_1_1_58_1_1_43_1_53", "X_2_1_1_1_1_1_22_1_1_44_1_53", "X_2_1_1_1_1_1_59_1_1_45_1_53", "X_2_1_1_1_1_1_23_1_1_46_1_53", "X_2_1_1_1_1_1_60_1_1_47_1_53", "X_2_1_1_1_1_1_24_1_1_48_1_53", "X_2_1_1_1_1_1_61_1_1_49_1_53", "X_2_1_1_1_1_1_25_1_1_50_1_53", "X_2_1_1_1_1_1_62_1_1_51_1_53", "X_2_1_1_1_1_1_26_1_1_52_1_53", "X_2_1_1_1_1_1_63_1_1_53_1_53", "X_2_1_1_1_1_1_27_1_1_54_1_53", "X_2_1_1_1_1_1_64_1_1_55_1_53", "X_2_1_1_1_1_1_28_1_1_56_1_53", "X_2_1_1_1_1_1_65_1_1_57_1_53", "X_2_1_1_1_1_1_29_1_1_58_1_53", "X_2_1_1_1_1_1_66_1_1_59_1_53", "X_2_1_1_1_1_1_30_1_1_60_1_53", "X_2_1_1_1_1_1_67_1_1_61_1_53", "X_2_1_1_1_1_1_31_1_1_62_1_53", "X_2_1_1_1_1_1_68_1_1_63_1_53", "X_2_1_1_1_1_1_32_1_1_64_1_53", "X_2_1_1_1_1_1_69_1_1_65_1_53", "X_2_1_1_1_1_1_33_1_1_66_1_53", "X_2_1_1_1_1_1_70_1_1_67_1_53", "X_2_1_1_1_1_1_34_1_1_68_1_53", "X_2_1_1_1_1_1_71_1_1_69_1_53", "X_2_1_1_1_1_1_35_1_1_70_1_53", "X_2_1_1_1_1_1_72_1_1_71_1_53", "X_2_1_1_1_1_1_36_1_1_72_1_53"], "CsaImage.ProtocolSliceNumber": [0, 1, 2, 3, 4, 5, 6, 7, 8, 9, 10, 11, 12, 13, 14, 15, 16, 17, 18, 19, 20, 21, 22, 23, 24, 25, 26, 27, 28, 29, 30, 31, 32, 33, 34, 35, 36, 37, 38, 39, 40, 41, 42, 43, 44, 45, 46, 47, 48, 49, 50, 51, 52, 53, 54, 55, 56, 57, 58, 59, 60, 61, 62, 63, 64, 65, 66, 67, 68, 69, 70, 71], "CsaImage.RFSWDDataType": ["measured", "predicted", "measured", "predicted", "measured", "predicted", "measured", "predicted", "measured", "predicted", "measured", "predicted", "measured", "predicted", "measured", "predicted", "measured", "predicted", "measured", "predicted", "measured", "predicted", "measured", "predicted", "measured", "predicted", "measured", "predicted", "measured", "predicted", "measured", "predicted", "measured", "predicted", "measured", "predicted", "measured", "predicted", "measured", "predicted", "measured", "predicted", "measured", "predicted", "measured", "predicted", "measured", "predicted", "measured", "predicted", "measured", "predicted", "measured", "predicted", "measured", "predicted", "measured", "measured", "measured", "measured", "measured", "measured", "measured", "measured", "measured", "measured", "measured", "measured", "measured", "measured", "measured", "measured"], "CsaImage.SlicePosition_PCS": [[-99.41956004, -106.33144536, -80.92729796], [-99.41811165, -106.43261113, -78.92986144], [-99.41666326, -106.53377643, -76.93241729], [-99.41521486, -106.6349422, -74.93498076], [-99.41376647, -106.73610797, -72.93754424], [-99.41231808, -106.83727374, -70.94010009], [-99.41086968, -106.93843951, -68.94266356], [-99.40942129, -107.03960481, -66.94522323], [-99.4079729, -107.14077058, -64.9477867], [-99.40652451, -107.24193635, -62.95034636], [-99.40507611, -107.34310212, -60.95290603], [-99.40362772, -107.44426742, -58.95546569], [-99.40217933, -107.54543319, -56.95802916], [-99.40073093, -107.64659896, -54.96058883], [-99.39928254, -107.74776473, -52.96314849], [-99.39783415, -107.84893002, -50.96571196], [-99.39638575, -107.9500958, -48.96827163], [-99.39493736, -108.05126157, -46.97083129], [-99.39348897, -108.15242734, -44.97339476], [-99.39204058, -108.25359263, -42.97595443], [-99.39059218, -108.3547584, -40.97851409], [-99.38914379, -108.45592418, -38.98107375], [-99.3876954, -108.55708995, -36.98363532], [-99.386247, -108.65825524, -34.98619689], [-99.38479861, -108.75942101, -32.98875846], [-99.38335022, -108.86058679, -30.99131812], [-99.38190183, -108.96175256, -28.99387969], [-99.38045343, -109.06291785, -26.99643935], [-99.37900504, -109.16408362, -24.99900092], [-99.37755665, -109.26524939, -23.00156249], [-99.37610825, -109.36641517, -21.00412215], [-99.37465986, -109.46758046, -19.00668277], [-99.37321147, -109.56874623, -17.00924434], [-99.37176308, -109.669912, -15.01180495], [-99.37031468, -109.77107778, -13.01436557], [-99.36886629, -109.87224355, -11.01692618], [-99.3674179, -109.97340932, -9.01948704], [-99.3659695, -110.07457414, -7.02204789], [-99.36452111, -110.17573991, -5.0246087], [-99.36307272, -110.27690568, -3.0271696], [-99.36162433, -110.37807145, -1.02973021], [-99.36017593, -110.47923722, 0.96770917], [-99.35872754, -110.58040299, 2.96514856], [-99.35727915, -110.68156876, 4.96258699], [-99.35583075, -110.78273454, 6.96002637], [-99.35438236, -110.88390031, 8.95746575], [-99.35293397, -110.98506513, 10.95490419], [-99.35148558, -111.0862309, 12.95234452], [-99.35003718, -111.18739667, 14.94978295], [-99.34858879, -111.28856244, 16.94722329], [-99.3471404, -111.38972821, 18.94466172], [-99.345692, -111.49089398, 20.94210015], [-99.34424361, -111.59205975, 22.93954049], [-99.34279522, -111.69322553, 24.93697892], [-99.34134683, -111.79439034, 26.93441926], [-99.33989843, -111.89555612, 28.9318596], [-99.33845004, -111.99672189, 30.92929612], [-99.33700165, -112.09788766, 32.92673646], [-99.33555325, -112.19905343, 34.9241768], [-99.33410486, -112.3002192, 36.92161332], [-99.33265647, -112.40138497, 38.91905366], [-99.33120808, -112.50255074, 40.916494], [-99.32975968, -112.60371556, 42.91393052], [-99.32831129, -112.70488133, 44.91137086], [-99.3268629, -112.80604711, 46.9088112], [-99.32541462, -112.90721288, 48.90625154], [-99.32396623, -113.00837865, 50.90368806], [-99.32251784, -113.10954442, 52.9011284], [-99.32106945, -113.21071019, 54.89856874], [-99.31962105, -113.31187596, 56.89600526], [-99.31817266, -113.41304078, 58.8934456], [-99.31672427, -113.51420655, 60.89088594]], "CsaImage.TimeAfterStart": [1.0825, 0.7225, 1.0925, 0.7325, 1.1025, 0.7425, 1.1125, 0.7525, 1.1225, 0.7625, 1.1325, 0.7725, 1.1425, 0.7825, 1.1525, 0.7925, 1.1625, 0.8025, 1.1725, 0.8125, 1.1825, 0.8225, 1.1925, 0.8325, 1.2025, 0.8425, 1.2125, 0.8525, 1.2225, 0.8625, 1.2325, 0.8725, 1.2425, 0.8825, 1.2525, 0.8925, 1.2625, 0.9025, 1.2725, 0.9125, 1.2825, 0.9225, 1.2925, 0.9325, 1.3025, 0.9425, 1.3125, 0.9525, 1.3225, 0.9625, 1.3325, 0.9725, 1.3425, 0.9825, 1.3525, 0.9925, 1.3625, 1.0025, 1.3725, 1.0125, 1.3825, 1.0225, 1.3925, 1.0325, 1.4025, 1.0425, 1.4125, 1.0525, 1.4225, 1.0625, 1.4325, 1.0725], "ImagePositionPatient": [[-99.419560040844, -106.3314453594, -80.927297962899], [-99.418111647976, -106.43261113088, -78.929861439461], [-99.416663255108, -106.53377642553, -76.932417286629], [-99.41521486224, -106.63494219702, -74.934980763192], [-99.413766469372, -106.7361079685, -72.937544239754], [-99.412318076504, -106.83727373998, -70.940100086922], [-99.410869683636, -106.93843951147, -68.942663563485], [-99.409421290768, -107.03960480612, -66.94522322535], [-99.4079728979, -107.1407705776, -64.947786701912], [-99.406524505032, -107.24193634909, -62.950346363778], [-99.405076112164, -107.34310212057, -60.952906025643], [-99.403627719296, -107.44426741522, -58.955465687508], [-99.402179326428, -107.5454331867, -56.958029164071], [-99.40073093356, -107.64659895819, -54.960588825936], [-99.399282540692, -107.74776472967, -52.963148487801], [-99.397834147824, -107.84893002432, -50.965711964364], [-99.396385754956, -107.9500957958, -48.968271626229], [-99.394937362088, -108.05126156729, -46.970831288094], [-99.39348896922, -108.15242733877, -44.973394764656], [-99.392040576351, -108.25359263342, -42.975954426522], [-99.390592183483, -108.3547584049, -40.978514088387], [-99.389143790615, -108.45592417639, -38.981073750252], [-99.387695397747, -108.55708994787, -36.983635319466], [-99.386247004879, -108.65825524252, -34.98619688868], [-99.384798612011, -108.759421014, -32.988758457894], [-99.383350219143, -108.86058678549, -30.991318119759], [-99.381901826275, -108.96175255697, -28.993879688973], [-99.380453433407, -109.06291785162, -26.996439350838], [-99.379005040539, -109.1640836231, -24.999000920052], [-99.377556647671, -109.26524939459, -23.001562489266], [-99.376108254803, -109.36641516607, -21.004122151131], [-99.374659861935, -109.46758046072, -19.006682766671], [-99.373211469067, -109.5687462322, -17.009244335885], [-99.371763076199, -109.66991200369, -15.011804951424], [-99.370314683331, -109.77107777517, -13.014365566964], [-99.368866290463, -109.87224354666, -11.016926182503], [-99.367417897595, -109.97340931814, -9.0194870364613], [-99.365969504727, -110.07457413595, -7.0220478904194], [-99.364521111859, -110.17573990743, -5.0246086959488], [-99.363072718991, -110.27690567892, -3.0271695983357], [-99.361624326123, -110.3780714504, -1.0297302138752], [-99.360175933255, -110.47923722189, 0.96770917058522], [-99.358727540387, -110.58040299337, 2.9651485550457], [-99.357279147518, -110.68156876486, 4.9625869858318], [-99.35583075465, -110.78273453634, 6.9600263702923], [-99.354382361782, -110.88390030783, 8.9574657547527], [-99.352933968914, -110.98506512564, 10.954904185539], [-99.351485576046, -111.08623089712, 12.952344523674], [-99.350037183178, -111.1873966686, 14.94978295446], [-99.34858879031, -111.28856244009, 16.947223292595], [-99.347140397442, -111.38972821157, 18.944661723381], [-99.345692004574, -111.49089398306, 20.942100154167], [-99.344243611706, -111.59205975454, 22.939540492302], [-99.342795218838, -111.69322552603, 24.936978923088], [-99.34134682597, -111.79439034384, 26.934419261222], [-99.339898433102, -111.89555611532, 28.931859599357], [-99.338450040234, -111.99672188681, 30.929296122795], [-99.337001647366, -112.09788765829, 32.926736460929], [-99.335553254498, -112.19905342977, 34.924176799064], [-99.33410486163, -112.30021920126, 36.921613322502], [-99.332656468762, -112.40138497274, 38.919053660636], [-99.331208075894, -112.50255074423, 40.916493998771], [-99.329759683026, -112.60371556204, 42.913930522209], [-99.328311290158, -112.70488133352, 44.911370860344], [-99.32686289729, -112.80604710501, 46.908811198478], [-99.325414623631, -112.90721287649, 48.906251536613], [-99.323966230763, -113.00837864797, 50.903688060051], [-99.322517837895, -113.10954441946, 52.901128398185], [-99.321069445027, -113.21071019094, 54.89856873632], [-99.319621052159, -113.31187596243, 56.896005259758], [-99.318172659291, -113.41304078024, 58.893445597892], [-99.316724266423, -113.51420655172, 60.890885936027]], "InstanceCreationTime": ["110142.327000", "110142.259000", "110142.329000", "110142.261000", "110142.331000", "110142.262000", "110142.333000", "110142.264000", "110142.335000", "110142.266000", "110142.337000", "110142.268000", "110142.338000", "110142.270000", "110142.340000", "110142.272000", "110142.342000", "110142.273000", "110142.344000", "110142.275000", "110142.346000", "110142.277000", "110142.347000", "110142.279000", "110142.349000", "110142.281000", "110142.351000", "110142.283000", "110142.353000", "110142.285000", "110142.355000", "110142.287000", "110142.357000", "110142.288000", "110142.358000", "110142.290000", "110142.360000", "110142.292000", "110142.362000", "110142.294000", "110142.364000", "110142.296000", "110142.366000", "110142.298000", "110142.367000", "110142.299000", "110142.369000", "110142.301000", "110142.371000", "110142.303000", "110142.373000", "110142.305000", "110142.375000", "110142.307000", "110142.376000", "110142.311000", "110142.378000", "110142.313000", "110142.380000", "110142.315000", "110142.382000", "110142.317000", "110142.384000", "110142.318000", "110142.386000", "110142.320000", "110142.387000", "110142.322000", "110142.389000", "110142.324000", "110142.391000", "110142.326000"], "InstanceNumber": [1, 2, 3, 4, 5, 6, 7, 8, 9, 10, 11, 12, 13, 14, 15, 16, 17, 18, 19, 20, 21, 22, 23, 24, 25, 26, 27, 28, 29, 30, 31, 32, 33, 34, 35, 36, 37, 38, 39, 40, 41, 42, 43, 44, 45, 46, 47, 48, 49, 50, 51, 52, 53, 54, 55, 56, 57, 58, 59, 60, 61, 62, 63, 64, 65, 66, 67, 68, 69, 70, 71, 72], "LargestImagePixelValue": [4093, 4095, 4095, 4094, 4095, 4093, 4095, 4095, 4092, 4093, 4093, 4093, 4093, 4095, 4095, 4094, 4093, 4094, 4089, 4094, 4093, 4089, 4094, 4089, 4094, 4094, 4093, 4093, 4090, 4095, 4087, 4095, 4087, 4088, 4094, 4094, 4094, 4088, 4089, 4090, 4092, 4093, 4089, 4092, 4095, 4094, 4095, 4093, 4087, 4095, 4093, 4093, 4089, 4094, 4095, 4095, 4094, 4092, 4095, 4094, 4093, 4093, 4094, 4095, 4095, 4094, 4095, 4094, 4095, 4094, 4094, 4093], "SliceLocation": [-75.517133542932, -73.517136223853, -71.517131309267, -69.517133990188, -67.517136671109, -65.517131732404, -63.517134413325, -61.517133308552, -59.517135989473, -57.517134860581, -55.517133731689, -53.517132626916, -51.517135307837, -49.517134178945, -47.517133050053, -45.517135755094, -43.517134626201, -41.517133497309, -39.51713617823, -37.517135073458, -35.517133944566, -33.517132815673, -31.517133591688, -29.517134391822, -27.517135167836, -25.517134038944, -23.517134814958, -21.517133710186, -19.5171344862, -17.517135262215, -15.517134133322, -13.517133981003, -11.517134757018, -9.5171345805788, -7.5171344041399, -5.517134227701, -3.5171342893754, -1.5171343992893, 0.48286558740304, 2.4828654773619, 4.4828656538008, 6.4828658302397, 8.4828660066786, 10.482865230664, 12.482865407103, 14.482865583542, 16.482864759288, 18.48286588818, 20.482865112166, 22.482866241058, 24.482865465044, 26.482864689029, 28.482865817922, 30.482865041907, 32.48286612256, 34.482867251452, 36.482864570531, 38.482865699423, 40.482866828316, 42.482864147395, 44.482865276287, 46.482866405179, 48.482863676019, 50.482864804911, 52.482865933803, 54.482867062609, 56.482864381688, 58.48286551058, 60.482866639472, 62.482863958551, 64.482865039204, 66.482866168096], "SmallestImagePixelValue": [0, 0, 2, 0, 0, 2, 3, 2, 2, 0, 2, 0, 0, 0, 0, 1, 0, 0, 0, 0, 1, 0, 0, 2, 2, 5, 0, 0, 5, 0, 0, 0, 0, 2, 0, 0, 2, 4, 2, 0, 1, 2, 2, 0, 7, 0, 0, 0, 3, 2, 0, 0, 0, 1, 0, 0, 0, 0, 0, 2, 0, 2, 0, 0, 0, 0, 0, 0, 0, 0, 0, 0], "WindowCenter": [-236.0, -188.0, -210.0, -196.0, -208.0, -198.0, -204.0, -168.0, -176.0, -168.0, -174.0, -174.0, -144.0, -208.0, -184.0, -236.0, -250.0, -288.0, -234.0, -258.0, -248.0, -296.0, -280.0, -262.0, -268.0, -196.0, -186.0, -196.0, -210.0, -228.0, -178.0, -162.0, -154.0, -178.0, -162.0, -152.0, -136.0, -124.0, -108.0, -80.0, -80.0, -46.0, -40.0, -52.0, -40.0, -62.0, -72.0, -34.0, -54.0, -72.0, -40.0, -40.0, -38.0, -48.0, -22.0, -22.0, -42.0, -50.0, -124.0, -128.0, -164.0, -150.0, -180.0, -210.0, -204.0, -226.0, -220.0, -264.0, -268.0, -324.0, -328.0, -320.0], "WindowWidth": [6084.0, 6246.0, 6284.0, 6224.0, 6254.0, 6356.0, 6350.0, 6390.0, 6344.0, 6334.0, 6348.0, 6372.0, 6406.0, 6386.0, 6396.0, 6380.0, 6322.0, 6238.0, 6188.0, 6068.0, 5932.0, 5784.0, 5766.0, 5654.0, 5328.0, 5578.0, 5532.0, 5426.0, 5370.0, 5182.0, 5442.0, 5496.0, 5464.0, 5356.0, 5460.0, 5440.0, 5450.0, 5350.0, 5336.0, 5378.0, 5228.0, 5398.0, 5372.0, 5370.0, 5364.0, 5218.0, 5144.0, 5432.0, 5368.0, 5304.0, 5436.0, 5532.0, 5556.0, 5464.0, 5542.0, 5578.0, 5564.0, 5664.0, 5588.0, 5686.0, 5648.0, 5774.0, 5786.0, 5894.0, 6008.0, 6078.0, 6182.0, 6200.0, 6258.0, 6252.0, 6324.0, 6460.0]}}, "IntendedFor": ["ses-1/func/sub-06_ses-1_task-motor_run-05_bold.nii.gz", "ses-1/func/sub-06_ses-1_task-motor_run-01_bold.nii.gz", "ses-1/func/sub-06_ses-1_task-motor_run-02_bold.nii.gz", "ses-1/func/sub-06_ses-1_task-motor_run-06_bold.nii.gz", "ses-1/func/sub-06_ses-1_task-motor_run-04_bold.nii.gz", "ses-1/func/sub-06_ses-1_task-motor_run-03_bold.nii.gz"]}