{"AcquisitionMatrixPE": 100, "AcquisitionNumber": 1, "AcquisitionTime": "14:26:44.785000", "BaseResolution": 100, "BodyPartExamined": "BRAIN", "ConsistencyInfo": "N4_VE11C_LATEST_20160120", "ConversionSoftware": "dcm2niix", "ConversionSoftwareVersion": "v1.0.20180622 GCC4.9.2", "DeviceSerialNumber": "166078", "DwellTime": 8.8e-06, "EchoNumber": 2, "EchoTime": 0.00738, "EchoTime1": 0.00492, "EchoTime2": 0.00738, "FlipAngle": 60, "ImageOrientationPatientDICOM": [0.995107, 0.006082, 0.098619, 0.0138952, 0.979571, -0.20062], "ImageType": ["ORIGINAL", "PRIMARY", "P", "ND"], "InPlanePhaseEncodingDirectionDICOM": "ROW", "InstitutionAddress": "Street_StreetNo_Bei_Jing_District_CN_ZIP", "InstitutionName": "BeiJing_Normal_University", "InstitutionalDepartmentName": "Department", "MRAcquisitionType": "2D", "MagneticFieldStrength": 3, "Manufacturer": "Siemens", "ManufacturersModelName": "Prisma", "Modality": "MR", "PartialFourier": 1, "PatientPosition": "HFS", "PercentPhaseFOV": 100, "PhaseEncodingDirection": "i", "PhaseEncodingSteps": 100, "PhaseResolution": 1, "PixelBandwidth": 570, "ProcedureStepDescription": "BNU_P2018_64CH_Liu.Jia", "ProtocolName": "field_mapping_2x2x2", "PulseSequenceDetails": "%SiemensSeq%_gre_field_mapping", "ReceiveCoilActiveElements": "HC1-7;NC1", "ReceiveCoilName": "HeadNeck_64", "ReconMatrixPE": 100, "RepetitionTime": 0.72, "SAR": 0.116132, "ScanningSequence": "GR", "SequenceName": "_fm2d2r", "SequenceVariant": "SP", "SeriesDescription": "field_mapping_2x2x2", "SeriesNumber": 7, "ShimSetting": [-5449, -11481, -1228, 426, -36, -135, -192, -7], "SliceThickness": 2, "SoftwareVersions": "syngo_MR_E11", "SpacingBetweenSlices": 2, "StationName": "AWP166078", "TxRefAmp": 209.286, "dcmmeta_affine": [[-1.990213394165039, 0.027790427207946777, 0.1956491470336914, 95.29661560058594], [-0.012164008803665638, 1.9591410160064697, -0.40201854705810547, -75.45401763916016], [0.19723790884017944, 0.4012407660484314, 1.9493865966796875, -98.78726196289062], [0.0, 0.0, 0.0, 1.0]], "dcmmeta_reorient_transform": [[0.0, -1.0, 0.0, 99.0], [1.0, 0.0, 0.0, 0.0], [0.0, 0.0, -1.0, 71.0], [0.0, 0.0, 0.0, 1.0]], "dcmmeta_shape": [100, 100, 72], "dcmmeta_slice_dim": 2, "dcmmeta_version": 0.6, "global": {"const": {"AcquisitionMatrix": [0, 100, 100, 0], "AcquisitionNumber": 1, "AngioFlag": "N", "BitsAllocated": 16, "BitsStored": 12, "BodyPartExamined": "BRAIN", "Columns": 100, "EchoNumbers": 2, "EchoTime": 7.38, "EchoTrainLength": 0, "FlipAngle": 60.0, "HighBit": 11, "ImageOrientationPatient": [0.99510668351648, 0.00608200436615, 0.09861895174725, 0.01389521317399, 0.97957051098065, -0.20062038049], "ImageType": ["ORIGINAL", "PRIMARY", "P", "ND"], "ImagedNucleus": "1H", "ImagingFrequency": 123.257853, "InPlanePhaseEncodingDirection": "ROW", "MRAcquisitionType": "2D", "MagneticFieldStrength": 3.0, "Manufacturer": "SIEMENS", "ManufacturerModelName": "Prisma", "Modality": "MR", "NumberOfAverages": 1.0, "NumberOfPhaseEncodingSteps": 100, "PercentPhaseFieldOfView": 100.0, "PercentSampling": 100.0, "PerformedProcedureStepStartTime": "135732.103000", "PhotometricInterpretation": "MONOCHROME2", "PixelBandwidth": 570.0, "PixelRepresentation": 0, "PixelSpacing": [2.0, 2.0], "ProtocolName": "field_mapping_2x2x2", "RepetitionTime": 720.0, "RescaleIntercept": -4096.0, "RescaleSlope": 2.0, "RescaleType": "US", "Rows": 100, "SAR": 0.11613152836838, "SamplesPerPixel": 1, "ScanningSequence": "GR", "SequenceName": "*fm2d2r", "SequenceVariant": "SP", "SeriesDescription": "field_mapping_2x2x2", "SeriesNumber": 7, "SeriesTime": "142909.099000", "SliceThickness": 2.0, "SoftwareVersions": "syngo MR E11", "SpacingBetweenSlices": 2.0, "SpecificCharacterSet": "ISO_IR 100", "StudyID": "1", "StudyTime": "135732.042000", "TransmitCoilName": "Body", "VariableFlipAngleFlag": "N", "WindowCenterWidthExplanation": "Algo1", "dBdt": 0.0}, "slices": {"AcquisitionTime": ["142644.785000", "142644.425000", "142644.795000", "142644.435000", "142644.805000", "142644.445000", "142644.815000", "142644.455000", "142644.825000", "142644.465000", "142644.835000", "142644.475000", "142644.845000", "142644.485000", "142644.855000", "142644.495000", "142644.865000", "142644.505000", "142644.875000", "142644.515000", "142644.885000", "142644.525000", "142644.895000", "142644.535000", "142644.905000", "142644.545000", "142644.915000", "142644.555000", "142644.925000", "142644.565000", "142644.935000", "142644.575000", "142644.945000", "142644.585000", "142644.955000", "142644.595000", "142644.965000", "142644.605000", "142644.975000", "142644.615000", "142644.985000", "142644.625000", "142644.995000", "142644.635000", "142645.005000", "142644.645000", "142645.015000", "142644.655000", "142645.025000", "142644.665000", "142645.035000", "142644.675000", "142645.045000", "142644.685000", "142645.055000", "142644.695000", "142645.065000", "142644.705000", "142645.075000", "142644.715000", "142645.085000", "142644.725000", "142645.095000", "142644.735000", "142645.105000", "142644.745000", "142645.115000", "142644.755000", "142645.125000", "142644.765000", "142645.135000", "142644.775000"], "ContentTime": ["142909.171000", "142909.101000", "142909.173000", "142909.104000", "142909.175000", "142909.106000", "142909.177000", "142909.108000", "142909.178000", "142909.110000", "142909.180000", "142909.112000", "142909.182000", "142909.114000", "142909.184000", "142909.116000", "142909.186000", "142909.118000", "142909.188000", "142909.120000", "142909.190000", "142909.122000", "142909.192000", "142909.124000", "142909.194000", "142909.126000", "142909.196000", "142909.128000", "142909.203000", "142909.130000", "142909.248000", "142909.132000", "142909.250000", "142909.134000", "142909.252000", "142909.136000", "142909.254000", "142909.138000", "142909.256000", "142909.140000", "142909.258000", "142909.141000", "142909.259000", "142909.143000", "142909.261000", "142909.145000", "142909.263000", "142909.147000", "142909.266000", "142909.149000", "142909.268000", "142909.151000", "142909.270000", "142909.152000", "142909.273000", "142909.154000", "142909.275000", "142909.156000", "142909.277000", "142909.158000", "142909.280000", "142909.160000", "142909.283000", "142909.161000", "142909.285000", "142909.163000", "142909.287000", "142909.165000", "142909.289000", "142909.167000", "142909.291000", "142909.169000"], "CsaImage.GSWDDataType": ["measured", "predicted", "measured", "predicted", "measured", "predicted", "measured", "predicted", "measured", "predicted", "measured", "predicted", "measured", "predicted", "measured", "predicted", "measured", "predicted", "measured", "predicted", "measured", "predicted", "measured", "predicted", "measured", "predicted", "measured", "predicted", "measured", "predicted", "measured", "predicted", "measured", "predicted", "measured", "predicted", "measured", "predicted", "measured", "predicted", "measured", "predicted", "measured", "predicted", "measured", "predicted", "measured", "predicted", "measured", "predicted", "measured", "predicted", "measured", "predicted", "measured", "predicted", "measured", "predicted", "measured", "predicted", "measured", "measured", "measured", "measured", "measured", "measured", "measured", "measured", "measured", "measured", "measured", "measured"], "CsaImage.ICE_Dims": ["X_2_1_1_1_1_1_37_1_1_1_1_136", "X_2_1_1_1_1_1_1_1_1_2_1_136", "X_2_1_1_1_1_1_38_1_1_3_1_136", "X_2_1_1_1_1_1_2_1_1_4_1_136", "X_2_1_1_1_1_1_39_1_1_5_1_136", "X_2_1_1_1_1_1_3_1_1_6_1_136", "X_2_1_1_1_1_1_40_1_1_7_1_136", "X_2_1_1_1_1_1_4_1_1_8_1_136", "X_2_1_1_1_1_1_41_1_1_9_1_136", "X_2_1_1_1_1_1_5_1_1_10_1_136", "X_2_1_1_1_1_1_42_1_1_11_1_136", "X_2_1_1_1_1_1_6_1_1_12_1_136", "X_2_1_1_1_1_1_43_1_1_13_1_136", "X_2_1_1_1_1_1_7_1_1_14_1_136", "X_2_1_1_1_1_1_44_1_1_15_1_136", "X_2_1_1_1_1_1_8_1_1_16_1_136", "X_2_1_1_1_1_1_45_1_1_17_1_136", "X_2_1_1_1_1_1_9_1_1_18_1_136", "X_2_1_1_1_1_1_46_1_1_19_1_136", "X_2_1_1_1_1_1_10_1_1_20_1_136", "X_2_1_1_1_1_1_47_1_1_21_1_136", "X_2_1_1_1_1_1_11_1_1_22_1_136", "X_2_1_1_1_1_1_48_1_1_23_1_136", "X_2_1_1_1_1_1_12_1_1_24_1_136", "X_2_1_1_1_1_1_49_1_1_25_1_136", "X_2_1_1_1_1_1_13_1_1_26_1_136", "X_2_1_1_1_1_1_50_1_1_27_1_136", "X_2_1_1_1_1_1_14_1_1_28_1_136", "X_2_1_1_1_1_1_51_1_1_29_1_136", "X_2_1_1_1_1_1_15_1_1_30_1_136", "X_2_1_1_1_1_1_52_1_1_31_1_136", "X_2_1_1_1_1_1_16_1_1_32_1_136", "X_2_1_1_1_1_1_53_1_1_33_1_136", "X_2_1_1_1_1_1_17_1_1_34_1_136", "X_2_1_1_1_1_1_54_1_1_35_1_136", "X_2_1_1_1_1_1_18_1_1_36_1_136", "X_2_1_1_1_1_1_55_1_1_37_1_136", "X_2_1_1_1_1_1_19_1_1_38_1_136", "X_2_1_1_1_1_1_56_1_1_39_1_136", "X_2_1_1_1_1_1_20_1_1_40_1_136", "X_2_1_1_1_1_1_57_1_1_41_1_136", "X_2_1_1_1_1_1_21_1_1_42_1_136", "X_2_1_1_1_1_1_58_1_1_43_1_136", "X_2_1_1_1_1_1_22_1_1_44_1_136", "X_2_1_1_1_1_1_59_1_1_45_1_136", "X_2_1_1_1_1_1_23_1_1_46_1_136", "X_2_1_1_1_1_1_60_1_1_47_1_136", "X_2_1_1_1_1_1_24_1_1_48_1_136", "X_2_1_1_1_1_1_61_1_1_49_1_136", "X_2_1_1_1_1_1_25_1_1_50_1_136", "X_2_1_1_1_1_1_62_1_1_51_1_136", "X_2_1_1_1_1_1_26_1_1_52_1_136", "X_2_1_1_1_1_1_63_1_1_53_1_136", "X_2_1_1_1_1_1_27_1_1_54_1_136", "X_2_1_1_1_1_1_64_1_1_55_1_136", "X_2_1_1_1_1_1_28_1_1_56_1_136", "X_2_1_1_1_1_1_65_1_1_57_1_136", "X_2_1_1_1_1_1_29_1_1_58_1_136", "X_2_1_1_1_1_1_66_1_1_59_1_136", "X_2_1_1_1_1_1_30_1_1_60_1_136", "X_2_1_1_1_1_1_67_1_1_61_1_136", "X_2_1_1_1_1_1_31_1_1_62_1_136", "X_2_1_1_1_1_1_68_1_1_63_1_136", "X_2_1_1_1_1_1_32_1_1_64_1_136", "X_2_1_1_1_1_1_69_1_1_65_1_136", "X_2_1_1_1_1_1_33_1_1_66_1_136", "X_2_1_1_1_1_1_70_1_1_67_1_136", "X_2_1_1_1_1_1_34_1_1_68_1_136", "X_2_1_1_1_1_1_71_1_1_69_1_136", "X_2_1_1_1_1_1_35_1_1_70_1_136", "X_2_1_1_1_1_1_72_1_1_71_1_136", "X_2_1_1_1_1_1_36_1_1_72_1_136"], "CsaImage.ProtocolSliceNumber": [0, 1, 2, 3, 4, 5, 6, 7, 8, 9, 10, 11, 12, 13, 14, 15, 16, 17, 18, 19, 20, 21, 22, 23, 24, 25, 26, 27, 28, 29, 30, 31, 32, 33, 34, 35, 36, 37, 38, 39, 40, 41, 42, 43, 44, 45, 46, 47, 48, 49, 50, 51, 52, 53, 54, 55, 56, 57, 58, 59, 60, 61, 62, 63, 64, 65, 66, 67, 68, 69, 70, 71], "CsaImage.RFSWDDataType": ["measured", "predicted", "measured", "predicted", "measured", "predicted", "measured", "predicted", "measured", "predicted", "measured", "predicted", "measured", "predicted", "measured", "predicted", "measured", "predicted", "measured", "predicted", "measured", "predicted", "measured", "predicted", "measured", "predicted", "measured", "predicted", "measured", "predicted", "measured", "predicted", "measured", "predicted", "measured", "predicted", "measured", "predicted", "measured", "predicted", "measured", "predicted", "measured", "predicted", "measured", "predicted", "measured", "predicted", "measured", "predicted", "measured", "predicted", "measured", "predicted", "measured", "predicted", "measured", "measured", "measured", "measured", "measured", "measured", "measured", "measured", "measured", "measured", "measured", "measured", "measured", "measured", "measured", "measured"], "CsaImage.SlicePosition_PCS": [[-98.0478957, -118.50090522, -59.06433772], [-98.24354461, -118.09888763, -57.11495112], [-98.43919328, -117.69687003, -55.16556452], [-98.63484219, -117.29485053, -53.21618174], [-98.83049086, -116.89283294, -51.26679514], [-99.02613965, -116.49081535, -49.31741236], [-99.22178844, -116.08879775, -47.36802577], [-99.41743723, -115.68677825, -45.41863917], [-99.61308602, -115.28476066, -43.46925639], [-99.80873481, -114.88274307, -41.51986979], [-100.00438354, -114.48072452, -39.57048319], [-100.20003232, -114.07870693, -37.62110041], [-100.39568111, -113.67668838, -35.67171382], [-100.59132987, -113.27467079, -33.72233103], [-100.78697866, -112.87265319, -31.77294444], [-100.98262744, -112.47063464, -29.82355784], [-101.17827621, -112.06861705, -27.87417506], [-101.373925, -111.6665985, -25.92478846], [-101.56957379, -111.26458091, -23.97540186], [-101.76522258, -110.86256236, -22.02601908], [-101.96087137, -110.46054477, -20.07663249], [-102.15652016, -110.05852622, -18.12724589], [-102.35216895, -109.65650863, -16.1778612], [-102.54781774, -109.25449008, -14.22847651], [-102.74346641, -108.85247249, -12.27908991], [-102.93911532, -108.45045394, -10.32970522], [-103.13476399, -108.04843635, -8.38032054], [-103.3304129, -107.64641876, -6.43093585], [-103.52606157, -107.24440021, -4.48154925], [-103.72171047, -106.84238262, -2.53216456], [-103.91735914, -106.44036407, -0.58277892], [-104.11300781, -106.038346, 1.36660673], [-104.30865672, -105.63632793, 3.31599142], [-104.50430539, -105.23431033, 5.26537706], [-104.6999543, -104.83229226, 7.21476222], [-104.89560297, -104.43027419, 9.16414751], [-105.09125164, -104.02825612, 11.1135328], [-105.28690079, -103.62623805, 13.0629182], [-105.48254946, -103.22421998, 15.01230337], [-105.67819813, -102.82220191, 16.96168853], [-105.8738468, -102.42018384, 18.9110737], [-106.06949595, -102.01816577, 20.86045934], [-106.26514462, -101.6161477, 22.80984498], [-106.46079329, -101.21412987, 24.75922967], [-106.65644196, -100.8121118, 26.70861532], [-106.85209063, -100.41009373, 28.65800001], [-107.04773978, -100.00807566, 30.6073866], [-107.24338845, -99.60605759, 32.55677129], [-107.43903712, -99.20403964, 34.50615598], [-107.63468579, -98.80202158, 36.45554258], [-107.83033493, -98.40000354, 38.40492727], [-108.0259836, -97.99798549, 40.35431196], [-108.22163227, -97.59596748, 42.30369665], [-108.41728094, -97.19394941, 44.25308324], [-108.61293009, -96.79193146, 46.20246984], [-108.80857876, -96.38991327, 48.15185262], [-109.00422791, -95.98789543, 50.10123922], [-109.1998761, -95.58587736, 52.05062581], [-109.39552525, -95.18385929, 54.0000086], [-109.59117344, -94.78184122, 55.94939519], [-109.78682259, -94.37982339, 57.89878179], [-109.98247174, -93.97780532, 59.84816457], [-110.17811993, -93.57578725, 61.79755117], [-110.37376908, -93.17376918, 63.74693777], [-110.56941727, -92.77175111, 65.69632055], [-110.76506642, -92.36973304, 67.64570714], [-110.96071556, -91.96771497, 69.59509374], [-111.15636376, -91.5656969, 71.54447652], [-111.3520129, -91.16367883, 73.49386312], [-111.54766205, -90.76166076, 75.4432459], [-111.74331024, -90.35964317, 77.3926325], [-111.93895939, -89.95762462, 79.34201909]], "CsaImage.TimeAfterStart": [1.0825, 0.7225, 1.0925, 0.7325, 1.1025, 0.7425, 1.1125, 0.7525, 1.1225, 0.7625, 1.1325, 0.7725, 1.1425, 0.7825, 1.1525, 0.7925, 1.1625, 0.8025, 1.1725, 0.8125, 1.1825, 0.8225, 1.1925, 0.8325, 1.2025, 0.8425, 1.2125, 0.8525, 1.2225, 0.8625, 1.2325, 0.8725, 1.2425, 0.8825, 1.2525, 0.8925, 1.2625, 0.9025, 1.2725, 0.9125, 1.2825, 0.9225, 1.2925, 0.9325, 1.3025, 0.9425, 1.3125, 0.9525, 1.3225, 0.9625, 1.3325, 0.9725, 1.3425, 0.9825, 1.3525, 0.9925, 1.3625, 1.0025, 1.3725, 1.0125, 1.3825, 1.0225, 1.3925, 1.0325, 1.4025, 1.0425, 1.4125, 1.0525, 1.4225, 1.0625, 1.4325, 1.0725], "ImagePositionPatient": [[-98.047895700847, -118.5009052212, -59.064337716544], [-98.243544609462, -118.09888762782, -57.114951119864], [-98.439193279658, -117.69687003444, -55.165564523184], [-98.634842188273, -117.2948505337, -53.216181741202], [-98.83049085847, -116.89283294032, -51.266795144522], [-99.026139647876, -116.49081534694, -49.31741236254], [-99.221788437282, -116.08879775355, -47.36802576586], [-99.417437226687, -115.68677825282, -45.41863916918], [-99.613086016093, -115.28476065944, -43.469256387198], [-99.808734805499, -114.88274306605, -41.519869790518], [-100.0043835353, -114.48072451899, -39.570483193839], [-100.20003232471, -114.07870692561, -37.621100411856], [-100.39568111411, -113.67668837855, -35.671713815176], [-100.59132987372, -113.27467078517, -33.722331033194], [-100.78697865567, -112.87265319178, -31.772944436514], [-100.98262743763, -112.47063464473, -29.823557839835], [-101.17827621213, -112.06861705134, -27.874175057852], [-101.37392500154, -111.66659850428, -25.924788461173], [-101.56957379094, -111.2645809109, -23.975401864493], [-101.76522258035, -110.86256236384, -22.02601908251], [-101.96087136975, -110.46054477046, -20.076632485831], [-102.15652015916, -110.0585262234, -18.127245889151], [-102.35216894857, -109.65650863002, -16.17786119982], [-102.54781773797, -109.25449008296, -14.228476510489], [-102.74346640817, -108.85247248957, -12.279089913809], [-102.93911531678, -108.45045394252, -10.329705224478], [-103.13476398698, -108.04843634913, -8.3803205351471], [-103.33041289559, -107.64641875575, -6.4309358458161], [-103.52606156579, -107.24440020869, -4.4815492491364], [-103.72171047441, -106.84238261531, -2.5321645598053], [-103.9173591446, -106.44036406825, -0.5827789168], [-104.1130078148, -106.03834599803, 1.3666067262054], [-104.30865672341, -105.63632792781, 3.3159914155365], [-104.50430539361, -105.23431033442, 5.2653770585418], [-104.69995430223, -104.8322922642, 7.2147622247101], [-104.89560297242, -104.43027419398, 9.1641475100876], [-105.09125164262, -104.02825612376, 11.113532795465], [-105.28690078965, -103.62623805354, 13.062918200052], [-105.48254945985, -103.22421998332, 15.01230336622], [-105.67819813005, -102.8222019131, 16.961688532388], [-105.87384680024, -102.42018384288, 18.911073698556], [-106.06949594728, -102.01816577266, 20.860459341562], [-106.26514461747, -101.61614770243, 22.809844984567], [-106.46079328767, -101.21412987063, 24.759229673898], [-106.65644195787, -100.81211180041, 26.708615316904], [-106.85209062806, -100.41009373019, 28.658000006235], [-107.0477397751, -100.00807565997, 30.607386602914], [-107.24338844529, -99.606057589749, 32.556771292245], [-107.43903711549, -99.204039638737, 34.506155981577], [-107.63468578569, -98.802021583417, 36.455542578256], [-107.83033493272, -98.400003542999, 38.404927267587], [-108.02598360292, -97.997985487679, 40.354311956918], [-108.22163227311, -97.595967477063, 42.303696646249], [-108.41728094331, -97.193949406842, 44.253083242929], [-108.61293009034, -96.79193145583, 46.202469839609], [-108.80857876054, -96.3899132664, 48.151852621591], [-109.00422790757, -95.987895434597, 50.101239218271], [-109.19987610093, -95.585877364376, 52.050625814951], [-109.39552524797, -95.183859294155, 54.000008596933], [-109.59117344133, -94.781841223934, 55.949395193613], [-109.78682258836, -94.379823392132, 57.898781790292], [-109.98247173539, -93.977805321911, 59.848164572275], [-110.17811992875, -93.57578725169, 61.797551168954], [-110.37376907579, -93.173769181469, 63.746937765634], [-110.56941726915, -92.771751111248, 65.696320547617], [-110.76506641618, -92.369733041027, 67.645707144296], [-110.96071556321, -91.967714970806, 69.595093740976], [-111.15636375657, -91.565696900585, 71.544476522958], [-111.35201290361, -91.163678830365, 73.493863119638], [-111.54766205064, -90.761660760144, 75.44324590162], [-111.743310244, -90.35964316676, 77.3926324983], [-111.93895939103, -89.957624619702, 79.34201909498]], "InstanceCreationTime": ["142909.171000", "142909.101000", "142909.173000", "142909.104000", "142909.175000", "142909.106000", "142909.177000", "142909.108000", "142909.178000", "142909.110000", "142909.180000", "142909.112000", "142909.182000", "142909.114000", "142909.184000", "142909.116000", "142909.186000", "142909.118000", "142909.188000", "142909.120000", "142909.190000", "142909.122000", "142909.192000", "142909.124000", "142909.194000", "142909.126000", "142909.196000", "142909.128000", "142909.203000", "142909.130000", "142909.248000", "142909.132000", "142909.250000", "142909.134000", "142909.252000", "142909.136000", "142909.254000", "142909.138000", "142909.256000", "142909.140000", "142909.258000", "142909.141000", "142909.259000", "142909.143000", "142909.261000", "142909.145000", "142909.263000", "142909.147000", "142909.266000", "142909.149000", "142909.268000", "142909.151000", "142909.270000", "142909.152000", "142909.273000", "142909.154000", "142909.275000", "142909.156000", "142909.277000", "142909.158000", "142909.280000", "142909.160000", "142909.283000", "142909.161000", "142909.285000", "142909.163000", "142909.287000", "142909.165000", "142909.289000", "142909.167000", "142909.291000", "142909.169000"], "InstanceNumber": [1, 2, 3, 4, 5, 6, 7, 8, 9, 10, 11, 12, 13, 14, 15, 16, 17, 18, 19, 20, 21, 22, 23, 24, 25, 26, 27, 28, 29, 30, 31, 32, 33, 34, 35, 36, 37, 38, 39, 40, 41, 42, 43, 44, 45, 46, 47, 48, 49, 50, 51, 52, 53, 54, 55, 56, 57, 58, 59, 60, 61, 62, 63, 64, 65, 66, 67, 68, 69, 70, 71, 72], "LargestImagePixelValue": [4093, 4094, 4095, 4095, 4094, 4095, 4092, 4093, 4095, 4095, 4095, 4094, 4095, 4093, 4094, 4092, 4094, 4092, 4095, 4093, 4095, 4094, 4091, 4094, 4095, 4093, 4094, 4094, 4095, 4093, 4093, 4091, 4087, 4095, 4092, 4090, 4093, 4095, 4095, 4094, 4092, 4090, 4094, 4095, 4095, 4095, 4093, 4095, 4091, 4094, 4093, 4087, 4094, 4095, 4091, 4094, 4094, 4091, 4094, 4095, 4094, 4094, 4091, 4095, 4093, 4095, 4094, 4095, 4093, 4094, 4095, 4094], "SliceLocation": [-71.797850244112, -69.797849058076, -67.797847895362, -65.797850044089, -63.797848881376, -61.797851425159, -59.797850250784, -57.797848693015, -55.797851236798, -53.797850062424, -51.797848702183, -49.797851245965, -47.797849879894, -45.797852426592, -43.797851252946, -41.797849887603, -39.797852432843, -37.797851066772, -35.797849892397, -33.797852244483, -31.797851070108, -29.797849704036, -27.79785038874, -25.797850881747, -23.797849719034, -21.797850200379, -19.797850896745, -17.797851569787, -15.797850215377, -13.79785088842, -11.797850463549, -9.7978501345265, -7.7978507117204, -5.7978504785466, -3.7978505909709, -1.7978506105258, 0.20214936991922, 2.202149513203, 4.2021493774556, 6.2021492417082, 8.2021491059608, 10.202149481629, 12.202149810652, 14.20214916221, 16.202149491233, 18.202148890716, 20.202150195924, 22.202149595407, 24.202148970927, 26.202150226494, 28.202149666632, 30.20214906312, 32.202148450622, 34.202149709184, 36.202150990429, 38.202148554796, 40.202149812079, 42.202151023995, 44.202148611045, 46.202149822961, 48.202151080244, 50.202148667295, 52.20214987921, 54.202151184418, 56.202148678176, 58.202149983384, 60.202151288592, 62.20214878235, 64.202150087558, 66.202147674609, 68.202148790675, 70.202150191732], "SmallestImagePixelValue": [0, 1, 0, 0, 0, 1, 0, 0, 3, 1, 0, 0, 1, 0, 0, 0, 0, 0, 0, 0, 0, 1, 0, 0, 2, 0, 5, 0, 2, 2, 0, 1, 3, 2, 6, 1, 1, 1, 0, 2, 0, 0, 2, 0, 5, 4, 1, 4, 0, 0, 0, 4, 0, 0, 2, 0, 1, 0, 0, 0, 1, 0, 5, 0, 0, 0, 3, 0, 0, 0, 1, 0], "WindowCenter": [-148.0, -166.0, -226.0, -192.0, -134.0, -146.0, -150.0, -156.0, -180.0, -196.0, -230.0, -260.0, -212.0, -194.0, -164.0, -166.0, -186.0, -192.0, -230.0, -198.0, -234.0, -232.0, -298.0, -400.0, -386.0, -380.0, -280.0, -340.0, -332.0, -318.0, -320.0, -296.0, -300.0, -268.0, -108.0, -110.0, -112.0, -232.0, -72.0, -76.0, -56.0, -44.0, -22.0, -198.0, -26.0, -28.0, -2.0, 4.0, -10.0, -10.0, -26.0, 16.0, 24.0, 6.0, 6.0, 46.0, 14.0, -20.0, 4.0, -14.0, -34.0, -32.0, -58.0, -124.0, -186.0, -200.0, -232.0, -226.0, -276.0, -324.0, -336.0, -374.0], "WindowWidth": [6260.0, 6358.0, 6408.0, 6416.0, 6470.0, 6434.0, 6390.0, 6414.0, 6374.0, 6378.0, 6402.0, 6378.0, 6368.0, 6326.0, 6338.0, 6222.0, 6130.0, 6108.0, 5998.0, 5920.0, 5774.0, 5618.0, 5376.0, 4738.0, 4674.0, 4686.0, 4998.0, 4664.0, 4654.0, 4648.0, 4654.0, 4632.0, 4638.0, 4626.0, 5226.0, 5158.0, 5090.0, 4624.0, 5214.0, 5192.0, 5214.0, 5322.0, 5370.0, 4598.0, 5272.0, 5188.0, 5318.0, 5326.0, 5318.0, 5370.0, 5298.0, 5364.0, 5396.0, 5338.0, 5394.0, 5556.0, 5620.0, 5604.0, 5700.0, 5752.0, 5792.0, 5860.0, 5920.0, 5988.0, 6074.0, 6106.0, 6112.0, 6160.0, 6180.0, 6186.0, 6238.0, 6252.0]}}, "IntendedFor": ["ses-1/func/sub-34_ses-1_task-motor_run-04_bold.nii.gz", "ses-1/func/sub-34_ses-1_task-motor_run-02_bold.nii.gz", "ses-1/func/sub-34_ses-1_task-motor_run-03_bold.nii.gz", "ses-1/func/sub-34_ses-1_task-motor_run-06_bold.nii.gz", "ses-1/func/sub-34_ses-1_task-motor_run-01_bold.nii.gz", "ses-1/func/sub-34_ses-1_task-motor_run-05_bold.nii.gz"]}