{"AcquisitionMatrixPE": 100, "AcquisitionNumber": 1, "AcquisitionTime": "14:27:27.800000", "BaseResolution": 100, "BodyPartExamined": "BRAIN", "ConsistencyInfo": "N4_VE11C_LATEST_20160120", "ConversionSoftware": "dcm2niix", "ConversionSoftwareVersion": "v1.0.20180622 GCC4.9.2", "DeviceSerialNumber": "166078", "DwellTime": 8.8e-06, "EchoNumber": 2, "EchoTime": 0.00738, "EchoTime1": 0.00492, "EchoTime2": 0.00738, "FlipAngle": 60, "ImageOrientationPatientDICOM": [0.999173, -0.00099827, -0.0406414, -0.00523171, 0.988228, -0.152896], "ImageType": ["ORIGINAL", "PRIMARY", "P", "ND"], "InPlanePhaseEncodingDirectionDICOM": "ROW", "InstitutionAddress": "Street_StreetNo_Bei_Jing_District_CN_ZIP", "InstitutionName": "BeiJing_Normal_University", "InstitutionalDepartmentName": "Department", "MRAcquisitionType": "2D", "MagneticFieldStrength": 3, "Manufacturer": "Siemens", "ManufacturersModelName": "Prisma", "Modality": "MR", "PartialFourier": 1, "PatientPosition": "HFS", "PercentPhaseFOV": 100, "PhaseEncodingDirection": "i", "PhaseEncodingSteps": 100, "PhaseResolution": 1, "PixelBandwidth": 570, "ProcedureStepDescription": "BNU_P2018_64CH_Liu.Jia", "ProtocolName": "field_mapping_2x2x2", "PulseSequenceDetails": "%SiemensSeq%_gre_field_mapping", "ReceiveCoilActiveElements": "HC1-7;NC1", "ReceiveCoilName": "HeadNeck_64", "ReconMatrixPE": 100, "RepetitionTime": 0.72, "SAR": 0.112488, "ScanningSequence": "GR", "SequenceName": "_fm2d2r", "SequenceVariant": "SP", "SeriesDescription": "field_mapping_2x2x2", "SeriesNumber": 7, "ShimSetting": [-5454, -11503, -1258, 279, -18, -381, -141, 40], "SliceThickness": 2, "SoftwareVersions": "syngo_MR_E11", "SpacingBetweenSlices": 2, "StationName": "AWP166078", "TxRefAmp": 217.03, "dcmmeta_affine": [[-1.9983465671539307, -0.010463414713740349, -0.08063119649887085, 105.33358764648438], [0.0019965393003076315, 1.976456880569458, -0.30596423149108887, -78.05084991455078], [-0.08128277212381363, 0.3057917654514313, 1.9748077392578125, -72.25218200683594], [0.0, 0.0, 0.0, 1.0]], "dcmmeta_reorient_transform": [[0.0, -1.0, 0.0, 99.0], [1.0, 0.0, 0.0, 0.0], [0.0, 0.0, -1.0, 71.0], [0.0, 0.0, 0.0, 1.0]], "dcmmeta_shape": [100, 100, 72], "dcmmeta_slice_dim": 2, "dcmmeta_version": 0.6, "global": {"const": {"AcquisitionMatrix": [0, 100, 100, 0], "AcquisitionNumber": 1, "AngioFlag": "N", "BitsAllocated": 16, "BitsStored": 12, "BodyPartExamined": "BRAIN", "Columns": 100, "EchoNumbers": 2, "EchoTime": 7.38, "EchoTrainLength": 0, "FlipAngle": 60.0, "HighBit": 11, "ImageOrientationPatient": [0.99917329894762, -0.0009982696701, -0.0406413844229, -0.0052317071854, 0.98822845346081, -0.152895889449], "ImageType": ["ORIGINAL", "PRIMARY", "P", "ND"], "ImagedNucleus": "1H", "ImagingFrequency": 123.257821, "InPlanePhaseEncodingDirection": "ROW", "MRAcquisitionType": "2D", "MagneticFieldStrength": 3.0, "Manufacturer": "SIEMENS", "ManufacturerModelName": "Prisma", "Modality": "MR", "NumberOfAverages": 1.0, "NumberOfPhaseEncodingSteps": 100, "PercentPhaseFieldOfView": 100.0, "PercentSampling": 100.0, "PerformedProcedureStepStartTime": "135801.758000", "PhotometricInterpretation": "MONOCHROME2", "PixelBandwidth": 570.0, "PixelRepresentation": 0, "PixelSpacing": [2.0, 2.0], "ProtocolName": "field_mapping_2x2x2", "RepetitionTime": 720.0, "RescaleIntercept": -4096.0, "RescaleSlope": 2.0, "RescaleType": "US", "Rows": 100, "SAR": 0.11248785198282, "SamplesPerPixel": 1, "ScanningSequence": "GR", "SequenceName": "*fm2d2r", "SequenceVariant": "SP", "SeriesDescription": "field_mapping_2x2x2", "SeriesNumber": 7, "SeriesTime": "142951.933000", "SliceThickness": 2.0, "SoftwareVersions": "syngo MR E11", "SpacingBetweenSlices": 2.0, "SpecificCharacterSet": "ISO_IR 100", "StudyID": "1", "StudyTime": "135801.666000", "TransmitCoilName": "Body", "VariableFlipAngleFlag": "N", "WindowCenterWidthExplanation": "Algo1", "dBdt": 0.0}, "slices": {"AcquisitionTime": ["142727.800000", "142727.440000", "142727.810000", "142727.450000", "142727.820000", "142727.460000", "142727.830000", "142727.470000", "142727.840000", "142727.480000", "142727.850000", "142727.490000", "142727.860000", "142727.500000", "142727.870000", "142727.510000", "142727.880000", "142727.520000", "142727.890000", "142727.530000", "142727.900000", "142727.540000", "142727.910000", "142727.550000", "142727.920000", "142727.560000", "142727.930000", "142727.570000", "142727.940000", "142727.580000", "142727.950000", "142727.590000", "142727.960000", "142727.600000", "142727.970000", "142727.610000", "142727.980000", "142727.620000", "142727.990000", "142727.630000", "142728.000000", "142727.640000", "142728.010000", "142727.650000", "142728.020000", "142727.660000", "142728.030000", "142727.670000", "142728.040000", "142727.680000", "142728.050000", "142727.690000", "142728.060000", "142727.700000", "142728.070000", "142727.710000", "142728.080000", "142727.720000", "142728.090000", "142727.730000", "142728.100000", "142727.740000", "142728.110000", "142727.750000", "142728.120000", "142727.760000", "142728.130000", "142727.770000", "142728.140000", "142727.780000", "142728.150000", "142727.790000"], "ContentTime": ["142952.002000", "142951.935000", "142952.004000", "142951.938000", "142952.006000", "142951.940000", "142952.008000", "142951.942000", "142952.010000", "142951.943000", "142952.012000", "142951.945000", "142952.013000", "142951.947000", "142952.015000", "142951.949000", "142952.017000", "142951.951000", "142952.019000", "142951.952000", "142952.021000", "142951.954000", "142952.023000", "142951.956000", "142952.024000", "142951.958000", "142952.026000", "142951.960000", "142952.028000", "142951.961000", "142952.030000", "142951.963000", "142952.032000", "142951.965000", "142952.034000", "142951.967000", "142952.035000", "142951.969000", "142952.037000", "142951.970000", "142952.039000", "142951.972000", "142952.041000", "142951.974000", "142952.043000", "142951.976000", "142952.044000", "142951.978000", "142952.046000", "142951.980000", "142952.048000", "142951.981000", "142952.050000", "142951.983000", "142952.052000", "142951.985000", "142952.053000", "142951.987000", "142952.055000", "142951.989000", "142952.057000", "142951.990000", "142952.059000", "142951.992000", "142952.060000", "142951.994000", "142952.062000", "142951.996000", "142952.064000", "142951.998000", "142952.066000", "142952.001000"], "CsaImage.GSWDDataType": ["measured", "predicted", "measured", "predicted", "measured", "predicted", "measured", "predicted", "measured", "predicted", "measured", "predicted", "measured", "predicted", "measured", "predicted", "measured", "predicted", "measured", "predicted", "measured", "predicted", "measured", "predicted", "measured", "predicted", "measured", "predicted", "measured", "predicted", "measured", "predicted", "measured", "predicted", "measured", "predicted", "measured", "predicted", "measured", "predicted", "measured", "predicted", "measured", "predicted", "measured", "predicted", "measured", "predicted", "measured", "predicted", "measured", "predicted", "measured", "predicted", "measured", "predicted", "measured", "predicted", "measured", "predicted", "measured", "measured", "measured", "measured", "measured", "measured", "measured", "measured", "measured", "measured", "measured", "measured"], "CsaImage.ICE_Dims": ["X_2_1_1_1_1_1_37_1_1_1_1_137", "X_2_1_1_1_1_1_1_1_1_2_1_137", "X_2_1_1_1_1_1_38_1_1_3_1_137", "X_2_1_1_1_1_1_2_1_1_4_1_137", "X_2_1_1_1_1_1_39_1_1_5_1_137", "X_2_1_1_1_1_1_3_1_1_6_1_137", "X_2_1_1_1_1_1_40_1_1_7_1_137", "X_2_1_1_1_1_1_4_1_1_8_1_137", "X_2_1_1_1_1_1_41_1_1_9_1_137", "X_2_1_1_1_1_1_5_1_1_10_1_137", "X_2_1_1_1_1_1_42_1_1_11_1_137", "X_2_1_1_1_1_1_6_1_1_12_1_137", "X_2_1_1_1_1_1_43_1_1_13_1_137", "X_2_1_1_1_1_1_7_1_1_14_1_137", "X_2_1_1_1_1_1_44_1_1_15_1_137", "X_2_1_1_1_1_1_8_1_1_16_1_137", "X_2_1_1_1_1_1_45_1_1_17_1_137", "X_2_1_1_1_1_1_9_1_1_18_1_137", "X_2_1_1_1_1_1_46_1_1_19_1_137", "X_2_1_1_1_1_1_10_1_1_20_1_137", "X_2_1_1_1_1_1_47_1_1_21_1_137", "X_2_1_1_1_1_1_11_1_1_22_1_137", "X_2_1_1_1_1_1_48_1_1_23_1_137", "X_2_1_1_1_1_1_12_1_1_24_1_137", "X_2_1_1_1_1_1_49_1_1_25_1_137", "X_2_1_1_1_1_1_13_1_1_26_1_137", "X_2_1_1_1_1_1_50_1_1_27_1_137", "X_2_1_1_1_1_1_14_1_1_28_1_137", "X_2_1_1_1_1_1_51_1_1_29_1_137", "X_2_1_1_1_1_1_15_1_1_30_1_137", "X_2_1_1_1_1_1_52_1_1_31_1_137", "X_2_1_1_1_1_1_16_1_1_32_1_137", "X_2_1_1_1_1_1_53_1_1_33_1_137", "X_2_1_1_1_1_1_17_1_1_34_1_137", "X_2_1_1_1_1_1_54_1_1_35_1_137", "X_2_1_1_1_1_1_18_1_1_36_1_137", "X_2_1_1_1_1_1_55_1_1_37_1_137", "X_2_1_1_1_1_1_19_1_1_38_1_137", "X_2_1_1_1_1_1_56_1_1_39_1_137", "X_2_1_1_1_1_1_20_1_1_40_1_137", "X_2_1_1_1_1_1_57_1_1_41_1_137", "X_2_1_1_1_1_1_21_1_1_42_1_137", "X_2_1_1_1_1_1_58_1_1_43_1_137", "X_2_1_1_1_1_1_22_1_1_44_1_137", "X_2_1_1_1_1_1_59_1_1_45_1_137", "X_2_1_1_1_1_1_23_1_1_46_1_137", "X_2_1_1_1_1_1_60_1_1_47_1_137", "X_2_1_1_1_1_1_24_1_1_48_1_137", "X_2_1_1_1_1_1_61_1_1_49_1_137", "X_2_1_1_1_1_1_25_1_1_50_1_137", "X_2_1_1_1_1_1_62_1_1_51_1_137", "X_2_1_1_1_1_1_26_1_1_52_1_137", "X_2_1_1_1_1_1_63_1_1_53_1_137", "X_2_1_1_1_1_1_27_1_1_54_1_137", "X_2_1_1_1_1_1_64_1_1_55_1_137", "X_2_1_1_1_1_1_28_1_1_56_1_137", "X_2_1_1_1_1_1_65_1_1_57_1_137", "X_2_1_1_1_1_1_29_1_1_58_1_137", "X_2_1_1_1_1_1_66_1_1_59_1_137", "X_2_1_1_1_1_1_30_1_1_60_1_137", "X_2_1_1_1_1_1_67_1_1_61_1_137", "X_2_1_1_1_1_1_31_1_1_62_1_137", "X_2_1_1_1_1_1_68_1_1_63_1_137", "X_2_1_1_1_1_1_32_1_1_64_1_137", "X_2_1_1_1_1_1_69_1_1_65_1_137", "X_2_1_1_1_1_1_33_1_1_66_1_137", "X_2_1_1_1_1_1_70_1_1_67_1_137", "X_2_1_1_1_1_1_34_1_1_68_1_137", "X_2_1_1_1_1_1_71_1_1_69_1_137", "X_2_1_1_1_1_1_35_1_1_70_1_137", "X_2_1_1_1_1_1_72_1_1_71_1_137", "X_2_1_1_1_1_1_36_1_1_72_1_137"], "CsaImage.ProtocolSliceNumber": [0, 1, 2, 3, 4, 5, 6, 7, 8, 9, 10, 11, 12, 13, 14, 15, 16, 17, 18, 19, 20, 21, 22, 23, 24, 25, 26, 27, 28, 29, 30, 31, 32, 33, 34, 35, 36, 37, 38, 39, 40, 41, 42, 43, 44, 45, 46, 47, 48, 49, 50, 51, 52, 53, 54, 55, 56, 57, 58, 59, 60, 61, 62, 63, 64, 65, 66, 67, 68, 69, 70, 71], "CsaImage.RFSWDDataType": ["measured", "predicted", "measured", "predicted", "measured", "predicted", "measured", "predicted", "measured", "predicted", "measured", "predicted", "measured", "predicted", "measured", "predicted", "measured", "predicted", "measured", "predicted", "measured", "predicted", "measured", "predicted", "measured", "predicted", "measured", "predicted", "measured", "predicted", "measured", "predicted", "measured", "predicted", "measured", "predicted", "measured", "predicted", "measured", "predicted", "measured", "predicted", "measured", "predicted", "measured", "predicted", "measured", "predicted", "measured", "predicted", "measured", "predicted", "measured", "predicted", "measured", "predicted", "measured", "measured", "measured", "measured", "measured", "measured", "measured", "measured", "measured", "measured", "measured", "measured", "measured", "measured", "measured", "measured"], "CsaImage.SlicePosition_PCS": [[-104.2977098, -117.61838505, -41.97913165], [-104.21707854, -117.31242153, -40.00431628], [-104.13644777, -117.00645611, -38.02950473], [-104.05581651, -116.70049259, -36.05469318], [-103.97518525, -116.39452908, -34.07988162], [-103.894554, -116.08856365, -32.10506625], [-103.81392274, -115.78260014, -30.1302547], [-103.73329149, -115.47663471, -28.15544315], [-103.65266023, -115.1706712, -26.18063159], [-103.57202897, -114.86470768, -24.20581622], [-103.49139772, -114.55874321, -22.23100467], [-103.41076694, -114.25277874, -20.25619311], [-103.33013544, -113.94681427, -18.28138156], [-103.24950443, -113.64085075, -16.30656619], [-103.16887317, -113.33488628, -14.33175464], [-103.08824191, -113.02892181, -12.35694308], [-103.00761066, -112.72295734, -10.38212962], [-102.9269794, -112.41699383, -8.40731807], [-102.84634838, -112.11102936, -6.43250461], [-102.76571713, -111.80506489, -4.45769305], [-102.68508587, -111.49910042, -2.48287959], [-102.60445461, -111.1931369, -0.50806804], [-102.5238236, -110.88717243, 1.46674542], [-102.44319234, -110.58120796, 3.44155793], [-102.36256109, -110.27524349, 5.41637044], [-102.28192983, -109.96927998, 7.39118295], [-102.20129857, -109.66331551, 9.36599545], [-102.12066756, -109.35735104, 11.34080796], [-102.0400363, -109.05138752, 13.31562047], [-101.95940504, -108.74542305, 15.29043298], [-101.87877379, -108.43945858, 17.26524572], [-101.79814277, -108.13349411, 19.24005814], [-101.71751151, -107.82753059, 21.21487062], [-101.63688026, -107.52156612, 23.18968325], [-101.556249, -107.21560165, 25.16449551], [-101.47561774, -106.90963718, 27.13930802], [-101.39498673, -106.60367319, 29.11412053], [-101.31435547, -106.2977092, 31.08893304], [-101.23372421, -105.99174473, 33.06374555], [-101.15309308, -105.68578073, 35.03855805], [-101.07246182, -105.37981626, 37.01337056], [-100.99183057, -105.07385227, 38.98818402], [-100.91119943, -104.76788828, 40.96299558], [-100.83056817, -104.46192381, 42.93780904], [-100.74993704, -104.15595982, 44.91262059], [-100.66930578, -103.84999535, 46.88743405], [-100.58867464, -103.54403135, 48.86224561], [-100.50804339, -103.23806688, 50.83705907], [-100.42741225, -102.93210289, 52.81187253], [-100.34678099, -102.62613842, 54.78668408], [-100.2661498, -102.32017443, 56.76149564], [-100.1855186, -102.0142102, 58.73630719], [-100.1048874, -101.70824596, 60.71112256], [-100.02425615, -101.40228173, 62.68593411], [-99.94362495, -101.0963175, 64.66074567], [-99.86299376, -100.79035327, 66.63555722], [-99.78236256, -100.48438904, 68.61037259], [-99.70173136, -100.17842481, 70.58518414], [-99.62110015, -99.87246057, 72.5599957], [-99.54046895, -99.56649634, 74.53480725], [-99.45983775, -99.26053217, 76.50962262], [-99.37920655, -98.95456794, 78.48443417], [-99.29857534, -98.64860372, 80.45924573], [-99.21794414, -98.34263951, 82.43405728], [-99.13731293, -98.03667531, 84.40887265], [-99.05668173, -97.73071107, 86.38368039], [-98.97605053, -97.42474684, 88.35849576], [-98.89541934, -97.11878261, 90.33331113], [-98.81478814, -96.81281838, 92.30811887], [-98.73415694, -96.50685427, 94.28293424], [-98.65352569, -96.20089004, 96.2577496], [-98.57289449, -95.8949258, 98.23255734]], "CsaImage.TimeAfterStart": [1.0825, 0.7225, 1.0925, 0.7325, 1.1025, 0.7425, 1.1125, 0.7525, 1.1225, 0.7625, 1.1325, 0.7725, 1.1425, 0.7825, 1.1525, 0.7925, 1.1625, 0.8025, 1.1725, 0.8125, 1.1825, 0.8225, 1.1925, 0.8325, 1.2025, 0.8425, 1.2125, 0.8525, 1.2225, 0.8625, 1.2325, 0.8725, 1.2425, 0.8825, 1.2525, 0.8925, 1.2625, 0.9025, 1.2725, 0.9125, 1.2825, 0.9225, 1.2925, 0.9325, 1.3025, 0.9425, 1.3125, 0.9525, 1.3225, 0.9625, 1.3325, 0.9725, 1.3425, 0.9825, 1.3525, 0.9925, 1.3625, 1.0025, 1.3725, 1.0125, 1.3825, 1.0225, 1.3925, 1.0325, 1.4025, 1.0425, 1.4125, 1.0525, 1.4225, 1.0625, 1.4325, 1.0725], "ImagePositionPatient": [[-104.29770980107, -117.61838504777, -41.979131652124], [-104.21707854497, -117.31242153154, -40.004316283472], [-104.1364477657, -117.00645610795, -38.029504729517], [-104.0558165096, -116.70049259172, -36.054693175562], [-103.97518525349, -116.39452907548, -34.079881621607], [-103.89455399739, -116.0885636519, -32.105066252955], [-103.81392274129, -115.78260013566, -30.130254698999], [-103.73329148518, -115.47663471208, -28.155443145044], [-103.65266022908, -115.17067119584, -26.180631591089], [-103.57202897297, -114.86470767961, -24.205816222437], [-103.49139771687, -114.5587432097, -22.231004668482], [-103.4107669376, -114.25277873979, -20.256193114527], [-103.33013544308, -113.94681426988, -18.281381560572], [-103.2495044254, -113.64085075365, -16.306566191919], [-103.16887316929, -113.33488628374, -14.331754637964], [-103.08824191319, -113.02892181383, -12.356943084009], [-103.00761065709, -112.72295734392, -10.382129622705], [-102.92697940098, -112.41699382768, -8.4073180687504], [-102.8463483833, -112.11102935777, -6.4325046074467], [-102.7657171272, -111.80506488786, -4.4576930534916], [-102.68508587109, -111.49910041795, -2.4828795921879], [-102.60445461499, -111.19313690172, -0.5080680382328], [-102.5238235973, -110.88717243181, 1.4667454230709], [-102.4431923412, -110.5812079619, 3.4415579307003], [-102.3625610851, -110.27524349199, 5.4163704383297], [-102.28192982899, -109.96927997575, 7.3911829459591], [-102.20129857289, -109.66331550584, 9.3659954535885], [-102.1206675552, -109.35735103593, 11.340807961218], [-102.0400362991, -109.0513875197, 13.315620468847], [-101.959405043, -108.74542304979, 15.290432976477], [-101.87877378689, -108.43945857988, 17.265245722525], [-101.79814276921, -108.13349410997, 19.240058140747], [-101.71751151311, -107.82753059373, 21.214870618574], [-101.636880257, -107.52156612382, 23.189683245413], [-101.5562490009, -107.21560165391, 25.164495514624], [-101.47561774479, -106.909637184, 27.139308022253], [-101.39498672711, -106.60367319093, 29.114120529882], [-101.31435547101, -106.29770919786, 31.088933037512], [-101.2337242149, -105.99174472795, 33.063745545141], [-101.15309307801, -105.68578073488, 35.038558052771], [-101.07246182191, -105.37981626497, 37.0133705604], [-100.9918305658, -105.07385227189, 38.988184021704], [-100.91119942891, -104.76788827882, 40.962995575659], [-100.8305681728, -104.46192380891, 42.937809036962], [-100.74993703591, -104.15595981584, 44.912620590918], [-100.66930577981, -103.84999534593, 46.887434052221], [-100.58867464291, -103.54403135286, 48.862245606176], [-100.50804338681, -103.23806688295, 50.83705906748], [-100.42741224991, -102.93210288988, 52.811872528784], [-100.34678099381, -102.62613841997, 54.786684082739], [-100.26614979731, -102.32017442689, 56.761495636694], [-100.18551860081, -102.0142101954, 58.736307190649], [-100.10488740431, -101.70824596391, 60.711122559301], [-100.02425614821, -101.40228173242, 62.685934113256], [-99.943624951712, -101.09631750093, 64.660745667212], [-99.862993755213, -100.79035326944, 66.635557221167], [-99.782362558714, -100.48438903795, 68.610372589819], [-99.701731362215, -100.17842480646, 70.585184143774], [-99.621100150815, -99.872460574965, 72.559995697729], [-99.540468954316, -99.566496343474, 74.534807251684], [-99.459837750367, -99.260532171587, 76.509622620337], [-99.379206546417, -98.954567940096, 78.484434174292], [-99.298575342468, -98.648603723506, 80.459245728247], [-99.217944138518, -98.342639506916, 82.434057282202], [-99.137312927118, -98.036675305228, 84.408872650854], [-99.056681730619, -97.730711073737, 86.383680390112], [-98.976050534121, -97.424746842245, 88.358495758764], [-98.895419337622, -97.118782610754, 90.333311127417], [-98.814788141123, -96.812818379263, 92.308118866674], [-98.734156944624, -96.506854266981, 94.282934235327], [-98.65352568852, -96.20089003549, 96.257749603979], [-98.572894492022, -95.894925803999, 98.232557343237]], "InstanceCreationTime": ["142952.002000", "142951.935000", "142952.004000", "142951.938000", "142952.006000", "142951.940000", "142952.008000", "142951.942000", "142952.010000", "142951.943000", "142952.012000", "142951.945000", "142952.013000", "142951.947000", "142952.015000", "142951.949000", "142952.017000", "142951.951000", "142952.019000", "142951.952000", "142952.021000", "142951.954000", "142952.023000", "142951.956000", "142952.024000", "142951.958000", "142952.026000", "142951.960000", "142952.028000", "142951.961000", "142952.030000", "142951.963000", "142952.032000", "142951.965000", "142952.034000", "142951.967000", "142952.035000", "142951.969000", "142952.037000", "142951.970000", "142952.039000", "142951.972000", "142952.041000", "142951.974000", "142952.043000", "142951.976000", "142952.044000", "142951.978000", "142952.046000", "142951.980000", "142952.048000", "142951.981000", "142952.050000", "142951.983000", "142952.052000", "142951.985000", "142952.053000", "142951.987000", "142952.055000", "142951.989000", "142952.057000", "142951.990000", "142952.059000", "142951.992000", "142952.060000", "142951.994000", "142952.062000", "142951.996000", "142952.064000", "142951.998000", "142952.066000", "142952.001000"], "InstanceNumber": [1, 2, 3, 4, 5, 6, 7, 8, 9, 10, 11, 12, 13, 14, 15, 16, 17, 18, 19, 20, 21, 22, 23, 24, 25, 26, 27, 28, 29, 30, 31, 32, 33, 34, 35, 36, 37, 38, 39, 40, 41, 42, 43, 44, 45, 46, 47, 48, 49, 50, 51, 52, 53, 54, 55, 56, 57, 58, 59, 60, 61, 62, 63, 64, 65, 66, 67, 68, 69, 70, 71, 72], "LargestImagePixelValue": [4094, 4094, 4093, 4094, 4095, 4095, 4094, 4095, 4095, 4095, 4093, 4094, 4095, 4094, 4094, 4093, 4094, 4095, 4095, 4092, 4095, 4094, 4095, 4089, 4093, 4093, 4087, 4094, 4084, 4094, 4088, 4092, 4093, 4090, 4093, 4092, 4092, 4093, 4093, 4093, 4091, 4094, 4094, 4094, 4092, 4093, 4094, 4095, 4090, 4094, 4095, 4091, 4093, 4094, 4094, 4094, 4095, 4095, 4095, 4094, 4094, 4094, 4094, 4094, 4094, 4095, 4093, 4095, 4093, 4095, 4093, 4093], "SliceLocation": [-63.648791782572, -61.648789079326, -59.64878987017, -57.64879093358, -55.648791996989, -53.648789001953, -51.648790065363, -49.648790836982, -47.648791900392, -45.648789197146, -43.64879011466, -41.648791051399, -39.648791959302, -37.648789265667, -35.648790183182, -33.648791100697, -31.648790134883, -29.648791198293, -27.648790242092, -25.648791159606, -23.648790193793, -21.648791257203, -19.648790301002, -17.648790276852, -15.648790252703, -13.648790374449, -11.648790350299, -9.6487903357619, -7.6487904575077, -5.6487904333584, -3.648790173793, -1.6487902475367, 0.35120960129057, 2.3512097431479, 4.3512095318813, 6.3512095560306, 8.3512094976204, 10.351209448822, 12.351209472972, 14.351209419367, 16.351209443517, 18.351210336382, 20.351209341114, 22.351210306928, 24.351209311659, 26.351210277473, 28.351209282205, 30.351210248018, 32.351211136078, 34.351210218563, 36.351209225698, 38.351208269306, 40.351211079571, 42.351210125582, 44.351209169191, 46.3512082128, 48.351211023064, 50.351210066673, 52.351209110882, 54.351208154491, 56.351210955937, 58.351209999846, 60.351209041475, 62.351208083105, 64.351210889411, 66.351206166363, 68.351208976628, 70.351211786892, 72.351207063845, 74.351209855873, 76.35121266854, 78.351207945493], "SmallestImagePixelValue": [1, 1, 1, 0, 0, 0, 1, 2, 0, 0, 0, 0, 0, 0, 0, 0, 0, 0, 0, 0, 1, 0, 0, 8, 2, 0, 1, 0, 0, 1, 0, 3, 0, 0, 2, 0, 0, 0, 1, 1, 0, 3, 0, 0, 0, 0, 3, 1, 0, 1, 3, 2, 0, 0, 0, 1, 0, 0, 0, 0, 0, 5, 0, 0, 0, 0, 0, 0, 0, 1, 0, 0], "WindowCenter": [-162.0, -192.0, -220.0, -290.0, -278.0, -280.0, -220.0, -222.0, -170.0, -218.0, -202.0, -282.0, -192.0, -160.0, -222.0, -168.0, -188.0, -224.0, -210.0, -236.0, -240.0, -280.0, -294.0, -260.0, -288.0, -238.0, -166.0, -168.0, -140.0, -184.0, -148.0, -166.0, -180.0, -154.0, -162.0, -140.0, -96.0, -80.0, -68.0, -112.0, -242.0, -248.0, -220.0, -208.0, -218.0, -178.0, -60.0, -160.0, -182.0, -28.0, -56.0, -200.0, -42.0, -52.0, -32.0, -90.0, -10.0, -82.0, -32.0, -102.0, -30.0, -74.0, -68.0, -106.0, -140.0, -140.0, -192.0, -146.0, -246.0, -274.0, -408.0, -286.0], "WindowWidth": [6304.0, 6262.0, 6356.0, 6330.0, 6406.0, 6386.0, 6428.0, 6370.0, 6442.0, 6408.0, 6410.0, 6304.0, 6412.0, 6418.0, 6500.0, 6490.0, 6468.0, 6442.0, 6330.0, 6192.0, 6048.0, 5922.0, 5802.0, 5726.0, 5668.0, 5700.0, 5700.0, 5674.0, 5648.0, 5540.0, 5540.0, 5324.0, 5336.0, 5468.0, 5302.0, 5480.0, 5400.0, 5464.0, 5484.0, 5242.0, 4650.0, 4618.0, 4628.0, 4596.0, 4616.0, 4574.0, 4972.0, 4574.0, 4590.0, 5212.0, 5130.0, 4614.0, 5424.0, 5486.0, 5530.0, 5550.0, 5676.0, 5590.0, 5720.0, 5636.0, 5792.0, 5786.0, 5902.0, 5836.0, 6004.0, 5986.0, 5966.0, 6018.0, 6038.0, 6116.0, 5932.0, 6094.0]}}, "IntendedFor": ["ses-1/func/sub-44_ses-1_task-motor_run-06_bold.nii.gz", "ses-1/func/sub-44_ses-1_task-motor_run-05_bold.nii.gz", "ses-1/func/sub-44_ses-1_task-motor_run-03_bold.nii.gz", "ses-1/func/sub-44_ses-1_task-motor_run-02_bold.nii.gz", "ses-1/func/sub-44_ses-1_task-motor_run-01_bold.nii.gz", "ses-1/func/sub-44_ses-1_task-motor_run-04_bold.nii.gz"]}