{"AcquisitionMatrixPE": 100, "AcquisitionNumber": 1, "AcquisitionTime": "10:50:59.735000", "BaseResolution": 100, "BodyPartExamined": "BRAIN", "ConsistencyInfo": "N4_VE11C_LATEST_20160120", "ConversionSoftware": "dcm2niix", "ConversionSoftwareVersion": "v1.0.20180622 GCC4.9.2", "DeviceSerialNumber": "166078", "DwellTime": 8.8e-06, "EchoNumber": 2, "EchoTime": 0.00738, "EchoTime1": 0.00492, "EchoTime2": 0.00738, "FlipAngle": 60, "ImageOrientationPatientDICOM": [0.999744, 0.0128454, 0.0186346, -0.00872463, 0.978431, -0.206389], "ImageType": ["ORIGINAL", "PRIMARY", "P", "ND"], "InPlanePhaseEncodingDirectionDICOM": "ROW", "InstitutionAddress": "Street_StreetNo_Bei_Jing_District_CN_ZIP", "InstitutionName": "BeiJing_Normal_University", "InstitutionalDepartmentName": "Department", "MRAcquisitionType": "2D", "MagneticFieldStrength": 3, "Manufacturer": "Siemens", "ManufacturersModelName": "Prisma", "Modality": "MR", "PartialFourier": 1, "PatientPosition": "HFS", "PercentPhaseFOV": 100, "PhaseEncodingDirection": "i", "PhaseEncodingSteps": 100, "PhaseResolution": 1, "PixelBandwidth": 570, "ProcedureStepDescription": "BNU_P2018_64CH_Liu.Jia", "ProtocolName": "field_mapping_2x2x2", "PulseSequenceDetails": "%SiemensSeq%_gre_field_mapping", "ReceiveCoilActiveElements": "HC1-7;NC1", "ReceiveCoilName": "HeadNeck_64", "ReconMatrixPE": 100, "RepetitionTime": 0.72, "SAR": 0.101237, "ScanningSequence": "GR", "SequenceName": "_fm2d2r", "SequenceVariant": "SP", "SeriesDescription": "field_mapping_2x2x2", "SeriesNumber": 7, "ShimSetting": [-5456, -11497, -1203, 257, -16, -170, -96, 62], "SliceThickness": 2, "SoftwareVersions": "syngo_MR_E11", "SpacingBetweenSlices": 2, "StationName": "AWP166078", "TxRefAmp": 227.69, "dcmmeta_affine": [[-1.9994876384735107, -0.017449265345931053, 0.04176759719848633, 101.99974060058594], [-0.025690888985991478, 1.956862211227417, -0.41234683990478516, -78.60639953613281], [0.037269268184900284, 0.4127781391143799, 1.9565811157226562, -84.70166778564453], [0.0, 0.0, 0.0, 1.0]], "dcmmeta_reorient_transform": [[0.0, -1.0, 0.0, 99.0], [1.0, 0.0, 0.0, 0.0], [0.0, 0.0, -1.0, 71.0], [0.0, 0.0, 0.0, 1.0]], "dcmmeta_shape": [100, 100, 72], "dcmmeta_slice_dim": 2, "dcmmeta_version": 0.6, "global": {"const": {"AcquisitionMatrix": [0, 100, 100, 0], "AcquisitionNumber": 1, "AngioFlag": "N", "BitsAllocated": 16, "BitsStored": 12, "BodyPartExamined": "BRAIN", "Columns": 100, "EchoNumbers": 2, "EchoTime": 7.38, "EchoTrainLength": 0, "FlipAngle": 60.0, "HighBit": 11, "ImageOrientationPatient": [0.99974383967167, 0.01284544423471, 0.0186346344468, -0.0087246324241, 0.97843110931938, -0.2063890624648], "ImageType": ["ORIGINAL", "PRIMARY", "P", "ND"], "ImagedNucleus": "1H", "ImagingFrequency": 123.257825, "InPlanePhaseEncodingDirection": "ROW", "MRAcquisitionType": "2D", "MagneticFieldStrength": 3.0, "Manufacturer": "SIEMENS", "ManufacturerModelName": "Prisma", "Modality": "MR", "NumberOfAverages": 1.0, "NumberOfPhaseEncodingSteps": 100, "PercentPhaseFieldOfView": 100.0, "PercentSampling": 100.0, "PerformedProcedureStepStartTime": "101945.694000", "PhotometricInterpretation": "MONOCHROME2", "PixelBandwidth": 570.0, "PixelRepresentation": 0, "PixelSpacing": [2.0, 2.0], "ProtocolName": "field_mapping_2x2x2", "RepetitionTime": 720.0, "RescaleIntercept": -4096.0, "RescaleSlope": 2.0, "RescaleType": "US", "Rows": 100, "SAR": 0.10123659490528, "SamplesPerPixel": 1, "ScanningSequence": "GR", "SequenceName": "*fm2d2r", "SequenceVariant": "SP", "SeriesDescription": "field_mapping_2x2x2", "SeriesNumber": 7, "SeriesTime": "105325.025000", "SliceThickness": 2.0, "SoftwareVersions": "syngo MR E11", "SpacingBetweenSlices": 2.0, "SpecificCharacterSet": "ISO_IR 100", "StudyID": "1", "StudyTime": "101945.586000", "TransmitCoilName": "Body", "VariableFlipAngleFlag": "N", "WindowCenterWidthExplanation": "Algo1", "dBdt": 0.0}, "slices": {"AcquisitionTime": ["105059.735000", "105059.375000", "105059.745000", "105059.385000", "105059.755000", "105059.395000", "105059.765000", "105059.405000", "105059.775000", "105059.415000", "105059.785000", "105059.425000", "105059.795000", "105059.435000", "105059.805000", "105059.445000", "105059.815000", "105059.455000", "105059.825000", "105059.465000", "105059.835000", "105059.475000", "105059.845000", "105059.485000", "105059.855000", "105059.495000", "105059.865000", "105059.505000", "105059.875000", "105059.515000", "105059.885000", "105059.525000", "105059.895000", "105059.535000", "105059.905000", "105059.545000", "105059.915000", "105059.555000", "105059.925000", "105059.565000", "105059.935000", "105059.575000", "105059.945000", "105059.585000", "105059.955000", "105059.595000", "105059.965000", "105059.605000", "105059.975000", "105059.615000", "105059.985000", "105059.625000", "105059.995000", "105059.635000", "105100.005000", "105059.645000", "105100.015000", "105059.655000", "105100.025000", "105059.665000", "105100.035000", "105059.675000", "105100.045000", "105059.685000", "105100.055000", "105059.695000", "105100.065000", "105059.705000", "105100.075000", "105059.715000", "105100.085000", "105059.725000"], "ContentTime": ["105325.101000", "105325.027000", "105325.103000", "105325.029000", "105325.104000", "105325.031000", "105325.106000", "105325.033000", "105325.108000", "105325.035000", "105325.110000", "105325.036000", "105325.112000", "105325.038000", "105325.113000", "105325.040000", "105325.115000", "105325.050000", "105325.117000", "105325.052000", "105325.119000", "105325.053000", "105325.121000", "105325.055000", "105325.123000", "105325.057000", "105325.124000", "105325.059000", "105325.126000", "105325.061000", "105325.128000", "105325.062000", "105325.130000", "105325.064000", "105325.132000", "105325.066000", "105325.134000", "105325.068000", "105325.136000", "105325.070000", "105325.137000", "105325.072000", "105325.139000", "105325.073000", "105325.141000", "105325.075000", "105325.143000", "105325.077000", "105325.145000", "105325.079000", "105325.147000", "105325.081000", "105325.148000", "105325.083000", "105325.150000", "105325.084000", "105325.152000", "105325.086000", "105325.154000", "105325.088000", "105325.156000", "105325.090000", "105325.157000", "105325.092000", "105325.159000", "105325.093000", "105325.161000", "105325.095000", "105325.163000", "105325.097000", "105325.165000", "105325.099000"], "CsaImage.GSWDDataType": ["measured", "predicted", "measured", "predicted", "measured", "predicted", "measured", "predicted", "measured", "predicted", "measured", "predicted", "measured", "predicted", "measured", "predicted", "measured", "predicted", "measured", "predicted", "measured", "predicted", "measured", "predicted", "measured", "predicted", "measured", "predicted", "measured", "predicted", "measured", "predicted", "measured", "predicted", "measured", "predicted", "measured", "predicted", "measured", "predicted", "measured", "predicted", "measured", "predicted", "measured", "predicted", "measured", "predicted", "measured", "predicted", "measured", "predicted", "measured", "measured", "measured", "measured", "measured", "measured", "measured", "measured", "measured", "measured", "measured", "measured", "measured", "measured", "measured", "measured", "measured", "measured", "measured", "measured"], "CsaImage.ICE_Dims": ["X_2_1_1_1_1_1_37_1_1_1_1_53", "X_2_1_1_1_1_1_1_1_1_2_1_53", "X_2_1_1_1_1_1_38_1_1_3_1_53", "X_2_1_1_1_1_1_2_1_1_4_1_53", "X_2_1_1_1_1_1_39_1_1_5_1_53", "X_2_1_1_1_1_1_3_1_1_6_1_53", "X_2_1_1_1_1_1_40_1_1_7_1_53", "X_2_1_1_1_1_1_4_1_1_8_1_53", "X_2_1_1_1_1_1_41_1_1_9_1_53", "X_2_1_1_1_1_1_5_1_1_10_1_53", "X_2_1_1_1_1_1_42_1_1_11_1_53", "X_2_1_1_1_1_1_6_1_1_12_1_53", "X_2_1_1_1_1_1_43_1_1_13_1_53", "X_2_1_1_1_1_1_7_1_1_14_1_53", "X_2_1_1_1_1_1_44_1_1_15_1_53", "X_2_1_1_1_1_1_8_1_1_16_1_53", "X_2_1_1_1_1_1_45_1_1_17_1_53", "X_2_1_1_1_1_1_9_1_1_18_1_53", "X_2_1_1_1_1_1_46_1_1_19_1_53", "X_2_1_1_1_1_1_10_1_1_20_1_53", "X_2_1_1_1_1_1_47_1_1_21_1_53", "X_2_1_1_1_1_1_11_1_1_22_1_53", "X_2_1_1_1_1_1_48_1_1_23_1_53", "X_2_1_1_1_1_1_12_1_1_24_1_53", "X_2_1_1_1_1_1_49_1_1_25_1_53", "X_2_1_1_1_1_1_13_1_1_26_1_53", "X_2_1_1_1_1_1_50_1_1_27_1_53", "X_2_1_1_1_1_1_14_1_1_28_1_53", "X_2_1_1_1_1_1_51_1_1_29_1_53", "X_2_1_1_1_1_1_15_1_1_30_1_53", "X_2_1_1_1_1_1_52_1_1_31_1_53", "X_2_1_1_1_1_1_16_1_1_32_1_53", "X_2_1_1_1_1_1_53_1_1_33_1_53", "X_2_1_1_1_1_1_17_1_1_34_1_53", "X_2_1_1_1_1_1_54_1_1_35_1_53", "X_2_1_1_1_1_1_18_1_1_36_1_53", "X_2_1_1_1_1_1_55_1_1_37_1_53", "X_2_1_1_1_1_1_19_1_1_38_1_53", "X_2_1_1_1_1_1_56_1_1_39_1_53", "X_2_1_1_1_1_1_20_1_1_40_1_53", "X_2_1_1_1_1_1_57_1_1_41_1_53", "X_2_1_1_1_1_1_21_1_1_42_1_53", "X_2_1_1_1_1_1_58_1_1_43_1_53", "X_2_1_1_1_1_1_22_1_1_44_1_53", "X_2_1_1_1_1_1_59_1_1_45_1_53", "X_2_1_1_1_1_1_23_1_1_46_1_53", "X_2_1_1_1_1_1_60_1_1_47_1_53", "X_2_1_1_1_1_1_24_1_1_48_1_53", "X_2_1_1_1_1_1_61_1_1_49_1_53", "X_2_1_1_1_1_1_25_1_1_50_1_53", "X_2_1_1_1_1_1_62_1_1_51_1_53", "X_2_1_1_1_1_1_26_1_1_52_1_53", "X_2_1_1_1_1_1_63_1_1_53_1_53", "X_2_1_1_1_1_1_27_1_1_54_1_53", "X_2_1_1_1_1_1_64_1_1_55_1_53", "X_2_1_1_1_1_1_28_1_1_56_1_53", "X_2_1_1_1_1_1_65_1_1_57_1_53", "X_2_1_1_1_1_1_29_1_1_58_1_53", "X_2_1_1_1_1_1_66_1_1_59_1_53", "X_2_1_1_1_1_1_30_1_1_60_1_53", "X_2_1_1_1_1_1_67_1_1_61_1_53", "X_2_1_1_1_1_1_31_1_1_62_1_53", "X_2_1_1_1_1_1_68_1_1_63_1_53", "X_2_1_1_1_1_1_32_1_1_64_1_53", "X_2_1_1_1_1_1_69_1_1_65_1_53", "X_2_1_1_1_1_1_33_1_1_66_1_53", "X_2_1_1_1_1_1_70_1_1_67_1_53", "X_2_1_1_1_1_1_34_1_1_68_1_53", "X_2_1_1_1_1_1_71_1_1_69_1_53", "X_2_1_1_1_1_1_35_1_1_70_1_53", "X_2_1_1_1_1_1_72_1_1_71_1_53", "X_2_1_1_1_1_1_36_1_1_72_1_53"], "CsaImage.ProtocolSliceNumber": [0, 1, 2, 3, 4, 5, 6, 7, 8, 9, 10, 11, 12, 13, 14, 15, 16, 17, 18, 19, 20, 21, 22, 23, 24, 25, 26, 27, 28, 29, 30, 31, 32, 33, 34, 35, 36, 37, 38, 39, 40, 41, 42, 43, 44, 45, 46, 47, 48, 49, 50, 51, 52, 53, 54, 55, 56, 57, 58, 59, 60, 61, 62, 63, 64, 65, 66, 67, 68, 69, 70, 71], "CsaImage.RFSWDDataType": ["measured", "predicted", "measured", "predicted", "measured", "predicted", "measured", "predicted", "measured", "predicted", "measured", "predicted", "measured", "predicted", "measured", "predicted", "measured", "predicted", "measured", "predicted", "measured", "predicted", "measured", "predicted", "measured", "predicted", "measured", "predicted", "measured", "predicted", "measured", "predicted", "measured", "predicted", "measured", "predicted", "measured", "predicted", "measured", "predicted", "measured", "predicted", "measured", "predicted", "measured", "predicted", "measured", "predicted", "measured", "measured", "measured", "measured", "measured", "measured", "measured", "measured", "measured", "measured", "measured", "measured", "measured", "measured", "measured", "measured", "measured", "measured", "measured", "measured", "measured", "measured", "measured", "measured"], "CsaImage.SlicePosition_PCS": [[-100.27225053, -115.12298617, -43.83691529], [-100.31401825, -114.71063837, -41.88033036], [-100.35578597, -114.29829153, -39.92374162], [-100.39755368, -113.88594469, -37.96715669], [-100.4393214, -113.4735969, -36.01057176], [-100.48108912, -113.06125006, -34.05398682], [-100.52285683, -112.64890227, -32.09740189], [-100.56462467, -112.23655543, -30.14081696], [-100.60639238, -111.82420763, -28.18423203], [-100.6481601, -111.41186079, -26.2276471], [-100.68992782, -110.99951395, -24.27106217], [-100.73169553, -110.58716616, -22.31447724], [-100.77346325, -110.17481932, -20.35789231], [-100.81523097, -109.76247153, -18.40130738], [-100.85699868, -109.35012469, -16.44472245], [-100.8987664, -108.93777785, -14.48813752], [-100.94053423, -108.52543005, -12.53155259], [-100.98230195, -108.11308321, -10.57496766], [-101.02406967, -107.70073542, -8.61838273], [-101.06583738, -107.28838858, -6.66179589], [-101.1076051, -106.87604126, -4.70521096], [-101.14937294, -106.46369394, -2.74862603], [-101.19114053, -106.05134663, -0.7920411], [-101.23290837, -105.63899979, 1.16454383], [-101.27467597, -105.22665247, 3.12112876], [-101.3164438, -104.81430515, 5.07771369], [-101.3582114, -104.40195784, 7.03429862], [-101.39997923, -103.98961052, 8.99088355], [-101.44174683, -103.5772632, 10.94746896], [-101.48351467, -103.16491636, 12.90405389], [-101.5252825, -102.75256905, 14.86063906], [-101.5670501, -102.34022173, 16.81722423], [-101.60881794, -101.92787441, 18.77380934], [-101.65058553, -101.51552734, 20.73039445], [-101.69235337, -101.10318002, 22.6869795], [-101.73412097, -100.69083282, 24.64356443], [-101.7758888, -100.27848551, 26.60014983], [-101.8176564, -99.86613831, 28.55673476], [-101.85942423, -99.45379108, 30.51331969], [-101.90119207, -99.04144385, 32.46990462], [-101.94295967, -98.62909663, 34.42649051], [-101.9847275, -98.2167494, 36.38307449], [-102.0264951, -97.8044022, 38.33965942], [-102.06826294, -97.39205488, 40.29624625], [-102.11003053, -96.97970781, 42.25283118], [-102.15179837, -96.56736049, 44.20941611], [-102.19356597, -96.15501317, 46.16600104], [-102.2353338, -95.74266609, 48.12258598], [-102.27710164, -95.33031878, 50.07917091], [-102.31886923, -94.91797146, 52.03575774], [-102.36063707, -94.50562414, 53.99234267], [-102.40240467, -94.09327683, 55.9489276], [-102.4441725, -93.68092999, 57.90551253], [-102.4859401, -93.26858267, 59.86209746], [-102.52770794, -92.85623535, 61.8186824], [-102.56947553, -92.44388804, 63.77526733], [-102.61124337, -92.03154072, 65.73185226], [-102.6530112, -91.61919388, 67.68843719], [-102.6947788, -91.20684656, 69.64502212], [-102.73654664, -90.79449877, 71.60160705], [-102.77831423, -90.38215193, 73.55819198], [-102.82008207, -89.96980509, 75.51477691], [-102.86184967, -89.5574573, 77.47136184], [-102.9036175, -89.14511046, 79.42794677], [-102.9453851, -88.73276266, 81.3845317], [-102.98715293, -88.32041582, 83.34111663], [-103.02892077, -87.90806898, 85.29770538], [-103.07068837, -87.49572119, 87.25428649], [-103.11245596, -87.08337435, 89.21087524], [-103.15422404, -86.67102656, 91.16745635], [-103.19599164, -86.25867972, 93.1240451], [-103.23775923, -85.84633288, 95.08062621]], "CsaImage.TimeAfterStart": [1.0825, 0.7225, 1.0925, 0.7325, 1.1025, 0.7425, 1.1125, 0.7525, 1.1225, 0.7625, 1.1325, 0.7725, 1.1425, 0.7825, 1.1525, 0.7925, 1.1625, 0.8025, 1.1725, 0.8125, 1.1825, 0.8225, 1.1925, 0.8325, 1.2025, 0.8425, 1.2125, 0.8525, 1.2225, 0.8625, 1.2325, 0.8725, 1.2425, 0.8825, 1.2525, 0.8925, 1.2625, 0.9025, 1.2725, 0.9125, 1.2825, 0.9225, 1.2925, 0.9325, 1.3025, 0.9425, 1.3125, 0.9525, 1.3225, 0.9625, 1.3325, 0.9725, 1.3425, 0.9825, 1.3525, 0.9925, 1.3625, 1.0025, 1.3725, 1.0125, 1.3825, 1.0225, 1.3925, 1.0325, 1.4025, 1.0425, 1.4125, 1.0525, 1.4225, 1.0625, 1.4325, 1.0725], "ImagePositionPatient": [[-100.27225053394, -115.12298616596, -43.836915291461], [-100.31401825035, -114.71063837238, -41.880330361041], [-100.35578596676, -114.29829153247, -39.923741615924], [-100.39755368317, -113.88594469257, -37.967156685504], [-100.43932139957, -113.47359689899, -36.010571755084], [-100.48108911598, -113.06125005908, -34.053986824664], [-100.52285683239, -112.6489022655, -32.097401894244], [-100.56462466801, -112.2365554256, -30.140816963824], [-100.60639238441, -111.82420763202, -28.184232033404], [-100.64816010082, -111.41186079212, -26.227647102985], [-100.68992781723, -110.99951395221, -24.271062172565], [-100.73169553364, -110.58716615863, -22.314477242145], [-100.77346325005, -110.17481931873, -20.357892311725], [-100.81523096645, -109.76247152515, -18.401307381305], [-100.85699868286, -109.35012468524, -16.444722450885], [-100.89876639927, -108.93777784534, -14.488137520465], [-100.94053423489, -108.52543005176, -12.531552590045], [-100.98230195129, -108.11308321185, -10.574967659625], [-101.0240696677, -107.70073541828, -8.6183827292053], [-101.06583738411, -107.28838857837, -6.6617958914367], [-101.10760510052, -106.87604126163, -4.7052109610168], [-101.14937293613, -106.46369394489, -2.7486260305969], [-101.19114053333, -106.05134662814, -0.7920411001769], [-101.23290836895, -105.63899978824, 1.164543830243], [-101.27467596615, -105.2266524715, 3.1211287606629], [-101.31644380177, -104.81430515476, 5.0777136910828], [-101.35821139896, -104.40195783801, 7.0342986215027], [-101.39997923458, -103.98961052127, 8.9908835519227], [-101.44174683178, -103.57726320453, 10.94746895918], [-101.4835146674, -103.16491636463, 12.9040538896], [-101.52528250301, -102.75256904788, 14.860639058438], [-101.56705010021, -102.34022173114, 16.817224227277], [-101.60881793583, -101.9278744144, 18.773809340119], [-101.65058553303, -101.51552733608, 20.730394445744], [-101.69235336864, -101.10318001933, 22.686979495374], [-101.73412096584, -100.6908328218, 24.643564425794], [-101.77588880146, -100.27848550506, 26.600149833051], [-101.81765639866, -99.866138307527, 28.556734763471], [-101.85942423428, -99.453791080192, 30.51331969389], [-101.90119206989, -99.041443852857, 32.46990462431], [-101.94295966709, -98.629096625522, 34.426490508405], [-101.98472750271, -98.216749398187, 36.38307448515], [-102.02649509991, -97.804402200655, 38.33965941557], [-102.06826293552, -97.392054883913, 40.296246253339], [-102.11003053272, -96.979707805589, 42.252831183759], [-102.15179836834, -96.567360488847, 44.209416114179], [-102.19356596554, -96.155013172105, 46.166001044598], [-102.23533380116, -95.742666093782, 48.122585975018], [-102.27710163677, -95.33031877704, 50.079170905438], [-102.31886923397, -94.917971460298, 52.035757743207], [-102.36063706959, -94.505624143556, 53.992342673627], [-102.40240466679, -94.093276826814, 55.948927604047], [-102.4441725024, -93.68092998691, 57.905512534467], [-102.4859400996, -93.268582670168, 59.862097464887], [-102.52770793522, -92.856235353426, 61.818682395306], [-102.56947553242, -92.443888036684, 63.775267325726], [-102.61124336803, -92.031540719942, 65.731852256146], [-102.65301120365, -91.619193880037, 67.688437186566], [-102.69477880085, -91.206846563295, 69.645022116986], [-102.73654663647, -90.794498769716, 71.601607047406], [-102.77831423367, -90.382151929811, 73.558191977826], [-102.82008206928, -89.969805089906, 75.514776908246], [-102.86184966648, -89.557457296327, 77.471361838666], [-102.9036175021, -89.145110456422, 79.427946769086], [-102.9453850993, -88.732762662843, 81.384531699506], [-102.98715293491, -88.320415822939, 83.341116629926], [-103.02892077053, -87.908068983034, 85.297705375043], [-103.07068836773, -87.495721189455, 87.254286490765], [-103.11245596493, -87.08337434955, 89.210875235883], [-103.15422403896, -86.671026555971, 91.167456351605], [-103.19599163616, -86.258679716066, 93.124045096722], [-103.23775923336, -85.846332876161, 95.080626212445]], "InstanceCreationTime": ["105325.101000", "105325.027000", "105325.103000", "105325.029000", "105325.104000", "105325.031000", "105325.106000", "105325.033000", "105325.108000", "105325.035000", "105325.110000", "105325.036000", "105325.112000", "105325.038000", "105325.113000", "105325.040000", "105325.115000", "105325.050000", "105325.117000", "105325.052000", "105325.119000", "105325.053000", "105325.121000", "105325.055000", "105325.123000", "105325.057000", "105325.124000", "105325.059000", "105325.126000", "105325.061000", "105325.128000", "105325.062000", "105325.130000", "105325.064000", "105325.132000", "105325.066000", "105325.134000", "105325.068000", "105325.136000", "105325.070000", "105325.137000", "105325.072000", "105325.139000", "105325.073000", "105325.141000", "105325.075000", "105325.143000", "105325.077000", "105325.145000", "105325.079000", "105325.147000", "105325.081000", "105325.148000", "105325.083000", "105325.150000", "105325.084000", "105325.152000", "105325.086000", "105325.154000", "105325.088000", "105325.156000", "105325.090000", "105325.157000", "105325.092000", "105325.159000", "105325.093000", "105325.161000", "105325.095000", "105325.163000", "105325.097000", "105325.165000", "105325.099000"], "InstanceNumber": [1, 2, 3, 4, 5, 6, 7, 8, 9, 10, 11, 12, 13, 14, 15, 16, 17, 18, 19, 20, 21, 22, 23, 24, 25, 26, 27, 28, 29, 30, 31, 32, 33, 34, 35, 36, 37, 38, 39, 40, 41, 42, 43, 44, 45, 46, 47, 48, 49, 50, 51, 52, 53, 54, 55, 56, 57, 58, 59, 60, 61, 62, 63, 64, 65, 66, 67, 68, 69, 70, 71, 72], "LargestImagePixelValue": [4093, 4091, 4094, 4094, 4093, 4094, 4093, 4093, 4094, 4095, 4094, 4094, 4094, 4094, 4094, 4094, 4094, 4094, 4095, 4095, 4093, 4095, 4095, 4084, 4094, 4093, 4095, 4083, 4093, 4095, 4095, 4092, 4094, 4087, 4095, 4094, 4077, 4093, 4094, 4087, 4093, 4095, 4094, 4091, 4095, 4074, 4090, 4093, 4095, 4094, 4089, 4092, 4094, 4092, 4095, 4090, 4088, 4091, 4094, 4094, 4093, 4092, 4094, 4094, 4095, 4093, 4094, 4093, 4093, 4094, 4094, 4095], "SliceLocation": [-64.526577342965, -62.526577384228, -60.526573890223, -58.526574128108, -56.526574169371, -54.526574407256, -52.526574448519, -50.526574683914, -48.526574725177, -46.526574963062, -44.526575200947, -42.52657524221, -40.526575480095, -38.526575521358, -36.526575759243, -34.526575997128, -32.526576035901, -30.526576273786, -28.526576315049, -26.526574686989, -24.526574826563, -22.526574963647, -20.526575105711, -18.526575341106, -16.52657548317, -14.526575620254, -12.526575762317, -10.526575899402, -8.5265755749788, -6.5265758103743, -4.5265757142155, -2.5265756230359, -0.5265755816573, 1.4734243985255, 3.4734243780627, 5.4734242114214, 7.4734245408234, 9.4734243741821, 11.473424218664, 13.473424063147, 15.473424835622, 17.473423747132, 19.473423580491, 21.473425309352, 23.473425118133, 25.473424981048, 27.473424838985, 29.473424652745, 31.473424515661, 33.473426239542, 35.473426102458, 37.473425960394, 39.473425724999, 41.473425582935, 43.473425445851, 45.473425303788, 47.473425166703, 49.473424931308, 51.473424789244, 53.473424750471, 55.473424510097, 57.473424274701, 59.473424230949, 61.473423995553, 63.473423951801, 65.473423716406, 67.4734272129, 69.473423437258, 71.473426928773, 73.473423163089, 75.473426654604, 77.47342268234], "SmallestImagePixelValue": [2, 4, 0, 0, 3, 1, 0, 2, 1, 0, 0, 1, 0, 0, 4, 1, 0, 4, 0, 0, 1, 0, 0, 1, 0, 1, 3, 3, 2, 0, 0, 0, 0, 1, 4, 0, 12, 1, 16, 7, 2, 0, 2, 2, 1, 0, 0, 0, 9, 1, 0, 9, 2, 2, 3, 4, 0, 1, 5, 0, 0, 3, 3, 0, 4, 1, 0, 0, 1, 0, 2, 0], "WindowCenter": [-222.0, -238.0, -210.0, -240.0, -200.0, -188.0, -180.0, -232.0, -152.0, -144.0, -128.0, -162.0, -230.0, -224.0, -236.0, -234.0, -234.0, -242.0, -202.0, -208.0, -188.0, -214.0, -236.0, -192.0, -182.0, -168.0, -134.0, -104.0, -108.0, -104.0, -128.0, -138.0, -182.0, -130.0, -150.0, -116.0, -252.0, -140.0, -228.0, -232.0, -210.0, -210.0, -194.0, -178.0, -72.0, -14.0, -148.0, -160.0, -164.0, -172.0, -170.0, -172.0, -164.0, -42.0, -184.0, -216.0, -216.0, -216.0, -62.0, -100.0, -76.0, -78.0, -34.0, -96.0, -118.0, -122.0, -154.0, -174.0, -244.0, -300.0, -270.0, -316.0], "WindowWidth": [6036.0, 6028.0, 5978.0, 5990.0, 6010.0, 6034.0, 6020.0, 6016.0, 6120.0, 6090.0, 6038.0, 6024.0, 6006.0, 5940.0, 5878.0, 5884.0, 5868.0, 5866.0, 5904.0, 5868.0, 5872.0, 5760.0, 5606.0, 5628.0, 5602.0, 5438.0, 5458.0, 5546.0, 5428.0, 5358.0, 5288.0, 5186.0, 5002.0, 5312.0, 5110.0, 5280.0, 4604.0, 4966.0, 4584.0, 4588.0, 4570.0, 4556.0, 4550.0, 4530.0, 4802.0, 5162.0, 4518.0, 4524.0, 4534.0, 4540.0, 4542.0, 4548.0, 4552.0, 5190.0, 4588.0, 4608.0, 4636.0, 4648.0, 5498.0, 5454.0, 5576.0, 5624.0, 5746.0, 5628.0, 5686.0, 5736.0, 5784.0, 5768.0, 5626.0, 5840.0, 5934.0, 6072.0]}}, "IntendedFor": ["ses-1/func/sub-60_ses-1_task-motor_run-03_bold.nii.gz", "ses-1/func/sub-60_ses-1_task-motor_run-04_bold.nii.gz", "ses-1/func/sub-60_ses-1_task-motor_run-02_bold.nii.gz", "ses-1/func/sub-60_ses-1_task-motor_run-05_bold.nii.gz", "ses-1/func/sub-60_ses-1_task-motor_run-06_bold.nii.gz", "ses-1/func/sub-60_ses-1_task-motor_run-01_bold.nii.gz"]}