{"AcquisitionMatrixPE": 100, "AcquisitionNumber": 1, "AcquisitionTime": "10:41:44.445000", "BaseResolution": 100, "BodyPartExamined": "BRAIN", "ConsistencyInfo": "N4_VE11C_LATEST_20160120", "ConversionSoftware": "dcm2niix", "ConversionSoftwareVersion": "v1.0.20180622 GCC4.9.2", "DeviceSerialNumber": "166078", "DwellTime": 8.8e-06, "EchoNumber": 2, "EchoTime": 0.00738, "EchoTime1": 0.00492, "EchoTime2": 0.00738, "FlipAngle": 60, "ImageOrientationPatientDICOM": [0.999718, 0.0190502, -0.0141595, -0.0191956, 0.999764, -0.0102026], "ImageType": ["ORIGINAL", "PRIMARY", "P", "ND"], "InPlanePhaseEncodingDirectionDICOM": "ROW", "InstitutionAddress": "Street_StreetNo_Bei_Jing_District_CN_ZIP", "InstitutionName": "BeiJing_Normal_University", "InstitutionalDepartmentName": "Department", "MRAcquisitionType": "2D", "MagneticFieldStrength": 3, "Manufacturer": "Siemens", "ManufacturersModelName": "Prisma", "Modality": "MR", "PartialFourier": 1, "PatientPosition": "HFS", "PercentPhaseFOV": 100, "PhaseEncodingDirection": "i", "PhaseEncodingSteps": 100, "PhaseResolution": 1, "PixelBandwidth": 570, "ProcedureStepDescription": "BNU_P2018_64CH_Liu.Jia", "ProtocolName": "field_mapping_2x2x2", "PulseSequenceDetails": "%SiemensSeq%_gre_field_mapping", "ReceiveCoilActiveElements": "HC1-7;NC1", "ReceiveCoilName": "HeadNeck_64", "ReconMatrixPE": 100, "RepetitionTime": 0.72, "SAR": 0.0993504, "ScanningSequence": "GR", "SequenceName": "_fm2d2r", "SequenceVariant": "SP", "SeriesDescription": "field_mapping_2x2x2", "SeriesNumber": 7, "ShimSetting": [-5479, -11487, -1289, 326, -30, -245, -137, 72], "SliceThickness": 2, "SoftwareVersions": "syngo_MR_E11", "SpacingBetweenSlices": 2, "StationName": "AWP166078", "TxRefAmp": 218.108, "dcmmeta_affine": [[-1.9994364976882935, -0.03839114308357239, -0.027923583984375, 102.86150360107422], [-0.03810040280222893, 1.9995273351669312, -0.020943641662597656, -84.71144104003906], [-0.028319010511040688, 0.020405208691954613, 1.99969482421875, -73.04044342041016], [0.0, 0.0, 0.0, 1.0]], "dcmmeta_reorient_transform": [[0.0, -1.0, 0.0, 99.0], [1.0, 0.0, 0.0, 0.0], [0.0, 0.0, -1.0, 71.0], [0.0, 0.0, 0.0, 1.0]], "dcmmeta_shape": [100, 100, 72], "dcmmeta_slice_dim": 2, "dcmmeta_version": 0.6, "global": {"const": {"AcquisitionMatrix": [0, 100, 100, 0], "AcquisitionNumber": 1, "AngioFlag": "N", "BitsAllocated": 16, "BitsStored": 12, "BodyPartExamined": "BRAIN", "Columns": 100, "EchoNumbers": 2, "EchoTime": 7.38, "EchoTrainLength": 0, "FlipAngle": 60.0, "HighBit": 11, "ImageOrientationPatient": [0.99971825941978, 0.01905020168101, -0.0141595055915, -0.0191955719389, 0.99976369052292, -0.0102026040765], "ImageType": ["ORIGINAL", "PRIMARY", "P", "ND"], "ImagedNucleus": "1H", "ImagingFrequency": 123.257842, "InPlanePhaseEncodingDirection": "ROW", "MRAcquisitionType": "2D", "MagneticFieldStrength": 3.0, "Manufacturer": "SIEMENS", "ManufacturerModelName": "Prisma", "Modality": "MR", "NumberOfAverages": 1.0, "NumberOfPhaseEncodingSteps": 100, "PercentPhaseFieldOfView": 100.0, "PercentSampling": 100.0, "PerformedProcedureStepStartTime": "101315.842000", "PhotometricInterpretation": "MONOCHROME2", "PixelBandwidth": 570.0, "PixelRepresentation": 0, "PixelSpacing": [2.0, 2.0], "ProtocolName": "field_mapping_2x2x2", "RepetitionTime": 720.0, "RescaleIntercept": -4096.0, "RescaleSlope": 2.0, "RescaleType": "US", "Rows": 100, "SAR": 0.09935040012992, "SamplesPerPixel": 1, "ScanningSequence": "GR", "SequenceName": "*fm2d2r", "SequenceVariant": "SP", "SeriesDescription": "field_mapping_2x2x2", "SeriesNumber": 7, "SeriesTime": "104409.234000", "SliceThickness": 2.0, "SoftwareVersions": "syngo MR E11", "SpacingBetweenSlices": 2.0, "SpecificCharacterSet": "ISO_IR 100", "StudyID": "1", "StudyTime": "101315.743000", "TransmitCoilName": "Body", "VariableFlipAngleFlag": "N", "WindowCenterWidthExplanation": "Algo1", "dBdt": 0.0}, "slices": {"AcquisitionTime": ["104144.445000", "104144.085000", "104144.455000", "104144.095000", "104144.465000", "104144.105000", "104144.475000", "104144.115000", "104144.485000", "104144.125000", "104144.495000", "104144.135000", "104144.505000", "104144.145000", "104144.515000", "104144.155000", "104144.525000", "104144.165000", "104144.535000", "104144.175000", "104144.545000", "104144.185000", "104144.555000", "104144.195000", "104144.565000", "104144.205000", "104144.575000", "104144.215000", "104144.585000", "104144.225000", "104144.595000", "104144.235000", "104144.605000", "104144.245000", "104144.615000", "104144.255000", "104144.625000", "104144.265000", "104144.635000", "104144.275000", "104144.645000", "104144.285000", "104144.655000", "104144.295000", "104144.665000", "104144.305000", "104144.675000", "104144.315000", "104144.685000", "104144.325000", "104144.695000", "104144.335000", "104144.705000", "104144.345000", "104144.715000", "104144.355000", "104144.725000", "104144.365000", "104144.735000", "104144.375000", "104144.745000", "104144.385000", "104144.755000", "104144.395000", "104144.765000", "104144.405000", "104144.775000", "104144.415000", "104144.785000", "104144.425000", "104144.795000", "104144.435000"], "ContentTime": ["104409.304000", "104409.236000", "104409.306000", "104409.238000", "104409.308000", "104409.240000", "104409.310000", "104409.242000", "104409.311000", "104409.244000", "104409.313000", "104409.245000", "104409.315000", "104409.247000", "104409.317000", "104409.249000", "104409.319000", "104409.251000", "104409.321000", "104409.253000", "104409.323000", "104409.255000", "104409.324000", "104409.256000", "104409.326000", "104409.258000", "104409.328000", "104409.260000", "104409.330000", "104409.262000", "104409.332000", "104409.264000", "104409.334000", "104409.266000", "104409.336000", "104409.268000", "104409.338000", "104409.270000", "104409.340000", "104409.271000", "104409.341000", "104409.274000", "104409.343000", "104409.276000", "104409.345000", "104409.277000", "104409.347000", "104409.279000", "104409.349000", "104409.281000", "104409.350000", "104409.283000", "104409.352000", "104409.285000", "104409.354000", "104409.287000", "104409.356000", "104409.289000", "104409.358000", "104409.291000", "104409.359000", "104409.293000", "104409.361000", "104409.295000", "104409.363000", "104409.297000", "104409.365000", "104409.299000", "104409.367000", "104409.300000", "104409.369000", "104409.302000"], "CsaImage.GSWDDataType": ["measured", "predicted", "measured", "predicted", "measured", "predicted", "measured", "predicted", "measured", "predicted", "measured", "predicted", "measured", "predicted", "measured", "predicted", "measured", "predicted", "measured", "predicted", "measured", "predicted", "measured", "predicted", "measured", "predicted", "measured", "predicted", "measured", "predicted", "measured", "predicted", "measured", "predicted", "measured", "predicted", "measured", "predicted", "measured", "predicted", "measured", "predicted", "measured", "predicted", "measured", "predicted", "measured", "predicted", "measured", "predicted", "measured", "predicted", "measured", "predicted", "measured", "predicted", "measured", "predicted", "measured", "predicted", "measured", "predicted", "measured", "predicted", "measured", "predicted", "measured", "predicted", "measured", "predicted", "measured", "measured"], "CsaImage.ICE_Dims": ["X_2_1_1_1_1_1_37_1_1_1_1_57", "X_2_1_1_1_1_1_1_1_1_2_1_57", "X_2_1_1_1_1_1_38_1_1_3_1_57", "X_2_1_1_1_1_1_2_1_1_4_1_57", "X_2_1_1_1_1_1_39_1_1_5_1_57", "X_2_1_1_1_1_1_3_1_1_6_1_57", "X_2_1_1_1_1_1_40_1_1_7_1_57", "X_2_1_1_1_1_1_4_1_1_8_1_57", "X_2_1_1_1_1_1_41_1_1_9_1_57", "X_2_1_1_1_1_1_5_1_1_10_1_57", "X_2_1_1_1_1_1_42_1_1_11_1_57", "X_2_1_1_1_1_1_6_1_1_12_1_57", "X_2_1_1_1_1_1_43_1_1_13_1_57", "X_2_1_1_1_1_1_7_1_1_14_1_57", "X_2_1_1_1_1_1_44_1_1_15_1_57", "X_2_1_1_1_1_1_8_1_1_16_1_57", "X_2_1_1_1_1_1_45_1_1_17_1_57", "X_2_1_1_1_1_1_9_1_1_18_1_57", "X_2_1_1_1_1_1_46_1_1_19_1_57", "X_2_1_1_1_1_1_10_1_1_20_1_57", "X_2_1_1_1_1_1_47_1_1_21_1_57", "X_2_1_1_1_1_1_11_1_1_22_1_57", "X_2_1_1_1_1_1_48_1_1_23_1_57", "X_2_1_1_1_1_1_12_1_1_24_1_57", "X_2_1_1_1_1_1_49_1_1_25_1_57", "X_2_1_1_1_1_1_13_1_1_26_1_57", "X_2_1_1_1_1_1_50_1_1_27_1_57", "X_2_1_1_1_1_1_14_1_1_28_1_57", "X_2_1_1_1_1_1_51_1_1_29_1_57", "X_2_1_1_1_1_1_15_1_1_30_1_57", "X_2_1_1_1_1_1_52_1_1_31_1_57", "X_2_1_1_1_1_1_16_1_1_32_1_57", "X_2_1_1_1_1_1_53_1_1_33_1_57", "X_2_1_1_1_1_1_17_1_1_34_1_57", "X_2_1_1_1_1_1_54_1_1_35_1_57", "X_2_1_1_1_1_1_18_1_1_36_1_57", "X_2_1_1_1_1_1_55_1_1_37_1_57", "X_2_1_1_1_1_1_19_1_1_38_1_57", "X_2_1_1_1_1_1_56_1_1_39_1_57", "X_2_1_1_1_1_1_20_1_1_40_1_57", "X_2_1_1_1_1_1_57_1_1_41_1_57", "X_2_1_1_1_1_1_21_1_1_42_1_57", "X_2_1_1_1_1_1_58_1_1_43_1_57", "X_2_1_1_1_1_1_22_1_1_44_1_57", "X_2_1_1_1_1_1_59_1_1_45_1_57", "X_2_1_1_1_1_1_23_1_1_46_1_57", "X_2_1_1_1_1_1_60_1_1_47_1_57", "X_2_1_1_1_1_1_24_1_1_48_1_57", "X_2_1_1_1_1_1_61_1_1_49_1_57", "X_2_1_1_1_1_1_25_1_1_50_1_57", "X_2_1_1_1_1_1_62_1_1_51_1_57", "X_2_1_1_1_1_1_26_1_1_52_1_57", "X_2_1_1_1_1_1_63_1_1_53_1_57", "X_2_1_1_1_1_1_27_1_1_54_1_57", "X_2_1_1_1_1_1_64_1_1_55_1_57", "X_2_1_1_1_1_1_28_1_1_56_1_57", "X_2_1_1_1_1_1_65_1_1_57_1_57", "X_2_1_1_1_1_1_29_1_1_58_1_57", "X_2_1_1_1_1_1_66_1_1_59_1_57", "X_2_1_1_1_1_1_30_1_1_60_1_57", "X_2_1_1_1_1_1_67_1_1_61_1_57", "X_2_1_1_1_1_1_31_1_1_62_1_57", "X_2_1_1_1_1_1_68_1_1_63_1_57", "X_2_1_1_1_1_1_32_1_1_64_1_57", "X_2_1_1_1_1_1_69_1_1_65_1_57", "X_2_1_1_1_1_1_33_1_1_66_1_57", "X_2_1_1_1_1_1_70_1_1_67_1_57", "X_2_1_1_1_1_1_34_1_1_68_1_57", "X_2_1_1_1_1_1_71_1_1_69_1_57", "X_2_1_1_1_1_1_35_1_1_70_1_57", "X_2_1_1_1_1_1_72_1_1_71_1_57", "X_2_1_1_1_1_1_36_1_1_72_1_57"], "CsaImage.ProtocolSliceNumber": [0, 1, 2, 3, 4, 5, 6, 7, 8, 9, 10, 11, 12, 13, 14, 15, 16, 17, 18, 19, 20, 21, 22, 23, 24, 25, 26, 27, 28, 29, 30, 31, 32, 33, 34, 35, 36, 37, 38, 39, 40, 41, 42, 43, 44, 45, 46, 47, 48, 49, 50, 51, 52, 53, 54, 55, 56, 57, 58, 59, 60, 61, 62, 63, 64, 65, 66, 67, 68, 69, 70, 71], "CsaImage.RFSWDDataType": ["measured", "predicted", "measured", "predicted", "measured", "predicted", "measured", "predicted", "measured", "predicted", "measured", "predicted", "measured", "predicted", "measured", "predicted", "measured", "predicted", "measured", "predicted", "measured", "predicted", "measured", "predicted", "measured", "predicted", "measured", "predicted", "measured", "predicted", "measured", "predicted", "measured", "predicted", "measured", "predicted", "measured", "predicted", "measured", "predicted", "measured", "predicted", "measured", "predicted", "measured", "predicted", "measured", "predicted", "measured", "predicted", "measured", "predicted", "measured", "predicted", "measured", "predicted", "measured", "predicted", "measured", "predicted", "measured", "predicted", "measured", "predicted", "measured", "predicted", "measured", "predicted", "measured", "measured", "measured", "measured"], "CsaImage.SlicePosition_PCS": [[-99.06078244, -113.24172648, -71.02036252], [-99.03285885, -113.22078379, -69.0206677], [-99.00493527, -113.19984015, -67.02097287], [-98.97701163, -113.17889746, -65.02127805], [-98.94908804, -113.15795382, -63.02158322], [-98.92116446, -113.13701113, -61.02188458], [-98.89324087, -113.11606844, -59.02218976], [-98.86531729, -113.0951248, -57.02249494], [-98.83739365, -113.07418211, -55.02280011], [-98.80947006, -113.05323942, -53.02310147], [-98.78154648, -113.03229578, -51.02340665], [-98.75362289, -113.0113531, -49.02371182], [-98.72569931, -112.99040945, -47.024017], [-98.69777567, -112.96946677, -45.02432218], [-98.66985208, -112.94852408, -43.02462735], [-98.6419285, -112.92758044, -41.02493253], [-98.61400491, -112.90663775, -39.02523389], [-98.58608133, -112.88569411, -37.02553906], [-98.55815775, -112.86475142, -35.02584424], [-98.53023413, -112.84380873, -33.02614942], [-98.50231052, -112.82286509, -31.02645459], [-98.47438694, -112.8019224, -29.02675786], [-98.44646335, -112.78097971, -27.02706304], [-98.41853974, -112.76003607, -25.02736821], [-98.39061615, -112.73909338, -23.02767148], [-98.36269254, -112.71814974, -21.02797666], [-98.33476896, -112.69720705, -19.02828183], [-98.30684537, -112.67626437, -17.0285851], [-98.27892177, -112.65532072, -15.02889028], [-98.25099817, -112.63437804, -13.02919545], [-98.22307457, -112.61343439, -11.02949967], [-98.19515098, -112.59249171, -9.02980485], [-98.16722738, -112.57154902, -7.03010907], [-98.13930379, -112.55060538, -5.03041377], [-98.1113802, -112.52966269, -3.03071847], [-98.0834566, -112.50871905, -1.03102293], [-98.05553301, -112.48777636, 0.96867249], [-98.02760941, -112.46683367, 2.96836791], [-97.99968582, -112.44589003, 4.96806321], [-97.97176222, -112.42494734, 6.96775851], [-97.94383863, -112.40400465, 8.96745429], [-97.91591503, -112.38306101, 10.96714912], [-97.88799143, -112.36211832, 12.96684489], [-97.86006785, -112.34117468, 14.96654067], [-97.83214425, -112.32023199, 16.9662355], [-97.80422065, -112.29928931, 18.96593127], [-97.77629707, -112.27834566, 20.9656261], [-97.74837345, -112.25740298, 22.96532092], [-97.72044987, -112.23645933, 24.96501765], [-97.69252629, -112.21551665, 26.96471248], [-97.66460267, -112.19457396, 28.9644073], [-97.63667909, -112.17363032, 30.96410403], [-97.60875547, -112.15268763, 32.96379886], [-97.58083189, -112.13174399, 34.96349368], [-97.55290831, -112.1108013, 36.96318851], [-97.52498472, -112.08985861, 38.96288333], [-97.49706108, -112.06891497, 40.96258197], [-97.46913749, -112.04797228, 42.96227679], [-97.44121391, -112.02702959, 44.96197162], [-97.41329033, -112.00608595, 46.96166644], [-97.38536674, -111.98514326, 48.96136127], [-97.35744316, -111.96419962, 50.96105609], [-97.32951951, -111.94325693, 52.96075091], [-97.30159593, -111.92231425, 54.96044955], [-97.27367235, -111.9013706, 56.96014438], [-97.24574876, -111.88042792, 58.9598392], [-97.21782518, -111.85948428, 60.95953403], [-97.18990154, -111.83854159, 62.95922885], [-97.16197795, -111.8175989, 64.95892367], [-97.13405437, -111.79665526, 66.9586185], [-97.10613078, -111.77571257, 68.95831332], [-97.0782072, -111.75476893, 70.95800815]], "CsaImage.TimeAfterStart": [1.0825, 0.7225, 1.0925, 0.7325, 1.1025, 0.7425, 1.1125, 0.7525, 1.1225, 0.7625, 1.1325, 0.7725, 1.1425, 0.7825, 1.1525, 0.7925, 1.1625, 0.8025, 1.1725, 0.8125, 1.1825, 0.8225, 1.1925, 0.8325, 1.2025, 0.8425, 1.2125, 0.8525, 1.2225, 0.8625, 1.2325, 0.8725, 1.2425, 0.8825, 1.2525, 0.8925, 1.2625, 0.9025, 1.2725, 0.9125, 1.2825, 0.9225, 1.2925, 0.9325, 1.3025, 0.9425, 1.3125, 0.9525, 1.3225, 0.9625, 1.3325, 0.9725, 1.3425, 0.9825, 1.3525, 0.9925, 1.3625, 1.0025, 1.3725, 1.0125, 1.3825, 1.0225, 1.3925, 1.0325, 1.4025, 1.0425, 1.4125, 1.0525, 1.4225, 1.0625, 1.4325, 1.0725], "ImagePositionPatient": [[-99.060782437133, -113.24172647778, -71.020362519526], [-99.032858853149, -113.22078378979, -69.020667695308], [-99.004935269164, -113.19984014813, -67.020972871089], [-98.977011625575, -113.17889746014, -65.02127804687], [-98.949088041591, -113.15795381848, -63.021583222651], [-98.921164457606, -113.13701113049, -61.021884583735], [-98.893240873622, -113.1160684425, -59.022189759517], [-98.865317289638, -113.09512480084, -57.022494935298], [-98.837393646049, -113.07418211285, -55.022800111079], [-98.809470062064, -113.05323942486, -53.023101472163], [-98.78154647808, -113.0322957832, -51.023406647944], [-98.753622894096, -113.01135309521, -49.023711823726], [-98.725699310111, -112.99040945355, -47.024016999507], [-98.697775666522, -112.96946676556, -45.024322175288], [-98.669852082538, -112.94852407757, -43.024627351069], [-98.641928498553, -112.92758043591, -41.024932526851], [-98.614004914569, -112.90663774792, -39.025233887935], [-98.586081330585, -112.88569410626, -37.025539063716], [-98.5581577466, -112.86475141827, -35.025844239497], [-98.530234132814, -112.84380873028, -33.026149415278], [-98.502310519027, -112.82286508862, -31.02645459106], [-98.474386935042, -112.80192240063, -29.026757859492], [-98.446463351058, -112.78097971264, -27.027063035273], [-98.418539737271, -112.76003607098, -25.027368211055], [-98.390616153287, -112.73909338299, -23.027671479487], [-98.3626925395, -112.71814974133, -21.027976655269], [-98.334768955516, -112.69720705334, -19.02828183105], [-98.306845371532, -112.67626436535, -17.028585099482], [-98.278921772646, -112.65532072369, -15.028890275264], [-98.250998173761, -112.6343780357, -13.029195451045], [-98.223074574875, -112.61343439404, -11.029499673152], [-98.195150975989, -112.59249170605, -9.0298048489331], [-98.167227384554, -112.57154901806, -7.03010907104], [-98.13930379312, -112.5506053764, -5.0304137699841], [-98.111380197959, -112.52966268841, -3.0307184689282], [-98.083456602799, -112.50871904675, -1.0310229294537], [-98.055533007639, -112.48777635876, 0.9686724908115], [-98.027609412479, -112.46683367077, 2.9683679110767], [-97.999685817318, -112.44589002911, 4.9680632121326], [-97.971762222158, -112.42494734112, 6.9677585131885], [-97.943838630723, -112.40400465313, 8.9674542910816], [-97.915915031838, -112.38306101147, 10.9671491153], [-97.887991432952, -112.36211832348, 12.966844893193], [-97.860067848968, -112.34117468182, 14.966540671086], [-97.832144250082, -112.32023199383, 16.966235495305], [-97.804220651197, -112.29928930584, 18.965931273198], [-97.776297067212, -112.27834566418, 20.965626097417], [-97.748373453426, -112.25740297619, 22.965320921636], [-97.720449869441, -112.23645933453, 24.965017653203], [-97.692526285457, -112.21551664654, 26.964712477422], [-97.66460267167, -112.19457395855, 28.964407301641], [-97.636679087686, -112.17363031689, 30.964104033208], [-97.608755473899, -112.1526876289, 32.963798857427], [-97.580831889915, -112.13174398724, 34.963493681646], [-97.55290830593, -112.11080129925, 36.963188505864], [-97.524984721946, -112.08985861126, 38.962883330083], [-97.497061078357, -112.0689149696, 40.962581968999], [-97.469137494372, -112.04797228161, 42.962276793218], [-97.441213910388, -112.02702959362, 44.961971617437], [-97.413290326404, -112.00608595196, 46.961666441655], [-97.385366742419, -111.98514326397, 48.961361265874], [-97.357443158435, -111.96419962231, 50.961056090093], [-97.329519514846, -111.94325693432, 52.960750914312], [-97.301595930862, -111.92231424633, 54.960449553228], [-97.273672346877, -111.90137060467, 56.960144377446], [-97.245748762893, -111.88042791668, 58.959839201665], [-97.217825178908, -111.85948427502, 60.959534025884], [-97.189901535319, -111.83854158703, 62.959228850103], [-97.161977951335, -111.81759889904, 64.958923674321], [-97.134054367351, -111.79665525738, 66.95861849854], [-97.106130783366, -111.77571256939, 68.958313322759], [-97.078207199382, -111.75476892773, 70.958008146978]], "InstanceCreationTime": ["104409.304000", "104409.236000", "104409.306000", "104409.238000", "104409.308000", "104409.240000", "104409.310000", "104409.242000", "104409.311000", "104409.244000", "104409.313000", "104409.245000", "104409.315000", "104409.247000", "104409.317000", "104409.249000", "104409.319000", "104409.251000", "104409.321000", "104409.253000", "104409.323000", "104409.255000", "104409.324000", "104409.256000", "104409.326000", "104409.258000", "104409.328000", "104409.260000", "104409.330000", "104409.262000", "104409.332000", "104409.264000", "104409.334000", "104409.266000", "104409.336000", "104409.268000", "104409.338000", "104409.270000", "104409.340000", "104409.271000", "104409.341000", "104409.274000", "104409.343000", "104409.276000", "104409.345000", "104409.277000", "104409.347000", "104409.279000", "104409.349000", "104409.281000", "104409.350000", "104409.283000", "104409.352000", "104409.285000", "104409.354000", "104409.287000", "104409.356000", "104409.289000", "104409.358000", "104409.291000", "104409.359000", "104409.293000", "104409.361000", "104409.295000", "104409.363000", "104409.297000", "104409.365000", "104409.299000", "104409.367000", "104409.300000", "104409.369000", "104409.302000"], "InstanceNumber": [1, 2, 3, 4, 5, 6, 7, 8, 9, 10, 11, 12, 13, 14, 15, 16, 17, 18, 19, 20, 21, 22, 23, 24, 25, 26, 27, 28, 29, 30, 31, 32, 33, 34, 35, 36, 37, 38, 39, 40, 41, 42, 43, 44, 45, 46, 47, 48, 49, 50, 51, 52, 53, 54, 55, 56, 57, 58, 59, 60, 61, 62, 63, 64, 65, 66, 67, 68, 69, 70, 71, 72], "LargestImagePixelValue": [4095, 4094, 4093, 4095, 4094, 4095, 4094, 4095, 4093, 4094, 4095, 4094, 4094, 4095, 4095, 4095, 4095, 4095, 4095, 4095, 4095, 4094, 4094, 4094, 4093, 4093, 4092, 4095, 4093, 4094, 4093, 4094, 4094, 4089, 4091, 4095, 4095, 4095, 4095, 4095, 4095, 4094, 4094, 4093, 4091, 4093, 4092, 4092, 4093, 4095, 4095, 4089, 4095, 4093, 4088, 4091, 4093, 4092, 4092, 4093, 4095, 4095, 4095, 4092, 4092, 4095, 4094, 4093, 4094, 4094, 4095, 4095], "SliceLocation": [-73.578426528972, -71.578427100789, -69.57842766262, -67.578428233606, -65.578428795437, -63.578425553138, -61.578426124956, -59.578426686787, -57.578427257773, -55.578424015474, -53.578424577305, -51.578425149123, -49.578425710954, -47.57842628194, -45.578426853757, -43.578427415588, -41.57842417329, -39.578424735121, -37.578425306938, -35.57842587834, -33.578426439755, -31.578425104515, -29.578425676332, -27.578426237747, -25.578424902507, -23.578425463922, -21.57842603574, -19.578424700499, -17.578425262122, -15.578425833732, -13.578425441826, -11.578426013435, -9.57842563162, -7.5784257165826, -5.5784258114796, -3.578425658008, -1.5784256337139, 0.42157439058016, 2.4215743056695, 4.4215742107725, 6.4215745925879, 8.4215740309648, 10.421574412884, 12.421574804582, 14.421574232973, 16.421574614892, 18.421574053061, 20.421573481659, 22.421574826886, 24.421574255069, 26.421573683667, 28.421575028894, 30.421574457493, 32.421573895661, 34.421573323844, 36.421572752026, 38.421576005143, 40.421575433326, 42.421574861508, 44.421574299677, 46.421573727859, 48.421573166028, 50.421572595043, 52.421575837341, 54.42157527551, 56.421574703692, 58.421574141861, 60.421573570876, 62.421572999058, 64.421572437227, 66.421571865409, 68.421571303578], "SmallestImagePixelValue": [0, 0, 0, 1, 0, 0, 0, 0, 0, 1, 0, 0, 0, 0, 0, 0, 0, 0, 0, 1, 0, 0, 0, 0, 2, 1, 1, 0, 0, 1, 3, 0, 5, 0, 13, 0, 10, 0, 11, 0, 3, 0, 1, 2, 7, 0, 1, 1, 1, 0, 0, 0, 1, 1, 2, 4, 1, 0, 0, 1, 0, 0, 0, 0, 0, 0, 0, 0, 2, 0, 0, 0], "WindowCenter": [-224.0, -190.0, -242.0, -234.0, -226.0, -158.0, -72.0, -122.0, -140.0, -142.0, -96.0, -124.0, -86.0, -170.0, -120.0, -134.0, -160.0, -230.0, -274.0, -260.0, -296.0, -274.0, -280.0, -290.0, -238.0, -214.0, -172.0, -140.0, -144.0, -136.0, -162.0, -212.0, -220.0, -216.0, -196.0, -202.0, -216.0, -192.0, -182.0, -158.0, -130.0, -146.0, -152.0, -134.0, -148.0, -90.0, -88.0, -116.0, -76.0, -78.0, -52.0, -50.0, -28.0, 14.0, 22.0, 14.0, -4.0, -10.0, 12.0, -62.0, -104.0, -130.0, -66.0, -188.0, -222.0, -264.0, -228.0, -296.0, -438.0, -382.0, -394.0, -348.0], "WindowWidth": [6270.0, 6302.0, 6358.0, 6326.0, 6324.0, 6368.0, 6476.0, 6496.0, 6532.0, 6554.0, 6574.0, 6592.0, 6534.0, 6542.0, 6532.0, 6524.0, 6552.0, 6510.0, 6404.0, 6360.0, 6282.0, 6176.0, 5958.0, 5830.0, 5686.0, 5702.0, 5620.0, 5680.0, 5640.0, 5676.0, 5596.0, 5534.0, 5414.0, 5410.0, 5348.0, 5328.0, 5350.0, 5486.0, 5462.0, 5482.0, 5504.0, 5418.0, 5438.0, 5432.0, 5286.0, 5416.0, 5456.0, 5240.0, 5408.0, 5278.0, 5338.0, 5230.0, 5368.0, 5402.0, 5462.0, 5406.0, 5462.0, 5516.0, 5634.0, 5528.0, 5460.0, 5360.0, 5694.0, 5558.0, 5476.0, 5616.0, 5834.0, 5962.0, 5916.0, 5996.0, 6156.0, 6246.0]}}, "IntendedFor": ["ses-1/func/sub-11_ses-1_task-motor_run-02_bold.nii.gz", "ses-1/func/sub-11_ses-1_task-motor_run-06_bold.nii.gz", "ses-1/func/sub-11_ses-1_task-motor_run-03_bold.nii.gz", "ses-1/func/sub-11_ses-1_task-motor_run-01_bold.nii.gz", "ses-1/func/sub-11_ses-1_task-motor_run-05_bold.nii.gz", "ses-1/func/sub-11_ses-1_task-motor_run-04_bold.nii.gz"]}