{"AcquisitionMatrixPE": 100, "AcquisitionNumber": 1, "AcquisitionTime": "14:31:21.375000", "BaseResolution": 100, "BodyPartExamined": "BRAIN", "ConsistencyInfo": "N4_VE11C_LATEST_20160120", "ConversionSoftware": "dcm2niix", "ConversionSoftwareVersion": "v1.0.20180622 GCC4.9.2", "DeviceSerialNumber": "166078", "DwellTime": 8.8e-06, "EchoNumber": 2, "EchoTime": 0.00738, "EchoTime1": 0.00492, "EchoTime2": 0.00738, "FlipAngle": 60, "ImageOrientationPatientDICOM": [0.999386, 0.0350391, -0.000137646, -0.0348993, 0.995734, 0.0854168], "ImageType": ["ORIGINAL", "PRIMARY", "P", "ND"], "InPlanePhaseEncodingDirectionDICOM": "ROW", "InstitutionAddress": "Street_StreetNo_Bei_Jing_District_CN_ZIP", "InstitutionName": "BeiJing_Normal_University", "InstitutionalDepartmentName": "Department", "MRAcquisitionType": "2D", "MagneticFieldStrength": 3, "Manufacturer": "Siemens", "ManufacturersModelName": "Prisma", "Modality": "MR", "PartialFourier": 1, "PatientPosition": "HFS", "PercentPhaseFOV": 100, "PhaseEncodingDirection": "i", "PhaseEncodingSteps": 100, "PhaseResolution": 1, "PixelBandwidth": 570, "ProcedureStepDescription": "BNU_P2018_64CH_Liu.Jia", "ProtocolName": "field_mapping_2x2x2", "PulseSequenceDetails": "%SiemensSeq%_gre_field_mapping", "ReceiveCoilActiveElements": "HC1-7;NC1", "ReceiveCoilName": "HeadNeck_64", "ReconMatrixPE": 100, "RepetitionTime": 0.72, "SAR": 0.104697, "ScanningSequence": "GR", "SequenceName": "_fm2d2r", "SequenceVariant": "SP", "SeriesDescription": "field_mapping_2x2x2", "SeriesNumber": 7, "ShimSetting": [-5472, -11473, -1296, 453, -75, -219, -105, 79], "SliceThickness": 2, "SoftwareVersions": "syngo_MR_E11", "SpacingBetweenSlices": 2, "StationName": "AWP166078", "TxRefAmp": 209.933, "dcmmeta_affine": [[-1.9987719058990479, -0.06979865580797195, -0.0062599778175354, 103.73918914794922], [-0.07007826864719391, 1.991467833518982, 0.17071914672851562, -96.4778060913086], [-0.00027529100771062076, -0.17083363234996796, 1.9926910400390625, -61.73906707763672], [0.0, 0.0, 0.0, 1.0]], "dcmmeta_reorient_transform": [[0.0, -1.0, 0.0, 99.0], [1.0, 0.0, 0.0, 0.0], [0.0, 0.0, -1.0, 71.0], [0.0, 0.0, 0.0, 1.0]], "dcmmeta_shape": [100, 100, 72], "dcmmeta_slice_dim": 2, "dcmmeta_version": 0.6, "global": {"const": {"AcquisitionMatrix": [0, 100, 100, 0], "AcquisitionNumber": 1, "AngioFlag": "N", "BitsAllocated": 16, "BitsStored": 12, "BodyPartExamined": "BRAIN", "Columns": 100, "EchoNumbers": 2, "EchoTime": 7.38, "EchoTrainLength": 0, "FlipAngle": 60.0, "HighBit": 11, "ImageOrientationPatient": [0.99938593156214, 0.03503913311411, -0.0001376454978, -0.0348993260997, 0.99573390275404, 0.08541681300537], "ImageType": ["ORIGINAL", "PRIMARY", "P", "ND"], "ImagedNucleus": "1H", "ImagingFrequency": 123.257869, "InPlanePhaseEncodingDirection": "ROW", "MRAcquisitionType": "2D", "MagneticFieldStrength": 3.0, "Manufacturer": "SIEMENS", "ManufacturerModelName": "Prisma", "Modality": "MR", "NumberOfAverages": 1.0, "NumberOfPhaseEncodingSteps": 100, "PercentPhaseFieldOfView": 100.0, "PercentSampling": 100.0, "PerformedProcedureStepStartTime": "140101.484000", "PhotometricInterpretation": "MONOCHROME2", "PixelBandwidth": 570.0, "PixelRepresentation": 0, "PixelSpacing": [2.0, 2.0], "ProtocolName": "field_mapping_2x2x2", "RepetitionTime": 720.0, "RescaleIntercept": -4096.0, "RescaleSlope": 2.0, "RescaleType": "US", "Rows": 100, "SAR": 0.10469707051811, "SamplesPerPixel": 1, "ScanningSequence": "GR", "SequenceName": "*fm2d2r", "SequenceVariant": "SP", "SeriesDescription": "field_mapping_2x2x2", "SeriesNumber": 7, "SeriesTime": "143346.155000", "SliceThickness": 2.0, "SoftwareVersions": "syngo MR E11", "SpacingBetweenSlices": 2.0, "SpecificCharacterSet": "ISO_IR 100", "StudyID": "1", "StudyTime": "140101.393000", "TransmitCoilName": "Body", "VariableFlipAngleFlag": "N", "WindowCenterWidthExplanation": "Algo1", "dBdt": 0.0}, "slices": {"AcquisitionTime": ["143121.375000", "143121.015000", "143121.385000", "143121.025000", "143121.395000", "143121.035000", "143121.405000", "143121.045000", "143121.415000", "143121.055000", "143121.425000", "143121.065000", "143121.435000", "143121.075000", "143121.445000", "143121.085000", "143121.455000", "143121.095000", "143121.465000", "143121.105000", "143121.475000", "143121.115000", "143121.485000", "143121.125000", "143121.495000", "143121.135000", "143121.505000", "143121.145000", "143121.515000", "143121.155000", "143121.525000", "143121.165000", "143121.535000", "143121.175000", "143121.545000", "143121.185000", "143121.555000", "143121.195000", "143121.565000", "143121.205000", "143121.575000", "143121.215000", "143121.585000", "143121.225000", "143121.595000", "143121.235000", "143121.605000", "143121.245000", "143121.615000", "143121.255000", "143121.625000", "143121.265000", "143121.635000", "143121.275000", "143121.645000", "143121.285000", "143121.655000", "143121.295000", "143121.665000", "143121.305000", "143121.675000", "143121.315000", "143121.685000", "143121.325000", "143121.695000", "143121.335000", "143121.705000", "143121.345000", "143121.715000", "143121.355000", "143121.725000", "143121.365000"], "ContentTime": ["143346.223000", "143346.157000", "143346.226000", "143346.159000", "143346.228000", "143346.161000", "143346.229000", "143346.163000", "143346.231000", "143346.165000", "143346.233000", "143346.167000", "143346.237000", "143346.169000", "143346.239000", "143346.171000", "143346.241000", "143346.173000", "143346.243000", "143346.175000", "143346.245000", "143346.176000", "143346.246000", "143346.178000", "143346.248000", "143346.180000", "143346.250000", "143346.182000", "143346.252000", "143346.184000", "143346.254000", "143346.185000", "143346.255000", "143346.187000", "143346.257000", "143346.189000", "143346.259000", "143346.191000", "143346.261000", "143346.193000", "143346.263000", "143346.195000", "143346.265000", "143346.196000", "143346.266000", "143346.198000", "143346.268000", "143346.200000", "143346.270000", "143346.202000", "143346.272000", "143346.204000", "143346.274000", "143346.205000", "143346.276000", "143346.207000", "143346.277000", "143346.209000", "143346.279000", "143346.211000", "143346.281000", "143346.213000", "143346.283000", "143346.214000", "143346.284000", "143346.216000", "143346.286000", "143346.218000", "143346.288000", "143346.220000", "143346.290000", "143346.221000"], "CsaImage.GSWDDataType": ["measured", "predicted", "measured", "predicted", "measured", "predicted", "measured", "predicted", "measured", "predicted", "measured", "predicted", "measured", "predicted", "measured", "predicted", "measured", "predicted", "measured", "predicted", "measured", "predicted", "measured", "predicted", "measured", "predicted", "measured", "predicted", "measured", "predicted", "measured", "predicted", "measured", "predicted", "measured", "predicted", "measured", "predicted", "measured", "predicted", "measured", "predicted", "measured", "predicted", "measured", "predicted", "measured", "predicted", "measured", "predicted", "measured", "predicted", "measured", "predicted", "measured", "predicted", "measured", "predicted", "measured", "predicted", "measured", "predicted", "measured", "predicted", "measured", "predicted", "measured", "predicted", "measured", "predicted", "measured", "measured"], "CsaImage.ICE_Dims": ["X_2_1_1_1_1_1_37_1_1_1_1_134", "X_2_1_1_1_1_1_1_1_1_2_1_134", "X_2_1_1_1_1_1_38_1_1_3_1_134", "X_2_1_1_1_1_1_2_1_1_4_1_134", "X_2_1_1_1_1_1_39_1_1_5_1_134", "X_2_1_1_1_1_1_3_1_1_6_1_134", "X_2_1_1_1_1_1_40_1_1_7_1_134", "X_2_1_1_1_1_1_4_1_1_8_1_134", "X_2_1_1_1_1_1_41_1_1_9_1_134", "X_2_1_1_1_1_1_5_1_1_10_1_134", "X_2_1_1_1_1_1_42_1_1_11_1_134", "X_2_1_1_1_1_1_6_1_1_12_1_134", "X_2_1_1_1_1_1_43_1_1_13_1_134", "X_2_1_1_1_1_1_7_1_1_14_1_134", "X_2_1_1_1_1_1_44_1_1_15_1_134", "X_2_1_1_1_1_1_8_1_1_16_1_134", "X_2_1_1_1_1_1_45_1_1_17_1_134", "X_2_1_1_1_1_1_9_1_1_18_1_134", "X_2_1_1_1_1_1_46_1_1_19_1_134", "X_2_1_1_1_1_1_10_1_1_20_1_134", "X_2_1_1_1_1_1_47_1_1_21_1_134", "X_2_1_1_1_1_1_11_1_1_22_1_134", "X_2_1_1_1_1_1_48_1_1_23_1_134", "X_2_1_1_1_1_1_12_1_1_24_1_134", "X_2_1_1_1_1_1_49_1_1_25_1_134", "X_2_1_1_1_1_1_13_1_1_26_1_134", "X_2_1_1_1_1_1_50_1_1_27_1_134", "X_2_1_1_1_1_1_14_1_1_28_1_134", "X_2_1_1_1_1_1_51_1_1_29_1_134", "X_2_1_1_1_1_1_15_1_1_30_1_134", "X_2_1_1_1_1_1_52_1_1_31_1_134", "X_2_1_1_1_1_1_16_1_1_32_1_134", "X_2_1_1_1_1_1_53_1_1_33_1_134", "X_2_1_1_1_1_1_17_1_1_34_1_134", "X_2_1_1_1_1_1_54_1_1_35_1_134", "X_2_1_1_1_1_1_18_1_1_36_1_134", "X_2_1_1_1_1_1_55_1_1_37_1_134", "X_2_1_1_1_1_1_19_1_1_38_1_134", "X_2_1_1_1_1_1_56_1_1_39_1_134", "X_2_1_1_1_1_1_20_1_1_40_1_134", "X_2_1_1_1_1_1_57_1_1_41_1_134", "X_2_1_1_1_1_1_21_1_1_42_1_134", "X_2_1_1_1_1_1_58_1_1_43_1_134", "X_2_1_1_1_1_1_22_1_1_44_1_134", "X_2_1_1_1_1_1_59_1_1_45_1_134", "X_2_1_1_1_1_1_23_1_1_46_1_134", "X_2_1_1_1_1_1_60_1_1_47_1_134", "X_2_1_1_1_1_1_24_1_1_48_1_134", "X_2_1_1_1_1_1_61_1_1_49_1_134", "X_2_1_1_1_1_1_25_1_1_50_1_134", "X_2_1_1_1_1_1_62_1_1_51_1_134", "X_2_1_1_1_1_1_26_1_1_52_1_134", "X_2_1_1_1_1_1_63_1_1_53_1_134", "X_2_1_1_1_1_1_27_1_1_54_1_134", "X_2_1_1_1_1_1_64_1_1_55_1_134", "X_2_1_1_1_1_1_28_1_1_56_1_134", "X_2_1_1_1_1_1_65_1_1_57_1_134", "X_2_1_1_1_1_1_29_1_1_58_1_134", "X_2_1_1_1_1_1_66_1_1_59_1_134", "X_2_1_1_1_1_1_30_1_1_60_1_134", "X_2_1_1_1_1_1_67_1_1_61_1_134", "X_2_1_1_1_1_1_31_1_1_62_1_134", "X_2_1_1_1_1_1_68_1_1_63_1_134", "X_2_1_1_1_1_1_32_1_1_64_1_134", "X_2_1_1_1_1_1_69_1_1_65_1_134", "X_2_1_1_1_1_1_33_1_1_66_1_134", "X_2_1_1_1_1_1_70_1_1_67_1_134", "X_2_1_1_1_1_1_34_1_1_68_1_134", "X_2_1_1_1_1_1_71_1_1_69_1_134", "X_2_1_1_1_1_1_35_1_1_70_1_134", "X_2_1_1_1_1_1_72_1_1_71_1_134", "X_2_1_1_1_1_1_36_1_1_72_1_134"], "CsaImage.ProtocolSliceNumber": [0, 1, 2, 3, 4, 5, 6, 7, 8, 9, 10, 11, 12, 13, 14, 15, 16, 17, 18, 19, 20, 21, 22, 23, 24, 25, 26, 27, 28, 29, 30, 31, 32, 33, 34, 35, 36, 37, 38, 39, 40, 41, 42, 43, 44, 45, 46, 47, 48, 49, 50, 51, 52, 53, 54, 55, 56, 57, 58, 59, 60, 61, 62, 63, 64, 65, 66, 67, 68, 69, 70, 71], "CsaImage.RFSWDDataType": ["measured", "predicted", "measured", "predicted", "measured", "predicted", "measured", "predicted", "measured", "predicted", "measured", "predicted", "measured", "predicted", "measured", "predicted", "measured", "predicted", "measured", "predicted", "measured", "predicted", "measured", "predicted", "measured", "predicted", "measured", "predicted", "measured", "predicted", "measured", "predicted", "measured", "predicted", "measured", "predicted", "measured", "predicted", "measured", "predicted", "measured", "predicted", "measured", "predicted", "measured", "predicted", "measured", "predicted", "measured", "predicted", "measured", "predicted", "measured", "predicted", "measured", "predicted", "measured", "predicted", "measured", "predicted", "measured", "predicted", "measured", "predicted", "measured", "predicted", "measured", "predicted", "measured", "measured", "measured", "measured"], "CsaImage.SlicePosition_PCS": [[-96.8291198, -100.67750639, -78.65155872], [-96.82285982, -100.84822553, -76.65886768], [-96.81659984, -101.01894468, -74.66618427], [-96.81033986, -101.18966371, -72.67349323], [-96.80407988, -101.36038285, -70.68079837], [-96.79781991, -101.531102, -68.68810733], [-96.79155993, -101.70182103, -66.69542011], [-96.78529995, -101.87254017, -64.70272907], [-96.77903997, -102.04325932, -62.71003803], [-96.77277999, -102.21397841, -60.71734699], [-96.76652002, -102.3846975, -58.72465595], [-96.76026004, -102.55541664, -56.73196491], [-96.75400006, -102.72613576, -54.73927387], [-96.74774008, -102.89685486, -52.74658283], [-96.74148011, -103.06757398, -50.75389179], [-96.73522013, -103.23829309, -48.76120456], [-96.72896015, -103.4090122, -46.76851352], [-96.72270017, -103.57973134, -44.77582248], [-96.71644019, -103.75045043, -42.78313144], [-96.71018022, -103.92116952, -40.7904404], [-96.70392024, -104.0918886, -38.79774936], [-96.69766025, -104.26260775, -36.80506023], [-96.69140027, -104.4333269, -34.81236919], [-96.68514029, -104.60404605, -32.81967815], [-96.67888031, -104.77476507, -30.82698711], [-96.67262033, -104.94548422, -28.83429607], [-96.66636036, -105.11620325, -26.84160694], [-96.66010038, -105.28692239, -24.8489159], [-96.6538404, -105.45764154, -22.85622486], [-96.64758042, -105.62836069, -20.86353477], [-96.64132045, -105.79907983, -18.87084373], [-96.63506047, -105.96979898, -16.87815364], [-96.62880049, -106.14051813, -14.8854626], [-96.62254051, -106.31123704, -12.89277204], [-96.61628052, -106.48195618, -10.90008172], [-96.61002054, -106.65267533, -8.90739106], [-96.60376056, -106.82339448, -6.91470047], [-96.59750059, -106.99411362, -4.92200979], [-96.59124061, -107.16483277, -2.92931922], [-96.58498063, -107.33555192, -0.93662866], [-96.57872065, -107.50627106, 1.0560619], [-96.57246067, -107.67699021, 3.04875294], [-96.5662007, -107.84770936, 5.04144303], [-96.55994072, -108.0184285, 7.03413407], [-96.55368073, -108.18914717, 9.02682416], [-96.54742076, -108.35986632, 11.0195152], [-96.54116078, -108.53058547, 13.01220624], [-96.5349008, -108.70130461, 15.00489537], [-96.52864082, -108.87202376, 16.99758641], [-96.52238084, -109.04274291, 18.99027745], [-96.51612087, -109.21346205, 20.98296849], [-96.50986089, -109.3841812, 22.97565762], [-96.50360091, -109.55490035, 24.96834866], [-96.49734093, -109.72561949, 26.9610397], [-96.49108095, -109.89633864, 28.95373074], [-96.48482097, -110.06705779, 30.94642178], [-96.47856099, -110.23777693, 32.93911282], [-96.47230101, -110.40849608, 34.93180386], [-96.46604103, -110.57921475, 36.92449109], [-96.45978105, -110.7499339, 38.91718213], [-96.45352108, -110.92065304, 40.90987317], [-96.4472611, -111.09137219, 42.90256421], [-96.44100112, -111.26209134, 44.89525525], [-96.43474114, -111.43281048, 46.88794629], [-96.42848116, -111.60352963, 48.88063733], [-96.42222118, -111.77424878, 50.87332837], [-96.4159612, -111.94496792, 52.86601559], [-96.40970122, -112.11568707, 54.85870663], [-96.40344124, -112.28640622, 56.85140149], [-96.39718127, -112.45712536, 58.84409253], [-96.39092129, -112.62784451, 60.83677594], [-96.38466131, -112.79856366, 62.82946698]], "CsaImage.TimeAfterStart": [1.0825, 0.7225, 1.0925, 0.7325, 1.1025, 0.7425, 1.1125, 0.7525, 1.1225, 0.7625, 1.1325, 0.7725, 1.1425, 0.7825, 1.1525, 0.7925, 1.1625, 0.8025, 1.1725, 0.8125, 1.1825, 0.8225, 1.1925, 0.8325, 1.2025, 0.8425, 1.2125, 0.8525, 1.2225, 0.8625, 1.2325, 0.8725, 1.2425, 0.8825, 1.2525, 0.8925, 1.2625, 0.9025, 1.2725, 0.9125, 1.2825, 0.9225, 1.2925, 0.9325, 1.3025, 0.9425, 1.3125, 0.9525, 1.3225, 0.9625, 1.3325, 0.9725, 1.3425, 0.9825, 1.3525, 0.9925, 1.3625, 1.0025, 1.3725, 1.0125, 1.3825, 1.0225, 1.3925, 1.0325, 1.4025, 1.0425, 1.4125, 1.0525, 1.4225, 1.0625, 1.4325, 1.0725], "ImagePositionPatient": [[-96.829119795259, -100.67750638566, -78.651558718533], [-96.822859817441, -100.84822553239, -76.658867678494], [-96.816599839624, -101.01894467912, -74.666184267849], [-96.810339861806, -101.18966370663, -72.67349322781], [-96.804079883989, -101.36038285336, -70.680798373074], [-96.797819906171, -101.53110200009, -68.688107333035], [-96.791559928354, -101.70182102761, -66.695420107693], [-96.785299950536, -101.87254017434, -64.702729067654], [-96.779039972719, -102.04325932107, -62.710038027615], [-96.772779994901, -102.21397840819, -60.717346987576], [-96.766520017084, -102.38469749532, -58.724655947537], [-96.760260039266, -102.55541664204, -56.731964907498], [-96.754000061449, -102.72613575897, -54.739273867459], [-96.747740083631, -102.896854861, -52.746582827419], [-96.741480105814, -103.06757397792, -50.75389178738], [-96.735220127996, -103.23829309485, -48.761204562039], [-96.728960150178, -103.40901219687, -46.768513522], [-96.722700172361, -103.5797313436, -44.77582248196], [-96.716440194543, -103.75045043073, -42.783131441921], [-96.710180216726, -103.92116951785, -40.790440401882], [-96.703920238908, -104.09188860497, -38.797749361843], [-96.69766024619, -104.2626077517, -36.805060229153], [-96.691400268372, -104.43332689843, -34.812369189114], [-96.685140290555, -104.60404604516, -32.819678149075], [-96.678880312737, -104.77476507268, -30.826987109036], [-96.672620334919, -104.94548421941, -28.834296068997], [-96.666360357102, -105.11620324693, -26.841606936306], [-96.660100379284, -105.28692239365, -24.848915896267], [-96.653840401467, -105.45764154038, -22.856224856228], [-96.647580423649, -105.62836068711, -20.863534769863], [-96.641320445832, -105.79907983384, -18.870843729824], [-96.635060468014, -105.96979898057, -16.878153643459], [-96.628800490197, -106.1405181273, -14.88546260342], [-96.622540512379, -106.31123703561, -12.892772040219], [-96.61628051966, -106.48195618233, -10.900081715435], [-96.610020541843, -106.65267532906, -8.9073910628263], [-96.603760564025, -106.82339447579, -6.9147004698221], [-96.597500586208, -106.99411362252, -4.9220097874109], [-96.59124060839, -107.16483276925, -2.929319224209], [-96.584980630573, -107.33555191598, -0.9366286610071], [-96.578720652755, -107.50627106271, 1.0560619021948], [-96.572460674938, -107.67699020943, 3.0487529422339], [-96.56620069712, -107.84770935616, 5.0414430285986], [-96.559940719303, -108.01842850289, 7.0341340686377], [-96.553680734035, -108.18914717278, 9.0268241550024], [-96.547420756217, -108.35986631951, 11.019515195041], [-96.541160778399, -108.53058546624, 13.012206235081], [-96.534900800582, -108.70130461297, 15.004895367771], [-96.528640822764, -108.8720237597, 16.99758640781], [-96.522380844947, -109.04274290643, 18.990277447849], [-96.516120867129, -109.21346205315, 20.982968487888], [-96.509860885587, -109.38418119988, 22.975657620579], [-96.503600907769, -109.55490034661, 24.968348660618], [-96.497340926226, -109.72561949334, 26.961039700657], [-96.491080948409, -109.89633864007, 28.953730740696], [-96.484820970591, -110.0670577868, 30.946421780735], [-96.478560990911, -110.23777693353, 32.939112820774], [-96.472301013093, -110.40849608025, 34.931803860813], [-96.466041033413, -110.57921475014, 36.924491086155], [-96.459781054664, -110.74993389687, 38.917182126194], [-96.45352107545, -110.9206530436, 40.909873166233], [-96.447261096701, -111.09137219033, 42.902564206272], [-96.441001117952, -111.26209133706, 44.895255246311], [-96.434741138738, -111.43281048379, 46.88794628635], [-96.42848116092, -111.60352963052, 48.880637326389], [-96.42222118124, -111.77424877724, 50.873328366428], [-96.415961203422, -111.94496792397, 52.86601559177], [-96.40970122188, -112.1156870707, 54.858706631809], [-96.403441244062, -112.28640621743, 56.851401486545], [-96.397181266244, -112.45712536416, 58.844092526584], [-96.390921288427, -112.62784451089, 60.836775937229], [-96.384661310609, -112.79856365762, 62.829466977268]], "InstanceCreationTime": ["143346.223000", "143346.157000", "143346.226000", "143346.159000", "143346.228000", "143346.161000", "143346.229000", "143346.163000", "143346.231000", "143346.165000", "143346.233000", "143346.167000", "143346.237000", "143346.169000", "143346.239000", "143346.171000", "143346.241000", "143346.173000", "143346.243000", "143346.175000", "143346.245000", "143346.176000", "143346.246000", "143346.178000", "143346.248000", "143346.180000", "143346.250000", "143346.182000", "143346.252000", "143346.184000", "143346.254000", "143346.185000", "143346.255000", "143346.187000", "143346.257000", "143346.189000", "143346.259000", "143346.191000", "143346.261000", "143346.193000", "143346.263000", "143346.195000", "143346.265000", "143346.196000", "143346.266000", "143346.198000", "143346.268000", "143346.200000", "143346.270000", "143346.202000", "143346.272000", "143346.204000", "143346.274000", "143346.205000", "143346.276000", "143346.207000", "143346.277000", "143346.209000", "143346.279000", "143346.211000", "143346.281000", "143346.213000", "143346.283000", "143346.214000", "143346.284000", "143346.216000", "143346.286000", "143346.218000", "143346.288000", "143346.220000", "143346.290000", "143346.221000"], "InstanceNumber": [1, 2, 3, 4, 5, 6, 7, 8, 9, 10, 11, 12, 13, 14, 15, 16, 17, 18, 19, 20, 21, 22, 23, 24, 25, 26, 27, 28, 29, 30, 31, 32, 33, 34, 35, 36, 37, 38, 39, 40, 41, 42, 43, 44, 45, 46, 47, 48, 49, 50, 51, 52, 53, 54, 55, 56, 57, 58, 59, 60, 61, 62, 63, 64, 65, 66, 67, 68, 69, 70, 71, 72], "LargestImagePixelValue": [4095, 4094, 4093, 4094, 4095, 4093, 4092, 4092, 4091, 4095, 4094, 4095, 4095, 4095, 4093, 4094, 4093, 4094, 4090, 4095, 4095, 4094, 4094, 4094, 4093, 4095, 4095, 4091, 4092, 4088, 4093, 4095, 4093, 4094, 4093, 4095, 4094, 4091, 4087, 4094, 4094, 4092, 4094, 4094, 4094, 4094, 4092, 4091, 4095, 4094, 4091, 4095, 4091, 4095, 4093, 4095, 4093, 4094, 4095, 4095, 4095, 4094, 4094, 4094, 4094, 4095, 4091, 4095, 4094, 4093, 4094, 4095], "SliceLocation": [-70.073397282309, -68.073396833451, -66.073403986104, -64.073403547421, -62.073399297807, -60.073398848948, -58.073402211021, -56.073401762163, -54.073401313304, -52.073400869534, -50.073400425763, -48.073399976905, -46.07339953059, -44.073399085547, -42.073398639233, -40.073401993674, -38.073401548632, -36.073401099773, -34.073400656003, -32.073400212232, -30.073399768461, -28.073401219934, -26.073400771076, -24.073400322217, -22.073399883534, -20.073399434676, -18.073400896371, -16.073400447513, -14.073399998654, -12.073400499985, -10.073400051126, -8.0734005524567, -6.0734001035982, -4.0734001501855, -2.0734004139222, -0.073400351078, 1.9265996523794, 3.926599744917, 5.926599718681, 7.926599692445, 9.9265996662089, 11.926600115067, 13.926599613737, 15.926600062595, 17.926599520586, 19.926599969444, 21.926600418302, 23.926598966783, 25.926599415641, 27.9265998645, 29.926600313358, 31.926598861851, 33.926599310709, 35.926599759579, 37.926600208438, 39.926600657296, 41.92660110616, 43.926601555019, 45.926598162425, 47.926598611286, 49.926599060149, 51.92659950901, 53.926599957872, 55.926600406734, 57.926600855593, 59.926601304457, 61.92659795256, 63.92659840143, 65.926602651044, 67.926603099902, 69.92659594725, 71.926596396108], "SmallestImagePixelValue": [0, 1, 0, 0, 0, 0, 0, 0, 0, 0, 0, 0, 0, 0, 0, 0, 0, 0, 0, 0, 0, 0, 1, 0, 0, 0, 1, 1, 0, 2, 4, 5, 8, 0, 0, 1, 2, 0, 2, 1, 4, 13, 1, 0, 0, 1, 0, 5, 0, 0, 0, 0, 4, 1, 0, 0, 0, 1, 3, 0, 1, 0, 0, 1, 0, 0, 0, 0, 0, 0, 0, 0], "WindowCenter": [-346.0, -300.0, -314.0, -314.0, -318.0, -238.0, -216.0, -182.0, -156.0, -164.0, -126.0, -146.0, -176.0, -220.0, -224.0, -198.0, -218.0, -200.0, -226.0, -212.0, -224.0, -186.0, -186.0, -234.0, -248.0, -252.0, -226.0, -194.0, -198.0, -190.0, -222.0, -234.0, -246.0, -202.0, -184.0, -158.0, -130.0, -140.0, -278.0, -148.0, -96.0, -60.0, -72.0, -194.0, -42.0, -36.0, -24.0, 0.0, -6.0, -184.0, -190.0, -208.0, -248.0, -150.0, -276.0, -116.0, -112.0, -70.0, -78.0, -80.0, -102.0, -76.0, -138.0, -140.0, -238.0, -214.0, -212.0, -250.0, -314.0, -332.0, -304.0, -352.0], "WindowWidth": [6110.0, 6156.0, 6216.0, 6246.0, 6328.0, 6316.0, 6300.0, 6336.0, 6338.0, 6314.0, 6296.0, 6308.0, 6286.0, 6228.0, 6216.0, 6178.0, 6232.0, 6288.0, 6328.0, 6358.0, 6338.0, 6294.0, 6224.0, 6152.0, 6064.0, 5916.0, 5834.0, 5814.0, 5780.0, 5702.0, 5606.0, 5512.0, 5412.0, 5526.0, 5514.0, 5466.0, 5430.0, 5350.0, 4634.0, 5074.0, 5232.0, 5336.0, 5168.0, 4592.0, 5320.0, 5216.0, 5226.0, 5258.0, 5310.0, 4602.0, 4620.0, 4636.0, 4656.0, 5110.0, 4696.0, 5374.0, 5502.0, 5596.0, 5654.0, 5656.0, 5766.0, 5818.0, 5884.0, 5958.0, 6012.0, 6074.0, 6166.0, 6214.0, 6280.0, 6344.0, 6406.0, 6502.0]}}, "IntendedFor": ["ses-1/func/sub-39_ses-1_task-motor_run-04_bold.nii.gz", "ses-1/func/sub-39_ses-1_task-motor_run-02_bold.nii.gz", "ses-1/func/sub-39_ses-1_task-motor_run-03_bold.nii.gz", "ses-1/func/sub-39_ses-1_task-motor_run-06_bold.nii.gz", "ses-1/func/sub-39_ses-1_task-motor_run-01_bold.nii.gz", "ses-1/func/sub-39_ses-1_task-motor_run-05_bold.nii.gz"]}