{"AcquisitionMatrixPE": 100, "AcquisitionNumber": 1, "AcquisitionTime": "12:05:2.680000", "BaseResolution": 100, "BodyPartExamined": "BRAIN", "ConsistencyInfo": "N4_VE11C_LATEST_20160120", "ConversionSoftware": "dcm2niix", "ConversionSoftwareVersion": "v1.0.20180622 GCC4.9.2", "DeviceSerialNumber": "166078", "DwellTime": 8.8e-06, "EchoNumber": 2, "EchoTime": 0.00738, "EchoTime1": 0.00492, "EchoTime2": 0.00738, "FlipAngle": 60, "ImageOrientationPatientDICOM": [1, 0, 0, 0, 0.919822, -0.392337], "ImageType": ["ORIGINAL", "PRIMARY", "P", "ND"], "InPlanePhaseEncodingDirectionDICOM": "ROW", "InstitutionAddress": "Street_StreetNo_Bei_Jing_District_CN_ZIP", "InstitutionName": "BeiJing_Normal_University", "InstitutionalDepartmentName": "Department", "MRAcquisitionType": "2D", "MagneticFieldStrength": 3, "Manufacturer": "Siemens", "ManufacturersModelName": "Prisma", "Modality": "MR", "PartialFourier": 1, "PatientPosition": "HFS", "PercentPhaseFOV": 100, "PhaseEncodingDirection": "i", "PhaseEncodingSteps": 100, "PhaseResolution": 1, "PixelBandwidth": 570, "ProcedureStepDescription": "BNU_P2018_64CH_Liu.Jia", "ProtocolName": "field_mapping_2x2x2", "PulseSequenceDetails": "%SiemensSeq%_gre_field_mapping", "ReceiveCoilActiveElements": "HC1-7;NC1", "ReceiveCoilName": "HeadNeck_64", "ReconMatrixPE": 100, "RepetitionTime": 0.72, "SAR": 0.121259, "ScanningSequence": "GR", "SequenceName": "_fm2d2r", "SequenceVariant": "SP", "SeriesDescription": "field_mapping_2x2x2", "SeriesNumber": 7, "ShimSetting": [-5467, -11510, -1298, 312, -93, -370, -97, 55], "SliceThickness": 2, "SoftwareVersions": "syngo_MR_E11", "SpacingBetweenSlices": 2, "StationName": "AWP166078", "TxRefAmp": 256.978, "dcmmeta_affine": [[-2.0, 0.0, 0.0, 99.32530212402344], [0.0, 1.8396430015563965, -0.7846736907958984, -64.52757263183594], [0.0, 0.7846742272377014, 1.8396453857421875, -124.44087219238281], [0.0, 0.0, 0.0, 1.0]], "dcmmeta_reorient_transform": [[0.0, -1.0, 0.0, 99.0], [1.0, 0.0, 0.0, 0.0], [0.0, 0.0, -1.0, 71.0], [0.0, 0.0, 0.0, 1.0]], "dcmmeta_shape": [100, 100, 72], "dcmmeta_slice_dim": 2, "dcmmeta_version": 0.6, "global": {"const": {"AcquisitionMatrix": [0, 100, 100, 0], "AcquisitionNumber": 1, "AngioFlag": "N", "BitsAllocated": 16, "BitsStored": 12, "BodyPartExamined": "BRAIN", "Columns": 100, "EchoNumbers": 2, "EchoTime": 7.38, "EchoTrainLength": 0, "FlipAngle": 60.0, "HighBit": 11, "ImageOrientationPatient": [1.0, 0.0, 0.0, 0.0, 0.91982149894169, -0.3923371128056], "ImageType": ["ORIGINAL", "PRIMARY", "P", "ND"], "ImagedNucleus": "1H", "ImagingFrequency": 123.257838, "InPlanePhaseEncodingDirection": "ROW", "MRAcquisitionType": "2D", "MagneticFieldStrength": 3.0, "Manufacturer": "SIEMENS", "ManufacturerModelName": "Prisma", "Modality": "MR", "NumberOfAverages": 1.0, "NumberOfPhaseEncodingSteps": 100, "PercentPhaseFieldOfView": 100.0, "PercentSampling": 100.0, "PerformedProcedureStepStartTime": "113626.911000", "PhotometricInterpretation": "MONOCHROME2", "PixelBandwidth": 570.0, "PixelRepresentation": 0, "PixelSpacing": [2.0, 2.0], "ProtocolName": "field_mapping_2x2x2", "RepetitionTime": 720.0, "RescaleIntercept": -4096.0, "RescaleSlope": 2.0, "RescaleType": "US", "Rows": 100, "SAR": 0.12125870488317, "SamplesPerPixel": 1, "ScanningSequence": "GR", "SequenceName": "*fm2d2r", "SequenceVariant": "SP", "SeriesDescription": "field_mapping_2x2x2", "SeriesNumber": 7, "SeriesTime": "120726.367000", "SliceThickness": 2.0, "SoftwareVersions": "syngo MR E11", "SpacingBetweenSlices": 2.0, "SpecificCharacterSet": "ISO_IR 100", "StudyID": "1", "StudyTime": "113626.818000", "TransmitCoilName": "Body", "VariableFlipAngleFlag": "N", "WindowCenterWidthExplanation": "Algo1", "dBdt": 0.0}, "slices": {"AcquisitionTime": ["120502.680000", "120502.320000", "120502.690000", "120502.330000", "120502.700000", "120502.340000", "120502.710000", "120502.350000", "120502.720000", "120502.360000", "120502.730000", "120502.370000", "120502.740000", "120502.380000", "120502.750000", "120502.390000", "120502.760000", "120502.400000", "120502.770000", "120502.410000", "120502.780000", "120502.420000", "120502.790000", "120502.430000", "120502.800000", "120502.440000", "120502.810000", "120502.450000", "120502.820000", "120502.460000", "120502.830000", "120502.470000", "120502.840000", "120502.480000", "120502.850000", "120502.490000", "120502.860000", "120502.500000", "120502.870000", "120502.510000", "120502.880000", "120502.520000", "120502.890000", "120502.530000", "120502.900000", "120502.540000", "120502.910000", "120502.550000", "120502.920000", "120502.560000", "120502.930000", "120502.570000", "120502.940000", "120502.580000", "120502.950000", "120502.590000", "120502.960000", "120502.600000", "120502.970000", "120502.610000", "120502.980000", "120502.620000", "120502.990000", "120502.630000", "120503.000000", "120502.640000", "120503.010000", "120502.650000", "120503.020000", "120502.660000", "120503.030000", "120502.670000"], "ContentTime": ["120726.453000", "120726.372000", "120726.455000", "120726.385000", "120726.457000", "120726.387000", "120726.458000", "120726.389000", "120726.460000", "120726.391000", "120726.462000", "120726.393000", "120726.464000", "120726.396000", "120726.466000", "120726.398000", "120726.468000", "120726.400000", "120726.469000", "120726.402000", "120726.471000", "120726.404000", "120726.474000", "120726.405000", "120726.475000", "120726.407000", "120726.478000", "120726.409000", "120726.479000", "120726.411000", "120726.482000", "120726.413000", "120726.574000", "120726.415000", "120726.577000", "120726.417000", "120726.579000", "120726.418000", "120726.582000", "120726.420000", "120726.584000", "120726.422000", "120726.586000", "120726.424000", "120726.589000", "120726.426000", "120726.590000", "120726.427000", "120726.592000", "120726.429000", "120726.594000", "120726.431000", "120726.596000", "120726.433000", "120726.598000", "120726.435000", "120726.599000", "120726.437000", "120726.601000", "120726.440000", "120726.603000", "120726.442000", "120726.605000", "120726.444000", "120726.607000", "120726.446000", "120726.609000", "120726.448000", "120726.611000", "120726.449000", "120726.612000", "120726.451000"], "CsaImage.GSWDDataType": ["measured", "predicted", "measured", "predicted", "measured", "predicted", "measured", "predicted", "measured", "predicted", "measured", "predicted", "measured", "predicted", "measured", "predicted", "measured", "predicted", "measured", "predicted", "measured", "predicted", "measured", "predicted", "measured", "predicted", "measured", "predicted", "measured", "predicted", "measured", "predicted", "measured", "predicted", "measured", "predicted", "measured", "predicted", "measured", "predicted", "measured", "predicted", "measured", "predicted", "measured", "predicted", "measured", "predicted", "measured", "predicted", "measured", "predicted", "measured", "predicted", "measured", "predicted", "measured", "predicted", "measured", "predicted", "measured", "predicted", "measured", "predicted", "measured", "measured", "measured", "measured", "measured", "measured", "measured", "measured"], "CsaImage.ICE_Dims": ["X_2_1_1_1_1_1_37_1_1_1_1_84", "X_2_1_1_1_1_1_1_1_1_2_1_84", "X_2_1_1_1_1_1_38_1_1_3_1_84", "X_2_1_1_1_1_1_2_1_1_4_1_84", "X_2_1_1_1_1_1_39_1_1_5_1_84", "X_2_1_1_1_1_1_3_1_1_6_1_84", "X_2_1_1_1_1_1_40_1_1_7_1_84", "X_2_1_1_1_1_1_4_1_1_8_1_84", "X_2_1_1_1_1_1_41_1_1_9_1_84", "X_2_1_1_1_1_1_5_1_1_10_1_84", "X_2_1_1_1_1_1_42_1_1_11_1_84", "X_2_1_1_1_1_1_6_1_1_12_1_84", "X_2_1_1_1_1_1_43_1_1_13_1_84", "X_2_1_1_1_1_1_7_1_1_14_1_84", "X_2_1_1_1_1_1_44_1_1_15_1_84", "X_2_1_1_1_1_1_8_1_1_16_1_84", "X_2_1_1_1_1_1_45_1_1_17_1_84", "X_2_1_1_1_1_1_9_1_1_18_1_84", "X_2_1_1_1_1_1_46_1_1_19_1_84", "X_2_1_1_1_1_1_10_1_1_20_1_84", "X_2_1_1_1_1_1_47_1_1_21_1_84", "X_2_1_1_1_1_1_11_1_1_22_1_84", "X_2_1_1_1_1_1_48_1_1_23_1_84", "X_2_1_1_1_1_1_12_1_1_24_1_84", "X_2_1_1_1_1_1_49_1_1_25_1_84", "X_2_1_1_1_1_1_13_1_1_26_1_84", "X_2_1_1_1_1_1_50_1_1_27_1_84", "X_2_1_1_1_1_1_14_1_1_28_1_84", "X_2_1_1_1_1_1_51_1_1_29_1_84", "X_2_1_1_1_1_1_15_1_1_30_1_84", "X_2_1_1_1_1_1_52_1_1_31_1_84", "X_2_1_1_1_1_1_16_1_1_32_1_84", "X_2_1_1_1_1_1_53_1_1_33_1_84", "X_2_1_1_1_1_1_17_1_1_34_1_84", "X_2_1_1_1_1_1_54_1_1_35_1_84", "X_2_1_1_1_1_1_18_1_1_36_1_84", "X_2_1_1_1_1_1_55_1_1_37_1_84", "X_2_1_1_1_1_1_19_1_1_38_1_84", "X_2_1_1_1_1_1_56_1_1_39_1_84", "X_2_1_1_1_1_1_20_1_1_40_1_84", "X_2_1_1_1_1_1_57_1_1_41_1_84", "X_2_1_1_1_1_1_21_1_1_42_1_84", "X_2_1_1_1_1_1_58_1_1_43_1_84", "X_2_1_1_1_1_1_22_1_1_44_1_84", "X_2_1_1_1_1_1_59_1_1_45_1_84", "X_2_1_1_1_1_1_23_1_1_46_1_84", "X_2_1_1_1_1_1_60_1_1_47_1_84", "X_2_1_1_1_1_1_24_1_1_48_1_84", "X_2_1_1_1_1_1_61_1_1_49_1_84", "X_2_1_1_1_1_1_25_1_1_50_1_84", "X_2_1_1_1_1_1_62_1_1_51_1_84", "X_2_1_1_1_1_1_26_1_1_52_1_84", "X_2_1_1_1_1_1_63_1_1_53_1_84", "X_2_1_1_1_1_1_27_1_1_54_1_84", "X_2_1_1_1_1_1_64_1_1_55_1_84", "X_2_1_1_1_1_1_28_1_1_56_1_84", "X_2_1_1_1_1_1_65_1_1_57_1_84", "X_2_1_1_1_1_1_29_1_1_58_1_84", "X_2_1_1_1_1_1_66_1_1_59_1_84", "X_2_1_1_1_1_1_30_1_1_60_1_84", "X_2_1_1_1_1_1_67_1_1_61_1_84", "X_2_1_1_1_1_1_31_1_1_62_1_84", "X_2_1_1_1_1_1_68_1_1_63_1_84", "X_2_1_1_1_1_1_32_1_1_64_1_84", "X_2_1_1_1_1_1_69_1_1_65_1_84", "X_2_1_1_1_1_1_33_1_1_66_1_84", "X_2_1_1_1_1_1_70_1_1_67_1_84", "X_2_1_1_1_1_1_34_1_1_68_1_84", "X_2_1_1_1_1_1_71_1_1_69_1_84", "X_2_1_1_1_1_1_35_1_1_70_1_84", "X_2_1_1_1_1_1_72_1_1_71_1_84", "X_2_1_1_1_1_1_36_1_1_72_1_84"], "CsaImage.ProtocolSliceNumber": [0, 1, 2, 3, 4, 5, 6, 7, 8, 9, 10, 11, 12, 13, 14, 15, 16, 17, 18, 19, 20, 21, 22, 23, 24, 25, 26, 27, 28, 29, 30, 31, 32, 33, 34, 35, 36, 37, 38, 39, 40, 41, 42, 43, 44, 45, 46, 47, 48, 49, 50, 51, 52, 53, 54, 55, 56, 57, 58, 59, 60, 61, 62, 63, 64, 65, 66, 67, 68, 69, 70, 71], "CsaImage.RFSWDDataType": ["measured", "predicted", "measured", "predicted", "measured", "predicted", "measured", "predicted", "measured", "predicted", "measured", "predicted", "measured", "predicted", "measured", "predicted", "measured", "predicted", "measured", "predicted", "measured", "predicted", "measured", "predicted", "measured", "predicted", "measured", "predicted", "measured", "predicted", "measured", "predicted", "measured", "predicted", "measured", "predicted", "measured", "predicted", "measured", "predicted", "measured", "predicted", "measured", "predicted", "measured", "predicted", "measured", "predicted", "measured", "predicted", "measured", "predicted", "measured", "predicted", "measured", "predicted", "measured", "predicted", "measured", "predicted", "measured", "measured", "measured", "measured", "measured", "measured", "measured", "measured", "measured", "measured", "measured", "measured"], "CsaImage.SlicePosition_PCS": [[-99.32530123, -117.59712106, -46.75794979], [-99.32530123, -116.81244736, -44.91831203], [-99.32530123, -116.02777367, -43.07866665], [-99.32530123, -115.24309808, -41.23902126], [-99.32530123, -114.45842438, -39.39938351], [-99.32530123, -113.67375069, -37.55973812], [-99.32530123, -112.8890751, -35.72009274], [-99.32530123, -112.1044014, -33.88045498], [-99.32530123, -111.31972771, -32.04080959], [-99.32530123, -110.53505402, -30.20116421], [-99.32530123, -109.75037843, -28.36151882], [-99.32530123, -108.96570473, -26.52188107], [-99.32530123, -108.18103104, -24.68223568], [-99.32530123, -107.3963564, -22.84259411], [-99.32530123, -106.61168175, -21.00294872], [-99.32530123, -105.82700806, -19.16330715], [-99.32530123, -105.04233342, -17.32366558], [-99.32530123, -104.25765973, -15.4840202], [-99.32530123, -103.47298508, -13.64437862], [-99.32530123, -102.68831044, -11.80473705], [-99.32530123, -101.90363675, -9.96509167], [-99.32530123, -101.1189621, -8.1254501], [-99.32530123, -100.33428841, -6.28580471], [-99.32530123, -99.54961377, -4.44616314], [-99.32530123, -98.7649396, -2.60652157], [-99.32530123, -97.98026543, -0.76687618], [-99.32530123, -97.19559127, 1.07276539], [-99.32530123, -96.4109171, 2.91240696], [-99.32530123, -95.62624269, 4.75205235], [-99.32530123, -94.84156852, 6.59169392], [-99.32530123, -94.05689436, 8.43133739], [-99.32530123, -93.27222007, 10.27098087], [-99.32530123, -92.48754584, 12.11062435], [-99.32530123, -91.70287162, 13.95026592], [-99.32530123, -90.91819733, 15.7899094], [-99.32530123, -90.13352316, 17.62955288], [-99.32530123, -89.34884887, 19.46919636], [-99.32530123, -88.56417471, 21.30883793], [-99.32530123, -87.7795003, 23.14848141], [-99.32530123, -86.99482613, 24.98812489], [-99.32530123, -86.21015197, 26.82776741], [-99.32530123, -85.4254778, 28.66740993], [-99.32530123, -84.64080363, 30.50705341], [-99.32530123, -83.85612946, 32.34669641], [-99.32530123, -83.07145482, 34.18633942], [-99.32530123, -82.28678113, 36.02598242], [-99.32530123, -81.50210648, 37.86562542], [-99.32530123, -80.71743279, 39.70526836], [-99.32530123, -79.93275815, 41.54491142], [-99.32530123, -79.1480835, 43.38455442], [-99.32530123, -78.36340981, 45.22419743], [-99.32530123, -77.57873517, 47.06384043], [-99.32530123, -76.79406148, 48.90348343], [-99.32530123, -76.00938683, 50.74312595], [-99.32530123, -75.22471314, 52.58276943], [-99.32530123, -74.44003754, 54.42241196], [-99.32530123, -73.65536385, 56.26205448], [-99.32530123, -72.87069016, 58.10169796], [-99.32530123, -72.08601647, 59.94134144], [-99.32530123, -71.30134087, 61.78098492], [-99.32530123, -70.51666718, 63.62062649], [-99.32530123, -69.73199349, 65.46026997], [-99.32530123, -68.9473198, 67.29991344], [-99.32530123, -68.1626442, 69.13955692], [-99.32530123, -67.37797051, 70.97919849], [-99.32530123, -66.59329682, 72.81884388], [-99.32530123, -65.80862122, 74.65848545], [-99.32530123, -65.02394753, 76.49812702], [-99.32530123, -64.23927384, 78.33777241], [-99.32530123, -63.45460015, 80.17741398], [-99.32530123, -62.66992455, 82.01705555], [-99.32530123, -61.88525086, 83.85670094]], "CsaImage.TimeAfterStart": [1.0825, 0.7225, 1.0925, 0.7325, 1.1025, 0.7425, 1.1125, 0.7525, 1.1225, 0.7625, 1.1325, 0.7725, 1.1425, 0.7825, 1.1525, 0.7925, 1.1625, 0.8025, 1.1725, 0.8125, 1.1825, 0.8225, 1.1925, 0.8325, 1.2025, 0.8425, 1.2125, 0.8525, 1.2225, 0.8625, 1.2325, 0.8725, 1.2425, 0.8825, 1.2525, 0.8925, 1.2625, 0.9025, 1.2725, 0.9125, 1.2825, 0.9225, 1.2925, 0.9325, 1.3025, 0.9425, 1.3125, 0.9525, 1.3225, 0.9625, 1.3325, 0.9725, 1.3425, 0.9825, 1.3525, 0.9925, 1.3625, 1.0025, 1.3725, 1.0125, 1.3825, 1.0225, 1.3925, 1.0325, 1.4025, 1.0425, 1.4125, 1.0525, 1.4225, 1.0625, 1.4325, 1.0725], "ImagePositionPatient": [[-99.325301229954, -117.59712105506, -46.757949791214], [-99.325301229954, -116.81244736426, -44.918312034867], [-99.325301229954, -116.02777367347, -43.078666649125], [-99.325301229954, -115.24309807532, -41.239021263382], [-99.325301229954, -114.45842438453, -39.399383507035], [-99.325301229954, -113.67375069373, -37.559738121292], [-99.325301229954, -112.88907509559, -35.72009273555], [-99.325301229954, -112.10440140479, -33.880454979203], [-99.325301229954, -111.31972771399, -32.04080959346], [-99.325301229954, -110.5350540232, -30.201164207718], [-99.325301229954, -109.75037842505, -28.361518821976], [-99.325301229954, -108.96570473426, -26.521881065628], [-99.325301229954, -108.18103104346, -24.682235679886], [-99.325301229954, -107.39635639899, -22.842594108841], [-99.325301229954, -106.61168175452, -21.002948723099], [-99.325301229954, -105.82700806372, -19.163307152054], [-99.325301229954, -105.04233341925, -17.323665581009], [-99.325301229954, -104.25765972846, -15.484020195267], [-99.325301229954, -103.47298508399, -13.644378624222], [-99.325301229954, -102.68831043952, -11.804737053177], [-99.325301229954, -101.90363674872, -9.965091667435], [-99.325301229954, -101.11896210425, -8.1254500963901], [-99.325301229954, -100.33428841346, -6.2858047106479], [-99.325301229954, -99.549613768986, -4.446163139603], [-99.325301229954, -98.764939601353, -2.6065215685581], [-99.325301229954, -97.98026543372, -0.7668761828159], [-99.325301229954, -97.195591266087, 1.072765388229], [-99.325301229954, -96.410917098454, 2.9124069592739], [-99.325301229954, -95.626242692402, 4.7520523450161], [-99.325301229954, -94.841568524769, 6.591693916061], [-99.325301229954, -94.056894357136, 8.4313373944546], [-99.325301229954, -93.272220070294, 10.270980872848], [-99.325301229954, -92.487545843056, 12.110624351242], [-99.325301229954, -91.702871615818, 13.950265922287], [-99.325301229954, -90.918197328976, 15.78990940068], [-99.325301229954, -90.133523161343, 17.629552879074], [-99.325301229954, -89.3488488745, 19.469196357467], [-99.325301229954, -88.564174706867, 21.308837928512], [-99.325301229954, -87.779500300816, 23.148481406906], [-99.325301229954, -86.994826133183, 24.988124885299], [-99.325301229954, -86.21015196555, 26.827767410019], [-99.325301229954, -85.425477797917, 28.667409934738], [-99.325301229954, -84.640803630284, 30.507053413131], [-99.325301229954, -83.85612946265, 32.346696414688], [-99.325301229954, -83.07145481818, 34.186339416244], [-99.325301229954, -82.286781127384, 36.025982417801], [-99.325301229954, -81.502106482914, 37.865625419357], [-99.325301229954, -80.717432792118, 39.705268361309], [-99.325301229954, -79.932758147648, 41.54491142247], [-99.325301229954, -79.148083503178, 43.384554424026], [-99.325301229954, -78.363409812382, 45.224197425583], [-99.325301229954, -77.578735167912, 47.063840427139], [-99.325301229954, -76.794061477116, 48.903483428695], [-99.325301229954, -76.009386832646, 50.743125953415], [-99.325301229954, -75.22471314185, 52.582769431808], [-99.325301229954, -74.440037543705, 54.422411956527], [-99.325301229954, -73.655363852909, 56.262054481247], [-99.325301229954, -72.870690162113, 58.10169795964], [-99.325301229954, -72.086016471317, 59.941341438034], [-99.325301229954, -71.301340873173, 61.780984916427], [-99.325301229954, -70.516667182377, 63.620626487472], [-99.325301229954, -69.731993491581, 65.460269965866], [-99.325301229954, -68.947319800785, 67.299913444259], [-99.325301229954, -68.162644202641, 69.139556922653], [-99.325301229954, -67.377970511845, 70.979198493698], [-99.325301229954, -66.593296821049, 72.81884387944], [-99.325301229954, -65.808621222904, 74.658485450485], [-99.325301229954, -65.023947532108, 76.49812702153], [-99.325301229954, -64.239273841313, 78.337772407272], [-99.325301229954, -63.454600150517, 80.177413978317], [-99.325301229954, -62.669924552372, 82.017055549362], [-99.325301229954, -61.885250861576, 83.856700935104]], "InstanceCreationTime": ["120726.453000", "120726.372000", "120726.455000", "120726.385000", "120726.457000", "120726.387000", "120726.458000", "120726.389000", "120726.460000", "120726.391000", "120726.462000", "120726.393000", "120726.464000", "120726.396000", "120726.466000", "120726.398000", "120726.468000", "120726.400000", "120726.469000", "120726.402000", "120726.471000", "120726.404000", "120726.474000", "120726.405000", "120726.475000", "120726.407000", "120726.478000", "120726.409000", "120726.479000", "120726.411000", "120726.482000", "120726.413000", "120726.574000", "120726.415000", "120726.577000", "120726.417000", "120726.579000", "120726.418000", "120726.582000", "120726.420000", "120726.584000", "120726.422000", "120726.586000", "120726.424000", "120726.589000", "120726.426000", "120726.590000", "120726.427000", "120726.592000", "120726.429000", "120726.594000", "120726.431000", "120726.596000", "120726.433000", "120726.598000", "120726.435000", "120726.599000", "120726.437000", "120726.601000", "120726.440000", "120726.603000", "120726.442000", "120726.605000", "120726.444000", "120726.607000", "120726.446000", "120726.609000", "120726.448000", "120726.611000", "120726.449000", "120726.612000", "120726.451000"], "InstanceNumber": [1, 2, 3, 4, 5, 6, 7, 8, 9, 10, 11, 12, 13, 14, 15, 16, 17, 18, 19, 20, 21, 22, 23, 24, 25, 26, 27, 28, 29, 30, 31, 32, 33, 34, 35, 36, 37, 38, 39, 40, 41, 42, 43, 44, 45, 46, 47, 48, 49, 50, 51, 52, 53, 54, 55, 56, 57, 58, 59, 60, 61, 62, 63, 64, 65, 66, 67, 68, 69, 70, 71, 72], "LargestImagePixelValue": [4094, 4094, 4092, 4089, 4089, 4094, 4095, 4094, 4095, 4092, 4094, 4093, 4091, 4091, 4094, 4095, 4092, 4093, 4090, 4092, 4095, 4085, 4094, 4091, 4094, 4087, 4087, 4078, 4092, 4095, 4093, 4092, 4089, 4094, 4095, 4093, 4089, 4087, 4086, 4094, 4095, 4091, 4088, 4094, 4092, 4093, 4093, 4090, 4085, 4091, 4089, 4090, 4094, 4092, 4094, 4092, 4095, 4094, 4090, 4095, 4095, 4094, 4094, 4095, 4094, 4094, 4089, 4094, 4094, 4092, 4094, 4094], "SliceLocation": [-89.146682413391, -87.146687444496, -85.14668545792, -83.14668272302, -81.146687754126, -79.14668576755, -77.14668303265, -75.146688063755, -73.146686077179, -71.146684090603, -69.146681355704, -67.146686386809, -65.146684400233, -63.146685548336, -61.146683187598, -59.146684709862, -57.146685857965, -55.146683871389, -53.146685019492, -51.146686167595, -49.146684181019, -47.146685329122, -45.146683342546, -43.146684490649, -41.146685825832, -39.146683652175, -37.146684987359, -35.146686322543, -33.146684055345, -31.146685390529, -29.146684971293, -27.146684505286, -25.146684062664, -23.146685374463, -21.146684908456, -19.146684489219, -17.146684023212, -15.146685358396, -13.146684845619, -11.146684426382, -9.146684884356, -7.1466853423296, -5.146684923093, -3.1466849424615, -1.1466847747491, 0.85331501880154, 2.853315186514, 4.8533149252389, 6.853315147777, 8.8533153154894, 10.85331510904, 12.853315276752, 14.853315070303, 16.85331479941, 18.853315031566, 20.853315134835, 22.853314489781, 24.853314721936, 26.853314954092, 28.853315934571, 30.853314412307, 32.853314644463, 34.853314876618, 36.853315857098, 38.853314334833, 40.853316321409, 42.853315547468, 44.853314025203, 46.853316011779, 48.853314489515, 50.853313715574, 52.85331570215], "SmallestImagePixelValue": [0, 0, 1, 1, 2, 0, 0, 3, 0, 2, 0, 1, 0, 0, 0, 0, 4, 0, 1, 1, 0, 0, 0, 9, 7, 1, 0, 0, 10, 0, 4, 0, 0, 0, 0, 1, 4, 0, 10, 1, 0, 2, 4, 1, 1, 3, 4, 0, 0, 0, 2, 2, 0, 0, 1, 0, 0, 0, 1, 2, 0, 0, 2, 0, 0, 0, 0, 0, 0, 0, 0, 1], "WindowCenter": [-156.0, -192.0, -238.0, -272.0, -270.0, -260.0, -250.0, -252.0, -184.0, -144.0, -174.0, -240.0, -182.0, -176.0, -258.0, -308.0, -310.0, -352.0, -334.0, -292.0, -250.0, -208.0, -204.0, -188.0, -184.0, -218.0, -220.0, -214.0, -154.0, -110.0, -48.0, 14.0, 24.0, 34.0, 14.0, -40.0, -44.0, 0.0, -44.0, -150.0, -44.0, -70.0, -10.0, -32.0, -38.0, -158.0, -162.0, -176.0, -208.0, -214.0, -234.0, -248.0, -262.0, -266.0, -276.0, -300.0, -306.0, -276.0, -290.0, -302.0, -314.0, -316.0, -182.0, -234.0, -210.0, -220.0, -228.0, -226.0, -222.0, -236.0, -268.0, -266.0], "WindowWidth": [6122.0, 6180.0, 6190.0, 6106.0, 6122.0, 6118.0, 6168.0, 6104.0, 6100.0, 6086.0, 6066.0, 5926.0, 5976.0, 5978.0, 5924.0, 5830.0, 5850.0, 5740.0, 5746.0, 5766.0, 5752.0, 5758.0, 5712.0, 5678.0, 5650.0, 5484.0, 5382.0, 5410.0, 5444.0, 5356.0, 5404.0, 5392.0, 5380.0, 5312.0, 5262.0, 5104.0, 5108.0, 5196.0, 5028.0, 4526.0, 5040.0, 4878.0, 5198.0, 5096.0, 5074.0, 4552.0, 4556.0, 4562.0, 4574.0, 4574.0, 4596.0, 4608.0, 4622.0, 4638.0, 4646.0, 4666.0, 4684.0, 4682.0, 4686.0, 4698.0, 4724.0, 4728.0, 5318.0, 5206.0, 5408.0, 5554.0, 5672.0, 5890.0, 5956.0, 6104.0, 6176.0, 6254.0]}}, "IntendedFor": ["ses-1/func/sub-17_ses-1_task-motor_run-03_bold.nii.gz", "ses-1/func/sub-17_ses-1_task-motor_run-01_bold.nii.gz", "ses-1/func/sub-17_ses-1_task-motor_run-06_bold.nii.gz", "ses-1/func/sub-17_ses-1_task-motor_run-02_bold.nii.gz", "ses-1/func/sub-17_ses-1_task-motor_run-05_bold.nii.gz", "ses-1/func/sub-17_ses-1_task-motor_run-04_bold.nii.gz"]}