{"AcquisitionMatrixPE": 100, "AcquisitionNumber": 1, "AcquisitionTime": "12:07:21.327500", "BaseResolution": 100, "BodyPartExamined": "BRAIN", "ConsistencyInfo": "N4_VE11C_LATEST_20160120", "ConversionSoftware": "dcm2niix", "ConversionSoftwareVersion": "v1.0.20180622 GCC4.9.2", "DeviceSerialNumber": "166078", "DwellTime": 8.8e-06, "EchoNumber": 2, "EchoTime": 0.00738, "EchoTime1": 0.00492, "EchoTime2": 0.00738, "FlipAngle": 60, "ImageOrientationPatientDICOM": [0.99836, 0.00159774, 0.0572218, 0.0121979, 0.970715, -0.239923], "ImageType": ["ORIGINAL", "PRIMARY", "P", "ND"], "InPlanePhaseEncodingDirectionDICOM": "ROW", "InstitutionAddress": "Street_StreetNo_Bei_Jing_District_CN_ZIP", "InstitutionName": "BeiJing_Normal_University", "InstitutionalDepartmentName": "Department", "MRAcquisitionType": "2D", "MagneticFieldStrength": 3, "Manufacturer": "Siemens", "ManufacturersModelName": "Prisma", "Modality": "MR", "PartialFourier": 1, "PatientPosition": "HFS", "PercentPhaseFOV": 100, "PhaseEncodingDirection": "i", "PhaseEncodingSteps": 100, "PhaseResolution": 1, "PixelBandwidth": 570, "ProcedureStepDescription": "BNU_P2018_64CH_Liu.Jia", "ProtocolName": "field_mapping_2x2x2", "PulseSequenceDetails": "%SiemensSeq%_gre_field_mapping", "ReceiveCoilActiveElements": "HC1-7;NC1", "ReceiveCoilName": "HeadNeck_64", "ReconMatrixPE": 100, "RepetitionTime": 0.72, "SAR": 0.113947, "ScanningSequence": "GR", "SequenceName": "_fm2d2r", "SequenceVariant": "SP", "SeriesDescription": "field_mapping_2x2x2", "SeriesNumber": 7, "ShimSetting": [-5449, -11481, -1253, 359, -23, -149, -76, 38], "SliceThickness": 2, "SoftwareVersions": "syngo_MR_E11", "SpacingBetweenSlices": 2, "StationName": "AWP166078", "TxRefAmp": 205.831, "dcmmeta_affine": [[-1.9967204332351685, 0.024395756423473358, 0.11185836791992188, 96.63902282714844], [-0.003195476718246937, 1.9414305686950684, -0.4804553985595703, -76.35769653320312], [0.11444354057312012, 0.4798462390899658, 1.9382095336914062, -95.72359466552734], [0.0, 0.0, 0.0, 1.0]], "dcmmeta_reorient_transform": [[0.0, -1.0, 0.0, 99.0], [1.0, 0.0, 0.0, 0.0], [0.0, 0.0, -1.0, 71.0], [0.0, 0.0, 0.0, 1.0]], "dcmmeta_shape": [100, 100, 72], "dcmmeta_slice_dim": 2, "dcmmeta_version": 0.6, "global": {"const": {"AcquisitionMatrix": [0, 100, 100, 0], "AcquisitionNumber": 1, "AngioFlag": "N", "BitsAllocated": 16, "BitsStored": 12, "BodyPartExamined": "BRAIN", "Columns": 100, "EchoNumbers": 2, "EchoTime": 7.38, "EchoTrainLength": 0, "FlipAngle": 60.0, "HighBit": 11, "ImageOrientationPatient": [0.99836021366111, 0.00159773830377, 0.05722177042745, 0.01219787821443, 0.97071525792599, -0.2399231122605], "ImageType": ["ORIGINAL", "PRIMARY", "P", "ND"], "ImagedNucleus": "1H", "ImagingFrequency": 123.257853, "InPlanePhaseEncodingDirection": "ROW", "MRAcquisitionType": "2D", "MagneticFieldStrength": 3.0, "Manufacturer": "SIEMENS", "ManufacturerModelName": "Prisma", "Modality": "MR", "NumberOfAverages": 1.0, "NumberOfPhaseEncodingSteps": 100, "PercentPhaseFieldOfView": 100.0, "PercentSampling": 100.0, "PerformedProcedureStepStartTime": "113750.675000", "PhotometricInterpretation": "MONOCHROME2", "PixelBandwidth": 570.0, "PixelRepresentation": 0, "PixelSpacing": [2.0, 2.0], "ProtocolName": "field_mapping_2x2x2", "RepetitionTime": 720.0, "RescaleIntercept": -4096.0, "RescaleSlope": 2.0, "RescaleType": "US", "Rows": 100, "SAR": 0.11394656908, "SamplesPerPixel": 1, "ScanningSequence": "GR", "SequenceName": "*fm2d2r", "SequenceVariant": "SP", "SeriesDescription": "field_mapping_2x2x2", "SeriesNumber": 7, "SeriesTime": "120945.600000", "SliceThickness": 2.0, "SoftwareVersions": "syngo MR E11", "SpacingBetweenSlices": 2.0, "SpecificCharacterSet": "ISO_IR 100", "StudyID": "1", "StudyTime": "113750.576000", "TransmitCoilName": "Body", "VariableFlipAngleFlag": "N", "WindowCenterWidthExplanation": "Algo1", "dBdt": 0.0}, "slices": {"AcquisitionTime": ["120721.327500", "120720.967500", "120721.337500", "120720.977500", "120721.347500", "120720.987500", "120721.357500", "120720.997500", "120721.367500", "120721.007500", "120721.377500", "120721.017500", "120721.387500", "120721.027500", "120721.397500", "120721.037500", "120721.407500", "120721.047500", "120721.417500", "120721.057500", "120721.427500", "120721.067500", "120721.437500", "120721.077500", "120721.447500", "120721.087500", "120721.457500", "120721.097500", "120721.467500", "120721.107500", "120721.477500", "120721.117500", "120721.487500", "120721.127500", "120721.497500", "120721.137500", "120721.507500", "120721.147500", "120721.517500", "120721.157500", "120721.527500", "120721.167500", "120721.537500", "120721.177500", "120721.547500", "120721.187500", "120721.557500", "120721.197500", "120721.567500", "120721.207500", "120721.577500", "120721.217500", "120721.587500", "120721.227500", "120721.597500", "120721.237500", "120721.607500", "120721.247500", "120721.617500", "120721.257500", "120721.627500", "120721.267500", "120721.637500", "120721.277500", "120721.647500", "120721.287500", "120721.657500", "120721.297500", "120721.667500", "120721.307500", "120721.677500", "120721.317500"], "ContentTime": ["120945.673000", "120945.602000", "120945.674000", "120945.604000", "120945.676000", "120945.605000", "120945.678000", "120945.607000", "120945.680000", "120945.609000", "120945.682000", "120945.611000", "120945.683000", "120945.613000", "120945.685000", "120945.616000", "120945.687000", "120945.619000", "120945.689000", "120945.622000", "120945.690000", "120945.624000", "120945.692000", "120945.626000", "120945.694000", "120945.628000", "120945.696000", "120945.630000", "120945.698000", "120945.632000", "120945.699000", "120945.634000", "120945.701000", "120945.636000", "120945.703000", "120945.637000", "120945.705000", "120945.639000", "120945.707000", "120945.641000", "120945.708000", "120945.643000", "120945.710000", "120945.645000", "120945.712000", "120945.647000", "120945.714000", "120945.649000", "120945.715000", "120945.651000", "120945.717000", "120945.653000", "120945.719000", "120945.655000", "120945.721000", "120945.656000", "120945.723000", "120945.658000", "120945.724000", "120945.660000", "120945.726000", "120945.662000", "120945.728000", "120945.664000", "120945.730000", "120945.665000", "120945.731000", "120945.667000", "120945.733000", "120945.669000", "120945.735000", "120945.671000"], "CsaImage.GSWDDataType": ["measured", "predicted", "measured", "predicted", "measured", "predicted", "measured", "predicted", "measured", "predicted", "measured", "predicted", "measured", "predicted", "measured", "predicted", "measured", "predicted", "measured", "predicted", "measured", "predicted", "measured", "predicted", "measured", "predicted", "measured", "predicted", "measured", "predicted", "measured", "predicted", "measured", "predicted", "measured", "predicted", "measured", "predicted", "measured", "predicted", "measured", "predicted", "measured", "predicted", "measured", "predicted", "measured", "predicted", "measured", "predicted", "measured", "predicted", "measured", "predicted", "measured", "predicted", "measured", "predicted", "measured", "predicted", "measured", "predicted", "measured", "predicted", "measured", "measured", "measured", "measured", "measured", "measured", "measured", "measured"], "CsaImage.ICE_Dims": ["X_2_1_1_1_1_1_37_1_1_1_1_82", "X_2_1_1_1_1_1_1_1_1_2_1_82", "X_2_1_1_1_1_1_38_1_1_3_1_82", "X_2_1_1_1_1_1_2_1_1_4_1_82", "X_2_1_1_1_1_1_39_1_1_5_1_82", "X_2_1_1_1_1_1_3_1_1_6_1_82", "X_2_1_1_1_1_1_40_1_1_7_1_82", "X_2_1_1_1_1_1_4_1_1_8_1_82", "X_2_1_1_1_1_1_41_1_1_9_1_82", "X_2_1_1_1_1_1_5_1_1_10_1_82", "X_2_1_1_1_1_1_42_1_1_11_1_82", "X_2_1_1_1_1_1_6_1_1_12_1_82", "X_2_1_1_1_1_1_43_1_1_13_1_82", "X_2_1_1_1_1_1_7_1_1_14_1_82", "X_2_1_1_1_1_1_44_1_1_15_1_82", "X_2_1_1_1_1_1_8_1_1_16_1_82", "X_2_1_1_1_1_1_45_1_1_17_1_82", "X_2_1_1_1_1_1_9_1_1_18_1_82", "X_2_1_1_1_1_1_46_1_1_19_1_82", "X_2_1_1_1_1_1_10_1_1_20_1_82", "X_2_1_1_1_1_1_47_1_1_21_1_82", "X_2_1_1_1_1_1_11_1_1_22_1_82", "X_2_1_1_1_1_1_48_1_1_23_1_82", "X_2_1_1_1_1_1_12_1_1_24_1_82", "X_2_1_1_1_1_1_49_1_1_25_1_82", "X_2_1_1_1_1_1_13_1_1_26_1_82", "X_2_1_1_1_1_1_50_1_1_27_1_82", "X_2_1_1_1_1_1_14_1_1_28_1_82", "X_2_1_1_1_1_1_51_1_1_29_1_82", "X_2_1_1_1_1_1_15_1_1_30_1_82", "X_2_1_1_1_1_1_52_1_1_31_1_82", "X_2_1_1_1_1_1_16_1_1_32_1_82", "X_2_1_1_1_1_1_53_1_1_33_1_82", "X_2_1_1_1_1_1_17_1_1_34_1_82", "X_2_1_1_1_1_1_54_1_1_35_1_82", "X_2_1_1_1_1_1_18_1_1_36_1_82", "X_2_1_1_1_1_1_55_1_1_37_1_82", "X_2_1_1_1_1_1_19_1_1_38_1_82", "X_2_1_1_1_1_1_56_1_1_39_1_82", "X_2_1_1_1_1_1_20_1_1_40_1_82", "X_2_1_1_1_1_1_57_1_1_41_1_82", "X_2_1_1_1_1_1_21_1_1_42_1_82", "X_2_1_1_1_1_1_58_1_1_43_1_82", "X_2_1_1_1_1_1_22_1_1_44_1_82", "X_2_1_1_1_1_1_59_1_1_45_1_82", "X_2_1_1_1_1_1_23_1_1_46_1_82", "X_2_1_1_1_1_1_60_1_1_47_1_82", "X_2_1_1_1_1_1_24_1_1_48_1_82", "X_2_1_1_1_1_1_61_1_1_49_1_82", "X_2_1_1_1_1_1_25_1_1_50_1_82", "X_2_1_1_1_1_1_62_1_1_51_1_82", "X_2_1_1_1_1_1_26_1_1_52_1_82", "X_2_1_1_1_1_1_63_1_1_53_1_82", "X_2_1_1_1_1_1_27_1_1_54_1_82", "X_2_1_1_1_1_1_64_1_1_55_1_82", "X_2_1_1_1_1_1_28_1_1_56_1_82", "X_2_1_1_1_1_1_65_1_1_57_1_82", "X_2_1_1_1_1_1_29_1_1_58_1_82", "X_2_1_1_1_1_1_66_1_1_59_1_82", "X_2_1_1_1_1_1_30_1_1_60_1_82", "X_2_1_1_1_1_1_67_1_1_61_1_82", "X_2_1_1_1_1_1_31_1_1_62_1_82", "X_2_1_1_1_1_1_68_1_1_63_1_82", "X_2_1_1_1_1_1_32_1_1_64_1_82", "X_2_1_1_1_1_1_69_1_1_65_1_82", "X_2_1_1_1_1_1_33_1_1_66_1_82", "X_2_1_1_1_1_1_70_1_1_67_1_82", "X_2_1_1_1_1_1_34_1_1_68_1_82", "X_2_1_1_1_1_1_71_1_1_69_1_82", "X_2_1_1_1_1_1_35_1_1_70_1_82", "X_2_1_1_1_1_1_72_1_1_71_1_82", "X_2_1_1_1_1_1_36_1_1_72_1_82"], "CsaImage.ProtocolSliceNumber": [0, 1, 2, 3, 4, 5, 6, 7, 8, 9, 10, 11, 12, 13, 14, 15, 16, 17, 18, 19, 20, 21, 22, 23, 24, 25, 26, 27, 28, 29, 30, 31, 32, 33, 34, 35, 36, 37, 38, 39, 40, 41, 42, 43, 44, 45, 46, 47, 48, 49, 50, 51, 52, 53, 54, 55, 56, 57, 58, 59, 60, 61, 62, 63, 64, 65, 66, 67, 68, 69, 70, 71], "CsaImage.RFSWDDataType": ["measured", "predicted", "measured", "predicted", "measured", "predicted", "measured", "predicted", "measured", "predicted", "measured", "predicted", "measured", "predicted", "measured", "predicted", "measured", "predicted", "measured", "predicted", "measured", "predicted", "measured", "predicted", "measured", "predicted", "measured", "predicted", "measured", "predicted", "measured", "predicted", "measured", "predicted", "measured", "predicted", "measured", "predicted", "measured", "predicted", "measured", "predicted", "measured", "predicted", "measured", "predicted", "measured", "predicted", "measured", "predicted", "measured", "predicted", "measured", "predicted", "measured", "predicted", "measured", "predicted", "measured", "predicted", "measured", "measured", "measured", "measured", "measured", "measured", "measured", "measured", "measured", "measured", "measured", "measured"], "CsaImage.SlicePosition_PCS": [[-99.05417149, -115.84391712, -48.21871164], [-99.1660301, -115.36346172, -46.28050211], [-99.27788894, -114.88300632, -44.34229639], [-99.38974767, -114.40255092, -42.40408686], [-99.50160639, -113.92209552, -40.46587732], [-99.61346512, -113.44164012, -38.5276716], [-99.72532396, -112.96118568, -36.58946207], [-99.83718269, -112.48073028, -34.65125635], [-99.94904141, -112.00027488, -32.71304682], [-100.0609002, -111.51981948, -30.77483728], [-100.17275898, -111.03936408, -28.83663156], [-100.28461771, -110.55890869, -26.89842203], [-100.39647649, -110.07845329, -24.96021631], [-100.50833522, -109.59799789, -23.02200678], [-100.62019401, -109.11754249, -21.08379724], [-100.73205276, -108.63708709, -19.14559152], [-100.84391152, -108.15663169, -17.20738199], [-100.95577026, -107.67617629, -15.26917627], [-101.06762903, -107.1957209, -13.33096674], [-101.17948778, -106.7152655, -11.39275911], [-101.29134654, -106.23481105, -9.45454958], [-101.40320529, -105.75435565, -7.51634195], [-101.51506405, -105.27390025, -5.57813433], [-101.62692283, -104.79344438, -3.6399267], [-101.73878156, -104.31298898, -1.70171907], [-101.85064034, -103.83253406, 0.23649046], [-101.96249907, -103.35207866, 2.17469809], [-102.0743578, -102.87162326, 4.11290571], [-102.18621664, -102.39116786, 6.05111334], [-102.29807537, -101.91071246, 7.98932192], [-102.40993409, -101.43025707, 9.92752955], [-102.52179282, -100.94980167, 11.86573765], [-102.63365166, -100.46934627, 13.80394575], [-102.74551039, -99.98889111, 15.74215362], [-102.85736911, -99.50843571, 17.6803616], [-102.96922796, -99.02798031, 19.61856959], [-103.08108656, -98.54752491, 21.55677769], [-103.19294541, -98.06706957, 23.49498579], [-103.30480425, -97.58661424, 25.43319342], [-103.41666286, -97.10615888, 27.371402], [-103.5285217, -96.62570356, 29.30960962], [-103.64038055, -96.14524816, 31.24781725], [-103.75223916, -95.66479288, 33.18602583], [-103.864098, -95.18433736, 35.12423346], [-103.97595684, -94.7038822, 37.06244108], [-104.08781545, -94.2234268, 39.00065062], [-104.1996743, -93.7429714, 40.93885824], [-104.3115329, -93.26251601, 42.87706587], [-104.42339175, -92.78206085, 44.8152735], [-104.53525059, -92.30160545, 46.75348112], [-104.6471092, -91.82115005, 48.69168875], [-104.75896804, -91.34069465, 50.62989828], [-104.87082689, -90.86023925, 52.568104], [-104.98268549, -90.37978385, 54.50631354], [-105.0945441, -89.89932845, 56.44452307], [-105.20640295, -89.41887306, 58.38272879], [-105.31826179, -88.93841766, 60.32093832], [-105.43012063, -88.45796226, 62.25914404], [-105.54197948, -87.97750686, 64.19735357], [-105.65383832, -87.49705146, 66.13556311], [-105.76569669, -87.01659606, 68.07376883], [-105.87755554, -86.53614066, 70.01197836], [-105.98941438, -86.05568622, 71.95018408], [-106.10127323, -85.57523082, 73.88839361], [-106.21313207, -85.09477542, 75.82660315], [-106.32499044, -84.61432002, 77.76480887], [-106.43684928, -84.13386463, 79.7030184], [-106.54870813, -83.65340923, 81.64122412], [-106.66056697, -83.17295383, 83.57943747], [-106.77242582, -82.69249843, 85.51763937], [-106.88428466, -82.21204303, 87.4558489], [-106.99614303, -81.73158763, 89.39405844]], "CsaImage.TimeAfterStart": [1.0825, 0.7225, 1.0925, 0.7325, 1.1025, 0.7425, 1.1125, 0.7525, 1.1225, 0.7625, 1.1325, 0.7725, 1.1425, 0.7825, 1.1525, 0.7925, 1.1625, 0.8025, 1.1725, 0.8125, 1.1825, 0.8225, 1.1925, 0.8325, 1.2025, 0.8425, 1.2125, 0.8525, 1.2225, 0.8625, 1.2325, 0.8725, 1.2425, 0.8825, 1.2525, 0.8925, 1.2625, 0.9025, 1.2725, 0.9125, 1.2825, 0.9225, 1.2925, 0.9325, 1.3025, 0.9425, 1.3125, 0.9525, 1.3225, 0.9625, 1.3325, 0.9725, 1.3425, 0.9825, 1.3525, 0.9925, 1.3625, 1.0025, 1.3725, 1.0125, 1.3825, 1.0225, 1.3925, 1.0325, 1.4025, 1.0425, 1.4125, 1.0525, 1.4225, 1.0625, 1.4325, 1.0725], "ImagePositionPatient": [[-99.054171490334, -115.84391711565, -48.218711641895], [-99.166030096672, -115.36346171709, -46.280502108203], [-99.277888941429, -114.88300631853, -44.342296389209], [-99.389747666977, -114.40255091997, -42.404086855518], [-99.501606392525, -113.92209552141, -40.465877321826], [-99.613465118073, -113.44164012285, -38.527671602832], [-99.72532396283, -112.96118567797, -36.589462069141], [-99.837182688377, -112.48073027941, -34.651256350147], [-99.949041413925, -112.00027488085, -32.713046816455], [-100.06090019908, -111.51981948229, -30.774837282764], [-100.17275898423, -111.03936408373, -28.83663156377], [-100.28461770978, -110.55890868517, -26.898422030078], [-100.39647649493, -110.07845328661, -24.960216311084], [-100.50833522048, -109.59799788805, -23.022006777393], [-100.62019400563, -109.11754248949, -21.083797243701], [-100.73205276098, -108.63708709093, -19.145591524707], [-100.84391151633, -108.15663169237, -17.207381991016], [-100.95577026423, -107.67617629381, -15.269176272022], [-101.0676290261, -107.19572089525, -13.33096673833], [-101.17948778238, -106.71526549669, -11.392759111987], [-101.29134653773, -106.23481105181, -9.454549578296], [-101.40320529308, -105.75435565325, -7.5163419519532], [-101.51506404843, -105.27390025469, -5.5781343256104], [-101.62692283358, -104.79344437929, -3.6399266992677], [-101.73878155913, -104.31298898073, -1.7017190729249], [-101.85064034428, -103.83253405901, 0.23649046076652], [-101.96249906983, -103.35207866045, 2.1746980871093], [-102.07435779538, -102.87162326189, 4.1129057134521], [-102.18621664014, -102.39116786333, 6.0511133397948], [-102.29807536568, -101.91071246477, 7.9893219198119], [-102.40993409123, -101.43025706621, 9.9275295461547], [-102.52179281678, -100.94980166765, 11.865737649335], [-102.63365166154, -100.46934626909, 13.803945752515], [-102.74551038709, -99.988891108953, 15.742153617276], [-102.85736911263, -99.508435710394, 17.680361601247], [-102.96922795739, -99.027980311834, 19.618569585217], [-103.08108656373, -98.547524913274, 21.556777688397], [-103.19294540849, -98.06706957432, 23.494985791577], [-103.30480425324, -97.586614235365, 25.43319341792], [-103.41666285958, -97.106158881509, 27.371401997937], [-103.52852170434, -96.625703557455, 29.30960962428], [-103.6403805491, -96.145248158895, 31.247817250622], [-103.75223915543, -95.664792879545, 33.18602583064], [-103.86409800019, -95.184337361776, 35.124233456982], [-103.97595684495, -94.703882201635, 37.062441083325], [-104.08781545129, -94.223426803075, 39.000650617017], [-104.19967429604, -93.742971404516, 40.938858243359], [-104.31153290238, -93.262516005956, 42.877065869702], [-104.42339174714, -92.782060845815, 44.815273496045], [-104.5352505919, -92.301605447256, 46.753481122388], [-104.64710919823, -91.821150048696, 48.69168874873], [-104.75896804299, -91.340694650137, 50.629898282422], [-104.87082688775, -90.860239251577, 52.568104001416], [-104.98268549409, -90.379783853018, 54.506313535107], [-105.09454410043, -89.899328454458, 56.444523068799], [-105.20640294518, -89.418873055898, 58.382728787793], [-105.31826178994, -88.938417657339, 60.320938321484], [-105.4301206347, -88.457962258779, 62.259144040478], [-105.54197947945, -87.97750686022, 64.19735357417], [-105.65383832421, -87.49705146166, 66.135563107861], [-105.76569669213, -87.016596063101, 68.073768826855], [-105.87755553689, -86.536140664541, 70.011978360547], [-105.98941438165, -86.055686219656, 71.950184079541], [-106.1012732264, -85.575230821096, 73.888393613232], [-106.21313207116, -85.094775422537, 75.826603146924], [-106.32499043908, -84.614320023977, 77.764808865918], [-106.43684928384, -84.133864625417, 79.703018399609], [-106.54870812859, -83.653409226858, 81.641224118603], [-106.66056697335, -83.172953828298, 83.579437466992], [-106.77242581811, -82.692498429739, 85.517639371289], [-106.88428466286, -82.212043031179, 87.45584890498], [-106.99614303078, -81.73158763262, 89.394058438672]], "InstanceCreationTime": ["120945.673000", "120945.602000", "120945.674000", "120945.604000", "120945.676000", "120945.605000", "120945.678000", "120945.607000", "120945.680000", "120945.609000", "120945.682000", "120945.611000", "120945.683000", "120945.613000", "120945.685000", "120945.616000", "120945.687000", "120945.619000", "120945.689000", "120945.622000", "120945.690000", "120945.624000", "120945.692000", "120945.626000", "120945.694000", "120945.628000", "120945.696000", "120945.630000", "120945.698000", "120945.632000", "120945.699000", "120945.634000", "120945.701000", "120945.636000", "120945.703000", "120945.637000", "120945.705000", "120945.639000", "120945.707000", "120945.641000", "120945.708000", "120945.643000", "120945.710000", "120945.645000", "120945.712000", "120945.647000", "120945.714000", "120945.649000", "120945.715000", "120945.651000", "120945.717000", "120945.653000", "120945.719000", "120945.655000", "120945.721000", "120945.656000", "120945.723000", "120945.658000", "120945.724000", "120945.660000", "120945.726000", "120945.662000", "120945.728000", "120945.664000", "120945.730000", "120945.665000", "120945.731000", "120945.667000", "120945.733000", "120945.669000", "120945.735000", "120945.671000"], "InstanceNumber": [1, 2, 3, 4, 5, 6, 7, 8, 9, 10, 11, 12, 13, 14, 15, 16, 17, 18, 19, 20, 21, 22, 23, 24, 25, 26, 27, 28, 29, 30, 31, 32, 33, 34, 35, 36, 37, 38, 39, 40, 41, 42, 43, 44, 45, 46, 47, 48, 49, 50, 51, 52, 53, 54, 55, 56, 57, 58, 59, 60, 61, 62, 63, 64, 65, 66, 67, 68, 69, 70, 71, 72], "LargestImagePixelValue": [4093, 4094, 4093, 4095, 4095, 4095, 4094, 4094, 4095, 4090, 4095, 4093, 4093, 4094, 4094, 4095, 4089, 4092, 4094, 4092, 4093, 4094, 4085, 4090, 4094, 4095, 4092, 4094, 4086, 4093, 4089, 4093, 4084, 4094, 4094, 4088, 4094, 4093, 4095, 4094, 4091, 4094, 4091, 4095, 4092, 4091, 4094, 4094, 4092, 4093, 4095, 4093, 4094, 4095, 4092, 4094, 4093, 4094, 4090, 4095, 4094, 4094, 4094, 4095, 4095, 4095, 4092, 4095, 4094, 4095, 4095, 4095], "SliceLocation": [-69.017822822377, -67.0178213388, -65.017823538727, -63.017822048483, -61.017820558239, -59.017822764833, -57.017821497021, -55.017823703615, -53.017822213371, -51.017820719793, -49.017822923054, -47.01782143281, -45.017823636071, -43.017822145827, -41.017820652249, -39.017822857177, -37.017821365266, -35.01782357061, -33.017822078335, -31.017822434791, -29.017821171979, -27.017821528487, -25.017821884996, -23.017822125288, -21.017822483463, -19.017821104435, -17.01782146261, -15.017821820785, -13.017822172293, -11.017821606258, -9.0178219644335, -7.0178218605039, -5.0178217499069, -3.0178219343044, -1.017821945901, 0.98217804916976, 2.9821781464321, 4.9821782427103, 6.9821778768838, 8.9821784255119, 10.982178056106, 12.982177704598, 14.982178235328, 16.982177912457, 18.982177503675, 20.982178987251, 22.982178635743, 24.982178270901, 26.982177862118, 28.98217751061, 30.982177145768, 32.982178642679, 34.982176442752, 36.982177926329, 38.982179409906, 40.982177209979, 42.98217870689, 44.982176506963, 46.982178003874, 48.982179500786, 50.982177274189, 52.982178771101, 54.982176342075, 56.982177838986, 58.982179335897, 60.982177109301, 62.982178606212, 64.982176406285, 66.982181600035, 68.98217570327, 70.982177200181, 72.982178670423], "SmallestImagePixelValue": [0, 0, 1, 0, 3, 0, 1, 0, 0, 0, 0, 0, 0, 0, 0, 1, 2, 0, 0, 0, 1, 2, 0, 4, 0, 0, 2, 0, 0, 0, 1, 4, 0, 0, 0, 4, 0, 0, 3, 0, 2, 2, 4, 2, 4, 2, 0, 4, 0, 0, 2, 0, 0, 0, 3, 0, 2, 2, 1, 0, 1, 0, 1, 0, 0, 0, 0, 0, 0, 0, 0, 0], "WindowCenter": [-320.0, -286.0, -222.0, -216.0, -222.0, -224.0, -180.0, -158.0, -198.0, -216.0, -214.0, -236.0, -208.0, -232.0, -216.0, -236.0, -206.0, -134.0, -170.0, -230.0, -244.0, -270.0, -262.0, -252.0, -244.0, -224.0, -246.0, -218.0, -206.0, -212.0, -156.0, -192.0, -146.0, -122.0, -108.0, -82.0, -60.0, -96.0, -172.0, -28.0, -14.0, -164.0, -168.0, -44.0, -156.0, -42.0, -162.0, -34.0, -18.0, -36.0, -60.0, -96.0, -40.0, -64.0, -60.0, -42.0, -28.0, -20.0, -18.0, 32.0, 18.0, 28.0, 4.0, -8.0, -36.0, -60.0, -122.0, -124.0, -224.0, -254.0, -300.0, -342.0], "WindowWidth": [6192.0, 6280.0, 6238.0, 6246.0, 6226.0, 6246.0, 6306.0, 6308.0, 6262.0, 6194.0, 6158.0, 6136.0, 6124.0, 6064.0, 6028.0, 6032.0, 6094.0, 6086.0, 6056.0, 5948.0, 5880.0, 5718.0, 5734.0, 5678.0, 5584.0, 5642.0, 5486.0, 5480.0, 5406.0, 5256.0, 5378.0, 5118.0, 5302.0, 5330.0, 5278.0, 5286.0, 5254.0, 4908.0, 4568.0, 5174.0, 5186.0, 4554.0, 4566.0, 5042.0, 4562.0, 5116.0, 4566.0, 5126.0, 5272.0, 5264.0, 5190.0, 5208.0, 5376.0, 5216.0, 5352.0, 5468.0, 5446.0, 5550.0, 5602.0, 5710.0, 5738.0, 5780.0, 5842.0, 5822.0, 5924.0, 5994.0, 6016.0, 6016.0, 6044.0, 6094.0, 6098.0, 6086.0]}}, "IntendedFor": ["ses-1/func/sub-32_ses-1_task-motor_run-06_bold.nii.gz", "ses-1/func/sub-32_ses-1_task-motor_run-02_bold.nii.gz", "ses-1/func/sub-32_ses-1_task-motor_run-04_bold.nii.gz", "ses-1/func/sub-32_ses-1_task-motor_run-05_bold.nii.gz", "ses-1/func/sub-32_ses-1_task-motor_run-03_bold.nii.gz", "ses-1/func/sub-32_ses-1_task-motor_run-01_bold.nii.gz"]}