{"AcquisitionMatrixPE": 100, "AcquisitionNumber": 1, "AcquisitionTime": "11:49:43.042500", "BaseResolution": 100, "BodyPartExamined": "BRAIN", "ConsistencyInfo": "N4_VE11C_LATEST_20160120", "ConversionSoftware": "dcm2niix", "ConversionSoftwareVersion": "v1.0.20180622 GCC4.9.2", "DeviceSerialNumber": "166078", "DwellTime": 8.8e-06, "EchoNumber": 2, "EchoTime": 0.00738, "EchoTime1": 0.00492, "EchoTime2": 0.00738, "FlipAngle": 60, "ImageOrientationPatientDICOM": [0.999905, 0.00191493, 0.0136245, -4.2444e-11, 0.990267, -0.139183], "ImageType": ["ORIGINAL", "PRIMARY", "P", "ND"], "InPlanePhaseEncodingDirectionDICOM": "ROW", "InstitutionAddress": "Street_StreetNo_Bei_Jing_District_CN_ZIP", "InstitutionName": "BeiJing_Normal_University", "InstitutionalDepartmentName": "Department", "MRAcquisitionType": "2D", "MagneticFieldStrength": 3, "Manufacturer": "Siemens", "ManufacturersModelName": "Prisma", "Modality": "MR", "PartialFourier": 1, "PatientPosition": "HFS", "PercentPhaseFOV": 100, "PhaseEncodingDirection": "i", "PhaseEncodingSteps": 100, "PhaseResolution": 1, "PixelBandwidth": 570, "ProcedureStepDescription": "BNU_P2018_64CH_Liu.Jia", "ProtocolName": "field_mapping_2x2x2", "PulseSequenceDetails": "%SiemensSeq%_gre_field_mapping", "ReceiveCoilActiveElements": "HC1-7;NC1", "ReceiveCoilName": "HeadNeck_64", "ReconMatrixPE": 100, "RepetitionTime": 0.72, "SAR": 0.109196, "ScanningSequence": "GR", "SequenceName": "_fm2d2r", "SequenceVariant": "SP", "SeriesDescription": "field_mapping_2x2x2", "SeriesNumber": 7, "ShimSetting": [-5462, -11490, -1266, 224, -18, -214, -79, 21], "SliceThickness": 2, "SoftwareVersions": "syngo_MR_E11", "SpacingBetweenSlices": 2, "StationName": "AWP166078", "TxRefAmp": 237.457, "dcmmeta_affine": [[-1.9998106956481934, -8.488799940753466e-11, 0.027516603469848633, 101.03779602050781], [-0.0038298603612929583, 1.9805333614349365, -0.2783393859863281, -80.23190307617188], [0.027248920872807503, 0.27836576104164124, 1.9803466796875, -91.37700653076172], [0.0, 0.0, 0.0, 1.0]], "dcmmeta_reorient_transform": [[0.0, -1.0, 0.0, 99.0], [1.0, 0.0, 0.0, 0.0], [0.0, 0.0, -1.0, 71.0], [0.0, 0.0, 0.0, 1.0]], "dcmmeta_shape": [100, 100, 72], "dcmmeta_slice_dim": 2, "dcmmeta_version": 0.6, "global": {"const": {"AcquisitionMatrix": [0, 100, 100, 0], "AcquisitionNumber": 1, "AngioFlag": "N", "BitsAllocated": 16, "BitsStored": 12, "BodyPartExamined": "BRAIN", "Columns": 100, "EchoNumbers": 2, "EchoTime": 7.38, "EchoTrainLength": 0, "FlipAngle": 60.0, "HighBit": 11, "ImageOrientationPatient": [0.99990534908433, 0.00191493022691, 0.01362446016404, -4.2444e-11, 0.99026669454856, -0.1391828785012], "ImageType": ["ORIGINAL", "PRIMARY", "P", "ND"], "ImagedNucleus": "1H", "ImagingFrequency": 123.257836, "InPlanePhaseEncodingDirection": "ROW", "MRAcquisitionType": "2D", "MagneticFieldStrength": 3.0, "Manufacturer": "SIEMENS", "ManufacturerModelName": "Prisma", "Modality": "MR", "NumberOfAverages": 1.0, "NumberOfPhaseEncodingSteps": 100, "PercentPhaseFieldOfView": 100.0, "PercentSampling": 100.0, "PerformedProcedureStepStartTime": "112003.781000", "PhotometricInterpretation": "MONOCHROME2", "PixelBandwidth": 570.0, "PixelRepresentation": 0, "PixelSpacing": [2.0, 2.0], "ProtocolName": "field_mapping_2x2x2", "RepetitionTime": 720.0, "RescaleIntercept": -4096.0, "RescaleSlope": 2.0, "RescaleType": "US", "Rows": 100, "SAR": 0.10919567093276, "SamplesPerPixel": 1, "ScanningSequence": "GR", "SequenceName": "*fm2d2r", "SequenceVariant": "SP", "SeriesDescription": "field_mapping_2x2x2", "SeriesNumber": 7, "SeriesTime": "115208.177000", "SliceThickness": 2.0, "SoftwareVersions": "syngo MR E11", "SpacingBetweenSlices": 2.0, "SpecificCharacterSet": "ISO_IR 100", "StudyID": "1", "StudyTime": "112003.686000", "TransmitCoilName": "Body", "VariableFlipAngleFlag": "N", "WindowCenterWidthExplanation": "Algo1", "dBdt": 0.0}, "slices": {"AcquisitionTime": ["114943.042500", "114942.682500", "114943.052500", "114942.692500", "114943.062500", "114942.702500", "114943.072500", "114942.712500", "114943.082500", "114942.722500", "114943.092500", "114942.732500", "114943.102500", "114942.742500", "114943.112500", "114942.752500", "114943.122500", "114942.762500", "114943.132500", "114942.772500", "114943.142500", "114942.782500", "114943.152500", "114942.792500", "114943.162500", "114942.802500", "114943.172500", "114942.812500", "114943.182500", "114942.822500", "114943.192500", "114942.832500", "114943.202500", "114942.842500", "114943.212500", "114942.852500", "114943.222500", "114942.862500", "114943.232500", "114942.872500", "114943.242500", "114942.882500", "114943.252500", "114942.892500", "114943.262500", "114942.902500", "114943.272500", "114942.912500", "114943.282500", "114942.922500", "114943.292500", "114942.932500", "114943.302500", "114942.942500", "114943.312500", "114942.952500", "114943.322500", "114942.962500", "114943.332500", "114942.972500", "114943.342500", "114942.982500", "114943.352500", "114942.992500", "114943.362500", "114943.002500", "114943.372500", "114943.012500", "114943.382500", "114943.022500", "114943.392500", "114943.032500"], "ContentTime": ["115208.399000", "115208.179000", "115208.401000", "115208.182000", "115208.403000", "115208.183000", "115208.405000", "115208.185000", "115208.407000", "115208.187000", "115208.409000", "115208.335000", "115208.410000", "115208.337000", "115208.412000", "115208.339000", "115208.414000", "115208.341000", "115208.416000", "115208.343000", "115208.418000", "115208.345000", "115208.420000", "115208.347000", "115208.421000", "115208.349000", "115208.423000", "115208.351000", "115208.425000", "115208.353000", "115208.427000", "115208.356000", "115208.429000", "115208.358000", "115208.430000", "115208.361000", "115208.432000", "115208.363000", "115208.434000", "115208.365000", "115208.436000", "115208.367000", "115208.438000", "115208.369000", "115208.439000", "115208.370000", "115208.442000", "115208.372000", "115208.444000", "115208.374000", "115208.446000", "115208.376000", "115208.448000", "115208.378000", "115208.450000", "115208.380000", "115208.453000", "115208.382000", "115208.455000", "115208.386000", "115208.457000", "115208.388000", "115208.460000", "115208.390000", "115208.462000", "115208.392000", "115208.465000", "115208.394000", "115208.467000", "115208.396000", "115208.469000", "115208.398000"], "CsaImage.GSWDDataType": ["measured", "predicted", "measured", "predicted", "measured", "predicted", "measured", "predicted", "measured", "predicted", "measured", "predicted", "measured", "predicted", "measured", "predicted", "measured", "predicted", "measured", "predicted", "measured", "predicted", "measured", "predicted", "measured", "predicted", "measured", "predicted", "measured", "predicted", "measured", "predicted", "measured", "predicted", "measured", "predicted", "measured", "predicted", "measured", "predicted", "measured", "predicted", "measured", "predicted", "measured", "predicted", "measured", "predicted", "measured", "predicted", "measured", "predicted", "measured", "predicted", "measured", "predicted", "measured", "predicted", "measured", "measured", "measured", "measured", "measured", "measured", "measured", "measured", "measured", "measured", "measured", "measured", "measured", "measured"], "CsaImage.ICE_Dims": ["X_2_1_1_1_1_1_37_1_1_1_1_80", "X_2_1_1_1_1_1_1_1_1_2_1_80", "X_2_1_1_1_1_1_38_1_1_3_1_80", "X_2_1_1_1_1_1_2_1_1_4_1_80", "X_2_1_1_1_1_1_39_1_1_5_1_80", "X_2_1_1_1_1_1_3_1_1_6_1_80", "X_2_1_1_1_1_1_40_1_1_7_1_80", "X_2_1_1_1_1_1_4_1_1_8_1_80", "X_2_1_1_1_1_1_41_1_1_9_1_80", "X_2_1_1_1_1_1_5_1_1_10_1_80", "X_2_1_1_1_1_1_42_1_1_11_1_80", "X_2_1_1_1_1_1_6_1_1_12_1_80", "X_2_1_1_1_1_1_43_1_1_13_1_80", "X_2_1_1_1_1_1_7_1_1_14_1_80", "X_2_1_1_1_1_1_44_1_1_15_1_80", "X_2_1_1_1_1_1_8_1_1_16_1_80", "X_2_1_1_1_1_1_45_1_1_17_1_80", "X_2_1_1_1_1_1_9_1_1_18_1_80", "X_2_1_1_1_1_1_46_1_1_19_1_80", "X_2_1_1_1_1_1_10_1_1_20_1_80", "X_2_1_1_1_1_1_47_1_1_21_1_80", "X_2_1_1_1_1_1_11_1_1_22_1_80", "X_2_1_1_1_1_1_48_1_1_23_1_80", "X_2_1_1_1_1_1_12_1_1_24_1_80", "X_2_1_1_1_1_1_49_1_1_25_1_80", "X_2_1_1_1_1_1_13_1_1_26_1_80", "X_2_1_1_1_1_1_50_1_1_27_1_80", "X_2_1_1_1_1_1_14_1_1_28_1_80", "X_2_1_1_1_1_1_51_1_1_29_1_80", "X_2_1_1_1_1_1_15_1_1_30_1_80", "X_2_1_1_1_1_1_52_1_1_31_1_80", "X_2_1_1_1_1_1_16_1_1_32_1_80", "X_2_1_1_1_1_1_53_1_1_33_1_80", "X_2_1_1_1_1_1_17_1_1_34_1_80", "X_2_1_1_1_1_1_54_1_1_35_1_80", "X_2_1_1_1_1_1_18_1_1_36_1_80", "X_2_1_1_1_1_1_55_1_1_37_1_80", "X_2_1_1_1_1_1_19_1_1_38_1_80", "X_2_1_1_1_1_1_56_1_1_39_1_80", "X_2_1_1_1_1_1_20_1_1_40_1_80", "X_2_1_1_1_1_1_57_1_1_41_1_80", "X_2_1_1_1_1_1_21_1_1_42_1_80", "X_2_1_1_1_1_1_58_1_1_43_1_80", "X_2_1_1_1_1_1_22_1_1_44_1_80", "X_2_1_1_1_1_1_59_1_1_45_1_80", "X_2_1_1_1_1_1_23_1_1_46_1_80", "X_2_1_1_1_1_1_60_1_1_47_1_80", "X_2_1_1_1_1_1_24_1_1_48_1_80", "X_2_1_1_1_1_1_61_1_1_49_1_80", "X_2_1_1_1_1_1_25_1_1_50_1_80", "X_2_1_1_1_1_1_62_1_1_51_1_80", "X_2_1_1_1_1_1_26_1_1_52_1_80", "X_2_1_1_1_1_1_63_1_1_53_1_80", "X_2_1_1_1_1_1_27_1_1_54_1_80", "X_2_1_1_1_1_1_64_1_1_55_1_80", "X_2_1_1_1_1_1_28_1_1_56_1_80", "X_2_1_1_1_1_1_65_1_1_57_1_80", "X_2_1_1_1_1_1_29_1_1_58_1_80", "X_2_1_1_1_1_1_66_1_1_59_1_80", "X_2_1_1_1_1_1_30_1_1_60_1_80", "X_2_1_1_1_1_1_67_1_1_61_1_80", "X_2_1_1_1_1_1_31_1_1_62_1_80", "X_2_1_1_1_1_1_68_1_1_63_1_80", "X_2_1_1_1_1_1_32_1_1_64_1_80", "X_2_1_1_1_1_1_69_1_1_65_1_80", "X_2_1_1_1_1_1_33_1_1_66_1_80", "X_2_1_1_1_1_1_70_1_1_67_1_80", "X_2_1_1_1_1_1_34_1_1_68_1_80", "X_2_1_1_1_1_1_71_1_1_69_1_80", "X_2_1_1_1_1_1_35_1_1_70_1_80", "X_2_1_1_1_1_1_72_1_1_71_1_80", "X_2_1_1_1_1_1_36_1_1_72_1_80"], "CsaImage.ProtocolSliceNumber": [0, 1, 2, 3, 4, 5, 6, 7, 8, 9, 10, 11, 12, 13, 14, 15, 16, 17, 18, 19, 20, 21, 22, 23, 24, 25, 26, 27, 28, 29, 30, 31, 32, 33, 34, 35, 36, 37, 38, 39, 40, 41, 42, 43, 44, 45, 46, 47, 48, 49, 50, 51, 52, 53, 54, 55, 56, 57, 58, 59, 60, 61, 62, 63, 64, 65, 66, 67, 68, 69, 70, 71], "CsaImage.RFSWDDataType": ["measured", "predicted", "measured", "predicted", "measured", "predicted", "measured", "predicted", "measured", "predicted", "measured", "predicted", "measured", "predicted", "measured", "predicted", "measured", "predicted", "measured", "predicted", "measured", "predicted", "measured", "predicted", "measured", "predicted", "measured", "predicted", "measured", "predicted", "measured", "predicted", "measured", "predicted", "measured", "predicted", "measured", "predicted", "measured", "predicted", "measured", "predicted", "measured", "predicted", "measured", "predicted", "measured", "predicted", "measured", "predicted", "measured", "predicted", "measured", "predicted", "measured", "measured", "measured", "measured", "measured", "measured", "measured", "measured", "measured", "measured", "measured", "measured", "measured", "measured", "measured", "measured", "measured", "measured"], "CsaImage.SlicePosition_PCS": [[-101.03778625, -115.84090608, -63.81874618], [-101.06530297, -115.5625667, -61.8383995], [-101.09281981, -115.28422731, -59.85805282], [-101.12033654, -115.00588793, -57.87770614], [-101.14785326, -114.72754854, -55.89735946], [-101.17536998, -114.44920915, -53.91702041], [-101.20288682, -114.17086977, -51.93667373], [-101.23040355, -113.89252943, -49.95632705], [-101.25792027, -113.61419004, -47.97598037], [-101.28543699, -113.33585066, -45.99563369], [-101.31295371, -113.05751127, -44.01528701], [-101.34047056, -112.77917188, -42.03494033], [-101.36798728, -112.5008325, -40.05459747], [-101.395504, -112.22249311, -38.07425079], [-101.42302072, -111.94415373, -36.09390411], [-101.45053756, -111.66581434, -34.11355743], [-101.47805429, -111.38747495, -32.13321075], [-101.50557101, -111.10913557, -30.15286788], [-101.53308773, -110.83079618, -28.1725212], [-101.56060457, -110.5524568, -26.19217452], [-101.5881213, -110.27411741, -24.21182784], [-101.61563802, -109.99577802, -22.23148116], [-101.64315474, -109.71743864, -20.25113448], [-101.67067147, -109.43909925, -18.27078971], [-101.69818831, -109.16075987, -16.29044494], [-101.72570503, -108.88242048, -14.31009826], [-101.75322175, -108.60408109, -12.32975349], [-101.78073848, -108.32574171, -10.34940681], [-101.80825532, -108.04740232, -8.36906013], [-101.83577204, -107.76906294, -6.38871536], [-101.86328876, -107.49072355, -4.40836868], [-101.89080549, -107.21238369, -2.42802295], [-101.91832221, -106.9340443, -0.44767722], [-101.94583905, -106.65570492, 1.5326685], [-101.97335577, -106.37736553, 3.51301518], [-102.0008725, -106.09902614, 5.49336091], [-102.02838934, -105.82068676, 7.47370663], [-102.05590594, -105.54234737, 9.4540526], [-102.08342278, -105.26400799, 11.43439844], [-102.11093962, -104.9856686, 13.41474441], [-102.13845623, -104.70732921, 15.39509025], [-102.16597307, -104.42898983, 17.37543622], [-102.19348967, -104.15065044, 19.35578242], [-102.22100652, -103.87231106, 21.33612767], [-102.24852336, -103.59397119, 23.31647435], [-102.27603996, -103.31563181, 25.29682007], [-102.3035568, -103.03729266, 27.2771658], [-102.33107341, -102.75895304, 29.25751153], [-102.35859025, -102.48061365, 31.23785821], [-102.38610709, -102.20227426, 33.21820298], [-102.41362369, -101.92393488, 35.19854966], [-102.44114054, -101.64559549, 37.17889634], [-102.46865738, -101.36725611, 39.15924111], [-102.49617398, -101.0889166, 41.13958779], [-102.52369082, -100.81057721, 43.11993256], [-102.55120743, -100.53223783, 45.10027924], [-102.57872427, -100.25389832, 47.08062592], [-102.60624111, -99.97555894, 49.0609726], [-102.63375771, -99.69721955, 51.04131547], [-102.66127455, -99.41888012, 53.02166215], [-102.68879116, -99.1405407, 55.00200883], [-102.716308, -98.86220127, 56.98235551], [-102.74382484, -98.58386189, 58.96270219], [-102.77134145, -98.30552244, 60.94304505], [-102.79885829, -98.027183, 62.92339173], [-102.82637513, -97.74884361, 64.90373841], [-102.85389173, -97.47050422, 66.88408509], [-102.88140857, -97.19216484, 68.86443177], [-102.90892518, -96.91382545, 70.84477463], [-102.93644202, -96.63548583, 72.82512131], [-102.96395886, -96.35714644, 74.80546799], [-102.99147547, -96.07880706, 76.78581467]], "CsaImage.TimeAfterStart": [1.0825, 0.7225, 1.0925, 0.7325, 1.1025, 0.7425, 1.1125, 0.7525, 1.1225, 0.7625, 1.1325, 0.7725, 1.1425, 0.7825, 1.1525, 0.7925, 1.1625, 0.8025, 1.1725, 0.8125, 1.1825, 0.8225, 1.1925, 0.8325, 1.2025, 0.8425, 1.2125, 0.8525, 1.2225, 0.8625, 1.2325, 0.8725, 1.2425, 0.8825, 1.2525, 0.8925, 1.2625, 0.9025, 1.2725, 0.9125, 1.2825, 0.9225, 1.2925, 0.9325, 1.3025, 0.9425, 1.3125, 0.9525, 1.3225, 0.9625, 1.3325, 0.9725, 1.3425, 0.9825, 1.3525, 0.9925, 1.3625, 1.0025, 1.3725, 1.0125, 1.3825, 1.0225, 1.3925, 1.0325, 1.4025, 1.0425, 1.4125, 1.0525, 1.4225, 1.0625, 1.4325, 1.0725], "ImagePositionPatient": [[-101.03778624792, -115.84090608411, -63.81874617898], [-101.06530297059, -115.56256669813, -61.838399499293], [-101.09281981248, -115.28422731214, -59.858052819605], [-101.12033653516, -115.00588792616, -57.877706139918], [-101.14785325784, -114.72754854017, -55.89735946023], [-101.17536998052, -114.44920915418, -53.917020409937], [-101.20288682241, -114.1708697682, -51.93667373025], [-101.23040354509, -113.89252942854, -49.956327050562], [-101.25792026777, -113.61419004255, -47.975980370875], [-101.28543699045, -113.33585065656, -45.995633691187], [-101.31295371313, -113.05751127058, -44.0152870115], [-101.34047055501, -112.77917188459, -42.034940331812], [-101.36798727769, -112.5008324986, -40.054597466822], [-101.39550400037, -112.22249311262, -38.074250787135], [-101.42302072305, -111.94415372663, -36.093904107447], [-101.45053756494, -111.66581434065, -34.11355742776], [-101.47805428762, -111.38747495466, -32.133210748072], [-101.5055710103, -111.10913556867, -30.152867883082], [-101.53308773298, -110.83079618269, -28.172521203394], [-101.56060457487, -110.5524567967, -26.192174523707], [-101.58812129754, -110.27411741071, -24.211827844019], [-101.61563802022, -109.99577802473, -22.231481164332], [-101.6431547429, -109.71743863874, -20.251134484644], [-101.67067146558, -109.43909925275, -18.270789712306], [-101.69818830747, -109.16075986677, -16.290444939967], [-101.72570503015, -108.88242048078, -14.310098260279], [-101.75322175283, -108.6040810948, -12.32975348794], [-101.78073847551, -108.32574170881, -10.349406808253], [-101.8082553174, -108.04740232282, -8.3690601285654], [-101.83577204008, -107.76906293684, -6.3887153562265], [-101.86328876275, -107.49072355085, -4.408368676539], [-101.89080548543, -107.21238368803, -2.4280229505258], [-101.91832220811, -106.93404430204, -0.4476772245126], [-101.94583905, -106.65570491605, 1.5326685015005], [-101.97335577268, -106.37736553007, 3.513015181188], [-102.00087249536, -106.09902614408, 5.4933609072012], [-102.02838933725, -105.8206867581, 7.4737066332144], [-102.05590594072, -105.54234737211, 9.4540525976462], [-102.08342278261, -105.26400798612, 11.434398442869], [-102.1109396245, -104.98566860014, 13.4147444073], [-102.13845622796, -104.70732921415, 15.395090252523], [-102.16597306985, -104.42898982816, 17.375436216955], [-102.19348967332, -104.15065044218, 19.355782419805], [-102.22100651521, -103.87231105619, 21.336127668981], [-102.2485233571, -103.59397119337, 23.316474348669], [-102.27603996057, -103.31563180738, 25.296820074682], [-102.30355680246, -103.03729265981, 27.277165800695], [-102.33107340593, -102.75895303541, 29.257511526708], [-102.35859024782, -102.48061364942, 31.237858206396], [-102.3861070897, -102.20227426344, 33.218202978734], [-102.41362369317, -101.92393487745, 35.198549658422], [-102.44114053506, -101.64559549146, 37.178896338109], [-102.46865737695, -101.36725610548, 39.159241110448], [-102.49617398042, -101.08891660028, 41.139587790136], [-102.52369082231, -100.8105772143, 43.119932562475], [-102.55120742578, -100.53223782831, 45.100279242162], [-102.57872426767, -100.25389832311, 47.08062592185], [-102.60624110956, -99.975558937127, 49.060972601537], [-102.63375771303, -99.69721955114, 51.041315466527], [-102.66127455491, -99.418880120451, 53.021662146215], [-102.68879115838, -99.140540704662, 55.002008825902], [-102.71630800027, -98.862201273972, 56.98235550559], [-102.74382484216, -98.583861887986, 58.962702185277], [-102.77134144563, -98.305522442395, 60.943045050268], [-102.79885828752, -98.027182996804, 62.923391729955], [-102.82637512941, -97.748843610818, 64.903738409643], [-102.85389173288, -97.470504224831, 66.88408508933], [-102.88140857477, -97.192164838845, 68.864431769018], [-102.90892517824, -96.913825452859, 70.844774634008], [-102.93644202012, -96.635485828454, 72.825121313695], [-102.96395886201, -96.357146442467, 74.805467993383], [-102.99147546548, -96.078807056481, 76.78581467307]], "InstanceCreationTime": ["115208.399000", "115208.179000", "115208.401000", "115208.182000", "115208.403000", "115208.183000", "115208.405000", "115208.185000", "115208.407000", "115208.187000", "115208.409000", "115208.335000", "115208.410000", "115208.337000", "115208.412000", "115208.339000", "115208.414000", "115208.341000", "115208.416000", "115208.343000", "115208.418000", "115208.345000", "115208.420000", "115208.347000", "115208.421000", "115208.349000", "115208.423000", "115208.351000", "115208.425000", "115208.353000", "115208.427000", "115208.356000", "115208.429000", "115208.358000", "115208.430000", "115208.361000", "115208.432000", "115208.363000", "115208.434000", "115208.365000", "115208.436000", "115208.367000", "115208.438000", "115208.369000", "115208.439000", "115208.370000", "115208.442000", "115208.372000", "115208.444000", "115208.374000", "115208.446000", "115208.376000", "115208.448000", "115208.378000", "115208.450000", "115208.380000", "115208.453000", "115208.382000", "115208.455000", "115208.386000", "115208.457000", "115208.388000", "115208.460000", "115208.390000", "115208.462000", "115208.392000", "115208.465000", "115208.394000", "115208.467000", "115208.396000", "115208.469000", "115208.398000"], "InstanceNumber": [1, 2, 3, 4, 5, 6, 7, 8, 9, 10, 11, 12, 13, 14, 15, 16, 17, 18, 19, 20, 21, 22, 23, 24, 25, 26, 27, 28, 29, 30, 31, 32, 33, 34, 35, 36, 37, 38, 39, 40, 41, 42, 43, 44, 45, 46, 47, 48, 49, 50, 51, 52, 53, 54, 55, 56, 57, 58, 59, 60, 61, 62, 63, 64, 65, 66, 67, 68, 69, 70, 71, 72], "LargestImagePixelValue": [4093, 4090, 4095, 4093, 4092, 4094, 4095, 4095, 4093, 4091, 4092, 4092, 4093, 4093, 4094, 4093, 4088, 4094, 4094, 4095, 4093, 4095, 4092, 4090, 4095, 4094, 4087, 4094, 4095, 4094, 4090, 4095, 4094, 4094, 4092, 4094, 4093, 4087, 4094, 4093, 4094, 4090, 4093, 4095, 4092, 4093, 4083, 4089, 4093, 4095, 4093, 4094, 4094, 4094, 4090, 4095, 4094, 4094, 4089, 4094, 4093, 4094, 4093, 4095, 4095, 4094, 4092, 4095, 4093, 4094, 4094, 4095], "SliceLocation": [-77.923026098425, -75.923025359533, -73.923024619001, -71.92302388011, -69.923023141218, -67.923029956746, -65.923029216214, -63.9230283446, -61.923027605708, -59.923026866817, -57.923026127925, -55.923025387393, -53.923028425711, -51.92302768682, -49.923026947928, -47.923026207396, -45.923025468504, -43.923028506823, -41.923027767931, -39.923027027399, -37.923026288507, -35.923025549615, -33.923024810724, -31.923025960437, -29.92302710851, -27.923026369618, -25.923027519332, -23.92302678044, -21.923026039908, -19.923027189621, -17.92302645073, -15.923026589779, -13.92302679519, -11.923026998961, -9.9230262600689, -7.9230264654797, -5.9230266692503, -3.9230266402256, -1.9230267259584, 0.07697330634654, 2.0769732173334, 4.0769732496384, 6.0769735147388, 8.0769728388169, 10.07697364571, 12.076973438659, 14.076973201708, 16.076973027838, 18.076973768369, 20.076972620296, 22.076973357548, 24.07697409808, 26.076972950007, 28.076973703849, 30.076972555775, 32.076973293027, 34.076974050149, 36.076974790681, 38.076971750723, 40.076972497476, 42.076973238875, 44.076973985628, 46.07697472616, 48.076971694497, 50.076972443324, 52.076973183856, 54.076973921107, 56.076974661639, 58.076971621681, 60.076972395393, 62.076973135925, 64.076973873177], "SmallestImagePixelValue": [0, 2, 0, 1, 0, 0, 0, 0, 1, 0, 0, 0, 1, 0, 1, 0, 1, 0, 0, 1, 1, 0, 1, 0, 0, 3, 0, 0, 3, 10, 1, 3, 0, 1, 0, 0, 1, 0, 3, 0, 5, 0, 0, 0, 0, 2, 4, 0, 6, 0, 4, 5, 0, 0, 1, 0, 0, 0, 1, 1, 0, 0, 1, 1, 0, 2, 0, 0, 1, 0, 0, 0], "WindowCenter": [-408.0, -326.0, -266.0, -210.0, -190.0, -196.0, -226.0, -210.0, -186.0, -146.0, -146.0, -146.0, -178.0, -230.0, -226.0, -196.0, -204.0, -258.0, -282.0, -296.0, -296.0, -290.0, -296.0, -294.0, -256.0, -194.0, -186.0, -172.0, -178.0, -150.0, -178.0, -188.0, -160.0, -132.0, -138.0, -128.0, -140.0, -156.0, -152.0, -268.0, -106.0, -226.0, -72.0, -212.0, -196.0, -194.0, -184.0, -176.0, -148.0, -124.0, -152.0, -124.0, -152.0, -154.0, -176.0, -170.0, -176.0, -182.0, -184.0, -182.0, -228.0, -232.0, -256.0, -138.0, -210.0, -374.0, -366.0, -318.0, -322.0, -284.0, -238.0, -290.0], "WindowWidth": [5538.0, 5878.0, 5904.0, 6002.0, 5998.0, 6078.0, 6094.0, 6150.0, 6148.0, 6138.0, 6090.0, 6072.0, 6094.0, 6010.0, 6074.0, 6136.0, 6140.0, 6132.0, 6132.0, 6114.0, 6126.0, 6084.0, 5994.0, 5944.0, 5904.0, 5858.0, 5796.0, 5806.0, 5670.0, 5676.0, 5576.0, 5600.0, 5584.0, 5592.0, 5528.0, 5522.0, 5476.0, 5358.0, 5326.0, 4616.0, 5258.0, 4582.0, 5148.0, 4580.0, 4562.0, 4576.0, 4566.0, 4566.0, 4540.0, 4540.0, 4546.0, 4538.0, 4548.0, 4552.0, 4562.0, 4574.0, 4582.0, 4600.0, 4604.0, 4644.0, 4668.0, 4714.0, 4746.0, 5404.0, 5382.0, 4854.0, 4870.0, 5330.0, 5402.0, 5814.0, 5946.0, 5984.0]}}, "IntendedFor": ["ses-1/func/sub-56_ses-1_task-motor_run-06_bold.nii.gz", "ses-1/func/sub-56_ses-1_task-motor_run-04_bold.nii.gz", "ses-1/func/sub-56_ses-1_task-motor_run-05_bold.nii.gz", "ses-1/func/sub-56_ses-1_task-motor_run-03_bold.nii.gz", "ses-1/func/sub-56_ses-1_task-motor_run-02_bold.nii.gz", "ses-1/func/sub-56_ses-1_task-motor_run-01_bold.nii.gz"]}