{"AcquisitionMatrixPE": 100, "AcquisitionNumber": 1, "AcquisitionTime": "13:17:24.352500", "BaseResolution": 100, "BodyPartExamined": "BRAIN", "ConsistencyInfo": "N4_VE11C_LATEST_20160120", "ConversionSoftware": "dcm2niix", "ConversionSoftwareVersion": "v1.0.20180622 GCC4.9.2", "DeviceSerialNumber": "166078", "DwellTime": 8.8e-06, "EchoNumber": 2, "EchoTime": 0.00738, "EchoTime1": 0.00492, "EchoTime2": 0.00738, "FlipAngle": 60, "ImageOrientationPatientDICOM": [0.998016, 0.0629475, -0.00146323, -0.0627898, 0.993248, -0.097554], "ImageType": ["ORIGINAL", "PRIMARY", "P", "ND"], "InPlanePhaseEncodingDirectionDICOM": "ROW", "InstitutionAddress": "Street_StreetNo_Bei_Jing_District_CN_ZIP", "InstitutionName": "BeiJing_Normal_University", "InstitutionalDepartmentName": "Department", "MRAcquisitionType": "2D", "MagneticFieldStrength": 3, "Manufacturer": "Siemens", "ManufacturersModelName": "Prisma", "Modality": "MR", "PartialFourier": 1, "PatientPosition": "HFS", "PercentPhaseFOV": 100, "PhaseEncodingDirection": "i", "PhaseEncodingSteps": 100, "PhaseResolution": 1, "PixelBandwidth": 570, "ProcedureStepDescription": "BNU_P2018_64CH_Liu.Jia", "ProtocolName": "field_mapping_2x2x2", "PulseSequenceDetails": "%SiemensSeq%_gre_field_mapping", "ReceiveCoilActiveElements": "HC1-7;NC1", "ReceiveCoilName": "HeadNeck_64", "ReconMatrixPE": 100, "RepetitionTime": 0.72, "SAR": 0.116554, "ScanningSequence": "GR", "SequenceName": "_fm2d2r", "SequenceVariant": "SP", "SeriesDescription": "field_mapping_2x2x2", "SeriesNumber": 7, "ShimSetting": [-5474, -11467, -1275, 308, -51, -196, -126, 104], "SliceThickness": 2, "SoftwareVersions": "syngo_MR_E11", "SpacingBetweenSlices": 2, "StationName": "AWP166078", "TxRefAmp": 221.104, "dcmmeta_affine": [[-1.9960315227508545, -0.12557965517044067, 0.009374856948852539, 105.8792953491211], [-0.12589509785175323, 1.986495018005371, -0.19490459561347961, -77.81704711914062], [-0.0029264555778354406, 0.19510796666145325, 1.9904594421386719, -87.76557159423828], [0.0, 0.0, 0.0, 1.0]], "dcmmeta_reorient_transform": [[0.0, -1.0, 0.0, 99.0], [1.0, 0.0, 0.0, 0.0], [0.0, 0.0, -1.0, 71.0], [0.0, 0.0, 0.0, 1.0]], "dcmmeta_shape": [100, 100, 72], "dcmmeta_slice_dim": 2, "dcmmeta_version": 0.6, "global": {"const": {"AcquisitionMatrix": [0, 100, 100, 0], "AcquisitionNumber": 1, "AngioFlag": "N", "BitsAllocated": 16, "BitsStored": 12, "BodyPartExamined": "BRAIN", "Columns": 100, "EchoNumbers": 2, "EchoTime": 7.38, "EchoTrainLength": 0, "FlipAngle": 60.0, "HighBit": 11, "ImageOrientationPatient": [0.99801576408241, 0.06294754647595, -0.0014632278252, -0.0627898286482, 0.99324753085305, -0.0975539844017], "ImageType": ["ORIGINAL", "PRIMARY", "P", "ND"], "ImagedNucleus": "1H", "ImagingFrequency": 123.257859, "InPlanePhaseEncodingDirection": "ROW", "MRAcquisitionType": "2D", "MagneticFieldStrength": 3.0, "Manufacturer": "SIEMENS", "ManufacturerModelName": "Prisma", "Modality": "MR", "NumberOfAverages": 1.0, "NumberOfPhaseEncodingSteps": 100, "PercentPhaseFieldOfView": 100.0, "PercentSampling": 100.0, "PerformedProcedureStepStartTime": "124801.352000", "PhotometricInterpretation": "MONOCHROME2", "PixelBandwidth": 570.0, "PixelRepresentation": 0, "PixelSpacing": [2.0, 2.0], "ProtocolName": "field_mapping_2x2x2", "RepetitionTime": 720.0, "RescaleIntercept": -4096.0, "RescaleSlope": 2.0, "RescaleType": "US", "Rows": 100, "SAR": 0.11655403797825, "SamplesPerPixel": 1, "ScanningSequence": "GR", "SequenceName": "*fm2d2r", "SequenceVariant": "SP", "SeriesDescription": "field_mapping_2x2x2", "SeriesNumber": 7, "SeriesTime": "131949.181000", "SliceThickness": 2.0, "SoftwareVersions": "syngo MR E11", "SpacingBetweenSlices": 2.0, "SpecificCharacterSet": "ISO_IR 100", "StudyID": "1", "StudyTime": "124801.286000", "TransmitCoilName": "Body", "VariableFlipAngleFlag": "N", "WindowCenterWidthExplanation": "Algo1", "dBdt": 0.0}, "slices": {"AcquisitionTime": ["131724.352500", "131723.992500", "131724.362500", "131724.002500", "131724.372500", "131724.012500", "131724.382500", "131724.022500", "131724.392500", "131724.032500", "131724.402500", "131724.042500", "131724.412500", "131724.052500", "131724.422500", "131724.062500", "131724.432500", "131724.072500", "131724.442500", "131724.082500", "131724.452500", "131724.092500", "131724.462500", "131724.102500", "131724.472500", "131724.112500", "131724.482500", "131724.122500", "131724.492500", "131724.132500", "131724.502500", "131724.142500", "131724.512500", "131724.152500", "131724.522500", "131724.162500", "131724.532500", "131724.172500", "131724.542500", "131724.182500", "131724.552500", "131724.192500", "131724.562500", "131724.202500", "131724.572500", "131724.212500", "131724.582500", "131724.222500", "131724.592500", "131724.232500", "131724.602500", "131724.242500", "131724.612500", "131724.252500", "131724.622500", "131724.262500", "131724.632500", "131724.272500", "131724.642500", "131724.282500", "131724.652500", "131724.292500", "131724.662500", "131724.302500", "131724.672500", "131724.312500", "131724.682500", "131724.322500", "131724.692500", "131724.332500", "131724.702500", "131724.342500"], "ContentTime": ["131949.255000", "131949.188000", "131949.256000", "131949.190000", "131949.258000", "131949.192000", "131949.260000", "131949.194000", "131949.262000", "131949.196000", "131949.264000", "131949.197000", "131949.266000", "131949.199000", "131949.267000", "131949.201000", "131949.269000", "131949.203000", "131949.271000", "131949.205000", "131949.273000", "131949.207000", "131949.275000", "131949.208000", "131949.277000", "131949.210000", "131949.278000", "131949.212000", "131949.281000", "131949.214000", "131949.283000", "131949.216000", "131949.285000", "131949.218000", "131949.287000", "131949.219000", "131949.288000", "131949.221000", "131949.290000", "131949.223000", "131949.292000", "131949.225000", "131949.294000", "131949.227000", "131949.296000", "131949.228000", "131949.298000", "131949.230000", "131949.300000", "131949.232000", "131949.302000", "131949.234000", "131949.304000", "131949.236000", "131949.306000", "131949.238000", "131949.308000", "131949.239000", "131949.310000", "131949.241000", "131949.312000", "131949.243000", "131949.313000", "131949.245000", "131949.316000", "131949.247000", "131949.318000", "131949.249000", "131949.320000", "131949.251000", "131949.321000", "131949.253000"], "CsaImage.GSWDDataType": ["measured", "predicted", "measured", "predicted", "measured", "predicted", "measured", "predicted", "measured", "predicted", "measured", "predicted", "measured", "predicted", "measured", "predicted", "measured", "predicted", "measured", "predicted", "measured", "predicted", "measured", "predicted", "measured", "predicted", "measured", "predicted", "measured", "predicted", "measured", "predicted", "measured", "predicted", "measured", "predicted", "measured", "predicted", "measured", "predicted", "measured", "predicted", "measured", "predicted", "measured", "predicted", "measured", "predicted", "measured", "predicted", "measured", "predicted", "measured", "predicted", "measured", "predicted", "measured", "predicted", "measured", "predicted", "measured", "predicted", "measured", "predicted", "measured", "predicted", "measured", "predicted", "measured", "predicted", "measured", "measured"], "CsaImage.ICE_Dims": ["X_2_1_1_1_1_1_37_1_1_1_1_109", "X_2_1_1_1_1_1_1_1_1_2_1_109", "X_2_1_1_1_1_1_38_1_1_3_1_109", "X_2_1_1_1_1_1_2_1_1_4_1_109", "X_2_1_1_1_1_1_39_1_1_5_1_109", "X_2_1_1_1_1_1_3_1_1_6_1_109", "X_2_1_1_1_1_1_40_1_1_7_1_109", "X_2_1_1_1_1_1_4_1_1_8_1_109", "X_2_1_1_1_1_1_41_1_1_9_1_109", "X_2_1_1_1_1_1_5_1_1_10_1_109", "X_2_1_1_1_1_1_42_1_1_11_1_109", "X_2_1_1_1_1_1_6_1_1_12_1_109", "X_2_1_1_1_1_1_43_1_1_13_1_109", "X_2_1_1_1_1_1_7_1_1_14_1_109", "X_2_1_1_1_1_1_44_1_1_15_1_109", "X_2_1_1_1_1_1_8_1_1_16_1_109", "X_2_1_1_1_1_1_45_1_1_17_1_109", "X_2_1_1_1_1_1_9_1_1_18_1_109", "X_2_1_1_1_1_1_46_1_1_19_1_109", "X_2_1_1_1_1_1_10_1_1_20_1_109", "X_2_1_1_1_1_1_47_1_1_21_1_109", "X_2_1_1_1_1_1_11_1_1_22_1_109", "X_2_1_1_1_1_1_48_1_1_23_1_109", "X_2_1_1_1_1_1_12_1_1_24_1_109", "X_2_1_1_1_1_1_49_1_1_25_1_109", "X_2_1_1_1_1_1_13_1_1_26_1_109", "X_2_1_1_1_1_1_50_1_1_27_1_109", "X_2_1_1_1_1_1_14_1_1_28_1_109", "X_2_1_1_1_1_1_51_1_1_29_1_109", "X_2_1_1_1_1_1_15_1_1_30_1_109", "X_2_1_1_1_1_1_52_1_1_31_1_109", "X_2_1_1_1_1_1_16_1_1_32_1_109", "X_2_1_1_1_1_1_53_1_1_33_1_109", "X_2_1_1_1_1_1_17_1_1_34_1_109", "X_2_1_1_1_1_1_54_1_1_35_1_109", "X_2_1_1_1_1_1_18_1_1_36_1_109", "X_2_1_1_1_1_1_55_1_1_37_1_109", "X_2_1_1_1_1_1_19_1_1_38_1_109", "X_2_1_1_1_1_1_56_1_1_39_1_109", "X_2_1_1_1_1_1_20_1_1_40_1_109", "X_2_1_1_1_1_1_57_1_1_41_1_109", "X_2_1_1_1_1_1_21_1_1_42_1_109", "X_2_1_1_1_1_1_58_1_1_43_1_109", "X_2_1_1_1_1_1_22_1_1_44_1_109", "X_2_1_1_1_1_1_59_1_1_45_1_109", "X_2_1_1_1_1_1_23_1_1_46_1_109", "X_2_1_1_1_1_1_60_1_1_47_1_109", "X_2_1_1_1_1_1_24_1_1_48_1_109", "X_2_1_1_1_1_1_61_1_1_49_1_109", "X_2_1_1_1_1_1_25_1_1_50_1_109", "X_2_1_1_1_1_1_62_1_1_51_1_109", "X_2_1_1_1_1_1_26_1_1_52_1_109", "X_2_1_1_1_1_1_63_1_1_53_1_109", "X_2_1_1_1_1_1_27_1_1_54_1_109", "X_2_1_1_1_1_1_64_1_1_55_1_109", "X_2_1_1_1_1_1_28_1_1_56_1_109", "X_2_1_1_1_1_1_65_1_1_57_1_109", "X_2_1_1_1_1_1_29_1_1_58_1_109", "X_2_1_1_1_1_1_66_1_1_59_1_109", "X_2_1_1_1_1_1_30_1_1_60_1_109", "X_2_1_1_1_1_1_67_1_1_61_1_109", "X_2_1_1_1_1_1_31_1_1_62_1_109", "X_2_1_1_1_1_1_68_1_1_63_1_109", "X_2_1_1_1_1_1_32_1_1_64_1_109", "X_2_1_1_1_1_1_69_1_1_65_1_109", "X_2_1_1_1_1_1_33_1_1_66_1_109", "X_2_1_1_1_1_1_70_1_1_67_1_109", "X_2_1_1_1_1_1_34_1_1_68_1_109", "X_2_1_1_1_1_1_71_1_1_69_1_109", "X_2_1_1_1_1_1_35_1_1_70_1_109", "X_2_1_1_1_1_1_72_1_1_71_1_109", "X_2_1_1_1_1_1_36_1_1_72_1_109"], "CsaImage.ProtocolSliceNumber": [0, 1, 2, 3, 4, 5, 6, 7, 8, 9, 10, 11, 12, 13, 14, 15, 16, 17, 18, 19, 20, 21, 22, 23, 24, 25, 26, 27, 28, 29, 30, 31, 32, 33, 34, 35, 36, 37, 38, 39, 40, 41, 42, 43, 44, 45, 46, 47, 48, 49, 50, 51, 52, 53, 54, 55, 56, 57, 58, 59, 60, 61, 62, 63, 64, 65, 66, 67, 68, 69, 70, 71], "CsaImage.RFSWDDataType": ["measured", "predicted", "measured", "predicted", "measured", "predicted", "measured", "predicted", "measured", "predicted", "measured", "predicted", "measured", "predicted", "measured", "predicted", "measured", "predicted", "measured", "predicted", "measured", "predicted", "measured", "predicted", "measured", "predicted", "measured", "predicted", "measured", "predicted", "measured", "predicted", "measured", "predicted", "measured", "predicted", "measured", "predicted", "measured", "predicted", "measured", "predicted", "measured", "predicted", "measured", "predicted", "measured", "predicted", "measured", "predicted", "measured", "predicted", "measured", "predicted", "measured", "predicted", "measured", "predicted", "measured", "predicted", "measured", "predicted", "measured", "predicted", "measured", "predicted", "measured", "measured", "measured", "measured", "measured", "measured"], "CsaImage.SlicePosition_PCS": [[-93.44690504, -118.84596151, -68.44980313], [-93.45627991, -118.65105719, -66.4593475], [-93.46565478, -118.45615286, -64.46888425], [-93.47502966, -118.26124853, -62.47842862], [-93.48440453, -118.06634325, -60.48797299], [-93.49377941, -117.87143892, -58.49750973], [-93.50315428, -117.6765346, -56.50705411], [-93.51252915, -117.48162931, -54.51659848], [-93.52190403, -117.28672499, -52.52613904], [-93.5312789, -117.09182066, -50.5356796], [-93.54065377, -116.89691633, -48.54522015], [-93.55002865, -116.70201105, -46.55476071], [-93.55940352, -116.50710672, -44.56430508], [-93.56877839, -116.3122024, -42.57384564], [-93.57815327, -116.11729807, -40.5833862], [-93.58752814, -115.92239279, -38.59293057], [-93.59690301, -115.72748846, -36.60247113], [-93.60627788, -115.53258413, -34.61201169], [-93.61565276, -115.33767885, -32.62155606], [-93.62502763, -115.14277453, -30.63109662], [-93.63440251, -114.9478702, -28.64063718], [-93.64377738, -114.75296587, -26.65017773], [-93.65315226, -114.55806059, -24.65972211], [-93.66252713, -114.36315626, -22.66926266], [-93.671902, -114.16825193, -20.67880513], [-93.68127687, -113.97334761, -18.68834569], [-93.69065175, -113.77844233, -16.69788815], [-93.70002662, -113.583538, -14.70742871], [-93.70940149, -113.38863367, -12.71697118], [-93.71877636, -113.19372887, -10.72651364], [-93.72815125, -112.99882406, -8.7360542], [-93.73752612, -112.80391974, -6.74559666], [-93.74690099, -112.60901493, -4.75513818], [-93.75627586, -112.4141106, -2.76467969], [-93.76565073, -112.2192058, -0.7742212], [-93.77502562, -112.02430147, 1.21623729], [-93.78440048, -111.82939667, 3.2066953], [-93.79377537, -111.63449234, 5.19715379], [-93.80315022, -111.43958754, 7.18761204], [-93.81252511, -111.24468321, 9.17807035], [-93.82189997, -111.0497784, 11.16852866], [-93.83127485, -110.85487408, 13.15898703], [-93.84064971, -110.65996927, 15.14944528], [-93.8500246, -110.46506447, 17.13990377], [-93.85939948, -110.27016014, 19.13036178], [-93.86877434, -110.07525534, 21.12082027], [-93.87814923, -109.88035101, 23.11127876], [-93.88752408, -109.68544621, 25.10173724], [-93.89689897, -109.49054188, 27.09219478], [-93.90627383, -109.29563731, 29.08265422], [-93.91564871, -109.10073251, 31.07311176], [-93.92502357, -108.90582794, 33.06356929], [-93.93439846, -108.71092338, 35.05402873], [-93.94377331, -108.51601881, 37.04448627], [-93.9531482, -108.32111424, 39.03494571], [-93.96252309, -108.12620968, 41.02540324], [-93.97189795, -107.93130511, 43.01586078], [-93.98127283, -107.73640055, 45.00632022], [-93.99064769, -107.54149598, 46.99677966], [-94.00002258, -107.3465913, 48.98723529], [-94.00939743, -107.15168673, 50.97769473], [-94.01877232, -106.95678217, 52.96815418], [-94.02814721, -106.7618776, 54.9586098], [-94.03752206, -106.56697303, 56.94906925], [-94.04689692, -106.37206841, 58.93952869], [-94.05627184, -106.17716384, 60.92998813], [-94.06564669, -105.98225928, 62.92044376], [-94.07502155, -105.78735468, 64.9109032], [-94.08439641, -105.5924501, 66.90136264], [-94.09377132, -105.39754552, 68.89181827], [-94.10314618, -105.20264092, 70.88227771], [-94.11252104, -105.00773633, 72.87273715]], "CsaImage.TimeAfterStart": [1.0825, 0.7225, 1.0925, 0.7325, 1.1025, 0.7425, 1.1125, 0.7525, 1.1225, 0.7625, 1.1325, 0.7725, 1.1425, 0.7825, 1.1525, 0.7925, 1.1625, 0.8025, 1.1725, 0.8125, 1.1825, 0.8225, 1.1925, 0.8325, 1.2025, 0.8425, 1.2125, 0.8525, 1.2225, 0.8625, 1.2325, 0.8725, 1.2425, 0.8825, 1.2525, 0.8925, 1.2625, 0.9025, 1.2725, 0.9125, 1.2825, 0.9225, 1.2925, 0.9325, 1.3025, 0.9425, 1.3125, 0.9525, 1.3225, 0.9625, 1.3325, 0.9725, 1.3425, 0.9825, 1.3525, 0.9925, 1.3625, 1.0025, 1.3725, 1.0125, 1.3825, 1.0225, 1.3925, 1.0325, 1.4025, 1.0425, 1.4125, 1.0525, 1.4225, 1.0625, 1.4325, 1.0725], "ImagePositionPatient": [[-93.446905039739, -118.84596151403, -68.44980313033], [-93.456279911589, -118.65105718664, -66.459347502889], [-93.465654783439, -118.45615285924, -64.468884246053], [-93.475029659014, -118.26124853185, -62.478428618612], [-93.484404530864, -118.06634325078, -60.48797299117], [-93.49377940644, -117.87143892339, -58.497509734334], [-93.50315427829, -117.676534596, -56.507054106893], [-93.512529152002, -117.48162931493, -54.516598479451], [-93.521904025773, -117.28672498754, -52.526139037313], [-93.531278899428, -117.09182066015, -50.535679595174], [-93.54065377314, -116.89691633275, -48.545220153035], [-93.550028646853, -116.70201105169, -46.554760710897], [-93.559403520566, -116.50710672429, -44.564305083455], [-93.568778392416, -116.3122023969, -42.573845641317], [-93.578153267991, -116.11729806951, -40.583386199178], [-93.587528139841, -115.92239278844, -38.592930571737], [-93.596903011691, -115.72748846105, -36.602471129598], [-93.606277883541, -115.53258413366, -34.612011687459], [-93.615652762842, -115.33767885259, -32.621556060018], [-93.625027634692, -115.1427745252, -30.631096617879], [-93.634402506542, -114.9478701978, -28.64063717574], [-93.643777378392, -114.75296587041, -26.650177733602], [-93.653152257692, -114.55806058935, -24.65972210616], [-93.662527129542, -114.36315626195, -22.669262664022], [-93.671902001392, -114.16825193456, -20.678805129232], [-93.681276873242, -113.97334760717, -18.688345687093], [-93.690651745092, -113.7784423261, -16.697888152303], [-93.700026616942, -113.58353799871, -14.707428710164], [-93.709401488792, -113.38863367132, -12.716971175374], [-93.718776360642, -113.19372886709, -10.726513640584], [-93.728151247393, -112.99882406286, -8.7360541984456], [-93.737526119243, -112.80391973546, -6.7455966636555], [-93.746900991093, -112.60901493123, -4.7551381751912], [-93.756275862944, -112.41411060384, -2.7646796867268], [-93.765650734794, -112.21920579961, -0.7742211982625], [-93.775025621545, -112.02430147222, 1.2162372902019], [-93.784400478494, -111.82939666799, 3.2066953018291], [-93.793775365245, -111.6344923406, 5.1971537902934], [-93.803150222194, -111.43958753637, 7.1876120403392], [-93.812525108945, -111.24468320897, 9.1780703499896], [-93.821899965894, -111.04977840474, 11.16852865964], [-93.831274852645, -110.85487407735, 13.158987028895], [-93.840649709594, -110.65996927312, 15.149445278941], [-93.850024596345, -110.46506446889, 17.139903767405], [-93.859399483096, -110.2701601415, 19.130361779032], [-93.868774340045, -110.07525533727, 21.120820267497], [-93.878149226796, -109.88035100988, 23.111278755961], [-93.887524083745, -109.68544620565, 25.101737244426], [-93.896898970496, -109.49054187826, 27.092194779216], [-93.906273827445, -109.29563731244, 29.082654221354], [-93.915648714196, -109.10073250821, 31.073111756144], [-93.925023571145, -108.9058279424, 33.063569290934], [-93.934398457896, -108.71092337659, 35.054028733073], [-93.943773314845, -108.51601881078, 37.044486267863], [-93.953148201596, -108.32111424497, 39.034945710002], [-93.962523088347, -108.12620967916, 41.025403244792], [-93.971897945296, -107.93130511335, 43.015860779582], [-93.981272832047, -107.73640054754, 45.00632022172], [-93.990647688996, -107.54149598172, 46.996779663859], [-94.000022575747, -107.3465912967, 48.987235291301], [-94.009397432696, -107.15168673089, 50.977694733439], [-94.018772319447, -106.95678216508, 52.968154175578], [-94.028147206199, -106.76187759927, 54.958609803019], [-94.037522063147, -106.56697303346, 56.949069245158], [-94.046896920096, -106.37206840804, 58.939528687297], [-94.05627183665, -106.17716384223, 60.929988129435], [-94.065646693599, -105.98225927642, 62.920443756877], [-94.075021550547, -105.78735468081, 64.910903199015], [-94.084396407496, -105.59245009823, 66.901362641154], [-94.09377132405, -105.39754551938, 68.891818268595], [-94.103146180999, -105.20264092377, 70.882277710734], [-94.112521037948, -105.00773632816, 72.872737152873]], "InstanceCreationTime": ["131949.255000", "131949.188000", "131949.256000", "131949.190000", "131949.258000", "131949.192000", "131949.260000", "131949.194000", "131949.262000", "131949.196000", "131949.264000", "131949.197000", "131949.266000", "131949.199000", "131949.267000", "131949.201000", "131949.269000", "131949.203000", "131949.271000", "131949.205000", "131949.273000", "131949.207000", "131949.275000", "131949.208000", "131949.277000", "131949.210000", "131949.278000", "131949.212000", "131949.281000", "131949.214000", "131949.283000", "131949.216000", "131949.285000", "131949.218000", "131949.287000", "131949.219000", "131949.288000", "131949.221000", "131949.290000", "131949.223000", "131949.292000", "131949.225000", "131949.294000", "131949.227000", "131949.296000", "131949.228000", "131949.298000", "131949.230000", "131949.300000", "131949.232000", "131949.302000", "131949.234000", "131949.304000", "131949.236000", "131949.306000", "131949.238000", "131949.308000", "131949.239000", "131949.310000", "131949.241000", "131949.312000", "131949.243000", "131949.313000", "131949.245000", "131949.316000", "131949.247000", "131949.318000", "131949.249000", "131949.320000", "131949.251000", "131949.321000", "131949.253000"], "InstanceNumber": [1, 2, 3, 4, 5, 6, 7, 8, 9, 10, 11, 12, 13, 14, 15, 16, 17, 18, 19, 20, 21, 22, 23, 24, 25, 26, 27, 28, 29, 30, 31, 32, 33, 34, 35, 36, 37, 38, 39, 40, 41, 42, 43, 44, 45, 46, 47, 48, 49, 50, 51, 52, 53, 54, 55, 56, 57, 58, 59, 60, 61, 62, 63, 64, 65, 66, 67, 68, 69, 70, 71, 72], "LargestImagePixelValue": [4095, 4095, 4094, 4094, 4093, 4094, 4095, 4094, 4094, 4095, 4094, 4093, 4094, 4095, 4092, 4092, 4094, 4093, 4094, 4095, 4095, 4095, 4094, 4095, 4095, 4094, 4090, 4094, 4094, 4094, 4092, 4095, 4094, 4092, 4090, 4091, 4093, 4095, 4095, 4094, 4091, 4088, 4093, 4094, 4092, 4090, 4091, 4093, 4091, 4095, 4093, 4094, 4093, 4094, 4093, 4094, 4095, 4094, 4094, 4094, 4093, 4092, 4094, 4094, 4095, 4094, 4095, 4094, 4094, 4095, 4095, 4094], "SliceLocation": [-79.267024690853, -77.267027393387, -75.267022502925, -73.267025205442, -71.267027815038, -69.267022924558, -67.267025627092, -65.26702823668, -63.267027142707, -61.267026048734, -59.267024954761, -57.267023767851, -55.267026470376, -53.267025376412, -51.26702428243, -49.267026892026, -47.267025798062, -45.267024704098, -43.26702731366, -41.267026219695, -39.267025125731, -37.267024031767, -35.267026641329, -33.267025547365, -31.267026351649, -29.267025257685, -27.267025969033, -25.267024875069, -23.267025679353, -21.267026437169, -19.267025296667, -17.267026100952, -15.267025909643, -13.267025764804, -11.267025573495, -9.2670254285858, -7.2670257119094, -5.267025567, -3.2670256130425, -1.2670256460939, 0.73297436718381, 2.7329743934527, 4.7329743474101, 6.7329745387884, 8.7329742091356, 10.732974400374, 12.732974545284, 14.732974736522, 16.732973932307, 18.732975049436, 20.73297429169, 22.732973510569, 24.732974627838, 26.732973846717, 28.732974963986, 30.732974183005, 32.732973401885, 34.732974519153, 36.732975636282, 38.732972968669, 40.732974085798, 42.732975203066, 44.732972523837, 46.732973640965, 48.732974763902, 50.732975881311, 52.732973201941, 54.732974321974, 56.732975440736, 58.732972762917, 60.73297388295, 62.732975002983], "SmallestImagePixelValue": [0, 0, 0, 0, 0, 0, 0, 0, 0, 0, 3, 0, 0, 0, 0, 0, 0, 0, 0, 1, 0, 3, 0, 1, 2, 4, 0, 0, 0, 5, 1, 6, 1, 2, 0, 3, 0, 2, 0, 1, 0, 0, 0, 5, 9, 3, 0, 0, 0, 0, 0, 2, 0, 1, 0, 0, 2, 0, 0, 0, 2, 0, 2, 0, 0, 0, 0, 0, 0, 0, 1, 0], "WindowCenter": [-260.0, -238.0, -248.0, -248.0, -220.0, -210.0, -186.0, -190.0, -232.0, -282.0, -242.0, -186.0, -154.0, -152.0, -176.0, -132.0, -172.0, -204.0, -254.0, -296.0, -348.0, -390.0, -374.0, -334.0, -266.0, -224.0, -182.0, -142.0, -106.0, -92.0, -104.0, -88.0, -78.0, -92.0, -96.0, -114.0, -98.0, -98.0, -90.0, -68.0, -32.0, 32.0, -2.0, -2.0, -174.0, -26.0, -146.0, -134.0, -134.0, -138.0, -146.0, -146.0, -150.0, -146.0, -40.0, -172.0, -184.0, -26.0, -38.0, -50.0, -26.0, -74.0, -84.0, -118.0, -126.0, -154.0, -176.0, -310.0, -326.0, -342.0, -344.0, -344.0], "WindowWidth": [6066.0, 6186.0, 6302.0, 6274.0, 6292.0, 6288.0, 6342.0, 6404.0, 6418.0, 6404.0, 6364.0, 6360.0, 6356.0, 6288.0, 6280.0, 6386.0, 6352.0, 6350.0, 6316.0, 6328.0, 6244.0, 6062.0, 5906.0, 5808.0, 5758.0, 5700.0, 5618.0, 5622.0, 5588.0, 5622.0, 5536.0, 5558.0, 5512.0, 5444.0, 5470.0, 5422.0, 5474.0, 5440.0, 5412.0, 5420.0, 5440.0, 5546.0, 5314.0, 5274.0, 4588.0, 5034.0, 4562.0, 4564.0, 4552.0, 4572.0, 4578.0, 4580.0, 4588.0, 4614.0, 5130.0, 4650.0, 4682.0, 5496.0, 5568.0, 5630.0, 5714.0, 5752.0, 5838.0, 5890.0, 5994.0, 6066.0, 6032.0, 6016.0, 5968.0, 5988.0, 6104.0, 6184.0]}}, "IntendedFor": ["ses-1/func/sub-33_ses-1_task-motor_run-02_bold.nii.gz", "ses-1/func/sub-33_ses-1_task-motor_run-03_bold.nii.gz", "ses-1/func/sub-33_ses-1_task-motor_run-05_bold.nii.gz", "ses-1/func/sub-33_ses-1_task-motor_run-04_bold.nii.gz", "ses-1/func/sub-33_ses-1_task-motor_run-06_bold.nii.gz", "ses-1/func/sub-33_ses-1_task-motor_run-01_bold.nii.gz"]}