{"AcquisitionMatrixPE": 100, "AcquisitionNumber": 1, "AcquisitionTime": "11:59:44.302500", "BaseResolution": 100, "BodyPartExamined": "BRAIN", "ConsistencyInfo": "N4_VE11C_LATEST_20160120", "ConversionSoftware": "dcm2niix", "ConversionSoftwareVersion": "v1.0.20180622 GCC4.9.2", "DeviceSerialNumber": "166078", "DwellTime": 8.8e-06, "EchoNumber": 2, "EchoTime": 0.00738, "EchoTime1": 0.00492, "EchoTime2": 0.00738, "FlipAngle": 60, "ImageOrientationPatientDICOM": [0.99966, 0.0229396, 0.0124345, -0.0191944, 0.969308, -0.245098], "ImageType": ["ORIGINAL", "PRIMARY", "P", "ND"], "InPlanePhaseEncodingDirectionDICOM": "ROW", "InstitutionAddress": "Street_StreetNo_Bei_Jing_District_CN_ZIP", "InstitutionName": "BeiJing_Normal_University", "InstitutionalDepartmentName": "Department", "MRAcquisitionType": "2D", "MagneticFieldStrength": 3, "Manufacturer": "Siemens", "ManufacturersModelName": "Prisma", "Modality": "MR", "PartialFourier": 1, "PatientPosition": "HFS", "PercentPhaseFOV": 100, "PhaseEncodingDirection": "i", "PhaseEncodingSteps": 100, "PhaseResolution": 1, "PixelBandwidth": 570, "ProcedureStepDescription": "BNU_P2018_64CH_Liu.Jia", "ProtocolName": "field_mapping_2x2x2", "PulseSequenceDetails": "%SiemensSeq%_gre_field_mapping", "ReceiveCoilActiveElements": "HC1-7;NC1", "ReceiveCoilName": "HeadNeck_64", "ReconMatrixPE": 100, "RepetitionTime": 0.72, "SAR": 0.108459, "ScanningSequence": "GR", "SequenceName": "_fm2d2r", "SequenceVariant": "SP", "SeriesDescription": "field_mapping_2x2x2", "SeriesNumber": 7, "ShimSetting": [-5436, -11490, -1225, 186, 6, -108, -148, 72], "SliceThickness": 2, "SoftwareVersions": "syngo_MR_E11", "SpacingBetweenSlices": 2, "StationName": "AWP166078", "TxRefAmp": 232.349, "dcmmeta_affine": [[-1.999319076538086, -0.03838888555765152, 0.035350680351257324, 101.32713317871094], [-0.04587927460670471, 1.938616394996643, -0.4895515441894531, -73.40914154052734], [0.024868955835700035, 0.4901965856552124, 1.9388351440429688, -100.26227569580078], [0.0, 0.0, 0.0, 1.0]], "dcmmeta_reorient_transform": [[0.0, -1.0, 0.0, 99.0], [1.0, 0.0, 0.0, 0.0], [0.0, 0.0, -1.0, 71.0], [0.0, 0.0, 0.0, 1.0]], "dcmmeta_shape": [100, 100, 72], "dcmmeta_slice_dim": 2, "dcmmeta_version": 0.6, "global": {"const": {"AcquisitionMatrix": [0, 100, 100, 0], "AcquisitionNumber": 1, "AngioFlag": "N", "BitsAllocated": 16, "BitsStored": 12, "BodyPartExamined": "BRAIN", "Columns": 100, "EchoNumbers": 2, "EchoTime": 7.38, "EchoTrainLength": 0, "FlipAngle": 60.0, "HighBit": 11, "ImageOrientationPatient": [0.99965952045398, 0.02293963637467, 0.01243447822439, -0.0191944436137, 0.9693082053425, -0.2450982994434], "ImageType": ["ORIGINAL", "PRIMARY", "P", "ND"], "ImagedNucleus": "1H", "ImagingFrequency": 123.257844, "InPlanePhaseEncodingDirection": "ROW", "MRAcquisitionType": "2D", "MagneticFieldStrength": 3.0, "Manufacturer": "SIEMENS", "ManufacturerModelName": "Prisma", "Modality": "MR", "NumberOfAverages": 1.0, "NumberOfPhaseEncodingSteps": 100, "PercentPhaseFieldOfView": 100.0, "PercentSampling": 100.0, "PerformedProcedureStepStartTime": "113049.675000", "PhotometricInterpretation": "MONOCHROME2", "PixelBandwidth": 570.0, "PixelRepresentation": 0, "PixelSpacing": [2.0, 2.0], "ProtocolName": "field_mapping_2x2x2", "RepetitionTime": 720.0, "RescaleIntercept": -4096.0, "RescaleSlope": 2.0, "RescaleType": "US", "Rows": 100, "SAR": 0.10845860724677, "SamplesPerPixel": 1, "ScanningSequence": "GR", "SequenceName": "*fm2d2r", "SequenceVariant": "SP", "SeriesDescription": "field_mapping_2x2x2", "SeriesNumber": 7, "SeriesTime": "120208.717000", "SliceThickness": 2.0, "SoftwareVersions": "syngo MR E11", "SpacingBetweenSlices": 2.0, "SpecificCharacterSet": "ISO_IR 100", "StudyID": "1", "StudyTime": "113049.570000", "TransmitCoilName": "Body", "VariableFlipAngleFlag": "N", "WindowCenterWidthExplanation": "Algo1", "dBdt": 0.0}, "slices": {"AcquisitionTime": ["115944.302500", "115943.942500", "115944.312500", "115943.952500", "115944.322500", "115943.962500", "115944.332500", "115943.972500", "115944.342500", "115943.982500", "115944.352500", "115943.992500", "115944.362500", "115944.002500", "115944.372500", "115944.012500", "115944.382500", "115944.022500", "115944.392500", "115944.032500", "115944.402500", "115944.042500", "115944.412500", "115944.052500", "115944.422500", "115944.062500", "115944.432500", "115944.072500", "115944.442500", "115944.082500", "115944.452500", "115944.092500", "115944.462500", "115944.102500", "115944.472500", "115944.112500", "115944.482500", "115944.122500", "115944.492500", "115944.132500", "115944.502500", "115944.142500", "115944.512500", "115944.152500", "115944.522500", "115944.162500", "115944.532500", "115944.172500", "115944.542500", "115944.182500", "115944.552500", "115944.192500", "115944.562500", "115944.202500", "115944.572500", "115944.212500", "115944.582500", "115944.222500", "115944.592500", "115944.232500", "115944.602500", "115944.242500", "115944.612500", "115944.252500", "115944.622500", "115944.262500", "115944.632500", "115944.272500", "115944.642500", "115944.282500", "115944.652500", "115944.292500"], "ContentTime": ["120208.790000", "120208.725000", "120208.792000", "120208.727000", "120208.794000", "120208.729000", "120208.795000", "120208.730000", "120208.797000", "120208.732000", "120208.799000", "120208.734000", "120208.801000", "120208.736000", "120208.802000", "120208.738000", "120208.804000", "120208.740000", "120208.806000", "120208.742000", "120208.808000", "120208.744000", "120208.810000", "120208.745000", "120208.812000", "120208.747000", "120208.814000", "120208.749000", "120208.816000", "120208.751000", "120208.817000", "120208.753000", "120208.819000", "120208.754000", "120208.821000", "120208.756000", "120208.823000", "120208.758000", "120208.825000", "120208.760000", "120208.827000", "120208.762000", "120208.829000", "120208.763000", "120208.831000", "120208.765000", "120208.832000", "120208.767000", "120208.834000", "120208.769000", "120208.844000", "120208.771000", "120208.845000", "120208.772000", "120208.847000", "120208.774000", "120208.849000", "120208.776000", "120208.851000", "120208.778000", "120208.853000", "120208.779000", "120208.855000", "120208.781000", "120208.856000", "120208.783000", "120208.858000", "120208.785000", "120208.860000", "120208.787000", "120208.862000", "120208.788000"], "CsaImage.GSWDDataType": ["predicted", "predicted", "predicted", "predicted", "predicted", "predicted", "predicted", "predicted", "predicted", "predicted", "predicted", "predicted", "predicted", "predicted", "predicted", "predicted", "predicted", "predicted", "predicted", "predicted", "predicted", "predicted", "predicted", "predicted", "predicted", "predicted", "predicted", "predicted", "predicted", "predicted", "measured", "predicted", "measured", "predicted", "measured", "predicted", "measured", "predicted", "measured", "predicted", "measured", "predicted", "measured", "predicted", "measured", "predicted", "measured", "predicted", "measured", "predicted", "measured", "predicted", "measured", "predicted", "measured", "predicted", "measured", "predicted", "measured", "predicted", "measured", "predicted", "measured", "predicted", "measured", "predicted", "measured", "predicted", "measured", "predicted", "measured", "predicted"], "CsaImage.ICE_Dims": ["X_2_1_1_1_1_1_37_1_1_1_1_91", "X_2_1_1_1_1_1_1_1_1_2_1_91", "X_2_1_1_1_1_1_38_1_1_3_1_91", "X_2_1_1_1_1_1_2_1_1_4_1_91", "X_2_1_1_1_1_1_39_1_1_5_1_91", "X_2_1_1_1_1_1_3_1_1_6_1_91", "X_2_1_1_1_1_1_40_1_1_7_1_91", "X_2_1_1_1_1_1_4_1_1_8_1_91", "X_2_1_1_1_1_1_41_1_1_9_1_91", "X_2_1_1_1_1_1_5_1_1_10_1_91", "X_2_1_1_1_1_1_42_1_1_11_1_91", "X_2_1_1_1_1_1_6_1_1_12_1_91", "X_2_1_1_1_1_1_43_1_1_13_1_91", "X_2_1_1_1_1_1_7_1_1_14_1_91", "X_2_1_1_1_1_1_44_1_1_15_1_91", "X_2_1_1_1_1_1_8_1_1_16_1_91", "X_2_1_1_1_1_1_45_1_1_17_1_91", "X_2_1_1_1_1_1_9_1_1_18_1_91", "X_2_1_1_1_1_1_46_1_1_19_1_91", "X_2_1_1_1_1_1_10_1_1_20_1_91", "X_2_1_1_1_1_1_47_1_1_21_1_91", "X_2_1_1_1_1_1_11_1_1_22_1_91", "X_2_1_1_1_1_1_48_1_1_23_1_91", "X_2_1_1_1_1_1_12_1_1_24_1_91", "X_2_1_1_1_1_1_49_1_1_25_1_91", "X_2_1_1_1_1_1_13_1_1_26_1_91", "X_2_1_1_1_1_1_50_1_1_27_1_91", "X_2_1_1_1_1_1_14_1_1_28_1_91", "X_2_1_1_1_1_1_51_1_1_29_1_91", "X_2_1_1_1_1_1_15_1_1_30_1_91", "X_2_1_1_1_1_1_52_1_1_31_1_91", "X_2_1_1_1_1_1_16_1_1_32_1_91", "X_2_1_1_1_1_1_53_1_1_33_1_91", "X_2_1_1_1_1_1_17_1_1_34_1_91", "X_2_1_1_1_1_1_54_1_1_35_1_91", "X_2_1_1_1_1_1_18_1_1_36_1_91", "X_2_1_1_1_1_1_55_1_1_37_1_91", "X_2_1_1_1_1_1_19_1_1_38_1_91", "X_2_1_1_1_1_1_56_1_1_39_1_91", "X_2_1_1_1_1_1_20_1_1_40_1_91", "X_2_1_1_1_1_1_57_1_1_41_1_91", "X_2_1_1_1_1_1_21_1_1_42_1_91", "X_2_1_1_1_1_1_58_1_1_43_1_91", "X_2_1_1_1_1_1_22_1_1_44_1_91", "X_2_1_1_1_1_1_59_1_1_45_1_91", "X_2_1_1_1_1_1_23_1_1_46_1_91", "X_2_1_1_1_1_1_60_1_1_47_1_91", "X_2_1_1_1_1_1_24_1_1_48_1_91", "X_2_1_1_1_1_1_61_1_1_49_1_91", "X_2_1_1_1_1_1_25_1_1_50_1_91", "X_2_1_1_1_1_1_62_1_1_51_1_91", "X_2_1_1_1_1_1_26_1_1_52_1_91", "X_2_1_1_1_1_1_63_1_1_53_1_91", "X_2_1_1_1_1_1_27_1_1_54_1_91", "X_2_1_1_1_1_1_64_1_1_55_1_91", "X_2_1_1_1_1_1_28_1_1_56_1_91", "X_2_1_1_1_1_1_65_1_1_57_1_91", "X_2_1_1_1_1_1_29_1_1_58_1_91", "X_2_1_1_1_1_1_66_1_1_59_1_91", "X_2_1_1_1_1_1_30_1_1_60_1_91", "X_2_1_1_1_1_1_67_1_1_61_1_91", "X_2_1_1_1_1_1_31_1_1_62_1_91", "X_2_1_1_1_1_1_68_1_1_63_1_91", "X_2_1_1_1_1_1_32_1_1_64_1_91", "X_2_1_1_1_1_1_69_1_1_65_1_91", "X_2_1_1_1_1_1_33_1_1_66_1_91", "X_2_1_1_1_1_1_70_1_1_67_1_91", "X_2_1_1_1_1_1_34_1_1_68_1_91", "X_2_1_1_1_1_1_71_1_1_69_1_91", "X_2_1_1_1_1_1_35_1_1_70_1_91", "X_2_1_1_1_1_1_72_1_1_71_1_91", "X_2_1_1_1_1_1_36_1_1_72_1_91"], "CsaImage.ProtocolSliceNumber": [0, 1, 2, 3, 4, 5, 6, 7, 8, 9, 10, 11, 12, 13, 14, 15, 16, 17, 18, 19, 20, 21, 22, 23, 24, 25, 26, 27, 28, 29, 30, 31, 32, 33, 34, 35, 36, 37, 38, 39, 40, 41, 42, 43, 44, 45, 46, 47, 48, 49, 50, 51, 52, 53, 54, 55, 56, 57, 58, 59, 60, 61, 62, 63, 64, 65, 66, 67, 68, 69, 70, 71], "CsaImage.RFSWDDataType": ["measured", "predicted", "measured", "predicted", "measured", "predicted", "measured", "predicted", "measured", "predicted", "measured", "predicted", "measured", "predicted", "measured", "predicted", "measured", "predicted", "measured", "predicted", "measured", "predicted", "measured", "predicted", "measured", "predicted", "measured", "predicted", "measured", "predicted", "measured", "predicted", "measured", "predicted", "measured", "predicted", "measured", "predicted", "measured", "predicted", "measured", "predicted", "measured", "predicted", "measured", "predicted", "measured", "predicted", "measured", "predicted", "measured", "predicted", "measured", "predicted", "measured", "predicted", "measured", "predicted", "measured", "predicted", "measured", "measured", "measured", "measured", "measured", "measured", "measured", "measured", "measured", "measured", "measured", "measured"], "CsaImage.SlicePosition_PCS": [[-97.5266371, -118.51394013, -51.73293886], [-97.56198773, -118.02438859, -49.79410372], [-97.59733835, -117.53483704, -47.85526857], [-97.63268894, -117.04528359, -45.91643343], [-97.66803956, -116.55573205, -43.97759066], [-97.70339018, -116.0661786, -42.03875551], [-97.7387408, -115.57662705, -40.09992037], [-97.77409142, -115.08707455, -38.16108522], [-97.80944203, -114.59752206, -36.22224627], [-97.84479265, -114.10796956, -34.28341112], [-97.88014325, -113.61841706, -32.34457216], [-97.91549387, -113.12886552, -30.40573702], [-97.95084449, -112.63931302, -28.46689806], [-97.9861951, -112.14976052, -26.52806292], [-98.02154572, -111.66020802, -24.58922396], [-98.05689633, -111.17065552, -22.65038881], [-98.09224695, -110.68110303, -20.71154985], [-98.12759757, -110.19155148, -18.77271471], [-98.16294818, -109.70199898, -16.83387575], [-98.19829879, -109.21244649, -14.89504061], [-98.23364942, -108.72289399, -12.95620165], [-98.26900002, -108.23334149, -11.0173665], [-98.30435064, -107.74378899, -9.07852755], [-98.33970126, -107.25423745, -7.1396924], [-98.37505188, -106.76468495, -5.20085535], [-98.41040247, -106.27513245, -3.2620183], [-98.4457531, -105.78557996, -1.32318125], [-98.48110372, -105.29602793, 0.6156558], [-98.51645434, -104.80647544, 2.55449285], [-98.55180493, -104.31692294, 4.49332991], [-98.58715555, -103.82737092, 6.43216696], [-98.62250617, -103.33781842, 8.37100401], [-98.65785679, -102.84826592, 10.30984106], [-98.69320741, -102.35871366, 12.24867811], [-98.72855803, -101.8691614, 14.18751516], [-98.76390865, -101.37960891, 16.12635221], [-98.79925927, -100.89005665, 18.06518927], [-98.83460989, -100.40050439, 20.00402608], [-98.86996051, -99.91095201, 21.94286301], [-98.90531108, -99.42139966, 23.8817], [-98.9406617, -98.93184731, 25.82053699], [-98.97601232, -98.44229499, 27.75937405], [-99.01136294, -97.95274261, 29.6982111], [-99.04671356, -97.46319023, 31.63704767], [-99.08206412, -96.97363786, 33.57588472], [-99.1174148, -96.4840856, 35.51472177], [-99.15276536, -95.99453334, 37.45355883], [-99.18811604, -95.50498084, 39.39239492], [-99.2234666, -95.01542882, 41.33123198], [-99.25881728, -94.52587632, 43.27006903], [-99.29416784, -94.03632382, 45.20890608], [-99.32951852, -93.5467718, 47.14774313], [-99.36486909, -93.0572193, 49.08658018], [-99.40021977, -92.5676668, 51.02541723], [-99.43557033, -92.07811431, 52.96425428], [-99.47092089, -91.58856229, 54.90309134], [-99.50627157, -91.09900979, 56.84192839], [-99.54162213, -90.60945729, 58.78076735], [-99.57697281, -90.11990479, 60.71960249], [-99.61232337, -89.63035325, 62.65844145], [-99.64767405, -89.14080075, 64.59727659], [-99.68302461, -88.65124825, 66.53611174], [-99.71837529, -88.16169575, 68.47495069], [-99.75372585, -87.67214326, 70.41378584], [-99.78907653, -87.18259076, 72.3526248], [-99.8244271, -86.69303921, 74.29145994], [-99.85977766, -86.20348672, 76.2302989], [-99.89512834, -85.71393422, 78.16913404], [-99.9304789, -85.22438172, 80.107973], [-99.96582958, -84.73482922, 82.04680815], [-100.00118014, -84.24527673, 83.98564711], [-100.03653082, -83.75572518, 85.92448225]], "CsaImage.TimeAfterStart": [1.0825, 0.7225, 1.0925, 0.7325, 1.1025, 0.7425, 1.1125, 0.7525, 1.1225, 0.7625, 1.1325, 0.7725, 1.1425, 0.7825, 1.1525, 0.7925, 1.1625, 0.8025, 1.1725, 0.8125, 1.1825, 0.8225, 1.1925, 0.8325, 1.2025, 0.8425, 1.2125, 0.8525, 1.2225, 0.8625, 1.2325, 0.8725, 1.2425, 0.8825, 1.2525, 0.8925, 1.2625, 0.9025, 1.2725, 0.9125, 1.2825, 0.9225, 1.2925, 0.9325, 1.3025, 0.9425, 1.3125, 0.9525, 1.3225, 0.9625, 1.3325, 0.9725, 1.3425, 0.9825, 1.3525, 0.9925, 1.3625, 1.0025, 1.3725, 1.0125, 1.3825, 1.0225, 1.3925, 1.0325, 1.4025, 1.0425, 1.4125, 1.0525, 1.4225, 1.0625, 1.4325, 1.0725], "ImagePositionPatient": [[-97.526637104783, -118.5139401318, -51.732938861984], [-97.561987725529, -118.02438858761, -49.794103717941], [-97.597338346276, -117.53483704342, -47.855268573898], [-97.63268893722, -117.04528359188, -45.916433429855], [-97.668039557967, -116.55573204769, -43.977590656418], [-97.703390178713, -116.06617859616, -42.038755512375], [-97.73874079946, -115.57662705197, -40.099920368332], [-97.774091420207, -115.0870745541, -38.161085224289], [-97.809442026052, -114.59752205624, -36.222246265549], [-97.844792646799, -114.10796955838, -34.283411121506], [-97.880143252644, -113.61841706051, -32.344572162765], [-97.915493873391, -113.12886551632, -30.405737018722], [-97.950844486687, -112.63931301846, -28.466898059982], [-97.986195103708, -112.14976052059, -26.528062915939], [-98.021545718867, -111.66020802273, -24.589223957199], [-98.056896334025, -111.17065552487, -22.650388813156], [-98.092246951047, -110.681103027, -20.711549854416], [-98.127597568068, -110.19155148281, -18.772714710373], [-98.162948181364, -109.70199898495, -16.833875751633], [-98.19829879466, -109.21244648709, -14.89504060759], [-98.233649415407, -108.72289398922, -12.956201648849], [-98.269000021252, -108.23334149136, -11.017366504806], [-98.304350641999, -107.74378899349, -9.0785275460662], [-98.339701262745, -107.25423744931, -7.1396924020232], [-98.375051883492, -106.76468495144, -5.2008553506316], [-98.410402474436, -106.27513245358, -3.26201829924], [-98.445753095183, -105.78557995571, -1.3231812478484], [-98.48110371593, -105.29602793469, 0.61565580354322], [-98.516454336676, -104.80647543682, 2.5544928549348], [-98.55180492762, -104.31692293896, 4.4933299063264], [-98.587155548367, -103.82737091793, 6.432166957718], [-98.622506169114, -103.33781842007, 8.3710040091096], [-98.65785678986, -102.84826592221, 10.309841060501], [-98.693207410607, -102.35871366276, 12.248678111893], [-98.728558031353, -101.86916140332, 14.187515163284], [-98.7639086521, -101.37960890545, 16.126352214676], [-98.799259272847, -100.89005664601, 18.065189266068], [-98.834609893593, -100.40050438656, 20.004026079041], [-98.86996051434, -99.910952007907, 21.942863011223], [-98.905311075482, -99.421399659055, 23.88170000301], [-98.940661696229, -98.931847310202, 25.820536994797], [-98.976012316975, -98.442294991153, 27.759374046188], [-99.011362937722, -97.952742612498, 29.69821109758], [-99.046713558468, -97.463190233844, 31.637047672135], [-99.08206411961, -96.973637855189, 33.575884723526], [-99.117414799962, -96.484085595744, 35.514721774918], [-99.152765361104, -95.994533336299, 37.453558826309], [-99.188116041455, -95.504980838435, 39.392394924027], [-99.223466602597, -95.015428817408, 41.331231975418], [-99.258817282948, -94.525876319545, 43.27006902681], [-99.29416784409, -94.036323821681, 45.208906078201], [-99.329518524441, -93.546771800654, 47.147743129593], [-99.364869085583, -93.05721930279, 49.086580180985], [-99.400219765934, -92.567666804927, 51.025417232376], [-99.435570327076, -92.078114307063, 52.964254283768], [-99.470920888218, -91.588562286036, 54.903091335159], [-99.50627156857, -91.099009788172, 56.841928386551], [-99.541622129712, -90.609457290309, 58.780767345291], [-99.576972810063, -90.119904792445, 60.719602489334], [-99.612323371205, -89.630353248255, 62.658441448074], [-99.647674051556, -89.140800750392, 64.597276592117], [-99.683024612698, -88.651248252528, 66.53611173616], [-99.718375293049, -88.161695754664, 68.474950694901], [-99.753725854191, -87.6721432568, 70.413785838944], [-99.789076534543, -87.182590758937, 72.352624797684], [-99.824427095685, -86.693039214747, 74.291459941727], [-99.859777656827, -86.203486716883, 76.230298900467], [-99.895128337178, -85.71393421902, 78.16913404451], [-99.93047889832, -85.224381721156, 80.10797300325], [-99.965829578671, -84.734829223292, 82.046808147293], [-100.00118013981, -84.245276725428, 83.985647106033], [-100.03653082016, -83.755725181239, 85.924482250076]], "InstanceCreationTime": ["120208.790000", "120208.725000", "120208.792000", "120208.727000", "120208.794000", "120208.729000", "120208.795000", "120208.730000", "120208.797000", "120208.732000", "120208.799000", "120208.734000", "120208.801000", "120208.736000", "120208.802000", "120208.738000", "120208.804000", "120208.740000", "120208.806000", "120208.742000", "120208.808000", "120208.744000", "120208.810000", "120208.745000", "120208.812000", "120208.747000", "120208.814000", "120208.749000", "120208.816000", "120208.751000", "120208.817000", "120208.753000", "120208.819000", "120208.754000", "120208.821000", "120208.756000", "120208.823000", "120208.758000", "120208.825000", "120208.760000", "120208.827000", "120208.762000", "120208.829000", "120208.763000", "120208.831000", "120208.765000", "120208.832000", "120208.767000", "120208.834000", "120208.769000", "120208.844000", "120208.771000", "120208.845000", "120208.772000", "120208.847000", "120208.774000", "120208.849000", "120208.776000", "120208.851000", "120208.778000", "120208.853000", "120208.779000", "120208.855000", "120208.781000", "120208.856000", "120208.783000", "120208.858000", "120208.785000", "120208.860000", "120208.787000", "120208.862000", "120208.788000"], "InstanceNumber": [1, 2, 3, 4, 5, 6, 7, 8, 9, 10, 11, 12, 13, 14, 15, 16, 17, 18, 19, 20, 21, 22, 23, 24, 25, 26, 27, 28, 29, 30, 31, 32, 33, 34, 35, 36, 37, 38, 39, 40, 41, 42, 43, 44, 45, 46, 47, 48, 49, 50, 51, 52, 53, 54, 55, 56, 57, 58, 59, 60, 61, 62, 63, 64, 65, 66, 67, 68, 69, 70, 71, 72], "LargestImagePixelValue": [4092, 4094, 4093, 4095, 4094, 4094, 4088, 4094, 4095, 4094, 4094, 4094, 4094, 4094, 4094, 4093, 4094, 4094, 4094, 4091, 4094, 4094, 4095, 4095, 4095, 4094, 4094, 4095, 4093, 4093, 4094, 4094, 4091, 4093, 4090, 4090, 4093, 4093, 4094, 4089, 4091, 4094, 4094, 4092, 4094, 4090, 4088, 4095, 4091, 4093, 4093, 4088, 4094, 4089, 4092, 4094, 4094, 4094, 4095, 4095, 4095, 4090, 4094, 4095, 4094, 4094, 4094, 4092, 4094, 4095, 4094, 4095], "SliceLocation": [-77.436443144129, -75.436445119985, -73.43644709584, -71.436448605349, -69.436443185129, -67.436444694111, -65.436446669966, -63.436448412385, -61.436446457029, -59.436448199448, -57.436446244093, -55.436448219948, -53.436446264461, -51.436448006945, -49.436446051425, -47.436447793943, -45.436445838389, -43.436447814311, -41.436445858823, -39.436447601374, -37.436445645754, -35.436447388437, -33.436445432818, -31.436447408673, -29.436447302073, -27.436447196, -25.436447089399, -23.436447099518, -21.436446992917, -19.436446886844, -17.436446896962, -15.436446790362, -13.436446683762, -11.436446635521, -9.4364465872799, -7.4364464806797, -5.4364464324388, -3.4364466153252, -1.4364466534683, 0.56355335782204, 2.5635533701659, 4.5635534329967, 6.5635535104172, 8.563553125583, 10.56355320195, 12.563553251245, 14.563553298432, 16.563552481576, 18.563552470405, 20.563552578058, 22.563552683605, 24.56355267454, 26.563552780087, 28.563552887741, 30.563552993287, 32.563552982115, 34.563553089769, 36.563555044335, 38.563553302969, 40.563555024098, 42.563553282733, 44.563551539261, 46.563553495933, 48.563551752461, 50.563553709134, 52.563551732225, 54.56355368679, 56.563551945425, 58.563553899991, 60.563552158625, 62.563554113191, 64.563552138389], "SmallestImagePixelValue": [0, 0, 0, 0, 0, 1, 3, 0, 0, 2, 1, 0, 0, 0, 0, 2, 1, 1, 1, 0, 3, 1, 0, 5, 1, 6, 3, 9, 0, 0, 5, 2, 0, 0, 3, 0, 0, 0, 0, 8, 0, 2, 0, 8, 1, 2, 4, 1, 0, 3, 0, 0, 0, 5, 1, 4, 3, 0, 0, 0, 0, 0, 0, 0, 0, 0, 0, 2, 0, 1, 0, 0], "WindowCenter": [-262.0, -244.0, -204.0, -186.0, -170.0, -142.0, -154.0, -192.0, -204.0, -262.0, -268.0, -270.0, -266.0, -288.0, -248.0, -266.0, -284.0, -286.0, -282.0, -314.0, -322.0, -344.0, -340.0, -356.0, -298.0, -256.0, -198.0, -182.0, -190.0, -336.0, -226.0, -316.0, -320.0, -296.0, -288.0, -262.0, -258.0, -254.0, -230.0, -222.0, -180.0, -158.0, -166.0, -164.0, -154.0, -164.0, -184.0, -178.0, -194.0, -194.0, -252.0, -270.0, -274.0, -296.0, -270.0, -290.0, -136.0, -112.0, -68.0, -66.0, -74.0, -96.0, -80.0, -100.0, -84.0, -80.0, -106.0, -164.0, -226.0, -274.0, -302.0, -474.0], "WindowWidth": [6018.0, 6016.0, 5996.0, 6098.0, 6120.0, 6096.0, 6058.0, 6006.0, 5926.0, 5928.0, 5940.0, 5990.0, 6032.0, 5942.0, 5896.0, 5844.0, 5834.0, 5778.0, 5726.0, 5592.0, 5560.0, 5442.0, 5490.0, 5604.0, 5506.0, 5528.0, 5500.0, 5410.0, 5346.0, 4642.0, 5024.0, 4618.0, 4614.0, 4606.0, 4596.0, 4580.0, 4574.0, 4578.0, 4558.0, 4558.0, 4528.0, 4526.0, 4522.0, 4526.0, 4514.0, 4532.0, 4550.0, 4558.0, 4572.0, 4574.0, 4618.0, 4636.0, 4650.0, 4678.0, 4686.0, 4714.0, 5296.0, 5444.0, 5634.0, 5696.0, 5754.0, 5782.0, 5910.0, 5898.0, 5958.0, 6016.0, 6072.0, 6010.0, 5972.0, 5816.0, 5588.0, 4994.0]}}, "IntendedFor": ["ses-1/func/sub-66_ses-1_task-motor_run-04_bold.nii.gz", "ses-1/func/sub-66_ses-1_task-motor_run-02_bold.nii.gz", "ses-1/func/sub-66_ses-1_task-motor_run-03_bold.nii.gz", "ses-1/func/sub-66_ses-1_task-motor_run-01_bold.nii.gz", "ses-1/func/sub-66_ses-1_task-motor_run-06_bold.nii.gz", "ses-1/func/sub-66_ses-1_task-motor_run-05_bold.nii.gz"]}