{
	"Modality": "MR",
	"MagneticFieldStrength": 3,
	"Manufacturer": "Siemens",
	"ManufacturersModelName": "Prisma",
	"InstitutionName": "BeiJing_Normal_University",
	"InstitutionalDepartmentName": "Department",
	"InstitutionAddress": "Street_StreetNo_Bei_Jing_District_CN_ZIP",
	"DeviceSerialNumber": "166078",
	"StationName": "AWP166078",
	"BodyPartExamined": "BRAIN",
	"PatientPosition": "HFS",
	"ProcedureStepDescription": "BNU_P2018_64CH_Liu.Jia",
	"SoftwareVersions": "syngo_MR_E11",
	"MRAcquisitionType": "2D",
	"SeriesDescription": "field_mapping_2x2x2",
	"ProtocolName": "field_mapping_2x2x2",
	"ScanningSequence": "GR",
	"SequenceVariant": "SP",
	"SequenceName": "_fm2d2r",
	"ImageType": ["ORIGINAL", "PRIMARY", "P", "ND"],
	"SeriesNumber": 8,
	"AcquisitionTime": "12:03:53.215000",
	"AcquisitionNumber": 1,
	"SliceThickness": 2,
	"SpacingBetweenSlices": 2,
	"SAR": 0.102138,
	"EchoNumber": 2,
	"EchoTime": 0.00738,
	"EchoTime1": 0.00492, 
	"EchoTime2": 0.00738,
	"RepetitionTime": 0.72,
	"FlipAngle": 60,
	"PartialFourier": 1,
	"BaseResolution": 100,
	"ShimSetting": [
		-5461,
		-11474,
		-1255,
		400,
		-66,
		-252,
		-165,
		16	],
	"TxRefAmp": 225.553,
	"PhaseResolution": 1,
	"ReceiveCoilName": "HeadNeck_64",
	"ReceiveCoilActiveElements": "HC1-7;NC1",
	"PulseSequenceDetails": "%SiemensSeq%_gre_field_mapping",
	"ConsistencyInfo": "N4_VE11C_LATEST_20160120",
	"PercentPhaseFOV": 100,
	"PhaseEncodingSteps": 100,
	"AcquisitionMatrixPE": 100,
	"ReconMatrixPE": 100,
	"PixelBandwidth": 570,
	"DwellTime": 8.8e-06,
	"PhaseEncodingDirection": "i",
	"ImageOrientationPatientDICOM": [
		1,
		-0.000136315,
		-0.000530998,
		3.007e-12,
		0.968593,
		-0.248652	],
	"InPlanePhaseEncodingDirectionDICOM": "ROW",
	"ConversionSoftware": "dcm2niix",
	"ConversionSoftwareVersion": "v1.0.20180622 GCC4.9.2"
}
