{"AcquisitionMatrixPE": 100, "AcquisitionNumber": 1, "AcquisitionTime": "10:53:47.640000", "BaseResolution": 100, "BodyPartExamined": "BRAIN", "ConsistencyInfo": "N4_VE11C_LATEST_20160120", "ConversionSoftware": "dcm2niix", "ConversionSoftwareVersion": "v1.0.20180622 GCC4.9.2", "DeviceSerialNumber": "166078", "DwellTime": 8.8e-06, "EchoNumber": 2, "EchoTime": 0.00738, "EchoTime1": 0.00492, "EchoTime2": 0.00738, "FlipAngle": 60, "ImageOrientationPatientDICOM": [1, -0.000107053, -0.000556203, 1.5e-13, 0.981977, -0.189002], "ImageType": ["ORIGINAL", "PRIMARY", "P", "ND"], "InPlanePhaseEncodingDirectionDICOM": "ROW", "InstitutionAddress": "Street_StreetNo_Bei_Jing_District_CN_ZIP", "InstitutionName": "BeiJing_Normal_University", "InstitutionalDepartmentName": "Department", "MRAcquisitionType": "2D", "MagneticFieldStrength": 3, "Manufacturer": "Siemens", "ManufacturersModelName": "Prisma", "Modality": "MR", "PartialFourier": 1, "PatientPosition": "HFS", "PercentPhaseFOV": 100, "PhaseEncodingDirection": "i", "PhaseEncodingSteps": 100, "PhaseResolution": 1, "PixelBandwidth": 570, "ProcedureStepDescription": "BNU_P2018_64CH_Liu.Jia", "ProtocolName": "field_mapping_2x2x2", "PulseSequenceDetails": "%SiemensSeq%_gre_field_mapping", "ReceiveCoilActiveElements": "HC1-7;NC1", "ReceiveCoilName": "HeadNeck_64", "ReconMatrixPE": 100, "RepetitionTime": 0.72, "SAR": 0.111037, "ScanningSequence": "GR", "SequenceName": "_fm2d2r", "SequenceVariant": "SP", "SeriesDescription": "field_mapping_2x2x2", "SeriesNumber": 7, "ShimSetting": [-5458, -11507, -1280, 407, -44, -209, -165, 85], "SliceThickness": 2, "SoftwareVersions": "syngo_MR_E11", "SpacingBetweenSlices": 2, "StationName": "AWP166078", "TxRefAmp": 221.301, "dcmmeta_affine": [[-1.9999996423721313, 2.9999998795923744e-13, -0.0011328458786010742, 101.35083770751953], [0.0002141061268048361, 1.9639533758163452, -0.3780040740966797, -80.23091888427734], [-0.0011124064913019538, 0.3780043423175812, 1.9639549255371094, -94.81808471679688], [0.0, 0.0, 0.0, 1.0]], "dcmmeta_reorient_transform": [[0.0, -1.0, 0.0, 99.0], [1.0, 0.0, 0.0, 0.0], [0.0, 0.0, -1.0, 71.0], [0.0, 0.0, 0.0, 1.0]], "dcmmeta_shape": [100, 100, 72], "dcmmeta_slice_dim": 2, "dcmmeta_version": 0.6, "global": {"const": {"AcquisitionMatrix": [0, 100, 100, 0], "AcquisitionNumber": 1, "AngioFlag": "N", "BitsAllocated": 16, "BitsStored": 12, "BodyPartExamined": "BRAIN", "Columns": 100, "EchoNumbers": 2, "EchoTime": 7.38, "EchoTrainLength": 0, "FlipAngle": 60.0, "HighBit": 11, "ImageOrientationPatient": [0.99999983958879, -0.0001070530661, -0.0005562032244, 1.5e-13, 0.9819766707288, -0.1890021643907], "ImageType": ["ORIGINAL", "PRIMARY", "P", "ND"], "ImagedNucleus": "1H", "ImagingFrequency": 123.257844, "InPlanePhaseEncodingDirection": "ROW", "MRAcquisitionType": "2D", "MagneticFieldStrength": 3.0, "Manufacturer": "SIEMENS", "ManufacturerModelName": "Prisma", "Modality": "MR", "NumberOfAverages": 1.0, "NumberOfPhaseEncodingSteps": 100, "PercentPhaseFieldOfView": 100.0, "PercentSampling": 100.0, "PerformedProcedureStepStartTime": "102529.662000", "PhotometricInterpretation": "MONOCHROME2", "PixelBandwidth": 570.0, "PixelRepresentation": 0, "PixelSpacing": [2.0, 2.0], "ProtocolName": "field_mapping_2x2x2", "RepetitionTime": 720.0, "RescaleIntercept": -4096.0, "RescaleSlope": 2.0, "RescaleType": "US", "Rows": 100, "SAR": 0.11103732151729, "SamplesPerPixel": 1, "ScanningSequence": "GR", "SequenceName": "*fm2d2r", "SequenceVariant": "SP", "SeriesDescription": "field_mapping_2x2x2", "SeriesNumber": 7, "SeriesTime": "105612.309000", "SliceThickness": 2.0, "SoftwareVersions": "syngo MR E11", "SpacingBetweenSlices": 2.0, "SpecificCharacterSet": "ISO_IR 100", "StudyID": "1", "StudyTime": "102529.600000", "TransmitCoilName": "Body", "VariableFlipAngleFlag": "N", "WindowCenterWidthExplanation": "Algo1", "dBdt": 0.0}, "slices": {"AcquisitionTime": ["105347.640000", "105347.280000", "105347.650000", "105347.290000", "105347.660000", "105347.300000", "105347.670000", "105347.310000", "105347.680000", "105347.320000", "105347.690000", "105347.330000", "105347.700000", "105347.340000", "105347.710000", "105347.350000", "105347.720000", "105347.360000", "105347.730000", "105347.370000", "105347.740000", "105347.380000", "105347.750000", "105347.390000", "105347.760000", "105347.400000", "105347.770000", "105347.410000", "105347.780000", "105347.420000", "105347.790000", "105347.430000", "105347.800000", "105347.440000", "105347.810000", "105347.450000", "105347.820000", "105347.460000", "105347.830000", "105347.470000", "105347.840000", "105347.480000", "105347.850000", "105347.490000", "105347.860000", "105347.500000", "105347.870000", "105347.510000", "105347.880000", "105347.520000", "105347.890000", "105347.530000", "105347.900000", "105347.540000", "105347.910000", "105347.550000", "105347.920000", "105347.560000", "105347.930000", "105347.570000", "105347.940000", "105347.580000", "105347.950000", "105347.590000", "105347.960000", "105347.600000", "105347.970000", "105347.610000", "105347.980000", "105347.620000", "105347.990000", "105347.630000"], "ContentTime": ["105612.394000", "105612.311000", "105612.396000", "105612.313000", "105612.398000", "105612.315000", "105612.402000", "105612.318000", "105612.404000", "105612.320000", "105612.406000", "105612.322000", "105612.408000", "105612.324000", "105612.410000", "105612.326000", "105612.412000", "105612.328000", "105612.416000", "105612.331000", "105612.418000", "105612.332000", "105612.422000", "105612.335000", "105612.425000", "105612.337000", "105612.426000", "105612.339000", "105612.428000", "105612.341000", "105612.430000", "105612.344000", "105612.432000", "105612.346000", "105612.434000", "105612.348000", "105612.436000", "105612.350000", "105612.438000", "105612.353000", "105612.440000", "105612.356000", "105612.442000", "105612.358000", "105612.444000", "105612.360000", "105612.446000", "105612.362000", "105612.448000", "105612.364000", "105612.449000", "105612.366000", "105612.452000", "105612.368000", "105612.454000", "105612.370000", "105612.456000", "105612.378000", "105612.458000", "105612.380000", "105612.460000", "105612.381000", "105612.462000", "105612.384000", "105612.464000", "105612.386000", "105612.466000", "105612.388000", "105612.468000", "105612.389000", "105612.470000", "105612.392000"], "CsaImage.GSWDDataType": ["measured", "predicted", "measured", "predicted", "measured", "predicted", "measured", "predicted", "measured", "predicted", "measured", "predicted", "measured", "predicted", "measured", "predicted", "measured", "predicted", "measured", "predicted", "measured", "predicted", "measured", "predicted", "measured", "predicted", "measured", "predicted", "measured", "predicted", "measured", "predicted", "measured", "predicted", "measured", "predicted", "measured", "predicted", "measured", "predicted", "measured", "predicted", "measured", "predicted", "measured", "predicted", "measured", "predicted", "measured", "predicted", "measured", "predicted", "measured", "predicted", "measured", "predicted", "measured", "predicted", "measured", "predicted", "measured", "measured", "measured", "measured", "measured", "measured", "measured", "measured", "measured", "measured", "measured", "measured"], "CsaImage.ICE_Dims": ["X_2_1_1_1_1_1_37_1_1_1_1_57", "X_2_1_1_1_1_1_1_1_1_2_1_57", "X_2_1_1_1_1_1_38_1_1_3_1_57", "X_2_1_1_1_1_1_2_1_1_4_1_57", "X_2_1_1_1_1_1_39_1_1_5_1_57", "X_2_1_1_1_1_1_3_1_1_6_1_57", "X_2_1_1_1_1_1_40_1_1_7_1_57", "X_2_1_1_1_1_1_4_1_1_8_1_57", "X_2_1_1_1_1_1_41_1_1_9_1_57", "X_2_1_1_1_1_1_5_1_1_10_1_57", "X_2_1_1_1_1_1_42_1_1_11_1_57", "X_2_1_1_1_1_1_6_1_1_12_1_57", "X_2_1_1_1_1_1_43_1_1_13_1_57", "X_2_1_1_1_1_1_7_1_1_14_1_57", "X_2_1_1_1_1_1_44_1_1_15_1_57", "X_2_1_1_1_1_1_8_1_1_16_1_57", "X_2_1_1_1_1_1_45_1_1_17_1_57", "X_2_1_1_1_1_1_9_1_1_18_1_57", "X_2_1_1_1_1_1_46_1_1_19_1_57", "X_2_1_1_1_1_1_10_1_1_20_1_57", "X_2_1_1_1_1_1_47_1_1_21_1_57", "X_2_1_1_1_1_1_11_1_1_22_1_57", "X_2_1_1_1_1_1_48_1_1_23_1_57", "X_2_1_1_1_1_1_12_1_1_24_1_57", "X_2_1_1_1_1_1_49_1_1_25_1_57", "X_2_1_1_1_1_1_13_1_1_26_1_57", "X_2_1_1_1_1_1_50_1_1_27_1_57", "X_2_1_1_1_1_1_14_1_1_28_1_57", "X_2_1_1_1_1_1_51_1_1_29_1_57", "X_2_1_1_1_1_1_15_1_1_30_1_57", "X_2_1_1_1_1_1_52_1_1_31_1_57", "X_2_1_1_1_1_1_16_1_1_32_1_57", "X_2_1_1_1_1_1_53_1_1_33_1_57", "X_2_1_1_1_1_1_17_1_1_34_1_57", "X_2_1_1_1_1_1_54_1_1_35_1_57", "X_2_1_1_1_1_1_18_1_1_36_1_57", "X_2_1_1_1_1_1_55_1_1_37_1_57", "X_2_1_1_1_1_1_19_1_1_38_1_57", "X_2_1_1_1_1_1_56_1_1_39_1_57", "X_2_1_1_1_1_1_20_1_1_40_1_57", "X_2_1_1_1_1_1_57_1_1_41_1_57", "X_2_1_1_1_1_1_21_1_1_42_1_57", "X_2_1_1_1_1_1_58_1_1_43_1_57", "X_2_1_1_1_1_1_22_1_1_44_1_57", "X_2_1_1_1_1_1_59_1_1_45_1_57", "X_2_1_1_1_1_1_23_1_1_46_1_57", "X_2_1_1_1_1_1_60_1_1_47_1_57", "X_2_1_1_1_1_1_24_1_1_48_1_57", "X_2_1_1_1_1_1_61_1_1_49_1_57", "X_2_1_1_1_1_1_25_1_1_50_1_57", "X_2_1_1_1_1_1_62_1_1_51_1_57", "X_2_1_1_1_1_1_26_1_1_52_1_57", "X_2_1_1_1_1_1_63_1_1_53_1_57", "X_2_1_1_1_1_1_27_1_1_54_1_57", "X_2_1_1_1_1_1_64_1_1_55_1_57", "X_2_1_1_1_1_1_28_1_1_56_1_57", "X_2_1_1_1_1_1_65_1_1_57_1_57", "X_2_1_1_1_1_1_29_1_1_58_1_57", "X_2_1_1_1_1_1_66_1_1_59_1_57", "X_2_1_1_1_1_1_30_1_1_60_1_57", "X_2_1_1_1_1_1_67_1_1_61_1_57", "X_2_1_1_1_1_1_31_1_1_62_1_57", "X_2_1_1_1_1_1_68_1_1_63_1_57", "X_2_1_1_1_1_1_32_1_1_64_1_57", "X_2_1_1_1_1_1_69_1_1_65_1_57", "X_2_1_1_1_1_1_33_1_1_66_1_57", "X_2_1_1_1_1_1_70_1_1_67_1_57", "X_2_1_1_1_1_1_34_1_1_68_1_57", "X_2_1_1_1_1_1_71_1_1_69_1_57", "X_2_1_1_1_1_1_35_1_1_70_1_57", "X_2_1_1_1_1_1_72_1_1_71_1_57", "X_2_1_1_1_1_1_36_1_1_72_1_57"], "CsaImage.ProtocolSliceNumber": [0, 1, 2, 3, 4, 5, 6, 7, 8, 9, 10, 11, 12, 13, 14, 15, 16, 17, 18, 19, 20, 21, 22, 23, 24, 25, 26, 27, 28, 29, 30, 31, 32, 33, 34, 35, 36, 37, 38, 39, 40, 41, 42, 43, 44, 45, 46, 47, 48, 49, 50, 51, 52, 53, 54, 55, 56, 57, 58, 59, 60, 61, 62, 63, 64, 65, 66, 67, 68, 69, 70, 71], "CsaImage.RFSWDDataType": ["measured", "predicted", "measured", "predicted", "measured", "predicted", "measured", "predicted", "measured", "predicted", "measured", "predicted", "measured", "predicted", "measured", "predicted", "measured", "predicted", "measured", "predicted", "measured", "predicted", "measured", "predicted", "measured", "predicted", "measured", "predicted", "measured", "predicted", "measured", "predicted", "measured", "predicted", "measured", "predicted", "measured", "predicted", "measured", "predicted", "measured", "predicted", "measured", "predicted", "measured", "predicted", "measured", "predicted", "measured", "predicted", "measured", "predicted", "measured", "predicted", "measured", "predicted", "measured", "measured", "measured", "measured", "measured", "measured", "measured", "measured", "measured", "measured", "measured", "measured", "measured", "measured", "measured", "measured"], "CsaImage.SlicePosition_PCS": [[-101.35083454, -114.20047533, -57.39551974], [-101.3497017, -113.8224703, -55.43156863], [-101.34856885, -113.44446623, -53.46761752], [-101.347436, -113.06646216, -51.50365878], [-101.34630316, -112.68845713, -49.53970767], [-101.34517043, -112.31045305, -47.57575656], [-101.34403758, -111.93244898, -45.61180545], [-101.34290474, -111.55444491, -43.64785052], [-101.34177189, -111.17644083, -41.6838956], [-101.34063905, -110.7984358, -39.71994449], [-101.3395062, -110.42043173, -37.75598956], [-101.33837347, -110.04242766, -35.79203845], [-101.33724063, -109.66442358, -33.82808353], [-101.33610778, -109.28641855, -31.86413242], [-101.33497494, -108.90841448, -29.90017749], [-101.33384209, -108.53041041, -27.93622638], [-101.33270936, -108.15240633, -25.97227145], [-101.33157652, -107.77440226, -24.00832034], [-101.33044367, -107.39639723, -22.04436542], [-101.32931083, -107.01839316, -20.08041431], [-101.32817798, -106.64038908, -18.11645938], [-101.32704525, -106.26238501, -16.15250827], [-101.32591241, -105.88438046, -14.18855334], [-101.32477956, -105.50637638, -12.22460033], [-101.32364672, -105.12837183, -10.26064731], [-101.32251387, -104.75036776, -8.29669429], [-101.32138103, -104.37236368, -6.33274127], [-101.3202483, -103.99435913, -4.36878825], [-101.31911545, -103.61635506, -2.40483524], [-101.31798261, -103.23835051, -0.44088222], [-101.31684976, -102.86034643, 1.5230708], [-101.31571691, -102.48234236, 3.48702382], [-101.31458419, -102.10433781, 5.45097684], [-101.31345134, -101.7263335, 7.41492986], [-101.3123185, -101.34832942, 9.37888287], [-101.31118565, -100.97032511, 11.34283589], [-101.3100528, -100.5923208, 13.30678891], [-101.30892008, -100.21431648, 15.27074193], [-101.30778723, -99.83631229, 17.23469483], [-101.30665439, -99.45830798, 19.19864789], [-101.30552154, -99.08030367, 21.16260098], [-101.30438869, -98.70229941, 23.126554], [-101.30325585, -98.32429514, 25.09050702], [-101.30212312, -97.94629088, 27.05446004], [-101.30099028, -97.56828659, 29.01841306], [-101.29985743, -97.19028234, 30.98236607], [-101.29872458, -96.81227803, 32.94631909], [-101.29759174, -96.43427384, 34.91027211], [-101.29645901, -96.05626952, 36.87422513], [-101.29532617, -95.67826521, 38.83817815], [-101.29419332, -95.3002609, 40.80213116], [-101.29306047, -94.92225682, 42.76608418], [-101.29192763, -94.54425251, 44.7300372], [-101.29079478, -94.16624796, 46.69399022], [-101.28966206, -93.78824389, 48.65794324], [-101.28852921, -93.41023981, 50.62189626], [-101.28739636, -93.03223526, 52.58584927], [-101.28626352, -92.65423119, 54.5498042], [-101.28513067, -92.27622664, 56.51375531], [-101.28399795, -91.89822256, 58.47771024], [-101.2828651, -91.52021849, 60.44166135], [-101.28173225, -91.14221394, 62.40561627], [-101.28059941, -90.76420986, 64.36956738], [-101.27946656, -90.38620531, 66.33352231], [-101.27833384, -90.00820124, 68.29747342], [-101.27720099, -89.63019716, 70.26142834], [-101.27606814, -89.25219309, 72.22537946], [-101.2749353, -88.87418806, 74.18933438], [-101.27380245, -88.49618399, 76.15328549], [-101.27266961, -88.11817991, 78.11724042], [-101.27153688, -87.74017584, 80.08119153], [-101.27040403, -87.36217177, 82.04514645]], "CsaImage.TimeAfterStart": [1.0825, 0.7225, 1.0925, 0.7325, 1.1025, 0.7425, 1.1125, 0.7525, 1.1225, 0.7625, 1.1325, 0.7725, 1.1425, 0.7825, 1.1525, 0.7925, 1.1625, 0.8025, 1.1725, 0.8125, 1.1825, 0.8225, 1.1925, 0.8325, 1.2025, 0.8425, 1.2125, 0.8525, 1.2225, 0.8625, 1.2325, 0.8725, 1.2425, 0.8825, 1.2525, 0.8925, 1.2625, 0.9025, 1.2725, 0.9125, 1.2825, 0.9225, 1.2925, 0.9325, 1.3025, 0.9425, 1.3125, 0.9525, 1.3225, 0.9625, 1.3325, 0.9725, 1.3425, 0.9825, 1.3525, 0.9925, 1.3625, 1.0025, 1.3725, 1.0125, 1.3825, 1.0225, 1.3925, 1.0325, 1.4025, 1.0425, 1.4125, 1.0525, 1.4225, 1.0625, 1.4325, 1.0725], "ImagePositionPatient": [[-101.35083454102, -114.20047533134, -57.395519744831], [-101.34970169514, -113.82247030357, -55.431568633991], [-101.34856884926, -113.44446622947, -53.467617523151], [-101.34743600338, -113.06646215537, -51.503658782917], [-101.3463031575, -112.6884571276, -49.539707672077], [-101.34517043083, -112.3104530535, -47.575756561237], [-101.34403758495, -111.93244897941, -45.611805450397], [-101.34290473908, -111.55444490531, -43.64785052486], [-101.3417718932, -111.17644083121, -41.683895599323], [-101.34063904732, -110.79843580344, -39.719944488483], [-101.33950620144, -110.42043172935, -37.755989562946], [-101.33837347477, -110.04242765525, -35.792038452106], [-101.33724062889, -109.66442358115, -33.828083526569], [-101.33610778301, -109.28641855338, -31.864132415729], [-101.33497493713, -108.90841447929, -29.900177490192], [-101.33384209126, -108.53041040519, -27.936226379352], [-101.33270936459, -108.15240633109, -25.972271453815], [-101.33157651871, -107.774402257, -24.008320342975], [-101.33044367283, -107.39639722922, -22.044365417438], [-101.32931082695, -107.01839315513, -20.080414306598], [-101.32817798107, -106.64038908103, -18.116459381061], [-101.3270452544, -106.26238500693, -16.152508270221], [-101.32591240852, -105.884380456, -14.188553344684], [-101.32477956265, -105.5063763819, -12.224600326496], [-101.32364671677, -105.12837183097, -10.260647308307], [-101.32251387089, -104.75036775687, -8.2966942901189], [-101.32138102501, -104.37236368278, -6.3327412719305], [-101.32024829834, -103.99435913184, -4.368788253742], [-101.31911545246, -103.61635505775, -2.4048352355535], [-101.31798260658, -103.23835050681, -0.440882217365], [-101.31684976071, -102.86034643272, 1.5230708008234], [-101.31571691483, -102.48234235862, 3.4870238190119], [-101.31458418816, -102.10433780769, 5.4509768372004], [-101.31345134228, -101.72633349517, 7.4149298553889], [-101.3123184964, -101.34832942107, 9.3788828735773], [-101.31118565052, -100.97032510856, 11.342835891766], [-101.31005280464, -100.59232079604, 13.306788909954], [-101.30892007797, -100.21431648353, 15.270741928143], [-101.3077872321, -99.836312290222, 17.234694827122], [-101.30665438622, -99.458307977706, 19.198647890014], [-101.30552154034, -99.080303665191, 21.162600982708], [-101.30438869446, -98.70229941228, 23.126554000897], [-101.30325584858, -98.324295144469, 25.090507019085], [-101.30212312191, -97.946290876657, 27.054460037274], [-101.30099027603, -97.568286593944, 29.018413055462], [-101.29985743015, -97.190282341033, 30.982366073651], [-101.29872458428, -96.812278028518, 32.946319091839], [-101.2975917384, -96.434273835212, 34.910272110028], [-101.29645901173, -96.056269522697, 36.874225128216], [-101.29532616585, -95.678265210182, 38.838178146404], [-101.29419331997, -95.300260897666, 40.802131164593], [-101.29306047409, -94.92225682357, 42.766084182781], [-101.29192762821, -94.544252511054, 44.73003720097], [-101.29079478233, -94.166247960121, 46.693990219158], [-101.28966205567, -93.788243886024, 48.657943237347], [-101.28852920979, -93.410239811927, 50.621896255535], [-101.28739636391, -93.032235260993, 52.585849273724], [-101.28626351803, -92.654231186897, 54.549804199261], [-101.28513067215, -92.276226635963, 56.513755310101], [-101.28399794548, -91.898222561866, 58.477710235638], [-101.2828650996, -91.520218487769, 60.441661346478], [-101.28173225372, -91.142213936836, 62.405616272015], [-101.28059940785, -90.764209862739, 64.369567382855], [-101.27946656197, -90.386205311805, 66.333522308392], [-101.2783338353, -90.008201237708, 68.297473419232], [-101.27720098942, -89.630197163612, 70.261428344769], [-101.27606814354, -89.252193089515, 72.225379455609], [-101.27493529766, -88.874188061744, 74.189334381146], [-101.27380245178, -88.496183987647, 76.153285491986], [-101.2726696059, -88.118179913551, 78.117240417523], [-101.27153687924, -87.740175839454, 80.081191528363], [-101.27040403336, -87.362171765357, 82.0451464539]], "InstanceCreationTime": ["105612.394000", "105612.311000", "105612.396000", "105612.313000", "105612.398000", "105612.315000", "105612.402000", "105612.318000", "105612.404000", "105612.320000", "105612.406000", "105612.322000", "105612.408000", "105612.324000", "105612.410000", "105612.326000", "105612.412000", "105612.328000", "105612.416000", "105612.331000", "105612.418000", "105612.332000", "105612.422000", "105612.335000", "105612.425000", "105612.337000", "105612.426000", "105612.339000", "105612.428000", "105612.341000", "105612.430000", "105612.344000", "105612.432000", "105612.346000", "105612.434000", "105612.348000", "105612.436000", "105612.350000", "105612.438000", "105612.353000", "105612.440000", "105612.356000", "105612.442000", "105612.358000", "105612.444000", "105612.360000", "105612.446000", "105612.362000", "105612.448000", "105612.364000", "105612.449000", "105612.366000", "105612.452000", "105612.368000", "105612.454000", "105612.370000", "105612.456000", "105612.378000", "105612.458000", "105612.380000", "105612.460000", "105612.381000", "105612.462000", "105612.384000", "105612.464000", "105612.386000", "105612.466000", "105612.388000", "105612.468000", "105612.389000", "105612.470000", "105612.392000"], "InstanceNumber": [1, 2, 3, 4, 5, 6, 7, 8, 9, 10, 11, 12, 13, 14, 15, 16, 17, 18, 19, 20, 21, 22, 23, 24, 25, 26, 27, 28, 29, 30, 31, 32, 33, 34, 35, 36, 37, 38, 39, 40, 41, 42, 43, 44, 45, 46, 47, 48, 49, 50, 51, 52, 53, 54, 55, 56, 57, 58, 59, 60, 61, 62, 63, 64, 65, 66, 67, 68, 69, 70, 71, 72], "LargestImagePixelValue": [4095, 4093, 4092, 4092, 4095, 4093, 4094, 4094, 4094, 4094, 4094, 4095, 4093, 4093, 4095, 4095, 4094, 4093, 4095, 4094, 4092, 4092, 4093, 4093, 4090, 4083, 4089, 4090, 4094, 4093, 4094, 4087, 4094, 4089, 4089, 4092, 4086, 4094, 4092, 4095, 4087, 4091, 4092, 4094, 4094, 4093, 4094, 4092, 4095, 4095, 4095, 4094, 4092, 4095, 4093, 4092, 4095, 4094, 4094, 4095, 4094, 4095, 4095, 4094, 4092, 4094, 4094, 4095, 4094, 4095, 4095, 4095], "SliceLocation": [-78.002592216439, -76.002593953908, -74.002595871623, -72.002590297452, -70.002592034921, -68.002593952704, -66.002595870419, -64.002594042191, -62.002592213963, -60.002593951432, -58.002592123204, -56.002594040987, -54.002592212759, -52.002593950228, -50.002592122, -48.002594039716, -46.002592211555, -44.002594129271, -42.002592120796, -40.002594038512, -38.002592210284, -36.002594128067, -34.002592209715, -32.002592254459, -30.00259220908, -28.002592253823, -26.002592298567, -24.002592253255, -22.002592297999, -20.002592252619, -18.002592297363, -16.002592342107, -14.002592296795, -12.002592296477, -10.002592341221, -8.0025923409029, -6.002592340585, -4.0025923403346, -2.0025924796083, -0.0025924353926, 1.9974076380882, 3.9974076271407, 5.9974076190095, 7.9974076108108, 9.997407605496, 11.997407594548, 13.997407594866, 15.997407572653, 17.997407572904, 19.997407573222, 21.99740757354, 23.997407528796, 25.997407529114, 27.997407574493, 29.997407529682, 31.997407484938, 33.997407530318, 35.997409358546, 37.997407530954, 39.997409359114, 41.997407441399, 43.99740935975, 45.997407442034, 47.997409360385, 49.997407442603, 51.99740927083, 53.997407353115, 55.997409361589, 57.997407443874, 59.997409272102, 61.997407354319, 63.997409182547], "SmallestImagePixelValue": [0, 0, 0, 2, 0, 0, 0, 1, 0, 0, 0, 0, 0, 0, 1, 0, 0, 0, 0, 1, 0, 2, 1, 2, 1, 3, 0, 0, 1, 1, 4, 6, 5, 2, 0, 6, 5, 2, 11, 0, 0, 0, 0, 3, 15, 9, 2, 3, 2, 0, 4, 0, 0, 0, 4, 0, 0, 3, 0, 0, 0, 0, 1, 1, 0, 0, 0, 0, 0, 0, 0, 0], "WindowCenter": [-198.0, -170.0, -188.0, -158.0, -138.0, -192.0, -208.0, -176.0, -188.0, -188.0, -132.0, -166.0, -202.0, -208.0, -208.0, -176.0, -188.0, -266.0, -340.0, -372.0, -348.0, -432.0, -294.0, -240.0, -232.0, -370.0, -204.0, -226.0, -174.0, -130.0, -152.0, -150.0, -150.0, -150.0, -192.0, -148.0, -172.0, -138.0, -136.0, -282.0, -100.0, -134.0, -60.0, -46.0, -18.0, -154.0, -176.0, -184.0, -202.0, -226.0, -246.0, -112.0, -112.0, -124.0, -100.0, -80.0, -66.0, -28.0, -52.0, -50.0, -48.0, -56.0, -94.0, -104.0, -188.0, -198.0, -234.0, -222.0, -320.0, -320.0, -376.0, -362.0], "WindowWidth": [5932.0, 5990.0, 6078.0, 6134.0, 6190.0, 6224.0, 6254.0, 6364.0, 6398.0, 6374.0, 6264.0, 6162.0, 6068.0, 5964.0, 5894.0, 5918.0, 5984.0, 5912.0, 5766.0, 5540.0, 5186.0, 4770.0, 5310.0, 5552.0, 5482.0, 4724.0, 5368.0, 5296.0, 5412.0, 5570.0, 5508.0, 5536.0, 5522.0, 5518.0, 5268.0, 5394.0, 5258.0, 5380.0, 5328.0, 4644.0, 5274.0, 4906.0, 5156.0, 5168.0, 5232.0, 4568.0, 4584.0, 4596.0, 4608.0, 4638.0, 4656.0, 5234.0, 5418.0, 5460.0, 5652.0, 5690.0, 5760.0, 5772.0, 5840.0, 5866.0, 5898.0, 5966.0, 6002.0, 5988.0, 6052.0, 6056.0, 6090.0, 6132.0, 6136.0, 6178.0, 6204.0, 6208.0]}}, "IntendedFor": ["ses-1/func/sub-16_ses-1_task-motor_run-04_bold.nii.gz", "ses-1/func/sub-16_ses-1_task-motor_run-01_bold.nii.gz", "ses-1/func/sub-16_ses-1_task-motor_run-03_bold.nii.gz", "ses-1/func/sub-16_ses-1_task-motor_run-06_bold.nii.gz", "ses-1/func/sub-16_ses-1_task-motor_run-02_bold.nii.gz", "ses-1/func/sub-16_ses-1_task-motor_run-05_bold.nii.gz"]}