{"AcquisitionMatrixPE": 100, "AcquisitionNumber": 1, "AcquisitionTime": "09:38:14.422500", "BaseResolution": 100, "BodyPartExamined": "BRAIN", "ConsistencyInfo": "N4_VE11C_LATEST_20160120", "ConversionSoftware": "dcm2niix", "ConversionSoftwareVersion": "v1.0.20180622 GCC4.9.2", "DeviceSerialNumber": "166078", "DwellTime": 8.8e-06, "EchoNumber": 2, "EchoTime": 0.00738, "EchoTime1": 0.00492, "EchoTime2": 0.00738, "FlipAngle": 60, "ImageOrientationPatientDICOM": [1, 0, 0, 0, 1, 0], "ImageType": ["ORIGINAL", "PRIMARY", "P", "ND"], "InPlanePhaseEncodingDirectionDICOM": "ROW", "InstitutionAddress": "Street_StreetNo_Bei_Jing_District_CN_ZIP", "InstitutionName": "BeiJing_Normal_University", "InstitutionalDepartmentName": "Department", "MRAcquisitionType": "2D", "MagneticFieldStrength": 3, "Manufacturer": "Siemens", "ManufacturersModelName": "Prisma", "Modality": "MR", "PartialFourier": 1, "PatientPosition": "HFS", "PercentPhaseFOV": 100, "PhaseEncodingDirection": "i", "PhaseEncodingSteps": 100, "PhaseResolution": 1, "PixelBandwidth": 570, "ProcedureStepDescription": "BNU_P2018_64CH_Liu.Jia", "ProtocolName": "field_mapping_2x2x2", "PulseSequenceDetails": "%SiemensSeq%_gre_field_mapping", "ReceiveCoilActiveElements": "HC1-7;NC1", "ReceiveCoilName": "HeadNeck_64", "ReconMatrixPE": 100, "RepetitionTime": 0.72, "SAR": 0.115517, "ScanningSequence": "GR", "SequenceName": "_fm2d2r", "SequenceVariant": "SP", "SeriesDescription": "field_mapping_2x2x2", "SeriesNumber": 7, "ShimSetting": [-5474, -11496, -1214, 331, -20, -197, -182, 73], "SliceThickness": 2, "SoftwareVersions": "syngo_MR_E11", "SpacingBetweenSlices": 2, "StationName": "AWP166078", "TxRefAmp": 222.708, "dcmmeta_affine": [[-2.0, 0.0, 0.0, 102.02409362792969], [0.0, 2.0, 0.0, -91.37349700927734], [0.0, 0.0, 2.0, -46.710845947265625], [0.0, 0.0, 0.0, 1.0]], "dcmmeta_reorient_transform": [[0.0, -1.0, 0.0, 99.0], [1.0, 0.0, 0.0, 0.0], [0.0, 0.0, -1.0, 71.0], [0.0, 0.0, 0.0, 1.0]], "dcmmeta_shape": [100, 100, 72], "dcmmeta_slice_dim": 2, "dcmmeta_version": 0.6, "global": {"const": {"AcquisitionMatrix": [0, 100, 100, 0], "AcquisitionNumber": 1, "AngioFlag": "N", "BitsAllocated": 16, "BitsStored": 12, "BodyPartExamined": "BRAIN", "Columns": 100, "EchoNumbers": 2, "EchoTime": 7.38, "EchoTrainLength": 0, "FlipAngle": 60.0, "HighBit": 11, "ImageOrientationPatient": [1.0, 0.0, 0.0, 0.0, 1.0, 0.0], "ImageType": ["ORIGINAL", "PRIMARY", "P", "ND"], "ImagedNucleus": "1H", "ImagingFrequency": 123.257821, "InPlanePhaseEncodingDirection": "ROW", "MRAcquisitionType": "2D", "MagneticFieldStrength": 3.0, "Manufacturer": "SIEMENS", "ManufacturerModelName": "Prisma", "Modality": "MR", "NumberOfAverages": 1.0, "NumberOfPhaseEncodingSteps": 100, "PercentPhaseFieldOfView": 100.0, "PercentSampling": 100.0, "PerformedProcedureStepStartTime": "090645.996000", "PhotometricInterpretation": "MONOCHROME2", "PixelBandwidth": 570.0, "PixelRepresentation": 0, "PixelSpacing": [2.0, 2.0], "ProtocolName": "field_mapping_2x2x2", "RepetitionTime": 720.0, "RescaleIntercept": -4096.0, "RescaleSlope": 2.0, "RescaleType": "US", "Rows": 100, "SAR": 0.11551668277991, "SamplesPerPixel": 1, "ScanningSequence": "GR", "SequenceName": "*fm2d2r", "SequenceVariant": "SP", "SeriesDescription": "field_mapping_2x2x2", "SeriesNumber": 7, "SeriesTime": "094038.584000", "SliceThickness": 2.0, "SoftwareVersions": "syngo MR E11", "SpacingBetweenSlices": 2.0, "SpecificCharacterSet": "ISO_IR 100", "StudyID": "1", "StudyTime": "090645.912000", "TransmitCoilName": "Body", "VariableFlipAngleFlag": "N", "WindowCenterWidthExplanation": "Algo1", "dBdt": 0.0}, "slices": {"AcquisitionTime": ["093814.422500", "093814.062500", "093814.432500", "093814.072500", "093814.442500", "093814.082500", "093814.452500", "093814.092500", "093814.462500", "093814.102500", "093814.472500", "093814.112500", "093814.482500", "093814.122500", "093814.492500", "093814.132500", "093814.502500", "093814.142500", "093814.512500", "093814.152500", "093814.522500", "093814.162500", "093814.532500", "093814.172500", "093814.542500", "093814.182500", "093814.552500", "093814.192500", "093814.562500", "093814.202500", "093814.572500", "093814.212500", "093814.582500", "093814.222500", "093814.592500", "093814.232500", "093814.602500", "093814.242500", "093814.612500", "093814.252500", "093814.622500", "093814.262500", "093814.632500", "093814.272500", "093814.642500", "093814.282500", "093814.652500", "093814.292500", "093814.662500", "093814.302500", "093814.672500", "093814.312500", "093814.682500", "093814.322500", "093814.692500", "093814.332500", "093814.702500", "093814.342500", "093814.712500", "093814.352500", "093814.722500", "093814.362500", "093814.732500", "093814.372500", "093814.742500", "093814.382500", "093814.752500", "093814.392500", "093814.762500", "093814.402500", "093814.772500", "093814.412500"], "ContentTime": ["094038.661000", "094038.587000", "094038.663000", "094038.590000", "094038.665000", "094038.593000", "094038.667000", "094038.596000", "094038.669000", "094038.599000", "094038.671000", "094038.600000", "094038.672000", "094038.602000", "094038.674000", "094038.605000", "094038.676000", "094038.607000", "094038.678000", "094038.609000", "094038.680000", "094038.611000", "094038.681000", "094038.613000", "094038.683000", "094038.615000", "094038.685000", "094038.616000", "094038.687000", "094038.618000", "094038.689000", "094038.621000", "094038.691000", "094038.622000", "094038.693000", "094038.624000", "094038.695000", "094038.626000", "094038.697000", "094038.628000", "094038.699000", "094038.630000", "094038.700000", "094038.632000", "094038.702000", "094038.634000", "094038.705000", "094038.636000", "094038.707000", "094038.638000", "094038.709000", "094038.640000", "094038.711000", "094038.642000", "094038.713000", "094038.644000", "094038.715000", "094038.645000", "094038.717000", "094038.647000", "094038.719000", "094038.649000", "094038.722000", "094038.651000", "094038.723000", "094038.653000", "094038.725000", "094038.655000", "094038.727000", "094038.657000", "094038.729000", "094038.659000"], "CsaImage.GSWDDataType": ["measured", "predicted", "measured", "predicted", "measured", "predicted", "measured", "predicted", "measured", "predicted", "measured", "predicted", "measured", "predicted", "measured", "predicted", "measured", "predicted", "measured", "predicted", "measured", "predicted", "measured", "predicted", "measured", "predicted", "measured", "predicted", "measured", "predicted", "measured", "predicted", "measured", "predicted", "measured", "predicted", "measured", "predicted", "measured", "predicted", "measured", "predicted", "measured", "predicted", "measured", "predicted", "measured", "predicted", "measured", "predicted", "measured", "predicted", "measured", "predicted", "measured", "predicted", "measured", "predicted", "measured", "predicted", "measured", "predicted", "measured", "measured", "measured", "measured", "measured", "measured", "measured", "measured", "measured", "measured"], "CsaImage.ICE_Dims": ["X_2_1_1_1_1_1_37_1_1_1_1_38", "X_2_1_1_1_1_1_1_1_1_2_1_38", "X_2_1_1_1_1_1_38_1_1_3_1_38", "X_2_1_1_1_1_1_2_1_1_4_1_38", "X_2_1_1_1_1_1_39_1_1_5_1_38", "X_2_1_1_1_1_1_3_1_1_6_1_38", "X_2_1_1_1_1_1_40_1_1_7_1_38", "X_2_1_1_1_1_1_4_1_1_8_1_38", "X_2_1_1_1_1_1_41_1_1_9_1_38", "X_2_1_1_1_1_1_5_1_1_10_1_38", "X_2_1_1_1_1_1_42_1_1_11_1_38", "X_2_1_1_1_1_1_6_1_1_12_1_38", "X_2_1_1_1_1_1_43_1_1_13_1_38", "X_2_1_1_1_1_1_7_1_1_14_1_38", "X_2_1_1_1_1_1_44_1_1_15_1_38", "X_2_1_1_1_1_1_8_1_1_16_1_38", "X_2_1_1_1_1_1_45_1_1_17_1_38", "X_2_1_1_1_1_1_9_1_1_18_1_38", "X_2_1_1_1_1_1_46_1_1_19_1_38", "X_2_1_1_1_1_1_10_1_1_20_1_38", "X_2_1_1_1_1_1_47_1_1_21_1_38", "X_2_1_1_1_1_1_11_1_1_22_1_38", "X_2_1_1_1_1_1_48_1_1_23_1_38", "X_2_1_1_1_1_1_12_1_1_24_1_38", "X_2_1_1_1_1_1_49_1_1_25_1_38", "X_2_1_1_1_1_1_13_1_1_26_1_38", "X_2_1_1_1_1_1_50_1_1_27_1_38", "X_2_1_1_1_1_1_14_1_1_28_1_38", "X_2_1_1_1_1_1_51_1_1_29_1_38", "X_2_1_1_1_1_1_15_1_1_30_1_38", "X_2_1_1_1_1_1_52_1_1_31_1_38", "X_2_1_1_1_1_1_16_1_1_32_1_38", "X_2_1_1_1_1_1_53_1_1_33_1_38", "X_2_1_1_1_1_1_17_1_1_34_1_38", "X_2_1_1_1_1_1_54_1_1_35_1_38", "X_2_1_1_1_1_1_18_1_1_36_1_38", "X_2_1_1_1_1_1_55_1_1_37_1_38", "X_2_1_1_1_1_1_19_1_1_38_1_38", "X_2_1_1_1_1_1_56_1_1_39_1_38", "X_2_1_1_1_1_1_20_1_1_40_1_38", "X_2_1_1_1_1_1_57_1_1_41_1_38", "X_2_1_1_1_1_1_21_1_1_42_1_38", "X_2_1_1_1_1_1_58_1_1_43_1_38", "X_2_1_1_1_1_1_22_1_1_44_1_38", "X_2_1_1_1_1_1_59_1_1_45_1_38", "X_2_1_1_1_1_1_23_1_1_46_1_38", "X_2_1_1_1_1_1_60_1_1_47_1_38", "X_2_1_1_1_1_1_24_1_1_48_1_38", "X_2_1_1_1_1_1_61_1_1_49_1_38", "X_2_1_1_1_1_1_25_1_1_50_1_38", "X_2_1_1_1_1_1_62_1_1_51_1_38", "X_2_1_1_1_1_1_26_1_1_52_1_38", "X_2_1_1_1_1_1_63_1_1_53_1_38", "X_2_1_1_1_1_1_27_1_1_54_1_38", "X_2_1_1_1_1_1_64_1_1_55_1_38", "X_2_1_1_1_1_1_28_1_1_56_1_38", "X_2_1_1_1_1_1_65_1_1_57_1_38", "X_2_1_1_1_1_1_29_1_1_58_1_38", "X_2_1_1_1_1_1_66_1_1_59_1_38", "X_2_1_1_1_1_1_30_1_1_60_1_38", "X_2_1_1_1_1_1_67_1_1_61_1_38", "X_2_1_1_1_1_1_31_1_1_62_1_38", "X_2_1_1_1_1_1_68_1_1_63_1_38", "X_2_1_1_1_1_1_32_1_1_64_1_38", "X_2_1_1_1_1_1_69_1_1_65_1_38", "X_2_1_1_1_1_1_33_1_1_66_1_38", "X_2_1_1_1_1_1_70_1_1_67_1_38", "X_2_1_1_1_1_1_34_1_1_68_1_38", "X_2_1_1_1_1_1_71_1_1_69_1_38", "X_2_1_1_1_1_1_35_1_1_70_1_38", "X_2_1_1_1_1_1_72_1_1_71_1_38", "X_2_1_1_1_1_1_36_1_1_72_1_38"], "CsaImage.ProtocolSliceNumber": [0, 1, 2, 3, 4, 5, 6, 7, 8, 9, 10, 11, 12, 13, 14, 15, 16, 17, 18, 19, 20, 21, 22, 23, 24, 25, 26, 27, 28, 29, 30, 31, 32, 33, 34, 35, 36, 37, 38, 39, 40, 41, 42, 43, 44, 45, 46, 47, 48, 49, 50, 51, 52, 53, 54, 55, 56, 57, 58, 59, 60, 61, 62, 63, 64, 65, 66, 67, 68, 69, 70, 71], "CsaImage.RFSWDDataType": ["measured", "predicted", "measured", "predicted", "measured", "predicted", "measured", "predicted", "measured", "predicted", "measured", "predicted", "measured", "predicted", "measured", "predicted", "measured", "predicted", "measured", "predicted", "measured", "predicted", "measured", "predicted", "measured", "predicted", "measured", "predicted", "measured", "predicted", "measured", "predicted", "measured", "predicted", "measured", "predicted", "measured", "predicted", "measured", "predicted", "measured", "predicted", "measured", "predicted", "measured", "predicted", "measured", "predicted", "measured", "predicted", "measured", "predicted", "measured", "predicted", "measured", "predicted", "measured", "predicted", "measured", "predicted", "measured", "measured", "measured", "measured", "measured", "measured", "measured", "measured", "measured", "measured", "measured", "measured"], "CsaImage.SlicePosition_PCS": [[-102.02409649, -106.62650585, -46.71084213], [-102.02409649, -106.62650585, -44.71084213], [-102.02409649, -106.62650585, -42.71084213], [-102.02409649, -106.62650585, -40.71084213], [-102.02409649, -106.62650585, -38.71084213], [-102.02409649, -106.62650585, -36.71084213], [-102.02409649, -106.62650585, -34.71084213], [-102.02409649, -106.62650585, -32.71084213], [-102.02409649, -106.62650585, -30.71084404], [-102.02409649, -106.62650585, -28.71084404], [-102.02409649, -106.62650585, -26.71084404], [-102.02409649, -106.62650585, -24.71084404], [-102.02409649, -106.62650585, -22.71084404], [-102.02409649, -106.62650585, -20.71084404], [-102.02409649, -106.62650585, -18.71084404], [-102.02409649, -106.62650585, -16.71084404], [-102.02409649, -106.62650585, -14.71084309], [-102.02409649, -106.62650585, -12.71084309], [-102.02409649, -106.62650585, -10.71084309], [-102.02409649, -106.62650585, -8.71084309], [-102.02409649, -106.62650585, -6.71084356], [-102.02409649, -106.62650585, -4.71084356], [-102.02409649, -106.62650585, -2.71084332], [-102.02409649, -106.62650585, -0.71084338], [-102.02409649, -106.62650585, 1.28915668], [-102.02409649, -106.62650585, 3.28915668], [-102.02409649, -106.62650585, 5.28915644], [-102.02409649, -106.62650585, 7.28915644], [-102.02409649, -106.62650585, 9.28915691], [-102.02409649, -106.62650585, 11.28915691], [-102.02409649, -106.62650585, 13.28915691], [-102.02409649, -106.62650585, 15.28915691], [-102.02409649, -106.62650585, 17.28915596], [-102.02409649, -106.62650585, 19.28915596], [-102.02409649, -106.62650585, 21.28915596], [-102.02409649, -106.62650585, 23.28915596], [-102.02409649, -106.62650585, 25.28915596], [-102.02409649, -106.62650585, 27.28915596], [-102.02409649, -106.62650585, 29.28915596], [-102.02409649, -106.62650585, 31.28915596], [-102.02409649, -106.62650585, 33.28915787], [-102.02409649, -106.62650585, 35.28915787], [-102.02409649, -106.62650585, 37.28915787], [-102.02409649, -106.62650585, 39.28915787], [-102.02409649, -106.62650585, 41.28915787], [-102.02409649, -106.62650585, 43.28915787], [-102.02409649, -106.62650585, 45.28915787], [-102.02409649, -106.62650585, 47.28915787], [-102.02409649, -106.62650585, 49.28915787], [-102.02409649, -106.62650585, 51.28915787], [-102.02409649, -106.62650585, 53.28915787], [-102.02409649, -106.62650585, 55.28915787], [-102.02409649, -106.62650585, 57.28915787], [-102.02409649, -106.62650585, 59.28915787], [-102.02409649, -106.62650585, 61.28915787], [-102.02409649, -106.62650585, 63.28915787], [-102.02409649, -106.62650585, 65.28915405], [-102.02409649, -106.62650585, 67.28915405], [-102.02409649, -106.62650585, 69.28915405], [-102.02409649, -106.62650585, 71.28915405], [-102.02409649, -106.62650585, 73.28915405], [-102.02409649, -106.62650585, 75.28915405], [-102.02409649, -106.62650585, 77.28915405], [-102.02409649, -106.62650585, 79.28915405], [-102.02409649, -106.62650585, 81.28915405], [-102.02409649, -106.62650585, 83.28915405], [-102.02409649, -106.62650585, 85.28915405], [-102.02409649, -106.62650585, 87.28915405], [-102.02409649, -106.62650585, 89.28915405], [-102.02409649, -106.62650585, 91.28915405], [-102.02409649, -106.62650585, 93.28915405], [-102.02409649, -106.62650585, 95.28915405]], "CsaImage.TimeAfterStart": [1.0825, 0.7225, 1.0925, 0.7325, 1.1025, 0.7425, 1.1125, 0.7525, 1.1225, 0.7625, 1.1325, 0.7725, 1.1425, 0.7825, 1.1525, 0.7925, 1.1625, 0.8025, 1.1725, 0.8125, 1.1825, 0.8225, 1.1925, 0.8325, 1.2025, 0.8425, 1.2125, 0.8525, 1.2225, 0.8625, 1.2325, 0.8725, 1.2425, 0.8825, 1.2525, 0.8925, 1.2625, 0.9025, 1.2725, 0.9125, 1.2825, 0.9225, 1.2925, 0.9325, 1.3025, 0.9425, 1.3125, 0.9525, 1.3225, 0.9625, 1.3325, 0.9725, 1.3425, 0.9825, 1.3525, 0.9925, 1.3625, 1.0025, 1.3725, 1.0125, 1.3825, 1.0225, 1.3925, 1.0325, 1.4025, 1.0425, 1.4125, 1.0525, 1.4225, 1.0625, 1.4325, 1.0725], "ImagePositionPatient": [[-102.02409648895, -106.62650585175, -46.710842132568], [-102.02409648895, -106.62650585175, -44.710842132568], [-102.02409648895, -106.62650585175, -42.710842132568], [-102.02409648895, -106.62650585175, -40.710842132568], [-102.02409648895, -106.62650585175, -38.710842132568], [-102.02409648895, -106.62650585175, -36.710842132568], [-102.02409648895, -106.62650585175, -34.710842132568], [-102.02409648895, -106.62650585175, -32.710842132568], [-102.02409648895, -106.62650585175, -30.710844039917], [-102.02409648895, -106.62650585175, -28.710844039917], [-102.02409648895, -106.62650585175, -26.710844039917], [-102.02409648895, -106.62650585175, -24.710844039917], [-102.02409648895, -106.62650585175, -22.710844039917], [-102.02409648895, -106.62650585175, -20.710844039917], [-102.02409648895, -106.62650585175, -18.710844039917], [-102.02409648895, -106.62650585175, -16.710844039917], [-102.02409648895, -106.62650585175, -14.710843086243], [-102.02409648895, -106.62650585175, -12.710843086243], [-102.02409648895, -106.62650585175, -10.710843086243], [-102.02409648895, -106.62650585175, -8.7108430862427], [-102.02409648895, -106.62650585175, -6.7108435630798], [-102.02409648895, -106.62650585175, -4.7108435630798], [-102.02409648895, -106.62650585175, -2.7108433246613], [-102.02409648895, -106.62650585175, -0.7108433842659], [-102.02409648895, -106.62650585175, 1.2891566753387], [-102.02409648895, -106.62650585175, 3.2891566753387], [-102.02409648895, -106.62650585175, 5.2891564369202], [-102.02409648895, -106.62650585175, 7.2891564369202], [-102.02409648895, -106.62650585175, 9.2891569137573], [-102.02409648895, -106.62650585175, 11.289156913757], [-102.02409648895, -106.62650585175, 13.289156913757], [-102.02409648895, -106.62650585175, 15.289156913757], [-102.02409648895, -106.62650585175, 17.289155960083], [-102.02409648895, -106.62650585175, 19.289155960083], [-102.02409648895, -106.62650585175, 21.289155960083], [-102.02409648895, -106.62650585175, 23.289155960083], [-102.02409648895, -106.62650585175, 25.289155960083], [-102.02409648895, -106.62650585175, 27.289155960083], [-102.02409648895, -106.62650585175, 29.289155960083], [-102.02409648895, -106.62650585175, 31.289155960083], [-102.02409648895, -106.62650585175, 33.289157867432], [-102.02409648895, -106.62650585175, 35.289157867432], [-102.02409648895, -106.62650585175, 37.289157867432], [-102.02409648895, -106.62650585175, 39.289157867432], [-102.02409648895, -106.62650585175, 41.289157867432], [-102.02409648895, -106.62650585175, 43.289157867432], [-102.02409648895, -106.62650585175, 45.289157867432], [-102.02409648895, -106.62650585175, 47.289157867432], [-102.02409648895, -106.62650585175, 49.289157867432], [-102.02409648895, -106.62650585175, 51.289157867432], [-102.02409648895, -106.62650585175, 53.289157867432], [-102.02409648895, -106.62650585175, 55.289157867432], [-102.02409648895, -106.62650585175, 57.289157867432], [-102.02409648895, -106.62650585175, 59.289157867432], [-102.02409648895, -106.62650585175, 61.289157867432], [-102.02409648895, -106.62650585175, 63.289157867432], [-102.02409648895, -106.62650585175, 65.289154052734], [-102.02409648895, -106.62650585175, 67.289154052734], [-102.02409648895, -106.62650585175, 69.289154052734], [-102.02409648895, -106.62650585175, 71.289154052734], [-102.02409648895, -106.62650585175, 73.289154052734], [-102.02409648895, -106.62650585175, 75.289154052734], [-102.02409648895, -106.62650585175, 77.289154052734], [-102.02409648895, -106.62650585175, 79.289154052734], [-102.02409648895, -106.62650585175, 81.289154052734], [-102.02409648895, -106.62650585175, 83.289154052734], [-102.02409648895, -106.62650585175, 85.289154052734], [-102.02409648895, -106.62650585175, 87.289154052734], [-102.02409648895, -106.62650585175, 89.289154052734], [-102.02409648895, -106.62650585175, 91.289154052734], [-102.02409648895, -106.62650585175, 93.289154052734], [-102.02409648895, -106.62650585175, 95.289154052734]], "InstanceCreationTime": ["094038.661000", "094038.587000", "094038.663000", "094038.590000", "094038.665000", "094038.593000", "094038.667000", "094038.596000", "094038.669000", "094038.599000", "094038.671000", "094038.600000", "094038.672000", "094038.602000", "094038.674000", "094038.605000", "094038.676000", "094038.607000", "094038.678000", "094038.609000", "094038.680000", "094038.611000", "094038.681000", "094038.613000", "094038.683000", "094038.615000", "094038.685000", "094038.616000", "094038.687000", "094038.618000", "094038.689000", "094038.621000", "094038.691000", "094038.622000", "094038.693000", "094038.624000", "094038.695000", "094038.626000", "094038.697000", "094038.628000", "094038.699000", "094038.630000", "094038.700000", "094038.632000", "094038.702000", "094038.634000", "094038.705000", "094038.636000", "094038.707000", "094038.638000", "094038.709000", "094038.640000", "094038.711000", "094038.642000", "094038.713000", "094038.644000", "094038.715000", "094038.645000", "094038.717000", "094038.647000", "094038.719000", "094038.649000", "094038.722000", "094038.651000", "094038.723000", "094038.653000", "094038.725000", "094038.655000", "094038.727000", "094038.657000", "094038.729000", "094038.659000"], "InstanceNumber": [1, 2, 3, 4, 5, 6, 7, 8, 9, 10, 11, 12, 13, 14, 15, 16, 17, 18, 19, 20, 21, 22, 23, 24, 25, 26, 27, 28, 29, 30, 31, 32, 33, 34, 35, 36, 37, 38, 39, 40, 41, 42, 43, 44, 45, 46, 47, 48, 49, 50, 51, 52, 53, 54, 55, 56, 57, 58, 59, 60, 61, 62, 63, 64, 65, 66, 67, 68, 69, 70, 71, 72], "LargestImagePixelValue": [4095, 4094, 4095, 4094, 4093, 4094, 4092, 4091, 4095, 4094, 4095, 4093, 4095, 4095, 4094, 4091, 4090, 4092, 4088, 4093, 4092, 4094, 4089, 4092, 4091, 4095, 4086, 4092, 4082, 4088, 4094, 4089, 4092, 4091, 4093, 4084, 4091, 4090, 4093, 4093, 4077, 4085, 4094, 4091, 4090, 4087, 4094, 4092, 4095, 4092, 4084, 4094, 4091, 4091, 4093, 4092, 4095, 4093, 4093, 4095, 4095, 4095, 4094, 4095, 4095, 4095, 4095, 4094, 4094, 4094, 4095, 4094], "SliceLocation": [-46.710842132568, -44.710842132568, -42.710842132568, -40.710842132568, -38.710842132568, -36.710842132568, -34.710842132568, -32.710842132568, -30.710844039917, -28.710844039917, -26.710844039917, -24.710844039917, -22.710844039917, -20.710844039917, -18.710844039917, -16.710844039917, -14.710843086243, -12.710843086243, -10.710843086243, -8.7108430862427, -6.7108435630798, -4.7108435630798, -2.7108433246613, -0.7108433842659, 1.2891566753387, 3.2891566753387, 5.2891564369202, 7.2891564369202, 9.2891569137573, 11.289156913757, 13.289156913757, 15.289156913757, 17.289155960083, 19.289155960083, 21.289155960083, 23.289155960083, 25.289155960083, 27.289155960083, 29.289155960083, 31.289155960083, 33.289157867432, 35.289157867432, 37.289157867432, 39.289157867432, 41.289157867432, 43.289157867432, 45.289157867432, 47.289157867432, 49.289157867432, 51.289157867432, 53.289157867432, 55.289157867432, 57.289157867432, 59.289157867432, 61.289157867432, 63.289157867432, 65.289154052734, 67.289154052734, 69.289154052734, 71.289154052734, 73.289154052734, 75.289154052734, 77.289154052734, 79.289154052734, 81.289154052734, 83.289154052734, 85.289154052734, 87.289154052734, 89.289154052734, 91.289154052734, 93.289154052734, 95.289154052734], "SmallestImagePixelValue": [0, 3, 0, 0, 0, 3, 2, 0, 1, 1, 0, 0, 0, 0, 0, 3, 0, 0, 6, 4, 0, 3, 12, 2, 1, 4, 5, 4, 10, 2, 8, 24, 6, 0, 13, 8, 3, 6, 5, 2, 33, 10, 2, 1, 6, 4, 0, 7, 5, 6, 5, 5, 0, 4, 1, 2, 1, 0, 1, 0, 0, 0, 0, 0, 0, 0, 0, 0, 0, 0, 0, 1], "WindowCenter": [-242.0, -176.0, -170.0, -172.0, -188.0, -182.0, -196.0, -196.0, -182.0, -174.0, -202.0, -256.0, -288.0, -272.0, -346.0, -370.0, -312.0, -266.0, -248.0, -236.0, -148.0, -116.0, -124.0, -122.0, -138.0, -114.0, -132.0, -90.0, -110.0, -118.0, -130.0, -128.0, -84.0, -72.0, -202.0, -178.0, -62.0, -192.0, -64.0, -64.0, -90.0, -80.0, -22.0, -82.0, -70.0, -72.0, -68.0, -96.0, -146.0, -132.0, -152.0, -178.0, -282.0, -304.0, -370.0, -286.0, -258.0, -216.0, -206.0, -154.0, -136.0, -144.0, -118.0, -152.0, -144.0, -216.0, -184.0, -244.0, -254.0, -274.0, -274.0, -334.0], "WindowWidth": [6088.0, 6106.0, 6134.0, 6132.0, 6126.0, 6148.0, 6086.0, 6058.0, 6100.0, 6166.0, 6176.0, 6176.0, 6278.0, 6294.0, 6154.0, 6008.0, 5804.0, 5764.0, 5668.0, 5424.0, 5580.0, 5608.0, 5536.0, 5552.0, 5434.0, 5396.0, 5332.0, 5354.0, 5216.0, 5230.0, 5034.0, 4978.0, 5126.0, 5146.0, 4552.0, 4536.0, 5020.0, 4544.0, 5106.0, 5076.0, 4916.0, 5014.0, 5276.0, 5098.0, 5194.0, 5256.0, 5312.0, 5292.0, 5020.0, 5106.0, 5008.0, 4930.0, 4658.0, 4666.0, 4694.0, 5218.0, 5416.0, 5498.0, 5674.0, 5758.0, 5818.0, 5962.0, 6036.0, 6122.0, 6162.0, 6278.0, 6322.0, 6372.0, 6400.0, 6360.0, 6336.0, 6358.0]}}, "IntendedFor": ["ses-1/func/sub-45_ses-1_task-motor_run-05_bold.nii.gz", "ses-1/func/sub-45_ses-1_task-motor_run-04_bold.nii.gz", "ses-1/func/sub-45_ses-1_task-motor_run-01_bold.nii.gz", "ses-1/func/sub-45_ses-1_task-motor_run-02_bold.nii.gz", "ses-1/func/sub-45_ses-1_task-motor_run-06_bold.nii.gz", "ses-1/func/sub-45_ses-1_task-motor_run-03_bold.nii.gz"]}