{"AcquisitionMatrixPE": 100, "AcquisitionNumber": 1, "AcquisitionTime": "10:51:23.025000", "BaseResolution": 100, "BodyPartExamined": "BRAIN", "ConsistencyInfo": "N4_VE11C_LATEST_20160120", "ConversionSoftware": "dcm2niix", "ConversionSoftwareVersion": "v1.0.20180622 GCC4.9.2", "DeviceSerialNumber": "166078", "DwellTime": 8.8e-06, "EchoNumber": 2, "EchoTime": 0.00738, "EchoTime1": 0.00492, "EchoTime2": 0.00738, "FlipAngle": 60, "ImageOrientationPatientDICOM": [0.999152, 0.025026, 0.0327023, -0.0156959, 0.965639, -0.259415], "ImageType": ["ORIGINAL", "PRIMARY", "P", "ND"], "InPlanePhaseEncodingDirectionDICOM": "ROW", "InstitutionAddress": "Street_StreetNo_Bei_Jing_District_CN_ZIP", "InstitutionName": "BeiJing_Normal_University", "InstitutionalDepartmentName": "Department", "MRAcquisitionType": "2D", "MagneticFieldStrength": 3, "Manufacturer": "Siemens", "ManufacturersModelName": "Prisma", "Modality": "MR", "PartialFourier": 1, "PatientPosition": "HFS", "PercentPhaseFOV": 100, "PhaseEncodingDirection": "i", "PhaseEncodingSteps": 100, "PhaseResolution": 1, "PixelBandwidth": 570, "ProcedureStepDescription": "BNU_P2018_64CH_Liu.Jia", "ProtocolName": "field_mapping_2x2x2", "PulseSequenceDetails": "%SiemensSeq%_gre_field_mapping", "ReceiveCoilActiveElements": "HC1-7;NC1", "ReceiveCoilName": "HeadNeck_64", "ReconMatrixPE": 100, "RepetitionTime": 0.72, "SAR": 0.12623, "ScanningSequence": "GR", "SequenceName": "_fm2d2r", "SequenceVariant": "SP", "SeriesDescription": "field_mapping_2x2x2", "SeriesNumber": 7, "ShimSetting": [-5460, -11482, -1238, 508, -15, -78, -175, 37], "SliceThickness": 2, "SoftwareVersions": "syngo_MR_E11", "SpacingBetweenSlices": 2, "StationName": "AWP166078", "TxRefAmp": 233.13, "dcmmeta_affine": [[-1.9983035326004028, -0.03139185905456543, 0.0761418342590332, 102.82115173339844], [-0.050052013248205185, 1.9312770366668701, -0.5173616409301758, -69.7100830078125], [0.06540466099977493, 0.5188290476799011, 1.9304275512695312, -101.43968963623047], [0.0, 0.0, 0.0, 1.0]], "dcmmeta_reorient_transform": [[0.0, -1.0, 0.0, 99.0], [1.0, 0.0, 0.0, 0.0], [0.0, 0.0, -1.0, 71.0], [0.0, 0.0, 0.0, 1.0]], "dcmmeta_shape": [100, 100, 72], "dcmmeta_slice_dim": 2, "dcmmeta_version": 0.6, "global": {"const": {"AcquisitionMatrix": [0, 100, 100, 0], "AcquisitionNumber": 1, "AngioFlag": "N", "BitsAllocated": 16, "BitsStored": 12, "BodyPartExamined": "BRAIN", "Columns": 100, "EchoNumbers": 2, "EchoTime": 7.38, "EchoTrainLength": 0, "FlipAngle": 60.0, "HighBit": 11, "ImageOrientationPatient": [0.99915176855721, 0.0250260060214, 0.03270233036974, -0.0156959293665, 0.96563851375516, -0.2594145303449], "ImageType": ["ORIGINAL", "PRIMARY", "P", "ND"], "ImagedNucleus": "1H", "ImagingFrequency": 123.257843, "InPlanePhaseEncodingDirection": "ROW", "MRAcquisitionType": "2D", "MagneticFieldStrength": 3.0, "Manufacturer": "SIEMENS", "ManufacturerModelName": "Prisma", "Modality": "MR", "NumberOfAverages": 1.0, "NumberOfPhaseEncodingSteps": 100, "PercentPhaseFieldOfView": 100.0, "PercentSampling": 100.0, "PerformedProcedureStepStartTime": "102220.594000", "PhotometricInterpretation": "MONOCHROME2", "PixelBandwidth": 570.0, "PixelRepresentation": 0, "PixelSpacing": [2.0, 2.0], "ProtocolName": "field_mapping_2x2x2", "RepetitionTime": 720.0, "RescaleIntercept": -4096.0, "RescaleSlope": 2.0, "RescaleType": "US", "Rows": 100, "SAR": 0.12622969111862, "SamplesPerPixel": 1, "ScanningSequence": "GR", "SequenceName": "*fm2d2r", "SequenceVariant": "SP", "SeriesDescription": "field_mapping_2x2x2", "SeriesNumber": 7, "SeriesTime": "105347.755000", "SliceThickness": 2.0, "SoftwareVersions": "syngo MR E11", "SpacingBetweenSlices": 2.0, "SpecificCharacterSet": "ISO_IR 100", "StudyID": "1", "StudyTime": "102220.543000", "TransmitCoilName": "Body", "VariableFlipAngleFlag": "N", "WindowCenterWidthExplanation": "Algo1", "dBdt": 0.0}, "slices": {"AcquisitionTime": ["105123.025000", "105122.665000", "105123.035000", "105122.675000", "105123.045000", "105122.685000", "105123.055000", "105122.695000", "105123.065000", "105122.705000", "105123.075000", "105122.715000", "105123.085000", "105122.725000", "105123.095000", "105122.735000", "105123.105000", "105122.745000", "105123.115000", "105122.755000", "105123.125000", "105122.765000", "105123.135000", "105122.775000", "105123.145000", "105122.785000", "105123.155000", "105122.795000", "105123.165000", "105122.805000", "105123.175000", "105122.815000", "105123.185000", "105122.825000", "105123.195000", "105122.835000", "105123.205000", "105122.845000", "105123.215000", "105122.855000", "105123.225000", "105122.865000", "105123.235000", "105122.875000", "105123.245000", "105122.885000", "105123.255000", "105122.895000", "105123.265000", "105122.905000", "105123.275000", "105122.915000", "105123.285000", "105122.925000", "105123.295000", "105122.935000", "105123.305000", "105122.945000", "105123.315000", "105122.955000", "105123.325000", "105122.965000", "105123.335000", "105122.975000", "105123.345000", "105122.985000", "105123.355000", "105122.995000", "105123.365000", "105123.005000", "105123.375000", "105123.015000"], "ContentTime": ["105347.830000", "105347.757000", "105347.832000", "105347.759000", "105347.834000", "105347.761000", "105347.836000", "105347.762000", "105347.838000", "105347.764000", "105347.840000", "105347.766000", "105347.842000", "105347.768000", "105347.844000", "105347.770000", "105347.846000", "105347.771000", "105347.848000", "105347.773000", "105347.850000", "105347.775000", "105347.852000", "105347.777000", "105347.854000", "105347.779000", "105347.856000", "105347.780000", "105347.858000", "105347.782000", "105347.860000", "105347.784000", "105347.862000", "105347.786000", "105347.864000", "105347.788000", "105347.866000", "105347.790000", "105347.868000", "105347.792000", "105347.870000", "105347.794000", "105347.872000", "105347.796000", "105347.874000", "105347.797000", "105347.876000", "105347.799000", "105347.878000", "105347.801000", "105347.879000", "105347.803000", "105347.881000", "105347.805000", "105347.883000", "105347.807000", "105347.885000", "105347.810000", "105347.887000", "105347.812000", "105347.888000", "105347.814000", "105347.890000", "105347.819000", "105347.892000", "105347.822000", "105347.894000", "105347.824000", "105347.896000", "105347.826000", "105347.898000", "105347.828000"], "CsaImage.GSWDDataType": ["measured", "predicted", "measured", "predicted", "measured", "predicted", "measured", "predicted", "measured", "predicted", "measured", "predicted", "measured", "predicted", "measured", "predicted", "measured", "predicted", "measured", "predicted", "measured", "predicted", "measured", "predicted", "measured", "predicted", "measured", "predicted", "measured", "predicted", "measured", "predicted", "measured", "predicted", "measured", "predicted", "measured", "predicted", "measured", "predicted", "measured", "predicted", "measured", "predicted", "measured", "predicted", "measured", "predicted", "measured", "predicted", "measured", "predicted", "measured", "predicted", "measured", "predicted", "measured", "measured", "measured", "measured", "measured", "measured", "measured", "measured", "measured", "measured", "measured", "measured", "measured", "measured", "measured", "measured"], "CsaImage.ICE_Dims": ["X_2_1_1_1_1_1_37_1_1_1_1_57", "X_2_1_1_1_1_1_1_1_1_2_1_57", "X_2_1_1_1_1_1_38_1_1_3_1_57", "X_2_1_1_1_1_1_2_1_1_4_1_57", "X_2_1_1_1_1_1_39_1_1_5_1_57", "X_2_1_1_1_1_1_3_1_1_6_1_57", "X_2_1_1_1_1_1_40_1_1_7_1_57", "X_2_1_1_1_1_1_4_1_1_8_1_57", "X_2_1_1_1_1_1_41_1_1_9_1_57", "X_2_1_1_1_1_1_5_1_1_10_1_57", "X_2_1_1_1_1_1_42_1_1_11_1_57", "X_2_1_1_1_1_1_6_1_1_12_1_57", "X_2_1_1_1_1_1_43_1_1_13_1_57", "X_2_1_1_1_1_1_7_1_1_14_1_57", "X_2_1_1_1_1_1_44_1_1_15_1_57", "X_2_1_1_1_1_1_8_1_1_16_1_57", "X_2_1_1_1_1_1_45_1_1_17_1_57", "X_2_1_1_1_1_1_9_1_1_18_1_57", "X_2_1_1_1_1_1_46_1_1_19_1_57", "X_2_1_1_1_1_1_10_1_1_20_1_57", "X_2_1_1_1_1_1_47_1_1_21_1_57", "X_2_1_1_1_1_1_11_1_1_22_1_57", "X_2_1_1_1_1_1_48_1_1_23_1_57", "X_2_1_1_1_1_1_12_1_1_24_1_57", "X_2_1_1_1_1_1_49_1_1_25_1_57", "X_2_1_1_1_1_1_13_1_1_26_1_57", "X_2_1_1_1_1_1_50_1_1_27_1_57", "X_2_1_1_1_1_1_14_1_1_28_1_57", "X_2_1_1_1_1_1_51_1_1_29_1_57", "X_2_1_1_1_1_1_15_1_1_30_1_57", "X_2_1_1_1_1_1_52_1_1_31_1_57", "X_2_1_1_1_1_1_16_1_1_32_1_57", "X_2_1_1_1_1_1_53_1_1_33_1_57", "X_2_1_1_1_1_1_17_1_1_34_1_57", "X_2_1_1_1_1_1_54_1_1_35_1_57", "X_2_1_1_1_1_1_18_1_1_36_1_57", "X_2_1_1_1_1_1_55_1_1_37_1_57", "X_2_1_1_1_1_1_19_1_1_38_1_57", "X_2_1_1_1_1_1_56_1_1_39_1_57", "X_2_1_1_1_1_1_20_1_1_40_1_57", "X_2_1_1_1_1_1_57_1_1_41_1_57", "X_2_1_1_1_1_1_21_1_1_42_1_57", "X_2_1_1_1_1_1_58_1_1_43_1_57", "X_2_1_1_1_1_1_22_1_1_44_1_57", "X_2_1_1_1_1_1_59_1_1_45_1_57", "X_2_1_1_1_1_1_23_1_1_46_1_57", "X_2_1_1_1_1_1_60_1_1_47_1_57", "X_2_1_1_1_1_1_24_1_1_48_1_57", "X_2_1_1_1_1_1_61_1_1_49_1_57", "X_2_1_1_1_1_1_25_1_1_50_1_57", "X_2_1_1_1_1_1_62_1_1_51_1_57", "X_2_1_1_1_1_1_26_1_1_52_1_57", "X_2_1_1_1_1_1_63_1_1_53_1_57", "X_2_1_1_1_1_1_27_1_1_54_1_57", "X_2_1_1_1_1_1_64_1_1_55_1_57", "X_2_1_1_1_1_1_28_1_1_56_1_57", "X_2_1_1_1_1_1_65_1_1_57_1_57", "X_2_1_1_1_1_1_29_1_1_58_1_57", "X_2_1_1_1_1_1_66_1_1_59_1_57", "X_2_1_1_1_1_1_30_1_1_60_1_57", "X_2_1_1_1_1_1_67_1_1_61_1_57", "X_2_1_1_1_1_1_31_1_1_62_1_57", "X_2_1_1_1_1_1_68_1_1_63_1_57", "X_2_1_1_1_1_1_32_1_1_64_1_57", "X_2_1_1_1_1_1_69_1_1_65_1_57", "X_2_1_1_1_1_1_33_1_1_66_1_57", "X_2_1_1_1_1_1_70_1_1_67_1_57", "X_2_1_1_1_1_1_34_1_1_68_1_57", "X_2_1_1_1_1_1_71_1_1_69_1_57", "X_2_1_1_1_1_1_35_1_1_70_1_57", "X_2_1_1_1_1_1_72_1_1_71_1_57", "X_2_1_1_1_1_1_36_1_1_72_1_57"], "CsaImage.ProtocolSliceNumber": [0, 1, 2, 3, 4, 5, 6, 7, 8, 9, 10, 11, 12, 13, 14, 15, 16, 17, 18, 19, 20, 21, 22, 23, 24, 25, 26, 27, 28, 29, 30, 31, 32, 33, 34, 35, 36, 37, 38, 39, 40, 41, 42, 43, 44, 45, 46, 47, 48, 49, 50, 51, 52, 53, 54, 55, 56, 57, 58, 59, 60, 61, 62, 63, 64, 65, 66, 67, 68, 69, 70, 71], "CsaImage.RFSWDDataType": ["measured", "predicted", "measured", "predicted", "measured", "predicted", "measured", "predicted", "measured", "predicted", "measured", "predicted", "measured", "predicted", "measured", "predicted", "measured", "predicted", "measured", "predicted", "measured", "predicted", "measured", "predicted", "measured", "predicted", "measured", "predicted", "measured", "predicted", "measured", "predicted", "measured", "predicted", "measured", "predicted", "measured", "predicted", "measured", "predicted", "measured", "predicted", "measured", "predicted", "measured", "predicted", "measured", "predicted", "measured", "predicted", "measured", "predicted", "measured", "predicted", "measured", "measured", "measured", "measured", "measured", "measured", "measured", "measured", "measured", "measured", "measured", "measured", "measured", "measured", "measured", "measured", "measured", "measured"], "CsaImage.SlicePosition_PCS": [[-99.71337939, -121.48639674, -50.07540018], [-99.78952086, -120.96903415, -48.14497263], [-99.86566234, -120.45167155, -46.21455271], [-99.94180382, -119.93430896, -44.28412516], [-100.01794541, -119.41694636, -42.35369761], [-100.09408689, -118.89958377, -40.42327768], [-100.17022837, -118.38222117, -38.49285013], [-100.24636984, -117.86485858, -36.5624264], [-100.32251132, -117.34749598, -34.63200266], [-100.3986528, -116.83013339, -32.70157892], [-100.47479415, -116.3127727, -30.77115519], [-100.55093575, -115.79541011, -28.84072763], [-100.62707711, -115.27804751, -26.9103039], [-100.7032187, -114.76068492, -24.97988016], [-100.77936006, -114.24332232, -23.04945642], [-100.85550166, -113.72595973, -21.11903269], [-100.93164325, -113.20859713, -19.18860514], [-101.00778461, -112.69123549, -17.2581814], [-101.0839262, -112.1738729, -15.32775766], [-101.16006756, -111.6565103, -13.39733393], [-101.23620916, -111.13914771, -11.46691019], [-101.31235051, -110.62178512, -9.53648264], [-101.38849211, -110.10442347, -7.60606081], [-101.46463347, -109.58706088, -5.67563517], [-101.54077506, -109.06969829, -3.74521143], [-101.61691642, -108.55233569, -1.81478579], [-101.69305802, -108.0349731, 0.11563795], [-101.76919937, -107.51761145, 2.04606169], [-101.84534097, -107.00024886, 3.97648733], [-101.92148233, -106.48288627, 5.90691107], [-101.99762392, -105.96552367, 7.83733576], [-102.07376528, -105.44816155, 9.76776045], [-102.14990688, -104.93079896, 11.69818514], [-102.22604823, -104.41343684, 13.62860888], [-102.30218983, -103.89607425, 15.55903357], [-102.37833119, -103.37871165, 17.48945826], [-102.45447255, -102.86134953, 19.41988271], [-102.53061438, -102.34398694, 21.35030704], [-102.60675574, -101.82662458, 23.28073155], [-102.68289709, -101.30926223, 25.21115606], [-102.75903893, -100.79189987, 27.14158028], [-102.83518029, -100.2745374, 29.07200497], [-102.91132164, -99.75717504, 31.00242918], [-102.987463, -99.23981264, 32.93285387], [-103.06360484, -98.72245024, 34.86327856], [-103.13974619, -98.20508785, 36.79370325], [-103.21588755, -97.68772538, 38.72412794], [-103.29202891, -97.17036302, 40.65455168], [-103.36817074, -96.65300054, 42.58497541], [-103.4443121, -96.13563819, 44.51540106], [-103.52045346, -95.61827583, 46.44582479], [-103.59659481, -95.10091348, 48.37625044], [-103.67273665, -94.58355088, 50.30667418], [-103.74887801, -94.06618876, 52.23709791], [-103.82501936, -93.54882617, 54.16752356], [-103.90116072, -93.03146405, 56.09794729], [-103.97730255, -92.51410146, 58.02837103], [-104.05344391, -91.99673886, 59.95879477], [-104.12958527, -91.47937674, 61.88922232], [-104.20572663, -90.96201415, 63.81964605], [-104.28186846, -90.44465155, 65.75006979], [-104.35800982, -89.92728896, 67.68049353], [-104.43415118, -89.40992732, 69.61091726], [-104.51029301, -88.89256472, 71.54134481], [-104.58643437, -88.37520213, 73.47176855], [-104.66257573, -87.85783954, 75.40219229], [-104.73871708, -87.34047789, 77.33261602], [-104.81485892, -86.8231153, 79.26303976], [-104.89100027, -86.30575271, 81.19346731], [-104.96714163, -85.78839011, 83.12389105], [-105.04328299, -85.27102752, 85.05431479], [-105.11942482, -84.75366588, 86.98474234]], "CsaImage.TimeAfterStart": [1.0825, 0.7225, 1.0925, 0.7325, 1.1025, 0.7425, 1.1125, 0.7525, 1.1225, 0.7625, 1.1325, 0.7725, 1.1425, 0.7825, 1.1525, 0.7925, 1.1625, 0.8025, 1.1725, 0.8125, 1.1825, 0.8225, 1.1925, 0.8325, 1.2025, 0.8425, 1.2125, 0.8525, 1.2225, 0.8625, 1.2325, 0.8725, 1.2425, 0.8825, 1.2525, 0.8925, 1.2625, 0.9025, 1.2725, 0.9125, 1.2825, 0.9225, 1.2925, 0.9325, 1.3025, 0.9425, 1.3125, 0.9525, 1.3225, 0.9625, 1.3325, 0.9725, 1.3425, 0.9825, 1.3525, 0.9925, 1.3625, 1.0025, 1.3725, 1.0125, 1.3825, 1.0225, 1.3925, 1.0325, 1.4025, 1.0425, 1.4125, 1.0525, 1.4225, 1.0625, 1.4325, 1.0725], "ImagePositionPatient": [[-99.713379386448, -121.48639674084, -50.07540018071], [-99.789520863079, -120.96903414623, -48.144972629441], [-99.86566233971, -120.45167155163, -46.214552707566], [-99.941803816342, -119.93430895703, -44.284125156296], [-100.01794541218, -119.41694636242, -42.353697605027], [-100.09408688881, -118.89958376782, -40.423277683152], [-100.17022836544, -118.38222117321, -38.492850131882], [-100.24636984208, -117.86485857861, -36.56242639531], [-100.32251131871, -117.347495984, -34.632002658738], [-100.39865279534, -116.8301333894, -32.701578922165], [-100.47479415276, -116.31277270214, -30.771155185593], [-100.5509357486, -115.79541010754, -28.840727634323], [-100.62707710602, -115.27804751293, -26.910303897751], [-100.70321870186, -114.76068491833, -24.979880161179], [-100.77936005928, -114.24332232373, -23.049456424607], [-100.85550165512, -113.72595972912, -21.119032688034], [-100.93164325097, -113.20859713452, -19.188605136765], [-101.00778460839, -112.69123549359, -17.258181400193], [-101.08392620423, -112.17387289898, -15.32775766362], [-101.16006756165, -111.65651030438, -13.397333927048], [-101.23620915749, -111.13914770977, -11.466910190476], [-101.31235051491, -110.62178511517, -9.5364826392063], [-101.38849211075, -110.10442347424, -7.6060608099826], [-101.46463346817, -109.58706087963, -5.6756351660617], [-101.54077506401, -109.06969828503, -3.7452114294895], [-101.61691642144, -108.55233569042, -1.8147857855686], [-101.69305801728, -108.03497309582, 0.11563795100371], [-101.7691993747, -107.51761145489, 2.046061687576], [-101.84534097054, -107.00024886029, 3.9764873314969], [-101.92148232796, -106.48288626568, 5.9069110680691], [-101.9976239238, -105.96552367108, 7.8373357583157], [-102.07376528122, -105.44816155331, 9.7677604485623], [-102.14990687706, -104.9307989587, 11.698185138809], [-102.22604823449, -104.41343684094, 13.628608875381], [-102.30218983033, -103.89607424633, 15.559033565628], [-102.37833118775, -103.37871165173, 17.489458255874], [-102.45447254517, -102.86134953396, 19.419882707702], [-102.53061437943, -102.34398693936, 21.350307040321], [-102.60675573685, -101.82662458317, 23.280731551754], [-102.68289709427, -101.30926222698, 25.211156063186], [-102.75903892853, -100.7918998708, 27.141580276596], [-102.83518028595, -100.2745373954, 29.072004966842], [-102.91132164338, -99.757175039217, 31.002429180252], [-102.9874630008, -99.239812638328, 32.932853870498], [-103.06360483506, -98.722450237439, 34.863278560745], [-103.13974619248, -98.20508785145, 36.793703250991], [-103.2158875499, -97.687725376055, 38.724127941238], [-103.29202890732, -97.170363019869, 40.65455167781], [-103.36817074158, -96.653000544474, 42.584975414383], [-103.444312099, -96.135638188288, 44.515401058304], [-103.52045345642, -95.618275832102, 46.445824794876], [-103.59659481385, -95.100913475916, 48.376250438797], [-103.67273664811, -94.583550881312, 50.306674175369], [-103.74887800553, -94.066188763544, 52.237097911941], [-103.82501936295, -93.54882616894, 54.167523555862], [-103.90116072037, -93.031464051173, 56.097947292434], [-103.97730255463, -92.514101456568, 58.028371029007], [-104.05344391205, -91.996738861964, 59.958794765579], [-104.12958526947, -91.479376744196, 61.889222316848], [-104.2057266269, -90.962014149592, 63.819646053421], [-104.28186846116, -90.444651554987, 65.750069789993], [-104.35800981858, -89.927288960383, 67.680493526565], [-104.434151176, -89.409927319453, 69.610917263137], [-104.51029301026, -88.892564724848, 71.541344814407], [-104.58643436768, -88.375202130244, 73.471768550979], [-104.6625757251, -87.857839535639, 75.402192287552], [-104.73871708252, -87.340477894709, 77.332616024124], [-104.81485891678, -86.823115300105, 79.263039760696], [-104.8910002742, -86.3057527055, 81.193467311966], [-104.96714163163, -85.788390110896, 83.123891048538], [-105.04328298905, -85.271027516291, 85.05431478511], [-105.11942482331, -84.753665875361, 86.98474233638]], "InstanceCreationTime": ["105347.830000", "105347.757000", "105347.832000", "105347.759000", "105347.834000", "105347.761000", "105347.836000", "105347.762000", "105347.838000", "105347.764000", "105347.840000", "105347.766000", "105347.842000", "105347.768000", "105347.844000", "105347.770000", "105347.846000", "105347.771000", "105347.848000", "105347.773000", "105347.850000", "105347.775000", "105347.852000", "105347.777000", "105347.854000", "105347.779000", "105347.856000", "105347.780000", "105347.858000", "105347.782000", "105347.860000", "105347.784000", "105347.862000", "105347.786000", "105347.864000", "105347.788000", "105347.866000", "105347.790000", "105347.868000", "105347.792000", "105347.870000", "105347.794000", "105347.872000", "105347.796000", "105347.874000", "105347.797000", "105347.876000", "105347.799000", "105347.878000", "105347.801000", "105347.879000", "105347.803000", "105347.881000", "105347.805000", "105347.883000", "105347.807000", "105347.885000", "105347.810000", "105347.887000", "105347.812000", "105347.888000", "105347.814000", "105347.890000", "105347.819000", "105347.892000", "105347.822000", "105347.894000", "105347.824000", "105347.896000", "105347.826000", "105347.898000", "105347.828000"], "InstanceNumber": [1, 2, 3, 4, 5, 6, 7, 8, 9, 10, 11, 12, 13, 14, 15, 16, 17, 18, 19, 20, 21, 22, 23, 24, 25, 26, 27, 28, 29, 30, 31, 32, 33, 34, 35, 36, 37, 38, 39, 40, 41, 42, 43, 44, 45, 46, 47, 48, 49, 50, 51, 52, 53, 54, 55, 56, 57, 58, 59, 60, 61, 62, 63, 64, 65, 66, 67, 68, 69, 70, 71, 72], "LargestImagePixelValue": [4094, 4095, 4095, 4093, 4093, 4094, 4093, 4094, 4095, 4093, 4094, 4094, 4095, 4092, 4095, 4095, 4094, 4094, 4095, 4095, 4090, 4095, 4094, 4092, 4087, 4093, 4088, 4092, 4089, 4095, 4082, 4093, 4080, 4094, 4094, 4095, 4082, 4089, 4093, 4094, 4088, 4090, 4094, 4084, 4095, 4092, 4088, 4093, 4093, 4093, 4094, 4095, 4094, 4094, 4094, 4095, 4095, 4094, 4094, 4094, 4095, 4095, 4094, 4093, 4095, 4095, 4094, 4095, 4094, 4094, 4095, 4095], "SliceLocation": [-75.963472948296, -73.963469920934, -71.963474257556, -69.963471230193, -67.963468198292, -65.963472534915, -63.963469507552, -61.963470162182, -59.963470816812, -57.963471471442, -55.963472624005, -53.963469592104, -51.963470251272, -49.963470901364, -47.963471560532, -45.963472210624, -43.963469178723, -41.963470084589, -39.96347073468, -37.963471393848, -35.96347204394, -33.963469021116, -31.963471758901, -29.963470577073, -27.963471227164, -25.963470045336, -23.963470695428, -21.963471601294, -19.963470410389, -17.963471069557, -15.963470799151, -13.96347066117, -11.963470390763, -9.96347117328, -7.9634709028734, -5.9634706415436, -3.963470733687, -1.9634707993904, 0.03652922767164, 2.0365292547337, 4.0365290122936, 6.0365292427863, 8.0365289821927, 10.036529193412, 12.036529422785, 14.03652963015, 16.036529860642, 18.0365291398, 20.036528467948, 22.036529588101, 24.036528867259, 26.036529987412, 28.036529346398, 30.036528563881, 32.036529745709, 34.036528963192, 36.036528322177, 38.036527663009, 40.036530562484, 42.036529903316, 44.036529262301, 46.036528603133, 48.036527697267, 50.036530738245, 52.036530079076, 54.036529419908, 56.036528514042, 58.036527873028, 60.036530895852, 62.036530236684, 64.036529577515, 66.036532371795], "SmallestImagePixelValue": [0, 0, 0, 2, 1, 2, 0, 0, 0, 0, 0, 0, 0, 0, 0, 0, 0, 0, 0, 1, 0, 2, 0, 0, 0, 0, 1, 8, 3, 0, 0, 3, 1, 10, 0, 2, 6, 0, 0, 0, 1, 0, 1, 4, 2, 0, 9, 1, 1, 1, 1, 0, 0, 0, 0, 1, 0, 0, 1, 0, 4, 0, 0, 0, 0, 0, 0, 0, 0, 0, 0, 0], "WindowCenter": [-200.0, -200.0, -216.0, -212.0, -206.0, -256.0, -268.0, -256.0, -264.0, -240.0, -290.0, -302.0, -270.0, -130.0, -162.0, -178.0, -228.0, -194.0, -160.0, -134.0, -228.0, -290.0, -278.0, -214.0, -346.0, -332.0, -314.0, -290.0, -266.0, -254.0, -238.0, -234.0, -232.0, -92.0, -218.0, -226.0, -216.0, -216.0, -212.0, -56.0, -54.0, -188.0, -40.0, -186.0, -66.0, -56.0, -70.0, -42.0, -12.0, -24.0, -10.0, -20.0, -6.0, -34.0, -16.0, -10.0, 24.0, -40.0, 6.0, -66.0, -96.0, -118.0, -154.0, -158.0, -226.0, -262.0, -284.0, -288.0, -324.0, -326.0, -366.0, -372.0], "WindowWidth": [6144.0, 6186.0, 6226.0, 6240.0, 6338.0, 6314.0, 6382.0, 6380.0, 6364.0, 6444.0, 6458.0, 6430.0, 6470.0, 6420.0, 6406.0, 6328.0, 6206.0, 6120.0, 6090.0, 6002.0, 5826.0, 5474.0, 5178.0, 5472.0, 4668.0, 4642.0, 4642.0, 4612.0, 4596.0, 4578.0, 4570.0, 4556.0, 4566.0, 5116.0, 4566.0, 4556.0, 4574.0, 4562.0, 4580.0, 5166.0, 5158.0, 4572.0, 5148.0, 4582.0, 5098.0, 5238.0, 5304.0, 5346.0, 5428.0, 5546.0, 5590.0, 5700.0, 5750.0, 5798.0, 5838.0, 5874.0, 5908.0, 5908.0, 5998.0, 6042.0, 6136.0, 6152.0, 6192.0, 6218.0, 6198.0, 6200.0, 6216.0, 6254.0, 6270.0, 6298.0, 6290.0, 6188.0]}}, "IntendedFor": ["ses-1/func/sub-02_ses-1_task-motor_run-05_bold.nii.gz", "ses-1/func/sub-02_ses-1_task-motor_run-04_bold.nii.gz", "ses-1/func/sub-02_ses-1_task-motor_run-01_bold.nii.gz", "ses-1/func/sub-02_ses-1_task-motor_run-03_bold.nii.gz", "ses-1/func/sub-02_ses-1_task-motor_run-02_bold.nii.gz", "ses-1/func/sub-02_ses-1_task-motor_run-06_bold.nii.gz"]}