{"AcquisitionMatrixPE": 100, "AcquisitionNumber": 1, "AcquisitionTime": "10:42:10.550000", "BaseResolution": 100, "BodyPartExamined": "BRAIN", "ConsistencyInfo": "N4_VE11C_LATEST_20160120", "ConversionSoftware": "dcm2niix", "ConversionSoftwareVersion": "v1.0.20180622 GCC4.9.2", "DeviceSerialNumber": "166078", "DwellTime": 8.8e-06, "EchoNumber": 2, "EchoTime": 0.00738, "EchoTime1": 0.00492, "EchoTime2": 0.00738, "FlipAngle": 60, "ImageOrientationPatientDICOM": [0.999672, -0.00623809, -0.0248269, -6.8632e-11, 0.969853, -0.243689], "ImageType": ["ORIGINAL", "PRIMARY", "P", "ND"], "InPlanePhaseEncodingDirectionDICOM": "ROW", "InstitutionAddress": "Street_StreetNo_Bei_Jing_District_CN_ZIP", "InstitutionName": "BeiJing_Normal_University", "InstitutionalDepartmentName": "Department", "MRAcquisitionType": "2D", "MagneticFieldStrength": 3, "Manufacturer": "Siemens", "ManufacturersModelName": "Prisma", "Modality": "MR", "PartialFourier": 1, "PatientPosition": "HFS", "PercentPhaseFOV": 100, "PhaseEncodingDirection": "i", "PhaseEncodingSteps": 100, "PhaseResolution": 1, "PixelBandwidth": 570, "ProcedureStepDescription": "BNU_P2018_64CH_Liu.Jia", "ProtocolName": "field_mapping_2x2x2", "PulseSequenceDetails": "%SiemensSeq%_gre_field_mapping", "ReceiveCoilActiveElements": "HC1-7;NC1", "ReceiveCoilName": "HeadNeck_64", "ReconMatrixPE": 100, "RepetitionTime": 0.72, "SAR": 0.119025, "ScanningSequence": "GR", "SequenceName": "_fm2d2r", "SequenceVariant": "SP", "SeriesDescription": "field_mapping_2x2x2", "SeriesNumber": 7, "ShimSetting": [-5458, -11444, -1278, 179, 96, -251, -242, 40], "SliceThickness": 2, "SoftwareVersions": "syngo_MR_E11", "SpacingBetweenSlices": 2, "StationName": "AWP166078", "TxRefAmp": 231.318, "dcmmeta_affine": [[-1.9993445873260498, -1.3726400571734132e-10, -0.05119729042053223, 99.71326446533203], [0.012476182542741299, 1.9397069215774536, -0.4872169494628906, -82.57610321044922], [-0.04965374991297722, 0.4873778522014618, 1.9390678405761719, -93.1656494140625], [0.0, 0.0, 0.0, 1.0]], "dcmmeta_reorient_transform": [[0.0, -1.0, 0.0, 99.0], [1.0, 0.0, 0.0, 0.0], [0.0, 0.0, -1.0, 71.0], [0.0, 0.0, 0.0, 1.0]], "dcmmeta_shape": [100, 100, 72], "dcmmeta_slice_dim": 2, "dcmmeta_version": 0.6, "global": {"const": {"AcquisitionMatrix": [0, 100, 100, 0], "AcquisitionNumber": 1, "AngioFlag": "N", "BitsAllocated": 16, "BitsStored": 12, "BodyPartExamined": "BRAIN", "Columns": 100, "EchoNumbers": 2, "EchoTime": 7.38, "EchoTrainLength": 0, "FlipAngle": 60.0, "HighBit": 11, "ImageOrientationPatient": [0.9996723025735, -0.0062380912383, -0.0248268742513, -6.8632e-11, 0.96985344601585, -0.2436889272232], "ImageType": ["ORIGINAL", "PRIMARY", "P", "ND"], "ImagedNucleus": "1H", "ImagingFrequency": 123.257833, "InPlanePhaseEncodingDirection": "ROW", "MRAcquisitionType": "2D", "MagneticFieldStrength": 3.0, "Manufacturer": "SIEMENS", "ManufacturerModelName": "Prisma", "Modality": "MR", "NumberOfAverages": 1.0, "NumberOfPhaseEncodingSteps": 100, "PercentPhaseFieldOfView": 100.0, "PercentSampling": 100.0, "PerformedProcedureStepStartTime": "101236.173000", "PhotometricInterpretation": "MONOCHROME2", "PixelBandwidth": 570.0, "PixelRepresentation": 0, "PixelSpacing": [2.0, 2.0], "ProtocolName": "field_mapping_2x2x2", "RepetitionTime": 720.0, "RescaleIntercept": -4096.0, "RescaleSlope": 2.0, "RescaleType": "US", "Rows": 100, "SAR": 0.11902454280583, "SamplesPerPixel": 1, "ScanningSequence": "GR", "SequenceName": "*fm2d2r", "SequenceVariant": "SP", "SeriesDescription": "field_mapping_2x2x2", "SeriesNumber": 7, "SeriesTime": "104434.723000", "SliceThickness": 2.0, "SoftwareVersions": "syngo MR E11", "SpacingBetweenSlices": 2.0, "SpecificCharacterSet": "ISO_IR 100", "StudyID": "1", "StudyTime": "101236.099000", "TransmitCoilName": "Body", "VariableFlipAngleFlag": "N", "WindowCenterWidthExplanation": "Algo1", "dBdt": 0.0}, "slices": {"AcquisitionTime": ["104210.550000", "104210.190000", "104210.560000", "104210.200000", "104210.570000", "104210.210000", "104210.580000", "104210.220000", "104210.590000", "104210.230000", "104210.600000", "104210.240000", "104210.610000", "104210.250000", "104210.620000", "104210.260000", "104210.630000", "104210.270000", "104210.640000", "104210.280000", "104210.650000", "104210.290000", "104210.660000", "104210.300000", "104210.670000", "104210.310000", "104210.680000", "104210.320000", "104210.690000", "104210.330000", "104210.700000", "104210.340000", "104210.710000", "104210.350000", "104210.720000", "104210.360000", "104210.730000", "104210.370000", "104210.740000", "104210.380000", "104210.750000", "104210.390000", "104210.760000", "104210.400000", "104210.770000", "104210.410000", "104210.780000", "104210.420000", "104210.790000", "104210.430000", "104210.800000", "104210.440000", "104210.810000", "104210.450000", "104210.820000", "104210.460000", "104210.830000", "104210.470000", "104210.840000", "104210.480000", "104210.850000", "104210.490000", "104210.860000", "104210.500000", "104210.870000", "104210.510000", "104210.880000", "104210.520000", "104210.890000", "104210.530000", "104210.900000", "104210.540000"], "ContentTime": ["104434.800000", "104434.725000", "104434.802000", "104434.727000", "104434.804000", "104434.729000", "104434.806000", "104434.731000", "104434.809000", "104434.733000", "104434.811000", "104434.739000", "104434.813000", "104434.741000", "104434.815000", "104434.743000", "104434.954000", "104434.745000", "104434.956000", "104434.747000", "104434.957000", "104434.749000", "104434.959000", "104434.751000", "104434.961000", "104434.753000", "104434.963000", "104434.754000", "104434.965000", "104434.756000", "104434.966000", "104434.758000", "104434.968000", "104434.760000", "104434.970000", "104434.762000", "104434.972000", "104434.764000", "104434.973000", "104434.767000", "104434.975000", "104434.768000", "104434.977000", "104434.770000", "104434.979000", "104434.772000", "104434.981000", "104434.774000", "104434.982000", "104434.777000", "104434.984000", "104434.779000", "104434.986000", "104434.781000", "104434.988000", "104434.783000", "104434.989000", "104434.785000", "104434.991000", "104434.787000", "104434.993000", "104434.789000", "104434.995000", "104434.790000", "104434.996000", "104434.792000", "104434.998000", "104434.794000", "104435.001000", "104434.796000", "104435.003000", "104434.798000"], "CsaImage.GSWDDataType": ["measured", "predicted", "measured", "predicted", "measured", "predicted", "measured", "predicted", "measured", "predicted", "measured", "predicted", "measured", "predicted", "measured", "predicted", "measured", "predicted", "measured", "predicted", "measured", "predicted", "measured", "predicted", "measured", "predicted", "measured", "predicted", "measured", "predicted", "measured", "predicted", "measured", "predicted", "measured", "predicted", "measured", "predicted", "measured", "predicted", "measured", "predicted", "measured", "predicted", "measured", "predicted", "measured", "predicted", "measured", "predicted", "measured", "predicted", "measured", "predicted", "measured", "predicted", "measured", "predicted", "measured", "predicted", "measured", "predicted", "measured", "predicted", "measured", "predicted", "measured", "measured", "measured", "measured", "measured", "measured"], "CsaImage.ICE_Dims": ["X_2_1_1_1_1_1_37_1_1_1_1_55", "X_2_1_1_1_1_1_1_1_1_2_1_55", "X_2_1_1_1_1_1_38_1_1_3_1_55", "X_2_1_1_1_1_1_2_1_1_4_1_55", "X_2_1_1_1_1_1_39_1_1_5_1_55", "X_2_1_1_1_1_1_3_1_1_6_1_55", "X_2_1_1_1_1_1_40_1_1_7_1_55", "X_2_1_1_1_1_1_4_1_1_8_1_55", "X_2_1_1_1_1_1_41_1_1_9_1_55", "X_2_1_1_1_1_1_5_1_1_10_1_55", "X_2_1_1_1_1_1_42_1_1_11_1_55", "X_2_1_1_1_1_1_6_1_1_12_1_55", "X_2_1_1_1_1_1_43_1_1_13_1_55", "X_2_1_1_1_1_1_7_1_1_14_1_55", "X_2_1_1_1_1_1_44_1_1_15_1_55", "X_2_1_1_1_1_1_8_1_1_16_1_55", "X_2_1_1_1_1_1_45_1_1_17_1_55", "X_2_1_1_1_1_1_9_1_1_18_1_55", "X_2_1_1_1_1_1_46_1_1_19_1_55", "X_2_1_1_1_1_1_10_1_1_20_1_55", "X_2_1_1_1_1_1_47_1_1_21_1_55", "X_2_1_1_1_1_1_11_1_1_22_1_55", "X_2_1_1_1_1_1_48_1_1_23_1_55", "X_2_1_1_1_1_1_12_1_1_24_1_55", "X_2_1_1_1_1_1_49_1_1_25_1_55", "X_2_1_1_1_1_1_13_1_1_26_1_55", "X_2_1_1_1_1_1_50_1_1_27_1_55", "X_2_1_1_1_1_1_14_1_1_28_1_55", "X_2_1_1_1_1_1_51_1_1_29_1_55", "X_2_1_1_1_1_1_15_1_1_30_1_55", "X_2_1_1_1_1_1_52_1_1_31_1_55", "X_2_1_1_1_1_1_16_1_1_32_1_55", "X_2_1_1_1_1_1_53_1_1_33_1_55", "X_2_1_1_1_1_1_17_1_1_34_1_55", "X_2_1_1_1_1_1_54_1_1_35_1_55", "X_2_1_1_1_1_1_18_1_1_36_1_55", "X_2_1_1_1_1_1_55_1_1_37_1_55", "X_2_1_1_1_1_1_19_1_1_38_1_55", "X_2_1_1_1_1_1_56_1_1_39_1_55", "X_2_1_1_1_1_1_20_1_1_40_1_55", "X_2_1_1_1_1_1_57_1_1_41_1_55", "X_2_1_1_1_1_1_21_1_1_42_1_55", "X_2_1_1_1_1_1_58_1_1_43_1_55", "X_2_1_1_1_1_1_22_1_1_44_1_55", "X_2_1_1_1_1_1_59_1_1_45_1_55", "X_2_1_1_1_1_1_23_1_1_46_1_55", "X_2_1_1_1_1_1_60_1_1_47_1_55", "X_2_1_1_1_1_1_24_1_1_48_1_55", "X_2_1_1_1_1_1_61_1_1_49_1_55", "X_2_1_1_1_1_1_25_1_1_50_1_55", "X_2_1_1_1_1_1_62_1_1_51_1_55", "X_2_1_1_1_1_1_26_1_1_52_1_55", "X_2_1_1_1_1_1_63_1_1_53_1_55", "X_2_1_1_1_1_1_27_1_1_54_1_55", "X_2_1_1_1_1_1_64_1_1_55_1_55", "X_2_1_1_1_1_1_28_1_1_56_1_55", "X_2_1_1_1_1_1_65_1_1_57_1_55", "X_2_1_1_1_1_1_29_1_1_58_1_55", "X_2_1_1_1_1_1_66_1_1_59_1_55", "X_2_1_1_1_1_1_30_1_1_60_1_55", "X_2_1_1_1_1_1_67_1_1_61_1_55", "X_2_1_1_1_1_1_31_1_1_62_1_55", "X_2_1_1_1_1_1_68_1_1_63_1_55", "X_2_1_1_1_1_1_32_1_1_64_1_55", "X_2_1_1_1_1_1_69_1_1_65_1_55", "X_2_1_1_1_1_1_33_1_1_66_1_55", "X_2_1_1_1_1_1_70_1_1_67_1_55", "X_2_1_1_1_1_1_34_1_1_68_1_55", "X_2_1_1_1_1_1_71_1_1_69_1_55", "X_2_1_1_1_1_1_35_1_1_70_1_55", "X_2_1_1_1_1_1_72_1_1_71_1_55", "X_2_1_1_1_1_1_36_1_1_72_1_55"], "CsaImage.ProtocolSliceNumber": [0, 1, 2, 3, 4, 5, 6, 7, 8, 9, 10, 11, 12, 13, 14, 15, 16, 17, 18, 19, 20, 21, 22, 23, 24, 25, 26, 27, 28, 29, 30, 31, 32, 33, 34, 35, 36, 37, 38, 39, 40, 41, 42, 43, 44, 45, 46, 47, 48, 49, 50, 51, 52, 53, 54, 55, 56, 57, 58, 59, 60, 61, 62, 63, 64, 65, 66, 67, 68, 69, 70, 71], "CsaImage.RFSWDDataType": ["measured", "predicted", "measured", "predicted", "measured", "predicted", "measured", "predicted", "measured", "predicted", "measured", "predicted", "measured", "predicted", "measured", "predicted", "measured", "predicted", "measured", "predicted", "measured", "predicted", "measured", "predicted", "measured", "predicted", "measured", "predicted", "measured", "predicted", "measured", "predicted", "measured", "predicted", "measured", "predicted", "measured", "predicted", "measured", "predicted", "measured", "predicted", "measured", "predicted", "measured", "predicted", "measured", "predicted", "measured", "predicted", "measured", "predicted", "measured", "predicted", "measured", "predicted", "measured", "predicted", "measured", "predicted", "measured", "predicted", "measured", "measured", "measured", "measured", "measured", "measured", "measured", "measured", "measured", "measured"], "CsaImage.SlicePosition_PCS": [[-99.71325373, -109.45496409, -44.91547918], [-99.66205659, -108.96774619, -42.97640752], [-99.61085941, -108.48052733, -41.03733587], [-99.55966224, -107.99330943, -39.09826421], [-99.50846507, -107.50609152, -37.15919256], [-99.45726793, -107.01887267, -35.2201209], [-99.40607076, -106.53165476, -33.28105306], [-99.35487359, -106.04443686, -31.34198141], [-99.30367642, -105.55721896, -29.40290975], [-99.25247925, -105.0700001, -27.4638381], [-99.20128207, -104.5827822, -25.52476644], [-99.1500849, -104.09556429, -23.58569479], [-99.09888773, -103.60834591, -21.64662313], [-99.04769056, -103.12112801, -19.70755147], [-98.99649339, -102.63390963, -17.76847982], [-98.94529622, -102.14669173, -15.82941198], [-98.89409905, -101.65947335, -13.89034032], [-98.84290188, -101.17225544, -11.95126867], [-98.7917047, -100.68503706, -10.01219701], [-98.74050753, -100.19781892, -8.07312536], [-98.68931036, -99.71060078, -6.1340537], [-98.63811331, -99.22338264, -4.19498205], [-98.58691614, -98.7361645, -2.25591039], [-98.53571897, -98.24894648, -0.31684064], [-98.4845218, -97.76172833, 1.62223101], [-98.43332463, -97.27451013, 3.56130267], [-98.38212745, -96.78729199, 5.50037432], [-98.33093028, -96.30007384, 7.43944407], [-98.27973311, -95.81285571, 9.37851572], [-98.22853594, -95.32563751, 11.31758738], [-98.17733877, -94.83841937, 13.25665904], [-98.1261416, -94.35120122, 15.19572974], [-98.07494443, -93.86398308, 17.13480139], [-98.02374726, -93.37676494, 19.07387257], [-97.97255008, -92.8895468, 21.01294375], [-97.92135303, -92.40232866, 22.95201493], [-97.87015574, -91.91511052, 24.89108623], [-97.81895869, -91.42789214, 26.83015748], [-97.7677614, -90.94067423, 28.7692287], [-97.71656435, -90.45345585, 30.70829988], [-97.66536706, -89.96623795, 32.6473713], [-97.61417, -89.47901957, 34.58644248], [-97.56297271, -88.99180167, 36.52551413], [-97.51177566, -88.50458329, 38.46458483], [-97.46057837, -88.01736491, 40.40365649], [-97.40938132, -87.530147, 42.34272719], [-97.35818403, -87.0429291, 44.28179789], [-97.30698698, -86.5557112, 46.22086955], [-97.25578969, -86.06849234, 48.1599412], [-97.20459264, -85.58127444, 50.09901286], [-97.15339534, -85.09405653, 52.03808451], [-97.10219829, -84.60683863, 53.97715426], [-97.051001, -84.11961977, 55.91622591], [-96.99980395, -83.63240187, 57.85529757], [-96.94860666, -83.14518397, 59.79436732], [-96.89740961, -82.65796607, 61.73343897], [-96.84621256, -82.17074721, 63.67251063], [-96.79501527, -81.68352931, 65.61158228], [-96.74381821, -81.1963114, 67.55065394], [-96.69262092, -80.7090935, 69.48972559], [-96.64142387, -80.2218756, 71.42879725], [-96.59022658, -79.73465674, 73.3678689], [-96.53902953, -79.24743788, 75.30694056], [-96.48783224, -78.76022093, 77.2460084], [-96.43663519, -78.27300208, 79.18508006], [-96.3854379, -77.78578322, 81.12415171], [-96.33424084, -77.29856627, 83.06322337], [-96.28304355, -76.81134741, 85.00229502], [-96.2318465, -76.32413046, 86.94136668], [-96.18064921, -75.83691161, 88.88043833], [-96.12945216, -75.34969275, 90.81950999], [-96.07825487, -74.8624758, 92.75857783]], "CsaImage.TimeAfterStart": [1.0825, 0.7225, 1.0925, 0.7325, 1.1025, 0.7425, 1.1125, 0.7525, 1.1225, 0.7625, 1.1325, 0.7725, 1.1425, 0.7825, 1.1525, 0.7925, 1.1625, 0.8025, 1.1725, 0.8125, 1.1825, 0.8225, 1.1925, 0.8325, 1.2025, 0.8425, 1.2125, 0.8525, 1.2225, 0.8625, 1.2325, 0.8725, 1.2425, 0.8825, 1.2525, 0.8925, 1.2625, 0.9025, 1.2725, 0.9125, 1.2825, 0.9225, 1.2925, 0.9325, 1.3025, 0.9425, 1.3125, 0.9525, 1.3225, 0.9625, 1.3325, 0.9725, 1.3425, 0.9825, 1.3525, 0.9925, 1.3625, 1.0025, 1.3725, 1.0125, 1.3825, 1.0225, 1.3925, 1.0325, 1.4025, 1.0425, 1.4125, 1.0525, 1.4225, 1.0625, 1.4325, 1.0725], "ImagePositionPatient": [[-99.713253726611, -109.45496408951, -44.915479178722], [-99.662056585202, -108.96774618638, -42.976407523449], [-99.61085941399, -108.48052732956, -41.037335868175], [-99.559662242779, -107.99330942643, -39.098264212902], [-99.508465071568, -107.50609152329, -37.159192557628], [-99.457267930159, -107.01887266648, -35.220120902355], [-99.406070758948, -106.53165476334, -33.281053061779], [-99.354873587737, -106.0444368602, -31.341981406505], [-99.303676416525, -105.55721895707, -29.402909751232], [-99.252479245314, -105.07000010026, -27.463838095958], [-99.201282074103, -104.58278219712, -25.524766440685], [-99.150084902892, -104.09556429398, -23.585694785411], [-99.09888773168, -103.60834591401, -21.646623130138], [-99.047690560469, -103.12112801087, -19.707551474865], [-98.996493389258, -102.63390963089, -17.768479819591], [-98.945296218047, -102.14669172776, -15.829411979015], [-98.894099046835, -101.65947334778, -13.890340323742], [-98.842901875624, -101.17225544465, -11.951268668468], [-98.791704704413, -100.68503706467, -10.012197013195], [-98.740507533202, -100.19781892312, -8.0731253579212], [-98.68931036199, -99.71060078156, -6.1340537026478], [-98.638113309988, -99.223382640004, -4.1949820473743], [-98.586916138777, -98.736164498449, -2.2559103921009], [-98.535718967566, -98.248946476102, -0.3168406441761], [-98.484521796355, -97.761728334546, 1.6222310110974], [-98.433324625143, -97.274510133386, 3.5613026663708], [-98.382127453932, -96.78729199183, 5.5003743216442], [-98.330930282721, -96.300073835373, 7.439444069569], [-98.27973311151, -95.812855708718, 9.3785157248425], [-98.228535940299, -95.325637507558, 11.317587380116], [-98.177338769087, -94.838419366002, 13.256659035389], [-98.126141597876, -94.351201224446, 15.195729736988], [-98.074944426665, -93.863983082891, 17.134801392262], [-98.023747255454, -93.376764941335, 19.073872570698], [-97.972550084242, -92.889546799779, 21.012943749134], [-97.92135303224, -92.402328658223, 22.952014927571], [-97.87015574182, -91.915110516668, 24.891086225216], [-97.818958689818, -91.427892136693, 26.830157478158], [-97.767761399397, -90.940674233556, 28.769228701298], [-97.716564347395, -90.453455853582, 30.708299879734], [-97.665367056975, -89.966237950444, 32.647371296589], [-97.614170004973, -89.47901957047, 34.586442475026], [-97.562972714552, -88.991801667333, 36.525514130299], [-97.51177566255, -88.504583287358, 38.464584831898], [-97.46057837213, -88.017364907384, 40.403656487172], [-97.409381320128, -87.530147004247, 42.342727188771], [-97.358184029707, -87.04292910111, 44.28179789037], [-97.306986977705, -86.555711197972, 46.220869545643], [-97.255789687285, -86.068492341161, 48.159941200917], [-97.204592635283, -85.581274438024, 50.09901285619], [-97.153395344862, -85.094056534887, 52.038084511464], [-97.10219829286, -84.606838631749, 53.977154259388], [-97.05100100244, -84.119619774938, 55.916225914662], [-96.999803950438, -83.632401871801, 57.855297569935], [-96.948606660017, -83.145183968663, 59.79436731786], [-96.897409608015, -82.657966065526, 61.733438973133], [-96.846212556014, -82.170747208715, 63.672510628407], [-96.795015265593, -81.683529305577, 65.61158228368], [-96.743818213591, -81.19631140244, 67.550653938954], [-96.692620923171, -80.709093499303, 69.489725594227], [-96.641423871169, -80.221875596166, 71.428797249501], [-96.590226580748, -79.734656739354, 73.367868904774], [-96.539029528746, -79.247437882543, 75.306940560048], [-96.487832238326, -78.76022093308, 77.246008400624], [-96.436635186324, -78.273002076268, 79.185080055897], [-96.385437895903, -77.785783219457, 81.124151711171], [-96.334240843901, -77.298566269994, 83.063223366444], [-96.283043553481, -76.811347413182, 85.002295021717], [-96.231846501479, -76.32413046372, 86.941366676991], [-96.180649211058, -75.836911606908, 88.880438332264], [-96.129452159056, -75.349692750096, 90.819509987538], [-96.078254868636, -74.862475800634, 92.758577828114]], "InstanceCreationTime": ["104434.800000", "104434.725000", "104434.802000", "104434.727000", "104434.804000", "104434.729000", "104434.806000", "104434.731000", "104434.809000", "104434.733000", "104434.811000", "104434.739000", "104434.813000", "104434.741000", "104434.815000", "104434.743000", "104434.954000", "104434.745000", "104434.956000", "104434.747000", "104434.957000", "104434.749000", "104434.959000", "104434.751000", "104434.961000", "104434.753000", "104434.963000", "104434.754000", "104434.965000", "104434.756000", "104434.966000", "104434.758000", "104434.968000", "104434.760000", "104434.970000", "104434.762000", "104434.972000", "104434.764000", "104434.973000", "104434.767000", "104434.975000", "104434.768000", "104434.977000", "104434.770000", "104434.979000", "104434.772000", "104434.981000", "104434.774000", "104434.982000", "104434.777000", "104434.984000", "104434.779000", "104434.986000", "104434.781000", "104434.988000", "104434.783000", "104434.989000", "104434.785000", "104434.991000", "104434.787000", "104434.993000", "104434.789000", "104434.995000", "104434.790000", "104434.996000", "104434.792000", "104434.998000", "104434.794000", "104435.001000", "104434.796000", "104435.003000", "104434.798000"], "InstanceNumber": [1, 2, 3, 4, 5, 6, 7, 8, 9, 10, 11, 12, 13, 14, 15, 16, 17, 18, 19, 20, 21, 22, 23, 24, 25, 26, 27, 28, 29, 30, 31, 32, 33, 34, 35, 36, 37, 38, 39, 40, 41, 42, 43, 44, 45, 46, 47, 48, 49, 50, 51, 52, 53, 54, 55, 56, 57, 58, 59, 60, 61, 62, 63, 64, 65, 66, 67, 68, 69, 70, 71, 72], "LargestImagePixelValue": [4095, 4094, 4094, 4094, 4095, 4093, 4095, 4092, 4093, 4092, 4094, 4094, 4088, 4095, 4091, 4094, 4094, 4094, 4094, 4095, 4092, 4093, 4091, 4093, 4093, 4093, 4094, 4091, 4094, 4094, 4093, 4094, 4093, 4094, 4095, 4094, 4095, 4095, 4092, 4094, 4089, 4090, 4093, 4095, 4095, 4093, 4091, 4086, 4092, 4090, 4092, 4091, 4095, 4094, 4091, 4095, 4094, 4092, 4094, 4095, 4092, 4094, 4092, 4095, 4092, 4095, 4094, 4094, 4093, 4094, 4094, 4093], "SliceLocation": [-72.763897441277, -70.7638971121, -68.763896549836, -66.763896219895, -64.763895889954, -62.763895328453, -60.763898696998, -58.763898367057, -56.763898037116, -54.763897474852, -52.763897144912, -50.763896814971, -48.763896368869, -46.763896038928, -44.763895592826, -42.76389896137, -40.763898515268, -38.763898185327, -36.763897739225, -34.763897351204, -32.763896963182, -30.763896578212, -28.763896190191, -26.763897680452, -24.763897292431, -22.763896889889, -20.763896501868, -18.763897959459, -16.763897575067, -14.763897172525, -12.763896784504, -10.763897321104, -8.7638969330823, -6.7638970073715, -4.7638970816607, -2.7638971590014, -0.7638971146613, 1.2361029383149, 3.236102852338, 5.2361028330782, 7.236102934915, 9.2361029156552, 11.236103248647, 13.236102767077, 15.236103216231, 17.236102618499, 19.236102026869, 21.236102353758, 23.236102919074, 25.236103245963, 27.236103578955, 29.236102056602, 31.236102621918, 33.236102948806, 35.236101432556, 37.236101759445, 39.236102318658, 41.23610265165, 43.236102978539, 45.236103311531, 47.23610363842, 49.236104203736, 51.236104762948, 53.236101165132, 55.236101724344, 57.23610228966, 59.236102384226, 61.236102949541, 63.236103044107, 65.236103609422, 67.236104168635, 69.236100570819], "SmallestImagePixelValue": [0, 0, 0, 0, 0, 1, 0, 0, 2, 1, 4, 1, 1, 0, 2, 0, 0, 0, 4, 1, 7, 4, 0, 1, 3, 2, 10, 2, 5, 6, 6, 4, 0, 0, 0, 0, 0, 0, 0, 8, 2, 0, 3, 0, 10, 3, 0, 1, 0, 1, 0, 0, 0, 0, 2, 5, 0, 1, 0, 0, 0, 0, 0, 0, 0, 1, 0, 0, 0, 0, 0, 0], "WindowCenter": [-376.0, -340.0, -294.0, -292.0, -336.0, -340.0, -356.0, -330.0, -368.0, -332.0, -286.0, -254.0, -206.0, -188.0, -184.0, -190.0, -220.0, -228.0, -234.0, -262.0, -234.0, -236.0, -218.0, -256.0, -210.0, -242.0, -234.0, -224.0, -252.0, -208.0, -168.0, -152.0, -104.0, -78.0, -46.0, -238.0, -144.0, -116.0, -240.0, -252.0, -228.0, -86.0, -100.0, -154.0, -118.0, -114.0, -246.0, -96.0, -196.0, -198.0, -90.0, -46.0, -50.0, -66.0, -96.0, -84.0, -106.0, -90.0, -68.0, -86.0, -96.0, -80.0, -76.0, -80.0, -138.0, -210.0, -156.0, -200.0, -170.0, -208.0, -218.0, -284.0], "WindowWidth": [5972.0, 6062.0, 6004.0, 5978.0, 6002.0, 6082.0, 6014.0, 5928.0, 5916.0, 6002.0, 6112.0, 6108.0, 6114.0, 6122.0, 6102.0, 6042.0, 5912.0, 5842.0, 5822.0, 5788.0, 5790.0, 5652.0, 5502.0, 5422.0, 5570.0, 5530.0, 5508.0, 5512.0, 5450.0, 5342.0, 5540.0, 5540.0, 5532.0, 5534.0, 5598.0, 4652.0, 5238.0, 5352.0, 4648.0, 4656.0, 4648.0, 5280.0, 5306.0, 5014.0, 5132.0, 5192.0, 4612.0, 5160.0, 4594.0, 4606.0, 4984.0, 5324.0, 5322.0, 5210.0, 5326.0, 5524.0, 5588.0, 5648.0, 5704.0, 5730.0, 5814.0, 5844.0, 5874.0, 5932.0, 5950.0, 5892.0, 5918.0, 5892.0, 5942.0, 5788.0, 5780.0, 5706.0]}}, "IntendedFor": ["ses-1/func/sub-26_ses-1_task-motor_run-04_bold.nii.gz", "ses-1/func/sub-26_ses-1_task-motor_run-06_bold.nii.gz", "ses-1/func/sub-26_ses-1_task-motor_run-05_bold.nii.gz", "ses-1/func/sub-26_ses-1_task-motor_run-02_bold.nii.gz", "ses-1/func/sub-26_ses-1_task-motor_run-01_bold.nii.gz", "ses-1/func/sub-26_ses-1_task-motor_run-03_bold.nii.gz"]}