{"AcquisitionMatrixPE": 100, "AcquisitionNumber": 1, "AcquisitionTime": "09:25:30.082500", "BaseResolution": 100, "BodyPartExamined": "BRAIN", "ConsistencyInfo": "N4_VE11C_LATEST_20160120", "ConversionSoftware": "dcm2niix", "ConversionSoftwareVersion": "v1.0.20180622 GCC4.9.2", "DeviceSerialNumber": "166078", "DwellTime": 8.8e-06, "EchoNumber": 2, "EchoTime": 0.00738, "EchoTime1": 0.00492, "EchoTime2": 0.00738, "FlipAngle": 60, "ImageOrientationPatientDICOM": [0.999816, 0.000402027, 0.019189, -1.4285e-11, 0.999781, -0.0209463], "ImageType": ["ORIGINAL", "PRIMARY", "P", "ND"], "InPlanePhaseEncodingDirectionDICOM": "ROW", "InstitutionAddress": "Street_StreetNo_Bei_Jing_District_CN_ZIP", "InstitutionName": "BeiJing_Normal_University", "InstitutionalDepartmentName": "Department", "MRAcquisitionType": "2D", "MagneticFieldStrength": 3, "Manufacturer": "Siemens", "ManufacturersModelName": "Prisma", "Modality": "MR", "PartialFourier": 1, "PatientPosition": "HFS", "PercentPhaseFOV": 100, "PhaseEncodingDirection": "i", "PhaseEncodingSteps": 100, "PhaseResolution": 1, "PixelBandwidth": 570, "ProcedureStepDescription": "BNU_P2018_64CH_Liu.Jia", "ProtocolName": "field_mapping_2x2x2", "PulseSequenceDetails": "%SiemensSeq%_gre_field_mapping", "ReceiveCoilActiveElements": "HC1-7;NC1", "ReceiveCoilName": "HeadNeck_64", "ReconMatrixPE": 100, "RepetitionTime": 0.72, "SAR": 0.135177, "ScanningSequence": "GR", "SequenceName": "_fm2d2r", "SequenceVariant": "SP", "SeriesDescription": "field_mapping_2x2x2", "SeriesNumber": 6, "ShimSetting": [-5462, -11519, -1256, 282, 7, -178, -159, 28], "SliceThickness": 2, "SoftwareVersions": "syngo_MR_E11", "SpacingBetweenSlices": 2, "StationName": "AWP166078", "TxRefAmp": 215.029, "dcmmeta_affine": [[-1.999631643295288, -2.857000053202441e-11, 0.03838646411895752, 98.61762237548828], [-0.000804053561296314, 1.9995611906051636, -0.0418848991394043, -89.53572082519531], [0.0383780412375927, 0.041892554610967636, 1.9991989135742188, -58.86629104614258], [0.0, 0.0, 0.0, 1.0]], "dcmmeta_reorient_transform": [[0.0, -1.0, 0.0, 99.0], [1.0, 0.0, 0.0, 0.0], [0.0, 0.0, -1.0, 71.0], [0.0, 0.0, 0.0, 1.0]], "dcmmeta_shape": [100, 100, 72], "dcmmeta_slice_dim": 2, "dcmmeta_version": 0.6, "global": {"const": {"AcquisitionMatrix": [0, 100, 100, 0], "AcquisitionNumber": 1, "AngioFlag": "N", "BitsAllocated": 16, "BitsStored": 12, "BodyPartExamined": "BRAIN", "Columns": 100, "EchoNumbers": 2, "EchoTime": 7.38, "EchoTrainLength": 0, "FlipAngle": 60.0, "HighBit": 11, "ImageOrientationPatient": [0.99981579296403, 0.00040202677188, 0.01918902066781, -1.4285e-11, 0.99978060265952, -0.0209462776113], "ImageType": ["ORIGINAL", "PRIMARY", "P", "ND"], "ImagedNucleus": "1H", "ImagingFrequency": 123.257795, "InPlanePhaseEncodingDirection": "ROW", "MRAcquisitionType": "2D", "MagneticFieldStrength": 3.0, "Manufacturer": "SIEMENS", "ManufacturerModelName": "Prisma", "Modality": "MR", "NumberOfAverages": 1.0, "NumberOfPhaseEncodingSteps": 100, "PercentPhaseFieldOfView": 100.0, "PercentSampling": 100.0, "PerformedProcedureStepStartTime": "090424.111000", "PhotometricInterpretation": "MONOCHROME2", "PixelBandwidth": 570.0, "PixelRepresentation": 0, "PixelSpacing": [2.0, 2.0], "ProtocolName": "field_mapping_2x2x2", "RepetitionTime": 720.0, "RescaleIntercept": -4096.0, "RescaleSlope": 2.0, "RescaleType": "US", "Rows": 100, "SAR": 0.13517714363369, "SamplesPerPixel": 1, "ScanningSequence": "GR", "SequenceName": "*fm2d2r", "SequenceVariant": "SP", "SeriesDescription": "field_mapping_2x2x2", "SeriesNumber": 6, "SeriesTime": "092754.386000", "SliceThickness": 2.0, "SoftwareVersions": "syngo MR E11", "SpacingBetweenSlices": 2.0, "SpecificCharacterSet": "ISO_IR 100", "StudyID": "1", "StudyTime": "090423.971000", "TransmitCoilName": "Body", "VariableFlipAngleFlag": "N", "WindowCenterWidthExplanation": "Algo1", "dBdt": 0.0}, "slices": {"AcquisitionTime": ["092530.082500", "092529.722500", "092530.092500", "092529.732500", "092530.102500", "092529.742500", "092530.112500", "092529.752500", "092530.122500", "092529.762500", "092530.132500", "092529.772500", "092530.142500", "092529.782500", "092530.152500", "092529.792500", "092530.162500", "092529.802500", "092530.172500", "092529.812500", "092530.182500", "092529.822500", "092530.192500", "092529.832500", "092530.202500", "092529.842500", "092530.212500", "092529.852500", "092530.222500", "092529.862500", "092530.232500", "092529.872500", "092530.242500", "092529.882500", "092530.252500", "092529.892500", "092530.262500", "092529.902500", "092530.272500", "092529.912500", "092530.282500", "092529.922500", "092530.292500", "092529.932500", "092530.302500", "092529.942500", "092530.312500", "092529.952500", "092530.322500", "092529.962500", "092530.332500", "092529.972500", "092530.342500", "092529.982500", "092530.352500", "092529.992500", "092530.362500", "092530.002500", "092530.372500", "092530.012500", "092530.382500", "092530.022500", "092530.392500", "092530.032500", "092530.402500", "092530.042500", "092530.412500", "092530.052500", "092530.422500", "092530.062500", "092530.432500", "092530.072500"], "ContentTime": ["092754.455000", "092754.388000", "092754.457000", "092754.391000", "092754.459000", "092754.392000", "092754.461000", "092754.394000", "092754.462000", "092754.396000", "092754.464000", "092754.398000", "092754.466000", "092754.400000", "092754.468000", "092754.401000", "092754.470000", "092754.403000", "092754.471000", "092754.405000", "092754.473000", "092754.407000", "092754.475000", "092754.409000", "092754.477000", "092754.411000", "092754.479000", "092754.413000", "092754.480000", "092754.414000", "092754.482000", "092754.416000", "092754.484000", "092754.418000", "092754.486000", "092754.420000", "092754.487000", "092754.422000", "092754.489000", "092754.424000", "092754.491000", "092754.426000", "092754.493000", "092754.427000", "092754.495000", "092754.429000", "092754.496000", "092754.431000", "092754.498000", "092754.433000", "092754.501000", "092754.435000", "092754.503000", "092754.437000", "092754.505000", "092754.438000", "092754.507000", "092754.440000", "092754.508000", "092754.442000", "092754.510000", "092754.444000", "092754.512000", "092754.446000", "092754.514000", "092754.447000", "092754.516000", "092754.449000", "092754.518000", "092754.451000", "092754.520000", "092754.453000"], "CsaImage.GSWDDataType": ["measured", "predicted", "measured", "predicted", "measured", "predicted", "measured", "predicted", "measured", "predicted", "measured", "predicted", "measured", "predicted", "measured", "predicted", "measured", "predicted", "measured", "predicted", "measured", "predicted", "measured", "predicted", "measured", "predicted", "measured", "predicted", "measured", "predicted", "measured", "predicted", "measured", "predicted", "measured", "predicted", "measured", "predicted", "measured", "predicted", "measured", "predicted", "measured", "predicted", "measured", "predicted", "measured", "predicted", "measured", "predicted", "measured", "predicted", "measured", "predicted", "measured", "measured", "measured", "measured", "measured", "measured", "measured", "measured", "measured", "measured", "measured", "measured", "measured", "measured", "measured", "measured", "measured", "measured"], "CsaImage.ICE_Dims": ["X_2_1_1_1_1_1_37_1_1_1_1_24", "X_2_1_1_1_1_1_1_1_1_2_1_24", "X_2_1_1_1_1_1_38_1_1_3_1_24", "X_2_1_1_1_1_1_2_1_1_4_1_24", "X_2_1_1_1_1_1_39_1_1_5_1_24", "X_2_1_1_1_1_1_3_1_1_6_1_24", "X_2_1_1_1_1_1_40_1_1_7_1_24", "X_2_1_1_1_1_1_4_1_1_8_1_24", "X_2_1_1_1_1_1_41_1_1_9_1_24", "X_2_1_1_1_1_1_5_1_1_10_1_24", "X_2_1_1_1_1_1_42_1_1_11_1_24", "X_2_1_1_1_1_1_6_1_1_12_1_24", "X_2_1_1_1_1_1_43_1_1_13_1_24", "X_2_1_1_1_1_1_7_1_1_14_1_24", "X_2_1_1_1_1_1_44_1_1_15_1_24", "X_2_1_1_1_1_1_8_1_1_16_1_24", "X_2_1_1_1_1_1_45_1_1_17_1_24", "X_2_1_1_1_1_1_9_1_1_18_1_24", "X_2_1_1_1_1_1_46_1_1_19_1_24", "X_2_1_1_1_1_1_10_1_1_20_1_24", "X_2_1_1_1_1_1_47_1_1_21_1_24", "X_2_1_1_1_1_1_11_1_1_22_1_24", "X_2_1_1_1_1_1_48_1_1_23_1_24", "X_2_1_1_1_1_1_12_1_1_24_1_24", "X_2_1_1_1_1_1_49_1_1_25_1_24", "X_2_1_1_1_1_1_13_1_1_26_1_24", "X_2_1_1_1_1_1_50_1_1_27_1_24", "X_2_1_1_1_1_1_14_1_1_28_1_24", "X_2_1_1_1_1_1_51_1_1_29_1_24", "X_2_1_1_1_1_1_15_1_1_30_1_24", "X_2_1_1_1_1_1_52_1_1_31_1_24", "X_2_1_1_1_1_1_16_1_1_32_1_24", "X_2_1_1_1_1_1_53_1_1_33_1_24", "X_2_1_1_1_1_1_17_1_1_34_1_24", "X_2_1_1_1_1_1_54_1_1_35_1_24", "X_2_1_1_1_1_1_18_1_1_36_1_24", "X_2_1_1_1_1_1_55_1_1_37_1_24", "X_2_1_1_1_1_1_19_1_1_38_1_24", "X_2_1_1_1_1_1_56_1_1_39_1_24", "X_2_1_1_1_1_1_20_1_1_40_1_24", "X_2_1_1_1_1_1_57_1_1_41_1_24", "X_2_1_1_1_1_1_21_1_1_42_1_24", "X_2_1_1_1_1_1_58_1_1_43_1_24", "X_2_1_1_1_1_1_22_1_1_44_1_24", "X_2_1_1_1_1_1_59_1_1_45_1_24", "X_2_1_1_1_1_1_23_1_1_46_1_24", "X_2_1_1_1_1_1_60_1_1_47_1_24", "X_2_1_1_1_1_1_24_1_1_48_1_24", "X_2_1_1_1_1_1_61_1_1_49_1_24", "X_2_1_1_1_1_1_25_1_1_50_1_24", "X_2_1_1_1_1_1_62_1_1_51_1_24", "X_2_1_1_1_1_1_26_1_1_52_1_24", "X_2_1_1_1_1_1_63_1_1_53_1_24", "X_2_1_1_1_1_1_27_1_1_54_1_24", "X_2_1_1_1_1_1_64_1_1_55_1_24", "X_2_1_1_1_1_1_28_1_1_56_1_24", "X_2_1_1_1_1_1_65_1_1_57_1_24", "X_2_1_1_1_1_1_29_1_1_58_1_24", "X_2_1_1_1_1_1_66_1_1_59_1_24", "X_2_1_1_1_1_1_30_1_1_60_1_24", "X_2_1_1_1_1_1_67_1_1_61_1_24", "X_2_1_1_1_1_1_31_1_1_62_1_24", "X_2_1_1_1_1_1_68_1_1_63_1_24", "X_2_1_1_1_1_1_32_1_1_64_1_24", "X_2_1_1_1_1_1_69_1_1_65_1_24", "X_2_1_1_1_1_1_33_1_1_66_1_24", "X_2_1_1_1_1_1_70_1_1_67_1_24", "X_2_1_1_1_1_1_34_1_1_68_1_24", "X_2_1_1_1_1_1_71_1_1_69_1_24", "X_2_1_1_1_1_1_35_1_1_70_1_24", "X_2_1_1_1_1_1_72_1_1_71_1_24", "X_2_1_1_1_1_1_36_1_1_72_1_24"], "CsaImage.ProtocolSliceNumber": [0, 1, 2, 3, 4, 5, 6, 7, 8, 9, 10, 11, 12, 13, 14, 15, 16, 17, 18, 19, 20, 21, 22, 23, 24, 25, 26, 27, 28, 29, 30, 31, 32, 33, 34, 35, 36, 37, 38, 39, 40, 41, 42, 43, 44, 45, 46, 47, 48, 49, 50, 51, 52, 53, 54, 55, 56, 57, 58, 59, 60, 61, 62, 63, 64, 65, 66, 67, 68, 69, 70, 71], "CsaImage.RFSWDDataType": ["measured", "predicted", "measured", "predicted", "measured", "predicted", "measured", "predicted", "measured", "predicted", "measured", "predicted", "measured", "predicted", "measured", "predicted", "measured", "predicted", "measured", "predicted", "measured", "predicted", "measured", "predicted", "measured", "predicted", "measured", "predicted", "measured", "predicted", "measured", "predicted", "measured", "predicted", "measured", "predicted", "measured", "predicted", "measured", "predicted", "measured", "predicted", "measured", "predicted", "measured", "predicted", "measured", "predicted", "measured", "predicted", "measured", "predicted", "measured", "measured", "measured", "measured", "measured", "measured", "measured", "measured", "measured", "measured", "measured", "measured", "measured", "measured", "measured", "measured", "measured", "measured", "measured", "measured"], "CsaImage.SlicePosition_PCS": [[-98.61761951, -108.42083748, -54.71850038], [-98.65600597, -108.37895211, -52.7193091], [-98.69439243, -108.33706768, -50.720114], [-98.7327789, -108.29518326, -48.72092271], [-98.77116536, -108.25329789, -46.72172761], [-98.80955183, -108.21141346, -44.72253633], [-98.84793829, -108.16952809, -42.72334505], [-98.88632475, -108.12764367, -40.72414995], [-98.92471122, -108.08575829, -38.72495866], [-98.96309768, -108.04387387, -36.72576356], [-99.00148415, -108.00198897, -34.72657228], [-99.03987061, -107.96010407, -32.727381], [-99.07825708, -107.91821917, -30.7281859], [-99.11664354, -107.87633427, -28.7289927], [-99.15503, -107.83444985, -26.72980142], [-99.19341647, -107.79256495, -24.73060823], [-99.23180293, -107.75068005, -22.73141504], [-99.2701894, -107.70879515, -20.73222185], [-99.30857586, -107.66691025, -18.73302865], [-99.34696232, -107.62502535, -16.73383546], [-99.38534879, -107.58314045, -14.73464323], [-99.42373525, -107.54125555, -12.73545099], [-99.46212172, -107.49937113, -10.7362578], [-99.50050818, -107.45748623, -8.7370646], [-99.53889464, -107.41560133, -6.73787189], [-99.57728111, -107.37371643, -4.73867917], [-99.61566757, -107.33183154, -2.73948622], [-99.65405404, -107.28994664, -0.74029339], [-99.6924405, -107.24806174, 1.25889945], [-99.73082697, -107.20617684, 3.2580924], [-99.76921344, -107.16429242, 5.25728535], [-99.80759991, -107.12240752, 7.25647807], [-99.84598637, -107.08052262, 9.25567126], [-99.88437283, -107.03863772, 11.2548635], [-99.9227593, -106.99675282, 13.25405669], [-99.96114576, -106.95486792, 15.25324988], [-99.99953223, -106.91298302, 17.25244307], [-100.03791869, -106.87109812, 19.25163626], [-100.07630516, -106.8292137, 21.25082755], [-100.11469162, -106.7873288, 23.25002074], [-100.15307809, -106.7454439, 25.24921393], [-100.19146455, -106.703559, 27.24840712], [-100.22985101, -106.6616741, 29.24760031], [-100.26823746, -106.6197892, 31.2467935], [-100.30662393, -106.5779043, 33.24598479], [-100.34501039, -106.53601941, 35.24517989], [-100.38339686, -106.49413498, 37.24437117], [-100.42178332, -106.45225008, 39.24356246], [-100.46016978, -106.41036518, 41.24275755], [-100.49855625, -106.36848029, 43.24194884], [-100.53694271, -106.32659539, 45.24114394], [-100.57532918, -106.28471049, 47.24033522], [-100.61371564, -106.24282559, 49.23953032], [-100.6521021, -106.20094069, 51.2387216], [-100.69048857, -106.15905627, 53.23791289], [-100.72887503, -106.11717137, 55.23710799], [-100.7672615, -106.07528647, 57.23629927], [-100.80564796, -106.03340157, 59.23549437], [-100.84403442, -105.99151667, 61.23468566], [-100.88242089, -105.94963177, 63.23387694], [-100.92080735, -105.90774687, 65.23306822], [-100.95919382, -105.86586197, 67.23226714], [-100.99758028, -105.82397755, 69.23145842], [-101.03596675, -105.78209265, 71.23064971], [-101.07435321, -105.74020775, 73.22984099], [-101.11273967, -105.69832285, 75.22903227], [-101.15112614, -105.65643795, 77.22823119], [-101.1895126, -105.61455305, 79.22742247], [-101.22789907, -105.57266816, 81.22661376], [-101.26628553, -105.53078326, 83.22580504], [-101.30467199, -105.48889883, 85.22499632], [-101.34305846, -105.44701393, 87.22419524]], "CsaImage.TimeAfterStart": [1.0825, 0.7225, 1.0925, 0.7325, 1.1025, 0.7425, 1.1125, 0.7525, 1.1225, 0.7625, 1.1325, 0.7725, 1.1425, 0.7825, 1.1525, 0.7925, 1.1625, 0.8025, 1.1725, 0.8125, 1.1825, 0.8225, 1.1925, 0.8325, 1.2025, 0.8425, 1.2125, 0.8525, 1.2225, 0.8625, 1.2325, 0.8725, 1.2425, 0.8825, 1.2525, 0.8925, 1.2625, 0.9025, 1.2725, 0.9125, 1.2825, 0.9225, 1.2925, 0.9325, 1.3025, 0.9425, 1.3125, 0.9525, 1.3225, 0.9625, 1.3325, 0.9725, 1.3425, 0.9825, 1.3525, 0.9925, 1.3625, 1.0025, 1.3725, 1.0125, 1.3825, 1.0225, 1.3925, 1.0325, 1.4025, 1.0425, 1.4125, 1.0525, 1.4225, 1.0625, 1.4325, 1.0725], "ImagePositionPatient": [[-98.617619505698, -108.42083748232, -54.718500379872], [-98.656005969817, -108.37895210635, -52.719309095693], [-98.694392433936, -108.33706768405, -50.720113996816], [-98.732778898055, -108.29518326174, -48.720922712636], [-98.771165362174, -108.25329788577, -46.721727613759], [-98.809551826293, -108.21141346347, -44.722536329579], [-98.847938290412, -108.16952808749, -42.7233450454], [-98.886324754531, -108.12764366519, -40.724149946523], [-98.92471121865, -108.08575828921, -38.724958662343], [-98.963097682769, -108.04387386691, -36.725763563466], [-99.001484146888, -108.00198896777, -34.726572279287], [-99.039870611007, -107.96010406863, -32.727380995107], [-99.078257075126, -107.91821916949, -30.72818589623], [-99.116643539245, -107.87633427035, -28.728992704702], [-99.155030003364, -107.83444984805, -26.729801420522], [-99.193416467483, -107.79256494891, -24.730608228994], [-99.231802931602, -107.75068004977, -22.731415037465], [-99.270189395721, -107.70879515063, -20.732221845937], [-99.30857585984, -107.66691025149, -18.733028654409], [-99.346962323959, -107.62502535235, -16.73383546288], [-99.385348788078, -107.58314045321, -14.734643225026], [-99.423735252196, -107.54125555407, -12.735450987172], [-99.462121716315, -107.49937113177, -10.736257795644], [-99.500508180434, -107.45748623263, -8.7370646041156], [-99.538894644553, -107.41560133349, -6.7378718894245], [-99.577281108672, -107.37371643435, -4.7386791747333], [-99.615667572791, -107.33183153521, -2.7394862216235], [-99.65405403691, -107.28994663607, -0.7402933877231], [-99.692440501029, -107.24806173693, 1.2588994461774], [-99.730826965148, -107.20617683779, 3.2580923992871], [-99.769213444168, -107.16429241549, 5.2572853523968], [-99.807599908287, -107.12240751635, 7.256478067088], [-99.845986372406, -107.08052261721, 9.2556712586163], [-99.884372829075, -107.03863771807, 11.25486349647], [-99.922759296919, -106.99675281893, 13.254056687999], [-99.961145761038, -106.95486791979, 15.253249879527], [-99.999532225157, -106.91298302065, 17.252443071055], [-100.03791868928, -106.87109812152, 19.251636262584], [-100.07630515712, -106.82921369921, 21.250827546763], [-100.11469162124, -106.78732880007, 23.250020738292], [-100.15307808536, -106.74544390093, 25.24921392982], [-100.19146454948, -106.7035590018, 27.248407121348], [-100.2298510136, -106.66167410266, 29.247600312877], [-100.26823746281, -106.61978920352, 31.246793504405], [-100.30662392693, -106.57790430438, 33.245984788585], [-100.34501039105, -106.53601940524, 35.245179887462], [-100.38339685517, -106.49413498294, 37.244371171641], [-100.42178331929, -106.4522500838, 39.243562455821], [-100.46016978341, -106.41036518466, 41.242757554698], [-100.49855624753, -106.36848028552, 43.241948838878], [-100.53694271165, -106.32659538638, 45.241143937755], [-100.57532917577, -106.28471048724, 47.240335221934], [-100.61371563988, -106.2428255881, 49.239530320811], [-100.652102104, -106.20094068896, 51.238721604991], [-100.69048856812, -106.15905626666, 53.237912889171], [-100.72887503224, -106.11717136752, 55.237107988047], [-100.76726149636, -106.07528646838, 57.236299272227], [-100.80564796048, -106.03340156924, 59.235494371104], [-100.8440344246, -105.9915166701, 61.234685655284], [-100.88242088872, -105.94963177096, 63.233876939463], [-100.92080735284, -105.90774687182, 65.233068223643], [-100.95919381695, -105.86586197268, 67.232267137217], [-100.99758028107, -105.82397755038, 69.231458421397], [-101.03596674519, -105.78209265124, 71.230649705577], [-101.07435320931, -105.7402077521, 73.229840989756], [-101.11273967343, -105.69832285296, 75.229032273936], [-101.15112613755, -105.65643795382, 77.22823118751], [-101.18951260167, -105.61455305468, 79.22742247169], [-101.22789906579, -105.57266815554, 81.22661375587], [-101.26628552991, -105.5307832564, 83.225805040049], [-101.30467199403, -105.4888988341, 85.224996324229], [-101.34305845814, -105.44701393496, 87.224195237803]], "InstanceCreationTime": ["092754.455000", "092754.388000", "092754.457000", "092754.391000", "092754.459000", "092754.392000", "092754.461000", "092754.394000", "092754.462000", "092754.396000", "092754.464000", "092754.398000", "092754.466000", "092754.400000", "092754.468000", "092754.401000", "092754.470000", "092754.403000", "092754.471000", "092754.405000", "092754.473000", "092754.407000", "092754.475000", "092754.409000", "092754.477000", "092754.411000", "092754.479000", "092754.413000", "092754.480000", "092754.414000", "092754.482000", "092754.416000", "092754.484000", "092754.418000", "092754.486000", "092754.420000", "092754.487000", "092754.422000", "092754.489000", "092754.424000", "092754.491000", "092754.426000", "092754.493000", "092754.427000", "092754.495000", "092754.429000", "092754.496000", "092754.431000", "092754.498000", "092754.433000", "092754.501000", "092754.435000", "092754.503000", "092754.437000", "092754.505000", "092754.438000", "092754.507000", "092754.440000", "092754.508000", "092754.442000", "092754.510000", "092754.444000", "092754.512000", "092754.446000", "092754.514000", "092754.447000", "092754.516000", "092754.449000", "092754.518000", "092754.451000", "092754.520000", "092754.453000"], "InstanceNumber": [1, 2, 3, 4, 5, 6, 7, 8, 9, 10, 11, 12, 13, 14, 15, 16, 17, 18, 19, 20, 21, 22, 23, 24, 25, 26, 27, 28, 29, 30, 31, 32, 33, 34, 35, 36, 37, 38, 39, 40, 41, 42, 43, 44, 45, 46, 47, 48, 49, 50, 51, 52, 53, 54, 55, 56, 57, 58, 59, 60, 61, 62, 63, 64, 65, 66, 67, 68, 69, 70, 71, 72], "LargestImagePixelValue": [4094, 4092, 4094, 4094, 4095, 4095, 4094, 4095, 4095, 4093, 4093, 4095, 4095, 4094, 4092, 4094, 4091, 4094, 4094, 4095, 4094, 4094, 4094, 4092, 4093, 4095, 4094, 4093, 4094, 4091, 4095, 4092, 4094, 4088, 4092, 4095, 4089, 4095, 4093, 4093, 4079, 4094, 4094, 4090, 4091, 4094, 4090, 4092, 4094, 4093, 4094, 4082, 4095, 4091, 4094, 4095, 4094, 4093, 4093, 4094, 4094, 4095, 4091, 4094, 4094, 4095, 4095, 4094, 4095, 4095, 4094, 4095], "SliceLocation": [-55.07422177702, -53.074223352998, -51.074221135792, -49.074222731742, -47.074220494563, -45.074222090514, -43.074223666493, -41.074221449286, -39.074223025265, -37.074220808058, -35.074222394022, -33.074223979987, -31.074221752794, -29.07422143218, -27.074223028131, -25.074222707517, -23.074222386903, -21.074222066288, -19.074221745674, -17.07422142506, -15.074222057735, -13.074222690411, -11.074222379783, -9.0742220591686, -7.0742222151992, -5.0742223712298, -3.074222288938, -1.0742223258074, 0.92577763732322, 2.925777719615, 4.9257777922067, 6.9257776361761, 8.9257779567902, 10.925777323972, 12.925777644658, 14.925777965272, 16.925778285886, 18.9257786065, 20.925777010621, 22.925777331235, 24.925777651849, 26.925777972463, 28.925778293077, 30.925778613405, 32.925777027441, 34.925779254634, 36.925777658683, 38.925776072718, 40.925778299911, 42.925776713946, 44.925778941139, 46.925777355174, 48.925779582368, 50.925777996403, 52.925776400452, 54.925778627645, 56.92577704168, 58.925779268873, 60.925777682908, 62.925776096944, 64.925774510979, 66.92578055133, 68.925778955379, 70.925777369414, 72.925775783449, 74.925774197485, 76.925780237835, 78.925778651871, 80.925777065906, 82.925775479941, 84.92577388399, 86.925779924341], "SmallestImagePixelValue": [2, 0, 1, 0, 0, 1, 0, 0, 0, 0, 0, 1, 0, 0, 1, 0, 0, 1, 0, 0, 0, 7, 2, 2, 1, 0, 2, 5, 2, 2, 3, 0, 2, 0, 4, 2, 4, 4, 2, 0, 2, 0, 8, 2, 0, 0, 0, 2, 0, 0, 0, 0, 4, 1, 2, 0, 1, 1, 0, 1, 1, 1, 0, 0, 0, 0, 1, 0, 1, 0, 0, 2], "WindowCenter": [-252.0, -204.0, -220.0, -148.0, -156.0, -130.0, -172.0, -106.0, -82.0, -96.0, -106.0, -98.0, -54.0, -74.0, -98.0, -98.0, -88.0, -128.0, -160.0, -226.0, -218.0, -248.0, -202.0, -212.0, -202.0, -200.0, -196.0, -216.0, -204.0, -186.0, -182.0, -176.0, -178.0, -172.0, -168.0, -160.0, -146.0, -182.0, -156.0, -116.0, -140.0, -98.0, -246.0, -78.0, -196.0, -36.0, -4.0, -140.0, -126.0, -122.0, -140.0, -136.0, -138.0, -138.0, -132.0, -156.0, -152.0, -162.0, -170.0, -42.0, -86.0, -56.0, -70.0, -68.0, -84.0, -74.0, -160.0, -172.0, -232.0, -254.0, -318.0, -354.0], "WindowWidth": [6112.0, 6186.0, 6206.0, 6184.0, 6262.0, 6222.0, 6276.0, 6356.0, 6384.0, 6412.0, 6388.0, 6362.0, 6376.0, 6304.0, 6316.0, 6250.0, 6234.0, 6222.0, 6196.0, 6148.0, 6058.0, 5914.0, 5860.0, 5738.0, 5718.0, 5728.0, 5628.0, 5706.0, 5662.0, 5624.0, 5562.0, 5430.0, 5396.0, 5442.0, 5420.0, 5476.0, 5514.0, 5316.0, 5356.0, 5494.0, 5334.0, 5446.0, 4628.0, 5240.0, 4588.0, 5212.0, 5272.0, 4554.0, 4546.0, 4550.0, 4570.0, 4578.0, 4578.0, 4588.0, 4586.0, 4610.0, 4618.0, 4646.0, 4660.0, 5370.0, 5224.0, 5514.0, 5600.0, 5696.0, 5838.0, 5910.0, 5942.0, 5998.0, 5962.0, 6012.0, 6046.0, 6086.0]}}, "IntendedFor": ["ses-1/func/sub-01_ses-1_task-motor_run-04_bold.nii.gz", "ses-1/func/sub-01_ses-1_task-motor_run-02_bold.nii.gz", "ses-1/func/sub-01_ses-1_task-motor_run-03_bold.nii.gz", "ses-1/func/sub-01_ses-1_task-motor_run-01_bold.nii.gz", "ses-1/func/sub-01_ses-1_task-motor_run-06_bold.nii.gz", "ses-1/func/sub-01_ses-1_task-motor_run-05_bold.nii.gz"]}