{
	"Modality": "MR",
	"MagneticFieldStrength": 3,
	"Manufacturer": "Siemens",
	"ManufacturersModelName": "Prisma",
	"InstitutionName": "BeiJing_Normal_University",
	"InstitutionalDepartmentName": "Department",
	"InstitutionAddress": "Street_StreetNo_Bei_Jing_District_CN_ZIP",
	"DeviceSerialNumber": "166078",
	"StationName": "AWP166078",
	"BodyPartExamined": "BRAIN",
	"PatientPosition": "HFS",
	"ProcedureStepDescription": "BNU_P2018_64CH_Liu.Jia",
	"SoftwareVersions": "syngo_MR_E11",
	"MRAcquisitionType": "2D",
	"SeriesDescription": "bold_100x100_s3_2x2x2_232",
	"ProtocolName": "bold_100x100_s3_2x2x2_232",
	"ScanningSequence": "EP",
	"SequenceVariant": "SK",
	"ScanOptions": "FS",
	"SequenceName": "_epfid2d1_100",
	"ImageType": ["ORIGINAL", "PRIMARY", "M", "ND", "MOSAIC"],
	"SeriesNumber": 5,
	"AcquisitionTime": "13:00:45.430000",
	"AcquisitionNumber": 1,
	"SliceThickness": 2,
	"SpacingBetweenSlices": 2,
	"SAR": 0.0729162,
	"EchoTime": 0.034,
	"RepetitionTime": 2,
	"FlipAngle": 90,
	"PartialFourier": 1,
	"BaseResolution": 100,
	"ShimSetting": [
		-5471,
		-11492,
		-1226,
		384,
		-21,
		-20,
		-93,
		55	],
	"TxRefAmp": 219.507,
	"PhaseResolution": 1,
	"ReceiveCoilName": "HeadNeck_64",
	"ReceiveCoilActiveElements": "HC1-7;NC1",
	"PulseSequenceDetails": "%SiemensSeq%_ep2d_bold",
	"ConsistencyInfo": "N4_VE11C_LATEST_20160120",
	"MultibandAccelerationFactor": 3,
	"PercentPhaseFOV": 100,
	"EchoTrainLength": 100,
	"PhaseEncodingSteps": 100,
	"AcquisitionMatrixPE": 100,
	"ReconMatrixPE": 100,
	"BandwidthPerPixelPhaseEncode": 18.519,
	"EffectiveEchoSpacing": 0.000539986,
	"DerivedVendorReportedEchoSpacing": 0.000539986,
	"TotalReadoutTime": 0.0534586,
	"PixelBandwidth": 2380,
	"DwellTime": 2.1e-06,
	"PhaseEncodingDirection": "j-",
	"SliceTiming": [
		1.485,
		0,
		0.99,
		0.0825,
		1.0725,
		0.165,
		1.155,
		0.2475,
		1.2375,
		0.33,
		1.32,
		0.4125,
		1.4025,
		0.5775,
		1.5675,
		0.66,
		1.65,
		0.7425,
		1.7325,
		0.825,
		1.815,
		0.9075,
		1.8975,
		0.495,
		1.485,
		0,
		0.99,
		0.0825,
		1.0725,
		0.165,
		1.155,
		0.2475,
		1.2375,
		0.33,
		1.32,
		0.4125,
		1.4025,
		0.5775,
		1.5675,
		0.66,
		1.65,
		0.7425,
		1.7325,
		0.825,
		1.815,
		0.9075,
		1.8975,
		0.495,
		1.485,
		0,
		0.99,
		0.0825,
		1.0725,
		0.165,
		1.155,
		0.2475,
		1.2375,
		0.33,
		1.32,
		0.4125,
		1.4025,
		0.5775,
		1.5675,
		0.66,
		1.65,
		0.7425,
		1.7325,
		0.825,
		1.815,
		0.9075,
		1.8975,
		0.495	],
	"ImageOrientationPatientDICOM": [
		1,
		-2.17706e-05,
		-0.00033719,
		-3.41572e-08,
		0.997916,
		-0.0645314	],
	"InPlanePhaseEncodingDirectionDICOM": "COL",
	"ConversionSoftware": "dcm2niix",
	"ConversionSoftwareVersion": "v1.0.20180622 GCC4.9.2"
}
