{
  "AcquisitionMatrixPE": 100,
  "AcquisitionNumber": 1,
  "AcquisitionTime": "13:57:33.047500",
  "BandwidthPerPixelPhaseEncode": 18.519,
  "BaseResolution": 100,
  "BodyPartExamined": "BRAIN",
  "ConsistencyInfo": "N4_VE11C_LATEST_20160120",
  "ConversionSoftware": "dcm2niix",
  "ConversionSoftwareVersion": "v1.0.20180622 GCC4.9.2",
  "DerivedVendorReportedEchoSpacing": 0.000539986,
  "DeviceSerialNumber": "166078",
  "DwellTime": 2.1e-06,
  "EchoTime": 0.034,
  "EchoTrainLength": 100,
  "EffectiveEchoSpacing": 0.000539986,
  "FlipAngle": 90,
  "ImageOrientationPatientDICOM": [1, -1.01356e-05, -8.53285e-05, -3.81617e-08, 0.992967, -0.118395],
  "ImageType": [
    "ORIGINAL",
    "PRIMARY",
    "M",
    "ND",
    "MOSAIC"
],
  "InPlanePhaseEncodingDirectionDICOM": "COL",
  "InstitutionAddress": "Street_StreetNo_Bei_Jing_District_CN_ZIP",
  "InstitutionName": "BeiJing_Normal_University",
  "InstitutionalDepartmentName": "Department",
  "MRAcquisitionType": "2D",
  "MagneticFieldStrength": 3,
  "Manufacturer": "Siemens",
  "ManufacturersModelName": "Prisma",
  "Modality": "MR",
  "MultibandAccelerationFactor": 3,
  "PartialFourier": 1,
  "PatientPosition": "HFS",
  "PercentPhaseFOV": 100,
  "PhaseEncodingDirection": "j-",
  "PhaseEncodingSteps": 100,
  "PhaseResolution": 1,
  "PixelBandwidth": 2380,
  "ProcedureStepDescription": "BNU_P2018_64CH_Liu.Jia",
  "ProtocolName": "bold_100x100_s3_2x2x2_232",
  "PulseSequenceDetails": "%SiemensSeq%_ep2d_bold",
  "ReceiveCoilActiveElements": "HC1-7;NC1",
  "ReceiveCoilName": "HeadNeck_64",
  "ReconMatrixPE": 100,
  "RepetitionTime": 2,
  "SAR": 0.0766465,
  "ScanOptions": "FS",
  "ScanningSequence": "EP",
  "SequenceName": "_epfid2d1_100",
  "SequenceVariant": "SK",
  "SeriesDescription": "bold_100x100_s3_2x2x2_232",
  "SeriesNumber": 3,
  "ShimSetting": [-5457, -11497, -1270, 268, -74, -269, -46, 64],
  "SliceThickness": 2,
  "SliceTiming": [1.485, 0, 0.99, 0.0825, 1.0725, 0.165, 1.155, 0.2475, 1.2375, 0.33, 1.32, 0.4125, 1.4025, 0.5775, 1.5675, 0.66, 1.65, 0.7425, 1.7325, 0.825, 1.815, 0.9075, 1.8975, 0.495, 1.485, 0, 0.99, 0.0825, 1.0725, 0.165, 1.155, 0.2475, 1.2375, 0.33, 1.32, 0.4125, 1.4025, 0.5775, 1.5675, 0.66, 1.65, 0.7425, 1.7325, 0.825, 1.815, 0.9075, 1.8975, 0.495, 1.485, 0, 0.99, 0.0825, 1.0725, 0.165, 1.155, 0.2475, 1.2375, 0.33, 1.32, 0.4125, 1.4025, 0.5775, 1.5675, 0.66, 1.65, 0.7425, 1.7325, 0.825, 1.815, 0.9075, 1.8975, 0.495],
  "SoftwareVersions": "syngo_MR_E11",
  "SpacingBetweenSlices": 2,
  "StationName": "AWP166078",
  "TaskName": "motor",
  "TotalReadoutTime": 0.0534586,
  "TxRefAmp": 240.306,
  "dcmmeta_affine": [
    [-2.0, -7.632348086872298e-08, -0.0001718566782074049, 99.35401916503906],
    [2.0271207176847383e-05, 1.9859330654144287, -0.236790269613266, -81.42960357666016],
    [-0.00017065696010831743, 0.236790269613266, 1.9859330654144287, -83.61776733398438],
    [0.0, 0.0, 0.0, 1.0]
],
  "dcmmeta_reorient_transform": [
    [0.0, -1.0, 0.0, 99.0],
    [1.0, 0.0, 0.0, 0.0],
    [0.0, 0.0, 1.0, 0.0],
    [0.0, 0.0, 0.0, 1.0]
],
  "dcmmeta_shape": [100, 100, 72, 232],
  "dcmmeta_slice_dim": 2,
  "dcmmeta_version": 0.6,
  "global": {
    "const": {
      "AcquisitionMatrix": [100, 0, 0, 100],
      "AngioFlag": "N",
      "BitsAllocated": 16,
      "BitsStored": 12,
      "BodyPartExamined": "BRAIN",
      "Columns": 900,
      "EchoNumbers": 1,
      "EchoTime": 34.0,
      "EchoTrainLength": 100,
      "FlipAngle": 90.0,
      "HighBit": 11,
      "ImageOrientationPatient": [0.99999999630816, -1.01356034e-05, -8.53284821e-05, -3.8161742e-08, 0.99296656160156, -0.1183951330975],
      "ImagePositionPatient": [-899.35397464228, -909.54291783591, 34.608840592543],
      "ImageType": [
        "ORIGINAL",
        "PRIMARY",
        "M",
        "ND",
        "MOSAIC"
],
      "ImagedNucleus": "1H",
      "ImagingFrequency": 123.257816,
      "InPlanePhaseEncodingDirection": "COL",
      "MRAcquisitionType": "2D",
      "MagneticFieldStrength": 3.0,
      "Manufacturer": "SIEMENS",
      "ManufacturerModelName": "Prisma",
      "Modality": "MR",
      "NumberOfAverages": 1.0,
      "NumberOfPhaseEncodingSteps": 100,
      "PercentPhaseFieldOfView": 100.0,
      "PercentSampling": 100.0,
      "PerformedProcedureStepStartTime": "135455.062000",
      "PhotometricInterpretation": "MONOCHROME2",
      "PixelBandwidth": 2380.0,
      "PixelRepresentation": 0,
      "PixelSpacing": [2.0, 2.0],
      "ProtocolName": "bold_100x100_s3_2x2x2_232",
      "RepetitionTime": 2000.0,
      "Rows": 900,
      "SAR": 0.0766465386841,
      "SamplesPerPixel": 1,
      "ScanOptions": "FS",
      "ScanningSequence": "EP",
      "SequenceName": "*epfid2d1_100",
      "SequenceVariant": "SK",
      "SeriesDescription": "bold_100x100_s3_2x2x2_232",
      "SeriesNumber": 3,
      "SeriesTime": "135735.634000",
      "SliceLocation": -73.397313093319,
      "SliceThickness": 2.0,
      "SmallestImagePixelValue": 0,
      "SoftwareVersions": "syngo MR E11",
      "SpacingBetweenSlices": 1.9999999994787,
      "SpecificCharacterSet": "ISO_IR 100",
      "StudyID": "1",
      "StudyTime": "135454.989000",
      "TransmitCoilName": "Body",
      "VariableFlipAngleFlag": "N",
      "WindowCenterWidthExplanation": "Algo1",
      "dBdt": 0.0},
