{"AcquisitionMatrixPE": 100, "AcquisitionNumber": 1, "AcquisitionTime": "09:45:57.975000", "BaseResolution": 100, "BodyPartExamined": "BRAIN", "ConsistencyInfo": "N4_VE11C_LATEST_20160120", "ConversionSoftware": "dcm2niix", "ConversionSoftwareVersion": "v1.0.20180622 GCC4.9.2", "DeviceSerialNumber": "166078", "DwellTime": 8.8e-06, "EchoNumber": 2, "EchoTime": 0.00738, "EchoTime1": 0.00492, "EchoTime2": 0.00738, "FlipAngle": 60, "ImageOrientationPatientDICOM": [0.997564, 0.0679134, -0.015929, -0.0697565, 0.971207, -0.227795], "ImageType": ["ORIGINAL", "PRIMARY", "P", "ND"], "InPlanePhaseEncodingDirectionDICOM": "ROW", "InstitutionAddress": "Street_StreetNo_Bei_Jing_District_CN_ZIP", "InstitutionName": "BeiJing_Normal_University", "InstitutionalDepartmentName": "Department", "MRAcquisitionType": "2D", "MagneticFieldStrength": 3, "Manufacturer": "Siemens", "ManufacturersModelName": "Prisma", "Modality": "MR", "PartialFourier": 1, "PatientPosition": "HFS", "PercentPhaseFOV": 100, "PhaseEncodingDirection": "i", "PhaseEncodingSteps": 100, "PhaseResolution": 1, "PixelBandwidth": 570, "ProcedureStepDescription": "BNU_P2018_64CH_Liu.Jia", "ProtocolName": "field_mapping_2x2x2", "PulseSequenceDetails": "%SiemensSeq%_gre_field_mapping", "ReceiveCoilActiveElements": "HC1-7;NC1", "ReceiveCoilName": "HeadNeck_64", "ReconMatrixPE": 100, "RepetitionTime": 0.72, "SAR": 0.131015, "ScanningSequence": "GR", "SequenceName": "_fm2d2r", "SequenceVariant": "SP", "SeriesDescription": "field_mapping_2x2x2", "SeriesNumber": 7, "ShimSetting": [-5453, -11497, -1302, 451, 7, -279, -193, 27], "SliceThickness": 2, "SoftwareVersions": "syngo_MR_E11", "SpacingBetweenSlices": 2, "StationName": "AWP166078", "TxRefAmp": 211.962, "dcmmeta_affine": [[-1.9951281547546387, -0.13951295614242554, 0.0, 109.29133605957031], [-0.13582687079906464, 1.94241464138031, -0.45670175552368164, -60.95960235595703], [-0.03185790404677391, 0.455589234828949, 1.9471588134765625, -94.17322540283203], [0.0, 0.0, 0.0, 1.0]], "dcmmeta_reorient_transform": [[0.0, -1.0, 0.0, 99.0], [1.0, 0.0, 0.0, 0.0], [0.0, 0.0, -1.0, 71.0], [0.0, 0.0, 0.0, 1.0]], "dcmmeta_shape": [100, 100, 72], "dcmmeta_slice_dim": 2, "dcmmeta_version": 0.6, "global": {"const": {"AcquisitionMatrix": [0, 100, 100, 0], "AcquisitionNumber": 1, "AngioFlag": "N", "BitsAllocated": 16, "BitsStored": 12, "BodyPartExamined": "BRAIN", "Columns": 100, "EchoNumbers": 2, "EchoTime": 7.38, "EchoTrainLength": 0, "FlipAngle": 60.0, "HighBit": 11, "ImageOrientationPatient": [0.99756405008676, 0.06791343362856, -0.0159289518576, -0.0697564762191, 0.97120731264004, -0.2277946221929], "ImageType": ["ORIGINAL", "PRIMARY", "P", "ND"], "ImagedNucleus": "1H", "ImagingFrequency": 123.257827, "InPlanePhaseEncodingDirection": "ROW", "MRAcquisitionType": "2D", "MagneticFieldStrength": 3.0, "Manufacturer": "SIEMENS", "ManufacturerModelName": "Prisma", "Modality": "MR", "NumberOfAverages": 1.0, "NumberOfPhaseEncodingSteps": 100, "PercentPhaseFieldOfView": 100.0, "PercentSampling": 100.0, "PerformedProcedureStepStartTime": "091551.563000", "PhotometricInterpretation": "MONOCHROME2", "PixelBandwidth": 570.0, "PixelRepresentation": 0, "PixelSpacing": [2.0, 2.0], "ProtocolName": "field_mapping_2x2x2", "RepetitionTime": 720.0, "RescaleIntercept": -4096.0, "RescaleSlope": 2.0, "RescaleType": "US", "Rows": 100, "SAR": 0.13101509224591, "SamplesPerPixel": 1, "ScanningSequence": "GR", "SequenceName": "*fm2d2r", "SequenceVariant": "SP", "SeriesDescription": "field_mapping_2x2x2", "SeriesNumber": 7, "SeriesTime": "094821.856000", "SliceThickness": 2.0, "SoftwareVersions": "syngo MR E11", "SpacingBetweenSlices": 2.0, "SpecificCharacterSet": "ISO_IR 100", "StudyID": "1", "StudyTime": "091551.357000", "TransmitCoilName": "Body", "VariableFlipAngleFlag": "N", "WindowCenterWidthExplanation": "Algo1", "dBdt": 0.0}, "slices": {"AcquisitionTime": ["094557.975000", "094557.615000", "094557.985000", "094557.625000", "094557.995000", "094557.635000", "094558.005000", "094557.645000", "094558.015000", "094557.655000", "094558.025000", "094557.665000", "094558.035000", "094557.675000", "094558.045000", "094557.685000", "094558.055000", "094557.695000", "094558.065000", "094557.705000", "094558.075000", "094557.715000", "094558.085000", "094557.725000", "094558.095000", "094557.735000", "094558.105000", "094557.745000", "094558.115000", "094557.755000", "094558.125000", "094557.765000", "094558.135000", "094557.775000", "094558.145000", "094557.785000", "094558.155000", "094557.795000", "094558.165000", "094557.805000", "094558.175000", "094557.815000", "094558.185000", "094557.825000", "094558.195000", "094557.835000", "094558.205000", "094557.845000", "094558.215000", "094557.855000", "094558.225000", "094557.865000", "094558.235000", "094557.875000", "094558.245000", "094557.885000", "094558.255000", "094557.895000", "094558.265000", "094557.905000", "094558.275000", "094557.915000", "094558.285000", "094557.925000", "094558.295000", "094557.935000", "094558.305000", "094557.945000", "094558.315000", "094557.955000", "094558.325000", "094557.965000"], "ContentTime": ["094822.286000", "094821.858000", "094822.288000", "094821.860000", "094822.290000", "094821.862000", "094822.291000", "094821.864000", "094822.293000", "094821.866000", "094822.295000", "094821.868000", "094822.297000", "094821.869000", "094822.299000", "094821.871000", "094822.301000", "094821.873000", "094822.303000", "094821.875000", "094822.305000", "094821.877000", "094822.306000", "094821.879000", "094822.308000", "094821.881000", "094822.310000", "094821.882000", "094822.312000", "094821.884000", "094822.313000", "094821.887000", "094822.315000", "094821.888000", "094822.317000", "094821.890000", "094822.319000", "094821.892000", "094822.321000", "094821.894000", "094822.323000", "094821.896000", "094822.324000", "094821.898000", "094822.326000", "094821.899000", "094822.328000", "094821.901000", "094822.330000", "094821.903000", "094822.332000", "094821.905000", "094822.333000", "094821.907000", "094822.335000", "094821.908000", "094822.337000", "094821.911000", "094822.339000", "094821.913000", "094822.341000", "094821.914000", "094822.342000", "094822.277000", "094822.348000", "094822.279000", "094822.350000", "094822.281000", "094822.352000", "094822.282000", "094822.354000", "094822.284000"], "CsaImage.GSWDDataType": ["measured", "predicted", "measured", "predicted", "measured", "predicted", "measured", "predicted", "measured", "predicted", "measured", "predicted", "measured", "predicted", "measured", "predicted", "measured", "predicted", "measured", "predicted", "measured", "predicted", "measured", "predicted", "measured", "predicted", "measured", "predicted", "measured", "predicted", "measured", "predicted", "measured", "predicted", "measured", "predicted", "measured", "predicted", "measured", "predicted", "measured", "predicted", "measured", "predicted", "measured", "predicted", "measured", "predicted", "measured", "predicted", "measured", "predicted", "measured", "predicted", "measured", "predicted", "measured", "predicted", "measured", "predicted", "measured", "predicted", "measured", "measured", "measured", "measured", "measured", "measured", "measured", "measured", "measured", "measured"], "CsaImage.ICE_Dims": ["X_2_1_1_1_1_1_37_1_1_1_1_26", "X_2_1_1_1_1_1_1_1_1_2_1_26", "X_2_1_1_1_1_1_38_1_1_3_1_26", "X_2_1_1_1_1_1_2_1_1_4_1_26", "X_2_1_1_1_1_1_39_1_1_5_1_26", "X_2_1_1_1_1_1_3_1_1_6_1_26", "X_2_1_1_1_1_1_40_1_1_7_1_26", "X_2_1_1_1_1_1_4_1_1_8_1_26", "X_2_1_1_1_1_1_41_1_1_9_1_26", "X_2_1_1_1_1_1_5_1_1_10_1_26", "X_2_1_1_1_1_1_42_1_1_11_1_26", "X_2_1_1_1_1_1_6_1_1_12_1_26", "X_2_1_1_1_1_1_43_1_1_13_1_26", "X_2_1_1_1_1_1_7_1_1_14_1_26", "X_2_1_1_1_1_1_44_1_1_15_1_26", "X_2_1_1_1_1_1_8_1_1_16_1_26", "X_2_1_1_1_1_1_45_1_1_17_1_26", "X_2_1_1_1_1_1_9_1_1_18_1_26", "X_2_1_1_1_1_1_46_1_1_19_1_26", "X_2_1_1_1_1_1_10_1_1_20_1_26", "X_2_1_1_1_1_1_47_1_1_21_1_26", "X_2_1_1_1_1_1_11_1_1_22_1_26", "X_2_1_1_1_1_1_48_1_1_23_1_26", "X_2_1_1_1_1_1_12_1_1_24_1_26", "X_2_1_1_1_1_1_49_1_1_25_1_26", "X_2_1_1_1_1_1_13_1_1_26_1_26", "X_2_1_1_1_1_1_50_1_1_27_1_26", "X_2_1_1_1_1_1_14_1_1_28_1_26", "X_2_1_1_1_1_1_51_1_1_29_1_26", "X_2_1_1_1_1_1_15_1_1_30_1_26", "X_2_1_1_1_1_1_52_1_1_31_1_26", "X_2_1_1_1_1_1_16_1_1_32_1_26", "X_2_1_1_1_1_1_53_1_1_33_1_26", "X_2_1_1_1_1_1_17_1_1_34_1_26", "X_2_1_1_1_1_1_54_1_1_35_1_26", "X_2_1_1_1_1_1_18_1_1_36_1_26", "X_2_1_1_1_1_1_55_1_1_37_1_26", "X_2_1_1_1_1_1_19_1_1_38_1_26", "X_2_1_1_1_1_1_56_1_1_39_1_26", "X_2_1_1_1_1_1_20_1_1_40_1_26", "X_2_1_1_1_1_1_57_1_1_41_1_26", "X_2_1_1_1_1_1_21_1_1_42_1_26", "X_2_1_1_1_1_1_58_1_1_43_1_26", "X_2_1_1_1_1_1_22_1_1_44_1_26", "X_2_1_1_1_1_1_59_1_1_45_1_26", "X_2_1_1_1_1_1_23_1_1_46_1_26", "X_2_1_1_1_1_1_60_1_1_47_1_26", "X_2_1_1_1_1_1_24_1_1_48_1_26", "X_2_1_1_1_1_1_61_1_1_49_1_26", "X_2_1_1_1_1_1_25_1_1_50_1_26", "X_2_1_1_1_1_1_62_1_1_51_1_26", "X_2_1_1_1_1_1_26_1_1_52_1_26", "X_2_1_1_1_1_1_63_1_1_53_1_26", "X_2_1_1_1_1_1_27_1_1_54_1_26", "X_2_1_1_1_1_1_64_1_1_55_1_26", "X_2_1_1_1_1_1_28_1_1_56_1_26", "X_2_1_1_1_1_1_65_1_1_57_1_26", "X_2_1_1_1_1_1_29_1_1_58_1_26", "X_2_1_1_1_1_1_66_1_1_59_1_26", "X_2_1_1_1_1_1_30_1_1_60_1_26", "X_2_1_1_1_1_1_67_1_1_61_1_26", "X_2_1_1_1_1_1_31_1_1_62_1_26", "X_2_1_1_1_1_1_68_1_1_63_1_26", "X_2_1_1_1_1_1_32_1_1_64_1_26", "X_2_1_1_1_1_1_69_1_1_65_1_26", "X_2_1_1_1_1_1_33_1_1_66_1_26", "X_2_1_1_1_1_1_70_1_1_67_1_26", "X_2_1_1_1_1_1_34_1_1_68_1_26", "X_2_1_1_1_1_1_71_1_1_69_1_26", "X_2_1_1_1_1_1_35_1_1_70_1_26", "X_2_1_1_1_1_1_72_1_1_71_1_26", "X_2_1_1_1_1_1_36_1_1_72_1_26"], "CsaImage.ProtocolSliceNumber": [0, 1, 2, 3, 4, 5, 6, 7, 8, 9, 10, 11, 12, 13, 14, 15, 16, 17, 18, 19, 20, 21, 22, 23, 24, 25, 26, 27, 28, 29, 30, 31, 32, 33, 34, 35, 36, 37, 38, 39, 40, 41, 42, 43, 44, 45, 46, 47, 48, 49, 50, 51, 52, 53, 54, 55, 56, 57, 58, 59, 60, 61, 62, 63, 64, 65, 66, 67, 68, 69, 70, 71], "CsaImage.RFSWDDataType": ["measured", "predicted", "measured", "predicted", "measured", "predicted", "measured", "predicted", "measured", "predicted", "measured", "predicted", "measured", "predicted", "measured", "predicted", "measured", "predicted", "measured", "predicted", "measured", "predicted", "measured", "predicted", "measured", "predicted", "measured", "predicted", "measured", "predicted", "measured", "predicted", "measured", "predicted", "measured", "predicted", "measured", "predicted", "measured", "predicted", "measured", "predicted", "measured", "predicted", "measured", "predicted", "measured", "predicted", "measured", "predicted", "measured", "predicted", "measured", "predicted", "measured", "predicted", "measured", "predicted", "measured", "measured", "measured", "measured", "measured", "measured", "measured", "measured", "measured", "measured", "measured", "measured", "measured", "measured"], "CsaImage.SlicePosition_PCS": [[-95.47955247, -131.3394447, -49.06981941], [-95.47955247, -130.88274342, -47.1226606], [-95.47955247, -130.42604023, -45.17550179], [-95.47955247, -129.96933895, -43.22834297], [-95.47955247, -129.51263768, -41.28118416], [-95.47955247, -129.0559364, -39.33402916], [-95.47955247, -128.59923321, -37.38687035], [-95.47955247, -128.14253193, -35.43971153], [-95.47955247, -127.68583065, -33.49255272], [-95.47955247, -127.22912938, -31.54539772], [-95.47955247, -126.77242619, -29.59823891], [-95.47955247, -126.31572491, -27.65108009], [-95.47955247, -125.85902363, -25.7039251], [-95.47955247, -125.40232235, -23.75676628], [-95.47955247, -124.94561917, -21.80960747], [-95.47955247, -124.48891789, -19.86244866], [-95.47955247, -124.03221661, -17.91529366], [-95.47955247, -123.57551533, -15.96813484], [-95.47955247, -123.11881215, -14.02097603], [-95.47955247, -122.66211087, -12.07381722], [-95.47955247, -122.20540959, -10.12666222], [-95.47955247, -121.74870831, -8.1795034], [-95.47955247, -121.29200512, -6.23234459], [-95.47955247, -120.83530384, -4.28518768], [-95.47955247, -120.37860257, -2.33802887], [-95.47955247, -119.92190129, -0.39087197], [-95.47955247, -119.46519905, 1.55628685], [-95.47955247, -119.00849682, 3.50344375], [-95.47955247, -118.55179554, 5.45060066], [-95.47955247, -118.09509331, 7.39775947], [-95.47955247, -117.63839203, 9.34491733], [-95.47955247, -117.18169075, 11.29207519], [-95.47955247, -116.72498852, 13.23923305], [-95.47955247, -116.26828724, 15.18639091], [-95.47955247, -115.81158501, 17.1335483], [-95.47955247, -115.35488373, 19.08070616], [-95.47955247, -114.8981815, 21.02786402], [-95.47955247, -114.44148022, 22.97502188], [-95.47955247, -113.98477799, 24.92217962], [-95.47955247, -113.52807671, 26.86933736], [-95.47955247, -113.07137448, 28.81649546], [-95.47955247, -112.6146732, 30.76365284], [-95.47955247, -112.15797097, 32.7108107], [-95.47955247, -111.70126921, 34.65796856], [-95.47955247, -111.24456746, 36.60512642], [-95.47955247, -110.7878657, 38.55228428], [-95.47955247, -110.33116442, 40.49944214], [-95.47955247, -109.87446267, 42.44659904], [-95.47955247, -109.41776091, 44.39375786], [-95.47955247, -108.96105915, 46.34091476], [-95.47955247, -108.5043574, 48.28807358], [-95.47955247, -108.04765564, 50.23523048], [-95.47955247, -107.59095365, 52.1823893], [-95.47955247, -107.13425189, 54.1295462], [-95.47955247, -106.67755038, 56.07670502], [-95.47955247, -106.22084862, 58.02386192], [-95.47955247, -105.76414675, 59.97102074], [-95.47955247, -105.30744499, 61.91817955], [-95.47955247, -104.8507433, 63.86533455], [-95.47955247, -104.39404157, 65.81249336], [-95.47955247, -103.93733982, 67.75965217], [-95.47955247, -103.48063809, 69.70681099], [-95.47955247, -103.02393633, 71.65396599], [-95.47955247, -102.56723458, 73.6011248], [-95.47955247, -102.11053282, 75.54828361], [-95.47955247, -101.65383107, 77.49543861], [-95.47955247, -101.19712931, 79.44259743], [-95.47955247, -100.74042756, 81.38975624], [-95.47955247, -100.2837258, 83.33691505], [-95.47955247, -99.82702404, 85.28407005], [-95.47955247, -99.37032229, 87.23122887], [-95.47955247, -98.91362053, 89.17838768]], "CsaImage.TimeAfterStart": [1.0825, 0.7225, 1.0925, 0.7325, 1.1025, 0.7425, 1.1125, 0.7525, 1.1225, 0.7625, 1.1325, 0.7725, 1.1425, 0.7825, 1.1525, 0.7925, 1.1625, 0.8025, 1.1725, 0.8125, 1.1825, 0.8225, 1.1925, 0.8325, 1.2025, 0.8425, 1.2125, 0.8525, 1.2225, 0.8625, 1.2325, 0.8725, 1.2425, 0.8825, 1.2525, 0.8925, 1.2625, 0.9025, 1.2725, 0.9125, 1.2825, 0.9225, 1.2925, 0.9325, 1.3025, 0.9425, 1.3125, 0.9525, 1.3225, 0.9625, 1.3325, 0.9725, 1.3425, 0.9825, 1.3525, 0.9925, 1.3625, 1.0025, 1.3725, 1.0125, 1.3825, 1.0225, 1.3925, 1.0325, 1.4025, 1.0425, 1.4125, 1.0525, 1.4225, 1.0625, 1.4325, 1.0725], "ImagePositionPatient": [[-95.479552466954, -131.33944469827, -49.069819413798], [-95.479552466954, -130.88274341958, -47.122660600321], [-95.479552466954, -130.42604023355, -45.175501786845], [-95.479552466954, -129.96933895486, -43.228342973368], [-95.479552466954, -129.51263767618, -41.281184159892], [-95.479552466954, -129.05593639749, -39.334029161112], [-95.479552466954, -128.59923321145, -37.386870347636], [-95.479552466954, -128.14253193277, -35.439711534159], [-95.479552466954, -127.68583065408, -33.492552720683], [-95.479552466954, -127.2291293754, -31.545397721903], [-95.479552466954, -126.77242618936, -29.598238908427], [-95.479552466954, -126.31572491067, -27.65108009495], [-95.479552466954, -125.85902363199, -25.703925096171], [-95.479552466954, -125.4023223533, -23.756766282694], [-95.479552466954, -124.94561916727, -21.809607469218], [-95.479552466954, -124.48891788858, -19.862448655741], [-95.479552466954, -124.03221660989, -17.915293656962], [-95.479552466954, -123.57551533121, -15.968134843485], [-95.479552466954, -123.11881214517, -14.020976030009], [-95.479552466954, -122.66211086648, -12.073817216532], [-95.479552466954, -122.2054095878, -10.126662217753], [-95.479552466954, -121.74870830911, -8.1795034042765], [-95.479552466954, -121.29200512308, -6.2323445907999], [-95.479552466954, -120.83530384439, -4.285187684672], [-95.479552466954, -120.3786025657, -2.3380288711954], [-95.479552466954, -119.92190128702, -0.3908719650675], [-95.479552466954, -119.46519905466, 1.5562868484091], [-95.479552466954, -119.00849682229, 3.503443754537], [-95.479552466954, -118.55179554361, 5.4506006606649], [-95.479552466954, -118.09509331125, 7.3977594741415], [-95.479552466954, -117.63839203256, 9.3449173339437], [-95.479552466954, -117.18169075387, 11.292075193746], [-95.479552466954, -116.72498852151, 13.239233053548], [-95.479552466954, -116.26828724283, 15.18639091335], [-95.479552466954, -115.81158501047, 17.133548296316], [-95.479552466954, -115.35488373178, 19.080706156118], [-95.479552466954, -114.89818149942, 21.02786401592], [-95.479552466954, -114.44148022073, 22.975021875722], [-95.479552466954, -113.98477798837, 24.922179616315], [-95.479552466954, -113.52807670968, 26.869337356908], [-95.479552466954, -113.07137447732, 28.816495455129], [-95.479552466954, -112.61467319864, 30.763652838094], [-95.479552466954, -112.15797096628, 32.710810697896], [-95.479552466954, -111.70126921075, 34.657968557699], [-95.479552466954, -111.24456745523, 36.605126417501], [-95.479552466954, -110.78786569971, 38.552284277303], [-95.479552466954, -110.33116442102, 40.499442137105], [-95.479552466954, -109.8744626655, 42.446599043233], [-95.479552466954, -109.41776090997, 44.39375785671], [-95.479552466954, -108.96105915445, 46.340914762838], [-95.479552466954, -108.50435739892, 48.288073576314], [-95.479552466954, -108.0476556434, 50.235230482442], [-95.479552466954, -107.59095364946, 52.182389295919], [-95.479552466954, -107.13425189393, 54.129546202047], [-95.479552466954, -106.67755037683, 56.076705015523], [-95.479552466954, -106.22084862131, 58.023861921651], [-95.479552466954, -105.76414674657, 59.971020735128], [-95.479552466954, -105.30744499105, 61.918179548604], [-95.479552466954, -104.85074329513, 63.865334547384], [-95.479552466954, -104.39404156941, 65.81249336086], [-95.479552466954, -103.9373398232, 67.759652174337], [-95.479552466954, -103.48063808816, 69.706810987813], [-95.479552466954, -103.02393633264, 71.653965986593], [-95.479552466954, -102.56723457712, 73.601124800069], [-95.479552466954, -102.11053282159, 75.548283613546], [-95.479552466954, -101.65383106607, 77.495438612325], [-95.479552466954, -101.19712931055, 79.442597425802], [-95.479552466954, -100.74042755502, 81.389756239278], [-95.479552466954, -100.2837257995, 83.336915052755], [-95.479552466954, -99.827024043974, 85.284070051534], [-95.479552466954, -99.370322288451, 87.231228865011], [-95.479552466954, -98.913620532927, 89.178387678487]], "InstanceCreationTime": ["094822.286000", "094821.858000", "094822.288000", "094821.860000", "094822.290000", "094821.862000", "094822.291000", "094821.864000", "094822.293000", "094821.866000", "094822.295000", "094821.868000", "094822.297000", "094821.869000", "094822.299000", "094821.871000", "094822.301000", "094821.873000", "094822.303000", "094821.875000", "094822.305000", "094821.877000", "094822.306000", "094821.879000", "094822.308000", "094821.881000", "094822.310000", "094821.882000", "094822.312000", "094821.884000", "094822.313000", "094821.887000", "094822.315000", "094821.888000", "094822.317000", "094821.890000", "094822.319000", "094821.892000", "094822.321000", "094821.894000", "094822.323000", "094821.896000", "094822.324000", "094821.898000", "094822.326000", "094821.899000", "094822.328000", "094821.901000", "094822.330000", "094821.903000", "094822.332000", "094821.905000", "094822.333000", "094821.907000", "094822.335000", "094821.908000", "094822.337000", "094821.911000", "094822.339000", "094821.913000", "094822.341000", "094821.914000", "094822.342000", "094822.277000", "094822.348000", "094822.279000", "094822.350000", "094822.281000", "094822.352000", "094822.282000", "094822.354000", "094822.284000"], "InstanceNumber": [1, 2, 3, 4, 5, 6, 7, 8, 9, 10, 11, 12, 13, 14, 15, 16, 17, 18, 19, 20, 21, 22, 23, 24, 25, 26, 27, 28, 29, 30, 31, 32, 33, 34, 35, 36, 37, 38, 39, 40, 41, 42, 43, 44, 45, 46, 47, 48, 49, 50, 51, 52, 53, 54, 55, 56, 57, 58, 59, 60, 61, 62, 63, 64, 65, 66, 67, 68, 69, 70, 71, 72], "LargestImagePixelValue": [4094, 4095, 4095, 4095, 4094, 4092, 4094, 4094, 4095, 4095, 4095, 4092, 4094, 4092, 4094, 4094, 4094, 4094, 4095, 4095, 4094, 4094, 4092, 4093, 4094, 4094, 4094, 4094, 4095, 4094, 4095, 4094, 4094, 4093, 4093, 4094, 4094, 4093, 4090, 4094, 4094, 4094, 4095, 4095, 4091, 4095, 4093, 4094, 4093, 4092, 4094, 4095, 4093, 4092, 4093, 4095, 4095, 4095, 4095, 4091, 4093, 4093, 4094, 4094, 4095, 4092, 4095, 4094, 4094, 4094, 4094, 4095], "SliceLocation": [-77.764817785517, -75.764816909804, -73.764815598547, -71.764814722834, -69.764813847121, -67.764816685316, -65.764815374058, -63.764814498345, -61.764813622632, -59.764816460828, -57.76481514957, -55.764814273857, -53.764817112053, -51.76481623634, -49.764814925082, -47.764814049369, -45.764816887565, -43.764816011852, -41.764814700594, -39.764813824881, -37.764816663077, -35.764815787364, -33.764814476106, -31.764815457348, -29.764814581635, -27.764815562876, -25.76481446939, -23.764815232859, -21.764816214101, -19.764815120615, -17.76481517338, -15.764815226144, -13.764815061136, -11.7648151139, -9.7648154131301, -7.7648154658943, -5.7648153008861, -3.7648153536503, -1.7648153047017, 0.23518452647447, 2.235184923602, 4.2351844065992, 6.2351845716074, 8.2351846277294, 10.235184683851, 12.235184739973, 14.235184687209, 16.235183814854, 18.235184799453, 20.235183927098, 22.235184911697, 24.235184039342, 26.235185078385, 28.235184206029, 30.235185136185, 32.23518426383, 34.235185275651, 36.23518626025, 38.23518351733, 40.235184495124, 42.235185477596, 44.235186457517, 46.235183728207, 48.235184712806, 50.235185697406, 52.235182968096, 54.235183952695, 56.235184937294, 58.235185921894, 60.235183192584, 62.235184177183, 64.235185161783], "SmallestImagePixelValue": [0, 1, 1, 0, 0, 0, 0, 0, 0, 0, 2, 1, 0, 0, 2, 1, 0, 1, 0, 0, 0, 0, 2, 0, 0, 0, 1, 0, 0, 1, 1, 3, 0, 1, 9, 1, 2, 0, 2, 0, 1, 2, 0, 0, 4, 2, 7, 1, 0, 3, 3, 0, 0, 1, 2, 0, 0, 1, 1, 0, 1, 0, 0, 0, 1, 0, 0, 0, 0, 0, 0, 0], "WindowCenter": [-360.0, -358.0, -250.0, -164.0, -160.0, -170.0, -186.0, -244.0, -250.0, -298.0, -270.0, -252.0, -240.0, -204.0, -188.0, -118.0, -162.0, -128.0, -124.0, -94.0, -204.0, -212.0, -198.0, -252.0, -220.0, -232.0, -196.0, -178.0, -210.0, -194.0, -176.0, -182.0, -238.0, -340.0, -186.0, -282.0, -266.0, -254.0, -246.0, -232.0, -252.0, -222.0, -198.0, -178.0, -174.0, -170.0, -174.0, -180.0, -178.0, -176.0, -200.0, -226.0, -240.0, -238.0, -252.0, -270.0, -278.0, -256.0, -252.0, -134.0, -96.0, -168.0, -164.0, -166.0, -192.0, -194.0, -238.0, -296.0, -300.0, -322.0, -336.0, -386.0], "WindowWidth": [4950.0, 4970.0, 5296.0, 5872.0, 6002.0, 6048.0, 6084.0, 6100.0, 6104.0, 6172.0, 6202.0, 6208.0, 6224.0, 6342.0, 6322.0, 6376.0, 6360.0, 6412.0, 6442.0, 6410.0, 6364.0, 6276.0, 6212.0, 6134.0, 6020.0, 5906.0, 5864.0, 5768.0, 5680.0, 5678.0, 5634.0, 5562.0, 5244.0, 4706.0, 5332.0, 4660.0, 4646.0, 4630.0, 4620.0, 4610.0, 4610.0, 4590.0, 4572.0, 4572.0, 4554.0, 4566.0, 4576.0, 4570.0, 4580.0, 4584.0, 4600.0, 4624.0, 4630.0, 4656.0, 4668.0, 4702.0, 4738.0, 4756.0, 4772.0, 5526.0, 5662.0, 5704.0, 5782.0, 5942.0, 5986.0, 6072.0, 6040.0, 6082.0, 6144.0, 6166.0, 6198.0, 6144.0]}}, "IntendedFor": ["ses-1/func/sub-05_ses-1_task-motor_run-01_bold.nii.gz", "ses-1/func/sub-05_ses-1_task-motor_run-06_bold.nii.gz", "ses-1/func/sub-05_ses-1_task-motor_run-02_bold.nii.gz", "ses-1/func/sub-05_ses-1_task-motor_run-04_bold.nii.gz", "ses-1/func/sub-05_ses-1_task-motor_run-05_bold.nii.gz", "ses-1/func/sub-05_ses-1_task-motor_run-03_bold.nii.gz"]}