{"AcquisitionMatrixPE": 100, "AcquisitionNumber": 1, "AcquisitionTime": "09:45:57.975000", "BaseResolution": 100, "BodyPartExamined": "BRAIN", "ConsistencyInfo": "N4_VE11C_LATEST_20160120", "ConversionSoftware": "dcm2niix", "ConversionSoftwareVersion": "v1.0.20180622 GCC4.9.2", "DeviceSerialNumber": "166078", "DwellTime": 8.8e-06, "EchoNumber": 2, "EchoTime": 0.00738, "FlipAngle": 60, "ImageOrientationPatientDICOM": [0.997564, 0.0679134, -0.015929, -0.0697565, 0.971207, -0.227795], "ImageType": ["ORIGINAL", "PRIMARY", "M", "ND"], "InPlanePhaseEncodingDirectionDICOM": "ROW", "InstitutionAddress": "Street_StreetNo_Bei_Jing_District_CN_ZIP", "InstitutionName": "BeiJing_Normal_University", "InstitutionalDepartmentName": "Department", "MRAcquisitionType": "2D", "MagneticFieldStrength": 3, "Manufacturer": "Siemens", "ManufacturersModelName": "Prisma", "Modality": "MR", "PartialFourier": 1, "PatientPosition": "HFS", "PercentPhaseFOV": 100, "PhaseEncodingDirection": "i", "PhaseEncodingSteps": 100, "PhaseResolution": 1, "PixelBandwidth": 570, "ProcedureStepDescription": "BNU_P2018_64CH_Liu.Jia", "ProtocolName": "field_mapping_2x2x2", "PulseSequenceDetails": "%SiemensSeq%_gre_field_mapping", "ReceiveCoilActiveElements": "HC1-7;NC1", "ReceiveCoilName": "HeadNeck_64", "ReconMatrixPE": 100, "RepetitionTime": 0.72, "SAR": 0.131015, "ScanningSequence": "GR", "SequenceName": "_fm2d2r", "SequenceVariant": "SP", "SeriesDescription": "field_mapping_2x2x2", "SeriesNumber": 6, "ShimSetting": [-5453, -11497, -1302, 451, 7, -279, -193, 27], "SliceThickness": 2, "SoftwareVersions": "syngo_MR_E11", "SpacingBetweenSlices": 2, "StationName": "AWP166078", "TxRefAmp": 211.962, "IntendedFor": ["ses-1/func/sub-05_ses-1_task-motor_run-01_bold.nii.gz", "ses-1/func/sub-05_ses-1_task-motor_run-06_bold.nii.gz", "ses-1/func/sub-05_ses-1_task-motor_run-02_bold.nii.gz", "ses-1/func/sub-05_ses-1_task-motor_run-04_bold.nii.gz", "ses-1/func/sub-05_ses-1_task-motor_run-05_bold.nii.gz", "ses-1/func/sub-05_ses-1_task-motor_run-03_bold.nii.gz"]}