{"AcquisitionMatrixPE": 100, "AcquisitionNumber": 1, "AcquisitionTime": "14:28:23.507500", "BaseResolution": 100, "BodyPartExamined": "BRAIN", "ConsistencyInfo": "N4_VE11C_LATEST_20160120", "ConversionSoftware": "dcm2niix", "ConversionSoftwareVersion": "v1.0.20180622 GCC4.9.2", "DeviceSerialNumber": "166078", "DwellTime": 8.8e-06, "EchoNumber": 2, "EchoTime": 0.00738, "EchoTime1": 0.00492, "EchoTime2": 0.00738, "FlipAngle": 60, "ImageOrientationPatientDICOM": [0.999953, 0.00084451, 0.00965445, 9.81e-13, 0.996196, -0.0871409], "ImageType": ["ORIGINAL", "PRIMARY", "P", "ND"], "InPlanePhaseEncodingDirectionDICOM": "ROW", "InstitutionAddress": "Street_StreetNo_Bei_Jing_District_CN_ZIP", "InstitutionName": "BeiJing_Normal_University", "InstitutionalDepartmentName": "Department", "MRAcquisitionType": "2D", "MagneticFieldStrength": 3, "Manufacturer": "Siemens", "ManufacturersModelName": "Prisma", "Modality": "MR", "PartialFourier": 1, "PatientPosition": "HFS", "PercentPhaseFOV": 100, "PhaseEncodingDirection": "i", "PhaseEncodingSteps": 100, "PhaseResolution": 1, "PixelBandwidth": 570, "ProcedureStepDescription": "BNU_P2018_64CH_Liu.Jia", "ProtocolName": "field_mapping_2x2x2", "PulseSequenceDetails": "%SiemensSeq%_gre_field_mapping", "ReceiveCoilActiveElements": "HC1-7;NC1", "ReceiveCoilName": "HeadNeck_64", "ReconMatrixPE": 100, "RepetitionTime": 0.72, "SAR": 0.110175, "ScanningSequence": "GR", "SequenceName": "_fm2d2r", "SequenceVariant": "SP", "SeriesDescription": "field_mapping_2x2x2", "SeriesNumber": 7, "ShimSetting": [-5484, -11497, -1295, 400, -117, -315, -149, 0], "SliceThickness": 2, "SoftwareVersions": "syngo_MR_E11", "SpacingBetweenSlices": 2, "StationName": "AWP166078", "TxRefAmp": 250.586, "dcmmeta_affine": [[-1.999906063079834, 1.9620000069053845e-12, 0.019382596015930176, 99.37074279785156], [-0.0016890194965526462, 1.9923919439315796, -0.17427349090576172, -87.3110580444336], [0.019308900460600853, 0.1742817461490631, 1.9922943115234375, -79.0555648803711], [0.0, 0.0, 0.0, 1.0]], "dcmmeta_reorient_transform": [[0.0, -1.0, 0.0, 99.0], [1.0, 0.0, 0.0, 0.0], [0.0, 0.0, -1.0, 71.0], [0.0, 0.0, 0.0, 1.0]], "dcmmeta_shape": [100, 100, 72], "dcmmeta_slice_dim": 2, "dcmmeta_version": 0.6, "global": {"const": {"AcquisitionMatrix": [0, 100, 100, 0], "AcquisitionNumber": 1, "AngioFlag": "N", "BitsAllocated": 16, "BitsStored": 12, "BodyPartExamined": "BRAIN", "Columns": 100, "EchoNumbers": 2, "EchoTime": 7.38, "EchoTrainLength": 0, "FlipAngle": 60.0, "HighBit": 11, "ImageOrientationPatient": [0.99995303809696, 0.0008445097231, 0.00965444995822, 9.81e-13, 0.99619599881997, -0.0871408740781], "ImageType": ["ORIGINAL", "PRIMARY", "P", "ND"], "ImagedNucleus": "1H", "ImagingFrequency": 123.257809, "InPlanePhaseEncodingDirection": "ROW", "MRAcquisitionType": "2D", "MagneticFieldStrength": 3.0, "Manufacturer": "SIEMENS", "ManufacturerModelName": "Prisma", "Modality": "MR", "NumberOfAverages": 1.0, "NumberOfPhaseEncodingSteps": 100, "PercentPhaseFieldOfView": 100.0, "PercentSampling": 100.0, "PerformedProcedureStepStartTime": "135940.009000", "PhotometricInterpretation": "MONOCHROME2", "PixelBandwidth": 570.0, "PixelRepresentation": 0, "PixelSpacing": [2.0, 2.0], "ProtocolName": "field_mapping_2x2x2", "RepetitionTime": 720.0, "RescaleIntercept": -4096.0, "RescaleSlope": 2.0, "RescaleType": "US", "Rows": 100, "SAR": 0.11017496017361, "SamplesPerPixel": 1, "ScanningSequence": "GR", "SequenceName": "*fm2d2r", "SequenceVariant": "SP", "SeriesDescription": "field_mapping_2x2x2", "SeriesNumber": 7, "SeriesTime": "143048.190000", "SliceThickness": 2.0, "SoftwareVersions": "syngo MR E11", "SpacingBetweenSlices": 2.0, "SpecificCharacterSet": "ISO_IR 100", "StudyID": "1", "StudyTime": "135939.955000", "TransmitCoilName": "Body", "VariableFlipAngleFlag": "N", "WindowCenterWidthExplanation": "Algo1", "dBdt": 0.0}, "slices": {"AcquisitionTime": ["142823.507500", "142823.147500", "142823.517500", "142823.157500", "142823.527500", "142823.167500", "142823.537500", "142823.177500", "142823.547500", "142823.187500", "142823.557500", "142823.197500", "142823.567500", "142823.207500", "142823.577500", "142823.217500", "142823.587500", "142823.227500", "142823.597500", "142823.237500", "142823.607500", "142823.247500", "142823.617500", "142823.257500", "142823.627500", "142823.267500", "142823.637500", "142823.277500", "142823.647500", "142823.287500", "142823.657500", "142823.297500", "142823.667500", "142823.307500", "142823.677500", "142823.317500", "142823.687500", "142823.327500", "142823.697500", "142823.337500", "142823.707500", "142823.347500", "142823.717500", "142823.357500", "142823.727500", "142823.367500", "142823.737500", "142823.377500", "142823.747500", "142823.387500", "142823.757500", "142823.397500", "142823.767500", "142823.407500", "142823.777500", "142823.417500", "142823.787500", "142823.427500", "142823.797500", "142823.437500", "142823.807500", "142823.447500", "142823.817500", "142823.457500", "142823.827500", "142823.467500", "142823.837500", "142823.477500", "142823.847500", "142823.487500", "142823.857500", "142823.497500"], "ContentTime": ["143048.352000", "143048.192000", "143048.354000", "143048.284000", "143048.356000", "143048.285000", "143048.358000", "143048.287000", "143048.359000", "143048.289000", "143048.361000", "143048.291000", "143048.363000", "143048.293000", "143048.365000", "143048.295000", "143048.367000", "143048.297000", "143048.369000", "143048.299000", "143048.370000", "143048.300000", "143048.372000", "143048.302000", "143048.374000", "143048.304000", "143048.376000", "143048.307000", "143048.378000", "143048.308000", "143048.380000", "143048.311000", "143048.381000", "143048.313000", "143048.383000", "143048.315000", "143048.385000", "143048.317000", "143048.387000", "143048.319000", "143048.388000", "143048.321000", "143048.390000", "143048.323000", "143048.392000", "143048.325000", "143048.394000", "143048.327000", "143048.396000", "143048.329000", "143048.398000", "143048.331000", "143048.399000", "143048.333000", "143048.401000", "143048.335000", "143048.403000", "143048.337000", "143048.405000", "143048.338000", "143048.407000", "143048.340000", "143048.408000", "143048.342000", "143048.410000", "143048.344000", "143048.412000", "143048.346000", "143048.414000", "143048.348000", "143048.416000", "143048.350000"], "CsaImage.GSWDDataType": ["measured", "predicted", "measured", "predicted", "measured", "predicted", "measured", "predicted", "measured", "predicted", "measured", "predicted", "measured", "predicted", "measured", "predicted", "measured", "predicted", "measured", "predicted", "measured", "predicted", "measured", "predicted", "measured", "predicted", "measured", "predicted", "measured", "predicted", "measured", "predicted", "measured", "predicted", "measured", "predicted", "measured", "predicted", "measured", "predicted", "measured", "predicted", "measured", "predicted", "measured", "predicted", "measured", "predicted", "measured", "predicted", "measured", "predicted", "measured", "predicted", "measured", "predicted", "measured", "predicted", "measured", "predicted", "measured", "predicted", "measured", "predicted", "measured", "measured", "measured", "measured", "measured", "measured", "measured", "measured"], "CsaImage.ICE_Dims": ["X_2_1_1_1_1_1_37_1_1_1_1_138", "X_2_1_1_1_1_1_1_1_1_2_1_138", "X_2_1_1_1_1_1_38_1_1_3_1_138", "X_2_1_1_1_1_1_2_1_1_4_1_138", "X_2_1_1_1_1_1_39_1_1_5_1_138", "X_2_1_1_1_1_1_3_1_1_6_1_138", "X_2_1_1_1_1_1_40_1_1_7_1_138", "X_2_1_1_1_1_1_4_1_1_8_1_138", "X_2_1_1_1_1_1_41_1_1_9_1_138", "X_2_1_1_1_1_1_5_1_1_10_1_138", "X_2_1_1_1_1_1_42_1_1_11_1_138", "X_2_1_1_1_1_1_6_1_1_12_1_138", "X_2_1_1_1_1_1_43_1_1_13_1_138", "X_2_1_1_1_1_1_7_1_1_14_1_138", "X_2_1_1_1_1_1_44_1_1_15_1_138", "X_2_1_1_1_1_1_8_1_1_16_1_138", "X_2_1_1_1_1_1_45_1_1_17_1_138", "X_2_1_1_1_1_1_9_1_1_18_1_138", "X_2_1_1_1_1_1_46_1_1_19_1_138", "X_2_1_1_1_1_1_10_1_1_20_1_138", "X_2_1_1_1_1_1_47_1_1_21_1_138", "X_2_1_1_1_1_1_11_1_1_22_1_138", "X_2_1_1_1_1_1_48_1_1_23_1_138", "X_2_1_1_1_1_1_12_1_1_24_1_138", "X_2_1_1_1_1_1_49_1_1_25_1_138", "X_2_1_1_1_1_1_13_1_1_26_1_138", "X_2_1_1_1_1_1_50_1_1_27_1_138", "X_2_1_1_1_1_1_14_1_1_28_1_138", "X_2_1_1_1_1_1_51_1_1_29_1_138", "X_2_1_1_1_1_1_15_1_1_30_1_138", "X_2_1_1_1_1_1_52_1_1_31_1_138", "X_2_1_1_1_1_1_16_1_1_32_1_138", "X_2_1_1_1_1_1_53_1_1_33_1_138", "X_2_1_1_1_1_1_17_1_1_34_1_138", "X_2_1_1_1_1_1_54_1_1_35_1_138", "X_2_1_1_1_1_1_18_1_1_36_1_138", "X_2_1_1_1_1_1_55_1_1_37_1_138", "X_2_1_1_1_1_1_19_1_1_38_1_138", "X_2_1_1_1_1_1_56_1_1_39_1_138", "X_2_1_1_1_1_1_20_1_1_40_1_138", "X_2_1_1_1_1_1_57_1_1_41_1_138", "X_2_1_1_1_1_1_21_1_1_42_1_138", "X_2_1_1_1_1_1_58_1_1_43_1_138", "X_2_1_1_1_1_1_22_1_1_44_1_138", "X_2_1_1_1_1_1_59_1_1_45_1_138", "X_2_1_1_1_1_1_23_1_1_46_1_138", "X_2_1_1_1_1_1_60_1_1_47_1_138", "X_2_1_1_1_1_1_24_1_1_48_1_138", "X_2_1_1_1_1_1_61_1_1_49_1_138", "X_2_1_1_1_1_1_25_1_1_50_1_138", "X_2_1_1_1_1_1_62_1_1_51_1_138", "X_2_1_1_1_1_1_26_1_1_52_1_138", "X_2_1_1_1_1_1_63_1_1_53_1_138", "X_2_1_1_1_1_1_27_1_1_54_1_138", "X_2_1_1_1_1_1_64_1_1_55_1_138", "X_2_1_1_1_1_1_28_1_1_56_1_138", "X_2_1_1_1_1_1_65_1_1_57_1_138", "X_2_1_1_1_1_1_29_1_1_58_1_138", "X_2_1_1_1_1_1_66_1_1_59_1_138", "X_2_1_1_1_1_1_30_1_1_60_1_138", "X_2_1_1_1_1_1_67_1_1_61_1_138", "X_2_1_1_1_1_1_31_1_1_62_1_138", "X_2_1_1_1_1_1_68_1_1_63_1_138", "X_2_1_1_1_1_1_32_1_1_64_1_138", "X_2_1_1_1_1_1_69_1_1_65_1_138", "X_2_1_1_1_1_1_33_1_1_66_1_138", "X_2_1_1_1_1_1_70_1_1_67_1_138", "X_2_1_1_1_1_1_34_1_1_68_1_138", "X_2_1_1_1_1_1_71_1_1_69_1_138", "X_2_1_1_1_1_1_35_1_1_70_1_138", "X_2_1_1_1_1_1_72_1_1_71_1_138", "X_2_1_1_1_1_1_36_1_1_72_1_138"], "CsaImage.ProtocolSliceNumber": [0, 1, 2, 3, 4, 5, 6, 7, 8, 9, 10, 11, 12, 13, 14, 15, 16, 17, 18, 19, 20, 21, 22, 23, 24, 25, 26, 27, 28, 29, 30, 31, 32, 33, 34, 35, 36, 37, 38, 39, 40, 41, 42, 43, 44, 45, 46, 47, 48, 49, 50, 51, 52, 53, 54, 55, 56, 57, 58, 59, 60, 61, 62, 63, 64, 65, 66, 67, 68, 69, 70, 71], "CsaImage.RFSWDDataType": ["measured", "predicted", "measured", "predicted", "measured", "predicted", "measured", "predicted", "measured", "predicted", "measured", "predicted", "measured", "predicted", "measured", "predicted", "measured", "predicted", "measured", "predicted", "measured", "predicted", "measured", "predicted", "measured", "predicted", "measured", "predicted", "measured", "predicted", "measured", "predicted", "measured", "predicted", "measured", "predicted", "measured", "predicted", "measured", "predicted", "measured", "predicted", "measured", "predicted", "measured", "predicted", "measured", "predicted", "measured", "predicted", "measured", "predicted", "measured", "predicted", "measured", "predicted", "measured", "predicted", "measured", "predicted", "measured", "predicted", "measured", "measured", "measured", "measured", "measured", "measured", "measured", "measured", "measured", "measured"], "CsaImage.SlicePosition_PCS": [[-99.3707397, -109.93575747, -61.80196336], [-99.39012229, -109.76148398, -59.80966142], [-99.40950495, -109.58721049, -57.81736711], [-99.42888761, -109.412937, -55.82506898], [-99.4482702, -109.23866256, -53.83277086], [-99.46765286, -109.06438907, -51.84047273], [-99.48703545, -108.89011557, -49.8481746], [-99.50641811, -108.71584208, -47.85587266], [-99.52580073, -108.54156859, -45.86357454], [-99.54518336, -108.3672951, -43.87127641], [-99.56456602, -108.19302161, -41.87897829], [-99.58394864, -108.01874812, -39.88668016], [-99.60333127, -107.84447463, -37.89438203], [-99.62271389, -107.67020114, -35.90208391], [-99.64209652, -107.49592765, -33.90978578], [-99.66147918, -107.32165368, -31.91748765], [-99.6808618, -107.14738019, -29.92518953], [-99.70024443, -106.9731067, -27.9328914], [-99.71962705, -106.79883321, -25.94059328], [-99.73900968, -106.62455972, -23.94829324], [-99.75839232, -106.45028622, -21.95599512], [-99.77777496, -106.27601273, -19.96369699], [-99.79715759, -106.10173877, -17.97139886], [-99.81654021, -105.92746528, -15.97909883], [-99.83592285, -105.75319178, -13.9868007], [-99.85530548, -105.57891829, -11.99450258], [-99.87468811, -105.4046448, -10.00220445], [-99.89407074, -105.23037131, -8.00990537], [-99.91345338, -105.05609782, -6.01760724], [-99.93283601, -104.88182385, -4.02530912], [-99.95221864, -104.70755036, -2.03301004], [-99.97160127, -104.53327687, -0.04071191], [-99.9909839, -104.35900338, 1.95158621], [-100.01036653, -104.18472989, 3.94388482], [-100.02974916, -104.0104564, 5.9361833], [-100.0491318, -103.83618291, 7.9284817], [-100.06851443, -103.66190918, 9.92078015], [-100.08789706, -103.48763569, 11.91307875], [-100.10727969, -103.3133622, 13.90537688], [-100.12666233, -103.13908847, 15.897675], [-100.14604495, -102.96481498, 17.88997408], [-100.16542758, -102.79054149, 19.88227221], [-100.18481022, -102.61626776, 21.87457034], [-100.20419285, -102.44199427, 23.86686942], [-100.22357547, -102.26772077, 25.85916754], [-100.24295811, -102.09344728, 27.85146567], [-100.26234075, -101.91917355, 29.8437638], [-100.28172338, -101.74490006, 31.83606192], [-100.30110601, -101.57062657, 33.82836196], [-100.32048863, -101.39635296, 35.82066008], [-100.33987126, -101.22207947, 37.81295821], [-100.35925391, -101.04780586, 39.80525633], [-100.37863654, -100.87353225, 41.79755446], [-100.39801916, -100.69925876, 43.78985259], [-100.41740179, -100.52498521, 45.78215071], [-100.43678442, -100.35071166, 47.77444884], [-100.45616707, -100.17643808, 49.76674697], [-100.4755497, -100.00216453, 51.75904891], [-100.49493232, -99.82789098, 53.75134703], [-100.51431495, -99.65361742, 55.74364516], [-100.53369761, -99.47934386, 57.73594328], [-100.5530802, -99.30507033, 59.72824141], [-100.57246286, -99.13079675, 61.72053954], [-100.59184545, -98.9565232, 63.71283766], [-100.61122811, -98.78224964, 65.70513579], [-100.63061076, -98.60797603, 67.69743392], [-100.64999336, -98.43370254, 69.68973204], [-100.66937602, -98.25942893, 71.68203017], [-100.68875861, -98.08515544, 73.67433211], [-100.70814127, -97.91088183, 75.66662642], [-100.72752392, -97.73660834, 77.65892836], [-100.74690652, -97.56233485, 79.65122267]], "CsaImage.TimeAfterStart": [1.0825, 0.7225, 1.0925, 0.7325, 1.1025, 0.7425, 1.1125, 0.7525, 1.1225, 0.7625, 1.1325, 0.7725, 1.1425, 0.7825, 1.1525, 0.7925, 1.1625, 0.8025, 1.1725, 0.8125, 1.1825, 0.8225, 1.1925, 0.8325, 1.2025, 0.8425, 1.2125, 0.8525, 1.2225, 0.8625, 1.2325, 0.8725, 1.2425, 0.8825, 1.2525, 0.8925, 1.2625, 0.9025, 1.2725, 0.9125, 1.2825, 0.9225, 1.2925, 0.9325, 1.3025, 0.9425, 1.3125, 0.9525, 1.3225, 0.9625, 1.3325, 0.9725, 1.3425, 0.9825, 1.3525, 0.9925, 1.3625, 1.0025, 1.3725, 1.0125, 1.3825, 1.0225, 1.3925, 1.0325, 1.4025, 1.0425, 1.4125, 1.0525, 1.4225, 1.0625, 1.4325, 1.0725], "ImagePositionPatient": [[-99.370739698561, -109.93575747357, -61.801963361942], [-99.390122294577, -109.76148398266, -59.809661421024], [-99.409504950198, -109.58721049176, -57.817367109501], [-99.428887605818, -109.41293700085, -55.82506898328], [-99.448270201834, -109.23866255627, -53.83277085706], [-99.467652857455, -109.06438906537, -51.840472730839], [-99.487035453471, -108.89011557446, -49.848174604618], [-99.506418109091, -108.71584208356, -47.8558726637], [-99.52580073491, -108.54156859265, -45.863574537479], [-99.545183360728, -108.36729510174, -43.871276411259], [-99.564566016349, -108.19302161084, -41.878978285038], [-99.583948642167, -108.01874811993, -39.886680158817], [-99.603331267985, -107.84447462903, -37.894382032597], [-99.622713893803, -107.67020113812, -35.902083906376], [-99.642096519622, -107.49592764722, -33.909785780155], [-99.661479175242, -107.32165367947, -31.917487653935], [-99.68086180106, -107.14738018857, -29.925189527714], [-99.700244426879, -106.97310669766, -27.932891401493], [-99.719627052697, -106.79883320675, -25.940593275272], [-99.739009678515, -106.62455971585, -23.948293241703], [-99.758392319235, -106.45028622494, -21.955995115482], [-99.777774959954, -106.27601273404, -19.963696989262], [-99.797157585772, -106.10173876629, -17.971398863041], [-99.81654021159, -105.92746527539, -15.979098829472], [-99.83592285231, -105.75319178448, -13.986800703251], [-99.855305478128, -105.57891829358, -11.99450257703], [-99.874688111397, -105.40464480267, -10.00220445081], [-99.894070744666, -105.23037131177, -8.0099053709145], [-99.913453377935, -105.05609782086, -6.0176072446938], [-99.932836007478, -104.88182385312, -4.0253091184731], [-99.952218637022, -104.70755036221, -2.0330100385781], [-99.971601268428, -104.53327687131, -0.0407119123574], [-99.990983900765, -104.3590033804, 1.9515862138633], [-100.01036653217, -104.18472988949, 3.9438848169211], [-100.02974916265, -104.01045639859, 5.9361833007697], [-100.04913179592, -103.83618290768, 7.9284816952113], [-100.06851442918, -103.66190917836, 9.9207801492576], [-100.087897055, -103.48763568745, 11.913078752315], [-100.10727968827, -103.31336219655, 13.905376878536], [-100.12666232899, -103.13908846722, 15.897675004757], [-100.14604495481, -102.96481497632, 17.889974084652], [-100.16542758063, -102.79054148541, 19.882272210873], [-100.18481022135, -102.61626775609, 21.874570337093], [-100.20419284716, -102.44199426518, 23.866869416988], [-100.22357547298, -102.26772077428, 25.859167543209], [-100.2429581137, -102.09344728337, 27.85146566943], [-100.26234075442, -101.91917355404, 29.84376379565], [-100.28172338024, -101.74490006314, 31.836061921871], [-100.30110600606, -101.57062657223, 33.82836195544], [-100.32048863188, -101.39635296212, 35.820660081661], [-100.33987125769, -101.22207947121, 37.812958207882], [-100.35925391332, -101.0478058611, 39.805256334103], [-100.37863653913, -100.87353225098, 41.797554460323], [-100.39801916495, -100.69925876008, 43.789852586544], [-100.41740179077, -100.52498520957, 45.782150712765], [-100.43678441659, -100.35071165906, 47.774448838985], [-100.45616707221, -100.17643807874, 49.766746965206], [-100.47554969803, -100.00216452823, 51.759048906124], [-100.49493232385, -99.827890977722, 53.751347032345], [-100.51431494966, -99.653617423487, 55.743645158565], [-100.53369760528, -99.4793438618, 57.735943284786], [-100.5530802013, -99.305070326191, 59.728241411007], [-100.57246285692, -99.130796745878, 61.720539537228], [-100.59184545294, -98.956523195368, 63.712837663448], [-100.61122810856, -98.782249644858, 65.705135789669], [-100.63061076418, -98.607976034743, 67.69743391589], [-100.64999336019, -98.433702543837, 69.68973204211], [-100.66937601581, -98.259428933722, 71.682030168331], [-100.68875861183, -98.085155442816, 73.674332109249], [-100.70814126745, -97.910881832701, 75.666626420772], [-100.72752392307, -97.736608341795, 77.65892836169], [-100.74690651909, -97.562334850889, 79.651222673214]], "InstanceCreationTime": ["143048.352000", "143048.192000", "143048.354000", "143048.284000", "143048.356000", "143048.285000", "143048.358000", "143048.287000", "143048.359000", "143048.289000", "143048.361000", "143048.291000", "143048.363000", "143048.293000", "143048.365000", "143048.295000", "143048.367000", "143048.297000", "143048.369000", "143048.299000", "143048.370000", "143048.300000", "143048.372000", "143048.302000", "143048.374000", "143048.304000", "143048.376000", "143048.307000", "143048.378000", "143048.308000", "143048.380000", "143048.311000", "143048.381000", "143048.313000", "143048.383000", "143048.315000", "143048.385000", "143048.317000", "143048.387000", "143048.319000", "143048.388000", "143048.321000", "143048.390000", "143048.323000", "143048.392000", "143048.325000", "143048.394000", "143048.327000", "143048.396000", "143048.329000", "143048.398000", "143048.331000", "143048.399000", "143048.333000", "143048.401000", "143048.335000", "143048.403000", "143048.337000", "143048.405000", "143048.338000", "143048.407000", "143048.340000", "143048.408000", "143048.342000", "143048.410000", "143048.344000", "143048.412000", "143048.346000", "143048.414000", "143048.348000", "143048.416000", "143048.350000"], "InstanceNumber": [1, 2, 3, 4, 5, 6, 7, 8, 9, 10, 11, 12, 13, 14, 15, 16, 17, 18, 19, 20, 21, 22, 23, 24, 25, 26, 27, 28, 29, 30, 31, 32, 33, 34, 35, 36, 37, 38, 39, 40, 41, 42, 43, 44, 45, 46, 47, 48, 49, 50, 51, 52, 53, 54, 55, 56, 57, 58, 59, 60, 61, 62, 63, 64, 65, 66, 67, 68, 69, 70, 71, 72], "LargestImagePixelValue": [4088, 4095, 4090, 4094, 4092, 4095, 4095, 4094, 4093, 4094, 4093, 4094, 4094, 4094, 4093, 4094, 4095, 4092, 4094, 4094, 4092, 4092, 4095, 4094, 4094, 4092, 4088, 4087, 4089, 4092, 4091, 4092, 4056, 4079, 4095, 4079, 4091, 4094, 4095, 4084, 4092, 4090, 4091, 4095, 4086, 4095, 4090, 4094, 4091, 4093, 4095, 4090, 4094, 4092, 4082, 4094, 4095, 4093, 4092, 4094, 4095, 4090, 4094, 4095, 4092, 4095, 4091, 4095, 4092, 4095, 4094, 4095], "SliceLocation": [-70.180392218308, -68.1803887287, -66.180392838529, -64.18039314835, -62.18039337565, -60.180393685471, -58.18039399587, -56.180390505684, -54.180390815795, -52.180391125905, -50.180391435726, -48.180391745837, -46.180392055947, -44.180392366058, -42.180392676168, -40.180392944439, -38.18039325455, -36.18039356466, -34.180393874771, -32.180392284877, -30.180392594843, -28.180392904809, -26.180393173369, -24.180391583476, -22.180391893442, -20.180392203552, -18.18039251359, -16.180391873627, -14.180392183665, -12.180392452189, -10.180391812261, -8.1803921223175, -6.1803924323647, -4.1803922674199, -2.1803922212345, -0.1803922640846, 1.8196077732154, 3.819607938106, 5.8196076280679, 7.8196073388769, 9.8196079787685, 11.819607668658, 13.819607379467, 15.819608019359, 17.819607709248, 19.819607399282, 21.819607110091, 23.819606799981, 25.819608389875, 27.819608090152, 29.819607780041, 31.819607480607, 33.819607180884, 35.819606870774, 37.819606565857, 39.819606260941, 41.81960595891, 43.819609454001, 45.819609149084, 47.819608844492, 49.819608540838, 51.819608234335, 53.819607932304, 55.819607627098, 57.81960732247, 59.819607023036, 61.819606712637, 63.819606413203, 65.819609902812, 67.81960580337, 69.819609293556, 71.819605183149], "SmallestImagePixelValue": [3, 0, 0, 0, 5, 0, 0, 3, 2, 3, 0, 0, 1, 0, 0, 1, 0, 0, 0, 1, 0, 0, 0, 4, 19, 0, 0, 4, 6, 0, 3, 12, 0, 8, 6, 35, 0, 4, 14, 10, 4, 0, 1, 1, 3, 11, 8, 1, 3, 9, 1, 4, 1, 0, 0, 7, 0, 0, 0, 2, 5, 1, 2, 0, 2, 3, 0, 0, 0, 1, 1, 1], "WindowCenter": [-310.0, -334.0, -312.0, -312.0, -270.0, -272.0, -264.0, -240.0, -292.0, -280.0, -292.0, -346.0, -302.0, -308.0, -272.0, -296.0, -248.0, -210.0, -180.0, -204.0, -272.0, -286.0, -242.0, -242.0, -210.0, -188.0, -192.0, -156.0, -144.0, -116.0, -112.0, -116.0, -154.0, -114.0, -110.0, -104.0, -140.0, -142.0, -140.0, -130.0, -102.0, -82.0, -82.0, -90.0, -50.0, -44.0, -98.0, -60.0, -228.0, -94.0, -122.0, -120.0, -166.0, -156.0, -210.0, -180.0, -188.0, -132.0, -130.0, -116.0, -110.0, -66.0, -74.0, -86.0, -64.0, -72.0, -94.0, -122.0, -194.0, -214.0, -192.0, -234.0], "WindowWidth": [5826.0, 5880.0, 5924.0, 5968.0, 6054.0, 6080.0, 6086.0, 6156.0, 6118.0, 6186.0, 6210.0, 6172.0, 6276.0, 6280.0, 6284.0, 6236.0, 6214.0, 6194.0, 6136.0, 5990.0, 5836.0, 5738.0, 5688.0, 5668.0, 5650.0, 5642.0, 5584.0, 5548.0, 5488.0, 5492.0, 5440.0, 5446.0, 5272.0, 5462.0, 5442.0, 5462.0, 5306.0, 5290.0, 5254.0, 5266.0, 5264.0, 5298.0, 5258.0, 5096.0, 5208.0, 5248.0, 5000.0, 5338.0, 4588.0, 5370.0, 5282.0, 5426.0, 5346.0, 5504.0, 5204.0, 5456.0, 5466.0, 5536.0, 5514.0, 5588.0, 5592.0, 5698.0, 5716.0, 5744.0, 5842.0, 5892.0, 5928.0, 6014.0, 6070.0, 6066.0, 6138.0, 6154.0]}}, "IntendedFor": ["ses-1/func/sub-14_ses-1_task-motor_run-04_bold.nii.gz", "ses-1/func/sub-14_ses-1_task-motor_run-03_bold.nii.gz", "ses-1/func/sub-14_ses-1_task-motor_run-01_bold.nii.gz", "ses-1/func/sub-14_ses-1_task-motor_run-05_bold.nii.gz", "ses-1/func/sub-14_ses-1_task-motor_run-06_bold.nii.gz", "ses-1/func/sub-14_ses-1_task-motor_run-02_bold.nii.gz"]}