{"AcquisitionMatrixPE": 100, "AcquisitionNumber": 1, "AcquisitionTime": "12:09:59.450000", "BaseResolution": 100, "BodyPartExamined": "BRAIN", "ConsistencyInfo": "N4_VE11C_LATEST_20160120", "ConversionSoftware": "dcm2niix", "ConversionSoftwareVersion": "v1.0.20180622 GCC4.9.2", "DeviceSerialNumber": "166078", "DwellTime": 8.8e-06, "EchoNumber": 2, "EchoTime": 0.00738, "EchoTime1": 0.00492, "EchoTime2": 0.00738, "FlipAngle": 60, "ImageOrientationPatientDICOM": [1, 0, 0, 0, 1, 0], "ImageType": ["ORIGINAL", "PRIMARY", "P", "ND"], "InPlanePhaseEncodingDirectionDICOM": "ROW", "InstitutionAddress": "Street_StreetNo_Bei_Jing_District_CN_ZIP", "InstitutionName": "BeiJing_Normal_University", "InstitutionalDepartmentName": "Department", "MRAcquisitionType": "2D", "MagneticFieldStrength": 3, "Manufacturer": "Siemens", "ManufacturersModelName": "Prisma", "Modality": "MR", "PartialFourier": 1, "PatientPosition": "HFS", "PercentPhaseFOV": 100, "PhaseEncodingDirection": "i", "PhaseEncodingSteps": 100, "PhaseResolution": 1, "PixelBandwidth": 570, "ProcedureStepDescription": "BNU_P2018_64CH_Liu.Jia", "ProtocolName": "field_mapping_2x2x2", "PulseSequenceDetails": "%SiemensSeq%_gre_field_mapping", "ReceiveCoilActiveElements": "HC1-7;NC1", "ReceiveCoilName": "HeadNeck_64", "ReconMatrixPE": 100, "RepetitionTime": 0.72, "SAR": 0.104496, "ScanningSequence": "GR", "SequenceName": "_fm2d2r", "SequenceVariant": "SP", "SeriesDescription": "field_mapping_2x2x2", "SeriesNumber": 7, "ShimSetting": [-5478, -11529, -1243, 371, 0, -415, -93, 46], "SliceThickness": 2, "SoftwareVersions": "syngo_MR_E11", "SpacingBetweenSlices": 2, "StationName": "AWP166078", "TxRefAmp": 219.635, "dcmmeta_affine": [[-2.0, 0.0, 0.0, 100.0], [0.0, 2.0, 0.0, -96.63614654541016], [0.0, 0.0, 2.0, -51.26023864746094], [0.0, 0.0, 0.0, 1.0]], "dcmmeta_reorient_transform": [[0.0, -1.0, 0.0, 99.0], [1.0, 0.0, 0.0, 0.0], [0.0, 0.0, -1.0, 71.0], [0.0, 0.0, 0.0, 1.0]], "dcmmeta_shape": [100, 100, 72], "dcmmeta_slice_dim": 2, "dcmmeta_version": 0.6, "global": {"const": {"AcquisitionMatrix": [0, 100, 100, 0], "AcquisitionNumber": 1, "AngioFlag": "N", "BitsAllocated": 16, "BitsStored": 12, "BodyPartExamined": "BRAIN", "Columns": 100, "EchoNumbers": 2, "EchoTime": 7.38, "EchoTrainLength": 0, "FlipAngle": 60.0, "HighBit": 11, "ImageOrientationPatient": [1.0, 0.0, 0.0, 0.0, 1.0, 0.0], "ImageType": ["ORIGINAL", "PRIMARY", "P", "ND"], "ImagedNucleus": "1H", "ImagingFrequency": 123.257805, "InPlanePhaseEncodingDirection": "ROW", "MRAcquisitionType": "2D", "MagneticFieldStrength": 3.0, "Manufacturer": "SIEMENS", "ManufacturerModelName": "Prisma", "Modality": "MR", "NumberOfAverages": 1.0, "NumberOfPhaseEncodingSteps": 100, "PercentPhaseFieldOfView": 100.0, "PercentSampling": 100.0, "PerformedProcedureStepStartTime": "113925.915000", "PhotometricInterpretation": "MONOCHROME2", "PixelBandwidth": 570.0, "PixelRepresentation": 0, "PixelSpacing": [2.0, 2.0], "ProtocolName": "field_mapping_2x2x2", "RepetitionTime": 720.0, "RescaleIntercept": -4096.0, "RescaleSlope": 2.0, "RescaleType": "US", "Rows": 100, "SAR": 0.10449569585789, "SamplesPerPixel": 1, "ScanningSequence": "GR", "SequenceName": "*fm2d2r", "SequenceVariant": "SP", "SeriesDescription": "field_mapping_2x2x2", "SeriesNumber": 7, "SeriesTime": "121224.406000", "SliceThickness": 2.0, "SoftwareVersions": "syngo MR E11", "SpacingBetweenSlices": 2.0, "SpecificCharacterSet": "ISO_IR 100", "StudyID": "1", "StudyTime": "113925.799000", "TransmitCoilName": "Body", "VariableFlipAngleFlag": "N", "WindowCenterWidthExplanation": "Algo1", "dBdt": 0.0}, "slices": {"AcquisitionTime": ["120959.450000", "120959.090000", "120959.460000", "120959.100000", "120959.470000", "120959.110000", "120959.480000", "120959.120000", "120959.490000", "120959.130000", "120959.500000", "120959.140000", "120959.510000", "120959.150000", "120959.520000", "120959.160000", "120959.530000", "120959.170000", "120959.540000", "120959.180000", "120959.550000", "120959.190000", "120959.560000", "120959.200000", "120959.570000", "120959.210000", "120959.580000", "120959.220000", "120959.590000", "120959.230000", "120959.600000", "120959.240000", "120959.610000", "120959.250000", "120959.620000", "120959.260000", "120959.630000", "120959.270000", "120959.640000", "120959.280000", "120959.650000", "120959.290000", "120959.660000", "120959.300000", "120959.670000", "120959.310000", "120959.680000", "120959.320000", "120959.690000", "120959.330000", "120959.700000", "120959.340000", "120959.710000", "120959.350000", "120959.720000", "120959.360000", "120959.730000", "120959.370000", "120959.740000", "120959.380000", "120959.750000", "120959.390000", "120959.760000", "120959.400000", "120959.770000", "120959.410000", "120959.780000", "120959.420000", "120959.790000", "120959.430000", "120959.800000", "120959.440000"], "ContentTime": ["121224.478000", "121224.408000", "121224.480000", "121224.410000", "121224.482000", "121224.413000", "121224.484000", "121224.415000", "121224.486000", "121224.417000", "121224.487000", "121224.419000", "121224.489000", "121224.421000", "121224.491000", "121224.423000", "121224.493000", "121224.424000", "121224.495000", "121224.426000", "121224.496000", "121224.428000", "121224.498000", "121224.431000", "121224.500000", "121224.432000", "121224.502000", "121224.434000", "121224.504000", "121224.437000", "121224.506000", "121224.439000", "121224.507000", "121224.441000", "121224.509000", "121224.443000", "121224.511000", "121224.445000", "121224.513000", "121224.447000", "121224.515000", "121224.449000", "121224.517000", "121224.451000", "121224.518000", "121224.453000", "121224.520000", "121224.454000", "121224.522000", "121224.456000", "121224.524000", "121224.458000", "121224.527000", "121224.460000", "121224.529000", "121224.462000", "121224.530000", "121224.464000", "121224.532000", "121224.466000", "121224.534000", "121224.467000", "121224.536000", "121224.469000", "121224.538000", "121224.471000", "121224.539000", "121224.473000", "121224.541000", "121224.475000", "121224.543000", "121224.477000"], "CsaImage.GSWDDataType": ["measured", "predicted", "measured", "predicted", "measured", "predicted", "measured", "predicted", "measured", "predicted", "measured", "predicted", "measured", "predicted", "measured", "predicted", "measured", "predicted", "measured", "predicted", "measured", "predicted", "measured", "predicted", "measured", "predicted", "measured", "predicted", "measured", "predicted", "measured", "predicted", "measured", "predicted", "measured", "predicted", "measured", "predicted", "measured", "predicted", "measured", "predicted", "measured", "predicted", "measured", "predicted", "measured", "predicted", "measured", "predicted", "measured", "predicted", "measured", "predicted", "measured", "measured", "measured", "measured", "measured", "measured", "measured", "measured", "measured", "measured", "measured", "measured", "measured", "measured", "measured", "measured", "measured", "measured"], "CsaImage.ICE_Dims": ["X_2_1_1_1_1_1_37_1_1_1_1_106", "X_2_1_1_1_1_1_1_1_1_2_1_106", "X_2_1_1_1_1_1_38_1_1_3_1_106", "X_2_1_1_1_1_1_2_1_1_4_1_106", "X_2_1_1_1_1_1_39_1_1_5_1_106", "X_2_1_1_1_1_1_3_1_1_6_1_106", "X_2_1_1_1_1_1_40_1_1_7_1_106", "X_2_1_1_1_1_1_4_1_1_8_1_106", "X_2_1_1_1_1_1_41_1_1_9_1_106", "X_2_1_1_1_1_1_5_1_1_10_1_106", "X_2_1_1_1_1_1_42_1_1_11_1_106", "X_2_1_1_1_1_1_6_1_1_12_1_106", "X_2_1_1_1_1_1_43_1_1_13_1_106", "X_2_1_1_1_1_1_7_1_1_14_1_106", "X_2_1_1_1_1_1_44_1_1_15_1_106", "X_2_1_1_1_1_1_8_1_1_16_1_106", "X_2_1_1_1_1_1_45_1_1_17_1_106", "X_2_1_1_1_1_1_9_1_1_18_1_106", "X_2_1_1_1_1_1_46_1_1_19_1_106", "X_2_1_1_1_1_1_10_1_1_20_1_106", "X_2_1_1_1_1_1_47_1_1_21_1_106", "X_2_1_1_1_1_1_11_1_1_22_1_106", "X_2_1_1_1_1_1_48_1_1_23_1_106", "X_2_1_1_1_1_1_12_1_1_24_1_106", "X_2_1_1_1_1_1_49_1_1_25_1_106", "X_2_1_1_1_1_1_13_1_1_26_1_106", "X_2_1_1_1_1_1_50_1_1_27_1_106", "X_2_1_1_1_1_1_14_1_1_28_1_106", "X_2_1_1_1_1_1_51_1_1_29_1_106", "X_2_1_1_1_1_1_15_1_1_30_1_106", "X_2_1_1_1_1_1_52_1_1_31_1_106", "X_2_1_1_1_1_1_16_1_1_32_1_106", "X_2_1_1_1_1_1_53_1_1_33_1_106", "X_2_1_1_1_1_1_17_1_1_34_1_106", "X_2_1_1_1_1_1_54_1_1_35_1_106", "X_2_1_1_1_1_1_18_1_1_36_1_106", "X_2_1_1_1_1_1_55_1_1_37_1_106", "X_2_1_1_1_1_1_19_1_1_38_1_106", "X_2_1_1_1_1_1_56_1_1_39_1_106", "X_2_1_1_1_1_1_20_1_1_40_1_106", "X_2_1_1_1_1_1_57_1_1_41_1_106", "X_2_1_1_1_1_1_21_1_1_42_1_106", "X_2_1_1_1_1_1_58_1_1_43_1_106", "X_2_1_1_1_1_1_22_1_1_44_1_106", "X_2_1_1_1_1_1_59_1_1_45_1_106", "X_2_1_1_1_1_1_23_1_1_46_1_106", "X_2_1_1_1_1_1_60_1_1_47_1_106", "X_2_1_1_1_1_1_24_1_1_48_1_106", "X_2_1_1_1_1_1_61_1_1_49_1_106", "X_2_1_1_1_1_1_25_1_1_50_1_106", "X_2_1_1_1_1_1_62_1_1_51_1_106", "X_2_1_1_1_1_1_26_1_1_52_1_106", "X_2_1_1_1_1_1_63_1_1_53_1_106", "X_2_1_1_1_1_1_27_1_1_54_1_106", "X_2_1_1_1_1_1_64_1_1_55_1_106", "X_2_1_1_1_1_1_28_1_1_56_1_106", "X_2_1_1_1_1_1_65_1_1_57_1_106", "X_2_1_1_1_1_1_29_1_1_58_1_106", "X_2_1_1_1_1_1_66_1_1_59_1_106", "X_2_1_1_1_1_1_30_1_1_60_1_106", "X_2_1_1_1_1_1_67_1_1_61_1_106", "X_2_1_1_1_1_1_31_1_1_62_1_106", "X_2_1_1_1_1_1_68_1_1_63_1_106", "X_2_1_1_1_1_1_32_1_1_64_1_106", "X_2_1_1_1_1_1_69_1_1_65_1_106", "X_2_1_1_1_1_1_33_1_1_66_1_106", "X_2_1_1_1_1_1_70_1_1_67_1_106", "X_2_1_1_1_1_1_34_1_1_68_1_106", "X_2_1_1_1_1_1_71_1_1_69_1_106", "X_2_1_1_1_1_1_35_1_1_70_1_106", "X_2_1_1_1_1_1_72_1_1_71_1_106", "X_2_1_1_1_1_1_36_1_1_72_1_106"], "CsaImage.ProtocolSliceNumber": [0, 1, 2, 3, 4, 5, 6, 7, 8, 9, 10, 11, 12, 13, 14, 15, 16, 17, 18, 19, 20, 21, 22, 23, 24, 25, 26, 27, 28, 29, 30, 31, 32, 33, 34, 35, 36, 37, 38, 39, 40, 41, 42, 43, 44, 45, 46, 47, 48, 49, 50, 51, 52, 53, 54, 55, 56, 57, 58, 59, 60, 61, 62, 63, 64, 65, 66, 67, 68, 69, 70, 71], "CsaImage.RFSWDDataType": ["measured", "predicted", "measured", "predicted", "measured", "predicted", "measured", "predicted", "measured", "predicted", "measured", "predicted", "measured", "predicted", "measured", "predicted", "measured", "predicted", "measured", "predicted", "measured", "predicted", "measured", "predicted", "measured", "predicted", "measured", "predicted", "measured", "predicted", "measured", "predicted", "measured", "predicted", "measured", "predicted", "measured", "predicted", "measured", "predicted", "measured", "predicted", "measured", "predicted", "measured", "predicted", "measured", "predicted", "measured", "predicted", "measured", "measured", "measured", "measured", "measured", "measured", "measured", "measured", "measured", "measured", "measured", "measured", "measured", "measured", "measured", "measured", "measured", "measured", "measured", "measured", "measured", "measured"], "CsaImage.SlicePosition_PCS": [[-100.0, -101.36385548, -51.26024246], [-100.0, -101.36385548, -49.26024246], [-100.0, -101.36385548, -47.26024246], [-100.0, -101.36385548, -45.26024246], [-100.0, -101.36385548, -43.26024246], [-100.0, -101.36385548, -41.26024246], [-100.0, -101.36385548, -39.26024246], [-100.0, -101.36385548, -37.26024246], [-100.0, -101.36385548, -35.26024246], [-100.0, -101.36385548, -33.26024246], [-100.0, -101.36385548, -31.26024055], [-100.0, -101.36385548, -29.26024055], [-100.0, -101.36385548, -27.26024055], [-100.0, -101.36385548, -25.26024055], [-100.0, -101.36385548, -23.26024055], [-100.0, -101.36385548, -21.26024055], [-100.0, -101.36385548, -19.26024055], [-100.0, -101.36385548, -17.26024055], [-100.0, -101.36385548, -15.26024055], [-100.0, -101.36385548, -13.26024055], [-100.0, -101.36385548, -11.26024055], [-100.0, -101.36385548, -9.26024055], [-100.0, -101.36385548, -7.26024103], [-100.0, -101.36385548, -5.26024103], [-100.0, -101.36385548, -3.26024103], [-100.0, -101.36385548, -1.26024091], [-100.0, -101.36385548, 0.73975903], [-100.0, -101.36385548, 2.73975897], [-100.0, -101.36385548, 4.73975897], [-100.0, -101.36385548, 6.73975897], [-100.0, -101.36385548, 8.73975945], [-100.0, -101.36385548, 10.73975945], [-100.0, -101.36385548, 12.73975945], [-100.0, -101.36385548, 14.73975945], [-100.0, -101.36385548, 16.73975945], [-100.0, -101.36385548, 18.73975945], [-100.0, -101.36385548, 20.73975945], [-100.0, -101.36385548, 22.73975945], [-100.0, -101.36385548, 24.73975945], [-100.0, -101.36385548, 26.73975945], [-100.0, -101.36385548, 28.73975945], [-100.0, -101.36385548, 30.73975945], [-100.0, -101.36385548, 32.73975754], [-100.0, -101.36385548, 34.73975754], [-100.0, -101.36385548, 36.73975754], [-100.0, -101.36385548, 38.73975754], [-100.0, -101.36385548, 40.73975754], [-100.0, -101.36385548, 42.73975754], [-100.0, -101.36385548, 44.73975754], [-100.0, -101.36385548, 46.73975754], [-100.0, -101.36385548, 48.73975754], [-100.0, -101.36385548, 50.73975754], [-100.0, -101.36385548, 52.73975754], [-100.0, -101.36385548, 54.73975754], [-100.0, -101.36385548, 56.73975754], [-100.0, -101.36385548, 58.73975754], [-100.0, -101.36385548, 60.73975754], [-100.0, -101.36385548, 62.73975754], [-100.0, -101.36385548, 64.73976135], [-100.0, -101.36385548, 66.73976135], [-100.0, -101.36385548, 68.73976135], [-100.0, -101.36385548, 70.73976135], [-100.0, -101.36385548, 72.73976135], [-100.0, -101.36385548, 74.73976135], [-100.0, -101.36385548, 76.73976135], [-100.0, -101.36385548, 78.73976135], [-100.0, -101.36385548, 80.73976135], [-100.0, -101.36385548, 82.73976135], [-100.0, -101.36385548, 84.73976135], [-100.0, -101.36385548, 86.73976135], [-100.0, -101.36385548, 88.73976135], [-100.0, -101.36385548, 90.73976135]], "CsaImage.TimeAfterStart": [1.0825, 0.7225, 1.0925, 0.7325, 1.1025, 0.7425, 1.1125, 0.7525, 1.1225, 0.7625, 1.1325, 0.7725, 1.1425, 0.7825, 1.1525, 0.7925, 1.1625, 0.8025, 1.1725, 0.8125, 1.1825, 0.8225, 1.1925, 0.8325, 1.2025, 0.8425, 1.2125, 0.8525, 1.2225, 0.8625, 1.2325, 0.8725, 1.2425, 0.8825, 1.2525, 0.8925, 1.2625, 0.9025, 1.2725, 0.9125, 1.2825, 0.9225, 1.2925, 0.9325, 1.3025, 0.9425, 1.3125, 0.9525, 1.3225, 0.9625, 1.3325, 0.9725, 1.3425, 0.9825, 1.3525, 0.9925, 1.3625, 1.0025, 1.3725, 1.0125, 1.3825, 1.0225, 1.3925, 1.0325, 1.4025, 1.0425, 1.4125, 1.0525, 1.4225, 1.0625, 1.4325, 1.0725], "ImagePositionPatient": [[-100.0, -101.36385548115, -51.260242462158], [-100.0, -101.36385548115, -49.260242462158], [-100.0, -101.36385548115, -47.260242462158], [-100.0, -101.36385548115, -45.260242462158], [-100.0, -101.36385548115, -43.260242462158], [-100.0, -101.36385548115, -41.260242462158], [-100.0, -101.36385548115, -39.260242462158], [-100.0, -101.36385548115, -37.260242462158], [-100.0, -101.36385548115, -35.260242462158], [-100.0, -101.36385548115, -33.260242462158], [-100.0, -101.36385548115, -31.26024055481], [-100.0, -101.36385548115, -29.26024055481], [-100.0, -101.36385548115, -27.26024055481], [-100.0, -101.36385548115, -25.26024055481], [-100.0, -101.36385548115, -23.26024055481], [-100.0, -101.36385548115, -21.26024055481], [-100.0, -101.36385548115, -19.26024055481], [-100.0, -101.36385548115, -17.26024055481], [-100.0, -101.36385548115, -15.26024055481], [-100.0, -101.36385548115, -13.26024055481], [-100.0, -101.36385548115, -11.26024055481], [-100.0, -101.36385548115, -9.2602405548096], [-100.0, -101.36385548115, -7.2602410316467], [-100.0, -101.36385548115, -5.2602410316467], [-100.0, -101.36385548115, -3.2602410316467], [-100.0, -101.36385548115, -1.2602409124374], [-100.0, -101.36385548115, 0.73975902795792], [-100.0, -101.36385548115, 2.7397589683533], [-100.0, -101.36385548115, 4.7397589683533], [-100.0, -101.36385548115, 6.7397589683533], [-100.0, -101.36385548115, 8.7397594451904], [-100.0, -101.36385548115, 10.73975944519], [-100.0, -101.36385548115, 12.73975944519], [-100.0, -101.36385548115, 14.73975944519], [-100.0, -101.36385548115, 16.73975944519], [-100.0, -101.36385548115, 18.73975944519], [-100.0, -101.36385548115, 20.73975944519], [-100.0, -101.36385548115, 22.73975944519], [-100.0, -101.36385548115, 24.73975944519], [-100.0, -101.36385548115, 26.73975944519], [-100.0, -101.36385548115, 28.73975944519], [-100.0, -101.36385548115, 30.73975944519], [-100.0, -101.36385548115, 32.739757537842], [-100.0, -101.36385548115, 34.739757537842], [-100.0, -101.36385548115, 36.739757537842], [-100.0, -101.36385548115, 38.739757537842], [-100.0, -101.36385548115, 40.739757537842], [-100.0, -101.36385548115, 42.739757537842], [-100.0, -101.36385548115, 44.739757537842], [-100.0, -101.36385548115, 46.739757537842], [-100.0, -101.36385548115, 48.739757537842], [-100.0, -101.36385548115, 50.739757537842], [-100.0, -101.36385548115, 52.739757537842], [-100.0, -101.36385548115, 54.739757537842], [-100.0, -101.36385548115, 56.739757537842], [-100.0, -101.36385548115, 58.739757537842], [-100.0, -101.36385548115, 60.739757537842], [-100.0, -101.36385548115, 62.739757537842], [-100.0, -101.36385548115, 64.739761352539], [-100.0, -101.36385548115, 66.739761352539], [-100.0, -101.36385548115, 68.739761352539], [-100.0, -101.36385548115, 70.739761352539], [-100.0, -101.36385548115, 72.739761352539], [-100.0, -101.36385548115, 74.739761352539], [-100.0, -101.36385548115, 76.739761352539], [-100.0, -101.36385548115, 78.739761352539], [-100.0, -101.36385548115, 80.739761352539], [-100.0, -101.36385548115, 82.739761352539], [-100.0, -101.36385548115, 84.739761352539], [-100.0, -101.36385548115, 86.739761352539], [-100.0, -101.36385548115, 88.739761352539], [-100.0, -101.36385548115, 90.739761352539]], "InstanceCreationTime": ["121224.478000", "121224.408000", "121224.480000", "121224.410000", "121224.482000", "121224.413000", "121224.484000", "121224.415000", "121224.486000", "121224.417000", "121224.487000", "121224.419000", "121224.489000", "121224.421000", "121224.491000", "121224.423000", "121224.493000", "121224.424000", "121224.495000", "121224.426000", "121224.496000", "121224.428000", "121224.498000", "121224.431000", "121224.500000", "121224.432000", "121224.502000", "121224.434000", "121224.504000", "121224.437000", "121224.506000", "121224.439000", "121224.507000", "121224.441000", "121224.509000", "121224.443000", "121224.511000", "121224.445000", "121224.513000", "121224.447000", "121224.515000", "121224.449000", "121224.517000", "121224.451000", "121224.518000", "121224.453000", "121224.520000", "121224.454000", "121224.522000", "121224.456000", "121224.524000", "121224.458000", "121224.527000", "121224.460000", "121224.529000", "121224.462000", "121224.530000", "121224.464000", "121224.532000", "121224.466000", "121224.534000", "121224.467000", "121224.536000", "121224.469000", "121224.538000", "121224.471000", "121224.539000", "121224.473000", "121224.541000", "121224.475000", "121224.543000", "121224.477000"], "InstanceNumber": [1, 2, 3, 4, 5, 6, 7, 8, 9, 10, 11, 12, 13, 14, 15, 16, 17, 18, 19, 20, 21, 22, 23, 24, 25, 26, 27, 28, 29, 30, 31, 32, 33, 34, 35, 36, 37, 38, 39, 40, 41, 42, 43, 44, 45, 46, 47, 48, 49, 50, 51, 52, 53, 54, 55, 56, 57, 58, 59, 60, 61, 62, 63, 64, 65, 66, 67, 68, 69, 70, 71, 72], "LargestImagePixelValue": [4095, 4095, 4094, 4095, 4094, 4095, 4093, 4094, 4095, 4094, 4094, 4095, 4094, 4094, 4094, 4092, 4094, 4094, 4095, 4093, 4095, 4094, 4094, 4095, 4083, 4093, 4095, 4095, 4094, 4091, 4086, 4084, 4095, 4090, 4094, 4091, 4095, 4094, 4094, 4092, 4095, 4090, 4094, 4091, 4090, 4092, 4093, 4094, 4094, 4092, 4094, 4095, 4094, 4093, 4093, 4088, 4093, 4092, 4094, 4095, 4095, 4094, 4095, 4095, 4092, 4091, 4092, 4095, 4095, 4095, 4095, 4095], "SliceLocation": [-51.260242462158, -49.260242462158, -47.260242462158, -45.260242462158, -43.260242462158, -41.260242462158, -39.260242462158, -37.260242462158, -35.260242462158, -33.260242462158, -31.26024055481, -29.26024055481, -27.26024055481, -25.26024055481, -23.26024055481, -21.26024055481, -19.26024055481, -17.26024055481, -15.26024055481, -13.26024055481, -11.26024055481, -9.2602405548096, -7.2602410316467, -5.2602410316467, -3.2602410316467, -1.2602409124374, 0.73975902795792, 2.7397589683533, 4.7397589683533, 6.7397589683533, 8.7397594451904, 10.73975944519, 12.73975944519, 14.73975944519, 16.73975944519, 18.73975944519, 20.73975944519, 22.73975944519, 24.73975944519, 26.73975944519, 28.73975944519, 30.73975944519, 32.739757537842, 34.739757537842, 36.739757537842, 38.739757537842, 40.739757537842, 42.739757537842, 44.739757537842, 46.739757537842, 48.739757537842, 50.739757537842, 52.739757537842, 54.739757537842, 56.739757537842, 58.739757537842, 60.739757537842, 62.739757537842, 64.739761352539, 66.739761352539, 68.739761352539, 70.739761352539, 72.739761352539, 74.739761352539, 76.739761352539, 78.739761352539, 80.739761352539, 82.739761352539, 84.739761352539, 86.739761352539, 88.739761352539, 90.739761352539], "SmallestImagePixelValue": [0, 4, 1, 0, 0, 1, 1, 1, 0, 0, 0, 0, 0, 3, 1, 0, 0, 0, 0, 0, 0, 5, 0, 1, 0, 0, 0, 0, 0, 1, 2, 2, 1, 2, 0, 1, 8, 0, 1, 0, 2, 2, 0, 0, 0, 0, 6, 1, 1, 0, 3, 0, 0, 0, 1, 2, 1, 0, 4, 0, 0, 0, 0, 0, 1, 0, 0, 0, 0, 0, 0, 0], "WindowCenter": [-196.0, -168.0, -260.0, -138.0, -220.0, -184.0, -226.0, -126.0, -118.0, -60.0, -150.0, -114.0, -208.0, -178.0, -256.0, -266.0, -348.0, -318.0, -336.0, -300.0, -264.0, -256.0, -250.0, -278.0, -244.0, -200.0, -152.0, -120.0, -86.0, -64.0, -64.0, -98.0, -138.0, -120.0, -140.0, -158.0, -172.0, -180.0, -188.0, -178.0, -330.0, -156.0, -118.0, -148.0, -130.0, -180.0, -266.0, -262.0, -252.0, -264.0, -262.0, -264.0, -278.0, -274.0, -294.0, -306.0, -310.0, -292.0, -272.0, -262.0, -258.0, -272.0, -124.0, -306.0, -180.0, -262.0, -250.0, -308.0, -352.0, -304.0, -312.0, -330.0], "WindowWidth": [6084.0, 6130.0, 6108.0, 6286.0, 6220.0, 6286.0, 6276.0, 6410.0, 6370.0, 6476.0, 6366.0, 6396.0, 6244.0, 6288.0, 6268.0, 6376.0, 6306.0, 6294.0, 6140.0, 6110.0, 6004.0, 5938.0, 5714.0, 5610.0, 5492.0, 5550.0, 5610.0, 5646.0, 5620.0, 5636.0, 5610.0, 5506.0, 5456.0, 5510.0, 5446.0, 5428.0, 5330.0, 5320.0, 5292.0, 5266.0, 4668.0, 5340.0, 5472.0, 5314.0, 5360.0, 5030.0, 4624.0, 4632.0, 4624.0, 4640.0, 4640.0, 4646.0, 4650.0, 4656.0, 4666.0, 4688.0, 4684.0, 4702.0, 4708.0, 4724.0, 4758.0, 4782.0, 5482.0, 4844.0, 5698.0, 5586.0, 5736.0, 5760.0, 5920.0, 6132.0, 6290.0, 6358.0]}}, "IntendedFor": ["ses-1/func/sub-47_ses-1_task-motor_run-03_bold.nii.gz", "ses-1/func/sub-47_ses-1_task-motor_run-06_bold.nii.gz", "ses-1/func/sub-47_ses-1_task-motor_run-04_bold.nii.gz", "ses-1/func/sub-47_ses-1_task-motor_run-01_bold.nii.gz", "ses-1/func/sub-47_ses-1_task-motor_run-02_bold.nii.gz", "ses-1/func/sub-47_ses-1_task-motor_run-05_bold.nii.gz"]}