{"AcquisitionMatrixPE": 100, "AcquisitionNumber": 1, "AcquisitionTime": "09:38:38.865000", "BaseResolution": 100, "BodyPartExamined": "BRAIN", "ConsistencyInfo": "N4_VE11C_LATEST_20160120", "ConversionSoftware": "dcm2niix", "ConversionSoftwareVersion": "v1.0.20180622 GCC4.9.2", "DeviceSerialNumber": "166078", "DwellTime": 8.8e-06, "EchoNumber": 2, "EchoTime": 0.00738, "EchoTime1": 0.00492, "EchoTime2": 0.00738, "FlipAngle": 60, "ImageOrientationPatientDICOM": [0.997091, 0.00717372, -0.0758863, -0.0226272, 0.978542, -0.2048], "ImageType": ["ORIGINAL", "PRIMARY", "P", "ND"], "InPlanePhaseEncodingDirectionDICOM": "ROW", "InstitutionAddress": "Street_StreetNo_Bei_Jing_District_CN_ZIP", "InstitutionName": "BeiJing_Normal_University", "InstitutionalDepartmentName": "Department", "MRAcquisitionType": "2D", "MagneticFieldStrength": 3, "Manufacturer": "Siemens", "ManufacturersModelName": "Prisma", "Modality": "MR", "PartialFourier": 1, "PatientPosition": "HFS", "PercentPhaseFOV": 100, "PhaseEncodingDirection": "i", "PhaseEncodingSteps": 100, "PhaseResolution": 1, "PixelBandwidth": 570, "ProcedureStepDescription": "BNU_P2018_64CH_Liu.Jia", "ProtocolName": "field_mapping_2x2x2", "PulseSequenceDetails": "%SiemensSeq%_gre_field_mapping", "ReceiveCoilActiveElements": "HC1-7;NC1", "ReceiveCoilName": "HeadNeck_64", "ReconMatrixPE": 100, "RepetitionTime": 0.72, "SAR": 0.106262, "ScanningSequence": "GR", "SequenceName": "_fm2d2r", "SequenceVariant": "SP", "SeriesDescription": "field_mapping_2x2x2", "SeriesNumber": 7, "ShimSetting": [-5477, -11479, -1230, 410, 12, -291, -177, 127], "SliceThickness": 2, "SoftwareVersions": "syngo_MR_E11", "SpacingBetweenSlices": 2, "StationName": "AWP166078", "TxRefAmp": 210.913, "dcmmeta_affine": [[-1.9941813945770264, -0.04525430500507355, -0.14557743072509766, 106.8102035522461], [-0.014347442425787449, 1.9570844173431396, -0.41184329986572266, -81.06322479248047], [-0.15177254378795624, 0.4096006751060486, 1.9517135620117188, -66.16996765136719], [0.0, 0.0, 0.0, 1.0]], "dcmmeta_reorient_transform": [[0.0, -1.0, 0.0, 99.0], [1.0, 0.0, 0.0, 0.0], [0.0, 0.0, -1.0, 71.0], [0.0, 0.0, 0.0, 1.0]], "dcmmeta_shape": [100, 100, 72], "dcmmeta_slice_dim": 2, "dcmmeta_version": 0.6, "global": {"const": {"AcquisitionMatrix": [0, 100, 100, 0], "AcquisitionNumber": 1, "AngioFlag": "N", "BitsAllocated": 16, "BitsStored": 12, "BodyPartExamined": "BRAIN", "Columns": 100, "EchoNumbers": 2, "EchoTime": 7.38, "EchoTrainLength": 0, "FlipAngle": 60.0, "HighBit": 11, "ImageOrientationPatient": [0.99709067362308, 0.00717372104238, -0.0758862721464, -0.0226271525217, 0.97854219867368, -0.204800335409], "ImageType": ["ORIGINAL", "PRIMARY", "P", "ND"], "ImagedNucleus": "1H", "ImagingFrequency": 123.257823, "InPlanePhaseEncodingDirection": "ROW", "MRAcquisitionType": "2D", "MagneticFieldStrength": 3.0, "Manufacturer": "SIEMENS", "ManufacturerModelName": "Prisma", "Modality": "MR", "NumberOfAverages": 1.0, "NumberOfPhaseEncodingSteps": 100, "PercentPhaseFieldOfView": 100.0, "PercentSampling": 100.0, "PerformedProcedureStepStartTime": "090311.637000", "PhotometricInterpretation": "MONOCHROME2", "PixelBandwidth": 570.0, "PixelRepresentation": 0, "PixelSpacing": [2.0, 2.0], "ProtocolName": "field_mapping_2x2x2", "RepetitionTime": 720.0, "RescaleIntercept": -4096.0, "RescaleSlope": 2.0, "RescaleType": "US", "Rows": 100, "SAR": 0.1062621090092, "SamplesPerPixel": 1, "ScanningSequence": "GR", "SequenceName": "*fm2d2r", "SequenceVariant": "SP", "SeriesDescription": "field_mapping_2x2x2", "SeriesNumber": 7, "SeriesTime": "094103.694000", "SliceThickness": 2.0, "SoftwareVersions": "syngo MR E11", "SpacingBetweenSlices": 2.0, "SpecificCharacterSet": "ISO_IR 100", "StudyID": "1", "StudyTime": "090311.493000", "TransmitCoilName": "Body", "VariableFlipAngleFlag": "N", "WindowCenterWidthExplanation": "Algo1", "dBdt": 0.0}, "slices": {"AcquisitionTime": ["093838.865000", "093838.505000", "093838.875000", "093838.515000", "093838.885000", "093838.525000", "093838.895000", "093838.535000", "093838.905000", "093838.545000", "093838.915000", "093838.555000", "093838.925000", "093838.565000", "093838.935000", "093838.575000", "093838.945000", "093838.585000", "093838.955000", "093838.595000", "093838.965000", "093838.605000", "093838.975000", "093838.615000", "093838.985000", "093838.625000", "093838.995000", "093838.635000", "093839.005000", "093838.645000", "093839.015000", "093838.655000", "093839.025000", "093838.665000", "093839.035000", "093838.675000", "093839.045000", "093838.685000", "093839.055000", "093838.695000", "093839.065000", "093838.705000", "093839.075000", "093838.715000", "093839.085000", "093838.725000", "093839.095000", "093838.735000", "093839.105000", "093838.745000", "093839.115000", "093838.755000", "093839.125000", "093838.765000", "093839.135000", "093838.775000", "093839.145000", "093838.785000", "093839.155000", "093838.795000", "093839.165000", "093838.805000", "093839.175000", "093838.815000", "093839.185000", "093838.825000", "093839.195000", "093838.835000", "093839.205000", "093838.845000", "093839.215000", "093838.855000"], "ContentTime": ["094103.763000", "094103.696000", "094103.765000", "094103.698000", "094103.767000", "094103.700000", "094103.769000", "094103.702000", "094103.771000", "094103.704000", "094103.772000", "094103.706000", "094103.774000", "094103.708000", "094103.776000", "094103.710000", "094103.778000", "094103.712000", "094103.780000", "094103.713000", "094103.782000", "094103.715000", "094103.784000", "094103.717000", "094103.786000", "094103.719000", "094103.788000", "094103.721000", "094103.790000", "094103.723000", "094103.792000", "094103.725000", "094103.794000", "094103.727000", "094103.795000", "094103.729000", "094103.797000", "094103.730000", "094103.800000", "094103.732000", "094103.802000", "094103.734000", "094103.803000", "094103.736000", "094103.805000", "094103.738000", "094103.807000", "094103.740000", "094103.809000", "094103.742000", "094103.811000", "094103.743000", "094103.813000", "094103.745000", "094103.815000", "094103.747000", "094103.817000", "094103.749000", "094103.818000", "094103.751000", "094103.820000", "094103.752000", "094103.822000", "094103.754000", "094103.824000", "094103.756000", "094103.826000", "094103.758000", "094103.828000", "094103.760000", "094103.838000", "094103.762000"], "CsaImage.GSWDDataType": ["measured", "predicted", "measured", "predicted", "measured", "predicted", "measured", "predicted", "measured", "predicted", "measured", "predicted", "measured", "predicted", "measured", "predicted", "measured", "predicted", "measured", "predicted", "measured", "predicted", "measured", "predicted", "measured", "predicted", "measured", "predicted", "measured", "predicted", "measured", "predicted", "measured", "predicted", "measured", "predicted", "measured", "predicted", "measured", "predicted", "measured", "predicted", "measured", "predicted", "measured", "predicted", "measured", "predicted", "measured", "predicted", "measured", "predicted", "measured", "predicted", "measured", "predicted", "measured", "predicted", "measured", "predicted", "measured", "predicted", "measured", "predicted", "measured", "predicted", "measured", "predicted", "measured", "predicted", "measured", "measured"], "CsaImage.ICE_Dims": ["X_2_1_1_1_1_1_37_1_1_1_1_26", "X_2_1_1_1_1_1_1_1_1_2_1_26", "X_2_1_1_1_1_1_38_1_1_3_1_26", "X_2_1_1_1_1_1_2_1_1_4_1_26", "X_2_1_1_1_1_1_39_1_1_5_1_26", "X_2_1_1_1_1_1_3_1_1_6_1_26", "X_2_1_1_1_1_1_40_1_1_7_1_26", "X_2_1_1_1_1_1_4_1_1_8_1_26", "X_2_1_1_1_1_1_41_1_1_9_1_26", "X_2_1_1_1_1_1_5_1_1_10_1_26", "X_2_1_1_1_1_1_42_1_1_11_1_26", "X_2_1_1_1_1_1_6_1_1_12_1_26", "X_2_1_1_1_1_1_43_1_1_13_1_26", "X_2_1_1_1_1_1_7_1_1_14_1_26", "X_2_1_1_1_1_1_44_1_1_15_1_26", "X_2_1_1_1_1_1_8_1_1_16_1_26", "X_2_1_1_1_1_1_45_1_1_17_1_26", "X_2_1_1_1_1_1_9_1_1_18_1_26", "X_2_1_1_1_1_1_46_1_1_19_1_26", "X_2_1_1_1_1_1_10_1_1_20_1_26", "X_2_1_1_1_1_1_47_1_1_21_1_26", "X_2_1_1_1_1_1_11_1_1_22_1_26", "X_2_1_1_1_1_1_48_1_1_23_1_26", "X_2_1_1_1_1_1_12_1_1_24_1_26", "X_2_1_1_1_1_1_49_1_1_25_1_26", "X_2_1_1_1_1_1_13_1_1_26_1_26", "X_2_1_1_1_1_1_50_1_1_27_1_26", "X_2_1_1_1_1_1_14_1_1_28_1_26", "X_2_1_1_1_1_1_51_1_1_29_1_26", "X_2_1_1_1_1_1_15_1_1_30_1_26", "X_2_1_1_1_1_1_52_1_1_31_1_26", "X_2_1_1_1_1_1_16_1_1_32_1_26", "X_2_1_1_1_1_1_53_1_1_33_1_26", "X_2_1_1_1_1_1_17_1_1_34_1_26", "X_2_1_1_1_1_1_54_1_1_35_1_26", "X_2_1_1_1_1_1_18_1_1_36_1_26", "X_2_1_1_1_1_1_55_1_1_37_1_26", "X_2_1_1_1_1_1_19_1_1_38_1_26", "X_2_1_1_1_1_1_56_1_1_39_1_26", "X_2_1_1_1_1_1_20_1_1_40_1_26", "X_2_1_1_1_1_1_57_1_1_41_1_26", "X_2_1_1_1_1_1_21_1_1_42_1_26", "X_2_1_1_1_1_1_58_1_1_43_1_26", "X_2_1_1_1_1_1_22_1_1_44_1_26", "X_2_1_1_1_1_1_59_1_1_45_1_26", "X_2_1_1_1_1_1_23_1_1_46_1_26", "X_2_1_1_1_1_1_60_1_1_47_1_26", "X_2_1_1_1_1_1_24_1_1_48_1_26", "X_2_1_1_1_1_1_61_1_1_49_1_26", "X_2_1_1_1_1_1_25_1_1_50_1_26", "X_2_1_1_1_1_1_62_1_1_51_1_26", "X_2_1_1_1_1_1_26_1_1_52_1_26", "X_2_1_1_1_1_1_63_1_1_53_1_26", "X_2_1_1_1_1_1_27_1_1_54_1_26", "X_2_1_1_1_1_1_64_1_1_55_1_26", "X_2_1_1_1_1_1_28_1_1_56_1_26", "X_2_1_1_1_1_1_65_1_1_57_1_26", "X_2_1_1_1_1_1_29_1_1_58_1_26", "X_2_1_1_1_1_1_66_1_1_59_1_26", "X_2_1_1_1_1_1_30_1_1_60_1_26", "X_2_1_1_1_1_1_67_1_1_61_1_26", "X_2_1_1_1_1_1_31_1_1_62_1_26", "X_2_1_1_1_1_1_68_1_1_63_1_26", "X_2_1_1_1_1_1_32_1_1_64_1_26", "X_2_1_1_1_1_1_69_1_1_65_1_26", "X_2_1_1_1_1_1_33_1_1_66_1_26", "X_2_1_1_1_1_1_70_1_1_67_1_26", "X_2_1_1_1_1_1_34_1_1_68_1_26", "X_2_1_1_1_1_1_71_1_1_69_1_26", "X_2_1_1_1_1_1_35_1_1_70_1_26", "X_2_1_1_1_1_1_72_1_1_71_1_26", "X_2_1_1_1_1_1_36_1_1_72_1_26"], "CsaImage.ProtocolSliceNumber": [0, 1, 2, 3, 4, 5, 6, 7, 8, 9, 10, 11, 12, 13, 14, 15, 16, 17, 18, 19, 20, 21, 22, 23, 24, 25, 26, 27, 28, 29, 30, 31, 32, 33, 34, 35, 36, 37, 38, 39, 40, 41, 42, 43, 44, 45, 46, 47, 48, 49, 50, 51, 52, 53, 54, 55, 56, 57, 58, 59, 60, 61, 62, 63, 64, 65, 66, 67, 68, 69, 70, 71], "CsaImage.RFSWDDataType": ["measured", "predicted", "measured", "predicted", "measured", "predicted", "measured", "predicted", "measured", "predicted", "measured", "predicted", "measured", "predicted", "measured", "predicted", "measured", "predicted", "measured", "predicted", "measured", "predicted", "measured", "predicted", "measured", "predicted", "measured", "predicted", "measured", "predicted", "measured", "predicted", "measured", "predicted", "measured", "predicted", "measured", "predicted", "measured", "predicted", "measured", "predicted", "measured", "predicted", "measured", "predicted", "measured", "predicted", "measured", "predicted", "measured", "predicted", "measured", "predicted", "measured", "predicted", "measured", "predicted", "measured", "predicted", "measured", "predicted", "measured", "predicted", "measured", "predicted", "measured", "measured", "measured", "measured", "measured", "measured"], "CsaImage.SlicePosition_PCS": [[-102.33002769, -112.68811858, -25.61962126], [-102.18445025, -112.27627528, -23.66790388], [-102.03887282, -111.86443198, -21.71619032], [-101.89329539, -111.45258963, -19.76447294], [-101.74771796, -111.04074633, -17.81275938], [-101.60214053, -110.62890303, -15.861042], [-101.4565631, -110.21705973, -13.90932844], [-101.31098543, -109.80521643, -11.95761106], [-101.165408, -109.39337313, -10.0058975], [-101.01983057, -108.98152983, -8.05418394], [-100.87425314, -108.56968653, -6.10246656], [-100.72867547, -108.15784418, -4.150753], [-100.58309804, -107.74600088, -2.19903753], [-100.43752061, -107.33415758, -0.24732206], [-100.29194318, -106.92231428, 1.70439341], [-100.14636575, -106.51047098, 3.65610888], [-100.00078808, -106.09862768, 5.60782435], [-99.85521065, -105.68678486, 7.55953981], [-99.70963322, -105.27494156, 9.51125528], [-99.56405579, -104.86309826, 11.46297075], [-99.41847824, -104.45125496, 13.41468527], [-99.27290081, -104.03941214, 15.36640074], [-99.12732326, -103.62756884, 17.31811525], [-98.98174583, -103.21572554, 19.26983072], [-98.83616839, -102.80388224, 21.22154619], [-98.69059084, -102.39203918, 23.17326166], [-98.54501341, -101.98019612, 25.12497665], [-98.39943592, -101.56835282, 27.07669194], [-98.25385843, -101.15650976, 29.02840718], [-98.10828094, -100.74466646, 30.98012235], [-97.96270345, -100.33282327, 32.93183758], [-97.81712599, -99.92098009, 34.88355305], [-97.67154852, -99.50913697, 36.83526804], [-97.52597103, -99.09729379, 38.78698351], [-97.38039356, -98.6854506, 40.73869898], [-97.23481608, -98.2736074, 42.69041349], [-97.0892386, -97.86176425, 44.64212992], [-96.94366114, -97.44992101, 46.59384348], [-96.79808365, -97.03807783, 48.54555895], [-96.65250616, -96.62623465, 50.49727442], [-96.50692867, -96.21439159, 52.44898989], [-96.36135124, -95.80254829, 54.40070536], [-96.21577369, -95.39070523, 56.35242083], [-96.07019626, -94.97886193, 58.3041363], [-95.92461871, -94.56701863, 60.25585177], [-95.77904128, -94.1551758, 62.20756533], [-95.63346385, -93.7433325, 64.1592827], [-95.4878863, -93.3314892, 66.11099627], [-95.34230886, -92.9196459, 68.06271364], [-95.19673143, -92.50780308, 70.0144272], [-95.05115376, -92.09595978, 71.96614077], [-94.90557633, -91.68411648, 73.91785814], [-94.7599989, -91.27227318, 75.86957171], [-94.61442147, -90.86043036, 77.82128908], [-94.46884404, -90.44858706, 79.77300264], [-94.32326637, -90.03674376, 81.72472002], [-94.17768894, -89.62490046, 83.67643358], [-94.03211151, -89.21305716, 85.62815096], [-93.88653408, -88.80121386, 87.57986452], [-93.74095665, -88.38937151, 89.53157808], [-93.59537898, -87.97752821, 91.48329546], [-93.44980155, -87.56568491, 93.43500902], [-93.30422412, -87.15384161, 95.38672258], [-93.15864669, -86.74199831, 97.33844378], [-93.01306926, -86.33015501, 99.29015734], [-92.86749183, -85.91831171, 101.2418709], [-92.7219144, -85.50646841, 103.19358446], [-92.57633697, -85.09462607, 105.14529802], [-92.43075906, -84.68278277, 107.09701922], [-92.28518163, -84.27093947, 109.04873278], [-92.1396042, -83.85909617, 111.00044634], [-91.99402677, -83.44725287, 112.9521599]], "CsaImage.TimeAfterStart": [1.0825, 0.7225, 1.0925, 0.7325, 1.1025, 0.7425, 1.1125, 0.7525, 1.1225, 0.7625, 1.1325, 0.7725, 1.1425, 0.7825, 1.1525, 0.7925, 1.1625, 0.8025, 1.1725, 0.8125, 1.1825, 0.8225, 1.1925, 0.8325, 1.2025, 0.8425, 1.2125, 0.8525, 1.2225, 0.8625, 1.2325, 0.8725, 1.2425, 0.8825, 1.2525, 0.8925, 1.2625, 0.9025, 1.2725, 0.9125, 1.2825, 0.9225, 1.2925, 0.9325, 1.3025, 0.9425, 1.3125, 0.9525, 1.3225, 0.9625, 1.3325, 0.9725, 1.3425, 0.9825, 1.3525, 0.9925, 1.3625, 1.0025, 1.3725, 1.0125, 1.3825, 1.0225, 1.3925, 1.0325, 1.4025, 1.0425, 1.4125, 1.0525, 1.4225, 1.0625, 1.4325, 1.0725], "ImagePositionPatient": [[-102.3300276854, -112.6881185753, -25.619621257399], [-102.18445025467, -112.27627527544, -23.66790388069], [-102.03887282395, -111.86443197557, -21.716190318678], [-101.89329539322, -111.45258962938, -19.764472941969], [-101.7477179625, -111.04074632952, -17.812759379957], [-101.60214053177, -110.62890302965, -15.861042003248], [-101.45656310105, -110.21705972978, -13.909328441237], [-101.3109854319, -109.80521642992, -11.957611064528], [-101.16540800118, -109.39337313005, -10.005897502516], [-101.01983057045, -108.98152983019, -8.0541839405043], [-100.87425313973, -108.56968653032, -6.1024665637953], [-100.72867547058, -108.15784418413, -4.1507530017836], [-100.58309803986, -107.74600088426, -2.1990375324233], [-100.43752060913, -107.3341575844, -0.2473220630629], [-100.29194317841, -106.92231428453, 1.7043934062974], [-100.14636574768, -106.51047098467, 3.6561088756578], [-100.00078807854, -106.0986276848, 5.6078243450181], [-99.855210647815, -105.68678486177, 7.5595398143785], [-99.70963321709, -105.27494156191, 9.5112552837388], [-99.564055786365, -104.86309826204, 11.462970753099], [-99.41847823643, -104.45125496218, 13.414685268785], [-99.272900805705, -104.03941213915, 15.366400738146], [-99.127323255771, -103.62756883928, 17.318115253832], [-98.981745825046, -103.21572553942, 19.269830723192], [-98.836168394321, -102.80388223955, 21.221546192552], [-98.690590844386, -102.3920391781, 23.173261661913], [-98.545013413661, -101.98019611666, 25.124976654436], [-98.399435923332, -101.56835281679, 27.076691944982], [-98.253858433002, -101.15650975534, 29.028407175924], [-98.108280942672, -100.74466645548, 30.980122347261], [-97.962703452342, -100.33282327482, 32.931837578203], [-97.817125991815, -99.920980094165, 34.883553047563], [-97.671548516386, -99.509136973113, 36.835268040087], [-97.525971033507, -99.097293792456, 38.786983509447], [-97.380393558079, -98.685450596899, 40.738698978807], [-97.234816075199, -98.273607401341, 42.690413494493], [-97.089238599771, -97.861764250487, 44.642129917528], [-96.943661139243, -97.449921010226, 46.59384347954], [-96.798083648914, -97.03807782957, 48.5455589489], [-96.652506158584, -96.626234648913, 50.49727441826], [-96.506928668254, -96.214391587466, 52.448989887621], [-96.361351237529, -95.8025482876, 54.400705356981], [-96.215773687595, -95.390705226153, 56.352420826341], [-96.07019625687, -94.978861926287, 58.304136295702], [-95.924618706935, -94.567018626422, 60.255851765062], [-95.77904127621, -94.155175803393, 62.207565327074], [-95.633463845485, -93.743332503527, 64.159282703783], [-95.487886295551, -93.331489203662, 66.110996265795], [-95.342308864826, -92.919645903796, 68.062713642503], [-95.1967314341, -92.507803080767, 70.014427204515], [-95.051153764957, -92.095959780902, 71.966140766527], [-94.905576334232, -91.684116481036, 73.917858143236], [-94.759998903507, -91.27227318117, 75.869571705248], [-94.614421472781, -90.860430358142, 77.821289081957], [-94.468844042056, -90.448587058276, 79.773002643968], [-94.323266372913, -90.03674375841, 81.724720020677], [-94.177688942188, -89.624900458545, 83.676433582689], [-94.032111511463, -89.213057158679, 85.628150959398], [-93.886534080737, -88.801213858813, 87.57986452141], [-93.740956650012, -88.389371512622, 89.531578083421], [-93.595378980869, -87.977528212756, 91.48329546013], [-93.449801550144, -87.56568491289, 93.435009022142], [-93.304224119418, -87.153841613025, 95.386722584154], [-93.158646688693, -86.741998313159, 97.33844377556], [-93.013069257968, -86.330155013293, 99.290157337572], [-92.867491827243, -85.918311713427, 101.24187089958], [-92.721914396518, -85.506468413562, 103.1935844616], [-92.576336965793, -85.09462606737, 105.14529802361], [-92.430759058231, -84.682782767505, 107.09701921501], [-92.285181627506, -84.270939467639, 109.04873277702], [-92.139604196781, -83.859096167773, 111.00044633904], [-91.994026766055, -83.447252867907, 112.95215990105]], "InstanceCreationTime": ["094103.763000", "094103.696000", "094103.765000", "094103.698000", "094103.767000", "094103.700000", "094103.769000", "094103.702000", "094103.771000", "094103.704000", "094103.772000", "094103.706000", "094103.774000", "094103.708000", "094103.776000", "094103.710000", "094103.778000", "094103.712000", "094103.780000", "094103.713000", "094103.782000", "094103.715000", "094103.784000", "094103.717000", "094103.786000", "094103.719000", "094103.788000", "094103.721000", "094103.790000", "094103.723000", "094103.792000", "094103.725000", "094103.794000", "094103.727000", "094103.795000", "094103.729000", "094103.797000", "094103.730000", "094103.800000", "094103.732000", "094103.802000", "094103.734000", "094103.803000", "094103.736000", "094103.805000", "094103.738000", "094103.807000", "094103.740000", "094103.809000", "094103.742000", "094103.811000", "094103.743000", "094103.813000", "094103.745000", "094103.815000", "094103.747000", "094103.817000", "094103.749000", "094103.818000", "094103.751000", "094103.820000", "094103.752000", "094103.822000", "094103.754000", "094103.824000", "094103.756000", "094103.826000", "094103.758000", "094103.828000", "094103.760000", "094103.838000", "094103.762000"], "InstanceNumber": [1, 2, 3, 4, 5, 6, 7, 8, 9, 10, 11, 12, 13, 14, 15, 16, 17, 18, 19, 20, 21, 22, 23, 24, 25, 26, 27, 28, 29, 30, 31, 32, 33, 34, 35, 36, 37, 38, 39, 40, 41, 42, 43, 44, 45, 46, 47, 48, 49, 50, 51, 52, 53, 54, 55, 56, 57, 58, 59, 60, 61, 62, 63, 64, 65, 66, 67, 68, 69, 70, 71, 72], "LargestImagePixelValue": [4094, 4093, 4092, 4094, 4094, 4094, 4095, 4094, 4094, 4093, 4095, 4094, 4092, 4094, 4095, 4094, 4091, 4094, 4094, 4092, 4093, 4095, 4090, 4094, 4088, 4094, 4086, 4093, 4087, 4095, 4094, 4091, 4093, 4093, 4080, 4093, 4093, 4088, 4094, 4092, 4090, 4090, 4088, 4095, 4084, 4091, 4088, 4092, 4093, 4094, 4094, 4091, 4093, 4095, 4092, 4095, 4094, 4094, 4091, 4094, 4093, 4095, 4095, 4094, 4094, 4094, 4095, 4095, 4094, 4095, 4095, 4095], "SliceLocation": [-55.654493413141, -53.65449131051, -51.65449293048, -49.654491024232, -47.654492644202, -45.654490541571, -43.654492161541, -41.654490041556, -39.654491661526, -37.654493281497, -35.654491178866, -33.654492977864, -31.654492736534, -29.654492495204, -27.654492253873, -25.654492012543, -23.654491753858, -21.654491610719, -19.654491369389, -17.654491128059, -15.654491808702, -13.654491665562, -11.654492346205, -9.6544921048749, -7.6544918635446, -5.6544916626327, -3.6544919357231, -1.6544918645512, 0.34550809935951, 2.3455080542001, 4.3455080426586, 6.3455082616104, 8.3455080040478, 10.345508224627, 12.345508447732, 14.345507740728, 16.345508885278, 18.345507255203, 20.345507476324, 22.345507697445, 24.345507894019, 26.345508135349, 28.345508336261, 30.345508577591, 32.345508827599, 34.345507109437, 36.345509212068, 38.345507600775, 40.345509703406, 42.345507985244, 44.345506382628, 46.345508485259, 48.345506865289, 50.345508869729, 52.345507249758, 54.345509369744, 56.345507749773, 58.345509852404, 60.345508232434, 62.345506416081, 64.345508536067, 66.345506916096, 68.345505296126, 70.345511121358, 72.345509501388, 74.345507881417, 76.345506261447, 78.345504445095, 80.345510305035, 82.345508685065, 84.345507065095, 86.345505445124], "SmallestImagePixelValue": [0, 0, 0, 0, 0, 0, 0, 0, 0, 0, 0, 0, 0, 1, 0, 2, 0, 0, 1, 0, 0, 0, 0, 3, 6, 0, 5, 1, 0, 3, 1, 0, 0, 5, 0, 0, 13, 3, 3, 4, 8, 3, 2, 0, 4, 0, 0, 4, 0, 0, 3, 5, 2, 7, 0, 0, 1, 0, 2, 0, 0, 0, 0, 0, 0, 0, 1, 0, 1, 0, 0, 0], "WindowCenter": [-230.0, -222.0, -232.0, -224.0, -230.0, -198.0, -208.0, -160.0, -146.0, -156.0, -156.0, -134.0, -178.0, -210.0, -254.0, -244.0, -268.0, -206.0, -242.0, -296.0, -322.0, -402.0, -472.0, -348.0, -260.0, -356.0, -200.0, -290.0, -280.0, -276.0, -274.0, -156.0, -258.0, -254.0, -256.0, -100.0, -112.0, -248.0, -114.0, -128.0, -62.0, -102.0, -104.0, -216.0, -78.0, -60.0, -52.0, -202.0, -68.0, -74.0, -68.0, -66.0, -100.0, -214.0, -80.0, -100.0, -70.0, -42.0, -62.0, -38.0, -66.0, -76.0, -60.0, -78.0, -122.0, -196.0, -192.0, -232.0, -248.0, -294.0, -334.0, -322.0], "WindowWidth": [6262.0, 6186.0, 6148.0, 6196.0, 6228.0, 6306.0, 6316.0, 6376.0, 6396.0, 6470.0, 6440.0, 6444.0, 6396.0, 6300.0, 6200.0, 6126.0, 6028.0, 5934.0, 5846.0, 5770.0, 5556.0, 5058.0, 4732.0, 5210.0, 5308.0, 4664.0, 5174.0, 4640.0, 4640.0, 4632.0, 4630.0, 5090.0, 4626.0, 4618.0, 4618.0, 5262.0, 5220.0, 4612.0, 5184.0, 5056.0, 5382.0, 5164.0, 5212.0, 4596.0, 5188.0, 5262.0, 5242.0, 4592.0, 5186.0, 5146.0, 5212.0, 5316.0, 5208.0, 4636.0, 5328.0, 5246.0, 5450.0, 5498.0, 5518.0, 5502.0, 5572.0, 5566.0, 5744.0, 5864.0, 5850.0, 5968.0, 5944.0, 6042.0, 6024.0, 6040.0, 5996.0, 6106.0]}}, "IntendedFor": ["ses-1/func/sub-59_ses-1_task-motor_run-06_bold.nii.gz", "ses-1/func/sub-59_ses-1_task-motor_run-05_bold.nii.gz", "ses-1/func/sub-59_ses-1_task-motor_run-04_bold.nii.gz", "ses-1/func/sub-59_ses-1_task-motor_run-01_bold.nii.gz", "ses-1/func/sub-59_ses-1_task-motor_run-03_bold.nii.gz", "ses-1/func/sub-59_ses-1_task-motor_run-02_bold.nii.gz"]}