{"AcquisitionMatrixPE": 100, "AcquisitionNumber": 1, "AcquisitionTime": "09:32:59.002500", "BaseResolution": 100, "BodyPartExamined": "BRAIN", "ConsistencyInfo": "N4_VE11C_LATEST_20160120", "ConversionSoftware": "dcm2niix", "ConversionSoftwareVersion": "v1.0.20180622 GCC4.9.2", "DeviceSerialNumber": "166078", "DwellTime": 8.8e-06, "EchoNumber": 2, "EchoTime": 0.00738, "EchoTime1": 0.00492, "EchoTime2": 0.00738, "FlipAngle": 60, "ImageOrientationPatientDICOM": [0.999963, 0.000993728, 0.00858827, -2.9214e-11, 0.993372, -0.114941], "ImageType": ["ORIGINAL", "PRIMARY", "P", "ND"], "InPlanePhaseEncodingDirectionDICOM": "ROW", "InstitutionAddress": "Street_StreetNo_Bei_Jing_District_CN_ZIP", "InstitutionName": "BeiJing_Normal_University", "InstitutionalDepartmentName": "Department", "MRAcquisitionType": "2D", "MagneticFieldStrength": 3, "Manufacturer": "Siemens", "ManufacturersModelName": "Prisma", "Modality": "MR", "PartialFourier": 1, "PatientPosition": "HFS", "PercentPhaseFOV": 100, "PhaseEncodingDirection": "i", "PhaseEncodingSteps": 100, "PhaseResolution": 1, "PixelBandwidth": 570, "ProcedureStepDescription": "BNU_P2018_64CH_Liu.Jia", "ProtocolName": "field_mapping_2x2x2", "PulseSequenceDetails": "%SiemensSeq%_gre_field_mapping", "ReceiveCoilActiveElements": "HC1-7;NC1", "ReceiveCoilName": "HeadNeck_64", "ReconMatrixPE": 100, "RepetitionTime": 0.72, "SAR": 0.10526, "ScanningSequence": "GR", "SequenceName": "_fm2d2r", "SequenceVariant": "SP", "SeriesDescription": "field_mapping_2x2x2", "SeriesNumber": 7, "ShimSetting": [-5455, -11490, -1271, 411, -30, -285, -147, 12], "SliceThickness": 2, "SoftwareVersions": "syngo_MR_E11", "SpacingBetweenSlices": 2, "StationName": "AWP166078", "TxRefAmp": 211.466, "dcmmeta_affine": [[-1.9999252557754517, -5.842799855049208e-11, 0.01729106903076172, 100.71675872802734], [-0.0019874568097293377, 1.9867446422576904, -0.2298729419708252, -84.64286804199219], [0.017176542431116104, 0.22988148033618927, 1.9866714477539062, -85.23297119140625], [0.0, 0.0, 0.0, 1.0]], "dcmmeta_reorient_transform": [[0.0, -1.0, 0.0, 99.0], [1.0, 0.0, 0.0, 0.0], [0.0, 0.0, -1.0, 71.0], [0.0, 0.0, 0.0, 1.0]], "dcmmeta_shape": [100, 100, 72], "dcmmeta_slice_dim": 2, "dcmmeta_version": 0.6, "global": {"const": {"AcquisitionMatrix": [0, 100, 100, 0], "AcquisitionNumber": 1, "AngioFlag": "N", "BitsAllocated": 16, "BitsStored": 12, "BodyPartExamined": "BRAIN", "Columns": 100, "EchoNumbers": 2, "EchoTime": 7.38, "EchoTrainLength": 0, "FlipAngle": 60.0, "HighBit": 11, "ImageOrientationPatient": [0.99996262634998, 0.00099372842, 0.00858827148415, -2.9214e-11, 0.99337234991224, -0.1149407431238], "ImageType": ["ORIGINAL", "PRIMARY", "P", "ND"], "ImagedNucleus": "1H", "ImagingFrequency": 123.257831, "InPlanePhaseEncodingDirection": "ROW", "MRAcquisitionType": "2D", "MagneticFieldStrength": 3.0, "Manufacturer": "SIEMENS", "ManufacturerModelName": "Prisma", "Modality": "MR", "NumberOfAverages": 1.0, "NumberOfPhaseEncodingSteps": 100, "PercentPhaseFieldOfView": 100.0, "PercentSampling": 100.0, "PerformedProcedureStepStartTime": "090445.174000", "PhotometricInterpretation": "MONOCHROME2", "PixelBandwidth": 570.0, "PixelRepresentation": 0, "PixelSpacing": [2.0, 2.0], "ProtocolName": "field_mapping_2x2x2", "RepetitionTime": 720.0, "RescaleIntercept": -4096.0, "RescaleSlope": 2.0, "RescaleType": "US", "Rows": 100, "SAR": 0.10526043447966, "SamplesPerPixel": 1, "ScanningSequence": "GR", "SequenceName": "*fm2d2r", "SequenceVariant": "SP", "SeriesDescription": "field_mapping_2x2x2", "SeriesNumber": 7, "SeriesTime": "093523.591000", "SliceThickness": 2.0, "SoftwareVersions": "syngo MR E11", "SpacingBetweenSlices": 2.0, "SpecificCharacterSet": "ISO_IR 100", "StudyID": "1", "StudyTime": "090445.030000", "TransmitCoilName": "Body", "VariableFlipAngleFlag": "N", "WindowCenterWidthExplanation": "Algo1", "dBdt": 0.0}, "slices": {"AcquisitionTime": ["093259.002500", "093258.642500", "093259.012500", "093258.652500", "093259.022500", "093258.662500", "093259.032500", "093258.672500", "093259.042500", "093258.682500", "093259.052500", "093258.692500", "093259.062500", "093258.702500", "093259.072500", "093258.712500", "093259.082500", "093258.722500", "093259.092500", "093258.732500", "093259.102500", "093258.742500", "093259.112500", "093258.752500", "093259.122500", "093258.762500", "093259.132500", "093258.772500", "093259.142500", "093258.782500", "093259.152500", "093258.792500", "093259.162500", "093258.802500", "093259.172500", "093258.812500", "093259.182500", "093258.822500", "093259.192500", "093258.832500", "093259.202500", "093258.842500", "093259.212500", "093258.852500", "093259.222500", "093258.862500", "093259.232500", "093258.872500", "093259.242500", "093258.882500", "093259.252500", "093258.892500", "093259.262500", "093258.902500", "093259.272500", "093258.912500", "093259.282500", "093258.922500", "093259.292500", "093258.932500", "093259.302500", "093258.942500", "093259.312500", "093258.952500", "093259.322500", "093258.962500", "093259.332500", "093258.972500", "093259.342500", "093258.982500", "093259.352500", "093258.992500"], "ContentTime": ["093523.666000", "093523.593000", "093523.668000", "093523.601000", "093523.670000", "093523.603000", "093523.672000", "093523.605000", "093523.673000", "093523.607000", "093523.675000", "093523.609000", "093523.677000", "093523.611000", "093523.679000", "093523.613000", "093523.681000", "093523.614000", "093523.683000", "093523.616000", "093523.685000", "093523.618000", "093523.686000", "093523.620000", "093523.689000", "093523.622000", "093523.691000", "093523.624000", "093523.692000", "093523.626000", "093523.694000", "093523.627000", "093523.696000", "093523.629000", "093523.698000", "093523.631000", "093523.700000", "093523.633000", "093523.702000", "093523.635000", "093523.704000", "093523.637000", "093523.706000", "093523.639000", "093523.708000", "093523.640000", "093523.709000", "093523.642000", "093523.711000", "093523.644000", "093523.713000", "093523.646000", "093523.715000", "093523.648000", "093523.717000", "093523.650000", "093523.718000", "093523.652000", "093523.720000", "093523.654000", "093523.722000", "093523.655000", "093523.724000", "093523.657000", "093523.726000", "093523.659000", "093523.728000", "093523.661000", "093523.729000", "093523.663000", "093523.731000", "093523.664000"], "CsaImage.GSWDDataType": ["measured", "predicted", "measured", "predicted", "measured", "predicted", "measured", "predicted", "measured", "predicted", "measured", "predicted", "measured", "predicted", "measured", "predicted", "measured", "predicted", "measured", "predicted", "measured", "predicted", "measured", "predicted", "measured", "predicted", "measured", "predicted", "measured", "predicted", "measured", "predicted", "measured", "predicted", "measured", "predicted", "measured", "predicted", "measured", "predicted", "measured", "predicted", "measured", "predicted", "measured", "predicted", "measured", "predicted", "measured", "predicted", "measured", "predicted", "measured", "predicted", "measured", "predicted", "measured", "predicted", "measured", "predicted", "measured", "predicted", "measured", "predicted", "measured", "predicted", "measured", "predicted", "measured", "predicted", "measured", "measured"], "CsaImage.ICE_Dims": ["X_2_1_1_1_1_1_37_1_1_1_1_28", "X_2_1_1_1_1_1_1_1_1_2_1_28", "X_2_1_1_1_1_1_38_1_1_3_1_28", "X_2_1_1_1_1_1_2_1_1_4_1_28", "X_2_1_1_1_1_1_39_1_1_5_1_28", "X_2_1_1_1_1_1_3_1_1_6_1_28", "X_2_1_1_1_1_1_40_1_1_7_1_28", "X_2_1_1_1_1_1_4_1_1_8_1_28", "X_2_1_1_1_1_1_41_1_1_9_1_28", "X_2_1_1_1_1_1_5_1_1_10_1_28", "X_2_1_1_1_1_1_42_1_1_11_1_28", "X_2_1_1_1_1_1_6_1_1_12_1_28", "X_2_1_1_1_1_1_43_1_1_13_1_28", "X_2_1_1_1_1_1_7_1_1_14_1_28", "X_2_1_1_1_1_1_44_1_1_15_1_28", "X_2_1_1_1_1_1_8_1_1_16_1_28", "X_2_1_1_1_1_1_45_1_1_17_1_28", "X_2_1_1_1_1_1_9_1_1_18_1_28", "X_2_1_1_1_1_1_46_1_1_19_1_28", "X_2_1_1_1_1_1_10_1_1_20_1_28", "X_2_1_1_1_1_1_47_1_1_21_1_28", "X_2_1_1_1_1_1_11_1_1_22_1_28", "X_2_1_1_1_1_1_48_1_1_23_1_28", "X_2_1_1_1_1_1_12_1_1_24_1_28", "X_2_1_1_1_1_1_49_1_1_25_1_28", "X_2_1_1_1_1_1_13_1_1_26_1_28", "X_2_1_1_1_1_1_50_1_1_27_1_28", "X_2_1_1_1_1_1_14_1_1_28_1_28", "X_2_1_1_1_1_1_51_1_1_29_1_28", "X_2_1_1_1_1_1_15_1_1_30_1_28", "X_2_1_1_1_1_1_52_1_1_31_1_28", "X_2_1_1_1_1_1_16_1_1_32_1_28", "X_2_1_1_1_1_1_53_1_1_33_1_28", "X_2_1_1_1_1_1_17_1_1_34_1_28", "X_2_1_1_1_1_1_54_1_1_35_1_28", "X_2_1_1_1_1_1_18_1_1_36_1_28", "X_2_1_1_1_1_1_55_1_1_37_1_28", "X_2_1_1_1_1_1_19_1_1_38_1_28", "X_2_1_1_1_1_1_56_1_1_39_1_28", "X_2_1_1_1_1_1_20_1_1_40_1_28", "X_2_1_1_1_1_1_57_1_1_41_1_28", "X_2_1_1_1_1_1_21_1_1_42_1_28", "X_2_1_1_1_1_1_58_1_1_43_1_28", "X_2_1_1_1_1_1_22_1_1_44_1_28", "X_2_1_1_1_1_1_59_1_1_45_1_28", "X_2_1_1_1_1_1_23_1_1_46_1_28", "X_2_1_1_1_1_1_60_1_1_47_1_28", "X_2_1_1_1_1_1_24_1_1_48_1_28", "X_2_1_1_1_1_1_61_1_1_49_1_28", "X_2_1_1_1_1_1_25_1_1_50_1_28", "X_2_1_1_1_1_1_62_1_1_51_1_28", "X_2_1_1_1_1_1_26_1_1_52_1_28", "X_2_1_1_1_1_1_63_1_1_53_1_28", "X_2_1_1_1_1_1_27_1_1_54_1_28", "X_2_1_1_1_1_1_64_1_1_55_1_28", "X_2_1_1_1_1_1_28_1_1_56_1_28", "X_2_1_1_1_1_1_65_1_1_57_1_28", "X_2_1_1_1_1_1_29_1_1_58_1_28", "X_2_1_1_1_1_1_66_1_1_59_1_28", "X_2_1_1_1_1_1_30_1_1_60_1_28", "X_2_1_1_1_1_1_67_1_1_61_1_28", "X_2_1_1_1_1_1_31_1_1_62_1_28", "X_2_1_1_1_1_1_68_1_1_63_1_28", "X_2_1_1_1_1_1_32_1_1_64_1_28", "X_2_1_1_1_1_1_69_1_1_65_1_28", "X_2_1_1_1_1_1_33_1_1_66_1_28", "X_2_1_1_1_1_1_70_1_1_67_1_28", "X_2_1_1_1_1_1_34_1_1_68_1_28", "X_2_1_1_1_1_1_71_1_1_69_1_28", "X_2_1_1_1_1_1_35_1_1_70_1_28", "X_2_1_1_1_1_1_72_1_1_71_1_28", "X_2_1_1_1_1_1_36_1_1_72_1_28"], "CsaImage.ProtocolSliceNumber": [0, 1, 2, 3, 4, 5, 6, 7, 8, 9, 10, 11, 12, 13, 14, 15, 16, 17, 18, 19, 20, 21, 22, 23, 24, 25, 26, 27, 28, 29, 30, 31, 32, 33, 34, 35, 36, 37, 38, 39, 40, 41, 42, 43, 44, 45, 46, 47, 48, 49, 50, 51, 52, 53, 54, 55, 56, 57, 58, 59, 60, 61, 62, 63, 64, 65, 66, 67, 68, 69, 70, 71], "CsaImage.RFSWDDataType": ["measured", "predicted", "measured", "predicted", "measured", "predicted", "measured", "predicted", "measured", "predicted", "measured", "predicted", "measured", "predicted", "measured", "predicted", "measured", "predicted", "measured", "predicted", "measured", "predicted", "measured", "predicted", "measured", "predicted", "measured", "predicted", "measured", "predicted", "measured", "predicted", "measured", "predicted", "measured", "predicted", "measured", "predicted", "measured", "predicted", "measured", "predicted", "measured", "predicted", "measured", "predicted", "measured", "predicted", "measured", "predicted", "measured", "predicted", "measured", "predicted", "measured", "predicted", "measured", "predicted", "measured", "predicted", "measured", "predicted", "measured", "predicted", "measured", "predicted", "measured", "predicted", "measured", "measured", "measured", "measured"], "CsaImage.SlicePosition_PCS": [[-100.7167516, -112.04485559, -62.47463901], [-100.73404279, -111.81498193, -60.48796756], [-100.75133391, -111.58510923, -58.50129611], [-100.76862504, -111.35523653, -56.51462466], [-100.78591617, -111.12536382, -54.52795321], [-100.80320736, -110.89549112, -52.54128558], [-100.82049849, -110.66561746, -50.55461413], [-100.83778962, -110.43574476, -48.56794269], [-100.85508075, -110.20587205, -46.58127124], [-100.87237187, -109.97599935, -44.59460361], [-100.88966306, -109.74612569, -42.60793216], [-100.90695419, -109.51625299, -40.62126071], [-100.92424532, -109.28638029, -38.63459308], [-100.94153645, -109.05650758, -36.64792163], [-100.95882764, -108.82663488, -34.66125018], [-100.97611877, -108.59676122, -32.67457873], [-100.99340989, -108.36688852, -30.6879111], [-101.01070102, -108.13701582, -28.70123965], [-101.02799221, -107.90714311, -26.7145682], [-101.04528328, -107.67727041, -24.72789676], [-101.06257447, -107.44739675, -22.74122912], [-101.07986566, -107.21752405, -20.75455768], [-101.09715673, -106.98765134, -18.76788623], [-101.11444791, -106.75777864, -16.78121669], [-101.13173898, -106.52790546, -14.79454524], [-101.14903017, -106.29803276, -12.8078757], [-101.16632136, -106.06815958, -10.82120425], [-101.18361243, -105.83828687, -8.83453471], [-101.20090362, -105.60841369, -6.84786326], [-101.2181948, -105.37854099, -4.86119372], [-101.23548587, -105.14866828, -2.87452323], [-101.25277706, -104.9187951, -0.88785274], [-101.27006813, -104.6889224, 1.09881776], [-101.28735932, -104.45904922, 3.08548825], [-101.30465051, -104.22917652, 5.07215875], [-101.32194158, -103.99930381, 7.058829], [-101.33923276, -103.76943063, 9.0454995], [-101.35652383, -103.53955793, 11.03216999], [-101.37381502, -103.30968499, 13.01884048], [-101.39110621, -103.07981205, 15.00551074], [-101.40839728, -102.8499391, 16.99218123], [-101.42568847, -102.62006616, 18.97885221], [-101.44297954, -102.39019322, 20.9655227], [-101.46027072, -102.16032052, 22.95219224], [-101.47756191, -101.93044757, 24.93886273], [-101.49485298, -101.70057463, 26.92553418], [-101.51214417, -101.47070169, 28.91220372], [-101.52943536, -101.24082887, 30.89887517], [-101.54672643, -101.01095593, 32.88554471], [-101.56401762, -100.78108298, 34.87221616], [-101.58130869, -100.55121016, 36.8588857], [-101.59859987, -100.32133722, 38.84555715], [-101.61589106, -100.09146434, 40.83222669], [-101.63318213, -99.86159142, 42.81889813], [-101.65047332, -99.63171851, 44.80556577], [-101.66776439, -99.40184561, 46.79223722], [-101.68505558, -99.17197272, 48.77890866], [-101.70234676, -98.94209981, 50.76558011], [-101.71963783, -98.71222692, 52.75224774], [-101.73692902, -98.48235398, 54.73891919], [-101.75422021, -98.2524811, 56.72559064], [-101.77151128, -98.02260816, 58.71226209], [-101.78880247, -97.79273533, 60.69892972], [-101.80609354, -97.56286239, 62.68560117], [-101.82338472, -97.33298945, 64.67227262], [-101.84067591, -97.10311651, 66.65894406], [-101.85796698, -96.8732438, 68.6456117], [-101.87525817, -96.64337086, 70.63228314], [-101.89254924, -96.41349792, 72.61895459], [-101.90984043, -96.18362498, 74.60562604], [-101.92713162, -95.95375204, 76.59229367], [-101.94442268, -95.72387909, 78.57896512]], "CsaImage.TimeAfterStart": [1.0825, 0.7225, 1.0925, 0.7325, 1.1025, 0.7425, 1.1125, 0.7525, 1.1225, 0.7625, 1.1325, 0.7725, 1.1425, 0.7825, 1.1525, 0.7925, 1.1625, 0.8025, 1.1725, 0.8125, 1.1825, 0.8225, 1.1925, 0.8325, 1.2025, 0.8425, 1.2125, 0.8525, 1.2225, 0.8625, 1.2325, 0.8725, 1.2425, 0.8825, 1.2525, 0.8925, 1.2625, 0.9025, 1.2725, 0.9125, 1.2825, 0.9225, 1.2925, 0.9325, 1.3025, 0.9425, 1.3125, 0.9525, 1.3225, 0.9625, 1.3325, 0.9725, 1.3425, 0.9825, 1.3525, 0.9925, 1.3625, 1.0025, 1.3725, 1.0125, 1.3825, 1.0225, 1.3925, 1.0325, 1.4025, 1.0425, 1.4125, 1.0525, 1.4225, 1.0625, 1.4325, 1.0725], "ImagePositionPatient": [[-100.71675159759, -112.04485559018, -62.474639005472], [-100.73404278583, -111.81498193296, -60.487967557719], [-100.75133391446, -111.5851092294, -58.501296109965], [-100.7686250431, -111.35523652585, -56.514624662211], [-100.78591617173, -111.1253638223, -54.527953214457], [-100.80320735997, -110.89549111875, -52.5412855814], [-100.82049848861, -110.66561746152, -50.554614133646], [-100.83778961725, -110.43574475797, -48.567942685892], [-100.85508074588, -110.20587205442, -46.581271238139], [-100.87237187452, -109.97599935086, -44.594603605082], [-100.88966306276, -109.74612569364, -42.607932157328], [-100.90695419139, -109.51625299008, -40.621260709574], [-100.92424532003, -109.28638028653, -38.634593076517], [-100.94153644866, -109.05650758298, -36.647921628764], [-100.9588276369, -108.82663487943, -34.66125018101], [-100.97611876554, -108.5967612222, -32.674578733256], [-100.99340989417, -108.36688851865, -30.687911100199], [-101.01070102281, -108.1370158151, -28.701239652445], [-101.02799221105, -107.90714311154, -26.714568204691], [-101.04528328008, -107.67727040799, -24.727896756937], [-101.06257446832, -107.44739675077, -22.741229123881], [-101.07986565656, -107.21752404721, -20.754557676127], [-101.09715672559, -106.98765134366, -18.767886228373], [-101.11444791383, -106.75777864011, -16.781216687968], [-101.13173898286, -106.52790545972, -14.794545240214], [-101.1490301711, -106.29803275617, -12.807875699808], [-101.16632135934, -106.06815957578, -10.821204252055], [-101.18361242837, -105.83828687223, -8.8345347116493], [-101.20090361661, -105.60841369184, -6.8478632638953], [-101.21819480485, -105.37854098828, -4.8611937234901], [-101.23548587388, -105.14866828473, -2.8745232294105], [-101.25277706212, -104.91879510434, -0.8878527353309], [-101.27006813115, -104.68892240079, 1.0988177587487], [-101.28735931939, -104.4590492204, 3.0854882528283], [-101.30465050763, -104.22917651685, 5.0721587469079], [-101.32194157666, -103.9993038133, 7.0588290025689], [-101.3392327649, -103.76943063291, 9.0454994966485], [-101.35652383394, -103.53955792935, 11.032169990728], [-101.37381502218, -103.30968498738, 13.018840484808], [-101.39110621042, -103.07981204541, 15.005510740469], [-101.40839727945, -102.84993910344, 16.992181234548], [-101.42568846769, -102.62006616147, 18.978852205465], [-101.44297953672, -102.3901932195, 20.965522699545], [-101.46027072496, -102.16032051595, 22.95219223995], [-101.4775619132, -101.93044757398, 24.938862734029], [-101.49485298223, -101.70057463201, 26.925534181783], [-101.51214417047, -101.47070169004, 28.912203722189], [-101.52943535871, -101.24082886727, 30.898875169943], [-101.54672642774, -101.0109559253, 32.885544710348], [-101.56401761598, -100.78108298333, 34.872216158102], [-101.58130868501, -100.55121016057, 36.858885698507], [-101.59859987325, -100.3213372186, 38.845557146261], [-101.61589106149, -100.09146433623, 40.832226686666], [-101.63318213052, -99.861591424065, 42.81889813442], [-101.65047331876, -99.631718511897, 44.805565767477], [-101.66776438779, -99.401845610904, 46.792237215231], [-101.68505557603, -99.171972717362, 48.778908662985], [-101.70234676427, -98.942099805194, 50.765580110738], [-101.7196378333, -98.712226922827, 52.752247743795], [-101.73692902154, -98.482353980857, 54.738919191549], [-101.75422020978, -98.25248109849, 56.725590639303], [-101.77151127881, -98.02260815652, 58.712262087057], [-101.78880246705, -97.792735333758, 60.698929720113], [-101.80609353608, -97.562862391787, 62.685601167867], [-101.82338472432, -97.332989449816, 64.672272615621], [-101.84067591256, -97.103116507846, 66.658944063375], [-101.85796698159, -96.873243804293, 68.645611696432], [-101.87525816983, -96.643370862322, 70.632283144186], [-101.89254923887, -96.413497920352, 72.61895459194], [-101.90984042711, -96.183624978381, 74.605626039694], [-101.92713161535, -95.95375203641, 76.59229367275], [-101.94442268438, -95.723879094439, 78.578965120504]], "InstanceCreationTime": ["093523.666000", "093523.593000", "093523.668000", "093523.601000", "093523.670000", "093523.603000", "093523.672000", "093523.605000", "093523.673000", "093523.607000", "093523.675000", "093523.609000", "093523.677000", "093523.611000", "093523.679000", "093523.613000", "093523.681000", "093523.614000", "093523.683000", "093523.616000", "093523.685000", "093523.618000", "093523.686000", "093523.620000", "093523.689000", "093523.622000", "093523.691000", "093523.624000", "093523.692000", "093523.626000", "093523.694000", "093523.627000", "093523.696000", "093523.629000", "093523.698000", "093523.631000", "093523.700000", "093523.633000", "093523.702000", "093523.635000", "093523.704000", "093523.637000", "093523.706000", "093523.639000", "093523.708000", "093523.640000", "093523.709000", "093523.642000", "093523.711000", "093523.644000", "093523.713000", "093523.646000", "093523.715000", "093523.648000", "093523.717000", "093523.650000", "093523.718000", "093523.652000", "093523.720000", "093523.654000", "093523.722000", "093523.655000", "093523.724000", "093523.657000", "093523.726000", "093523.659000", "093523.728000", "093523.661000", "093523.729000", "093523.663000", "093523.731000", "093523.664000"], "InstanceNumber": [1, 2, 3, 4, 5, 6, 7, 8, 9, 10, 11, 12, 13, 14, 15, 16, 17, 18, 19, 20, 21, 22, 23, 24, 25, 26, 27, 28, 29, 30, 31, 32, 33, 34, 35, 36, 37, 38, 39, 40, 41, 42, 43, 44, 45, 46, 47, 48, 49, 50, 51, 52, 53, 54, 55, 56, 57, 58, 59, 60, 61, 62, 63, 64, 65, 66, 67, 68, 69, 70, 71, 72], "LargestImagePixelValue": [4095, 4095, 4093, 4094, 4093, 4095, 4094, 4095, 4094, 4095, 4094, 4093, 4094, 4094, 4095, 4094, 4095, 4091, 4094, 4094, 4094, 4093, 4088, 4093, 4094, 4092, 4094, 4094, 4094, 4092, 4093, 4094, 4093, 4093, 4095, 4089, 4095, 4094, 4093, 4095, 4092, 4095, 4095, 4093, 4095, 4095, 4091, 4089, 4094, 4090, 4091, 4092, 4094, 4089, 4095, 4090, 4095, 4095, 4095, 4093, 4095, 4094, 4091, 4095, 4094, 4095, 4095, 4094, 4095, 4095, 4094, 4093], "SliceLocation": [-74.065543317927, -72.065542236727, -70.065541265656, -68.065540294584, -66.065539323512, -64.065542141198, -62.065541060514, -60.065540089442, -58.06553911837, -56.065541936572, -54.065540855373, -52.065539884301, -50.065542702502, -48.06554173143, -46.065540759843, -44.065539679159, -42.06554249736, -40.065541526289, -38.065540554701, -36.065539584145, -34.065542292219, -32.065541320632, -30.065540350075, -28.065541273124, -26.065540247762, -24.065541170811, -22.065540144418, -20.065541068498, -18.065540042105, -16.065540965154, -14.065540941916, -12.065540862841, -10.065540839603, -8.0655407605282, -6.0655407362593, -4.0655409498506, -2.0655408707758, -0.0655408475375, 1.9344592041344, 3.9344590189767, 5.9344590696179, 7.9344595949489, 9.9344596455902, 11.934458722541, 13.934458774213, 15.934459772172, 17.934458876526, 19.934459861814, 21.934458965137, 23.934459964128, 25.934459053749, 27.934460052739, 29.934459150242, 31.934460144776, 33.934457351068, 35.934458344317, 37.934459337741, 39.934460333306, 41.934457535142, 43.934458534132, 45.934459526271, 47.934460524231, 49.934457720246, 51.934458718206, 53.934459717196, 55.934460716186, 57.93445789747, 59.93445889646, 61.934459894419, 63.93446089341, 65.934458103127, 67.934459101086], "SmallestImagePixelValue": [0, 0, 0, 0, 1, 0, 1, 2, 0, 0, 0, 1, 0, 0, 0, 0, 2, 0, 0, 2, 0, 0, 0, 1, 0, 0, 1, 0, 2, 0, 0, 8, 0, 4, 3, 0, 0, 1, 1, 1, 1, 0, 0, 6, 0, 3, 0, 0, 4, 0, 5, 0, 0, 0, 1, 1, 0, 0, 0, 2, 0, 0, 0, 0, 0, 0, 0, 0, 1, 0, 0, 0], "WindowCenter": [-212.0, -218.0, -246.0, -196.0, -254.0, -332.0, -276.0, -234.0, -236.0, -198.0, -186.0, -152.0, -108.0, -164.0, -120.0, -152.0, -228.0, -224.0, -264.0, -236.0, -228.0, -178.0, -186.0, -210.0, -270.0, -304.0, -310.0, -280.0, -238.0, -184.0, -164.0, -174.0, -204.0, -320.0, -326.0, -192.0, -314.0, -170.0, -148.0, -144.0, -110.0, -238.0, -88.0, -216.0, -206.0, -28.0, -146.0, -144.0, -24.0, -32.0, -38.0, -54.0, -46.0, -54.0, -38.0, -60.0, -42.0, -36.0, 4.0, 0.0, 2.0, -16.0, 22.0, -32.0, -32.0, -54.0, -100.0, -168.0, -168.0, -242.0, -222.0, -300.0], "WindowWidth": [6106.0, 6166.0, 6246.0, 6292.0, 6246.0, 6206.0, 6226.0, 6226.0, 6318.0, 6368.0, 6406.0, 6402.0, 6498.0, 6554.0, 6478.0, 6384.0, 6384.0, 6348.0, 6314.0, 6252.0, 6216.0, 6130.0, 6062.0, 6040.0, 5964.0, 5872.0, 5742.0, 5666.0, 5672.0, 5464.0, 5460.0, 5290.0, 5162.0, 4670.0, 4674.0, 5134.0, 4678.0, 5196.0, 5260.0, 5272.0, 5392.0, 4636.0, 5220.0, 4616.0, 4608.0, 5216.0, 4596.0, 4592.0, 5216.0, 5268.0, 5384.0, 5264.0, 5228.0, 5320.0, 5356.0, 5294.0, 5514.0, 5556.0, 5638.0, 5656.0, 5640.0, 5636.0, 5742.0, 5762.0, 5888.0, 5958.0, 6018.0, 6018.0, 6116.0, 6186.0, 6174.0, 6146.0]}}, "IntendedFor": ["ses-1/func/sub-50_ses-1_task-motor_run-05_bold.nii.gz", "ses-1/func/sub-50_ses-1_task-motor_run-03_bold.nii.gz", "ses-1/func/sub-50_ses-1_task-motor_run-06_bold.nii.gz", "ses-1/func/sub-50_ses-1_task-motor_run-02_bold.nii.gz", "ses-1/func/sub-50_ses-1_task-motor_run-01_bold.nii.gz", "ses-1/func/sub-50_ses-1_task-motor_run-04_bold.nii.gz"]}