{"AcquisitionMatrixPE": 100, "AcquisitionNumber": 1, "AcquisitionTime": "12:03:11.180000", "BaseResolution": 100, "BodyPartExamined": "BRAIN", "ConsistencyInfo": "N4_VE11C_LATEST_20160120", "ConversionSoftware": "dcm2niix", "ConversionSoftwareVersion": "v1.0.20180622 GCC4.9.2", "DeviceSerialNumber": "166078", "DwellTime": 8.8e-06, "EchoNumber": 2, "EchoTime": 0.00738, "EchoTime1": 0.00492, "EchoTime2": 0.00738, "FlipAngle": 60, "ImageOrientationPatientDICOM": [0.999196, 0.00412321, 0.0398916, -2.096e-12, 0.994701, -0.102813], "ImageType": ["ORIGINAL", "PRIMARY", "P", "ND"], "InPlanePhaseEncodingDirectionDICOM": "ROW", "InstitutionAddress": "Street_StreetNo_Bei_Jing_District_CN_ZIP", "InstitutionName": "BeiJing_Normal_University", "InstitutionalDepartmentName": "Department", "MRAcquisitionType": "2D", "MagneticFieldStrength": 3, "Manufacturer": "Siemens", "ManufacturersModelName": "Prisma", "Modality": "MR", "PartialFourier": 1, "PatientPosition": "HFS", "PercentPhaseFOV": 100, "PhaseEncodingDirection": "i", "PhaseEncodingSteps": 100, "PhaseResolution": 1, "PixelBandwidth": 570, "ProcedureStepDescription": "BNU_P2018_64CH_Liu.Jia", "ProtocolName": "field_mapping_2x2x2", "PulseSequenceDetails": "%SiemensSeq%_gre_field_mapping", "ReceiveCoilActiveElements": "HC1-7;NC1", "ReceiveCoilName": "HeadNeck_64", "ReconMatrixPE": 100, "RepetitionTime": 0.72, "SAR": 0.119474, "ScanningSequence": "GR", "SequenceName": "_fm2d2r", "SequenceVariant": "SP", "SeriesDescription": "field_mapping_2x2x2", "SeriesNumber": 8, "ShimSetting": [-5469, -11497, -1229, 379, -90, -86, -66, 22], "SliceThickness": 2, "SoftwareVersions": "syngo_MR_E11", "SpacingBetweenSlices": 2, "StationName": "AWP166078", "TxRefAmp": 230.737, "dcmmeta_affine": [[-1.998391032218933, -4.19200004569964e-12, 0.08020782470703125, 101.77569580078125], [-0.008246411569416523, 1.9894014596939087, -0.2054598331451416, -83.478759765625], [0.07978310436010361, 0.2056252658367157, 1.9878005981445312, -88.33296203613281], [0.0, 0.0, 0.0, 1.0]], "dcmmeta_reorient_transform": [[0.0, -1.0, 0.0, 99.0], [1.0, 0.0, 0.0, 0.0], [0.0, 0.0, -1.0, 71.0], [0.0, 0.0, 0.0, 1.0]], "dcmmeta_shape": [100, 100, 72], "dcmmeta_slice_dim": 2, "dcmmeta_version": 0.6, "global": {"const": {"AcquisitionMatrix": [0, 100, 100, 0], "AcquisitionNumber": 1, "AngioFlag": "N", "BitsAllocated": 16, "BitsStored": 12, "BodyPartExamined": "BRAIN", "Columns": 100, "EchoNumbers": 2, "EchoTime": 7.38, "EchoTrainLength": 0, "FlipAngle": 60.0, "HighBit": 11, "ImageOrientationPatient": [0.99919550794782, 0.00412320555213, 0.03989155390393, -2.096e-12, 0.99470074037254, -0.1028126310446], "ImageType": ["ORIGINAL", "PRIMARY", "P", "ND"], "ImagedNucleus": "1H", "ImagingFrequency": 123.257828, "InPlanePhaseEncodingDirection": "ROW", "MRAcquisitionType": "2D", "MagneticFieldStrength": 3.0, "Manufacturer": "SIEMENS", "ManufacturerModelName": "Prisma", "Modality": "MR", "NumberOfAverages": 1.0, "NumberOfPhaseEncodingSteps": 100, "PercentPhaseFieldOfView": 100.0, "PercentSampling": 100.0, "PerformedProcedureStepStartTime": "113240.922000", "PhotometricInterpretation": "MONOCHROME2", "PixelBandwidth": 570.0, "PixelRepresentation": 0, "PixelSpacing": [2.0, 2.0], "ProtocolName": "field_mapping_2x2x2", "RepetitionTime": 720.0, "RescaleIntercept": -4096.0, "RescaleSlope": 2.0, "RescaleType": "US", "Rows": 100, "SAR": 0.11947445481515, "SamplesPerPixel": 1, "ScanningSequence": "GR", "SequenceName": "*fm2d2r", "SequenceVariant": "SP", "SeriesDescription": "field_mapping_2x2x2", "SeriesNumber": 8, "SeriesTime": "120536.257000", "SliceThickness": 2.0, "SoftwareVersions": "syngo MR E11", "SpacingBetweenSlices": 2.0, "SpecificCharacterSet": "ISO_IR 100", "StudyID": "1", "StudyTime": "113240.852000", "TransmitCoilName": "Body", "VariableFlipAngleFlag": "N", "WindowCenterWidthExplanation": "Algo1", "dBdt": 0.0}, "slices": {"AcquisitionTime": ["120311.180000", "120310.820000", "120311.190000", "120310.830000", "120311.200000", "120310.840000", "120311.210000", "120310.850000", "120311.220000", "120310.860000", "120311.230000", "120310.870000", "120311.240000", "120310.880000", "120311.250000", "120310.890000", "120311.260000", "120310.900000", "120311.270000", "120310.910000", "120311.280000", "120310.920000", "120311.290000", "120310.930000", "120311.300000", "120310.940000", "120311.310000", "120310.950000", "120311.320000", "120310.960000", "120311.330000", "120310.970000", "120311.340000", "120310.980000", "120311.350000", "120310.990000", "120311.360000", "120311.000000", "120311.370000", "120311.010000", "120311.380000", "120311.020000", "120311.390000", "120311.030000", "120311.400000", "120311.040000", "120311.410000", "120311.050000", "120311.420000", "120311.060000", "120311.430000", "120311.070000", "120311.440000", "120311.080000", "120311.450000", "120311.090000", "120311.460000", "120311.100000", "120311.470000", "120311.110000", "120311.480000", "120311.120000", "120311.490000", "120311.130000", "120311.500000", "120311.140000", "120311.510000", "120311.150000", "120311.520000", "120311.160000", "120311.530000", "120311.170000"], "ContentTime": ["120536.331000", "120536.261000", "120536.333000", "120536.263000", "120536.335000", "120536.265000", "120536.337000", "120536.267000", "120536.338000", "120536.270000", "120536.340000", "120536.272000", "120536.342000", "120536.274000", "120536.344000", "120536.276000", "120536.346000", "120536.278000", "120536.347000", "120536.280000", "120536.349000", "120536.282000", "120536.351000", "120536.284000", "120536.353000", "120536.287000", "120536.355000", "120536.289000", "120536.357000", "120536.291000", "120536.358000", "120536.293000", "120536.360000", "120536.294000", "120536.362000", "120536.296000", "120536.364000", "120536.298000", "120536.366000", "120536.300000", "120536.368000", "120536.302000", "120536.370000", "120536.304000", "120536.371000", "120536.305000", "120536.373000", "120536.307000", "120536.375000", "120536.309000", "120536.377000", "120536.311000", "120536.379000", "120536.313000", "120536.380000", "120536.314000", "120536.382000", "120536.316000", "120536.384000", "120536.318000", "120536.386000", "120536.320000", "120536.388000", "120536.322000", "120536.390000", "120536.324000", "120536.391000", "120536.326000", "120536.393000", "120536.327000", "120536.395000", "120536.329000"], "CsaImage.GSWDDataType": ["measured", "predicted", "measured", "predicted", "measured", "predicted", "measured", "predicted", "measured", "predicted", "measured", "predicted", "measured", "predicted", "measured", "predicted", "measured", "predicted", "measured", "predicted", "measured", "predicted", "measured", "predicted", "measured", "predicted", "measured", "predicted", "measured", "predicted", "measured", "predicted", "measured", "predicted", "measured", "predicted", "measured", "predicted", "measured", "predicted", "measured", "predicted", "measured", "predicted", "measured", "predicted", "measured", "predicted", "measured", "predicted", "measured", "predicted", "measured", "measured", "measured", "measured", "measured", "measured", "measured", "measured", "measured", "measured", "measured", "measured", "measured", "measured", "measured", "measured", "measured", "measured", "measured", "measured"], "CsaImage.ICE_Dims": ["X_2_1_1_1_1_1_37_1_1_1_1_86", "X_2_1_1_1_1_1_1_1_1_2_1_86", "X_2_1_1_1_1_1_38_1_1_3_1_86", "X_2_1_1_1_1_1_2_1_1_4_1_86", "X_2_1_1_1_1_1_39_1_1_5_1_86", "X_2_1_1_1_1_1_3_1_1_6_1_86", "X_2_1_1_1_1_1_40_1_1_7_1_86", "X_2_1_1_1_1_1_4_1_1_8_1_86", "X_2_1_1_1_1_1_41_1_1_9_1_86", "X_2_1_1_1_1_1_5_1_1_10_1_86", "X_2_1_1_1_1_1_42_1_1_11_1_86", "X_2_1_1_1_1_1_6_1_1_12_1_86", "X_2_1_1_1_1_1_43_1_1_13_1_86", "X_2_1_1_1_1_1_7_1_1_14_1_86", "X_2_1_1_1_1_1_44_1_1_15_1_86", "X_2_1_1_1_1_1_8_1_1_16_1_86", "X_2_1_1_1_1_1_45_1_1_17_1_86", "X_2_1_1_1_1_1_9_1_1_18_1_86", "X_2_1_1_1_1_1_46_1_1_19_1_86", "X_2_1_1_1_1_1_10_1_1_20_1_86", "X_2_1_1_1_1_1_47_1_1_21_1_86", "X_2_1_1_1_1_1_11_1_1_22_1_86", "X_2_1_1_1_1_1_48_1_1_23_1_86", "X_2_1_1_1_1_1_12_1_1_24_1_86", "X_2_1_1_1_1_1_49_1_1_25_1_86", "X_2_1_1_1_1_1_13_1_1_26_1_86", "X_2_1_1_1_1_1_50_1_1_27_1_86", "X_2_1_1_1_1_1_14_1_1_28_1_86", "X_2_1_1_1_1_1_51_1_1_29_1_86", "X_2_1_1_1_1_1_15_1_1_30_1_86", "X_2_1_1_1_1_1_52_1_1_31_1_86", "X_2_1_1_1_1_1_16_1_1_32_1_86", "X_2_1_1_1_1_1_53_1_1_33_1_86", "X_2_1_1_1_1_1_17_1_1_34_1_86", "X_2_1_1_1_1_1_54_1_1_35_1_86", "X_2_1_1_1_1_1_18_1_1_36_1_86", "X_2_1_1_1_1_1_55_1_1_37_1_86", "X_2_1_1_1_1_1_19_1_1_38_1_86", "X_2_1_1_1_1_1_56_1_1_39_1_86", "X_2_1_1_1_1_1_20_1_1_40_1_86", "X_2_1_1_1_1_1_57_1_1_41_1_86", "X_2_1_1_1_1_1_21_1_1_42_1_86", "X_2_1_1_1_1_1_58_1_1_43_1_86", "X_2_1_1_1_1_1_22_1_1_44_1_86", "X_2_1_1_1_1_1_59_1_1_45_1_86", "X_2_1_1_1_1_1_23_1_1_46_1_86", "X_2_1_1_1_1_1_60_1_1_47_1_86", "X_2_1_1_1_1_1_24_1_1_48_1_86", "X_2_1_1_1_1_1_61_1_1_49_1_86", "X_2_1_1_1_1_1_25_1_1_50_1_86", "X_2_1_1_1_1_1_62_1_1_51_1_86", "X_2_1_1_1_1_1_26_1_1_52_1_86", "X_2_1_1_1_1_1_63_1_1_53_1_86", "X_2_1_1_1_1_1_27_1_1_54_1_86", "X_2_1_1_1_1_1_64_1_1_55_1_86", "X_2_1_1_1_1_1_28_1_1_56_1_86", "X_2_1_1_1_1_1_65_1_1_57_1_86", "X_2_1_1_1_1_1_29_1_1_58_1_86", "X_2_1_1_1_1_1_66_1_1_59_1_86", "X_2_1_1_1_1_1_30_1_1_60_1_86", "X_2_1_1_1_1_1_67_1_1_61_1_86", "X_2_1_1_1_1_1_31_1_1_62_1_86", "X_2_1_1_1_1_1_68_1_1_63_1_86", "X_2_1_1_1_1_1_32_1_1_64_1_86", "X_2_1_1_1_1_1_69_1_1_65_1_86", "X_2_1_1_1_1_1_33_1_1_66_1_86", "X_2_1_1_1_1_1_70_1_1_67_1_86", "X_2_1_1_1_1_1_34_1_1_68_1_86", "X_2_1_1_1_1_1_71_1_1_69_1_86", "X_2_1_1_1_1_1_35_1_1_70_1_86", "X_2_1_1_1_1_1_72_1_1_71_1_86", "X_2_1_1_1_1_1_36_1_1_72_1_86"], "CsaImage.ProtocolSliceNumber": [0, 1, 2, 3, 4, 5, 6, 7, 8, 9, 10, 11, 12, 13, 14, 15, 16, 17, 18, 19, 20, 21, 22, 23, 24, 25, 26, 27, 28, 29, 30, 31, 32, 33, 34, 35, 36, 37, 38, 39, 40, 41, 42, 43, 44, 45, 46, 47, 48, 49, 50, 51, 52, 53, 54, 55, 56, 57, 58, 59, 60, 61, 62, 63, 64, 65, 66, 67, 68, 69, 70, 71], "CsaImage.RFSWDDataType": ["measured", "predicted", "measured", "predicted", "measured", "predicted", "measured", "predicted", "measured", "predicted", "measured", "predicted", "measured", "predicted", "measured", "predicted", "measured", "predicted", "measured", "predicted", "measured", "predicted", "measured", "predicted", "measured", "predicted", "measured", "predicted", "measured", "predicted", "measured", "predicted", "measured", "predicted", "measured", "predicted", "measured", "predicted", "measured", "predicted", "measured", "predicted", "measured", "predicted", "measured", "predicted", "measured", "predicted", "measured", "measured", "measured", "measured", "measured", "measured", "measured", "measured", "measured", "measured", "measured", "measured", "measured", "measured", "measured", "measured", "measured", "measured", "measured", "measured", "measured", "measured", "measured", "measured"], "CsaImage.SlicePosition_PCS": [[-101.77567305, -113.47198943, -67.97608839], [-101.85588123, -113.26652889, -65.98828779], [-101.93608941, -113.06106929, -64.0004872], [-102.01629748, -112.8556097, -62.0126866], [-102.09650554, -112.6501501, -60.024886], [-102.17671384, -112.44468955, -58.0370854], [-102.25692191, -112.23922996, -56.04928099], [-102.33712997, -112.03377036, -54.06148039], [-102.41733827, -111.82831077, -52.07367979], [-102.49754633, -111.62285022, -50.08587919], [-102.57775463, -111.41739063, -48.0980786], [-102.6579627, -111.21193103, -46.110278], [-102.73817076, -111.00647144, -44.12247358], [-102.81837906, -110.80101089, -42.13467299], [-102.89858713, -110.59555129, -40.14687239], [-102.97879519, -110.3900917, -38.15907179], [-103.05900349, -110.1846321, -36.17127119], [-103.13921155, -109.97917155, -34.18347059], [-103.21941962, -109.77371196, -32.19567], [-103.29962792, -109.56825237, -30.2078694], [-103.37983598, -109.36279277, -28.2200688], [-103.46004404, -109.15733222, -26.23226439], [-103.54025235, -108.95187263, -24.2444657], [-103.62046041, -108.74641303, -22.25666319], [-103.70066847, -108.54095344, -20.26886259], [-103.78087677, -108.33549289, -18.28106199], [-103.86108484, -108.13003329, -16.2932614], [-103.94129314, -107.9245737, -14.3054608], [-104.02150096, -107.71911363, -12.31765829], [-104.10170926, -107.51365403, -10.32985769], [-104.18191757, -107.30819396, -8.3420571], [-104.26212539, -107.10273437, -6.35425554], [-104.34233369, -106.8972743, -4.36645495], [-104.42254199, -106.6918147, -2.37865339], [-104.50274982, -106.48635463, -0.3908528], [-104.58295812, -106.28089503, 1.59694828], [-104.66316642, -106.07543496, 3.58474912], [-104.74337425, -105.86997537, 5.57255025], [-104.82358255, -105.6645153, 7.56035127], [-104.90379085, -105.4590557, 9.54815234], [-104.98399915, -105.25359563, 11.53595318], [-105.06420698, -105.04813604, 13.52375425], [-105.14441528, -104.84267596, 15.5115558], [-105.22462358, -104.63721637, 17.4993564], [-105.3048314, -104.4317563, 19.487157], [-105.38503971, -104.2262967, 21.47495855], [-105.46524801, -104.02083663, 23.4627601], [-105.54545583, -103.8153768, 25.4505607], [-105.62566413, -103.60991697, 27.4383613], [-105.70587243, -103.40445713, 29.4261619], [-105.78608026, -103.1989973, 31.4139644], [-105.86628856, -102.99353747, 33.401765], [-105.94649686, -102.78807763, 35.3895656], [-106.02670469, -102.5826178, 37.3773662], [-106.10691299, -102.37715797, 39.3651668], [-106.18712129, -102.17169813, 41.35296739], [-106.26732911, -101.9662383, 43.34076799], [-106.34753742, -101.76077847, 45.32857241], [-106.42774572, -101.55531863, 47.316373], [-106.50795354, -101.3498588, 49.3041736], [-106.58816184, -101.14439897, 51.2919742], [-106.66837015, -100.93893913, 53.2797748], [-106.74857797, -100.73347924, 55.2675754], [-106.82878627, -100.52801941, 57.25537599], [-106.90899457, -100.32255958, 59.24317659], [-106.9892024, -100.11709974, 61.23097719], [-107.0694107, -99.9116399, 63.2187816], [-107.149619, -99.70618006, 65.2065822], [-107.22982683, -99.50072024, 67.1943828], [-107.31003513, -99.29526041, 69.1821834], [-107.39024343, -99.08980058, 71.169984], [-107.47045125, -98.88434074, 73.15778459]], "CsaImage.TimeAfterStart": [1.0825, 0.7225, 1.0925, 0.7325, 1.1025, 0.7425, 1.1125, 0.7525, 1.1225, 0.7625, 1.1325, 0.7725, 1.1425, 0.7825, 1.1525, 0.7925, 1.1625, 0.8025, 1.1725, 0.8125, 1.1825, 0.8225, 1.1925, 0.8325, 1.2025, 0.8425, 1.2125, 0.8525, 1.2225, 0.8625, 1.2325, 0.8725, 1.2425, 0.8825, 1.2525, 0.8925, 1.2625, 0.9025, 1.2725, 0.9125, 1.2825, 0.9225, 1.2925, 0.9325, 1.3025, 0.9425, 1.3125, 0.9525, 1.3225, 0.9625, 1.3325, 0.9725, 1.3425, 0.9825, 1.3525, 0.9925, 1.3625, 1.0025, 1.3725, 1.0125, 1.3825, 1.0225, 1.3925, 1.0325, 1.4025, 1.0425, 1.4125, 1.0525, 1.4225, 1.0625, 1.4325, 1.0725], "ImagePositionPatient": [[-101.7756730499, -113.47198943347, -67.976088391888], [-101.85588123223, -113.26652888507, -65.988287793744], [-101.93608941457, -113.06106929034, -64.000487195599], [-102.01629747769, -112.85560969562, -62.012686597455], [-102.09650554082, -112.65015010089, -60.02488599931], [-102.17671384236, -112.44468955249, -58.037085401166], [-102.25692190549, -112.23922995776, -56.049280988324], [-102.33712996861, -112.03377036304, -54.061480390179], [-102.41733827016, -111.82831076831, -52.073679792035], [-102.49754633328, -111.62285021991, -50.08587919389], [-102.57775463483, -111.41739062518, -48.098078595746], [-102.65796269795, -111.21193103046, -46.110277997601], [-102.73817076108, -111.00647143573, -44.12247358476], [-102.81837906262, -110.80101088733, -42.134672986615], [-102.89858712575, -110.5955512926, -40.14687238847], [-102.97879518887, -110.39009169788, -38.159071790326], [-103.05900349042, -110.18463210315, -36.171271192181], [-103.13921155354, -109.97917155475, -34.183470594037], [-103.21941961667, -109.77371196002, -32.195669995892], [-103.29962791821, -109.56825236529, -30.207869397748], [-103.37983598134, -109.36279277057, -28.220068799603], [-103.46004404447, -109.15733222217, -26.232264386761], [-103.54025234601, -108.95187262744, -24.244465695966], [-103.62046040914, -108.74641303271, -22.256663190472], [-103.70066847226, -108.54095343799, -20.268862592328], [-103.78087677381, -108.33549288959, -18.281061994183], [-103.86108483693, -108.13003329486, -16.293261396039], [-103.94129313847, -107.92457370013, -14.305460797894], [-104.02150096318, -107.71911362857, -12.317658292401], [-104.10170926473, -107.51365403384, -10.329857694257], [-104.18191756627, -107.30819396228, -8.3420570961121], [-104.26212539098, -107.10273436755, -6.3542555442932], [-104.34233369252, -106.89727429599, -4.3664549461487], [-104.42254199407, -106.69181470126, -2.3786533943298], [-104.50274981877, -106.4863546297, -0.3908527961853], [-104.58295812032, -106.28089503497, 1.5969482787964], [-104.66316642186, -106.07543496341, 3.5847491153595], [-104.74337424657, -105.86997536868, 5.5725502499458], [-104.82358254811, -105.66451529712, 7.5603512653229], [-104.90379084966, -105.45905570239, 9.5481523403046], [-104.9839991512, -105.25359563083, 11.535953176868], [-105.06420697591, -105.0481360361, 13.523754251849], [-105.14441527745, -104.84267596454, 15.511555803668], [-105.224623579, -104.63721636981, 17.499356401813], [-105.3048314037, -104.43175629825, 19.487156999957], [-105.38503970525, -104.22629670352, 21.474958551776], [-105.46524800679, -104.02083663196, 23.462760103595], [-105.5454558315, -103.81537679881, 25.450560701739], [-105.62566413304, -103.60991696567, 27.438361299884], [-105.70587243459, -103.40445713252, 29.426161898029], [-105.78608025929, -103.19899729938, 31.413964403522], [-105.86628856084, -102.99353746623, 33.401765001666], [-105.94649686238, -102.78807763309, 35.389565599811], [-106.02670468709, -102.58261779994, 37.377366197955], [-106.10691298863, -102.3771579668, 39.3651667961], [-106.18712129018, -102.17169813365, 41.352967394244], [-106.26732911488, -101.96623830051, 43.340767992389], [-106.34753741643, -101.76077846736, 45.328572405231], [-106.42774571797, -101.55531863422, 47.316373003375], [-106.50795354268, -101.34985880107, 49.30417360152], [-106.58816184422, -101.14439896793, 51.291974199664], [-106.66837014577, -100.93893913478, 53.279774797809], [-106.74857797048, -100.73347924203, 55.267575395953], [-106.82878627202, -100.52801940889, 57.255375994098], [-106.90899457356, -100.32255957574, 59.243176592242], [-106.98920239827, -100.11709974259, 61.230977190387], [-107.06941069982, -99.911639903862, 63.218781603229], [-107.14961900136, -99.706180061403, 65.206582201373], [-107.22982682607, -99.500720243159, 67.194382799518], [-107.31003512761, -99.295260410014, 69.182183397662], [-107.39024342915, -99.089800576869, 71.169983995807], [-107.47045125386, -98.884340743724, 73.157784593951]], "InstanceCreationTime": ["120536.331000", "120536.261000", "120536.333000", "120536.263000", "120536.335000", "120536.265000", "120536.337000", "120536.267000", "120536.338000", "120536.270000", "120536.340000", "120536.272000", "120536.342000", "120536.274000", "120536.344000", "120536.276000", "120536.346000", "120536.278000", "120536.347000", "120536.280000", "120536.349000", "120536.282000", "120536.351000", "120536.284000", "120536.353000", "120536.287000", "120536.355000", "120536.289000", "120536.357000", "120536.291000", "120536.358000", "120536.293000", "120536.360000", "120536.294000", "120536.362000", "120536.296000", "120536.364000", "120536.298000", "120536.366000", "120536.300000", "120536.368000", "120536.302000", "120536.370000", "120536.304000", "120536.371000", "120536.305000", "120536.373000", "120536.307000", "120536.375000", "120536.309000", "120536.377000", "120536.311000", "120536.379000", "120536.313000", "120536.380000", "120536.314000", "120536.382000", "120536.316000", "120536.384000", "120536.318000", "120536.386000", "120536.320000", "120536.388000", "120536.322000", "120536.390000", "120536.324000", "120536.391000", "120536.326000", "120536.393000", "120536.327000", "120536.395000", "120536.329000"], "InstanceNumber": [1, 2, 3, 4, 5, 6, 7, 8, 9, 10, 11, 12, 13, 14, 15, 16, 17, 18, 19, 20, 21, 22, 23, 24, 25, 26, 27, 28, 29, 30, 31, 32, 33, 34, 35, 36, 37, 38, 39, 40, 41, 42, 43, 44, 45, 46, 47, 48, 49, 50, 51, 52, 53, 54, 55, 56, 57, 58, 59, 60, 61, 62, 63, 64, 65, 66, 67, 68, 69, 70, 71, 72], "LargestImagePixelValue": [4094, 4094, 4095, 4091, 4093, 4094, 4092, 4093, 4093, 4092, 4095, 4093, 4094, 4094, 4093, 4095, 4089, 4091, 4095, 4092, 4090, 4094, 4093, 4092, 4087, 4093, 4090, 4087, 4092, 4075, 4091, 4086, 4095, 4092, 4090, 4094, 4090, 4089, 4088, 4094, 4079, 4093, 4092, 4090, 4094, 4087, 4089, 4094, 4095, 4091, 4087, 4090, 4089, 4095, 4092, 4087, 4090, 4094, 4095, 4095, 4094, 4095, 4095, 4087, 4094, 4095, 4094, 4095, 4094, 4095, 4095, 4094], "SliceLocation": [-75.136818011286, -73.136818359425, -71.136818805534, -69.136819256425, -67.136819707315, -65.136820050673, -63.136816710133, -61.136817161024, -59.136817602352, -57.136817955272, -55.1368183966, -53.13681884749, -51.136815506951, -49.136815850309, -47.136816301199, -45.136816752089, -43.136817193418, -41.136817546337, -39.136817997228, -37.136818438556, -35.136818889447, -33.136815450936, -31.13681778798, -29.136816343155, -27.136816794045, -25.136817137403, -23.136817588293, -21.136818029622, -19.136816545374, -17.136816986702, -15.136817379046, -13.13681689164, -11.136817283983, -9.1368167774545, -7.1368171889209, -5.1368171563209, -3.1368173116997, -1.1368172389817, 0.86318278336263, 2.8631828159626, 4.8631826605838, 6.8631826740607, 8.8631832295748, 10.863182788246, 12.86318237678, 14.863182883309, 16.863183438823, 18.863183002864, 20.863182586028, 22.863182169192, 24.863183628947, 26.863183212111, 28.863182795276, 30.863182359316, 32.86318194248, 34.863181525645, 36.863181089685, 38.863184464279, 40.863184047443, 42.863183611484, 44.863183194648, 46.863182777812, 48.863182347976, 50.86318193114, 52.863181514304, 54.863181078345, 56.863184453513, 58.863184037634, 60.863183600144, 62.863183183308, 64.863182766472, 66.863182330513], "SmallestImagePixelValue": [0, 1, 1, 5, 0, 0, 1, 1, 0, 0, 3, 1, 0, 3, 0, 9, 2, 5, 9, 0, 0, 1, 0, 0, 3, 0, 0, 1, 6, 0, 1, 3, 8, 5, 15, 4, 0, 5, 5, 3, 1, 6, 1, 7, 1, 0, 4, 5, 1, 7, 2, 1, 2, 2, 2, 1, 0, 0, 2, 1, 1, 0, 5, 0, 1, 0, 1, 0, 0, 0, 0, 0], "WindowCenter": [-344.0, -340.0, -278.0, -256.0, -230.0, -232.0, -206.0, -190.0, -202.0, -176.0, -184.0, -176.0, -230.0, -234.0, -302.0, -298.0, -286.0, -262.0, -256.0, -270.0, -262.0, -166.0, -104.0, -104.0, -136.0, -128.0, -160.0, -186.0, -210.0, -342.0, -294.0, -298.0, -136.0, -268.0, -258.0, -258.0, -164.0, -118.0, -242.0, -118.0, -100.0, -80.0, -82.0, -42.0, -40.0, -178.0, -30.0, -6.0, -22.0, -56.0, -46.0, -50.0, -22.0, -58.0, -66.0, -62.0, -62.0, -38.0, -30.0, -56.0, -40.0, -50.0, -38.0, -80.0, -68.0, -84.0, -128.0, -134.0, -200.0, -252.0, -256.0, -316.0], "WindowWidth": [6172.0, 6134.0, 6066.0, 6060.0, 6078.0, 6082.0, 6072.0, 6094.0, 6090.0, 6116.0, 6076.0, 6084.0, 5994.0, 5966.0, 5812.0, 5818.0, 5752.0, 5778.0, 5758.0, 5722.0, 5632.0, 5642.0, 5648.0, 5664.0, 5572.0, 5576.0, 5504.0, 5406.0, 5316.0, 4664.0, 4620.0, 4628.0, 5246.0, 4618.0, 4602.0, 4614.0, 4828.0, 5086.0, 4606.0, 5114.0, 5194.0, 5170.0, 5134.0, 5266.0, 5240.0, 4574.0, 5204.0, 5268.0, 5324.0, 5224.0, 5400.0, 5372.0, 5494.0, 5430.0, 5418.0, 5504.0, 5472.0, 5584.0, 5634.0, 5624.0, 5694.0, 5756.0, 5782.0, 5832.0, 5906.0, 5936.0, 5996.0, 5992.0, 6026.0, 5996.0, 6118.0, 6096.0]}}, "IntendedFor": ["ses-1/func/sub-52_ses-1_task-motor_run-05_bold.nii.gz", "ses-1/func/sub-52_ses-1_task-motor_run-01_bold.nii.gz", "ses-1/func/sub-52_ses-1_task-motor_run-02_bold.nii.gz", "ses-1/func/sub-52_ses-1_task-motor_run-06_bold.nii.gz", "ses-1/func/sub-52_ses-1_task-motor_run-03_bold.nii.gz", "ses-1/func/sub-52_ses-1_task-motor_run-04_bold.nii.gz"]}