{"AcquisitionMatrixPE": 100, "AcquisitionNumber": 1, "AcquisitionTime": "13:05:9.752500", "BaseResolution": 100, "BodyPartExamined": "BRAIN", "ConsistencyInfo": "N4_VE11C_LATEST_20160120", "ConversionSoftware": "dcm2niix", "ConversionSoftwareVersion": "v1.0.20180622 GCC4.9.2", "DeviceSerialNumber": "166078", "DwellTime": 8.8e-06, "EchoNumber": 2, "EchoTime": 0.00738, "FlipAngle": 60, "ImageOrientationPatientDICOM": [0.999877, 0.00215889, 0.0155582, 8.9083e-11, 0.990509, -0.137445], "ImageType": ["ORIGINAL", "PRIMARY", "M", "ND"], "InPlanePhaseEncodingDirectionDICOM": "ROW", "InstitutionAddress": "Street_StreetNo_Bei_Jing_District_CN_ZIP", "InstitutionName": "BeiJing_Normal_University", "InstitutionalDepartmentName": "Department", "MRAcquisitionType": "2D", "MagneticFieldStrength": 3, "Manufacturer": "Siemens", "ManufacturersModelName": "Prisma", "Modality": "MR", "PartialFourier": 1, "PatientPosition": "HFS", "PercentPhaseFOV": 100, "PhaseEncodingDirection": "i", "PhaseEncodingSteps": 100, "PhaseResolution": 1, "PixelBandwidth": 570, "ProcedureStepDescription": "BNU_P2018_64CH_Liu.Jia", "ProtocolName": "field_mapping_2x2x2", "PulseSequenceDetails": "%SiemensSeq%_gre_field_mapping", "ReceiveCoilActiveElements": "HC1-7;NC1", "ReceiveCoilName": "HeadNeck_64", "ReconMatrixPE": 100, "RepetitionTime": 0.72, "SAR": 0.112814, "ScanningSequence": "GR", "SequenceName": "_fm2d2r", "SequenceVariant": "SP", "SeriesDescription": "field_mapping_2x2x2", "SeriesNumber": 6, "ShimSetting": [-5461, -11511, -1255, 289, -58, -91, -122, 31], "SliceThickness": 2, "SoftwareVersions": "syngo_MR_E11", "SpacingBetweenSlices": 2, "StationName": "AWP166078", "TxRefAmp": 234.337, "IntendedFor": ["ses-1/func/sub-57_ses-1_task-motor_run-06_bold.nii.gz", "ses-1/func/sub-57_ses-1_task-motor_run-04_bold.nii.gz", "ses-1/func/sub-57_ses-1_task-motor_run-01_bold.nii.gz", "ses-1/func/sub-57_ses-1_task-motor_run-03_bold.nii.gz", "ses-1/func/sub-57_ses-1_task-motor_run-02_bold.nii.gz", "ses-1/func/sub-57_ses-1_task-motor_run-05_bold.nii.gz"]}