{"AcquisitionMatrixPE": 100, "AcquisitionNumber": 1, "AcquisitionTime": "13:05:9.752500", "BaseResolution": 100, "BodyPartExamined": "BRAIN", "ConsistencyInfo": "N4_VE11C_LATEST_20160120", "ConversionSoftware": "dcm2niix", "ConversionSoftwareVersion": "v1.0.20180622 GCC4.9.2", "DeviceSerialNumber": "166078", "DwellTime": 8.8e-06, "EchoNumber": 2, "EchoTime": 0.00738, "EchoTime1": 0.00492, "EchoTime2": 0.00738, "FlipAngle": 60, "ImageOrientationPatientDICOM": [0.999877, 0.00215889, 0.0155582, 8.9083e-11, 0.990509, -0.137445], "ImageType": ["ORIGINAL", "PRIMARY", "P", "ND"], "InPlanePhaseEncodingDirectionDICOM": "ROW", "InstitutionAddress": "Street_StreetNo_Bei_Jing_District_CN_ZIP", "InstitutionName": "BeiJing_Normal_University", "InstitutionalDepartmentName": "Department", "MRAcquisitionType": "2D", "MagneticFieldStrength": 3, "Manufacturer": "Siemens", "ManufacturersModelName": "Prisma", "Modality": "MR", "PartialFourier": 1, "PatientPosition": "HFS", "PercentPhaseFOV": 100, "PhaseEncodingDirection": "i", "PhaseEncodingSteps": 100, "PhaseResolution": 1, "PixelBandwidth": 570, "ProcedureStepDescription": "BNU_P2018_64CH_Liu.Jia", "ProtocolName": "field_mapping_2x2x2", "PulseSequenceDetails": "%SiemensSeq%_gre_field_mapping", "ReceiveCoilActiveElements": "HC1-7;NC1", "ReceiveCoilName": "HeadNeck_64", "ReconMatrixPE": 100, "RepetitionTime": 0.72, "SAR": 0.112814, "ScanningSequence": "GR", "SequenceName": "_fm2d2r", "SequenceVariant": "SP", "SeriesDescription": "field_mapping_2x2x2", "SeriesNumber": 7, "ShimSetting": [-5461, -11511, -1255, 289, -58, -91, -122, 31], "SliceThickness": 2, "SoftwareVersions": "syngo_MR_E11", "SpacingBetweenSlices": 2, "StationName": "AWP166078", "TxRefAmp": 234.337, "dcmmeta_affine": [[-1.9997532367706299, 1.7816599584552506e-10, 0.03141462802886963, 98.87244415283203], [-0.00431777024641633, 1.9810189008712769, -0.2748546600341797, -86.64298248291016], [0.03111649490892887, 0.27488911151885986, 1.9807815551757812, -80.6785888671875], [0.0, 0.0, 0.0, 1.0]], "dcmmeta_reorient_transform": [[0.0, -1.0, 0.0, 99.0], [1.0, 0.0, 0.0, 0.0], [0.0, 0.0, -1.0, 71.0], [0.0, 0.0, 0.0, 1.0]], "dcmmeta_shape": [100, 100, 72], "dcmmeta_slice_dim": 2, "dcmmeta_version": 0.6, "global": {"const": {"AcquisitionMatrix": [0, 100, 100, 0], "AcquisitionNumber": 1, "AngioFlag": "N", "BitsAllocated": 16, "BitsStored": 12, "BodyPartExamined": "BRAIN", "Columns": 100, "EchoNumbers": 2, "EchoTime": 7.38, "EchoTrainLength": 0, "FlipAngle": 60.0, "HighBit": 11, "ImageOrientationPatient": [0.99987663246348, 0.00215888520884, 0.01555824759239, 8.9083e-11, 0.99050946287948, -0.1374445486231], "ImageType": ["ORIGINAL", "PRIMARY", "P", "ND"], "ImagedNucleus": "1H", "ImagingFrequency": 123.257835, "InPlanePhaseEncodingDirection": "ROW", "MRAcquisitionType": "2D", "MagneticFieldStrength": 3.0, "Manufacturer": "SIEMENS", "ManufacturerModelName": "Prisma", "Modality": "MR", "NumberOfAverages": 1.0, "NumberOfPhaseEncodingSteps": 100, "PercentPhaseFieldOfView": 100.0, "PercentSampling": 100.0, "PerformedProcedureStepStartTime": "123548.598000", "PhotometricInterpretation": "MONOCHROME2", "PixelBandwidth": 570.0, "PixelRepresentation": 0, "PixelSpacing": [2.0, 2.0], "ProtocolName": "field_mapping_2x2x2", "RepetitionTime": 720.0, "RescaleIntercept": -4096.0, "RescaleSlope": 2.0, "RescaleType": "US", "Rows": 100, "SAR": 0.11281370460844, "SamplesPerPixel": 1, "ScanningSequence": "GR", "SequenceName": "*fm2d2r", "SequenceVariant": "SP", "SeriesDescription": "field_mapping_2x2x2", "SeriesNumber": 7, "SeriesTime": "130734.747000", "SliceThickness": 2.0, "SoftwareVersions": "syngo MR E11", "SpacingBetweenSlices": 2.0, "SpecificCharacterSet": "ISO_IR 100", "StudyID": "1", "StudyTime": "123548.500000", "TransmitCoilName": "Body", "VariableFlipAngleFlag": "N", "WindowCenterWidthExplanation": "Algo1", "dBdt": 0.0}, "slices": {"AcquisitionTime": ["130509.752500", "130509.392500", "130509.762500", "130509.402500", "130509.772500", "130509.412500", "130509.782500", "130509.422500", "130509.792500", "130509.432500", "130509.802500", "130509.442500", "130509.812500", "130509.452500", "130509.822500", "130509.462500", "130509.832500", "130509.472500", "130509.842500", "130509.482500", "130509.852500", "130509.492500", "130509.862500", "130509.502500", "130509.872500", "130509.512500", "130509.882500", "130509.522500", "130509.892500", "130509.532500", "130509.902500", "130509.542500", "130509.912500", "130509.552500", "130509.922500", "130509.562500", "130509.932500", "130509.572500", "130509.942500", "130509.582500", "130509.952500", "130509.592500", "130509.962500", "130509.602500", "130509.972500", "130509.612500", "130509.982500", "130509.622500", "130509.992500", "130509.632500", "130510.002500", "130509.642500", "130510.012500", "130509.652500", "130510.022500", "130509.662500", "130510.032500", "130509.672500", "130510.042500", "130509.682500", "130510.052500", "130509.692500", "130510.062500", "130509.702500", "130510.072500", "130509.712500", "130510.082500", "130509.722500", "130510.092500", "130509.732500", "130510.102500", "130509.742500"], "ContentTime": ["130734.821000", "130734.754000", "130734.822000", "130734.757000", "130734.824000", "130734.759000", "130734.826000", "130734.760000", "130734.828000", "130734.762000", "130734.830000", "130734.764000", "130734.832000", "130734.766000", "130734.833000", "130734.768000", "130734.835000", "130734.769000", "130734.837000", "130734.771000", "130734.839000", "130734.773000", "130734.841000", "130734.775000", "130734.843000", "130734.777000", "130734.845000", "130734.779000", "130734.847000", "130734.780000", "130734.849000", "130734.782000", "130734.851000", "130734.784000", "130734.853000", "130734.786000", "130734.854000", "130734.788000", "130734.856000", "130734.789000", "130734.858000", "130734.791000", "130734.860000", "130734.793000", "130734.862000", "130734.795000", "130734.864000", "130734.796000", "130734.866000", "130734.798000", "130734.868000", "130734.800000", "130734.870000", "130734.802000", "130734.871000", "130734.804000", "130734.873000", "130734.806000", "130734.876000", "130734.808000", "130734.878000", "130734.809000", "130734.879000", "130734.811000", "130734.881000", "130734.813000", "130734.883000", "130734.815000", "130734.885000", "130734.817000", "130734.887000", "130734.819000"], "CsaImage.GSWDDataType": ["measured", "predicted", "measured", "predicted", "measured", "predicted", "measured", "predicted", "measured", "predicted", "measured", "predicted", "measured", "predicted", "measured", "predicted", "measured", "predicted", "measured", "predicted", "measured", "predicted", "measured", "predicted", "measured", "predicted", "measured", "predicted", "measured", "predicted", "measured", "predicted", "measured", "predicted", "measured", "predicted", "measured", "predicted", "measured", "predicted", "measured", "predicted", "measured", "predicted", "measured", "predicted", "measured", "predicted", "measured", "predicted", "measured", "predicted", "measured", "predicted", "measured", "predicted", "measured", "predicted", "measured", "predicted", "measured", "predicted", "measured", "measured", "measured", "measured", "measured", "measured", "measured", "measured", "measured", "measured"], "CsaImage.ICE_Dims": ["X_2_1_1_1_1_1_37_1_1_1_1_107", "X_2_1_1_1_1_1_1_1_1_2_1_107", "X_2_1_1_1_1_1_38_1_1_3_1_107", "X_2_1_1_1_1_1_2_1_1_4_1_107", "X_2_1_1_1_1_1_39_1_1_5_1_107", "X_2_1_1_1_1_1_3_1_1_6_1_107", "X_2_1_1_1_1_1_40_1_1_7_1_107", "X_2_1_1_1_1_1_4_1_1_8_1_107", "X_2_1_1_1_1_1_41_1_1_9_1_107", "X_2_1_1_1_1_1_5_1_1_10_1_107", "X_2_1_1_1_1_1_42_1_1_11_1_107", "X_2_1_1_1_1_1_6_1_1_12_1_107", "X_2_1_1_1_1_1_43_1_1_13_1_107", "X_2_1_1_1_1_1_7_1_1_14_1_107", "X_2_1_1_1_1_1_44_1_1_15_1_107", "X_2_1_1_1_1_1_8_1_1_16_1_107", "X_2_1_1_1_1_1_45_1_1_17_1_107", "X_2_1_1_1_1_1_9_1_1_18_1_107", "X_2_1_1_1_1_1_46_1_1_19_1_107", "X_2_1_1_1_1_1_10_1_1_20_1_107", "X_2_1_1_1_1_1_47_1_1_21_1_107", "X_2_1_1_1_1_1_11_1_1_22_1_107", "X_2_1_1_1_1_1_48_1_1_23_1_107", "X_2_1_1_1_1_1_12_1_1_24_1_107", "X_2_1_1_1_1_1_49_1_1_25_1_107", "X_2_1_1_1_1_1_13_1_1_26_1_107", "X_2_1_1_1_1_1_50_1_1_27_1_107", "X_2_1_1_1_1_1_14_1_1_28_1_107", "X_2_1_1_1_1_1_51_1_1_29_1_107", "X_2_1_1_1_1_1_15_1_1_30_1_107", "X_2_1_1_1_1_1_52_1_1_31_1_107", "X_2_1_1_1_1_1_16_1_1_32_1_107", "X_2_1_1_1_1_1_53_1_1_33_1_107", "X_2_1_1_1_1_1_17_1_1_34_1_107", "X_2_1_1_1_1_1_54_1_1_35_1_107", "X_2_1_1_1_1_1_18_1_1_36_1_107", "X_2_1_1_1_1_1_55_1_1_37_1_107", "X_2_1_1_1_1_1_19_1_1_38_1_107", "X_2_1_1_1_1_1_56_1_1_39_1_107", "X_2_1_1_1_1_1_20_1_1_40_1_107", "X_2_1_1_1_1_1_57_1_1_41_1_107", "X_2_1_1_1_1_1_21_1_1_42_1_107", "X_2_1_1_1_1_1_58_1_1_43_1_107", "X_2_1_1_1_1_1_22_1_1_44_1_107", "X_2_1_1_1_1_1_59_1_1_45_1_107", "X_2_1_1_1_1_1_23_1_1_46_1_107", "X_2_1_1_1_1_1_60_1_1_47_1_107", "X_2_1_1_1_1_1_24_1_1_48_1_107", "X_2_1_1_1_1_1_61_1_1_49_1_107", "X_2_1_1_1_1_1_25_1_1_50_1_107", "X_2_1_1_1_1_1_62_1_1_51_1_107", "X_2_1_1_1_1_1_26_1_1_52_1_107", "X_2_1_1_1_1_1_63_1_1_53_1_107", "X_2_1_1_1_1_1_27_1_1_54_1_107", "X_2_1_1_1_1_1_64_1_1_55_1_107", "X_2_1_1_1_1_1_28_1_1_56_1_107", "X_2_1_1_1_1_1_65_1_1_57_1_107", "X_2_1_1_1_1_1_29_1_1_58_1_107", "X_2_1_1_1_1_1_66_1_1_59_1_107", "X_2_1_1_1_1_1_30_1_1_60_1_107", "X_2_1_1_1_1_1_67_1_1_61_1_107", "X_2_1_1_1_1_1_31_1_1_62_1_107", "X_2_1_1_1_1_1_68_1_1_63_1_107", "X_2_1_1_1_1_1_32_1_1_64_1_107", "X_2_1_1_1_1_1_69_1_1_65_1_107", "X_2_1_1_1_1_1_33_1_1_66_1_107", "X_2_1_1_1_1_1_70_1_1_67_1_107", "X_2_1_1_1_1_1_34_1_1_68_1_107", "X_2_1_1_1_1_1_71_1_1_69_1_107", "X_2_1_1_1_1_1_35_1_1_70_1_107", "X_2_1_1_1_1_1_72_1_1_71_1_107", "X_2_1_1_1_1_1_36_1_1_72_1_107"], "CsaImage.ProtocolSliceNumber": [0, 1, 2, 3, 4, 5, 6, 7, 8, 9, 10, 11, 12, 13, 14, 15, 16, 17, 18, 19, 20, 21, 22, 23, 24, 25, 26, 27, 28, 29, 30, 31, 32, 33, 34, 35, 36, 37, 38, 39, 40, 41, 42, 43, 44, 45, 46, 47, 48, 49, 50, 51, 52, 53, 54, 55, 56, 57, 58, 59, 60, 61, 62, 63, 64, 65, 66, 67, 68, 69, 70, 71], "CsaImage.RFSWDDataType": ["measured", "predicted", "measured", "predicted", "measured", "predicted", "measured", "predicted", "measured", "predicted", "measured", "predicted", "measured", "predicted", "measured", "predicted", "measured", "predicted", "measured", "predicted", "measured", "predicted", "measured", "predicted", "measured", "predicted", "measured", "predicted", "measured", "predicted", "measured", "predicted", "measured", "predicted", "measured", "predicted", "measured", "predicted", "measured", "predicted", "measured", "predicted", "measured", "predicted", "measured", "predicted", "measured", "predicted", "measured", "predicted", "measured", "predicted", "measured", "predicted", "measured", "predicted", "measured", "predicted", "measured", "predicted", "measured", "measured", "measured", "measured", "measured", "measured", "measured", "measured", "measured", "measured", "measured", "measured"], "CsaImage.SlicePosition_PCS": [[-98.87244378, -109.47792967, -53.46407223], [-98.90385841, -109.20307501, -51.4832983], [-98.93527304, -108.92821939, -49.50252438], [-98.96668767, -108.65336473, -47.52175045], [-98.99810229, -108.37850912, -45.54097653], [-99.02951692, -108.10365446, -43.56019878], [-99.06093155, -107.82879884, -41.57942486], [-99.09234618, -107.55394418, -39.59865093], [-99.12376081, -107.27908857, -37.61787701], [-99.15517543, -107.00423343, -35.63710308], [-99.18659006, -106.7293783, -33.65632916], [-99.21800469, -106.45452316, -31.67555142], [-99.24941932, -106.17966802, -29.69477749], [-99.28083401, -105.90481289, -27.71400356], [-99.31224863, -105.62995727, -25.73322964], [-99.34366326, -105.35510214, -23.75245571], [-99.37507789, -105.080247, -21.77168179], [-99.40649252, -104.80539186, -19.79090595], [-99.43790715, -104.53053672, -17.81013203], [-99.46932177, -104.25568159, -15.82935619], [-99.50073643, -103.98082645, -13.84858227], [-99.53215106, -103.70597131, -11.86780834], [-99.56356569, -103.43111618, -9.88703251], [-99.59498032, -103.1562608, -7.90625858], [-99.62639494, -102.88140566, -5.92548466], [-99.6578096, -102.60655053, -3.94470883], [-99.68922423, -102.33169539, -1.9639349], [-99.72063886, -102.05684025, 0.01683998], [-99.7520535, -101.78198488, 1.99761391], [-99.78346813, -101.50712974, 3.97838879], [-99.81488277, -101.23227461, 5.95916319], [-99.8462974, -100.95741947, 7.93993759], [-99.87771203, -100.68256421, 9.92071223], [-99.90912667, -100.40770908, 11.90148678], [-99.9405413, -100.13285388, 13.88226128], [-99.97195594, -99.85799874, 15.86303592], [-100.00337057, -99.58314355, 17.84381056], [-100.03478521, -99.30828836, 19.82458496], [-100.06619984, -99.03343318, 21.80535984], [-100.09761448, -98.75857802, 23.78613377], [-100.12902911, -98.48372282, 25.76690864], [-100.16044374, -98.20886762, 27.74768257], [-100.19185838, -97.93401249, 29.72845745], [-100.22327301, -97.65915723, 31.70923138], [-100.25468765, -97.38430209, 33.69000721], [-100.28610228, -97.10944684, 35.67078113], [-100.31751691, -96.8345917, 37.65155506], [-100.34893157, -96.55973656, 39.63233089], [-100.3803462, -96.28488143, 41.61310482], [-100.41176082, -96.01002629, 43.59387875], [-100.44317545, -95.73517091, 45.57465458], [-100.47459008, -95.46031578, 47.5554285], [-100.50600474, -95.18546064, 49.53620243], [-100.53741936, -94.9106055, 51.51697636], [-100.56883399, -94.63575037, 53.49775028], [-100.60024862, -94.36089523, 55.47852802], [-100.63166325, -94.08604009, 57.45930195], [-100.66307788, -93.81118496, 59.44007587], [-100.69449251, -93.53632934, 61.4208498], [-100.72590719, -93.26147421, 63.40162372], [-100.75732182, -92.98661907, 65.38239765], [-100.78873645, -92.71176393, 67.36317539], [-100.82015108, -92.43690879, 69.34394932], [-100.8515657, -92.16205366, 71.32472324], [-100.88298033, -91.88719852, 73.30549717], [-100.91439496, -91.61234338, 75.28627109], [-100.94580959, -91.33748825, 77.26704502], [-100.97722422, -91.06263311, 79.24781895], [-101.00863885, -90.7877775, 81.22859287], [-101.04005347, -90.51292284, 83.2093668], [-101.0714681, -90.23806722, 85.19014072], [-101.10288273, -89.96321256, 87.17092228]], "CsaImage.TimeAfterStart": [1.0825, 0.7225, 1.0925, 0.7325, 1.1025, 0.7425, 1.1125, 0.7525, 1.1225, 0.7625, 1.1325, 0.7725, 1.1425, 0.7825, 1.1525, 0.7925, 1.1625, 0.8025, 1.1725, 0.8125, 1.1825, 0.8225, 1.1925, 0.8325, 1.2025, 0.8425, 1.2125, 0.8525, 1.2225, 0.8625, 1.2325, 0.8725, 1.2425, 0.8825, 1.2525, 0.8925, 1.2625, 0.9025, 1.2725, 0.9125, 1.2825, 0.9225, 1.2925, 0.9325, 1.3025, 0.9425, 1.3125, 0.9525, 1.3225, 0.9625, 1.3325, 0.9725, 1.3425, 0.9825, 1.3525, 0.9925, 1.3625, 1.0025, 1.3725, 1.0125, 1.3825, 1.0225, 1.3925, 1.0325, 1.4025, 1.0425, 1.4125, 1.0525, 1.4225, 1.0625, 1.4325, 1.0725], "ImagePositionPatient": [[-98.872443781418, -109.47792966509, -53.464072228476], [-98.903858409446, -109.20307500506, -51.483298302695], [-98.935273037475, -108.92821939135, -49.502524376914], [-98.966687665504, -108.65336473132, -47.521750451132], [-98.998102293533, -108.37850911761, -45.540976525351], [-99.029516921562, -108.10365445757, -43.560198784873], [-99.060931549591, -107.82879884387, -41.579424859091], [-99.09234617762, -107.55394418383, -39.59865093331], [-99.123760805648, -107.27908857012, -37.617877007529], [-99.155175433677, -107.00423343325, -35.637103081748], [-99.186590061706, -106.72937829638, -33.656329155966], [-99.218004689735, -106.45452315951, -31.675551415488], [-99.249419317764, -106.17966802264, -29.694777489707], [-99.280834005397, -105.90481288577, -27.714003563925], [-99.312248633426, -105.62995727206, -25.733229638144], [-99.343663261455, -105.35510213519, -23.752455712363], [-99.375077889484, -105.08024699832, -21.771681786582], [-99.406492517513, -104.80539186144, -19.790905953452], [-99.437907145542, -104.53053672457, -17.81013202767], [-99.469321773571, -104.2556815877, -15.829356194541], [-99.500736431402, -103.98082645083, -13.848582268759], [-99.532151059431, -103.70597131396, -11.867808342978], [-99.56356568746, -103.43111617709, -9.8870325098481], [-99.594980315488, -103.1562608018, -7.9062585840669], [-99.626394943517, -102.88140566493, -5.9254846582856], [-99.657809601349, -102.60655052806, -3.9447088251558], [-99.689224229377, -102.33169539118, -1.9639348993745], [-99.720638857406, -102.05684025431, 0.01683998008106], [-99.752053500336, -101.78198487902, 1.9976139058623], [-99.783468128365, -101.50712974215, 3.9783887853179], [-99.814882771295, -101.23227460528, 5.9591631879363], [-99.846297399324, -100.95741946841, 7.9399375905547], [-99.877712034804, -100.68256421233, 9.9207122315917], [-99.909126670283, -100.40770907546, 11.901486783222], [-99.940541302037, -100.13285387898, 13.882261275247], [-99.971955937517, -99.857998742109, 15.863035916284], [-100.003370573, -99.583143545633, 17.843810557321], [-100.03478520848, -99.308288356608, 19.824584959939], [-100.06619984023, -99.033433182484, 21.805359839395], [-100.09761447571, -98.75857801581, 23.786133765176], [-100.12902911119, -98.483722819334, 25.766908644632], [-100.16044373922, -98.208867622858, 27.747682570413], [-100.19185838215, -97.934012485987, 29.728457449869], [-100.22327301018, -97.659157229906, 31.70923137565], [-100.25468765311, -97.384302093035, 33.69000720878], [-100.28610228114, -97.109446836954, 35.670781134561], [-100.31751690916, -96.834591700083, 37.651555060342], [-100.348931567, -96.559736563212, 39.632330893472], [-100.38034619502, -96.28488142634, 41.613104819253], [-100.41176082305, -96.010026289469, 43.593878745035], [-100.44317545108, -95.735170914179, 45.574654578165], [-100.47459007911, -95.460315777308, 47.555428503946], [-100.50600473694, -95.185460640436, 49.536202429727], [-100.53741936497, -94.910605503565, 51.516976355508], [-100.568833993, -94.635750366694, 53.49775028129], [-100.60024862103, -94.360895229822, 55.478528021768], [-100.63166324906, -94.086040092951, 57.459301947549], [-100.66307787709, -93.81118495608, 59.440075873331], [-100.69449250512, -93.536329342371, 61.420849799112], [-100.72590719275, -93.2614742055, 63.401623724893], [-100.75732182078, -92.986619068628, 65.382397650674], [-100.78873644881, -92.711763931757, 67.363175391153], [-100.82015107684, -92.436908794886, 69.343949316934], [-100.85156570486, -92.162053658014, 71.324723242715], [-100.88298033289, -91.887198521143, 73.305497168497], [-100.91439496092, -91.612343384272, 75.286271094278], [-100.94580958895, -91.3374882474, 77.267045020059], [-100.97722421698, -91.062633110529, 79.24781894584], [-101.00863884501, -90.787777496821, 81.228592871622], [-101.04005347304, -90.512922836786, 83.209366797403], [-101.07146810107, -90.238067223078, 85.190140723184], [-101.1028827291, -89.963212563044, 87.17092227836]], "InstanceCreationTime": ["130734.821000", "130734.754000", "130734.822000", "130734.757000", "130734.824000", "130734.759000", "130734.826000", "130734.760000", "130734.828000", "130734.762000", "130734.830000", "130734.764000", "130734.832000", "130734.766000", "130734.833000", "130734.768000", "130734.835000", "130734.769000", "130734.837000", "130734.771000", "130734.839000", "130734.773000", "130734.841000", "130734.775000", "130734.843000", "130734.777000", "130734.845000", "130734.779000", "130734.847000", "130734.780000", "130734.849000", "130734.782000", "130734.851000", "130734.784000", "130734.853000", "130734.786000", "130734.854000", "130734.788000", "130734.856000", "130734.789000", "130734.858000", "130734.791000", "130734.860000", "130734.793000", "130734.862000", "130734.795000", "130734.864000", "130734.796000", "130734.866000", "130734.798000", "130734.868000", "130734.800000", "130734.870000", "130734.802000", "130734.871000", "130734.804000", "130734.873000", "130734.806000", "130734.876000", "130734.808000", "130734.878000", "130734.809000", "130734.879000", "130734.811000", "130734.881000", "130734.813000", "130734.883000", "130734.815000", "130734.885000", "130734.817000", "130734.887000", "130734.819000"], "InstanceNumber": [1, 2, 3, 4, 5, 6, 7, 8, 9, 10, 11, 12, 13, 14, 15, 16, 17, 18, 19, 20, 21, 22, 23, 24, 25, 26, 27, 28, 29, 30, 31, 32, 33, 34, 35, 36, 37, 38, 39, 40, 41, 42, 43, 44, 45, 46, 47, 48, 49, 50, 51, 52, 53, 54, 55, 56, 57, 58, 59, 60, 61, 62, 63, 64, 65, 66, 67, 68, 69, 70, 71, 72], "LargestImagePixelValue": [4091, 4094, 4094, 4095, 4092, 4095, 4095, 4093, 4094, 4095, 4094, 4092, 4093, 4092, 4094, 4091, 4092, 4095, 4095, 4095, 4094, 4089, 4088, 4088, 4090, 4095, 4091, 4086, 4089, 4094, 4081, 4092, 4091, 4092, 4085, 4094, 4093, 4093, 4094, 4090, 4074, 4094, 4092, 4090, 4092, 4090, 4088, 4093, 4092, 4092, 4094, 4090, 4092, 4091, 4094, 4094, 4094, 4093, 4094, 4091, 4095, 4094, 4094, 4095, 4095, 4094, 4094, 4094, 4094, 4093, 4092, 4094], "SliceLocation": [-66.442403668209, -64.442404341197, -62.442404883123, -60.44240555611, -58.442406098036, -56.442402992996, -54.442403534922, -52.442404207909, -50.442404749835, -48.442405357292, -46.442405964749, -44.442402794178, -42.442403401634, -40.442404008155, -38.442404550081, -36.442405157538, -34.442405764994, -32.442404483437, -30.442405090894, -28.442403809337, -26.442404416325, -24.442405023782, -22.442403742225, -20.442404316916, -18.442404924373, -16.442403642348, -14.442404249805, -12.442403912754, -10.442404487212, -8.4424041501615, -6.4424042851306, -4.4424044203339, -2.4424043029107, -0.4424042904177, 1.5575956711764, 3.5575957722169, 5.5575958814487, 7.5575957535299, 9.5575960957582, 11.557595492514, 13.557595837873, 15.557595238607, 17.557595575892, 19.557594984818, 21.557596266609, 23.557595675535, 25.557595068078, 27.557596350103, 29.557595742647, 31.55759513519, 33.557596449512, 35.557595842056, 37.557595235067, 39.55759462761, 41.557594020154, 43.557597190725, 45.557596583268, 47.557595975811, 49.557595433885, 51.557594827365, 53.557594219908, 55.557597390479, 57.557596783022, 59.557596175566, 61.557595568109, 63.557594960652, 65.557594353195, 67.557593745739, 69.557593203813, 71.557592530825, 73.557591988899, 75.557598871967], "SmallestImagePixelValue": [0, 3, 0, 1, 0, 5, 0, 0, 0, 1, 1, 0, 2, 1, 1, 0, 1, 0, 1, 0, 1, 0, 4, 0, 16, 0, 7, 13, 4, 1, 6, 11, 11, 0, 2, 1, 7, 2, 0, 5, 6, 17, 2, 3, 1, 5, 6, 3, 0, 3, 4, 7, 0, 0, 2, 4, 6, 0, 0, 0, 1, 0, 0, 2, 0, 0, 0, 0, 0, 0, 0, 0], "WindowCenter": [-328.0, -298.0, -300.0, -222.0, -244.0, -218.0, -268.0, -262.0, -268.0, -312.0, -340.0, -300.0, -324.0, -336.0, -322.0, -270.0, -332.0, -324.0, -354.0, -300.0, -270.0, -230.0, -192.0, -148.0, -80.0, -50.0, -22.0, -26.0, -24.0, -38.0, -72.0, -88.0, -78.0, -76.0, -94.0, -78.0, -74.0, -68.0, -62.0, -70.0, -108.0, -100.0, -110.0, -74.0, -80.0, -54.0, -98.0, -84.0, -106.0, -126.0, -128.0, -120.0, -116.0, -164.0, -144.0, -164.0, -164.0, -130.0, -180.0, -194.0, -188.0, -176.0, -208.0, -196.0, -214.0, -244.0, -216.0, -234.0, -230.0, -284.0, -292.0, -318.0], "WindowWidth": [6038.0, 6078.0, 6122.0, 6176.0, 6136.0, 6180.0, 6180.0, 6220.0, 6172.0, 6130.0, 6158.0, 6204.0, 6186.0, 6192.0, 6188.0, 6168.0, 6084.0, 6038.0, 5892.0, 5876.0, 5752.0, 5614.0, 5576.0, 5592.0, 5628.0, 5632.0, 5580.0, 5534.0, 5530.0, 5498.0, 5452.0, 5414.0, 5464.0, 5432.0, 5328.0, 5380.0, 5392.0, 5402.0, 5426.0, 5364.0, 5182.0, 5272.0, 5172.0, 5292.0, 5182.0, 5322.0, 5168.0, 5410.0, 5334.0, 5446.0, 5500.0, 5532.0, 5598.0, 5430.0, 5580.0, 5554.0, 5630.0, 5756.0, 5850.0, 5844.0, 5846.0, 5868.0, 5988.0, 5994.0, 6096.0, 6058.0, 6086.0, 6122.0, 6182.0, 6208.0, 6330.0, 6380.0]}}, "IntendedFor": ["ses-1/func/sub-57_ses-1_task-motor_run-06_bold.nii.gz", "ses-1/func/sub-57_ses-1_task-motor_run-04_bold.nii.gz", "ses-1/func/sub-57_ses-1_task-motor_run-01_bold.nii.gz", "ses-1/func/sub-57_ses-1_task-motor_run-03_bold.nii.gz", "ses-1/func/sub-57_ses-1_task-motor_run-02_bold.nii.gz", "ses-1/func/sub-57_ses-1_task-motor_run-05_bold.nii.gz"]}