{"AcquisitionMatrixPE": 100, "AcquisitionNumber": 1, "AcquisitionTime": "09:49:11.660000", "BaseResolution": 100, "BodyPartExamined": "BRAIN", "ConsistencyInfo": "N4_VE11C_LATEST_20160120", "ConversionSoftware": "dcm2niix", "ConversionSoftwareVersion": "v1.0.20180622 GCC4.9.2", "DeviceSerialNumber": "166078", "DwellTime": 8.8e-06, "EchoNumber": 2, "EchoTime": 0.00738, "EchoTime1": 0.00492, "EchoTime2": 0.00738, "FlipAngle": 60, "ImageOrientationPatientDICOM": [0.995651, 0.0856848, 0.0365798, -0.0643858, 0.916606, -0.394573], "ImageType": ["ORIGINAL", "PRIMARY", "P", "ND"], "InPlanePhaseEncodingDirectionDICOM": "ROW", "InstitutionAddress": "Street_StreetNo_Bei_Jing_District_CN_ZIP", "InstitutionName": "BeiJing_Normal_University", "InstitutionalDepartmentName": "Department", "MRAcquisitionType": "2D", "MagneticFieldStrength": 3, "Manufacturer": "Siemens", "ManufacturersModelName": "Prisma", "Modality": "MR", "PartialFourier": 1, "PatientPosition": "HFS", "PercentPhaseFOV": 100, "PhaseEncodingDirection": "i", "PhaseEncodingSteps": 100, "PhaseResolution": 1, "PixelBandwidth": 570, "ProcedureStepDescription": "BNU_P2018_64CH_Liu.Jia", "ProtocolName": "field_mapping_2x2x2", "PulseSequenceDetails": "%SiemensSeq%_gre_field_mapping", "ReceiveCoilActiveElements": "HC1-7;NC1", "ReceiveCoilName": "HeadNeck_64", "ReconMatrixPE": 100, "RepetitionTime": 0.72, "SAR": 0.105014, "ScanningSequence": "GR", "SequenceName": "_fm2d2r", "SequenceVariant": "SP", "SeriesDescription": "field_mapping_2x2x2", "SeriesNumber": 7, "ShimSetting": [-5442, -11491, -1248, 370, 11, -235, -204, 4], "SliceThickness": 2, "SoftwareVersions": "syngo_MR_E11", "SpacingBetweenSlices": 2, "StationName": "AWP166078", "TxRefAmp": 217.447, "dcmmeta_affine": [[-1.9913010597229004, -0.12877166271209717, 0.13467645645141602, 101.9794692993164], [-0.17136959731578827, 1.833211898803711, -0.7810039520263672, -45.96921157836914], [0.0731596127152443, 0.7891463041305542, 1.836273193359375, -105.71511840820312], [0.0, 0.0, 0.0, 1.0]], "dcmmeta_reorient_transform": [[0.0, -1.0, 0.0, 99.0], [1.0, 0.0, 0.0, 0.0], [0.0, 0.0, -1.0, 71.0], [0.0, 0.0, 0.0, 1.0]], "dcmmeta_shape": [100, 100, 72], "dcmmeta_slice_dim": 2, "dcmmeta_version": 0.6, "global": {"const": {"AcquisitionMatrix": [0, 100, 100, 0], "AcquisitionNumber": 1, "AngioFlag": "N", "BitsAllocated": 16, "BitsStored": 12, "BodyPartExamined": "BRAIN", "Columns": 100, "EchoNumbers": 2, "EchoTime": 7.38, "EchoTrainLength": 0, "FlipAngle": 60.0, "HighBit": 11, "ImageOrientationPatient": [0.99565055749938, 0.08568480120854, 0.03657980580894, -0.0643858325812, 0.91660596122198, -0.394573157241], "ImageType": ["ORIGINAL", "PRIMARY", "P", "ND"], "ImagedNucleus": "1H", "ImagingFrequency": 123.257865, "InPlanePhaseEncodingDirection": "ROW", "MRAcquisitionType": "2D", "MagneticFieldStrength": 3.0, "Manufacturer": "SIEMENS", "ManufacturerModelName": "Prisma", "Modality": "MR", "NumberOfAverages": 1.0, "NumberOfPhaseEncodingSteps": 100, "PercentPhaseFieldOfView": 100.0, "PercentSampling": 100.0, "PerformedProcedureStepStartTime": "090027.078000", "PhotometricInterpretation": "MONOCHROME2", "PixelBandwidth": 570.0, "PixelRepresentation": 0, "PixelSpacing": [2.0, 2.0], "ProtocolName": "field_mapping_2x2x2", "RepetitionTime": 720.0, "RescaleIntercept": -4096.0, "RescaleSlope": 2.0, "RescaleType": "US", "Rows": 100, "SAR": 0.10501446562335, "SamplesPerPixel": 1, "ScanningSequence": "GR", "SequenceName": "*fm2d2r", "SequenceVariant": "SP", "SeriesDescription": "field_mapping_2x2x2", "SeriesNumber": 7, "SeriesTime": "095135.957000", "SliceThickness": 2.0, "SoftwareVersions": "syngo MR E11", "SpacingBetweenSlices": 2.0, "SpecificCharacterSet": "ISO_IR 100", "StudyID": "1", "StudyTime": "090026.954000", "TransmitCoilName": "Body", "VariableFlipAngleFlag": "N", "WindowCenterWidthExplanation": "Algo1", "dBdt": 0.0}, "slices": {"AcquisitionTime": ["094911.660000", "094911.300000", "094911.670000", "094911.310000", "094911.680000", "094911.320000", "094911.690000", "094911.330000", "094911.700000", "094911.340000", "094911.710000", "094911.350000", "094911.720000", "094911.360000", "094911.730000", "094911.370000", "094911.740000", "094911.380000", "094911.750000", "094911.390000", "094911.760000", "094911.400000", "094911.770000", "094911.410000", "094911.780000", "094911.420000", "094911.790000", "094911.430000", "094911.800000", "094911.440000", "094911.810000", "094911.450000", "094911.820000", "094911.460000", "094911.830000", "094911.470000", "094911.840000", "094911.480000", "094911.850000", "094911.490000", "094911.860000", "094911.500000", "094911.870000", "094911.510000", "094911.880000", "094911.520000", "094911.890000", "094911.530000", "094911.900000", "094911.540000", "094911.910000", "094911.550000", "094911.920000", "094911.560000", "094911.930000", "094911.570000", "094911.940000", "094911.580000", "094911.950000", "094911.590000", "094911.960000", "094911.600000", "094911.970000", "094911.610000", "094911.980000", "094911.620000", "094911.990000", "094911.630000", "094912.000000", "094911.640000", "094912.010000", "094911.650000"], "ContentTime": ["095136.026000", "095135.959000", "095136.027000", "095135.961000", "095136.029000", "095135.963000", "095136.031000", "095135.965000", "095136.033000", "095135.966000", "095136.034000", "095135.968000", "095136.036000", "095135.970000", "095136.038000", "095135.972000", "095136.040000", "095135.974000", "095136.041000", "095135.975000", "095136.043000", "095135.978000", "095136.045000", "095135.980000", "095136.047000", "095135.982000", "095136.048000", "095135.983000", "095136.050000", "095135.985000", "095136.052000", "095135.987000", "095136.054000", "095135.989000", "095136.055000", "095135.990000", "095136.057000", "095135.992000", "095136.059000", "095135.994000", "095136.063000", "095135.996000", "095136.066000", "095135.997000", "095136.069000", "095136.000000", "095136.071000", "095136.002000", "095136.073000", "095136.004000", "095136.075000", "095136.005000", "095136.078000", "095136.007000", "095136.079000", "095136.010000", "095136.081000", "095136.011000", "095136.083000", "095136.013000", "095136.085000", "095136.015000", "095136.087000", "095136.017000", "095136.088000", "095136.018000", "095136.090000", "095136.020000", "095136.092000", "095136.022000", "095136.094000", "095136.024000"], "CsaImage.GSWDDataType": ["measured", "predicted", "measured", "predicted", "measured", "predicted", "measured", "predicted", "measured", "predicted", "measured", "predicted", "measured", "predicted", "measured", "predicted", "measured", "predicted", "measured", "predicted", "measured", "predicted", "measured", "predicted", "measured", "predicted", "measured", "predicted", "measured", "predicted", "measured", "predicted", "measured", "predicted", "measured", "predicted", "measured", "predicted", "measured", "predicted", "measured", "predicted", "measured", "predicted", "measured", "predicted", "measured", "predicted", "measured", "predicted", "measured", "predicted", "measured", "predicted", "measured", "predicted", "measured", "predicted", "measured", "predicted", "measured", "predicted", "measured", "predicted", "measured", "predicted", "measured", "predicted", "measured", "predicted", "measured", "predicted"], "CsaImage.ICE_Dims": ["X_2_1_1_1_1_1_37_1_1_1_1_26", "X_2_1_1_1_1_1_1_1_1_2_1_26", "X_2_1_1_1_1_1_38_1_1_3_1_26", "X_2_1_1_1_1_1_2_1_1_4_1_26", "X_2_1_1_1_1_1_39_1_1_5_1_26", "X_2_1_1_1_1_1_3_1_1_6_1_26", "X_2_1_1_1_1_1_40_1_1_7_1_26", "X_2_1_1_1_1_1_4_1_1_8_1_26", "X_2_1_1_1_1_1_41_1_1_9_1_26", "X_2_1_1_1_1_1_5_1_1_10_1_26", "X_2_1_1_1_1_1_42_1_1_11_1_26", "X_2_1_1_1_1_1_6_1_1_12_1_26", "X_2_1_1_1_1_1_43_1_1_13_1_26", "X_2_1_1_1_1_1_7_1_1_14_1_26", "X_2_1_1_1_1_1_44_1_1_15_1_26", "X_2_1_1_1_1_1_8_1_1_16_1_26", "X_2_1_1_1_1_1_45_1_1_17_1_26", "X_2_1_1_1_1_1_9_1_1_18_1_26", "X_2_1_1_1_1_1_46_1_1_19_1_26", "X_2_1_1_1_1_1_10_1_1_20_1_26", "X_2_1_1_1_1_1_47_1_1_21_1_26", "X_2_1_1_1_1_1_11_1_1_22_1_26", "X_2_1_1_1_1_1_48_1_1_23_1_26", "X_2_1_1_1_1_1_12_1_1_24_1_26", "X_2_1_1_1_1_1_49_1_1_25_1_26", "X_2_1_1_1_1_1_13_1_1_26_1_26", "X_2_1_1_1_1_1_50_1_1_27_1_26", "X_2_1_1_1_1_1_14_1_1_28_1_26", "X_2_1_1_1_1_1_51_1_1_29_1_26", "X_2_1_1_1_1_1_15_1_1_30_1_26", "X_2_1_1_1_1_1_52_1_1_31_1_26", "X_2_1_1_1_1_1_16_1_1_32_1_26", "X_2_1_1_1_1_1_53_1_1_33_1_26", "X_2_1_1_1_1_1_17_1_1_34_1_26", "X_2_1_1_1_1_1_54_1_1_35_1_26", "X_2_1_1_1_1_1_18_1_1_36_1_26", "X_2_1_1_1_1_1_55_1_1_37_1_26", "X_2_1_1_1_1_1_19_1_1_38_1_26", "X_2_1_1_1_1_1_56_1_1_39_1_26", "X_2_1_1_1_1_1_20_1_1_40_1_26", "X_2_1_1_1_1_1_57_1_1_41_1_26", "X_2_1_1_1_1_1_21_1_1_42_1_26", "X_2_1_1_1_1_1_58_1_1_43_1_26", "X_2_1_1_1_1_1_22_1_1_44_1_26", "X_2_1_1_1_1_1_59_1_1_45_1_26", "X_2_1_1_1_1_1_23_1_1_46_1_26", "X_2_1_1_1_1_1_60_1_1_47_1_26", "X_2_1_1_1_1_1_24_1_1_48_1_26", "X_2_1_1_1_1_1_61_1_1_49_1_26", "X_2_1_1_1_1_1_25_1_1_50_1_26", "X_2_1_1_1_1_1_62_1_1_51_1_26", "X_2_1_1_1_1_1_26_1_1_52_1_26", "X_2_1_1_1_1_1_63_1_1_53_1_26", "X_2_1_1_1_1_1_27_1_1_54_1_26", "X_2_1_1_1_1_1_64_1_1_55_1_26", "X_2_1_1_1_1_1_28_1_1_56_1_26", "X_2_1_1_1_1_1_65_1_1_57_1_26", "X_2_1_1_1_1_1_29_1_1_58_1_26", "X_2_1_1_1_1_1_66_1_1_59_1_26", "X_2_1_1_1_1_1_30_1_1_60_1_26", "X_2_1_1_1_1_1_67_1_1_61_1_26", "X_2_1_1_1_1_1_31_1_1_62_1_26", "X_2_1_1_1_1_1_68_1_1_63_1_26", "X_2_1_1_1_1_1_32_1_1_64_1_26", "X_2_1_1_1_1_1_69_1_1_65_1_26", "X_2_1_1_1_1_1_33_1_1_66_1_26", "X_2_1_1_1_1_1_70_1_1_67_1_26", "X_2_1_1_1_1_1_34_1_1_68_1_26", "X_2_1_1_1_1_1_71_1_1_69_1_26", "X_2_1_1_1_1_1_35_1_1_70_1_26", "X_2_1_1_1_1_1_72_1_1_71_1_26", "X_2_1_1_1_1_1_36_1_1_72_1_26"], "CsaImage.ProtocolSliceNumber": [0, 1, 2, 3, 4, 5, 6, 7, 8, 9, 10, 11, 12, 13, 14, 15, 16, 17, 18, 19, 20, 21, 22, 23, 24, 25, 26, 27, 28, 29, 30, 31, 32, 33, 34, 35, 36, 37, 38, 39, 40, 41, 42, 43, 44, 45, 46, 47, 48, 49, 50, 51, 52, 53, 54, 55, 56, 57, 58, 59, 60, 61, 62, 63, 64, 65, 66, 67, 68, 69, 70, 71], "CsaImage.RFSWDDataType": ["measured", "predicted", "measured", "predicted", "measured", "predicted", "measured", "predicted", "measured", "predicted", "measured", "predicted", "measured", "predicted", "measured", "predicted", "measured", "predicted", "measured", "predicted", "measured", "predicted", "measured", "predicted", "measured", "predicted", "measured", "predicted", "measured", "predicted", "measured", "predicted", "measured", "predicted", "measured", "predicted", "measured", "predicted", "measured", "predicted", "measured", "predicted", "measured", "predicted", "measured", "predicted", "measured", "predicted", "measured", "predicted", "measured", "predicted", "measured", "predicted", "measured", "predicted", "measured", "predicted", "measured", "predicted", "measured", "predicted", "measured", "predicted", "measured", "predicted", "measured", "predicted", "measured", "measured", "measured", "measured"], "CsaImage.SlicePosition_PCS": [[-89.23108365, -135.51874147, -27.58956943], [-89.36575987, -134.73773561, -25.75329623], [-89.50043632, -133.95673356, -23.91702686], [-89.63511278, -133.1757277, -22.08075366], [-89.76978924, -132.39472566, -20.24448047], [-89.90446546, -131.61372171, -18.40820728], [-90.03914191, -130.83271966, -16.5719379], [-90.17381837, -130.05171571, -14.7356647], [-90.30849459, -129.27071176, -12.89939151], [-90.44317104, -128.4897078, -11.06311832], [-90.5778475, -127.70870576, -9.22684894], [-90.71252372, -126.92770181, -7.39057575], [-90.84720017, -126.14669786, -5.55430255], [-90.98187663, -125.3656939, -3.71802936], [-91.11655285, -124.58468995, -1.88175998], [-91.2512293, -123.80368791, -0.04548679], [-91.38590564, -123.02268395, 1.79078641], [-91.5205821, -122.24168, 3.6270596], [-91.65525844, -121.46067605, 5.46333089], [-91.78993489, -120.67967401, 7.29960217], [-91.92461123, -119.89867005, 9.13587537], [-92.05928757, -119.1176661, 10.97214665], [-92.19396396, -118.33666215, 12.80841984], [-92.32864036, -117.5556582, 14.64469113], [-92.46331676, -116.77465615, 16.48096432], [-92.59799309, -115.9936522, 18.31723561], [-92.73266949, -115.21264825, 20.1535088], [-92.86734589, -114.43164525, 21.98978104], [-93.00202227, -113.6506413, 23.82605328], [-93.13669865, -112.8696383, 25.66232552], [-93.27137503, -112.08863435, 27.49859776], [-93.40605142, -111.30763135, 29.33487], [-93.54072778, -110.5266274, 31.17114224], [-93.67540415, -109.74562345, 33.00741448], [-93.81008055, -108.96462045, 34.84368678], [-93.94475694, -108.18361697, 36.67995902], [-94.07943334, -107.4026135, 38.5162312], [-94.21410968, -106.62161002, 40.35250344], [-94.34878613, -105.84060607, 42.18877568], [-94.48346247, -105.05960259, 44.02504792], [-94.61813881, -104.27859912, 45.86132016], [-94.75281527, -103.49759564, 47.6975924], [-94.8874916, -102.71659217, 49.53386464], [-95.02216794, -101.93558869, 51.37013688], [-95.1568444, -101.15458516, 53.20640912], [-95.29152085, -100.37358164, 55.04268231], [-95.42619707, -99.59257815, 56.8789536], [-95.56087353, -98.81157456, 58.71522679], [-95.69554998, -98.03057108, 60.55149808], [-95.8302262, -97.2495676, 62.38777127], [-95.96490266, -96.46856413, 64.22404256], [-96.09957911, -95.68756042, 66.06031575], [-96.23425533, -94.90655694, 67.89658704], [-96.36893179, -94.12555347, 69.73286023], [-96.50360825, -93.34454999, 71.56913342], [-96.63828446, -92.56354652, 73.4054028], [-96.77296092, -91.78254304, 75.24167599], [-96.90763738, -91.00153909, 77.07794919], [-97.04231359, -90.22053609, 78.91422238], [-97.17699005, -89.43953214, 80.75049176], [-97.31166651, -88.65852914, 82.58676495], [-97.44634296, -87.87752519, 84.42303815], [-97.58101942, -87.09652219, 86.25931134], [-97.7156954, -86.31551824, 88.09558072], [-97.85037186, -85.53451428, 89.93185391], [-97.98504831, -84.75351129, 91.7681271], [-98.11972477, -83.97250733, 93.6044003], [-98.25440123, -83.19150338, 95.44066968], [-98.38907768, -82.41050134, 97.27694287], [-98.52375366, -81.62949739, 99.11321606], [-98.65843012, -80.84849343, 100.94948926], [-98.79310657, -80.06748948, 102.78576245]], "CsaImage.TimeAfterStart": [1.0825, 0.7225, 1.0925, 0.7325, 1.1025, 0.7425, 1.1125, 0.7525, 1.1225, 0.7625, 1.1325, 0.7725, 1.1425, 0.7825, 1.1525, 0.7925, 1.1625, 0.8025, 1.1725, 0.8125, 1.1825, 0.8225, 1.1925, 0.8325, 1.2025, 0.8425, 1.2125, 0.8525, 1.2225, 0.8625, 1.2325, 0.8725, 1.2425, 0.8825, 1.2525, 0.8925, 1.2625, 0.9025, 1.2725, 0.9125, 1.2825, 0.9225, 1.2925, 0.9325, 1.3025, 0.9425, 1.3125, 0.9525, 1.3225, 0.9625, 1.3325, 0.9725, 1.3425, 0.9825, 1.3525, 0.9925, 1.3625, 1.0025, 1.3725, 1.0125, 1.3825, 1.0225, 1.3925, 1.0325, 1.4025, 1.0425, 1.4125, 1.0525, 1.4225, 1.0625, 1.4325, 1.0725], "ImagePositionPatient": [[-89.231083650185, -135.51874146522, -27.589569428324], [-89.365759868218, -134.73773560584, -25.753296234965], [-89.500436324669, -133.95673356117, -23.917026856303], [-89.635112781121, -133.17572770179, -22.080753662943], [-89.769789237572, -132.39472565711, -20.244480469584], [-89.904465455605, -131.61372170509, -18.408207276224], [-90.039141912057, -130.83271966041, -16.571937897562], [-90.173818368508, -130.05171570838, -14.735664704203], [-90.308494586541, -129.27071175636, -12.899391510844], [-90.443171042992, -128.48970780433, -11.063118317484], [-90.577847499444, -127.70870575965, -9.2268489388221], [-90.712523717476, -126.92770180763, -7.3905757454627], [-90.847200173928, -126.1466978556, -5.5543025521033], [-90.981876630379, -125.36569390357, -3.7180293587439], [-91.116552848412, -124.58468995155, -1.8817599800818], [-91.251229304864, -123.80368790687, -0.0454867867224], [-91.385905642106, -123.02268395484, 1.7907864066369], [-91.520582098557, -122.24168000282, 3.6270595999963], [-91.655258435799, -121.46067605079, 5.4633308860071], [-91.789934892251, -120.67967400611, 7.2996021720178], [-91.924611229493, -119.89867005409, 9.1358753653772], [-92.059287566735, -119.11766610206, 10.972146651388], [-92.193963963582, -118.33666215003, 12.808419844747], [-92.328640360428, -117.55565819801, 14.644691130758], [-92.463316757275, -116.77465615333, 16.480964324117], [-92.597993094517, -115.9936522013, 18.317235610128], [-92.732669491364, -115.21264824928, 20.153508803488], [-92.867345888211, -114.43164525093, 21.989781043173], [-93.002022270156, -113.6506412989, 23.826053282858], [-93.136698647445, -112.86963830055, 25.662325522543], [-93.271375034048, -112.08863434852, 27.498597762228], [-93.406051415993, -111.30763135017, 29.334870001913], [-93.540727783038, -110.52662739814, 31.171142241598], [-93.675404150082, -109.74562344612, 33.007414481283], [-93.810080546929, -108.96462044776, 34.843686780573], [-93.944756943776, -108.18361697257, 36.679959020258], [-94.079433340622, -107.40261349739, 38.516231200338], [-94.214109677865, -106.6216100222, 40.352503440023], [-94.348786134316, -105.84060607017, 42.188775679708], [-94.483462471558, -105.05960259498, 44.025047919393], [-94.6181388088, -104.27859911979, 45.861320159078], [-94.752815265252, -103.4975956446, 47.697592398763], [-94.887491602494, -102.71659216941, 49.533864638448], [-95.022167939736, -101.93558869422, 51.370136878134], [-95.156844396187, -101.15458515943, 53.206409117819], [-95.291520852639, -100.37358163954, 55.042682311178], [-95.426197070672, -99.592578149447, 56.878953597189], [-95.560873527123, -98.811574555048, 58.715226790548], [-95.695549983574, -98.030571079859, 60.551498076559], [-95.830226201607, -97.24956760467, 62.387771269918], [-95.964902658059, -96.468564129481, 64.224042555929], [-96.09957911451, -95.687560415873, 66.060315749288], [-96.234255332543, -94.906556940684, 67.896587035299], [-96.368931788994, -94.125553465495, 69.732860228658], [-96.503608245446, -93.344549990305, 71.569133422018], [-96.638284463479, -92.563546515116, 73.40540280068], [-96.77296091993, -91.782543039927, 75.241675994039], [-96.907637376381, -91.001539087901, 77.077949187399], [-97.042313594414, -90.220536089549, 78.914222380758], [-97.176990050866, -89.439532137522, 80.75049175942], [-97.311666507317, -88.65852913917, 82.58676495278], [-97.446342963769, -87.877525187144, 84.423038146139], [-97.58101942022, -87.096522188792, 86.259311339498], [-97.715695399834, -86.315518236765, 88.09558071816], [-97.850371856286, -85.534514284739, 89.93185391152], [-97.985048312737, -84.753511286387, 91.768127104879], [-98.119724769188, -83.972507334361, 93.604400298238], [-98.25440122564, -83.191503382334, 95.440669676901], [-98.389077682091, -82.410501337656, 97.27694287026], [-98.523753661706, -81.62949738563, 99.113216063619], [-98.658430118157, -80.848493433604, 100.94948925698], [-98.793106574608, -80.067489481577, 102.78576245034]], "InstanceCreationTime": ["095136.026000", "095135.959000", "095136.027000", "095135.961000", "095136.029000", "095135.963000", "095136.031000", "095135.965000", "095136.033000", "095135.966000", "095136.034000", "095135.968000", "095136.036000", "095135.970000", "095136.038000", "095135.972000", "095136.040000", "095135.974000", "095136.041000", "095135.975000", "095136.043000", "095135.978000", "095136.045000", "095135.980000", "095136.047000", "095135.982000", "095136.048000", "095135.983000", "095136.050000", "095135.985000", "095136.052000", "095135.987000", "095136.054000", "095135.989000", "095136.055000", "095135.990000", "095136.057000", "095135.992000", "095136.059000", "095135.994000", "095136.063000", "095135.996000", "095136.066000", "095135.997000", "095136.069000", "095136.000000", "095136.071000", "095136.002000", "095136.073000", "095136.004000", "095136.075000", "095136.005000", "095136.078000", "095136.007000", "095136.079000", "095136.010000", "095136.081000", "095136.011000", "095136.083000", "095136.013000", "095136.085000", "095136.015000", "095136.087000", "095136.017000", "095136.088000", "095136.018000", "095136.090000", "095136.020000", "095136.092000", "095136.022000", "095136.094000", "095136.024000"], "InstanceNumber": [1, 2, 3, 4, 5, 6, 7, 8, 9, 10, 11, 12, 13, 14, 15, 16, 17, 18, 19, 20, 21, 22, 23, 24, 25, 26, 27, 28, 29, 30, 31, 32, 33, 34, 35, 36, 37, 38, 39, 40, 41, 42, 43, 44, 45, 46, 47, 48, 49, 50, 51, 52, 53, 54, 55, 56, 57, 58, 59, 60, 61, 62, 63, 64, 65, 66, 67, 68, 69, 70, 71, 72], "LargestImagePixelValue": [4094, 4094, 4095, 4095, 4093, 4093, 4094, 4095, 4092, 4094, 4093, 4095, 4093, 4091, 4095, 4094, 4091, 4094, 4094, 4093, 4090, 4094, 4092, 4089, 4086, 4095, 4086, 4095, 4091, 4093, 4075, 4079, 4086, 4088, 4092, 4092, 4094, 4085, 4093, 4087, 4094, 4094, 4095, 4091, 4094, 4093, 4088, 4094, 4086, 4087, 4095, 4092, 4094, 4093, 4091, 4094, 4092, 4095, 4095, 4095, 4093, 4093, 4087, 4094, 4091, 4095, 4095, 4095, 4094, 4094, 4095, 4095], "SliceLocation": [-72.242628031891, -70.242626262709, -68.242629469531, -66.242627684294, -64.242627388704, -62.242626364346, -60.242629571167, -58.242628530754, -56.242627506396, -54.242626465983, -52.242629672804, -50.242628648446, -48.242627608033, -46.24262656762, -44.242629045673, -42.242628750082, -40.242627717697, -38.242626677284, -36.242627396104, -34.242628851719, -32.242627819333, -30.242628538153, -28.242627501754, -26.24262821656, -24.242627924984, -22.242628643804, -20.242627607404, -18.242627819019, -16.242627659226, -14.242627872158, -12.242627712052, -10.24262792467, -8.2426277658802, -6.2426276070904, -4.2426277639802, -2.2426277893894, -0.2426278695238, 1.7573721010534, 3.7573722658636, 5.7573722364407, 7.7573722070179, 9.7573721856224, 11.757372156199, 13.757372126777, 15.757372128657, 17.757373000321, 19.757372093087, 21.757372993846, 23.757372096847, 25.757372935, 27.757372038001, 29.757372985312, 31.757372072259, 33.757372926466, 35.757373780673, 37.757371116415, 39.757371970622, 41.757373011035, 43.757373662982, 45.757371200984, 47.757371868985, 49.757372909398, 51.7573735774, 53.757371083292, 55.757372123705, 57.757372791707, 59.75737383212, 61.757371370121, 63.757371665712, 65.757372674015, 67.757373714428, 69.757374754841], "SmallestImagePixelValue": [0, 0, 2, 0, 0, 0, 0, 0, 0, 0, 0, 0, 0, 0, 0, 3, 2, 0, 0, 0, 0, 5, 1, 0, 22, 3, 1, 2, 8, 0, 20, 4, 0, 8, 6, 7, 3, 2, 11, 15, 9, 1, 0, 13, 4, 3, 3, 0, 5, 4, 0, 3, 0, 2, 0, 0, 2, 1, 1, 0, 0, 0, 1, 0, 0, 0, 0, 1, 0, 0, 0, 0], "WindowCenter": [-276.0, -214.0, -256.0, -236.0, -198.0, -188.0, -136.0, -140.0, -172.0, -222.0, -230.0, -274.0, -300.0, -308.0, -308.0, -326.0, -366.0, -438.0, -350.0, -330.0, -302.0, -324.0, -316.0, -332.0, -264.0, -336.0, -328.0, -306.0, -170.0, -184.0, -144.0, -248.0, -246.0, -232.0, -104.0, -204.0, -208.0, -212.0, -72.0, -40.0, -182.0, -20.0, -164.0, 22.0, -128.0, -110.0, -18.0, -138.0, -154.0, -160.0, -52.0, -190.0, -198.0, -210.0, -94.0, -118.0, -242.0, -230.0, -234.0, -232.0, -254.0, -256.0, -280.0, -132.0, -290.0, -158.0, -128.0, -152.0, -180.0, -182.0, -300.0, -300.0], "WindowWidth": [6272.0, 6372.0, 6320.0, 6388.0, 6376.0, 6406.0, 6438.0, 6396.0, 6312.0, 6314.0, 6172.0, 6088.0, 6086.0, 6016.0, 5998.0, 5964.0, 5912.0, 5836.0, 5756.0, 5518.0, 5642.0, 5550.0, 5294.0, 5106.0, 5194.0, 4628.0, 4620.0, 4616.0, 5238.0, 4908.0, 5300.0, 4592.0, 4590.0, 4580.0, 5080.0, 4562.0, 4558.0, 4568.0, 5156.0, 5214.0, 4544.0, 5192.0, 4530.0, 5222.0, 4512.0, 4502.0, 4924.0, 4530.0, 4540.0, 4550.0, 5032.0, 4586.0, 4604.0, 4620.0, 5116.0, 5164.0, 4662.0, 4664.0, 4670.0, 4680.0, 4714.0, 4740.0, 4756.0, 5476.0, 4800.0, 5788.0, 5622.0, 5920.0, 5704.0, 6038.0, 5706.0, 5894.0]}}, "IntendedFor": ["ses-1/func/sub-35_ses-1_task-motor_run-05_bold.nii.gz", "ses-1/func/sub-35_ses-1_task-motor_run-03_bold.nii.gz", "ses-1/func/sub-35_ses-1_task-motor_run-01_bold.nii.gz", "ses-1/func/sub-35_ses-1_task-motor_run-02_bold.nii.gz", "ses-1/func/sub-35_ses-1_task-motor_run-06_bold.nii.gz", "ses-1/func/sub-35_ses-1_task-motor_run-04_bold.nii.gz"]}