{"AcquisitionMatrixPE": 100, "AcquisitionNumber": 1, "AcquisitionTime": "18:12:19.097500", "BaseResolution": 100, "BodyPartExamined": "BRAIN", "ConsistencyInfo": "N4_VE11C_LATEST_20160120", "ConversionSoftware": "dcm2niix", "ConversionSoftwareVersion": "v1.0.20180622 GCC4.9.2", "DeviceSerialNumber": "166078", "DwellTime": 8.8e-06, "EchoNumber": 2, "EchoTime": 0.00738, "EchoTime1": 0.00492, "EchoTime2": 0.00738, "FlipAngle": 60, "ImageOrientationPatientDICOM": [1, 4.897e-12, 0, -4.897e-12, 1, 0], "ImageType": ["ORIGINAL", "PRIMARY", "P", "ND"], "InPlanePhaseEncodingDirectionDICOM": "ROW", "InstitutionAddress": "Street_StreetNo_Bei_Jing_District_CN_ZIP", "InstitutionName": "BeiJing_Normal_University", "InstitutionalDepartmentName": "Department", "MRAcquisitionType": "2D", "MagneticFieldStrength": 3, "Manufacturer": "Siemens", "ManufacturersModelName": "Prisma", "Modality": "MR", "PartialFourier": 1, "PatientPosition": "HFS", "PercentPhaseFOV": 100, "PhaseEncodingDirection": "i", "PhaseEncodingSteps": 100, "PhaseResolution": 1, "PixelBandwidth": 570, "ProcedureStepDescription": "BNU_P2018_64CH_Liu.Jia", "ProtocolName": "field_mapping_2x2x2", "PulseSequenceDetails": "%SiemensSeq%_gre_field_mapping", "ReceiveCoilActiveElements": "HC1-7;NC1", "ReceiveCoilName": "HeadNeck_64", "ReconMatrixPE": 100, "RepetitionTime": 0.72, "SAR": 0.128437, "ScanningSequence": "GR", "SequenceName": "_fm2d2r", "SequenceVariant": "SP", "SeriesDescription": "field_mapping_2x2x2", "SeriesNumber": 13, "ShimSetting": [-5463, -11467, -1235, 372, 30, -143, -256, 40], "SliceThickness": 2, "SoftwareVersions": "syngo_MR_E11", "SpacingBetweenSlices": 2, "StationName": "AWP166078", "TxRefAmp": 231.814, "dcmmeta_affine": [[-2.0, -9.79399981254625e-12, 0.0, 99.32530212402344], [-9.79399981254625e-12, 2.0, 0.0, -98.48674774169922], [0.0, 0.0, 2.0, -68.59036254882812], [0.0, 0.0, 0.0, 1.0]], "dcmmeta_reorient_transform": [[0.0, -1.0, 0.0, 99.0], [1.0, 0.0, 0.0, 0.0], [0.0, 0.0, -1.0, 71.0], [0.0, 0.0, 0.0, 1.0]], "dcmmeta_shape": [100, 100, 72], "dcmmeta_slice_dim": 2, "dcmmeta_version": 0.6, "global": {"const": {"AcquisitionMatrix": [0, 100, 100, 0], "AcquisitionNumber": 1, "AngioFlag": "N", "BitsAllocated": 16, "BitsStored": 12, "BodyPartExamined": "BRAIN", "Columns": 100, "EchoNumbers": 2, "EchoTime": 7.38, "EchoTrainLength": 0, "FlipAngle": 60.0, "HighBit": 11, "ImageOrientationPatient": [1.0, 4.897e-12, 0.0, -4.897e-12, 1.0, 0.0], "ImageType": ["ORIGINAL", "PRIMARY", "P", "ND"], "ImagedNucleus": "1H", "ImagingFrequency": 123.257817, "InPlanePhaseEncodingDirection": "ROW", "MRAcquisitionType": "2D", "MagneticFieldStrength": 3.0, "Manufacturer": "SIEMENS", "ManufacturerModelName": "Prisma", "Modality": "MR", "NumberOfAverages": 1.0, "NumberOfPhaseEncodingSteps": 100, "PercentPhaseFieldOfView": 100.0, "PercentSampling": 100.0, "PerformedProcedureStepStartTime": "164957.957000", "PhotometricInterpretation": "MONOCHROME2", "PixelBandwidth": 570.0, "PixelRepresentation": 0, "PixelSpacing": [2.0, 2.0], "ProtocolName": "field_mapping_2x2x2", "RepetitionTime": 720.0, "RescaleIntercept": -4096.0, "RescaleSlope": 2.0, "RescaleType": "US", "Rows": 100, "SAR": 0.12843651187569, "SamplesPerPixel": 1, "ScanningSequence": "GR", "SequenceName": "*fm2d2r", "SequenceVariant": "SP", "SeriesDescription": "field_mapping_2x2x2", "SeriesNumber": 13, "SeriesTime": "181443.755000", "SliceThickness": 2.0, "SoftwareVersions": "syngo MR E11", "SpacingBetweenSlices": 2.0, "SpecificCharacterSet": "ISO_IR 100", "StudyID": "1", "StudyTime": "164957.828000", "TransmitCoilName": "Body", "VariableFlipAngleFlag": "N", "WindowCenterWidthExplanation": "Algo1", "dBdt": 0.0}, "slices": {"AcquisitionTime": ["181219.097500", "181218.737500", "181219.107500", "181218.747500", "181219.117500", "181218.757500", "181219.127500", "181218.767500", "181219.137500", "181218.777500", "181219.147500", "181218.787500", "181219.157500", "181218.797500", "181219.167500", "181218.807500", "181219.177500", "181218.817500", "181219.187500", "181218.827500", "181219.197500", "181218.837500", "181219.207500", "181218.847500", "181219.217500", "181218.857500", "181219.227500", "181218.867500", "181219.237500", "181218.877500", "181219.247500", "181218.887500", "181219.257500", "181218.897500", "181219.267500", "181218.907500", "181219.277500", "181218.917500", "181219.287500", "181218.927500", "181219.297500", "181218.937500", "181219.307500", "181218.947500", "181219.317500", "181218.957500", "181219.327500", "181218.967500", "181219.337500", "181218.977500", "181219.347500", "181218.987500", "181219.357500", "181218.997500", "181219.367500", "181219.007500", "181219.377500", "181219.017500", "181219.387500", "181219.027500", "181219.397500", "181219.037500", "181219.407500", "181219.047500", "181219.417500", "181219.057500", "181219.427500", "181219.067500", "181219.437500", "181219.077500", "181219.447500", "181219.087500"], "ContentTime": ["181443.827000", "181443.756000", "181443.829000", "181443.758000", "181443.830000", "181443.760000", "181443.832000", "181443.762000", "181443.834000", "181443.764000", "181443.836000", "181443.766000", "181443.837000", "181443.767000", "181443.839000", "181443.769000", "181443.841000", "181443.771000", "181443.843000", "181443.773000", "181443.845000", "181443.779000", "181443.847000", "181443.781000", "181443.849000", "181443.783000", "181443.850000", "181443.785000", "181443.852000", "181443.787000", "181443.854000", "181443.789000", "181443.856000", "181443.790000", "181443.858000", "181443.792000", "181443.859000", "181443.794000", "181443.861000", "181443.796000", "181443.863000", "181443.798000", "181443.865000", "181443.800000", "181443.867000", "181443.801000", "181443.868000", "181443.803000", "181443.870000", "181443.805000", "181443.872000", "181443.807000", "181443.874000", "181443.809000", "181443.876000", "181443.810000", "181443.877000", "181443.812000", "181443.879000", "181443.814000", "181443.881000", "181443.816000", "181443.883000", "181443.817000", "181443.885000", "181443.819000", "181443.887000", "181443.821000", "181443.888000", "181443.823000", "181443.890000", "181443.825000"], "CsaImage.GSWDDataType": ["measured", "predicted", "measured", "predicted", "measured", "predicted", "measured", "predicted", "measured", "predicted", "measured", "predicted", "measured", "predicted", "measured", "predicted", "measured", "predicted", "measured", "predicted", "measured", "predicted", "measured", "predicted", "measured", "predicted", "measured", "predicted", "measured", "predicted", "measured", "predicted", "measured", "predicted", "measured", "predicted", "measured", "predicted", "measured", "predicted", "measured", "predicted", "measured", "predicted", "measured", "predicted", "measured", "predicted", "measured", "predicted", "measured", "predicted", "measured", "predicted", "measured", "predicted", "measured", "predicted", "measured", "predicted", "measured", "measured", "measured", "measured", "measured", "measured", "measured", "measured", "measured", "measured", "measured", "measured"], "CsaImage.ICE_Dims": ["X_2_1_1_1_1_1_37_1_1_1_1_35", "X_2_1_1_1_1_1_1_1_1_2_1_35", "X_2_1_1_1_1_1_38_1_1_3_1_35", "X_2_1_1_1_1_1_2_1_1_4_1_35", "X_2_1_1_1_1_1_39_1_1_5_1_35", "X_2_1_1_1_1_1_3_1_1_6_1_35", "X_2_1_1_1_1_1_40_1_1_7_1_35", "X_2_1_1_1_1_1_4_1_1_8_1_35", "X_2_1_1_1_1_1_41_1_1_9_1_35", "X_2_1_1_1_1_1_5_1_1_10_1_35", "X_2_1_1_1_1_1_42_1_1_11_1_35", "X_2_1_1_1_1_1_6_1_1_12_1_35", "X_2_1_1_1_1_1_43_1_1_13_1_35", "X_2_1_1_1_1_1_7_1_1_14_1_35", "X_2_1_1_1_1_1_44_1_1_15_1_35", "X_2_1_1_1_1_1_8_1_1_16_1_35", "X_2_1_1_1_1_1_45_1_1_17_1_35", "X_2_1_1_1_1_1_9_1_1_18_1_35", "X_2_1_1_1_1_1_46_1_1_19_1_35", "X_2_1_1_1_1_1_10_1_1_20_1_35", "X_2_1_1_1_1_1_47_1_1_21_1_35", "X_2_1_1_1_1_1_11_1_1_22_1_35", "X_2_1_1_1_1_1_48_1_1_23_1_35", "X_2_1_1_1_1_1_12_1_1_24_1_35", "X_2_1_1_1_1_1_49_1_1_25_1_35", "X_2_1_1_1_1_1_13_1_1_26_1_35", "X_2_1_1_1_1_1_50_1_1_27_1_35", "X_2_1_1_1_1_1_14_1_1_28_1_35", "X_2_1_1_1_1_1_51_1_1_29_1_35", "X_2_1_1_1_1_1_15_1_1_30_1_35", "X_2_1_1_1_1_1_52_1_1_31_1_35", "X_2_1_1_1_1_1_16_1_1_32_1_35", "X_2_1_1_1_1_1_53_1_1_33_1_35", "X_2_1_1_1_1_1_17_1_1_34_1_35", "X_2_1_1_1_1_1_54_1_1_35_1_35", "X_2_1_1_1_1_1_18_1_1_36_1_35", "X_2_1_1_1_1_1_55_1_1_37_1_35", "X_2_1_1_1_1_1_19_1_1_38_1_35", "X_2_1_1_1_1_1_56_1_1_39_1_35", "X_2_1_1_1_1_1_20_1_1_40_1_35", "X_2_1_1_1_1_1_57_1_1_41_1_35", "X_2_1_1_1_1_1_21_1_1_42_1_35", "X_2_1_1_1_1_1_58_1_1_43_1_35", "X_2_1_1_1_1_1_22_1_1_44_1_35", "X_2_1_1_1_1_1_59_1_1_45_1_35", "X_2_1_1_1_1_1_23_1_1_46_1_35", "X_2_1_1_1_1_1_60_1_1_47_1_35", "X_2_1_1_1_1_1_24_1_1_48_1_35", "X_2_1_1_1_1_1_61_1_1_49_1_35", "X_2_1_1_1_1_1_25_1_1_50_1_35", "X_2_1_1_1_1_1_62_1_1_51_1_35", "X_2_1_1_1_1_1_26_1_1_52_1_35", "X_2_1_1_1_1_1_63_1_1_53_1_35", "X_2_1_1_1_1_1_27_1_1_54_1_35", "X_2_1_1_1_1_1_64_1_1_55_1_35", "X_2_1_1_1_1_1_28_1_1_56_1_35", "X_2_1_1_1_1_1_65_1_1_57_1_35", "X_2_1_1_1_1_1_29_1_1_58_1_35", "X_2_1_1_1_1_1_66_1_1_59_1_35", "X_2_1_1_1_1_1_30_1_1_60_1_35", "X_2_1_1_1_1_1_67_1_1_61_1_35", "X_2_1_1_1_1_1_31_1_1_62_1_35", "X_2_1_1_1_1_1_68_1_1_63_1_35", "X_2_1_1_1_1_1_32_1_1_64_1_35", "X_2_1_1_1_1_1_69_1_1_65_1_35", "X_2_1_1_1_1_1_33_1_1_66_1_35", "X_2_1_1_1_1_1_70_1_1_67_1_35", "X_2_1_1_1_1_1_34_1_1_68_1_35", "X_2_1_1_1_1_1_71_1_1_69_1_35", "X_2_1_1_1_1_1_35_1_1_70_1_35", "X_2_1_1_1_1_1_72_1_1_71_1_35", "X_2_1_1_1_1_1_36_1_1_72_1_35"], "CsaImage.ProtocolSliceNumber": [0, 1, 2, 3, 4, 5, 6, 7, 8, 9, 10, 11, 12, 13, 14, 15, 16, 17, 18, 19, 20, 21, 22, 23, 24, 25, 26, 27, 28, 29, 30, 31, 32, 33, 34, 35, 36, 37, 38, 39, 40, 41, 42, 43, 44, 45, 46, 47, 48, 49, 50, 51, 52, 53, 54, 55, 56, 57, 58, 59, 60, 61, 62, 63, 64, 65, 66, 67, 68, 69, 70, 71], "CsaImage.RFSWDDataType": ["measured", "predicted", "measured", "predicted", "measured", "predicted", "measured", "predicted", "measured", "predicted", "measured", "predicted", "measured", "predicted", "measured", "predicted", "measured", "predicted", "measured", "predicted", "measured", "predicted", "measured", "predicted", "measured", "predicted", "measured", "predicted", "measured", "predicted", "measured", "predicted", "measured", "predicted", "measured", "predicted", "measured", "predicted", "measured", "predicted", "measured", "predicted", "measured", "predicted", "measured", "predicted", "measured", "predicted", "measured", "predicted", "measured", "predicted", "measured", "predicted", "measured", "predicted", "measured", "measured", "measured", "measured", "measured", "measured", "measured", "measured", "measured", "measured", "measured", "measured", "measured", "measured", "measured", "measured"], "CsaImage.SlicePosition_PCS": [[-99.32530123, -99.513253, -68.59036255], [-99.32530123, -99.513253, -66.59036255], [-99.32530123, -99.513253, -64.59036255], [-99.32530123, -99.513253, -62.59036255], [-99.32530123, -99.513253, -60.59036255], [-99.32530123, -99.513253, -58.59036255], [-99.32530123, -99.513253, -56.59036255], [-99.32530123, -99.513253, -54.59036255], [-99.32530123, -99.513253, -52.59036255], [-99.32530123, -99.513253, -50.59036255], [-99.32530123, -99.513253, -48.59036255], [-99.32530123, -99.513253, -46.59036255], [-99.32530123, -99.513253, -44.59036255], [-99.32530123, -99.513253, -42.59036255], [-99.32530123, -99.513253, -40.59036255], [-99.32530123, -99.513253, -38.59036255], [-99.32530123, -99.513253, -36.59036255], [-99.32530123, -99.513253, -34.59036255], [-99.32530123, -99.513253, -32.59036255], [-99.32530123, -99.513253, -30.59036064], [-99.32530123, -99.513253, -28.59036064], [-99.32530123, -99.513253, -26.59036064], [-99.32530123, -99.513253, -24.59036064], [-99.32530123, -99.513253, -22.59036064], [-99.32530123, -99.513253, -20.59036064], [-99.32530123, -99.513253, -18.59036064], [-99.32530123, -99.513253, -16.59036064], [-99.32530123, -99.513253, -14.5903616], [-99.32530123, -99.513253, -12.5903616], [-99.32530123, -99.513253, -10.5903616], [-99.32530123, -99.513253, -8.5903616], [-99.32530123, -99.513253, -6.5903616], [-99.32530123, -99.513253, -4.5903616], [-99.32530123, -99.513253, -2.59036136], [-99.32530123, -99.513253, -0.59036142], [-99.32530123, -99.513253, 1.40963852], [-99.32530123, -99.513253, 3.40963864], [-99.32530123, -99.513253, 5.4096384], [-99.32530123, -99.513253, 7.4096384], [-99.32530123, -99.513253, 9.4096384], [-99.32530123, -99.513253, 11.4096384], [-99.32530123, -99.513253, 13.4096384], [-99.32530123, -99.513253, 15.4096384], [-99.32530123, -99.513253, 17.40963936], [-99.32530123, -99.513253, 19.40963936], [-99.32530123, -99.513253, 21.40963936], [-99.32530123, -99.513253, 23.40963936], [-99.32530123, -99.513253, 25.40963936], [-99.32530123, -99.513253, 27.40963936], [-99.32530123, -99.513253, 29.40963936], [-99.32530123, -99.513253, 31.40963936], [-99.32530123, -99.513253, 33.40963745], [-99.32530123, -99.513253, 35.40963745], [-99.32530123, -99.513253, 37.40963745], [-99.32530123, -99.513253, 39.40963745], [-99.32530123, -99.513253, 41.40963745], [-99.32530123, -99.513253, 43.40963745], [-99.32530123, -99.513253, 45.40963745], [-99.32530123, -99.513253, 47.40963745], [-99.32530123, -99.513253, 49.40963745], [-99.32530123, -99.513253, 51.40963745], [-99.32530123, -99.513253, 53.40963745], [-99.32530123, -99.513253, 55.40963745], [-99.32530123, -99.513253, 57.40963745], [-99.32530123, -99.513253, 59.40963745], [-99.32530123, -99.513253, 61.40963745], [-99.32530123, -99.513253, 63.40963745], [-99.32530123, -99.513253, 65.40963745], [-99.32530123, -99.513253, 67.40963745], [-99.32530123, -99.513253, 69.40963745], [-99.32530123, -99.513253, 71.40963745], [-99.32530123, -99.513253, 73.40963745]], "CsaImage.TimeAfterStart": [1.0825, 0.7225, 1.0925, 0.7325, 1.1025, 0.7425, 1.1125, 0.7525, 1.1225, 0.7625, 1.1325, 0.7725, 1.1425, 0.7825, 1.1525, 0.7925, 1.1625, 0.8025, 1.1725, 0.8125, 1.1825, 0.8225, 1.1925, 0.8325, 1.2025, 0.8425, 1.2125, 0.8525, 1.2225, 0.8625, 1.2325, 0.8725, 1.2425, 0.8825, 1.2525, 0.8925, 1.2625, 0.9025, 1.2725, 0.9125, 1.2825, 0.9225, 1.2925, 0.9325, 1.3025, 0.9425, 1.3125, 0.9525, 1.3225, 0.9625, 1.3325, 0.9725, 1.3425, 0.9825, 1.3525, 0.9925, 1.3625, 1.0025, 1.3725, 1.0125, 1.3825, 1.0225, 1.3925, 1.0325, 1.4025, 1.0425, 1.4125, 1.0525, 1.4225, 1.0625, 1.4325, 1.0725], "ImagePositionPatient": [[-99.325301229464, -99.513253003849, -68.590362548828], [-99.325301229464, -99.513253003849, -66.590362548828], [-99.325301229464, -99.513253003849, -64.590362548828], [-99.325301229464, -99.513253003849, -62.590362548828], [-99.325301229464, -99.513253003849, -60.590362548828], [-99.325301229464, -99.513253003849, -58.590362548828], [-99.325301229464, -99.513253003849, -56.590362548828], [-99.325301229464, -99.513253003849, -54.590362548828], [-99.325301229464, -99.513253003849, -52.590362548828], [-99.325301229464, -99.513253003849, -50.590362548828], [-99.325301229464, -99.513253003849, -48.590362548828], [-99.325301229464, -99.513253003849, -46.590362548828], [-99.325301229464, -99.513253003849, -44.590362548828], [-99.325301229464, -99.513253003849, -42.590362548828], [-99.325301229464, -99.513253003849, -40.590362548828], [-99.325301229464, -99.513253003849, -38.590362548828], [-99.325301229464, -99.513253003849, -36.590362548828], [-99.325301229464, -99.513253003849, -34.590362548828], [-99.325301229464, -99.513253003849, -32.590362548828], [-99.325301229464, -99.513253003849, -30.590360641479], [-99.325301229464, -99.513253003849, -28.590360641479], [-99.325301229464, -99.513253003849, -26.590360641479], [-99.325301229464, -99.513253003849, -24.590360641479], [-99.325301229464, -99.513253003849, -22.590360641479], [-99.325301229464, -99.513253003849, -20.590360641479], [-99.325301229464, -99.513253003849, -18.590360641479], [-99.325301229464, -99.513253003849, -16.590360641479], [-99.325301229464, -99.513253003849, -14.590361595154], [-99.325301229464, -99.513253003849, -12.590361595154], [-99.325301229464, -99.513253003849, -10.590361595154], [-99.325301229464, -99.513253003849, -8.5903615951538], [-99.325301229464, -99.513253003849, -6.5903615951538], [-99.325301229464, -99.513253003849, -4.5903615951538], [-99.325301229464, -99.513253003849, -2.5903613567352], [-99.325301229464, -99.513253003849, -0.5903614163399], [-99.325301229464, -99.513253003849, 1.4096385240555], [-99.325301229464, -99.513253003849, 3.4096386432648], [-99.325301229464, -99.513253003849, 5.4096384048462], [-99.325301229464, -99.513253003849, 7.4096384048462], [-99.325301229464, -99.513253003849, 9.4096384048462], [-99.325301229464, -99.513253003849, 11.409638404846], [-99.325301229464, -99.513253003849, 13.409638404846], [-99.325301229464, -99.513253003849, 15.409638404846], [-99.325301229464, -99.513253003849, 17.409639358521], [-99.325301229464, -99.513253003849, 19.409639358521], [-99.325301229464, -99.513253003849, 21.409639358521], [-99.325301229464, -99.513253003849, 23.409639358521], [-99.325301229464, -99.513253003849, 25.409639358521], [-99.325301229464, -99.513253003849, 27.409639358521], [-99.325301229464, -99.513253003849, 29.409639358521], [-99.325301229464, -99.513253003849, 31.409639358521], [-99.325301229464, -99.513253003849, 33.409637451172], [-99.325301229464, -99.513253003849, 35.409637451172], [-99.325301229464, -99.513253003849, 37.409637451172], [-99.325301229464, -99.513253003849, 39.409637451172], [-99.325301229464, -99.513253003849, 41.409637451172], [-99.325301229464, -99.513253003849, 43.409637451172], [-99.325301229464, -99.513253003849, 45.409637451172], [-99.325301229464, -99.513253003849, 47.409637451172], [-99.325301229464, -99.513253003849, 49.409637451172], [-99.325301229464, -99.513253003849, 51.409637451172], [-99.325301229464, -99.513253003849, 53.409637451172], [-99.325301229464, -99.513253003849, 55.409637451172], [-99.325301229464, -99.513253003849, 57.409637451172], [-99.325301229464, -99.513253003849, 59.409637451172], [-99.325301229464, -99.513253003849, 61.409637451172], [-99.325301229464, -99.513253003849, 63.409637451172], [-99.325301229464, -99.513253003849, 65.409637451172], [-99.325301229464, -99.513253003849, 67.409637451172], [-99.325301229464, -99.513253003849, 69.409637451172], [-99.325301229464, -99.513253003849, 71.409637451172], [-99.325301229464, -99.513253003849, 73.409637451172]], "InstanceCreationTime": ["181443.827000", "181443.756000", "181443.829000", "181443.758000", "181443.830000", "181443.760000", "181443.832000", "181443.762000", "181443.834000", "181443.764000", "181443.836000", "181443.766000", "181443.837000", "181443.767000", "181443.839000", "181443.769000", "181443.841000", "181443.771000", "181443.843000", "181443.773000", "181443.845000", "181443.779000", "181443.847000", "181443.781000", "181443.849000", "181443.783000", "181443.850000", "181443.785000", "181443.852000", "181443.787000", "181443.854000", "181443.789000", "181443.856000", "181443.790000", "181443.858000", "181443.792000", "181443.859000", "181443.794000", "181443.861000", "181443.796000", "181443.863000", "181443.798000", "181443.865000", "181443.800000", "181443.867000", "181443.801000", "181443.868000", "181443.803000", "181443.870000", "181443.805000", "181443.872000", "181443.807000", "181443.874000", "181443.809000", "181443.876000", "181443.810000", "181443.877000", "181443.812000", "181443.879000", "181443.814000", "181443.881000", "181443.816000", "181443.883000", "181443.817000", "181443.885000", "181443.819000", "181443.887000", "181443.821000", "181443.888000", "181443.823000", "181443.890000", "181443.825000"], "InstanceNumber": [1, 2, 3, 4, 5, 6, 7, 8, 9, 10, 11, 12, 13, 14, 15, 16, 17, 18, 19, 20, 21, 22, 23, 24, 25, 26, 27, 28, 29, 30, 31, 32, 33, 34, 35, 36, 37, 38, 39, 40, 41, 42, 43, 44, 45, 46, 47, 48, 49, 50, 51, 52, 53, 54, 55, 56, 57, 58, 59, 60, 61, 62, 63, 64, 65, 66, 67, 68, 69, 70, 71, 72], "LargestImagePixelValue": [4095, 4094, 4094, 4094, 4093, 4094, 4095, 4092, 4095, 4089, 4093, 4095, 4094, 4090, 4094, 4094, 4095, 4094, 4095, 4094, 4095, 4093, 4095, 4092, 4094, 4093, 4095, 4092, 4089, 4090, 4094, 4094, 4093, 4087, 4092, 4091, 4092, 4093, 4088, 4095, 4095, 4090, 4094, 4093, 4093, 4090, 4095, 4093, 4094, 4093, 4094, 4090, 4092, 4094, 4095, 4095, 4093, 4094, 4094, 4094, 4095, 4094, 4094, 4094, 4094, 4095, 4095, 4095, 4095, 4094, 4095, 4095], "SliceLocation": [-68.590362548828, -66.590362548828, -64.590362548828, -62.590362548828, -60.590362548828, -58.590362548828, -56.590362548828, -54.590362548828, -52.590362548828, -50.590362548828, -48.590362548828, -46.590362548828, -44.590362548828, -42.590362548828, -40.590362548828, -38.590362548828, -36.590362548828, -34.590362548828, -32.590362548828, -30.590360641479, -28.590360641479, -26.590360641479, -24.590360641479, -22.590360641479, -20.590360641479, -18.590360641479, -16.590360641479, -14.590361595154, -12.590361595154, -10.590361595154, -8.5903615951538, -6.5903615951538, -4.5903615951538, -2.5903613567352, -0.5903614163399, 1.4096385240555, 3.4096386432648, 5.4096384048462, 7.4096384048462, 9.4096384048462, 11.409638404846, 13.409638404846, 15.409638404846, 17.409639358521, 19.409639358521, 21.409639358521, 23.409639358521, 25.409639358521, 27.409639358521, 29.409639358521, 31.409639358521, 33.409637451172, 35.409637451172, 37.409637451172, 39.409637451172, 41.409637451172, 43.409637451172, 45.409637451172, 47.409637451172, 49.409637451172, 51.409637451172, 53.409637451172, 55.409637451172, 57.409637451172, 59.409637451172, 61.409637451172, 63.409637451172, 65.409637451172, 67.409637451172, 69.409637451172, 71.409637451172, 73.409637451172], "SmallestImagePixelValue": [0, 0, 0, 0, 0, 0, 0, 0, 1, 3, 0, 0, 0, 2, 0, 0, 0, 1, 0, 0, 2, 0, 0, 0, 0, 0, 3, 0, 0, 6, 0, 0, 2, 0, 1, 9, 0, 0, 5, 0, 2, 0, 3, 0, 0, 0, 1, 0, 0, 0, 2, 1, 0, 0, 2, 0, 1, 2, 0, 2, 0, 0, 2, 1, 0, 0, 0, 0, 1, 0, 0, 0], "WindowCenter": [-608.0, -604.0, -726.0, -668.0, -434.0, -364.0, -314.0, -284.0, -246.0, -286.0, -206.0, -162.0, -180.0, -184.0, -216.0, -224.0, -228.0, -276.0, -236.0, -222.0, -172.0, -146.0, -164.0, -218.0, -184.0, -206.0, -114.0, -164.0, -84.0, -86.0, -32.0, -50.0, -36.0, -32.0, -40.0, -68.0, -204.0, -88.0, -118.0, -90.0, -126.0, -102.0, -110.0, -258.0, -258.0, -224.0, -194.0, -20.0, -62.0, -198.0, -212.0, -210.0, -226.0, -246.0, -236.0, -262.0, -258.0, -278.0, -320.0, -320.0, -316.0, -284.0, -284.0, -300.0, -334.0, -338.0, -258.0, -248.0, -304.0, -346.0, -336.0, -384.0], "WindowWidth": [5102.0, 5626.0, 5052.0, 4982.0, 5634.0, 5874.0, 6116.0, 6152.0, 6186.0, 6190.0, 6266.0, 6248.0, 6250.0, 6200.0, 6154.0, 6112.0, 6082.0, 5996.0, 6034.0, 6056.0, 6076.0, 6058.0, 5996.0, 5894.0, 5850.0, 5696.0, 5776.0, 5564.0, 5568.0, 5540.0, 5512.0, 5444.0, 5462.0, 5484.0, 5410.0, 5376.0, 4610.0, 5170.0, 5006.0, 5240.0, 5116.0, 5332.0, 5314.0, 4628.0, 4638.0, 4612.0, 4602.0, 5362.0, 5102.0, 4602.0, 4620.0, 4600.0, 4618.0, 4634.0, 4636.0, 4664.0, 4668.0, 4690.0, 4732.0, 4754.0, 4796.0, 4798.0, 4814.0, 4848.0, 4902.0, 4926.0, 5770.0, 5920.0, 5936.0, 5996.0, 6212.0, 6216.0]}}, "IntendedFor": ["ses-1/func/sub-04_ses-1_task-motor_run-05_bold.nii.gz", "ses-1/func/sub-04_ses-1_task-motor_run-02_bold.nii.gz", "ses-1/func/sub-04_ses-1_task-motor_run-04_bold.nii.gz", "ses-1/func/sub-04_ses-1_task-motor_run-01_bold.nii.gz", "ses-1/func/sub-04_ses-1_task-motor_run-03_bold.nii.gz", "ses-1/func/sub-04_ses-1_task-motor_run-06_bold.nii.gz"]}