{"AcquisitionMatrixPE": 100, "AcquisitionNumber": 1, "AcquisitionTime": "11:50:47.082500", "BaseResolution": 100, "BodyPartExamined": "BRAIN", "ConsistencyInfo": "N4_VE11C_LATEST_20160120", "ConversionSoftware": "dcm2niix", "ConversionSoftwareVersion": "v1.0.20180622 GCC4.9.2", "DeviceSerialNumber": "166078", "DwellTime": 8.8e-06, "EchoNumber": 2, "EchoTime": 0.00738, "EchoTime1": 0.00492, "EchoTime2": 0.00738, "FlipAngle": 60, "ImageOrientationPatientDICOM": [1, 0, 0, 0, 0.989526, -0.144356], "ImageType": ["ORIGINAL", "PRIMARY", "P", "ND"], "InPlanePhaseEncodingDirectionDICOM": "ROW", "InstitutionAddress": "Street_StreetNo_Bei_Jing_District_CN_ZIP", "InstitutionName": "BeiJing_Normal_University", "InstitutionalDepartmentName": "Department", "MRAcquisitionType": "2D", "MagneticFieldStrength": 3, "Manufacturer": "Siemens", "ManufacturersModelName": "Prisma", "Modality": "MR", "PartialFourier": 1, "PatientPosition": "HFS", "PercentPhaseFOV": 100, "PhaseEncodingDirection": "i", "PhaseEncodingSteps": 100, "PhaseResolution": 1, "PixelBandwidth": 570, "ProcedureStepDescription": "BNU_P2018_64CH_Liu.Jia", "ProtocolName": "field_mapping_2x2x2", "PulseSequenceDetails": "%SiemensSeq%_gre_field_mapping", "ReceiveCoilActiveElements": "HC1-7;NC1", "ReceiveCoilName": "HeadNeck_64", "ReconMatrixPE": 100, "RepetitionTime": 0.72, "SAR": 0.129879, "ScanningSequence": "GR", "SequenceName": "_fm2d2r", "SequenceVariant": "SP", "SeriesDescription": "field_mapping_2x2x2", "SeriesNumber": 7, "ShimSetting": [-5460, -11497, -1271, 390, -29, -193, -106, 17], "SliceThickness": 2, "SoftwareVersions": "syngo_MR_E11", "SpacingBetweenSlices": 2, "StationName": "AWP166078", "TxRefAmp": 221.584, "dcmmeta_affine": [[-2.0, 0.0, 0.0, 100.0], [0.0, 1.9790515899658203, -0.28871238231658936, -78.57484436035156], [0.0, 0.28871241211891174, 1.9790496826171875, -85.01996612548828], [0.0, 0.0, 0.0, 1.0]], "dcmmeta_reorient_transform": [[0.0, -1.0, 0.0, 99.0], [1.0, 0.0, 0.0, 0.0], [0.0, 0.0, -1.0, 71.0], [0.0, 0.0, 0.0, 1.0]], "dcmmeta_shape": [100, 100, 72], "dcmmeta_slice_dim": 2, "dcmmeta_version": 0.6, "global": {"const": {"AcquisitionMatrix": [0, 100, 100, 0], "AcquisitionNumber": 1, "AngioFlag": "N", "BitsAllocated": 16, "BitsStored": 12, "BodyPartExamined": "BRAIN", "Columns": 100, "EchoNumbers": 2, "EchoTime": 7.38, "EchoTrainLength": 0, "FlipAngle": 60.0, "HighBit": 11, "ImageOrientationPatient": [1.0, 0.0, 0.0, 0.0, 0.98952578906934, -0.1443562009985], "ImageType": ["ORIGINAL", "PRIMARY", "P", "ND"], "ImagedNucleus": "1H", "ImagingFrequency": 123.25783, "InPlanePhaseEncodingDirection": "ROW", "MRAcquisitionType": "2D", "MagneticFieldStrength": 3.0, "Manufacturer": "SIEMENS", "ManufacturerModelName": "Prisma", "Modality": "MR", "NumberOfAverages": 1.0, "NumberOfPhaseEncodingSteps": 100, "PercentPhaseFieldOfView": 100.0, "PercentSampling": 100.0, "PerformedProcedureStepStartTime": "112242.400000", "PhotometricInterpretation": "MONOCHROME2", "PixelBandwidth": 570.0, "PixelRepresentation": 0, "PixelSpacing": [2.0, 2.0], "ProtocolName": "field_mapping_2x2x2", "RepetitionTime": 720.0, "RescaleIntercept": -4096.0, "RescaleSlope": 2.0, "RescaleType": "US", "Rows": 100, "SAR": 0.12987935215095, "SamplesPerPixel": 1, "ScanningSequence": "GR", "SequenceName": "*fm2d2r", "SequenceVariant": "SP", "SeriesDescription": "field_mapping_2x2x2", "SeriesNumber": 7, "SeriesTime": "115311.689000", "SliceThickness": 2.0, "SoftwareVersions": "syngo MR E11", "SpacingBetweenSlices": 2.0, "SpecificCharacterSet": "ISO_IR 100", "StudyID": "1", "StudyTime": "112242.348000", "TransmitCoilName": "Body", "VariableFlipAngleFlag": "N", "WindowCenterWidthExplanation": "Algo1", "dBdt": 0.0}, "slices": {"AcquisitionTime": ["115047.082500", "115046.722500", "115047.092500", "115046.732500", "115047.102500", "115046.742500", "115047.112500", "115046.752500", "115047.122500", "115046.762500", "115047.132500", "115046.772500", "115047.142500", "115046.782500", "115047.152500", "115046.792500", "115047.162500", "115046.802500", "115047.172500", "115046.812500", "115047.182500", "115046.822500", "115047.192500", "115046.832500", "115047.202500", "115046.842500", "115047.212500", "115046.852500", "115047.222500", "115046.862500", "115047.232500", "115046.872500", "115047.242500", "115046.882500", "115047.252500", "115046.892500", "115047.262500", "115046.902500", "115047.272500", "115046.912500", "115047.282500", "115046.922500", "115047.292500", "115046.932500", "115047.302500", "115046.942500", "115047.312500", "115046.952500", "115047.322500", "115046.962500", "115047.332500", "115046.972500", "115047.342500", "115046.982500", "115047.352500", "115046.992500", "115047.362500", "115047.002500", "115047.372500", "115047.012500", "115047.382500", "115047.022500", "115047.392500", "115047.032500", "115047.402500", "115047.042500", "115047.412500", "115047.052500", "115047.422500", "115047.062500", "115047.432500", "115047.072500"], "ContentTime": ["115311.757000", "115311.690000", "115311.758000", "115311.693000", "115311.760000", "115311.695000", "115311.762000", "115311.697000", "115311.764000", "115311.699000", "115311.766000", "115311.701000", "115311.767000", "115311.703000", "115311.769000", "115311.704000", "115311.771000", "115311.706000", "115311.773000", "115311.708000", "115311.775000", "115311.710000", "115311.776000", "115311.712000", "115311.778000", "115311.714000", "115311.780000", "115311.715000", "115311.782000", "115311.717000", "115311.783000", "115311.719000", "115311.785000", "115311.721000", "115311.787000", "115311.722000", "115311.789000", "115311.724000", "115311.791000", "115311.726000", "115311.792000", "115311.728000", "115311.794000", "115311.730000", "115311.796000", "115311.731000", "115311.798000", "115311.733000", "115311.800000", "115311.735000", "115311.801000", "115311.737000", "115311.803000", "115311.739000", "115311.805000", "115311.740000", "115311.807000", "115311.742000", "115311.809000", "115311.744000", "115311.810000", "115311.746000", "115311.812000", "115311.748000", "115311.814000", "115311.750000", "115311.816000", "115311.751000", "115311.818000", "115311.753000", "115311.819000", "115311.755000"], "CsaImage.GSWDDataType": ["measured", "predicted", "measured", "predicted", "measured", "predicted", "measured", "predicted", "measured", "predicted", "measured", "predicted", "measured", "predicted", "measured", "predicted", "measured", "predicted", "measured", "predicted", "measured", "predicted", "measured", "predicted", "measured", "predicted", "measured", "predicted", "measured", "predicted", "measured", "predicted", "measured", "predicted", "measured", "predicted", "measured", "predicted", "measured", "predicted", "measured", "predicted", "measured", "predicted", "measured", "predicted", "measured", "predicted", "measured", "predicted", "measured", "predicted", "measured", "predicted", "measured", "predicted", "measured", "predicted", "measured", "predicted", "measured", "predicted", "measured", "predicted", "measured", "predicted", "measured", "predicted", "measured", "measured", "measured", "measured"], "CsaImage.ICE_Dims": ["X_2_1_1_1_1_1_37_1_1_1_1_84", "X_2_1_1_1_1_1_1_1_1_2_1_84", "X_2_1_1_1_1_1_38_1_1_3_1_84", "X_2_1_1_1_1_1_2_1_1_4_1_84", "X_2_1_1_1_1_1_39_1_1_5_1_84", "X_2_1_1_1_1_1_3_1_1_6_1_84", "X_2_1_1_1_1_1_40_1_1_7_1_84", "X_2_1_1_1_1_1_4_1_1_8_1_84", "X_2_1_1_1_1_1_41_1_1_9_1_84", "X_2_1_1_1_1_1_5_1_1_10_1_84", "X_2_1_1_1_1_1_42_1_1_11_1_84", "X_2_1_1_1_1_1_6_1_1_12_1_84", "X_2_1_1_1_1_1_43_1_1_13_1_84", "X_2_1_1_1_1_1_7_1_1_14_1_84", "X_2_1_1_1_1_1_44_1_1_15_1_84", "X_2_1_1_1_1_1_8_1_1_16_1_84", "X_2_1_1_1_1_1_45_1_1_17_1_84", "X_2_1_1_1_1_1_9_1_1_18_1_84", "X_2_1_1_1_1_1_46_1_1_19_1_84", "X_2_1_1_1_1_1_10_1_1_20_1_84", "X_2_1_1_1_1_1_47_1_1_21_1_84", "X_2_1_1_1_1_1_11_1_1_22_1_84", "X_2_1_1_1_1_1_48_1_1_23_1_84", "X_2_1_1_1_1_1_12_1_1_24_1_84", "X_2_1_1_1_1_1_49_1_1_25_1_84", "X_2_1_1_1_1_1_13_1_1_26_1_84", "X_2_1_1_1_1_1_50_1_1_27_1_84", "X_2_1_1_1_1_1_14_1_1_28_1_84", "X_2_1_1_1_1_1_51_1_1_29_1_84", "X_2_1_1_1_1_1_15_1_1_30_1_84", "X_2_1_1_1_1_1_52_1_1_31_1_84", "X_2_1_1_1_1_1_16_1_1_32_1_84", "X_2_1_1_1_1_1_53_1_1_33_1_84", "X_2_1_1_1_1_1_17_1_1_34_1_84", "X_2_1_1_1_1_1_54_1_1_35_1_84", "X_2_1_1_1_1_1_18_1_1_36_1_84", "X_2_1_1_1_1_1_55_1_1_37_1_84", "X_2_1_1_1_1_1_19_1_1_38_1_84", "X_2_1_1_1_1_1_56_1_1_39_1_84", "X_2_1_1_1_1_1_20_1_1_40_1_84", "X_2_1_1_1_1_1_57_1_1_41_1_84", "X_2_1_1_1_1_1_21_1_1_42_1_84", "X_2_1_1_1_1_1_58_1_1_43_1_84", "X_2_1_1_1_1_1_22_1_1_44_1_84", "X_2_1_1_1_1_1_59_1_1_45_1_84", "X_2_1_1_1_1_1_23_1_1_46_1_84", "X_2_1_1_1_1_1_60_1_1_47_1_84", "X_2_1_1_1_1_1_24_1_1_48_1_84", "X_2_1_1_1_1_1_61_1_1_49_1_84", "X_2_1_1_1_1_1_25_1_1_50_1_84", "X_2_1_1_1_1_1_62_1_1_51_1_84", "X_2_1_1_1_1_1_26_1_1_52_1_84", "X_2_1_1_1_1_1_63_1_1_53_1_84", "X_2_1_1_1_1_1_27_1_1_54_1_84", "X_2_1_1_1_1_1_64_1_1_55_1_84", "X_2_1_1_1_1_1_28_1_1_56_1_84", "X_2_1_1_1_1_1_65_1_1_57_1_84", "X_2_1_1_1_1_1_29_1_1_58_1_84", "X_2_1_1_1_1_1_66_1_1_59_1_84", "X_2_1_1_1_1_1_30_1_1_60_1_84", "X_2_1_1_1_1_1_67_1_1_61_1_84", "X_2_1_1_1_1_1_31_1_1_62_1_84", "X_2_1_1_1_1_1_68_1_1_63_1_84", "X_2_1_1_1_1_1_32_1_1_64_1_84", "X_2_1_1_1_1_1_69_1_1_65_1_84", "X_2_1_1_1_1_1_33_1_1_66_1_84", "X_2_1_1_1_1_1_70_1_1_67_1_84", "X_2_1_1_1_1_1_34_1_1_68_1_84", "X_2_1_1_1_1_1_71_1_1_69_1_84", "X_2_1_1_1_1_1_35_1_1_70_1_84", "X_2_1_1_1_1_1_72_1_1_71_1_84", "X_2_1_1_1_1_1_36_1_1_72_1_84"], "CsaImage.ProtocolSliceNumber": [0, 1, 2, 3, 4, 5, 6, 7, 8, 9, 10, 11, 12, 13, 14, 15, 16, 17, 18, 19, 20, 21, 22, 23, 24, 25, 26, 27, 28, 29, 30, 31, 32, 33, 34, 35, 36, 37, 38, 39, 40, 41, 42, 43, 44, 45, 46, 47, 48, 49, 50, 51, 52, 53, 54, 55, 56, 57, 58, 59, 60, 61, 62, 63, 64, 65, 66, 67, 68, 69, 70, 71], "CsaImage.RFSWDDataType": ["measured", "predicted", "measured", "predicted", "measured", "predicted", "measured", "predicted", "measured", "predicted", "measured", "predicted", "measured", "predicted", "measured", "predicted", "measured", "predicted", "measured", "predicted", "measured", "predicted", "measured", "predicted", "measured", "predicted", "measured", "predicted", "measured", "predicted", "measured", "predicted", "measured", "predicted", "measured", "predicted", "measured", "predicted", "measured", "predicted", "measured", "predicted", "measured", "predicted", "measured", "predicted", "measured", "predicted", "measured", "predicted", "measured", "predicted", "measured", "predicted", "measured", "predicted", "measured", "predicted", "measured", "predicted", "measured", "predicted", "measured", "predicted", "measured", "predicted", "measured", "measured", "measured", "measured", "measured", "measured"], "CsaImage.SlicePosition_PCS": [[-100.0, -117.35126627, -56.43757936], [-100.0, -117.06255472, -54.45852968], [-100.0, -116.77384127, -52.47947237], [-100.0, -116.48512972, -50.50042269], [-100.0, -116.19641626, -48.521373], [-100.0, -115.90770472, -46.54231951], [-100.0, -115.61899317, -44.56326982], [-100.0, -115.33027971, -42.58421633], [-100.0, -115.04156816, -40.60516664], [-100.0, -114.75285471, -38.62611315], [-100.0, -114.46414316, -36.64706346], [-100.0, -114.17543066, -34.66800997], [-100.0, -113.88671816, -32.68896028], [-100.0, -113.59800566, -30.70990679], [-100.0, -113.30929316, -28.7308571], [-100.0, -113.02058065, -26.75180361], [-100.0, -112.73186815, -24.77275392], [-100.0, -112.44315565, -22.79370043], [-100.0, -112.15444315, -20.81465074], [-100.0, -111.8657316, -18.83559725], [-100.0, -111.5770191, -16.85654756], [-100.0, -111.2883066, -14.87749597], [-100.0, -110.9995941, -12.89844438], [-100.0, -110.7108816, -10.91939279], [-100.0, -110.42216909, -8.9403412], [-100.0, -110.13345659, -6.96128961], [-100.0, -109.84474409, -4.98223802], [-100.0, -109.55603159, -3.00318643], [-100.0, -109.26731909, -1.02413389], [-100.0, -108.97860754, 0.9549177], [-100.0, -108.68989504, 2.93396929], [-100.0, -108.40118254, 4.91302088], [-100.0, -108.11247004, 6.89207199], [-100.0, -107.82375753, 8.87112358], [-100.0, -107.53504503, 10.85017517], [-100.0, -107.24633253, 12.82922688], [-100.0, -106.95762003, 14.80827841], [-100.0, -106.668908, 16.78732994], [-100.0, -106.3801955, 18.76638153], [-100.0, -106.091483, 20.74543312], [-100.0, -105.8027705, 22.72448519], [-100.0, -105.51405848, 24.70353678], [-100.0, -105.22534597, 26.68258742], [-100.0, -104.93663347, 28.66163901], [-100.0, -104.64792097, 30.6406906], [-100.0, -104.35920847, 32.61974219], [-100.0, -104.07049644, 34.59879378], [-100.0, -103.78178394, 36.57784537], [-100.0, -103.49307144, 38.55689696], [-100.0, -103.20435894, 40.53594855], [-100.0, -102.91564668, 42.51500014], [-100.0, -102.62693418, 44.49405173], [-100.0, -102.33822191, 46.47310332], [-100.0, -102.04950941, 48.45215681], [-100.0, -101.76079715, 50.4312065], [-100.0, -101.47208465, 52.41025999], [-100.0, -101.18337214, 54.38930968], [-100.0, -100.89465988, 56.36836317], [-100.0, -100.6059475, 58.34741285], [-100.0, -100.317235, 60.32646635], [-100.0, -100.02852262, 62.30551603], [-100.0, -99.73981023, 64.28456953], [-100.0, -99.45109785, 66.26361921], [-100.0, -99.16238544, 68.24267271], [-100.0, -98.87367304, 70.22172239], [-100.0, -98.58496064, 72.20077589], [-100.0, -98.29624826, 74.17982557], [-100.0, -98.00753582, 76.15887907], [-100.0, -97.71882344, 78.13792875], [-100.0, -97.43011106, 80.11697844], [-100.0, -97.14139867, 82.09603575], [-100.0, -96.85268629, 84.07508543]], "CsaImage.TimeAfterStart": [1.0825, 0.7225, 1.0925, 0.7325, 1.1025, 0.7425, 1.1125, 0.7525, 1.1225, 0.7625, 1.1325, 0.7725, 1.1425, 0.7825, 1.1525, 0.7925, 1.1625, 0.8025, 1.1725, 0.8125, 1.1825, 0.8225, 1.1925, 0.8325, 1.2025, 0.8425, 1.2125, 0.8525, 1.2225, 0.8625, 1.2325, 0.8725, 1.2425, 0.8825, 1.2525, 0.8925, 1.2625, 0.9025, 1.2725, 0.9125, 1.2825, 0.9225, 1.2925, 0.9325, 1.3025, 0.9425, 1.3125, 0.9525, 1.3225, 0.9625, 1.3325, 0.9725, 1.3425, 0.9825, 1.3525, 0.9925, 1.3625, 1.0025, 1.3725, 1.0125, 1.3825, 1.0225, 1.3925, 1.0325, 1.4025, 1.0425, 1.4125, 1.0525, 1.4225, 1.0625, 1.4325, 1.0725], "ImagePositionPatient": [[-100.0, -117.3512662696, -56.437579363046], [-100.0, -117.06255472175, -54.458529680428], [-100.0, -116.77384126655, -52.479472368417], [-100.0, -116.4851297187, -50.5004226858], [-100.0, -116.1964162635, -48.521373003182], [-100.0, -115.90770471565, -46.542319505868], [-100.0, -115.6189931678, -44.563269823251], [-100.0, -115.3302797126, -42.584216325936], [-100.0, -115.04156816475, -40.605166643319], [-100.0, -114.75285470955, -38.626113146005], [-100.0, -114.46414316169, -36.647063463387], [-100.0, -114.17543066017, -34.668009966073], [-100.0, -113.88671815864, -32.688960283456], [-100.0, -113.59800565712, -30.709906786141], [-100.0, -113.30929315559, -28.730857103524], [-100.0, -113.02058065407, -26.75180360621], [-100.0, -112.73186815254, -24.772753923593], [-100.0, -112.44315565101, -22.793700426278], [-100.0, -112.15444314949, -20.814650743661], [-100.0, -111.86573160164, -18.835597246346], [-100.0, -111.57701910011, -16.856547563729], [-100.0, -111.28830659858, -14.877495973763], [-100.0, -110.99959409706, -12.898444383798], [-100.0, -110.71088159553, -10.919392793832], [-100.0, -110.42216909401, -8.9403412038659], [-100.0, -110.13345659248, -6.9612896139001], [-100.0, -109.84474409095, -4.9822380239343], [-100.0, -109.55603158943, -3.0031864339685], [-100.0, -109.2673190879, -1.0241338903283], [-100.0, -108.97860754005, 0.95491769963748], [-100.0, -108.68989503853, 2.9339692896033], [-100.0, -108.401182537, 4.9130208795691], [-100.0, -108.11247003547, 6.8920719926978], [-100.0, -107.82375753395, 8.8711235826636], [-100.0, -107.53504503242, 10.850175172629], [-100.0, -107.2463325309, 12.829226881805], [-100.0, -106.95762002937, 14.808278412166], [-100.0, -106.66890800468, 16.787329942527], [-100.0, -106.38019550316, 18.766381532493], [-100.0, -106.09148300163, 20.745433122459], [-100.0, -105.8027705001, 22.724485189262], [-100.0, -105.51405847542, 24.703536779227], [-100.0, -105.22534597389, 26.682587415519], [-100.0, -104.93663347236, 28.661639005485], [-100.0, -104.64792097084, 30.64069059545], [-100.0, -104.35920846931, 32.619742185416], [-100.0, -104.07049644462, 34.598793775382], [-100.0, -103.7817839431, 36.577845365348], [-100.0, -103.49307144157, 38.556896955314], [-100.0, -103.20435894005, 40.53594854528], [-100.0, -102.91564667694, 42.515000135245], [-100.0, -102.62693417541, 44.494051725211], [-100.0, -102.33822191231, 46.473103315177], [-100.0, -102.04950941078, 48.452156812491], [-100.0, -101.76079714767, 50.431206495109], [-100.0, -101.47208464615, 52.410259992423], [-100.0, -101.18337214462, 54.38930967504], [-100.0, -100.89465988151, 56.368363172355], [-100.0, -100.6059474992, 58.347412854972], [-100.0, -100.31723499767, 60.326466352286], [-100.0, -100.02852261535, 62.305516034904], [-100.0, -99.739810233037, 64.284569532218], [-100.0, -99.451097850721, 66.263619214835], [-100.0, -99.162385438602, 68.24267271215], [-100.0, -98.873673041384, 70.221722394767], [-100.0, -98.584960644166, 72.200775892081], [-100.0, -98.29624826185, 74.179825574699], [-100.0, -98.007535819928, 76.158879072013], [-100.0, -97.718823437612, 78.13792875463], [-100.0, -97.430111055295, 80.116978437247], [-100.0, -97.141398672979, 82.096035749259], [-100.0, -96.852686290662, 84.075085431876]], "InstanceCreationTime": ["115311.757000", "115311.690000", "115311.758000", "115311.693000", "115311.760000", "115311.695000", "115311.762000", "115311.697000", "115311.764000", "115311.699000", "115311.766000", "115311.701000", "115311.767000", "115311.703000", "115311.769000", "115311.704000", "115311.771000", "115311.706000", "115311.773000", "115311.708000", "115311.775000", "115311.710000", "115311.776000", "115311.712000", "115311.778000", "115311.714000", "115311.780000", "115311.715000", "115311.782000", "115311.717000", "115311.783000", "115311.719000", "115311.785000", "115311.721000", "115311.787000", "115311.722000", "115311.789000", "115311.724000", "115311.791000", "115311.726000", "115311.792000", "115311.728000", "115311.794000", "115311.730000", "115311.796000", "115311.731000", "115311.798000", "115311.733000", "115311.800000", "115311.735000", "115311.801000", "115311.737000", "115311.803000", "115311.739000", "115311.805000", "115311.740000", "115311.807000", "115311.742000", "115311.809000", "115311.744000", "115311.810000", "115311.746000", "115311.812000", "115311.748000", "115311.814000", "115311.750000", "115311.816000", "115311.751000", "115311.818000", "115311.753000", "115311.819000", "115311.755000"], "InstanceNumber": [1, 2, 3, 4, 5, 6, 7, 8, 9, 10, 11, 12, 13, 14, 15, 16, 17, 18, 19, 20, 21, 22, 23, 24, 25, 26, 27, 28, 29, 30, 31, 32, 33, 34, 35, 36, 37, 38, 39, 40, 41, 42, 43, 44, 45, 46, 47, 48, 49, 50, 51, 52, 53, 54, 55, 56, 57, 58, 59, 60, 61, 62, 63, 64, 65, 66, 67, 68, 69, 70, 71, 72], "LargestImagePixelValue": [4093, 4095, 4095, 4094, 4095, 4092, 4094, 4093, 4095, 4094, 4094, 4094, 4094, 4094, 4092, 4094, 4093, 4095, 4092, 4095, 4095, 4095, 4094, 4095, 4093, 4091, 4094, 4091, 4094, 4090, 4093, 4094, 4094, 4091, 4094, 4095, 4093, 4093, 4093, 4088, 4095, 4094, 4095, 4092, 4091, 4094, 4091, 4092, 4094, 4088, 4093, 4094, 4094, 4095, 4092, 4095, 4092, 4093, 4095, 4090, 4095, 4093, 4094, 4093, 4094, 4094, 4095, 4094, 4094, 4093, 4095, 4094], "SliceLocation": [-72.786823233419, -70.786825232387, -68.786819406536, -66.786821405504, -64.786823129135, -62.786821353362, -60.786823352331, -58.786821301221, -56.786823300189, -54.786821249079, -52.786823248047, -50.786821334606, -48.786823195906, -46.786821282464, -44.786823143764, -42.786821230322, -40.786823091622, -38.786821178181, -36.78682303948, -34.786821263708, -32.786823125007, -30.786823098936, -28.786823072866, -26.786823046795, -24.786823020724, -22.786822994653, -20.786822968582, -18.786822942511, -16.786821972755, -14.786822084353, -12.786822058282, -10.786822032211, -8.7868224779828, -6.7868224519119, -4.786822425841, -2.7868222818095, -0.7868223147189, 1.2131775835372, 3.2131776096081, 5.213177635679, 7.2131781335926, 9.2131780908291, 11.213177173215, 13.213177199286, 15.213177225356, 17.213177251427, 19.213177208664, 21.213177234735, 23.213177260806, 25.213177286876, 27.21317727853, 29.213177304601, 31.213177296255, 33.213179209696, 35.213177313979, 37.213179227421, 39.213177366121, 41.213179245145, 43.213177366637, 45.213179280079, 47.21317740157, 49.213179297803, 51.213177419295, 53.21317931983, 55.213177443473, 57.213179341857, 59.213177463348, 61.213179368186, 63.213177489677, 65.213175611169, 67.213181282143, 69.213179403635], "SmallestImagePixelValue": [0, 0, 0, 0, 0, 0, 0, 0, 0, 3, 0, 2, 0, 0, 0, 4, 0, 3, 0, 0, 0, 0, 2, 0, 3, 1, 0, 0, 8, 0, 1, 1, 6, 4, 0, 6, 0, 3, 3, 0, 0, 0, 2, 2, 1, 0, 3, 0, 2, 3, 2, 7, 1, 1, 0, 0, 0, 0, 0, 0, 0, 0, 0, 0, 1, 2, 0, 0, 0, 1, 1, 2], "WindowCenter": [-262.0, -210.0, -272.0, -262.0, -258.0, -230.0, -244.0, -228.0, -202.0, -144.0, -174.0, -220.0, -166.0, -220.0, -194.0, -214.0, -194.0, -156.0, -184.0, -230.0, -206.0, -180.0, -170.0, -216.0, -220.0, -200.0, -150.0, -154.0, -118.0, -154.0, -134.0, -96.0, -70.0, -64.0, -88.0, -48.0, -40.0, -24.0, 0.0, -4.0, 32.0, 36.0, 2.0, -40.0, 8.0, -152.0, -24.0, -28.0, -28.0, -24.0, -30.0, -42.0, -20.0, -20.0, -60.0, -38.0, -16.0, -10.0, 4.0, -30.0, -18.0, -34.0, -72.0, -104.0, -120.0, -164.0, -202.0, -260.0, -238.0, -266.0, -376.0, -336.0], "WindowWidth": [6150.0, 6220.0, 6134.0, 6094.0, 6132.0, 6154.0, 6096.0, 6148.0, 6178.0, 6190.0, 6162.0, 6148.0, 6132.0, 6042.0, 6002.0, 5936.0, 5858.0, 5838.0, 5788.0, 5794.0, 5696.0, 5656.0, 5554.0, 5450.0, 5428.0, 5392.0, 5498.0, 5364.0, 5482.0, 5354.0, 5378.0, 5394.0, 5476.0, 5478.0, 5370.0, 5444.0, 5444.0, 5412.0, 5428.0, 5348.0, 5400.0, 5332.0, 5238.0, 4976.0, 5298.0, 4570.0, 5220.0, 5220.0, 5218.0, 5258.0, 5316.0, 5274.0, 5396.0, 5388.0, 5256.0, 5450.0, 5466.0, 5580.0, 5680.0, 5720.0, 5766.0, 5812.0, 5948.0, 6022.0, 6054.0, 6106.0, 6200.0, 6264.0, 6320.0, 6348.0, 6326.0, 6312.0]}}, "IntendedFor": ["ses-1/func/sub-12_ses-1_task-motor_run-01_bold.nii.gz", "ses-1/func/sub-12_ses-1_task-motor_run-05_bold.nii.gz", "ses-1/func/sub-12_ses-1_task-motor_run-03_bold.nii.gz", "ses-1/func/sub-12_ses-1_task-motor_run-04_bold.nii.gz", "ses-1/func/sub-12_ses-1_task-motor_run-02_bold.nii.gz", "ses-1/func/sub-12_ses-1_task-motor_run-06_bold.nii.gz"]}