{"AcquisitionMatrixPE": 100, "AcquisitionNumber": 1, "AcquisitionTime": "09:32:58.710000", "BaseResolution": 100, "BodyPartExamined": "BRAIN", "ConsistencyInfo": "N4_VE11C_LATEST_20160120", "ConversionSoftware": "dcm2niix", "ConversionSoftwareVersion": "v1.0.20180622 GCC4.9.2", "DeviceSerialNumber": "166078", "DwellTime": 8.8e-06, "EchoNumber": 2, "EchoTime": 0.00738, "EchoTime1": 0.00492, "EchoTime2": 0.00738, "FlipAngle": 60, "ImageOrientationPatientDICOM": [0.999918, 0.00303566, 0.0124562, 6.193e-11, 0.971564, -0.236776], "ImageType": ["ORIGINAL", "PRIMARY", "P", "ND"], "InPlanePhaseEncodingDirectionDICOM": "ROW", "InstitutionAddress": "Street_StreetNo_Bei_Jing_District_CN_ZIP", "InstitutionName": "BeiJing_Normal_University", "InstitutionalDepartmentName": "Department", "MRAcquisitionType": "2D", "MagneticFieldStrength": 3, "Manufacturer": "Siemens", "ManufacturersModelName": "Prisma", "Modality": "MR", "PartialFourier": 1, "PatientPosition": "HFS", "PercentPhaseFOV": 100, "PhaseEncodingDirection": "i", "PhaseEncodingSteps": 100, "PhaseResolution": 1, "PixelBandwidth": 570, "ProcedureStepDescription": "BNU_P2018_64CH_Liu.Jia", "ProtocolName": "field_mapping_2x2x2", "PulseSequenceDetails": "%SiemensSeq%_gre_field_mapping", "ReceiveCoilActiveElements": "HC1-7;NC1", "ReceiveCoilName": "HeadNeck_64", "ReconMatrixPE": 100, "RepetitionTime": 0.72, "SAR": 0.117852, "ScanningSequence": "GR", "SequenceName": "_fm2d2r", "SequenceVariant": "SP", "SeriesDescription": "field_mapping_2x2x2", "SeriesNumber": 7, "ShimSetting": [-5453, -11451, -1235, 335, -11, -226, -214, 35], "SliceThickness": 2, "SoftwareVersions": "syngo_MR_E11", "SpacingBetweenSlices": 2, "StationName": "AWP166078", "TxRefAmp": 218.336, "dcmmeta_affine": [[-1.9998356103897095, 1.2386000558528565e-10, 0.025641679763793945, 100.5299301147461], [-0.006071321200579405, 1.9431283473968506, -0.4735145568847656, -79.54768371582031], [0.024912435561418533, 0.4735529124736786, 1.9429702758789062, -86.23650360107422], [0.0, 0.0, 0.0, 1.0]], "dcmmeta_reorient_transform": [[0.0, -1.0, 0.0, 99.0], [1.0, 0.0, 0.0, 0.0], [0.0, 0.0, -1.0, 71.0], [0.0, 0.0, 0.0, 1.0]], "dcmmeta_shape": [100, 100, 72], "dcmmeta_slice_dim": 2, "dcmmeta_version": 0.6, "global": {"const": {"AcquisitionMatrix": [0, 100, 100, 0], "AcquisitionNumber": 1, "AngioFlag": "N", "BitsAllocated": 16, "BitsStored": 12, "BodyPartExamined": "BRAIN", "Columns": 100, "EchoNumbers": 2, "EchoTime": 7.38, "EchoTrainLength": 0, "FlipAngle": 60.0, "HighBit": 11, "ImageOrientationPatient": [0.99991781032193, 0.00303566066305, 0.01245621793859, 6.193e-11, 0.9715641560757, -0.2367764570833], "ImageType": ["ORIGINAL", "PRIMARY", "P", "ND"], "ImagedNucleus": "1H", "ImagingFrequency": 123.257833, "InPlanePhaseEncodingDirection": "ROW", "MRAcquisitionType": "2D", "MagneticFieldStrength": 3.0, "Manufacturer": "SIEMENS", "ManufacturerModelName": "Prisma", "Modality": "MR", "NumberOfAverages": 1.0, "NumberOfPhaseEncodingSteps": 100, "PercentPhaseFieldOfView": 100.0, "PercentSampling": 100.0, "PerformedProcedureStepStartTime": "090236.023000", "PhotometricInterpretation": "MONOCHROME2", "PixelBandwidth": 570.0, "PixelRepresentation": 0, "PixelSpacing": [2.0, 2.0], "ProtocolName": "field_mapping_2x2x2", "RepetitionTime": 720.0, "RescaleIntercept": -4096.0, "RescaleSlope": 2.0, "RescaleType": "US", "Rows": 100, "SAR": 0.11785155901522, "SamplesPerPixel": 1, "ScanningSequence": "GR", "SequenceName": "*fm2d2r", "SequenceVariant": "SP", "SeriesDescription": "field_mapping_2x2x2", "SeriesNumber": 7, "SeriesTime": "093523.616000", "SliceThickness": 2.0, "SoftwareVersions": "syngo MR E11", "SpacingBetweenSlices": 2.0, "SpecificCharacterSet": "ISO_IR 100", "StudyID": "1", "StudyTime": "090235.848000", "TransmitCoilName": "Body", "VariableFlipAngleFlag": "N", "WindowCenterWidthExplanation": "Algo1", "dBdt": 0.0}, "slices": {"AcquisitionTime": ["093258.710000", "093258.350000", "093258.720000", "093258.360000", "093258.730000", "093258.370000", "093258.740000", "093258.380000", "093258.750000", "093258.390000", "093258.760000", "093258.400000", "093258.770000", "093258.410000", "093258.780000", "093258.420000", "093258.790000", "093258.430000", "093258.800000", "093258.440000", "093258.810000", "093258.450000", "093258.820000", "093258.460000", "093258.830000", "093258.470000", "093258.840000", "093258.480000", "093258.850000", "093258.490000", "093258.860000", "093258.500000", "093258.870000", "093258.510000", "093258.880000", "093258.520000", "093258.890000", "093258.530000", "093258.900000", "093258.540000", "093258.910000", "093258.550000", "093258.920000", "093258.560000", "093258.930000", "093258.570000", "093258.940000", "093258.580000", "093258.950000", "093258.590000", "093258.960000", "093258.600000", "093258.970000", "093258.610000", "093258.980000", "093258.620000", "093258.990000", "093258.630000", "093259.000000", "093258.640000", "093259.010000", "093258.650000", "093259.020000", "093258.660000", "093259.030000", "093258.670000", "093259.040000", "093258.680000", "093259.050000", "093258.690000", "093259.060000", "093258.700000"], "ContentTime": ["093523.682000", "093523.617000", "093523.684000", "093523.619000", "093523.686000", "093523.621000", "093523.688000", "093523.623000", "093523.690000", "093523.625000", "093523.692000", "093523.627000", "093523.695000", "093523.628000", "093523.697000", "093523.630000", "093523.699000", "093523.632000", "093523.701000", "093523.634000", "093523.703000", "093523.636000", "093523.705000", "093523.637000", "093523.707000", "093523.639000", "093523.709000", "093523.641000", "093523.710000", "093523.643000", "093523.712000", "093523.644000", "093523.714000", "093523.646000", "093523.716000", "093523.648000", "093523.718000", "093523.650000", "093523.720000", "093523.652000", "093523.722000", "093523.653000", "093523.723000", "093523.655000", "093523.725000", "093523.657000", "093523.727000", "093523.659000", "093523.729000", "093523.661000", "093523.730000", "093523.662000", "093523.732000", "093523.664000", "093523.734000", "093523.666000", "093523.736000", "093523.668000", "093523.738000", "093523.669000", "093523.740000", "093523.671000", "093523.741000", "093523.673000", "093523.743000", "093523.675000", "093523.745000", "093523.677000", "093523.747000", "093523.678000", "093523.748000", "093523.680000"], "CsaImage.GSWDDataType": ["measured", "predicted", "measured", "predicted", "measured", "predicted", "measured", "predicted", "measured", "predicted", "measured", "predicted", "measured", "predicted", "measured", "predicted", "measured", "predicted", "measured", "predicted", "measured", "predicted", "measured", "predicted", "measured", "predicted", "measured", "predicted", "measured", "predicted", "measured", "predicted", "measured", "predicted", "measured", "predicted", "measured", "predicted", "measured", "predicted", "measured", "predicted", "measured", "predicted", "measured", "predicted", "measured", "predicted", "measured", "predicted", "measured", "predicted", "measured", "predicted", "measured", "predicted", "measured", "predicted", "measured", "predicted", "measured", "predicted", "measured", "predicted", "measured", "predicted", "measured", "predicted", "measured", "predicted", "measured", "measured"], "CsaImage.ICE_Dims": ["X_2_1_1_1_1_1_37_1_1_1_1_26", "X_2_1_1_1_1_1_1_1_1_2_1_26", "X_2_1_1_1_1_1_38_1_1_3_1_26", "X_2_1_1_1_1_1_2_1_1_4_1_26", "X_2_1_1_1_1_1_39_1_1_5_1_26", "X_2_1_1_1_1_1_3_1_1_6_1_26", "X_2_1_1_1_1_1_40_1_1_7_1_26", "X_2_1_1_1_1_1_4_1_1_8_1_26", "X_2_1_1_1_1_1_41_1_1_9_1_26", "X_2_1_1_1_1_1_5_1_1_10_1_26", "X_2_1_1_1_1_1_42_1_1_11_1_26", "X_2_1_1_1_1_1_6_1_1_12_1_26", "X_2_1_1_1_1_1_43_1_1_13_1_26", "X_2_1_1_1_1_1_7_1_1_14_1_26", "X_2_1_1_1_1_1_44_1_1_15_1_26", "X_2_1_1_1_1_1_8_1_1_16_1_26", "X_2_1_1_1_1_1_45_1_1_17_1_26", "X_2_1_1_1_1_1_9_1_1_18_1_26", "X_2_1_1_1_1_1_46_1_1_19_1_26", "X_2_1_1_1_1_1_10_1_1_20_1_26", "X_2_1_1_1_1_1_47_1_1_21_1_26", "X_2_1_1_1_1_1_11_1_1_22_1_26", "X_2_1_1_1_1_1_48_1_1_23_1_26", "X_2_1_1_1_1_1_12_1_1_24_1_26", "X_2_1_1_1_1_1_49_1_1_25_1_26", "X_2_1_1_1_1_1_13_1_1_26_1_26", "X_2_1_1_1_1_1_50_1_1_27_1_26", "X_2_1_1_1_1_1_14_1_1_28_1_26", "X_2_1_1_1_1_1_51_1_1_29_1_26", "X_2_1_1_1_1_1_15_1_1_30_1_26", "X_2_1_1_1_1_1_52_1_1_31_1_26", "X_2_1_1_1_1_1_16_1_1_32_1_26", "X_2_1_1_1_1_1_53_1_1_33_1_26", "X_2_1_1_1_1_1_17_1_1_34_1_26", "X_2_1_1_1_1_1_54_1_1_35_1_26", "X_2_1_1_1_1_1_18_1_1_36_1_26", "X_2_1_1_1_1_1_55_1_1_37_1_26", "X_2_1_1_1_1_1_19_1_1_38_1_26", "X_2_1_1_1_1_1_56_1_1_39_1_26", "X_2_1_1_1_1_1_20_1_1_40_1_26", "X_2_1_1_1_1_1_57_1_1_41_1_26", "X_2_1_1_1_1_1_21_1_1_42_1_26", "X_2_1_1_1_1_1_58_1_1_43_1_26", "X_2_1_1_1_1_1_22_1_1_44_1_26", "X_2_1_1_1_1_1_59_1_1_45_1_26", "X_2_1_1_1_1_1_23_1_1_46_1_26", "X_2_1_1_1_1_1_60_1_1_47_1_26", "X_2_1_1_1_1_1_24_1_1_48_1_26", "X_2_1_1_1_1_1_61_1_1_49_1_26", "X_2_1_1_1_1_1_25_1_1_50_1_26", "X_2_1_1_1_1_1_62_1_1_51_1_26", "X_2_1_1_1_1_1_26_1_1_52_1_26", "X_2_1_1_1_1_1_63_1_1_53_1_26", "X_2_1_1_1_1_1_27_1_1_54_1_26", "X_2_1_1_1_1_1_64_1_1_55_1_26", "X_2_1_1_1_1_1_28_1_1_56_1_26", "X_2_1_1_1_1_1_65_1_1_57_1_26", "X_2_1_1_1_1_1_29_1_1_58_1_26", "X_2_1_1_1_1_1_66_1_1_59_1_26", "X_2_1_1_1_1_1_30_1_1_60_1_26", "X_2_1_1_1_1_1_67_1_1_61_1_26", "X_2_1_1_1_1_1_31_1_1_62_1_26", "X_2_1_1_1_1_1_68_1_1_63_1_26", "X_2_1_1_1_1_1_32_1_1_64_1_26", "X_2_1_1_1_1_1_69_1_1_65_1_26", "X_2_1_1_1_1_1_33_1_1_66_1_26", "X_2_1_1_1_1_1_70_1_1_67_1_26", "X_2_1_1_1_1_1_34_1_1_68_1_26", "X_2_1_1_1_1_1_71_1_1_69_1_26", "X_2_1_1_1_1_1_35_1_1_70_1_26", "X_2_1_1_1_1_1_72_1_1_71_1_26", "X_2_1_1_1_1_1_36_1_1_72_1_26"], "CsaImage.ProtocolSliceNumber": [0, 1, 2, 3, 4, 5, 6, 7, 8, 9, 10, 11, 12, 13, 14, 15, 16, 17, 18, 19, 20, 21, 22, 23, 24, 25, 26, 27, 28, 29, 30, 31, 32, 33, 34, 35, 36, 37, 38, 39, 40, 41, 42, 43, 44, 45, 46, 47, 48, 49, 50, 51, 52, 53, 54, 55, 56, 57, 58, 59, 60, 61, 62, 63, 64, 65, 66, 67, 68, 69, 70, 71], "CsaImage.RFSWDDataType": ["measured", "predicted", "measured", "predicted", "measured", "predicted", "measured", "predicted", "measured", "predicted", "measured", "predicted", "measured", "predicted", "measured", "predicted", "measured", "predicted", "measured", "predicted", "measured", "predicted", "measured", "predicted", "measured", "predicted", "measured", "predicted", "measured", "predicted", "measured", "predicted", "measured", "predicted", "measured", "predicted", "measured", "predicted", "measured", "predicted", "measured", "predicted", "measured", "predicted", "measured", "predicted", "measured", "predicted", "measured", "predicted", "measured", "predicted", "measured", "predicted", "measured", "predicted", "measured", "predicted", "measured", "predicted", "measured", "predicted", "measured", "predicted", "measured", "predicted", "measured", "measured", "measured", "measured", "measured", "measured"], "CsaImage.SlicePosition_PCS": [[-100.52994041, -112.82198023, -39.35464677], [-100.55558197, -112.34846663, -37.41167649], [-100.58122359, -111.87495207, -35.46871003], [-100.60686515, -111.40143847, -33.52573976], [-100.63250671, -110.92792391, -31.58276948], [-100.65814827, -110.45441031, -29.63980302], [-100.68378989, -109.98089671, -27.69683274], [-100.70943145, -109.50738215, -25.75386628], [-100.73507301, -109.03386855, -23.81089601], [-100.76071457, -108.56035399, -21.86792955], [-100.78635619, -108.08684039, -19.92495927], [-100.81199775, -107.61332678, -17.98198899], [-100.83763931, -107.13981223, -16.03902253], [-100.86328087, -106.66629862, -14.09605226], [-100.88892244, -106.19278406, -12.1530858], [-100.91456406, -105.71927046, -10.21011552], [-100.94020562, -105.24575638, -8.26714715], [-100.96584718, -104.77224278, -6.32417878], [-100.99148874, -104.2987287, -4.38121041], [-101.0171303, -103.82521462, -2.43824205], [-101.04277186, -103.35170054, -0.49527368], [-101.06841354, -102.87818646, 1.44769469], [-101.0940551, -102.40467286, 3.39066306], [-101.11969666, -101.93115878, 5.33363334], [-101.14533822, -101.45764469, 7.27660075], [-101.17097978, -100.98413085, 9.21957007], [-101.19662134, -100.51061677, 11.16253844], [-101.2222629, -100.03710269, 13.10550681], [-101.24790446, -99.56358885, 15.04847565], [-101.27354614, -99.09007489, 16.99144402], [-101.2991877, -98.61656081, 18.93441287], [-101.32482926, -98.14304691, 20.87738148], [-101.35047082, -97.66953292, 22.82035008], [-101.37611238, -97.19601893, 24.76331869], [-101.40175394, -96.72250497, 26.7062873], [-101.42739551, -96.24899101, 28.64925614], [-101.45303707, -95.77547705, 30.59222499], [-101.47867875, -95.30196308, 32.53519336], [-101.50432031, -94.828449, 34.47816172], [-101.52996187, -94.35493516, 36.42113009], [-101.55560343, -93.88142108, 38.36409941], [-101.58124499, -93.40790724, 40.30706778], [-101.60688655, -92.93439316, 42.25003615], [-101.63252811, -92.46087908, 44.19300452], [-101.65816967, -91.987365, 46.13597289], [-101.68381123, -91.5138514, 48.07894126], [-101.70945291, -91.04033732, 50.02191153], [-101.73509447, -90.56682324, 51.9648799], [-101.76073603, -90.09330916, 53.90784827], [-101.78637759, -89.61979555, 55.85081664], [-101.81201915, -89.146281, 57.79378691], [-101.83766071, -88.67276739, 59.73675338], [-101.86330227, -88.19925379, 61.67972365], [-101.88894383, -87.72573923, 63.62269011], [-101.91458551, -87.25222563, 65.56566039], [-101.94022707, -86.77871107, 67.50862685], [-101.96586863, -86.30519747, 69.45159713], [-101.99151019, -85.83168387, 71.39456359], [-102.01715187, -85.35816931, 73.33753386], [-102.04279332, -84.88465571, 75.28050414], [-102.068435, -84.41114115, 77.2234706], [-102.09407644, -83.93762755, 79.16644088], [-102.11971812, -83.46411394, 81.10940734], [-102.14535956, -82.99059939, 83.05237761], [-102.17100124, -82.51708578, 84.99534407], [-102.19664268, -82.04357218, 86.93831054], [-102.22228436, -81.57005762, 88.88128081], [-102.24792604, -81.09654402, 90.82425109], [-102.27356748, -80.62302946, 92.76722136], [-102.29920916, -80.14951491, 94.71019164], [-102.3248506, -79.67600226, 96.65315429], [-102.35049228, -79.2024877, 98.59612456]], "CsaImage.TimeAfterStart": [1.0825, 0.7225, 1.0925, 0.7325, 1.1025, 0.7425, 1.1125, 0.7525, 1.1225, 0.7625, 1.1325, 0.7725, 1.1425, 0.7825, 1.1525, 0.7925, 1.1625, 0.8025, 1.1725, 0.8125, 1.1825, 0.8225, 1.1925, 0.8325, 1.2025, 0.8425, 1.2125, 0.8525, 1.2225, 0.8625, 1.2325, 0.8725, 1.2425, 0.8825, 1.2525, 0.8925, 1.2625, 0.9025, 1.2725, 0.9125, 1.2825, 0.9225, 1.2925, 0.9325, 1.3025, 0.9425, 1.3125, 0.9525, 1.3225, 0.9625, 1.3325, 0.9725, 1.3425, 0.9825, 1.3525, 0.9925, 1.3625, 1.0025, 1.3725, 1.0125, 1.3825, 1.0225, 1.3925, 1.0325, 1.4025, 1.0425, 1.4125, 1.0525, 1.4225, 1.0625, 1.4325, 1.0725], "ImagePositionPatient": [[-100.52994040881, -112.82198023192, -39.354646770346], [-100.55558196936, -112.34846662871, -37.411676494467], [-100.58122358952, -111.87495207182, -35.468710033285], [-100.60686515008, -111.40143846861, -33.525739757406], [-100.63250671063, -110.92792391173, -31.582769481527], [-100.65814827119, -110.45441030852, -29.639803020346], [-100.68378989134, -109.98089670531, -27.696832744467], [-100.7094314519, -109.50738214842, -25.753866283285], [-100.73507301245, -109.03386854521, -23.810896007406], [-100.76071457301, -108.56035398833, -21.867929546224], [-100.78635619317, -108.08684038512, -19.924959270346], [-100.81199775372, -107.61332678191, -17.981988994467], [-100.83763931428, -107.13981222502, -16.039022533285], [-100.86328087483, -106.66629862181, -14.096052257406], [-100.88892243539, -106.19278406493, -12.153085796224], [-100.91456405554, -105.71927046172, -10.210115520346], [-100.9402056161, -105.24575638167, -8.2671471518153], [-100.96584717665, -104.77224277846, -6.324178783285], [-100.99148873721, -104.29872869841, -4.3812104147547], [-101.01713029776, -103.82521461836, -2.4382420462245], [-101.04277185832, -103.35170053832, -0.4952736776942], [-101.06841353808, -102.87818645827, 1.4476946908361], [-101.09405509864, -102.40467285506, 3.3906630593664], [-101.11969665919, -101.93115877501, 5.3336333352453], [-101.14533821974, -101.45764469496, 7.2766007501012], [-101.1709797803, -100.98413085333, 9.2195700723058], [-101.19662134085, -100.51061677329, 11.162538440836], [-101.22226290141, -100.03710269324, 13.105506809366], [-101.24790446196, -99.56358885161, 15.048475654734], [-101.27354614173, -99.090074890771, 16.991444023264], [-101.29918770228, -98.616560810724, 18.934412868631], [-101.32482926284, -98.14304690949, 20.87738147558], [-101.35047082339, -97.669532918849, 22.820350082529], [-101.37611238394, -97.196018928209, 24.763318689478], [-101.4017539445, -96.72250496737, 26.706287296427], [-101.42739550505, -96.248991006532, 28.649256141794], [-101.45303706561, -95.775477045694, 30.592224987162], [-101.47867874537, -95.301963084856, 32.535193355692], [-101.50432030593, -94.828449004808, 34.478161724222], [-101.52996186648, -94.354935163179, 36.421130092753], [-101.55560342703, -93.881421083131, 38.364099414957], [-101.58124498759, -93.407907241502, 40.307067783487], [-101.60688654814, -92.934393161455, 42.250036152018], [-101.6325281087, -92.460879081407, 44.193004520548], [-101.65816966925, -91.987365001359, 46.135972889078], [-101.68381122981, -91.513851398149, 48.078941257609], [-101.70945290957, -91.040337318101, 50.021911533487], [-101.73509447013, -90.566823238054, 51.964879902018], [-101.76073603068, -90.093309158006, 53.907848270548], [-101.78637759123, -89.619795554796, 55.850816639078], [-101.81201915179, -89.146280997911, 57.793786914957], [-101.83766071234, -88.6727673947, 59.736753376139], [-101.8633022729, -88.19925379149, 61.679723652018], [-101.88894383345, -87.725739234605, 63.622690113199], [-101.91458551322, -87.252225631395, 65.565660389078], [-101.94022707377, -86.77871107451, 67.50862685026], [-101.96586863433, -86.3051974713, 69.451597126139], [-101.99151019488, -85.831683868089, 71.39456358732], [-102.01715187464, -85.358169311204, 73.337533863199], [-102.04279331599, -84.884655707994, 75.280504139078], [-102.06843499575, -84.411141151109, 77.22347060026], [-102.0940764371, -83.937627547899, 79.166440876139], [-102.11971811686, -83.464113944688, 81.10940733732], [-102.14535955821, -82.990599387804, 83.052377613199], [-102.17100123797, -82.517085784593, 84.995344074381], [-102.19664267932, -82.043572181383, 86.938310535563], [-102.22228435908, -81.570057624498, 88.881280811442], [-102.24792603884, -81.096544021287, 90.82425108732], [-102.27356748019, -80.623029464403, 92.767221363199], [-102.29920915995, -80.149514907518, 94.710191639078], [-102.3248506013, -79.676002257982, 96.653154285563], [-102.35049228106, -79.202487701097, 98.596124561442]], "InstanceCreationTime": ["093523.682000", "093523.617000", "093523.684000", "093523.619000", "093523.686000", "093523.621000", "093523.688000", "093523.623000", "093523.690000", "093523.625000", "093523.692000", "093523.627000", "093523.695000", "093523.628000", "093523.697000", "093523.630000", "093523.699000", "093523.632000", "093523.701000", "093523.634000", "093523.703000", "093523.636000", "093523.705000", "093523.637000", "093523.707000", "093523.639000", "093523.709000", "093523.641000", "093523.710000", "093523.643000", "093523.712000", "093523.644000", "093523.714000", "093523.646000", "093523.716000", "093523.648000", "093523.718000", "093523.650000", "093523.720000", "093523.652000", "093523.722000", "093523.653000", "093523.723000", "093523.655000", "093523.725000", "093523.657000", "093523.727000", "093523.659000", "093523.729000", "093523.661000", "093523.730000", "093523.662000", "093523.732000", "093523.664000", "093523.734000", "093523.666000", "093523.736000", "093523.668000", "093523.738000", "093523.669000", "093523.740000", "093523.671000", "093523.741000", "093523.673000", "093523.743000", "093523.675000", "093523.745000", "093523.677000", "093523.747000", "093523.678000", "093523.748000", "093523.680000"], "InstanceNumber": [1, 2, 3, 4, 5, 6, 7, 8, 9, 10, 11, 12, 13, 14, 15, 16, 17, 18, 19, 20, 21, 22, 23, 24, 25, 26, 27, 28, 29, 30, 31, 32, 33, 34, 35, 36, 37, 38, 39, 40, 41, 42, 43, 44, 45, 46, 47, 48, 49, 50, 51, 52, 53, 54, 55, 56, 57, 58, 59, 60, 61, 62, 63, 64, 65, 66, 67, 68, 69, 70, 71, 72], "LargestImagePixelValue": [4094, 4095, 4094, 4093, 4093, 4094, 4094, 4093, 4092, 4092, 4093, 4094, 4095, 4092, 4094, 4093, 4093, 4091, 4090, 4095, 4095, 4094, 4092, 4095, 4095, 4093, 4094, 4089, 4093, 4094, 4093, 4087, 4094, 4084, 4094, 4094, 4095, 4094, 4093, 4094, 4091, 4091, 4095, 4094, 4095, 4094, 4093, 4093, 4088, 4094, 4087, 4094, 4091, 4094, 4092, 4093, 4091, 4094, 4089, 4092, 4094, 4093, 4094, 4094, 4094, 4093, 4095, 4095, 4094, 4095, 4094, 4095], "SliceLocation": [-63.654941749468, -61.654940220718, -59.654942171333, -57.654940642584, -55.654938888045, -53.654941065214, -51.6549395357, -49.654941487079, -47.65493995833, -45.654941909709, -43.654940380195, -41.654938851446, -39.654940802825, -37.654939274076, -35.654941225455, -33.654939695941, -31.654939907256, -29.654940231466, -27.654940442781, -25.654940654096, -23.654940865411, -21.654941075197, -19.654941399407, -17.654939757762, -15.654940895557, -13.65494023684, -11.654940448155, -9.6549406594696, -7.654940463992, -5.6549407020023, -3.6549404500774, -1.654940472108, 0.34505952702926, 2.3450595261665, 4.3450595182478, 6.345059741949, 8.3450599656502, 10.34505972764, 12.345059516325, 14.345059248563, 16.345059963727, 18.345059695965, 20.34505948465, 22.345059273335, 24.34505906202, 26.345058737811, 28.345060380983, 30.345060169668, 32.345059958354, 34.345059634144, 36.345061388683, 38.345059211514, 40.345060740264, 42.345058788884, 44.345060319162, 46.345058367783, 48.345059896532, 50.345057719364, 52.345059475431, 54.345061002652, 56.345059052801, 58.345060580022, 60.345058404382, 62.345060157392, 64.345057981752, 66.345055803055, 68.345057559122, 70.3450590894, 72.345060842411, 74.345062598478, 76.345056488073, 78.34505824414], "SmallestImagePixelValue": [0, 0, 2, 0, 1, 0, 0, 0, 0, 1, 0, 0, 0, 0, 0, 1, 0, 0, 0, 0, 0, 0, 0, 0, 1, 5, 0, 3, 1, 0, 0, 0, 0, 5, 1, 0, 0, 3, 0, 2, 2, 2, 0, 5, 1, 5, 0, 7, 0, 2, 2, 9, 0, 0, 0, 0, 0, 0, 0, 1, 0, 1, 1, 0, 0, 0, 0, 0, 0, 0, 0, 0], "WindowCenter": [-162.0, -182.0, -192.0, -190.0, -186.0, -150.0, -204.0, -164.0, -176.0, -194.0, -146.0, -144.0, -170.0, -130.0, -214.0, -236.0, -252.0, -226.0, -226.0, -210.0, -202.0, -248.0, -230.0, -274.0, -434.0, -288.0, -298.0, -228.0, -212.0, -322.0, -288.0, -278.0, -268.0, -264.0, -118.0, -124.0, -112.0, -256.0, -270.0, -142.0, -102.0, -114.0, -136.0, -102.0, -108.0, -56.0, -62.0, -86.0, -82.0, -84.0, -54.0, -50.0, -46.0, -32.0, -60.0, -52.0, -28.0, -30.0, -52.0, -24.0, -56.0, -34.0, -26.0, -72.0, -110.0, -180.0, -176.0, -204.0, -194.0, -212.0, -262.0, -304.0], "WindowWidth": [6156.0, 6170.0, 6180.0, 6154.0, 6180.0, 6242.0, 6248.0, 6238.0, 6286.0, 6218.0, 6232.0, 6244.0, 6180.0, 6150.0, 6062.0, 6024.0, 5960.0, 5934.0, 5932.0, 5884.0, 5758.0, 5576.0, 5520.0, 5322.0, 4716.0, 5382.0, 5348.0, 5282.0, 5270.0, 4644.0, 4624.0, 4620.0, 4624.0, 4622.0, 5230.0, 5214.0, 5260.0, 4616.0, 4618.0, 5178.0, 5348.0, 5224.0, 5098.0, 5260.0, 5164.0, 5344.0, 5350.0, 5130.0, 5224.0, 5158.0, 5342.0, 5396.0, 5410.0, 5456.0, 5498.0, 5536.0, 5620.0, 5696.0, 5738.0, 5830.0, 5802.0, 5872.0, 5866.0, 5850.0, 5810.0, 5804.0, 5882.0, 5942.0, 6004.0, 6108.0, 5998.0, 5856.0]}}, "IntendedFor": ["ses-1/func/sub-54_ses-1_task-motor_run-01_bold.nii.gz", "ses-1/func/sub-54_ses-1_task-motor_run-03_bold.nii.gz", "ses-1/func/sub-54_ses-1_task-motor_run-05_bold.nii.gz", "ses-1/func/sub-54_ses-1_task-motor_run-06_bold.nii.gz", "ses-1/func/sub-54_ses-1_task-motor_run-02_bold.nii.gz", "ses-1/func/sub-54_ses-1_task-motor_run-04_bold.nii.gz"]}